{
  "bids_meta": {
    "AcquisitionNumber": 2,
    "BIDSVersion": "1.1.0",
    "BidsifyVersion": "0.3",
    "ConversionSoftware": "dcm2niix",
    "ConversionSoftwareVersion": "v1.0.20180622 GCC5.4.0",
    "EchoTime": 0.00385,
    "ImageComments": "RepliSC",
    "ImageOrientationPatientDICOM": [
      0.998649,
      0.0465941,
      0.0229862,
      -0.0409828,
      0.978382,
      -0.202704
    ],
    "InstitutionName": "Spinoza Centre for Neuroimaging, location REC",
    "InversionTime": 0.9,
    "MagneticFieldStrength": 3,
    "Manufacturer": "Philips",
    "ParallelAcquisitionTechnique": "SENSE",
    "PatientPosition": "HFS",
    "PhilipsRescaleIntercept": 0,
    "PhilipsRescaleSlope": 4.2293,
    "PhilipsScaleSlope": 0.00469913,
    "ProtocolName": "acq-AxialNsig1Mm1_T1w",
    "ReconMatrixPE": 240,
    "RepetitionTime": 0.008344,
    "SeriesDescription": "ImageMRSERIES",
    "SeriesNumber": 2,
    "UsePhilipsFloatNotDisplayScaling": 1,
    "acq_id": "AxialNsig1Mm1",
    "dataset": "ds002643",
    "modality": "T1w",
    "subject_id": "066"
  },
  "cjv": 0.3079869483685937,
  "cnr": 4.132232253009706,
  "efc": 0.7225857446936245,
  "fber": 16229.929141068054,
  "fwhm_avg": 4.295093500803918,
  "fwhm_x": 4.290440255730168,
  "fwhm_y": 4.45621,
  "fwhm_z": 4.138630246681585,
  "icvs_csf": 0.24301246261447107,
  "icvs_gm": 0.4061047447341543,
  "icvs_wm": 0.3508827926513747,
  "inu_med": 0.5155838131904602,
  "inu_range": 0.17065544426441193,
  "provenance": {
    "md5sum": "4e7a80dabc93f0ef6b6a13bf49f30629",
    "settings": {
      "testing": false
    },
    "software": "mriqc",
    "version": "23.0.1",
    "warnings": {
      "large_rot_frame": true,
      "small_air_mask": false
    },
    "webapi_port": null,
    "webapi_url": "https://mriqc.nimh.nih.gov/api/v1"
  },
  "qi_1": 0.0,
  "qi_2": 4.542300278559624e-05,
  "rpve_csf": 19.200003976070175,
  "rpve_gm": 11.484508891858315,
  "rpve_wm": 16.318252645169988,
  "size_x": 240,
  "size_y": 240,
  "size_z": 220,
  "snr_csf": 1.4956881155039272,
  "snr_gm": 8.220173599719086,
  "snr_total": 12.529121677072714,
  "snr_wm": 27.87150331599513,
  "snrd_csf": 16.565763609758424,
  "snrd_gm": 68.19008251226789,
  "snrd_total": 63.58397663094818,
  "snrd_wm": 105.99608377081823,
  "spacing_x": 0.9999999403953552,
  "spacing_y": 1.0,
  "spacing_z": 0.9999999403953552,
  "summary_bg_k": 41.007203274752555,
  "summary_bg_mad": 0.0,
  "summary_bg_mean": 3.302599681155602,
  "summary_bg_median": 0.0,
  "summary_bg_n": 468465.0,
  "summary_bg_p05": 0.0,
  "summary_bg_p95": 16.83054682612419,
  "summary_bg_stdv": 6.180899437543785,
  "summary_csf_k": 0.6858657726238415,
  "summary_csf_mad": 101.8803215462947,
  "summary_csf_mean": 173.49276368964837,
  "summary_csf_median": 156.2900778800249,
  "summary_csf_n": 58053.0,
  "summary_csf_p05": 40.45631442964077,
  "summary_csf_p95": 382.3864237725733,
  "summary_csf_stdv": 104.49286195161675,
  "summary_gm_k": 0.17639690519180062,
  "summary_gm_mad": 76.59371914547893,
  "summary_gm_mean": 643.4146028067814,
  "summary_gm_median": 643.3409022092819,
  "summary_gm_n": 42570.0,
  "summary_gm_p05": 514.6468459267169,
  "summary_gm_p95": 772.1800882071257,
  "summary_gm_stdv": 78.26274446515546,
  "summary_wm_k": 1.0888183358184262,
  "summary_wm_mad": 33.2595548728408,
  "summary_wm_mean": 1000.3581081408594,
  "summary_wm_median": 1000.0224908292294,
  "summary_wm_n": 252318.0,
  "summary_wm_p05": 943.0956412702799,
  "summary_wm_p95": 1058.231882058084,
  "summary_wm_stdv": 35.87967601957219,
  "tpm_overlap_csf": 0.15653319936898308,
  "tpm_overlap_gm": 0.4386858689278881,
  "tpm_overlap_wm": 0.5041485095407819,
  "wm2max": 0.743471781533036
}