{
  "aor": 0.0025471666666666668,
  "aqi": 0.005859855166666666,
  "bids_meta": {
    "AcquisitionNumber": 7,
    "BIDSVersion": "1.1.0",
    "BidsifyVersion": "0.3",
    "ConversionSoftware": "dcm2niix",
    "ConversionSoftwareVersion": "v1.0.20180622 GCC5.4.0",
    "EchoTime": 0.028,
    "EffectiveEchoSpacing": 0.0006909,
    "FlipAngle": 76.1,
    "ImageComments": "RepliSC",
    "ImageOrientationPatientDICOM": [
      0.998263,
      0.0480972,
      0.0340341,
      -0.0476007,
      0.99875,
      -0.0152515
    ],
    "InstitutionName": "Spinoza Centre for Neuroimaging, location REC",
    "MagneticFieldStrength": 3,
    "Manufacturer": "Philips",
    "ParallelAcquisitionTechnique": "SENSE",
    "ParallelReductionFactorInPlane": 2,
    "PatientPosition": "HFS",
    "PhaseEncodingDirection": "j",
    "PhilipsRescaleIntercept": 0,
    "PhilipsRescaleSlope": 0.88987,
    "PhilipsScaleSlope": 0.0213252,
    "ProtocolName": "task-RestingState_acq-SeqMm3Tr2000_bold",
    "PulseSequenceType": "Gradient Echo EPI",
    "ReconMatrixPE": 80,
    "RepetitionTime": 2,
    "SeriesDescription": "ImageMRSERIES",
    "SeriesNumber": 7,
    "SliceEncodingDirection": "k",
    "SliceTiming": [
      0.0,
      0.05555555555555555,
      0.1111111111111111,
      0.16666666666666666,
      0.2222222222222222,
      0.2777777777777778,
      0.3333333333333333,
      0.38888888888888884,
      0.4444444444444444,
      0.5,
      0.5555555555555556,
      0.611111111111111,
      0.6666666666666666,
      0.7222222222222222,
      0.7777777777777777,
      0.8333333333333333,
      0.8888888888888888,
      0.9444444444444444,
      1.0,
      1.0555555555555556,
      1.1111111111111112,
      1.1666666666666665,
      1.222222222222222,
      1.2777777777777777,
      1.3333333333333333,
      1.3888888888888888,
      1.4444444444444444,
      1.5,
      1.5555555555555554,
      1.611111111111111,
      1.6666666666666665,
      1.722222222222222,
      1.7777777777777777,
      1.8333333333333333,
      1.8888888888888888,
      1.9444444444444444
    ],
    "TaskName": "RestingState",
    "TotalReadoutTime": 0.0269452,
    "UsePhilipsFloatNotDisplayScaling": 1,
    "WaterFatShift": 12.0,
    "acq_id": "SeqMm3Tr2000",
    "dataset": "ds002643",
    "modality": "bold",
    "subject_id": "050",
    "task_id": "RestingState"
  },
  "dummy_trs": 0,
  "dvars_nstd": 20.199408136234318,
  "dvars_std": 1.2241908452719668,
  "dvars_vstd": 1.0146863157322172,
  "efc": 0.422508156560504,
  "fber": 88068.9921875,
  "fd_mean": 0.09654729751272545,
  "fd_num": 16,
  "fd_perc": 6.666666666666667,
  "fwhm_avg": 1.7545444522769362,
  "fwhm_x": 1.70062,
  "fwhm_y": 1.9368466666666666,
  "fwhm_z": 1.6261666901641425,
  "gcor": 0.0782093,
  "gsr_x": -0.008091574534773827,
  "gsr_y": 0.01175979245454073,
  "provenance": {
    "md5sum": "9b23fde1bf093ac5359e06db5bdd83c5",
    "settings": {
      "fd_thres": 0.2,
      "testing": false
    },
    "software": "mriqc",
    "version": "23.0.1",
    "webapi_port": null,
    "webapi_url": "https://mriqc.nimh.nih.gov/api/v1"
  },
  "size_t": 240,
  "size_x": 80,
  "size_y": 80,
  "size_z": 36,
  "snr": 6.2793374754505855,
  "spacing_tr": 2.0,
  "spacing_x": 3.0,
  "spacing_y": 3.0,
  "spacing_z": 3.299999952316284,
  "summary_bg_k": 50.21799660389558,
  "summary_bg_mad": 248.67733885258937,
  "summary_bg_mean": 1272.2647705078125,
  "summary_bg_median": 215.859130859375,
  "summary_bg_n": 155486.0,
  "summary_bg_p05": 18.958637714385986,
  "summary_bg_p95": 5604.616455078125,
  "summary_bg_stdv": 3499.39306640625,
  "summary_fg_k": 2.125800065585654,
  "summary_fg_mad": 9009.110564850656,
  "summary_fg_mean": 65843.875,
  "summary_fg_median": 64245.83984375,
  "summary_fg_n": 34450.0,
  "summary_fg_p05": 52749.2736328125,
  "summary_fg_p95": 83932.18671874999,
  "summary_fg_stdv": 10231.16015625,
  "tsnr": 78.51025390625
}