{
  "aor": 0.0009899416909620988,
  "aqi": 0.005314734752186589,
  "bids_meta": {
    "AcquisitionNumber": 4,
    "BIDSVersion": "1.1.0",
    "BidsifyVersion": "0.3",
    "ConversionSoftware": "dcm2niix",
    "ConversionSoftwareVersion": "v1.0.20180622 GCC5.4.0",
    "EchoTime": 0.028,
    "EffectiveEchoSpacing": 0.0006909,
    "FlipAngle": 76.1,
    "ImageComments": "RepliSC",
    "ImageOrientationPatientDICOM": [
      0.998263,
      0.0480972,
      0.0340341,
      -0.0476007,
      0.99875,
      -0.0152515
    ],
    "InstitutionName": "Spinoza Centre for Neuroimaging, location REC",
    "MagneticFieldStrength": 3,
    "Manufacturer": "Philips",
    "ParallelAcquisitionTechnique": "SENSE",
    "ParallelReductionFactorInPlane": 2,
    "PatientPosition": "HFS",
    "PhaseEncodingDirection": "j",
    "PhilipsRescaleIntercept": 0,
    "PhilipsRescaleSlope": 0.85446,
    "PhilipsScaleSlope": 0.020575,
    "ProtocolName": "task-Tasteratingtask_acq-SeqMm3Tr2000_bold",
    "PulseSequenceType": "Gradient Echo EPI",
    "ReconMatrixPE": 80,
    "RepetitionTime": 2,
    "SeriesDescription": "ImageMRSERIES",
    "SeriesNumber": 4,
    "SliceEncodingDirection": "k",
    "SliceTiming": [
      0.0,
      0.05555555555555555,
      0.1111111111111111,
      0.16666666666666666,
      0.2222222222222222,
      0.2777777777777778,
      0.3333333333333333,
      0.38888888888888884,
      0.4444444444444444,
      0.5,
      0.5555555555555556,
      0.611111111111111,
      0.6666666666666666,
      0.7222222222222222,
      0.7777777777777777,
      0.8333333333333333,
      0.8888888888888888,
      0.9444444444444444,
      1.0,
      1.0555555555555556,
      1.1111111111111112,
      1.1666666666666665,
      1.222222222222222,
      1.2777777777777777,
      1.3333333333333333,
      1.3888888888888888,
      1.4444444444444444,
      1.5,
      1.5555555555555554,
      1.611111111111111,
      1.6666666666666665,
      1.722222222222222,
      1.7777777777777777,
      1.8333333333333333,
      1.8888888888888888,
      1.9444444444444444
    ],
    "TaskName": "Tasteratingtask",
    "TotalReadoutTime": 0.0269452,
    "UsePhilipsFloatNotDisplayScaling": 1,
    "WaterFatShift": 12.0,
    "acq_id": "SeqMm3Tr2000",
    "dataset": "ds002643",
    "modality": "bold",
    "subject_id": "050",
    "task_id": "Tasteratingtask"
  },
  "dummy_trs": 0,
  "dvars_nstd": 21.467921652953216,
  "dvars_std": 1.2650030746783625,
  "dvars_vstd": 0.9939661123684209,
  "efc": 0.4218043841731191,
  "fber": 100623.3515625,
  "fd_mean": 0.09985791810163304,
  "fd_num": 26,
  "fd_perc": 7.580174927113703,
  "fwhm_avg": 1.7822670787568906,
  "fwhm_x": 1.71284,
  "fwhm_y": 1.9626733333333333,
  "fwhm_z": 1.6712879029373386,
  "gcor": 0.129304,
  "gsr_x": -0.0079004792496562,
  "gsr_y": 0.01212802343070507,
  "provenance": {
    "md5sum": "9a2830fe4108ddad71f0a92593476c08",
    "settings": {
      "fd_thres": 0.2,
      "testing": false
    },
    "software": "mriqc",
    "version": "23.0.1",
    "webapi_port": null,
    "webapi_url": "https://mriqc.nimh.nih.gov/api/v1"
  },
  "size_t": 343,
  "size_x": 80,
  "size_y": 80,
  "size_z": 36,
  "snr": 6.099638927576965,
  "spacing_tr": 2.0,
  "spacing_x": 3.0,
  "spacing_y": 3.0,
  "spacing_z": 3.299999952316284,
  "summary_bg_k": 57.471564918119945,
  "summary_bg_mad": 235.1864131317175,
  "summary_bg_mean": 1285.5972900390625,
  "summary_bg_median": 208.82015991210938,
  "summary_bg_n": 155375.0,
  "summary_bg_p05": 16.152072906494144,
  "summary_bg_p95": 5598.462548828103,
  "summary_bg_stdv": 3741.154541015625,
  "summary_fg_k": 2.200135047731579,
  "summary_fg_mad": 9547.33860578006,
  "summary_fg_mean": 68124.2578125,
  "summary_fg_median": 66489.1796875,
  "summary_fg_n": 34664.0,
  "summary_fg_p05": 54002.9275390625,
  "summary_fg_p95": 87388.42382812499,
  "summary_fg_stdv": 10900.353515625,
  "tsnr": 75.44773864746094
}