{
  "bids_meta": {
    "AcquisitionNumber": 2,
    "BIDSVersion": "1.1.0",
    "BidsifyVersion": "0.3",
    "ConversionSoftware": "dcm2niix",
    "ConversionSoftwareVersion": "v1.0.20180622 GCC5.4.0",
    "EchoTime": 0.0038,
    "ImageComments": "RepliSC",
    "ImageOrientationPatientDICOM": [
      0.996839,
      0.0771344,
      -0.0190093,
      -0.078628,
      0.992131,
      -0.097432
    ],
    "InstitutionName": "Spinoza Centre for Neuroimaging, location REC",
    "InversionTime": 0.9,
    "MagneticFieldStrength": 3,
    "Manufacturer": "Philips",
    "ParallelAcquisitionTechnique": "SENSE",
    "PatientPosition": "HFS",
    "PhilipsRescaleIntercept": 0,
    "PhilipsRescaleSlope": 4.47521,
    "PhilipsScaleSlope": 0.0049655,
    "ProtocolName": "acq-AxialNsig1Mm1_T1w",
    "ReconMatrixPE": 240,
    "RepetitionTime": 0.008254,
    "SeriesDescription": "ImageMRSERIES",
    "SeriesNumber": 2,
    "UsePhilipsFloatNotDisplayScaling": 1,
    "acq_id": "AxialNsig1Mm1",
    "dataset": "ds002643",
    "modality": "T1w",
    "subject_id": "037"
  },
  "cjv": 0.3333092268099875,
  "cnr": 3.822249318662206,
  "efc": 0.7126089355313954,
  "fber": -1.0,
  "fwhm_avg": 4.224586749711836,
  "fwhm_x": 4.179800249135509,
  "fwhm_y": 4.34625,
  "fwhm_z": 4.14771,
  "icvs_csf": 0.23905557315375317,
  "icvs_gm": 0.3809450532208079,
  "icvs_wm": 0.37999937362543895,
  "inu_med": 0.4811237007379532,
  "inu_range": 0.14361614733934402,
  "provenance": {
    "md5sum": "cf0157ca01903c0818398fdc9306e797",
    "settings": {
      "testing": false
    },
    "software": "mriqc",
    "version": "23.0.1",
    "warnings": {
      "large_rot_frame": true,
      "small_air_mask": false
    },
    "webapi_port": null,
    "webapi_url": "https://mriqc.nimh.nih.gov/api/v1"
  },
  "qi_1": 0.0,
  "qi_2": 3.086194744615808e-05,
  "rpve_csf": 20.44790304696061,
  "rpve_gm": 12.484877955072099,
  "rpve_wm": 16.02125510322217,
  "size_x": 240,
  "size_y": 240,
  "size_z": 220,
  "snr_csf": 1.5263311350695534,
  "snr_gm": 7.256488898790768,
  "snr_total": 12.002687796769523,
  "snr_wm": 27.22524335644825,
  "snrd_csf": 21.344049042757717,
  "snrd_gm": 83.24150511513903,
  "snrd_total": 78.477080707552,
  "snrd_wm": 130.84568796475926,
  "spacing_x": 0.9999999403953552,
  "spacing_y": 1.0,
  "spacing_z": 1.0,
  "summary_bg_k": 30.41403719101087,
  "summary_bg_mad": 0.0,
  "summary_bg_mean": 1.8948666241828882,
  "summary_bg_median": 0.0,
  "summary_bg_n": 443378.0,
  "summary_bg_p05": 0.0,
  "summary_bg_p95": 13.121924176812172,
  "summary_bg_stdv": 5.007048526871325,
  "summary_csf_k": 0.7401750584814253,
  "summary_csf_mad": 105.99511240788257,
  "summary_csf_mean": 179.34791412547725,
  "summary_csf_median": 163.12738739140332,
  "summary_csf_n": 45791.0,
  "summary_csf_p05": 39.6719507612288,
  "summary_csf_p95": 380.2296228967607,
  "summary_csf_stdv": 106.87432262695062,
  "summary_gm_k": 0.11833845493376094,
  "summary_gm_mad": 86.47566986595987,
  "summary_gm_mean": 637.547174521487,
  "summary_gm_median": 636.1946238391101,
  "summary_gm_n": 33573.0,
  "summary_gm_p05": 495.19954855926335,
  "summary_gm_p95": 782.9939635798335,
  "summary_gm_stdv": 87.67120818981654,
  "summary_wm_k": 0.5175201760200041,
  "summary_wm_mad": 34.79129874997186,
  "summary_wm_mean": 999.8216114712409,
  "summary_wm_median": 1000.0218415148556,
  "summary_wm_n": 288177.0,
  "summary_wm_p05": 939.5516409333795,
  "summary_wm_p95": 1060.1027583457533,
  "summary_wm_stdv": 36.73135601903885,
  "tpm_overlap_csf": 0.15782109721697174,
  "tpm_overlap_gm": 0.4488529928287848,
  "tpm_overlap_wm": 0.5269444234483797,
  "wm2max": 0.8312457885868906
}