{
  "bids_meta": {
    "AcquisitionNumber": 2,
    "BIDSVersion": "1.1.0",
    "BidsifyVersion": "0.3",
    "ConversionSoftware": "dcm2niix",
    "ConversionSoftwareVersion": "v1.0.20180622 GCC5.4.0",
    "EchoTime": 0.00381,
    "ImageComments": "RepliSC",
    "ImageOrientationPatientDICOM": [
      0.995936,
      -0.00432344,
      0.0899555,
      0.0154716,
      0.992211,
      -0.123605
    ],
    "InstitutionName": "Spinoza Centre for Neuroimaging, location REC",
    "InversionTime": 0.9,
    "MagneticFieldStrength": 3,
    "Manufacturer": "Philips",
    "ParallelAcquisitionTechnique": "SENSE",
    "PatientPosition": "HFS",
    "PhilipsRescaleIntercept": 0,
    "PhilipsRescaleSlope": 4.16679,
    "PhilipsScaleSlope": 0.00479977,
    "ProtocolName": "acq-AxialNsig1Mm1_T1w",
    "ReconMatrixPE": 240,
    "RepetitionTime": 0.00831,
    "SeriesDescription": "ImageMRSERIES",
    "SeriesNumber": 2,
    "UsePhilipsFloatNotDisplayScaling": 1,
    "acq_id": "AxialNsig1Mm1",
    "dataset": "ds002643",
    "modality": "T1w",
    "subject_id": "083"
  },
  "cjv": 0.26798080689962883,
  "cnr": 4.758909896274126,
  "efc": 0.7137647571212576,
  "fber": -1.0,
  "fwhm_avg": 4.247243416395192,
  "fwhm_x": 4.18071,
  "fwhm_y": 4.38038,
  "fwhm_z": 4.180640249185577,
  "icvs_csf": 0.2217164001183546,
  "icvs_gm": 0.43065310422033287,
  "icvs_wm": 0.3476304956613125,
  "inu_med": 0.5500193238258362,
  "inu_range": 0.18969127535820007,
  "provenance": {
    "md5sum": "e28940da9dd517353cf7c67330cfe4aa",
    "settings": {
      "testing": false
    },
    "software": "mriqc",
    "version": "23.0.1",
    "warnings": {
      "large_rot_frame": true,
      "small_air_mask": false
    },
    "webapi_port": null,
    "webapi_url": "https://mriqc.nimh.nih.gov/api/v1"
  },
  "qi_1": 0.0,
  "qi_2": 7.723647486006185e-05,
  "rpve_csf": 20.95932287727067,
  "rpve_gm": 11.546726973471054,
  "rpve_wm": 17.421329592755676,
  "size_x": 240,
  "size_y": 240,
  "size_z": 220,
  "snr_csf": 1.54716185106229,
  "snr_gm": 8.317721976029008,
  "snr_total": 12.335966370740591,
  "snr_wm": 27.143015285130474,
  "snrd_csf": 19.416603283549147,
  "snrd_gm": 71.15956127416189,
  "snrd_total": 69.13951529516147,
  "snrd_wm": 116.8423813277734,
  "spacing_x": 1.0,
  "spacing_y": 1.0,
  "spacing_z": 0.9999999403953552,
  "summary_bg_k": 12.399570555902311,
  "summary_bg_mad": 0.0,
  "summary_bg_mean": 2.4741502850787676,
  "summary_bg_median": 0.0,
  "summary_bg_n": 402597.0,
  "summary_bg_p05": 0.0,
  "summary_bg_p95": 14.985452167688681,
  "summary_bg_stdv": 5.607144815184188,
  "summary_csf_k": 1.7681455160211126,
  "summary_csf_mad": 102.99463304484338,
  "summary_csf_mean": 183.8769350032777,
  "summary_csf_median": 166.18173929862678,
  "summary_csf_n": 37381.0,
  "summary_csf_p05": 41.59953827038407,
  "summary_csf_p95": 386.01005078293383,
  "summary_csf_stdv": 107.40926449254101,
  "summary_gm_k": 0.26632244415143,
  "summary_gm_mad": 71.01602943071236,
  "summary_gm_mean": 611.507293767568,
  "summary_gm_median": 609.0364770591259,
  "summary_gm_n": 49357.0,
  "summary_gm_p05": 494.96236748993397,
  "summary_gm_p95": 734.7728849295527,
  "summary_gm_stdv": 73.2208060182638,
  "summary_wm_k": 1.0052639541553328,
  "summary_wm_mad": 33.76113447333565,
  "summary_wm_mean": 1000.2187714297672,
  "summary_wm_median": 1000.0240448489785,
  "summary_wm_n": 251197.0,
  "summary_wm_p05": 941.0392660181969,
  "summary_wm_p95": 1060.5958580877632,
  "summary_wm_stdv": 36.84270313465649,
  "tpm_overlap_csf": 0.16275313851676138,
  "tpm_overlap_gm": 0.4745635140155693,
  "tpm_overlap_wm": 0.5269230266605349,
  "wm2max": 0.7772731447782945
}