{
  "aor": 0.0011683673469387755,
  "aqi": 0.0043004343731778425,
  "bids_meta": {
    "AcquisitionNumber": 4,
    "BIDSVersion": "1.1.0",
    "BidsifyVersion": "0.3",
    "ConversionSoftware": "dcm2niix",
    "ConversionSoftwareVersion": "v1.0.20180622 GCC5.4.0",
    "EchoTime": 0.028,
    "EffectiveEchoSpacing": 0.0006909,
    "FlipAngle": 76.1,
    "ImageComments": "RepliSC",
    "ImageOrientationPatientDICOM": [
      0.999655,
      -0.0176856,
      0.0194034,
      0.0200671,
      0.991267,
      -0.130336
    ],
    "InstitutionName": "Spinoza Centre for Neuroimaging, location REC",
    "MagneticFieldStrength": 3,
    "Manufacturer": "Philips",
    "ParallelAcquisitionTechnique": "SENSE",
    "ParallelReductionFactorInPlane": 2,
    "PatientPosition": "HFS",
    "PhaseEncodingDirection": "j",
    "PhilipsRescaleIntercept": 0,
    "PhilipsRescaleSlope": 0.77411,
    "PhilipsScaleSlope": 0.0192628,
    "ProtocolName": "task-Healthratingtask_acq-SeqMm3Tr2000_bold",
    "PulseSequenceType": "Gradient Echo EPI",
    "ReconMatrixPE": 80,
    "RepetitionTime": 2,
    "SeriesDescription": "ImageMRSERIES",
    "SeriesNumber": 4,
    "SliceEncodingDirection": "k",
    "SliceTiming": [
      0.0,
      0.05555555555555555,
      0.1111111111111111,
      0.16666666666666666,
      0.2222222222222222,
      0.2777777777777778,
      0.3333333333333333,
      0.38888888888888884,
      0.4444444444444444,
      0.5,
      0.5555555555555556,
      0.611111111111111,
      0.6666666666666666,
      0.7222222222222222,
      0.7777777777777777,
      0.8333333333333333,
      0.8888888888888888,
      0.9444444444444444,
      1.0,
      1.0555555555555556,
      1.1111111111111112,
      1.1666666666666665,
      1.222222222222222,
      1.2777777777777777,
      1.3333333333333333,
      1.3888888888888888,
      1.4444444444444444,
      1.5,
      1.5555555555555554,
      1.611111111111111,
      1.6666666666666665,
      1.722222222222222,
      1.7777777777777777,
      1.8333333333333333,
      1.8888888888888888,
      1.9444444444444444
    ],
    "TaskName": "Healthratingtask",
    "TotalReadoutTime": 0.0269452,
    "UsePhilipsFloatNotDisplayScaling": 1,
    "WaterFatShift": 12.0,
    "acq_id": "SeqMm3Tr2000",
    "dataset": "ds002643",
    "modality": "bold",
    "subject_id": "084",
    "task_id": "Healthratingtask"
  },
  "dummy_trs": 0,
  "dvars_nstd": 17.30554185552633,
  "dvars_std": 1.127958653596491,
  "dvars_vstd": 0.9919400851169585,
  "efc": 0.4358138416741337,
  "fber": 121274.03125,
  "fd_mean": 0.1253107073194175,
  "fd_num": 30,
  "fd_perc": 8.746355685131196,
  "fwhm_avg": 1.7694312200169466,
  "fwhm_x": 1.7236,
  "fwhm_y": 1.9453966666666667,
  "fwhm_z": 1.6392969933841732,
  "gcor": 0.0436867,
  "gsr_x": -0.013643366284668446,
  "gsr_y": 0.010316286236047745,
  "provenance": {
    "md5sum": "6c6467e891492b43e033cd96f24ff1a2",
    "settings": {
      "fd_thres": 0.2,
      "testing": false
    },
    "software": "mriqc",
    "version": "23.0.1",
    "webapi_port": null,
    "webapi_url": "https://mriqc.nimh.nih.gov/api/v1"
  },
  "size_t": 343,
  "size_x": 80,
  "size_y": 80,
  "size_z": 36,
  "snr": 5.681136943336582,
  "spacing_tr": 2.0,
  "spacing_x": 3.0,
  "spacing_y": 3.0,
  "spacing_z": 3.299999952316284,
  "summary_bg_k": 68.10237574449155,
  "summary_bg_mad": 242.7166834092594,
  "summary_bg_mean": 1188.4029541015625,
  "summary_bg_median": 206.76695251464844,
  "summary_bg_n": 150693.0,
  "summary_bg_p05": 10.95746307373047,
  "summary_bg_p95": 5237.055175781247,
  "summary_bg_stdv": 3496.235595703125,
  "summary_fg_k": 2.1705747245057028,
  "summary_fg_mad": 11875.863843996682,
  "summary_fg_mean": 75827.484375,
  "summary_fg_median": 73623.5234375,
  "summary_fg_n": 39037.0,
  "summary_fg_p05": 59702.98046875,
  "summary_fg_p95": 99303.95468749998,
  "summary_fg_stdv": 12959.1279296875,
  "tsnr": 86.35685729980469
}