{
  "aor": 0.0017693294460641399,
  "aqi": 0.003936523032069971,
  "bids_meta": {
    "AcquisitionNumber": 6,
    "BIDSVersion": "1.1.0",
    "BidsifyVersion": "0.3",
    "ConversionSoftware": "dcm2niix",
    "ConversionSoftwareVersion": "v1.0.20180622 GCC5.4.0",
    "EchoTime": 0.028,
    "EffectiveEchoSpacing": 0.0006909,
    "FlipAngle": 76.1,
    "ImageComments": "RepliSC",
    "ImageOrientationPatientDICOM": [
      0.999655,
      -0.0176856,
      0.0194034,
      0.0200671,
      0.991267,
      -0.130336
    ],
    "InstitutionName": "Spinoza Centre for Neuroimaging, location REC",
    "MagneticFieldStrength": 3,
    "Manufacturer": "Philips",
    "ParallelAcquisitionTechnique": "SENSE",
    "ParallelReductionFactorInPlane": 2,
    "PatientPosition": "HFS",
    "PhaseEncodingDirection": "j",
    "PhilipsRescaleIntercept": 0,
    "PhilipsRescaleSlope": 0.82613,
    "PhilipsScaleSlope": 0.0222594,
    "ProtocolName": "task-Decisiontask_acq-SeqMm3Tr2000_bold",
    "PulseSequenceType": "Gradient Echo EPI",
    "ReconMatrixPE": 80,
    "RepetitionTime": 2,
    "SeriesDescription": "ImageMRSERIES",
    "SeriesNumber": 6,
    "SliceEncodingDirection": "k",
    "SliceTiming": [
      0.0,
      0.05555555555555555,
      0.1111111111111111,
      0.16666666666666666,
      0.2222222222222222,
      0.2777777777777778,
      0.3333333333333333,
      0.38888888888888884,
      0.4444444444444444,
      0.5,
      0.5555555555555556,
      0.611111111111111,
      0.6666666666666666,
      0.7222222222222222,
      0.7777777777777777,
      0.8333333333333333,
      0.8888888888888888,
      0.9444444444444444,
      1.0,
      1.0555555555555556,
      1.1111111111111112,
      1.1666666666666665,
      1.222222222222222,
      1.2777777777777777,
      1.3333333333333333,
      1.3888888888888888,
      1.4444444444444444,
      1.5,
      1.5555555555555554,
      1.611111111111111,
      1.6666666666666665,
      1.722222222222222,
      1.7777777777777777,
      1.8333333333333333,
      1.8888888888888888,
      1.9444444444444444
    ],
    "TaskName": "Decisiontask",
    "TotalReadoutTime": 0.0269452,
    "UsePhilipsFloatNotDisplayScaling": 1,
    "WaterFatShift": 12.0,
    "acq_id": "SeqMm3Tr2000",
    "dataset": "ds002643",
    "modality": "bold",
    "subject_id": "084",
    "task_id": "Decisiontask"
  },
  "dummy_trs": 0,
  "dvars_nstd": 17.904494846140356,
  "dvars_std": 1.155936498888889,
  "dvars_vstd": 1.0130084599707605,
  "efc": 0.43544014409740817,
  "fber": 145499.28125,
  "fd_mean": 0.1302993806235295,
  "fd_num": 35,
  "fd_perc": 10.204081632653061,
  "fwhm_avg": 1.7751074827298048,
  "fwhm_x": 1.7282566666666668,
  "fwhm_y": 1.9397900000000001,
  "fwhm_z": 1.6572757815227477,
  "gcor": 0.040934,
  "gsr_x": -0.013605887070298195,
  "gsr_y": 0.008842509239912033,
  "provenance": {
    "md5sum": "ca3ce63c0bb9ddee9ce78ad54582eb35",
    "settings": {
      "fd_thres": 0.2,
      "testing": false
    },
    "software": "mriqc",
    "version": "23.0.1",
    "webapi_port": null,
    "webapi_url": "https://mriqc.nimh.nih.gov/api/v1"
  },
  "size_t": 343,
  "size_x": 80,
  "size_y": 80,
  "size_z": 36,
  "snr": 5.758638886868593,
  "spacing_tr": 2.0,
  "spacing_x": 3.0,
  "spacing_y": 3.0,
  "spacing_z": 3.299999952316284,
  "summary_bg_k": 68.32229815404568,
  "summary_bg_mad": 173.18061236612604,
  "summary_bg_mean": 999.8591918945312,
  "summary_bg_median": 160.24085998535156,
  "summary_bg_n": 150717.0,
  "summary_bg_p05": 9.359222221374512,
  "summary_bg_p95": 4466.414941406248,
  "summary_bg_stdv": 2987.164794921875,
  "summary_fg_k": 2.158699689776185,
  "summary_fg_mad": 9617.927266484185,
  "summary_fg_mean": 64587.73046875,
  "summary_fg_median": 62554.9609375,
  "summary_fg_n": 39036.0,
  "summary_fg_p05": 51057.0,
  "summary_fg_p95": 84229.078125,
  "summary_fg_stdv": 10862.6640625,
  "tsnr": 92.80908203125
}