{
  "aor": 0.0013162682215743442,
  "aqi": 0.004903555247813412,
  "bids_meta": {
    "AcquisitionNumber": 3,
    "BIDSVersion": "1.1.0",
    "BidsifyVersion": "0.3",
    "ConversionSoftware": "dcm2niix",
    "ConversionSoftwareVersion": "v1.0.20180622 GCC5.4.0",
    "EchoTime": 0.028,
    "EffectiveEchoSpacing": 0.0006909,
    "FlipAngle": 76.1,
    "ImageComments": "RepliSC",
    "ImageOrientationPatientDICOM": [
      0.999655,
      -0.0176856,
      0.0194034,
      0.0200671,
      0.991267,
      -0.130336
    ],
    "InstitutionName": "Spinoza Centre for Neuroimaging, location REC",
    "MagneticFieldStrength": 3,
    "Manufacturer": "Philips",
    "ParallelAcquisitionTechnique": "SENSE",
    "ParallelReductionFactorInPlane": 2,
    "PatientPosition": "HFS",
    "PhaseEncodingDirection": "j",
    "PhilipsRescaleIntercept": 0,
    "PhilipsRescaleSlope": 0.79121,
    "PhilipsScaleSlope": 0.0190529,
    "ProtocolName": "task-Tasteratingtask_acq-SeqMm3Tr2000_bold",
    "PulseSequenceType": "Gradient Echo EPI",
    "ReconMatrixPE": 80,
    "RepetitionTime": 2,
    "SeriesDescription": "ImageMRSERIES",
    "SeriesNumber": 3,
    "SliceEncodingDirection": "k",
    "SliceTiming": [
      0.0,
      0.05555555555555555,
      0.1111111111111111,
      0.16666666666666666,
      0.2222222222222222,
      0.2777777777777778,
      0.3333333333333333,
      0.38888888888888884,
      0.4444444444444444,
      0.5,
      0.5555555555555556,
      0.611111111111111,
      0.6666666666666666,
      0.7222222222222222,
      0.7777777777777777,
      0.8333333333333333,
      0.8888888888888888,
      0.9444444444444444,
      1.0,
      1.0555555555555556,
      1.1111111111111112,
      1.1666666666666665,
      1.222222222222222,
      1.2777777777777777,
      1.3333333333333333,
      1.3888888888888888,
      1.4444444444444444,
      1.5,
      1.5555555555555554,
      1.611111111111111,
      1.6666666666666665,
      1.722222222222222,
      1.7777777777777777,
      1.8333333333333333,
      1.8888888888888888,
      1.9444444444444444
    ],
    "TaskName": "Tasteratingtask",
    "TotalReadoutTime": 0.0269452,
    "UsePhilipsFloatNotDisplayScaling": 1,
    "WaterFatShift": 12.0,
    "acq_id": "SeqMm3Tr2000",
    "dataset": "ds002643",
    "modality": "bold",
    "subject_id": "084",
    "task_id": "Tasteratingtask"
  },
  "dummy_trs": 0,
  "dvars_nstd": 17.409327866812877,
  "dvars_std": 1.1296940080409366,
  "dvars_vstd": 0.984922160175439,
  "efc": 0.43462461669176305,
  "fber": 128853.125,
  "fd_mean": 0.12282220264077699,
  "fd_num": 27,
  "fd_perc": 7.871720116618076,
  "fwhm_avg": 1.7565965735699898,
  "fwhm_x": 1.7035099999999999,
  "fwhm_y": 1.9233099999999999,
  "fwhm_z": 1.64296972070997,
  "gcor": 0.0689849,
  "gsr_x": -0.013536361046135426,
  "gsr_y": 0.010215542279183865,
  "provenance": {
    "md5sum": "799ae418d80afbc4470c1e33555276b3",
    "settings": {
      "fd_thres": 0.2,
      "testing": false
    },
    "software": "mriqc",
    "version": "23.0.1",
    "webapi_port": null,
    "webapi_url": "https://mriqc.nimh.nih.gov/api/v1"
  },
  "size_t": 343,
  "size_x": 80,
  "size_y": 80,
  "size_z": 36,
  "snr": 5.760595094394164,
  "spacing_tr": 2.0,
  "spacing_x": 3.0,
  "spacing_y": 3.0,
  "spacing_z": 3.299999952316284,
  "summary_bg_k": 72.08598794346231,
  "summary_bg_mad": 239.85776331288258,
  "summary_bg_mean": 1186.2789306640625,
  "summary_bg_median": 205.22201538085938,
  "summary_bg_n": 150860.0,
  "summary_bg_p05": 10.335266208648681,
  "summary_bg_p95": 5214.774853515618,
  "summary_bg_stdv": 3541.919921875,
  "summary_fg_k": 2.255379972813909,
  "summary_fg_mad": 11759.734392100298,
  "summary_fg_mean": 77385.9375,
  "summary_fg_median": 75161.25,
  "summary_fg_n": 38919.0,
  "summary_fg_p05": 61132.09375,
  "summary_fg_p95": 100820.74296875,
  "summary_fg_stdv": 13047.3125,
  "tsnr": 81.99549865722656
}