{
  "aor": 0.005958291666666667,
  "aqi": 0.004324049041666667,
  "bids_meta": {
    "AcquisitionNumber": 7,
    "BIDSVersion": "1.1.0",
    "BidsifyVersion": "0.3",
    "ConversionSoftware": "dcm2niix",
    "ConversionSoftwareVersion": "v1.0.20180622 GCC5.4.0",
    "EchoTime": 0.028,
    "EffectiveEchoSpacing": 0.0006909,
    "FlipAngle": 76.1,
    "ImageComments": "RepliSC",
    "ImageOrientationPatientDICOM": [
      0.999655,
      -0.0176856,
      0.0194034,
      0.0200671,
      0.991267,
      -0.130336
    ],
    "InstitutionName": "Spinoza Centre for Neuroimaging, location REC",
    "MagneticFieldStrength": 3,
    "Manufacturer": "Philips",
    "ParallelAcquisitionTechnique": "SENSE",
    "ParallelReductionFactorInPlane": 2,
    "PatientPosition": "HFS",
    "PhaseEncodingDirection": "j",
    "PhilipsRescaleIntercept": 0,
    "PhilipsRescaleSlope": 0.81441,
    "PhilipsScaleSlope": 0.0229347,
    "ProtocolName": "task-RestingState_acq-SeqMm3Tr2000_bold",
    "PulseSequenceType": "Gradient Echo EPI",
    "ReconMatrixPE": 80,
    "RepetitionTime": 2,
    "SeriesDescription": "ImageMRSERIES",
    "SeriesNumber": 7,
    "SliceEncodingDirection": "k",
    "SliceTiming": [
      0.0,
      0.05555555555555555,
      0.1111111111111111,
      0.16666666666666666,
      0.2222222222222222,
      0.2777777777777778,
      0.3333333333333333,
      0.38888888888888884,
      0.4444444444444444,
      0.5,
      0.5555555555555556,
      0.611111111111111,
      0.6666666666666666,
      0.7222222222222222,
      0.7777777777777777,
      0.8333333333333333,
      0.8888888888888888,
      0.9444444444444444,
      1.0,
      1.0555555555555556,
      1.1111111111111112,
      1.1666666666666665,
      1.222222222222222,
      1.2777777777777777,
      1.3333333333333333,
      1.3888888888888888,
      1.4444444444444444,
      1.5,
      1.5555555555555554,
      1.611111111111111,
      1.6666666666666665,
      1.722222222222222,
      1.7777777777777777,
      1.8333333333333333,
      1.8888888888888888,
      1.9444444444444444
    ],
    "TaskName": "RestingState",
    "TotalReadoutTime": 0.0269452,
    "UsePhilipsFloatNotDisplayScaling": 1,
    "WaterFatShift": 12.0,
    "acq_id": "SeqMm3Tr2000",
    "dataset": "ds002643",
    "modality": "bold",
    "subject_id": "084",
    "task_id": "RestingState"
  },
  "dummy_trs": 0,
  "dvars_nstd": 18.27334126276151,
  "dvars_std": 1.1774493151046024,
  "dvars_vstd": 1.041309880794979,
  "efc": 0.4357525061701936,
  "fber": 147377.59375,
  "fd_mean": 0.15622950326007284,
  "fd_num": 31,
  "fd_perc": 12.916666666666666,
  "fwhm_avg": 1.7869020282888546,
  "fwhm_x": 1.73027,
  "fwhm_y": 1.9514633333333335,
  "fwhm_z": 1.6789727515332302,
  "gcor": 0.0436857,
  "gsr_x": -0.013613256625831127,
  "gsr_y": 0.00926196202635765,
  "provenance": {
    "md5sum": "c8f6ff06f4fdae9c410bc83e8570a40e",
    "settings": {
      "fd_thres": 0.2,
      "testing": false
    },
    "software": "mriqc",
    "version": "23.0.1",
    "webapi_port": null,
    "webapi_url": "https://mriqc.nimh.nih.gov/api/v1"
  },
  "size_t": 240,
  "size_x": 80,
  "size_y": 80,
  "size_z": 36,
  "snr": 5.77076691125269,
  "spacing_tr": 2.0,
  "spacing_x": 3.0,
  "spacing_y": 3.0,
  "spacing_z": 3.299999952316284,
  "summary_bg_k": 64.73616501901955,
  "summary_bg_mad": 172.65581063478916,
  "summary_bg_mean": 1004.475830078125,
  "summary_bg_median": 160.15049743652344,
  "summary_bg_n": 150713.0,
  "summary_bg_p05": 10.34675579071045,
  "summary_bg_p95": 4495.5843749999985,
  "summary_bg_stdv": 2961.652587890625,
  "summary_fg_k": 2.125708032327621,
  "summary_fg_mad": 9663.172695515728,
  "summary_fg_mean": 64900.05078125,
  "summary_fg_median": 62848.17578125,
  "summary_fg_n": 39052.0,
  "summary_fg_p05": 51250.18671875,
  "summary_fg_p95": 84507.70937499998,
  "summary_fg_stdv": 10890.64453125,
  "tsnr": 86.74867248535156
}