{
  "bids_meta": {
    "AcquisitionNumber": 2,
    "BIDSVersion": "1.1.0",
    "BidsifyVersion": "0.3.7",
    "ConversionSoftware": "dcm2niix",
    "ConversionSoftwareVersion": "v1.0.20190902",
    "EchoTime": 0.00389,
    "ImageComments": "RepliSC",
    "ImageOrientationPatientDICOM": [
      0.998936,
      -0.0443171,
      -0.012744,
      0.0385499,
      0.954228,
      -0.296587
    ],
    "InstitutionName": "Spinoza Centre for Neuroimaging, location RE",
    "InversionTime": 0.9,
    "MagneticFieldStrength": 3,
    "Manufacturer": "Philips",
    "PatientPosition": "HFS",
    "PhilipsRescaleIntercept": 0,
    "PhilipsRescaleSlope": 4.47204,
    "PhilipsScaleSlope": 0.00517156,
    "ProtocolName": "acq-AxialNsig1Mm1_T1w",
    "ReconMatrixPE": 240,
    "RepetitionTime": 0.008417,
    "SeriesDescription": "ImageMRSERIES",
    "SeriesNumber": 2,
    "UsePhilipsFloatNotDisplayScaling": 1,
    "acq_id": "AxialNsig1Mm1",
    "dataset": "ds002643",
    "modality": "T1w",
    "subject_id": "064"
  },
  "cjv": 0.28243535582615376,
  "cnr": 4.480897846526822,
  "efc": 0.7172284909564149,
  "fber": -1.0,
  "fwhm_avg": 4.381559649177435,
  "fwhm_x": 4.31594,
  "fwhm_y": 4.517189461509054,
  "fwhm_z": 4.3115494860232495,
  "icvs_csf": 0.22844314414505126,
  "icvs_gm": 0.43063785191143633,
  "icvs_wm": 0.3409190039435124,
  "inu_med": 0.5817139744758606,
  "inu_range": 0.20794683843851086,
  "provenance": {
    "md5sum": "27649e2772c3c1b45b1e9b42347427b2",
    "settings": {
      "testing": false
    },
    "software": "mriqc",
    "version": "23.0.1",
    "warnings": {
      "large_rot_frame": true,
      "small_air_mask": false
    },
    "webapi_port": null,
    "webapi_url": "https://mriqc.nimh.nih.gov/api/v1"
  },
  "qi_1": 0.0,
  "qi_2": 2.4727064121259042e-05,
  "rpve_csf": 22.746764550475184,
  "rpve_gm": 12.564080823929354,
  "rpve_wm": 18.792322671620745,
  "size_x": 240,
  "size_y": 240,
  "size_z": 220,
  "snr_csf": 1.349106169630087,
  "snr_gm": 8.152396192443984,
  "snr_total": 11.239290361405745,
  "snr_wm": 24.21636872214317,
  "snrd_csf": 13.8883792559729,
  "snrd_gm": 60.81516249376045,
  "snrd_total": 57.91751324323792,
  "snrd_wm": 99.0489979799804,
  "spacing_x": 1.0,
  "spacing_y": 1.0000001192092896,
  "spacing_z": 1.0000001192092896,
  "summary_bg_k": 931.3209679547991,
  "summary_bg_mad": 0.0,
  "summary_bg_mean": 2.665388022328346,
  "summary_bg_median": 0.0,
  "summary_bg_n": 410304.0,
  "summary_bg_p05": 0.0,
  "summary_bg_p95": 14.706935718655586,
  "summary_bg_stdv": 6.614265829039062,
  "summary_csf_k": 0.9970209700617927,
  "summary_csf_mad": 101.27074047706546,
  "summary_csf_mean": 158.8610528852528,
  "summary_csf_median": 140.2172621358186,
  "summary_csf_n": 39646.0,
  "summary_csf_p05": 33.76507116900757,
  "summary_csf_p95": 361.08392176777124,
  "summary_csf_stdv": 103.93214182490854,
  "summary_gm_k": 0.4353979299905477,
  "summary_gm_mad": 70.90013742592174,
  "summary_gm_mean": 616.1972445670046,
  "summary_gm_median": 613.9906913582236,
  "summary_gm_n": 42289.0,
  "summary_gm_p05": 495.23696040920913,
  "summary_gm_p95": 742.1415812339633,
  "summary_gm_stdv": 75.31324746255443,
  "summary_wm_k": 0.8125750586024441,
  "summary_wm_mad": 38.12254019356851,
  "summary_wm_mean": 998.4301007075172,
  "summary_wm_median": 1000.0000041816384,
  "summary_wm_n": 219957.0,
  "summary_wm_p05": 928.3514423444867,
  "summary_wm_p95": 1062.7193550467491,
  "summary_wm_stdv": 41.294289101779505,
  "tpm_overlap_csf": 0.16292532118606504,
  "tpm_overlap_gm": 0.478064367531832,
  "tpm_overlap_wm": 0.5277406659051022,
  "wm2max": 0.7059904261057174
}