{
  "bids_meta": {
    "AcquisitionNumber": 2,
    "BIDSVersion": "1.1.0",
    "BidsifyVersion": "0.3",
    "ConversionSoftware": "dcm2niix",
    "ConversionSoftwareVersion": "v1.0.20180622 GCC5.4.0",
    "EchoTime": 0.00383,
    "ImageComments": "RepliSC",
    "ImageOrientationPatientDICOM": [
      0.997574,
      -0.0642688,
      0.0267629,
      0.0676579,
      0.985571,
      -0.155152
    ],
    "InstitutionName": "Spinoza Centre for Neuroimaging, location REC",
    "InversionTime": 0.9,
    "MagneticFieldStrength": 3,
    "Manufacturer": "Philips",
    "ParallelAcquisitionTechnique": "SENSE",
    "PatientPosition": "HFS",
    "PhilipsRescaleIntercept": 0,
    "PhilipsRescaleSlope": 4.04005,
    "PhilipsScaleSlope": 0.00529585,
    "ProtocolName": "acq-AxialNsig1Mm1_T1w",
    "ReconMatrixPE": 240,
    "RepetitionTime": 0.008313,
    "SeriesDescription": "ImageMRSERIES",
    "SeriesNumber": 2,
    "UsePhilipsFloatNotDisplayScaling": 1,
    "acq_id": "AxialNsig1Mm1",
    "dataset": "ds002643",
    "modality": "T1w",
    "subject_id": "028"
  },
  "cjv": 0.2839712531059643,
  "cnr": 4.530526340341776,
  "efc": 0.6990922791468843,
  "fber": -1.0,
  "fwhm_avg": 4.121333411964581,
  "fwhm_x": 4.13091,
  "fwhm_y": 4.27545,
  "fwhm_z": 3.9576402358937406,
  "icvs_csf": 0.2299631239733427,
  "icvs_gm": 0.43508337283301823,
  "icvs_wm": 0.33495350319363904,
  "inu_med": 0.5488202571868896,
  "inu_range": 0.1718466848134994,
  "provenance": {
    "md5sum": "56187ea51f20d6389bd097861ab2a786",
    "settings": {
      "testing": false
    },
    "software": "mriqc",
    "version": "23.0.1",
    "warnings": {
      "large_rot_frame": true,
      "small_air_mask": false
    },
    "webapi_port": null,
    "webapi_url": "https://mriqc.nimh.nih.gov/api/v1"
  },
  "qi_1": 0.01840565560494653,
  "qi_2": 9.39515828902763e-05,
  "rpve_csf": 24.209795354014254,
  "rpve_gm": 13.489594009947458,
  "rpve_wm": 21.024151655984866,
  "size_x": 240,
  "size_y": 240,
  "size_z": 220,
  "snr_csf": 1.573656819947182,
  "snr_gm": 8.260360615310343,
  "snr_total": 11.87573634517503,
  "snr_wm": 25.793191600267566,
  "snrd_csf": 23.173449774938398,
  "snrd_gm": 87.58100025738537,
  "snrd_total": 84.17406245527081,
  "snrd_wm": 141.76773733348867,
  "spacing_x": 1.0,
  "spacing_y": 1.0,
  "spacing_z": 0.9999999403953552,
  "summary_bg_k": 340.901196432523,
  "summary_bg_mad": 0.0,
  "summary_bg_mean": 1.5396686754057136,
  "summary_bg_median": 0.0,
  "summary_bg_n": 357935.0,
  "summary_bg_p05": 0.0,
  "summary_bg_p95": 10.348938815295696,
  "summary_bg_stdv": 4.621091136642082,
  "summary_csf_k": 0.7742425521855218,
  "summary_csf_mad": 101.61640252996008,
  "summary_csf_mean": 180.85778275296957,
  "summary_csf_median": 163.45698904898018,
  "summary_csf_n": 34460.0,
  "summary_csf_p05": 44.36432586265728,
  "summary_csf_p95": 375.82508773142473,
  "summary_csf_stdv": 103.869290475672,
  "summary_gm_k": 0.20722255934176248,
  "summary_gm_mad": 73.04773397033073,
  "summary_gm_mean": 618.7303908262621,
  "summary_gm_median": 617.7641541939229,
  "summary_gm_n": 41433.0,
  "summary_gm_p05": 496.3801009677351,
  "summary_gm_p95": 741.7804375100881,
  "summary_gm_stdv": 74.78568163556714,
  "summary_wm_k": 0.9491460300725008,
  "summary_wm_mad": 35.48985796549402,
  "summary_wm_mean": 998.8159759682316,
  "summary_wm_median": 999.977461874485,
  "summary_wm_n": 192747.0,
  "summary_wm_p05": 933.4292857535183,
  "summary_wm_p95": 1059.416366983205,
  "summary_wm_stdv": 38.76894660237067,
  "tpm_overlap_csf": 0.17106553455125476,
  "tpm_overlap_gm": 0.48835597527255453,
  "tpm_overlap_wm": 0.5297534242964343,
  "wm2max": 0.7637375854840373
}