{
  "bids_meta": {
    "AcquisitionNumber": 2,
    "BIDSVersion": "1.1.0",
    "BidsifyVersion": "0.3",
    "ConversionSoftware": "dcm2niix",
    "ConversionSoftwareVersion": "v1.0.20180622 GCC5.4.0",
    "EchoTime": 0.00385,
    "ImageComments": "RepliSC",
    "ImageOrientationPatientDICOM": [
      0.999457,
      -0.0176421,
      0.0278441,
      0.0240771,
      0.967653,
      -0.251134
    ],
    "InstitutionName": "Spinoza Centre for Neuroimaging, location REC",
    "InversionTime": 0.9,
    "MagneticFieldStrength": 3,
    "Manufacturer": "Philips",
    "ParallelAcquisitionTechnique": "SENSE",
    "PatientPosition": "HFS",
    "PhilipsRescaleIntercept": 0,
    "PhilipsRescaleSlope": 3.96215,
    "PhilipsScaleSlope": 0.00535055,
    "ProtocolName": "acq-AxialNsig1Mm1_T1w",
    "ReconMatrixPE": 240,
    "RepetitionTime": 0.00837,
    "SeriesDescription": "ImageMRSERIES",
    "SeriesNumber": 2,
    "UsePhilipsFloatNotDisplayScaling": 1,
    "acq_id": "AxialNsig1Mm1",
    "dataset": "ds002643",
    "modality": "T1w",
    "subject_id": "023"
  },
  "cjv": 0.28916539872532665,
  "cnr": 4.535151466770176,
  "efc": 0.6618393649326129,
  "fber": -1.0,
  "fwhm_avg": 4.337960173776955,
  "fwhm_x": 4.2674,
  "fwhm_y": 4.5649602720928355,
  "fwhm_z": 4.181520249238029,
  "icvs_csf": 0.256302363038404,
  "icvs_gm": 0.4168911705858078,
  "icvs_wm": 0.3268064663757882,
  "inu_med": 0.6235320270061493,
  "inu_range": 0.17952316701412196,
  "provenance": {
    "md5sum": "f100932bb186ad4fbb890716c9c5e284",
    "settings": {
      "testing": false
    },
    "software": "mriqc",
    "version": "23.0.1",
    "warnings": {
      "large_rot_frame": true,
      "small_air_mask": false
    },
    "webapi_port": null,
    "webapi_url": "https://mriqc.nimh.nih.gov/api/v1"
  },
  "qi_1": 0.0,
  "qi_2": 2.5280247340476397e-05,
  "rpve_csf": 27.320405614059435,
  "rpve_gm": 16.48748920008995,
  "rpve_wm": 24.54583356041201,
  "size_x": 240,
  "size_y": 240,
  "size_z": 220,
  "snr_csf": 1.560481146358901,
  "snr_gm": 8.339943686302913,
  "snr_total": 11.089669722296676,
  "snr_wm": 23.368584334228213,
  "snrd_csf": 10.291965632064565,
  "snrd_gm": 42.31351357575277,
  "snrd_total": 40.57242170397327,
  "snrd_wm": 69.11178590410246,
  "spacing_x": 1.0,
  "spacing_y": 0.9999999403953552,
  "spacing_z": 0.9999999403953552,
  "summary_bg_k": 434.79748473119326,
  "summary_bg_mad": 0.0,
  "summary_bg_mean": 4.5009835567128365,
  "summary_bg_median": 0.0,
  "summary_bg_n": 713908.0,
  "summary_bg_p05": 0.0,
  "summary_bg_p95": 22.044386675581336,
  "summary_bg_stdv": 9.479372896832894,
  "summary_csf_k": 0.5757155561072245,
  "summary_csf_mad": 94.76981009196058,
  "summary_csf_mean": 165.35623560451225,
  "summary_csf_median": 148.91766060888767,
  "summary_csf_n": 56300.0,
  "summary_csf_p05": 44.163331592455506,
  "summary_csf_p95": 347.8402910155243,
  "summary_csf_stdv": 95.42975793942384,
  "summary_gm_k": 0.23947489157684343,
  "summary_gm_mad": 72.77230751618279,
  "summary_gm_mean": 613.3925663305506,
  "summary_gm_median": 612.2474247496575,
  "summary_gm_n": 36970.0,
  "summary_gm_p05": 496.14657404581084,
  "summary_gm_p95": 734.0283708026631,
  "summary_gm_stdv": 73.41046503366032,
  "summary_wm_k": 0.7647164950144196,
  "summary_wm_mad": 39.35231616571302,
  "summary_wm_mean": 998.101909718046,
  "summary_wm_median": 999.999984966591,
  "summary_wm_n": 161591.0,
  "summary_wm_p05": 924.2239590659738,
  "summary_wm_p95": 1064.3188944552094,
  "summary_wm_stdv": 42.792360736435846,
  "tpm_overlap_csf": 0.14798108292462292,
  "tpm_overlap_gm": 0.48519333753214033,
  "tpm_overlap_wm": 0.5178303447289633,
  "wm2max": 0.6514952801930021
}