{
  "bids_meta": {
    "AcquisitionNumber": 2,
    "BIDSVersion": "1.1.0",
    "BidsifyVersion": "0.3",
    "ConversionSoftware": "dcm2niix",
    "ConversionSoftwareVersion": "v1.0.20180622 GCC5.4.0",
    "EchoTime": 0.00374,
    "ImageComments": "RepliSC",
    "ImageOrientationPatientDICOM": [
      0.999989,
      0.000386125,
      0.00469653,
      0,
      0.996637,
      -0.0819385
    ],
    "InstitutionName": "Spinoza Centre for Neuroimaging, location REC",
    "InversionTime": 0.9,
    "MagneticFieldStrength": 3,
    "Manufacturer": "Philips",
    "ParallelAcquisitionTechnique": "SENSE",
    "PatientPosition": "HFS",
    "PhilipsRescaleIntercept": 0,
    "PhilipsRescaleSlope": 4.26545,
    "PhilipsScaleSlope": 0.00507045,
    "ProtocolName": "acq-AxialNsig1Mm1_T1w",
    "ReconMatrixPE": 240,
    "RepetitionTime": 0.008165,
    "SeriesDescription": "ImageMRSERIES",
    "SeriesNumber": 2,
    "UsePhilipsFloatNotDisplayScaling": 1,
    "acq_id": "AxialNsig1Mm1",
    "dataset": "ds002643",
    "modality": "T1w",
    "subject_id": "024"
  },
  "cjv": 0.29817207452050326,
  "cnr": 4.325337053454289,
  "efc": 0.6963225663626528,
  "fber": 11473.280901264745,
  "fwhm_avg": 4.376483420761034,
  "fwhm_x": 4.400380262283103,
  "fwhm_y": 4.47477,
  "fwhm_z": 4.2543,
  "icvs_csf": 0.26177420095314663,
  "icvs_gm": 0.42073670141750397,
  "icvs_wm": 0.3174890976293494,
  "inu_med": 0.6023685932159424,
  "inu_range": 0.2105680465698242,
  "provenance": {
    "md5sum": "4ff113410687619ebcf3191917b5c688",
    "settings": {
      "testing": false
    },
    "software": "mriqc",
    "version": "23.0.1",
    "warnings": {
      "large_rot_frame": true,
      "small_air_mask": false
    },
    "webapi_port": null,
    "webapi_url": "https://mriqc.nimh.nih.gov/api/v1"
  },
  "qi_1": 0.0,
  "qi_2": 0.00013649481364417121,
  "rpve_csf": 21.126087299867095,
  "rpve_gm": 12.923157561735096,
  "rpve_wm": 20.25404340836013,
  "size_x": 240,
  "size_y": 240,
  "size_z": 220,
  "snr_csf": 1.504451721495709,
  "snr_gm": 7.693768773479687,
  "snr_total": 11.484841101676126,
  "snr_wm": 25.256302810052986,
  "snrd_csf": 16.951947393101964,
  "snrd_gm": 77.79350080601972,
  "snrd_total": 73.81389834108639,
  "snrd_wm": 126.69624682413745,
  "spacing_x": 0.9999999403953552,
  "spacing_y": 1.0,
  "spacing_z": 1.0,
  "summary_bg_k": 24.857522445944348,
  "summary_bg_mad": 0.0,
  "summary_bg_mean": 2.55321829874517,
  "summary_bg_median": 0.0,
  "summary_bg_n": 408535.0,
  "summary_bg_p05": 0.0,
  "summary_bg_p95": 13.425735529512167,
  "summary_bg_stdv": 5.1709219986180335,
  "summary_csf_k": 1.0485750021021474,
  "summary_csf_mad": 87.41934442033772,
  "summary_csf_mean": 146.76497124696348,
  "summary_csf_median": 133.79991967231035,
  "summary_csf_n": 69066.0,
  "summary_csf_p05": 29.390238765627146,
  "summary_csf_p95": 315.49334905296564,
  "summary_csf_stdv": 88.9353570599599,
  "summary_gm_k": 0.22183914673855876,
  "summary_gm_mad": 78.12807197224907,
  "summary_gm_mean": 614.4369089757294,
  "summary_gm_median": 614.0158364996314,
  "summary_gm_n": 41755.0,
  "summary_gm_p05": 482.64032562822104,
  "summary_gm_p95": 745.1466193128376,
  "summary_gm_stdv": 79.80594451571856,
  "summary_wm_k": 0.7452995619407377,
  "summary_wm_mad": 36.961631271593525,
  "summary_wm_mean": 999.8807658483895,
  "summary_wm_median": 1000.0000150278211,
  "summary_wm_n": 199717.0,
  "summary_wm_p05": 935.0212848074734,
  "summary_wm_p95": 1064.2011046893895,
  "summary_wm_stdv": 39.5939785408377,
  "tpm_overlap_csf": 0.14964624387338288,
  "tpm_overlap_gm": 0.46538164448588415,
  "tpm_overlap_wm": 0.49709033726588786,
  "wm2max": 0.7992906893841063
}