{
  "aor": 0.0014327405247813413,
  "aqi": 0.007165281749271137,
  "bids_meta": {
    "AcquisitionNumber": 6,
    "BIDSVersion": "1.1.0",
    "BidsifyVersion": "0.3",
    "ConversionSoftware": "dcm2niix",
    "ConversionSoftwareVersion": "v1.0.20180622 GCC5.4.0",
    "EchoTime": 0.028,
    "EffectiveEchoSpacing": 0.0006909,
    "FlipAngle": 76.1,
    "ImageComments": "RepliSC",
    "ImageOrientationPatientDICOM": [
      0.999487,
      0.0316167,
      0.00515234,
      -0.0293149,
      0.967593,
      -0.250808
    ],
    "InstitutionName": "Spinoza Centre for Neuroimaging, location REC",
    "MagneticFieldStrength": 3,
    "Manufacturer": "Philips",
    "ParallelAcquisitionTechnique": "SENSE",
    "ParallelReductionFactorInPlane": 2,
    "PatientPosition": "HFS",
    "PhaseEncodingDirection": "j",
    "PhilipsRescaleIntercept": 0,
    "PhilipsRescaleSlope": 0.80317,
    "PhilipsScaleSlope": 0.0199527,
    "ProtocolName": "task-Decisiontask_acq-SeqMm3Tr2000_bold",
    "PulseSequenceType": "Gradient Echo EPI",
    "ReconMatrixPE": 80,
    "RepetitionTime": 2,
    "SeriesDescription": "ImageMRSERIES",
    "SeriesNumber": 6,
    "SliceEncodingDirection": "k",
    "SliceTiming": [
      0.0,
      0.05555555555555555,
      0.1111111111111111,
      0.16666666666666666,
      0.2222222222222222,
      0.2777777777777778,
      0.3333333333333333,
      0.38888888888888884,
      0.4444444444444444,
      0.5,
      0.5555555555555556,
      0.611111111111111,
      0.6666666666666666,
      0.7222222222222222,
      0.7777777777777777,
      0.8333333333333333,
      0.8888888888888888,
      0.9444444444444444,
      1.0,
      1.0555555555555556,
      1.1111111111111112,
      1.1666666666666665,
      1.222222222222222,
      1.2777777777777777,
      1.3333333333333333,
      1.3888888888888888,
      1.4444444444444444,
      1.5,
      1.5555555555555554,
      1.611111111111111,
      1.6666666666666665,
      1.722222222222222,
      1.7777777777777777,
      1.8333333333333333,
      1.8888888888888888,
      1.9444444444444444
    ],
    "TaskName": "Decisiontask",
    "TotalReadoutTime": 0.0269452,
    "UsePhilipsFloatNotDisplayScaling": 1,
    "WaterFatShift": 12.0,
    "acq_id": "SeqMm3Tr2000",
    "dataset": "ds002643",
    "modality": "bold",
    "subject_id": "031",
    "task_id": "Decisiontask"
  },
  "dummy_trs": 0,
  "dvars_nstd": 22.049252387426904,
  "dvars_std": 1.2298562915789477,
  "dvars_vstd": 1.012858628684211,
  "efc": 0.45997055597138037,
  "fber": 63095.62109375,
  "fd_mean": 0.15566619934918505,
  "fd_num": 64,
  "fd_perc": 18.658892128279884,
  "fwhm_avg": 1.8026093008593416,
  "fwhm_x": 1.7792433333333333,
  "fwhm_y": 1.9821633333333333,
  "fwhm_z": 1.6464212359113581,
  "gcor": 0.0569815,
  "gsr_x": -0.002547068055719137,
  "gsr_y": 0.011843129992485046,
  "provenance": {
    "md5sum": "cfef9b40d1b33f5cad35e1338029e77d",
    "settings": {
      "fd_thres": 0.2,
      "testing": false
    },
    "software": "mriqc",
    "version": "23.0.1",
    "webapi_port": null,
    "webapi_url": "https://mriqc.nimh.nih.gov/api/v1"
  },
  "size_t": 343,
  "size_x": 80,
  "size_y": 80,
  "size_z": 36,
  "snr": 6.68879048593846,
  "spacing_tr": 2.0,
  "spacing_x": 3.0,
  "spacing_y": 3.0,
  "spacing_z": 3.299999952316284,
  "summary_bg_k": 35.20502113367371,
  "summary_bg_mad": 347.81098442495943,
  "summary_bg_mean": 2218.97607421875,
  "summary_bg_median": 274.3147277832031,
  "summary_bg_n": 151047.0,
  "summary_bg_p05": 17.288454246520995,
  "summary_bg_p95": 12036.108398437476,
  "summary_bg_stdv": 5481.8212890625,
  "summary_fg_k": 4.116140508886638,
  "summary_fg_mad": 8570.512234721846,
  "summary_fg_mean": 69530.8671875,
  "summary_fg_median": 68201.6328125,
  "summary_fg_n": 38057.0,
  "summary_fg_p05": 56652.16640625,
  "summary_fg_p95": 86049.05156249998,
  "summary_fg_stdv": 10196.2734375,
  "tsnr": 73.54210662841797
}