{
  "aor": 0.000856472303206997,
  "aqi": 0.007030289941690962,
  "bids_meta": {
    "AcquisitionNumber": 4,
    "BIDSVersion": "1.1.0",
    "BidsifyVersion": "0.3",
    "ConversionSoftware": "dcm2niix",
    "ConversionSoftwareVersion": "v1.0.20180622 GCC5.4.0",
    "EchoTime": 0.028,
    "EffectiveEchoSpacing": 0.0006909,
    "FlipAngle": 76.1,
    "ImageComments": "RepliSC",
    "ImageOrientationPatientDICOM": [
      0.999487,
      0.0316167,
      0.00515234,
      -0.0293149,
      0.967593,
      -0.250808
    ],
    "InstitutionName": "Spinoza Centre for Neuroimaging, location REC",
    "MagneticFieldStrength": 3,
    "Manufacturer": "Philips",
    "ParallelAcquisitionTechnique": "SENSE",
    "ParallelReductionFactorInPlane": 2,
    "PatientPosition": "HFS",
    "PhaseEncodingDirection": "j",
    "PhilipsRescaleIntercept": 0,
    "PhilipsRescaleSlope": 0.7685,
    "PhilipsScaleSlope": 0.0199886,
    "ProtocolName": "task-Healthratingtask_acq-SeqMm3Tr2000_bold",
    "PulseSequenceType": "Gradient Echo EPI",
    "ReconMatrixPE": 80,
    "RepetitionTime": 2,
    "SeriesDescription": "ImageMRSERIES",
    "SeriesNumber": 4,
    "SliceEncodingDirection": "k",
    "SliceTiming": [
      0.0,
      0.05555555555555555,
      0.1111111111111111,
      0.16666666666666666,
      0.2222222222222222,
      0.2777777777777778,
      0.3333333333333333,
      0.38888888888888884,
      0.4444444444444444,
      0.5,
      0.5555555555555556,
      0.611111111111111,
      0.6666666666666666,
      0.7222222222222222,
      0.7777777777777777,
      0.8333333333333333,
      0.8888888888888888,
      0.9444444444444444,
      1.0,
      1.0555555555555556,
      1.1111111111111112,
      1.1666666666666665,
      1.222222222222222,
      1.2777777777777777,
      1.3333333333333333,
      1.3888888888888888,
      1.4444444444444444,
      1.5,
      1.5555555555555554,
      1.611111111111111,
      1.6666666666666665,
      1.722222222222222,
      1.7777777777777777,
      1.8333333333333333,
      1.8888888888888888,
      1.9444444444444444
    ],
    "TaskName": "Healthratingtask",
    "TotalReadoutTime": 0.0269452,
    "UsePhilipsFloatNotDisplayScaling": 1,
    "WaterFatShift": 12.0,
    "acq_id": "SeqMm3Tr2000",
    "dataset": "ds002643",
    "modality": "bold",
    "subject_id": "031",
    "task_id": "Healthratingtask"
  },
  "dummy_trs": 0,
  "dvars_nstd": 21.4085828102047,
  "dvars_std": 1.1953285535672507,
  "dvars_vstd": 0.9761628680701764,
  "efc": 0.45822848760527585,
  "fber": 69159.9453125,
  "fd_mean": 0.1428176398142972,
  "fd_num": 51,
  "fd_perc": 14.868804664723031,
  "fwhm_avg": 1.7976666745360854,
  "fwhm_x": 1.7795933333333334,
  "fwhm_y": 1.9795733333333334,
  "fwhm_z": 1.6338333569415897,
  "gcor": 0.0549739,
  "gsr_x": -0.002669598674401641,
  "gsr_y": 0.010834714397788048,
  "provenance": {
    "md5sum": "a74815437a0a75c3488fbe8cf054929e",
    "settings": {
      "fd_thres": 0.2,
      "testing": false
    },
    "software": "mriqc",
    "version": "23.0.1",
    "webapi_port": null,
    "webapi_url": "https://mriqc.nimh.nih.gov/api/v1"
  },
  "size_t": 343,
  "size_x": 80,
  "size_y": 80,
  "size_z": 36,
  "snr": 6.686719257951485,
  "spacing_tr": 2.0,
  "spacing_x": 3.0,
  "spacing_y": 3.0,
  "spacing_z": 3.299999952316284,
  "summary_bg_k": 35.50501252226481,
  "summary_bg_mad": 339.2381293819223,
  "summary_bg_mean": 2215.181640625,
  "summary_bg_median": 269.0204162597656,
  "summary_bg_n": 151183.0,
  "summary_bg_p05": 16.35158157348633,
  "summary_bg_p95": 12071.455957031243,
  "summary_bg_stdv": 5488.69091796875,
  "summary_fg_k": 4.126904200017545,
  "summary_fg_mad": 8864.145658087322,
  "summary_fg_mean": 71459.2109375,
  "summary_fg_median": 70021.6875,
  "summary_fg_n": 37924.0,
  "summary_fg_p05": 58313.2517578125,
  "summary_fg_p95": 88530.93671874997,
  "summary_fg_stdv": 10471.6171875,
  "tsnr": 76.83065032958984
}