{
  "aor": 0.0013304166666666668,
  "aqi": 0.006429042458333334,
  "bids_meta": {
    "AcquisitionNumber": 7,
    "BIDSVersion": "1.1.0",
    "BidsifyVersion": "0.3",
    "ConversionSoftware": "dcm2niix",
    "ConversionSoftwareVersion": "v1.0.20180622 GCC5.4.0",
    "EchoTime": 0.028,
    "EffectiveEchoSpacing": 0.0006909,
    "FlipAngle": 76.1,
    "ImageComments": "RepliSC",
    "ImageOrientationPatientDICOM": [
      0.999487,
      0.0316167,
      0.00515234,
      -0.0293149,
      0.967593,
      -0.250808
    ],
    "InstitutionName": "Spinoza Centre for Neuroimaging, location REC",
    "MagneticFieldStrength": 3,
    "Manufacturer": "Philips",
    "ParallelAcquisitionTechnique": "SENSE",
    "ParallelReductionFactorInPlane": 2,
    "PatientPosition": "HFS",
    "PhaseEncodingDirection": "j",
    "PhilipsRescaleIntercept": 0,
    "PhilipsRescaleSlope": 0.79878,
    "PhilipsScaleSlope": 0.0203424,
    "ProtocolName": "task-RestingState_acq-SeqMm3Tr2000_bold",
    "PulseSequenceType": "Gradient Echo EPI",
    "ReconMatrixPE": 80,
    "RepetitionTime": 2,
    "SeriesDescription": "ImageMRSERIES",
    "SeriesNumber": 7,
    "SliceEncodingDirection": "k",
    "SliceTiming": [
      0.0,
      0.05555555555555555,
      0.1111111111111111,
      0.16666666666666666,
      0.2222222222222222,
      0.2777777777777778,
      0.3333333333333333,
      0.38888888888888884,
      0.4444444444444444,
      0.5,
      0.5555555555555556,
      0.611111111111111,
      0.6666666666666666,
      0.7222222222222222,
      0.7777777777777777,
      0.8333333333333333,
      0.8888888888888888,
      0.9444444444444444,
      1.0,
      1.0555555555555556,
      1.1111111111111112,
      1.1666666666666665,
      1.222222222222222,
      1.2777777777777777,
      1.3333333333333333,
      1.3888888888888888,
      1.4444444444444444,
      1.5,
      1.5555555555555554,
      1.611111111111111,
      1.6666666666666665,
      1.722222222222222,
      1.7777777777777777,
      1.8333333333333333,
      1.8888888888888888,
      1.9444444444444444
    ],
    "TaskName": "RestingState",
    "TotalReadoutTime": 0.0269452,
    "UsePhilipsFloatNotDisplayScaling": 1,
    "WaterFatShift": 12.0,
    "acq_id": "SeqMm3Tr2000",
    "dataset": "ds002643",
    "modality": "bold",
    "subject_id": "031",
    "task_id": "RestingState"
  },
  "dummy_trs": 0,
  "dvars_nstd": 21.158642892384922,
  "dvars_std": 1.2158376584100417,
  "dvars_vstd": 1.0009553271129703,
  "efc": 0.4600173505532984,
  "fber": 59565.95703125,
  "fd_mean": 0.14113727478939286,
  "fd_num": 28,
  "fd_perc": 11.666666666666666,
  "fwhm_avg": 1.7862971795507143,
  "fwhm_x": 1.76128,
  "fwhm_y": 1.9712266666666667,
  "fwhm_z": 1.626384871985477,
  "gcor": 0.0302295,
  "gsr_x": -0.0029967299196869135,
  "gsr_y": 0.011877321638166904,
  "provenance": {
    "md5sum": "7716d63f866d549861fc6dcdfd7d0e03",
    "settings": {
      "fd_thres": 0.2,
      "testing": false
    },
    "software": "mriqc",
    "version": "23.0.1",
    "webapi_port": null,
    "webapi_url": "https://mriqc.nimh.nih.gov/api/v1"
  },
  "size_t": 240,
  "size_x": 80,
  "size_y": 80,
  "size_z": 36,
  "snr": 6.736426467714122,
  "spacing_tr": 2.0,
  "spacing_x": 3.0,
  "spacing_y": 3.0,
  "spacing_z": 3.299999952316284,
  "summary_bg_k": 33.49010131829254,
  "summary_bg_mad": 358.37663479994046,
  "summary_bg_mean": 2204.723388671875,
  "summary_bg_median": 279.5509033203125,
  "summary_bg_n": 151158.0,
  "summary_bg_p05": 15.572563266754152,
  "summary_bg_p95": 12011.759960937492,
  "summary_bg_stdv": 5391.837890625,
  "summary_fg_k": 4.120547800899564,
  "summary_fg_mad": 8510.776685570378,
  "summary_fg_mean": 68901.5703125,
  "summary_fg_median": 67651.375,
  "summary_fg_n": 37958.0,
  "summary_fg_p05": 56177.6341796875,
  "summary_fg_p95": 85144.40234375,
  "summary_fg_stdv": 10042.48828125,
  "tsnr": 80.08041381835938
}