{
  "aor": 0.003128542274052478,
  "aqi": 0.006990246326530613,
  "bids_meta": {
    "AcquisitionNumber": 4,
    "BIDSVersion": "1.1.0",
    "BidsifyVersion": "0.3",
    "ConversionSoftware": "dcm2niix",
    "ConversionSoftwareVersion": "v1.0.20180622 GCC5.4.0",
    "EchoTime": 0.028,
    "EffectiveEchoSpacing": 0.0006909,
    "FlipAngle": 76.1,
    "ImageComments": "RepliSC",
    "ImageOrientationPatientDICOM": [
      0.998781,
      0.0443164,
      -0.0217459,
      -0.0423852,
      0.995697,
      0.0824128
    ],
    "InstitutionName": "Spinoza Centre for Neuroimaging, location REC",
    "MagneticFieldStrength": 3,
    "Manufacturer": "Philips",
    "ParallelAcquisitionTechnique": "SENSE",
    "ParallelReductionFactorInPlane": 2,
    "PatientPosition": "HFS",
    "PhaseEncodingDirection": "j",
    "PhilipsRescaleIntercept": 0,
    "PhilipsRescaleSlope": 0.75775,
    "PhilipsScaleSlope": 0.0216017,
    "ProtocolName": "task-Tasteratingtask_acq-SeqMm3Tr2000_bold",
    "PulseSequenceType": "Gradient Echo EPI",
    "ReconMatrixPE": 80,
    "RepetitionTime": 2,
    "SeriesDescription": "ImageMRSERIES",
    "SeriesNumber": 4,
    "SliceEncodingDirection": "k",
    "SliceTiming": [
      0.0,
      0.05555555555555555,
      0.1111111111111111,
      0.16666666666666666,
      0.2222222222222222,
      0.2777777777777778,
      0.3333333333333333,
      0.38888888888888884,
      0.4444444444444444,
      0.5,
      0.5555555555555556,
      0.611111111111111,
      0.6666666666666666,
      0.7222222222222222,
      0.7777777777777777,
      0.8333333333333333,
      0.8888888888888888,
      0.9444444444444444,
      1.0,
      1.0555555555555556,
      1.1111111111111112,
      1.1666666666666665,
      1.222222222222222,
      1.2777777777777777,
      1.3333333333333333,
      1.3888888888888888,
      1.4444444444444444,
      1.5,
      1.5555555555555554,
      1.611111111111111,
      1.6666666666666665,
      1.722222222222222,
      1.7777777777777777,
      1.8333333333333333,
      1.8888888888888888,
      1.9444444444444444
    ],
    "TaskName": "Tasteratingtask",
    "TotalReadoutTime": 0.0269452,
    "UsePhilipsFloatNotDisplayScaling": 1,
    "WaterFatShift": 12.0,
    "acq_id": "SeqMm3Tr2000",
    "dataset": "ds002643",
    "modality": "bold",
    "subject_id": "022",
    "task_id": "Tasteratingtask"
  },
  "dummy_trs": 0,
  "dvars_nstd": 16.99529814561403,
  "dvars_std": 1.0975044067251467,
  "dvars_vstd": 1.003660696812865,
  "efc": 0.40497431733913436,
  "fber": 120734.96875,
  "fd_mean": 0.1468191692199346,
  "fd_num": 65,
  "fd_perc": 18.950437317784257,
  "fwhm_avg": 2.012763544137425,
  "fwhm_x": 1.9667966666666665,
  "fwhm_y": 2.2478000000000002,
  "fwhm_z": 1.8236939657456075,
  "gcor": 0.0506022,
  "gsr_x": -0.015564211644232273,
  "gsr_y": 0.00915929488837719,
  "provenance": {
    "md5sum": "f9dfc4bf6b00f8de2540add6487f61d6",
    "settings": {
      "fd_thres": 0.2,
      "testing": false
    },
    "software": "mriqc",
    "version": "23.0.1",
    "webapi_port": null,
    "webapi_url": "https://mriqc.nimh.nih.gov/api/v1"
  },
  "size_t": 343,
  "size_x": 80,
  "size_y": 80,
  "size_z": 36,
  "snr": 6.596050216236283,
  "spacing_tr": 2.0,
  "spacing_x": 3.0,
  "spacing_y": 3.0,
  "spacing_z": 3.299999952316284,
  "summary_bg_k": 57.89576324958875,
  "summary_bg_mad": 221.27143028292613,
  "summary_bg_mean": 978.8470458984375,
  "summary_bg_median": 191.89768981933594,
  "summary_bg_n": 158091.0,
  "summary_bg_p05": 15.26789665222168,
  "summary_bg_p95": 4354.915771484375,
  "summary_bg_stdv": 2417.72705078125,
  "summary_fg_k": 3.0224678120596318,
  "summary_fg_mad": 8785.38531093667,
  "summary_fg_mean": 70389.75,
  "summary_fg_median": 69102.859375,
  "summary_fg_n": 32622.0,
  "summary_fg_p05": 56664.3697265625,
  "summary_fg_p95": 89016.537890625,
  "summary_fg_stdv": 10476.2392578125,
  "tsnr": 74.85359954833984
}