{
  "aor": 0.002351486880466472,
  "aqi": 0.0057350509912536445,
  "bids_meta": {
    "AcquisitionNumber": 6,
    "BIDSVersion": "1.1.0",
    "BidsifyVersion": "0.3",
    "ConversionSoftware": "dcm2niix",
    "ConversionSoftwareVersion": "v1.0.20180622 GCC5.4.0",
    "EchoTime": 0.028,
    "EffectiveEchoSpacing": 0.0006909,
    "FlipAngle": 76.1,
    "ImageComments": "RepliSC",
    "ImageOrientationPatientDICOM": [
      0.998781,
      0.0443164,
      -0.0217459,
      -0.0423852,
      0.995697,
      0.0824128
    ],
    "InstitutionName": "Spinoza Centre for Neuroimaging, location REC",
    "MagneticFieldStrength": 3,
    "Manufacturer": "Philips",
    "ParallelAcquisitionTechnique": "SENSE",
    "ParallelReductionFactorInPlane": 2,
    "PatientPosition": "HFS",
    "PhaseEncodingDirection": "j",
    "PhilipsRescaleIntercept": 0,
    "PhilipsRescaleSlope": 0.76166,
    "PhilipsScaleSlope": 0.0207608,
    "ProtocolName": "task-Decisiontask_acq-SeqMm3Tr2000_bold",
    "PulseSequenceType": "Gradient Echo EPI",
    "ReconMatrixPE": 80,
    "RepetitionTime": 2,
    "SeriesDescription": "ImageMRSERIES",
    "SeriesNumber": 6,
    "SliceEncodingDirection": "k",
    "SliceTiming": [
      0.0,
      0.05555555555555555,
      0.1111111111111111,
      0.16666666666666666,
      0.2222222222222222,
      0.2777777777777778,
      0.3333333333333333,
      0.38888888888888884,
      0.4444444444444444,
      0.5,
      0.5555555555555556,
      0.611111111111111,
      0.6666666666666666,
      0.7222222222222222,
      0.7777777777777777,
      0.8333333333333333,
      0.8888888888888888,
      0.9444444444444444,
      1.0,
      1.0555555555555556,
      1.1111111111111112,
      1.1666666666666665,
      1.222222222222222,
      1.2777777777777777,
      1.3333333333333333,
      1.3888888888888888,
      1.4444444444444444,
      1.5,
      1.5555555555555554,
      1.611111111111111,
      1.6666666666666665,
      1.722222222222222,
      1.7777777777777777,
      1.8333333333333333,
      1.8888888888888888,
      1.9444444444444444
    ],
    "TaskName": "Decisiontask",
    "TotalReadoutTime": 0.0269452,
    "UsePhilipsFloatNotDisplayScaling": 1,
    "WaterFatShift": 12.0,
    "acq_id": "SeqMm3Tr2000",
    "dataset": "ds002643",
    "modality": "bold",
    "subject_id": "022",
    "task_id": "Decisiontask"
  },
  "dummy_trs": 0,
  "dvars_nstd": 15.672600205116959,
  "dvars_std": 1.111767339619883,
  "dvars_vstd": 1.0124145783040928,
  "efc": 0.40619307728209936,
  "fber": 114285.3671875,
  "fd_mean": 0.11599549918860619,
  "fd_num": 35,
  "fd_perc": 10.204081632653061,
  "fwhm_avg": 2.031933948354216,
  "fwhm_x": 1.9745466666666667,
  "fwhm_y": 2.26094,
  "fwhm_z": 1.8603151783959817,
  "gcor": 0.0360864,
  "gsr_x": -0.01657925546169281,
  "gsr_y": 0.00926324911415577,
  "provenance": {
    "md5sum": "654a3ff7ea2238cac6b10c2d09b554f4",
    "settings": {
      "fd_thres": 0.2,
      "testing": false
    },
    "software": "mriqc",
    "version": "23.0.1",
    "webapi_port": null,
    "webapi_url": "https://mriqc.nimh.nih.gov/api/v1"
  },
  "size_t": 343,
  "size_x": 80,
  "size_y": 80,
  "size_z": 36,
  "snr": 6.4546281872824816,
  "spacing_tr": 2.0,
  "spacing_x": 3.0,
  "spacing_y": 3.0,
  "spacing_z": 3.299999952316284,
  "summary_bg_k": 65.72121040287487,
  "summary_bg_mad": 228.13917457099842,
  "summary_bg_mean": 1024.270263671875,
  "summary_bg_median": 196.7139892578125,
  "summary_bg_n": 158210.0,
  "summary_bg_p05": 15.57254309654236,
  "summary_bg_p95": 4575.960766601555,
  "summary_bg_stdv": 2540.1826171875,
  "summary_fg_k": 2.9758587781650077,
  "summary_fg_mad": 8924.692005327037,
  "summary_fg_mean": 70333.671875,
  "summary_fg_median": 68861.25,
  "summary_fg_n": 32552.0,
  "summary_fg_p05": 56378.26171875,
  "summary_fg_p95": 89494.6046875,
  "summary_fg_stdv": 10668.34375,
  "tsnr": 79.94625091552734
}