{
  "aor": 0.0010607083333333336,
  "aqi": 0.007013956000000001,
  "bids_meta": {
    "AcquisitionNumber": 7,
    "BIDSVersion": "1.1.0",
    "BidsifyVersion": "0.3",
    "ConversionSoftware": "dcm2niix",
    "ConversionSoftwareVersion": "v1.0.20180622 GCC5.4.0",
    "EchoTime": 0.028,
    "EffectiveEchoSpacing": 0.0006909,
    "FlipAngle": 76.1,
    "ImageComments": "RepliSC",
    "ImageOrientationPatientDICOM": [
      0.998781,
      0.0443164,
      -0.0217459,
      -0.0423852,
      0.995697,
      0.0824128
    ],
    "InstitutionName": "Spinoza Centre for Neuroimaging, location REC",
    "MagneticFieldStrength": 3,
    "Manufacturer": "Philips",
    "ParallelAcquisitionTechnique": "SENSE",
    "ParallelReductionFactorInPlane": 2,
    "PatientPosition": "HFS",
    "PhaseEncodingDirection": "j",
    "PhilipsRescaleIntercept": 0,
    "PhilipsRescaleSlope": 0.74579,
    "PhilipsScaleSlope": 0.0224897,
    "ProtocolName": "task-RestingState_acq-SeqMm3Tr2000_bold",
    "PulseSequenceType": "Gradient Echo EPI",
    "ReconMatrixPE": 80,
    "RepetitionTime": 2,
    "SeriesDescription": "ImageMRSERIES",
    "SeriesNumber": 7,
    "SliceEncodingDirection": "k",
    "SliceTiming": [
      0.0,
      0.05555555555555555,
      0.1111111111111111,
      0.16666666666666666,
      0.2222222222222222,
      0.2777777777777778,
      0.3333333333333333,
      0.38888888888888884,
      0.4444444444444444,
      0.5,
      0.5555555555555556,
      0.611111111111111,
      0.6666666666666666,
      0.7222222222222222,
      0.7777777777777777,
      0.8333333333333333,
      0.8888888888888888,
      0.9444444444444444,
      1.0,
      1.0555555555555556,
      1.1111111111111112,
      1.1666666666666665,
      1.222222222222222,
      1.2777777777777777,
      1.3333333333333333,
      1.3888888888888888,
      1.4444444444444444,
      1.5,
      1.5555555555555554,
      1.611111111111111,
      1.6666666666666665,
      1.722222222222222,
      1.7777777777777777,
      1.8333333333333333,
      1.8888888888888888,
      1.9444444444444444
    ],
    "TaskName": "RestingState",
    "TotalReadoutTime": 0.0269452,
    "UsePhilipsFloatNotDisplayScaling": 1,
    "WaterFatShift": 12.0,
    "acq_id": "SeqMm3Tr2000",
    "dataset": "ds002643",
    "modality": "bold",
    "subject_id": "022",
    "task_id": "RestingState"
  },
  "dummy_trs": 0,
  "dvars_nstd": 15.324540968368204,
  "dvars_std": 1.0549386537238497,
  "dvars_vstd": 0.9604160473221767,
  "efc": 0.4070757895144243,
  "fber": 109139.8359375,
  "fd_mean": 0.08681502720039176,
  "fd_num": 6,
  "fd_perc": 2.5,
  "fwhm_avg": 2.0064593016107213,
  "fwhm_x": 1.9599166666666665,
  "fwhm_y": 2.25704,
  "fwhm_z": 1.8024212381654976,
  "gcor": 0.0443597,
  "gsr_x": -0.016911376267671585,
  "gsr_y": 0.008502683602273464,
  "provenance": {
    "md5sum": "fd46354c0eaebd4c23680d8ba1eae761",
    "settings": {
      "fd_thres": 0.2,
      "testing": false
    },
    "software": "mriqc",
    "version": "23.0.1",
    "webapi_port": null,
    "webapi_url": "https://mriqc.nimh.nih.gov/api/v1"
  },
  "size_t": 240,
  "size_x": 80,
  "size_y": 80,
  "size_z": 36,
  "snr": 6.671977249275849,
  "spacing_tr": 2.0,
  "spacing_x": 3.0,
  "spacing_y": 3.0,
  "spacing_z": 3.299999952316284,
  "summary_bg_k": 98.5359918627546,
  "summary_bg_mad": 227.64832953414972,
  "summary_bg_mean": 1027.9075927734375,
  "summary_bg_median": 196.0594482421875,
  "summary_bg_n": 158264.0,
  "summary_bg_p05": 16.12806043624878,
  "summary_bg_p95": 4571.658544921876,
  "summary_bg_stdv": 2668.302734375,
  "summary_fg_k": 2.4539583856981313,
  "summary_fg_mad": 8628.10785606184,
  "summary_fg_mean": 68136.28125,
  "summary_fg_median": 66930.3125,
  "summary_fg_n": 32672.0,
  "summary_fg_p05": 54626.0916015625,
  "summary_fg_p95": 86072.57929687497,
  "summary_fg_stdv": 10031.40234375,
  "tsnr": 78.03343200683594
}