{
  "aor": 0.0018817492711370263,
  "aqi": 0.0036347875510204077,
  "bids_meta": {
    "AcquisitionNumber": 3,
    "BIDSVersion": "1.1.0",
    "BidsifyVersion": "0.3",
    "ConversionSoftware": "dcm2niix",
    "ConversionSoftwareVersion": "v1.0.20180622 GCC5.4.0",
    "EchoTime": 0.028,
    "EffectiveEchoSpacing": 0.0006909,
    "FlipAngle": 76.1,
    "ImageComments": "RepliSC",
    "ImageOrientationPatientDICOM": [
      0.998781,
      0.0443164,
      -0.0217459,
      -0.0423852,
      0.995697,
      0.0824128
    ],
    "InstitutionName": "Spinoza Centre for Neuroimaging, location REC",
    "MagneticFieldStrength": 3,
    "Manufacturer": "Philips",
    "ParallelAcquisitionTechnique": "SENSE",
    "ParallelReductionFactorInPlane": 2,
    "PatientPosition": "HFS",
    "PhaseEncodingDirection": "j",
    "PhilipsRescaleIntercept": 0,
    "PhilipsRescaleSlope": 0.74872,
    "PhilipsScaleSlope": 0.0217542,
    "ProtocolName": "task-Healthratingtask_acq-SeqMm3Tr2000_bold",
    "PulseSequenceType": "Gradient Echo EPI",
    "ReconMatrixPE": 80,
    "RepetitionTime": 2,
    "SeriesDescription": "ImageMRSERIES",
    "SeriesNumber": 3,
    "SliceEncodingDirection": "k",
    "SliceTiming": [
      0.0,
      0.05555555555555555,
      0.1111111111111111,
      0.16666666666666666,
      0.2222222222222222,
      0.2777777777777778,
      0.3333333333333333,
      0.38888888888888884,
      0.4444444444444444,
      0.5,
      0.5555555555555556,
      0.611111111111111,
      0.6666666666666666,
      0.7222222222222222,
      0.7777777777777777,
      0.8333333333333333,
      0.8888888888888888,
      0.9444444444444444,
      1.0,
      1.0555555555555556,
      1.1111111111111112,
      1.1666666666666665,
      1.222222222222222,
      1.2777777777777777,
      1.3333333333333333,
      1.3888888888888888,
      1.4444444444444444,
      1.5,
      1.5555555555555554,
      1.611111111111111,
      1.6666666666666665,
      1.722222222222222,
      1.7777777777777777,
      1.8333333333333333,
      1.8888888888888888,
      1.9444444444444444
    ],
    "TaskName": "Healthratingtask",
    "TotalReadoutTime": 0.0269452,
    "UsePhilipsFloatNotDisplayScaling": 1,
    "WaterFatShift": 12.0,
    "acq_id": "SeqMm3Tr2000",
    "dataset": "ds002643",
    "modality": "bold",
    "subject_id": "022",
    "task_id": "Healthratingtask"
  },
  "dummy_trs": 0,
  "dvars_nstd": 15.604519726871326,
  "dvars_std": 1.1304664318128659,
  "dvars_vstd": 1.024209888362573,
  "efc": 0.4010548591793641,
  "fber": 115227.9453125,
  "fd_mean": 0.09437066924022593,
  "fd_num": 21,
  "fd_perc": 6.122448979591836,
  "fwhm_avg": 2.089046372635625,
  "fwhm_x": 2.061786666666667,
  "fwhm_y": 2.3369433333333336,
  "fwhm_z": 1.8684091179068756,
  "gcor": 0.036512,
  "gsr_x": -0.01589442603290081,
  "gsr_y": 0.009230650030076504,
  "provenance": {
    "md5sum": "6c310bbff303012a696741317d141aff",
    "settings": {
      "fd_thres": 0.2,
      "testing": false
    },
    "software": "mriqc",
    "version": "23.0.1",
    "webapi_port": null,
    "webapi_url": "https://mriqc.nimh.nih.gov/api/v1"
  },
  "size_t": 343,
  "size_x": 80,
  "size_y": 80,
  "size_z": 36,
  "snr": 6.263891146313149,
  "spacing_tr": 2.0,
  "spacing_x": 3.0,
  "spacing_y": 3.0,
  "spacing_z": 3.299999952316284,
  "summary_bg_k": 108.02625506186796,
  "summary_bg_mad": 222.61140759776703,
  "summary_bg_mean": 981.704345703125,
  "summary_bg_median": 192.49676513671875,
  "summary_bg_n": 159033.0,
  "summary_bg_p05": 15.18615894317627,
  "summary_bg_p95": 4286.152734374999,
  "summary_bg_stdv": 2523.269775390625,
  "summary_fg_k": 2.681297241401994,
  "summary_fg_mad": 9143.798605845483,
  "summary_fg_mean": 69192.0859375,
  "summary_fg_median": 67973.0078125,
  "summary_fg_n": 31885.0,
  "summary_fg_p05": 54464.45703125,
  "summary_fg_p95": 88438.9453125,
  "summary_fg_stdv": 10851.392578125,
  "tsnr": 93.89910888671875
}