{
  "aor": 0.0017807871720116621,
  "aqi": 0.0068521114577259476,
  "bids_meta": {
    "AcquisitionNumber": 6,
    "BIDSVersion": "1.1.0",
    "BidsifyVersion": "0.3",
    "ConversionSoftware": "dcm2niix",
    "ConversionSoftwareVersion": "v1.0.20180622 GCC5.4.0",
    "EchoTime": 0.028,
    "EffectiveEchoSpacing": 0.0006909,
    "FlipAngle": 76.1,
    "ImageComments": "RepliSC",
    "ImageOrientationPatientDICOM": [
      0.999564,
      0.0282032,
      0.00877453,
      -0.0270474,
      0.993369,
      -0.111747
    ],
    "InstitutionName": "Spinoza Centre for Neuroimaging, location REC",
    "MagneticFieldStrength": 3,
    "Manufacturer": "Philips",
    "ParallelAcquisitionTechnique": "SENSE",
    "ParallelReductionFactorInPlane": 2,
    "PatientPosition": "HFS",
    "PhaseEncodingDirection": "j",
    "PhilipsRescaleIntercept": 0,
    "PhilipsRescaleSlope": 0.779,
    "PhilipsScaleSlope": 0.0193857,
    "ProtocolName": "task-Decisiontask_acq-SeqMm3Tr2000_bold",
    "PulseSequenceType": "Gradient Echo EPI",
    "ReconMatrixPE": 80,
    "RepetitionTime": 2,
    "SeriesDescription": "ImageMRSERIES",
    "SeriesNumber": 6,
    "SliceEncodingDirection": "k",
    "SliceTiming": [
      0.0,
      0.05555555555555555,
      0.1111111111111111,
      0.16666666666666666,
      0.2222222222222222,
      0.2777777777777778,
      0.3333333333333333,
      0.38888888888888884,
      0.4444444444444444,
      0.5,
      0.5555555555555556,
      0.611111111111111,
      0.6666666666666666,
      0.7222222222222222,
      0.7777777777777777,
      0.8333333333333333,
      0.8888888888888888,
      0.9444444444444444,
      1.0,
      1.0555555555555556,
      1.1111111111111112,
      1.1666666666666665,
      1.222222222222222,
      1.2777777777777777,
      1.3333333333333333,
      1.3888888888888888,
      1.4444444444444444,
      1.5,
      1.5555555555555554,
      1.611111111111111,
      1.6666666666666665,
      1.722222222222222,
      1.7777777777777777,
      1.8333333333333333,
      1.8888888888888888,
      1.9444444444444444
    ],
    "TaskName": "Decisiontask",
    "TotalReadoutTime": 0.0269452,
    "UsePhilipsFloatNotDisplayScaling": 1,
    "WaterFatShift": 12.0,
    "acq_id": "SeqMm3Tr2000",
    "dataset": "ds002643",
    "modality": "bold",
    "subject_id": "054",
    "task_id": "Decisiontask"
  },
  "dummy_trs": 0,
  "dvars_nstd": 20.503110071345017,
  "dvars_std": 1.1966592042397657,
  "dvars_vstd": 1.0226758874853799,
  "efc": 0.4631494157259535,
  "fber": 77806.453125,
  "fd_mean": 0.1614725024478788,
  "fd_num": 87,
  "fd_perc": 25.364431486880466,
  "fwhm_avg": 1.807071119155852,
  "fwhm_x": 1.7470566666666667,
  "fwhm_y": 2.0039233333333333,
  "fwhm_z": 1.6702333574675554,
  "gcor": 0.0757486,
  "gsr_x": -0.020178399980068207,
  "gsr_y": 0.024877574294805527,
  "provenance": {
    "md5sum": "9643613b5be3844fd53ae8885236d414",
    "settings": {
      "fd_thres": 0.2,
      "testing": false
    },
    "software": "mriqc",
    "version": "23.0.1",
    "webapi_port": null,
    "webapi_url": "https://mriqc.nimh.nih.gov/api/v1"
  },
  "size_t": 343,
  "size_x": 80,
  "size_y": 80,
  "size_z": 36,
  "snr": 6.5154961275265375,
  "spacing_tr": 2.0,
  "spacing_x": 3.0,
  "spacing_y": 3.0,
  "spacing_z": 3.299999952316284,
  "summary_bg_k": 44.500503263409584,
  "summary_bg_mad": 321.3827023238987,
  "summary_bg_mean": 2168.80078125,
  "summary_bg_median": 254.419921875,
  "summary_bg_n": 149580.0,
  "summary_bg_p05": 11.850620174407963,
  "summary_bg_p95": 12459.829248046834,
  "summary_bg_stdv": 5447.57177734375,
  "summary_fg_k": 2.27344450969163,
  "summary_fg_mad": 10309.749422401817,
  "summary_fg_mean": 74341.25,
  "summary_fg_median": 72789.7265625,
  "summary_fg_n": 39565.0,
  "summary_fg_p05": 59455.40546875,
  "summary_fg_p95": 92933.09843749998,
  "summary_fg_stdv": 11171.64453125,
  "tsnr": 76.84811401367188
}