{
  "bids_meta": {
    "AcquisitionNumber": 2,
    "BIDSVersion": "1.1.0",
    "BidsifyVersion": "0.3",
    "ConversionSoftware": "dcm2niix",
    "ConversionSoftwareVersion": "v1.0.20180622 GCC5.4.0",
    "EchoTime": 0.0038,
    "ImageComments": "RepliSC",
    "ImageOrientationPatientDICOM": [
      0.999727,
      0.0215314,
      0.00907144,
      -0.022687,
      0.987399,
      0.156614
    ],
    "InstitutionName": "Spinoza Centre for Neuroimaging, location REC",
    "InversionTime": 0.9,
    "MagneticFieldStrength": 3,
    "Manufacturer": "Philips",
    "ParallelAcquisitionTechnique": "SENSE",
    "PatientPosition": "HFS",
    "PhilipsRescaleIntercept": 0,
    "PhilipsRescaleSlope": 4.10745,
    "PhilipsScaleSlope": 0.0052112,
    "ProtocolName": "acq-AxialNsig1Mm1_T1w",
    "ReconMatrixPE": 240,
    "RepetitionTime": 0.00827,
    "SeriesDescription": "ImageMRSERIES",
    "SeriesNumber": 2,
    "UsePhilipsFloatNotDisplayScaling": 1,
    "acq_id": "AxialNsig1Mm1",
    "dataset": "ds002643",
    "modality": "T1w",
    "subject_id": "026"
  },
  "cjv": 0.2573776003192365,
  "cnr": 5.014270399951719,
  "efc": 0.701799960197068,
  "fber": -1.0,
  "fwhm_avg": 4.236423157427729,
  "fwhm_x": 4.19785,
  "fwhm_y": 4.426809472283187,
  "fwhm_z": 4.08461,
  "icvs_csf": 0.21141586333143814,
  "icvs_gm": 0.45883407862033077,
  "icvs_wm": 0.3297500580482311,
  "inu_med": 0.5713084936141968,
  "inu_range": 0.21780320405960085,
  "provenance": {
    "md5sum": "35bd954b14a985f6c963402ca24bef4a",
    "settings": {
      "testing": false
    },
    "software": "mriqc",
    "version": "23.0.1",
    "warnings": {
      "large_rot_frame": true,
      "small_air_mask": false
    },
    "webapi_port": null,
    "webapi_url": "https://mriqc.nimh.nih.gov/api/v1"
  },
  "qi_1": 0.0,
  "qi_2": 4.70145923375444e-05,
  "rpve_csf": 26.21305045536961,
  "rpve_gm": 13.283466632677989,
  "rpve_wm": 21.49545207965855,
  "size_x": 240,
  "size_y": 240,
  "size_z": 220,
  "snr_csf": 1.636525870098639,
  "snr_gm": 9.150044163843424,
  "snr_total": 12.656575920277403,
  "snr_wm": 27.183157726890144,
  "snrd_csf": 18.77844797136613,
  "snrd_gm": 63.14969084270552,
  "snrd_total": 61.556693418119316,
  "snrd_wm": 102.7419414402863,
  "spacing_x": 1.0,
  "spacing_y": 1.0000001192092896,
  "spacing_z": 1.0,
  "summary_bg_k": 12.441935029817015,
  "summary_bg_mad": 0.0,
  "summary_bg_mean": 3.058849896804079,
  "summary_bg_median": 0.0,
  "summary_bg_n": 273514.0,
  "summary_bg_p05": 0.0,
  "summary_bg_p95": 16.574998307973146,
  "summary_bg_stdv": 6.376523527921129,
  "summary_csf_k": 0.06159058414892993,
  "summary_csf_mad": 117.20678919568284,
  "summary_csf_mean": 200.84159249426256,
  "summary_csf_median": 182.77295431494713,
  "summary_csf_n": 25842.0,
  "summary_csf_p05": 45.39583432981745,
  "summary_csf_p95": 398.1720257948152,
  "summary_csf_stdv": 111.68134965997068,
  "summary_gm_k": 0.278497839436489,
  "summary_gm_mad": 65.34652090840683,
  "summary_gm_mean": 616.225962276971,
  "summary_gm_median": 614.6437435615808,
  "summary_gm_n": 54812.0,
  "summary_gm_p05": 507.99010016983374,
  "summary_gm_p95": 727.6436700892634,
  "summary_gm_stdv": 67.17324263080418,
  "summary_wm_k": 0.8192574470858025,
  "summary_wm_mad": 33.83555035178378,
  "summary_wm_mean": 999.3203254643445,
  "summary_wm_median": 1000.000010529533,
  "summary_wm_n": 185932.0,
  "summary_wm_p05": 937.7317736428231,
  "summary_wm_p95": 1058.0373919922858,
  "summary_wm_stdv": 36.78738619764899,
  "tpm_overlap_csf": 0.1496553582866667,
  "tpm_overlap_gm": 0.4985461120364807,
  "tpm_overlap_wm": 0.5306980703054688,
  "wm2max": 0.7827213402162267
}