{
  "aor": 0.0014988046647230319,
  "aqi": 0.00434697387755102,
  "bids_meta": {
    "AcquisitionNumber": 4,
    "BIDSVersion": "1.1.0",
    "BidsifyVersion": "0.3",
    "ConversionSoftware": "dcm2niix",
    "ConversionSoftwareVersion": "v1.0.20180622 GCC5.4.0",
    "EchoTime": 0.028,
    "EffectiveEchoSpacing": 0.0006909,
    "FlipAngle": 76.1,
    "ImageComments": "RepliSC",
    "ImageOrientationPatientDICOM": [
      0.999727,
      0.0215314,
      0.00907144,
      -0.022687,
      0.987399,
      0.156614
    ],
    "InstitutionName": "Spinoza Centre for Neuroimaging, location REC",
    "MagneticFieldStrength": 3,
    "Manufacturer": "Philips",
    "ParallelAcquisitionTechnique": "SENSE",
    "ParallelReductionFactorInPlane": 2,
    "PatientPosition": "HFS",
    "PhaseEncodingDirection": "j",
    "PhilipsRescaleIntercept": 0,
    "PhilipsRescaleSlope": 0.75165,
    "PhilipsScaleSlope": 0.0235803,
    "ProtocolName": "task-Tasteratingtask_acq-SeqMm3Tr2000_bold",
    "PulseSequenceType": "Gradient Echo EPI",
    "ReconMatrixPE": 80,
    "RepetitionTime": 2,
    "SeriesDescription": "ImageMRSERIES",
    "SeriesNumber": 4,
    "SliceEncodingDirection": "k",
    "SliceTiming": [
      0.0,
      0.05555555555555555,
      0.1111111111111111,
      0.16666666666666666,
      0.2222222222222222,
      0.2777777777777778,
      0.3333333333333333,
      0.38888888888888884,
      0.4444444444444444,
      0.5,
      0.5555555555555556,
      0.611111111111111,
      0.6666666666666666,
      0.7222222222222222,
      0.7777777777777777,
      0.8333333333333333,
      0.8888888888888888,
      0.9444444444444444,
      1.0,
      1.0555555555555556,
      1.1111111111111112,
      1.1666666666666665,
      1.222222222222222,
      1.2777777777777777,
      1.3333333333333333,
      1.3888888888888888,
      1.4444444444444444,
      1.5,
      1.5555555555555554,
      1.611111111111111,
      1.6666666666666665,
      1.722222222222222,
      1.7777777777777777,
      1.8333333333333333,
      1.8888888888888888,
      1.9444444444444444
    ],
    "TaskName": "Tasteratingtask",
    "TotalReadoutTime": 0.0269452,
    "UsePhilipsFloatNotDisplayScaling": 1,
    "WaterFatShift": 12.0,
    "acq_id": "SeqMm3Tr2000",
    "dataset": "ds002643",
    "modality": "bold",
    "subject_id": "026",
    "task_id": "Tasteratingtask"
  },
  "dummy_trs": 0,
  "dvars_nstd": 17.843131929795327,
  "dvars_std": 1.1713769198538009,
  "dvars_vstd": 1.0019255852923976,
  "efc": 0.3940352187751118,
  "fber": 144422.15625,
  "fd_mean": 0.13769769631568454,
  "fd_num": 69,
  "fd_perc": 20.11661807580175,
  "fwhm_avg": 2.370202434191755,
  "fwhm_x": 2.3977,
  "fwhm_y": 2.6472466666666667,
  "fwhm_z": 2.0656606359085985,
  "gcor": 0.0731079,
  "gsr_x": -0.0187763050198555,
  "gsr_y": 0.009934202767908573,
  "provenance": {
    "md5sum": "edfdc7ea98c94049b31752993ce8d07d",
    "settings": {
      "fd_thres": 0.2,
      "testing": false
    },
    "software": "mriqc",
    "version": "23.0.1",
    "webapi_port": null,
    "webapi_url": "https://mriqc.nimh.nih.gov/api/v1"
  },
  "size_t": 343,
  "size_x": 80,
  "size_y": 80,
  "size_z": 36,
  "snr": 5.671432155726327,
  "spacing_tr": 2.0,
  "spacing_x": 3.0,
  "spacing_y": 3.0,
  "spacing_z": 3.299999952316284,
  "summary_bg_k": 82.12076487333236,
  "summary_bg_mad": 191.11815422216335,
  "summary_bg_mean": 1087.8492431640625,
  "summary_bg_median": 160.3470458984375,
  "summary_bg_n": 161624.0,
  "summary_bg_p05": 12.1345046043396,
  "summary_bg_p95": 5050.841455078125,
  "summary_bg_stdv": 2891.757080078125,
  "summary_fg_k": 1.6071816480118493,
  "summary_fg_mad": 9645.277223425172,
  "summary_fg_mean": 64033.765625,
  "summary_fg_median": 63076.89453125,
  "summary_fg_n": 29772.0,
  "summary_fg_p05": 47828.6892578125,
  "summary_fg_p95": 84063.25117187497,
  "summary_fg_stdv": 11121.6767578125,
  "tsnr": 84.40520477294922
}