{
  "bids_meta": {
    "AcquisitionNumber": 2,
    "BIDSVersion": "1.1.0",
    "BidsifyVersion": "0.3",
    "ConversionSoftware": "dcm2niix",
    "ConversionSoftwareVersion": "v1.0.20180622 GCC5.4.0",
    "EchoTime": 0.00397,
    "ImageComments": "RepliSC",
    "ImageOrientationPatientDICOM": [
      0.996185,
      0.0871008,
      -0.00537541,
      -0.0815512,
      0.90725,
      -0.412611
    ],
    "InstitutionName": "Spinoza Centre for Neuroimaging, location REC",
    "InversionTime": 0.9,
    "MagneticFieldStrength": 3,
    "Manufacturer": "Philips",
    "ParallelAcquisitionTechnique": "SENSE",
    "PatientPosition": "HFS",
    "PhilipsRescaleIntercept": 0,
    "PhilipsRescaleSlope": 4.42686,
    "PhilipsScaleSlope": 0.00510795,
    "ProtocolName": "acq-AxialNsig1Mm1_T1w",
    "ReconMatrixPE": 240,
    "RepetitionTime": 0.008512,
    "SeriesDescription": "ImageMRSERIES",
    "SeriesNumber": 2,
    "UsePhilipsFloatNotDisplayScaling": 1,
    "acq_id": "AxialNsig1Mm1",
    "dataset": "ds002643",
    "modality": "T1w",
    "subject_id": "038"
  },
  "cjv": 0.29328395615029873,
  "cnr": 4.366995883425427,
  "efc": 0.7083222816791358,
  "fber": -1.0,
  "fwhm_avg": 4.32359,
  "fwhm_x": 4.37179,
  "fwhm_y": 4.38448,
  "fwhm_z": 4.2145,
  "icvs_csf": 0.22810620596673223,
  "icvs_gm": 0.404455688848608,
  "icvs_wm": 0.36743810518465975,
  "inu_med": 0.5352456569671631,
  "inu_range": 0.18448511362075803,
  "provenance": {
    "md5sum": "83f882d2007259f4584c2d446c392aba",
    "settings": {
      "testing": false
    },
    "software": "mriqc",
    "version": "23.0.1",
    "warnings": {
      "large_rot_frame": true,
      "small_air_mask": false
    },
    "webapi_port": null,
    "webapi_url": "https://mriqc.nimh.nih.gov/api/v1"
  },
  "qi_1": 0.0,
  "qi_2": 0.0001350688807265589,
  "rpve_csf": 20.96073929610248,
  "rpve_gm": 12.071672966079959,
  "rpve_wm": 16.634435196195007,
  "size_x": 240,
  "size_y": 240,
  "size_z": 220,
  "snr_csf": 1.450303417400348,
  "snr_gm": 8.0949134196474,
  "snr_total": 11.659817582351936,
  "snr_wm": 25.43423591000806,
  "snrd_csf": 19.785195003914556,
  "snrd_gm": 85.04279356049199,
  "snrd_total": 80.49312699769163,
  "snrd_wm": 136.65139242866834,
  "spacing_x": 1.0,
  "spacing_y": 1.0,
  "spacing_z": 1.0,
  "summary_bg_k": 18.715104658465634,
  "summary_bg_mad": 0.0,
  "summary_bg_mean": 2.080369386058699,
  "summary_bg_median": 0.0,
  "summary_bg_n": 534713.0,
  "summary_bg_p05": 0.0,
  "summary_bg_p95": 10.884417071938515,
  "summary_bg_stdv": 4.79421692886113,
  "summary_csf_k": 0.9224217543631363,
  "summary_csf_mad": 99.19265262619422,
  "summary_csf_mean": 160.76694409414014,
  "summary_csf_median": 144.78590539097786,
  "summary_csf_n": 48140.0,
  "summary_csf_p05": 35.57120132446289,
  "summary_csf_p95": 353.0036460604518,
  "summary_csf_stdv": 99.83042158327305,
  "summary_gm_k": 0.24389477710173724,
  "summary_gm_mad": 74.4374077167148,
  "summary_gm_mean": 620.3685809008437,
  "summary_gm_median": 622.3339148387313,
  "summary_gm_n": 34925.0,
  "summary_gm_p05": 490.7621549397707,
  "summary_gm_p95": 744.2115960434078,
  "summary_gm_stdv": 76.87852518447492,
  "summary_wm_k": 1.0414366830190405,
  "summary_wm_mad": 36.32600431931931,
  "summary_wm_mean": 999.6074528290018,
  "summary_wm_median": 1000.0000289008021,
  "summary_wm_n": 265044.0,
  "summary_wm_p05": 935.2724848240614,
  "summary_wm_p95": 1062.5738478973508,
  "summary_wm_stdv": 39.31701136837592,
  "tpm_overlap_csf": 0.1634313531849439,
  "tpm_overlap_gm": 0.45020692778867366,
  "tpm_overlap_wm": 0.5156424409145638,
  "wm2max": 0.7972710991303705
}