{
  "bids_meta": {
    "AcquisitionNumber": 2,
    "BIDSVersion": "1.1.0",
    "BidsifyVersion": "0.3",
    "ConversionSoftware": "dcm2niix",
    "ConversionSoftwareVersion": "v1.0.20180622 GCC5.4.0",
    "EchoTime": 0.00388,
    "ImageComments": "RepliSC",
    "ImageOrientationPatientDICOM": [
      0.997043,
      0.0550879,
      -0.053581,
      -0.0665731,
      0.967452,
      -0.244141
    ],
    "InstitutionName": "Spinoza Centre for Neuroimaging, location REC",
    "InversionTime": 0.9,
    "MagneticFieldStrength": 3,
    "Manufacturer": "Philips",
    "ParallelAcquisitionTechnique": "SENSE",
    "PatientPosition": "HFS",
    "PhilipsRescaleIntercept": 0,
    "PhilipsRescaleSlope": 3.59145,
    "PhilipsScaleSlope": 0.00519541,
    "ProtocolName": "acq-AxialNsig1Mm1_T1w",
    "ReconMatrixPE": 240,
    "RepetitionTime": 0.008408,
    "SeriesDescription": "ImageMRSERIES",
    "SeriesNumber": 2,
    "UsePhilipsFloatNotDisplayScaling": 1,
    "acq_id": "AxialNsig1Mm1",
    "dataset": "ds002643",
    "modality": "T1w",
    "subject_id": "095"
  },
  "cjv": 0.29039892396710937,
  "cnr": 4.498999921152202,
  "efc": 0.7116737011680018,
  "fber": -1.0,
  "fwhm_avg": 4.085493333333333,
  "fwhm_x": 3.99256,
  "fwhm_y": 4.27679,
  "fwhm_z": 3.98713,
  "icvs_csf": 0.2275220750358894,
  "icvs_gm": 0.42931243381921275,
  "icvs_wm": 0.34316549114489786,
  "inu_med": 0.5721930265426636,
  "inu_range": 0.18389418721199036,
  "provenance": {
    "md5sum": "58697e300046bb4183c633f2b54a472d",
    "settings": {
      "testing": false
    },
    "software": "mriqc",
    "version": "23.0.1",
    "warnings": {
      "large_rot_frame": true,
      "small_air_mask": false
    },
    "webapi_port": null,
    "webapi_url": "https://mriqc.nimh.nih.gov/api/v1"
  },
  "qi_1": 0.0,
  "qi_2": 5.538889891411033e-05,
  "rpve_csf": 24.81406870653576,
  "rpve_gm": 13.641241052617804,
  "rpve_wm": 20.12362278423593,
  "size_x": 240,
  "size_y": 240,
  "size_z": 220,
  "snr_csf": 1.3765402234033168,
  "snr_gm": 8.683510861355545,
  "snr_total": 11.341162395910374,
  "snr_wm": 23.96343610297226,
  "snrd_csf": 16.414464891265922,
  "snrd_gm": 69.92562043679283,
  "snrd_total": 66.08314342815557,
  "snrd_wm": 111.90934495640798,
  "spacing_x": 1.0,
  "spacing_y": 1.0,
  "spacing_z": 1.0,
  "summary_bg_k": 116.45098307385878,
  "summary_bg_mad": 0.0,
  "summary_bg_mean": 2.5338475519248678,
  "summary_bg_median": 0.0,
  "summary_bg_n": 380578.0,
  "summary_bg_p05": 0.0,
  "summary_bg_p95": 14.845433980226517,
  "summary_bg_stdv": 5.854170562806335,
  "summary_csf_k": 1.5790014264141101,
  "summary_csf_mad": 95.18940736380125,
  "summary_csf_mean": 169.74663667647394,
  "summary_csf_median": 146.6764435172081,
  "summary_csf_n": 36137.0,
  "summary_csf_p05": 39.24261575192214,
  "summary_csf_p95": 378.43411375582207,
  "summary_csf_stdv": 106.55294451976944,
  "summary_gm_k": 0.18075301673837618,
  "summary_gm_mad": 70.98843134832461,
  "summary_gm_mean": 625.6022442239932,
  "summary_gm_median": 624.8416493833065,
  "summary_gm_n": 42252.0,
  "summary_gm_p05": 509.09282292984426,
  "summary_gm_p95": 744.4273982569575,
  "summary_gm_stdv": 71.95640854145314,
  "summary_wm_k": 0.9628263909660864,
  "summary_wm_mad": 37.95714686157807,
  "summary_wm_mean": 998.4384858721122,
  "summary_wm_median": 999.999989233911,
  "summary_wm_n": 199614.0,
  "summary_wm_p05": 927.1062415465713,
  "summary_wm_p95": 1063.1375310570002,
  "summary_wm_stdv": 41.73013753534444,
  "tpm_overlap_csf": 0.16622420634383042,
  "tpm_overlap_gm": 0.47715036936107597,
  "tpm_overlap_wm": 0.5194539850162698,
  "wm2max": 0.7878729513937526
}