{
  "aor": 0.0020810204081632656,
  "aqi": 0.0046497230029154514,
  "bids_meta": {
    "AcquisitionNumber": 3,
    "BIDSVersion": "1.1.0",
    "BidsifyVersion": "0.3",
    "ConversionSoftware": "dcm2niix",
    "ConversionSoftwareVersion": "v1.0.20180622 GCC5.4.0",
    "EchoTime": 0.028,
    "EffectiveEchoSpacing": 0.0006909,
    "FlipAngle": 76.1,
    "ImageComments": "RepliSC",
    "ImageOrientationPatientDICOM": [
      0.999218,
      0.0360109,
      0.0163263,
      -0.0343696,
      0.995203,
      -0.0915956
    ],
    "InstitutionName": "Spinoza Centre for Neuroimaging, location REC",
    "MagneticFieldStrength": 3,
    "Manufacturer": "Philips",
    "ParallelAcquisitionTechnique": "SENSE",
    "ParallelReductionFactorInPlane": 2,
    "PatientPosition": "HFS",
    "PhaseEncodingDirection": "j",
    "PhilipsRescaleIntercept": 0,
    "PhilipsRescaleSlope": 0.77338,
    "PhilipsScaleSlope": 0.0199286,
    "ProtocolName": "task-Healthratingtask_acq-SeqMm3Tr2000_bold",
    "PulseSequenceType": "Gradient Echo EPI",
    "ReconMatrixPE": 80,
    "RepetitionTime": 2,
    "SeriesDescription": "ImageMRSERIES",
    "SeriesNumber": 3,
    "SliceEncodingDirection": "k",
    "SliceTiming": [
      0.0,
      0.05555555555555555,
      0.1111111111111111,
      0.16666666666666666,
      0.2222222222222222,
      0.2777777777777778,
      0.3333333333333333,
      0.38888888888888884,
      0.4444444444444444,
      0.5,
      0.5555555555555556,
      0.611111111111111,
      0.6666666666666666,
      0.7222222222222222,
      0.7777777777777777,
      0.8333333333333333,
      0.8888888888888888,
      0.9444444444444444,
      1.0,
      1.0555555555555556,
      1.1111111111111112,
      1.1666666666666665,
      1.222222222222222,
      1.2777777777777777,
      1.3333333333333333,
      1.3888888888888888,
      1.4444444444444444,
      1.5,
      1.5555555555555554,
      1.611111111111111,
      1.6666666666666665,
      1.722222222222222,
      1.7777777777777777,
      1.8333333333333333,
      1.8888888888888888,
      1.9444444444444444
    ],
    "TaskName": "Healthratingtask",
    "TotalReadoutTime": 0.0269452,
    "UsePhilipsFloatNotDisplayScaling": 1,
    "WaterFatShift": 12.0,
    "acq_id": "SeqMm3Tr2000",
    "dataset": "ds002643",
    "modality": "bold",
    "subject_id": "042",
    "task_id": "Healthratingtask"
  },
  "dummy_trs": 0,
  "dvars_nstd": 23.097150970204666,
  "dvars_std": 1.3023568742690048,
  "dvars_vstd": 0.9931913386842104,
  "efc": 0.4067185689031628,
  "fber": 144021.0625,
  "fd_mean": 0.10189622731911457,
  "fd_num": 15,
  "fd_perc": 4.373177842565598,
  "fwhm_avg": 1.8507956646718737,
  "fwhm_x": 1.8099966666666667,
  "fwhm_y": 2.0593933333333334,
  "fwhm_z": 1.6829969940156213,
  "gcor": 0.0639437,
  "gsr_x": -0.01251538097858429,
  "gsr_y": 0.007313985377550125,
  "provenance": {
    "md5sum": "c2dcba0eb60bd50cc652e3cf46c5f953",
    "settings": {
      "fd_thres": 0.2,
      "testing": false
    },
    "software": "mriqc",
    "version": "23.0.1",
    "webapi_port": null,
    "webapi_url": "https://mriqc.nimh.nih.gov/api/v1"
  },
  "size_t": 343,
  "size_x": 80,
  "size_y": 80,
  "size_z": 36,
  "snr": 4.935351539773224,
  "spacing_tr": 2.0,
  "spacing_x": 3.0,
  "spacing_y": 3.0,
  "spacing_z": 3.299999952316284,
  "summary_bg_k": 96.75864011472136,
  "summary_bg_mad": 200.1398524047113,
  "summary_bg_mean": 937.2689819335938,
  "summary_bg_median": 183.09869384765625,
  "summary_bg_n": 156127.0,
  "summary_bg_p05": 14.632779979705811,
  "summary_bg_p95": 4242.9506835937445,
  "summary_bg_stdv": 2717.991455078125,
  "summary_fg_k": 1.3322194787439878,
  "summary_fg_mad": 13399.54167279428,
  "summary_fg_mean": 71677.8125,
  "summary_fg_median": 69832.875,
  "summary_fg_n": 34570.0,
  "summary_fg_p05": 53571.0580078125,
  "summary_fg_p95": 98318.80859375,
  "summary_fg_stdv": 14149.3193359375,
  "tsnr": 72.86262512207031
}