{
  "aor": 0.001238375,
  "aqi": 0.0036864259583333334,
  "bids_meta": {
    "AcquisitionNumber": 7,
    "BIDSVersion": "1.1.0",
    "BidsifyVersion": "0.3",
    "ConversionSoftware": "dcm2niix",
    "ConversionSoftwareVersion": "v1.0.20180622 GCC5.4.0",
    "EchoTime": 0.028,
    "EffectiveEchoSpacing": 0.0006909,
    "FlipAngle": 76.1,
    "ImageComments": "RepliSC",
    "ImageOrientationPatientDICOM": [
      0.994245,
      -0.104289,
      -0.0245222,
      0.0971362,
      0.974086,
      -0.204259
    ],
    "InstitutionName": "Spinoza Centre for Neuroimaging, location REC",
    "MagneticFieldStrength": 3,
    "Manufacturer": "Philips",
    "ParallelAcquisitionTechnique": "SENSE",
    "ParallelReductionFactorInPlane": 2,
    "PatientPosition": "HFS",
    "PhaseEncodingDirection": "j",
    "PhilipsRescaleIntercept": 0,
    "PhilipsRescaleSlope": 0.78632,
    "PhilipsScaleSlope": 0.0216425,
    "ProtocolName": "task-RestingState_acq-SeqMm3Tr2000_bold",
    "PulseSequenceType": "Gradient Echo EPI",
    "ReconMatrixPE": 80,
    "RepetitionTime": 2,
    "SeriesDescription": "ImageMRSERIES",
    "SeriesNumber": 7,
    "SliceEncodingDirection": "k",
    "SliceTiming": [
      0.0,
      0.05555555555555555,
      0.1111111111111111,
      0.16666666666666666,
      0.2222222222222222,
      0.2777777777777778,
      0.3333333333333333,
      0.38888888888888884,
      0.4444444444444444,
      0.5,
      0.5555555555555556,
      0.611111111111111,
      0.6666666666666666,
      0.7222222222222222,
      0.7777777777777777,
      0.8333333333333333,
      0.8888888888888888,
      0.9444444444444444,
      1.0,
      1.0555555555555556,
      1.1111111111111112,
      1.1666666666666665,
      1.222222222222222,
      1.2777777777777777,
      1.3333333333333333,
      1.3888888888888888,
      1.4444444444444444,
      1.5,
      1.5555555555555554,
      1.611111111111111,
      1.6666666666666665,
      1.722222222222222,
      1.7777777777777777,
      1.8333333333333333,
      1.8888888888888888,
      1.9444444444444444
    ],
    "TaskName": "RestingState",
    "TotalReadoutTime": 0.0269452,
    "UsePhilipsFloatNotDisplayScaling": 1,
    "WaterFatShift": 12.0,
    "acq_id": "SeqMm3Tr2000",
    "dataset": "ds002643",
    "modality": "bold",
    "subject_id": "013",
    "task_id": "RestingState"
  },
  "dummy_trs": 0,
  "dvars_nstd": 17.802886787531385,
  "dvars_std": 1.1888401887866102,
  "dvars_vstd": 0.9902226262761507,
  "efc": 0.391606761220187,
  "fber": 201879.5625,
  "fd_mean": 0.14044562681244893,
  "fd_num": 43,
  "fd_perc": 17.916666666666668,
  "fwhm_avg": 1.8698820286223192,
  "fwhm_x": 1.7882999999999998,
  "fwhm_y": 2.07314,
  "fwhm_z": 1.7482060858669581,
  "gcor": 0.0394515,
  "gsr_x": -0.023460524156689644,
  "gsr_y": 0.009663588367402554,
  "provenance": {
    "md5sum": "e6a1a8d9e07bbcf521a0aa418efd4abd",
    "settings": {
      "fd_thres": 0.2,
      "testing": false
    },
    "software": "mriqc",
    "version": "23.0.1",
    "webapi_port": null,
    "webapi_url": "https://mriqc.nimh.nih.gov/api/v1"
  },
  "size_t": 240,
  "size_x": 80,
  "size_y": 80,
  "size_z": 36,
  "snr": 6.173537877492412,
  "spacing_tr": 2.0,
  "spacing_x": 3.0,
  "spacing_y": 3.0,
  "spacing_z": 3.299999952316284,
  "summary_bg_k": 140.71648100550317,
  "summary_bg_mad": 156.33064619907722,
  "summary_bg_mean": 1186.8182373046875,
  "summary_bg_median": 145.39752197265625,
  "summary_bg_n": 161268.0,
  "summary_bg_p05": 12.06165442466736,
  "summary_bg_p95": 5363.337377929687,
  "summary_bg_stdv": 3960.685302734375,
  "summary_fg_k": 1.6850829971344128,
  "summary_fg_mad": 9988.378017295981,
  "summary_fg_mean": 68685.921875,
  "summary_fg_median": 67215.7734375,
  "summary_fg_n": 29516.0,
  "summary_fg_p05": 54383.462890625,
  "summary_fg_p95": 87664.24609375,
  "summary_fg_stdv": 10887.5390625,
  "tsnr": 93.51361083984375
}