{
  "aor": 0.0008544023323615161,
  "aqi": 0.004745664635568513,
  "bids_meta": {
    "AcquisitionNumber": 6,
    "BIDSVersion": "1.1.0",
    "BidsifyVersion": "0.3",
    "ConversionSoftware": "dcm2niix",
    "ConversionSoftwareVersion": "v1.0.20180622 GCC5.4.0",
    "EchoTime": 0.028,
    "EffectiveEchoSpacing": 0.0006909,
    "FlipAngle": 76.1,
    "ImageComments": "RepliSC",
    "ImageOrientationPatientDICOM": [
      0.994245,
      -0.104289,
      -0.0245222,
      0.0971362,
      0.974086,
      -0.204259
    ],
    "InstitutionName": "Spinoza Centre for Neuroimaging, location REC",
    "MagneticFieldStrength": 3,
    "Manufacturer": "Philips",
    "ParallelAcquisitionTechnique": "SENSE",
    "ParallelReductionFactorInPlane": 2,
    "PatientPosition": "HFS",
    "PhaseEncodingDirection": "j",
    "PhilipsRescaleIntercept": 0,
    "PhilipsRescaleSlope": 0.75092,
    "PhilipsScaleSlope": 0.0213473,
    "ProtocolName": "ses-01_task-Decisiontask-SeqMm3_bold",
    "PulseSequenceType": "Gradient Echo EPI",
    "ReconMatrixPE": 80,
    "RepetitionTime": 2,
    "SeriesDescription": "ImageMRSERIES",
    "SeriesNumber": 6,
    "SliceEncodingDirection": "k",
    "SliceTiming": [
      0.0,
      0.05555555555555555,
      0.1111111111111111,
      0.16666666666666666,
      0.2222222222222222,
      0.2777777777777778,
      0.3333333333333333,
      0.38888888888888884,
      0.4444444444444444,
      0.5,
      0.5555555555555556,
      0.611111111111111,
      0.6666666666666666,
      0.7222222222222222,
      0.7777777777777777,
      0.8333333333333333,
      0.8888888888888888,
      0.9444444444444444,
      1.0,
      1.0555555555555556,
      1.1111111111111112,
      1.1666666666666665,
      1.222222222222222,
      1.2777777777777777,
      1.3333333333333333,
      1.3888888888888888,
      1.4444444444444444,
      1.5,
      1.5555555555555554,
      1.611111111111111,
      1.6666666666666665,
      1.722222222222222,
      1.7777777777777777,
      1.8333333333333333,
      1.8888888888888888,
      1.9444444444444444
    ],
    "TaskName": "Decisiontask",
    "TotalReadoutTime": 0.0269452,
    "UsePhilipsFloatNotDisplayScaling": 1,
    "WaterFatShift": 12.0,
    "acq_id": "SeqMm3Tr2000",
    "dataset": "ds002643",
    "modality": "bold",
    "subject_id": "013",
    "task_id": "Decisiontask"
  },
  "dummy_trs": 0,
  "dvars_nstd": 16.07538200131578,
  "dvars_std": 1.116451735526317,
  "dvars_vstd": 0.9708251748830411,
  "efc": 0.3904151058854104,
  "fber": 202785.765625,
  "fd_mean": 0.1345401280119664,
  "fd_num": 45,
  "fd_perc": 13.119533527696793,
  "fwhm_avg": 1.8720643518265314,
  "fwhm_x": 1.8001266666666667,
  "fwhm_y": 2.0736966666666667,
  "fwhm_z": 1.7423697221462613,
  "gcor": 0.0495606,
  "gsr_x": -0.023255592212080956,
  "gsr_y": 0.008876031264662743,
  "provenance": {
    "md5sum": "611c3694ae0f71fa3eaeb88a5d361c49",
    "settings": {
      "fd_thres": 0.2,
      "testing": false
    },
    "software": "mriqc",
    "version": "23.0.1",
    "webapi_port": null,
    "webapi_url": "https://mriqc.nimh.nih.gov/api/v1"
  },
  "size_t": 343,
  "size_x": 80,
  "size_y": 80,
  "size_z": 36,
  "snr": 6.056133734235224,
  "spacing_tr": 2.0,
  "spacing_x": 3.0,
  "spacing_y": 3.0,
  "spacing_z": 3.299999952316284,
  "summary_bg_k": 130.63820830905098,
  "summary_bg_mad": 157.953998463782,
  "summary_bg_mean": 1196.8768310546875,
  "summary_bg_median": 147.78622436523438,
  "summary_bg_n": 161451.0,
  "summary_bg_p05": 12.242805480957031,
  "summary_bg_p95": 5471.956787109375,
  "summary_bg_stdv": 3945.779052734375,
  "summary_fg_k": 1.7495035327372541,
  "summary_fg_mad": 10376.886399815983,
  "summary_fg_mean": 70031.6171875,
  "summary_fg_median": 68466.59375,
  "summary_fg_n": 29310.0,
  "summary_fg_p05": 55204.7486328125,
  "summary_fg_p95": 89941.76992187499,
  "summary_fg_stdv": 11305.1376953125,
  "tsnr": 84.01888275146484
}