{
  "bids_meta": {
    "AcquisitionNumber": 2,
    "BIDSVersion": "1.1.0",
    "BidsifyVersion": "0.3",
    "ConversionSoftware": "dcm2niix",
    "ConversionSoftwareVersion": "v1.0.20180622 GCC5.4.0",
    "EchoTime": 0.00387,
    "ImageComments": "RepliSC",
    "ImageOrientationPatientDICOM": [
      0.99792,
      -0.0596129,
      0.0245182,
      0.0636582,
      0.971193,
      -0.229634
    ],
    "InstitutionName": "Spinoza Centre for Neuroimaging, location REC",
    "InversionTime": 0.9,
    "MagneticFieldStrength": 3,
    "Manufacturer": "Philips",
    "ParallelAcquisitionTechnique": "SENSE",
    "PatientPosition": "HFS",
    "PhilipsRescaleIntercept": 0,
    "PhilipsRescaleSlope": 3.9265,
    "PhilipsScaleSlope": 0.00510615,
    "ProtocolName": "acq-AxialNsig1Mm1_T1w",
    "ReconMatrixPE": 240,
    "RepetitionTime": 0.008381,
    "SeriesDescription": "ImageMRSERIES",
    "SeriesNumber": 2,
    "UsePhilipsFloatNotDisplayScaling": 1,
    "acq_id": "AxialNsig1Mm1",
    "dataset": "ds002643",
    "modality": "T1w",
    "subject_id": "015"
  },
  "cjv": 0.28567771585356666,
  "cnr": 4.544578852553214,
  "efc": 0.6887981148395144,
  "fber": 14678.155818706082,
  "fwhm_avg": 4.2520500000000006,
  "fwhm_x": 4.21067,
  "fwhm_y": 4.31071,
  "fwhm_z": 4.23477,
  "icvs_csf": 0.2585017845237865,
  "icvs_gm": 0.42977899592938124,
  "icvs_wm": 0.3117192195468323,
  "inu_med": 0.5839763581752777,
  "inu_range": 0.19043960869312287,
  "provenance": {
    "md5sum": "ec374a4e58e927ee93e48f893ae6031e",
    "settings": {
      "testing": false
    },
    "software": "mriqc",
    "version": "23.0.1",
    "warnings": {
      "large_rot_frame": true,
      "small_air_mask": false
    },
    "webapi_port": null,
    "webapi_url": "https://mriqc.nimh.nih.gov/api/v1"
  },
  "qi_1": 0.0,
  "qi_2": 0.00011077655522918703,
  "rpve_csf": 23.78817364278949,
  "rpve_gm": 14.224826490499737,
  "rpve_wm": 23.078149774251074,
  "size_x": 240,
  "size_y": 240,
  "size_z": 220,
  "snr_csf": 1.4027048004743612,
  "snr_gm": 8.392378785707459,
  "snr_total": 12.380146965319561,
  "snr_wm": 27.345357309776865,
  "snrd_csf": 12.262950703128395,
  "snrd_gm": 60.831409105905685,
  "snrd_total": 56.92309933125071,
  "snrd_wm": 97.67493818471806,
  "spacing_x": 1.0,
  "spacing_y": 1.0,
  "spacing_z": 1.0,
  "summary_bg_k": 741.8032939776176,
  "summary_bg_mad": 0.0,
  "summary_bg_mean": 2.465339332388658,
  "summary_bg_median": 0.0,
  "summary_bg_n": 295109.0,
  "summary_bg_p05": 0.0,
  "summary_bg_p95": 13.546494608744979,
  "summary_bg_stdv": 6.707162947304876,
  "summary_csf_k": 1.659866873539669,
  "summary_csf_mad": 86.9092178992014,
  "summary_csf_mean": 138.72350314987017,
  "summary_csf_median": 125.5457773078233,
  "summary_csf_n": 51795.0,
  "summary_csf_p05": 28.861870331689715,
  "summary_csf_p95": 312.55457560904324,
  "summary_csf_stdv": 89.5017720839813,
  "summary_gm_k": 0.13697591481457883,
  "summary_gm_mad": 74.09525376280271,
  "summary_gm_mean": 622.558283800287,
  "summary_gm_median": 622.7804975993931,
  "summary_gm_n": 38093.0,
  "summary_gm_p05": 499.1737722471356,
  "summary_gm_p95": 741.0940141491592,
  "summary_gm_stdv": 74.20688924719032,
  "summary_wm_k": 0.8121898718240734,
  "summary_wm_mad": 33.66155345675715,
  "summary_wm_mean": 999.903409332488,
  "summary_wm_median": 999.9776020273566,
  "summary_wm_n": 164956.0,
  "summary_wm_p05": 939.9475986454636,
  "summary_wm_p95": 1059.626960106194,
  "summary_wm_stdv": 36.56834904921148,
  "tpm_overlap_csf": 0.1663004568674195,
  "tpm_overlap_gm": 0.47874091275549985,
  "tpm_overlap_wm": 0.5189838720430607,
  "wm2max": 0.7291190432220946
}