{
  "aor": 0.004265189504373178,
  "aqi": 0.007029940262390672,
  "bids_meta": {
    "AcquisitionNumber": 6,
    "BIDSVersion": "1.1.0",
    "BidsifyVersion": "0.3",
    "ConversionSoftware": "dcm2niix",
    "ConversionSoftwareVersion": "v1.0.20180622 GCC5.4.0",
    "EchoTime": 0.028,
    "EffectiveEchoSpacing": 0.0006909,
    "FlipAngle": 76.1,
    "ImageComments": "RepliSC",
    "ImageOrientationPatientDICOM": [
      0.999218,
      0.0360109,
      0.0163263,
      -0.0343696,
      0.995203,
      -0.0915956
    ],
    "InstitutionName": "Spinoza Centre for Neuroimaging, location REC",
    "MagneticFieldStrength": 3,
    "Manufacturer": "Philips",
    "ParallelAcquisitionTechnique": "SENSE",
    "ParallelReductionFactorInPlane": 2,
    "PatientPosition": "HFS",
    "PhaseEncodingDirection": "j",
    "PhilipsRescaleIntercept": 0,
    "PhilipsRescaleSlope": 0.75165,
    "PhilipsScaleSlope": 0.021021,
    "ProtocolName": "task-Decisiontask_acq-SeqMm3Tr2000_bold",
    "PulseSequenceType": "Gradient Echo EPI",
    "ReconMatrixPE": 80,
    "RepetitionTime": 2,
    "SeriesDescription": "ImageMRSERIES",
    "SeriesNumber": 6,
    "SliceEncodingDirection": "k",
    "SliceTiming": [
      0.0,
      0.05555555555555555,
      0.1111111111111111,
      0.16666666666666666,
      0.2222222222222222,
      0.2777777777777778,
      0.3333333333333333,
      0.38888888888888884,
      0.4444444444444444,
      0.5,
      0.5555555555555556,
      0.611111111111111,
      0.6666666666666666,
      0.7222222222222222,
      0.7777777777777777,
      0.8333333333333333,
      0.8888888888888888,
      0.9444444444444444,
      1.0,
      1.0555555555555556,
      1.1111111111111112,
      1.1666666666666665,
      1.222222222222222,
      1.2777777777777777,
      1.3333333333333333,
      1.3888888888888888,
      1.4444444444444444,
      1.5,
      1.5555555555555554,
      1.611111111111111,
      1.6666666666666665,
      1.722222222222222,
      1.7777777777777777,
      1.8333333333333333,
      1.8888888888888888,
      1.9444444444444444
    ],
    "TaskName": "Decisiontask",
    "TotalReadoutTime": 0.0269452,
    "UsePhilipsFloatNotDisplayScaling": 1,
    "WaterFatShift": 12.0,
    "acq_id": "SeqMm3Tr2000",
    "dataset": "ds002643",
    "modality": "bold",
    "subject_id": "042",
    "task_id": "Decisiontask"
  },
  "dummy_trs": 0,
  "dvars_nstd": 21.866134693333336,
  "dvars_std": 1.247677183918128,
  "dvars_vstd": 1.0028315527485374,
  "efc": 0.4097099619831682,
  "fber": 118312.4765625,
  "fd_mean": 0.11100952647024827,
  "fd_num": 18,
  "fd_perc": 5.247813411078718,
  "fwhm_avg": 1.8458436443970945,
  "fwhm_x": 1.8094599999999998,
  "fwhm_y": 2.06018,
  "fwhm_z": 1.667890933191284,
  "gcor": 0.0438267,
  "gsr_x": -0.01303084846585989,
  "gsr_y": 0.008044315502047539,
  "provenance": {
    "md5sum": "c5104ba2bc6ca9b9b6b9577ed24dce2f",
    "settings": {
      "fd_thres": 0.2,
      "testing": false
    },
    "software": "mriqc",
    "version": "23.0.1",
    "webapi_port": null,
    "webapi_url": "https://mriqc.nimh.nih.gov/api/v1"
  },
  "size_t": 343,
  "size_x": 80,
  "size_y": 80,
  "size_z": 36,
  "snr": 5.016306055153076,
  "spacing_tr": 2.0,
  "spacing_x": 3.0,
  "spacing_y": 3.0,
  "spacing_z": 3.299999952316284,
  "summary_bg_k": 87.91523027127077,
  "summary_bg_mad": 220.8564392078488,
  "summary_bg_mean": 982.3865356445312,
  "summary_bg_median": 197.0143585205078,
  "summary_bg_n": 155971.0,
  "summary_bg_p05": 17.711591720581055,
  "summary_bg_p95": 4421.66552734375,
  "summary_bg_stdv": 2801.2421875,
  "summary_fg_k": 1.2757600882121203,
  "summary_fg_mad": 12880.060441948088,
  "summary_fg_mean": 69802.2578125,
  "summary_fg_median": 68021.5859375,
  "summary_fg_n": 34691.0,
  "summary_fg_p05": 52381.873046875,
  "summary_fg_p95": 95110.0078125,
  "summary_fg_stdv": 13559.8994140625,
  "tsnr": 62.133460998535156
}