{
  "aor": 0.016245,
  "aqi": 0.027989013375,
  "bids_meta": {
    "AcquisitionNumber": 7,
    "BIDSVersion": "1.1.0",
    "BidsifyVersion": "0.3",
    "ConversionSoftware": "dcm2niix",
    "ConversionSoftwareVersion": "v1.0.20180622 GCC5.4.0",
    "EchoTime": 0.028,
    "EffectiveEchoSpacing": 0.0006909,
    "FlipAngle": 76.1,
    "ImageComments": "RepliSC",
    "ImageOrientationPatientDICOM": [
      0.999218,
      0.0360109,
      0.0163263,
      -0.0343696,
      0.995203,
      -0.0915956
    ],
    "InstitutionName": "Spinoza Centre for Neuroimaging, location REC",
    "MagneticFieldStrength": 3,
    "Manufacturer": "Philips",
    "ParallelAcquisitionTechnique": "SENSE",
    "ParallelReductionFactorInPlane": 2,
    "PatientPosition": "HFS",
    "PhaseEncodingDirection": "j",
    "PhilipsRescaleIntercept": 0,
    "PhilipsRescaleSlope": 0.75165,
    "PhilipsScaleSlope": 0.0222863,
    "ProtocolName": "task-RestingState_acq-SeqMm3Tr2000_bold",
    "PulseSequenceType": "Gradient Echo EPI",
    "ReconMatrixPE": 80,
    "RepetitionTime": 2,
    "SeriesDescription": "ImageMRSERIES",
    "SeriesNumber": 7,
    "SliceEncodingDirection": "k",
    "SliceTiming": [
      0.0,
      0.05555555555555555,
      0.1111111111111111,
      0.16666666666666666,
      0.2222222222222222,
      0.2777777777777778,
      0.3333333333333333,
      0.38888888888888884,
      0.4444444444444444,
      0.5,
      0.5555555555555556,
      0.611111111111111,
      0.6666666666666666,
      0.7222222222222222,
      0.7777777777777777,
      0.8333333333333333,
      0.8888888888888888,
      0.9444444444444444,
      1.0,
      1.0555555555555556,
      1.1111111111111112,
      1.1666666666666665,
      1.222222222222222,
      1.2777777777777777,
      1.3333333333333333,
      1.3888888888888888,
      1.4444444444444444,
      1.5,
      1.5555555555555554,
      1.611111111111111,
      1.6666666666666665,
      1.722222222222222,
      1.7777777777777777,
      1.8333333333333333,
      1.8888888888888888,
      1.9444444444444444
    ],
    "TaskName": "RestingState",
    "TotalReadoutTime": 0.0269452,
    "UsePhilipsFloatNotDisplayScaling": 1,
    "WaterFatShift": 12.0,
    "acq_id": "SeqMm3Tr2000",
    "dataset": "ds002643",
    "modality": "bold",
    "subject_id": "042",
    "task_id": "RestingState"
  },
  "dummy_trs": 0,
  "dvars_nstd": 23.036695017573216,
  "dvars_std": 0.8935738850209208,
  "dvars_vstd": 0.8756148787866115,
  "efc": 0.40891515436159426,
  "fber": 102957.875,
  "fd_mean": 0.14367604292456998,
  "fd_num": 21,
  "fd_perc": 8.75,
  "fwhm_avg": 1.8647553615322792,
  "fwhm_x": 1.8285366666666667,
  "fwhm_y": 2.1054233333333334,
  "fwhm_z": 1.6603060845968374,
  "gcor": 0.0310087,
  "gsr_x": -0.012731513939797878,
  "gsr_y": 0.007272783666849136,
  "provenance": {
    "md5sum": "71d478a3cb145d90e2c06c5227c950f7",
    "settings": {
      "fd_thres": 0.2,
      "testing": false
    },
    "software": "mriqc",
    "version": "23.0.1",
    "webapi_port": null,
    "webapi_url": "https://mriqc.nimh.nih.gov/api/v1"
  },
  "size_t": 240,
  "size_x": 80,
  "size_y": 80,
  "size_z": 36,
  "snr": 5.1543338310599625,
  "spacing_tr": 2.0,
  "spacing_x": 3.0,
  "spacing_y": 3.0,
  "spacing_z": 3.299999952316284,
  "summary_bg_k": 105.95525677359221,
  "summary_bg_mad": 232.15657559933473,
  "summary_bg_mean": 972.7055053710938,
  "summary_bg_median": 205.74020385742188,
  "summary_bg_n": 156412.0,
  "summary_bg_p05": 21.32683048248291,
  "summary_bg_p95": 4407.663427734373,
  "summary_bg_stdv": 2655.468994140625,
  "summary_fg_k": 1.164056175824041,
  "summary_fg_mad": 12437.445765575005,
  "summary_fg_mean": 67921.6484375,
  "summary_fg_median": 66285.078125,
  "summary_fg_n": 34374.0,
  "summary_fg_p05": 51307.7630859375,
  "summary_fg_p95": 91737.062109375,
  "summary_fg_stdv": 12859.8798828125,
  "tsnr": 39.63945388793945
}