{
  "aor": 0.0014859766763848396,
  "aqi": 0.004350002419825073,
  "bids_meta": {
    "AcquisitionNumber": 4,
    "BIDSVersion": "1.1.0",
    "BidsifyVersion": "0.3",
    "ConversionSoftware": "dcm2niix",
    "ConversionSoftwareVersion": "v1.0.20180622 GCC5.4.0",
    "EchoTime": 0.028,
    "EffectiveEchoSpacing": 0.0006909,
    "FlipAngle": 76.1,
    "ImageComments": "RepliSC",
    "ImageOrientationPatientDICOM": [
      0.999218,
      0.0360109,
      0.0163263,
      -0.0343696,
      0.995203,
      -0.0915956
    ],
    "InstitutionName": "Spinoza Centre for Neuroimaging, location REC",
    "MagneticFieldStrength": 3,
    "Manufacturer": "Philips",
    "ParallelAcquisitionTechnique": "SENSE",
    "ParallelReductionFactorInPlane": 2,
    "PatientPosition": "HFS",
    "PhaseEncodingDirection": "j",
    "PhilipsRescaleIntercept": 0,
    "PhilipsRescaleSlope": 0.74579,
    "PhilipsScaleSlope": 0.0211465,
    "ProtocolName": "task-Tasteratingtask_acq-SeqMm3Tr2000_bold",
    "PulseSequenceType": "Gradient Echo EPI",
    "ReconMatrixPE": 80,
    "RepetitionTime": 2,
    "SeriesDescription": "ImageMRSERIES",
    "SeriesNumber": 4,
    "SliceEncodingDirection": "k",
    "SliceTiming": [
      0.0,
      0.05555555555555555,
      0.1111111111111111,
      0.16666666666666666,
      0.2222222222222222,
      0.2777777777777778,
      0.3333333333333333,
      0.38888888888888884,
      0.4444444444444444,
      0.5,
      0.5555555555555556,
      0.611111111111111,
      0.6666666666666666,
      0.7222222222222222,
      0.7777777777777777,
      0.8333333333333333,
      0.8888888888888888,
      0.9444444444444444,
      1.0,
      1.0555555555555556,
      1.1111111111111112,
      1.1666666666666665,
      1.222222222222222,
      1.2777777777777777,
      1.3333333333333333,
      1.3888888888888888,
      1.4444444444444444,
      1.5,
      1.5555555555555554,
      1.611111111111111,
      1.6666666666666665,
      1.722222222222222,
      1.7777777777777777,
      1.8333333333333333,
      1.8888888888888888,
      1.9444444444444444
    ],
    "TaskName": "Tasteratingtask",
    "TotalReadoutTime": 0.0269452,
    "UsePhilipsFloatNotDisplayScaling": 1,
    "WaterFatShift": 12.0,
    "acq_id": "SeqMm3Tr2000",
    "dataset": "ds002643",
    "modality": "bold",
    "subject_id": "042",
    "task_id": "Tasteratingtask"
  },
  "dummy_trs": 0,
  "dvars_nstd": 23.336987980643254,
  "dvars_std": 1.3186520311403513,
  "dvars_vstd": 0.9971368742690058,
  "efc": 0.4088111435171022,
  "fber": 131458.671875,
  "fd_mean": 0.1069108153397729,
  "fd_num": 22,
  "fd_perc": 6.41399416909621,
  "fwhm_avg": 1.847174856521664,
  "fwhm_x": 1.8065066666666667,
  "fwhm_y": 2.06643,
  "fwhm_z": 1.6685879028983246,
  "gcor": 0.0611411,
  "gsr_x": -0.012819178402423859,
  "gsr_y": 0.007543621584773064,
  "provenance": {
    "md5sum": "568368390816cd66ca0898f3da1f7a8c",
    "settings": {
      "fd_thres": 0.2,
      "testing": false
    },
    "software": "mriqc",
    "version": "23.0.1",
    "webapi_port": null,
    "webapi_url": "https://mriqc.nimh.nih.gov/api/v1"
  },
  "size_t": 343,
  "size_x": 80,
  "size_y": 80,
  "size_z": 36,
  "snr": 5.039733927792402,
  "spacing_tr": 2.0,
  "spacing_x": 3.0,
  "spacing_y": 3.0,
  "spacing_z": 3.299999952316284,
  "summary_bg_k": 100.74890786779352,
  "summary_bg_mad": 207.70195849725548,
  "summary_bg_mean": 955.83447265625,
  "summary_bg_median": 187.61981201171875,
  "summary_bg_n": 156019.0,
  "summary_bg_p05": 14.522651290893556,
  "summary_bg_p95": 4314.317578125001,
  "summary_bg_stdv": 2762.848876953125,
  "summary_fg_k": 1.2457067898569019,
  "summary_fg_mad": 12954.025497548262,
  "summary_fg_mean": 70046.5546875,
  "summary_fg_median": 68278.25,
  "summary_fg_n": 34728.0,
  "summary_fg_p05": 52606.008984375,
  "summary_fg_p95": 95290.77734375003,
  "summary_fg_stdv": 13547.7919921875,
  "tsnr": 75.81777954101562
}