{
  "aor": 0.0025795043731778426,
  "aqi": 0.006360113702623906,
  "bids_meta": {
    "AcquisitionNumber": 4,
    "BIDSVersion": "1.1.0",
    "BidsifyVersion": "0.3",
    "ConversionSoftware": "dcm2niix",
    "ConversionSoftwareVersion": "v1.0.20180622 GCC5.4.0",
    "EchoTime": 0.028,
    "EffectiveEchoSpacing": 0.0006909,
    "FlipAngle": 76.1,
    "ImageComments": "RepliSC",
    "ImageOrientationPatientDICOM": [
      0.999608,
      0.0101541,
      -0.0261072,
      -0.0143071,
      0.986328,
      -0.164174
    ],
    "InstitutionName": "Spinoza Centre for Neuroimaging, location REC",
    "MagneticFieldStrength": 3,
    "Manufacturer": "Philips",
    "ParallelAcquisitionTechnique": "SENSE",
    "ParallelReductionFactorInPlane": 2,
    "PatientPosition": "HFS",
    "PhaseEncodingDirection": "j",
    "PhilipsRescaleIntercept": 0,
    "PhilipsRescaleSlope": 0.74432,
    "PhilipsScaleSlope": 0.0227652,
    "ProtocolName": "task-Healthratingtask_acq-SeqMm3Tr2000_bold",
    "PulseSequenceType": "Gradient Echo EPI",
    "ReconMatrixPE": 80,
    "RepetitionTime": 2,
    "SeriesDescription": "ImageMRSERIES",
    "SeriesNumber": 4,
    "SliceEncodingDirection": "k",
    "SliceTiming": [
      0.0,
      0.05555555555555555,
      0.1111111111111111,
      0.16666666666666666,
      0.2222222222222222,
      0.2777777777777778,
      0.3333333333333333,
      0.38888888888888884,
      0.4444444444444444,
      0.5,
      0.5555555555555556,
      0.611111111111111,
      0.6666666666666666,
      0.7222222222222222,
      0.7777777777777777,
      0.8333333333333333,
      0.8888888888888888,
      0.9444444444444444,
      1.0,
      1.0555555555555556,
      1.1111111111111112,
      1.1666666666666665,
      1.222222222222222,
      1.2777777777777777,
      1.3333333333333333,
      1.3888888888888888,
      1.4444444444444444,
      1.5,
      1.5555555555555554,
      1.611111111111111,
      1.6666666666666665,
      1.722222222222222,
      1.7777777777777777,
      1.8333333333333333,
      1.8888888888888888,
      1.9444444444444444
    ],
    "TaskName": "Healthratingtask",
    "TotalReadoutTime": 0.0269452,
    "UsePhilipsFloatNotDisplayScaling": 1,
    "WaterFatShift": 12.0,
    "acq_id": "SeqMm3Tr2000",
    "dataset": "ds002643",
    "modality": "bold",
    "subject_id": "020",
    "task_id": "Healthratingtask"
  },
  "dummy_trs": 0,
  "dvars_nstd": 20.802775137602342,
  "dvars_std": 1.1935835481578951,
  "dvars_vstd": 1.012273928976608,
  "efc": 0.4456986204105228,
  "fber": 89814.6640625,
  "fd_mean": 0.12242693191510884,
  "fd_num": 37,
  "fd_perc": 10.787172011661808,
  "fwhm_avg": 1.883589503349769,
  "fwhm_x": 1.8019766666666666,
  "fwhm_y": 2.1047433333333334,
  "fwhm_z": 1.744048510049307,
  "gcor": 0.0331444,
  "gsr_x": -0.018104497343301773,
  "gsr_y": 0.01893603801727295,
  "provenance": {
    "md5sum": "b7ae03dae735501754aca5413149190f",
    "settings": {
      "fd_thres": 0.2,
      "testing": false
    },
    "software": "mriqc",
    "version": "23.0.1",
    "webapi_port": null,
    "webapi_url": "https://mriqc.nimh.nih.gov/api/v1"
  },
  "size_t": 343,
  "size_x": 80,
  "size_y": 80,
  "size_z": 36,
  "snr": 5.671111897346217,
  "spacing_tr": 2.0,
  "spacing_x": 3.0,
  "spacing_y": 3.0,
  "spacing_z": 3.299999952316284,
  "summary_bg_k": 44.14954315921609,
  "summary_bg_mad": 237.53124335208065,
  "summary_bg_mean": 1811.87890625,
  "summary_bg_median": 207.33169555664062,
  "summary_bg_n": 153464.0,
  "summary_bg_p05": 24.572896003723145,
  "summary_bg_p95": 10751.662060546885,
  "summary_bg_stdv": 4644.51123046875,
  "summary_fg_k": 2.5885350729582095,
  "summary_fg_mad": 9944.586233408363,
  "summary_fg_mean": 64818.3046875,
  "summary_fg_median": 63421.16015625,
  "summary_fg_n": 36828.0,
  "summary_fg_p05": 50007.690625,
  "summary_fg_p95": 83306.14453125001,
  "summary_fg_stdv": 11183.044921875,
  "tsnr": 73.000244140625
}