{
  "aor": 0.00269198250728863,
  "aqi": 0.007893763935860058,
  "bids_meta": {
    "AcquisitionNumber": 3,
    "BIDSVersion": "1.1.0",
    "BidsifyVersion": "0.3",
    "ConversionSoftware": "dcm2niix",
    "ConversionSoftwareVersion": "v1.0.20180622 GCC5.4.0",
    "EchoTime": 0.028,
    "EffectiveEchoSpacing": 0.0006909,
    "FlipAngle": 76.1,
    "ImageComments": "RepliSC",
    "ImageOrientationPatientDICOM": [
      0.999608,
      0.0101541,
      -0.0261072,
      -0.0143071,
      0.986328,
      -0.164174
    ],
    "InstitutionName": "Spinoza Centre for Neuroimaging, location REC",
    "MagneticFieldStrength": 3,
    "Manufacturer": "Philips",
    "ParallelAcquisitionTechnique": "SENSE",
    "ParallelReductionFactorInPlane": 2,
    "PatientPosition": "HFS",
    "PhaseEncodingDirection": "j",
    "PhilipsRescaleIntercept": 0,
    "PhilipsRescaleSlope": 0.73919,
    "PhilipsScaleSlope": 0.0223178,
    "ProtocolName": "task-Tasteratingtask_acq-SeqMm3Tr2000_bold",
    "PulseSequenceType": "Gradient Echo EPI",
    "ReconMatrixPE": 80,
    "RepetitionTime": 2,
    "SeriesDescription": "ImageMRSERIES",
    "SeriesNumber": 3,
    "SliceEncodingDirection": "k",
    "SliceTiming": [
      0.0,
      0.05555555555555555,
      0.1111111111111111,
      0.16666666666666666,
      0.2222222222222222,
      0.2777777777777778,
      0.3333333333333333,
      0.38888888888888884,
      0.4444444444444444,
      0.5,
      0.5555555555555556,
      0.611111111111111,
      0.6666666666666666,
      0.7222222222222222,
      0.7777777777777777,
      0.8333333333333333,
      0.8888888888888888,
      0.9444444444444444,
      1.0,
      1.0555555555555556,
      1.1111111111111112,
      1.1666666666666665,
      1.222222222222222,
      1.2777777777777777,
      1.3333333333333333,
      1.3888888888888888,
      1.4444444444444444,
      1.5,
      1.5555555555555554,
      1.611111111111111,
      1.6666666666666665,
      1.722222222222222,
      1.7777777777777777,
      1.8333333333333333,
      1.8888888888888888,
      1.9444444444444444
    ],
    "TaskName": "Tasteratingtask",
    "TotalReadoutTime": 0.0269452,
    "UsePhilipsFloatNotDisplayScaling": 1,
    "WaterFatShift": 12.0,
    "acq_id": "SeqMm3Tr2000",
    "dataset": "ds002643",
    "modality": "bold",
    "subject_id": "020",
    "task_id": "Tasteratingtask"
  },
  "dummy_trs": 0,
  "dvars_nstd": 21.1878046179532,
  "dvars_std": 1.1823073453801176,
  "dvars_vstd": 1.0080384928947368,
  "efc": 0.4441211157369909,
  "fber": 94423.2265625,
  "fd_mean": 0.13672414879826128,
  "fd_num": 50,
  "fd_perc": 14.577259475218659,
  "fwhm_avg": 1.8972712207041058,
  "fwhm_x": 1.8012,
  "fwhm_y": 2.10865,
  "fwhm_z": 1.781963662112318,
  "gcor": 0.0404546,
  "gsr_x": -0.017992200329899788,
  "gsr_y": 0.01925109513103962,
  "provenance": {
    "md5sum": "3334ade8fff827a604c3fc9141366aa0",
    "settings": {
      "fd_thres": 0.2,
      "testing": false
    },
    "software": "mriqc",
    "version": "23.0.1",
    "webapi_port": null,
    "webapi_url": "https://mriqc.nimh.nih.gov/api/v1"
  },
  "size_t": 343,
  "size_x": 80,
  "size_y": 80,
  "size_z": 36,
  "snr": 5.612164903416137,
  "spacing_tr": 2.0,
  "spacing_x": 3.0,
  "spacing_y": 3.0,
  "spacing_z": 3.299999952316284,
  "summary_bg_k": 50.649172921683444,
  "summary_bg_mad": 236.80179937307344,
  "summary_bg_mean": 1786.1357421875,
  "summary_bg_median": 206.8943634033203,
  "summary_bg_n": 153359.0,
  "summary_bg_p05": 24.904292678833013,
  "summary_bg_p95": 10548.15175781251,
  "summary_bg_stdv": 4606.68798828125,
  "summary_fg_k": 2.5872495067911823,
  "summary_fg_mad": 10287.553824736104,
  "summary_fg_mean": 66528.7578125,
  "summary_fg_median": 64983.24609375,
  "summary_fg_n": 36838.0,
  "summary_fg_p05": 51179.578125,
  "summary_fg_p95": 85862.53750000002,
  "summary_fg_stdv": 11578.8408203125,
  "tsnr": 67.07395935058594
}