{
  "aor": 0.002461,
  "aqi": 0.0069203231666666665,
  "bids_meta": {
    "AcquisitionNumber": 7,
    "BIDSVersion": "1.1.0",
    "BidsifyVersion": "0.3",
    "ConversionSoftware": "dcm2niix",
    "ConversionSoftwareVersion": "v1.0.20180622 GCC5.4.0",
    "EchoTime": 0.028,
    "EffectiveEchoSpacing": 0.0006909,
    "FlipAngle": 76.1,
    "ImageComments": "RepliSC",
    "ImageOrientationPatientDICOM": [
      0.999608,
      0.0101541,
      -0.0261072,
      -0.0143071,
      0.986328,
      -0.164174
    ],
    "InstitutionName": "Spinoza Centre for Neuroimaging, location REC",
    "MagneticFieldStrength": 3,
    "Manufacturer": "Philips",
    "ParallelAcquisitionTechnique": "SENSE",
    "ParallelReductionFactorInPlane": 2,
    "PatientPosition": "HFS",
    "PhaseEncodingDirection": "j",
    "PhilipsRescaleIntercept": 0,
    "PhilipsRescaleSlope": 0.74652,
    "PhilipsScaleSlope": 0.0226176,
    "ProtocolName": "task-RestingState_acq-SeqMm3Tr2000_bold",
    "PulseSequenceType": "Gradient Echo EPI",
    "ReconMatrixPE": 80,
    "RepetitionTime": 2,
    "SeriesDescription": "ImageMRSERIES",
    "SeriesNumber": 7,
    "SliceEncodingDirection": "k",
    "SliceTiming": [
      0.0,
      0.05555555555555555,
      0.1111111111111111,
      0.16666666666666666,
      0.2222222222222222,
      0.2777777777777778,
      0.3333333333333333,
      0.38888888888888884,
      0.4444444444444444,
      0.5,
      0.5555555555555556,
      0.611111111111111,
      0.6666666666666666,
      0.7222222222222222,
      0.7777777777777777,
      0.8333333333333333,
      0.8888888888888888,
      0.9444444444444444,
      1.0,
      1.0555555555555556,
      1.1111111111111112,
      1.1666666666666665,
      1.222222222222222,
      1.2777777777777777,
      1.3333333333333333,
      1.3888888888888888,
      1.4444444444444444,
      1.5,
      1.5555555555555554,
      1.611111111111111,
      1.6666666666666665,
      1.722222222222222,
      1.7777777777777777,
      1.8333333333333333,
      1.8888888888888888,
      1.9444444444444444
    ],
    "TaskName": "RestingState",
    "TotalReadoutTime": 0.0269452,
    "UsePhilipsFloatNotDisplayScaling": 1,
    "WaterFatShift": 12.0,
    "acq_id": "SeqMm3Tr2000",
    "dataset": "ds002643",
    "modality": "bold",
    "subject_id": "020",
    "task_id": "RestingState"
  },
  "dummy_trs": 0,
  "dvars_nstd": 22.349538380041846,
  "dvars_std": 1.1737752007531383,
  "dvars_vstd": 1.0070571562343091,
  "efc": 0.44587817814166775,
  "fber": 93130.609375,
  "fd_mean": 0.15978209883814795,
  "fd_num": 59,
  "fd_perc": 24.583333333333332,
  "fwhm_avg": 1.8443882910497174,
  "fwhm_x": 1.7636200000000002,
  "fwhm_y": 2.0626266666666666,
  "fwhm_z": 1.7069182064824857,
  "gcor": 0.0750401,
  "gsr_x": -0.017671098932623863,
  "gsr_y": 0.018629290163517,
  "provenance": {
    "md5sum": "d860e8fe88f5ea6d5a34137f0caead84",
    "settings": {
      "fd_thres": 0.2,
      "testing": false
    },
    "software": "mriqc",
    "version": "23.0.1",
    "webapi_port": null,
    "webapi_url": "https://mriqc.nimh.nih.gov/api/v1"
  },
  "size_t": 240,
  "size_x": 80,
  "size_y": 80,
  "size_z": 36,
  "snr": 5.831110661677729,
  "spacing_tr": 2.0,
  "spacing_x": 3.0,
  "spacing_y": 3.0,
  "spacing_z": 3.299999952316284,
  "summary_bg_k": 44.19340034523756,
  "summary_bg_mad": 243.62190870789348,
  "summary_bg_mean": 1856.836181640625,
  "summary_bg_median": 208.02210998535156,
  "summary_bg_n": 153411.0,
  "summary_bg_p05": 17.81094455718994,
  "summary_bg_p95": 11085.65966796875,
  "summary_bg_stdv": 4786.20263671875,
  "summary_fg_k": 2.8988036479774273,
  "summary_fg_mad": 9650.18834327397,
  "summary_fg_mean": 66093.140625,
  "summary_fg_median": 64576.83984375,
  "summary_fg_n": 36827.0,
  "summary_fg_p05": 51757.641796875,
  "summary_fg_p95": 84482.1796875,
  "summary_fg_stdv": 11074.384765625,
  "tsnr": 71.68696594238281
}