{
  "aor": 0.0030202500000000004,
  "aqi": 0.004872521416666667,
  "bids_meta": {
    "AcquisitionNumber": 7,
    "BIDSVersion": "1.1.0",
    "BidsifyVersion": "0.3",
    "ConversionSoftware": "dcm2niix",
    "ConversionSoftwareVersion": "v1.0.20180622 GCC5.4.0",
    "EchoTime": 0.028,
    "EffectiveEchoSpacing": 0.0006909,
    "FlipAngle": 76.1,
    "ImageComments": "RepliSC",
    "ImageOrientationPatientDICOM": [
      0.996535,
      -0.0446695,
      0.0701628,
      0.0541448,
      0.988734,
      -0.139546
    ],
    "InstitutionName": "Spinoza Centre for Neuroimaging, location REC",
    "MagneticFieldStrength": 3,
    "Manufacturer": "Philips",
    "ParallelAcquisitionTechnique": "SENSE",
    "ParallelReductionFactorInPlane": 2,
    "PatientPosition": "HFS",
    "PhaseEncodingDirection": "j",
    "PhilipsRescaleIntercept": 0,
    "PhilipsRescaleSlope": 0.74725,
    "PhilipsScaleSlope": 0.0228229,
    "ProtocolName": "task-RestingState_acq-SeqMm3Tr2000_bold",
    "PulseSequenceType": "Gradient Echo EPI",
    "ReconMatrixPE": 80,
    "RepetitionTime": 2,
    "SeriesDescription": "ImageMRSERIES",
    "SeriesNumber": 7,
    "SliceEncodingDirection": "k",
    "SliceTiming": [
      0.0,
      0.05555555555555555,
      0.1111111111111111,
      0.16666666666666666,
      0.2222222222222222,
      0.2777777777777778,
      0.3333333333333333,
      0.38888888888888884,
      0.4444444444444444,
      0.5,
      0.5555555555555556,
      0.611111111111111,
      0.6666666666666666,
      0.7222222222222222,
      0.7777777777777777,
      0.8333333333333333,
      0.8888888888888888,
      0.9444444444444444,
      1.0,
      1.0555555555555556,
      1.1111111111111112,
      1.1666666666666665,
      1.222222222222222,
      1.2777777777777777,
      1.3333333333333333,
      1.3888888888888888,
      1.4444444444444444,
      1.5,
      1.5555555555555554,
      1.611111111111111,
      1.6666666666666665,
      1.722222222222222,
      1.7777777777777777,
      1.8333333333333333,
      1.8888888888888888,
      1.9444444444444444
    ],
    "TaskName": "RestingState",
    "TotalReadoutTime": 0.0269452,
    "UsePhilipsFloatNotDisplayScaling": 1,
    "WaterFatShift": 12.0,
    "acq_id": "SeqMm3Tr2000",
    "dataset": "ds002643",
    "modality": "bold",
    "subject_id": "012",
    "task_id": "RestingState"
  },
  "dummy_trs": 0,
  "dvars_nstd": 22.1448934228452,
  "dvars_std": 1.2155006625104605,
  "dvars_vstd": 1.0255716511297066,
  "efc": 0.404850822482981,
  "fber": 79767.1015625,
  "fd_mean": 0.13013760192684257,
  "fd_num": 37,
  "fd_perc": 15.416666666666666,
  "fwhm_avg": 1.7126045015137485,
  "fwhm_x": 1.6722466666666669,
  "fwhm_y": 1.8629001480500023,
  "fwhm_z": 1.6026666898245767,
  "gcor": 0.0466346,
  "gsr_x": -0.017402512952685356,
  "gsr_y": 0.009648719802498817,
  "provenance": {
    "md5sum": "32a435c758278e9edc0064586fd212bf",
    "settings": {
      "fd_thres": 0.2,
      "testing": false
    },
    "software": "mriqc",
    "version": "23.0.1",
    "webapi_port": null,
    "webapi_url": "https://mriqc.nimh.nih.gov/api/v1"
  },
  "size_t": 240,
  "size_x": 80,
  "size_y": 80,
  "size_z": 36,
  "snr": 5.621229516671322,
  "spacing_tr": 2.0,
  "spacing_x": 3.0,
  "spacing_y": 2.999999761581421,
  "spacing_z": 3.299999952316284,
  "summary_bg_k": 169.11073982206193,
  "summary_bg_mad": 274.25172942209167,
  "summary_bg_mean": 1346.47705078125,
  "summary_bg_median": 224.5824432373047,
  "summary_bg_n": 160121.0,
  "summary_bg_p05": 13.839930534362793,
  "summary_bg_p95": 6167.09765625,
  "summary_bg_stdv": 3901.295654296875,
  "summary_fg_k": 2.4635886331956787,
  "summary_fg_mad": 9780.089779840691,
  "summary_fg_mean": 65737.4453125,
  "summary_fg_median": 63854.36328125,
  "summary_fg_n": 31575.0,
  "summary_fg_p05": 51301.35703125,
  "summary_fg_p95": 85757.6015625,
  "summary_fg_stdv": 11359.3212890625,
  "tsnr": 78.2930908203125
}