{
  "aor": 0.002573673469387755,
  "aqi": 0.005270369358600583,
  "bids_meta": {
    "AcquisitionNumber": 3,
    "BIDSVersion": "1.1.0",
    "BidsifyVersion": "0.3",
    "ConversionSoftware": "dcm2niix",
    "ConversionSoftwareVersion": "v1.0.20180622 GCC5.4.0",
    "EchoTime": 0.028,
    "EffectiveEchoSpacing": 0.0006909,
    "FlipAngle": 76.1,
    "ImageComments": "RepliSC",
    "ImageOrientationPatientDICOM": [
      0.996535,
      -0.0446695,
      0.0701628,
      0.0541448,
      0.988734,
      -0.139546
    ],
    "InstitutionName": "Spinoza Centre for Neuroimaging, location REC",
    "MagneticFieldStrength": 3,
    "Manufacturer": "Philips",
    "ParallelAcquisitionTechnique": "SENSE",
    "ParallelReductionFactorInPlane": 2,
    "PatientPosition": "HFS",
    "PhaseEncodingDirection": "j",
    "PhilipsRescaleIntercept": 0,
    "PhilipsRescaleSlope": 0.77265,
    "PhilipsScaleSlope": 0.0200855,
    "ProtocolName": "ses-01_task-Tasteratingtask-SeqMm3_bold",
    "PulseSequenceType": "Gradient Echo EPI",
    "ReconMatrixPE": 80,
    "RepetitionTime": 2,
    "SeriesDescription": "ImageMRSERIES",
    "SeriesNumber": 3,
    "SliceEncodingDirection": "k",
    "SliceTiming": [
      0.0,
      0.05555555555555555,
      0.1111111111111111,
      0.16666666666666666,
      0.2222222222222222,
      0.2777777777777778,
      0.3333333333333333,
      0.38888888888888884,
      0.4444444444444444,
      0.5,
      0.5555555555555556,
      0.611111111111111,
      0.6666666666666666,
      0.7222222222222222,
      0.7777777777777777,
      0.8333333333333333,
      0.8888888888888888,
      0.9444444444444444,
      1.0,
      1.0555555555555556,
      1.1111111111111112,
      1.1666666666666665,
      1.222222222222222,
      1.2777777777777777,
      1.3333333333333333,
      1.3888888888888888,
      1.4444444444444444,
      1.5,
      1.5555555555555554,
      1.611111111111111,
      1.6666666666666665,
      1.722222222222222,
      1.7777777777777777,
      1.8333333333333333,
      1.8888888888888888,
      1.9444444444444444
    ],
    "TaskName": "Tasteratingtask",
    "TotalReadoutTime": 0.0269452,
    "UsePhilipsFloatNotDisplayScaling": 1,
    "WaterFatShift": 12.0,
    "acq_id": "SeqMm3Tr2000",
    "dataset": "ds002643",
    "modality": "bold",
    "subject_id": "012",
    "task_id": "Tasteratingtask"
  },
  "dummy_trs": 0,
  "dvars_nstd": 20.984263046286554,
  "dvars_std": 1.1928842512865492,
  "dvars_vstd": 1.0336843282456138,
  "efc": 0.40316629991875985,
  "fber": 76410.203125,
  "fd_mean": 0.1282403182319338,
  "fd_num": 56,
  "fd_perc": 16.3265306122449,
  "fwhm_avg": 1.7011043997715884,
  "fwhm_x": 1.65676,
  "fwhm_y": 1.8333501457015788,
  "fwhm_z": 1.6132030536131867,
  "gcor": 0.0830923,
  "gsr_x": -0.017116613686084747,
  "gsr_y": 0.010542155243456364,
  "provenance": {
    "md5sum": "167bfd5827518270364716394a410ee9",
    "settings": {
      "fd_thres": 0.2,
      "testing": false
    },
    "software": "mriqc",
    "version": "23.0.1",
    "webapi_port": null,
    "webapi_url": "https://mriqc.nimh.nih.gov/api/v1"
  },
  "size_t": 343,
  "size_x": 80,
  "size_y": 80,
  "size_z": 36,
  "snr": 5.548186685743754,
  "spacing_tr": 2.0,
  "spacing_x": 3.0,
  "spacing_y": 2.999999761581421,
  "spacing_z": 3.299999952316284,
  "summary_bg_k": 168.84168902588658,
  "summary_bg_mad": 292.11520733864364,
  "summary_bg_mean": 1375.2269287109375,
  "summary_bg_median": 240.5001678466797,
  "summary_bg_n": 160243.0,
  "summary_bg_p05": 17.60768394470215,
  "summary_bg_p95": 6282.499267578124,
  "summary_bg_stdv": 3966.831298828125,
  "summary_fg_k": 2.547763067817523,
  "summary_fg_mad": 10411.261343050122,
  "summary_fg_mean": 68959.0078125,
  "summary_fg_median": 66946.671875,
  "summary_fg_n": 31438.0,
  "summary_fg_p05": 53689.80390625,
  "summary_fg_p95": 89975.68242187498,
  "summary_fg_stdv": 12066.2138671875,
  "tsnr": 73.02200317382812
}