{
  "aor": 0.001077871720116618,
  "aqi": 0.005895802594752187,
  "bids_meta": {
    "AcquisitionNumber": 3,
    "BIDSVersion": "1.1.0",
    "BidsifyVersion": "0.3",
    "ConversionSoftware": "dcm2niix",
    "ConversionSoftwareVersion": "v1.0.20180622 GCC5.4.0",
    "EchoTime": 0.028,
    "EffectiveEchoSpacing": 0.0006909,
    "FlipAngle": 76.1,
    "ImageComments": "RepliSC",
    "ImageOrientationPatientDICOM": [
      0.999307,
      0.0270252,
      0.0256025,
      -0.0244225,
      0.994983,
      -0.0970214
    ],
    "InstitutionName": "Spinoza Centre for Neuroimaging, location REC",
    "MagneticFieldStrength": 3,
    "Manufacturer": "Philips",
    "ParallelAcquisitionTechnique": "SENSE",
    "ParallelReductionFactorInPlane": 2,
    "PatientPosition": "HFS",
    "PhaseEncodingDirection": "j",
    "PhilipsRescaleIntercept": 0,
    "PhilipsRescaleSlope": 0.80586,
    "PhilipsScaleSlope": 0.0172643,
    "ProtocolName": "ses-01_task-Tasteratingtask-SeqMm3_bold",
    "PulseSequenceType": "Gradient Echo EPI",
    "ReconMatrixPE": 80,
    "RepetitionTime": 2,
    "SeriesDescription": "ImageMRSERIES",
    "SeriesNumber": 3,
    "SliceEncodingDirection": "k",
    "SliceTiming": [
      0.0,
      0.05555555555555555,
      0.1111111111111111,
      0.16666666666666666,
      0.2222222222222222,
      0.2777777777777778,
      0.3333333333333333,
      0.38888888888888884,
      0.4444444444444444,
      0.5,
      0.5555555555555556,
      0.611111111111111,
      0.6666666666666666,
      0.7222222222222222,
      0.7777777777777777,
      0.8333333333333333,
      0.8888888888888888,
      0.9444444444444444,
      1.0,
      1.0555555555555556,
      1.1111111111111112,
      1.1666666666666665,
      1.222222222222222,
      1.2777777777777777,
      1.3333333333333333,
      1.3888888888888888,
      1.4444444444444444,
      1.5,
      1.5555555555555554,
      1.611111111111111,
      1.6666666666666665,
      1.722222222222222,
      1.7777777777777777,
      1.8333333333333333,
      1.8888888888888888,
      1.9444444444444444
    ],
    "TaskName": "Tasteratingtask",
    "TotalReadoutTime": 0.0269452,
    "UsePhilipsFloatNotDisplayScaling": 1,
    "WaterFatShift": 12.0,
    "acq_id": "SeqMm3Tr2000",
    "dataset": "ds002643",
    "modality": "bold",
    "subject_id": "007",
    "task_id": "Tasteratingtask"
  },
  "dummy_trs": 0,
  "dvars_nstd": 22.288308924356723,
  "dvars_std": 1.2211742068421052,
  "dvars_vstd": 0.9877098196783622,
  "efc": 0.44677757330152507,
  "fber": 81201.921875,
  "fd_mean": 0.10079229776089235,
  "fd_num": 16,
  "fd_perc": 4.664723032069971,
  "fwhm_avg": 1.8516259677705278,
  "fwhm_x": 1.7917699999999999,
  "fwhm_y": 2.0659199999999998,
  "fwhm_z": 1.6971879033115835,
  "gcor": 0.0897109,
  "gsr_x": -0.00935139786452055,
  "gsr_y": 0.01107720285654068,
  "provenance": {
    "md5sum": "4b06b7ffa61f87cfbb42dbee45a9d75e",
    "settings": {
      "fd_thres": 0.2,
      "testing": false
    },
    "software": "mriqc",
    "version": "23.0.1",
    "webapi_port": null,
    "webapi_url": "https://mriqc.nimh.nih.gov/api/v1"
  },
  "size_t": 343,
  "size_x": 80,
  "size_y": 80,
  "size_z": 36,
  "snr": 5.309094889136398,
  "spacing_tr": 2.0,
  "spacing_x": 3.0,
  "spacing_y": 3.0,
  "spacing_z": 3.299999952316284,
  "summary_bg_k": 55.27127641186586,
  "summary_bg_mad": 306.286714803008,
  "summary_bg_mean": 1695.22705078125,
  "summary_bg_median": 261.0487365722656,
  "summary_bg_n": 150091.0,
  "summary_bg_p05": 20.08083438873291,
  "summary_bg_p95": 8161.823974609375,
  "summary_bg_stdv": 4577.30517578125,
  "summary_fg_k": 2.87405436606074,
  "summary_fg_mad": 12985.591604548124,
  "summary_fg_mean": 78314.3515625,
  "summary_fg_median": 76174.3125,
  "summary_fg_n": 38880.0,
  "summary_fg_p05": 60743.1845703125,
  "summary_fg_p95": 101409.63359375,
  "summary_fg_stdv": 14347.7060546875,
  "tsnr": 70.12149047851562
}