{
  "aor": 0.0015134166666666666,
  "aqi": 0.006345085124999999,
  "bids_meta": {
    "AcquisitionNumber": 7,
    "BIDSVersion": "1.1.0",
    "BidsifyVersion": "0.3",
    "ConversionSoftware": "dcm2niix",
    "ConversionSoftwareVersion": "v1.0.20180622 GCC5.4.0",
    "EchoTime": 0.028,
    "EffectiveEchoSpacing": 0.0006909,
    "FlipAngle": 76.1,
    "ImageComments": "RepliSC",
    "ImageOrientationPatientDICOM": [
      0.999307,
      0.0270252,
      0.0256025,
      -0.0244225,
      0.994983,
      -0.0970214
    ],
    "InstitutionName": "Spinoza Centre for Neuroimaging, location REC",
    "MagneticFieldStrength": 3,
    "Manufacturer": "Philips",
    "ParallelAcquisitionTechnique": "SENSE",
    "ParallelReductionFactorInPlane": 2,
    "PatientPosition": "HFS",
    "PhaseEncodingDirection": "j",
    "PhilipsRescaleIntercept": 0,
    "PhilipsRescaleSlope": 0.76093,
    "PhilipsScaleSlope": 0.0187883,
    "ProtocolName": "task-RestingState_acq-SeqMm3Tr2000_bold",
    "PulseSequenceType": "Gradient Echo EPI",
    "ReconMatrixPE": 80,
    "RepetitionTime": 2,
    "SeriesDescription": "ImageMRSERIES",
    "SeriesNumber": 7,
    "SliceEncodingDirection": "k",
    "SliceTiming": [
      0.0,
      0.05555555555555555,
      0.1111111111111111,
      0.16666666666666666,
      0.2222222222222222,
      0.2777777777777778,
      0.3333333333333333,
      0.38888888888888884,
      0.4444444444444444,
      0.5,
      0.5555555555555556,
      0.611111111111111,
      0.6666666666666666,
      0.7222222222222222,
      0.7777777777777777,
      0.8333333333333333,
      0.8888888888888888,
      0.9444444444444444,
      1.0,
      1.0555555555555556,
      1.1111111111111112,
      1.1666666666666665,
      1.222222222222222,
      1.2777777777777777,
      1.3333333333333333,
      1.3888888888888888,
      1.4444444444444444,
      1.5,
      1.5555555555555554,
      1.611111111111111,
      1.6666666666666665,
      1.722222222222222,
      1.7777777777777777,
      1.8333333333333333,
      1.8888888888888888,
      1.9444444444444444
    ],
    "TaskName": "RestingState",
    "TotalReadoutTime": 0.0269452,
    "UsePhilipsFloatNotDisplayScaling": 1,
    "WaterFatShift": 12.0,
    "acq_id": "SeqMm3Tr2000",
    "dataset": "ds002643",
    "modality": "bold",
    "subject_id": "007",
    "task_id": "RestingState"
  },
  "dummy_trs": 0,
  "dvars_nstd": 22.0034445158159,
  "dvars_std": 1.1870598359832636,
  "dvars_vstd": 0.9932580973221764,
  "efc": 0.44857504546400256,
  "fber": 108327.8125,
  "fd_mean": 0.1268375042657702,
  "fd_num": 28,
  "fd_perc": 11.666666666666666,
  "fwhm_avg": 1.878168695122013,
  "fwhm_x": 1.8126433333333332,
  "fwhm_y": 2.1083233333333333,
  "fwhm_z": 1.7135394186993718,
  "gcor": 0.115342,
  "gsr_x": -0.008519233204424381,
  "gsr_y": 0.010226059705018997,
  "provenance": {
    "md5sum": "9122d2bd87f09e27914e7bbc3045c5f6",
    "settings": {
      "fd_thres": 0.2,
      "testing": false
    },
    "software": "mriqc",
    "version": "23.0.1",
    "webapi_port": null,
    "webapi_url": "https://mriqc.nimh.nih.gov/api/v1"
  },
  "size_t": 240,
  "size_x": 80,
  "size_y": 80,
  "size_z": 36,
  "snr": 5.371510708361269,
  "spacing_tr": 2.0,
  "spacing_x": 3.0,
  "spacing_y": 3.0,
  "spacing_z": 3.299999952316284,
  "summary_bg_k": 38.48792961684634,
  "summary_bg_mad": 272.94540339509297,
  "summary_bg_mean": 1730.846435546875,
  "summary_bg_median": 220.40078735351562,
  "summary_bg_n": 149937.0,
  "summary_bg_p05": 12.197152709960937,
  "summary_bg_p95": 8581.591796874989,
  "summary_bg_stdv": 4609.84619140625,
  "summary_fg_k": 2.2962304831978964,
  "summary_fg_mad": 12756.402150660855,
  "summary_fg_mean": 77198.4296875,
  "summary_fg_median": 75095.328125,
  "summary_fg_n": 38982.0,
  "summary_fg_p05": 59729.20546875,
  "summary_fg_p95": 100136.01601562498,
  "summary_fg_stdv": 13980.1201171875,
  "tsnr": 69.88827514648438
}