{
  "bids_meta": {
    "AcquisitionNumber": 2,
    "BIDSVersion": "1.1.0",
    "BidsifyVersion": "0.3",
    "ConversionSoftware": "dcm2niix",
    "ConversionSoftwareVersion": "v1.0.20180622 GCC5.4.0",
    "EchoTime": 0.00379,
    "ImageComments": "RepliSC",
    "ImageOrientationPatientDICOM": [
      0.99947,
      0.010245,
      -0.0308884,
      -0.0148285,
      0.988265,
      -0.152027
    ],
    "InstitutionName": "Spinoza Centre for Neuroimaging, location REC",
    "InversionTime": 0.9,
    "MagneticFieldStrength": 3,
    "Manufacturer": "Philips",
    "ParallelAcquisitionTechnique": "SENSE",
    "PatientPosition": "HFS",
    "PhilipsRescaleIntercept": 0,
    "PhilipsRescaleSlope": 4.47106,
    "PhilipsScaleSlope": 0.00535314,
    "ProtocolName": "acq-AxialNsig1Mm1_T1w",
    "ReconMatrixPE": 240,
    "RepetitionTime": 0.008272,
    "SeriesDescription": "ImageMRSERIES",
    "SeriesNumber": 2,
    "UsePhilipsFloatNotDisplayScaling": 1,
    "acq_id": "AxialNsig1Mm1",
    "dataset": "ds002643",
    "modality": "T1w",
    "subject_id": "058"
  },
  "cjv": 0.2818702981043273,
  "cnr": 4.567544977350481,
  "efc": 0.7077755249177334,
  "fber": -1.0,
  "fwhm_avg": 4.324660086687213,
  "fwhm_x": 4.363110260061637,
  "fwhm_y": 4.43643,
  "fwhm_z": 4.17444,
  "icvs_csf": 0.23534951231971482,
  "icvs_gm": 0.4232114237394232,
  "icvs_wm": 0.34143906394086193,
  "inu_med": 0.5820745825767517,
  "inu_range": 0.20207033455371853,
  "provenance": {
    "md5sum": "669622d9676fb9bd96585f75b3fe7ff8",
    "settings": {
      "testing": false
    },
    "software": "mriqc",
    "version": "23.0.1",
    "warnings": {
      "large_rot_frame": true,
      "small_air_mask": false
    },
    "webapi_port": null,
    "webapi_url": "https://mriqc.nimh.nih.gov/api/v1"
  },
  "qi_1": 0.0,
  "qi_2": 6.504554435062539e-05,
  "rpve_csf": 23.646495401801666,
  "rpve_gm": 13.591812262798163,
  "rpve_wm": 20.261816170393406,
  "size_x": 240,
  "size_y": 240,
  "size_z": 220,
  "snr_csf": 1.6171854622239183,
  "snr_gm": 8.7319218097493,
  "snr_total": 11.839681989160598,
  "snr_wm": 25.169938695508577,
  "snrd_csf": 11.343552854639038,
  "snrd_gm": 43.78330163655147,
  "snrd_total": 41.76110442236107,
  "snrd_wm": 70.1564587758927,
  "spacing_x": 0.9999999403953552,
  "spacing_y": 1.0,
  "spacing_z": 1.0,
  "summary_bg_k": 2282.947613300805,
  "summary_bg_mad": 0.0,
  "summary_bg_mean": 3.553907381017975,
  "summary_bg_median": 0.0,
  "summary_bg_n": 376840.0,
  "summary_bg_p05": 0.0,
  "summary_bg_p95": 18.193462822586298,
  "summary_bg_stdv": 9.338219406708392,
  "summary_csf_k": 0.9036832065967846,
  "summary_csf_mad": 95.56837512683295,
  "summary_csf_mean": 178.47451466590832,
  "summary_csf_median": 161.68936027400196,
  "summary_csf_n": 35516.0,
  "summary_csf_p05": 48.57915496826172,
  "summary_csf_p95": 368.30495077744126,
  "summary_csf_stdv": 99.98054505550019,
  "summary_gm_k": 0.285548585517462,
  "summary_gm_mad": 68.85846494879077,
  "summary_gm_mean": 624.4344369854812,
  "summary_gm_median": 624.0808433666825,
  "summary_gm_n": 37693.0,
  "summary_gm_p05": 506.4993632994592,
  "summary_gm_p95": 742.0418480820954,
  "summary_gm_stdv": 71.47024199685467,
  "summary_wm_k": 0.7417032822259637,
  "summary_wm_mad": 37.101981879966424,
  "summary_wm_mean": 999.6094589116742,
  "summary_wm_median": 1000.0000073984265,
  "summary_wm_n": 211192.0,
  "summary_wm_p05": 934.5794461667538,
  "summary_wm_p95": 1063.8075888752937,
  "summary_wm_stdv": 39.729840107243845,
  "tpm_overlap_csf": 0.16064933857173117,
  "tpm_overlap_gm": 0.48361454696423994,
  "tpm_overlap_wm": 0.5352162302673557,
  "wm2max": 0.7232210251835587
}