{
  "bids_meta": {
    "AcquisitionNumber": 2,
    "BIDSVersion": "1.1.0",
    "BidsifyVersion": "0.3",
    "ConversionSoftware": "dcm2niix",
    "ConversionSoftwareVersion": "v1.0.20180622 GCC5.4.0",
    "EchoTime": 0.00386,
    "ImageComments": "RepliSC",
    "ImageOrientationPatientDICOM": [
      0.997367,
      -0.0363194,
      0.0627715,
      0.0496519,
      0.972857,
      -0.226019
    ],
    "InstitutionName": "Spinoza Centre for Neuroimaging, location REC",
    "InversionTime": 0.9,
    "MagneticFieldStrength": 3,
    "Manufacturer": "Philips",
    "ParallelAcquisitionTechnique": "SENSE",
    "PatientPosition": "HFS",
    "PhilipsRescaleIntercept": 0,
    "PhilipsRescaleSlope": 4.19853,
    "PhilipsScaleSlope": 0.00531911,
    "ProtocolName": "acq-AxialNsig1Mm1_T1w",
    "ReconMatrixPE": 240,
    "RepetitionTime": 0.008386,
    "SeriesDescription": "ImageMRSERIES",
    "SeriesNumber": 2,
    "UsePhilipsFloatNotDisplayScaling": 1,
    "acq_id": "AxialNsig1Mm1",
    "dataset": "ds002643",
    "modality": "T1w",
    "subject_id": "003"
  },
  "cjv": 0.2602052470585612,
  "cnr": 4.951365173178603,
  "efc": 0.7065761045554043,
  "fber": -1.0,
  "fwhm_avg": 4.35801,
  "fwhm_x": 4.23263,
  "fwhm_y": 4.59909,
  "fwhm_z": 4.24231,
  "icvs_csf": 0.26136147777152635,
  "icvs_gm": 0.4385965729446126,
  "icvs_wm": 0.3000419492838611,
  "inu_med": 0.6413601040840149,
  "inu_range": 0.21547402739524846,
  "provenance": {
    "md5sum": "2f3209b5bc6e2d6ce9347afeb82b74d1",
    "settings": {
      "testing": false
    },
    "software": "mriqc",
    "version": "23.0.1",
    "warnings": {
      "large_rot_frame": true,
      "small_air_mask": true
    },
    "webapi_port": null,
    "webapi_url": "https://mriqc.nimh.nih.gov/api/v1"
  },
  "qi_1": 0.0,
  "qi_2": 0.0001429329272956281,
  "rpve_csf": 24.696559719410573,
  "rpve_gm": 14.738777762872065,
  "rpve_wm": 24.458847680731424,
  "size_x": 240,
  "size_y": 240,
  "size_z": 220,
  "snr_csf": 1.6076565177142617,
  "snr_gm": 8.509050897576225,
  "snr_total": 11.402453445339424,
  "snr_wm": 24.09065292072778,
  "snrd_csf": 16.514921166136773,
  "snrd_gm": 71.43734376054236,
  "snrd_total": 69.27299511768683,
  "snrd_wm": 119.86672042638135,
  "spacing_x": 1.0,
  "spacing_y": 1.0,
  "spacing_z": 1.0,
  "summary_bg_k": 1480.8705557603173,
  "summary_bg_mad": 0.0,
  "summary_bg_mean": 1.5198883483324133,
  "summary_bg_median": 0.0,
  "summary_bg_n": 175220.0,
  "summary_bg_p05": 0.0,
  "summary_bg_p95": 10.875337924808264,
  "summary_bg_stdv": 5.4655404922827895,
  "summary_csf_k": 1.3276832437235866,
  "summary_csf_mad": 82.57028858593853,
  "summary_csf_mean": 147.97986435333075,
  "summary_csf_median": 137.77737027034163,
  "summary_csf_n": 62799.0,
  "summary_csf_p05": 31.25909231975675,
  "summary_csf_p95": 308.1830633040517,
  "summary_csf_stdv": 85.70006825264508,
  "summary_gm_k": 0.30783616954603055,
  "summary_gm_mad": 67.81581330379113,
  "summary_gm_mean": 598.2342055879459,
  "summary_gm_median": 595.9731362573802,
  "summary_gm_n": 45295.0,
  "summary_gm_p05": 486.73486933112144,
  "summary_gm_p95": 714.3319095112383,
  "summary_gm_stdv": 70.03913416415867,
  "summary_wm_k": 1.031629649229738,
  "summary_wm_mad": 37.31410222167205,
  "summary_wm_mean": 997.5715609903637,
  "summary_wm_median": 1000.0000216253102,
  "summary_wm_n": 156407.0,
  "summary_wm_p05": 924.680802281946,
  "summary_wm_p95": 1060.6109813973308,
  "summary_wm_stdv": 41.50974355584439,
  "tpm_overlap_csf": 0.16058622589577604,
  "tpm_overlap_gm": 0.4704608226300095,
  "tpm_overlap_wm": 0.48304874116287366,
  "wm2max": 0.7374380566888628
}