{
  "bids_meta": {
    "AcquisitionNumber": 2,
    "BIDSVersion": "1.1.0",
    "BidsifyVersion": "0.3",
    "ConversionSoftware": "dcm2niix",
    "ConversionSoftwareVersion": "v1.0.20180622 GCC5.4.0",
    "EchoTime": 0.00388,
    "ImageComments": "RepliSC",
    "ImageOrientationPatientDICOM": [
      0.998698,
      -0.0453592,
      -0.0233314,
      0.0378424,
      0.965575,
      -0.257357
    ],
    "InstitutionName": "Spinoza Centre for Neuroimaging, location REC",
    "InversionTime": 0.9,
    "MagneticFieldStrength": 3,
    "Manufacturer": "Philips",
    "ParallelAcquisitionTechnique": "SENSE",
    "PatientPosition": "HFS",
    "PhilipsRescaleIntercept": 0,
    "PhilipsRescaleSlope": 4.3409,
    "PhilipsScaleSlope": 0.00510125,
    "ProtocolName": "acq-AxialNsig1Mm1_T1w",
    "ReconMatrixPE": 240,
    "RepetitionTime": 0.008394,
    "SeriesDescription": "ImageMRSERIES",
    "SeriesNumber": 2,
    "UsePhilipsFloatNotDisplayScaling": 1,
    "acq_id": "AxialNsig1Mm1",
    "dataset": "ds002643",
    "modality": "T1w",
    "subject_id": "087"
  },
  "cjv": 0.270385334002237,
  "cnr": 4.762761079751597,
  "efc": 0.7037577636770171,
  "fber": -1.0,
  "fwhm_avg": 4.133986666666667,
  "fwhm_x": 4.10409,
  "fwhm_y": 4.31875,
  "fwhm_z": 3.97912,
  "icvs_csf": 0.2067737052798745,
  "icvs_gm": 0.4518372889507933,
  "icvs_wm": 0.34138900576933223,
  "inu_med": 0.579674482345581,
  "inu_range": 0.23162258863449092,
  "provenance": {
    "md5sum": "9435744cea1df4c43d764fcb53a3f454",
    "settings": {
      "testing": false
    },
    "software": "mriqc",
    "version": "23.0.1",
    "warnings": {
      "large_rot_frame": true,
      "small_air_mask": false
    },
    "webapi_port": null,
    "webapi_url": "https://mriqc.nimh.nih.gov/api/v1"
  },
  "qi_1": 0.01681393049958178,
  "qi_2": 2.9932347843362787e-05,
  "rpve_csf": 24.143628592732668,
  "rpve_gm": 12.203119303537342,
  "rpve_wm": 19.139585920129363,
  "size_x": 240,
  "size_y": 240,
  "size_z": 220,
  "snr_csf": 1.6156108423733024,
  "snr_gm": 9.026438285947306,
  "snr_total": 12.001557567118686,
  "snr_wm": 25.362623573035446,
  "snrd_csf": 12.303729545880158,
  "snrd_gm": 45.79317091336461,
  "snrd_total": 43.973714827178725,
  "snrd_wm": 73.82424402229141,
  "spacing_x": 1.0,
  "spacing_y": 1.0,
  "spacing_z": 1.0,
  "summary_bg_k": 2327.5441398366734,
  "summary_bg_mad": 0.0,
  "summary_bg_mean": 2.7485422370720807,
  "summary_bg_median": 0.0,
  "summary_bg_n": 335101.0,
  "summary_bg_p05": 0.0,
  "summary_bg_p95": 16.537285342812538,
  "summary_bg_stdv": 8.874272024988679,
  "summary_csf_k": 4.505704246545512,
  "summary_csf_mad": 86.82597570461671,
  "summary_csf_mean": 190.18520555700633,
  "summary_csf_median": 166.66245824843645,
  "summary_csf_n": 27069.0,
  "summary_csf_p05": 59.22067625820637,
  "summary_csf_p95": 387.4782044023275,
  "summary_csf_stdv": 103.15564576218004,
  "summary_gm_k": 0.2058540694619424,
  "summary_gm_mad": 67.27513532035175,
  "summary_gm_mean": 620.2881762133244,
  "summary_gm_median": 620.2999185696244,
  "summary_gm_n": 48028.0,
  "summary_gm_p05": 507.2192762866616,
  "summary_gm_p95": 732.4702515676618,
  "summary_gm_stdv": 68.71962574775554,
  "summary_wm_k": 1.0946808026572885,
  "summary_wm_mad": 35.390207713798866,
  "summary_wm_mean": 998.504275203301,
  "summary_wm_median": 1000.0000358596444,
  "summary_wm_n": 203828.0,
  "summary_wm_p05": 931.5751212760806,
  "summary_wm_p95": 1060.0298759266734,
  "summary_wm_stdv": 39.42800238817002,
  "tpm_overlap_csf": 0.16213560091257262,
  "tpm_overlap_gm": 0.47318748497004703,
  "tpm_overlap_wm": 0.49506198910954125,
  "wm2max": 0.6867467727681367
}