{
  "bids_meta": {
    "AcquisitionNumber": 2,
    "BIDSVersion": "1.1.0",
    "BidsifyVersion": "0.3",
    "ConversionSoftware": "dcm2niix",
    "ConversionSoftwareVersion": "v1.0.20180622 GCC5.4.0",
    "EchoTime": 0.00382,
    "ImageComments": "RepliSC",
    "ImageOrientationPatientDICOM": [
      0.998988,
      -0.0164261,
      0.0418681,
      0.0237169,
      0.983364,
      -0.180091
    ],
    "InstitutionName": "Spinoza Centre for Neuroimaging, location REC",
    "InversionTime": 0.9,
    "MagneticFieldStrength": 3,
    "Manufacturer": "Philips",
    "ParallelAcquisitionTechnique": "SENSE",
    "PatientPosition": "HFS",
    "PhilipsRescaleIntercept": 0,
    "PhilipsRescaleSlope": 3.93748,
    "PhilipsScaleSlope": 0.00468528,
    "ProtocolName": "acq-AxialNsig1Mm1_T1w",
    "ReconMatrixPE": 240,
    "RepetitionTime": 0.008315,
    "SeriesDescription": "ImageMRSERIES",
    "SeriesNumber": 2,
    "UsePhilipsFloatNotDisplayScaling": 1,
    "acq_id": "AxialNsig1Mm1",
    "dataset": "ds002643",
    "modality": "T1w",
    "subject_id": "039"
  },
  "cjv": 0.2890167986941828,
  "cnr": 4.353791592404305,
  "efc": 0.6973933117886112,
  "fber": -1.0,
  "fwhm_avg": 4.08501,
  "fwhm_x": 4.03597,
  "fwhm_y": 4.22924,
  "fwhm_z": 3.98982,
  "icvs_csf": 0.22309390981713315,
  "icvs_gm": 0.42799958821425654,
  "icvs_wm": 0.3489065019686103,
  "inu_med": 0.5301412343978882,
  "inu_range": 0.1636910259723663,
  "provenance": {
    "md5sum": "4442231420fe9bdf85ed6fe65001281b",
    "settings": {
      "testing": false
    },
    "software": "mriqc",
    "version": "23.0.1",
    "warnings": {
      "large_rot_frame": true,
      "small_air_mask": false
    },
    "webapi_port": null,
    "webapi_url": "https://mriqc.nimh.nih.gov/api/v1"
  },
  "qi_1": 0.0,
  "qi_2": 9.062336170421316e-05,
  "rpve_csf": 22.836342977648098,
  "rpve_gm": 12.443697691733437,
  "rpve_wm": 18.672842635831294,
  "size_x": 240,
  "size_y": 240,
  "size_z": 220,
  "snr_csf": 1.5227668800275675,
  "snr_gm": 7.944743413590393,
  "snr_total": 12.160158323564113,
  "snr_wm": 27.01296467707438,
  "snrd_csf": 20.869403525434453,
  "snrd_gm": 81.25292839187499,
  "snrd_total": 77.56943238046279,
  "snrd_wm": 130.5859652240789,
  "spacing_x": 1.0,
  "spacing_y": 1.0,
  "spacing_z": 1.0,
  "summary_bg_k": 27.95380242741406,
  "summary_bg_mad": 0.0,
  "summary_bg_mean": 2.2079553668468157,
  "summary_bg_median": 0.0,
  "summary_bg_n": 561521.0,
  "summary_bg_p05": 0.0,
  "summary_bg_p95": 12.911403002217412,
  "summary_bg_stdv": 5.016897372143147,
  "summary_csf_k": 0.7488076264253745,
  "summary_csf_mad": 104.05734602262223,
  "summary_csf_mean": 175.12734707413358,
  "summary_csf_median": 159.8135223519057,
  "summary_csf_n": 31115.0,
  "summary_csf_p05": 33.82959452178329,
  "summary_csf_p95": 369.32413050252944,
  "summary_csf_stdv": 104.94774762751787,
  "summary_gm_k": 0.24619543431712554,
  "summary_gm_mad": 76.15583542702471,
  "summary_gm_mean": 623.4957016726283,
  "summary_gm_median": 622.2179120685905,
  "summary_gm_n": 40353.0,
  "summary_gm_p05": 496.0857501607388,
  "summary_gm_p95": 753.2955065406859,
  "summary_gm_stdv": 78.31721805773381,
  "summary_wm_k": 1.1950125282560435,
  "summary_wm_mad": 33.0295279539208,
  "summary_wm_mean": 999.2810997761429,
  "summary_wm_median": 999.9999782815576,
  "summary_wm_n": 215195.0,
  "summary_wm_p05": 937.6127664372325,
  "summary_wm_p95": 1057.8327517956495,
  "summary_wm_stdv": 37.01917456152223,
  "tpm_overlap_csf": 0.16606392593154737,
  "tpm_overlap_gm": 0.4762982956844557,
  "tpm_overlap_wm": 0.5278956621031209,
  "wm2max": 0.8326416714367487
}