{
  "aor": 0.00118600583090379,
  "aqi": 0.006684798979591836,
  "bids_meta": {
    "AcquisitionNumber": 4,
    "BIDSVersion": "1.1.0",
    "BidsifyVersion": "0.3",
    "ConversionSoftware": "dcm2niix",
    "ConversionSoftwareVersion": "v1.0.20180622 GCC5.4.0",
    "EchoTime": 0.028,
    "EffectiveEchoSpacing": 0.0006909,
    "FlipAngle": 76.1,
    "ImageComments": "RepliSC",
    "ImageOrientationPatientDICOM": [
      0.997372,
      -0.00338454,
      -0.0723659,
      -0.0175833,
      0.957729,
      -0.287132
    ],
    "InstitutionName": "Spinoza Centre for Neuroimaging, location REC",
    "MagneticFieldStrength": 3,
    "Manufacturer": "Philips",
    "ParallelAcquisitionTechnique": "SENSE",
    "ParallelReductionFactorInPlane": 2,
    "PatientPosition": "HFS",
    "PhaseEncodingDirection": "j",
    "PhilipsRescaleIntercept": 0,
    "PhilipsRescaleSlope": 0.77411,
    "PhilipsScaleSlope": 0.0244921,
    "ProtocolName": "ses-01_task-Tasteratingtask-SeqMm3_bold",
    "PulseSequenceType": "Gradient Echo EPI",
    "ReconMatrixPE": 80,
    "RepetitionTime": 2,
    "SeriesDescription": "ImageMRSERIES",
    "SeriesNumber": 4,
    "SliceEncodingDirection": "k",
    "SliceTiming": [
      0.0,
      0.05555555555555555,
      0.1111111111111111,
      0.16666666666666666,
      0.2222222222222222,
      0.2777777777777778,
      0.3333333333333333,
      0.38888888888888884,
      0.4444444444444444,
      0.5,
      0.5555555555555556,
      0.611111111111111,
      0.6666666666666666,
      0.7222222222222222,
      0.7777777777777777,
      0.8333333333333333,
      0.8888888888888888,
      0.9444444444444444,
      1.0,
      1.0555555555555556,
      1.1111111111111112,
      1.1666666666666665,
      1.222222222222222,
      1.2777777777777777,
      1.3333333333333333,
      1.3888888888888888,
      1.4444444444444444,
      1.5,
      1.5555555555555554,
      1.611111111111111,
      1.6666666666666665,
      1.722222222222222,
      1.7777777777777777,
      1.8333333333333333,
      1.8888888888888888,
      1.9444444444444444
    ],
    "TaskName": "Tasteratingtask",
    "TotalReadoutTime": 0.0269452,
    "UsePhilipsFloatNotDisplayScaling": 1,
    "WaterFatShift": 12.0,
    "acq_id": "SeqMm3Tr2000",
    "dataset": "ds002643",
    "modality": "bold",
    "subject_id": "005",
    "task_id": "Tasteratingtask"
  },
  "dummy_trs": 0,
  "dvars_nstd": 22.350568090847947,
  "dvars_std": 1.1489422760233918,
  "dvars_vstd": 1.008620065233918,
  "efc": 0.46652377467575795,
  "fber": 82960.90625,
  "fd_mean": 0.14924697075328255,
  "fd_num": 71,
  "fd_perc": 20.699708454810494,
  "fwhm_avg": 1.7995260687425638,
  "fwhm_x": 1.7527733333333335,
  "fwhm_y": 1.95652,
  "fwhm_z": 1.6892848728943575,
  "gcor": 0.0222188,
  "gsr_x": -0.010042295791208744,
  "gsr_y": 0.013121710158884525,
  "provenance": {
    "md5sum": "5943936589d50d6af1fd985c59fc54de",
    "settings": {
      "fd_thres": 0.2,
      "testing": false
    },
    "software": "mriqc",
    "version": "23.0.1",
    "webapi_port": null,
    "webapi_url": "https://mriqc.nimh.nih.gov/api/v1"
  },
  "size_t": 343,
  "size_x": 80,
  "size_y": 80,
  "size_z": 36,
  "snr": 5.8076507186287465,
  "spacing_tr": 2.0,
  "spacing_x": 3.0,
  "spacing_y": 3.0,
  "spacing_z": 3.299999952316284,
  "summary_bg_k": 80.54447924703031,
  "summary_bg_mad": 237.12991922441017,
  "summary_bg_mean": 1596.6370849609375,
  "summary_bg_median": 199.43646240234375,
  "summary_bg_n": 147607.0,
  "summary_bg_p05": 9.478687572479249,
  "summary_bg_p95": 8173.531933593737,
  "summary_bg_stdv": 4630.00341796875,
  "summary_fg_k": 2.6130203976321686,
  "summary_fg_mad": 9185.61841295419,
  "summary_fg_mean": 59286.21484375,
  "summary_fg_median": 58254.953125,
  "summary_fg_n": 41607.0,
  "summary_fg_p05": 46127.898828125,
  "summary_fg_p95": 75947.671875,
  "summary_fg_stdv": 10030.60546875,
  "tsnr": 67.41812133789062
}