{
  "aor": 0.0024134985422740525,
  "aqi": 0.006572573032069971,
  "bids_meta": {
    "AcquisitionNumber": 3,
    "BIDSVersion": "1.1.0",
    "BidsifyVersion": "0.3",
    "ConversionSoftware": "dcm2niix",
    "ConversionSoftwareVersion": "v1.0.20180622 GCC5.4.0",
    "EchoTime": 0.028,
    "EffectiveEchoSpacing": 0.0006909,
    "FlipAngle": 76.1,
    "ImageComments": "RepliSC",
    "ImageOrientationPatientDICOM": [
      0.997372,
      -0.00338454,
      -0.0723659,
      -0.0175833,
      0.957729,
      -0.287132
    ],
    "InstitutionName": "Spinoza Centre for Neuroimaging, location REC",
    "MagneticFieldStrength": 3,
    "Manufacturer": "Philips",
    "ParallelAcquisitionTechnique": "SENSE",
    "ParallelReductionFactorInPlane": 2,
    "PatientPosition": "HFS",
    "PhaseEncodingDirection": "j",
    "PhilipsRescaleIntercept": 0,
    "PhilipsRescaleSlope": 0.77265,
    "PhilipsScaleSlope": 0.0238142,
    "ProtocolName": "ses-01_task-Healthratingtask-SeqMm3_bold",
    "PulseSequenceType": "Gradient Echo EPI",
    "ReconMatrixPE": 80,
    "RepetitionTime": 2,
    "SeriesDescription": "ImageMRSERIES",
    "SeriesNumber": 3,
    "SliceEncodingDirection": "k",
    "SliceTiming": [
      0.0,
      0.05555555555555555,
      0.1111111111111111,
      0.16666666666666666,
      0.2222222222222222,
      0.2777777777777778,
      0.3333333333333333,
      0.38888888888888884,
      0.4444444444444444,
      0.5,
      0.5555555555555556,
      0.611111111111111,
      0.6666666666666666,
      0.7222222222222222,
      0.7777777777777777,
      0.8333333333333333,
      0.8888888888888888,
      0.9444444444444444,
      1.0,
      1.0555555555555556,
      1.1111111111111112,
      1.1666666666666665,
      1.222222222222222,
      1.2777777777777777,
      1.3333333333333333,
      1.3888888888888888,
      1.4444444444444444,
      1.5,
      1.5555555555555554,
      1.611111111111111,
      1.6666666666666665,
      1.722222222222222,
      1.7777777777777777,
      1.8333333333333333,
      1.8888888888888888,
      1.9444444444444444
    ],
    "TaskName": "Healthratingtask",
    "TotalReadoutTime": 0.0269452,
    "UsePhilipsFloatNotDisplayScaling": 1,
    "WaterFatShift": 12.0,
    "acq_id": "SeqMm3Tr2000",
    "dataset": "ds002643",
    "modality": "bold",
    "subject_id": "005",
    "task_id": "Healthratingtask"
  },
  "dummy_trs": 0,
  "dvars_nstd": 25.05470522374268,
  "dvars_std": 1.219004020526315,
  "dvars_vstd": 1.0306650043567256,
  "efc": 0.46528565429837265,
  "fber": 84390.484375,
  "fd_mean": 0.14331273842866257,
  "fd_num": 58,
  "fd_perc": 16.909620991253643,
  "fwhm_avg": 1.793876371748098,
  "fwhm_x": 1.7458600000000002,
  "fwhm_y": 1.9516266666666666,
  "fwhm_z": 1.6841424485776273,
  "gcor": 0.0476505,
  "gsr_x": -0.010009038262069225,
  "gsr_y": 0.012206636369228363,
  "provenance": {
    "md5sum": "c9fb8ba4e0942d608ab01d841437f554",
    "settings": {
      "fd_thres": 0.2,
      "testing": false
    },
    "software": "mriqc",
    "version": "23.0.1",
    "webapi_port": null,
    "webapi_url": "https://mriqc.nimh.nih.gov/api/v1"
  },
  "size_t": 343,
  "size_x": 80,
  "size_y": 80,
  "size_z": 36,
  "snr": 5.804316593785319,
  "spacing_tr": 2.0,
  "spacing_x": 3.0,
  "spacing_y": 3.0,
  "spacing_z": 3.299999952316284,
  "summary_bg_k": 73.10696171572577,
  "summary_bg_mad": 247.26132659426094,
  "summary_bg_mean": 1667.90771484375,
  "summary_bg_median": 203.48745727539062,
  "summary_bg_n": 147972.0,
  "summary_bg_p05": 7.619775247573853,
  "summary_bg_p95": 8526.65341796873,
  "summary_bg_stdv": 4857.138671875,
  "summary_fg_k": 2.5116238307965943,
  "summary_fg_mad": 9492.143525922766,
  "summary_fg_mean": 60902.4609375,
  "summary_fg_median": 59834.2421875,
  "summary_fg_n": 41418.0,
  "summary_fg_p05": 47304.1466796875,
  "summary_fg_p95": 78194.66171875002,
  "summary_fg_stdv": 10308.4521484375,
  "tsnr": 65.4488754272461
}