{
  "aor": 0.001037875,
  "aqi": 0.005598036625,
  "bids_meta": {
    "AcquisitionNumber": 7,
    "BIDSVersion": "1.1.0",
    "BidsifyVersion": "0.3",
    "ConversionSoftware": "dcm2niix",
    "ConversionSoftwareVersion": "v1.0.20180622 GCC5.4.0",
    "EchoTime": 0.028,
    "EffectiveEchoSpacing": 0.0006909,
    "FlipAngle": 76.1,
    "ImageComments": "RepliSC",
    "ImageOrientationPatientDICOM": [
      0.999046,
      -0.0268207,
      -0.0344575,
      0.0252885,
      0.998704,
      -0.0441567
    ],
    "InstitutionName": "Spinoza Centre for Neuroimaging, location REC",
    "MagneticFieldStrength": 3,
    "Manufacturer": "Philips",
    "ParallelAcquisitionTechnique": "SENSE",
    "ParallelReductionFactorInPlane": 2,
    "PatientPosition": "HFS",
    "PhaseEncodingDirection": "j",
    "PhilipsRescaleIntercept": 0,
    "PhilipsRescaleSlope": 0.74945,
    "PhilipsScaleSlope": 0.0214313,
    "ProtocolName": "task-RestingState_acq-SeqMm3Tr2000_bold",
    "PulseSequenceType": "Gradient Echo EPI",
    "ReconMatrixPE": 80,
    "RepetitionTime": 2,
    "SeriesDescription": "ImageMRSERIES",
    "SeriesNumber": 7,
    "SliceEncodingDirection": "k",
    "SliceTiming": [
      0.0,
      0.05555555555555555,
      0.1111111111111111,
      0.16666666666666666,
      0.2222222222222222,
      0.2777777777777778,
      0.3333333333333333,
      0.38888888888888884,
      0.4444444444444444,
      0.5,
      0.5555555555555556,
      0.611111111111111,
      0.6666666666666666,
      0.7222222222222222,
      0.7777777777777777,
      0.8333333333333333,
      0.8888888888888888,
      0.9444444444444444,
      1.0,
      1.0555555555555556,
      1.1111111111111112,
      1.1666666666666665,
      1.222222222222222,
      1.2777777777777777,
      1.3333333333333333,
      1.3888888888888888,
      1.4444444444444444,
      1.5,
      1.5555555555555554,
      1.611111111111111,
      1.6666666666666665,
      1.722222222222222,
      1.7777777777777777,
      1.8333333333333333,
      1.8888888888888888,
      1.9444444444444444
    ],
    "TaskName": "RestingState",
    "TotalReadoutTime": 0.0269452,
    "UsePhilipsFloatNotDisplayScaling": 1,
    "WaterFatShift": 12.0,
    "acq_id": "SeqMm3Tr2000",
    "dataset": "ds002643",
    "modality": "bold",
    "subject_id": "040",
    "task_id": "RestingState"
  },
  "dummy_trs": 0,
  "dvars_nstd": 18.89707797937238,
  "dvars_std": 1.1455666697907954,
  "dvars_vstd": 0.9864770372384936,
  "efc": 0.3934618203769615,
  "fber": 136572.859375,
  "fd_mean": 0.13431577240197715,
  "fd_num": 33,
  "fd_perc": 13.75,
  "fwhm_avg": 1.8724309172686153,
  "fwhm_x": 1.8543399999999999,
  "fwhm_y": 2.065113333333333,
  "fwhm_z": 1.697839418472513,
  "gcor": 0.0433597,
  "gsr_x": -0.016767876222729683,
  "gsr_y": 0.0034335837699472904,
  "provenance": {
    "md5sum": "5b710bb21e57fb0d6257fc7bdbeb532c",
    "settings": {
      "fd_thres": 0.2,
      "testing": false
    },
    "software": "mriqc",
    "version": "23.0.1",
    "webapi_port": null,
    "webapi_url": "https://mriqc.nimh.nih.gov/api/v1"
  },
  "size_t": 240,
  "size_x": 80,
  "size_y": 80,
  "size_z": 36,
  "snr": 6.464935729176688,
  "spacing_tr": 2.0,
  "spacing_x": 3.0,
  "spacing_y": 3.0,
  "spacing_z": 3.299999952316284,
  "summary_bg_k": 58.353185912638395,
  "summary_bg_mad": 206.483552822383,
  "summary_bg_mean": 1170.2244873046875,
  "summary_bg_median": 175.96466064453125,
  "summary_bg_n": 161458.0,
  "summary_bg_p05": 14.818347024917603,
  "summary_bg_p95": 4908.141235351559,
  "summary_bg_stdv": 3328.224853515625,
  "summary_fg_k": 4.8238145866252315,
  "summary_fg_mad": 8639.621188914922,
  "summary_fg_mean": 69287.125,
  "summary_fg_median": 67640.2578125,
  "summary_fg_n": 30020.0,
  "summary_fg_p05": 56437.048046875,
  "summary_fg_p95": 86276.07265624999,
  "summary_fg_stdv": 10462.4599609375,
  "tsnr": 83.41851806640625
}