{
  "aor": 0.000866734693877551,
  "aqi": 0.0043984422740524776,
  "bids_meta": {
    "AcquisitionNumber": 4,
    "BIDSVersion": "1.1.0",
    "BidsifyVersion": "0.3",
    "ConversionSoftware": "dcm2niix",
    "ConversionSoftwareVersion": "v1.0.20180622 GCC5.4.0",
    "EchoTime": 0.028,
    "EffectiveEchoSpacing": 0.0006909,
    "FlipAngle": 76.1,
    "ImageComments": "RepliSC",
    "ImageOrientationPatientDICOM": [
      0.999046,
      -0.0268207,
      -0.0344575,
      0.0252885,
      0.998704,
      -0.0441567
    ],
    "InstitutionName": "Spinoza Centre for Neuroimaging, location REC",
    "MagneticFieldStrength": 3,
    "Manufacturer": "Philips",
    "ParallelAcquisitionTechnique": "SENSE",
    "ParallelReductionFactorInPlane": 2,
    "PatientPosition": "HFS",
    "PhaseEncodingDirection": "j",
    "PhilipsRescaleIntercept": 0,
    "PhilipsRescaleSlope": 0.77729,
    "PhilipsScaleSlope": 0.0206777,
    "ProtocolName": "task-Healthratingtask_acq-SeqMm3Tr2000_bold",
    "PulseSequenceType": "Gradient Echo EPI",
    "ReconMatrixPE": 80,
    "RepetitionTime": 2,
    "SeriesDescription": "ImageMRSERIES",
    "SeriesNumber": 4,
    "SliceEncodingDirection": "k",
    "SliceTiming": [
      0.0,
      0.05555555555555555,
      0.1111111111111111,
      0.16666666666666666,
      0.2222222222222222,
      0.2777777777777778,
      0.3333333333333333,
      0.38888888888888884,
      0.4444444444444444,
      0.5,
      0.5555555555555556,
      0.611111111111111,
      0.6666666666666666,
      0.7222222222222222,
      0.7777777777777777,
      0.8333333333333333,
      0.8888888888888888,
      0.9444444444444444,
      1.0,
      1.0555555555555556,
      1.1111111111111112,
      1.1666666666666665,
      1.222222222222222,
      1.2777777777777777,
      1.3333333333333333,
      1.3888888888888888,
      1.4444444444444444,
      1.5,
      1.5555555555555554,
      1.611111111111111,
      1.6666666666666665,
      1.722222222222222,
      1.7777777777777777,
      1.8333333333333333,
      1.8888888888888888,
      1.9444444444444444
    ],
    "TaskName": "Healthratingtask",
    "TotalReadoutTime": 0.0269452,
    "UsePhilipsFloatNotDisplayScaling": 1,
    "WaterFatShift": 12.0,
    "acq_id": "SeqMm3Tr2000",
    "dataset": "ds002643",
    "modality": "bold",
    "subject_id": "040",
    "task_id": "Healthratingtask"
  },
  "dummy_trs": 0,
  "dvars_nstd": 19.091253810526297,
  "dvars_std": 1.1821448813742699,
  "dvars_vstd": 1.0012423195029247,
  "efc": 0.3927921965005009,
  "fber": 158649.5,
  "fd_mean": 0.08729504098438777,
  "fd_num": 0,
  "fd_perc": 0.0,
  "fwhm_avg": 1.8557841495194538,
  "fwhm_x": 1.85313,
  "fwhm_y": 2.0314133333333335,
  "fwhm_z": 1.682809115225028,
  "gcor": 0.0723585,
  "gsr_x": -0.016520436853170395,
  "gsr_y": 0.003585583297535777,
  "provenance": {
    "md5sum": "ffee7ff854c1b98d616e7de165749756",
    "settings": {
      "fd_thres": 0.2,
      "testing": false
    },
    "software": "mriqc",
    "version": "23.0.1",
    "webapi_port": null,
    "webapi_url": "https://mriqc.nimh.nih.gov/api/v1"
  },
  "size_t": 343,
  "size_x": 80,
  "size_y": 80,
  "size_z": 36,
  "snr": 6.45690961519945,
  "spacing_tr": 2.0,
  "spacing_x": 3.0,
  "spacing_y": 3.0,
  "spacing_z": 3.299999952316284,
  "summary_bg_k": 60.670025342241644,
  "summary_bg_mad": 199.18764821154588,
  "summary_bg_mean": 1156.8594970703125,
  "summary_bg_median": 161.7481231689453,
  "summary_bg_n": 161505.0,
  "summary_bg_p05": 9.697232246398926,
  "summary_bg_p95": 4845.713867187494,
  "summary_bg_stdv": 3320.756591796875,
  "summary_fg_k": 4.850592883257655,
  "summary_fg_mad": 8606.048356646652,
  "summary_fg_mean": 69073.5859375,
  "summary_fg_median": 67444.78125,
  "summary_fg_n": 29991.0,
  "summary_fg_p05": 56468.69921875,
  "summary_fg_p95": 86053.94140625,
  "summary_fg_stdv": 10445.19140625,
  "tsnr": 89.6847915649414
}