{
  "aor": 0.0007868221574344024,
  "aqi": 0.004416881020408163,
  "bids_meta": {
    "AcquisitionNumber": 6,
    "BIDSVersion": "1.1.0",
    "BidsifyVersion": "0.3",
    "ConversionSoftware": "dcm2niix",
    "ConversionSoftwareVersion": "v1.0.20180622 GCC5.4.0",
    "EchoTime": 0.028,
    "EffectiveEchoSpacing": 0.0006909,
    "FlipAngle": 76.1,
    "ImageComments": "RepliSC",
    "ImageOrientationPatientDICOM": [
      0.999046,
      -0.0268207,
      -0.0344575,
      0.0252885,
      0.998704,
      -0.0441567
    ],
    "InstitutionName": "Spinoza Centre for Neuroimaging, location REC",
    "MagneticFieldStrength": 3,
    "Manufacturer": "Philips",
    "ParallelAcquisitionTechnique": "SENSE",
    "ParallelReductionFactorInPlane": 2,
    "PatientPosition": "HFS",
    "PhaseEncodingDirection": "j",
    "PhilipsRescaleIntercept": 0,
    "PhilipsRescaleSlope": 0.75849,
    "PhilipsScaleSlope": 0.0211337,
    "ProtocolName": "task-Decisiontask_acq-SeqMm3Tr2000_bold",
    "PulseSequenceType": "Gradient Echo EPI",
    "ReconMatrixPE": 80,
    "RepetitionTime": 2,
    "SeriesDescription": "ImageMRSERIES",
    "SeriesNumber": 6,
    "SliceEncodingDirection": "k",
    "SliceTiming": [
      0.0,
      0.05555555555555555,
      0.1111111111111111,
      0.16666666666666666,
      0.2222222222222222,
      0.2777777777777778,
      0.3333333333333333,
      0.38888888888888884,
      0.4444444444444444,
      0.5,
      0.5555555555555556,
      0.611111111111111,
      0.6666666666666666,
      0.7222222222222222,
      0.7777777777777777,
      0.8333333333333333,
      0.8888888888888888,
      0.9444444444444444,
      1.0,
      1.0555555555555556,
      1.1111111111111112,
      1.1666666666666665,
      1.222222222222222,
      1.2777777777777777,
      1.3333333333333333,
      1.3888888888888888,
      1.4444444444444444,
      1.5,
      1.5555555555555554,
      1.611111111111111,
      1.6666666666666665,
      1.722222222222222,
      1.7777777777777777,
      1.8333333333333333,
      1.8888888888888888,
      1.9444444444444444
    ],
    "TaskName": "Decisiontask",
    "TotalReadoutTime": 0.0269452,
    "UsePhilipsFloatNotDisplayScaling": 1,
    "WaterFatShift": 12.0,
    "acq_id": "SeqMm3Tr2000",
    "dataset": "ds002643",
    "modality": "bold",
    "subject_id": "040",
    "task_id": "Decisiontask"
  },
  "dummy_trs": 0,
  "dvars_nstd": 18.951857569707602,
  "dvars_std": 1.170770296900584,
  "dvars_vstd": 0.9945722849707617,
  "efc": 0.393974212810481,
  "fber": 136901.515625,
  "fd_mean": 0.08604291993621861,
  "fd_num": 2,
  "fd_perc": 0.5830903790087464,
  "fwhm_avg": 1.850507482852466,
  "fwhm_x": 1.8279533333333333,
  "fwhm_y": 2.040826666666667,
  "fwhm_z": 1.6827424485573976,
  "gcor": 0.0660542,
  "gsr_x": -0.01703024096786976,
  "gsr_y": 0.0034590342547744513,
  "provenance": {
    "md5sum": "bec2cba9f9e1fd9cd5ff71dda06a9fc4",
    "settings": {
      "fd_thres": 0.2,
      "testing": false
    },
    "software": "mriqc",
    "version": "23.0.1",
    "webapi_port": null,
    "webapi_url": "https://mriqc.nimh.nih.gov/api/v1"
  },
  "size_t": 343,
  "size_x": 80,
  "size_y": 80,
  "size_z": 36,
  "snr": 6.596622957243481,
  "spacing_tr": 2.0,
  "spacing_x": 3.0,
  "spacing_y": 3.0,
  "spacing_z": 3.299999952316284,
  "summary_bg_k": 59.281046766437214,
  "summary_bg_mad": 207.33521884440097,
  "summary_bg_mean": 1187.2620849609375,
  "summary_bg_median": 176.26956176757812,
  "summary_bg_n": 161434.0,
  "summary_bg_p05": 12.294751262664796,
  "summary_bg_p95": 4929.777294921876,
  "summary_bg_stdv": 3412.317138671875,
  "summary_fg_k": 4.605784110516965,
  "summary_fg_mad": 8601.68162979996,
  "summary_fg_mean": 69439.453125,
  "summary_fg_median": 67847.359375,
  "summary_fg_n": 29997.0,
  "summary_fg_p05": 56781.88125,
  "summary_fg_p95": 86125.6828125,
  "summary_fg_stdv": 10284.994140625,
  "tsnr": 92.32110595703125
}