{
  "aor": 0.0008498833819241983,
  "aqi": 0.004021571720116618,
  "bids_meta": {
    "AcquisitionNumber": 3,
    "BIDSVersion": "1.1.0",
    "BidsifyVersion": "0.3",
    "ConversionSoftware": "dcm2niix",
    "ConversionSoftwareVersion": "v1.0.20180622 GCC5.4.0",
    "EchoTime": 0.028,
    "EffectiveEchoSpacing": 0.0006909,
    "FlipAngle": 76.1,
    "ImageComments": "RepliSC",
    "ImageOrientationPatientDICOM": [
      0.999046,
      -0.0268207,
      -0.0344575,
      0.0252885,
      0.998704,
      -0.0441567
    ],
    "InstitutionName": "Spinoza Centre for Neuroimaging, location REC",
    "MagneticFieldStrength": 3,
    "Manufacturer": "Philips",
    "ParallelAcquisitionTechnique": "SENSE",
    "ParallelReductionFactorInPlane": 2,
    "PatientPosition": "HFS",
    "PhaseEncodingDirection": "j",
    "PhilipsRescaleIntercept": 0,
    "PhilipsRescaleSlope": 0.77094,
    "PhilipsScaleSlope": 0.0201415,
    "ProtocolName": "task-Tasteratingtask_acq-SeqMm3Tr2000_bold",
    "PulseSequenceType": "Gradient Echo EPI",
    "ReconMatrixPE": 80,
    "RepetitionTime": 2,
    "SeriesDescription": "ImageMRSERIES",
    "SeriesNumber": 3,
    "SliceEncodingDirection": "k",
    "SliceTiming": [
      0.0,
      0.05555555555555555,
      0.1111111111111111,
      0.16666666666666666,
      0.2222222222222222,
      0.2777777777777778,
      0.3333333333333333,
      0.38888888888888884,
      0.4444444444444444,
      0.5,
      0.5555555555555556,
      0.611111111111111,
      0.6666666666666666,
      0.7222222222222222,
      0.7777777777777777,
      0.8333333333333333,
      0.8888888888888888,
      0.9444444444444444,
      1.0,
      1.0555555555555556,
      1.1111111111111112,
      1.1666666666666665,
      1.222222222222222,
      1.2777777777777777,
      1.3333333333333333,
      1.3888888888888888,
      1.4444444444444444,
      1.5,
      1.5555555555555554,
      1.611111111111111,
      1.6666666666666665,
      1.722222222222222,
      1.7777777777777777,
      1.8333333333333333,
      1.8888888888888888,
      1.9444444444444444
    ],
    "TaskName": "Tasteratingtask",
    "TotalReadoutTime": 0.0269452,
    "UsePhilipsFloatNotDisplayScaling": 1,
    "WaterFatShift": 12.0,
    "acq_id": "SeqMm3Tr2000",
    "dataset": "ds002643",
    "modality": "bold",
    "subject_id": "040",
    "task_id": "Tasteratingtask"
  },
  "dummy_trs": 0,
  "dvars_nstd": 18.674651976754394,
  "dvars_std": 1.1811118014619886,
  "dvars_vstd": 0.9969329312573093,
  "efc": 0.3924706073270555,
  "fber": 168665.203125,
  "fd_mean": 0.0858206926766131,
  "fd_num": 6,
  "fd_perc": 1.749271137026239,
  "fwhm_avg": 1.8599368768020623,
  "fwhm_x": 1.8516133333333336,
  "fwhm_y": 2.043336666666667,
  "fwhm_z": 1.6848606304061864,
  "gcor": 0.100955,
  "gsr_x": -0.01645168475806713,
  "gsr_y": 0.0031765163876116276,
  "provenance": {
    "md5sum": "99324278b47fb569e4019b978286d131",
    "settings": {
      "fd_thres": 0.2,
      "testing": false
    },
    "software": "mriqc",
    "version": "23.0.1",
    "webapi_port": null,
    "webapi_url": "https://mriqc.nimh.nih.gov/api/v1"
  },
  "size_t": 343,
  "size_x": 80,
  "size_y": 80,
  "size_z": 36,
  "snr": 6.408485282147887,
  "spacing_tr": 2.0,
  "spacing_x": 3.0,
  "spacing_y": 3.0,
  "spacing_z": 3.299999952316284,
  "summary_bg_k": 59.67957220803453,
  "summary_bg_mad": 196.97396186723066,
  "summary_bg_mean": 1174.238525390625,
  "summary_bg_median": 160.88804626464844,
  "summary_bg_n": 161473.0,
  "summary_bg_p05": 9.731302452087403,
  "summary_bg_p95": 4920.495605468747,
  "summary_bg_stdv": 3381.70068359375,
  "summary_fg_k": 5.009524279864964,
  "summary_fg_mad": 8907.11795676432,
  "summary_fg_mean": 70829.6640625,
  "summary_fg_median": 69102.4140625,
  "summary_fg_n": 30034.0,
  "summary_fg_p05": 57793.3005859375,
  "summary_fg_p95": 88383.689453125,
  "summary_fg_stdv": 10782.7763671875,
  "tsnr": 90.25947570800781
}