{
  "aor": 0.0010964166666666665,
  "aqi": 0.02422501208333333,
  "bids_meta": {
    "AcquisitionNumber": 7,
    "BIDSVersion": "1.1.0",
    "BidsifyVersion": "0.3",
    "ConversionSoftware": "dcm2niix",
    "ConversionSoftwareVersion": "v1.0.20180622 GCC5.4.0",
    "EchoTime": 0.028,
    "EffectiveEchoSpacing": 0.0006909,
    "FlipAngle": 76.1,
    "ImageComments": "RepliSC",
    "ImageOrientationPatientDICOM": [
      0.998705,
      -0.0441233,
      -0.0253343,
      0.0388901,
      0.983068,
      -0.179065
    ],
    "InstitutionName": "Spinoza Centre for Neuroimaging, location REC",
    "MagneticFieldStrength": 3,
    "Manufacturer": "Philips",
    "ParallelAcquisitionTechnique": "SENSE",
    "ParallelReductionFactorInPlane": 2,
    "PatientPosition": "HFS",
    "PhaseEncodingDirection": "j",
    "PhilipsRescaleIntercept": 0,
    "PhilipsRescaleSlope": 0.78706,
    "PhilipsScaleSlope": 0.0199173,
    "ProtocolName": "task-RestingState_acq-SeqMm3Tr2000_bold",
    "PulseSequenceType": "Gradient Echo EPI",
    "ReconMatrixPE": 80,
    "RepetitionTime": 2,
    "SeriesDescription": "ImageMRSERIES",
    "SeriesNumber": 7,
    "SliceEncodingDirection": "k",
    "SliceTiming": [
      0.0,
      0.05555555555555555,
      0.1111111111111111,
      0.16666666666666666,
      0.2222222222222222,
      0.2777777777777778,
      0.3333333333333333,
      0.38888888888888884,
      0.4444444444444444,
      0.5,
      0.5555555555555556,
      0.611111111111111,
      0.6666666666666666,
      0.7222222222222222,
      0.7777777777777777,
      0.8333333333333333,
      0.8888888888888888,
      0.9444444444444444,
      1.0,
      1.0555555555555556,
      1.1111111111111112,
      1.1666666666666665,
      1.222222222222222,
      1.2777777777777777,
      1.3333333333333333,
      1.3888888888888888,
      1.4444444444444444,
      1.5,
      1.5555555555555554,
      1.611111111111111,
      1.6666666666666665,
      1.722222222222222,
      1.7777777777777777,
      1.8333333333333333,
      1.8888888888888888,
      1.9444444444444444
    ],
    "TaskName": "RestingState",
    "TotalReadoutTime": 0.0269452,
    "UsePhilipsFloatNotDisplayScaling": 1,
    "WaterFatShift": 12.0,
    "acq_id": "SeqMm3Tr2000",
    "dataset": "ds002643",
    "modality": "bold",
    "subject_id": "087",
    "task_id": "RestingState"
  },
  "dummy_trs": 0,
  "dvars_nstd": 28.471238443723855,
  "dvars_std": 1.083512464853557,
  "dvars_vstd": 0.9495482098326367,
  "efc": 0.4406758234508635,
  "fber": 92638.5,
  "fd_mean": 0.4254788497592225,
  "fd_num": 184,
  "fd_perc": 76.66666666666667,
  "fwhm_avg": 1.8356457656890246,
  "fwhm_x": 1.77558,
  "fwhm_y": 2.0468966666666666,
  "fwhm_z": 1.6844606304004066,
  "gcor": 0.0814655,
  "gsr_x": -0.012141230516135693,
  "gsr_y": 0.012244614772498608,
  "provenance": {
    "md5sum": "d7019ae6361e26e189c8b31eca43b974",
    "settings": {
      "fd_thres": 0.2,
      "testing": false
    },
    "software": "mriqc",
    "version": "23.0.1",
    "webapi_port": null,
    "webapi_url": "https://mriqc.nimh.nih.gov/api/v1"
  },
  "size_t": 240,
  "size_x": 80,
  "size_y": 80,
  "size_z": 36,
  "snr": 7.019331129602431,
  "spacing_tr": 2.0,
  "spacing_x": 3.0,
  "spacing_y": 3.0,
  "spacing_z": 3.299999952316284,
  "summary_bg_k": 69.80493122377779,
  "summary_bg_mad": 259.58778484734455,
  "summary_bg_mean": 1398.7557373046875,
  "summary_bg_median": 231.52127075195312,
  "summary_bg_n": 151782.0,
  "summary_bg_p05": 25.78776454925537,
  "summary_bg_p95": 6624.227758789062,
  "summary_bg_stdv": 3892.7421875,
  "summary_fg_k": 4.283474370860148,
  "summary_fg_mad": 8845.375682344446,
  "summary_fg_mean": 70309.59375,
  "summary_fg_median": 69463.4765625,
  "summary_fg_n": 37916.0,
  "summary_fg_p05": 56866.53515625,
  "summary_fg_p95": 85061.87890625,
  "summary_fg_stdv": 9895.89453125,
  "tsnr": 44.29741668701172
}