{
  "aor": 0.0031145772594752185,
  "aqi": 0.013201537667638484,
  "bids_meta": {
    "AcquisitionNumber": 6,
    "BIDSVersion": "1.1.0",
    "BidsifyVersion": "0.3",
    "ConversionSoftware": "dcm2niix",
    "ConversionSoftwareVersion": "v1.0.20180622 GCC5.4.0",
    "EchoTime": 0.028,
    "EffectiveEchoSpacing": 0.0006909,
    "FlipAngle": 76.1,
    "ImageComments": "RepliSC",
    "ImageOrientationPatientDICOM": [
      0.998705,
      -0.0441233,
      -0.0253343,
      0.0388901,
      0.983068,
      -0.179065
    ],
    "InstitutionName": "Spinoza Centre for Neuroimaging, location REC",
    "MagneticFieldStrength": 3,
    "Manufacturer": "Philips",
    "ParallelAcquisitionTechnique": "SENSE",
    "ParallelReductionFactorInPlane": 2,
    "PatientPosition": "HFS",
    "PhaseEncodingDirection": "j",
    "PhilipsRescaleIntercept": 0,
    "PhilipsRescaleSlope": 0.81197,
    "PhilipsScaleSlope": 0.0185305,
    "ProtocolName": "task-Decisiontask_acq-SeqMm3Tr2000_bold",
    "PulseSequenceType": "Gradient Echo EPI",
    "ReconMatrixPE": 80,
    "RepetitionTime": 2,
    "SeriesDescription": "ImageMRSERIES",
    "SeriesNumber": 6,
    "SliceEncodingDirection": "k",
    "SliceTiming": [
      0.0,
      0.05555555555555555,
      0.1111111111111111,
      0.16666666666666666,
      0.2222222222222222,
      0.2777777777777778,
      0.3333333333333333,
      0.38888888888888884,
      0.4444444444444444,
      0.5,
      0.5555555555555556,
      0.611111111111111,
      0.6666666666666666,
      0.7222222222222222,
      0.7777777777777777,
      0.8333333333333333,
      0.8888888888888888,
      0.9444444444444444,
      1.0,
      1.0555555555555556,
      1.1111111111111112,
      1.1666666666666665,
      1.222222222222222,
      1.2777777777777777,
      1.3333333333333333,
      1.3888888888888888,
      1.4444444444444444,
      1.5,
      1.5555555555555554,
      1.611111111111111,
      1.6666666666666665,
      1.722222222222222,
      1.7777777777777777,
      1.8333333333333333,
      1.8888888888888888,
      1.9444444444444444
    ],
    "TaskName": "Decisiontask",
    "TotalReadoutTime": 0.0269452,
    "UsePhilipsFloatNotDisplayScaling": 1,
    "WaterFatShift": 12.0,
    "acq_id": "SeqMm3Tr2000",
    "dataset": "ds002643",
    "modality": "bold",
    "subject_id": "087",
    "task_id": "Decisiontask"
  },
  "dummy_trs": 0,
  "dvars_nstd": 24.23907224476609,
  "dvars_std": 1.1781326996491222,
  "dvars_vstd": 1.0167631917543856,
  "efc": 0.4383678948983085,
  "fber": 98689.578125,
  "fd_mean": 0.26556537277279085,
  "fd_num": 185,
  "fd_perc": 53.93586005830904,
  "fwhm_avg": 1.8216403110753212,
  "fwhm_x": 1.7543933333333335,
  "fwhm_y": 2.0402366666666665,
  "fwhm_z": 1.6702909332259632,
  "gcor": 0.0834457,
  "gsr_x": -0.011854857206344604,
  "gsr_y": 0.011535563506186008,
  "provenance": {
    "md5sum": "b268bbc858f1d6269fe34af5c1a9e3ae",
    "settings": {
      "fd_thres": 0.2,
      "testing": false
    },
    "software": "mriqc",
    "version": "23.0.1",
    "webapi_port": null,
    "webapi_url": "https://mriqc.nimh.nih.gov/api/v1"
  },
  "size_t": 343,
  "size_x": 80,
  "size_y": 80,
  "size_z": 36,
  "snr": 6.839085525615448,
  "spacing_tr": 2.0,
  "spacing_x": 3.0,
  "spacing_y": 3.0,
  "spacing_z": 3.299999952316284,
  "summary_bg_k": 63.525928601558064,
  "summary_bg_mad": 256.63979346824055,
  "summary_bg_mean": 1351.8759765625,
  "summary_bg_median": 224.15847778320312,
  "summary_bg_n": 152092.0,
  "summary_bg_p05": 19.9010817527771,
  "summary_bg_p95": 6455.313793945294,
  "summary_bg_stdv": 3724.993408203125,
  "summary_fg_k": 4.868542551620988,
  "summary_fg_mad": 9003.88960430385,
  "summary_fg_mean": 70462.5078125,
  "summary_fg_median": 69582.1796875,
  "summary_fg_n": 37701.0,
  "summary_fg_p05": 56971.61328125,
  "summary_fg_p95": 85265.0,
  "summary_fg_stdv": 10174.05859375,
  "tsnr": 57.9227409362793
}