{
  "aor": 0.0029548104956268226,
  "aqi": 0.012549568104956268,
  "bids_meta": {
    "AcquisitionNumber": 4,
    "BIDSVersion": "1.1.0",
    "BidsifyVersion": "0.3",
    "ConversionSoftware": "dcm2niix",
    "ConversionSoftwareVersion": "v1.0.20180622 GCC5.4.0",
    "EchoTime": 0.028,
    "EffectiveEchoSpacing": 0.0006909,
    "FlipAngle": 76.1,
    "ImageComments": "RepliSC",
    "ImageOrientationPatientDICOM": [
      0.998705,
      -0.0441233,
      -0.0253343,
      0.0388901,
      0.983068,
      -0.179065
    ],
    "InstitutionName": "Spinoza Centre for Neuroimaging, location REC",
    "MagneticFieldStrength": 3,
    "Manufacturer": "Philips",
    "ParallelAcquisitionTechnique": "SENSE",
    "ParallelReductionFactorInPlane": 2,
    "PatientPosition": "HFS",
    "PhaseEncodingDirection": "j",
    "PhilipsRescaleIntercept": 0,
    "PhilipsRescaleSlope": 0.75385,
    "PhilipsScaleSlope": 0.0209225,
    "ProtocolName": "task-Healthratingtask_acq-SeqMm3Tr2000_bold",
    "PulseSequenceType": "Gradient Echo EPI",
    "ReconMatrixPE": 80,
    "RepetitionTime": 2,
    "SeriesDescription": "ImageMRSERIES",
    "SeriesNumber": 4,
    "SliceEncodingDirection": "k",
    "SliceTiming": [
      0.0,
      0.05555555555555555,
      0.1111111111111111,
      0.16666666666666666,
      0.2222222222222222,
      0.2777777777777778,
      0.3333333333333333,
      0.38888888888888884,
      0.4444444444444444,
      0.5,
      0.5555555555555556,
      0.611111111111111,
      0.6666666666666666,
      0.7222222222222222,
      0.7777777777777777,
      0.8333333333333333,
      0.8888888888888888,
      0.9444444444444444,
      1.0,
      1.0555555555555556,
      1.1111111111111112,
      1.1666666666666665,
      1.222222222222222,
      1.2777777777777777,
      1.3333333333333333,
      1.3888888888888888,
      1.4444444444444444,
      1.5,
      1.5555555555555554,
      1.611111111111111,
      1.6666666666666665,
      1.722222222222222,
      1.7777777777777777,
      1.8333333333333333,
      1.8888888888888888,
      1.9444444444444444
    ],
    "TaskName": "Healthratingtask",
    "TotalReadoutTime": 0.0269452,
    "UsePhilipsFloatNotDisplayScaling": 1,
    "WaterFatShift": 12.0,
    "acq_id": "SeqMm3Tr2000",
    "dataset": "ds002643",
    "modality": "bold",
    "subject_id": "087",
    "task_id": "Healthratingtask"
  },
  "dummy_trs": 0,
  "dvars_nstd": 22.895201663333342,
  "dvars_std": 1.1722494397368415,
  "dvars_vstd": 1.016162327748538,
  "efc": 0.43647831649888674,
  "fber": 145995.046875,
  "fd_mean": 0.24765192483883425,
  "fd_num": 160,
  "fd_perc": 46.647230320699705,
  "fwhm_avg": 1.8464606142357873,
  "fwhm_x": 1.77379,
  "fwhm_y": 2.0682766666666668,
  "fwhm_z": 1.6973151760406953,
  "gcor": 0.0724313,
  "gsr_x": -0.012536254711449146,
  "gsr_y": 0.011887121945619583,
  "provenance": {
    "md5sum": "73380ae85ee2a1462c38ece8dbe79306",
    "settings": {
      "fd_thres": 0.2,
      "testing": false
    },
    "software": "mriqc",
    "version": "23.0.1",
    "webapi_port": null,
    "webapi_url": "https://mriqc.nimh.nih.gov/api/v1"
  },
  "size_t": 343,
  "size_x": 80,
  "size_y": 80,
  "size_z": 36,
  "snr": 6.7818243588140135,
  "spacing_tr": 2.0,
  "spacing_x": 3.0,
  "spacing_y": 3.0,
  "spacing_z": 3.299999952316284,
  "summary_bg_k": 67.81953041367106,
  "summary_bg_mad": 195.8754028503448,
  "summary_bg_mean": 1281.8109130859375,
  "summary_bg_median": 179.24171447753906,
  "summary_bg_n": 152193.0,
  "summary_bg_p05": 20.289213180541992,
  "summary_bg_p95": 6147.972265624999,
  "summary_bg_stdv": 3655.59619140625,
  "summary_fg_k": 4.279406973231671,
  "summary_fg_mad": 8911.875604117846,
  "summary_fg_mean": 69467.5,
  "summary_fg_median": 68484.5,
  "summary_fg_n": 37666.0,
  "summary_fg_p05": 56307.7607421875,
  "summary_fg_p95": 84826.013671875,
  "summary_fg_stdv": 10098.107421875,
  "tsnr": 61.01737976074219
}