{
  "bids_meta": {
    "AcquisitionNumber": 2,
    "BIDSVersion": "1.1.0",
    "BidsifyVersion": "0.3",
    "ConversionSoftware": "dcm2niix",
    "ConversionSoftwareVersion": "v1.0.20180622 GCC5.4.0",
    "EchoTime": 0.00378,
    "ImageComments": "RepliSC",
    "ImageOrientationPatientDICOM": [
      0.998582,
      0.0529177,
      0.00579586,
      -0.0521587,
      0.994366,
      -0.0922771
    ],
    "InstitutionName": "Spinoza Centre for Neuroimaging, location REC",
    "InversionTime": 0.9,
    "MagneticFieldStrength": 3,
    "Manufacturer": "Philips",
    "ParallelAcquisitionTechnique": "SENSE",
    "PatientPosition": "HFS",
    "PhilipsRescaleIntercept": 0,
    "PhilipsRescaleSlope": 3.90427,
    "PhilipsScaleSlope": 0.0052423,
    "ProtocolName": "acq-AxialNsig1Mm1_T1w",
    "ReconMatrixPE": 240,
    "RepetitionTime": 0.00822,
    "SeriesDescription": "ImageMRSERIES",
    "SeriesNumber": 2,
    "UsePhilipsFloatNotDisplayScaling": 1,
    "acq_id": "AxialNsig1Mm1",
    "dataset": "ds002643",
    "modality": "T1w",
    "subject_id": "033"
  },
  "cjv": 0.2652565160769713,
  "cnr": 4.898568229169591,
  "efc": 0.696479208828621,
  "fber": 14503.235213380573,
  "fwhm_avg": 4.266236579740668,
  "fwhm_x": 4.271590254606619,
  "fwhm_y": 4.323359484615388,
  "fwhm_z": 4.20376,
  "icvs_csf": 0.25575827868595624,
  "icvs_gm": 0.43748725853787723,
  "icvs_wm": 0.3067544627761665,
  "inu_med": 0.6344728469848633,
  "inu_range": 0.2336134910583496,
  "provenance": {
    "md5sum": "dd068593eb0111ecd6954ca756199bd4",
    "settings": {
      "testing": false
    },
    "software": "mriqc",
    "version": "23.0.1",
    "warnings": {
      "large_rot_frame": true,
      "small_air_mask": false
    },
    "webapi_port": null,
    "webapi_url": "https://mriqc.nimh.nih.gov/api/v1"
  },
  "qi_1": 0.002551091588174096,
  "qi_2": 4.0346822875064484e-05,
  "rpve_csf": 25.54371638469201,
  "rpve_gm": 14.971310231062553,
  "rpve_wm": 24.61944705932902,
  "size_x": 240,
  "size_y": 240,
  "size_z": 220,
  "snr_csf": 1.5025692878822878,
  "snr_gm": 8.464311793023937,
  "snr_total": 11.439340570967076,
  "snr_wm": 24.351140631995,
  "snrd_csf": 13.847464075827004,
  "snrd_gm": 55.376765900841505,
  "snrd_total": 53.935367140362054,
  "snrd_wm": 92.58187144441766,
  "spacing_x": 0.9999999403953552,
  "spacing_y": 1.0000001192092896,
  "spacing_z": 1.0,
  "summary_bg_k": 1597.8573473168913,
  "summary_bg_mad": 0.0,
  "summary_bg_mean": 2.2413840359511665,
  "summary_bg_median": 0.0,
  "summary_bg_n": 226016.0,
  "summary_bg_p05": 0.0,
  "summary_bg_p95": 11.452809937298298,
  "summary_bg_stdv": 7.076292322458096,
  "summary_csf_k": 0.18618405542147132,
  "summary_csf_mad": 107.81926120515281,
  "summary_csf_mean": 159.2572681817551,
  "summary_csf_median": 149.56992730870843,
  "summary_csf_n": 43939.0,
  "summary_csf_p05": 24.013196144253016,
  "summary_csf_p95": 337.9851465940474,
  "summary_csf_stdv": 99.54164941834017,
  "summary_gm_k": 0.18920575469195722,
  "summary_gm_mad": 70.22576637147024,
  "summary_gm_mean": 598.7784351649339,
  "summary_gm_median": 598.1383165195584,
  "summary_gm_n": 35537.0,
  "summary_gm_p05": 483.58665169402957,
  "summary_gm_p95": 713.6373125374316,
  "summary_gm_stdv": 70.66491823248892,
  "summary_wm_k": 1.016271153346108,
  "summary_wm_mad": 36.37065810582115,
  "summary_wm_mean": 998.1824947054191,
  "summary_wm_median": 999.9999787844718,
  "summary_wm_n": 150482.0,
  "summary_wm_p05": 925.9337614327669,
  "summary_wm_p95": 1061.0109354257584,
  "summary_wm_stdv": 41.065700832452784,
  "tpm_overlap_csf": 0.1562584151361563,
  "tpm_overlap_gm": 0.4853041829009739,
  "tpm_overlap_wm": 0.5063915759679325,
  "wm2max": 0.721806429664909
}