{
  "bids_meta": {
    "AcquisitionNumber": 2,
    "BIDSVersion": "1.1.0",
    "BidsifyVersion": "0.3",
    "ConversionSoftware": "dcm2niix",
    "ConversionSoftwareVersion": "v1.0.20180622 GCC5.4.0",
    "EchoTime": 0.00373,
    "ImageComments": "RepliSC",
    "ImageOrientationPatientDICOM": [
      0.999044,
      -0.0436827,
      -0.00180615,
      0.0436192,
      0.998693,
      -0.02663
    ],
    "InstitutionName": "Spinoza Centre for Neuroimaging, location REC",
    "InversionTime": 0.9,
    "MagneticFieldStrength": 3,
    "Manufacturer": "Philips",
    "ParallelAcquisitionTechnique": "SENSE",
    "PatientPosition": "HFS",
    "PhilipsRescaleIntercept": 0,
    "PhilipsRescaleSlope": 4.47521,
    "PhilipsScaleSlope": 0.00502052,
    "ProtocolName": "acq-AxialNsig1Mm1_T1w",
    "ReconMatrixPE": 240,
    "RepetitionTime": 0.008126,
    "SeriesDescription": "ImageMRSERIES",
    "SeriesNumber": 2,
    "UsePhilipsFloatNotDisplayScaling": 1,
    "acq_id": "AxialNsig1Mm1",
    "dataset": "ds002643",
    "modality": "T1w",
    "subject_id": "063"
  },
  "cjv": 0.2801015710486462,
  "cnr": 4.56625760047495,
  "efc": 0.7238846824153877,
  "fber": 12963.997254134578,
  "fwhm_avg": 4.082640078094805,
  "fwhm_x": 4.07107,
  "fwhm_y": 4.24621,
  "fwhm_z": 3.930640234284415,
  "icvs_csf": 0.2564491202859904,
  "icvs_gm": 0.4254958263252782,
  "icvs_wm": 0.3180550533887314,
  "inu_med": 0.6351958513259888,
  "inu_range": 0.2239059537649154,
  "provenance": {
    "md5sum": "2319cdb26cf678b1b2866b1501d67bc3",
    "settings": {
      "testing": false
    },
    "software": "mriqc",
    "version": "23.0.1",
    "warnings": {
      "large_rot_frame": true,
      "small_air_mask": true
    },
    "webapi_port": null,
    "webapi_url": "https://mriqc.nimh.nih.gov/api/v1"
  },
  "qi_1": 0.0,
  "qi_2": 0.00014891244850900732,
  "rpve_csf": 21.0487012987013,
  "rpve_gm": 12.775034129431074,
  "rpve_wm": 20.590610716836096,
  "size_x": 240,
  "size_y": 240,
  "size_z": 220,
  "snr_csf": 1.144008095987035,
  "snr_gm": 7.116626853678196,
  "snr_total": 10.808617604060403,
  "snr_wm": 24.165217862515977,
  "snrd_csf": 15.235107315079132,
  "snrd_gm": 81.61928009127871,
  "snrd_total": 79.08512362698832,
  "snrd_wm": 140.40098347460713,
  "spacing_x": 1.0,
  "spacing_y": 1.0,
  "spacing_z": 0.9999999403953552,
  "summary_bg_k": 21.46309240979454,
  "summary_bg_mad": 0.0,
  "summary_bg_mean": 1.669715672337078,
  "summary_bg_median": 0.0,
  "summary_bg_n": 211030.0,
  "summary_bg_p05": 0.0,
  "summary_bg_p95": 11.0060641374439,
  "summary_bg_stdv": 4.666069612511293,
  "summary_csf_k": 1.530660135049514,
  "summary_csf_mad": 84.66753869066537,
  "summary_csf_mean": 131.83241461604268,
  "summary_csf_median": 108.50881020538509,
  "summary_csf_n": 39327.0,
  "summary_csf_p05": 22.66389736589045,
  "summary_csf_p95": 323.3705790074541,
  "summary_csf_stdv": 94.84848141007228,
  "summary_gm_k": 0.25846253808043773,
  "summary_gm_mad": 79.535100099467,
  "summary_gm_mean": 581.8404270492891,
  "summary_gm_median": 581.3159559275955,
  "summary_gm_n": 35372.0,
  "summary_gm_p05": 446.6647591050714,
  "summary_gm_p95": 716.121142150741,
  "summary_gm_stdv": 81.68304319514323,
  "summary_wm_k": 0.906014706352289,
  "summary_wm_mad": 37.73227267736174,
  "summary_wm_mean": 998.7085058419179,
  "summary_wm_median": 999.9761310126632,
  "summary_wm_n": 188318.0,
  "summary_wm_p05": 928.4486512821168,
  "summary_wm_p95": 1063.5534602925181,
  "summary_wm_stdv": 41.38069359350594,
  "tpm_overlap_csf": 0.15929716205715255,
  "tpm_overlap_gm": 0.4742536043760292,
  "tpm_overlap_wm": 0.5147411349018777,
  "wm2max": 0.7705681065567739
}