{
  "aor": 0.0016392916666666665,
  "aqi": 0.00592449,
  "bids_meta": {
    "AcquisitionNumber": 7,
    "BIDSVersion": "1.1.0",
    "BidsifyVersion": "0.3",
    "ConversionSoftware": "dcm2niix",
    "ConversionSoftwareVersion": "v1.0.20180622 GCC5.4.0",
    "EchoTime": 0.028,
    "EffectiveEchoSpacing": 0.0006909,
    "FlipAngle": 76.1,
    "ImageComments": "RepliSC",
    "ImageOrientationPatientDICOM": [
      0.997372,
      -0.00338454,
      -0.0723659,
      -0.0175833,
      0.957729,
      -0.287132
    ],
    "InstitutionName": "Spinoza Centre for Neuroimaging, location REC",
    "MagneticFieldStrength": 3,
    "Manufacturer": "Philips",
    "ParallelAcquisitionTechnique": "SENSE",
    "ParallelReductionFactorInPlane": 2,
    "PatientPosition": "HFS",
    "PhaseEncodingDirection": "j",
    "PhilipsRescaleIntercept": 0,
    "PhilipsRescaleSlope": 0.75238,
    "PhilipsScaleSlope": 0.0247917,
    "ProtocolName": "task-RestingState_acq-SeqMm3Tr2000_bold",
    "PulseSequenceType": "Gradient Echo EPI",
    "ReconMatrixPE": 80,
    "RepetitionTime": 2,
    "SeriesDescription": "ImageMRSERIES",
    "SeriesNumber": 7,
    "SliceEncodingDirection": "k",
    "SliceTiming": [
      0.0,
      0.05555555555555555,
      0.1111111111111111,
      0.16666666666666666,
      0.2222222222222222,
      0.2777777777777778,
      0.3333333333333333,
      0.38888888888888884,
      0.4444444444444444,
      0.5,
      0.5555555555555556,
      0.611111111111111,
      0.6666666666666666,
      0.7222222222222222,
      0.7777777777777777,
      0.8333333333333333,
      0.8888888888888888,
      0.9444444444444444,
      1.0,
      1.0555555555555556,
      1.1111111111111112,
      1.1666666666666665,
      1.222222222222222,
      1.2777777777777777,
      1.3333333333333333,
      1.3888888888888888,
      1.4444444444444444,
      1.5,
      1.5555555555555554,
      1.611111111111111,
      1.6666666666666665,
      1.722222222222222,
      1.7777777777777777,
      1.8333333333333333,
      1.8888888888888888,
      1.9444444444444444
    ],
    "TaskName": "RestingState",
    "TotalReadoutTime": 0.0269452,
    "UsePhilipsFloatNotDisplayScaling": 1,
    "WaterFatShift": 12.0,
    "acq_id": "SeqMm3Tr2000",
    "dataset": "ds002643",
    "modality": "bold",
    "subject_id": "005",
    "task_id": "RestingState"
  },
  "dummy_trs": 0,
  "dvars_nstd": 23.991512099288702,
  "dvars_std": 1.1787941342259423,
  "dvars_vstd": 1.0130255116736404,
  "efc": 0.4669289844489336,
  "fber": 82482.4296875,
  "fd_mean": 0.15639831462624912,
  "fd_num": 58,
  "fd_perc": 24.166666666666668,
  "fwhm_avg": 1.7645095029098588,
  "fwhm_x": 1.72088,
  "fwhm_y": 1.9199333333333335,
  "fwhm_z": 1.6527151753962428,
  "gcor": 0.0214329,
  "gsr_x": -0.009692448191344738,
  "gsr_y": 0.01194249652326107,
  "provenance": {
    "md5sum": "593454d9dc8052010a0cb5dda110f19f",
    "settings": {
      "fd_thres": 0.2,
      "testing": false
    },
    "software": "mriqc",
    "version": "23.0.1",
    "webapi_port": null,
    "webapi_url": "https://mriqc.nimh.nih.gov/api/v1"
  },
  "size_t": 240,
  "size_x": 80,
  "size_y": 80,
  "size_z": 36,
  "snr": 6.07104264090715,
  "spacing_tr": 2.0,
  "spacing_x": 3.0,
  "spacing_y": 3.0,
  "spacing_z": 3.299999952316284,
  "summary_bg_k": 79.51118222535881,
  "summary_bg_mad": 234.3629010779144,
  "summary_bg_mean": 1629.9210205078125,
  "summary_bg_median": 202.20196533203125,
  "summary_bg_n": 147751.0,
  "summary_bg_p05": 16.3577299118042,
  "summary_bg_p95": 8454.83447265625,
  "summary_bg_stdv": 4710.00927734375,
  "summary_fg_k": 2.6147438195622543,
  "summary_fg_mad": 8927.848326456276,
  "summary_fg_mean": 59813.7265625,
  "summary_fg_median": 58855.3359375,
  "summary_fg_n": 41455.0,
  "summary_fg_p05": 46920.70546875,
  "summary_fg_p95": 75575.91093749997,
  "summary_fg_stdv": 9694.3193359375,
  "tsnr": 72.30197143554688
}