{
  "aor": 0.0014632944606413993,
  "aqi": 0.006716043411078718,
  "bids_meta": {
    "AcquisitionNumber": 6,
    "BIDSVersion": "1.1.0",
    "BidsifyVersion": "0.3",
    "ConversionSoftware": "dcm2niix",
    "ConversionSoftwareVersion": "v1.0.20180622 GCC5.4.0",
    "EchoTime": 0.028,
    "EffectiveEchoSpacing": 0.0006909,
    "FlipAngle": 76.1,
    "ImageComments": "RepliSC",
    "ImageOrientationPatientDICOM": [
      0.997372,
      -0.00338454,
      -0.0723659,
      -0.0175833,
      0.957729,
      -0.287132
    ],
    "InstitutionName": "Spinoza Centre for Neuroimaging, location REC",
    "MagneticFieldStrength": 3,
    "Manufacturer": "Philips",
    "ParallelAcquisitionTechnique": "SENSE",
    "ParallelReductionFactorInPlane": 2,
    "PatientPosition": "HFS",
    "PhaseEncodingDirection": "j",
    "PhilipsRescaleIntercept": 0,
    "PhilipsRescaleSlope": 0.78144,
    "PhilipsScaleSlope": 0.0231803,
    "ProtocolName": "ses-01_task-Decisiontask-SeqMm3_bold",
    "PulseSequenceType": "Gradient Echo EPI",
    "ReconMatrixPE": 80,
    "RepetitionTime": 2,
    "SeriesDescription": "ImageMRSERIES",
    "SeriesNumber": 6,
    "SliceEncodingDirection": "k",
    "SliceTiming": [
      0.0,
      0.05555555555555555,
      0.1111111111111111,
      0.16666666666666666,
      0.2222222222222222,
      0.2777777777777778,
      0.3333333333333333,
      0.38888888888888884,
      0.4444444444444444,
      0.5,
      0.5555555555555556,
      0.611111111111111,
      0.6666666666666666,
      0.7222222222222222,
      0.7777777777777777,
      0.8333333333333333,
      0.8888888888888888,
      0.9444444444444444,
      1.0,
      1.0555555555555556,
      1.1111111111111112,
      1.1666666666666665,
      1.222222222222222,
      1.2777777777777777,
      1.3333333333333333,
      1.3888888888888888,
      1.4444444444444444,
      1.5,
      1.5555555555555554,
      1.611111111111111,
      1.6666666666666665,
      1.722222222222222,
      1.7777777777777777,
      1.8333333333333333,
      1.8888888888888888,
      1.9444444444444444
    ],
    "TaskName": "Decisiontask",
    "TotalReadoutTime": 0.0269452,
    "UsePhilipsFloatNotDisplayScaling": 1,
    "WaterFatShift": 12.0,
    "acq_id": "SeqMm3Tr2000",
    "dataset": "ds002643",
    "modality": "bold",
    "subject_id": "005",
    "task_id": "Decisiontask"
  },
  "dummy_trs": 0,
  "dvars_nstd": 26.261989883508765,
  "dvars_std": 1.1935421044444436,
  "dvars_vstd": 1.0101096675146202,
  "efc": 0.46552621799414834,
  "fber": 91713.671875,
  "fd_mean": 0.2015264803406756,
  "fd_num": 149,
  "fd_perc": 43.440233236151606,
  "fwhm_avg": 1.789581927266566,
  "fwhm_x": 1.7447166666666665,
  "fwhm_y": 1.9475866666666668,
  "fwhm_z": 1.6764424484663651,
  "gcor": 0.0343413,
  "gsr_x": -0.009476847015321255,
  "gsr_y": 0.012339046224951744,
  "provenance": {
    "md5sum": "0df159b9c6777ed6c2102dad9930c87f",
    "settings": {
      "fd_thres": 0.2,
      "testing": false
    },
    "software": "mriqc",
    "version": "23.0.1",
    "webapi_port": null,
    "webapi_url": "https://mriqc.nimh.nih.gov/api/v1"
  },
  "size_t": 343,
  "size_x": 80,
  "size_y": 80,
  "size_z": 36,
  "snr": 5.849263398196466,
  "spacing_tr": 2.0,
  "spacing_x": 3.0,
  "spacing_y": 3.0,
  "spacing_z": 3.299999952316284,
  "summary_bg_k": 84.34895450753854,
  "summary_bg_mad": 224.3815445177681,
  "summary_bg_mean": 1626.605224609375,
  "summary_bg_median": 195.2645263671875,
  "summary_bg_n": 147754.0,
  "summary_bg_p05": 15.011681985855104,
  "summary_bg_p95": 8455.100634765626,
  "summary_bg_stdv": 4754.31005859375,
  "summary_fg_k": 2.868519806541368,
  "summary_fg_mad": 9260.47824215889,
  "summary_fg_mean": 60845.08984375,
  "summary_fg_median": 59784.38671875,
  "summary_fg_n": 41399.0,
  "summary_fg_p05": 47271.079296875,
  "summary_fg_p95": 77392.89453125,
  "summary_fg_stdv": 10220.716796875,
  "tsnr": 67.94131469726562
}