{
  "bids_meta": {
    "AcquisitionNumber": 2,
    "BIDSVersion": "1.1.0",
    "BidsifyVersion": "0.3",
    "ConversionSoftware": "dcm2niix",
    "ConversionSoftwareVersion": "v1.0.20180622 GCC5.4.0",
    "EchoTime": 0.00382,
    "ImageComments": "RepliSc",
    "ImageOrientationPatientDICOM": [
      0.999973,
      0.00502092,
      0.00538619,
      -0.00383964,
      0.979703,
      -0.200416
    ],
    "InstitutionName": "Spinoza Centre for Neuroimaging, location REC",
    "InversionTime": 0.9,
    "MagneticFieldStrength": 3,
    "Manufacturer": "Philips",
    "ParallelAcquisitionTechnique": "SENSE",
    "PatientPosition": "HFS",
    "PhilipsRescaleIntercept": 0,
    "PhilipsRescaleSlope": 4.13724,
    "PhilipsScaleSlope": 0.00496132,
    "ProtocolName": "acq-AxialNsig1Mm1_T1w",
    "ReconMatrixPE": 240,
    "RepetitionTime": 0.008299,
    "SeriesDescription": "ImageMRSERIES",
    "SeriesNumber": 2,
    "UsePhilipsFloatNotDisplayScaling": 1,
    "acq_id": "AxialNsig1Mm1",
    "dataset": "ds002643",
    "modality": "T1w",
    "subject_id": "008"
  },
  "cjv": 0.300078257775343,
  "cnr": 4.141483378934119,
  "efc": 0.7016744912637428,
  "fber": -1.0,
  "fwhm_avg": 4.25066,
  "fwhm_x": 4.17861,
  "fwhm_y": 4.39433,
  "fwhm_z": 4.17904,
  "icvs_csf": 0.2423997177075952,
  "icvs_gm": 0.3994317511640388,
  "icvs_wm": 0.35816853112836605,
  "inu_med": 0.5046345591545105,
  "inu_range": 0.15905644893646237,
  "provenance": {
    "md5sum": "019d3ba6e9b25a39319a161caf6f3ae1",
    "settings": {
      "testing": false
    },
    "software": "mriqc",
    "version": "23.0.1",
    "warnings": {
      "large_rot_frame": true,
      "small_air_mask": false
    },
    "webapi_port": null,
    "webapi_url": "https://mriqc.nimh.nih.gov/api/v1"
  },
  "qi_1": 0.020149653365753403,
  "qi_2": 3.851338885011334e-05,
  "rpve_csf": 20.345981068896194,
  "rpve_gm": 12.316708337691194,
  "rpve_wm": 17.11720129217965,
  "size_x": 240,
  "size_y": 240,
  "size_z": 220,
  "snr_csf": 1.5875658840446543,
  "snr_gm": 7.861740386459969,
  "snr_total": 12.472662476790505,
  "snr_wm": 27.968681159866893,
  "snrd_csf": 25.675819370383945,
  "snrd_gm": 101.18939806418844,
  "snrd_total": 95.47462116708364,
  "snrd_wm": 159.55864606667856,
  "spacing_x": 1.0,
  "spacing_y": 1.0,
  "spacing_z": 1.0,
  "summary_bg_k": 177.16189562312582,
  "summary_bg_mad": 0.0,
  "summary_bg_mean": 1.2359682996565935,
  "summary_bg_median": 0.0,
  "summary_bg_n": 336945.0,
  "summary_bg_p05": 0.0,
  "summary_bg_p95": 9.864556612446904,
  "summary_bg_stdv": 4.105837652992734,
  "summary_csf_k": 0.5511351153630759,
  "summary_csf_mad": 95.5404397693757,
  "summary_csf_mean": 177.65628053757146,
  "summary_csf_median": 160.9141942691058,
  "summary_csf_n": 55132.0,
  "summary_csf_p05": 44.069075383245945,
  "summary_csf_p95": 371.6266653967089,
  "summary_csf_stdv": 101.3581461568494,
  "summary_gm_k": 0.35346720346774063,
  "summary_gm_mad": 76.57696066826466,
  "summary_gm_mean": 635.2551336991221,
  "summary_gm_median": 634.1690686941147,
  "summary_gm_n": 30354.0,
  "summary_gm_p05": 502.0649216190912,
  "summary_gm_p95": 768.149698279798,
  "summary_gm_stdv": 80.66389771419766,
  "summary_wm_k": 0.9309373085859445,
  "summary_wm_mad": 33.19430483903318,
  "summary_wm_mean": 999.5860692793516,
  "summary_wm_median": 999.9778624437749,
  "summary_wm_n": 260350.0,
  "summary_wm_p05": 940.5245122537017,
  "summary_wm_p95": 1055.9952434767038,
  "summary_wm_stdv": 35.75341777029142,
  "tpm_overlap_csf": 0.16577786001600384,
  "tpm_overlap_gm": 0.44799483795156325,
  "tpm_overlap_wm": 0.5090399977653652,
  "wm2max": 0.8246649894456531
}