{
  "aor": 0.0015716326530612243,
  "aqi": 0.005605466005830903,
  "bids_meta": {
    "AcquisitionNumber": 6,
    "BIDSVersion": "1.1.0",
    "BidsifyVersion": "0.3",
    "ConversionSoftware": "dcm2niix",
    "ConversionSoftwareVersion": "v1.0.20180622 GCC5.4.0",
    "EchoTime": 0.028,
    "EffectiveEchoSpacing": 0.0006909,
    "FlipAngle": 76.1,
    "ImageComments": "RepliSC",
    "ImageOrientationPatientDICOM": [
      0.999487,
      0.0296619,
      -0.0120985,
      -0.0317594,
      0.966902,
      -0.253164
    ],
    "InstitutionName": "Spinoza Centre for Neuroimaging, location REC",
    "MagneticFieldStrength": 3,
    "Manufacturer": "Philips",
    "ParallelAcquisitionTechnique": "SENSE",
    "ParallelReductionFactorInPlane": 2,
    "PatientPosition": "HFS",
    "PhaseEncodingDirection": "j",
    "PhilipsRescaleIntercept": 0,
    "PhilipsRescaleSlope": 0.75238,
    "PhilipsScaleSlope": 0.0235404,
    "ProtocolName": "ses-01_task-Decisiontask-SeqMm3_bold",
    "PulseSequenceType": "Gradient Echo EPI",
    "ReconMatrixPE": 80,
    "RepetitionTime": 2,
    "SeriesDescription": "ImageMRSERIES",
    "SeriesNumber": 6,
    "SliceEncodingDirection": "k",
    "SliceTiming": [
      0.0,
      0.05555555555555555,
      0.1111111111111111,
      0.16666666666666666,
      0.2222222222222222,
      0.2777777777777778,
      0.3333333333333333,
      0.38888888888888884,
      0.4444444444444444,
      0.5,
      0.5555555555555556,
      0.611111111111111,
      0.6666666666666666,
      0.7222222222222222,
      0.7777777777777777,
      0.8333333333333333,
      0.8888888888888888,
      0.9444444444444444,
      1.0,
      1.0555555555555556,
      1.1111111111111112,
      1.1666666666666665,
      1.222222222222222,
      1.2777777777777777,
      1.3333333333333333,
      1.3888888888888888,
      1.4444444444444444,
      1.5,
      1.5555555555555554,
      1.611111111111111,
      1.6666666666666665,
      1.722222222222222,
      1.7777777777777777,
      1.8333333333333333,
      1.8888888888888888,
      1.9444444444444444
    ],
    "TaskName": "Decisiontask",
    "TotalReadoutTime": 0.0269452,
    "UsePhilipsFloatNotDisplayScaling": 1,
    "WaterFatShift": 12.0,
    "acq_id": "SeqMm3Tr2000",
    "dataset": "ds002643",
    "modality": "bold",
    "subject_id": "004",
    "task_id": "Decisiontask"
  },
  "dummy_trs": 0,
  "dvars_nstd": 20.015964298801162,
  "dvars_std": 1.107992086842105,
  "dvars_vstd": 0.9859689017836251,
  "efc": 0.4648231870702093,
  "fber": 71621.7578125,
  "fd_mean": 0.1415091587701133,
  "fd_num": 34,
  "fd_perc": 9.912536443148689,
  "fwhm_avg": 1.7833838463992857,
  "fwhm_x": 1.7161366666666666,
  "fwhm_y": 1.9698633333333333,
  "fwhm_z": 1.6641515391978572,
  "gcor": 0.0330435,
  "gsr_x": -0.017988895997405052,
  "gsr_y": 0.018802203238010406,
  "provenance": {
    "md5sum": "6460e57aa2376853f5fa19d68a20f158",
    "settings": {
      "fd_thres": 0.2,
      "testing": false
    },
    "software": "mriqc",
    "version": "23.0.1",
    "webapi_port": null,
    "webapi_url": "https://mriqc.nimh.nih.gov/api/v1"
  },
  "size_t": 343,
  "size_x": 80,
  "size_y": 80,
  "size_z": 36,
  "snr": 5.753788661487903,
  "spacing_tr": 2.0,
  "spacing_x": 3.0,
  "spacing_y": 3.0,
  "spacing_z": 3.299999952316284,
  "summary_bg_k": 32.03632793653032,
  "summary_bg_mad": 266.4207467118489,
  "summary_bg_mean": 1787.1278076171875,
  "summary_bg_median": 214.8193359375,
  "summary_bg_n": 148771.0,
  "summary_bg_p05": 13.261188983917236,
  "summary_bg_p95": 9919.27294921875,
  "summary_bg_stdv": 4207.8544921875,
  "summary_fg_k": 1.6945003148115436,
  "summary_fg_mad": 9573.990697223666,
  "summary_fg_mean": 59772.12890625,
  "summary_fg_median": 58015.37890625,
  "summary_fg_n": 39664.0,
  "summary_fg_p05": 47033.803515625,
  "summary_fg_p95": 77477.375,
  "summary_fg_stdv": 10082.8603515625,
  "tsnr": 71.00110626220703
}