{
  "aor": 0.0028119166666666666,
  "aqi": 0.006238628958333333,
  "bids_meta": {
    "AcquisitionNumber": 7,
    "BIDSVersion": "1.1.0",
    "BidsifyVersion": "0.3",
    "ConversionSoftware": "dcm2niix",
    "ConversionSoftwareVersion": "v1.0.20180622 GCC5.4.0",
    "EchoTime": 0.028,
    "EffectiveEchoSpacing": 0.0006909,
    "FlipAngle": 76.1,
    "ImageComments": "RepliSC",
    "ImageOrientationPatientDICOM": [
      0.999487,
      0.0296619,
      -0.0120985,
      -0.0317594,
      0.966902,
      -0.253164
    ],
    "InstitutionName": "Spinoza Centre for Neuroimaging, location REC",
    "MagneticFieldStrength": 3,
    "Manufacturer": "Philips",
    "ParallelAcquisitionTechnique": "SENSE",
    "ParallelReductionFactorInPlane": 2,
    "PatientPosition": "HFS",
    "PhaseEncodingDirection": "j",
    "PhilipsRescaleIntercept": 0,
    "PhilipsRescaleSlope": 0.74579,
    "PhilipsScaleSlope": 0.0246423,
    "ProtocolName": "task-RestingState_acq-SeqMm3Tr2000_bold",
    "PulseSequenceType": "Gradient Echo EPI",
    "ReconMatrixPE": 80,
    "RepetitionTime": 2,
    "SeriesDescription": "ImageMRSERIES",
    "SeriesNumber": 7,
    "SliceEncodingDirection": "k",
    "SliceTiming": [
      0.0,
      0.05555555555555555,
      0.1111111111111111,
      0.16666666666666666,
      0.2222222222222222,
      0.2777777777777778,
      0.3333333333333333,
      0.38888888888888884,
      0.4444444444444444,
      0.5,
      0.5555555555555556,
      0.611111111111111,
      0.6666666666666666,
      0.7222222222222222,
      0.7777777777777777,
      0.8333333333333333,
      0.8888888888888888,
      0.9444444444444444,
      1.0,
      1.0555555555555556,
      1.1111111111111112,
      1.1666666666666665,
      1.222222222222222,
      1.2777777777777777,
      1.3333333333333333,
      1.3888888888888888,
      1.4444444444444444,
      1.5,
      1.5555555555555554,
      1.611111111111111,
      1.6666666666666665,
      1.722222222222222,
      1.7777777777777777,
      1.8333333333333333,
      1.8888888888888888,
      1.9444444444444444
    ],
    "TaskName": "RestingState",
    "TotalReadoutTime": 0.0269452,
    "UsePhilipsFloatNotDisplayScaling": 1,
    "WaterFatShift": 12.0,
    "acq_id": "SeqMm3Tr2000",
    "dataset": "ds002643",
    "modality": "bold",
    "subject_id": "004",
    "task_id": "RestingState"
  },
  "dummy_trs": 0,
  "dvars_nstd": 19.82773776443514,
  "dvars_std": 1.1090205319665278,
  "dvars_vstd": 1.0025812788284516,
  "efc": 0.4649748987297199,
  "fber": 74505.7890625,
  "fd_mean": 0.15030837084028625,
  "fd_num": 39,
  "fd_perc": 16.25,
  "fwhm_avg": 1.7702643513280198,
  "fwhm_x": 1.7080666666666666,
  "fwhm_y": 1.9638566666666666,
  "fwhm_z": 1.6388697206507266,
  "gcor": 0.0248623,
  "gsr_x": -0.017719706520438194,
  "gsr_y": 0.01804344169795513,
  "provenance": {
    "md5sum": "4a93ca54cbc8aceeb648c44cfd79a12d",
    "settings": {
      "fd_thres": 0.2,
      "testing": false
    },
    "software": "mriqc",
    "version": "23.0.1",
    "webapi_port": null,
    "webapi_url": "https://mriqc.nimh.nih.gov/api/v1"
  },
  "size_t": 240,
  "size_x": 80,
  "size_y": 80,
  "size_z": 36,
  "snr": 5.832162755485664,
  "spacing_tr": 2.0,
  "spacing_x": 3.0,
  "spacing_y": 3.0,
  "spacing_z": 3.299999952316284,
  "summary_bg_k": 29.69064228391877,
  "summary_bg_mad": 258.68495190077056,
  "summary_bg_mean": 1777.0728759765625,
  "summary_bg_median": 208.34487915039062,
  "summary_bg_n": 148844.0,
  "summary_bg_p05": 12.34680757522583,
  "summary_bg_p95": 9981.086865234376,
  "summary_bg_stdv": 4184.421875,
  "summary_fg_k": 1.6974120112951905,
  "summary_fg_mad": 9322.730161091378,
  "summary_fg_mean": 58914.02734375,
  "summary_fg_median": 57214.5625,
  "summary_fg_n": 39665.0,
  "summary_fg_p05": 46506.69921875,
  "summary_fg_p95": 76079.57656249999,
  "summary_fg_stdv": 9810.0556640625,
  "tsnr": 70.1716079711914
}