{
  "aor": 0.0010100291545189505,
  "aqi": 0.007111567084548106,
  "bids_meta": {
    "AcquisitionNumber": 3,
    "BIDSVersion": "1.1.0",
    "BidsifyVersion": "0.3",
    "ConversionSoftware": "dcm2niix",
    "ConversionSoftwareVersion": "v1.0.20180622 GCC5.4.0",
    "EchoTime": 0.028,
    "EffectiveEchoSpacing": 0.0006909,
    "FlipAngle": 76.1,
    "ImageComments": "RepliSC",
    "ImageOrientationPatientDICOM": [
      0.999487,
      0.0296619,
      -0.0120985,
      -0.0317594,
      0.966902,
      -0.253164
    ],
    "InstitutionName": "Spinoza Centre for Neuroimaging, location REC",
    "MagneticFieldStrength": 3,
    "Manufacturer": "Philips",
    "ParallelAcquisitionTechnique": "SENSE",
    "ParallelReductionFactorInPlane": 2,
    "PatientPosition": "HFS",
    "PhaseEncodingDirection": "j",
    "PhilipsRescaleIntercept": 0,
    "PhilipsRescaleSlope": 0.75311,
    "PhilipsScaleSlope": 0.0232856,
    "ProtocolName": "ses-01_task-Tasteratingtask-SeqMm3_bold",
    "PulseSequenceType": "Gradient Echo EPI",
    "ReconMatrixPE": 80,
    "RepetitionTime": 2,
    "SeriesDescription": "ImageMRSERIES",
    "SeriesNumber": 3,
    "SliceEncodingDirection": "k",
    "SliceTiming": [
      0.0,
      0.05555555555555555,
      0.1111111111111111,
      0.16666666666666666,
      0.2222222222222222,
      0.2777777777777778,
      0.3333333333333333,
      0.38888888888888884,
      0.4444444444444444,
      0.5,
      0.5555555555555556,
      0.611111111111111,
      0.6666666666666666,
      0.7222222222222222,
      0.7777777777777777,
      0.8333333333333333,
      0.8888888888888888,
      0.9444444444444444,
      1.0,
      1.0555555555555556,
      1.1111111111111112,
      1.1666666666666665,
      1.222222222222222,
      1.2777777777777777,
      1.3333333333333333,
      1.3888888888888888,
      1.4444444444444444,
      1.5,
      1.5555555555555554,
      1.611111111111111,
      1.6666666666666665,
      1.722222222222222,
      1.7777777777777777,
      1.8333333333333333,
      1.8888888888888888,
      1.9444444444444444
    ],
    "TaskName": "Tasteratingtask",
    "TotalReadoutTime": 0.0269452,
    "UsePhilipsFloatNotDisplayScaling": 1,
    "WaterFatShift": 12.0,
    "acq_id": "SeqMm3Tr2000",
    "dataset": "ds002643",
    "modality": "bold",
    "subject_id": "004",
    "task_id": "Tasteratingtask"
  },
  "dummy_trs": 0,
  "dvars_nstd": 19.624235158918122,
  "dvars_std": 1.1093760871052638,
  "dvars_vstd": 0.9663581663742694,
  "efc": 0.4614011273053863,
  "fber": 58658.8984375,
  "fd_mean": 0.12586981049778545,
  "fd_num": 30,
  "fd_perc": 8.746355685131196,
  "fwhm_avg": 1.790542735335377,
  "fwhm_x": 1.7375166666666668,
  "fwhm_y": 1.9601600000000001,
  "fwhm_z": 1.6739515393394635,
  "gcor": 0.0202841,
  "gsr_x": -0.018563494086265564,
  "gsr_y": 0.02080082893371582,
  "provenance": {
    "md5sum": "92b4fbd0e201f162c25d6ce9e923bfee",
    "settings": {
      "fd_thres": 0.2,
      "testing": false
    },
    "software": "mriqc",
    "version": "23.0.1",
    "webapi_port": null,
    "webapi_url": "https://mriqc.nimh.nih.gov/api/v1"
  },
  "size_t": 343,
  "size_x": 80,
  "size_y": 80,
  "size_z": 36,
  "snr": 5.569776974102887,
  "spacing_tr": 2.0,
  "spacing_x": 3.0,
  "spacing_y": 3.0,
  "spacing_z": 3.299999952316284,
  "summary_bg_k": 38.63281229885792,
  "summary_bg_mad": 283.99093244606115,
  "summary_bg_mean": 1675.43310546875,
  "summary_bg_median": 236.1764678955078,
  "summary_bg_n": 148999.0,
  "summary_bg_p05": 16.65621509552002,
  "summary_bg_p95": 9071.025488281251,
  "summary_bg_stdv": 3966.051513671875,
  "summary_fg_k": 1.7848080783953462,
  "summary_fg_mad": 9798.408025220118,
  "summary_fg_mean": 59437.2421875,
  "summary_fg_median": 57602.2109375,
  "summary_fg_n": 39422.0,
  "summary_fg_p05": 46282.880859375,
  "summary_fg_p95": 77600.28046874999,
  "summary_fg_stdv": 10341.79296875,
  "tsnr": 66.5968246459961
}