{
  "aor": 0.0014913411078717202,
  "aqi": 0.005908030379008747,
  "bids_meta": {
    "AcquisitionNumber": 4,
    "BIDSVersion": "1.1.0",
    "BidsifyVersion": "0.3",
    "ConversionSoftware": "dcm2niix",
    "ConversionSoftwareVersion": "v1.0.20180622 GCC5.4.0",
    "EchoTime": 0.028,
    "EffectiveEchoSpacing": 0.0006909,
    "FlipAngle": 76.1,
    "ImageComments": "RepliSC",
    "ImageOrientationPatientDICOM": [
      0.999307,
      0.0270252,
      0.0256025,
      -0.0244225,
      0.994983,
      -0.0970214
    ],
    "InstitutionName": "Spinoza Centre for Neuroimaging, location REC",
    "MagneticFieldStrength": 3,
    "Manufacturer": "Philips",
    "ParallelAcquisitionTechnique": "SENSE",
    "ParallelReductionFactorInPlane": 2,
    "PatientPosition": "HFS",
    "PhaseEncodingDirection": "j",
    "PhilipsRescaleIntercept": 0,
    "PhilipsRescaleSlope": 0.76386,
    "PhilipsScaleSlope": 0.0186942,
    "ProtocolName": "ses-01_task-Healthratingtask-SeqMm3_bold",
    "PulseSequenceType": "Gradient Echo EPI",
    "ReconMatrixPE": 80,
    "RepetitionTime": 2,
    "SeriesDescription": "ImageMRSERIES",
    "SeriesNumber": 4,
    "SliceEncodingDirection": "k",
    "SliceTiming": [
      0.0,
      0.05555555555555555,
      0.1111111111111111,
      0.16666666666666666,
      0.2222222222222222,
      0.2777777777777778,
      0.3333333333333333,
      0.38888888888888884,
      0.4444444444444444,
      0.5,
      0.5555555555555556,
      0.611111111111111,
      0.6666666666666666,
      0.7222222222222222,
      0.7777777777777777,
      0.8333333333333333,
      0.8888888888888888,
      0.9444444444444444,
      1.0,
      1.0555555555555556,
      1.1111111111111112,
      1.1666666666666665,
      1.222222222222222,
      1.2777777777777777,
      1.3333333333333333,
      1.3888888888888888,
      1.4444444444444444,
      1.5,
      1.5555555555555554,
      1.611111111111111,
      1.6666666666666665,
      1.722222222222222,
      1.7777777777777777,
      1.8333333333333333,
      1.8888888888888888,
      1.9444444444444444
    ],
    "TaskName": "Healthratingtask",
    "TotalReadoutTime": 0.0269452,
    "UsePhilipsFloatNotDisplayScaling": 1,
    "WaterFatShift": 12.0,
    "acq_id": "SeqMm3Tr2000",
    "dataset": "ds002643",
    "modality": "bold",
    "subject_id": "007",
    "task_id": "Healthratingtask"
  },
  "dummy_trs": 0,
  "dvars_nstd": 23.03067458283626,
  "dvars_std": 1.230228379152047,
  "dvars_vstd": 1.0064001543567251,
  "efc": 0.4484278649699946,
  "fber": 81030.90625,
  "fd_mean": 0.11215662406251305,
  "fd_num": 25,
  "fd_perc": 7.288629737609329,
  "fwhm_avg": 1.8249595029586663,
  "fwhm_x": 1.7676800000000001,
  "fwhm_y": 2.04435,
  "fwhm_z": 1.6628485088759988,
  "gcor": 0.124511,
  "gsr_x": -0.009657193906605244,
  "gsr_y": 0.011441766284406185,
  "provenance": {
    "md5sum": "8208b76dc8b9d0b4f64af7c5553e2e0c",
    "settings": {
      "fd_thres": 0.2,
      "testing": false
    },
    "software": "mriqc",
    "version": "23.0.1",
    "webapi_port": null,
    "webapi_url": "https://mriqc.nimh.nih.gov/api/v1"
  },
  "size_t": 343,
  "size_x": 80,
  "size_y": 80,
  "size_z": 36,
  "snr": 5.456808099128322,
  "spacing_tr": 2.0,
  "spacing_x": 3.0,
  "spacing_y": 3.0,
  "spacing_z": 3.299999952316284,
  "summary_bg_k": 49.935455365831835,
  "summary_bg_mad": 298.6711173019912,
  "summary_bg_mean": 1674.40234375,
  "summary_bg_median": 252.85047912597656,
  "summary_bg_n": 149994.0,
  "summary_bg_p05": 18.892348861694337,
  "summary_bg_p95": 8222.606542968759,
  "summary_bg_stdv": 4480.5625,
  "summary_fg_k": 2.7809477301383216,
  "summary_fg_mad": 12242.842641566314,
  "summary_fg_mean": 75500.59375,
  "summary_fg_median": 73525.40625,
  "summary_fg_n": 38939.0,
  "summary_fg_p05": 58957.127734375004,
  "summary_fg_p95": 97223.63359375,
  "summary_fg_stdv": 13473.8955078125,
  "tsnr": 73.87348937988281
}