{
  "aor": 0.001336997084548105,
  "aqi": 0.005765744023323615,
  "bids_meta": {
    "AcquisitionNumber": 6,
    "BIDSVersion": "1.1.0",
    "BidsifyVersion": "0.3",
    "ConversionSoftware": "dcm2niix",
    "ConversionSoftwareVersion": "v1.0.20180622 GCC5.4.0",
    "EchoTime": 0.028,
    "EffectiveEchoSpacing": 0.0006909,
    "FlipAngle": 76.1,
    "ImageComments": "RepliSC",
    "ImageOrientationPatientDICOM": [
      0.999307,
      0.0270252,
      0.0256025,
      -0.0244225,
      0.994983,
      -0.0970214
    ],
    "InstitutionName": "Spinoza Centre for Neuroimaging, location REC",
    "MagneticFieldStrength": 3,
    "Manufacturer": "Philips",
    "ParallelAcquisitionTechnique": "SENSE",
    "ParallelReductionFactorInPlane": 2,
    "PatientPosition": "HFS",
    "PhaseEncodingDirection": "j",
    "PhilipsRescaleIntercept": 0,
    "PhilipsRescaleSlope": 0.77411,
    "PhilipsScaleSlope": 0.0184296,
    "ProtocolName": "ses-01_task-Decisiontask-SeqMm3_bold",
    "PulseSequenceType": "Gradient Echo EPI",
    "ReconMatrixPE": 80,
    "RepetitionTime": 2,
    "SeriesDescription": "ImageMRSERIES",
    "SeriesNumber": 6,
    "SliceEncodingDirection": "k",
    "SliceTiming": [
      0.0,
      0.05555555555555555,
      0.1111111111111111,
      0.16666666666666666,
      0.2222222222222222,
      0.2777777777777778,
      0.3333333333333333,
      0.38888888888888884,
      0.4444444444444444,
      0.5,
      0.5555555555555556,
      0.611111111111111,
      0.6666666666666666,
      0.7222222222222222,
      0.7777777777777777,
      0.8333333333333333,
      0.8888888888888888,
      0.9444444444444444,
      1.0,
      1.0555555555555556,
      1.1111111111111112,
      1.1666666666666665,
      1.222222222222222,
      1.2777777777777777,
      1.3333333333333333,
      1.3888888888888888,
      1.4444444444444444,
      1.5,
      1.5555555555555554,
      1.611111111111111,
      1.6666666666666665,
      1.722222222222222,
      1.7777777777777777,
      1.8333333333333333,
      1.8888888888888888,
      1.9444444444444444
    ],
    "TaskName": "Decisiontask",
    "TotalReadoutTime": 0.0269452,
    "UsePhilipsFloatNotDisplayScaling": 1,
    "WaterFatShift": 12.0,
    "acq_id": "SeqMm3Tr2000",
    "dataset": "ds002643",
    "modality": "bold",
    "subject_id": "007",
    "task_id": "Decisiontask"
  },
  "dummy_trs": 0,
  "dvars_nstd": 20.650767725175424,
  "dvars_std": 1.1787382047076014,
  "dvars_vstd": 0.981128428567252,
  "efc": 0.4469292849610357,
  "fber": 109449.6015625,
  "fd_mean": 0.09103618022033493,
  "fd_num": 8,
  "fd_perc": 2.3323615160349855,
  "fwhm_avg": 1.8819038466123372,
  "fwhm_x": 1.8225533333333335,
  "fwhm_y": 2.1147733333333334,
  "fwhm_z": 1.708384873170345,
  "gcor": 0.0407386,
  "gsr_x": -0.009296930395066738,
  "gsr_y": 0.010051553137600422,
  "provenance": {
    "md5sum": "7c4f6fcdd369def734480a81b6d7152e",
    "settings": {
      "fd_thres": 0.2,
      "testing": false
    },
    "software": "mriqc",
    "version": "23.0.1",
    "webapi_port": null,
    "webapi_url": "https://mriqc.nimh.nih.gov/api/v1"
  },
  "size_t": 343,
  "size_x": 80,
  "size_y": 80,
  "size_z": 36,
  "snr": 5.30951193252861,
  "spacing_tr": 2.0,
  "spacing_x": 3.0,
  "spacing_y": 3.0,
  "spacing_z": 3.299999952316284,
  "summary_bg_k": 43.732048616945576,
  "summary_bg_mad": 273.87032742239165,
  "summary_bg_mean": 1726.40283203125,
  "summary_bg_median": 221.590087890625,
  "summary_bg_n": 150235.0,
  "summary_bg_p05": 12.742719745635988,
  "summary_bg_p95": 8502.520996093739,
  "summary_bg_stdv": 4632.1884765625,
  "summary_fg_k": 2.388106459334603,
  "summary_fg_mad": 12874.384855330372,
  "summary_fg_mean": 77896.7109375,
  "summary_fg_median": 75733.6796875,
  "summary_fg_n": 38671.0,
  "summary_fg_p05": 60069.521484375,
  "summary_fg_p95": 101443.9609375,
  "summary_fg_stdv": 14263.58984375,
  "tsnr": 75.36227416992188
}