{
  "aor": 0.001589875,
  "aqi": 0.004916448625,
  "bids_meta": {
    "AcquisitionNumber": 7,
    "BIDSVersion": "1.1.0",
    "BidsifyVersion": "0.3",
    "ConversionSoftware": "dcm2niix",
    "ConversionSoftwareVersion": "v1.0.20180622 GCC5.4.0",
    "EchoTime": 0.028,
    "EffectiveEchoSpacing": 0.0006909,
    "FlipAngle": 76.1,
    "ImageComments": "RepliSC",
    "ImageOrientationPatientDICOM": [
      0.998756,
      0.0385542,
      0.0316357,
      -0.0338302,
      0.98982,
      -0.138249
    ],
    "InstitutionName": "Spinoza Centre for Neuroimaging, location REC",
    "MagneticFieldStrength": 3,
    "Manufacturer": "Philips",
    "ParallelAcquisitionTechnique": "SENSE",
    "ParallelReductionFactorInPlane": 2,
    "PatientPosition": "HFS",
    "PhaseEncodingDirection": "j",
    "PhilipsRescaleIntercept": 0,
    "PhilipsRescaleSlope": 0.77656,
    "PhilipsScaleSlope": 0.0204213,
    "ProtocolName": "task-RestingState_acq-SeqMm3Tr2000_bold",
    "PulseSequenceType": "Gradient Echo EPI",
    "ReconMatrixPE": 80,
    "RepetitionTime": 2,
    "SeriesDescription": "ImageMRSERIES",
    "SeriesNumber": 7,
    "SliceEncodingDirection": "k",
    "SliceTiming": [
      0.0,
      0.05555555555555555,
      0.1111111111111111,
      0.16666666666666666,
      0.2222222222222222,
      0.2777777777777778,
      0.3333333333333333,
      0.38888888888888884,
      0.4444444444444444,
      0.5,
      0.5555555555555556,
      0.611111111111111,
      0.6666666666666666,
      0.7222222222222222,
      0.7777777777777777,
      0.8333333333333333,
      0.8888888888888888,
      0.9444444444444444,
      1.0,
      1.0555555555555556,
      1.1111111111111112,
      1.1666666666666665,
      1.222222222222222,
      1.2777777777777777,
      1.3333333333333333,
      1.3888888888888888,
      1.4444444444444444,
      1.5,
      1.5555555555555554,
      1.611111111111111,
      1.6666666666666665,
      1.722222222222222,
      1.7777777777777777,
      1.8333333333333333,
      1.8888888888888888,
      1.9444444444444444
    ],
    "TaskName": "RestingState",
    "TotalReadoutTime": 0.0269452,
    "UsePhilipsFloatNotDisplayScaling": 1,
    "WaterFatShift": 12.0,
    "acq_id": "SeqMm3Tr2000",
    "dataset": "ds002643",
    "modality": "bold",
    "subject_id": "025",
    "task_id": "RestingState"
  },
  "dummy_trs": 0,
  "dvars_nstd": 18.439183143514647,
  "dvars_std": 1.1638130568200846,
  "dvars_vstd": 0.9998632084518828,
  "efc": 0.43797413661613044,
  "fber": 94940.8984375,
  "fd_mean": 0.10540050258935144,
  "fd_num": 17,
  "fd_perc": 7.083333333333333,
  "fwhm_avg": 1.8220058668644787,
  "fwhm_x": 1.7921166666666668,
  "fwhm_y": 1.9551100000000001,
  "fwhm_z": 1.7187909339267693,
  "gcor": 0.0584367,
  "gsr_x": -0.015740709379315376,
  "gsr_y": 0.007793072611093521,
  "provenance": {
    "md5sum": "dd4357b3607ce54de05cd81f0a9b7c10",
    "settings": {
      "fd_thres": 0.2,
      "testing": false
    },
    "software": "mriqc",
    "version": "23.0.1",
    "webapi_port": null,
    "webapi_url": "https://mriqc.nimh.nih.gov/api/v1"
  },
  "size_t": 240,
  "size_x": 80,
  "size_y": 80,
  "size_z": 36,
  "snr": 6.125738768878017,
  "spacing_tr": 2.0,
  "spacing_x": 3.0,
  "spacing_y": 3.0,
  "spacing_z": 3.299999952316284,
  "summary_bg_k": 56.96495799953858,
  "summary_bg_mad": 273.4724419473276,
  "summary_bg_mean": 1315.7738037109375,
  "summary_bg_median": 223.5960693359375,
  "summary_bg_n": 151784.0,
  "summary_bg_p05": 12.68466186523438,
  "summary_bg_p95": 5548.931640625002,
  "summary_bg_stdv": 3770.26220703125,
  "summary_fg_k": 3.118904373371713,
  "summary_fg_mad": 11546.216506975827,
  "summary_fg_mean": 72570.9765625,
  "summary_fg_median": 71350.4296875,
  "summary_fg_n": 38146.0,
  "summary_fg_p05": 56935.765625,
  "summary_fg_p95": 91726.2421875,
  "summary_fg_stdv": 11647.4921875,
  "tsnr": 80.74468231201172
}