{
  "aor": 0.0014988338192419826,
  "aqi": 0.003888253935860058,
  "bids_meta": {
    "AcquisitionNumber": 4,
    "BIDSVersion": "1.1.0",
    "BidsifyVersion": "0.3",
    "ConversionSoftware": "dcm2niix",
    "ConversionSoftwareVersion": "v1.0.20180622 GCC5.4.0",
    "EchoTime": 0.028,
    "EffectiveEchoSpacing": 0.0006909,
    "FlipAngle": 76.1,
    "ImageComments": "RepliSC",
    "ImageOrientationPatientDICOM": [
      0.998756,
      0.0385542,
      0.0316357,
      -0.0338302,
      0.98982,
      -0.138249
    ],
    "InstitutionName": "Spinoza Centre for Neuroimaging, location REC",
    "MagneticFieldStrength": 3,
    "Manufacturer": "Philips",
    "ParallelAcquisitionTechnique": "SENSE",
    "ParallelReductionFactorInPlane": 2,
    "PatientPosition": "HFS",
    "PhaseEncodingDirection": "j",
    "PhilipsRescaleIntercept": 0,
    "PhilipsRescaleSlope": 0.79219,
    "PhilipsScaleSlope": 0.0196891,
    "ProtocolName": "task-Tasteratingtask_acq-SeqMm3Tr2000_bold",
    "PulseSequenceType": "Gradient Echo EPI",
    "ReconMatrixPE": 80,
    "RepetitionTime": 2,
    "SeriesDescription": "ImageMRSERIES",
    "SeriesNumber": 4,
    "SliceEncodingDirection": "k",
    "SliceTiming": [
      0.0,
      0.05555555555555555,
      0.1111111111111111,
      0.16666666666666666,
      0.2222222222222222,
      0.2777777777777778,
      0.3333333333333333,
      0.38888888888888884,
      0.4444444444444444,
      0.5,
      0.5555555555555556,
      0.611111111111111,
      0.6666666666666666,
      0.7222222222222222,
      0.7777777777777777,
      0.8333333333333333,
      0.8888888888888888,
      0.9444444444444444,
      1.0,
      1.0555555555555556,
      1.1111111111111112,
      1.1666666666666665,
      1.222222222222222,
      1.2777777777777777,
      1.3333333333333333,
      1.3888888888888888,
      1.4444444444444444,
      1.5,
      1.5555555555555554,
      1.611111111111111,
      1.6666666666666665,
      1.722222222222222,
      1.7777777777777777,
      1.8333333333333333,
      1.8888888888888888,
      1.9444444444444444
    ],
    "TaskName": "Tasteratingtask",
    "TotalReadoutTime": 0.0269452,
    "UsePhilipsFloatNotDisplayScaling": 1,
    "WaterFatShift": 12.0,
    "acq_id": "SeqMm3Tr2000",
    "dataset": "ds002643",
    "modality": "bold",
    "subject_id": "025",
    "task_id": "Tasteratingtask"
  },
  "dummy_trs": 0,
  "dvars_nstd": 19.19260911780702,
  "dvars_std": 1.2299224145906436,
  "dvars_vstd": 1.0065526626023389,
  "efc": 0.4374535880847062,
  "fber": 100027.9375,
  "fd_mean": 0.08536276341660173,
  "fd_num": 6,
  "fd_perc": 1.749271137026239,
  "fwhm_avg": 1.8106844526600117,
  "fwhm_x": 1.7864933333333333,
  "fwhm_y": 1.9398600000000001,
  "fwhm_z": 1.7057000246467016,
  "gcor": 0.0507555,
  "gsr_x": -0.015870381146669388,
  "gsr_y": 0.0075813415460288525,
  "provenance": {
    "md5sum": "b9f5607e67d743507392fbff3897e193",
    "settings": {
      "fd_thres": 0.2,
      "testing": false
    },
    "software": "mriqc",
    "version": "23.0.1",
    "webapi_port": null,
    "webapi_url": "https://mriqc.nimh.nih.gov/api/v1"
  },
  "size_t": 343,
  "size_x": 80,
  "size_y": 80,
  "size_z": 36,
  "snr": 6.088621746423292,
  "spacing_tr": 2.0,
  "spacing_x": 3.0,
  "spacing_y": 3.0,
  "spacing_z": 3.299999952316284,
  "summary_bg_k": 53.242087166161234,
  "summary_bg_mad": 271.91298188409394,
  "summary_bg_mean": 1331.0975341796875,
  "summary_bg_median": 223.6407470703125,
  "summary_bg_n": 151762.0,
  "summary_bg_p05": 12.10893898010254,
  "summary_bg_p95": 5654.967041015621,
  "summary_bg_stdv": 3826.98388671875,
  "summary_fg_k": 3.2879363965107986,
  "summary_fg_mad": 11860.354434851533,
  "summary_fg_mean": 74449.65625,
  "summary_fg_median": 73204.828125,
  "summary_fg_n": 38119.0,
  "summary_fg_p05": 58297.34140625,
  "summary_fg_p95": 94222.43515625,
  "summary_fg_stdv": 12023.060546875,
  "tsnr": 87.4460220336914
}