{
  "aor": 0.0014962390670553937,
  "aqi": 0.004040270204081632,
  "bids_meta": {
    "AcquisitionNumber": 6,
    "BIDSVersion": "1.1.0",
    "BidsifyVersion": "0.3",
    "ConversionSoftware": "dcm2niix",
    "ConversionSoftwareVersion": "v1.0.20180622 GCC5.4.0",
    "EchoTime": 0.028,
    "EffectiveEchoSpacing": 0.0006909,
    "FlipAngle": 76.1,
    "ImageComments": "RepliSC",
    "ImageOrientationPatientDICOM": [
      0.998756,
      0.0385542,
      0.0316357,
      -0.0338302,
      0.98982,
      -0.138249
    ],
    "InstitutionName": "Spinoza Centre for Neuroimaging, location REC",
    "MagneticFieldStrength": 3,
    "Manufacturer": "Philips",
    "ParallelAcquisitionTechnique": "SENSE",
    "ParallelReductionFactorInPlane": 2,
    "PatientPosition": "HFS",
    "PhaseEncodingDirection": "j",
    "PhilipsRescaleIntercept": 0,
    "PhilipsRescaleSlope": 0.79048,
    "PhilipsScaleSlope": 0.0191986,
    "ProtocolName": "task-Decisiontask_acq-SeqMm3Tr2000_bold",
    "PulseSequenceType": "Gradient Echo EPI",
    "ReconMatrixPE": 80,
    "RepetitionTime": 2,
    "SeriesDescription": "ImageMRSERIES",
    "SeriesNumber": 6,
    "SliceEncodingDirection": "k",
    "SliceTiming": [
      0.0,
      0.05555555555555555,
      0.1111111111111111,
      0.16666666666666666,
      0.2222222222222222,
      0.2777777777777778,
      0.3333333333333333,
      0.38888888888888884,
      0.4444444444444444,
      0.5,
      0.5555555555555556,
      0.611111111111111,
      0.6666666666666666,
      0.7222222222222222,
      0.7777777777777777,
      0.8333333333333333,
      0.8888888888888888,
      0.9444444444444444,
      1.0,
      1.0555555555555556,
      1.1111111111111112,
      1.1666666666666665,
      1.222222222222222,
      1.2777777777777777,
      1.3333333333333333,
      1.3888888888888888,
      1.4444444444444444,
      1.5,
      1.5555555555555554,
      1.611111111111111,
      1.6666666666666665,
      1.722222222222222,
      1.7777777777777777,
      1.8333333333333333,
      1.8888888888888888,
      1.9444444444444444
    ],
    "TaskName": "Decisiontask",
    "TotalReadoutTime": 0.0269452,
    "UsePhilipsFloatNotDisplayScaling": 1,
    "WaterFatShift": 12.0,
    "acq_id": "SeqMm3Tr2000",
    "dataset": "ds002643",
    "modality": "bold",
    "subject_id": "025",
    "task_id": "Decisiontask"
  },
  "dummy_trs": 0,
  "dvars_nstd": 20.0721310563158,
  "dvars_std": 1.241910995614035,
  "dvars_vstd": 1.0135416656725138,
  "efc": 0.4380172650732327,
  "fber": 95173.265625,
  "fd_mean": 0.10554791071831239,
  "fd_num": 22,
  "fd_perc": 6.41399416909621,
  "fwhm_avg": 1.8267477860864647,
  "fwhm_x": 1.7988366666666666,
  "fwhm_y": 1.9563733333333333,
  "fwhm_z": 1.7250333582593942,
  "gcor": 0.0594725,
  "gsr_x": -0.015970002859830856,
  "gsr_y": 0.00812762975692749,
  "provenance": {
    "md5sum": "d92c320fec4a97b1519cf2e638409337",
    "settings": {
      "fd_thres": 0.2,
      "testing": false
    },
    "software": "mriqc",
    "version": "23.0.1",
    "webapi_port": null,
    "webapi_url": "https://mriqc.nimh.nih.gov/api/v1"
  },
  "size_t": 343,
  "size_x": 80,
  "size_y": 80,
  "size_z": 36,
  "snr": 6.012850336590096,
  "spacing_tr": 2.0,
  "spacing_x": 3.0,
  "spacing_y": 3.0,
  "spacing_z": 3.299999952316284,
  "summary_bg_k": 54.996991452219795,
  "summary_bg_mad": 275.8692280594155,
  "summary_bg_mean": 1336.5115966796875,
  "summary_bg_median": 225.8897705078125,
  "summary_bg_n": 151744.0,
  "summary_bg_p05": 12.826509428024293,
  "summary_bg_p95": 5634.887500000004,
  "summary_bg_stdv": 3842.605224609375,
  "summary_fg_k": 3.2361911773629544,
  "summary_fg_mad": 11810.365837003756,
  "summary_fg_mean": 73343.0546875,
  "summary_fg_median": 72067.375,
  "summary_fg_n": 38152.0,
  "summary_fg_p05": 57275.6541015625,
  "summary_fg_p95": 93081.19921874996,
  "summary_fg_stdv": 11985.40234375,
  "tsnr": 85.51200103759766
}