{
  "aor": 0.0008879591836734695,
  "aqi": 0.004815046588921283,
  "bids_meta": {
    "AcquisitionNumber": 4,
    "BIDSVersion": "1.1.0",
    "BidsifyVersion": "0.3",
    "ConversionSoftware": "dcm2niix",
    "ConversionSoftwareVersion": "v1.0.20180622 GCC5.4.0",
    "EchoTime": 0.028,
    "EffectiveEchoSpacing": 0.0006909,
    "FlipAngle": 76.1,
    "ImageComments": "RepliSC",
    "ImageOrientationPatientDICOM": [
      0.997957,
      0.06341,
      -0.00779934,
      -0.0631359,
      0.997509,
      0.0314426
    ],
    "InstitutionName": "Spinoza Centre for Neuroimaging, location REC",
    "MagneticFieldStrength": 3,
    "Manufacturer": "Philips",
    "ParallelAcquisitionTechnique": "SENSE",
    "ParallelReductionFactorInPlane": 2,
    "PatientPosition": "HFS",
    "PhaseEncodingDirection": "j",
    "PhilipsRescaleIntercept": 0,
    "PhilipsRescaleSlope": 0.77411,
    "PhilipsScaleSlope": 0.020289,
    "ProtocolName": "task-Tasteratingtask_acq-SeqMm3Tr2000_bold",
    "PulseSequenceType": "Gradient Echo EPI",
    "ReconMatrixPE": 80,
    "RepetitionTime": 2,
    "SeriesDescription": "ImageMRSERIES",
    "SeriesNumber": 4,
    "SliceEncodingDirection": "k",
    "SliceTiming": [
      0.0,
      0.05555555555555555,
      0.1111111111111111,
      0.16666666666666666,
      0.2222222222222222,
      0.2777777777777778,
      0.3333333333333333,
      0.38888888888888884,
      0.4444444444444444,
      0.5,
      0.5555555555555556,
      0.611111111111111,
      0.6666666666666666,
      0.7222222222222222,
      0.7777777777777777,
      0.8333333333333333,
      0.8888888888888888,
      0.9444444444444444,
      1.0,
      1.0555555555555556,
      1.1111111111111112,
      1.1666666666666665,
      1.222222222222222,
      1.2777777777777777,
      1.3333333333333333,
      1.3888888888888888,
      1.4444444444444444,
      1.5,
      1.5555555555555554,
      1.611111111111111,
      1.6666666666666665,
      1.722222222222222,
      1.7777777777777777,
      1.8333333333333333,
      1.8888888888888888,
      1.9444444444444444
    ],
    "TaskName": "Tasteratingtask",
    "TotalReadoutTime": 0.0269452,
    "UsePhilipsFloatNotDisplayScaling": 1,
    "WaterFatShift": 12.0,
    "acq_id": "SeqMm3Tr2000",
    "dataset": "ds002643",
    "modality": "bold",
    "subject_id": "089",
    "task_id": "Tasteratingtask"
  },
  "dummy_trs": 0,
  "dvars_nstd": 20.290387992894754,
  "dvars_std": 1.1813175769298243,
  "dvars_vstd": 1.0044199687719297,
  "efc": 0.4153038093733992,
  "fber": 130709.3671875,
  "fd_mean": 0.18150611855389112,
  "fd_num": 132,
  "fd_perc": 38.48396501457726,
  "fwhm_avg": 1.8650359675956876,
  "fwhm_x": 1.8495633333333332,
  "fwhm_y": 2.0846566666666666,
  "fwhm_z": 1.6608879027870627,
  "gcor": 0.0696022,
  "gsr_x": -0.0170911755412817,
  "gsr_y": 0.010597757063806057,
  "provenance": {
    "md5sum": "cd40e5763cee40a24330ec8a1b40e67d",
    "settings": {
      "fd_thres": 0.2,
      "testing": false
    },
    "software": "mriqc",
    "version": "23.0.1",
    "webapi_port": null,
    "webapi_url": "https://mriqc.nimh.nih.gov/api/v1"
  },
  "size_t": 343,
  "size_x": 80,
  "size_y": 80,
  "size_z": 36,
  "snr": 6.7128938933109765,
  "spacing_tr": 2.0,
  "spacing_x": 3.0,
  "spacing_y": 3.0,
  "spacing_z": 3.299999952316284,
  "summary_bg_k": 43.21323400378234,
  "summary_bg_mad": 230.98763166191168,
  "summary_bg_mean": 1388.00732421875,
  "summary_bg_median": 190.8775177001953,
  "summary_bg_n": 157551.0,
  "summary_bg_p05": 7.49712061882019,
  "summary_bg_p95": 7008.697998046875,
  "summary_bg_stdv": 3716.76171875,
  "summary_fg_k": 2.3915225387533674,
  "summary_fg_mad": 9820.930837828588,
  "summary_fg_mean": 72757.9140625,
  "summary_fg_median": 71779.703125,
  "summary_fg_n": 32573.0,
  "summary_fg_p05": 58119.553125,
  "summary_fg_p95": 90631.2859375,
  "summary_fg_stdv": 10692.646484375,
  "tsnr": 85.09864044189453
}