{
  "aor": 0.0010748396501457727,
  "aqi": 0.005565633527696793,
  "bids_meta": {
    "AcquisitionNumber": 4,
    "BIDSVersion": "1.1.0",
    "BidsifyVersion": "0.3",
    "ConversionSoftware": "dcm2niix",
    "ConversionSoftwareVersion": "v1.0.20180622 GCC5.4.0",
    "EchoTime": 0.028,
    "EffectiveEchoSpacing": 0.0006909,
    "FlipAngle": 76.1,
    "ImageComments": "RepliSC",
    "ImageOrientationPatientDICOM": [
      0.99958,
      -0.0163264,
      0.0239422,
      0.0186694,
      0.994696,
      -0.101148
    ],
    "InstitutionName": "Spinoza Centre for Neuroimaging, location REC",
    "MagneticFieldStrength": 3,
    "Manufacturer": "Philips",
    "ParallelAcquisitionTechnique": "SENSE",
    "ParallelReductionFactorInPlane": 2,
    "PatientPosition": "HFS",
    "PhaseEncodingDirection": "j",
    "PhilipsRescaleIntercept": 0,
    "PhilipsRescaleSlope": 0.77729,
    "PhilipsScaleSlope": 0.0219347,
    "ProtocolName": "task-Tasteratingtask_acq-SeqMm3Tr2000_bold",
    "PulseSequenceType": "Gradient Echo EPI",
    "ReconMatrixPE": 80,
    "RepetitionTime": 2,
    "SeriesDescription": "ImageMRSERIES",
    "SeriesNumber": 4,
    "SliceEncodingDirection": "k",
    "SliceTiming": [
      0.0,
      0.05555555555555555,
      0.1111111111111111,
      0.16666666666666666,
      0.2222222222222222,
      0.2777777777777778,
      0.3333333333333333,
      0.38888888888888884,
      0.4444444444444444,
      0.5,
      0.5555555555555556,
      0.611111111111111,
      0.6666666666666666,
      0.7222222222222222,
      0.7777777777777777,
      0.8333333333333333,
      0.8888888888888888,
      0.9444444444444444,
      1.0,
      1.0555555555555556,
      1.1111111111111112,
      1.1666666666666665,
      1.222222222222222,
      1.2777777777777777,
      1.3333333333333333,
      1.3888888888888888,
      1.4444444444444444,
      1.5,
      1.5555555555555554,
      1.611111111111111,
      1.6666666666666665,
      1.722222222222222,
      1.7777777777777777,
      1.8333333333333333,
      1.8888888888888888,
      1.9444444444444444
    ],
    "TaskName": "Tasteratingtask",
    "TotalReadoutTime": 0.0269452,
    "UsePhilipsFloatNotDisplayScaling": 1,
    "WaterFatShift": 12.0,
    "acq_id": "SeqMm3Tr2000",
    "dataset": "ds002643",
    "modality": "bold",
    "subject_id": "065",
    "task_id": "Tasteratingtask"
  },
  "dummy_trs": 0,
  "dvars_nstd": 20.453628333625748,
  "dvars_std": 1.1724539255555557,
  "dvars_vstd": 1.0091636393859649,
  "efc": 0.45520076281642213,
  "fber": 112926.953125,
  "fd_mean": 0.12420716934589172,
  "fd_num": 27,
  "fd_perc": 7.871720116618076,
  "fwhm_avg": 1.812515664572011,
  "fwhm_x": 1.7670000000000001,
  "fwhm_y": 2.0082833333333334,
  "fwhm_z": 1.6622636603826995,
  "gcor": 0.0446201,
  "gsr_x": -0.009514535777270794,
  "gsr_y": 0.01349044218659401,
  "provenance": {
    "md5sum": "56f0762a5ce800e91e65011e249fb499",
    "settings": {
      "fd_thres": 0.2,
      "testing": false
    },
    "software": "mriqc",
    "version": "23.0.1",
    "webapi_port": null,
    "webapi_url": "https://mriqc.nimh.nih.gov/api/v1"
  },
  "size_t": 343,
  "size_x": 80,
  "size_y": 80,
  "size_z": 36,
  "snr": 6.468749093669625,
  "spacing_tr": 2.0,
  "spacing_x": 3.0,
  "spacing_y": 3.0,
  "spacing_z": 3.299999952316284,
  "summary_bg_k": 74.08240040636262,
  "summary_bg_mad": 209.9996910538361,
  "summary_bg_mean": 1365.24609375,
  "summary_bg_median": 183.5105743408203,
  "summary_bg_n": 148508.0,
  "summary_bg_p05": 10.133412218093872,
  "summary_bg_p95": 6581.9525878906215,
  "summary_bg_stdv": 3844.99169921875,
  "summary_fg_k": 2.7551545374947377,
  "summary_fg_mad": 9164.363920212332,
  "summary_fg_mean": 64915.23046875,
  "summary_fg_median": 63618.95703125,
  "summary_fg_n": 40421.0,
  "summary_fg_p05": 51830.0234375,
  "summary_fg_p95": 80813.2421875,
  "summary_fg_stdv": 9834.6943359375,
  "tsnr": 80.27105712890625
}