{
  "bids_meta": {
    "AcquisitionNumber": 2,
    "BIDSVersion": "1.1.0",
    "BidsifyVersion": "0.3",
    "ConversionSoftware": "dcm2niix",
    "ConversionSoftwareVersion": "v1.0.20180622 GCC5.4.0",
    "EchoTime": 0.0038,
    "ImageComments": "RepliSC",
    "ImageOrientationPatientDICOM": [
      0.999663,
      -0.0176064,
      0.0190957,
      0.0204163,
      0.987122,
      -0.158663
    ],
    "InstitutionName": "Spinoza Centre for Neuroimaging, location REC",
    "InversionTime": 0.9,
    "MagneticFieldStrength": 3,
    "Manufacturer": "Philips",
    "ParallelAcquisitionTechnique": "SENSE",
    "PatientPosition": "HFS",
    "PhilipsRescaleIntercept": 0,
    "PhilipsRescaleSlope": 3.99487,
    "PhilipsScaleSlope": 0.00443567,
    "ProtocolName": "acq-AxialNsig1Mm1_T1w",
    "ReconMatrixPE": 240,
    "RepetitionTime": 0.008274,
    "SeriesDescription": "ImageMRSERIES",
    "SeriesNumber": 2,
    "UsePhilipsFloatNotDisplayScaling": 1,
    "acq_id": "AxialNsig1Mm1",
    "dataset": "ds002643",
    "modality": "T1w",
    "subject_id": "084"
  },
  "cjv": 0.3025065725163157,
  "cnr": 4.311328567888888,
  "efc": 0.6865696780447975,
  "fber": -1.0,
  "fwhm_avg": 4.5700834223717495,
  "fwhm_x": 4.4814502671152505,
  "fwhm_y": 4.78325,
  "fwhm_z": 4.44555,
  "icvs_csf": 0.23990939357783245,
  "icvs_gm": 0.392800670851409,
  "icvs_wm": 0.3672899355707585,
  "inu_med": 0.5412154793739319,
  "inu_range": 0.1787881851196289,
  "provenance": {
    "md5sum": "76808be5795cd9bc4999439d0a24c481",
    "settings": {
      "testing": false
    },
    "software": "mriqc",
    "version": "23.0.1",
    "warnings": {
      "large_rot_frame": true,
      "small_air_mask": false
    },
    "webapi_port": null,
    "webapi_url": "https://mriqc.nimh.nih.gov/api/v1"
  },
  "qi_1": 0.015482398956975228,
  "qi_2": 3.4587566845368915e-05,
  "rpve_csf": 23.168676607676463,
  "rpve_gm": 13.864524263102918,
  "rpve_wm": 18.50938454374386,
  "size_x": 240,
  "size_y": 240,
  "size_z": 220,
  "snr_csf": 1.0811848137522082,
  "snr_gm": 8.411588531132457,
  "snr_total": 12.71898903443988,
  "snr_wm": 28.664193758434976,
  "snrd_csf": 14.603284018027407,
  "snrd_gm": 87.22865644272883,
  "snrd_total": 79.44628650367295,
  "snrd_wm": 136.5069190502626,
  "spacing_x": 0.9999999403953552,
  "spacing_y": 1.0,
  "spacing_z": 1.0,
  "summary_bg_k": 38.27864891249062,
  "summary_bg_mad": 0.0,
  "summary_bg_mean": 1.6251334673045021,
  "summary_bg_median": 0.0,
  "summary_bg_n": 323982.0,
  "summary_bg_p05": 0.0,
  "summary_bg_p95": 10.679255433380604,
  "summary_bg_stdv": 4.799180707907514,
  "summary_csf_k": 0.71323708485509,
  "summary_csf_mad": 94.76069070231318,
  "summary_csf_mean": 133.29089984283098,
  "summary_csf_median": 106.97588919103146,
  "summary_csf_n": 49420.0,
  "summary_csf_p05": 23.489778582006693,
  "summary_csf_p95": 332.02057227808973,
  "summary_csf_stdv": 98.9422025828992,
  "summary_gm_k": 0.12777331949590742,
  "summary_gm_mad": 76.24345282753345,
  "summary_gm_mean": 638.1649010889934,
  "summary_gm_median": 638.9907280020416,
  "summary_gm_n": 38453.0,
  "summary_gm_p05": 514.3001082316041,
  "summary_gm_p95": 761.2475775428117,
  "summary_gm_stdv": 75.96453593266702,
  "summary_wm_k": 0.5436858516703249,
  "summary_wm_mad": 32.957285758782284,
  "summary_wm_mean": 1000.0870951057802,
  "summary_wm_median": 999.9770618788898,
  "summary_wm_n": 245108.0,
  "summary_wm_p05": 943.0745055675507,
  "summary_wm_p95": 1057.4296227619052,
  "summary_wm_stdv": 34.885859007014346,
  "tpm_overlap_csf": 0.1559060832673912,
  "tpm_overlap_gm": 0.4596059972171429,
  "tpm_overlap_wm": 0.5307778487182612,
  "wm2max": 0.7270197770705943
}