{
  "aor": 0.0022905247813411076,
  "aqi": 0.012697462682215744,
  "bids_meta": {
    "AcquisitionNumber": 3,
    "BIDSVersion": "1.1.0",
    "BidsifyVersion": "0.3",
    "ConversionSoftware": "dcm2niix",
    "ConversionSoftwareVersion": "v1.0.20180622 GCC5.4.0",
    "EchoTime": 0.028,
    "EffectiveEchoSpacing": 0.0006909,
    "FlipAngle": 76.1,
    "ImageComments": "RepliSC",
    "ImageOrientationPatientDICOM": [
      0.999238,
      -0.0385112,
      0.00629203,
      0.0387362,
      0.959473,
      -0.279124
    ],
    "InstitutionName": "Spinoza Centre for Neuroimaging, location REC",
    "MagneticFieldStrength": 3,
    "Manufacturer": "Philips",
    "ParallelAcquisitionTechnique": "SENSE",
    "ParallelReductionFactorInPlane": 2,
    "PatientPosition": "HFS",
    "PhaseEncodingDirection": "j",
    "PhilipsRescaleIntercept": 0,
    "PhilipsRescaleSlope": 0.80147,
    "PhilipsScaleSlope": 0.0206298,
    "ProtocolName": "task-Healthratingtask_acq-SeqMm3Tr2000_bold",
    "PulseSequenceType": "Gradient Echo EPI",
    "ReconMatrixPE": 80,
    "RepetitionTime": 2,
    "SeriesDescription": "ImageMRSERIES",
    "SeriesNumber": 3,
    "SliceEncodingDirection": "k",
    "SliceTiming": [
      0.0,
      0.05555555555555555,
      0.1111111111111111,
      0.16666666666666666,
      0.2222222222222222,
      0.2777777777777778,
      0.3333333333333333,
      0.38888888888888884,
      0.4444444444444444,
      0.5,
      0.5555555555555556,
      0.611111111111111,
      0.6666666666666666,
      0.7222222222222222,
      0.7777777777777777,
      0.8333333333333333,
      0.8888888888888888,
      0.9444444444444444,
      1.0,
      1.0555555555555556,
      1.1111111111111112,
      1.1666666666666665,
      1.222222222222222,
      1.2777777777777777,
      1.3333333333333333,
      1.3888888888888888,
      1.4444444444444444,
      1.5,
      1.5555555555555554,
      1.611111111111111,
      1.6666666666666665,
      1.722222222222222,
      1.7777777777777777,
      1.8333333333333333,
      1.8888888888888888,
      1.9444444444444444
    ],
    "TaskName": "Healthratingtask",
    "TotalReadoutTime": 0.0269452,
    "UsePhilipsFloatNotDisplayScaling": 1,
    "WaterFatShift": 12.0,
    "acq_id": "SeqMm3Tr2000",
    "dataset": "ds002643",
    "modality": "bold",
    "subject_id": "053",
    "task_id": "Healthratingtask"
  },
  "dummy_trs": 0,
  "dvars_nstd": 21.147070299385966,
  "dvars_std": 1.1088963772807015,
  "dvars_vstd": 0.9434269652046784,
  "efc": 0.4504160580077189,
  "fber": 96842.1640625,
  "fd_mean": 0.15058215197639982,
  "fd_num": 73,
  "fd_perc": 21.282798833819243,
  "fwhm_avg": 1.8173565736725823,
  "fwhm_x": 1.7892566666666667,
  "fwhm_y": 1.9985433333333333,
  "fwhm_z": 1.6642697210177468,
  "gcor": 0.0430483,
  "gsr_x": -0.008135267533361912,
  "gsr_y": 0.012064086273312569,
  "provenance": {
    "md5sum": "b5632218c21fe211602e60ef2805ee5c",
    "settings": {
      "fd_thres": 0.2,
      "testing": false
    },
    "software": "mriqc",
    "version": "23.0.1",
    "webapi_port": null,
    "webapi_url": "https://mriqc.nimh.nih.gov/api/v1"
  },
  "size_t": 343,
  "size_x": 80,
  "size_y": 80,
  "size_z": 36,
  "snr": 6.203566753245295,
  "spacing_tr": 2.0,
  "spacing_x": 3.0,
  "spacing_y": 3.0,
  "spacing_z": 3.299999952316284,
  "summary_bg_k": 43.3181197997048,
  "summary_bg_mad": 248.13937635708297,
  "summary_bg_mean": 1775.521728515625,
  "summary_bg_median": 205.6083526611328,
  "summary_bg_n": 151651.0,
  "summary_bg_p05": 12.244603633880615,
  "summary_bg_p95": 9748.36865234375,
  "summary_bg_stdv": 4827.0888671875,
  "summary_fg_k": 2.9970481719894533,
  "summary_fg_mad": 9371.276696625064,
  "summary_fg_mean": 65853.1015625,
  "summary_fg_median": 64417.3828125,
  "summary_fg_n": 37706.0,
  "summary_fg_p05": 52703.1455078125,
  "summary_fg_p95": 83166.296875,
  "summary_fg_stdv": 10383.7890625,
  "tsnr": 57.699501037597656
}