{
  "aor": 0.0013310204081632654,
  "aqi": 0.0060022508163265305,
  "bids_meta": {
    "AcquisitionNumber": 4,
    "BIDSVersion": "1.1.0",
    "BidsifyVersion": "0.3",
    "ConversionSoftware": "dcm2niix",
    "ConversionSoftwareVersion": "v1.0.20180622 GCC5.4.0",
    "EchoTime": 0.028,
    "EffectiveEchoSpacing": 0.0006909,
    "FlipAngle": 76.1,
    "ImageComments": "RepliSC",
    "ImageOrientationPatientDICOM": [
      0.999238,
      -0.0385112,
      0.00629203,
      0.0387362,
      0.959473,
      -0.279124
    ],
    "InstitutionName": "Spinoza Centre for Neuroimaging, location REC",
    "MagneticFieldStrength": 3,
    "Manufacturer": "Philips",
    "ParallelAcquisitionTechnique": "SENSE",
    "ParallelReductionFactorInPlane": 2,
    "PatientPosition": "HFS",
    "PhaseEncodingDirection": "j",
    "PhilipsRescaleIntercept": 0,
    "PhilipsRescaleSlope": 0.8083,
    "PhilipsScaleSlope": 0.0217816,
    "ProtocolName": "task-Tasteratingtask_acq-SeqMm3Tr2000_bold",
    "PulseSequenceType": "Gradient Echo EPI",
    "ReconMatrixPE": 80,
    "RepetitionTime": 2,
    "SeriesDescription": "ImageMRSERIES",
    "SeriesNumber": 4,
    "SliceEncodingDirection": "k",
    "SliceTiming": [
      0.0,
      0.05555555555555555,
      0.1111111111111111,
      0.16666666666666666,
      0.2222222222222222,
      0.2777777777777778,
      0.3333333333333333,
      0.38888888888888884,
      0.4444444444444444,
      0.5,
      0.5555555555555556,
      0.611111111111111,
      0.6666666666666666,
      0.7222222222222222,
      0.7777777777777777,
      0.8333333333333333,
      0.8888888888888888,
      0.9444444444444444,
      1.0,
      1.0555555555555556,
      1.1111111111111112,
      1.1666666666666665,
      1.222222222222222,
      1.2777777777777777,
      1.3333333333333333,
      1.3888888888888888,
      1.4444444444444444,
      1.5,
      1.5555555555555554,
      1.611111111111111,
      1.6666666666666665,
      1.722222222222222,
      1.7777777777777777,
      1.8333333333333333,
      1.8888888888888888,
      1.9444444444444444
    ],
    "TaskName": "Tasteratingtask",
    "TotalReadoutTime": 0.0269452,
    "UsePhilipsFloatNotDisplayScaling": 1,
    "WaterFatShift": 12.0,
    "acq_id": "SeqMm3Tr2000",
    "dataset": "ds002643",
    "modality": "bold",
    "subject_id": "053",
    "task_id": "Tasteratingtask"
  },
  "dummy_trs": 0,
  "dvars_nstd": 20.36817651336259,
  "dvars_std": 1.1818803962865492,
  "dvars_vstd": 0.9858012834502932,
  "efc": 0.4524542174432131,
  "fber": 91511.5,
  "fd_mean": 0.12164035123561551,
  "fd_num": 22,
  "fd_perc": 6.41399416909621,
  "fwhm_avg": 1.7889503110128666,
  "fwhm_x": 1.7518566666666666,
  "fwhm_y": 1.95767,
  "fwhm_z": 1.6573242663719332,
  "gcor": 0.0444745,
  "gsr_x": -0.00877036526799202,
  "gsr_y": 0.011945965699851513,
  "provenance": {
    "md5sum": "c437e543d87fecf2a70309eabd9f69c3",
    "settings": {
      "fd_thres": 0.2,
      "testing": false
    },
    "software": "mriqc",
    "version": "23.0.1",
    "webapi_port": null,
    "webapi_url": "https://mriqc.nimh.nih.gov/api/v1"
  },
  "size_t": 343,
  "size_x": 80,
  "size_y": 80,
  "size_z": 36,
  "snr": 6.241828366530865,
  "spacing_tr": 2.0,
  "spacing_x": 3.0,
  "spacing_y": 3.0,
  "spacing_z": 3.299999952316284,
  "summary_bg_k": 41.02927590398147,
  "summary_bg_mad": 247.19588473684544,
  "summary_bg_mean": 1789.5501708984375,
  "summary_bg_median": 205.72503662109375,
  "summary_bg_n": 151562.0,
  "summary_bg_p05": 11.757456827163697,
  "summary_bg_p95": 9829.192822265582,
  "summary_bg_stdv": 4826.7490234375,
  "summary_fg_k": 3.1306939350790604,
  "summary_fg_mad": 8958.012911046459,
  "summary_fg_mean": 63935.94140625,
  "summary_fg_median": 62612.578125,
  "summary_fg_n": 37798.0,
  "summary_fg_p05": 51383.4125,
  "summary_fg_p95": 80357.53984375001,
  "summary_fg_stdv": 10030.9951171875,
  "tsnr": 76.0884780883789
}