{
  "aor": 0.0017867083333333333,
  "aqi": 0.005967401666666666,
  "bids_meta": {
    "AcquisitionNumber": 7,
    "BIDSVersion": "1.1.0",
    "BidsifyVersion": "0.3",
    "ConversionSoftware": "dcm2niix",
    "ConversionSoftwareVersion": "v1.0.20180622 GCC5.4.0",
    "EchoTime": 0.028,
    "EffectiveEchoSpacing": 0.0006909,
    "FlipAngle": 76.1,
    "ImageComments": "RepliSC",
    "ImageOrientationPatientDICOM": [
      0.999238,
      -0.0385112,
      0.00629203,
      0.0387362,
      0.959473,
      -0.279124
    ],
    "InstitutionName": "Spinoza Centre for Neuroimaging, location REC",
    "MagneticFieldStrength": 3,
    "Manufacturer": "Philips",
    "ParallelAcquisitionTechnique": "SENSE",
    "ParallelReductionFactorInPlane": 2,
    "PatientPosition": "HFS",
    "PhaseEncodingDirection": "j",
    "PhilipsRescaleIntercept": 0,
    "PhilipsRescaleSlope": 0.78144,
    "PhilipsScaleSlope": 0.0215641,
    "ProtocolName": "task-RestingState_acq-SeqMm3Tr2000_bold",
    "PulseSequenceType": "Gradient Echo EPI",
    "ReconMatrixPE": 80,
    "RepetitionTime": 2,
    "SeriesDescription": "ImageMRSERIES",
    "SeriesNumber": 7,
    "SliceEncodingDirection": "k",
    "SliceTiming": [
      0.0,
      0.05555555555555555,
      0.1111111111111111,
      0.16666666666666666,
      0.2222222222222222,
      0.2777777777777778,
      0.3333333333333333,
      0.38888888888888884,
      0.4444444444444444,
      0.5,
      0.5555555555555556,
      0.611111111111111,
      0.6666666666666666,
      0.7222222222222222,
      0.7777777777777777,
      0.8333333333333333,
      0.8888888888888888,
      0.9444444444444444,
      1.0,
      1.0555555555555556,
      1.1111111111111112,
      1.1666666666666665,
      1.222222222222222,
      1.2777777777777777,
      1.3333333333333333,
      1.3888888888888888,
      1.4444444444444444,
      1.5,
      1.5555555555555554,
      1.611111111111111,
      1.6666666666666665,
      1.722222222222222,
      1.7777777777777777,
      1.8333333333333333,
      1.8888888888888888,
      1.9444444444444444
    ],
    "TaskName": "RestingState",
    "TotalReadoutTime": 0.0269452,
    "UsePhilipsFloatNotDisplayScaling": 1,
    "WaterFatShift": 12.0,
    "acq_id": "SeqMm3Tr2000",
    "dataset": "ds002643",
    "modality": "bold",
    "subject_id": "053",
    "task_id": "RestingState"
  },
  "dummy_trs": 0,
  "dvars_nstd": 20.31210583740585,
  "dvars_std": 1.1813893583263608,
  "dvars_vstd": 1.0067576842677823,
  "efc": 0.45372298497636165,
  "fber": 78122.2734375,
  "fd_mean": 0.1355444347478658,
  "fd_num": 27,
  "fd_perc": 11.25,
  "fwhm_avg": 1.8288314223090933,
  "fwhm_x": 1.7937033333333332,
  "fwhm_y": 1.9970333333333334,
  "fwhm_z": 1.6957576002606132,
  "gcor": 0.0356068,
  "gsr_x": -0.009262317791581154,
  "gsr_y": 0.013294338248670101,
  "provenance": {
    "md5sum": "7bce2fadde18a1e2006394a538b48182",
    "settings": {
      "fd_thres": 0.2,
      "testing": false
    },
    "software": "mriqc",
    "version": "23.0.1",
    "webapi_port": null,
    "webapi_url": "https://mriqc.nimh.nih.gov/api/v1"
  },
  "size_t": 240,
  "size_x": 80,
  "size_y": 80,
  "size_z": 36,
  "snr": 6.11359940864088,
  "spacing_tr": 2.0,
  "spacing_x": 3.0,
  "spacing_y": 3.0,
  "spacing_z": 3.299999952316284,
  "summary_bg_k": 39.11008808772923,
  "summary_bg_mad": 256.74188977885024,
  "summary_bg_mean": 1855.5447998046875,
  "summary_bg_median": 223.7198944091797,
  "summary_bg_n": 151487.0,
  "summary_bg_p05": 23.46708965301514,
  "summary_bg_p95": 10443.817773437475,
  "summary_bg_stdv": 4922.22021484375,
  "summary_fg_k": 2.853804702413483,
  "summary_fg_mad": 9358.092540568703,
  "summary_fg_mean": 64784.9375,
  "summary_fg_median": 63459.3359375,
  "summary_fg_n": 37919.0,
  "summary_fg_p05": 51135.56171875,
  "summary_fg_p95": 81975.89140624998,
  "summary_fg_stdv": 10379.8916015625,
  "tsnr": 74.06653594970703
}