{
  "aor": 0.0013433333333333333,
  "aqi": 0.009405176,
  "bids_meta": {
    "AcquisitionNumber": 7,
    "BIDSVersion": "1.1.0",
    "BidsifyVersion": "0.3",
    "ConversionSoftware": "dcm2niix",
    "ConversionSoftwareVersion": "v1.0.20180622 GCC5.4.0",
    "EchoTime": 0.028,
    "EffectiveEchoSpacing": 0.0006909,
    "FlipAngle": 76.1,
    "ImageComments": "RepliSC",
    "ImageOrientationPatientDICOM": [
      0.999787,
      0.00727225,
      0.0192926,
      -0.00540942,
      0.995471,
      -0.0949091
    ],
    "InstitutionName": "Spinoza Centre for Neuroimaging, location REC",
    "MagneticFieldStrength": 3,
    "Manufacturer": "Philips",
    "ParallelAcquisitionTechnique": "SENSE",
    "ParallelReductionFactorInPlane": 2,
    "PatientPosition": "HFS",
    "PhaseEncodingDirection": "j",
    "PhilipsRescaleIntercept": 0,
    "PhilipsRescaleSlope": 0.74945,
    "PhilipsScaleSlope": 0.0236757,
    "ProtocolName": "task-RestingState_acq-SeqMm3Tr2000_bold",
    "PulseSequenceType": "Gradient Echo EPI",
    "ReconMatrixPE": 80,
    "RepetitionTime": 2,
    "SeriesDescription": "ImageMRSERIES",
    "SeriesNumber": 7,
    "SliceEncodingDirection": "k",
    "SliceTiming": [
      0.0,
      0.05555555555555555,
      0.1111111111111111,
      0.16666666666666666,
      0.2222222222222222,
      0.2777777777777778,
      0.3333333333333333,
      0.38888888888888884,
      0.4444444444444444,
      0.5,
      0.5555555555555556,
      0.611111111111111,
      0.6666666666666666,
      0.7222222222222222,
      0.7777777777777777,
      0.8333333333333333,
      0.8888888888888888,
      0.9444444444444444,
      1.0,
      1.0555555555555556,
      1.1111111111111112,
      1.1666666666666665,
      1.222222222222222,
      1.2777777777777777,
      1.3333333333333333,
      1.3888888888888888,
      1.4444444444444444,
      1.5,
      1.5555555555555554,
      1.611111111111111,
      1.6666666666666665,
      1.722222222222222,
      1.7777777777777777,
      1.8333333333333333,
      1.8888888888888888,
      1.9444444444444444
    ],
    "TaskName": "RestingState",
    "TotalReadoutTime": 0.0269452,
    "UsePhilipsFloatNotDisplayScaling": 1,
    "WaterFatShift": 12.0,
    "acq_id": "SeqMm3Tr2000",
    "dataset": "ds002643",
    "modality": "bold",
    "subject_id": "029",
    "task_id": "RestingState"
  },
  "dummy_trs": 0,
  "dvars_nstd": 17.45735173230126,
  "dvars_std": 1.075175529916318,
  "dvars_vstd": 0.957503196694561,
  "efc": 0.4210569066348407,
  "fber": 92536.4453125,
  "fd_mean": 0.13486662333540173,
  "fd_num": 24,
  "fd_perc": 10.0,
  "fwhm_avg": 1.8212145535938362,
  "fwhm_x": 1.8077766666666666,
  "fwhm_y": 1.9660033333333333,
  "fwhm_z": 1.6898636607815087,
  "gcor": 0.0233253,
  "gsr_x": -0.012101581320166588,
  "gsr_y": 0.010730203241109848,
  "provenance": {
    "md5sum": "95e92a09a78cb0faaebf08a6402aa5e9",
    "settings": {
      "fd_thres": 0.2,
      "testing": false
    },
    "software": "mriqc",
    "version": "23.0.1",
    "webapi_port": null,
    "webapi_url": "https://mriqc.nimh.nih.gov/api/v1"
  },
  "size_t": 240,
  "size_x": 80,
  "size_y": 80,
  "size_z": 36,
  "snr": 5.455298490297357,
  "spacing_tr": 2.0,
  "spacing_x": 3.0,
  "spacing_y": 3.0,
  "spacing_z": 3.299999952316284,
  "summary_bg_k": 107.66817816423497,
  "summary_bg_mad": 229.48800302289365,
  "summary_bg_mean": 1248.2393798828125,
  "summary_bg_median": 202.31130981445312,
  "summary_bg_n": 155928.0,
  "summary_bg_p05": 22.12351236343384,
  "summary_bg_p95": 6040.38781738281,
  "summary_bg_stdv": 3639.379638671875,
  "summary_fg_k": 2.622221130325311,
  "summary_fg_mad": 9592.04832893187,
  "summary_fg_mean": 63396.24609375,
  "summary_fg_median": 61501.1640625,
  "summary_fg_n": 35030.0,
  "summary_fg_p05": 49307.1369140625,
  "summary_fg_p95": 83825.02343749997,
  "summary_fg_stdv": 11273.49609375,
  "tsnr": 68.29874420166016
}