{
  "aor": 0.006140666666666667,
  "aqi": 0.013287047958333333,
  "bids_meta": {
    "AcquisitionNumber": 7,
    "BIDSVersion": "1.1.0",
    "BidsifyVersion": "0.3",
    "ConversionSoftware": "dcm2niix",
    "ConversionSoftwareVersion": "v1.0.20180622 GCC5.4.0",
    "EchoTime": 0.028,
    "EffectiveEchoSpacing": 0.0006909,
    "FlipAngle": 76.1,
    "ImageComments": "RepliSC",
    "ImageOrientationPatientDICOM": [
      0.997654,
      0.0664298,
      -0.0165533,
      -0.0659143,
      0.997376,
      0.0299504
    ],
    "InstitutionName": "Spinoza Centre for Neuroimaging, location REC",
    "MagneticFieldStrength": 3,
    "Manufacturer": "Philips",
    "ParallelAcquisitionTechnique": "SENSE",
    "ParallelReductionFactorInPlane": 2,
    "PatientPosition": "HFS",
    "PhaseEncodingDirection": "j",
    "PhilipsRescaleIntercept": 0,
    "PhilipsRescaleSlope": 0.79219,
    "PhilipsScaleSlope": 0.0231356,
    "ProtocolName": "task-RestingState_acq-SeqMm3Tr2000_bold",
    "PulseSequenceType": "Gradient Echo EPI",
    "ReconMatrixPE": 80,
    "RepetitionTime": 2,
    "SeriesDescription": "ImageMRSERIES",
    "SeriesNumber": 7,
    "SliceEncodingDirection": "k",
    "SliceTiming": [
      0.0,
      0.05555555555555555,
      0.1111111111111111,
      0.16666666666666666,
      0.2222222222222222,
      0.2777777777777778,
      0.3333333333333333,
      0.38888888888888884,
      0.4444444444444444,
      0.5,
      0.5555555555555556,
      0.611111111111111,
      0.6666666666666666,
      0.7222222222222222,
      0.7777777777777777,
      0.8333333333333333,
      0.8888888888888888,
      0.9444444444444444,
      1.0,
      1.0555555555555556,
      1.1111111111111112,
      1.1666666666666665,
      1.222222222222222,
      1.2777777777777777,
      1.3333333333333333,
      1.3888888888888888,
      1.4444444444444444,
      1.5,
      1.5555555555555554,
      1.611111111111111,
      1.6666666666666665,
      1.722222222222222,
      1.7777777777777777,
      1.8333333333333333,
      1.8888888888888888,
      1.9444444444444444
    ],
    "TaskName": "RestingState",
    "TotalReadoutTime": 0.0269452,
    "UsePhilipsFloatNotDisplayScaling": 1,
    "WaterFatShift": 12.0,
    "acq_id": "SeqMm3Tr2000",
    "dataset": "ds002643",
    "modality": "bold",
    "subject_id": "041",
    "task_id": "RestingState"
  },
  "dummy_trs": 0,
  "dvars_nstd": 24.293847295774047,
  "dvars_std": 1.2927858918828459,
  "dvars_vstd": 1.0224915035983257,
  "efc": 0.41670229181716384,
  "fber": 151635.453125,
  "fd_mean": 0.18073469383985216,
  "fd_num": 63,
  "fd_perc": 26.25,
  "fwhm_avg": 1.7370264722625626,
  "fwhm_x": 1.7140266666666666,
  "fwhm_y": 1.9158133333333334,
  "fwhm_z": 1.5812394167876882,
  "gcor": 0.039819,
  "gsr_x": -0.01218532957136631,
  "gsr_y": 0.010288509540259838,
  "provenance": {
    "md5sum": "a4b1e3b2d69a95573f8bdeec9daae593",
    "settings": {
      "fd_thres": 0.2,
      "testing": false
    },
    "software": "mriqc",
    "version": "23.0.1",
    "webapi_port": null,
    "webapi_url": "https://mriqc.nimh.nih.gov/api/v1"
  },
  "size_t": 240,
  "size_x": 80,
  "size_y": 80,
  "size_z": 36,
  "snr": 6.82662390827495,
  "spacing_tr": 2.0,
  "spacing_x": 3.0,
  "spacing_y": 3.0,
  "spacing_z": 3.299999952316284,
  "summary_bg_k": 66.2308435830726,
  "summary_bg_mad": 196.91558960810136,
  "summary_bg_mean": 1186.6785888671875,
  "summary_bg_median": 168.65463256835938,
  "summary_bg_n": 156457.0,
  "summary_bg_p05": 13.50967483520508,
  "summary_bg_p95": 5088.771582031239,
  "summary_bg_stdv": 3676.20458984375,
  "summary_fg_k": 2.260476884779094,
  "summary_fg_mad": 9421.051012120948,
  "summary_fg_mean": 68324.9296875,
  "summary_fg_median": 67579.75,
  "summary_fg_n": 33792.0,
  "summary_fg_p05": 54656.978125,
  "summary_fg_p95": 84289.28749999999,
  "summary_fg_stdv": 9899.29296875,
  "tsnr": 62.22456741333008
}