{
  "aor": 0.0009524198250728862,
  "aqi": 0.007207931282798834,
  "bids_meta": {
    "AcquisitionNumber": 6,
    "BIDSVersion": "1.1.0",
    "BidsifyVersion": "0.3",
    "ConversionSoftware": "dcm2niix",
    "ConversionSoftwareVersion": "v1.0.20180622 GCC5.4.0",
    "EchoTime": 0.028,
    "EffectiveEchoSpacing": 0.0006909,
    "FlipAngle": 76.1,
    "ImageComments": "RepliSC",
    "ImageOrientationPatientDICOM": [
      0.997654,
      0.0664298,
      -0.0165533,
      -0.0659143,
      0.997376,
      0.0299504
    ],
    "InstitutionName": "Spinoza Centre for Neuroimaging, location REC",
    "MagneticFieldStrength": 3,
    "Manufacturer": "Philips",
    "ParallelAcquisitionTechnique": "SENSE",
    "ParallelReductionFactorInPlane": 2,
    "PatientPosition": "HFS",
    "PhaseEncodingDirection": "j",
    "PhilipsRescaleIntercept": 0,
    "PhilipsRescaleSlope": 0.77411,
    "PhilipsScaleSlope": 0.0216624,
    "ProtocolName": "task-Decisiontask_acq-SeqMm3Tr2000_bold",
    "PulseSequenceType": "Gradient Echo EPI",
    "ReconMatrixPE": 80,
    "RepetitionTime": 2,
    "SeriesDescription": "ImageMRSERIES",
    "SeriesNumber": 6,
    "SliceEncodingDirection": "k",
    "SliceTiming": [
      0.0,
      0.05555555555555555,
      0.1111111111111111,
      0.16666666666666666,
      0.2222222222222222,
      0.2777777777777778,
      0.3333333333333333,
      0.38888888888888884,
      0.4444444444444444,
      0.5,
      0.5555555555555556,
      0.611111111111111,
      0.6666666666666666,
      0.7222222222222222,
      0.7777777777777777,
      0.8333333333333333,
      0.8888888888888888,
      0.9444444444444444,
      1.0,
      1.0555555555555556,
      1.1111111111111112,
      1.1666666666666665,
      1.222222222222222,
      1.2777777777777777,
      1.3333333333333333,
      1.3888888888888888,
      1.4444444444444444,
      1.5,
      1.5555555555555554,
      1.611111111111111,
      1.6666666666666665,
      1.722222222222222,
      1.7777777777777777,
      1.8333333333333333,
      1.8888888888888888,
      1.9444444444444444
    ],
    "TaskName": "Decisiontask",
    "TotalReadoutTime": 0.0269452,
    "UsePhilipsFloatNotDisplayScaling": 1,
    "WaterFatShift": 12.0,
    "acq_id": "SeqMm3Tr2000",
    "dataset": "ds002643",
    "modality": "bold",
    "subject_id": "041",
    "task_id": "Decisiontask"
  },
  "dummy_trs": 0,
  "dvars_nstd": 22.31962703105263,
  "dvars_std": 1.2347073114035085,
  "dvars_vstd": 0.9868803633625726,
  "efc": 0.41437537356191145,
  "fber": 162828.296875,
  "fd_mean": 0.1572306889987746,
  "fd_num": 61,
  "fd_perc": 17.784256559766764,
  "fwhm_avg": 1.7387448561676482,
  "fwhm_x": 1.71319,
  "fwhm_y": 1.9079566666666665,
  "fwhm_z": 1.5950879018362782,
  "gcor": 0.0534166,
  "gsr_x": -0.0113690085709095,
  "gsr_y": 0.008777102455496788,
  "provenance": {
    "md5sum": "bb9b9bb3f29a803e8a17d6ef8930169b",
    "settings": {
      "fd_thres": 0.2,
      "testing": false
    },
    "software": "mriqc",
    "version": "23.0.1",
    "webapi_port": null,
    "webapi_url": "https://mriqc.nimh.nih.gov/api/v1"
  },
  "size_t": 343,
  "size_x": 80,
  "size_y": 80,
  "size_z": 36,
  "snr": 6.819086937483469,
  "spacing_tr": 2.0,
  "spacing_x": 3.0,
  "spacing_y": 3.0,
  "spacing_z": 3.299999952316284,
  "summary_bg_k": 65.7657229088892,
  "summary_bg_mad": 188.20704917907727,
  "summary_bg_mean": 1163.7835693359375,
  "summary_bg_median": 164.13795471191406,
  "summary_bg_n": 156650.0,
  "summary_bg_p05": 12.778820562362672,
  "summary_bg_p95": 5012.46909179686,
  "summary_bg_stdv": 3653.9091796875,
  "summary_fg_k": 2.4643101924804816,
  "summary_fg_mad": 9632.266809816294,
  "summary_fg_mean": 69227.4609375,
  "summary_fg_median": 68462.7890625,
  "summary_fg_n": 33534.0,
  "summary_fg_p05": 55557.2388671875,
  "summary_fg_p95": 85373.778125,
  "summary_fg_stdv": 10039.7265625,
  "tsnr": 74.53790283203125
}