{
  "aor": 0.0020876093294460644,
  "aqi": 0.005297023527696793,
  "bids_meta": {
    "AcquisitionNumber": 4,
    "BIDSVersion": "1.1.0",
    "BidsifyVersion": "0.3",
    "ConversionSoftware": "dcm2niix",
    "ConversionSoftwareVersion": "v1.0.20180622 GCC5.4.0",
    "EchoTime": 0.028,
    "EffectiveEchoSpacing": 0.0006909,
    "FlipAngle": 76.1,
    "ImageComments": "RepliSC",
    "ImageOrientationPatientDICOM": [
      0.997654,
      0.0664298,
      -0.0165533,
      -0.0659143,
      0.997376,
      0.0299504
    ],
    "InstitutionName": "Spinoza Centre for Neuroimaging, location REC",
    "MagneticFieldStrength": 3,
    "Manufacturer": "Philips",
    "ParallelAcquisitionTechnique": "SENSE",
    "ParallelReductionFactorInPlane": 2,
    "PatientPosition": "HFS",
    "PhaseEncodingDirection": "j",
    "PhilipsRescaleIntercept": 0,
    "PhilipsRescaleSlope": 0.80415,
    "PhilipsScaleSlope": 0.020937,
    "ProtocolName": "task-Tasteratingtask_acq-SeqMm3Tr2000_bold",
    "PulseSequenceType": "Gradient Echo EPI",
    "ReconMatrixPE": 80,
    "RepetitionTime": 2,
    "SeriesDescription": "ImageMRSERIES",
    "SeriesNumber": 4,
    "SliceEncodingDirection": "k",
    "SliceTiming": [
      0.0,
      0.05555555555555555,
      0.1111111111111111,
      0.16666666666666666,
      0.2222222222222222,
      0.2777777777777778,
      0.3333333333333333,
      0.38888888888888884,
      0.4444444444444444,
      0.5,
      0.5555555555555556,
      0.611111111111111,
      0.6666666666666666,
      0.7222222222222222,
      0.7777777777777777,
      0.8333333333333333,
      0.8888888888888888,
      0.9444444444444444,
      1.0,
      1.0555555555555556,
      1.1111111111111112,
      1.1666666666666665,
      1.222222222222222,
      1.2777777777777777,
      1.3333333333333333,
      1.3888888888888888,
      1.4444444444444444,
      1.5,
      1.5555555555555554,
      1.611111111111111,
      1.6666666666666665,
      1.722222222222222,
      1.7777777777777777,
      1.8333333333333333,
      1.8888888888888888,
      1.9444444444444444
    ],
    "TaskName": "Tasteratingtask",
    "TotalReadoutTime": 0.0269452,
    "UsePhilipsFloatNotDisplayScaling": 1,
    "WaterFatShift": 12.0,
    "acq_id": "SeqMm3Tr2000",
    "dataset": "ds002643",
    "modality": "bold",
    "subject_id": "041",
    "task_id": "Tasteratingtask"
  },
  "dummy_trs": 0,
  "dvars_nstd": 20.436058814035086,
  "dvars_std": 1.211771340818713,
  "dvars_vstd": 1.021644842923976,
  "efc": 0.4061263455719698,
  "fber": 158462.3125,
  "fd_mean": 0.14152563838507126,
  "fd_num": 35,
  "fd_perc": 10.204081632653061,
  "fwhm_avg": 1.8535354627033982,
  "fwhm_x": 1.8524399999999999,
  "fwhm_y": 2.01443,
  "fwhm_z": 1.6937363881101954,
  "gcor": 0.0694984,
  "gsr_x": -0.009896946139633656,
  "gsr_y": 0.006082079838961363,
  "provenance": {
    "md5sum": "e5ec1572fe797d69a1933d88bd6d697b",
    "settings": {
      "fd_thres": 0.2,
      "testing": false
    },
    "software": "mriqc",
    "version": "23.0.1",
    "webapi_port": null,
    "webapi_url": "https://mriqc.nimh.nih.gov/api/v1"
  },
  "size_t": 343,
  "size_x": 80,
  "size_y": 80,
  "size_z": 36,
  "snr": 6.425308936228001,
  "spacing_tr": 2.0,
  "spacing_x": 3.0,
  "spacing_y": 3.0,
  "spacing_z": 3.299999952316284,
  "summary_bg_k": 69.5143071248284,
  "summary_bg_mad": 192.5954118243646,
  "summary_bg_mean": 1037.0911865234375,
  "summary_bg_median": 165.62478637695312,
  "summary_bg_n": 157862.0,
  "summary_bg_p05": 12.444335079193117,
  "summary_bg_p95": 4591.759204101557,
  "summary_bg_stdv": 2998.54443359375,
  "summary_fg_k": 2.079170149682666,
  "summary_fg_mad": 9838.779978599816,
  "summary_fg_mean": 69221.7734375,
  "summary_fg_median": 68166.296875,
  "summary_fg_n": 32337.0,
  "summary_fg_p05": 54726.26484375,
  "summary_fg_p95": 86971.52968749999,
  "summary_fg_stdv": 10608.8662109375,
  "tsnr": 79.89056396484375
}