{
  "aor": 0.0025973313782991204,
  "aqi": 0.010394093225806452,
  "bids_meta": {
    "AcquisitionNumber": 3,
    "BIDSVersion": "1.1.0",
    "BidsifyVersion": "0.3",
    "ConversionSoftware": "dcm2niix",
    "ConversionSoftwareVersion": "v1.0.20180622 GCC5.4.0",
    "EchoTime": 0.028,
    "EffectiveEchoSpacing": 0.0006909,
    "FlipAngle": 76.1,
    "ImageComments": "RepliSC",
    "ImageOrientationPatientDICOM": [
      0.999569,
      -0.0286597,
      0.00633038,
      0.0293173,
      0.985198,
      -0.168892
    ],
    "InstitutionName": "Spinoza Centre for Neuroimaging, location REC",
    "MagneticFieldStrength": 3,
    "Manufacturer": "Philips",
    "ParallelAcquisitionTechnique": "SENSE",
    "ParallelReductionFactorInPlane": 2,
    "PatientPosition": "HFS",
    "PhaseEncodingDirection": "j",
    "PhilipsRescaleIntercept": 0,
    "PhilipsRescaleSlope": 0.76093,
    "PhilipsScaleSlope": 0.0248436,
    "ProtocolName": "task-Healthratingtask_acq-SeqMm3Tr2000_bold",
    "PulseSequenceType": "Gradient Echo EPI",
    "ReconMatrixPE": 80,
    "RepetitionTime": 2,
    "SeriesDescription": "ImageMRSERIES",
    "SeriesNumber": 3,
    "SliceEncodingDirection": "k",
    "SliceTiming": [
      0.0,
      0.05555555555555555,
      0.1111111111111111,
      0.16666666666666666,
      0.2222222222222222,
      0.2777777777777778,
      0.3333333333333333,
      0.38888888888888884,
      0.4444444444444444,
      0.5,
      0.5555555555555556,
      0.611111111111111,
      0.6666666666666666,
      0.7222222222222222,
      0.7777777777777777,
      0.8333333333333333,
      0.8888888888888888,
      0.9444444444444444,
      1.0,
      1.0555555555555556,
      1.1111111111111112,
      1.1666666666666665,
      1.222222222222222,
      1.2777777777777777,
      1.3333333333333333,
      1.3888888888888888,
      1.4444444444444444,
      1.5,
      1.5555555555555554,
      1.611111111111111,
      1.6666666666666665,
      1.722222222222222,
      1.7777777777777777,
      1.8333333333333333,
      1.8888888888888888,
      1.9444444444444444
    ],
    "TaskName": "Healthratingtask",
    "TotalReadoutTime": 0.0269452,
    "UsePhilipsFloatNotDisplayScaling": 1,
    "WaterFatShift": 12.0,
    "acq_id": "SeqMm3Tr2000",
    "dataset": "ds002643",
    "modality": "bold",
    "subject_id": "045",
    "task_id": "Healthratingtask"
  },
  "dummy_trs": 2,
  "dvars_nstd": 19.806488384911766,
  "dvars_std": 1.0321406554117645,
  "dvars_vstd": 0.9501699458529418,
  "efc": 0.4460399819425251,
  "fber": 73319.640625,
  "fd_mean": 0.1430649478529722,
  "fd_num": 37,
  "fd_perc": 10.850439882697946,
  "fwhm_avg": 1.9252877864401592,
  "fwhm_x": 1.85825,
  "fwhm_y": 2.119146666666667,
  "fwhm_z": 1.7984666926538107,
  "gcor": 0.0243801,
  "gsr_x": -0.014551247470080853,
  "gsr_y": 0.01784554496407509,
  "provenance": {
    "md5sum": "e4f1f4ffaa325cb2a15ca8b88c6e91e4",
    "settings": {
      "fd_thres": 0.2,
      "testing": false
    },
    "software": "mriqc",
    "version": "23.0.1",
    "webapi_port": null,
    "webapi_url": "https://mriqc.nimh.nih.gov/api/v1"
  },
  "size_t": 341,
  "size_x": 80,
  "size_y": 80,
  "size_z": 36,
  "snr": 5.39287974927442,
  "spacing_tr": 2.0,
  "spacing_x": 3.0,
  "spacing_y": 3.0,
  "spacing_z": 3.299999952316284,
  "summary_bg_k": 43.44346445596124,
  "summary_bg_mad": 240.51095743261442,
  "summary_bg_mean": 1115.453369140625,
  "summary_bg_median": 206.59092712402344,
  "summary_bg_n": 149663.0,
  "summary_bg_p05": 17.27587547302246,
  "summary_bg_p95": 5665.451904296874,
  "summary_bg_stdv": 2823.79150390625,
  "summary_fg_k": 2.1272422409160745,
  "summary_fg_mad": 8853.810878169654,
  "summary_fg_mean": 59324.25390625,
  "summary_fg_median": 57241.13671875,
  "summary_fg_n": 39969.0,
  "summary_fg_p05": 46300.34765625,
  "summary_fg_p95": 80208.5375,
  "summary_fg_stdv": 10614.0732421875,
  "tsnr": 60.68882751464844
}