{
  "aor": 0.00258225,
  "aqi": 0.004337766541666667,
  "bids_meta": {
    "AcquisitionNumber": 7,
    "BIDSVersion": "1.1.0",
    "BidsifyVersion": "0.3",
    "ConversionSoftware": "dcm2niix",
    "ConversionSoftwareVersion": "v1.0.20180622 GCC5.4.0",
    "EchoTime": 0.028,
    "EffectiveEchoSpacing": 0.0006909,
    "FlipAngle": 76.1,
    "ImageComments": "RepliSC",
    "ImageOrientationPatientDICOM": [
      0.999569,
      -0.0286597,
      0.00633038,
      0.0293173,
      0.985198,
      -0.168892
    ],
    "InstitutionName": "Spinoza Centre for Neuroimaging, location REC",
    "MagneticFieldStrength": 3,
    "Manufacturer": "Philips",
    "ParallelAcquisitionTechnique": "SENSE",
    "ParallelReductionFactorInPlane": 2,
    "PatientPosition": "HFS",
    "PhaseEncodingDirection": "j",
    "PhilipsRescaleIntercept": 0,
    "PhilipsRescaleSlope": 0.76239,
    "PhilipsScaleSlope": 0.0256393,
    "ProtocolName": "task-RestingState_acq-SeqMm3Tr2000_bold",
    "PulseSequenceType": "Gradient Echo EPI",
    "ReconMatrixPE": 80,
    "RepetitionTime": 2,
    "SeriesDescription": "ImageMRSERIES",
    "SeriesNumber": 7,
    "SliceEncodingDirection": "k",
    "SliceTiming": [
      0.0,
      0.05555555555555555,
      0.1111111111111111,
      0.16666666666666666,
      0.2222222222222222,
      0.2777777777777778,
      0.3333333333333333,
      0.38888888888888884,
      0.4444444444444444,
      0.5,
      0.5555555555555556,
      0.611111111111111,
      0.6666666666666666,
      0.7222222222222222,
      0.7777777777777777,
      0.8333333333333333,
      0.8888888888888888,
      0.9444444444444444,
      1.0,
      1.0555555555555556,
      1.1111111111111112,
      1.1666666666666665,
      1.222222222222222,
      1.2777777777777777,
      1.3333333333333333,
      1.3888888888888888,
      1.4444444444444444,
      1.5,
      1.5555555555555554,
      1.611111111111111,
      1.6666666666666665,
      1.722222222222222,
      1.7777777777777777,
      1.8333333333333333,
      1.8888888888888888,
      1.9444444444444444
    ],
    "TaskName": "RestingState",
    "TotalReadoutTime": 0.0269452,
    "UsePhilipsFloatNotDisplayScaling": 1,
    "WaterFatShift": 12.0,
    "acq_id": "SeqMm3Tr2000",
    "dataset": "ds002643",
    "modality": "bold",
    "subject_id": "045",
    "task_id": "RestingState"
  },
  "dummy_trs": 0,
  "dvars_nstd": 19.680910242217582,
  "dvars_std": 1.19455574958159,
  "dvars_vstd": 1.0242174298744773,
  "efc": 0.4488896731195393,
  "fber": 73326.6640625,
  "fd_mean": 0.09675439990908996,
  "fd_num": 5,
  "fd_perc": 2.0833333333333335,
  "fwhm_avg": 1.9083843520132524,
  "fwhm_x": 1.8436199999999998,
  "fwhm_y": 2.1003966666666667,
  "fwhm_z": 1.7811363893730914,
  "gcor": 0.0197449,
  "gsr_x": -0.015426342375576496,
  "gsr_y": 0.01815888285636902,
  "provenance": {
    "md5sum": "6b365be4b8faf789bc9acf48074c2f62",
    "settings": {
      "fd_thres": 0.2,
      "testing": false
    },
    "software": "mriqc",
    "version": "23.0.1",
    "webapi_port": null,
    "webapi_url": "https://mriqc.nimh.nih.gov/api/v1"
  },
  "size_t": 240,
  "size_x": 80,
  "size_y": 80,
  "size_z": 36,
  "snr": 5.515687415265731,
  "spacing_tr": 2.0,
  "spacing_x": 3.0,
  "spacing_y": 3.0,
  "spacing_z": 3.299999952316284,
  "summary_bg_k": 45.35195870245762,
  "summary_bg_mad": 237.8750718508093,
  "summary_bg_mean": 1137.3837890625,
  "summary_bg_median": 201.60218811035156,
  "summary_bg_n": 149327.0,
  "summary_bg_p05": 12.881712818145752,
  "summary_bg_p95": 5815.862988281248,
  "summary_bg_stdv": 2902.944580078125,
  "summary_fg_k": 2.2342081412874313,
  "summary_fg_mad": 8452.213897939408,
  "summary_fg_mean": 57873.3515625,
  "summary_fg_median": 55912.0390625,
  "summary_fg_n": 40204.0,
  "summary_fg_p05": 45477.3076171875,
  "summary_fg_p95": 77511.06015625,
  "summary_fg_stdv": 10136.7861328125,
  "tsnr": 88.77266693115234
}