{
  "aor": 0.0021414868804664725,
  "aqi": 0.004261548862973761,
  "bids_meta": {
    "AcquisitionNumber": 4,
    "BIDSVersion": "1.1.0",
    "BidsifyVersion": "0.3",
    "ConversionSoftware": "dcm2niix",
    "ConversionSoftwareVersion": "v1.0.20180622 GCC5.4.0",
    "EchoTime": 0.028,
    "EffectiveEchoSpacing": 0.0006909,
    "FlipAngle": 76.1,
    "ImageComments": "RepliSC",
    "ImageOrientationPatientDICOM": [
      0.999569,
      -0.0286597,
      0.00633038,
      0.0293173,
      0.985198,
      -0.168892
    ],
    "InstitutionName": "Spinoza Centre for Neuroimaging, location REC",
    "MagneticFieldStrength": 3,
    "Manufacturer": "Philips",
    "ParallelAcquisitionTechnique": "SENSE",
    "ParallelReductionFactorInPlane": 2,
    "PatientPosition": "HFS",
    "PhaseEncodingDirection": "j",
    "PhilipsRescaleIntercept": 0,
    "PhilipsRescaleSlope": 0.76093,
    "PhilipsScaleSlope": 0.0253297,
    "ProtocolName": "task-Tasteratingtask_acq-SeqMm3Tr2000_bold",
    "PulseSequenceType": "Gradient Echo EPI",
    "ReconMatrixPE": 80,
    "RepetitionTime": 2,
    "SeriesDescription": "ImageMRSERIES",
    "SeriesNumber": 4,
    "SliceEncodingDirection": "k",
    "SliceTiming": [
      0.0,
      0.05555555555555555,
      0.1111111111111111,
      0.16666666666666666,
      0.2222222222222222,
      0.2777777777777778,
      0.3333333333333333,
      0.38888888888888884,
      0.4444444444444444,
      0.5,
      0.5555555555555556,
      0.611111111111111,
      0.6666666666666666,
      0.7222222222222222,
      0.7777777777777777,
      0.8333333333333333,
      0.8888888888888888,
      0.9444444444444444,
      1.0,
      1.0555555555555556,
      1.1111111111111112,
      1.1666666666666665,
      1.222222222222222,
      1.2777777777777777,
      1.3333333333333333,
      1.3888888888888888,
      1.4444444444444444,
      1.5,
      1.5555555555555554,
      1.611111111111111,
      1.6666666666666665,
      1.722222222222222,
      1.7777777777777777,
      1.8333333333333333,
      1.8888888888888888,
      1.9444444444444444
    ],
    "TaskName": "Tasteratingtask",
    "TotalReadoutTime": 0.0269452,
    "UsePhilipsFloatNotDisplayScaling": 1,
    "WaterFatShift": 12.0,
    "acq_id": "SeqMm3Tr2000",
    "dataset": "ds002643",
    "modality": "bold",
    "subject_id": "045",
    "task_id": "Tasteratingtask"
  },
  "dummy_trs": 0,
  "dvars_nstd": 18.680576157105264,
  "dvars_std": 1.1484323180409355,
  "dvars_vstd": 1.0162432367543865,
  "efc": 0.4476976058606261,
  "fber": 73965.5234375,
  "fd_mean": 0.10865919548159014,
  "fd_num": 11,
  "fd_perc": 3.206997084548105,
  "fwhm_avg": 1.9161127358692098,
  "fwhm_x": 1.8567766666666667,
  "fwhm_y": 2.1067766666666667,
  "fwhm_z": 1.7847848742742953,
  "gcor": 0.0262262,
  "gsr_x": -0.014619297347962856,
  "gsr_y": 0.017953328788280487,
  "provenance": {
    "md5sum": "0fb74c736078af909d53eb87c392075e",
    "settings": {
      "fd_thres": 0.2,
      "testing": false
    },
    "software": "mriqc",
    "version": "23.0.1",
    "webapi_port": null,
    "webapi_url": "https://mriqc.nimh.nih.gov/api/v1"
  },
  "size_t": 343,
  "size_x": 80,
  "size_y": 80,
  "size_z": 36,
  "snr": 5.402447593056455,
  "spacing_tr": 2.0,
  "spacing_x": 3.0,
  "spacing_y": 3.0,
  "spacing_z": 3.299999952316284,
  "summary_bg_k": 44.1920877901736,
  "summary_bg_mad": 237.93884528302925,
  "summary_bg_mean": 1119.8355712890625,
  "summary_bg_median": 202.2355194091797,
  "summary_bg_n": 149389.0,
  "summary_bg_p05": 12.532143402099612,
  "summary_bg_p95": 5702.144531250001,
  "summary_bg_stdv": 2863.858154296875,
  "summary_fg_k": 2.2274824727160736,
  "summary_fg_mad": 8642.551644862437,
  "summary_fg_mean": 58431.59375,
  "summary_fg_median": 56399.96875,
  "summary_fg_n": 40268.0,
  "summary_fg_p05": 45549.0751953125,
  "summary_fg_p95": 78832.94375,
  "summary_fg_stdv": 10439.5771484375,
  "tsnr": 86.18538665771484
}