{
  "aor": 0.002839620991253644,
  "aqi": 0.004141864897959184,
  "bids_meta": {
    "AcquisitionNumber": 6,
    "BIDSVersion": "1.1.0",
    "BidsifyVersion": "0.3",
    "ConversionSoftware": "dcm2niix",
    "ConversionSoftwareVersion": "v1.0.20180622 GCC5.4.0",
    "EchoTime": 0.028,
    "EffectiveEchoSpacing": 0.0006909,
    "FlipAngle": 76.1,
    "ImageComments": "RepliSC",
    "ImageOrientationPatientDICOM": [
      0.999569,
      -0.0286597,
      0.00633038,
      0.0293173,
      0.985198,
      -0.168892
    ],
    "InstitutionName": "Spinoza Centre for Neuroimaging, location REC",
    "MagneticFieldStrength": 3,
    "Manufacturer": "Philips",
    "ParallelAcquisitionTechnique": "SENSE",
    "ParallelReductionFactorInPlane": 2,
    "PatientPosition": "HFS",
    "PhaseEncodingDirection": "j",
    "PhilipsRescaleIntercept": 0,
    "PhilipsRescaleSlope": 0.77485,
    "PhilipsScaleSlope": 0.0244814,
    "ProtocolName": "task-Decisiontask_acq-SeqMm3Tr2000_bold",
    "PulseSequenceType": "Gradient Echo EPI",
    "ReconMatrixPE": 80,
    "RepetitionTime": 2,
    "SeriesDescription": "ImageMRSERIES",
    "SeriesNumber": 6,
    "SliceEncodingDirection": "k",
    "SliceTiming": [
      0.0,
      0.05555555555555555,
      0.1111111111111111,
      0.16666666666666666,
      0.2222222222222222,
      0.2777777777777778,
      0.3333333333333333,
      0.38888888888888884,
      0.4444444444444444,
      0.5,
      0.5555555555555556,
      0.611111111111111,
      0.6666666666666666,
      0.7222222222222222,
      0.7777777777777777,
      0.8333333333333333,
      0.8888888888888888,
      0.9444444444444444,
      1.0,
      1.0555555555555556,
      1.1111111111111112,
      1.1666666666666665,
      1.222222222222222,
      1.2777777777777777,
      1.3333333333333333,
      1.3888888888888888,
      1.4444444444444444,
      1.5,
      1.5555555555555554,
      1.611111111111111,
      1.6666666666666665,
      1.722222222222222,
      1.7777777777777777,
      1.8333333333333333,
      1.8888888888888888,
      1.9444444444444444
    ],
    "TaskName": "Decisiontask",
    "TotalReadoutTime": 0.0269452,
    "UsePhilipsFloatNotDisplayScaling": 1,
    "WaterFatShift": 12.0,
    "acq_id": "SeqMm3Tr2000",
    "dataset": "ds002643",
    "modality": "bold",
    "subject_id": "045",
    "task_id": "Decisiontask"
  },
  "dummy_trs": 0,
  "dvars_nstd": 18.87841952470759,
  "dvars_std": 1.1696809195321636,
  "dvars_vstd": 1.0326183645029234,
  "efc": 0.4482500373202234,
  "fber": 74395.3828125,
  "fd_mean": 0.1140181073184575,
  "fd_num": 17,
  "fd_perc": 4.956268221574344,
  "fwhm_avg": 1.9225162712657438,
  "fwhm_x": 1.8591766666666667,
  "fwhm_y": 2.11466,
  "fwhm_z": 1.7937121471305637,
  "gcor": 0.0326462,
  "gsr_x": -0.014958515763282776,
  "gsr_y": 0.017487123608589172,
  "provenance": {
    "md5sum": "57e8b965bb97d4a1d49bbe51f34fd9a7",
    "settings": {
      "fd_thres": 0.2,
      "testing": false
    },
    "software": "mriqc",
    "version": "23.0.1",
    "webapi_port": null,
    "webapi_url": "https://mriqc.nimh.nih.gov/api/v1"
  },
  "size_t": 343,
  "size_x": 80,
  "size_y": 80,
  "size_z": 36,
  "snr": 5.4096757151183965,
  "spacing_tr": 2.0,
  "spacing_x": 3.0,
  "spacing_y": 3.0,
  "spacing_z": 3.299999952316284,
  "summary_bg_k": 42.49523914472886,
  "summary_bg_mad": 239.6537601568973,
  "summary_bg_mean": 1136.4320068359375,
  "summary_bg_median": 203.47811889648438,
  "summary_bg_n": 149265.0,
  "summary_bg_p05": 12.837690734863283,
  "summary_bg_p95": 5823.932519531242,
  "summary_bg_stdv": 2885.586181640625,
  "summary_fg_k": 2.288380412367842,
  "summary_fg_mad": 8684.81449521222,
  "summary_fg_mean": 59001.4609375,
  "summary_fg_median": 56970.45703125,
  "summary_fg_n": 40248.0,
  "summary_fg_p05": 45973.0798828125,
  "summary_fg_p95": 79451.275,
  "summary_fg_stdv": 10531.083984375,
  "tsnr": 87.12259674072266
}