{
  "bids_meta": {
    "AcquisitionNumber": 2,
    "BIDSVersion": "1.1.0",
    "BidsifyVersion": "0.3",
    "ConversionSoftware": "dcm2niix",
    "ConversionSoftwareVersion": "v1.0.20180622 GCC5.4.0",
    "EchoTime": 0.00377,
    "ImageComments": "RepliSC",
    "ImageOrientationPatientDICOM": [
      0.999218,
      0.0360109,
      0.0163263,
      -0.0343696,
      0.995203,
      -0.0915956
    ],
    "InstitutionName": "Spinoza Centre for Neuroimaging, location REC",
    "InversionTime": 0.9,
    "MagneticFieldStrength": 3,
    "Manufacturer": "Philips",
    "ParallelAcquisitionTechnique": "SENSE",
    "PatientPosition": "HFS",
    "PhilipsRescaleIntercept": 0,
    "PhilipsRescaleSlope": 3.8,
    "PhilipsScaleSlope": 0.00512878,
    "ProtocolName": "acq-AxialNsig1Mm1_T1w",
    "ReconMatrixPE": 240,
    "RepetitionTime": 0.008211,
    "SeriesDescription": "ImageMRSERIES",
    "SeriesNumber": 2,
    "UsePhilipsFloatNotDisplayScaling": 1,
    "acq_id": "AxialNsig1Mm1",
    "dataset": "ds002643",
    "modality": "T1w",
    "subject_id": "042"
  },
  "cjv": 0.26179576618986583,
  "cnr": 4.853403689700857,
  "efc": 0.6926001968014317,
  "fber": -1.0,
  "fwhm_avg": 4.27524,
  "fwhm_x": 4.22383,
  "fwhm_y": 4.45803,
  "fwhm_z": 4.14386,
  "icvs_csf": 0.2681895111842196,
  "icvs_gm": 0.4303055624740082,
  "icvs_wm": 0.30150492634177223,
  "inu_med": 0.6334956288337708,
  "inu_range": 0.20088318586349485,
  "provenance": {
    "md5sum": "8a4d2a423a136b7054f55670c1728e74",
    "settings": {
      "testing": false
    },
    "software": "mriqc",
    "version": "23.0.1",
    "warnings": {
      "large_rot_frame": true,
      "small_air_mask": false
    },
    "webapi_port": null,
    "webapi_url": "https://mriqc.nimh.nih.gov/api/v1"
  },
  "qi_1": 0.0,
  "qi_2": 9.971923330790332e-05,
  "rpve_csf": 23.49979363884744,
  "rpve_gm": 14.376297965286534,
  "rpve_wm": 23.980418601377583,
  "size_x": 240,
  "size_y": 240,
  "size_z": 220,
  "snr_csf": 1.3178050177737273,
  "snr_gm": 7.595180935526091,
  "snr_total": 11.341203522275464,
  "snr_wm": 25.11062461352658,
  "snrd_csf": 13.021847709822346,
  "snrd_gm": 66.94198059587085,
  "snrd_total": 65.08050953593063,
  "snrd_wm": 115.2777003020987,
  "spacing_x": 1.0,
  "spacing_y": 1.0,
  "spacing_z": 1.0,
  "summary_bg_k": 364.57384892421885,
  "summary_bg_mad": 0.0,
  "summary_bg_mean": 2.444279491021812,
  "summary_bg_median": 0.0,
  "summary_bg_n": 313292.0,
  "summary_bg_p05": 0.0,
  "summary_bg_p95": 14.842994324862957,
  "summary_bg_stdv": 5.683114842755878,
  "summary_csf_k": 0.859628912341432,
  "summary_csf_mad": 90.47016485182128,
  "summary_csf_mean": 126.4652831022135,
  "summary_csf_median": 112.96068421751261,
  "summary_csf_n": 66573.0,
  "summary_csf_p05": 22.42061779797078,
  "summary_csf_p95": 290.9974534794687,
  "summary_csf_stdv": 85.7181709688957,
  "summary_gm_k": 0.25062227411125004,
  "summary_gm_mad": 74.69086402721534,
  "summary_gm_mean": 583.522684797775,
  "summary_gm_median": 580.7019172310829,
  "summary_gm_n": 37017.0,
  "summary_gm_p05": 461.8700041472912,
  "summary_gm_p95": 711.5445614263415,
  "summary_gm_stdv": 76.45559446024586,
  "summary_wm_k": 1.1678217066230863,
  "summary_wm_mad": 35.079602659661155,
  "summary_wm_mean": 998.316886264596,
  "summary_wm_median": 1000.0000146925449,
  "summary_wm_n": 154432.0,
  "summary_wm_p05": 929.3473617061973,
  "summary_wm_p95": 1059.613877825439,
  "summary_wm_stdv": 39.82365203602419,
  "tpm_overlap_csf": 0.15296120168062613,
  "tpm_overlap_gm": 0.47290471707569676,
  "tpm_overlap_wm": 0.5095521201833412,
  "wm2max": 0.7490076587334267
}