{
  "aor": 0.0028054518950437314,
  "aqi": 0.005092387609329447,
  "bids_meta": {
    "AcquisitionNumber": 3,
    "BIDSVersion": "1.1.0",
    "BidsifyVersion": "0.3",
    "ConversionSoftware": "dcm2niix",
    "ConversionSoftwareVersion": "v1.0.20180622 GCC5.4.0",
    "EchoTime": 0.028,
    "EffectiveEchoSpacing": 0.0006909,
    "FlipAngle": 76.1,
    "ImageComments": "RepliSC",
    "ImageOrientationPatientDICOM": [
      0.998263,
      0.0480972,
      0.0340341,
      -0.0476007,
      0.99875,
      -0.0152515
    ],
    "InstitutionName": "Spinoza Centre for Neuroimaging, location REC",
    "MagneticFieldStrength": 3,
    "Manufacturer": "Philips",
    "ParallelAcquisitionTechnique": "SENSE",
    "ParallelReductionFactorInPlane": 2,
    "PatientPosition": "HFS",
    "PhaseEncodingDirection": "j",
    "PhilipsRescaleIntercept": 0,
    "PhilipsRescaleSlope": 0.87033,
    "PhilipsScaleSlope": 0.0205031,
    "ProtocolName": "task-Healthratingtask_acq-SeqMm3Tr2000_bold",
    "PulseSequenceType": "Gradient Echo EPI",
    "ReconMatrixPE": 80,
    "RepetitionTime": 2,
    "SeriesDescription": "ImageMRSERIES",
    "SeriesNumber": 3,
    "SliceEncodingDirection": "k",
    "SliceTiming": [
      0.0,
      0.05555555555555555,
      0.1111111111111111,
      0.16666666666666666,
      0.2222222222222222,
      0.2777777777777778,
      0.3333333333333333,
      0.38888888888888884,
      0.4444444444444444,
      0.5,
      0.5555555555555556,
      0.611111111111111,
      0.6666666666666666,
      0.7222222222222222,
      0.7777777777777777,
      0.8333333333333333,
      0.8888888888888888,
      0.9444444444444444,
      1.0,
      1.0555555555555556,
      1.1111111111111112,
      1.1666666666666665,
      1.222222222222222,
      1.2777777777777777,
      1.3333333333333333,
      1.3888888888888888,
      1.4444444444444444,
      1.5,
      1.5555555555555554,
      1.611111111111111,
      1.6666666666666665,
      1.722222222222222,
      1.7777777777777777,
      1.8333333333333333,
      1.8888888888888888,
      1.9444444444444444
    ],
    "TaskName": "Healthratingtask",
    "TotalReadoutTime": 0.0269452,
    "UsePhilipsFloatNotDisplayScaling": 1,
    "WaterFatShift": 12.0,
    "acq_id": "SeqMm3Tr2000",
    "dataset": "ds002643",
    "modality": "bold",
    "subject_id": "050",
    "task_id": "Healthratingtask"
  },
  "dummy_trs": 0,
  "dvars_nstd": 20.707647680760225,
  "dvars_std": 1.2705159785087723,
  "dvars_vstd": 1.010752423011695,
  "efc": 0.4199959960210216,
  "fber": 111074.53125,
  "fd_mean": 0.08054166175146639,
  "fd_num": 5,
  "fd_perc": 1.4577259475218658,
  "fwhm_avg": 1.7828377857807751,
  "fwhm_x": 1.7154,
  "fwhm_y": 1.9715466666666668,
  "fwhm_z": 1.6615666906756588,
  "gcor": 0.137322,
  "gsr_x": -0.0075863744132220745,
  "gsr_y": 0.011209714226424694,
  "provenance": {
    "md5sum": "972636520c6cfb5d29d83fbd956e2cf7",
    "settings": {
      "fd_thres": 0.2,
      "testing": false
    },
    "software": "mriqc",
    "version": "23.0.1",
    "webapi_port": null,
    "webapi_url": "https://mriqc.nimh.nih.gov/api/v1"
  },
  "size_t": 343,
  "size_x": 80,
  "size_y": 80,
  "size_z": 36,
  "snr": 6.141319410598327,
  "spacing_tr": 2.0,
  "spacing_x": 3.0,
  "spacing_y": 3.0,
  "spacing_z": 3.299999952316284,
  "summary_bg_k": 58.04259158731381,
  "summary_bg_mad": 227.65357517607808,
  "summary_bg_mean": 1275.5882568359375,
  "summary_bg_median": 204.32652282714844,
  "summary_bg_n": 155543.0,
  "summary_bg_p05": 16.680803298950195,
  "summary_bg_p95": 5582.210205078117,
  "summary_bg_stdv": 3748.551025390625,
  "summary_fg_k": 2.134020420738646,
  "summary_fg_mad": 9768.95578466461,
  "summary_fg_mean": 69984.7890625,
  "summary_fg_median": 68309.3203125,
  "summary_fg_n": 34506.0,
  "summary_fg_p05": 55573.62109375,
  "summary_fg_p95": 89445.765625,
  "summary_fg_stdv": 11122.7451171875,
  "tsnr": 77.31575775146484
}