{
  "aor": 0.0019342274052478136,
  "aqi": 0.004331867988338192,
  "bids_meta": {
    "AcquisitionNumber": 6,
    "BIDSVersion": "1.1.0",
    "BidsifyVersion": "0.3",
    "ConversionSoftware": "dcm2niix",
    "ConversionSoftwareVersion": "v1.0.20180622 GCC5.4.0",
    "EchoTime": 0.028,
    "EffectiveEchoSpacing": 0.0006909,
    "FlipAngle": 76.1,
    "ImageComments": "RepliSC",
    "ImageOrientationPatientDICOM": [
      0.998263,
      0.0480972,
      0.0340341,
      -0.0476007,
      0.99875,
      -0.0152515
    ],
    "InstitutionName": "Spinoza Centre for Neuroimaging, location REC",
    "MagneticFieldStrength": 3,
    "Manufacturer": "Philips",
    "ParallelAcquisitionTechnique": "SENSE",
    "ParallelReductionFactorInPlane": 2,
    "PatientPosition": "HFS",
    "PhaseEncodingDirection": "j",
    "PhilipsRescaleIntercept": 0,
    "PhilipsRescaleSlope": 0.88767,
    "PhilipsScaleSlope": 0.0215142,
    "ProtocolName": "task-Decisiontask_acq-SeqMm3Tr2000_bold",
    "PulseSequenceType": "Gradient Echo EPI",
    "ReconMatrixPE": 80,
    "RepetitionTime": 2,
    "SeriesDescription": "ImageMRSERIES",
    "SeriesNumber": 6,
    "SliceEncodingDirection": "k",
    "SliceTiming": [
      0.0,
      0.05555555555555555,
      0.1111111111111111,
      0.16666666666666666,
      0.2222222222222222,
      0.2777777777777778,
      0.3333333333333333,
      0.38888888888888884,
      0.4444444444444444,
      0.5,
      0.5555555555555556,
      0.611111111111111,
      0.6666666666666666,
      0.7222222222222222,
      0.7777777777777777,
      0.8333333333333333,
      0.8888888888888888,
      0.9444444444444444,
      1.0,
      1.0555555555555556,
      1.1111111111111112,
      1.1666666666666665,
      1.222222222222222,
      1.2777777777777777,
      1.3333333333333333,
      1.3888888888888888,
      1.4444444444444444,
      1.5,
      1.5555555555555554,
      1.611111111111111,
      1.6666666666666665,
      1.722222222222222,
      1.7777777777777777,
      1.8333333333333333,
      1.8888888888888888,
      1.9444444444444444
    ],
    "TaskName": "Decisiontask",
    "TotalReadoutTime": 0.0269452,
    "UsePhilipsFloatNotDisplayScaling": 1,
    "WaterFatShift": 12.0,
    "acq_id": "SeqMm3Tr2000",
    "dataset": "ds002643",
    "modality": "bold",
    "subject_id": "050",
    "task_id": "Decisiontask"
  },
  "dummy_trs": 0,
  "dvars_nstd": 20.70510745739766,
  "dvars_std": 1.2683797377485384,
  "dvars_vstd": 1.025780896432749,
  "efc": 0.42353656635994513,
  "fber": 92393.6171875,
  "fd_mean": 0.08584845667797848,
  "fd_num": 14,
  "fd_perc": 4.081632653061225,
  "fwhm_avg": 1.7460370785529908,
  "fwhm_x": 1.6930100000000001,
  "fwhm_y": 1.9161466666666669,
  "fwhm_z": 1.628954568992305,
  "gcor": 0.137269,
  "gsr_x": -0.008016343228518963,
  "gsr_y": 0.011403923854231834,
  "provenance": {
    "md5sum": "8ef546f1df9375e2e384063a834f959f",
    "settings": {
      "fd_thres": 0.2,
      "testing": false
    },
    "software": "mriqc",
    "version": "23.0.1",
    "webapi_port": null,
    "webapi_url": "https://mriqc.nimh.nih.gov/api/v1"
  },
  "size_t": 343,
  "size_x": 80,
  "size_y": 80,
  "size_z": 36,
  "snr": 6.315962437739592,
  "spacing_tr": 2.0,
  "spacing_x": 3.0,
  "spacing_y": 3.0,
  "spacing_z": 3.299999952316284,
  "summary_bg_k": 52.300899094703844,
  "summary_bg_mad": 239.16986029340495,
  "summary_bg_mean": 1274.6165771484375,
  "summary_bg_median": 209.88726806640625,
  "summary_bg_n": 155222.0,
  "summary_bg_p05": 17.584742259979247,
  "summary_bg_p95": 5588.000854492186,
  "summary_bg_stdv": 3627.079833984375,
  "summary_fg_k": 2.011136823914879,
  "summary_fg_mad": 9101.092712254622,
  "summary_fg_mean": 65573.7421875,
  "summary_fg_median": 64080.95703125,
  "summary_fg_n": 34714.0,
  "summary_fg_p05": 52328.0853515625,
  "summary_fg_p95": 83346.3125,
  "summary_fg_stdv": 10145.7275390625,
  "tsnr": 85.09375762939453
}