{
  "aor": 0.001203731778425656,
  "aqi": 0.005331768046647231,
  "bids_meta": {
    "AcquisitionNumber": 4,
    "BIDSVersion": "1.1.0",
    "BidsifyVersion": "0.3",
    "ConversionSoftware": "dcm2niix",
    "ConversionSoftwareVersion": "v1.0.20180622 GCC5.4.0",
    "EchoTime": 0.028,
    "EffectiveEchoSpacing": 0.0006909,
    "FlipAngle": 76.1,
    "ImageComments": "RepliSC",
    "ImageOrientationPatientDICOM": [
      0.999739,
      -0.00564881,
      0.0221278,
      0.0115167,
      0.961405,
      -0.274897
    ],
    "InstitutionName": "Spinoza Centre for Neuroimaging, location REC",
    "MagneticFieldStrength": 3,
    "Manufacturer": "Philips",
    "ParallelAcquisitionTechnique": "SENSE",
    "ParallelReductionFactorInPlane": 2,
    "PatientPosition": "HFS",
    "PhaseEncodingDirection": "j",
    "PhilipsRescaleIntercept": 0,
    "PhilipsRescaleSlope": 0.75775,
    "PhilipsScaleSlope": 0.0226365,
    "ProtocolName": "ses-01_task-Tasteratingtask-SeqMm3_bold",
    "PulseSequenceType": "Gradient Echo EPI",
    "ReconMatrixPE": 80,
    "RepetitionTime": 2,
    "SeriesDescription": "ImageMRSERIES",
    "SeriesNumber": 4,
    "SliceEncodingDirection": "k",
    "SliceTiming": [
      0.0,
      0.05555555555555555,
      0.1111111111111111,
      0.16666666666666666,
      0.2222222222222222,
      0.2777777777777778,
      0.3333333333333333,
      0.38888888888888884,
      0.4444444444444444,
      0.5,
      0.5555555555555556,
      0.611111111111111,
      0.6666666666666666,
      0.7222222222222222,
      0.7777777777777777,
      0.8333333333333333,
      0.8888888888888888,
      0.9444444444444444,
      1.0,
      1.0555555555555556,
      1.1111111111111112,
      1.1666666666666665,
      1.222222222222222,
      1.2777777777777777,
      1.3333333333333333,
      1.3888888888888888,
      1.4444444444444444,
      1.5,
      1.5555555555555554,
      1.611111111111111,
      1.6666666666666665,
      1.722222222222222,
      1.7777777777777777,
      1.8333333333333333,
      1.8888888888888888,
      1.9444444444444444
    ],
    "TaskName": "Tasteratingtask",
    "TotalReadoutTime": 0.0269452,
    "UsePhilipsFloatNotDisplayScaling": 1,
    "WaterFatShift": 12.0,
    "acq_id": "SeqMm3Tr2000",
    "dataset": "ds002643",
    "modality": "bold",
    "subject_id": "001",
    "task_id": "Tasteratingtask"
  },
  "dummy_trs": 0,
  "dvars_nstd": 21.30884365733917,
  "dvars_std": 1.271724757017544,
  "dvars_vstd": 1.0059273979239773,
  "efc": 0.4469965521725428,
  "fber": 92777.2890625,
  "fd_mean": 0.0961746848565151,
  "fd_num": 4,
  "fd_perc": 1.1661807580174928,
  "fwhm_avg": 1.7926137954302863,
  "fwhm_x": 1.7390533333333333,
  "fwhm_y": 1.9318031798074105,
  "fwhm_z": 1.7069848731501156,
  "gcor": 0.0366769,
  "gsr_x": -0.020741432905197144,
  "gsr_y": 0.013927340507507324,
  "provenance": {
    "md5sum": "7ad7f4adfc3ec38f99cdeae8032595a1",
    "settings": {
      "fd_thres": 0.2,
      "testing": false
    },
    "software": "mriqc",
    "version": "23.0.1",
    "webapi_port": null,
    "webapi_url": "https://mriqc.nimh.nih.gov/api/v1"
  },
  "size_t": 343,
  "size_x": 80,
  "size_y": 80,
  "size_z": 36,
  "snr": 7.628406953847239,
  "spacing_tr": 2.0,
  "spacing_x": 3.0,
  "spacing_y": 3.000000238418579,
  "spacing_z": 3.299999952316284,
  "summary_bg_k": 34.32462878788168,
  "summary_bg_mad": 254.46363820730699,
  "summary_bg_mean": 1914.4200439453125,
  "summary_bg_median": 220.1194610595703,
  "summary_bg_n": 153316.0,
  "summary_bg_p05": 18.068393230438232,
  "summary_bg_p95": 10587.620361328125,
  "summary_bg_stdv": 4971.10009765625,
  "summary_fg_k": 1.73787658327916,
  "summary_fg_mad": 9273.815870710525,
  "summary_fg_mean": 69476.0859375,
  "summary_fg_median": 68889.78125,
  "summary_fg_n": 36139.0,
  "summary_fg_p05": 56752.6921875,
  "summary_fg_p95": 84088.521875,
  "summary_fg_stdv": 9030.5654296875,
  "tsnr": 86.33929443359375
}