{
  "aor": 0.0013930903790087463,
  "aqi": 0.004951162157434403,
  "bids_meta": {
    "AcquisitionNumber": 6,
    "BIDSVersion": "1.1.0",
    "BidsifyVersion": "0.3",
    "ConversionSoftware": "dcm2niix",
    "ConversionSoftwareVersion": "v1.0.20180622 GCC5.4.0",
    "EchoTime": 0.028,
    "EffectiveEchoSpacing": 0.0006909,
    "FlipAngle": 76.1,
    "ImageComments": "RepliSC",
    "ImageOrientationPatientDICOM": [
      0.999739,
      -0.00564881,
      0.0221278,
      0.0115167,
      0.961405,
      -0.274897
    ],
    "InstitutionName": "Spinoza Centre for Neuroimaging, location REC",
    "MagneticFieldStrength": 3,
    "Manufacturer": "Philips",
    "ParallelAcquisitionTechnique": "SENSE",
    "ParallelReductionFactorInPlane": 2,
    "PatientPosition": "HFS",
    "PhaseEncodingDirection": "j",
    "PhilipsRescaleIntercept": 0,
    "PhilipsRescaleSlope": 0.84371,
    "PhilipsScaleSlope": 0.0220222,
    "ProtocolName": "ses-01_task-Decisiontask-SeqMm3_bold",
    "PulseSequenceType": "Gradient Echo EPI",
    "ReconMatrixPE": 80,
    "RepetitionTime": 2,
    "SeriesDescription": "ImageMRSERIES",
    "SeriesNumber": 6,
    "SliceEncodingDirection": "k",
    "SliceTiming": [
      0.0,
      0.05555555555555555,
      0.1111111111111111,
      0.16666666666666666,
      0.2222222222222222,
      0.2777777777777778,
      0.3333333333333333,
      0.38888888888888884,
      0.4444444444444444,
      0.5,
      0.5555555555555556,
      0.611111111111111,
      0.6666666666666666,
      0.7222222222222222,
      0.7777777777777777,
      0.8333333333333333,
      0.8888888888888888,
      0.9444444444444444,
      1.0,
      1.0555555555555556,
      1.1111111111111112,
      1.1666666666666665,
      1.222222222222222,
      1.2777777777777777,
      1.3333333333333333,
      1.3888888888888888,
      1.4444444444444444,
      1.5,
      1.5555555555555554,
      1.611111111111111,
      1.6666666666666665,
      1.722222222222222,
      1.7777777777777777,
      1.8333333333333333,
      1.8888888888888888,
      1.9444444444444444
    ],
    "TaskName": "Decisiontask",
    "TotalReadoutTime": 0.0269452,
    "UsePhilipsFloatNotDisplayScaling": 1,
    "WaterFatShift": 12.0,
    "acq_id": "SeqMm3Tr2000",
    "dataset": "ds002643",
    "modality": "bold",
    "subject_id": "001",
    "task_id": "Decisiontask"
  },
  "dummy_trs": 0,
  "dvars_nstd": 22.15958568532164,
  "dvars_std": 1.3058482116374284,
  "dvars_vstd": 1.0129686247953218,
  "efc": 0.4481223408378767,
  "fber": 91914.203125,
  "fd_mean": 0.10177555913951375,
  "fd_num": 4,
  "fd_perc": 1.1661807580174928,
  "fwhm_avg": 1.7878962194479497,
  "fwhm_x": 1.7320233333333332,
  "fwhm_y": 1.9378865126572835,
  "fwhm_z": 1.6937788123532327,
  "gcor": 0.0436583,
  "gsr_x": -0.021063663065433502,
  "gsr_y": 0.014820205047726631,
  "provenance": {
    "md5sum": "e56aadec2314ef065e4f039f1c3c0e85",
    "settings": {
      "fd_thres": 0.2,
      "testing": false
    },
    "software": "mriqc",
    "version": "23.0.1",
    "webapi_port": null,
    "webapi_url": "https://mriqc.nimh.nih.gov/api/v1"
  },
  "size_t": 343,
  "size_x": 80,
  "size_y": 80,
  "size_z": 36,
  "snr": 7.659679213812233,
  "spacing_tr": 2.0,
  "spacing_x": 3.0,
  "spacing_y": 3.000000238418579,
  "spacing_z": 3.299999952316284,
  "summary_bg_k": 34.02548380968488,
  "summary_bg_mad": 255.23170764351062,
  "summary_bg_mean": 1940.532958984375,
  "summary_bg_median": 219.73435974121094,
  "summary_bg_n": 153240.0,
  "summary_bg_p05": 14.974011230468754,
  "summary_bg_p95": 10836.538720703116,
  "summary_bg_stdv": 4991.1025390625,
  "summary_fg_k": 1.8575727146570937,
  "summary_fg_mad": 9233.055892531454,
  "summary_fg_mean": 69127.9375,
  "summary_fg_median": 68541.3359375,
  "summary_fg_n": 36150.0,
  "summary_fg_p05": 56431.903125,
  "summary_fg_p95": 83492.624609375,
  "summary_fg_stdv": 8948.2060546875,
  "tsnr": 90.9255142211914
}