{
  "aor": 0.0012044897959183672,
  "aqi": 0.014409338396501456,
  "bids_meta": {
    "AcquisitionNumber": 4,
    "BIDSVersion": "1.1.0",
    "BidsifyVersion": "0.3",
    "ConversionSoftware": "dcm2niix",
    "ConversionSoftwareVersion": "v1.0.20180622 GCC5.4.0",
    "EchoTime": 0.028,
    "EffectiveEchoSpacing": 0.0006909,
    "FlipAngle": 76.1,
    "ImageComments": "RepliSC",
    "ImageOrientationPatientDICOM": [
      0.998681,
      0.0458712,
      0.0230709,
      -0.0420317,
      0.988421,
      -0.145801
    ],
    "InstitutionName": "Spinoza Centre for Neuroimaging, location REC",
    "MagneticFieldStrength": 3,
    "Manufacturer": "Philips",
    "ParallelAcquisitionTechnique": "SENSE",
    "ParallelReductionFactorInPlane": 2,
    "PatientPosition": "HFS",
    "PhaseEncodingDirection": "j",
    "PhilipsRescaleIntercept": 0,
    "PhilipsRescaleSlope": 0.75702,
    "PhilipsScaleSlope": 0.020431,
    "ProtocolName": "task-Tasteratingtask_acq-SeqMm3Tr2000_bold",
    "PulseSequenceType": "Gradient Echo EPI",
    "ReconMatrixPE": 80,
    "RepetitionTime": 2,
    "SeriesDescription": "ImageMRSERIES",
    "SeriesNumber": 4,
    "SliceEncodingDirection": "k",
    "SliceTiming": [
      0.0,
      0.05555555555555555,
      0.1111111111111111,
      0.16666666666666666,
      0.2222222222222222,
      0.2777777777777778,
      0.3333333333333333,
      0.38888888888888884,
      0.4444444444444444,
      0.5,
      0.5555555555555556,
      0.611111111111111,
      0.6666666666666666,
      0.7222222222222222,
      0.7777777777777777,
      0.8333333333333333,
      0.8888888888888888,
      0.9444444444444444,
      1.0,
      1.0555555555555556,
      1.1111111111111112,
      1.1666666666666665,
      1.222222222222222,
      1.2777777777777777,
      1.3333333333333333,
      1.3888888888888888,
      1.4444444444444444,
      1.5,
      1.5555555555555554,
      1.611111111111111,
      1.6666666666666665,
      1.722222222222222,
      1.7777777777777777,
      1.8333333333333333,
      1.8888888888888888,
      1.9444444444444444
    ],
    "TaskName": "Tasteratingtask",
    "TotalReadoutTime": 0.0269452,
    "UsePhilipsFloatNotDisplayScaling": 1,
    "WaterFatShift": 12.0,
    "acq_id": "SeqMm3Tr2000",
    "dataset": "ds002643",
    "modality": "bold",
    "subject_id": "066",
    "task_id": "Tasteratingtask"
  },
  "dummy_trs": 0,
  "dvars_nstd": 20.309048658099407,
  "dvars_std": 1.0356809722222224,
  "dvars_vstd": 0.9508261219590638,
  "efc": 0.472387967876841,
  "fber": 85798.5625,
  "fd_mean": 0.16755632625059866,
  "fd_num": 90,
  "fd_perc": 26.239067055393587,
  "fwhm_avg": 1.807997785563228,
  "fwhm_x": 1.7664633333333333,
  "fwhm_y": 2.04113,
  "fwhm_z": 1.6164000233563514,
  "gcor": 0.0334369,
  "gsr_x": -0.0104911420494318,
  "gsr_y": 0.021098164841532707,
  "provenance": {
    "md5sum": "f2f3841d0ed6687bd936979b17634e9a",
    "settings": {
      "fd_thres": 0.2,
      "testing": false
    },
    "software": "mriqc",
    "version": "23.0.1",
    "webapi_port": null,
    "webapi_url": "https://mriqc.nimh.nih.gov/api/v1"
  },
  "size_t": 343,
  "size_x": 80,
  "size_y": 80,
  "size_z": 36,
  "snr": 5.608255788177321,
  "spacing_tr": 2.0,
  "spacing_x": 3.0,
  "spacing_y": 3.0,
  "spacing_z": 3.299999952316284,
  "summary_bg_k": 72.71521369972706,
  "summary_bg_mad": 280.35567148348593,
  "summary_bg_mean": 1819.168212890625,
  "summary_bg_median": 226.10992431640625,
  "summary_bg_n": 145455.0,
  "summary_bg_p05": 11.858575916290285,
  "summary_bg_p95": 8897.849902343745,
  "summary_bg_stdv": 4546.6572265625,
  "summary_fg_k": 3.0897920669419703,
  "summary_fg_mad": 9483.036525967296,
  "summary_fg_mean": 69011.7890625,
  "summary_fg_median": 66929.296875,
  "summary_fg_n": 42736.0,
  "summary_fg_p05": 54357.681640625,
  "summary_fg_p95": 89848.619140625,
  "summary_fg_stdv": 11933.9267578125,
  "tsnr": 55.66368103027344
}