{
  "aor": 0.0010419825072886298,
  "aqi": 0.011694297142857144,
  "bids_meta": {
    "AcquisitionNumber": 6,
    "BIDSVersion": "1.1.0",
    "BidsifyVersion": "0.3",
    "ConversionSoftware": "dcm2niix",
    "ConversionSoftwareVersion": "v1.0.20180622 GCC5.4.0",
    "EchoTime": 0.028,
    "EffectiveEchoSpacing": 0.0006909,
    "FlipAngle": 76.1,
    "ImageComments": "RepliSC",
    "ImageOrientationPatientDICOM": [
      0.998681,
      0.0458712,
      0.0230709,
      -0.0420317,
      0.988421,
      -0.145801
    ],
    "InstitutionName": "Spinoza Centre for Neuroimaging, location REC",
    "MagneticFieldStrength": 3,
    "Manufacturer": "Philips",
    "ParallelAcquisitionTechnique": "SENSE",
    "ParallelReductionFactorInPlane": 2,
    "PatientPosition": "HFS",
    "PhaseEncodingDirection": "j",
    "PhilipsRescaleIntercept": 0,
    "PhilipsRescaleSlope": 0.75018,
    "PhilipsScaleSlope": 0.0207985,
    "ProtocolName": "task-Decisiontask_acq-SeqMm3Tr2000_bold",
    "PulseSequenceType": "Gradient Echo EPI",
    "ReconMatrixPE": 80,
    "RepetitionTime": 2,
    "SeriesDescription": "ImageMRSERIES",
    "SeriesNumber": 6,
    "SliceEncodingDirection": "k",
    "SliceTiming": [
      0.0,
      0.05555555555555555,
      0.1111111111111111,
      0.16666666666666666,
      0.2222222222222222,
      0.2777777777777778,
      0.3333333333333333,
      0.38888888888888884,
      0.4444444444444444,
      0.5,
      0.5555555555555556,
      0.611111111111111,
      0.6666666666666666,
      0.7222222222222222,
      0.7777777777777777,
      0.8333333333333333,
      0.8888888888888888,
      0.9444444444444444,
      1.0,
      1.0555555555555556,
      1.1111111111111112,
      1.1666666666666665,
      1.222222222222222,
      1.2777777777777777,
      1.3333333333333333,
      1.3888888888888888,
      1.4444444444444444,
      1.5,
      1.5555555555555554,
      1.611111111111111,
      1.6666666666666665,
      1.722222222222222,
      1.7777777777777777,
      1.8333333333333333,
      1.8888888888888888,
      1.9444444444444444
    ],
    "TaskName": "Decisiontask",
    "TotalReadoutTime": 0.0269452,
    "UsePhilipsFloatNotDisplayScaling": 1,
    "WaterFatShift": 12.0,
    "acq_id": "SeqMm3Tr2000",
    "dataset": "ds002643",
    "modality": "bold",
    "subject_id": "066",
    "task_id": "Decisiontask"
  },
  "dummy_trs": 0,
  "dvars_nstd": 20.955504548508763,
  "dvars_std": 1.0441335229532165,
  "dvars_vstd": 0.956947491315789,
  "efc": 0.4726872719544962,
  "fber": 62801.1796875,
  "fd_mean": 0.192243591073505,
  "fd_num": 119,
  "fd_perc": 34.69387755102041,
  "fwhm_avg": 1.8150972805903425,
  "fwhm_x": 1.7731899999999998,
  "fwhm_y": 2.0395866666666667,
  "fwhm_z": 1.6325151751043605,
  "gcor": 0.0329958,
  "gsr_x": -0.01127960067242384,
  "gsr_y": 0.021664129570126534,
  "provenance": {
    "md5sum": "005ab3cd8094860aa9e44650419df423",
    "settings": {
      "fd_thres": 0.2,
      "testing": false
    },
    "software": "mriqc",
    "version": "23.0.1",
    "webapi_port": null,
    "webapi_url": "https://mriqc.nimh.nih.gov/api/v1"
  },
  "size_t": 343,
  "size_x": 80,
  "size_y": 80,
  "size_z": 36,
  "snr": 5.561103871781116,
  "spacing_tr": 2.0,
  "spacing_x": 3.0,
  "spacing_y": 3.0,
  "spacing_z": 3.299999952316284,
  "summary_bg_k": 74.81347555418574,
  "summary_bg_mad": 299.5415941111291,
  "summary_bg_mean": 1797.039794921875,
  "summary_bg_median": 259.8175964355469,
  "summary_bg_n": 145363.0,
  "summary_bg_p05": 25.19601745605469,
  "summary_bg_p95": 8834.722851562496,
  "summary_bg_stdv": 4420.734375,
  "summary_fg_k": 3.1264851518662287,
  "summary_fg_mad": 9347.41317146353,
  "summary_fg_mean": 68237.6015625,
  "summary_fg_median": 66126.859375,
  "summary_fg_n": 42801.0,
  "summary_fg_p05": 53834.515625,
  "summary_fg_p95": 89248.625,
  "summary_fg_stdv": 11890.8203125,
  "tsnr": 59.295997619628906
}