{
  "aor": 0.002834723032069971,
  "aqi": 0.018610904402332363,
  "bids_meta": {
    "AcquisitionNumber": 3,
    "BIDSVersion": "1.1.0",
    "BidsifyVersion": "0.3",
    "ConversionSoftware": "dcm2niix",
    "ConversionSoftwareVersion": "v1.0.20180622 GCC5.4.0",
    "EchoTime": 0.028,
    "EffectiveEchoSpacing": 0.0006909,
    "FlipAngle": 76.1,
    "ImageComments": "RepliSC",
    "ImageOrientationPatientDICOM": [
      0.998681,
      0.0458712,
      0.0230709,
      -0.0420317,
      0.988421,
      -0.145801
    ],
    "InstitutionName": "Spinoza Centre for Neuroimaging, location REC",
    "MagneticFieldStrength": 3,
    "Manufacturer": "Philips",
    "ParallelAcquisitionTechnique": "SENSE",
    "ParallelReductionFactorInPlane": 2,
    "PatientPosition": "HFS",
    "PhaseEncodingDirection": "j",
    "PhilipsRescaleIntercept": 0,
    "PhilipsRescaleSlope": 0.75092,
    "PhilipsScaleSlope": 0.0202877,
    "ProtocolName": "task-Healthratingtask_acq-SeqMm3Tr2000_bold",
    "PulseSequenceType": "Gradient Echo EPI",
    "ReconMatrixPE": 80,
    "RepetitionTime": 2,
    "SeriesDescription": "ImageMRSERIES",
    "SeriesNumber": 3,
    "SliceEncodingDirection": "k",
    "SliceTiming": [
      0.0,
      0.05555555555555555,
      0.1111111111111111,
      0.16666666666666666,
      0.2222222222222222,
      0.2777777777777778,
      0.3333333333333333,
      0.38888888888888884,
      0.4444444444444444,
      0.5,
      0.5555555555555556,
      0.611111111111111,
      0.6666666666666666,
      0.7222222222222222,
      0.7777777777777777,
      0.8333333333333333,
      0.8888888888888888,
      0.9444444444444444,
      1.0,
      1.0555555555555556,
      1.1111111111111112,
      1.1666666666666665,
      1.222222222222222,
      1.2777777777777777,
      1.3333333333333333,
      1.3888888888888888,
      1.4444444444444444,
      1.5,
      1.5555555555555554,
      1.611111111111111,
      1.6666666666666665,
      1.722222222222222,
      1.7777777777777777,
      1.8333333333333333,
      1.8888888888888888,
      1.9444444444444444
    ],
    "TaskName": "Healthratingtask",
    "TotalReadoutTime": 0.0269452,
    "UsePhilipsFloatNotDisplayScaling": 1,
    "WaterFatShift": 12.0,
    "acq_id": "SeqMm3Tr2000",
    "dataset": "ds002643",
    "modality": "bold",
    "subject_id": "066",
    "task_id": "Healthratingtask"
  },
  "dummy_trs": 0,
  "dvars_nstd": 21.392616481052645,
  "dvars_std": 1.0491199903508774,
  "dvars_vstd": 0.9567423053508776,
  "efc": 0.4722750182785847,
  "fber": 85268.125,
  "fd_mean": 0.18631175335207562,
  "fd_num": 120,
  "fd_perc": 34.98542274052478,
  "fwhm_avg": 1.818610714963304,
  "fwhm_x": 1.7666633333333335,
  "fwhm_y": 2.0505233333333335,
  "fwhm_z": 1.6386454782232442,
  "gcor": 0.0316055,
  "gsr_x": -0.011007683351635933,
  "gsr_y": 0.020146144554018974,
  "provenance": {
    "md5sum": "2e5696f3b00ccc9ee93629cbfceae12d",
    "settings": {
      "fd_thres": 0.2,
      "testing": false
    },
    "software": "mriqc",
    "version": "23.0.1",
    "webapi_port": null,
    "webapi_url": "https://mriqc.nimh.nih.gov/api/v1"
  },
  "size_t": 343,
  "size_x": 80,
  "size_y": 80,
  "size_z": 36,
  "snr": 5.593357780044471,
  "spacing_tr": 2.0,
  "spacing_x": 3.0,
  "spacing_y": 3.0,
  "spacing_z": 3.299999952316284,
  "summary_bg_k": 67.17478519004636,
  "summary_bg_mad": 281.14944032337945,
  "summary_bg_mean": 1795.8587646484375,
  "summary_bg_median": 227.50613403320312,
  "summary_bg_n": 145263.0,
  "summary_bg_p05": 12.620042896270753,
  "summary_bg_p95": 8668.913281249996,
  "summary_bg_stdv": 4476.9345703125,
  "summary_fg_k": 3.087171401468569,
  "summary_fg_mad": 9638.559182122568,
  "summary_fg_mean": 69877.2109375,
  "summary_fg_median": 67744.109375,
  "summary_fg_n": 42863.0,
  "summary_fg_p05": 55331.143359375,
  "summary_fg_p95": 91150.2765625,
  "summary_fg_stdv": 12111.38671875,
  "tsnr": 49.927825927734375
}