{
  "aor": 0.0019745416666666665,
  "aqi": 0.004494970208333334,
  "bids_meta": {
    "AcquisitionNumber": 7,
    "BIDSVersion": "1.1.0",
    "BidsifyVersion": "0.3",
    "ConversionSoftware": "dcm2niix",
    "ConversionSoftwareVersion": "v1.0.20180622 GCC5.4.0",
    "EchoTime": 0.028,
    "EffectiveEchoSpacing": 0.0006909,
    "FlipAngle": 76.1,
    "ImageComments": "RepliSC",
    "ImageOrientationPatientDICOM": [
      0.999364,
      -0.0211376,
      0.0287187,
      0.0254711,
      0.986778,
      -0.160063
    ],
    "InstitutionName": "Spinoza Centre for Neuroimaging, location REC",
    "MagneticFieldStrength": 3,
    "Manufacturer": "Philips",
    "ParallelAcquisitionTechnique": "SENSE",
    "ParallelReductionFactorInPlane": 2,
    "PatientPosition": "HFS",
    "PhaseEncodingDirection": "j",
    "PhilipsRescaleIntercept": 0,
    "PhilipsRescaleSlope": 0.77021,
    "PhilipsScaleSlope": 0.0249243,
    "ProtocolName": "task-RestingState_acq-SeqMm3Tr2000_bold",
    "PulseSequenceType": "Gradient Echo EPI",
    "ReconMatrixPE": 80,
    "RepetitionTime": 2,
    "SeriesDescription": "ImageMRSERIES",
    "SeriesNumber": 7,
    "SliceEncodingDirection": "k",
    "SliceTiming": [
      0.0,
      0.05555555555555555,
      0.1111111111111111,
      0.16666666666666666,
      0.2222222222222222,
      0.2777777777777778,
      0.3333333333333333,
      0.38888888888888884,
      0.4444444444444444,
      0.5,
      0.5555555555555556,
      0.611111111111111,
      0.6666666666666666,
      0.7222222222222222,
      0.7777777777777777,
      0.8333333333333333,
      0.8888888888888888,
      0.9444444444444444,
      1.0,
      1.0555555555555556,
      1.1111111111111112,
      1.1666666666666665,
      1.222222222222222,
      1.2777777777777777,
      1.3333333333333333,
      1.3888888888888888,
      1.4444444444444444,
      1.5,
      1.5555555555555554,
      1.611111111111111,
      1.6666666666666665,
      1.722222222222222,
      1.7777777777777777,
      1.8333333333333333,
      1.8888888888888888,
      1.9444444444444444
    ],
    "TaskName": "RestingState",
    "TotalReadoutTime": 0.0269452,
    "UsePhilipsFloatNotDisplayScaling": 1,
    "WaterFatShift": 12.0,
    "acq_id": "SeqMm3Tr2000",
    "dataset": "ds002643",
    "modality": "bold",
    "subject_id": "010",
    "task_id": "RestingState"
  },
  "dummy_trs": 0,
  "dvars_nstd": 19.631758235564853,
  "dvars_std": 1.1849493573221752,
  "dvars_vstd": 1.0179979773221752,
  "efc": 0.4520433231169524,
  "fber": 121333.90625,
  "fd_mean": 0.07411607559456822,
  "fd_num": 6,
  "fd_perc": 2.5,
  "fwhm_avg": 1.7281413210315284,
  "fwhm_x": 1.6588233333333333,
  "fwhm_y": 1.8853733333333331,
  "fwhm_z": 1.6402272964279188,
  "gcor": 0.0375613,
  "gsr_x": -0.014462422579526901,
  "gsr_y": 0.013939803466200829,
  "provenance": {
    "md5sum": "7966403a43f925edc813243214f74c23",
    "settings": {
      "fd_thres": 0.2,
      "testing": false
    },
    "software": "mriqc",
    "version": "23.0.1",
    "webapi_port": null,
    "webapi_url": "https://mriqc.nimh.nih.gov/api/v1"
  },
  "size_t": 240,
  "size_x": 80,
  "size_y": 80,
  "size_z": 36,
  "snr": 6.511653718963697,
  "spacing_tr": 2.0,
  "spacing_x": 3.0,
  "spacing_y": 3.0,
  "spacing_z": 3.299999952316284,
  "summary_bg_k": 54.206981799461076,
  "summary_bg_mad": 188.12831082120513,
  "summary_bg_mean": 1724.191162109375,
  "summary_bg_median": 168.20030212402344,
  "summary_bg_n": 152067.0,
  "summary_bg_p05": 9.81524887084961,
  "summary_bg_p95": 9593.309277343746,
  "summary_bg_stdv": 4534.23828125,
  "summary_fg_k": 2.771630082011206,
  "summary_fg_mad": 8825.864405492313,
  "summary_fg_mean": 61453.7421875,
  "summary_fg_median": 60643.9140625,
  "summary_fg_n": 37888.0,
  "summary_fg_p05": 49152.6072265625,
  "summary_fg_p95": 76295.090234375,
  "summary_fg_stdv": 9313.0126953125,
  "tsnr": 87.62252807617188
}