{
  "aor": 0.001720787172011662,
  "aqi": 0.004900790583090378,
  "bids_meta": {
    "AcquisitionNumber": 6,
    "BIDSVersion": "1.1.0",
    "BidsifyVersion": "0.3",
    "ConversionSoftware": "dcm2niix",
    "ConversionSoftwareVersion": "v1.0.20180622 GCC5.4.0",
    "EchoTime": 0.028,
    "EffectiveEchoSpacing": 0.0006909,
    "FlipAngle": 76.1,
    "ImageComments": "RepliSC",
    "ImageOrientationPatientDICOM": [
      0.999364,
      -0.0211376,
      0.0287187,
      0.0254711,
      0.986778,
      -0.160063
    ],
    "InstitutionName": "Spinoza Centre for Neuroimaging, location REC",
    "MagneticFieldStrength": 3,
    "Manufacturer": "Philips",
    "ParallelAcquisitionTechnique": "SENSE",
    "ParallelReductionFactorInPlane": 2,
    "PatientPosition": "HFS",
    "PhaseEncodingDirection": "j",
    "PhilipsRescaleIntercept": 0,
    "PhilipsRescaleSlope": 0.78071,
    "PhilipsScaleSlope": 0.0239712,
    "ProtocolName": "ses-01_task-Decisiontask-SeqMm3_bold",
    "PulseSequenceType": "Gradient Echo EPI",
    "ReconMatrixPE": 80,
    "RepetitionTime": 2,
    "SeriesDescription": "ImageMRSERIES",
    "SeriesNumber": 6,
    "SliceEncodingDirection": "k",
    "SliceTiming": [
      0.0,
      0.05555555555555555,
      0.1111111111111111,
      0.16666666666666666,
      0.2222222222222222,
      0.2777777777777778,
      0.3333333333333333,
      0.38888888888888884,
      0.4444444444444444,
      0.5,
      0.5555555555555556,
      0.611111111111111,
      0.6666666666666666,
      0.7222222222222222,
      0.7777777777777777,
      0.8333333333333333,
      0.8888888888888888,
      0.9444444444444444,
      1.0,
      1.0555555555555556,
      1.1111111111111112,
      1.1666666666666665,
      1.222222222222222,
      1.2777777777777777,
      1.3333333333333333,
      1.3888888888888888,
      1.4444444444444444,
      1.5,
      1.5555555555555554,
      1.611111111111111,
      1.6666666666666665,
      1.722222222222222,
      1.7777777777777777,
      1.8333333333333333,
      1.8888888888888888,
      1.9444444444444444
    ],
    "TaskName": "Decisiontask",
    "TotalReadoutTime": 0.0269452,
    "UsePhilipsFloatNotDisplayScaling": 1,
    "WaterFatShift": 12.0,
    "acq_id": "SeqMm3Tr2000",
    "dataset": "ds002643",
    "modality": "bold",
    "subject_id": "010",
    "task_id": "Decisiontask"
  },
  "dummy_trs": 0,
  "dvars_nstd": 19.783497149619876,
  "dvars_std": 1.1661792490935667,
  "dvars_vstd": 1.013451174502924,
  "efc": 0.4506490834917948,
  "fber": 124436.5546875,
  "fd_mean": 0.09408767472139383,
  "fd_num": 25,
  "fd_perc": 7.288629737609329,
  "fwhm_avg": 1.7360127351476924,
  "fwhm_x": 1.6705766666666666,
  "fwhm_y": 1.9024766666666666,
  "fwhm_z": 1.6349848721097437,
  "gcor": 0.0443879,
  "gsr_x": -0.0141319390386343,
  "gsr_y": 0.013608372770249844,
  "provenance": {
    "md5sum": "ecae9325bc87dab0c85775e4d60ca637",
    "settings": {
      "fd_thres": 0.2,
      "testing": false
    },
    "software": "mriqc",
    "version": "23.0.1",
    "webapi_port": null,
    "webapi_url": "https://mriqc.nimh.nih.gov/api/v1"
  },
  "size_t": 343,
  "size_x": 80,
  "size_y": 80,
  "size_z": 36,
  "snr": 6.3986336056039,
  "spacing_tr": 2.0,
  "spacing_x": 3.0,
  "spacing_y": 3.0,
  "spacing_z": 3.299999952316284,
  "summary_bg_k": 50.24701515357296,
  "summary_bg_mad": 186.9498314096137,
  "summary_bg_mean": 1719.818359375,
  "summary_bg_median": 167.63690185546875,
  "summary_bg_n": 152226.0,
  "summary_bg_p05": 12.000725030899048,
  "summary_bg_p95": 9613.54833984375,
  "summary_bg_stdv": 4520.2548828125,
  "summary_fg_k": 2.8665252808205324,
  "summary_fg_mad": 9042.529924623652,
  "summary_fg_mean": 62132.1484375,
  "summary_fg_median": 61287.5703125,
  "summary_fg_n": 37645.0,
  "summary_fg_p05": 49545.07734375,
  "summary_fg_p95": 77266.103125,
  "summary_fg_stdv": 9578.1005859375,
  "tsnr": 83.71644592285156
}