{
  "aor": 0.0034411953352769683,
  "aqi": 0.00504159530612245,
  "bids_meta": {
    "AcquisitionNumber": 4,
    "BIDSVersion": "1.1.0",
    "BidsifyVersion": "0.3",
    "ConversionSoftware": "dcm2niix",
    "ConversionSoftwareVersion": "v1.0.20180622 GCC5.4.0",
    "EchoTime": 0.028,
    "EffectiveEchoSpacing": 0.0006909,
    "FlipAngle": 76.1,
    "ImageComments": "RepliSC",
    "ImageOrientationPatientDICOM": [
      0.999364,
      -0.0211376,
      0.0287187,
      0.0254711,
      0.986778,
      -0.160063
    ],
    "InstitutionName": "Spinoza Centre for Neuroimaging, location REC",
    "MagneticFieldStrength": 3,
    "Manufacturer": "Philips",
    "ParallelAcquisitionTechnique": "SENSE",
    "ParallelReductionFactorInPlane": 2,
    "PatientPosition": "HFS",
    "PhaseEncodingDirection": "j",
    "PhilipsRescaleIntercept": 0,
    "PhilipsRescaleSlope": 0.78974,
    "PhilipsScaleSlope": 0.0240796,
    "ProtocolName": "ses-01_task-Tasteratingtask-SeqMm3_bold",
    "PulseSequenceType": "Gradient Echo EPI",
    "ReconMatrixPE": 80,
    "RepetitionTime": 2,
    "SeriesDescription": "ImageMRSERIES",
    "SeriesNumber": 4,
    "SliceEncodingDirection": "k",
    "SliceTiming": [
      0.0,
      0.05555555555555555,
      0.1111111111111111,
      0.16666666666666666,
      0.2222222222222222,
      0.2777777777777778,
      0.3333333333333333,
      0.38888888888888884,
      0.4444444444444444,
      0.5,
      0.5555555555555556,
      0.611111111111111,
      0.6666666666666666,
      0.7222222222222222,
      0.7777777777777777,
      0.8333333333333333,
      0.8888888888888888,
      0.9444444444444444,
      1.0,
      1.0555555555555556,
      1.1111111111111112,
      1.1666666666666665,
      1.222222222222222,
      1.2777777777777777,
      1.3333333333333333,
      1.3888888888888888,
      1.4444444444444444,
      1.5,
      1.5555555555555554,
      1.611111111111111,
      1.6666666666666665,
      1.722222222222222,
      1.7777777777777777,
      1.8333333333333333,
      1.8888888888888888,
      1.9444444444444444
    ],
    "TaskName": "Tasteratingtask",
    "TotalReadoutTime": 0.0269452,
    "UsePhilipsFloatNotDisplayScaling": 1,
    "WaterFatShift": 12.0,
    "acq_id": "SeqMm3Tr2000",
    "dataset": "ds002643",
    "modality": "bold",
    "subject_id": "010",
    "task_id": "Tasteratingtask"
  },
  "dummy_trs": 0,
  "dvars_nstd": 19.66317017304093,
  "dvars_std": 1.2141914519298238,
  "dvars_vstd": 1.0508102073684211,
  "efc": 0.4498296016144383,
  "fber": 127924.1796875,
  "fd_mean": 0.08613036903013344,
  "fd_num": 14,
  "fd_perc": 4.081632653061225,
  "fwhm_avg": 1.7346057653886333,
  "fwhm_x": 1.67778,
  "fwhm_y": 1.9039433333333333,
  "fwhm_z": 1.622093962832566,
  "gcor": 0.0564646,
  "gsr_x": -0.013927598483860493,
  "gsr_y": 0.013821744360029697,
  "provenance": {
    "md5sum": "069107a53fd4645de04746f45d4a6cce",
    "settings": {
      "fd_thres": 0.2,
      "testing": false
    },
    "software": "mriqc",
    "version": "23.0.1",
    "webapi_port": null,
    "webapi_url": "https://mriqc.nimh.nih.gov/api/v1"
  },
  "size_t": 343,
  "size_x": 80,
  "size_y": 80,
  "size_z": 36,
  "snr": 6.458246802923682,
  "spacing_tr": 2.0,
  "spacing_x": 3.0,
  "spacing_y": 3.0,
  "spacing_z": 3.299999952316284,
  "summary_bg_k": 53.86261989972283,
  "summary_bg_mad": 199.88160704891547,
  "summary_bg_mean": 1683.660888671875,
  "summary_bg_median": 165.23997497558594,
  "summary_bg_n": 152260.0,
  "summary_bg_p05": 7.281093430519106,
  "summary_bg_p95": 9417.572314453124,
  "summary_bg_stdv": 4446.3544921875,
  "summary_fg_k": 2.50448334911916,
  "summary_fg_mad": 9024.211679244225,
  "summary_fg_mean": 61869.96484375,
  "summary_fg_median": 61054.71875,
  "summary_fg_n": 37584.0,
  "summary_fg_p05": 49403.9697265625,
  "summary_fg_p95": 76973.684375,
  "summary_fg_stdv": 9453.634765625,
  "tsnr": 82.7350082397461
}