{
  "aor": 0.001756851311953353,
  "aqi": 0.005616602594752186,
  "bids_meta": {
    "AcquisitionNumber": 3,
    "BIDSVersion": "1.1.0",
    "BidsifyVersion": "0.3",
    "ConversionSoftware": "dcm2niix",
    "ConversionSoftwareVersion": "v1.0.20180622 GCC5.4.0",
    "EchoTime": 0.028,
    "EffectiveEchoSpacing": 0.0006909,
    "FlipAngle": 76.1,
    "ImageComments": "RepliSC",
    "ImageOrientationPatientDICOM": [
      0.999364,
      -0.0211376,
      0.0287187,
      0.0254711,
      0.986778,
      -0.160063
    ],
    "InstitutionName": "Spinoza Centre for Neuroimaging, location REC",
    "MagneticFieldStrength": 3,
    "Manufacturer": "Philips",
    "ParallelAcquisitionTechnique": "SENSE",
    "ParallelReductionFactorInPlane": 2,
    "PatientPosition": "HFS",
    "PhaseEncodingDirection": "j",
    "PhilipsRescaleIntercept": 0,
    "PhilipsRescaleSlope": 0.76313,
    "PhilipsScaleSlope": 0.0243135,
    "ProtocolName": "ses-01_task-Healthratingtask-SeqMm3_bold",
    "PulseSequenceType": "Gradient Echo EPI",
    "ReconMatrixPE": 80,
    "RepetitionTime": 2,
    "SeriesDescription": "ImageMRSERIES",
    "SeriesNumber": 3,
    "SliceEncodingDirection": "k",
    "SliceTiming": [
      0.0,
      0.05555555555555555,
      0.1111111111111111,
      0.16666666666666666,
      0.2222222222222222,
      0.2777777777777778,
      0.3333333333333333,
      0.38888888888888884,
      0.4444444444444444,
      0.5,
      0.5555555555555556,
      0.611111111111111,
      0.6666666666666666,
      0.7222222222222222,
      0.7777777777777777,
      0.8333333333333333,
      0.8888888888888888,
      0.9444444444444444,
      1.0,
      1.0555555555555556,
      1.1111111111111112,
      1.1666666666666665,
      1.222222222222222,
      1.2777777777777777,
      1.3333333333333333,
      1.3888888888888888,
      1.4444444444444444,
      1.5,
      1.5555555555555554,
      1.611111111111111,
      1.6666666666666665,
      1.722222222222222,
      1.7777777777777777,
      1.8333333333333333,
      1.8888888888888888,
      1.9444444444444444
    ],
    "TaskName": "Healthratingtask",
    "TotalReadoutTime": 0.0269452,
    "UsePhilipsFloatNotDisplayScaling": 1,
    "WaterFatShift": 12.0,
    "acq_id": "SeqMm3Tr2000",
    "dataset": "ds002643",
    "modality": "bold",
    "subject_id": "010",
    "task_id": "Healthratingtask"
  },
  "dummy_trs": 0,
  "dvars_nstd": 17.626903522865483,
  "dvars_std": 1.1133139477192988,
  "dvars_vstd": 1.00018878871345,
  "efc": 0.44835240046816904,
  "fber": 125225.5078125,
  "fd_mean": 0.08158856291916625,
  "fd_num": 16,
  "fd_perc": 4.664723032069971,
  "fwhm_avg": 1.7286447552354292,
  "fwhm_x": 1.6789866666666666,
  "fwhm_y": 1.89569,
  "fwhm_z": 1.611257599039621,
  "gcor": 0.0308903,
  "gsr_x": -0.013619613833725452,
  "gsr_y": 0.013583133928477764,
  "provenance": {
    "md5sum": "2c865df0a394eb7dd758ad1aad0f8c1a",
    "settings": {
      "fd_thres": 0.2,
      "testing": false
    },
    "software": "mriqc",
    "version": "23.0.1",
    "webapi_port": null,
    "webapi_url": "https://mriqc.nimh.nih.gov/api/v1"
  },
  "size_t": 343,
  "size_x": 80,
  "size_y": 80,
  "size_z": 36,
  "snr": 6.37939021781385,
  "spacing_tr": 2.0,
  "spacing_x": 3.0,
  "spacing_y": 3.0,
  "spacing_z": 3.299999952316284,
  "summary_bg_k": 52.95403861596487,
  "summary_bg_mad": 203.0775815549431,
  "summary_bg_mean": 1652.9134521484375,
  "summary_bg_median": 167.7271270751953,
  "summary_bg_n": 152353.0,
  "summary_bg_p05": 7.455401039123535,
  "summary_bg_p95": 9189.915624999989,
  "summary_bg_stdv": 4353.921875,
  "summary_fg_k": 2.5575921409483584,
  "summary_fg_mad": 9036.419981887231,
  "summary_fg_mean": 62257.28125,
  "summary_fg_median": 61366.46484375,
  "summary_fg_n": 37522.0,
  "summary_fg_p05": 49632.5333984375,
  "summary_fg_p95": 77586.9890625,
  "summary_fg_stdv": 9619.359375,
  "tsnr": 77.9634017944336
}