{
  "bids_meta": {
    "AcquisitionNumber": 2,
    "BIDSVersion": "1.1.0",
    "BidsifyVersion": "0.3",
    "ConversionSoftware": "dcm2niix",
    "ConversionSoftwareVersion": "v1.0.20180622 GCC5.4.0",
    "EchoTime": 0.00374,
    "ImageComments": "RepliSC",
    "ImageOrientationPatientDICOM": [
      0.998263,
      0.0480972,
      0.0340341,
      -0.0476007,
      0.99875,
      -0.0152515
    ],
    "InstitutionName": "Spinoza Centre for Neuroimaging, location REC",
    "InversionTime": 0.9,
    "MagneticFieldStrength": 3,
    "Manufacturer": "Philips",
    "ParallelAcquisitionTechnique": "SENSE",
    "PatientPosition": "HFS",
    "PhilipsRescaleIntercept": 0,
    "PhilipsRescaleSlope": 3.53578,
    "PhilipsScaleSlope": 0.00493778,
    "ProtocolName": "acq-AxialNsig1Mm1_T1w",
    "ReconMatrixPE": 240,
    "RepetitionTime": 0.008161,
    "SeriesDescription": "ImageMRSERIES",
    "SeriesNumber": 2,
    "UsePhilipsFloatNotDisplayScaling": 1,
    "acq_id": "AxialNsig1Mm1",
    "dataset": "ds002643",
    "modality": "T1w",
    "subject_id": "050"
  },
  "cjv": 0.28339156876402977,
  "cnr": 4.50669190427325,
  "efc": 0.6855543361608069,
  "fber": -1.0,
  "fwhm_avg": 4.3441900828558255,
  "fwhm_x": 4.29962,
  "fwhm_y": 4.56268,
  "fwhm_z": 4.170270248567477,
  "icvs_csf": 0.23231784838912556,
  "icvs_gm": 0.4278443003642856,
  "icvs_wm": 0.33983785124658883,
  "inu_med": 0.5446204543113708,
  "inu_range": 0.17737560272216796,
  "provenance": {
    "md5sum": "200e78358266c22a051e1d939b740231",
    "settings": {
      "testing": false
    },
    "software": "mriqc",
    "version": "23.0.1",
    "warnings": {
      "large_rot_frame": true,
      "small_air_mask": false
    },
    "webapi_port": null,
    "webapi_url": "https://mriqc.nimh.nih.gov/api/v1"
  },
  "qi_1": 0.0,
  "qi_2": 1.2118979658735737e-05,
  "rpve_csf": 24.296207207677163,
  "rpve_gm": 13.65756237133949,
  "rpve_wm": 20.65945222006931,
  "size_x": 240,
  "size_y": 240,
  "size_z": 220,
  "snr_csf": 1.6333987016470009,
  "snr_gm": 8.439577559589228,
  "snr_total": 12.262665364845198,
  "snr_wm": 26.715019833299365,
  "snrd_csf": 16.421330219439362,
  "snrd_gm": 61.68662033730955,
  "snrd_total": 58.940845966201984,
  "snrd_wm": 98.71458734185707,
  "spacing_x": 1.0,
  "spacing_y": 1.0,
  "spacing_z": 0.9999999403953552,
  "summary_bg_k": 653.7079346962611,
  "summary_bg_mad": 0.0,
  "summary_bg_mean": 3.1199175202240776,
  "summary_bg_median": 0.0,
  "summary_bg_n": 438986.0,
  "summary_bg_p05": 0.0,
  "summary_bg_p95": 15.302907451987267,
  "summary_bg_stdv": 6.636672586503517,
  "summary_csf_k": 1.3307057015894808,
  "summary_csf_mad": 98.65997685084837,
  "summary_csf_mean": 177.71844235315547,
  "summary_csf_median": 166.35160571336746,
  "summary_csf_n": 37734.0,
  "summary_csf_p05": 38.27977290563285,
  "summary_csf_p95": 364.09104991005717,
  "summary_csf_stdv": 101.842496424323,
  "summary_gm_k": 0.2043538632185955,
  "summary_gm_mad": 72.40180918712917,
  "summary_gm_mean": 624.5982610034071,
  "summary_gm_median": 624.898726657033,
  "summary_gm_n": 47122.0,
  "summary_gm_p05": 501.8689768119715,
  "summary_gm_p95": 745.7016784250736,
  "summary_gm_stdv": 74.04305388064265,
  "summary_wm_k": 0.8065965524500931,
  "summary_wm_mad": 33.89872725074804,
  "summary_wm_mean": 999.0916631661422,
  "summary_wm_median": 999.9999934360385,
  "summary_wm_n": 202298.0,
  "summary_wm_p05": 934.8276111111045,
  "summary_wm_p95": 1057.8134776186198,
  "summary_wm_stdv": 37.43203366763877,
  "tpm_overlap_csf": 0.15331624443642838,
  "tpm_overlap_gm": 0.4724006975624775,
  "tpm_overlap_wm": 0.5172638017464224,
  "wm2max": 0.7771928222370407
}