{
  "aor": 0.0015157142857142856,
  "aqi": 0.0029582311953352774,
  "bids_meta": {
    "AcquisitionNumber": 4,
    "BIDSVersion": "1.1.0",
    "BidsifyVersion": "0.3",
    "ConversionSoftware": "dcm2niix",
    "ConversionSoftwareVersion": "v1.0.20180622 GCC5.4.0",
    "EchoTime": 0.028,
    "EffectiveEchoSpacing": 0.0006909,
    "FlipAngle": 76.1,
    "ImageComments": "RepliSC",
    "ImageOrientationPatientDICOM": [
      0.995946,
      -0.0322454,
      -0.0839704,
      0.0137331,
      0.977101,
      -0.212332
    ],
    "InstitutionName": "Spinoza Centre for Neuroimaging, location REC",
    "MagneticFieldStrength": 3,
    "Manufacturer": "Philips",
    "ParallelAcquisitionTechnique": "SENSE",
    "ParallelReductionFactorInPlane": 2,
    "PatientPosition": "HFS",
    "PhaseEncodingDirection": "j",
    "PhilipsRescaleIntercept": 0,
    "PhilipsRescaleSlope": 0.73968,
    "PhilipsScaleSlope": 0.0235848,
    "ProtocolName": "task-Tasteratingtask_acq-SeqMm3Tr2000_bold",
    "PulseSequenceType": "Gradient Echo EPI",
    "ReconMatrixPE": 80,
    "RepetitionTime": 2,
    "SeriesDescription": "ImageMRSERIES",
    "SeriesNumber": 4,
    "SliceEncodingDirection": "k",
    "SliceTiming": [
      0.0,
      0.05555555555555555,
      0.1111111111111111,
      0.16666666666666666,
      0.2222222222222222,
      0.2777777777777778,
      0.3333333333333333,
      0.38888888888888884,
      0.4444444444444444,
      0.5,
      0.5555555555555556,
      0.611111111111111,
      0.6666666666666666,
      0.7222222222222222,
      0.7777777777777777,
      0.8333333333333333,
      0.8888888888888888,
      0.9444444444444444,
      1.0,
      1.0555555555555556,
      1.1111111111111112,
      1.1666666666666665,
      1.222222222222222,
      1.2777777777777777,
      1.3333333333333333,
      1.3888888888888888,
      1.4444444444444444,
      1.5,
      1.5555555555555554,
      1.611111111111111,
      1.6666666666666665,
      1.722222222222222,
      1.7777777777777777,
      1.8333333333333333,
      1.8888888888888888,
      1.9444444444444444
    ],
    "TaskName": "Tasteratingtask",
    "TotalReadoutTime": 0.0269452,
    "UsePhilipsFloatNotDisplayScaling": 1,
    "WaterFatShift": 12.0,
    "acq_id": "SeqMm3Tr2000",
    "dataset": "ds002643",
    "modality": "bold",
    "subject_id": "062",
    "task_id": "Tasteratingtask"
  },
  "dummy_trs": 0,
  "dvars_nstd": 17.423207564649125,
  "dvars_std": 1.0981920017251465,
  "dvars_vstd": 1.0130532368421055,
  "efc": 0.42710395296016146,
  "fber": 61600.515625,
  "fd_mean": 0.11955232653519283,
  "fd_num": 22,
  "fd_perc": 6.41399416909621,
  "fwhm_avg": 1.8383150997077655,
  "fwhm_x": 1.8397868128797858,
  "fwhm_y": 1.965773489558974,
  "fwhm_z": 1.7093849966845365,
  "gcor": 0.0233324,
  "gsr_x": -0.016143763437867165,
  "gsr_y": 0.01560935191810131,
  "provenance": {
    "md5sum": "e5ca310e16abed730326368d38eddd82",
    "settings": {
      "fd_thres": 0.2,
      "testing": false
    },
    "software": "mriqc",
    "version": "23.0.1",
    "webapi_port": null,
    "webapi_url": "https://mriqc.nimh.nih.gov/api/v1"
  },
  "size_t": 343,
  "size_x": 80,
  "size_y": 80,
  "size_z": 36,
  "snr": 5.388022122843414,
  "spacing_tr": 2.0,
  "spacing_x": 2.999999761581421,
  "spacing_y": 2.999999761581421,
  "spacing_z": 3.299999713897705,
  "summary_bg_k": 45.286398102140645,
  "summary_bg_mad": 269.027047438746,
  "summary_bg_mean": 1413.5281982421875,
  "summary_bg_median": 252.1183624267578,
  "summary_bg_n": 154737.0,
  "summary_bg_p05": 30.863879776000978,
  "summary_bg_p95": 7375.059765624996,
  "summary_bg_stdv": 3539.23046875,
  "summary_fg_k": 1.2573531091028416,
  "summary_fg_mad": 10509.30710187118,
  "summary_fg_mean": 64717.77734375,
  "summary_fg_median": 62834.4765625,
  "summary_fg_n": 34744.0,
  "summary_fg_p05": 49777.9005859375,
  "summary_fg_p95": 86898.09062499998,
  "summary_fg_stdv": 11661.7138671875,
  "tsnr": 88.2161865234375
}