{
  "bids_meta": {
    "AcquisitionNumber": 2,
    "BIDSVersion": "1.1.0",
    "BidsifyVersion": "0.3",
    "ConversionSoftware": "dcm2niix",
    "ConversionSoftwareVersion": "v1.0.20180622 GCC5.4.0",
    "EchoTime": 0.00392,
    "ImageComments": "RepliSC",
    "ImageOrientationPatientDICOM": [
      0.999191,
      -0.039601,
      0.00695752,
      0.039433,
      0.93136,
      -0.361957
    ],
    "InstitutionName": "Spinoza Centre for Neuroimaging, location REC",
    "InversionTime": 0.9,
    "MagneticFieldStrength": 3,
    "Manufacturer": "Philips",
    "ParallelAcquisitionTechnique": "SENSE",
    "PatientPosition": "HFS",
    "PhilipsRescaleIntercept": 0,
    "PhilipsRescaleSlope": 4.43346,
    "PhilipsScaleSlope": 0.00503407,
    "ProtocolName": "acq-AxialNsig1Mm1_T1w",
    "ReconMatrixPE": 240,
    "RepetitionTime": 0.008453,
    "SeriesDescription": "ImageMRSERIES",
    "SeriesNumber": 2,
    "UsePhilipsFloatNotDisplayScaling": 1,
    "acq_id": "AxialNsig1Mm1",
    "dataset": "ds002643",
    "modality": "T1w",
    "subject_id": "053"
  },
  "cjv": 0.2935909425592754,
  "cnr": 4.369939039780229,
  "efc": 0.7128453496173276,
  "fber": -1.0,
  "fwhm_avg": 4.14986341401955,
  "fwhm_x": 4.1137,
  "fwhm_y": 4.27482,
  "fwhm_z": 4.0610702420586495,
  "icvs_csf": 0.2315005196446077,
  "icvs_gm": 0.4286982571773903,
  "icvs_wm": 0.339801223178002,
  "inu_med": 0.5419169068336487,
  "inu_range": 0.17553143501281743,
  "provenance": {
    "md5sum": "d6cd6f13653eb5be53e5aa18dfdc6c8a",
    "settings": {
      "testing": false
    },
    "software": "mriqc",
    "version": "23.0.1",
    "warnings": {
      "large_rot_frame": true,
      "small_air_mask": false
    },
    "webapi_port": null,
    "webapi_url": "https://mriqc.nimh.nih.gov/api/v1"
  },
  "qi_1": 0.0,
  "qi_2": 8.238953036826684e-05,
  "rpve_csf": 22.091945856685875,
  "rpve_gm": 12.409819347464156,
  "rpve_wm": 18.982258392675483,
  "size_x": 240,
  "size_y": 240,
  "size_z": 220,
  "snr_csf": 1.542646493050406,
  "snr_gm": 8.39206859666817,
  "snr_total": 12.066272460415377,
  "snr_wm": 26.264102291527557,
  "snrd_csf": 23.342011519234557,
  "snrd_gm": 92.59610553850685,
  "snrd_total": 87.55120121158662,
  "snrd_wm": 146.71548657701845,
  "spacing_x": 1.0,
  "spacing_y": 1.0,
  "spacing_z": 0.9999999403953552,
  "summary_bg_k": 25.32022906790557,
  "summary_bg_mad": 0.0,
  "summary_bg_mean": 1.5979902037521658,
  "summary_bg_median": 0.0,
  "summary_bg_n": 398478.0,
  "summary_bg_p05": 0.0,
  "summary_bg_p95": 10.044643230736256,
  "summary_bg_stdv": 4.465352906168968,
  "summary_csf_k": 0.7009194784555342,
  "summary_csf_mad": 97.99817324453025,
  "summary_csf_mean": 178.18609362545075,
  "summary_csf_median": 159.09712690860033,
  "summary_csf_n": 35955.0,
  "summary_csf_p05": 44.11215543076396,
  "summary_csf_p95": 375.2961145415902,
  "summary_csf_stdv": 103.13115490947428,
  "summary_gm_k": 0.16104506782610883,
  "summary_gm_mad": 74.46105168993425,
  "summary_gm_mean": 630.1821364178041,
  "summary_gm_median": 631.1270278468728,
  "summary_gm_n": 39417.0,
  "summary_gm_p05": 504.71029573976995,
  "summary_gm_p95": 752.3460556790233,
  "summary_gm_stdv": 75.20422584184894,
  "summary_wm_k": 1.3383926094040346,
  "summary_wm_mad": 33.836722808759234,
  "summary_wm_mean": 998.967126793158,
  "summary_wm_median": 1000.0000371932983,
  "summary_wm_n": 216044.0,
  "summary_wm_p05": 935.0890927236527,
  "summary_wm_p95": 1058.1951924189925,
  "summary_wm_stdv": 38.07469647153123,
  "tpm_overlap_csf": 0.16637304308717887,
  "tpm_overlap_gm": 0.4790431974858591,
  "tpm_overlap_wm": 0.5305566959821555,
  "wm2max": 0.7620766801298516
}