{
  "aor": 0.0013135568513119535,
  "aqi": 0.004414255189504374,
  "bids_meta": {
    "AcquisitionNumber": 6,
    "BIDSVersion": "1.1.0",
    "BidsifyVersion": "0.3",
    "ConversionSoftware": "dcm2niix",
    "ConversionSoftwareVersion": "v1.0.20180622 GCC5.4.0",
    "EchoTime": 0.028,
    "EffectiveEchoSpacing": 0.0006909,
    "FlipAngle": 76.1,
    "ImageComments": "RepliSC",
    "ImageOrientationPatientDICOM": [
      0.998582,
      0.0530103,
      0.00479057,
      -0.0530326,
      0.998582,
      0.00463937
    ],
    "InstitutionName": "Spinoza Centre for Neuroimaging, location REC",
    "MagneticFieldStrength": 3,
    "Manufacturer": "Philips",
    "ParallelAcquisitionTechnique": "SENSE",
    "ParallelReductionFactorInPlane": 2,
    "PatientPosition": "HFS",
    "PhaseEncodingDirection": "j",
    "PhilipsRescaleIntercept": 0,
    "PhilipsRescaleSlope": 0.74652,
    "PhilipsScaleSlope": 0.0219989,
    "ProtocolName": "task-Decisiontask_acq-SeqMm3Tr2000_bold",
    "PulseSequenceType": "Gradient Echo EPI",
    "ReconMatrixPE": 80,
    "RepetitionTime": 2,
    "SeriesDescription": "ImageMRSERIES",
    "SeriesNumber": 6,
    "SliceEncodingDirection": "k",
    "SliceTiming": [
      0.0,
      0.05555555555555555,
      0.1111111111111111,
      0.16666666666666666,
      0.2222222222222222,
      0.2777777777777778,
      0.3333333333333333,
      0.38888888888888884,
      0.4444444444444444,
      0.5,
      0.5555555555555556,
      0.611111111111111,
      0.6666666666666666,
      0.7222222222222222,
      0.7777777777777777,
      0.8333333333333333,
      0.8888888888888888,
      0.9444444444444444,
      1.0,
      1.0555555555555556,
      1.1111111111111112,
      1.1666666666666665,
      1.222222222222222,
      1.2777777777777777,
      1.3333333333333333,
      1.3888888888888888,
      1.4444444444444444,
      1.5,
      1.5555555555555554,
      1.611111111111111,
      1.6666666666666665,
      1.722222222222222,
      1.7777777777777777,
      1.8333333333333333,
      1.8888888888888888,
      1.9444444444444444
    ],
    "TaskName": "Decisiontask",
    "TotalReadoutTime": 0.0269452,
    "UsePhilipsFloatNotDisplayScaling": 1,
    "WaterFatShift": 12.0,
    "acq_id": "SeqMm3Tr2000",
    "dataset": "ds002643",
    "modality": "bold",
    "subject_id": "033",
    "task_id": "Decisiontask"
  },
  "dummy_trs": 0,
  "dvars_nstd": 16.560621303538014,
  "dvars_std": 1.1891912469590635,
  "dvars_vstd": 1.0017340505263157,
  "efc": 0.3956792080042913,
  "fber": 153082.203125,
  "fd_mean": 0.1164830738266158,
  "fd_num": 31,
  "fd_perc": 9.037900874635568,
  "fwhm_avg": 1.814941523299753,
  "fwhm_x": 1.7960233333333333,
  "fwhm_y": 1.9570800000000002,
  "fwhm_z": 1.6917212365659255,
  "gcor": 0.056336,
  "gsr_x": -0.01142045296728611,
  "gsr_y": 0.0032504829578101635,
  "provenance": {
    "md5sum": "50d4ef198162f1b69b2be87b4f6e63eb",
    "settings": {
      "fd_thres": 0.2,
      "testing": false
    },
    "software": "mriqc",
    "version": "23.0.1",
    "webapi_port": null,
    "webapi_url": "https://mriqc.nimh.nih.gov/api/v1"
  },
  "size_t": 343,
  "size_x": 80,
  "size_y": 80,
  "size_z": 36,
  "snr": 7.0037392767009905,
  "spacing_tr": 2.0,
  "spacing_x": 3.0,
  "spacing_y": 3.0,
  "spacing_z": 3.299999952316284,
  "summary_bg_k": 55.40223404514458,
  "summary_bg_mad": 202.37408865732476,
  "summary_bg_mean": 1178.631103515625,
  "summary_bg_median": 182.05699157714844,
  "summary_bg_n": 160947.0,
  "summary_bg_p05": 12.522989273071289,
  "summary_bg_p95": 5889.4624023437445,
  "summary_bg_stdv": 3376.027099609375,
  "summary_fg_k": 2.0845781553107505,
  "summary_fg_mad": 9594.382269143032,
  "summary_fg_mean": 73753.7734375,
  "summary_fg_median": 72751.75,
  "summary_fg_n": 30445.0,
  "summary_fg_p05": 59654.8671875,
  "summary_fg_p95": 91191.14375,
  "summary_fg_stdv": 10387.3876953125,
  "tsnr": 94.31774139404297
}