{
  "aor": 0.001935131195335277,
  "aqi": 0.0043008998833819236,
  "bids_meta": {
    "AcquisitionNumber": 4,
    "BIDSVersion": "1.1.0",
    "BidsifyVersion": "0.3",
    "ConversionSoftware": "dcm2niix",
    "ConversionSoftwareVersion": "v1.0.20180622 GCC5.4.0",
    "EchoTime": 0.028,
    "EffectiveEchoSpacing": 0.0006909,
    "FlipAngle": 76.1,
    "ImageComments": "RepliSC",
    "ImageOrientationPatientDICOM": [
      0.998582,
      0.0530103,
      0.00479057,
      -0.0530326,
      0.998582,
      0.00463937
    ],
    "InstitutionName": "Spinoza Centre for Neuroimaging, location REC",
    "MagneticFieldStrength": 3,
    "Manufacturer": "Philips",
    "ParallelAcquisitionTechnique": "SENSE",
    "ParallelReductionFactorInPlane": 2,
    "PatientPosition": "HFS",
    "PhaseEncodingDirection": "j",
    "PhilipsRescaleIntercept": 0,
    "PhilipsRescaleSlope": 0.76239,
    "PhilipsScaleSlope": 0.0236481,
    "ProtocolName": "task-Tasteratingtask_acq-SeqMm3Tr2000_bold",
    "PulseSequenceType": "Gradient Echo EPI",
    "ReconMatrixPE": 80,
    "RepetitionTime": 2,
    "SeriesDescription": "ImageMRSERIES",
    "SeriesNumber": 4,
    "SliceEncodingDirection": "k",
    "SliceTiming": [
      0.0,
      0.05555555555555555,
      0.1111111111111111,
      0.16666666666666666,
      0.2222222222222222,
      0.2777777777777778,
      0.3333333333333333,
      0.38888888888888884,
      0.4444444444444444,
      0.5,
      0.5555555555555556,
      0.611111111111111,
      0.6666666666666666,
      0.7222222222222222,
      0.7777777777777777,
      0.8333333333333333,
      0.8888888888888888,
      0.9444444444444444,
      1.0,
      1.0555555555555556,
      1.1111111111111112,
      1.1666666666666665,
      1.222222222222222,
      1.2777777777777777,
      1.3333333333333333,
      1.3888888888888888,
      1.4444444444444444,
      1.5,
      1.5555555555555554,
      1.611111111111111,
      1.6666666666666665,
      1.722222222222222,
      1.7777777777777777,
      1.8333333333333333,
      1.8888888888888888,
      1.9444444444444444
    ],
    "TaskName": "Tasteratingtask",
    "TotalReadoutTime": 0.0269452,
    "UsePhilipsFloatNotDisplayScaling": 1,
    "WaterFatShift": 12.0,
    "acq_id": "SeqMm3Tr2000",
    "dataset": "ds002643",
    "modality": "bold",
    "subject_id": "033",
    "task_id": "Tasteratingtask"
  },
  "dummy_trs": 0,
  "dvars_nstd": 16.870189758947358,
  "dvars_std": 1.2138491461695906,
  "dvars_vstd": 1.0180889009064322,
  "efc": 0.3973278931686281,
  "fber": 115233.25,
  "fd_mean": 0.11397074574915389,
  "fd_num": 19,
  "fd_perc": 5.539358600583091,
  "fwhm_avg": 1.7895708160673125,
  "fwhm_x": 1.7770299999999999,
  "fwhm_y": 1.93354,
  "fwhm_z": 1.6581424482019373,
  "gcor": 0.0595573,
  "gsr_x": -0.011089569889008999,
  "gsr_y": 0.002588316798210144,
  "provenance": {
    "md5sum": "10976f724672daea2550cd2199525af2",
    "settings": {
      "fd_thres": 0.2,
      "testing": false
    },
    "software": "mriqc",
    "version": "23.0.1",
    "webapi_port": null,
    "webapi_url": "https://mriqc.nimh.nih.gov/api/v1"
  },
  "size_t": 343,
  "size_x": 80,
  "size_y": 80,
  "size_z": 36,
  "snr": 7.009647260488272,
  "spacing_tr": 2.0,
  "spacing_x": 3.0,
  "spacing_y": 3.0,
  "spacing_z": 3.299999952316284,
  "summary_bg_k": 54.806691158308524,
  "summary_bg_mad": 222.43872559002884,
  "summary_bg_mean": 1160.1236572265625,
  "summary_bg_median": 200.48495483398438,
  "summary_bg_n": 160778.0,
  "summary_bg_p05": 12.006940937042238,
  "summary_bg_p95": 5710.556958007812,
  "summary_bg_stdv": 3306.3193359375,
  "summary_fg_k": 1.9546900925936876,
  "summary_fg_mad": 9284.130380675988,
  "summary_fg_mean": 70981.4140625,
  "summary_fg_median": 70043.6640625,
  "summary_fg_n": 30545.0,
  "summary_fg_p05": 57575.253125,
  "summary_fg_p95": 88166.2109375,
  "summary_fg_stdv": 9992.302734375,
  "tsnr": 94.19072723388672
}