{
  "aor": 0.0010626239067055394,
  "aqi": 0.005936920029154518,
  "bids_meta": {
    "AcquisitionNumber": 3,
    "BIDSVersion": "1.1.0",
    "BidsifyVersion": "0.3",
    "ConversionSoftware": "dcm2niix",
    "ConversionSoftwareVersion": "v1.0.20180622 GCC5.4.0",
    "EchoTime": 0.028,
    "EffectiveEchoSpacing": 0.0006909,
    "FlipAngle": 76.1,
    "ImageComments": "RepliSC",
    "ImageOrientationPatientDICOM": [
      0.998582,
      0.0530103,
      0.00479057,
      -0.0530326,
      0.998582,
      0.00463937
    ],
    "InstitutionName": "Spinoza Centre for Neuroimaging, location REC",
    "MagneticFieldStrength": 3,
    "Manufacturer": "Philips",
    "ParallelAcquisitionTechnique": "SENSE",
    "ParallelReductionFactorInPlane": 2,
    "PatientPosition": "HFS",
    "PhaseEncodingDirection": "j",
    "PhilipsRescaleIntercept": 0,
    "PhilipsRescaleSlope": 0.75018,
    "PhilipsScaleSlope": 0.0218896,
    "ProtocolName": "task-Healthratingtask_acq-SeqMm3Tr2000_bold",
    "PulseSequenceType": "Gradient Echo EPI",
    "ReconMatrixPE": 80,
    "RepetitionTime": 2,
    "SeriesDescription": "ImageMRSERIES",
    "SeriesNumber": 3,
    "SliceEncodingDirection": "k",
    "SliceTiming": [
      0.0,
      0.05555555555555555,
      0.1111111111111111,
      0.16666666666666666,
      0.2222222222222222,
      0.2777777777777778,
      0.3333333333333333,
      0.38888888888888884,
      0.4444444444444444,
      0.5,
      0.5555555555555556,
      0.611111111111111,
      0.6666666666666666,
      0.7222222222222222,
      0.7777777777777777,
      0.8333333333333333,
      0.8888888888888888,
      0.9444444444444444,
      1.0,
      1.0555555555555556,
      1.1111111111111112,
      1.1666666666666665,
      1.222222222222222,
      1.2777777777777777,
      1.3333333333333333,
      1.3888888888888888,
      1.4444444444444444,
      1.5,
      1.5555555555555554,
      1.611111111111111,
      1.6666666666666665,
      1.722222222222222,
      1.7777777777777777,
      1.8333333333333333,
      1.8888888888888888,
      1.9444444444444444
    ],
    "TaskName": "Healthratingtask",
    "TotalReadoutTime": 0.0269452,
    "UsePhilipsFloatNotDisplayScaling": 1,
    "WaterFatShift": 12.0,
    "acq_id": "SeqMm3Tr2000",
    "dataset": "ds002643",
    "modality": "bold",
    "subject_id": "033",
    "task_id": "Healthratingtask"
  },
  "dummy_trs": 0,
  "dvars_nstd": 18.301184570730992,
  "dvars_std": 1.2026924096491236,
  "dvars_vstd": 0.986559253947368,
  "efc": 0.3957294215565431,
  "fber": 115301.6640625,
  "fd_mean": 0.11143464922361371,
  "fd_num": 24,
  "fd_perc": 6.997084548104956,
  "fwhm_avg": 1.8025609171650598,
  "fwhm_x": 1.78634,
  "fwhm_y": 1.9450033333333332,
  "fwhm_z": 1.6763394181618463,
  "gcor": 0.0566185,
  "gsr_x": -0.010750963352620602,
  "gsr_y": 0.003184664761647582,
  "provenance": {
    "md5sum": "e03ea01086cdb830983a98d8e4133cc4",
    "settings": {
      "fd_thres": 0.2,
      "testing": false
    },
    "software": "mriqc",
    "version": "23.0.1",
    "webapi_port": null,
    "webapi_url": "https://mriqc.nimh.nih.gov/api/v1"
  },
  "size_t": 343,
  "size_x": 80,
  "size_y": 80,
  "size_z": 36,
  "snr": 6.82043776454726,
  "spacing_tr": 2.0,
  "spacing_x": 3.0,
  "spacing_y": 3.0,
  "spacing_z": 3.299999952316284,
  "summary_bg_k": 58.70558492896113,
  "summary_bg_mad": 231.31462320536195,
  "summary_bg_mean": 1186.333740234375,
  "summary_bg_median": 208.2337188720703,
  "summary_bg_n": 161056.0,
  "summary_bg_p05": 14.964584589004517,
  "summary_bg_p95": 5772.1038818359375,
  "summary_bg_stdv": 3406.79931640625,
  "summary_fg_k": 1.9214447332559654,
  "summary_fg_mad": 9867.783384499333,
  "summary_fg_mean": 73521.546875,
  "summary_fg_median": 72472.734375,
  "summary_fg_n": 30354.0,
  "summary_fg_p05": 59087.7412109375,
  "summary_fg_p95": 91806.49257812496,
  "summary_fg_stdv": 10625.6435546875,
  "tsnr": 83.65190124511719
}