{
  "aor": 0.00185975,
  "aqi": 0.0036561907500000006,
  "bids_meta": {
    "AcquisitionNumber": 7,
    "BIDSVersion": "1.1.0",
    "BidsifyVersion": "0.3",
    "ConversionSoftware": "dcm2niix",
    "ConversionSoftwareVersion": "v1.0.20180622 GCC5.4.0",
    "EchoTime": 0.028,
    "EffectiveEchoSpacing": 0.0006909,
    "FlipAngle": 76.1,
    "ImageComments": "RepliSC",
    "ImageOrientationPatientDICOM": [
      0.998582,
      0.0530103,
      0.00479057,
      -0.0530326,
      0.998582,
      0.00463937
    ],
    "InstitutionName": "Spinoza Centre for Neuroimaging, location REC",
    "MagneticFieldStrength": 3,
    "Manufacturer": "Philips",
    "ParallelAcquisitionTechnique": "SENSE",
    "ParallelReductionFactorInPlane": 2,
    "PatientPosition": "HFS",
    "PhaseEncodingDirection": "j",
    "PhilipsRescaleIntercept": 0,
    "PhilipsRescaleSlope": 0.73846,
    "PhilipsScaleSlope": 0.0226831,
    "ProtocolName": "task-RestingState_acq-SeqMm3Tr2000_bold",
    "PulseSequenceType": "Gradient Echo EPI",
    "ReconMatrixPE": 80,
    "RepetitionTime": 2,
    "SeriesDescription": "ImageMRSERIES",
    "SeriesNumber": 7,
    "SliceEncodingDirection": "k",
    "SliceTiming": [
      0.0,
      0.05555555555555555,
      0.1111111111111111,
      0.16666666666666666,
      0.2222222222222222,
      0.2777777777777778,
      0.3333333333333333,
      0.38888888888888884,
      0.4444444444444444,
      0.5,
      0.5555555555555556,
      0.611111111111111,
      0.6666666666666666,
      0.7222222222222222,
      0.7777777777777777,
      0.8333333333333333,
      0.8888888888888888,
      0.9444444444444444,
      1.0,
      1.0555555555555556,
      1.1111111111111112,
      1.1666666666666665,
      1.222222222222222,
      1.2777777777777777,
      1.3333333333333333,
      1.3888888888888888,
      1.4444444444444444,
      1.5,
      1.5555555555555554,
      1.611111111111111,
      1.6666666666666665,
      1.722222222222222,
      1.7777777777777777,
      1.8333333333333333,
      1.8888888888888888,
      1.9444444444444444
    ],
    "TaskName": "RestingState",
    "TotalReadoutTime": 0.0269452,
    "UsePhilipsFloatNotDisplayScaling": 1,
    "WaterFatShift": 12.0,
    "acq_id": "SeqMm3Tr2000",
    "dataset": "ds002643",
    "modality": "bold",
    "subject_id": "033",
    "task_id": "RestingState"
  },
  "dummy_trs": 0,
  "dvars_nstd": 16.358456096610883,
  "dvars_std": 1.2251932792468616,
  "dvars_vstd": 1.0124195501673636,
  "efc": 0.39697059017253933,
  "fber": 151633.4375,
  "fd_mean": 0.11470790097419183,
  "fd_num": 15,
  "fd_perc": 6.25,
  "fwhm_avg": 1.828260210187575,
  "fwhm_x": 1.8128433333333334,
  "fwhm_y": 1.9762433333333334,
  "fwhm_z": 1.6956939638960573,
  "gcor": 0.0555901,
  "gsr_x": -0.01208410318940878,
  "gsr_y": 0.0028121517971158028,
  "provenance": {
    "md5sum": "9d386cd2e76af433ce6f5f47b3d3e2a1",
    "settings": {
      "fd_thres": 0.2,
      "testing": false
    },
    "software": "mriqc",
    "version": "23.0.1",
    "webapi_port": null,
    "webapi_url": "https://mriqc.nimh.nih.gov/api/v1"
  },
  "size_t": 240,
  "size_x": 80,
  "size_y": 80,
  "size_z": 36,
  "snr": 6.892830006079326,
  "spacing_tr": 2.0,
  "spacing_x": 3.0,
  "spacing_y": 3.0,
  "spacing_z": 3.299999952316284,
  "summary_bg_k": 54.173403201320426,
  "summary_bg_mad": 200.82938708747338,
  "summary_bg_mean": 1174.315673828125,
  "summary_bg_median": 180.86749267578125,
  "summary_bg_n": 160714.0,
  "summary_bg_p05": 12.874539470672614,
  "summary_bg_p95": 5897.1675781250015,
  "summary_bg_stdv": 3350.48388671875,
  "summary_fg_k": 1.9732185345099422,
  "summary_fg_mad": 9740.07689418579,
  "summary_fg_mean": 73132.1328125,
  "summary_fg_median": 72052.390625,
  "summary_fg_n": 30684.0,
  "summary_fg_p05": 59013.653125,
  "summary_fg_p95": 91056.05390625,
  "summary_fg_stdv": 10453.0673828125,
  "tsnr": 101.72215270996094
}