{
  "bids_meta": {
    "AcquisitionNumber": 2,
    "BIDSVersion": "1.1.0",
    "BidsifyVersion": "0.3",
    "ConversionSoftware": "dcm2niix",
    "ConversionSoftwareVersion": "v1.0.20180622 GCC5.4.0",
    "EchoTime": 0.00382,
    "ImageComments": "RepliSC",
    "ImageOrientationPatientDICOM": [
      0.997174,
      -0.0702975,
      0.0264821,
      0.0732279,
      0.988277,
      -0.133963
    ],
    "InstitutionName": "Spinoza Centre for Neuroimaging, location REC",
    "InversionTime": 0.9,
    "MagneticFieldStrength": 3,
    "Manufacturer": "Philips",
    "ParallelAcquisitionTechnique": "SENSE",
    "PatientPosition": "HFS",
    "PhilipsRescaleIntercept": 0,
    "PhilipsRescaleSlope": 4.02466,
    "PhilipsScaleSlope": 0.0052273,
    "ProtocolName": "acq-AxialNsig1Mm1_T1w",
    "ReconMatrixPE": 240,
    "RepetitionTime": 0.008294,
    "SeriesDescription": "ImageMRSERIES",
    "SeriesNumber": 2,
    "UsePhilipsFloatNotDisplayScaling": 1,
    "acq_id": "AxialNsig1Mm1",
    "dataset": "ds002643",
    "modality": "T1w",
    "subject_id": "011"
  },
  "cjv": 0.2694685963057508,
  "cnr": 4.808131466676361,
  "efc": 0.6893106816570336,
  "fber": 18494.27852107034,
  "fwhm_avg": 4.371380169769138,
  "fwhm_x": 4.254560253591552,
  "fwhm_y": 4.56938,
  "fwhm_z": 4.290200255715861,
  "icvs_csf": 0.252885150019873,
  "icvs_gm": 0.4367593438251403,
  "icvs_wm": 0.3103555061549867,
  "inu_med": 0.6033937931060791,
  "inu_range": 0.21098385453224178,
  "provenance": {
    "md5sum": "e4498bb64d402d2a48e75cdb3c838129",
    "settings": {
      "testing": false
    },
    "software": "mriqc",
    "version": "23.0.1",
    "warnings": {
      "large_rot_frame": true,
      "small_air_mask": false
    },
    "webapi_port": null,
    "webapi_url": "https://mriqc.nimh.nih.gov/api/v1"
  },
  "qi_1": 0.0,
  "qi_2": 3.076570920237564e-05,
  "rpve_csf": 25.319975063848613,
  "rpve_gm": 14.741634486711572,
  "rpve_wm": 23.761645792962007,
  "size_x": 240,
  "size_y": 240,
  "size_z": 220,
  "snr_csf": 1.529379712204494,
  "snr_gm": 8.561367757601339,
  "snr_total": 11.597628291525124,
  "snr_wm": 24.702137404769537,
  "snrd_csf": 11.588120243038189,
  "snrd_gm": 48.17907044249763,
  "snrd_total": 46.42519944634327,
  "snrd_wm": 79.50840765349399,
  "spacing_x": 0.9999999403953552,
  "spacing_y": 1.0,
  "spacing_z": 0.9999999403953552,
  "summary_bg_k": 1258.1136237238584,
  "summary_bg_mad": 0.0,
  "summary_bg_mean": 3.126392209895845,
  "summary_bg_median": 0.0,
  "summary_bg_n": 369951.0,
  "summary_bg_p05": 0.0,
  "summary_bg_p95": 15.602473892271519,
  "summary_bg_stdv": 8.2398379206678,
  "summary_csf_k": 0.7121677592595677,
  "summary_csf_mad": 97.11413293609172,
  "summary_csf_mean": 159.54535732693577,
  "summary_csf_median": 145.74710336327553,
  "summary_csf_n": 50150.0,
  "summary_csf_p05": 34.46030746400356,
  "summary_csf_p95": 338.58298448994736,
  "summary_csf_stdv": 95.29723003468571,
  "summary_gm_k": 0.22645412833451584,
  "summary_gm_mad": 69.22441566761525,
  "summary_gm_mean": 607.2331650851933,
  "summary_gm_median": 605.9619517624378,
  "summary_gm_n": 42117.0,
  "summary_gm_p05": 493.1404862999916,
  "summary_gm_p95": 724.48029666394,
  "summary_gm_stdv": 70.7777980205117,
  "summary_wm_k": 0.9851693361046174,
  "summary_wm_mad": 36.95646095402567,
  "summary_wm_mean": 998.7398550286226,
  "summary_wm_median": 999.9999883919954,
  "summary_wm_n": 159160.0,
  "summary_wm_p05": 929.7772295922041,
  "summary_wm_p95": 1062.0378428548574,
  "summary_wm_stdv": 40.48219919225203,
  "tpm_overlap_csf": 0.1598672485948409,
  "tpm_overlap_gm": 0.485724758876138,
  "tpm_overlap_wm": 0.5120428396576635,
  "wm2max": 0.7182150610546559
}