{
  "aor": 0.0013535833333333332,
  "aqi": 0.008764751083333333,
  "bids_meta": {
    "AcquisitionNumber": 7,
    "BIDSVersion": "1.1.0",
    "BidsifyVersion": "0.3",
    "ConversionSoftware": "dcm2niix",
    "ConversionSoftwareVersion": "v1.0.20180622 GCC5.4.0",
    "EchoTime": 0.028,
    "EffectiveEchoSpacing": 0.0006909,
    "FlipAngle": 76.1,
    "ImageComments": "RepliSC",
    "ImageOrientationPatientDICOM": [
      0.997248,
      0.03402,
      0.0658731,
      -0.0255913,
      0.99185,
      -0.124813
    ],
    "InstitutionName": "Spinoza Centre for Neuroimaging, location REC",
    "MagneticFieldStrength": 3,
    "Manufacturer": "Philips",
    "ParallelAcquisitionTechnique": "SENSE",
    "ParallelReductionFactorInPlane": 2,
    "PatientPosition": "HFS",
    "PhaseEncodingDirection": "j",
    "PhilipsRescaleIntercept": 0,
    "PhilipsRescaleSlope": 0.81441,
    "PhilipsScaleSlope": 0.0191689,
    "ProtocolName": "task-RestingState_acq-SeqMm3Tr2000_bold",
    "PulseSequenceType": "Gradient Echo EPI",
    "ReconMatrixPE": 80,
    "RepetitionTime": 2,
    "SeriesDescription": "ImageMRSERIES",
    "SeriesNumber": 7,
    "SliceEncodingDirection": "k",
    "SliceTiming": [
      0.0,
      0.05555555555555555,
      0.1111111111111111,
      0.16666666666666666,
      0.2222222222222222,
      0.2777777777777778,
      0.3333333333333333,
      0.38888888888888884,
      0.4444444444444444,
      0.5,
      0.5555555555555556,
      0.611111111111111,
      0.6666666666666666,
      0.7222222222222222,
      0.7777777777777777,
      0.8333333333333333,
      0.8888888888888888,
      0.9444444444444444,
      1.0,
      1.0555555555555556,
      1.1111111111111112,
      1.1666666666666665,
      1.222222222222222,
      1.2777777777777777,
      1.3333333333333333,
      1.3888888888888888,
      1.4444444444444444,
      1.5,
      1.5555555555555554,
      1.611111111111111,
      1.6666666666666665,
      1.722222222222222,
      1.7777777777777777,
      1.8333333333333333,
      1.8888888888888888,
      1.9444444444444444
    ],
    "TaskName": "RestingState",
    "TotalReadoutTime": 0.0269452,
    "UsePhilipsFloatNotDisplayScaling": 1,
    "WaterFatShift": 12.0,
    "acq_id": "SeqMm3Tr2000",
    "dataset": "ds002643",
    "modality": "bold",
    "subject_id": "034",
    "task_id": "RestingState"
  },
  "dummy_trs": 0,
  "dvars_nstd": 22.695656561129702,
  "dvars_std": 1.2224252373640165,
  "dvars_vstd": 0.9631701336401667,
  "efc": 0.39256897481087616,
  "fber": 229376.5,
  "fd_mean": 0.151811294896382,
  "fd_num": 49,
  "fd_perc": 20.416666666666668,
  "fwhm_avg": 1.791748492984798,
  "fwhm_x": 1.74526,
  "fwhm_y": 1.94074,
  "fwhm_z": 1.6892454789543945,
  "gcor": 0.0811369,
  "gsr_x": -0.018618911504745483,
  "gsr_y": 0.007786092348396778,
  "provenance": {
    "md5sum": "0a11556cec95adf6c673df177c6d7c8c",
    "settings": {
      "fd_thres": 0.2,
      "testing": false
    },
    "software": "mriqc",
    "version": "23.0.1",
    "webapi_port": null,
    "webapi_url": "https://mriqc.nimh.nih.gov/api/v1"
  },
  "size_t": 240,
  "size_x": 80,
  "size_y": 80,
  "size_z": 36,
  "snr": 6.122389055674876,
  "spacing_tr": 2.0,
  "spacing_x": 3.0,
  "spacing_y": 3.0,
  "spacing_z": 3.299999952316284,
  "summary_bg_k": 53.43923043663731,
  "summary_bg_mad": 172.77307547548168,
  "summary_bg_mean": 1173.3487548828125,
  "summary_bg_median": 152.103515625,
  "summary_bg_n": 160660.0,
  "summary_bg_p05": 10.828798627853395,
  "summary_bg_p95": 5546.715893554681,
  "summary_bg_stdv": 3334.15234375,
  "summary_fg_k": 1.8582351171422085,
  "summary_fg_mad": 12020.405977471146,
  "summary_fg_mean": 75423.1015625,
  "summary_fg_median": 74078.5625,
  "summary_fg_n": 30106.0,
  "summary_fg_p05": 59263.619140625,
  "summary_fg_p95": 95766.71484375,
  "summary_fg_stdv": 12099.416015625,
  "tsnr": 62.72555160522461
}