{
  "aor": 0.0015267916666666667,
  "aqi": 0.016976634083333334,
  "bids_meta": {
    "AcquisitionNumber": 7,
    "BIDSVersion": "1.1.0",
    "BidsifyVersion": "0.3",
    "ConversionSoftware": "dcm2niix",
    "ConversionSoftwareVersion": "v1.0.20180622 GCC5.4.0",
    "EchoTime": 0.028,
    "EffectiveEchoSpacing": 0.0006909,
    "FlipAngle": 76.1,
    "ImageComments": "RepliSC",
    "ImageOrientationPatientDICOM": [
      0.999553,
      -0.0125153,
      0.0271662,
      0.0198905,
      0.956449,
      -0.291221
    ],
    "InstitutionName": "Spinoza Centre for Neuroimaging, location REC",
    "MagneticFieldStrength": 3,
    "Manufacturer": "Philips",
    "ParallelAcquisitionTechnique": "SENSE",
    "ParallelReductionFactorInPlane": 2,
    "PatientPosition": "HFS",
    "PhaseEncodingDirection": "j",
    "PhilipsRescaleIntercept": 0,
    "PhilipsRescaleSlope": 0.75702,
    "PhilipsScaleSlope": 0.0256338,
    "ProtocolName": "task-RestingState_acq-SeqMm3Tr2000_bold",
    "PulseSequenceType": "Gradient Echo EPI",
    "ReconMatrixPE": 80,
    "RepetitionTime": 2,
    "SeriesDescription": "ImageMRSERIES",
    "SeriesNumber": 7,
    "SliceEncodingDirection": "k",
    "SliceTiming": [
      0.0,
      0.05555555555555555,
      0.1111111111111111,
      0.16666666666666666,
      0.2222222222222222,
      0.2777777777777778,
      0.3333333333333333,
      0.38888888888888884,
      0.4444444444444444,
      0.5,
      0.5555555555555556,
      0.611111111111111,
      0.6666666666666666,
      0.7222222222222222,
      0.7777777777777777,
      0.8333333333333333,
      0.8888888888888888,
      0.9444444444444444,
      1.0,
      1.0555555555555556,
      1.1111111111111112,
      1.1666666666666665,
      1.222222222222222,
      1.2777777777777777,
      1.3333333333333333,
      1.3888888888888888,
      1.4444444444444444,
      1.5,
      1.5555555555555554,
      1.611111111111111,
      1.6666666666666665,
      1.722222222222222,
      1.7777777777777777,
      1.8333333333333333,
      1.8888888888888888,
      1.9444444444444444
    ],
    "TaskName": "RestingState",
    "TotalReadoutTime": 0.0269452,
    "UsePhilipsFloatNotDisplayScaling": 1,
    "WaterFatShift": 12.0,
    "acq_id": "SeqMm3Tr2000",
    "dataset": "ds002643",
    "modality": "bold",
    "subject_id": "023",
    "task_id": "RestingState"
  },
  "dummy_trs": 0,
  "dvars_nstd": 25.545602112175736,
  "dvars_std": 1.1045798471966521,
  "dvars_vstd": 0.9409600381171549,
  "efc": 0.387960779494707,
  "fber": 100702.1484375,
  "fd_mean": 0.2217149421400793,
  "fd_num": 132,
  "fd_perc": 55.0,
  "fwhm_avg": 1.7357710294632136,
  "fwhm_x": 1.6979899999999999,
  "fwhm_y": 1.9428565122623036,
  "fwhm_z": 1.5664665761273369,
  "gcor": 0.0132919,
  "gsr_x": -0.014341827481985092,
  "gsr_y": 0.004258199129253626,
  "provenance": {
    "md5sum": "87436ce1542a923e3442d559fbfe208e",
    "settings": {
      "fd_thres": 0.2,
      "testing": false
    },
    "software": "mriqc",
    "version": "23.0.1",
    "webapi_port": null,
    "webapi_url": "https://mriqc.nimh.nih.gov/api/v1"
  },
  "size_t": 240,
  "size_x": 80,
  "size_y": 80,
  "size_z": 36,
  "snr": 6.621992814791253,
  "spacing_tr": 2.0,
  "spacing_x": 3.0,
  "spacing_y": 3.000000238418579,
  "spacing_z": 3.3000001907348633,
  "summary_bg_k": 61.16204779801997,
  "summary_bg_mad": 219.82937362451142,
  "summary_bg_mean": 1184.318603515625,
  "summary_bg_median": 180.36875915527344,
  "summary_bg_n": 164371.0,
  "summary_bg_p05": 20.01480197906494,
  "summary_bg_p95": 4515.0,
  "summary_bg_stdv": 3234.37353515625,
  "summary_fg_k": 2.463217527961991,
  "summary_fg_mad": 8261.030604438634,
  "summary_fg_mean": 57626.015625,
  "summary_fg_median": 56959.08203125,
  "summary_fg_n": 27581.0,
  "summary_fg_p05": 45823.9609375,
  "summary_fg_p95": 71313.9140625,
  "summary_fg_stdv": 8601.345703125,
  "tsnr": 50.49827194213867
}