{
  "aor": 0.0009359475218658893,
  "aqi": 0.005937588658892128,
  "bids_meta": {
    "AcquisitionNumber": 6,
    "BIDSVersion": "1.1.0",
    "BidsifyVersion": "0.3",
    "ConversionSoftware": "dcm2niix",
    "ConversionSoftwareVersion": "v1.0.20180622 GCC5.4.0",
    "EchoTime": 0.028,
    "EffectiveEchoSpacing": 0.0006909,
    "FlipAngle": 76.1,
    "ImageComments": "RepliSC",
    "ImageOrientationPatientDICOM": [
      0.999553,
      -0.0125153,
      0.0271662,
      0.0198905,
      0.956449,
      -0.291221
    ],
    "InstitutionName": "Spinoza Centre for Neuroimaging, location REC",
    "MagneticFieldStrength": 3,
    "Manufacturer": "Philips",
    "ParallelAcquisitionTechnique": "SENSE",
    "ParallelReductionFactorInPlane": 2,
    "PatientPosition": "HFS",
    "PhaseEncodingDirection": "j",
    "PhilipsRescaleIntercept": 0,
    "PhilipsRescaleSlope": 0.76459,
    "PhilipsScaleSlope": 0.0250152,
    "ProtocolName": "task-Decisiontask_acq-SeqMm3Tr2000_bold",
    "PulseSequenceType": "Gradient Echo EPI",
    "ReconMatrixPE": 80,
    "RepetitionTime": 2,
    "SeriesDescription": "ImageMRSERIES",
    "SeriesNumber": 6,
    "SliceEncodingDirection": "k",
    "SliceTiming": [
      0.0,
      0.05555555555555555,
      0.1111111111111111,
      0.16666666666666666,
      0.2222222222222222,
      0.2777777777777778,
      0.3333333333333333,
      0.38888888888888884,
      0.4444444444444444,
      0.5,
      0.5555555555555556,
      0.611111111111111,
      0.6666666666666666,
      0.7222222222222222,
      0.7777777777777777,
      0.8333333333333333,
      0.8888888888888888,
      0.9444444444444444,
      1.0,
      1.0555555555555556,
      1.1111111111111112,
      1.1666666666666665,
      1.222222222222222,
      1.2777777777777777,
      1.3333333333333333,
      1.3888888888888888,
      1.4444444444444444,
      1.5,
      1.5555555555555554,
      1.611111111111111,
      1.6666666666666665,
      1.722222222222222,
      1.7777777777777777,
      1.8333333333333333,
      1.8888888888888888,
      1.9444444444444444
    ],
    "TaskName": "Decisiontask",
    "TotalReadoutTime": 0.0269452,
    "UsePhilipsFloatNotDisplayScaling": 1,
    "WaterFatShift": 12.0,
    "acq_id": "SeqMm3Tr2000",
    "dataset": "ds002643",
    "modality": "bold",
    "subject_id": "023",
    "task_id": "Decisiontask"
  },
  "dummy_trs": 0,
  "dvars_nstd": 24.560356123450305,
  "dvars_std": 1.2410612001169583,
  "dvars_vstd": 1.0005149282748533,
  "efc": 0.38755746457255974,
  "fber": 99842.375,
  "fd_mean": 0.16142811852494796,
  "fd_num": 99,
  "fd_perc": 28.862973760932945,
  "fwhm_avg": 1.719531434033718,
  "fwhm_x": 1.6635033333333331,
  "fwhm_y": 1.907436515077232,
  "fwhm_z": 1.5876544536905892,
  "gcor": 0.0331841,
  "gsr_x": -0.014323721639811993,
  "gsr_y": 0.004842896945774555,
  "provenance": {
    "md5sum": "11cd985ec565ad6bb264bf5985dc9d46",
    "settings": {
      "fd_thres": 0.2,
      "testing": false
    },
    "software": "mriqc",
    "version": "23.0.1",
    "webapi_port": null,
    "webapi_url": "https://mriqc.nimh.nih.gov/api/v1"
  },
  "size_t": 343,
  "size_x": 80,
  "size_y": 80,
  "size_z": 36,
  "snr": 6.58694684921592,
  "spacing_tr": 2.0,
  "spacing_x": 3.0,
  "spacing_y": 3.000000238418579,
  "spacing_z": 3.3000001907348633,
  "summary_bg_k": 75.34719920563177,
  "summary_bg_mad": 221.78581001246948,
  "summary_bg_mean": 1195.6756591796875,
  "summary_bg_median": 181.41934204101562,
  "summary_bg_n": 164398.0,
  "summary_bg_p05": 18.58982162475586,
  "summary_bg_p95": 4507.711889648437,
  "summary_bg_stdv": 3332.6640625,
  "summary_fg_k": 2.5337987310467316,
  "summary_fg_mad": 8461.668382789838,
  "summary_fg_mean": 58311.5,
  "summary_fg_median": 57635.78515625,
  "summary_fg_n": 27479.0,
  "summary_fg_p05": 46442.080859375,
  "summary_fg_p95": 72065.34296875,
  "summary_fg_stdv": 8749.8408203125,
  "tsnr": 72.85659790039062
}