{
  "aor": 0.0025621865889212826,
  "aqi": 0.0049720463848396505,
  "bids_meta": {
    "AcquisitionNumber": 3,
    "BIDSVersion": "1.1.0",
    "BidsifyVersion": "0.3",
    "ConversionSoftware": "dcm2niix",
    "ConversionSoftwareVersion": "v1.0.20180622 GCC5.4.0",
    "EchoTime": 0.028,
    "EffectiveEchoSpacing": 0.0006909,
    "FlipAngle": 76.1,
    "ImageComments": "RepliSC",
    "ImageOrientationPatientDICOM": [
      0.999553,
      -0.0125153,
      0.0271662,
      0.0198905,
      0.956449,
      -0.291221
    ],
    "InstitutionName": "Spinoza Centre for Neuroimaging, location REC",
    "MagneticFieldStrength": 3,
    "Manufacturer": "Philips",
    "ParallelAcquisitionTechnique": "SENSE",
    "ParallelReductionFactorInPlane": 2,
    "PatientPosition": "HFS",
    "PhaseEncodingDirection": "j",
    "PhilipsRescaleIntercept": 0,
    "PhilipsRescaleSlope": 0.76386,
    "PhilipsScaleSlope": 0.0242083,
    "ProtocolName": "task-Tasteratingtask_acq-SeqMm3Tr2000_bold",
    "PulseSequenceType": "Gradient Echo EPI",
    "ReconMatrixPE": 80,
    "RepetitionTime": 2,
    "SeriesDescription": "ImageMRSERIES",
    "SeriesNumber": 3,
    "SliceEncodingDirection": "k",
    "SliceTiming": [
      0.0,
      0.05555555555555555,
      0.1111111111111111,
      0.16666666666666666,
      0.2222222222222222,
      0.2777777777777778,
      0.3333333333333333,
      0.38888888888888884,
      0.4444444444444444,
      0.5,
      0.5555555555555556,
      0.611111111111111,
      0.6666666666666666,
      0.7222222222222222,
      0.7777777777777777,
      0.8333333333333333,
      0.8888888888888888,
      0.9444444444444444,
      1.0,
      1.0555555555555556,
      1.1111111111111112,
      1.1666666666666665,
      1.222222222222222,
      1.2777777777777777,
      1.3333333333333333,
      1.3888888888888888,
      1.4444444444444444,
      1.5,
      1.5555555555555554,
      1.611111111111111,
      1.6666666666666665,
      1.722222222222222,
      1.7777777777777777,
      1.8333333333333333,
      1.8888888888888888,
      1.9444444444444444
    ],
    "TaskName": "Tasteratingtask",
    "TotalReadoutTime": 0.0269452,
    "UsePhilipsFloatNotDisplayScaling": 1,
    "WaterFatShift": 12.0,
    "acq_id": "SeqMm3Tr2000",
    "dataset": "ds002643",
    "modality": "bold",
    "subject_id": "023",
    "task_id": "Tasteratingtask"
  },
  "dummy_trs": 0,
  "dvars_nstd": 24.094095046257305,
  "dvars_std": 1.2771688771345031,
  "dvars_vstd": 1.0286038672807025,
  "efc": 0.3866067024728681,
  "fber": 104963.2578125,
  "fd_mean": 0.15224374431786367,
  "fd_num": 75,
  "fd_perc": 21.865889212827987,
  "fwhm_avg": 1.7621177956530543,
  "fwhm_x": 1.7022833333333331,
  "fwhm_y": 1.949339845080388,
  "fwhm_z": 1.6347302085454416,
  "gcor": 0.0520456,
  "gsr_x": -0.013714964501559734,
  "gsr_y": 0.004934755619615316,
  "provenance": {
    "md5sum": "27d5c22b856d784d2c179b60cc9ac1af",
    "settings": {
      "fd_thres": 0.2,
      "testing": false
    },
    "software": "mriqc",
    "version": "23.0.1",
    "webapi_port": null,
    "webapi_url": "https://mriqc.nimh.nih.gov/api/v1"
  },
  "size_t": 343,
  "size_x": 80,
  "size_y": 80,
  "size_z": 36,
  "snr": 6.281378676127232,
  "spacing_tr": 2.0,
  "spacing_x": 3.0,
  "spacing_y": 3.000000238418579,
  "spacing_z": 3.3000001907348633,
  "summary_bg_k": 69.51820774125684,
  "summary_bg_mad": 221.5110387637199,
  "summary_bg_mean": 1189.5174560546875,
  "summary_bg_median": 177.67059326171875,
  "summary_bg_n": 164477.0,
  "summary_bg_p05": 12.348892402648929,
  "summary_bg_p95": 4570.105175781243,
  "summary_bg_stdv": 3275.001953125,
  "summary_fg_k": 2.2190347044500305,
  "summary_fg_mad": 8900.171154572534,
  "summary_fg_mean": 58432.671875,
  "summary_fg_median": 57672.484375,
  "summary_fg_n": 27493.0,
  "summary_fg_p05": 45903.36484375,
  "summary_fg_p95": 73121.13593749996,
  "summary_fg_stdv": 9181.333984375,
  "tsnr": 73.18441772460938
}