{
  "bids_meta": {
    "AcquisitionNumber": 2,
    "BIDSVersion": "1.1.0",
    "BidsifyVersion": "0.3",
    "ConversionSoftware": "dcm2niix",
    "ConversionSoftwareVersion": "v1.0.20180622 GCC5.4.0",
    "EchoTime": 0.00373,
    "ImageComments": "RepliSC",
    "ImageOrientationPatientDICOM": [
      0.999742,
      -0.00482595,
      0.0222126,
      0.00575816,
      0.999097,
      -0.0420972
    ],
    "InstitutionName": "Spinoza Centre for Neuroimaging, location REC",
    "InversionTime": 0.9,
    "MagneticFieldStrength": 3,
    "Manufacturer": "Philips",
    "ParallelAcquisitionTechnique": "SENSE",
    "PatientPosition": "HFS",
    "PhilipsRescaleIntercept": 0,
    "PhilipsRescaleSlope": 4.17949,
    "PhilipsScaleSlope": 0.00503527,
    "ProtocolName": "acq-AxialNsig1Mm1_T1w",
    "ReconMatrixPE": 240,
    "RepetitionTime": 0.008155,
    "SeriesDescription": "ImageMRSERIES",
    "SeriesNumber": 2,
    "UsePhilipsFloatNotDisplayScaling": 1,
    "acq_id": "AxialNsig1Mm1",
    "dataset": "ds002643",
    "modality": "T1w",
    "subject_id": "001"
  },
  "cjv": 0.2875384356516448,
  "cnr": 4.453619623737169,
  "efc": 0.7076012015081143,
  "fber": -1.0,
  "fwhm_avg": 4.102563333333333,
  "fwhm_x": 4.06772,
  "fwhm_y": 4.2908,
  "fwhm_z": 3.94917,
  "icvs_csf": 0.2336712280468312,
  "icvs_gm": 0.43693096422539746,
  "icvs_wm": 0.32939780772777133,
  "inu_med": 0.582132875919342,
  "inu_range": 0.20829897522926333,
  "provenance": {
    "md5sum": "94712aa54ffd175d522710f75be1042c",
    "settings": {
      "testing": false
    },
    "software": "mriqc",
    "version": "23.0.1",
    "warnings": {
      "large_rot_frame": true,
      "small_air_mask": false
    },
    "webapi_port": null,
    "webapi_url": "https://mriqc.nimh.nih.gov/api/v1"
  },
  "qi_1": 0.0,
  "qi_2": 0.00010004858422678415,
  "rpve_csf": 22.901906150341684,
  "rpve_gm": 12.789360473568575,
  "rpve_wm": 20.23875304661053,
  "size_x": 240,
  "size_y": 240,
  "size_z": 220,
  "snr_csf": 1.8286674312484783,
  "snr_gm": 8.464947970088597,
  "snr_total": 11.798020013639084,
  "snr_wm": 25.100444639580175,
  "snrd_csf": 21.415077320938543,
  "snrd_gm": 64.07266889012476,
  "snrd_total": 62.65765169405952,
  "snrd_wm": 102.48520887111525,
  "spacing_x": 1.0,
  "spacing_y": 1.0,
  "spacing_z": 1.0,
  "summary_bg_k": 902.229095063393,
  "summary_bg_mad": 0.0,
  "summary_bg_mean": 2.4867867891664917,
  "summary_bg_median": 0.0,
  "summary_bg_n": 377238.0,
  "summary_bg_p05": 0.0,
  "summary_bg_p95": 11.930820107460022,
  "summary_bg_stdv": 6.3924968931170625,
  "summary_csf_k": 0.05727430659422872,
  "summary_csf_mad": 125.26495869796179,
  "summary_csf_mean": 218.43762617769312,
  "summary_csf_median": 208.95773039013147,
  "summary_csf_n": 35518.0,
  "summary_csf_p05": 46.41714427694679,
  "summary_csf_p95": 407.1909524235875,
  "summary_csf_stdv": 114.2661509816715,
  "summary_gm_k": 0.30475602998006357,
  "summary_gm_mad": 71.50355649520665,
  "summary_gm_mean": 625.685342955538,
  "summary_gm_median": 625.1894060745835,
  "summary_gm_n": 37203.0,
  "summary_gm_p05": 503.88471695780754,
  "summary_gm_p95": 746.7586899921298,
  "summary_gm_stdv": 73.85526831605257,
  "summary_wm_k": 1.2428612853334835,
  "summary_wm_mad": 36.268886262157196,
  "summary_wm_mean": 1000.1921978083781,
  "summary_wm_median": 999.9999684020877,
  "summary_wm_n": 189898.0,
  "summary_wm_p05": 936.0161347612739,
  "summary_wm_p95": 1065.06623531878,
  "summary_wm_stdv": 39.83982553955992,
  "tpm_overlap_csf": 0.15764728643777917,
  "tpm_overlap_gm": 0.4862055842383872,
  "tpm_overlap_wm": 0.5126226690752123,
  "wm2max": 0.7429720244573895
}