{
  "aor": 0.0011138192419825074,
  "aqi": 0.01787248518950437,
  "bids_meta": {
    "AcquisitionNumber": 6,
    "BIDSVersion": "1.1.0",
    "BidsifyVersion": "0.3",
    "ConversionSoftware": "dcm2niix",
    "ConversionSoftwareVersion": "v1.0.20180622 GCC5.4.0",
    "EchoTime": 0.028,
    "EffectiveEchoSpacing": 0.0006909,
    "FlipAngle": 76.1,
    "ImageComments": "RepliSC",
    "ImageOrientationPatientDICOM": [
      0.999468,
      -0.0285091,
      -0.0158695,
      0.0275685,
      0.998015,
      -0.0566291
    ],
    "InstitutionName": "Spinoza Centre for Neuroimaging, location REC",
    "MagneticFieldStrength": 3,
    "Manufacturer": "Philips",
    "ParallelAcquisitionTechnique": "SENSE",
    "ParallelReductionFactorInPlane": 2,
    "PatientPosition": "HFS",
    "PhaseEncodingDirection": "j",
    "PhilipsRescaleIntercept": 0,
    "PhilipsRescaleSlope": 0.76239,
    "PhilipsScaleSlope": 0.0212571,
    "ProtocolName": "task-Decisiontask_acq-SeqMm3Tr2000_bold",
    "PulseSequenceType": "Gradient Echo EPI",
    "ReconMatrixPE": 80,
    "RepetitionTime": 2,
    "SeriesDescription": "ImageMRSERIES",
    "SeriesNumber": 6,
    "SliceEncodingDirection": "k",
    "SliceTiming": [
      0.0,
      0.05555555555555555,
      0.1111111111111111,
      0.16666666666666666,
      0.2222222222222222,
      0.2777777777777778,
      0.3333333333333333,
      0.38888888888888884,
      0.4444444444444444,
      0.5,
      0.5555555555555556,
      0.611111111111111,
      0.6666666666666666,
      0.7222222222222222,
      0.7777777777777777,
      0.8333333333333333,
      0.8888888888888888,
      0.9444444444444444,
      1.0,
      1.0555555555555556,
      1.1111111111111112,
      1.1666666666666665,
      1.222222222222222,
      1.2777777777777777,
      1.3333333333333333,
      1.3888888888888888,
      1.4444444444444444,
      1.5,
      1.5555555555555554,
      1.611111111111111,
      1.6666666666666665,
      1.722222222222222,
      1.7777777777777777,
      1.8333333333333333,
      1.8888888888888888,
      1.9444444444444444
    ],
    "TaskName": "Decisiontask",
    "TotalReadoutTime": 0.0269452,
    "UsePhilipsFloatNotDisplayScaling": 1,
    "WaterFatShift": 12.0,
    "acq_id": "SeqMm3Tr2000",
    "dataset": "ds002643",
    "modality": "bold",
    "subject_id": "046",
    "task_id": "Decisiontask"
  },
  "dummy_trs": 0,
  "dvars_nstd": 23.697406568245615,
  "dvars_std": 1.1619124499707605,
  "dvars_vstd": 0.9482709607602338,
  "efc": 0.4343209462182599,
  "fber": 164487.359375,
  "fd_mean": 0.18019349987175787,
  "fd_num": 115,
  "fd_perc": 33.52769679300292,
  "fwhm_avg": 1.772380372353606,
  "fwhm_x": 1.73364,
  "fwhm_y": 1.9388133333333333,
  "fwhm_z": 1.644687783727485,
  "gcor": 0.0267583,
  "gsr_x": -0.01780204474925995,
  "gsr_y": 0.015323413535952568,
  "provenance": {
    "md5sum": "a59d83e32d3f52ddf4eb91160a673e3d",
    "settings": {
      "fd_thres": 0.2,
      "testing": false
    },
    "software": "mriqc",
    "version": "23.0.1",
    "webapi_port": null,
    "webapi_url": "https://mriqc.nimh.nih.gov/api/v1"
  },
  "size_t": 343,
  "size_x": 80,
  "size_y": 80,
  "size_z": 36,
  "snr": 6.458850387821485,
  "spacing_tr": 2.0,
  "spacing_x": 3.0,
  "spacing_y": 3.0,
  "spacing_z": 3.3000001907348633,
  "summary_bg_k": 110.95890040271534,
  "summary_bg_mad": 189.98666784429975,
  "summary_bg_mean": 1453.864990234375,
  "summary_bg_median": 173.18344116210938,
  "summary_bg_n": 152876.0,
  "summary_bg_p05": 13.905134439468384,
  "summary_bg_p95": 6656.362548828125,
  "summary_bg_stdv": 4411.22314453125,
  "summary_fg_k": 2.7833297412827536,
  "summary_fg_mad": 9811.820942165661,
  "summary_fg_mean": 73413.5390625,
  "summary_fg_median": 71881.171875,
  "summary_fg_n": 36945.0,
  "summary_fg_p05": 59128.33515625,
  "summary_fg_p95": 92751.42656249987,
  "summary_fg_stdv": 11128.9462890625,
  "tsnr": 55.99142074584961
}