{
  "aor": 0.0022648688046647226,
  "aqi": 0.009722206443148687,
  "bids_meta": {
    "AcquisitionNumber": 4,
    "BIDSVersion": "1.1.0",
    "BidsifyVersion": "0.3",
    "ConversionSoftware": "dcm2niix",
    "ConversionSoftwareVersion": "v1.0.20180622 GCC5.4.0",
    "EchoTime": 0.028,
    "EffectiveEchoSpacing": 0.0006909,
    "FlipAngle": 76.1,
    "ImageComments": "RepliSC",
    "ImageOrientationPatientDICOM": [
      0.999468,
      -0.0285091,
      -0.0158695,
      0.0275685,
      0.998015,
      -0.0566291
    ],
    "InstitutionName": "Spinoza Centre for Neuroimaging, location REC",
    "MagneticFieldStrength": 3,
    "Manufacturer": "Philips",
    "ParallelAcquisitionTechnique": "SENSE",
    "ParallelReductionFactorInPlane": 2,
    "PatientPosition": "HFS",
    "PhaseEncodingDirection": "j",
    "PhilipsRescaleIntercept": 0,
    "PhilipsRescaleSlope": 0.77338,
    "PhilipsScaleSlope": 0.0210872,
    "ProtocolName": "task-Tasteratingtask_acq-SeqMm3Tr2000_bold",
    "PulseSequenceType": "Gradient Echo EPI",
    "ReconMatrixPE": 80,
    "RepetitionTime": 2,
    "SeriesDescription": "ImageMRSERIES",
    "SeriesNumber": 4,
    "SliceEncodingDirection": "k",
    "SliceTiming": [
      0.0,
      0.05555555555555555,
      0.1111111111111111,
      0.16666666666666666,
      0.2222222222222222,
      0.2777777777777778,
      0.3333333333333333,
      0.38888888888888884,
      0.4444444444444444,
      0.5,
      0.5555555555555556,
      0.611111111111111,
      0.6666666666666666,
      0.7222222222222222,
      0.7777777777777777,
      0.8333333333333333,
      0.8888888888888888,
      0.9444444444444444,
      1.0,
      1.0555555555555556,
      1.1111111111111112,
      1.1666666666666665,
      1.222222222222222,
      1.2777777777777777,
      1.3333333333333333,
      1.3888888888888888,
      1.4444444444444444,
      1.5,
      1.5555555555555554,
      1.611111111111111,
      1.6666666666666665,
      1.722222222222222,
      1.7777777777777777,
      1.8333333333333333,
      1.8888888888888888,
      1.9444444444444444
    ],
    "TaskName": "Tasteratingtask",
    "TotalReadoutTime": 0.0269452,
    "UsePhilipsFloatNotDisplayScaling": 1,
    "WaterFatShift": 12.0,
    "acq_id": "SeqMm3Tr2000",
    "dataset": "ds002643",
    "modality": "bold",
    "subject_id": "046",
    "task_id": "Tasteratingtask"
  },
  "dummy_trs": 0,
  "dvars_nstd": 23.598234750906443,
  "dvars_std": 1.2729095848245608,
  "dvars_vstd": 1.011527750292398,
  "efc": 0.43357688765031527,
  "fber": 167244.703125,
  "fd_mean": 0.15904702773259566,
  "fd_num": 64,
  "fd_perc": 18.658892128279884,
  "fwhm_avg": 1.760397140120341,
  "fwhm_x": 1.7144300000000001,
  "fwhm_y": 1.9267433333333335,
  "fwhm_z": 1.6400180870276893,
  "gcor": 0.0345326,
  "gsr_x": -0.017610296607017517,
  "gsr_y": 0.015405118465423584,
  "provenance": {
    "md5sum": "5e18316c2e20ffda541abbfa1c6cf769",
    "settings": {
      "fd_thres": 0.2,
      "testing": false
    },
    "software": "mriqc",
    "version": "23.0.1",
    "webapi_port": null,
    "webapi_url": "https://mriqc.nimh.nih.gov/api/v1"
  },
  "size_t": 343,
  "size_x": 80,
  "size_y": 80,
  "size_z": 36,
  "snr": 6.51584653451081,
  "spacing_tr": 2.0,
  "spacing_x": 3.0,
  "spacing_y": 3.0,
  "spacing_z": 3.3000001907348633,
  "summary_bg_k": 115.33392758084976,
  "summary_bg_mad": 185.5452407942764,
  "summary_bg_mean": 1408.2474365234375,
  "summary_bg_median": 170.39178466796875,
  "summary_bg_n": 152958.0,
  "summary_bg_p05": 14.60034055709839,
  "summary_bg_p95": 6481.464550781249,
  "summary_bg_stdv": 4291.8798828125,
  "summary_fg_k": 2.576439963846636,
  "summary_fg_mad": 9640.800459695074,
  "summary_fg_mean": 72510.65625,
  "summary_fg_median": 71035.2578125,
  "summary_fg_n": 36905.0,
  "summary_fg_p05": 58347.31640625,
  "summary_fg_p95": 91393.41249999999,
  "summary_fg_stdv": 10901.775390625,
  "tsnr": 67.93644714355469
}