{
  "aor": 0.0015953333333333336,
  "aqi": 0.016105514208333335,
  "bids_meta": {
    "AcquisitionNumber": 7,
    "BIDSVersion": "1.1.0",
    "BidsifyVersion": "0.3",
    "ConversionSoftware": "dcm2niix",
    "ConversionSoftwareVersion": "v1.0.20180622 GCC5.4.0",
    "EchoTime": 0.028,
    "EffectiveEchoSpacing": 0.0006909,
    "FlipAngle": 76.1,
    "ImageComments": "RepliSC",
    "ImageOrientationPatientDICOM": [
      0.999468,
      -0.0285091,
      -0.0158695,
      0.0275685,
      0.998015,
      -0.0566291
    ],
    "InstitutionName": "Spinoza Centre for Neuroimaging, location REC",
    "MagneticFieldStrength": 3,
    "Manufacturer": "Philips",
    "ParallelAcquisitionTechnique": "SENSE",
    "ParallelReductionFactorInPlane": 2,
    "PatientPosition": "HFS",
    "PhaseEncodingDirection": "j",
    "PhilipsRescaleIntercept": 0,
    "PhilipsRescaleSlope": 0.77582,
    "PhilipsScaleSlope": 0.021354,
    "ProtocolName": "task-RestingState_acq-SeqMm3Tr2000_bold",
    "PulseSequenceType": "Gradient Echo EPI",
    "ReconMatrixPE": 80,
    "RepetitionTime": 2,
    "SeriesDescription": "ImageMRSERIES",
    "SeriesNumber": 7,
    "SliceEncodingDirection": "k",
    "SliceTiming": [
      0.0,
      0.05555555555555555,
      0.1111111111111111,
      0.16666666666666666,
      0.2222222222222222,
      0.2777777777777778,
      0.3333333333333333,
      0.38888888888888884,
      0.4444444444444444,
      0.5,
      0.5555555555555556,
      0.611111111111111,
      0.6666666666666666,
      0.7222222222222222,
      0.7777777777777777,
      0.8333333333333333,
      0.8888888888888888,
      0.9444444444444444,
      1.0,
      1.0555555555555556,
      1.1111111111111112,
      1.1666666666666665,
      1.222222222222222,
      1.2777777777777777,
      1.3333333333333333,
      1.3888888888888888,
      1.4444444444444444,
      1.5,
      1.5555555555555554,
      1.611111111111111,
      1.6666666666666665,
      1.722222222222222,
      1.7777777777777777,
      1.8333333333333333,
      1.8888888888888888,
      1.9444444444444444
    ],
    "TaskName": "RestingState",
    "TotalReadoutTime": 0.0269452,
    "UsePhilipsFloatNotDisplayScaling": 1,
    "WaterFatShift": 12.0,
    "acq_id": "SeqMm3Tr2000",
    "dataset": "ds002643",
    "modality": "bold",
    "subject_id": "046",
    "task_id": "RestingState"
  },
  "dummy_trs": 0,
  "dvars_nstd": 25.20038502594142,
  "dvars_std": 1.2132529825941423,
  "dvars_vstd": 0.9730971429288707,
  "efc": 0.43448275001911724,
  "fber": 163247.640625,
  "fd_mean": 0.21087739326724794,
  "fd_num": 100,
  "fd_perc": 41.666666666666664,
  "fwhm_avg": 1.763757342376991,
  "fwhm_x": 1.7218333333333333,
  "fwhm_y": 1.9416933333333333,
  "fwhm_z": 1.6277453604643064,
  "gcor": 0.0472125,
  "gsr_x": -0.017773088067770004,
  "gsr_y": 0.01564056985080242,
  "provenance": {
    "md5sum": "412fbd5844d0a755fc846269f5a1c50b",
    "settings": {
      "fd_thres": 0.2,
      "testing": false
    },
    "software": "mriqc",
    "version": "23.0.1",
    "webapi_port": null,
    "webapi_url": "https://mriqc.nimh.nih.gov/api/v1"
  },
  "size_t": 240,
  "size_x": 80,
  "size_y": 80,
  "size_z": 36,
  "snr": 6.586253086795846,
  "spacing_tr": 2.0,
  "spacing_x": 3.0,
  "spacing_y": 3.0,
  "spacing_z": 3.3000001907348633,
  "summary_bg_k": 114.78053398353478,
  "summary_bg_mad": 189.25464770367705,
  "summary_bg_mean": 1440.437744140625,
  "summary_bg_median": 172.2799072265625,
  "summary_bg_n": 152912.0,
  "summary_bg_p05": 13.663706827163697,
  "summary_bg_p95": 6623.226538085937,
  "summary_bg_stdv": 4394.96826171875,
  "summary_fg_k": 2.582099596538762,
  "summary_fg_mad": 9568.656804085995,
  "summary_fg_mean": 72500.9765625,
  "summary_fg_median": 71032.28125,
  "summary_fg_n": 36875.0,
  "summary_fg_p05": 58517.69453125,
  "summary_fg_p95": 91289.95624999996,
  "summary_fg_stdv": 10784.7841796875,
  "tsnr": 57.097267150878906
}