{
  "aor": 0.0008551603498542273,
  "aqi": 0.008050333265306124,
  "bids_meta": {
    "AcquisitionNumber": 3,
    "BIDSVersion": "1.1.0",
    "BidsifyVersion": "0.3",
    "ConversionSoftware": "dcm2niix",
    "ConversionSoftwareVersion": "v1.0.20180622 GCC5.4.0",
    "EchoTime": 0.028,
    "EffectiveEchoSpacing": 0.0006909,
    "FlipAngle": 76.1,
    "ImageComments": "RepliSC",
    "ImageOrientationPatientDICOM": [
      0.998045,
      -0.0602352,
      0.0166885,
      0.0624419,
      0.972781,
      -0.223154
    ],
    "InstitutionName": "Spinoza Centre for Neuroimaging, location REC",
    "MagneticFieldStrength": 3,
    "Manufacturer": "Philips",
    "ParallelAcquisitionTechnique": "SENSE",
    "ParallelReductionFactorInPlane": 2,
    "PatientPosition": "HFS",
    "PhaseEncodingDirection": "j",
    "PhilipsRescaleIntercept": 0,
    "PhilipsRescaleSlope": 0.75995,
    "PhilipsScaleSlope": 0.0267614,
    "ProtocolName": "task-Tasteratingtask_acq-SeqMm3Tr2000_bold",
    "PulseSequenceType": "Gradient Echo EPI",
    "ReconMatrixPE": 80,
    "RepetitionTime": 2,
    "SeriesDescription": "ImageMRSERIES",
    "SeriesNumber": 3,
    "SliceEncodingDirection": "k",
    "SliceTiming": [
      0.0,
      0.05555555555555555,
      0.1111111111111111,
      0.16666666666666666,
      0.2222222222222222,
      0.2777777777777778,
      0.3333333333333333,
      0.38888888888888884,
      0.4444444444444444,
      0.5,
      0.5555555555555556,
      0.611111111111111,
      0.6666666666666666,
      0.7222222222222222,
      0.7777777777777777,
      0.8333333333333333,
      0.8888888888888888,
      0.9444444444444444,
      1.0,
      1.0555555555555556,
      1.1111111111111112,
      1.1666666666666665,
      1.222222222222222,
      1.2777777777777777,
      1.3333333333333333,
      1.3888888888888888,
      1.4444444444444444,
      1.5,
      1.5555555555555554,
      1.611111111111111,
      1.6666666666666665,
      1.722222222222222,
      1.7777777777777777,
      1.8333333333333333,
      1.8888888888888888,
      1.9444444444444444
    ],
    "TaskName": "Tasteratingtask",
    "TotalReadoutTime": 0.0269452,
    "UsePhilipsFloatNotDisplayScaling": 1,
    "WaterFatShift": 12.0,
    "acq_id": "SeqMm3Tr2000",
    "dataset": "ds002643",
    "modality": "bold",
    "subject_id": "032",
    "task_id": "Tasteratingtask"
  },
  "dummy_trs": 0,
  "dvars_nstd": 15.503081949152046,
  "dvars_std": 1.0962460074561393,
  "dvars_vstd": 0.9694337140058481,
  "efc": 0.415938378505835,
  "fber": 142221.25,
  "fd_mean": 0.0694228345201487,
  "fd_num": 2,
  "fd_perc": 0.5830903790087464,
  "fwhm_avg": 1.7915740486209504,
  "fwhm_x": 1.7278399999999998,
  "fwhm_y": 1.9409033333333332,
  "fwhm_z": 1.7059788125295179,
  "gcor": 0.0290163,
  "gsr_x": -0.018651455640792847,
  "gsr_y": 0.011892183683812618,
  "provenance": {
    "md5sum": "092b1db6147861693cfd930862b6d263",
    "settings": {
      "fd_thres": 0.2,
      "testing": false
    },
    "software": "mriqc",
    "version": "23.0.1",
    "webapi_port": null,
    "webapi_url": "https://mriqc.nimh.nih.gov/api/v1"
  },
  "size_t": 343,
  "size_x": 80,
  "size_y": 80,
  "size_z": 36,
  "snr": 7.592067193882976,
  "spacing_tr": 2.0,
  "spacing_x": 3.0,
  "spacing_y": 3.0,
  "spacing_z": 3.299999952316284,
  "summary_bg_k": 110.45065120886608,
  "summary_bg_mad": 181.5654613401798,
  "summary_bg_mean": 1082.590087890625,
  "summary_bg_median": 156.74172973632812,
  "summary_bg_n": 156931.0,
  "summary_bg_p05": 12.618292808532715,
  "summary_bg_p95": 5112.521240234375,
  "summary_bg_stdv": 3147.033935546875,
  "summary_fg_k": 3.3944354483624144,
  "summary_fg_mad": 7169.4589296489685,
  "summary_fg_mean": 59611.5234375,
  "summary_fg_median": 59146.84765625,
  "summary_fg_n": 33407.0,
  "summary_fg_p05": 48557.119921875,
  "summary_fg_p95": 72116.55390625,
  "summary_fg_stdv": 7790.4951171875,
  "tsnr": 80.61055755615234
}