{
  "aor": 0.001264625,
  "aqi": 0.0054936894583333335,
  "bids_meta": {
    "AcquisitionNumber": 7,
    "BIDSVersion": "1.1.0",
    "BidsifyVersion": "0.3",
    "ConversionSoftware": "dcm2niix",
    "ConversionSoftwareVersion": "v1.0.20180622 GCC5.4.0",
    "EchoTime": 0.028,
    "EffectiveEchoSpacing": 0.0006909,
    "FlipAngle": 76.1,
    "ImageComments": "RepliSC",
    "ImageOrientationPatientDICOM": [
      0.998045,
      -0.0602352,
      0.0166885,
      0.0624419,
      0.972781,
      -0.223154
    ],
    "InstitutionName": "Spinoza Centre for Neuroimaging, location REC",
    "MagneticFieldStrength": 3,
    "Manufacturer": "Philips",
    "ParallelAcquisitionTechnique": "SENSE",
    "ParallelReductionFactorInPlane": 2,
    "PatientPosition": "HFS",
    "PhaseEncodingDirection": "j",
    "PhilipsRescaleIntercept": 0,
    "PhilipsRescaleSlope": 0.82173,
    "PhilipsScaleSlope": 0.0254244,
    "ProtocolName": "task-RestingState_acq-SeqMm3Tr2000_bold",
    "PulseSequenceType": "Gradient Echo EPI",
    "ReconMatrixPE": 80,
    "RepetitionTime": 2,
    "SeriesDescription": "ImageMRSERIES",
    "SeriesNumber": 7,
    "SliceEncodingDirection": "k",
    "SliceTiming": [
      0.0,
      0.05555555555555555,
      0.1111111111111111,
      0.16666666666666666,
      0.2222222222222222,
      0.2777777777777778,
      0.3333333333333333,
      0.38888888888888884,
      0.4444444444444444,
      0.5,
      0.5555555555555556,
      0.611111111111111,
      0.6666666666666666,
      0.7222222222222222,
      0.7777777777777777,
      0.8333333333333333,
      0.8888888888888888,
      0.9444444444444444,
      1.0,
      1.0555555555555556,
      1.1111111111111112,
      1.1666666666666665,
      1.222222222222222,
      1.2777777777777777,
      1.3333333333333333,
      1.3888888888888888,
      1.4444444444444444,
      1.5,
      1.5555555555555554,
      1.611111111111111,
      1.6666666666666665,
      1.722222222222222,
      1.7777777777777777,
      1.8333333333333333,
      1.8888888888888888,
      1.9444444444444444
    ],
    "TaskName": "RestingState",
    "TotalReadoutTime": 0.0269452,
    "UsePhilipsFloatNotDisplayScaling": 1,
    "WaterFatShift": 12.0,
    "acq_id": "SeqMm3Tr2000",
    "dataset": "ds002643",
    "modality": "bold",
    "subject_id": "032",
    "task_id": "RestingState"
  },
  "dummy_trs": 0,
  "dvars_nstd": 16.663006674895403,
  "dvars_std": 1.1299635658577405,
  "dvars_vstd": 1.0012313756485354,
  "efc": 0.42018173261421554,
  "fber": 72123.59375,
  "fd_mean": 0.07216512061808598,
  "fd_num": 1,
  "fd_perc": 0.4166666666666667,
  "fwhm_avg": 1.7725338465678646,
  "fwhm_x": 1.7001166666666665,
  "fwhm_y": 1.9183333333333332,
  "fwhm_z": 1.6991515397035937,
  "gcor": 0.0151314,
  "gsr_x": -0.017524385824799538,
  "gsr_y": 0.010844803415238857,
  "provenance": {
    "md5sum": "3814072d9abb3b32198b24eabaf67ea6",
    "settings": {
      "fd_thres": 0.2,
      "testing": false
    },
    "software": "mriqc",
    "version": "23.0.1",
    "webapi_port": null,
    "webapi_url": "https://mriqc.nimh.nih.gov/api/v1"
  },
  "size_t": 240,
  "size_x": 80,
  "size_y": 80,
  "size_z": 36,
  "snr": 7.520791690839978,
  "spacing_tr": 2.0,
  "spacing_x": 3.0,
  "spacing_y": 3.0,
  "spacing_z": 3.299999952316284,
  "summary_bg_k": 97.32210868208703,
  "summary_bg_mad": 250.8894783687996,
  "summary_bg_mean": 1174.3853759765625,
  "summary_bg_median": 217.3223876953125,
  "summary_bg_n": 156767.0,
  "summary_bg_p05": 20.86506690979004,
  "summary_bg_p95": 5426.723437499999,
  "summary_bg_stdv": 3303.171142578125,
  "summary_fg_k": 3.3864328931434535,
  "summary_fg_mad": 7146.941908455415,
  "summary_fg_mean": 58856.5234375,
  "summary_fg_median": 58415.70703125,
  "summary_fg_n": 33585.0,
  "summary_fg_p05": 47880.184375,
  "summary_fg_p95": 71333.2703125,
  "summary_fg_stdv": 7767.11279296875,
  "tsnr": 88.48873138427734
}