{
  "aor": 0.0012310787172011663,
  "aqi": 0.004698477259475219,
  "bids_meta": {
    "AcquisitionNumber": 4,
    "BIDSVersion": "1.1.0",
    "BidsifyVersion": "0.3",
    "ConversionSoftware": "dcm2niix",
    "ConversionSoftwareVersion": "v1.0.20180622 GCC5.4.0",
    "EchoTime": 0.028,
    "EffectiveEchoSpacing": 0.0006909,
    "FlipAngle": 76.1,
    "ImageComments": "RepliSC",
    "ImageOrientationPatientDICOM": [
      0.998045,
      -0.0602352,
      0.0166885,
      0.0624419,
      0.972781,
      -0.223154
    ],
    "InstitutionName": "Spinoza Centre for Neuroimaging, location REC",
    "MagneticFieldStrength": 3,
    "Manufacturer": "Philips",
    "ParallelAcquisitionTechnique": "SENSE",
    "ParallelReductionFactorInPlane": 2,
    "PatientPosition": "HFS",
    "PhaseEncodingDirection": "j",
    "PhilipsRescaleIntercept": 0,
    "PhilipsRescaleSlope": 0.7685,
    "PhilipsScaleSlope": 0.0272276,
    "ProtocolName": "task-Healthratingtask_acq-SeqMm3Tr2000_bold",
    "PulseSequenceType": "Gradient Echo EPI",
    "ReconMatrixPE": 80,
    "RepetitionTime": 2,
    "SeriesDescription": "ImageMRSERIES",
    "SeriesNumber": 4,
    "SliceEncodingDirection": "k",
    "SliceTiming": [
      0.0,
      0.05555555555555555,
      0.1111111111111111,
      0.16666666666666666,
      0.2222222222222222,
      0.2777777777777778,
      0.3333333333333333,
      0.38888888888888884,
      0.4444444444444444,
      0.5,
      0.5555555555555556,
      0.611111111111111,
      0.6666666666666666,
      0.7222222222222222,
      0.7777777777777777,
      0.8333333333333333,
      0.8888888888888888,
      0.9444444444444444,
      1.0,
      1.0555555555555556,
      1.1111111111111112,
      1.1666666666666665,
      1.222222222222222,
      1.2777777777777777,
      1.3333333333333333,
      1.3888888888888888,
      1.4444444444444444,
      1.5,
      1.5555555555555554,
      1.611111111111111,
      1.6666666666666665,
      1.722222222222222,
      1.7777777777777777,
      1.8333333333333333,
      1.8888888888888888,
      1.9444444444444444
    ],
    "TaskName": "Healthratingtask",
    "TotalReadoutTime": 0.0269452,
    "UsePhilipsFloatNotDisplayScaling": 1,
    "WaterFatShift": 12.0,
    "acq_id": "SeqMm3Tr2000",
    "dataset": "ds002643",
    "modality": "bold",
    "subject_id": "032",
    "task_id": "Healthratingtask"
  },
  "dummy_trs": 0,
  "dvars_nstd": 16.19737432435673,
  "dvars_std": 1.160173273625732,
  "dvars_vstd": 1.010626278888889,
  "efc": 0.416886792637948,
  "fber": 141427.109375,
  "fd_mean": 0.07431037888978802,
  "fd_num": 4,
  "fd_perc": 1.1661807580174928,
  "fwhm_avg": 1.7793517253623115,
  "fwhm_x": 1.7064000000000001,
  "fwhm_y": 1.93114,
  "fwhm_z": 1.7005151760869341,
  "gcor": 0.0349409,
  "gsr_x": -0.01916893757879734,
  "gsr_y": 0.012047416530549526,
  "provenance": {
    "md5sum": "af6009ddd5513893554218252893fd8f",
    "settings": {
      "fd_thres": 0.2,
      "testing": false
    },
    "software": "mriqc",
    "version": "23.0.1",
    "webapi_port": null,
    "webapi_url": "https://mriqc.nimh.nih.gov/api/v1"
  },
  "size_t": 343,
  "size_x": 80,
  "size_y": 80,
  "size_z": 36,
  "snr": 7.6256128336215365,
  "spacing_tr": 2.0,
  "spacing_x": 3.0,
  "spacing_y": 3.0,
  "spacing_z": 3.299999952316284,
  "summary_bg_k": 105.97852026403946,
  "summary_bg_mad": 182.35290147568753,
  "summary_bg_mean": 1098.600341796875,
  "summary_bg_median": 155.4197235107422,
  "summary_bg_n": 156991.0,
  "summary_bg_p05": 9.75611686706543,
  "summary_bg_p95": 5199.9521484375,
  "summary_bg_stdv": 3188.302978515625,
  "summary_fg_k": 3.3568588026726367,
  "summary_fg_mad": 7092.033503636463,
  "summary_fg_mean": 58862.8203125,
  "summary_fg_median": 58405.30859375,
  "summary_fg_n": 33415.0,
  "summary_fg_p05": 47866.332421875,
  "summary_fg_p95": 71105.54453125,
  "summary_fg_stdv": 7658.982421875,
  "tsnr": 97.85098266601562
}