{
  "aor": 0.005732798833819243,
  "aqi": 0.00795171690962099,
  "bids_meta": {
    "AcquisitionNumber": 6,
    "BIDSVersion": "1.1.0",
    "BidsifyVersion": "0.3",
    "ConversionSoftware": "dcm2niix",
    "ConversionSoftwareVersion": "v1.0.20180622 GCC5.4.0",
    "EchoTime": 0.028,
    "EffectiveEchoSpacing": 0.0006909,
    "FlipAngle": 76.1,
    "ImageComments": "RepliSC",
    "ImageOrientationPatientDICOM": [
      0.999608,
      0.0101541,
      -0.0261072,
      -0.0143071,
      0.986328,
      -0.164174
    ],
    "InstitutionName": "Spinoza Centre for Neuroimaging, location REC",
    "MagneticFieldStrength": 3,
    "Manufacturer": "Philips",
    "ParallelAcquisitionTechnique": "SENSE",
    "ParallelReductionFactorInPlane": 2,
    "PatientPosition": "HFS",
    "PhaseEncodingDirection": "j",
    "PhilipsRescaleIntercept": 0,
    "PhilipsRescaleSlope": 0.74872,
    "PhilipsScaleSlope": 0.0214081,
    "ProtocolName": "task-Decisiontask_acq-SeqMm3Tr2000_bold",
    "PulseSequenceType": "Gradient Echo EPI",
    "ReconMatrixPE": 80,
    "RepetitionTime": 2,
    "SeriesDescription": "ImageMRSERIES",
    "SeriesNumber": 6,
    "SliceEncodingDirection": "k",
    "SliceTiming": [
      0.0,
      0.05555555555555555,
      0.1111111111111111,
      0.16666666666666666,
      0.2222222222222222,
      0.2777777777777778,
      0.3333333333333333,
      0.38888888888888884,
      0.4444444444444444,
      0.5,
      0.5555555555555556,
      0.611111111111111,
      0.6666666666666666,
      0.7222222222222222,
      0.7777777777777777,
      0.8333333333333333,
      0.8888888888888888,
      0.9444444444444444,
      1.0,
      1.0555555555555556,
      1.1111111111111112,
      1.1666666666666665,
      1.222222222222222,
      1.2777777777777777,
      1.3333333333333333,
      1.3888888888888888,
      1.4444444444444444,
      1.5,
      1.5555555555555554,
      1.611111111111111,
      1.6666666666666665,
      1.722222222222222,
      1.7777777777777777,
      1.8333333333333333,
      1.8888888888888888,
      1.9444444444444444
    ],
    "TaskName": "Decisiontask",
    "TotalReadoutTime": 0.0269452,
    "UsePhilipsFloatNotDisplayScaling": 1,
    "WaterFatShift": 12.0,
    "acq_id": "SeqMm3Tr2000",
    "dataset": "ds002643",
    "modality": "bold",
    "subject_id": "020",
    "task_id": "Decisiontask"
  },
  "dummy_trs": 0,
  "dvars_nstd": 23.427131742046775,
  "dvars_std": 1.2122538096783635,
  "dvars_vstd": 1.0367325231871356,
  "efc": 0.4455466615965303,
  "fber": 91182.84375,
  "fd_mean": 0.20662913250049292,
  "fd_num": 81,
  "fd_perc": 23.61516034985423,
  "fwhm_avg": 1.8611282910843965,
  "fwhm_x": 1.7863300000000002,
  "fwhm_y": 2.0829366666666664,
  "fwhm_z": 1.7141182065865228,
  "gcor": 0.0310432,
  "gsr_x": -0.01796407625079155,
  "gsr_y": 0.019141890108585358,
  "provenance": {
    "md5sum": "21ef58aedf130d68258d3ad7e0f20959",
    "settings": {
      "fd_thres": 0.2,
      "testing": false
    },
    "software": "mriqc",
    "version": "23.0.1",
    "webapi_port": null,
    "webapi_url": "https://mriqc.nimh.nih.gov/api/v1"
  },
  "size_t": 343,
  "size_x": 80,
  "size_y": 80,
  "size_z": 36,
  "snr": 5.693053627096229,
  "spacing_tr": 2.0,
  "spacing_x": 3.0,
  "spacing_y": 3.0,
  "spacing_z": 3.299999952316284,
  "summary_bg_k": 43.75985003348692,
  "summary_bg_mad": 251.02231894843618,
  "summary_bg_mean": 1883.7933349609375,
  "summary_bg_median": 214.7303466796875,
  "summary_bg_n": 153373.0,
  "summary_bg_p05": 19.081746292114257,
  "summary_bg_p95": 11314.844140624993,
  "summary_bg_stdv": 4818.296875,
  "summary_fg_k": 3.004797833253946,
  "summary_fg_mad": 10039.487253930012,
  "summary_fg_mean": 67662.875,
  "summary_fg_median": 66081.7265625,
  "summary_fg_n": 36859.0,
  "summary_fg_p05": 52576.43359375,
  "summary_fg_p95": 86951.9921875,
  "summary_fg_stdv": 11607.2734375,
  "tsnr": 67.4637680053711
}