{
  "aor": 0.0011448979591836734,
  "aqi": 0.007195909475218658,
  "bids_meta": {
    "AcquisitionNumber": 3,
    "BIDSVersion": "1.1.0",
    "BidsifyVersion": "0.3",
    "ConversionSoftware": "dcm2niix",
    "ConversionSoftwareVersion": "v1.0.20180622 GCC5.4.0",
    "EchoTime": 0.028,
    "EffectiveEchoSpacing": 0.0006909,
    "FlipAngle": 76.1,
    "ImageComments": "RepliSC",
    "ImageOrientationPatientDICOM": [
      0.999989,
      0.000386125,
      0.00469653,
      0,
      0.996637,
      -0.0819385
    ],
    "InstitutionName": "Spinoza Centre for Neuroimaging, location REC",
    "MagneticFieldStrength": 3,
    "Manufacturer": "Philips",
    "ParallelAcquisitionTechnique": "SENSE",
    "ParallelReductionFactorInPlane": 2,
    "PatientPosition": "HFS",
    "PhaseEncodingDirection": "j",
    "PhilipsRescaleIntercept": 0,
    "PhilipsRescaleSlope": 0.75092,
    "PhilipsScaleSlope": 0.0200435,
    "ProtocolName": "task-Tasteratingtask_acq-SeqMm3Tr2000_bold",
    "PulseSequenceType": "Gradient Echo EPI",
    "ReconMatrixPE": 80,
    "RepetitionTime": 2,
    "SeriesDescription": "ImageMRSERIES",
    "SeriesNumber": 3,
    "SliceEncodingDirection": "k",
    "SliceTiming": [
      0.0,
      0.05555555555555555,
      0.1111111111111111,
      0.16666666666666666,
      0.2222222222222222,
      0.2777777777777778,
      0.3333333333333333,
      0.38888888888888884,
      0.4444444444444444,
      0.5,
      0.5555555555555556,
      0.611111111111111,
      0.6666666666666666,
      0.7222222222222222,
      0.7777777777777777,
      0.8333333333333333,
      0.8888888888888888,
      0.9444444444444444,
      1.0,
      1.0555555555555556,
      1.1111111111111112,
      1.1666666666666665,
      1.222222222222222,
      1.2777777777777777,
      1.3333333333333333,
      1.3888888888888888,
      1.4444444444444444,
      1.5,
      1.5555555555555554,
      1.611111111111111,
      1.6666666666666665,
      1.722222222222222,
      1.7777777777777777,
      1.8333333333333333,
      1.8888888888888888,
      1.9444444444444444
    ],
    "TaskName": "Tasteratingtask",
    "TotalReadoutTime": 0.0269452,
    "UsePhilipsFloatNotDisplayScaling": 1,
    "WaterFatShift": 12.0,
    "acq_id": "SeqMm3Tr2000",
    "dataset": "ds002643",
    "modality": "bold",
    "subject_id": "024",
    "task_id": "Tasteratingtask"
  },
  "dummy_trs": 0,
  "dvars_nstd": 26.404642601520433,
  "dvars_std": 1.3786791547368409,
  "dvars_vstd": 0.9651932514619881,
  "efc": 0.44488152769315864,
  "fber": 100799.8125,
  "fd_mean": 0.13983735792232949,
  "fd_num": 54,
  "fd_perc": 15.743440233236152,
  "fwhm_avg": 1.8517323313759488,
  "fwhm_x": 1.8215000000000001,
  "fwhm_y": 2.0429333333333335,
  "fwhm_z": 1.6907636607945131,
  "gcor": 0.0324901,
  "gsr_x": -0.008576536551117897,
  "gsr_y": 0.012329688295722008,
  "provenance": {
    "md5sum": "9d871190d632f620f17e62b12ff1e234",
    "settings": {
      "fd_thres": 0.2,
      "testing": false
    },
    "software": "mriqc",
    "version": "23.0.1",
    "webapi_port": null,
    "webapi_url": "https://mriqc.nimh.nih.gov/api/v1"
  },
  "size_t": 343,
  "size_x": 80,
  "size_y": 80,
  "size_z": 36,
  "snr": 5.918963529753695,
  "spacing_tr": 2.0,
  "spacing_x": 3.0,
  "spacing_y": 3.0,
  "spacing_z": 3.299999952316284,
  "summary_bg_k": 48.077878889413824,
  "summary_bg_mad": 264.755434967396,
  "summary_bg_mean": 1753.9100341796875,
  "summary_bg_median": 225.22866821289062,
  "summary_bg_n": 151340.0,
  "summary_bg_p05": 15.29153599739075,
  "summary_bg_p95": 9546.714111328105,
  "summary_bg_stdv": 4716.0146484375,
  "summary_fg_k": 2.2807159535253385,
  "summary_fg_mad": 10978.724446475684,
  "summary_fg_mean": 73543.296875,
  "summary_fg_median": 71884.515625,
  "summary_fg_n": 37752.0,
  "summary_fg_p05": 58000.455859375,
  "summary_fg_p95": 94600.521484375,
  "summary_fg_stdv": 12144.6201171875,
  "tsnr": 74.99681091308594
}