{
  "aor": 0.002298892128279883,
  "aqi": 0.005632910087463558,
  "bids_meta": {
    "AcquisitionNumber": 6,
    "BIDSVersion": "1.1.0",
    "BidsifyVersion": "0.3",
    "ConversionSoftware": "dcm2niix",
    "ConversionSoftwareVersion": "v1.0.20180622 GCC5.4.0",
    "EchoTime": 0.028,
    "EffectiveEchoSpacing": 0.0006909,
    "FlipAngle": 76.1,
    "ImageComments": "RepliSC",
    "ImageOrientationPatientDICOM": [
      0.999989,
      0.000386125,
      0.00469653,
      0,
      0.996637,
      -0.0819385
    ],
    "InstitutionName": "Spinoza Centre for Neuroimaging, location REC",
    "MagneticFieldStrength": 3,
    "Manufacturer": "Philips",
    "ParallelAcquisitionTechnique": "SENSE",
    "ParallelReductionFactorInPlane": 2,
    "PatientPosition": "HFS",
    "PhaseEncodingDirection": "j",
    "PhilipsRescaleIntercept": 0,
    "PhilipsRescaleSlope": 0.77827,
    "PhilipsScaleSlope": 0.020028,
    "ProtocolName": "task-Decisiontask_acq-SeqMm3Tr2000_bold",
    "PulseSequenceType": "Gradient Echo EPI",
    "ReconMatrixPE": 80,
    "RepetitionTime": 2,
    "SeriesDescription": "ImageMRSERIES",
    "SeriesNumber": 6,
    "SliceEncodingDirection": "k",
    "SliceTiming": [
      0.0,
      0.05555555555555555,
      0.1111111111111111,
      0.16666666666666666,
      0.2222222222222222,
      0.2777777777777778,
      0.3333333333333333,
      0.38888888888888884,
      0.4444444444444444,
      0.5,
      0.5555555555555556,
      0.611111111111111,
      0.6666666666666666,
      0.7222222222222222,
      0.7777777777777777,
      0.8333333333333333,
      0.8888888888888888,
      0.9444444444444444,
      1.0,
      1.0555555555555556,
      1.1111111111111112,
      1.1666666666666665,
      1.222222222222222,
      1.2777777777777777,
      1.3333333333333333,
      1.3888888888888888,
      1.4444444444444444,
      1.5,
      1.5555555555555554,
      1.611111111111111,
      1.6666666666666665,
      1.722222222222222,
      1.7777777777777777,
      1.8333333333333333,
      1.8888888888888888,
      1.9444444444444444
    ],
    "TaskName": "Decisiontask",
    "TotalReadoutTime": 0.0269452,
    "UsePhilipsFloatNotDisplayScaling": 1,
    "WaterFatShift": 12.0,
    "acq_id": "SeqMm3Tr2000",
    "dataset": "ds002643",
    "modality": "bold",
    "subject_id": "024",
    "task_id": "Decisiontask"
  },
  "dummy_trs": 0,
  "dvars_nstd": 25.59997981888892,
  "dvars_std": 1.398622674385965,
  "dvars_vstd": 1.0061897188888886,
  "efc": 0.446988766806361,
  "fber": 99924.7421875,
  "fd_mean": 0.12441787696794707,
  "fd_num": 20,
  "fd_perc": 5.830903790087463,
  "fwhm_avg": 1.8475189980390834,
  "fwhm_x": 1.8167033333333331,
  "fwhm_y": 2.0358233333333335,
  "fwhm_z": 1.6900303274505835,
  "gcor": 0.0290616,
  "gsr_x": -0.008935853838920593,
  "gsr_y": 0.013592677190899849,
  "provenance": {
    "md5sum": "c7c77bcb6a1db6677da93aa1adf9f3fd",
    "settings": {
      "fd_thres": 0.2,
      "testing": false
    },
    "software": "mriqc",
    "version": "23.0.1",
    "webapi_port": null,
    "webapi_url": "https://mriqc.nimh.nih.gov/api/v1"
  },
  "size_t": 343,
  "size_x": 80,
  "size_y": 80,
  "size_z": 36,
  "snr": 5.940032077475453,
  "spacing_tr": 2.0,
  "spacing_x": 3.0,
  "spacing_y": 3.0,
  "spacing_z": 3.299999952316284,
  "summary_bg_k": 44.24211473965884,
  "summary_bg_mad": 264.0312394581564,
  "summary_bg_mean": 1841.3572998046875,
  "summary_bg_median": 222.52999877929688,
  "summary_bg_n": 151327.0,
  "summary_bg_p05": 14.642321681976318,
  "summary_bg_p95": 10335.314160156244,
  "summary_bg_stdv": 4892.81494140625,
  "summary_fg_k": 2.2135648168358193,
  "summary_fg_mad": 10814.726054590792,
  "summary_fg_mean": 72625.8984375,
  "summary_fg_median": 70990.4609375,
  "summary_fg_n": 37747.0,
  "summary_fg_p05": 57228.011328125,
  "summary_fg_p95": 93356.77031249998,
  "summary_fg_stdv": 11951.033203125,
  "tsnr": 82.0091552734375
}