{
  "aor": 0.0014241666666666667,
  "aqi": 0.005164791166666667,
  "bids_meta": {
    "AcquisitionNumber": 7,
    "BIDSVersion": "1.1.0",
    "BidsifyVersion": "0.3",
    "ConversionSoftware": "dcm2niix",
    "ConversionSoftwareVersion": "v1.0.20180622 GCC5.4.0",
    "EchoTime": 0.028,
    "EffectiveEchoSpacing": 0.0006909,
    "FlipAngle": 76.1,
    "ImageComments": "RepliSC",
    "ImageOrientationPatientDICOM": [
      0.999989,
      0.000386125,
      0.00469653,
      0,
      0.996637,
      -0.0819385
    ],
    "InstitutionName": "Spinoza Centre for Neuroimaging, location REC",
    "MagneticFieldStrength": 3,
    "Manufacturer": "Philips",
    "ParallelAcquisitionTechnique": "SENSE",
    "ParallelReductionFactorInPlane": 2,
    "PatientPosition": "HFS",
    "PhaseEncodingDirection": "j",
    "PhilipsRescaleIntercept": 0,
    "PhilipsRescaleSlope": 0.77094,
    "PhilipsScaleSlope": 0.0202217,
    "ProtocolName": "task-RestingState_acq-SeqMm3Tr2000_bold",
    "PulseSequenceType": "Gradient Echo EPI",
    "ReconMatrixPE": 80,
    "RepetitionTime": 2,
    "SeriesDescription": "ImageMRSERIES",
    "SeriesNumber": 7,
    "SliceEncodingDirection": "k",
    "SliceTiming": [
      0.0,
      0.05555555555555555,
      0.1111111111111111,
      0.16666666666666666,
      0.2222222222222222,
      0.2777777777777778,
      0.3333333333333333,
      0.38888888888888884,
      0.4444444444444444,
      0.5,
      0.5555555555555556,
      0.611111111111111,
      0.6666666666666666,
      0.7222222222222222,
      0.7777777777777777,
      0.8333333333333333,
      0.8888888888888888,
      0.9444444444444444,
      1.0,
      1.0555555555555556,
      1.1111111111111112,
      1.1666666666666665,
      1.222222222222222,
      1.2777777777777777,
      1.3333333333333333,
      1.3888888888888888,
      1.4444444444444444,
      1.5,
      1.5555555555555554,
      1.611111111111111,
      1.6666666666666665,
      1.722222222222222,
      1.7777777777777777,
      1.8333333333333333,
      1.8888888888888888,
      1.9444444444444444
    ],
    "TaskName": "RestingState",
    "TotalReadoutTime": 0.0269452,
    "UsePhilipsFloatNotDisplayScaling": 1,
    "WaterFatShift": 12.0,
    "acq_id": "SeqMm3Tr2000",
    "dataset": "ds002643",
    "modality": "bold",
    "subject_id": "024",
    "task_id": "RestingState"
  },
  "dummy_trs": 0,
  "dvars_nstd": 26.810293173807533,
  "dvars_std": 1.4034421279916323,
  "dvars_vstd": 0.9984042303347287,
  "efc": 0.44776569692040646,
  "fber": 102754.703125,
  "fd_mean": 0.151224223556051,
  "fd_num": 58,
  "fd_perc": 24.166666666666668,
  "fwhm_avg": 1.8335473817820123,
  "fwhm_x": 1.8078,
  "fwhm_y": 2.02263,
  "fwhm_z": 1.6702121453460368,
  "gcor": 0.0331377,
  "gsr_x": -0.008578975684940815,
  "gsr_y": 0.01265332568436861,
  "provenance": {
    "md5sum": "c2c5192ca3cdd32eb18a5160cbbf76c3",
    "settings": {
      "fd_thres": 0.2,
      "testing": false
    },
    "software": "mriqc",
    "version": "23.0.1",
    "webapi_port": null,
    "webapi_url": "https://mriqc.nimh.nih.gov/api/v1"
  },
  "size_t": 240,
  "size_x": 80,
  "size_y": 80,
  "size_z": 36,
  "snr": 6.051047610984599,
  "spacing_tr": 2.0,
  "spacing_x": 3.0,
  "spacing_y": 3.0,
  "spacing_z": 3.299999952316284,
  "summary_bg_k": 35.723205441276356,
  "summary_bg_mad": 253.64969273390474,
  "summary_bg_mean": 1821.670654296875,
  "summary_bg_median": 215.39956665039062,
  "summary_bg_n": 151325.0,
  "summary_bg_p05": 14.971533012390138,
  "summary_bg_p95": 10376.004687499983,
  "summary_bg_stdv": 4763.3271484375,
  "summary_fg_k": 2.2682672131470403,
  "summary_fg_mad": 10363.693556637249,
  "summary_fg_mean": 71088.3828125,
  "summary_fg_median": 69529.0703125,
  "summary_fg_n": 37786.0,
  "summary_fg_p05": 56370.2978515625,
  "summary_fg_p95": 91037.74609375,
  "summary_fg_stdv": 11490.2666015625,
  "tsnr": 82.69637298583984
}