{
  "aor": 0.0015221574344023321,
  "aqi": 0.005805237580174928,
  "bids_meta": {
    "AcquisitionNumber": 3,
    "BIDSVersion": "1.1.0",
    "BidsifyVersion": "0.3",
    "ConversionSoftware": "dcm2niix",
    "ConversionSoftwareVersion": "v1.0.20180622 GCC5.4.0",
    "EchoTime": 0.028,
    "EffectiveEchoSpacing": 0.0006909,
    "FlipAngle": 76.1,
    "ImageComments": "RepliSC",
    "ImageOrientationPatientDICOM": [
      0.999253,
      0.0212147,
      0.0322988,
      -0.0183143,
      0.995988,
      -0.0875884
    ],
    "InstitutionName": "Spinoza Centre for Neuroimaging, location REC",
    "MagneticFieldStrength": 3,
    "Manufacturer": "Philips",
    "ParallelAcquisitionTechnique": "SENSE",
    "ParallelReductionFactorInPlane": 2,
    "PatientPosition": "HFS",
    "PhaseEncodingDirection": "j",
    "PhilipsRescaleIntercept": 0,
    "PhilipsRescaleSlope": 0.74799,
    "PhilipsScaleSlope": 0.0194121,
    "ProtocolName": "task-Tasteratingtask_acq-SeqMm3Tr2000_bold",
    "PulseSequenceType": "Gradient Echo EPI",
    "ReconMatrixPE": 80,
    "RepetitionTime": 2,
    "SeriesDescription": "ImageMRSERIES",
    "SeriesNumber": 3,
    "SliceEncodingDirection": "k",
    "SliceTiming": [
      0.0,
      0.05555555555555555,
      0.1111111111111111,
      0.16666666666666666,
      0.2222222222222222,
      0.2777777777777778,
      0.3333333333333333,
      0.38888888888888884,
      0.4444444444444444,
      0.5,
      0.5555555555555556,
      0.611111111111111,
      0.6666666666666666,
      0.7222222222222222,
      0.7777777777777777,
      0.8333333333333333,
      0.8888888888888888,
      0.9444444444444444,
      1.0,
      1.0555555555555556,
      1.1111111111111112,
      1.1666666666666665,
      1.222222222222222,
      1.2777777777777777,
      1.3333333333333333,
      1.3888888888888888,
      1.4444444444444444,
      1.5,
      1.5555555555555554,
      1.611111111111111,
      1.6666666666666665,
      1.722222222222222,
      1.7777777777777777,
      1.8333333333333333,
      1.8888888888888888,
      1.9444444444444444
    ],
    "TaskName": "Tasteratingtask",
    "TotalReadoutTime": 0.0269452,
    "UsePhilipsFloatNotDisplayScaling": 1,
    "WaterFatShift": 12.0,
    "acq_id": "SeqMm3Tr2000",
    "dataset": "ds002643",
    "modality": "bold",
    "subject_id": "068",
    "task_id": "Tasteratingtask"
  },
  "dummy_trs": 0,
  "dvars_nstd": 16.64299682973683,
  "dvars_std": 1.0736224321345027,
  "dvars_vstd": 0.9611323584210524,
  "efc": 0.3930536447500023,
  "fber": 202071.859375,
  "fd_mean": 0.11033915558733019,
  "fd_num": 19,
  "fd_perc": 5.539358600583091,
  "fwhm_avg": 1.9126332406831497,
  "fwhm_x": 1.8605766666666668,
  "fwhm_y": 2.141653333333333,
  "fwhm_z": 1.735669722049449,
  "gcor": 0.0456252,
  "gsr_x": -0.017107585445046425,
  "gsr_y": 0.007892458699643612,
  "provenance": {
    "md5sum": "cb567fafeb012c3fe7e35bab697b78d6",
    "settings": {
      "fd_thres": 0.2,
      "testing": false
    },
    "software": "mriqc",
    "version": "23.0.1",
    "webapi_port": null,
    "webapi_url": "https://mriqc.nimh.nih.gov/api/v1"
  },
  "size_t": 343,
  "size_x": 80,
  "size_y": 80,
  "size_z": 36,
  "snr": 5.59519969876199,
  "spacing_tr": 2.0,
  "spacing_x": 3.0,
  "spacing_y": 3.0,
  "spacing_z": 3.299999952316284,
  "summary_bg_k": 63.44895134485934,
  "summary_bg_mad": 176.81917058934192,
  "summary_bg_mean": 1084.793701171875,
  "summary_bg_median": 152.5646209716797,
  "summary_bg_n": 160457.0,
  "summary_bg_p05": 12.595989608764649,
  "summary_bg_p95": 5178.856249999997,
  "summary_bg_stdv": 3148.658447265625,
  "summary_fg_k": 1.6605299262080022,
  "summary_fg_mad": 12607.39194057867,
  "summary_fg_mean": 72291.6640625,
  "summary_fg_median": 70927.0859375,
  "summary_fg_n": 30578.0,
  "summary_fg_p05": 55758.194140625,
  "summary_fg_p95": 94593.92617187499,
  "summary_fg_stdv": 12676.2099609375,
  "tsnr": 72.62138366699219
}