{
  "aor": 0.0035641666666666664,
  "aqi": 0.008097243458333334,
  "bids_meta": {
    "AcquisitionNumber": 7,
    "BIDSVersion": "1.1.0",
    "BidsifyVersion": "0.3",
    "ConversionSoftware": "dcm2niix",
    "ConversionSoftwareVersion": "v1.0.20180622 GCC5.4.0",
    "EchoTime": 0.028,
    "EffectiveEchoSpacing": 0.0006909,
    "FlipAngle": 76.1,
    "ImageComments": "RepliSC",
    "ImageOrientationPatientDICOM": [
      0.999253,
      0.0212147,
      0.0322988,
      -0.0183143,
      0.995988,
      -0.0875884
    ],
    "InstitutionName": "Spinoza Centre for Neuroimaging, location REC",
    "MagneticFieldStrength": 3,
    "Manufacturer": "Philips",
    "ParallelAcquisitionTechnique": "SENSE",
    "ParallelReductionFactorInPlane": 2,
    "PatientPosition": "HFS",
    "PhaseEncodingDirection": "j",
    "PhilipsRescaleIntercept": 0,
    "PhilipsRescaleSlope": 0.75702,
    "PhilipsScaleSlope": 0.0219118,
    "ProtocolName": "task-RestingState_acq-SeqMm3Tr2000_bold",
    "PulseSequenceType": "Gradient Echo EPI",
    "ReconMatrixPE": 80,
    "RepetitionTime": 2,
    "SeriesDescription": "ImageMRSERIES",
    "SeriesNumber": 7,
    "SliceEncodingDirection": "k",
    "SliceTiming": [
      0.0,
      0.05555555555555555,
      0.1111111111111111,
      0.16666666666666666,
      0.2222222222222222,
      0.2777777777777778,
      0.3333333333333333,
      0.38888888888888884,
      0.4444444444444444,
      0.5,
      0.5555555555555556,
      0.611111111111111,
      0.6666666666666666,
      0.7222222222222222,
      0.7777777777777777,
      0.8333333333333333,
      0.8888888888888888,
      0.9444444444444444,
      1.0,
      1.0555555555555556,
      1.1111111111111112,
      1.1666666666666665,
      1.222222222222222,
      1.2777777777777777,
      1.3333333333333333,
      1.3888888888888888,
      1.4444444444444444,
      1.5,
      1.5555555555555554,
      1.611111111111111,
      1.6666666666666665,
      1.722222222222222,
      1.7777777777777777,
      1.8333333333333333,
      1.8888888888888888,
      1.9444444444444444
    ],
    "TaskName": "RestingState",
    "TotalReadoutTime": 0.0269452,
    "UsePhilipsFloatNotDisplayScaling": 1,
    "WaterFatShift": 12.0,
    "acq_id": "SeqMm3Tr2000",
    "dataset": "ds002643",
    "modality": "bold",
    "subject_id": "068",
    "task_id": "RestingState"
  },
  "dummy_trs": 0,
  "dvars_nstd": 16.41626718338912,
  "dvars_std": 1.0450894440167362,
  "dvars_vstd": 0.9598739883263596,
  "efc": 0.3937916480331389,
  "fber": 178148.84375,
  "fd_mean": 0.14009136711826303,
  "fd_num": 31,
  "fd_perc": 12.916666666666666,
  "fwhm_avg": 1.9053248566839809,
  "fwhm_x": 1.85691,
  "fwhm_y": 2.1567766666666666,
  "fwhm_z": 1.7022879033852765,
  "gcor": 0.0159168,
  "gsr_x": -0.01727144420146942,
  "gsr_y": 0.008795691654086113,
  "provenance": {
    "md5sum": "cfe3b3d0e719e7ef2774e1fe5f2b9f45",
    "settings": {
      "fd_thres": 0.2,
      "testing": false
    },
    "software": "mriqc",
    "version": "23.0.1",
    "webapi_port": null,
    "webapi_url": "https://mriqc.nimh.nih.gov/api/v1"
  },
  "size_t": 240,
  "size_x": 80,
  "size_y": 80,
  "size_z": 36,
  "snr": 5.7220568874824185,
  "spacing_tr": 2.0,
  "spacing_x": 3.0,
  "spacing_y": 3.0,
  "spacing_z": 3.299999952316284,
  "summary_bg_k": 57.52668841382179,
  "summary_bg_mad": 179.85317635687423,
  "summary_bg_mean": 1071.5419921875,
  "summary_bg_median": 153.85647583007812,
  "summary_bg_n": 160657.0,
  "summary_bg_p05": 12.366361045837403,
  "summary_bg_p95": 5215.545507812477,
  "summary_bg_stdv": 2976.706787109375,
  "summary_fg_k": 1.522735009361603,
  "summary_fg_mad": 11509.296236886086,
  "summary_fg_mean": 68105.921875,
  "summary_fg_median": 66784.78125,
  "summary_fg_n": 30460.0,
  "summary_fg_p05": 52574.2005859375,
  "summary_fg_p95": 88729.842578125,
  "summary_fg_stdv": 11671.2724609375,
  "tsnr": 67.61309814453125
}