{
  "bids_meta": {
    "AcquisitionNumber": 2,
    "BIDSVersion": "1.1.0",
    "BidsifyVersion": "0.3",
    "ConversionSoftware": "dcm2niix",
    "ConversionSoftwareVersion": "v1.0.20180622 GCC5.4.0",
    "EchoTime": 0.00372,
    "ImageComments": "RepliSC",
    "ImageOrientationPatientDICOM": [
      0.99918,
      0.0235043,
      0.0329553,
      -0.0244194,
      0.999319,
      0.0276481
    ],
    "InstitutionName": "Spinoza Centre for Neuroimaging, location REC",
    "InversionTime": 0.9,
    "MagneticFieldStrength": 3,
    "Manufacturer": "Philips",
    "ParallelAcquisitionTechnique": "SENSE",
    "PatientPosition": "HFS",
    "PhilipsRescaleIntercept": 0,
    "PhilipsRescaleSlope": 3.66569,
    "PhilipsScaleSlope": 0.00510701,
    "ProtocolName": "acq-AxialNsig1Mm1_T1w",
    "ReconMatrixPE": 240,
    "RepetitionTime": 0.00813,
    "SeriesDescription": "ImageMRSERIES",
    "SeriesNumber": 2,
    "UsePhilipsFloatNotDisplayScaling": 1,
    "acq_id": "AxialNsig1Mm1",
    "dataset": "ds002643",
    "modality": "T1w",
    "subject_id": "068"
  },
  "cjv": 0.260104164521032,
  "cnr": 4.969583165052215,
  "efc": 0.6824508262236207,
  "fber": -1.0,
  "fwhm_avg": 4.376286842576078,
  "fwhm_x": 4.27505,
  "fwhm_y": 4.65798027763726,
  "fwhm_z": 4.195830250090972,
  "icvs_csf": 0.24738020374437644,
  "icvs_gm": 0.42326569019797866,
  "icvs_wm": 0.32935410605764487,
  "inu_med": 0.5397965013980865,
  "inu_range": 0.17694112062454215,
  "provenance": {
    "md5sum": "07afa30d257464427b6700dd70f3929d",
    "settings": {
      "testing": false
    },
    "software": "mriqc",
    "version": "23.0.1",
    "warnings": {
      "large_rot_frame": true,
      "small_air_mask": false
    },
    "webapi_port": null,
    "webapi_url": "https://mriqc.nimh.nih.gov/api/v1"
  },
  "qi_1": 0.011976968537860332,
  "qi_2": 6.68667893563745e-05,
  "rpve_csf": 25.07141405122727,
  "rpve_gm": 14.913032909654842,
  "rpve_wm": 23.02209687492011,
  "size_x": 240,
  "size_y": 240,
  "size_z": 220,
  "snr_csf": 1.6146351344056278,
  "snr_gm": 8.399408395201705,
  "snr_total": 12.448948464455455,
  "snr_wm": 27.332801863759034,
  "snrd_csf": 22.532095732880908,
  "snrd_gm": 83.72845140931983,
  "snrd_total": 81.9118955263359,
  "snrd_wm": 139.47513943680696,
  "spacing_x": 1.0,
  "spacing_y": 0.9999999403953552,
  "spacing_z": 0.9999999403953552,
  "summary_bg_k": 18.181503712890812,
  "summary_bg_mad": 0.0,
  "summary_bg_mean": 1.7565124042032567,
  "summary_bg_median": 0.0,
  "summary_bg_n": 265913.0,
  "summary_bg_p05": 0.0,
  "summary_bg_p95": 10.88248773664236,
  "summary_bg_stdv": 4.697048114770074,
  "summary_csf_k": 0.12103638448845322,
  "summary_csf_mad": 101.55181466759052,
  "summary_csf_mean": 177.09215728759872,
  "summary_csf_median": 161.54550072923303,
  "summary_csf_n": 37715.0,
  "summary_csf_p05": 40.41381002534181,
  "summary_csf_p95": 358.7631561128422,
  "summary_csf_stdv": 100.04945118040594,
  "summary_gm_k": 0.2119218856502183,
  "summary_gm_mad": 70.13040872738478,
  "summary_gm_mean": 600.8837196035271,
  "summary_gm_median": 600.2972279433161,
  "summary_gm_n": 38973.0,
  "summary_gm_p05": 484.7508140336722,
  "summary_gm_p95": 719.6067878223957,
  "summary_gm_stdv": 71.46807229742011,
  "summary_wm_k": 0.8578245717508421,
  "summary_wm_mad": 33.828007689671345,
  "summary_wm_mean": 997.3560225998964,
  "summary_wm_median": 999.977166203782,
  "summary_wm_n": 174317.0,
  "summary_wm_p05": 932.9675620943308,
  "summary_wm_p95": 1051.8290195371956,
  "summary_wm_stdv": 36.58513689566071,
  "tpm_overlap_csf": 0.15880754497119476,
  "tpm_overlap_gm": 0.49016443338060706,
  "tpm_overlap_wm": 0.5207834794168396,
  "wm2max": 0.761671745755333
}