{
  "bids_meta": {
    "AcquisitionNumber": 2,
    "BIDSVersion": "1.1.0",
    "BidsifyVersion": "0.3",
    "ConversionSoftware": "dcm2niix",
    "ConversionSoftwareVersion": "v1.0.20180622 GCC5.4.0",
    "EchoTime": 0.00389,
    "ImageComments": "RepliSC",
    "ImageOrientationPatientDICOM": [
      0.999882,
      -0.0126321,
      -0.00873697,
      0.00907489,
      0.944816,
      -0.327476
    ],
    "InstitutionName": "Spinoza Centre for Neuroimaging, location REC",
    "InversionTime": 0.9,
    "MagneticFieldStrength": 3,
    "Manufacturer": "Philips",
    "ParallelAcquisitionTechnique": "SENSE",
    "PatientPosition": "HFS",
    "PhilipsRescaleIntercept": 0,
    "PhilipsRescaleSlope": 3.90647,
    "PhilipsScaleSlope": 0.00513645,
    "ProtocolName": "acq-AxialNsig1Mm1_T1w",
    "ReconMatrixPE": 240,
    "RepetitionTime": 0.008412,
    "SeriesDescription": "ImageMRSERIES",
    "SeriesNumber": 2,
    "UsePhilipsFloatNotDisplayScaling": 1,
    "acq_id": "AxialNsig1Mm1",
    "dataset": "ds002643",
    "modality": "T1w",
    "subject_id": "061"
  },
  "cjv": 0.2969445290038966,
  "cnr": 4.334115692166511,
  "efc": 0.6968141751636637,
  "fber": -1.0,
  "fwhm_avg": 4.172716666666666,
  "fwhm_x": 4.07114,
  "fwhm_y": 4.37603,
  "fwhm_z": 4.07098,
  "icvs_csf": 0.24302526526007934,
  "icvs_gm": 0.4199352476219976,
  "icvs_wm": 0.3370394871179231,
  "inu_med": 0.49570178985595703,
  "inu_range": 0.13385763168334963,
  "provenance": {
    "md5sum": "5992b9485ae75e202a1f71d116847135",
    "settings": {
      "testing": false
    },
    "software": "mriqc",
    "version": "23.0.1",
    "warnings": {
      "large_rot_frame": true,
      "small_air_mask": false
    },
    "webapi_port": null,
    "webapi_url": "https://mriqc.nimh.nih.gov/api/v1"
  },
  "qi_1": 0.0,
  "qi_2": 9.814388946677778e-05,
  "rpve_csf": 23.256619800115793,
  "rpve_gm": 13.640224759303338,
  "rpve_wm": 20.629423810046045,
  "size_x": 240,
  "size_y": 240,
  "size_z": 220,
  "snr_csf": 1.4957639319542675,
  "snr_gm": 8.009370247210247,
  "snr_total": 12.463538632826749,
  "snr_wm": 27.88548171931573,
  "snrd_csf": 13.3525474219323,
  "snrd_gm": 56.237946275356954,
  "snrd_total": 53.14362573113433,
  "snrd_wm": 89.84038349611373,
  "spacing_x": 1.0,
  "spacing_y": 1.0,
  "spacing_z": 1.0,
  "summary_bg_k": 1152.8588964714625,
  "summary_bg_mad": 0.0,
  "summary_bg_mean": 2.7782059039715707,
  "summary_bg_median": 0.0,
  "summary_bg_n": 505016.0,
  "summary_bg_p05": 0.0,
  "summary_bg_p95": 14.699904195964336,
  "summary_bg_stdv": 7.292226458256398,
  "summary_csf_k": 1.0557277111327625,
  "summary_csf_mad": 90.82465585124011,
  "summary_csf_mean": 169.01032801369877,
  "summary_csf_median": 148.6252322345972,
  "summary_csf_n": 40386.0,
  "summary_csf_p05": 45.59751942008734,
  "summary_csf_p95": 362.7795133776963,
  "summary_csf_stdv": 99.3628666859147,
  "summary_gm_k": 0.08601458333676737,
  "summary_gm_mad": 77.72281063064557,
  "summary_gm_mean": 627.6938423916728,
  "summary_gm_median": 625.9762696549296,
  "summary_gm_n": 33166.0,
  "summary_gm_p05": 501.64225465245545,
  "summary_gm_p95": 758.0988801848143,
  "summary_gm_stdv": 78.15431341608293,
  "summary_wm_k": 0.7974754137451865,
  "summary_wm_mad": 33.34149958073816,
  "summary_wm_mean": 998.7682421374614,
  "summary_wm_median": 1000.0000328943133,
  "summary_wm_n": 199914.0,
  "summary_wm_p05": 938.2187106523663,
  "summary_wm_p95": 1054.8197629526258,
  "summary_wm_stdv": 35.860866306030566,
  "tpm_overlap_csf": 0.16246714276693794,
  "tpm_overlap_gm": 0.46088697391515626,
  "tpm_overlap_wm": 0.5145628203714753,
  "wm2max": 0.7809079754966033
}