{
  "bids_meta": {
    "AcquisitionNumber": 2,
    "BIDSVersion": "1.1.0",
    "BidsifyVersion": "0.3",
    "ConversionSoftware": "dcm2niix",
    "ConversionSoftwareVersion": "v1.0.20180622 GCC5.4.0",
    "EchoTime": 0.00378,
    "ImageComments": "RepliSC",
    "ImageOrientationPatientDICOM": [
      0.99835,
      0.0574033,
      -0.0015546,
      -0.05704,
      0.994432,
      0.0886057
    ],
    "InstitutionName": "Spinoza Centre for Neuroimaging, location REC",
    "InversionTime": 0.9,
    "MagneticFieldStrength": 3,
    "Manufacturer": "Philips",
    "ParallelAcquisitionTechnique": "SENSE",
    "PatientPosition": "HFS",
    "PhilipsRescaleIntercept": 0,
    "PhilipsRescaleSlope": 4.12723,
    "PhilipsScaleSlope": 0.00464492,
    "ProtocolName": "acq-AxialNsig1Mm1_T1w",
    "ReconMatrixPE": 240,
    "RepetitionTime": 0.008217,
    "SeriesDescription": "ImageMRSERIES",
    "SeriesNumber": 2,
    "UsePhilipsFloatNotDisplayScaling": 1,
    "acq_id": "AxialNsig1Mm1",
    "dataset": "ds002643",
    "modality": "T1w",
    "subject_id": "043"
  },
  "cjv": 0.2629552011083856,
  "cnr": 4.761530756750443,
  "efc": 0.6790281162642998,
  "fber": -1.0,
  "fwhm_avg": 4.421323419660732,
  "fwhm_x": 4.40341,
  "fwhm_y": 4.51556,
  "fwhm_z": 4.345000258982196,
  "icvs_csf": 0.2357271756320611,
  "icvs_gm": 0.4441968077761081,
  "icvs_wm": 0.32007601659183077,
  "inu_med": 0.539212167263031,
  "inu_range": 0.18909308314323425,
  "provenance": {
    "md5sum": "3b8061472e6d20a600c0867778eeb50a",
    "settings": {
      "testing": false
    },
    "software": "mriqc",
    "version": "23.0.1",
    "warnings": {
      "large_rot_frame": true,
      "small_air_mask": false
    },
    "webapi_port": null,
    "webapi_url": "https://mriqc.nimh.nih.gov/api/v1"
  },
  "qi_1": 0.00023342892803719618,
  "qi_2": 2.0621714811630075e-05,
  "rpve_csf": 23.319285853332964,
  "rpve_gm": 12.860305378843591,
  "rpve_wm": 20.613666635031695,
  "size_x": 240,
  "size_y": 240,
  "size_z": 220,
  "snr_csf": 1.7083941773767757,
  "snr_gm": 8.894038432869337,
  "snr_total": 12.476893070693238,
  "snr_wm": 26.828246601833605,
  "snrd_csf": 7.498106786914249,
  "snrd_gm": 25.67088482788814,
  "snrd_total": 24.915916591302018,
  "snrd_wm": 41.578758159103664,
  "spacing_x": 1.0,
  "spacing_y": 1.0,
  "spacing_z": 0.9999999403953552,
  "summary_bg_k": 41.9152338980767,
  "summary_bg_mad": 0.0,
  "summary_bg_mean": 6.263086934513725,
  "summary_bg_median": 0.0,
  "summary_bg_n": 478669.0,
  "summary_bg_p05": 0.0,
  "summary_bg_p95": 28.873188592493534,
  "summary_bg_stdv": 15.756888551557667,
  "summary_csf_k": -0.2313206457056629,
  "summary_csf_mad": 121.468776498717,
  "summary_csf_mean": 187.74458547002138,
  "summary_csf_median": 180.3392896335572,
  "summary_csf_n": 53786.0,
  "summary_csf_p05": 39.363937966525555,
  "summary_csf_p95": 369.44449822604656,
  "summary_csf_stdv": 105.55972126451367,
  "summary_gm_k": 0.25620493987811743,
  "summary_gm_mad": 67.57412252805338,
  "summary_gm_mean": 618.7381271645517,
  "summary_gm_median": 617.4184051640332,
  "summary_gm_n": 62206.0,
  "summary_gm_p05": 506.5389814591035,
  "summary_gm_p95": 733.0765542313457,
  "summary_gm_stdv": 69.41879632210664,
  "summary_wm_k": 1.0716110295915895,
  "summary_wm_mad": 33.03390230376068,
  "summary_wm_mean": 998.1203070032182,
  "summary_wm_median": 1000.0235957354307,
  "summary_wm_n": 189359.0,
  "summary_wm_p05": 932.991487685591,
  "summary_wm_p95": 1055.3363080881536,
  "summary_wm_stdv": 37.2749278036745,
  "tpm_overlap_csf": 0.13793821046405022,
  "tpm_overlap_gm": 0.48707762056367976,
  "tpm_overlap_wm": 0.5023628972443729,
  "wm2max": 0.7521191335098537
}