{
  "aor": 0.0009953644314868804,
  "aqi": 0.00684821052478134,
  "bids_meta": {
    "AcquisitionNumber": 3,
    "BIDSVersion": "1.1.0",
    "BidsifyVersion": "0.3",
    "ConversionSoftware": "dcm2niix",
    "ConversionSoftwareVersion": "v1.0.20180622 GCC5.4.0",
    "EchoTime": 0.028,
    "EffectiveEchoSpacing": 0.0006909,
    "FlipAngle": 76.1,
    "ImageComments": "RepliSC",
    "ImageOrientationPatientDICOM": [
      0.997686,
      0.0373049,
      0.0568353,
      -0.0461771,
      0.985412,
      0.1638
    ],
    "InstitutionName": "Spinoza Centre for Neuroimaging, location REC",
    "MagneticFieldStrength": 3,
    "Manufacturer": "Philips",
    "ParallelAcquisitionTechnique": "SENSE",
    "ParallelReductionFactorInPlane": 2,
    "PatientPosition": "HFS",
    "PhaseEncodingDirection": "j",
    "PhilipsRescaleIntercept": 0,
    "PhilipsRescaleSlope": 0.79121,
    "PhilipsScaleSlope": 0.0212842,
    "ProtocolName": "task-Tasteratingtask_acq-SeqMm3Tr2000_bold",
    "PulseSequenceType": "Gradient Echo EPI",
    "ReconMatrixPE": 80,
    "RepetitionTime": 2,
    "SeriesDescription": "ImageMRSERIES",
    "SeriesNumber": 3,
    "SliceEncodingDirection": "k",
    "SliceTiming": [
      0.0,
      0.05555555555555555,
      0.1111111111111111,
      0.16666666666666666,
      0.2222222222222222,
      0.2777777777777778,
      0.3333333333333333,
      0.38888888888888884,
      0.4444444444444444,
      0.5,
      0.5555555555555556,
      0.611111111111111,
      0.6666666666666666,
      0.7222222222222222,
      0.7777777777777777,
      0.8333333333333333,
      0.8888888888888888,
      0.9444444444444444,
      1.0,
      1.0555555555555556,
      1.1111111111111112,
      1.1666666666666665,
      1.222222222222222,
      1.2777777777777777,
      1.3333333333333333,
      1.3888888888888888,
      1.4444444444444444,
      1.5,
      1.5555555555555554,
      1.611111111111111,
      1.6666666666666665,
      1.722222222222222,
      1.7777777777777777,
      1.8333333333333333,
      1.8888888888888888,
      1.9444444444444444
    ],
    "TaskName": "Tasteratingtask",
    "TotalReadoutTime": 0.0269452,
    "UsePhilipsFloatNotDisplayScaling": 1,
    "WaterFatShift": 12.0,
    "acq_id": "SeqMm3Tr2000",
    "dataset": "ds002643",
    "modality": "bold",
    "subject_id": "019",
    "task_id": "Tasteratingtask"
  },
  "dummy_trs": 0,
  "dvars_nstd": 21.976506952631585,
  "dvars_std": 1.2307044649122814,
  "dvars_vstd": 0.9829355001754382,
  "efc": 0.40611056887753794,
  "fber": 69894.078125,
  "fd_mean": 0.08239202895159671,
  "fd_num": 0,
  "fd_perc": 0.0,
  "fwhm_avg": 1.9873975843692522,
  "fwhm_x": 1.9728533333333333,
  "fwhm_y": 2.2014,
  "fwhm_z": 1.7879394197744227,
  "gcor": 0.0614669,
  "gsr_x": -0.012529328465461731,
  "gsr_y": 0.005517821293324232,
  "provenance": {
    "md5sum": "e8419802d4dcd93896ddd9bdeddaa4fe",
    "settings": {
      "fd_thres": 0.2,
      "testing": false
    },
    "software": "mriqc",
    "version": "23.0.1",
    "webapi_port": null,
    "webapi_url": "https://mriqc.nimh.nih.gov/api/v1"
  },
  "size_t": 343,
  "size_x": 80,
  "size_y": 80,
  "size_z": 36,
  "snr": 6.154819940508675,
  "spacing_tr": 2.0,
  "spacing_x": 3.0,
  "spacing_y": 3.0,
  "spacing_z": 3.299999952316284,
  "summary_bg_k": 63.56876269396115,
  "summary_bg_mad": 280.01473303653665,
  "summary_bg_mean": 1079.3814697265625,
  "summary_bg_median": 236.3669891357422,
  "summary_bg_n": 158632.0,
  "summary_bg_p05": 19.139675331115722,
  "summary_bg_p95": 4475.537524414062,
  "summary_bg_stdv": 2937.886962890625,
  "summary_fg_k": 2.6613912542259284,
  "summary_fg_mad": 9369.096228909175,
  "summary_fg_mean": 65489.92578125,
  "summary_fg_median": 64478.03125,
  "summary_fg_n": 31949.0,
  "summary_fg_p05": 51017.05,
  "summary_fg_p95": 83172.5546875,
  "summary_fg_stdv": 10475.8583984375,
  "tsnr": 71.62142944335938
}