{
  "aor": 0.001079795918367347,
  "aqi": 0.006601477026239068,
  "bids_meta": {
    "AcquisitionNumber": 6,
    "BIDSVersion": "1.1.0",
    "BidsifyVersion": "0.3",
    "ConversionSoftware": "dcm2niix",
    "ConversionSoftwareVersion": "v1.0.20180622 GCC5.4.0",
    "EchoTime": 0.028,
    "EffectiveEchoSpacing": 0.0006909,
    "FlipAngle": 76.1,
    "ImageComments": "RepliSC",
    "ImageOrientationPatientDICOM": [
      0.997686,
      0.0373049,
      0.0568353,
      -0.0461771,
      0.985412,
      0.1638
    ],
    "InstitutionName": "Spinoza Centre for Neuroimaging, location REC",
    "MagneticFieldStrength": 3,
    "Manufacturer": "Philips",
    "ParallelAcquisitionTechnique": "SENSE",
    "ParallelReductionFactorInPlane": 2,
    "PatientPosition": "HFS",
    "PhaseEncodingDirection": "j",
    "PhilipsRescaleIntercept": 0,
    "PhilipsRescaleSlope": 0.80586,
    "PhilipsScaleSlope": 0.0217054,
    "ProtocolName": "task-Decisiontask_acq-SeqMm3Tr2000_bold",
    "PulseSequenceType": "Gradient Echo EPI",
    "ReconMatrixPE": 80,
    "RepetitionTime": 2,
    "SeriesDescription": "ImageMRSERIES",
    "SeriesNumber": 6,
    "SliceEncodingDirection": "k",
    "SliceTiming": [
      0.0,
      0.05555555555555555,
      0.1111111111111111,
      0.16666666666666666,
      0.2222222222222222,
      0.2777777777777778,
      0.3333333333333333,
      0.38888888888888884,
      0.4444444444444444,
      0.5,
      0.5555555555555556,
      0.611111111111111,
      0.6666666666666666,
      0.7222222222222222,
      0.7777777777777777,
      0.8333333333333333,
      0.8888888888888888,
      0.9444444444444444,
      1.0,
      1.0555555555555556,
      1.1111111111111112,
      1.1666666666666665,
      1.222222222222222,
      1.2777777777777777,
      1.3333333333333333,
      1.3888888888888888,
      1.4444444444444444,
      1.5,
      1.5555555555555554,
      1.611111111111111,
      1.6666666666666665,
      1.722222222222222,
      1.7777777777777777,
      1.8333333333333333,
      1.8888888888888888,
      1.9444444444444444
    ],
    "TaskName": "Decisiontask",
    "TotalReadoutTime": 0.0269452,
    "UsePhilipsFloatNotDisplayScaling": 1,
    "WaterFatShift": 12.0,
    "acq_id": "SeqMm3Tr2000",
    "dataset": "ds002643",
    "modality": "bold",
    "subject_id": "019",
    "task_id": "Decisiontask"
  },
  "dummy_trs": 0,
  "dvars_nstd": 22.60857300441521,
  "dvars_std": 1.2375450784210529,
  "dvars_vstd": 0.9918088462280698,
  "efc": 0.4082898947146457,
  "fber": 118494.5625,
  "fd_mean": 0.0951048888095268,
  "fd_num": 3,
  "fd_perc": 0.8746355685131195,
  "fwhm_avg": 1.905296674835032,
  "fwhm_x": 1.8873133333333334,
  "fwhm_y": 2.1326766666666668,
  "fwhm_z": 1.6959000245050955,
  "gcor": 0.0310549,
  "gsr_x": -0.013867069035768509,
  "gsr_y": 0.005101856309920549,
  "provenance": {
    "md5sum": "7fd28581ade807d9534b5e6782d733cd",
    "settings": {
      "fd_thres": 0.2,
      "testing": false
    },
    "software": "mriqc",
    "version": "23.0.1",
    "webapi_port": null,
    "webapi_url": "https://mriqc.nimh.nih.gov/api/v1"
  },
  "size_t": 343,
  "size_x": 80,
  "size_y": 80,
  "size_z": 36,
  "snr": 6.542849793130699,
  "spacing_tr": 2.0,
  "spacing_x": 3.0,
  "spacing_y": 3.0,
  "spacing_z": 3.299999952316284,
  "summary_bg_k": 62.059445248537,
  "summary_bg_mad": 209.35480795384953,
  "summary_bg_mean": 1063.5220947265625,
  "summary_bg_median": 181.85870361328125,
  "summary_bg_n": 158045.0,
  "summary_bg_p05": 20.05941848754883,
  "summary_bg_p95": 4564.960351562498,
  "summary_bg_stdv": 2977.053466796875,
  "summary_fg_k": 2.7002595950417465,
  "summary_fg_mad": 8804.890796373884,
  "summary_fg_mean": 65143.03125,
  "summary_fg_median": 64251.99609375,
  "summary_fg_n": 32324.0,
  "summary_fg_p05": 51150.699609375,
  "summary_fg_p95": 81243.13906249999,
  "summary_fg_stdv": 9820.033203125,
  "tsnr": 73.28300476074219
}