{
  "aor": 0.0011849583333333334,
  "aqi": 0.008138423041666667,
  "bids_meta": {
    "AcquisitionNumber": 7,
    "BIDSVersion": "1.1.0",
    "BidsifyVersion": "0.3",
    "ConversionSoftware": "dcm2niix",
    "ConversionSoftwareVersion": "v1.0.20180622 GCC5.4.0",
    "EchoTime": 0.028,
    "EffectiveEchoSpacing": 0.0006909,
    "FlipAngle": 76.1,
    "ImageComments": "RepliSC",
    "ImageOrientationPatientDICOM": [
      0.997686,
      0.0373049,
      0.0568353,
      -0.0461771,
      0.985412,
      0.1638
    ],
    "InstitutionName": "Spinoza Centre for Neuroimaging, location REC",
    "MagneticFieldStrength": 3,
    "Manufacturer": "Philips",
    "ParallelAcquisitionTechnique": "SENSE",
    "ParallelReductionFactorInPlane": 2,
    "PatientPosition": "HFS",
    "PhaseEncodingDirection": "j",
    "PhilipsRescaleIntercept": 0,
    "PhilipsRescaleSlope": 0.81197,
    "PhilipsScaleSlope": 0.021323,
    "ProtocolName": "task-RestingState_acq-SeqMm3Tr2000_bold",
    "PulseSequenceType": "Gradient Echo EPI",
    "ReconMatrixPE": 80,
    "RepetitionTime": 2,
    "SeriesDescription": "ImageMRSERIES",
    "SeriesNumber": 7,
    "SliceEncodingDirection": "k",
    "SliceTiming": [
      0.0,
      0.05555555555555555,
      0.1111111111111111,
      0.16666666666666666,
      0.2222222222222222,
      0.2777777777777778,
      0.3333333333333333,
      0.38888888888888884,
      0.4444444444444444,
      0.5,
      0.5555555555555556,
      0.611111111111111,
      0.6666666666666666,
      0.7222222222222222,
      0.7777777777777777,
      0.8333333333333333,
      0.8888888888888888,
      0.9444444444444444,
      1.0,
      1.0555555555555556,
      1.1111111111111112,
      1.1666666666666665,
      1.222222222222222,
      1.2777777777777777,
      1.3333333333333333,
      1.3888888888888888,
      1.4444444444444444,
      1.5,
      1.5555555555555554,
      1.611111111111111,
      1.6666666666666665,
      1.722222222222222,
      1.7777777777777777,
      1.8333333333333333,
      1.8888888888888888,
      1.9444444444444444
    ],
    "TaskName": "RestingState",
    "TotalReadoutTime": 0.0269452,
    "UsePhilipsFloatNotDisplayScaling": 1,
    "WaterFatShift": 12.0,
    "acq_id": "SeqMm3Tr2000",
    "dataset": "ds002643",
    "modality": "bold",
    "subject_id": "019",
    "task_id": "RestingState"
  },
  "dummy_trs": 0,
  "dvars_nstd": 22.08445302799163,
  "dvars_std": 1.191901233138076,
  "dvars_vstd": 0.9790296950209202,
  "efc": 0.40853363022627326,
  "fber": 115178.953125,
  "fd_mean": 0.11151528332455894,
  "fd_num": 11,
  "fd_perc": 4.583333333333333,
  "fwhm_avg": 1.939697079007672,
  "fwhm_x": 1.9230600000000002,
  "fwhm_y": 2.172676666666667,
  "fwhm_z": 1.7233545703563484,
  "gcor": 0.02821,
  "gsr_x": -0.014017409645020962,
  "gsr_y": 0.005364803597331047,
  "provenance": {
    "md5sum": "b1da9c5bd5e4c80deae9ead1e974e3c1",
    "settings": {
      "fd_thres": 0.2,
      "testing": false
    },
    "software": "mriqc",
    "version": "23.0.1",
    "webapi_port": null,
    "webapi_url": "https://mriqc.nimh.nih.gov/api/v1"
  },
  "size_t": 240,
  "size_x": 80,
  "size_y": 80,
  "size_z": 36,
  "snr": 6.468088769881825,
  "spacing_tr": 2.0,
  "spacing_x": 3.0,
  "spacing_y": 3.0,
  "spacing_z": 3.299999952316284,
  "summary_bg_k": 61.58620781779692,
  "summary_bg_mad": 215.2155275558061,
  "summary_bg_mean": 1071.227294921875,
  "summary_bg_median": 186.020751953125,
  "summary_bg_n": 158039.0,
  "summary_bg_p05": 20.24042549133301,
  "summary_bg_p95": 4607.450390625004,
  "summary_bg_stdv": 2954.778076171875,
  "summary_fg_k": 2.5621296556958804,
  "summary_fg_mad": 8947.944536214927,
  "summary_fg_mean": 65661.34375,
  "summary_fg_median": 64793.703125,
  "summary_fg_n": 32369.0,
  "summary_fg_p05": 51316.459375,
  "summary_fg_p95": 82111.775,
  "summary_fg_stdv": 10017.287109375,
  "tsnr": 68.14568328857422
}