{
  "aor": 0.001500932944606414,
  "aqi": 0.008953559533527696,
  "bids_meta": {
    "AcquisitionNumber": 3,
    "BIDSVersion": "1.1.0",
    "BidsifyVersion": "0.3",
    "ConversionSoftware": "dcm2niix",
    "ConversionSoftwareVersion": "v1.0.20180622 GCC5.4.0",
    "EchoTime": 0.028,
    "EffectiveEchoSpacing": 0.0006909,
    "FlipAngle": 76.1,
    "ImageComments": "RepliSC",
    "ImageOrientationPatientDICOM": [
      0.999468,
      -0.0285091,
      -0.0158695,
      0.0275685,
      0.998015,
      -0.0566291
    ],
    "InstitutionName": "Spinoza Centre for Neuroimaging, location REC",
    "MagneticFieldStrength": 3,
    "Manufacturer": "Philips",
    "ParallelAcquisitionTechnique": "SENSE",
    "ParallelReductionFactorInPlane": 2,
    "PatientPosition": "HFS",
    "PhaseEncodingDirection": "j",
    "PhilipsRescaleIntercept": 0,
    "PhilipsRescaleSlope": 0.74505,
    "PhilipsScaleSlope": 0.0210791,
    "ProtocolName": "task-Healthratingtask_acq-SeqMm3Tr2000_bold",
    "PulseSequenceType": "Gradient Echo EPI",
    "ReconMatrixPE": 80,
    "RepetitionTime": 2,
    "SeriesDescription": "ImageMRSERIES",
    "SeriesNumber": 3,
    "SliceEncodingDirection": "k",
    "SliceTiming": [
      0.0,
      0.05555555555555555,
      0.1111111111111111,
      0.16666666666666666,
      0.2222222222222222,
      0.2777777777777778,
      0.3333333333333333,
      0.38888888888888884,
      0.4444444444444444,
      0.5,
      0.5555555555555556,
      0.611111111111111,
      0.6666666666666666,
      0.7222222222222222,
      0.7777777777777777,
      0.8333333333333333,
      0.8888888888888888,
      0.9444444444444444,
      1.0,
      1.0555555555555556,
      1.1111111111111112,
      1.1666666666666665,
      1.222222222222222,
      1.2777777777777777,
      1.3333333333333333,
      1.3888888888888888,
      1.4444444444444444,
      1.5,
      1.5555555555555554,
      1.611111111111111,
      1.6666666666666665,
      1.722222222222222,
      1.7777777777777777,
      1.8333333333333333,
      1.8888888888888888,
      1.9444444444444444
    ],
    "TaskName": "Healthratingtask",
    "TotalReadoutTime": 0.0269452,
    "UsePhilipsFloatNotDisplayScaling": 1,
    "WaterFatShift": 12.0,
    "acq_id": "SeqMm3Tr2000",
    "dataset": "ds002643",
    "modality": "bold",
    "subject_id": "046",
    "task_id": "Healthratingtask"
  },
  "dummy_trs": 0,
  "dvars_nstd": 22.177578145350882,
  "dvars_std": 1.2464356042105253,
  "dvars_vstd": 0.9892897999122798,
  "efc": 0.43171313689425844,
  "fber": 168577.96875,
  "fd_mean": 0.15235565159834502,
  "fd_num": 75,
  "fd_perc": 21.865889212827987,
  "fwhm_avg": 1.7735258263107427,
  "fwhm_x": 1.7187066666666666,
  "fwhm_y": 1.9266466666666666,
  "fwhm_z": 1.6752241455988945,
  "gcor": 0.034887,
  "gsr_x": -0.017188532277941704,
  "gsr_y": 0.015107746236026287,
  "provenance": {
    "md5sum": "03be99899a576d8f9336d42a9425b3a7",
    "settings": {
      "fd_thres": 0.2,
      "testing": false
    },
    "software": "mriqc",
    "version": "23.0.1",
    "webapi_port": null,
    "webapi_url": "https://mriqc.nimh.nih.gov/api/v1"
  },
  "size_t": 343,
  "size_x": 80,
  "size_y": 80,
  "size_z": 36,
  "snr": 6.413322066585943,
  "spacing_tr": 2.0,
  "spacing_x": 3.0,
  "spacing_y": 3.0,
  "spacing_z": 3.3000001907348633,
  "summary_bg_k": 118.31475731231222,
  "summary_bg_mad": 186.7666581180188,
  "summary_bg_mean": 1401.543701171875,
  "summary_bg_median": 172.77947998046875,
  "summary_bg_n": 153180.0,
  "summary_bg_p05": 14.673573207855231,
  "summary_bg_p95": 6322.840551757797,
  "summary_bg_stdv": 4343.712890625,
  "summary_fg_k": 2.7291601204214357,
  "summary_fg_mad": 9904.802108642643,
  "summary_fg_mean": 73947.8515625,
  "summary_fg_median": 72384.796875,
  "summary_fg_n": 36644.0,
  "summary_fg_p05": 59414.896875,
  "summary_fg_p95": 93582.22890624999,
  "summary_fg_stdv": 11286.4765625,
  "tsnr": 70.31546020507812
}