{
  "aor": 0.0008781632653061225,
  "aqi": 0.006817402827988338,
  "bids_meta": {
    "AcquisitionNumber": 3,
    "BIDSVersion": "1.1.0",
    "BidsifyVersion": "0.3",
    "ConversionSoftware": "dcm2niix",
    "ConversionSoftwareVersion": "v1.0.20180622 GCC5.4.0",
    "EchoTime": 0.028,
    "EffectiveEchoSpacing": 0.0006909,
    "FlipAngle": 76.1,
    "ImageComments": "RepliSC",
    "ImageOrientationPatientDICOM": [
      0.999487,
      0.0316167,
      0.00515234,
      -0.0293149,
      0.967593,
      -0.250808
    ],
    "InstitutionName": "Spinoza Centre for Neuroimaging, location REC",
    "MagneticFieldStrength": 3,
    "Manufacturer": "Philips",
    "ParallelAcquisitionTechnique": "SENSE",
    "ParallelReductionFactorInPlane": 2,
    "PatientPosition": "HFS",
    "PhaseEncodingDirection": "j",
    "PhilipsRescaleIntercept": 0,
    "PhilipsRescaleSlope": 0.75629,
    "PhilipsScaleSlope": 0.0196817,
    "ProtocolName": "task-Tasteratingtask_acq-SeqMm3Tr2000_bold",
    "PulseSequenceType": "Gradient Echo EPI",
    "ReconMatrixPE": 80,
    "RepetitionTime": 2,
    "SeriesDescription": "ImageMRSERIES",
    "SeriesNumber": 3,
    "SliceEncodingDirection": "k",
    "SliceTiming": [
      0.0,
      0.05555555555555555,
      0.1111111111111111,
      0.16666666666666666,
      0.2222222222222222,
      0.2777777777777778,
      0.3333333333333333,
      0.38888888888888884,
      0.4444444444444444,
      0.5,
      0.5555555555555556,
      0.611111111111111,
      0.6666666666666666,
      0.7222222222222222,
      0.7777777777777777,
      0.8333333333333333,
      0.8888888888888888,
      0.9444444444444444,
      1.0,
      1.0555555555555556,
      1.1111111111111112,
      1.1666666666666665,
      1.222222222222222,
      1.2777777777777777,
      1.3333333333333333,
      1.3888888888888888,
      1.4444444444444444,
      1.5,
      1.5555555555555554,
      1.611111111111111,
      1.6666666666666665,
      1.722222222222222,
      1.7777777777777777,
      1.8333333333333333,
      1.8888888888888888,
      1.9444444444444444
    ],
    "TaskName": "Tasteratingtask",
    "TotalReadoutTime": 0.0269452,
    "UsePhilipsFloatNotDisplayScaling": 1,
    "WaterFatShift": 12.0,
    "acq_id": "SeqMm3Tr2000",
    "dataset": "ds002643",
    "modality": "bold",
    "subject_id": "031",
    "task_id": "Tasteratingtask"
  },
  "dummy_trs": 0,
  "dvars_nstd": 21.822083712923977,
  "dvars_std": 1.2164973500292404,
  "dvars_vstd": 0.9807897843274855,
  "efc": 0.45627258941986115,
  "fber": 72415.1953125,
  "fd_mean": 0.14303206543062674,
  "fd_num": 49,
  "fd_perc": 14.285714285714286,
  "fwhm_avg": 1.8021060684827914,
  "fwhm_x": 1.7830300000000001,
  "fwhm_y": 1.9879366666666665,
  "fwhm_z": 1.6353515387817084,
  "gcor": 0.0944864,
  "gsr_x": -0.002398568671196699,
  "gsr_y": 0.010414035990834236,
  "provenance": {
    "md5sum": "db5900c5e3a508b2919759221de4a0fb",
    "settings": {
      "fd_thres": 0.2,
      "testing": false
    },
    "software": "mriqc",
    "version": "23.0.1",
    "webapi_port": null,
    "webapi_url": "https://mriqc.nimh.nih.gov/api/v1"
  },
  "size_t": 343,
  "size_x": 80,
  "size_y": 80,
  "size_z": 36,
  "snr": 6.611326053270159,
  "spacing_tr": 2.0,
  "spacing_x": 3.0,
  "spacing_y": 3.0,
  "spacing_z": 3.299999952316284,
  "summary_bg_k": 38.66872431065599,
  "summary_bg_mad": 338.93527627486037,
  "summary_bg_mean": 2211.09521484375,
  "summary_bg_median": 267.439453125,
  "summary_bg_n": 151464.0,
  "summary_bg_p05": 15.194038152694704,
  "summary_bg_p95": 11974.319238281267,
  "summary_bg_stdv": 5529.44970703125,
  "summary_fg_k": 4.093220582648855,
  "summary_fg_mad": 9090.233809287052,
  "summary_fg_mean": 72711.5390625,
  "summary_fg_median": 71191.7265625,
  "summary_fg_n": 37796.0,
  "summary_fg_p05": 59207.681640625,
  "summary_fg_p95": 90309.703125,
  "summary_fg_stdv": 10768.00390625,
  "tsnr": 72.4463882446289
}