{
  "bids_meta": {
    "AcquisitionNumber": 2,
    "BIDSVersion": "1.1.0",
    "BidsifyVersion": "0.3",
    "ConversionSoftware": "dcm2niix",
    "ConversionSoftwareVersion": "v1.0.20180622 GCC5.4.0",
    "EchoTime": 0.0038,
    "ImageComments": "RepliSC",
    "ImageOrientationPatientDICOM": [
      0.997058,
      0.0264656,
      -0.0719424,
      -0.0356892,
      0.990857,
      -0.130112
    ],
    "InstitutionName": "Spinoza Centre for Neuroimaging, location REC",
    "InversionTime": 0.9,
    "MagneticFieldStrength": 3,
    "Manufacturer": "Philips",
    "ParallelAcquisitionTechnique": "SENSE",
    "PatientPosition": "HFS",
    "PhilipsRescaleIntercept": 0,
    "PhilipsRescaleSlope": 4.01319,
    "PhilipsScaleSlope": 0.00527808,
    "ProtocolName": "acq-AxialNsig1Mm1_T1w",
    "ReconMatrixPE": 240,
    "RepetitionTime": 0.008296,
    "SeriesDescription": "ImageMRSERIES",
    "SeriesNumber": 2,
    "UsePhilipsFloatNotDisplayScaling": 1,
    "acq_id": "AxialNsig1Mm1",
    "dataset": "ds002643",
    "modality": "T1w",
    "subject_id": "048"
  },
  "cjv": 0.2880073660855401,
  "cnr": 4.424222643959545,
  "efc": 0.7036514222646499,
  "fber": -1.0,
  "fwhm_avg": 4.274726666666667,
  "fwhm_x": 4.16979,
  "fwhm_y": 4.47292,
  "fwhm_z": 4.18147,
  "icvs_csf": 0.2482037626157926,
  "icvs_gm": 0.41898375042783087,
  "icvs_wm": 0.33281248695637655,
  "inu_med": 0.5782167911529541,
  "inu_range": 0.19316053986549375,
  "provenance": {
    "md5sum": "5343fb6b0677c53818bdd5e3f3243969",
    "settings": {
      "testing": false
    },
    "software": "mriqc",
    "version": "23.0.1",
    "warnings": {
      "large_rot_frame": true,
      "small_air_mask": false
    },
    "webapi_port": null,
    "webapi_url": "https://mriqc.nimh.nih.gov/api/v1"
  },
  "qi_1": 0.0,
  "qi_2": 8.996195604977448e-05,
  "rpve_csf": 24.167416596350748,
  "rpve_gm": 14.488581301250932,
  "rpve_wm": 22.323922536682804,
  "size_x": 240,
  "size_y": 240,
  "size_z": 220,
  "snr_csf": 1.5913248419124617,
  "snr_gm": 8.051680619799866,
  "snr_total": 12.538865314297269,
  "snr_wm": 27.973590481179478,
  "snrd_csf": 13.9902356346851,
  "snrd_gm": 54.65026097662399,
  "snrd_total": 52.1685662813201,
  "snrd_wm": 87.86520223265123,
  "spacing_x": 1.0,
  "spacing_y": 1.0,
  "spacing_z": 1.0,
  "summary_bg_k": 355.91502082447624,
  "summary_bg_mad": 0.0,
  "summary_bg_mean": 3.510457234314292,
  "summary_bg_median": 0.0,
  "summary_bg_n": 299707.0,
  "summary_bg_p05": 0.0,
  "summary_bg_p95": 17.758985348045826,
  "summary_bg_stdv": 7.455978011283784,
  "summary_csf_k": 0.7490663604898287,
  "summary_csf_mad": 96.71567758788986,
  "summary_csf_mean": 175.9024530628893,
  "summary_csf_median": 159.22010937705636,
  "summary_csf_n": 31273.0,
  "summary_csf_p05": 44.52901140972972,
  "summary_csf_p95": 366.12168497033406,
  "summary_csf_stdv": 100.05346458187908,
  "summary_gm_k": 0.24145655906565988,
  "summary_gm_mad": 75.74958543523962,
  "summary_gm_mean": 621.5137943318209,
  "summary_gm_median": 621.9638294447213,
  "summary_gm_n": 31096.0,
  "summary_gm_p05": 494.64999235467985,
  "summary_gm_p95": 748.0855124257505,
  "summary_gm_stdv": 77.24521848645227,
  "summary_wm_k": 0.8044475739913506,
  "summary_wm_mad": 33.12085321789098,
  "summary_wm_mean": 999.1594552878372,
  "summary_wm_median": 999.9765175674111,
  "summary_wm_n": 181063.0,
  "summary_wm_p05": 939.0650770813227,
  "summary_wm_p95": 1055.3911292552948,
  "summary_wm_stdv": 35.747064962270684,
  "tpm_overlap_csf": 0.1577411996611984,
  "tpm_overlap_gm": 0.47604203284122865,
  "tpm_overlap_wm": 0.521080683084193,
  "wm2max": 0.7273395060853798
}