{
  "bids_meta": {
    "AcquisitionNumber": 2,
    "BIDSVersion": "1.1.0",
    "BidsifyVersion": "0.3",
    "ConversionSoftware": "dcm2niix",
    "ConversionSoftwareVersion": "v1.0.20180622 GCC5.4.0",
    "EchoTime": 0.00377,
    "ImageComments": "RepliSC",
    "ImageOrientationPatientDICOM": [
      0.996704,
      -0.0447985,
      0.0676365,
      0.0496189,
      0.996216,
      -0.0713559
    ],
    "InstitutionName": "Spinoza Centre for Neuroimaging, location REC",
    "InversionTime": 0.9,
    "MagneticFieldStrength": 3,
    "Manufacturer": "Philips",
    "ParallelAcquisitionTechnique": "SENSE",
    "PatientPosition": "HFS",
    "PhilipsRescaleIntercept": 0,
    "PhilipsRescaleSlope": 5.00464,
    "PhilipsScaleSlope": 0.00507434,
    "ProtocolName": "acq-AxialNsig1Mm1_T1w",
    "ReconMatrixPE": 240,
    "RepetitionTime": 0.008227,
    "SeriesDescription": "ImageMRSERIES",
    "SeriesNumber": 2,
    "UsePhilipsFloatNotDisplayScaling": 1,
    "acq_id": "AxialNsig1Mm1",
    "dataset": "ds002643",
    "modality": "T1w",
    "subject_id": "012"
  },
  "cjv": 0.2997901522874607,
  "cnr": 4.267366502340508,
  "efc": 0.6661143643955671,
  "fber": 22952.25,
  "fwhm_avg": 4.35796,
  "fwhm_x": 4.27695,
  "fwhm_y": 4.48165,
  "fwhm_z": 4.31528,
  "icvs_csf": 0.2521417308220599,
  "icvs_gm": 0.4064633396633997,
  "icvs_wm": 0.3413949295145404,
  "inu_med": 0.5284328460693359,
  "inu_range": 0.16099276244640348,
  "provenance": {
    "md5sum": "2a047f908183eefebe082e8a6f1793a8",
    "settings": {
      "testing": false
    },
    "software": "mriqc",
    "version": "23.0.1",
    "warnings": {
      "large_rot_frame": true,
      "small_air_mask": false
    },
    "webapi_port": null,
    "webapi_url": "https://mriqc.nimh.nih.gov/api/v1"
  },
  "qi_1": 0.0,
  "qi_2": 2.9601953835792715e-05,
  "rpve_csf": 26.263280096127367,
  "rpve_gm": 16.05638136589129,
  "rpve_wm": 23.245012275773593,
  "size_x": 240,
  "size_y": 240,
  "size_z": 220,
  "snr_csf": 1.3817137187696613,
  "snr_gm": 8.467378244918159,
  "snr_total": 12.81261448851024,
  "snr_wm": 28.5887515018429,
  "snrd_csf": 11.236727191623498,
  "snrd_gm": 52.11435231804389,
  "snrd_total": 48.174813953450915,
  "snrd_wm": 81.17336235068534,
  "spacing_x": 1.0,
  "spacing_y": 1.0,
  "spacing_z": 1.0,
  "summary_bg_k": 22.219029997629292,
  "summary_bg_mad": 0.0,
  "summary_bg_mean": 5.026909593408224,
  "summary_bg_median": 0.0,
  "summary_bg_n": 543834.0,
  "summary_bg_p05": 0.0,
  "summary_bg_p95": 21.843895498663187,
  "summary_bg_stdv": 8.070634240612524,
  "summary_csf_k": 1.2247375720859912,
  "summary_csf_mad": 94.71592163165116,
  "summary_csf_mean": 156.15253106074564,
  "summary_csf_median": 138.4253954216838,
  "summary_csf_n": 41021.0,
  "summary_csf_p05": 33.10488375462592,
  "summary_csf_p95": 354.6121527571231,
  "summary_csf_stdv": 100.18262559069217,
  "summary_gm_k": 0.14063370313494206,
  "summary_gm_mad": 75.07619110378414,
  "summary_gm_mean": 641.3249594426425,
  "summary_gm_median": 641.997416485101,
  "summary_gm_n": 33161.0,
  "summary_gm_p05": 516.4555603154004,
  "summary_gm_p95": 764.7300798855722,
  "summary_gm_stdv": 75.8189510183438,
  "summary_wm_k": 0.9913732970644391,
  "summary_wm_mad": 32.24219015360983,
  "summary_wm_mean": 1000.4393444016116,
  "summary_wm_median": 999.9757571294904,
  "summary_wm_n": 179330.0,
  "summary_wm_p05": 944.4457655791193,
  "summary_wm_p95": 1057.8548150472343,
  "summary_wm_stdv": 34.977846758114715,
  "tpm_overlap_csf": 0.16652898834946275,
  "tpm_overlap_gm": 0.47458732509072643,
  "tpm_overlap_wm": 0.5360640182369851,
  "wm2max": 0.7134563488021132
}