{
  "aor": 0.004531807580174927,
  "aqi": 0.004654841166180758,
  "bids_meta": {
    "AcquisitionNumber": 4,
    "BIDSVersion": "1.1.0",
    "BidsifyVersion": "0.3",
    "ConversionSoftware": "dcm2niix",
    "ConversionSoftwareVersion": "v1.0.20180622 GCC5.4.0",
    "EchoTime": 0.028,
    "EffectiveEchoSpacing": 0.0006909,
    "FlipAngle": 76.1,
    "ImageComments": "RepliSC",
    "ImageOrientationPatientDICOM": [
      0.999992,
      0.00247608,
      0.00323111,
      -0.00209438,
      0.993569,
      -0.11321
    ],
    "InstitutionName": "Spinoza Centre for Neuroimaging, location REC",
    "MagneticFieldStrength": 3,
    "Manufacturer": "Philips",
    "ParallelAcquisitionTechnique": "SENSE",
    "ParallelReductionFactorInPlane": 2,
    "PatientPosition": "HFS",
    "PhaseEncodingDirection": "j",
    "PhilipsRescaleIntercept": 0,
    "PhilipsRescaleSlope": 0.75922,
    "PhilipsScaleSlope": 0.0218249,
    "ProtocolName": "task-Tasteratingtask_acq-SeqMm3Tr2000_bold",
    "PulseSequenceType": "Gradient Echo EPI",
    "ReconMatrixPE": 80,
    "RepetitionTime": 2,
    "SeriesDescription": "ImageMRSERIES",
    "SeriesNumber": 4,
    "SliceEncodingDirection": "k",
    "SliceTiming": [
      0.0,
      0.05555555555555555,
      0.1111111111111111,
      0.16666666666666666,
      0.2222222222222222,
      0.2777777777777778,
      0.3333333333333333,
      0.38888888888888884,
      0.4444444444444444,
      0.5,
      0.5555555555555556,
      0.611111111111111,
      0.6666666666666666,
      0.7222222222222222,
      0.7777777777777777,
      0.8333333333333333,
      0.8888888888888888,
      0.9444444444444444,
      1.0,
      1.0555555555555556,
      1.1111111111111112,
      1.1666666666666665,
      1.222222222222222,
      1.2777777777777777,
      1.3333333333333333,
      1.3888888888888888,
      1.4444444444444444,
      1.5,
      1.5555555555555554,
      1.611111111111111,
      1.6666666666666665,
      1.722222222222222,
      1.7777777777777777,
      1.8333333333333333,
      1.8888888888888888,
      1.9444444444444444
    ],
    "TaskName": "Tasteratingtask",
    "TotalReadoutTime": 0.0269452,
    "UsePhilipsFloatNotDisplayScaling": 1,
    "WaterFatShift": 12.0,
    "acq_id": "SeqMm3Tr2000",
    "dataset": "ds002643",
    "modality": "bold",
    "subject_id": "080",
    "task_id": "Tasteratingtask"
  },
  "dummy_trs": 0,
  "dvars_nstd": 16.55924777543857,
  "dvars_std": 1.1931261845614023,
  "dvars_vstd": 1.04377848877193,
  "efc": 0.4171118267937738,
  "fber": 167158.671875,
  "fd_mean": 0.07081965374036221,
  "fd_num": 2,
  "fd_perc": 0.5830903790087464,
  "fwhm_avg": 1.8456494020826402,
  "fwhm_x": 1.82388,
  "fwhm_y": 2.0223833333333334,
  "fwhm_z": 1.690684872914587,
  "gcor": 0.0878594,
  "gsr_x": -0.013866972178220749,
  "gsr_y": 0.008527952246367931,
  "provenance": {
    "md5sum": "a61758f16a66ba29ae234b22327cc49b",
    "settings": {
      "fd_thres": 0.2,
      "testing": false
    },
    "software": "mriqc",
    "version": "23.0.1",
    "webapi_port": null,
    "webapi_url": "https://mriqc.nimh.nih.gov/api/v1"
  },
  "size_t": 343,
  "size_x": 80,
  "size_y": 80,
  "size_z": 36,
  "snr": 5.964642759173206,
  "spacing_tr": 2.0,
  "spacing_x": 3.0,
  "spacing_y": 3.0,
  "spacing_z": 3.299999952316284,
  "summary_bg_k": 121.34870548586424,
  "summary_bg_mad": 178.5450518240715,
  "summary_bg_mean": 881.4083251953125,
  "summary_bg_median": 160.75216674804688,
  "summary_bg_n": 154284.0,
  "summary_bg_p05": 11.296179771423342,
  "summary_bg_p95": 3995.593750000003,
  "summary_bg_stdv": 2729.726318359375,
  "summary_fg_k": 2.6066760776576556,
  "summary_fg_mad": 9703.3187837137,
  "summary_fg_mean": 69414.5234375,
  "summary_fg_median": 67930.1796875,
  "summary_fg_n": 36251.0,
  "summary_fg_p05": 54608.4765625,
  "summary_fg_p95": 89262.69921875,
  "summary_fg_stdv": 11388.65234375,
  "tsnr": 88.38983154296875
}