{
  "aor": 0.0015746666666666667,
  "aqi": 0.004369511875,
  "bids_meta": {
    "AcquisitionNumber": 8,
    "BIDSVersion": "1.1.0",
    "BidsifyVersion": "0.3",
    "ConversionSoftware": "dcm2niix",
    "ConversionSoftwareVersion": "v1.0.20180622 GCC5.4.0",
    "EchoTime": 0.028,
    "EffectiveEchoSpacing": 0.0006909,
    "FlipAngle": 76.1,
    "ImageComments": "RepliSC",
    "ImageOrientationPatientDICOM": [
      0.999992,
      0.00247608,
      0.00323111,
      -0.00209438,
      0.993569,
      -0.11321
    ],
    "InstitutionName": "Spinoza Centre for Neuroimaging, location REC",
    "MagneticFieldStrength": 3,
    "Manufacturer": "Philips",
    "ParallelAcquisitionTechnique": "SENSE",
    "ParallelReductionFactorInPlane": 2,
    "PatientPosition": "HFS",
    "PhaseEncodingDirection": "j",
    "PhilipsRescaleIntercept": 0,
    "PhilipsRescaleSlope": 0.76947,
    "PhilipsScaleSlope": 0.0222194,
    "ProtocolName": "task-RestingState_acq-SeqMm3Tr2000_bold",
    "PulseSequenceType": "Gradient Echo EPI",
    "ReconMatrixPE": 80,
    "RepetitionTime": 2,
    "SeriesDescription": "ImageMRSERIES",
    "SeriesNumber": 8,
    "SliceEncodingDirection": "k",
    "SliceTiming": [
      0.0,
      0.05555555555555555,
      0.1111111111111111,
      0.16666666666666666,
      0.2222222222222222,
      0.2777777777777778,
      0.3333333333333333,
      0.38888888888888884,
      0.4444444444444444,
      0.5,
      0.5555555555555556,
      0.611111111111111,
      0.6666666666666666,
      0.7222222222222222,
      0.7777777777777777,
      0.8333333333333333,
      0.8888888888888888,
      0.9444444444444444,
      1.0,
      1.0555555555555556,
      1.1111111111111112,
      1.1666666666666665,
      1.222222222222222,
      1.2777777777777777,
      1.3333333333333333,
      1.3888888888888888,
      1.4444444444444444,
      1.5,
      1.5555555555555554,
      1.611111111111111,
      1.6666666666666665,
      1.722222222222222,
      1.7777777777777777,
      1.8333333333333333,
      1.8888888888888888,
      1.9444444444444444
    ],
    "TaskName": "RestingState",
    "TotalReadoutTime": 0.0269452,
    "UsePhilipsFloatNotDisplayScaling": 1,
    "WaterFatShift": 12.0,
    "acq_id": "SeqMm3Tr2000",
    "dataset": "ds002643",
    "modality": "bold",
    "subject_id": "080",
    "task_id": "RestingState"
  },
  "dummy_trs": 0,
  "dvars_nstd": 17.10250356121339,
  "dvars_std": 1.1909136030962344,
  "dvars_vstd": 1.0088665757740587,
  "efc": 0.41928171956815335,
  "fber": 149481.015625,
  "fd_mean": 0.07021974872510278,
  "fd_num": 3,
  "fd_perc": 1.25,
  "fwhm_avg": 1.8425666747944123,
  "fwhm_x": 1.81508,
  "fwhm_y": 2.0251533333333334,
  "fwhm_z": 1.6874666910499037,
  "gcor": 0.058593,
  "gsr_x": -0.014410553500056267,
  "gsr_y": 0.009055494330823421,
  "provenance": {
    "md5sum": "5307e86a4d76428d72c26693d8dc92e7",
    "settings": {
      "fd_thres": 0.2,
      "testing": false
    },
    "software": "mriqc",
    "version": "23.0.1",
    "webapi_port": null,
    "webapi_url": "https://mriqc.nimh.nih.gov/api/v1"
  },
  "size_t": 240,
  "size_x": 80,
  "size_y": 80,
  "size_z": 36,
  "snr": 5.92444308999214,
  "spacing_tr": 2.0,
  "spacing_x": 3.0,
  "spacing_y": 3.0,
  "spacing_z": 3.299999952316284,
  "summary_bg_k": 103.43206179361965,
  "summary_bg_mad": 187.09732302473856,
  "summary_bg_mean": 899.8604736328125,
  "summary_bg_median": 165.9725341796875,
  "summary_bg_n": 154036.0,
  "summary_bg_p05": 10.428213596343994,
  "summary_bg_p95": 4051.1641235351562,
  "summary_bg_stdv": 2757.228759765625,
  "summary_fg_k": 2.581781980591912,
  "summary_fg_mad": 9572.907702634366,
  "summary_fg_mean": 67879.6875,
  "summary_fg_median": 66343.1640625,
  "summary_fg_n": 36493.0,
  "summary_fg_p05": 53269.846875,
  "summary_fg_p95": 87368.63125,
  "summary_fg_stdv": 11198.0576171875,
  "tsnr": 99.0961685180664
}