{
  "aor": 0.0010426239067055395,
  "aqi": 0.004906803469387755,
  "bids_meta": {
    "AcquisitionNumber": 7,
    "BIDSVersion": "1.1.0",
    "BidsifyVersion": "0.3",
    "ConversionSoftware": "dcm2niix",
    "ConversionSoftwareVersion": "v1.0.20180622 GCC5.4.0",
    "EchoTime": 0.028,
    "EffectiveEchoSpacing": 0.0006909,
    "FlipAngle": 76.1,
    "ImageComments": "RepliSC",
    "ImageOrientationPatientDICOM": [
      0.999992,
      0.00247608,
      0.00323111,
      -0.00209438,
      0.993569,
      -0.11321
    ],
    "InstitutionName": "Spinoza Centre for Neuroimaging, location REC",
    "MagneticFieldStrength": 3,
    "Manufacturer": "Philips",
    "ParallelAcquisitionTechnique": "SENSE",
    "ParallelReductionFactorInPlane": 2,
    "PatientPosition": "HFS",
    "PhaseEncodingDirection": "j",
    "PhilipsRescaleIntercept": 0,
    "PhilipsRescaleSlope": 0.79219,
    "PhilipsScaleSlope": 0.0213785,
    "ProtocolName": "task-Decisiontask_acq-SeqMm3Tr2000_bold",
    "PulseSequenceType": "Gradient Echo EPI",
    "ReconMatrixPE": 80,
    "RepetitionTime": 2,
    "SeriesDescription": "ImageMRSERIES",
    "SeriesNumber": 7,
    "SliceEncodingDirection": "k",
    "SliceTiming": [
      0.0,
      0.05555555555555555,
      0.1111111111111111,
      0.16666666666666666,
      0.2222222222222222,
      0.2777777777777778,
      0.3333333333333333,
      0.38888888888888884,
      0.4444444444444444,
      0.5,
      0.5555555555555556,
      0.611111111111111,
      0.6666666666666666,
      0.7222222222222222,
      0.7777777777777777,
      0.8333333333333333,
      0.8888888888888888,
      0.9444444444444444,
      1.0,
      1.0555555555555556,
      1.1111111111111112,
      1.1666666666666665,
      1.222222222222222,
      1.2777777777777777,
      1.3333333333333333,
      1.3888888888888888,
      1.4444444444444444,
      1.5,
      1.5555555555555554,
      1.611111111111111,
      1.6666666666666665,
      1.722222222222222,
      1.7777777777777777,
      1.8333333333333333,
      1.8888888888888888,
      1.9444444444444444
    ],
    "TaskName": "Decisiontask",
    "TotalReadoutTime": 0.0269452,
    "UsePhilipsFloatNotDisplayScaling": 1,
    "WaterFatShift": 12.0,
    "acq_id": "SeqMm3Tr2000",
    "dataset": "ds002643",
    "modality": "bold",
    "subject_id": "080",
    "task_id": "Decisiontask"
  },
  "dummy_trs": 0,
  "dvars_nstd": 17.727797201578937,
  "dvars_std": 1.1719436669590646,
  "dvars_vstd": 0.9992254567251461,
  "efc": 0.4187052729313922,
  "fber": 156293.40625,
  "fd_mean": 0.07232881216889038,
  "fd_num": 8,
  "fd_perc": 2.3323615160349855,
  "fwhm_avg": 1.8408859677109632,
  "fwhm_x": 1.8107566666666666,
  "fwhm_y": 2.02708,
  "fwhm_z": 1.6848212364662234,
  "gcor": 0.0547709,
  "gsr_x": -0.014217239804565907,
  "gsr_y": 0.008608970791101456,
  "provenance": {
    "md5sum": "bb610e4ff4bb14812580d769e6ef1eec",
    "settings": {
      "fd_thres": 0.2,
      "testing": false
    },
    "software": "mriqc",
    "version": "23.0.1",
    "webapi_port": null,
    "webapi_url": "https://mriqc.nimh.nih.gov/api/v1"
  },
  "size_t": 343,
  "size_x": 80,
  "size_y": 80,
  "size_z": 36,
  "snr": 5.931082223572114,
  "spacing_tr": 2.0,
  "spacing_x": 3.0,
  "spacing_y": 3.0,
  "spacing_z": 3.299999952316284,
  "summary_bg_k": 107.37500431838241,
  "summary_bg_mad": 183.58401263259992,
  "summary_bg_mean": 888.3382568359375,
  "summary_bg_median": 162.86712646484375,
  "summary_bg_n": 154016.0,
  "summary_bg_p05": 9.414198160171509,
  "summary_bg_p95": 3980.3952026367188,
  "summary_bg_stdv": 2733.0166015625,
  "summary_fg_k": 2.605539590458653,
  "summary_fg_mad": 9600.248972452979,
  "summary_fg_mean": 68260.1796875,
  "summary_fg_median": 66729.296875,
  "summary_fg_n": 36467.0,
  "summary_fg_p05": 53678.126171875,
  "summary_fg_p95": 88025.44218749997,
  "summary_fg_stdv": 11250.625,
  "tsnr": 89.43351745605469
}