{
  "aor": 0.001807871720116618,
  "aqi": 0.004933237725947522,
  "bids_meta": {
    "AcquisitionNumber": 3,
    "BIDSVersion": "1.1.0",
    "BidsifyVersion": "0.3",
    "ConversionSoftware": "dcm2niix",
    "ConversionSoftwareVersion": "v1.0.20180622 GCC5.4.0",
    "EchoTime": 0.028,
    "EffectiveEchoSpacing": 0.0006909,
    "FlipAngle": 76.1,
    "ImageComments": "RepliSC",
    "ImageOrientationPatientDICOM": [
      0.997408,
      -0.0713928,
      0.00899403,
      0.071845,
      0.981072,
      -0.179823
    ],
    "InstitutionName": "Spinoza Centre for Neuroimaging, location REC",
    "MagneticFieldStrength": 3,
    "Manufacturer": "Philips",
    "ParallelAcquisitionTechnique": "SENSE",
    "ParallelReductionFactorInPlane": 2,
    "PatientPosition": "HFS",
    "PhaseEncodingDirection": "j",
    "PhilipsRescaleIntercept": 0,
    "PhilipsRescaleSlope": 0.75629,
    "PhilipsScaleSlope": 0.0196253,
    "ProtocolName": "task-Tasteratingtask_acq-SeqMm3Tr2000_bold",
    "PulseSequenceType": "Gradient Echo EPI",
    "ReconMatrixPE": 80,
    "RepetitionTime": 2,
    "SeriesDescription": "ImageMRSERIES",
    "SeriesNumber": 3,
    "SliceEncodingDirection": "k",
    "SliceTiming": [
      0.0,
      0.05555555555555555,
      0.1111111111111111,
      0.16666666666666666,
      0.2222222222222222,
      0.2777777777777778,
      0.3333333333333333,
      0.38888888888888884,
      0.4444444444444444,
      0.5,
      0.5555555555555556,
      0.611111111111111,
      0.6666666666666666,
      0.7222222222222222,
      0.7777777777777777,
      0.8333333333333333,
      0.8888888888888888,
      0.9444444444444444,
      1.0,
      1.0555555555555556,
      1.1111111111111112,
      1.1666666666666665,
      1.222222222222222,
      1.2777777777777777,
      1.3333333333333333,
      1.3888888888888888,
      1.4444444444444444,
      1.5,
      1.5555555555555554,
      1.611111111111111,
      1.6666666666666665,
      1.722222222222222,
      1.7777777777777777,
      1.8333333333333333,
      1.8888888888888888,
      1.9444444444444444
    ],
    "TaskName": "Tasteratingtask",
    "TotalReadoutTime": 0.0269452,
    "UsePhilipsFloatNotDisplayScaling": 1,
    "WaterFatShift": 12.0,
    "acq_id": "SeqMm3Tr2000",
    "dataset": "ds002643",
    "modality": "bold",
    "subject_id": "035",
    "task_id": "Tasteratingtask"
  },
  "dummy_trs": 0,
  "dvars_nstd": 18.263264059298237,
  "dvars_std": 1.1535678565497056,
  "dvars_vstd": 0.9821650513157886,
  "efc": 0.430164796449598,
  "fber": 87475.546875,
  "fd_mean": 0.08199353048068742,
  "fd_num": 2,
  "fd_perc": 0.5830903790087464,
  "fwhm_avg": 1.9010312209772036,
  "fwhm_x": 1.8328533333333334,
  "fwhm_y": 2.0315766666666666,
  "fwhm_z": 1.8386636629316109,
  "gcor": 0.0181482,
  "gsr_x": -0.011518833227455616,
  "gsr_y": 0.012663222849369049,
  "provenance": {
    "md5sum": "0cee9a63f08db22fa8836c70442fcea0",
    "settings": {
      "fd_thres": 0.2,
      "testing": false
    },
    "software": "mriqc",
    "version": "23.0.1",
    "webapi_port": null,
    "webapi_url": "https://mriqc.nimh.nih.gov/api/v1"
  },
  "size_t": 343,
  "size_x": 80,
  "size_y": 80,
  "size_z": 36,
  "snr": 5.1923231383656985,
  "spacing_tr": 2.0,
  "spacing_x": 3.0,
  "spacing_y": 3.0,
  "spacing_z": 3.299999952316284,
  "summary_bg_k": 80.13153062115644,
  "summary_bg_mad": 278.2775602394244,
  "summary_bg_mean": 1683.278076171875,
  "summary_bg_median": 241.22608947753906,
  "summary_bg_n": 154832.0,
  "summary_bg_p05": 18.14445905685425,
  "summary_bg_p95": 8095.695214843744,
  "summary_bg_stdv": 4858.3193359375,
  "summary_fg_k": 1.898080354591296,
  "summary_fg_mad": 12771.135510207256,
  "summary_fg_mean": 74865.6328125,
  "summary_fg_median": 72344.453125,
  "summary_fg_n": 35761.0,
  "summary_fg_p05": 57398.08203125,
  "summary_fg_p95": 100546.3125,
  "summary_fg_stdv": 13932.76953125,
  "tsnr": 76.76190948486328
}