{
  "aor": 0.0012290379008746354,
  "aqi": 0.0051184644606414,
  "bids_meta": {
    "AcquisitionNumber": 4,
    "BIDSVersion": "1.1.0",
    "BidsifyVersion": "0.3",
    "ConversionSoftware": "dcm2niix",
    "ConversionSoftwareVersion": "v1.0.20180622 GCC5.4.0",
    "EchoTime": 0.028,
    "EffectiveEchoSpacing": 0.0006909,
    "FlipAngle": 76.1,
    "ImageComments": "RepliSC",
    "ImageOrientationPatientDICOM": [
      0.997248,
      0.03402,
      0.0658731,
      -0.0255913,
      0.99185,
      -0.124813
    ],
    "InstitutionName": "Spinoza Centre for Neuroimaging, location REC",
    "MagneticFieldStrength": 3,
    "Manufacturer": "Philips",
    "ParallelAcquisitionTechnique": "SENSE",
    "ParallelReductionFactorInPlane": 2,
    "PatientPosition": "HFS",
    "PhaseEncodingDirection": "j",
    "PhilipsRescaleIntercept": 0,
    "PhilipsRescaleSlope": 0.82247,
    "PhilipsScaleSlope": 0.0187378,
    "ProtocolName": "task-Tasteratingtask_acq-SeqMm3Tr2000_bold",
    "PulseSequenceType": "Gradient Echo EPI",
    "ReconMatrixPE": 80,
    "RepetitionTime": 2,
    "SeriesDescription": "ImageMRSERIES",
    "SeriesNumber": 4,
    "SliceEncodingDirection": "k",
    "SliceTiming": [
      0.0,
      0.05555555555555555,
      0.1111111111111111,
      0.16666666666666666,
      0.2222222222222222,
      0.2777777777777778,
      0.3333333333333333,
      0.38888888888888884,
      0.4444444444444444,
      0.5,
      0.5555555555555556,
      0.611111111111111,
      0.6666666666666666,
      0.7222222222222222,
      0.7777777777777777,
      0.8333333333333333,
      0.8888888888888888,
      0.9444444444444444,
      1.0,
      1.0555555555555556,
      1.1111111111111112,
      1.1666666666666665,
      1.222222222222222,
      1.2777777777777777,
      1.3333333333333333,
      1.3888888888888888,
      1.4444444444444444,
      1.5,
      1.5555555555555554,
      1.611111111111111,
      1.6666666666666665,
      1.722222222222222,
      1.7777777777777777,
      1.8333333333333333,
      1.8888888888888888,
      1.9444444444444444
    ],
    "TaskName": "Tasteratingtask",
    "TotalReadoutTime": 0.0269452,
    "UsePhilipsFloatNotDisplayScaling": 1,
    "WaterFatShift": 12.0,
    "acq_id": "SeqMm3Tr2000",
    "dataset": "ds002643",
    "modality": "bold",
    "subject_id": "034",
    "task_id": "Tasteratingtask"
  },
  "dummy_trs": 0,
  "dvars_nstd": 21.625969474122797,
  "dvars_std": 1.322819630263158,
  "dvars_vstd": 0.9929544179239767,
  "efc": 0.394119210106565,
  "fber": 149675.046875,
  "fd_mean": 0.10798274923831164,
  "fd_num": 20,
  "fd_perc": 5.830903790087463,
  "fwhm_avg": 1.8105145537110385,
  "fwhm_x": 1.7621233333333333,
  "fwhm_y": 1.9552233333333333,
  "fwhm_z": 1.7141969944664492,
  "gcor": 0.0709813,
  "gsr_x": -0.018596496433019638,
  "gsr_y": 0.008106795139610767,
  "provenance": {
    "md5sum": "c26dc088c8bcf1dd31a648d2256c905a",
    "settings": {
      "fd_thres": 0.2,
      "testing": false
    },
    "software": "mriqc",
    "version": "23.0.1",
    "webapi_port": null,
    "webapi_url": "https://mriqc.nimh.nih.gov/api/v1"
  },
  "size_t": 343,
  "size_x": 80,
  "size_y": 80,
  "size_z": 36,
  "snr": 5.86766295259095,
  "spacing_tr": 2.0,
  "spacing_x": 3.0,
  "spacing_y": 3.0,
  "spacing_z": 3.299999952316284,
  "summary_bg_k": 58.85927704992043,
  "summary_bg_mad": 216.84103746190783,
  "summary_bg_mean": 1221.8355712890625,
  "summary_bg_median": 190.38772583007812,
  "summary_bg_n": 160363.0,
  "summary_bg_p05": 13.816295433044434,
  "summary_bg_p95": 5554.4479003906235,
  "summary_bg_stdv": 3558.8544921875,
  "summary_fg_k": 1.818234958942055,
  "summary_fg_mad": 12658.897889134449,
  "summary_fg_mean": 76765.3984375,
  "summary_fg_median": 75268.140625,
  "summary_fg_n": 30248.0,
  "summary_fg_p05": 59456.9982421875,
  "summary_fg_p95": 98342.69335937499,
  "summary_fg_stdv": 12827.40625,
  "tsnr": 74.45758056640625
}