{
  "aor": 0.002841195335276968,
  "aqi": 0.006222236734693877,
  "bids_meta": {
    "AcquisitionNumber": 6,
    "BIDSVersion": "1.1.0",
    "BidsifyVersion": "0.3",
    "ConversionSoftware": "dcm2niix",
    "ConversionSoftwareVersion": "v1.0.20180622 GCC5.4.0",
    "EchoTime": 0.028,
    "EffectiveEchoSpacing": 0.0006909,
    "FlipAngle": 76.1,
    "ImageComments": "RepliSC",
    "ImageOrientationPatientDICOM": [
      0.997248,
      0.03402,
      0.0658731,
      -0.0255913,
      0.99185,
      -0.124813
    ],
    "InstitutionName": "Spinoza Centre for Neuroimaging, location REC",
    "MagneticFieldStrength": 3,
    "Manufacturer": "Philips",
    "ParallelAcquisitionTechnique": "SENSE",
    "ParallelReductionFactorInPlane": 2,
    "PatientPosition": "HFS",
    "PhaseEncodingDirection": "j",
    "PhilipsRescaleIntercept": 0,
    "PhilipsRescaleSlope": 0.82808,
    "PhilipsScaleSlope": 0.0186238,
    "ProtocolName": "task-Decisiontask_acq-SeqMm3Tr2000_bold",
    "PulseSequenceType": "Gradient Echo EPI",
    "ReconMatrixPE": 80,
    "RepetitionTime": 2,
    "SeriesDescription": "ImageMRSERIES",
    "SeriesNumber": 6,
    "SliceEncodingDirection": "k",
    "SliceTiming": [
      0.0,
      0.05555555555555555,
      0.1111111111111111,
      0.16666666666666666,
      0.2222222222222222,
      0.2777777777777778,
      0.3333333333333333,
      0.38888888888888884,
      0.4444444444444444,
      0.5,
      0.5555555555555556,
      0.611111111111111,
      0.6666666666666666,
      0.7222222222222222,
      0.7777777777777777,
      0.8333333333333333,
      0.8888888888888888,
      0.9444444444444444,
      1.0,
      1.0555555555555556,
      1.1111111111111112,
      1.1666666666666665,
      1.222222222222222,
      1.2777777777777777,
      1.3333333333333333,
      1.3888888888888888,
      1.4444444444444444,
      1.5,
      1.5555555555555554,
      1.611111111111111,
      1.6666666666666665,
      1.722222222222222,
      1.7777777777777777,
      1.8333333333333333,
      1.8888888888888888,
      1.9444444444444444
    ],
    "TaskName": "Decisiontask",
    "TotalReadoutTime": 0.0269452,
    "UsePhilipsFloatNotDisplayScaling": 1,
    "WaterFatShift": 12.0,
    "acq_id": "SeqMm3Tr2000",
    "dataset": "ds002643",
    "modality": "bold",
    "subject_id": "034",
    "task_id": "Decisiontask"
  },
  "dummy_trs": 0,
  "dvars_nstd": 21.453920872017544,
  "dvars_std": 1.2646530937134497,
  "dvars_vstd": 0.9851669996198833,
  "efc": 0.3936021217378882,
  "fber": 230766.53125,
  "fd_mean": 0.12852967667785772,
  "fd_num": 42,
  "fd_perc": 12.244897959183673,
  "fwhm_avg": 1.7915923313912012,
  "fwhm_x": 1.7415033333333334,
  "fwhm_y": 1.9393433333333334,
  "fwhm_z": 1.693930327506937,
  "gcor": 0.0431334,
  "gsr_x": -0.019228221848607063,
  "gsr_y": 0.007982857525348663,
  "provenance": {
    "md5sum": "22d464b9210f691bde7d472dee87de28",
    "settings": {
      "fd_thres": 0.2,
      "testing": false
    },
    "software": "mriqc",
    "version": "23.0.1",
    "webapi_port": null,
    "webapi_url": "https://mriqc.nimh.nih.gov/api/v1"
  },
  "size_t": 343,
  "size_x": 80,
  "size_y": 80,
  "size_z": 36,
  "snr": 5.998719729093339,
  "spacing_tr": 2.0,
  "spacing_x": 3.0,
  "spacing_y": 3.0,
  "spacing_z": 3.299999952316284,
  "summary_bg_k": 55.891956491092905,
  "summary_bg_mad": 175.73694234449715,
  "summary_bg_mean": 1226.9244384765625,
  "summary_bg_median": 155.58377075195312,
  "summary_bg_n": 160402.0,
  "summary_bg_p05": 13.000889062881472,
  "summary_bg_p95": 5696.32666015625,
  "summary_bg_stdv": 3576.582763671875,
  "summary_fg_k": 1.853324167223283,
  "summary_fg_mad": 12637.232205933553,
  "summary_fg_mean": 77754.8125,
  "summary_fg_median": 76340.84375,
  "summary_fg_n": 30166.0,
  "summary_fg_p05": 60620.302734375,
  "summary_fg_p95": 98868.986328125,
  "summary_fg_stdv": 12725.978515625,
  "tsnr": 74.0699462890625
}