{
  "aor": 0.0012273760932944608,
  "aqi": 0.003909130349854227,
  "bids_meta": {
    "AcquisitionNumber": 3,
    "BIDSVersion": "1.1.0",
    "BidsifyVersion": "0.3",
    "ConversionSoftware": "dcm2niix",
    "ConversionSoftwareVersion": "v1.0.20180622 GCC5.4.0",
    "EchoTime": 0.028,
    "EffectiveEchoSpacing": 0.0006909,
    "FlipAngle": 76.1,
    "ImageComments": "RepliSC",
    "ImageOrientationPatientDICOM": [
      0.997248,
      0.03402,
      0.0658731,
      -0.0255913,
      0.99185,
      -0.124813
    ],
    "InstitutionName": "Spinoza Centre for Neuroimaging, location REC",
    "MagneticFieldStrength": 3,
    "Manufacturer": "Philips",
    "ParallelAcquisitionTechnique": "SENSE",
    "ParallelReductionFactorInPlane": 2,
    "PatientPosition": "HFS",
    "PhaseEncodingDirection": "j",
    "PhilipsRescaleIntercept": 0,
    "PhilipsRescaleSlope": 0.82515,
    "PhilipsScaleSlope": 0.018777,
    "ProtocolName": "task-Healthratingtask_acq-SeqMm3Tr2000_bold",
    "PulseSequenceType": "Gradient Echo EPI",
    "ReconMatrixPE": 80,
    "RepetitionTime": 2,
    "SeriesDescription": "ImageMRSERIES",
    "SeriesNumber": 3,
    "SliceEncodingDirection": "k",
    "SliceTiming": [
      0.0,
      0.05555555555555555,
      0.1111111111111111,
      0.16666666666666666,
      0.2222222222222222,
      0.2777777777777778,
      0.3333333333333333,
      0.38888888888888884,
      0.4444444444444444,
      0.5,
      0.5555555555555556,
      0.611111111111111,
      0.6666666666666666,
      0.7222222222222222,
      0.7777777777777777,
      0.8333333333333333,
      0.8888888888888888,
      0.9444444444444444,
      1.0,
      1.0555555555555556,
      1.1111111111111112,
      1.1666666666666665,
      1.222222222222222,
      1.2777777777777777,
      1.3333333333333333,
      1.3888888888888888,
      1.4444444444444444,
      1.5,
      1.5555555555555554,
      1.611111111111111,
      1.6666666666666665,
      1.722222222222222,
      1.7777777777777777,
      1.8333333333333333,
      1.8888888888888888,
      1.9444444444444444
    ],
    "TaskName": "Healthratingtask",
    "TotalReadoutTime": 0.0269452,
    "UsePhilipsFloatNotDisplayScaling": 1,
    "WaterFatShift": 12.0,
    "acq_id": "SeqMm3Tr2000",
    "dataset": "ds002643",
    "modality": "bold",
    "subject_id": "034",
    "task_id": "Healthratingtask"
  },
  "dummy_trs": 0,
  "dvars_nstd": 20.480639095263165,
  "dvars_std": 1.3082580899707605,
  "dvars_vstd": 0.9981572856432757,
  "efc": 0.393386108720654,
  "fber": 156137.296875,
  "fd_mean": 0.10453811108484773,
  "fd_num": 17,
  "fd_perc": 4.956268221574344,
  "fwhm_avg": 1.808209402163558,
  "fwhm_x": 1.7652766666666666,
  "fwhm_y": 1.9518666666666666,
  "fwhm_z": 1.7074848731573402,
  "gcor": 0.068562,
  "gsr_x": -0.018673360347747803,
  "gsr_y": 0.008613578975200653,
  "provenance": {
    "md5sum": "cdb660767f2a61a43bdc7443be7c409d",
    "settings": {
      "fd_thres": 0.2,
      "testing": false
    },
    "software": "mriqc",
    "version": "23.0.1",
    "webapi_port": null,
    "webapi_url": "https://mriqc.nimh.nih.gov/api/v1"
  },
  "size_t": 343,
  "size_x": 80,
  "size_y": 80,
  "size_z": 36,
  "snr": 5.928875303713008,
  "spacing_tr": 2.0,
  "spacing_x": 3.0,
  "spacing_y": 3.0,
  "spacing_z": 3.299999952316284,
  "summary_bg_k": 58.69523514911421,
  "summary_bg_mad": 217.59479520334088,
  "summary_bg_mean": 1252.9261474609375,
  "summary_bg_median": 190.72776794433594,
  "summary_bg_n": 160546.0,
  "summary_bg_p05": 13.750769138336182,
  "summary_bg_p95": 5655.609130859375,
  "summary_bg_stdv": 3662.203369140625,
  "summary_fg_k": 1.6387860773759098,
  "summary_fg_mad": 12923.982532671316,
  "summary_fg_mean": 78663.578125,
  "summary_fg_median": 77177.1484375,
  "summary_fg_n": 30155.0,
  "summary_fg_p05": 60897.949609375,
  "summary_fg_p95": 100347.23046875,
  "summary_fg_stdv": 13016.94921875,
  "tsnr": 79.81147003173828
}