{
  "aor": 0.0011818950437317785,
  "aqi": 0.0053836190962099125,
  "bids_meta": {
    "AcquisitionNumber": 4,
    "BIDSVersion": "1.1.0",
    "BidsifyVersion": "0.3",
    "ConversionSoftware": "dcm2niix",
    "ConversionSoftwareVersion": "v1.0.20180622 GCC5.4.0",
    "EchoTime": 0.028,
    "EffectiveEchoSpacing": 0.0006909,
    "FlipAngle": 76.1,
    "ImageComments": "RepliSC",
    "ImageOrientationPatientDICOM": [
      0.99741,
      -0.0566318,
      -0.0443456,
      0.0527957,
      0.99512,
      -0.0833554
    ],
    "InstitutionName": "Spinoza Centre for Neuroimaging, location REC",
    "MagneticFieldStrength": 3,
    "Manufacturer": "Philips",
    "ParallelAcquisitionTechnique": "SENSE",
    "ParallelReductionFactorInPlane": 2,
    "PatientPosition": "HFS",
    "PhaseEncodingDirection": "j",
    "PhilipsRescaleIntercept": 0,
    "PhilipsRescaleSlope": 0.76947,
    "PhilipsScaleSlope": 0.0209729,
    "ProtocolName": "task-Healthratingtask_acq-SeqMm3Tr2000_bold",
    "PulseSequenceType": "Gradient Echo EPI",
    "ReconMatrixPE": 80,
    "RepetitionTime": 2,
    "SeriesDescription": "ImageMRSERIES",
    "SeriesNumber": 4,
    "SliceEncodingDirection": "k",
    "SliceTiming": [
      0.0,
      0.05555555555555555,
      0.1111111111111111,
      0.16666666666666666,
      0.2222222222222222,
      0.2777777777777778,
      0.3333333333333333,
      0.38888888888888884,
      0.4444444444444444,
      0.5,
      0.5555555555555556,
      0.611111111111111,
      0.6666666666666666,
      0.7222222222222222,
      0.7777777777777777,
      0.8333333333333333,
      0.8888888888888888,
      0.9444444444444444,
      1.0,
      1.0555555555555556,
      1.1111111111111112,
      1.1666666666666665,
      1.222222222222222,
      1.2777777777777777,
      1.3333333333333333,
      1.3888888888888888,
      1.4444444444444444,
      1.5,
      1.5555555555555554,
      1.611111111111111,
      1.6666666666666665,
      1.722222222222222,
      1.7777777777777777,
      1.8333333333333333,
      1.8888888888888888,
      1.9444444444444444
    ],
    "TaskName": "Healthratingtask",
    "TotalReadoutTime": 0.0269452,
    "UsePhilipsFloatNotDisplayScaling": 1,
    "WaterFatShift": 12.0,
    "acq_id": "SeqMm3Tr2000",
    "dataset": "ds002643",
    "modality": "bold",
    "subject_id": "055",
    "task_id": "Healthratingtask"
  },
  "dummy_trs": 0,
  "dvars_nstd": 22.056214567046784,
  "dvars_std": 1.1993237283040952,
  "dvars_vstd": 0.9941494542690059,
  "efc": 0.45430396277862545,
  "fber": 89443.0,
  "fd_mean": 0.12424133728014727,
  "fd_num": 32,
  "fd_perc": 9.329446064139942,
  "fwhm_avg": 1.7657611189956217,
  "fwhm_x": 1.7035433333333332,
  "fwhm_y": 1.9567733333333335,
  "fwhm_z": 1.6369666903201983,
  "gcor": 0.0686219,
  "gsr_x": -0.015162049792706966,
  "gsr_y": 0.01850651577115059,
  "provenance": {
    "md5sum": "f37e3942b8f172b3af438e2bc8020f28",
    "settings": {
      "fd_thres": 0.2,
      "testing": false
    },
    "software": "mriqc",
    "version": "23.0.1",
    "webapi_port": null,
    "webapi_url": "https://mriqc.nimh.nih.gov/api/v1"
  },
  "size_t": 343,
  "size_x": 80,
  "size_y": 80,
  "size_z": 36,
  "snr": 6.127381612878736,
  "spacing_tr": 2.0,
  "spacing_x": 3.0,
  "spacing_y": 3.0,
  "spacing_z": 3.299999952316284,
  "summary_bg_k": 43.39142662511882,
  "summary_bg_mad": 260.5197671615722,
  "summary_bg_mean": 1762.3553466796875,
  "summary_bg_median": 211.97915649414062,
  "summary_bg_n": 150332.0,
  "summary_bg_p05": 11.937597274780273,
  "summary_bg_p95": 9473.655761718728,
  "summary_bg_stdv": 4602.8681640625,
  "summary_fg_k": 2.5666844836665836,
  "summary_fg_mad": 9449.741681614996,
  "summary_fg_mean": 65768.0078125,
  "summary_fg_median": 64475.65234375,
  "summary_fg_n": 38849.0,
  "summary_fg_p05": 51843.52578125,
  "summary_fg_p95": 83228.99843749999,
  "summary_fg_stdv": 10522.41015625,
  "tsnr": 75.33312225341797
}