{
  "aor": 0.002180204081632653,
  "aqi": 0.004561847900874636,
  "bids_meta": {
    "AcquisitionNumber": 3,
    "BIDSVersion": "1.1.0",
    "BidsifyVersion": "0.3",
    "ConversionSoftware": "dcm2niix",
    "ConversionSoftwareVersion": "v1.0.20180622 GCC5.4.0",
    "EchoTime": 0.028,
    "EffectiveEchoSpacing": 0.0006909,
    "FlipAngle": 76.1,
    "ImageComments": "RepliSC",
    "ImageOrientationPatientDICOM": [
      0.99741,
      -0.0566318,
      -0.0443456,
      0.0527957,
      0.99512,
      -0.0833554
    ],
    "InstitutionName": "Spinoza Centre for Neuroimaging, location REC",
    "MagneticFieldStrength": 3,
    "Manufacturer": "Philips",
    "ParallelAcquisitionTechnique": "SENSE",
    "ParallelReductionFactorInPlane": 2,
    "PatientPosition": "HFS",
    "PhaseEncodingDirection": "j",
    "PhilipsRescaleIntercept": 0,
    "PhilipsRescaleSlope": 0.75458,
    "PhilipsScaleSlope": 0.0206579,
    "ProtocolName": "task-Tasteratingtask_acq-SeqMm3Tr2000_bold",
    "PulseSequenceType": "Gradient Echo EPI",
    "ReconMatrixPE": 80,
    "RepetitionTime": 2,
    "SeriesDescription": "ImageMRSERIES",
    "SeriesNumber": 3,
    "SliceEncodingDirection": "k",
    "SliceTiming": [
      0.0,
      0.05555555555555555,
      0.1111111111111111,
      0.16666666666666666,
      0.2222222222222222,
      0.2777777777777778,
      0.3333333333333333,
      0.38888888888888884,
      0.4444444444444444,
      0.5,
      0.5555555555555556,
      0.611111111111111,
      0.6666666666666666,
      0.7222222222222222,
      0.7777777777777777,
      0.8333333333333333,
      0.8888888888888888,
      0.9444444444444444,
      1.0,
      1.0555555555555556,
      1.1111111111111112,
      1.1666666666666665,
      1.222222222222222,
      1.2777777777777777,
      1.3333333333333333,
      1.3888888888888888,
      1.4444444444444444,
      1.5,
      1.5555555555555554,
      1.611111111111111,
      1.6666666666666665,
      1.722222222222222,
      1.7777777777777777,
      1.8333333333333333,
      1.8888888888888888,
      1.9444444444444444
    ],
    "TaskName": "Tasteratingtask",
    "TotalReadoutTime": 0.0269452,
    "UsePhilipsFloatNotDisplayScaling": 1,
    "WaterFatShift": 12.0,
    "acq_id": "SeqMm3Tr2000",
    "dataset": "ds002643",
    "modality": "bold",
    "subject_id": "055",
    "task_id": "Tasteratingtask"
  },
  "dummy_trs": 0,
  "dvars_nstd": 22.762265211111103,
  "dvars_std": 1.2419561290058474,
  "dvars_vstd": 1.0163543273976612,
  "efc": 0.45207512366029806,
  "fber": 92436.84375,
  "fd_mean": 0.1380415518179157,
  "fd_num": 42,
  "fd_perc": 12.244897959183673,
  "fwhm_avg": 1.7812652604746697,
  "fwhm_x": 1.7214466666666668,
  "fwhm_y": 1.9719066666666667,
  "fwhm_z": 1.6504424480906754,
  "gcor": 0.122048,
  "gsr_x": -0.014975013211369514,
  "gsr_y": 0.017985090613365173,
  "provenance": {
    "md5sum": "26fa133e89f19f7194dbc268205da30d",
    "settings": {
      "fd_thres": 0.2,
      "testing": false
    },
    "software": "mriqc",
    "version": "23.0.1",
    "webapi_port": null,
    "webapi_url": "https://mriqc.nimh.nih.gov/api/v1"
  },
  "size_t": 343,
  "size_x": 80,
  "size_y": 80,
  "size_z": 36,
  "snr": 5.98535387462136,
  "spacing_tr": 2.0,
  "spacing_x": 3.0,
  "spacing_y": 3.0,
  "spacing_z": 3.299999952316284,
  "summary_bg_k": 47.41507913461835,
  "summary_bg_mad": 263.8734460244089,
  "summary_bg_mean": 1754.4151611328125,
  "summary_bg_median": 213.5391387939453,
  "summary_bg_n": 150451.0,
  "summary_bg_p05": 9.79108476638794,
  "summary_bg_p95": 9363.92529296875,
  "summary_bg_stdv": 4649.45166015625,
  "summary_fg_k": 2.6247438073643092,
  "summary_fg_mad": 9755.557346256357,
  "summary_fg_mean": 67554.734375,
  "summary_fg_median": 66148.0625,
  "summary_fg_n": 38728.0,
  "summary_fg_p05": 52951.4212890625,
  "summary_fg_p95": 85956.746484375,
  "summary_fg_stdv": 11051.51171875,
  "tsnr": 75.11713409423828
}