{
  "aor": 0.011937083333333333,
  "aqi": 0.009794758416666667,
  "bids_meta": {
    "AcquisitionNumber": 7,
    "BIDSVersion": "1.1.0",
    "BidsifyVersion": "0.3",
    "ConversionSoftware": "dcm2niix",
    "ConversionSoftwareVersion": "v1.0.20180622 GCC5.4.0",
    "EchoTime": 0.028,
    "EffectiveEchoSpacing": 0.0006909,
    "FlipAngle": 76.1,
    "ImageComments": "RepliSC",
    "ImageOrientationPatientDICOM": [
      0.99741,
      -0.0566318,
      -0.0443456,
      0.0527957,
      0.99512,
      -0.0833554
    ],
    "InstitutionName": "Spinoza Centre for Neuroimaging, location REC",
    "MagneticFieldStrength": 3,
    "Manufacturer": "Philips",
    "ParallelAcquisitionTechnique": "SENSE",
    "ParallelReductionFactorInPlane": 2,
    "PatientPosition": "HFS",
    "PhaseEncodingDirection": "j",
    "PhilipsRescaleIntercept": 0,
    "PhilipsRescaleSlope": 0.76557,
    "PhilipsScaleSlope": 0.0219029,
    "ProtocolName": "task-RestingState_acq-SeqMm3Tr2000_bold",
    "PulseSequenceType": "Gradient Echo EPI",
    "ReconMatrixPE": 80,
    "RepetitionTime": 2,
    "SeriesDescription": "ImageMRSERIES",
    "SeriesNumber": 7,
    "SliceEncodingDirection": "k",
    "SliceTiming": [
      0.0,
      0.05555555555555555,
      0.1111111111111111,
      0.16666666666666666,
      0.2222222222222222,
      0.2777777777777778,
      0.3333333333333333,
      0.38888888888888884,
      0.4444444444444444,
      0.5,
      0.5555555555555556,
      0.611111111111111,
      0.6666666666666666,
      0.7222222222222222,
      0.7777777777777777,
      0.8333333333333333,
      0.8888888888888888,
      0.9444444444444444,
      1.0,
      1.0555555555555556,
      1.1111111111111112,
      1.1666666666666665,
      1.222222222222222,
      1.2777777777777777,
      1.3333333333333333,
      1.3888888888888888,
      1.4444444444444444,
      1.5,
      1.5555555555555554,
      1.611111111111111,
      1.6666666666666665,
      1.722222222222222,
      1.7777777777777777,
      1.8333333333333333,
      1.8888888888888888,
      1.9444444444444444
    ],
    "TaskName": "RestingState",
    "TotalReadoutTime": 0.0269452,
    "UsePhilipsFloatNotDisplayScaling": 1,
    "WaterFatShift": 12.0,
    "acq_id": "SeqMm3Tr2000",
    "dataset": "ds002643",
    "modality": "bold",
    "subject_id": "055",
    "task_id": "RestingState"
  },
  "dummy_trs": 0,
  "dvars_nstd": 23.922389218326366,
  "dvars_std": 1.2678706574476983,
  "dvars_vstd": 1.0945412101255234,
  "efc": 0.4553205915477597,
  "fber": 119042.4140625,
  "fd_mean": 0.19289486024102945,
  "fd_num": 45,
  "fd_perc": 18.75,
  "fwhm_avg": 1.7738038462501338,
  "fwhm_x": 1.7122966666666668,
  "fwhm_y": 1.97593,
  "fwhm_z": 1.6331848720837343,
  "gcor": 0.0467314,
  "gsr_x": -0.015683958306908607,
  "gsr_y": 0.01704534702003002,
  "provenance": {
    "md5sum": "fc22581db52b48ef43e3d283965c8a78",
    "settings": {
      "fd_thres": 0.2,
      "testing": false
    },
    "software": "mriqc",
    "version": "23.0.1",
    "webapi_port": null,
    "webapi_url": "https://mriqc.nimh.nih.gov/api/v1"
  },
  "size_t": 240,
  "size_x": 80,
  "size_y": 80,
  "size_z": 36,
  "snr": 6.283955262854405,
  "spacing_tr": 2.0,
  "spacing_x": 3.0,
  "spacing_y": 3.0,
  "spacing_z": 3.299999952316284,
  "summary_bg_k": 39.24248229249833,
  "summary_bg_mad": 227.1531550753106,
  "summary_bg_mean": 1777.6884765625,
  "summary_bg_median": 184.4956817626953,
  "summary_bg_n": 150209.0,
  "summary_bg_p05": 11.791062927246095,
  "summary_bg_p95": 9754.997265625001,
  "summary_bg_stdv": 4594.6123046875,
  "summary_fg_k": 2.490015129499664,
  "summary_fg_mad": 9346.075354617926,
  "summary_fg_mean": 66154.671875,
  "summary_fg_median": 64840.953125,
  "summary_fg_n": 38960.0,
  "summary_fg_p05": 52453.5548828125,
  "summary_fg_p95": 83135.64687499999,
  "summary_fg_stdv": 10318.361328125,
  "tsnr": 60.848487854003906
}