{
  "bids_meta": {
    "AcquisitionNumber": 2,
    "BIDSVersion": "1.1.0",
    "BidsifyVersion": "0.3",
    "ConversionSoftware": "dcm2niix",
    "ConversionSoftwareVersion": "v1.0.20180622 GCC5.4.0",
    "EchoTime": 0.00384,
    "ImageComments": "RepliSC",
    "ImageOrientationPatientDICOM": [
      0.999892,
      -0.000354786,
      -0.014686,
      -0.00331578,
      0.968459,
      -0.24915
    ],
    "InstitutionName": "Spinoza Centre for Neuroimaging, location REC",
    "InversionTime": 0.9,
    "MagneticFieldStrength": 3,
    "Manufacturer": "Philips",
    "ParallelAcquisitionTechnique": "SENSE",
    "PatientPosition": "HFS",
    "PhilipsRescaleIntercept": 0,
    "PhilipsRescaleSlope": 3.84176,
    "PhilipsScaleSlope": 0.00541848,
    "ProtocolName": "acq-AxialNsig1Mm1_T1w",
    "ReconMatrixPE": 240,
    "RepetitionTime": 0.008348,
    "SeriesDescription": "ImageMRSERIES",
    "SeriesNumber": 2,
    "UsePhilipsFloatNotDisplayScaling": 1,
    "acq_id": "AxialNsig1Mm1",
    "dataset": "ds002643",
    "modality": "T1w",
    "subject_id": "097"
  },
  "cjv": 0.27642331782908525,
  "cnr": 4.503844167638683,
  "efc": 0.7014820892356283,
  "fber": -1.0,
  "fwhm_avg": 4.414513333333333,
  "fwhm_x": 4.39158,
  "fwhm_y": 4.55444,
  "fwhm_z": 4.29752,
  "icvs_csf": 0.25805887650155473,
  "icvs_gm": 0.4148101285726456,
  "icvs_wm": 0.3271309949257996,
  "inu_med": 0.6022799611091614,
  "inu_range": 0.19624282717704755,
  "provenance": {
    "md5sum": "8cd96942df4b089af0847dfc32ca2f55",
    "settings": {
      "testing": false
    },
    "software": "mriqc",
    "version": "23.0.1",
    "warnings": {
      "large_rot_frame": true,
      "small_air_mask": true
    },
    "webapi_port": null,
    "webapi_url": "https://mriqc.nimh.nih.gov/api/v1"
  },
  "qi_1": 0.0,
  "qi_2": 0.00011959405292823098,
  "rpve_csf": 24.815434759461624,
  "rpve_gm": 15.222594968172762,
  "rpve_wm": 23.318934911242604,
  "size_x": 240,
  "size_y": 240,
  "size_z": 220,
  "snr_csf": 1.2699920620373533,
  "snr_gm": 7.703617813781903,
  "snr_total": 12.470621839678365,
  "snr_wm": 28.43825564321584,
  "snrd_csf": 14.421894797975153,
  "snrd_gm": 75.56894950056306,
  "snrd_total": 71.33273014508713,
  "snrd_wm": 124.00734613672316,
  "spacing_x": 1.0,
  "spacing_y": 1.0,
  "spacing_z": 1.0,
  "summary_bg_k": 226.34075851877284,
  "summary_bg_mad": 0.0,
  "summary_bg_mean": 2.015942961108312,
  "summary_bg_median": 0.0,
  "summary_bg_n": 204060.0,
  "summary_bg_p05": 0.0,
  "summary_bg_p95": 10.853089885786176,
  "summary_bg_stdv": 5.282861696632038,
  "summary_csf_k": 1.1033665531877137,
  "summary_csf_mad": 87.02420598819286,
  "summary_csf_mean": 136.15907846026525,
  "summary_csf_median": 116.29467637743801,
  "summary_csf_n": 46732.0,
  "summary_csf_p05": 28.717877501621842,
  "summary_csf_p95": 318.5809988435358,
  "summary_csf_stdv": 91.57020392065465,
  "summary_gm_k": 0.3881601553400249,
  "summary_gm_mad": 75.719464859429,
  "summary_gm_mean": 611.0828502905215,
  "summary_gm_median": 609.3697568494827,
  "summary_gm_n": 32437.0,
  "summary_gm_p05": 483.3211841247976,
  "summary_gm_p95": 744.1008014827966,
  "summary_gm_stdv": 79.10054449474086,
  "summary_wm_k": 0.9983720804693594,
  "summary_wm_mad": 32.25024783319586,
  "summary_wm_mean": 999.9367612238228,
  "summary_wm_median": 999.9652881547809,
  "summary_wm_n": 180289.0,
  "summary_wm_p05": 942.9229287337512,
  "summary_wm_p95": 1057.2992231249812,
  "summary_wm_stdv": 35.16258266567417,
  "tpm_overlap_csf": 0.166161971454476,
  "tpm_overlap_gm": 0.4861877832565859,
  "tpm_overlap_wm": 0.5418671348213471,
  "wm2max": 0.766197382885918
}