{
  "aor": 0.0012274344023323616,
  "aqi": 0.007194999416909622,
  "bids_meta": {
    "AcquisitionNumber": 3,
    "BIDSVersion": "1.1.0",
    "BidsifyVersion": "0.3",
    "ConversionSoftware": "dcm2niix",
    "ConversionSoftwareVersion": "v1.0.20180622 GCC5.4.0",
    "EchoTime": 0.028,
    "EffectiveEchoSpacing": 0.0006909,
    "FlipAngle": 76.1,
    "ImageComments": "RepliSC",
    "ImageOrientationPatientDICOM": [
      0.997957,
      0.06341,
      -0.00779934,
      -0.0631359,
      0.997509,
      0.0314426
    ],
    "InstitutionName": "Spinoza Centre for Neuroimaging, location REC",
    "MagneticFieldStrength": 3,
    "Manufacturer": "Philips",
    "ParallelAcquisitionTechnique": "SENSE",
    "ParallelReductionFactorInPlane": 2,
    "PatientPosition": "HFS",
    "PhaseEncodingDirection": "j",
    "PhilipsRescaleIntercept": 0,
    "PhilipsRescaleSlope": 0.75385,
    "PhilipsScaleSlope": 0.0199169,
    "ProtocolName": "task-Healthratingtask_acq-SeqMm3Tr2000_bold",
    "PulseSequenceType": "Gradient Echo EPI",
    "ReconMatrixPE": 80,
    "RepetitionTime": 2,
    "SeriesDescription": "ImageMRSERIES",
    "SeriesNumber": 3,
    "SliceEncodingDirection": "k",
    "SliceTiming": [
      0.0,
      0.05555555555555555,
      0.1111111111111111,
      0.16666666666666666,
      0.2222222222222222,
      0.2777777777777778,
      0.3333333333333333,
      0.38888888888888884,
      0.4444444444444444,
      0.5,
      0.5555555555555556,
      0.611111111111111,
      0.6666666666666666,
      0.7222222222222222,
      0.7777777777777777,
      0.8333333333333333,
      0.8888888888888888,
      0.9444444444444444,
      1.0,
      1.0555555555555556,
      1.1111111111111112,
      1.1666666666666665,
      1.222222222222222,
      1.2777777777777777,
      1.3333333333333333,
      1.3888888888888888,
      1.4444444444444444,
      1.5,
      1.5555555555555554,
      1.611111111111111,
      1.6666666666666665,
      1.722222222222222,
      1.7777777777777777,
      1.8333333333333333,
      1.8888888888888888,
      1.9444444444444444
    ],
    "TaskName": "Healthratingtask",
    "TotalReadoutTime": 0.0269452,
    "UsePhilipsFloatNotDisplayScaling": 1,
    "WaterFatShift": 12.0,
    "acq_id": "SeqMm3Tr2000",
    "dataset": "ds002643",
    "modality": "bold",
    "subject_id": "089",
    "task_id": "Healthratingtask"
  },
  "dummy_trs": 0,
  "dvars_nstd": 20.28683362365496,
  "dvars_std": 1.1613670733333332,
  "dvars_vstd": 0.9859941344444444,
  "efc": 0.41361858653814587,
  "fber": 131601.796875,
  "fd_mean": 0.17462813435584548,
  "fd_num": 97,
  "fd_perc": 28.279883381924197,
  "fwhm_avg": 1.883570311114014,
  "fwhm_x": 1.8663466666666666,
  "fwhm_y": 2.10604,
  "fwhm_z": 1.678324266675375,
  "gcor": 0.0481532,
  "gsr_x": -0.01701771467924118,
  "gsr_y": 0.01030020322650671,
  "provenance": {
    "md5sum": "3adac73c182b5995b85209ed2a75cbe3",
    "settings": {
      "fd_thres": 0.2,
      "testing": false
    },
    "software": "mriqc",
    "version": "23.0.1",
    "webapi_port": null,
    "webapi_url": "https://mriqc.nimh.nih.gov/api/v1"
  },
  "size_t": 343,
  "size_x": 80,
  "size_y": 80,
  "size_z": 36,
  "snr": 6.625421112324225,
  "spacing_tr": 2.0,
  "spacing_x": 3.0,
  "spacing_y": 3.0,
  "spacing_z": 3.299999952316284,
  "summary_bg_k": 42.953745272219884,
  "summary_bg_mad": 230.00736399138947,
  "summary_bg_mean": 1384.6483154296875,
  "summary_bg_median": 192.56936645507812,
  "summary_bg_n": 157796.0,
  "summary_bg_p05": 9.598057508468628,
  "summary_bg_p95": 6969.0418701171875,
  "summary_bg_stdv": 3713.517578125,
  "summary_fg_k": 2.4162744865114263,
  "summary_fg_mad": 10112.893437990788,
  "summary_fg_mean": 74027.7421875,
  "summary_fg_median": 73028.5625,
  "summary_fg_n": 32416.0,
  "summary_fg_p05": 58914.5810546875,
  "summary_fg_p95": 92397.486328125,
  "summary_fg_stdv": 11022.30859375,
  "tsnr": 73.83988189697266
}