{
  "aor": 0.0008997916666666667,
  "aqi": 0.006126704958333334,
  "bids_meta": {
    "AcquisitionNumber": 7,
    "BIDSVersion": "1.1.0",
    "BidsifyVersion": "0.3",
    "ConversionSoftware": "dcm2niix",
    "ConversionSoftwareVersion": "v1.0.20180622 GCC5.4.0",
    "EchoTime": 0.028,
    "EffectiveEchoSpacing": 0.0006909,
    "FlipAngle": 76.1,
    "ImageComments": "RepliSC",
    "ImageOrientationPatientDICOM": [
      0.997957,
      0.06341,
      -0.00779934,
      -0.0631359,
      0.997509,
      0.0314426
    ],
    "InstitutionName": "Spinoza Centre for Neuroimaging, location REC",
    "MagneticFieldStrength": 3,
    "Manufacturer": "Philips",
    "ParallelAcquisitionTechnique": "SENSE",
    "ParallelReductionFactorInPlane": 2,
    "PatientPosition": "HFS",
    "PhaseEncodingDirection": "j",
    "PhilipsRescaleIntercept": 0,
    "PhilipsRescaleSlope": 0.78071,
    "PhilipsScaleSlope": 0.020465,
    "ProtocolName": "task-RestingState_acq-SeqMm3Tr2000_bold",
    "PulseSequenceType": "Gradient Echo EPI",
    "ReconMatrixPE": 80,
    "RepetitionTime": 2,
    "SeriesDescription": "ImageMRSERIES",
    "SeriesNumber": 7,
    "SliceEncodingDirection": "k",
    "SliceTiming": [
      0.0,
      0.05555555555555555,
      0.1111111111111111,
      0.16666666666666666,
      0.2222222222222222,
      0.2777777777777778,
      0.3333333333333333,
      0.38888888888888884,
      0.4444444444444444,
      0.5,
      0.5555555555555556,
      0.611111111111111,
      0.6666666666666666,
      0.7222222222222222,
      0.7777777777777777,
      0.8333333333333333,
      0.8888888888888888,
      0.9444444444444444,
      1.0,
      1.0555555555555556,
      1.1111111111111112,
      1.1666666666666665,
      1.222222222222222,
      1.2777777777777777,
      1.3333333333333333,
      1.3888888888888888,
      1.4444444444444444,
      1.5,
      1.5555555555555554,
      1.611111111111111,
      1.6666666666666665,
      1.722222222222222,
      1.7777777777777777,
      1.8333333333333333,
      1.8888888888888888,
      1.9444444444444444
    ],
    "TaskName": "RestingState",
    "TotalReadoutTime": 0.0269452,
    "UsePhilipsFloatNotDisplayScaling": 1,
    "WaterFatShift": 12.0,
    "acq_id": "SeqMm3Tr2000",
    "dataset": "ds002643",
    "modality": "bold",
    "subject_id": "089",
    "task_id": "RestingState"
  },
  "dummy_trs": 0,
  "dvars_nstd": 20.099661843054406,
  "dvars_std": 1.1269175912970717,
  "dvars_vstd": 0.9905527259414221,
  "efc": 0.41484739743004395,
  "fber": 164056.59375,
  "fd_mean": 0.19600728938805043,
  "fd_num": 101,
  "fd_perc": 42.083333333333336,
  "fwhm_avg": 1.8450733411765823,
  "fwhm_x": 1.8308766666666667,
  "fwhm_y": 2.0759433333333335,
  "fwhm_z": 1.6284000235297464,
  "gcor": 0.0454079,
  "gsr_x": -0.016802150756120682,
  "gsr_y": 0.009877181611955166,
  "provenance": {
    "md5sum": "204884e6a27eb12e42cd16b4a772501c",
    "settings": {
      "fd_thres": 0.2,
      "testing": false
    },
    "software": "mriqc",
    "version": "23.0.1",
    "webapi_port": null,
    "webapi_url": "https://mriqc.nimh.nih.gov/api/v1"
  },
  "size_t": 240,
  "size_x": 80,
  "size_y": 80,
  "size_z": 36,
  "snr": 6.948055993190114,
  "spacing_tr": 2.0,
  "spacing_x": 3.0,
  "spacing_y": 3.0,
  "spacing_z": 3.299999952316284,
  "summary_bg_k": 42.7636255989708,
  "summary_bg_mad": 197.53647849150462,
  "summary_bg_mean": 1336.1422119140625,
  "summary_bg_median": 165.68215942382812,
  "summary_bg_n": 157574.0,
  "summary_bg_p05": 11.62155113220215,
  "summary_bg_p95": 6807.7132568359375,
  "summary_bg_stdv": 3581.310302734375,
  "summary_fg_k": 2.456476488447609,
  "summary_fg_mad": 9203.1721915647,
  "summary_fg_mean": 70898.4140625,
  "summary_fg_median": 69944.171875,
  "summary_fg_n": 32657.0,
  "summary_fg_p05": 56973.9953125,
  "summary_fg_p95": 87542.57499999998,
  "summary_fg_stdv": 10066.5712890625,
  "tsnr": 80.05912780761719
}