{
  "aor": 0.0013524781341107872,
  "aqi": 0.00539269778425656,
  "bids_meta": {
    "AcquisitionNumber": 6,
    "BIDSVersion": "1.1.0",
    "BidsifyVersion": "0.3",
    "ConversionSoftware": "dcm2niix",
    "ConversionSoftwareVersion": "v1.0.20180622 GCC5.4.0",
    "EchoTime": 0.028,
    "EffectiveEchoSpacing": 0.0006909,
    "FlipAngle": 76.1,
    "ImageComments": "RepliSC",
    "ImageOrientationPatientDICOM": [
      0.997957,
      0.06341,
      -0.00779934,
      -0.0631359,
      0.997509,
      0.0314426
    ],
    "InstitutionName": "Spinoza Centre for Neuroimaging, location REC",
    "MagneticFieldStrength": 3,
    "Manufacturer": "Philips",
    "ParallelAcquisitionTechnique": "SENSE",
    "ParallelReductionFactorInPlane": 2,
    "PatientPosition": "HFS",
    "PhaseEncodingDirection": "j",
    "PhilipsRescaleIntercept": 0,
    "PhilipsRescaleSlope": 0.77411,
    "PhilipsScaleSlope": 0.0206765,
    "ProtocolName": "task-Decisiontask_acq-SeqMm3Tr2000_bold",
    "PulseSequenceType": "Gradient Echo EPI",
    "ReconMatrixPE": 80,
    "RepetitionTime": 2,
    "SeriesDescription": "ImageMRSERIES",
    "SeriesNumber": 6,
    "SliceEncodingDirection": "k",
    "SliceTiming": [
      0.0,
      0.05555555555555555,
      0.1111111111111111,
      0.16666666666666666,
      0.2222222222222222,
      0.2777777777777778,
      0.3333333333333333,
      0.38888888888888884,
      0.4444444444444444,
      0.5,
      0.5555555555555556,
      0.611111111111111,
      0.6666666666666666,
      0.7222222222222222,
      0.7777777777777777,
      0.8333333333333333,
      0.8888888888888888,
      0.9444444444444444,
      1.0,
      1.0555555555555556,
      1.1111111111111112,
      1.1666666666666665,
      1.222222222222222,
      1.2777777777777777,
      1.3333333333333333,
      1.3888888888888888,
      1.4444444444444444,
      1.5,
      1.5555555555555554,
      1.611111111111111,
      1.6666666666666665,
      1.722222222222222,
      1.7777777777777777,
      1.8333333333333333,
      1.8888888888888888,
      1.9444444444444444
    ],
    "TaskName": "Decisiontask",
    "TotalReadoutTime": 0.0269452,
    "UsePhilipsFloatNotDisplayScaling": 1,
    "WaterFatShift": 12.0,
    "acq_id": "SeqMm3Tr2000",
    "dataset": "ds002643",
    "modality": "bold",
    "subject_id": "089",
    "task_id": "Decisiontask"
  },
  "dummy_trs": 0,
  "dvars_nstd": 20.165742949298252,
  "dvars_std": 1.1765641284210537,
  "dvars_vstd": 1.0137720244152046,
  "efc": 0.41495499201452446,
  "fber": 159206.234375,
  "fd_mean": 0.15338531772310013,
  "fd_num": 56,
  "fd_perc": 16.3265306122449,
  "fwhm_avg": 1.8401208158948803,
  "fwhm_x": 1.8265833333333334,
  "fwhm_y": 2.0714366666666666,
  "fwhm_z": 1.622342447684641,
  "gcor": 0.0487007,
  "gsr_x": -0.017010005190968513,
  "gsr_y": 0.009640275500714779,
  "provenance": {
    "md5sum": "f5010bfc3c6ca8c966f609da2a6be343",
    "settings": {
      "fd_thres": 0.2,
      "testing": false
    },
    "software": "mriqc",
    "version": "23.0.1",
    "webapi_port": null,
    "webapi_url": "https://mriqc.nimh.nih.gov/api/v1"
  },
  "size_t": 343,
  "size_x": 80,
  "size_y": 80,
  "size_z": 36,
  "snr": 6.957845805677607,
  "spacing_tr": 2.0,
  "spacing_x": 3.0,
  "spacing_y": 3.0,
  "spacing_z": 3.299999952316284,
  "summary_bg_k": 44.293197699294694,
  "summary_bg_mad": 200.7888471830611,
  "summary_bg_mean": 1354.974853515625,
  "summary_bg_median": 170.20187377929688,
  "summary_bg_n": 157615.0,
  "summary_bg_p05": 13.509418678283692,
  "summary_bg_p95": 6859.980224609365,
  "summary_bg_stdv": 3648.974853515625,
  "summary_fg_k": 2.5687656758205124,
  "summary_fg_mad": 9283.140048725345,
  "summary_fg_mean": 71642.0859375,
  "summary_fg_median": 70726.296875,
  "summary_fg_n": 32585.0,
  "summary_fg_p05": 57587.82421875,
  "summary_fg_p95": 88400.5125,
  "summary_fg_stdv": 10164.814453125,
  "tsnr": 82.51484680175781
}