{
  "aor": 0.0011410495626822156,
  "aqi": 0.005672310991253645,
  "bids_meta": {
    "AcquisitionNumber": 6,
    "BIDSVersion": "1.1.0",
    "BidsifyVersion": "0.3",
    "ConversionSoftware": "dcm2niix",
    "ConversionSoftwareVersion": "v1.0.20180622 GCC5.4.0",
    "EchoTime": 0.028,
    "EffectiveEchoSpacing": 0.0006909,
    "FlipAngle": 76.1,
    "ImageComments": "RepliSC",
    "ImageOrientationPatientDICOM": [
      0.999719,
      0.000101554,
      0.023698,
      0.00383866,
      0.986091,
      -0.166163
    ],
    "InstitutionName": "Spinoza Centre for Neuroimaging, location REC",
    "MagneticFieldStrength": 3,
    "Manufacturer": "Philips",
    "ParallelAcquisitionTechnique": "SENSE",
    "ParallelReductionFactorInPlane": 2,
    "PatientPosition": "HFS",
    "PhaseEncodingDirection": "j",
    "PhilipsRescaleIntercept": 0,
    "PhilipsRescaleSlope": 0.75995,
    "PhilipsScaleSlope": 0.0216908,
    "ProtocolName": "task-Decisiontask_acq-SeqMm3Tr2000_bold",
    "PulseSequenceType": "Gradient Echo EPI",
    "ReconMatrixPE": 80,
    "RepetitionTime": 2,
    "SeriesDescription": "ImageMRSERIES",
    "SeriesNumber": 6,
    "SliceEncodingDirection": "k",
    "SliceTiming": [
      0.0,
      0.05555555555555555,
      0.1111111111111111,
      0.16666666666666666,
      0.2222222222222222,
      0.2777777777777778,
      0.3333333333333333,
      0.38888888888888884,
      0.4444444444444444,
      0.5,
      0.5555555555555556,
      0.611111111111111,
      0.6666666666666666,
      0.7222222222222222,
      0.7777777777777777,
      0.8333333333333333,
      0.8888888888888888,
      0.9444444444444444,
      1.0,
      1.0555555555555556,
      1.1111111111111112,
      1.1666666666666665,
      1.222222222222222,
      1.2777777777777777,
      1.3333333333333333,
      1.3888888888888888,
      1.4444444444444444,
      1.5,
      1.5555555555555554,
      1.611111111111111,
      1.6666666666666665,
      1.722222222222222,
      1.7777777777777777,
      1.8333333333333333,
      1.8888888888888888,
      1.9444444444444444
    ],
    "TaskName": "Decisiontask",
    "TotalReadoutTime": 0.0269452,
    "UsePhilipsFloatNotDisplayScaling": 1,
    "WaterFatShift": 12.0,
    "acq_id": "SeqMm3Tr2000",
    "dataset": "ds002643",
    "modality": "bold",
    "subject_id": "092",
    "task_id": "Decisiontask"
  },
  "dummy_trs": 0,
  "dvars_nstd": 25.437736901257345,
  "dvars_std": 1.3423469526023386,
  "dvars_vstd": 1.0093697062865492,
  "efc": 0.43867737350213776,
  "fber": 71278.640625,
  "fd_mean": 0.09848034339343242,
  "fd_num": 8,
  "fd_perc": 2.3323615160349855,
  "fwhm_avg": 1.7712699067909374,
  "fwhm_x": 1.65658,
  "fwhm_y": 2.037593333333333,
  "fwhm_z": 1.6196363870394792,
  "gcor": 0.0373336,
  "gsr_x": -0.023426730185747147,
  "gsr_y": 0.01905219629406929,
  "provenance": {
    "md5sum": "4d29c1fb58a8e73e66d27a3dfa4997ad",
    "settings": {
      "fd_thres": 0.2,
      "testing": false
    },
    "software": "mriqc",
    "version": "23.0.1",
    "webapi_port": null,
    "webapi_url": "https://mriqc.nimh.nih.gov/api/v1"
  },
  "size_t": 343,
  "size_x": 80,
  "size_y": 80,
  "size_z": 36,
  "snr": 6.313389985243621,
  "spacing_tr": 2.0,
  "spacing_x": 3.0,
  "spacing_y": 3.0,
  "spacing_z": 3.299999952316284,
  "summary_bg_k": 56.742037951551374,
  "summary_bg_mad": 296.01129688822846,
  "summary_bg_mean": 1403.091552734375,
  "summary_bg_median": 254.6665802001953,
  "summary_bg_n": 151943.0,
  "summary_bg_p05": 23.30811061859131,
  "summary_bg_p95": 6640.196826171875,
  "summary_bg_stdv": 3557.34228515625,
  "summary_fg_k": 2.7590363584020032,
  "summary_fg_mad": 9798.862651291027,
  "summary_fg_mean": 69724.671875,
  "summary_fg_median": 68702.21875,
  "summary_fg_n": 37336.0,
  "summary_fg_p05": 54973.068359375,
  "summary_fg_p95": 87132.80078125,
  "summary_fg_stdv": 10881.83984375,
  "tsnr": 77.81409454345703
}