{
  "aor": 0.001284875,
  "aqi": 0.0052760369166666675,
  "bids_meta": {
    "AcquisitionNumber": 7,
    "BIDSVersion": "1.1.0",
    "BidsifyVersion": "0.3",
    "ConversionSoftware": "dcm2niix",
    "ConversionSoftwareVersion": "v1.0.20180622 GCC5.4.0",
    "EchoTime": 0.028,
    "EffectiveEchoSpacing": 0.0006909,
    "FlipAngle": 76.1,
    "ImageComments": "RepliSC",
    "ImageOrientationPatientDICOM": [
      0.999719,
      0.000101554,
      0.023698,
      0.00383866,
      0.986091,
      -0.166163
    ],
    "InstitutionName": "Spinoza Centre for Neuroimaging, location REC",
    "MagneticFieldStrength": 3,
    "Manufacturer": "Philips",
    "ParallelAcquisitionTechnique": "SENSE",
    "ParallelReductionFactorInPlane": 2,
    "PatientPosition": "HFS",
    "PhaseEncodingDirection": "j",
    "PhilipsRescaleIntercept": 0,
    "PhilipsRescaleSlope": 0.74872,
    "PhilipsScaleSlope": 0.0214966,
    "ProtocolName": "task-RestingState_acq-SeqMm3Tr2000_bold",
    "PulseSequenceType": "Gradient Echo EPI",
    "ReconMatrixPE": 80,
    "RepetitionTime": 2,
    "SeriesDescription": "ImageMRSERIES",
    "SeriesNumber": 7,
    "SliceEncodingDirection": "k",
    "SliceTiming": [
      0.0,
      0.05555555555555555,
      0.1111111111111111,
      0.16666666666666666,
      0.2222222222222222,
      0.2777777777777778,
      0.3333333333333333,
      0.38888888888888884,
      0.4444444444444444,
      0.5,
      0.5555555555555556,
      0.611111111111111,
      0.6666666666666666,
      0.7222222222222222,
      0.7777777777777777,
      0.8333333333333333,
      0.8888888888888888,
      0.9444444444444444,
      1.0,
      1.0555555555555556,
      1.1111111111111112,
      1.1666666666666665,
      1.222222222222222,
      1.2777777777777777,
      1.3333333333333333,
      1.3888888888888888,
      1.4444444444444444,
      1.5,
      1.5555555555555554,
      1.611111111111111,
      1.6666666666666665,
      1.722222222222222,
      1.7777777777777777,
      1.8333333333333333,
      1.8888888888888888,
      1.9444444444444444
    ],
    "TaskName": "RestingState",
    "TotalReadoutTime": 0.0269452,
    "UsePhilipsFloatNotDisplayScaling": 1,
    "WaterFatShift": 12.0,
    "acq_id": "SeqMm3Tr2000",
    "dataset": "ds002643",
    "modality": "bold",
    "subject_id": "092",
    "task_id": "RestingState"
  },
  "dummy_trs": 0,
  "dvars_nstd": 24.588756353933057,
  "dvars_std": 1.3774858626778232,
  "dvars_vstd": 0.9992741874476984,
  "efc": 0.43911203585108044,
  "fber": 71420.828125,
  "fd_mean": 0.07659326772986644,
  "fd_num": 1,
  "fd_perc": 0.4166666666666667,
  "fwhm_avg": 1.7904544523291157,
  "fwhm_x": 1.6814333333333333,
  "fwhm_y": 2.05293,
  "fwhm_z": 1.6370000236540132,
  "gcor": 0.0418955,
  "gsr_x": -0.02347983419895172,
  "gsr_y": 0.01971498876810074,
  "provenance": {
    "md5sum": "3ef4fb6892183f3b848043e4ce2ab9e5",
    "settings": {
      "fd_thres": 0.2,
      "testing": false
    },
    "software": "mriqc",
    "version": "23.0.1",
    "webapi_port": null,
    "webapi_url": "https://mriqc.nimh.nih.gov/api/v1"
  },
  "size_t": 240,
  "size_x": 80,
  "size_y": 80,
  "size_z": 36,
  "snr": 6.18741221689784,
  "spacing_tr": 2.0,
  "spacing_x": 3.0,
  "spacing_y": 3.0,
  "spacing_z": 3.299999952316284,
  "summary_bg_k": 63.34716896251901,
  "summary_bg_mad": 296.53066916808154,
  "summary_bg_mean": 1427.8446044921875,
  "summary_bg_median": 255.86192321777344,
  "summary_bg_n": 151863.0,
  "summary_bg_p05": 24.90986957550049,
  "summary_bg_p95": 6741.605712890622,
  "summary_bg_stdv": 3624.21142578125,
  "summary_fg_k": 2.7397749607425963,
  "summary_fg_mad": 10019.981768492798,
  "summary_fg_mean": 70189.921875,
  "summary_fg_median": 69145.671875,
  "summary_fg_n": 37440.0,
  "summary_fg_p05": 54977.8109375,
  "summary_fg_p95": 87930.80312499999,
  "summary_fg_stdv": 11175.0673828125,
  "tsnr": 81.84730529785156
}