{
  "aor": 0.0013388333333333336,
  "aqi": 0.005410629791666666,
  "bids_meta": {
    "AcquisitionNumber": 7,
    "BIDSVersion": "1.1.0",
    "BidsifyVersion": "0.3",
    "ConversionSoftware": "dcm2niix",
    "ConversionSoftwareVersion": "v1.0.20180622 GCC5.4.0",
    "EchoTime": 0.028,
    "EffectiveEchoSpacing": 0.0006909,
    "FlipAngle": 76.1,
    "ImageComments": "RepliSC",
    "ImageOrientationPatientDICOM": [
      0.99857,
      0.0219325,
      -0.0487533,
      -0.0252765,
      0.997292,
      -0.0690672
    ],
    "InstitutionName": "Spinoza Centre for Neuroimaging, location REC",
    "MagneticFieldStrength": 3,
    "Manufacturer": "Philips",
    "ParallelAcquisitionTechnique": "SENSE",
    "ParallelReductionFactorInPlane": 2,
    "PatientPosition": "HFS",
    "PhaseEncodingDirection": "j",
    "PhilipsRescaleIntercept": 0,
    "PhilipsRescaleSlope": 0.76313,
    "PhilipsScaleSlope": 0.0246643,
    "ProtocolName": "task-RestingState_acq-SeqMm3Tr2000_bold",
    "PulseSequenceType": "Gradient Echo EPI",
    "ReconMatrixPE": 80,
    "RepetitionTime": 2,
    "SeriesDescription": "ImageMRSERIES",
    "SeriesNumber": 7,
    "SliceEncodingDirection": "k",
    "SliceTiming": [
      0.0,
      0.05555555555555555,
      0.1111111111111111,
      0.16666666666666666,
      0.2222222222222222,
      0.2777777777777778,
      0.3333333333333333,
      0.38888888888888884,
      0.4444444444444444,
      0.5,
      0.5555555555555556,
      0.611111111111111,
      0.6666666666666666,
      0.7222222222222222,
      0.7777777777777777,
      0.8333333333333333,
      0.8888888888888888,
      0.9444444444444444,
      1.0,
      1.0555555555555556,
      1.1111111111111112,
      1.1666666666666665,
      1.222222222222222,
      1.2777777777777777,
      1.3333333333333333,
      1.3888888888888888,
      1.4444444444444444,
      1.5,
      1.5555555555555554,
      1.611111111111111,
      1.6666666666666665,
      1.722222222222222,
      1.7777777777777777,
      1.8333333333333333,
      1.8888888888888888,
      1.9444444444444444
    ],
    "TaskName": "RestingState",
    "TotalReadoutTime": 0.0269452,
    "UsePhilipsFloatNotDisplayScaling": 1,
    "WaterFatShift": 12.0,
    "acq_id": "SeqMm3Tr2000",
    "dataset": "ds002643",
    "modality": "bold",
    "subject_id": "091",
    "task_id": "RestingState"
  },
  "dummy_trs": 0,
  "dvars_nstd": 22.803827077866117,
  "dvars_std": 1.2267629511715483,
  "dvars_vstd": 0.9976124553138075,
  "efc": 0.4392891220374057,
  "fber": 109328.1328125,
  "fd_mean": 0.1262897239551603,
  "fd_num": 15,
  "fd_perc": 6.25,
  "fwhm_avg": 1.792990412193619,
  "fwhm_x": 1.7230433333333333,
  "fwhm_y": 1.9631733333333334,
  "fwhm_z": 1.6927545699141904,
  "gcor": 0.0283699,
  "gsr_x": -0.012728973291814327,
  "gsr_y": 0.016817696392536163,
  "provenance": {
    "md5sum": "a11d3f7fe00d7599be32879ba345e163",
    "settings": {
      "fd_thres": 0.2,
      "testing": false
    },
    "software": "mriqc",
    "version": "23.0.1",
    "webapi_port": null,
    "webapi_url": "https://mriqc.nimh.nih.gov/api/v1"
  },
  "size_t": 240,
  "size_x": 80,
  "size_y": 80,
  "size_z": 36,
  "snr": 6.660448220573916,
  "spacing_tr": 2.0,
  "spacing_x": 3.0,
  "spacing_y": 3.0,
  "spacing_z": 3.299999952316284,
  "summary_bg_k": 34.65649184484193,
  "summary_bg_mad": 208.97871663638207,
  "summary_bg_mean": 1852.9072265625,
  "summary_bg_median": 177.7781982421875,
  "summary_bg_n": 155741.0,
  "summary_bg_p05": 14.898333549499512,
  "summary_bg_p95": 11825.9267578125,
  "summary_bg_stdv": 4823.279296875,
  "summary_fg_k": 1.7124780688013974,
  "summary_fg_mad": 8522.107588853603,
  "summary_fg_mean": 61047.39453125,
  "summary_fg_median": 60058.30078125,
  "summary_fg_n": 34514.0,
  "summary_fg_p05": 48930.8607421875,
  "summary_fg_p95": 76671.53984375,
  "summary_fg_stdv": 9017.025390625,
  "tsnr": 81.3451919555664
}