{
  "aor": 0.0027668804664723037,
  "aqi": 0.007435783790087464,
  "bids_meta": {
    "AcquisitionNumber": 6,
    "BIDSVersion": "1.1.0",
    "BidsifyVersion": "0.3",
    "ConversionSoftware": "dcm2niix",
    "ConversionSoftwareVersion": "v1.0.20180622 GCC5.4.0",
    "EchoTime": 0.028,
    "EffectiveEchoSpacing": 0.0006909,
    "FlipAngle": 76.1,
    "ImageComments": "RepliSC",
    "ImageOrientationPatientDICOM": [
      0.99857,
      0.0219325,
      -0.0487533,
      -0.0252765,
      0.997292,
      -0.0690672
    ],
    "InstitutionName": "Spinoza Centre for Neuroimaging, location REC",
    "MagneticFieldStrength": 3,
    "Manufacturer": "Philips",
    "ParallelAcquisitionTechnique": "SENSE",
    "ParallelReductionFactorInPlane": 2,
    "PatientPosition": "HFS",
    "PhaseEncodingDirection": "j",
    "PhilipsRescaleIntercept": 0,
    "PhilipsRescaleSlope": 0.73846,
    "PhilipsScaleSlope": 0.0248549,
    "ProtocolName": "task-Decisiontask_acq-SeqMm3Tr2000_bold",
    "PulseSequenceType": "Gradient Echo EPI",
    "ReconMatrixPE": 80,
    "RepetitionTime": 2,
    "SeriesDescription": "ImageMRSERIES",
    "SeriesNumber": 6,
    "SliceEncodingDirection": "k",
    "SliceTiming": [
      0.0,
      0.05555555555555555,
      0.1111111111111111,
      0.16666666666666666,
      0.2222222222222222,
      0.2777777777777778,
      0.3333333333333333,
      0.38888888888888884,
      0.4444444444444444,
      0.5,
      0.5555555555555556,
      0.611111111111111,
      0.6666666666666666,
      0.7222222222222222,
      0.7777777777777777,
      0.8333333333333333,
      0.8888888888888888,
      0.9444444444444444,
      1.0,
      1.0555555555555556,
      1.1111111111111112,
      1.1666666666666665,
      1.222222222222222,
      1.2777777777777777,
      1.3333333333333333,
      1.3888888888888888,
      1.4444444444444444,
      1.5,
      1.5555555555555554,
      1.611111111111111,
      1.6666666666666665,
      1.722222222222222,
      1.7777777777777777,
      1.8333333333333333,
      1.8888888888888888,
      1.9444444444444444
    ],
    "TaskName": "Decisiontask",
    "TotalReadoutTime": 0.0269452,
    "UsePhilipsFloatNotDisplayScaling": 1,
    "WaterFatShift": 12.0,
    "acq_id": "SeqMm3Tr2000",
    "dataset": "ds002643",
    "modality": "bold",
    "subject_id": "091",
    "task_id": "Decisiontask"
  },
  "dummy_trs": 0,
  "dvars_nstd": 23.54275432923976,
  "dvars_std": 1.233099562807017,
  "dvars_vstd": 1.0098809979239765,
  "efc": 0.43737861789184457,
  "fber": 116813.0546875,
  "fd_mean": 0.14843840162246172,
  "fd_num": 47,
  "fd_perc": 13.70262390670554,
  "fwhm_avg": 1.8069461697895768,
  "fwhm_x": 1.7417366666666665,
  "fwhm_y": 1.9821533333333334,
  "fwhm_z": 1.6969485093687304,
  "gcor": 0.0359466,
  "gsr_x": -0.012856563553214073,
  "gsr_y": 0.017182739451527596,
  "provenance": {
    "md5sum": "609aa1a457dad49af517002ef92c0d82",
    "settings": {
      "fd_thres": 0.2,
      "testing": false
    },
    "software": "mriqc",
    "version": "23.0.1",
    "webapi_port": null,
    "webapi_url": "https://mriqc.nimh.nih.gov/api/v1"
  },
  "size_t": 343,
  "size_x": 80,
  "size_y": 80,
  "size_z": 36,
  "snr": 6.57147288834159,
  "spacing_tr": 2.0,
  "spacing_x": 3.0,
  "spacing_y": 3.0,
  "spacing_z": 3.299999952316284,
  "summary_bg_k": 36.45126892588299,
  "summary_bg_mad": 205.4420624307025,
  "summary_bg_mean": 1835.733154296875,
  "summary_bg_median": 174.8287811279297,
  "summary_bg_n": 155759.0,
  "summary_bg_p05": 16.10894603729248,
  "summary_bg_p95": 11659.600488281252,
  "summary_bg_stdv": 4806.9541015625,
  "summary_fg_k": 1.9994468217874486,
  "summary_fg_mad": 8727.607260026822,
  "summary_fg_mean": 62452.09375,
  "summary_fg_median": 61387.0546875,
  "summary_fg_n": 34406.0,
  "summary_fg_p05": 49926.0869140625,
  "summary_fg_p95": 78518.99609375,
  "summary_fg_stdv": 9341.3095703125,
  "tsnr": 73.17373657226562
}