{
  "aor": 0.0015884839650145775,
  "aqi": 0.007137420524781341,
  "bids_meta": {
    "AcquisitionNumber": 4,
    "BIDSVersion": "1.1.0",
    "BidsifyVersion": "0.3",
    "ConversionSoftware": "dcm2niix",
    "ConversionSoftwareVersion": "v1.0.20180622 GCC5.4.0",
    "EchoTime": 0.028,
    "EffectiveEchoSpacing": 0.0006909,
    "FlipAngle": 76.1,
    "ImageComments": "RepliSC",
    "ImageOrientationPatientDICOM": [
      0.99857,
      0.0219325,
      -0.0487533,
      -0.0252765,
      0.997292,
      -0.0690672
    ],
    "InstitutionName": "Spinoza Centre for Neuroimaging, location REC",
    "MagneticFieldStrength": 3,
    "Manufacturer": "Philips",
    "ParallelAcquisitionTechnique": "SENSE",
    "ParallelReductionFactorInPlane": 2,
    "PatientPosition": "HFS",
    "PhaseEncodingDirection": "j",
    "PhilipsRescaleIntercept": 0,
    "PhilipsRescaleSlope": 0.74359,
    "PhilipsScaleSlope": 0.0258641,
    "ProtocolName": "task-Healthratingtask_acq-SeqMm3Tr2000_bold",
    "PulseSequenceType": "Gradient Echo EPI",
    "ReconMatrixPE": 80,
    "RepetitionTime": 2,
    "SeriesDescription": "ImageMRSERIES",
    "SeriesNumber": 4,
    "SliceEncodingDirection": "k",
    "SliceTiming": [
      0.0,
      0.05555555555555555,
      0.1111111111111111,
      0.16666666666666666,
      0.2222222222222222,
      0.2777777777777778,
      0.3333333333333333,
      0.38888888888888884,
      0.4444444444444444,
      0.5,
      0.5555555555555556,
      0.611111111111111,
      0.6666666666666666,
      0.7222222222222222,
      0.7777777777777777,
      0.8333333333333333,
      0.8888888888888888,
      0.9444444444444444,
      1.0,
      1.0555555555555556,
      1.1111111111111112,
      1.1666666666666665,
      1.222222222222222,
      1.2777777777777777,
      1.3333333333333333,
      1.3888888888888888,
      1.4444444444444444,
      1.5,
      1.5555555555555554,
      1.611111111111111,
      1.6666666666666665,
      1.722222222222222,
      1.7777777777777777,
      1.8333333333333333,
      1.8888888888888888,
      1.9444444444444444
    ],
    "TaskName": "Healthratingtask",
    "TotalReadoutTime": 0.0269452,
    "UsePhilipsFloatNotDisplayScaling": 1,
    "WaterFatShift": 12.0,
    "acq_id": "SeqMm3Tr2000",
    "dataset": "ds002643",
    "modality": "bold",
    "subject_id": "091",
    "task_id": "Healthratingtask"
  },
  "dummy_trs": 0,
  "dvars_nstd": 24.03790418716375,
  "dvars_std": 1.1881628126900594,
  "dvars_vstd": 0.9907550640350882,
  "efc": 0.4359018698621256,
  "fber": 122896.78125,
  "fd_mean": 0.14824457605126237,
  "fd_num": 42,
  "fd_perc": 12.244897959183673,
  "fwhm_avg": 1.8007649576709481,
  "fwhm_x": 1.7180466666666667,
  "fwhm_y": 1.9867633333333332,
  "fwhm_z": 1.6974848730128445,
  "gcor": 0.0325609,
  "gsr_x": -0.012754660099744797,
  "gsr_y": 0.017746930941939354,
  "provenance": {
    "md5sum": "466b5665e87f045d64f465b9b008cac3",
    "settings": {
      "fd_thres": 0.2,
      "testing": false
    },
    "software": "mriqc",
    "version": "23.0.1",
    "webapi_port": null,
    "webapi_url": "https://mriqc.nimh.nih.gov/api/v1"
  },
  "size_t": 343,
  "size_x": 80,
  "size_y": 80,
  "size_z": 36,
  "snr": 6.6353082127281,
  "spacing_tr": 2.0,
  "spacing_x": 3.0,
  "spacing_y": 3.0,
  "spacing_z": 3.299999952316284,
  "summary_bg_k": 41.91644740788398,
  "summary_bg_mad": 196.44632381306138,
  "summary_bg_mean": 1739.1405029296875,
  "summary_bg_median": 168.33633422851562,
  "summary_bg_n": 155750.0,
  "summary_bg_p05": 14.693640422821046,
  "summary_bg_p95": 10887.58261718749,
  "summary_bg_stdv": 4591.35546875,
  "summary_fg_k": 1.9196499074360727,
  "summary_fg_mad": 8499.97280104451,
  "summary_fg_mean": 61541.18359375,
  "summary_fg_median": 60467.7734375,
  "summary_fg_n": 34470.0,
  "summary_fg_p05": 49324.465234375,
  "summary_fg_p95": 77210.60234375,
  "summary_fg_stdv": 9112.8994140625,
  "tsnr": 74.098876953125
}