{
  "bids_meta": {
    "AcquisitionNumber": 2,
    "BIDSVersion": "1.1.0",
    "BidsifyVersion": "0.3",
    "ConversionSoftware": "dcm2niix",
    "ConversionSoftwareVersion": "v1.0.20180622 GCC5.4.0",
    "EchoTime": 0.00373,
    "ImageComments": "RepliSC",
    "ImageOrientationPatientDICOM": [
      0.999368,
      -0.0160364,
      0.0317377,
      0.0176185,
      0.998583,
      -0.0502156
    ],
    "InstitutionName": "Spinoza Centre for Neuroimaging, location REC",
    "InversionTime": 0.9,
    "MagneticFieldStrength": 3,
    "Manufacturer": "Philips",
    "ParallelAcquisitionTechnique": "SENSE",
    "PatientPosition": "HFS",
    "PhilipsRescaleIntercept": 0,
    "PhilipsRescaleSlope": 4.46032,
    "PhilipsScaleSlope": 0.00558182,
    "ProtocolName": "acq-AxialNsig1Mm1_T1w",
    "ReconMatrixPE": 240,
    "RepetitionTime": 0.008155,
    "SeriesDescription": "ImageMRSERIES",
    "SeriesNumber": 2,
    "UsePhilipsFloatNotDisplayScaling": 1,
    "acq_id": "AxialNsig1Mm1",
    "dataset": "ds002643",
    "modality": "T1w",
    "subject_id": "051"
  },
  "cjv": 0.28984029876325995,
  "cnr": 4.489880038505576,
  "efc": 0.688917699421143,
  "fber": -1.0,
  "fwhm_avg": 4.419633505560766,
  "fwhm_x": 4.383880261299626,
  "fwhm_y": 4.59041,
  "fwhm_z": 4.284610255382672,
  "icvs_csf": 0.24774500320726375,
  "icvs_gm": 0.4170031588573811,
  "icvs_wm": 0.3352518379353551,
  "inu_med": 0.5825805366039276,
  "inu_range": 0.1707058548927307,
  "provenance": {
    "md5sum": "b4119115e0411483a8e585496c9ec648",
    "settings": {
      "testing": false
    },
    "software": "mriqc",
    "version": "23.0.1",
    "warnings": {
      "large_rot_frame": true,
      "small_air_mask": false
    },
    "webapi_port": null,
    "webapi_url": "https://mriqc.nimh.nih.gov/api/v1"
  },
  "qi_1": 0.0,
  "qi_2": 6.678310079872873e-05,
  "rpve_csf": 26.686385491872237,
  "rpve_gm": 15.597792456001644,
  "rpve_wm": 23.029885511035115,
  "size_x": 240,
  "size_y": 240,
  "size_z": 220,
  "snr_csf": 1.102404540767619,
  "snr_gm": 8.49908740844567,
  "snr_total": 11.670611843887583,
  "snr_wm": 25.41034358244946,
  "snrd_csf": 6.601256483352708,
  "snrd_gm": 39.106297361982016,
  "snrd_total": 36.14748612609531,
  "snrd_wm": 62.73490453295121,
  "spacing_x": 0.9999999403953552,
  "spacing_y": 1.0,
  "spacing_z": 0.9999999403953552,
  "summary_bg_k": 865.480025117004,
  "summary_bg_mad": 0.0,
  "summary_bg_mean": 3.7588487172673792,
  "summary_bg_median": 0.0,
  "summary_bg_n": 297511.0,
  "summary_bg_p05": 0.0,
  "summary_bg_p95": 18.865080825984478,
  "summary_bg_stdv": 10.442708365561435,
  "summary_csf_k": 1.0628202721811428,
  "summary_csf_mad": 89.9746567466049,
  "summary_csf_mean": 129.823414102623,
  "summary_csf_median": 105.22235720977187,
  "summary_csf_n": 48623.0,
  "summary_csf_p05": 21.750835198909044,
  "summary_csf_p95": 320.62884631231447,
  "summary_csf_stdv": 95.44706257148628,
  "summary_gm_k": 0.1831272809987068,
  "summary_gm_mad": 72.76516775213362,
  "summary_gm_mean": 624.2026919820255,
  "summary_gm_median": 623.3444800321013,
  "summary_gm_n": 40771.0,
  "summary_gm_p05": 506.2883763452992,
  "summary_gm_p95": 743.1355897290632,
  "summary_gm_stdv": 73.34161958456328,
  "summary_wm_k": 0.6576175360758789,
  "summary_wm_mad": 36.39854815157189,
  "summary_wm_mean": 998.2617252891425,
  "summary_wm_median": 999.9784966595471,
  "summary_wm_n": 173993.0,
  "summary_wm_p05": 930.2896821014583,
  "summary_wm_p95": 1059.6533128339797,
  "summary_wm_stdv": 39.353093349318335,
  "tpm_overlap_csf": 0.14960474524018294,
  "tpm_overlap_gm": 0.47356998967703107,
  "tpm_overlap_wm": 0.5179283000798532,
  "wm2max": 0.7775675268349046
}