{
  "aor": 0.001359475218658892,
  "aqi": 0.012655997580174928,
  "bids_meta": {
    "AcquisitionNumber": 3,
    "BIDSVersion": "1.1.0",
    "BidsifyVersion": "0.3",
    "ConversionSoftware": "dcm2niix",
    "ConversionSoftwareVersion": "v1.0.20180622 GCC5.4.0",
    "EchoTime": 0.028,
    "EffectiveEchoSpacing": 0.0006909,
    "FlipAngle": 76.1,
    "ImageComments": "RepliSC",
    "ImageOrientationPatientDICOM": [
      0.998689,
      0.0349131,
      -0.0374327,
      -0.0425559,
      0.972695,
      -0.228153
    ],
    "InstitutionName": "Spinoza Centre for Neuroimaging, location REC",
    "MagneticFieldStrength": 3,
    "Manufacturer": "Philips",
    "ParallelAcquisitionTechnique": "SENSE",
    "ParallelReductionFactorInPlane": 2,
    "PatientPosition": "HFS",
    "PhaseEncodingDirection": "j",
    "PhilipsRescaleIntercept": 0,
    "PhilipsRescaleSlope": 0.75018,
    "PhilipsScaleSlope": 0.0214947,
    "ProtocolName": "task-Healthratingtask_acq-SeqMm3Tr2000_bold",
    "PulseSequenceType": "Gradient Echo EPI",
    "ReconMatrixPE": 80,
    "RepetitionTime": 2,
    "SeriesDescription": "ImageMRSERIES",
    "SeriesNumber": 3,
    "SliceEncodingDirection": "k",
    "SliceTiming": [
      0.0,
      0.05555555555555555,
      0.1111111111111111,
      0.16666666666666666,
      0.2222222222222222,
      0.2777777777777778,
      0.3333333333333333,
      0.38888888888888884,
      0.4444444444444444,
      0.5,
      0.5555555555555556,
      0.611111111111111,
      0.6666666666666666,
      0.7222222222222222,
      0.7777777777777777,
      0.8333333333333333,
      0.8888888888888888,
      0.9444444444444444,
      1.0,
      1.0555555555555556,
      1.1111111111111112,
      1.1666666666666665,
      1.222222222222222,
      1.2777777777777777,
      1.3333333333333333,
      1.3888888888888888,
      1.4444444444444444,
      1.5,
      1.5555555555555554,
      1.611111111111111,
      1.6666666666666665,
      1.722222222222222,
      1.7777777777777777,
      1.8333333333333333,
      1.8888888888888888,
      1.9444444444444444
    ],
    "TaskName": "Healthratingtask",
    "TotalReadoutTime": 0.0269452,
    "UsePhilipsFloatNotDisplayScaling": 1,
    "WaterFatShift": 12.0,
    "acq_id": "SeqMm3Tr2000",
    "dataset": "ds002643",
    "modality": "bold",
    "subject_id": "017",
    "task_id": "Healthratingtask"
  },
  "dummy_trs": 0,
  "dvars_nstd": 20.7987849978655,
  "dvars_std": 1.0744129540935672,
  "dvars_vstd": 0.9594557207017551,
  "efc": 0.4765779778095316,
  "fber": 45413.56640625,
  "fd_mean": 0.13278171838910724,
  "fd_num": 31,
  "fd_perc": 9.037900874635568,
  "fwhm_avg": 1.8699516242457797,
  "fwhm_x": 1.8822999999999999,
  "fwhm_y": 2.0491366666666666,
  "fwhm_z": 1.6784182060706718,
  "gcor": 0.0196682,
  "gsr_x": -0.0053387535735964775,
  "gsr_y": 0.017100289463996887,
  "provenance": {
    "md5sum": "e5012e4a8f872b119b40ef55bbaad53f",
    "settings": {
      "fd_thres": 0.2,
      "testing": false
    },
    "software": "mriqc",
    "version": "23.0.1",
    "webapi_port": null,
    "webapi_url": "https://mriqc.nimh.nih.gov/api/v1"
  },
  "size_t": 343,
  "size_x": 80,
  "size_y": 80,
  "size_z": 36,
  "snr": 5.5448264054162015,
  "spacing_tr": 2.0,
  "spacing_x": 3.0,
  "spacing_y": 3.0,
  "spacing_z": 3.299999952316284,
  "summary_bg_k": 23.96842355435949,
  "summary_bg_mad": 380.02027782121974,
  "summary_bg_mean": 2247.822998046875,
  "summary_bg_median": 303.61529541015625,
  "summary_bg_n": 146769.0,
  "summary_bg_p05": 23.280824279785158,
  "summary_bg_p95": 11515.800390625003,
  "summary_bg_stdv": 5268.8740234375,
  "summary_fg_k": 2.874461215140216,
  "summary_fg_mad": 9928.593241117725,
  "summary_fg_mean": 66598.265625,
  "summary_fg_median": 64432.96875,
  "summary_fg_n": 41542.0,
  "summary_fg_p05": 52758.941796875,
  "summary_fg_p95": 87295.86132812497,
  "summary_fg_stdv": 11620.236328125,
  "tsnr": 57.803504943847656
}