{
  "aor": 0.0014056851311953352,
  "aqi": 0.007694647988338192,
  "bids_meta": {
    "AcquisitionNumber": 4,
    "BIDSVersion": "1.1.0",
    "BidsifyVersion": "0.3",
    "ConversionSoftware": "dcm2niix",
    "ConversionSoftwareVersion": "v1.0.20180622 GCC5.4.0",
    "EchoTime": 0.028,
    "EffectiveEchoSpacing": 0.0006909,
    "FlipAngle": 76.1,
    "ImageComments": "RepliSC",
    "ImageOrientationPatientDICOM": [
      0.998689,
      0.0349131,
      -0.0374327,
      -0.0425559,
      0.972695,
      -0.228153
    ],
    "InstitutionName": "Spinoza Centre for Neuroimaging, location REC",
    "MagneticFieldStrength": 3,
    "Manufacturer": "Philips",
    "ParallelAcquisitionTechnique": "SENSE",
    "ParallelReductionFactorInPlane": 2,
    "PatientPosition": "HFS",
    "PhaseEncodingDirection": "j",
    "PhilipsRescaleIntercept": 0,
    "PhilipsRescaleSlope": 0.74432,
    "PhilipsScaleSlope": 0.0220766,
    "ProtocolName": "task-Tasteratingtask_acq-SeqMm3Tr2000_bold",
    "PulseSequenceType": "Gradient Echo EPI",
    "ReconMatrixPE": 80,
    "RepetitionTime": 2,
    "SeriesDescription": "ImageMRSERIES",
    "SeriesNumber": 4,
    "SliceEncodingDirection": "k",
    "SliceTiming": [
      0.0,
      0.05555555555555555,
      0.1111111111111111,
      0.16666666666666666,
      0.2222222222222222,
      0.2777777777777778,
      0.3333333333333333,
      0.38888888888888884,
      0.4444444444444444,
      0.5,
      0.5555555555555556,
      0.611111111111111,
      0.6666666666666666,
      0.7222222222222222,
      0.7777777777777777,
      0.8333333333333333,
      0.8888888888888888,
      0.9444444444444444,
      1.0,
      1.0555555555555556,
      1.1111111111111112,
      1.1666666666666665,
      1.222222222222222,
      1.2777777777777777,
      1.3333333333333333,
      1.3888888888888888,
      1.4444444444444444,
      1.5,
      1.5555555555555554,
      1.611111111111111,
      1.6666666666666665,
      1.722222222222222,
      1.7777777777777777,
      1.8333333333333333,
      1.8888888888888888,
      1.9444444444444444
    ],
    "TaskName": "Tasteratingtask",
    "TotalReadoutTime": 0.0269452,
    "UsePhilipsFloatNotDisplayScaling": 1,
    "WaterFatShift": 12.0,
    "acq_id": "SeqMm3Tr2000",
    "dataset": "ds002643",
    "modality": "bold",
    "subject_id": "017",
    "task_id": "Tasteratingtask"
  },
  "dummy_trs": 0,
  "dvars_nstd": 20.848995872485393,
  "dvars_std": 1.0953586188596487,
  "dvars_vstd": 0.9915912618713442,
  "efc": 0.4787561502590569,
  "fber": 43108.68359375,
  "fd_mean": 0.15141244244473054,
  "fd_num": 60,
  "fd_perc": 17.49271137026239,
  "fwhm_avg": 1.8421150585790844,
  "fwhm_x": 1.8462699999999999,
  "fwhm_y": 2.00376,
  "fwhm_z": 1.6763151757372534,
  "gcor": 0.0321212,
  "gsr_x": -0.006012632977217436,
  "gsr_y": 0.018466122448444366,
  "provenance": {
    "md5sum": "49834cf93d98df1628654497df1e7739",
    "settings": {
      "fd_thres": 0.2,
      "testing": false
    },
    "software": "mriqc",
    "version": "23.0.1",
    "webapi_port": null,
    "webapi_url": "https://mriqc.nimh.nih.gov/api/v1"
  },
  "size_t": 343,
  "size_x": 80,
  "size_y": 80,
  "size_z": 36,
  "snr": 5.7079476483624925,
  "spacing_tr": 2.0,
  "spacing_x": 3.0,
  "spacing_y": 3.0,
  "spacing_z": 3.299999952316284,
  "summary_bg_k": 24.95679233780475,
  "summary_bg_mad": 382.80561188295536,
  "summary_bg_mean": 2255.215576171875,
  "summary_bg_median": 305.7555847167969,
  "summary_bg_n": 146492.0,
  "summary_bg_p05": 24.01535587310791,
  "summary_bg_p95": 11743.194140624995,
  "summary_bg_stdv": 5240.70458984375,
  "summary_fg_k": 2.873956180595594,
  "summary_fg_mad": 9498.267947196475,
  "summary_fg_mean": 65756.9296875,
  "summary_fg_median": 63632.94140625,
  "summary_fg_n": 41682.0,
  "summary_fg_p05": 52503.360546875,
  "summary_fg_p95": 85450.80781249999,
  "summary_fg_stdv": 11147.99609375,
  "tsnr": 66.62300109863281
}