{
  "aor": 0.0009614577259475219,
  "aqi": 0.006767680670553935,
  "bids_meta": {
    "AcquisitionNumber": 6,
    "BIDSVersion": "1.1.0",
    "BidsifyVersion": "0.3",
    "ConversionSoftware": "dcm2niix",
    "ConversionSoftwareVersion": "v1.0.20180622 GCC5.4.0",
    "EchoTime": 0.028,
    "EffectiveEchoSpacing": 0.0006909,
    "FlipAngle": 76.1,
    "ImageComments": "RepliSC",
    "ImageOrientationPatientDICOM": [
      0.998689,
      0.0349131,
      -0.0374327,
      -0.0425559,
      0.972695,
      -0.228153
    ],
    "InstitutionName": "Spinoza Centre for Neuroimaging, location REC",
    "MagneticFieldStrength": 3,
    "Manufacturer": "Philips",
    "ParallelAcquisitionTechnique": "SENSE",
    "ParallelReductionFactorInPlane": 2,
    "PatientPosition": "HFS",
    "PhaseEncodingDirection": "j",
    "PhilipsRescaleIntercept": 0,
    "PhilipsRescaleSlope": 0.75922,
    "PhilipsScaleSlope": 0.0228755,
    "ProtocolName": "task-Decisiontask_acq-SeqMm3Tr2000_bold",
    "PulseSequenceType": "Gradient Echo EPI",
    "ReconMatrixPE": 80,
    "RepetitionTime": 2,
    "SeriesDescription": "ImageMRSERIES",
    "SeriesNumber": 6,
    "SliceEncodingDirection": "k",
    "SliceTiming": [
      0.0,
      0.05555555555555555,
      0.1111111111111111,
      0.16666666666666666,
      0.2222222222222222,
      0.2777777777777778,
      0.3333333333333333,
      0.38888888888888884,
      0.4444444444444444,
      0.5,
      0.5555555555555556,
      0.611111111111111,
      0.6666666666666666,
      0.7222222222222222,
      0.7777777777777777,
      0.8333333333333333,
      0.8888888888888888,
      0.9444444444444444,
      1.0,
      1.0555555555555556,
      1.1111111111111112,
      1.1666666666666665,
      1.222222222222222,
      1.2777777777777777,
      1.3333333333333333,
      1.3888888888888888,
      1.4444444444444444,
      1.5,
      1.5555555555555554,
      1.611111111111111,
      1.6666666666666665,
      1.722222222222222,
      1.7777777777777777,
      1.8333333333333333,
      1.8888888888888888,
      1.9444444444444444
    ],
    "TaskName": "Decisiontask",
    "TotalReadoutTime": 0.0269452,
    "UsePhilipsFloatNotDisplayScaling": 1,
    "WaterFatShift": 12.0,
    "acq_id": "SeqMm3Tr2000",
    "dataset": "ds002643",
    "modality": "bold",
    "subject_id": "017",
    "task_id": "Decisiontask"
  },
  "dummy_trs": 0,
  "dvars_nstd": 19.841419180964905,
  "dvars_std": 1.0735896751169587,
  "dvars_vstd": 0.9815756564912285,
  "efc": 0.48023359855980813,
  "fber": 39094.109375,
  "fd_mean": 0.13276956973516998,
  "fd_num": 38,
  "fd_perc": 11.078717201166182,
  "fwhm_avg": 1.834112331335972,
  "fwhm_x": 1.8290266666666666,
  "fwhm_y": 1.9908466666666669,
  "fwhm_z": 1.6824636606745815,
  "gcor": 0.0189556,
  "gsr_x": -0.006034978665411472,
  "gsr_y": 0.018191615119576454,
  "provenance": {
    "md5sum": "5d3350f09045c4626501a39560c2592a",
    "settings": {
      "fd_thres": 0.2,
      "testing": false
    },
    "software": "mriqc",
    "version": "23.0.1",
    "webapi_port": null,
    "webapi_url": "https://mriqc.nimh.nih.gov/api/v1"
  },
  "size_t": 343,
  "size_x": 80,
  "size_y": 80,
  "size_z": 36,
  "snr": 5.788191172278164,
  "spacing_tr": 2.0,
  "spacing_x": 3.0,
  "spacing_y": 3.0,
  "spacing_z": 3.299999952316284,
  "summary_bg_k": 24.55486906802979,
  "summary_bg_mad": 391.3463681219339,
  "summary_bg_mean": 2233.0869140625,
  "summary_bg_median": 309.34674072265625,
  "summary_bg_n": 146436.0,
  "summary_bg_p05": 22.96693706512451,
  "summary_bg_p95": 11605.470458984375,
  "summary_bg_stdv": 5193.86767578125,
  "summary_fg_k": 2.9469185101350375,
  "summary_fg_mad": 8989.91492011145,
  "summary_fg_mean": 63719.7578125,
  "summary_fg_median": 61621.44921875,
  "summary_fg_n": 41689.0,
  "summary_fg_p05": 51247.35,
  "summary_fg_p95": 82556.5359375,
  "summary_fg_stdv": 10645.935546875,
  "tsnr": 71.01388549804688
}