{
  "aor": 0.0027631666666666664,
  "aqi": 0.007095856791666666,
  "bids_meta": {
    "AcquisitionNumber": 7,
    "BIDSVersion": "1.1.0",
    "BidsifyVersion": "0.3",
    "ConversionSoftware": "dcm2niix",
    "ConversionSoftwareVersion": "v1.0.20180622 GCC5.4.0",
    "EchoTime": 0.028,
    "EffectiveEchoSpacing": 0.0006909,
    "FlipAngle": 76.1,
    "ImageComments": "RepliSC",
    "ImageOrientationPatientDICOM": [
      0.998689,
      0.0349131,
      -0.0374327,
      -0.0425559,
      0.972695,
      -0.228153
    ],
    "InstitutionName": "Spinoza Centre for Neuroimaging, location REC",
    "MagneticFieldStrength": 3,
    "Manufacturer": "Philips",
    "ParallelAcquisitionTechnique": "SENSE",
    "ParallelReductionFactorInPlane": 2,
    "PatientPosition": "HFS",
    "PhaseEncodingDirection": "j",
    "PhilipsRescaleIntercept": 0,
    "PhilipsRescaleSlope": 0.75775,
    "PhilipsScaleSlope": 0.0231582,
    "ProtocolName": "task-RestingState_acq-SeqMm3Tr2000_bold",
    "PulseSequenceType": "Gradient Echo EPI",
    "ReconMatrixPE": 80,
    "RepetitionTime": 2,
    "SeriesDescription": "ImageMRSERIES",
    "SeriesNumber": 7,
    "SliceEncodingDirection": "k",
    "SliceTiming": [
      0.0,
      0.05555555555555555,
      0.1111111111111111,
      0.16666666666666666,
      0.2222222222222222,
      0.2777777777777778,
      0.3333333333333333,
      0.38888888888888884,
      0.4444444444444444,
      0.5,
      0.5555555555555556,
      0.611111111111111,
      0.6666666666666666,
      0.7222222222222222,
      0.7777777777777777,
      0.8333333333333333,
      0.8888888888888888,
      0.9444444444444444,
      1.0,
      1.0555555555555556,
      1.1111111111111112,
      1.1666666666666665,
      1.222222222222222,
      1.2777777777777777,
      1.3333333333333333,
      1.3888888888888888,
      1.4444444444444444,
      1.5,
      1.5555555555555554,
      1.611111111111111,
      1.6666666666666665,
      1.722222222222222,
      1.7777777777777777,
      1.8333333333333333,
      1.8888888888888888,
      1.9444444444444444
    ],
    "TaskName": "RestingState",
    "TotalReadoutTime": 0.0269452,
    "UsePhilipsFloatNotDisplayScaling": 1,
    "WaterFatShift": 12.0,
    "acq_id": "SeqMm3Tr2000",
    "dataset": "ds002643",
    "modality": "bold",
    "subject_id": "017",
    "task_id": "RestingState"
  },
  "dummy_trs": 0,
  "dvars_nstd": 18.907455460292898,
  "dvars_std": 1.1074381023849378,
  "dvars_vstd": 1.016452396694561,
  "efc": 0.47992028906150846,
  "fber": 36830.28515625,
  "fd_mean": 0.1337134851121716,
  "fd_num": 18,
  "fd_perc": 7.5,
  "fwhm_avg": 1.8420809172334547,
  "fwhm_x": 1.8361966666666667,
  "fwhm_y": 1.9995066666666668,
  "fwhm_z": 1.6905394183670306,
  "gcor": 0.0140668,
  "gsr_x": -0.00631393538787961,
  "gsr_y": 0.019194891676306725,
  "provenance": {
    "md5sum": "ce3b58f410e224fa708248d1f8074d5f",
    "settings": {
      "fd_thres": 0.2,
      "testing": false
    },
    "software": "mriqc",
    "version": "23.0.1",
    "webapi_port": null,
    "webapi_url": "https://mriqc.nimh.nih.gov/api/v1"
  },
  "size_t": 240,
  "size_x": 80,
  "size_y": 80,
  "size_z": 36,
  "snr": 5.75067180177987,
  "spacing_tr": 2.0,
  "spacing_x": 3.0,
  "spacing_y": 3.0,
  "spacing_z": 3.299999952316284,
  "summary_bg_k": 23.554849117542567,
  "summary_bg_mad": 409.33974566523545,
  "summary_bg_mean": 2229.6396484375,
  "summary_bg_median": 320.8713684082031,
  "summary_bg_n": 146480.0,
  "summary_bg_p05": 21.745045948028565,
  "summary_bg_p95": 11647.000390624984,
  "summary_bg_stdv": 5133.916015625,
  "summary_fg_k": 2.8575095510105495,
  "summary_fg_mad": 9154.31291962555,
  "summary_fg_mean": 63832.21484375,
  "summary_fg_median": 61793.203125,
  "summary_fg_n": 41708.0,
  "summary_fg_p05": 51078.5892578125,
  "summary_fg_p95": 82769.4640625,
  "summary_fg_stdv": 10745.259765625,
  "tsnr": 70.54879760742188
}