{
  "aor": 0.0011073177842565597,
  "aqi": 0.004125172332361517,
  "bids_meta": {
    "AcquisitionNumber": 4,
    "BIDSVersion": "1.1.0",
    "BidsifyVersion": "0.3",
    "ConversionSoftware": "dcm2niix",
    "ConversionSoftwareVersion": "v1.0.20180622 GCC5.4.0",
    "EchoTime": 0.028,
    "EffectiveEchoSpacing": 0.0006909,
    "FlipAngle": 76.1,
    "ImageComments": "RepliSC",
    "ImageOrientationPatientDICOM": [
      0.99932,
      -0.018957,
      0.0316337,
      0.0181411,
      0.9995,
      0.025883
    ],
    "InstitutionName": "Spinoza Centre for Neuroimaging, location REC",
    "MagneticFieldStrength": 3,
    "Manufacturer": "Philips",
    "ParallelAcquisitionTechnique": "SENSE",
    "ParallelReductionFactorInPlane": 2,
    "PatientPosition": "HFS",
    "PhaseEncodingDirection": "j",
    "PhilipsRescaleIntercept": 0,
    "PhilipsRescaleSlope": 0.75849,
    "PhilipsScaleSlope": 0.0254757,
    "ProtocolName": "task-Healthratingtask_acq-SeqMm3Tr2000_bold",
    "PulseSequenceType": "Gradient Echo EPI",
    "ReconMatrixPE": 80,
    "RepetitionTime": 2,
    "SeriesDescription": "ImageMRSERIES",
    "SeriesNumber": 4,
    "SliceEncodingDirection": "k",
    "SliceTiming": [
      0.0,
      0.05555555555555555,
      0.1111111111111111,
      0.16666666666666666,
      0.2222222222222222,
      0.2777777777777778,
      0.3333333333333333,
      0.38888888888888884,
      0.4444444444444444,
      0.5,
      0.5555555555555556,
      0.611111111111111,
      0.6666666666666666,
      0.7222222222222222,
      0.7777777777777777,
      0.8333333333333333,
      0.8888888888888888,
      0.9444444444444444,
      1.0,
      1.0555555555555556,
      1.1111111111111112,
      1.1666666666666665,
      1.222222222222222,
      1.2777777777777777,
      1.3333333333333333,
      1.3888888888888888,
      1.4444444444444444,
      1.5,
      1.5555555555555554,
      1.611111111111111,
      1.6666666666666665,
      1.722222222222222,
      1.7777777777777777,
      1.8333333333333333,
      1.8888888888888888,
      1.9444444444444444
    ],
    "TaskName": "Healthratingtask",
    "TotalReadoutTime": 0.0269452,
    "UsePhilipsFloatNotDisplayScaling": 1,
    "WaterFatShift": 12.0,
    "acq_id": "SeqMm3Tr2000",
    "dataset": "ds002643",
    "modality": "bold",
    "subject_id": "044",
    "task_id": "Healthratingtask"
  },
  "dummy_trs": 0,
  "dvars_nstd": 21.477906277368415,
  "dvars_std": 1.1944909655555564,
  "dvars_vstd": 1.0034756602339192,
  "efc": 0.3799872051749112,
  "fber": 161797.25,
  "fd_mean": 0.13004345522228397,
  "fd_num": 51,
  "fd_perc": 14.868804664723031,
  "fwhm_avg": 1.7744181897382763,
  "fwhm_x": 1.7556399999999999,
  "fwhm_y": 1.92326,
  "fwhm_z": 1.6443545692148291,
  "gcor": 0.053834,
  "gsr_x": -0.009981811977922916,
  "gsr_y": 0.002856374252587557,
  "provenance": {
    "md5sum": "1434bf69665004d53d8c455a04250558",
    "settings": {
      "fd_thres": 0.2,
      "testing": false
    },
    "software": "mriqc",
    "version": "23.0.1",
    "webapi_port": null,
    "webapi_url": "https://mriqc.nimh.nih.gov/api/v1"
  },
  "size_t": 343,
  "size_x": 80,
  "size_y": 80,
  "size_z": 36,
  "snr": 5.886239156868762,
  "spacing_tr": 2.0,
  "spacing_x": 3.0,
  "spacing_y": 3.0,
  "spacing_z": 3.299999952316284,
  "summary_bg_k": 65.7854465551894,
  "summary_bg_mad": 153.13070564841104,
  "summary_bg_mean": 885.6737670898438,
  "summary_bg_median": 136.43650817871094,
  "summary_bg_n": 163709.0,
  "summary_bg_p05": 10.758596992492675,
  "summary_bg_p95": 3992.8462402343794,
  "summary_bg_stdv": 2511.396728515625,
  "summary_fg_k": 1.8153160516856488,
  "summary_fg_mad": 8496.387915211482,
  "summary_fg_mean": 57806.51171875,
  "summary_fg_median": 56279.265625,
  "summary_fg_n": 28083.0,
  "summary_fg_p05": 45419.04296875,
  "summary_fg_p95": 75005.11328124999,
  "summary_fg_stdv": 9560.98828125,
  "tsnr": 83.12698364257812
}