{
  "aor": 0.0023521666666666665,
  "aqi": 0.0052492438333333336,
  "bids_meta": {
    "AcquisitionNumber": 7,
    "BIDSVersion": "1.1.0",
    "BidsifyVersion": "0.3",
    "ConversionSoftware": "dcm2niix",
    "ConversionSoftwareVersion": "v1.0.20180622 GCC5.4.0",
    "EchoTime": 0.028,
    "EffectiveEchoSpacing": 0.0006909,
    "FlipAngle": 76.1,
    "ImageComments": "RepliSC",
    "ImageOrientationPatientDICOM": [
      0.99932,
      -0.018957,
      0.0316337,
      0.0181411,
      0.9995,
      0.025883
    ],
    "InstitutionName": "Spinoza Centre for Neuroimaging, location REC",
    "MagneticFieldStrength": 3,
    "Manufacturer": "Philips",
    "ParallelAcquisitionTechnique": "SENSE",
    "ParallelReductionFactorInPlane": 2,
    "PatientPosition": "HFS",
    "PhaseEncodingDirection": "j",
    "PhilipsRescaleIntercept": 0,
    "PhilipsRescaleSlope": 0.75018,
    "PhilipsScaleSlope": 0.0260938,
    "ProtocolName": "task-RestingState_acq-SeqMm3Tr2000_bold",
    "PulseSequenceType": "Gradient Echo EPI",
    "ReconMatrixPE": 80,
    "RepetitionTime": 2,
    "SeriesDescription": "ImageMRSERIES",
    "SeriesNumber": 7,
    "SliceEncodingDirection": "k",
    "SliceTiming": [
      0.0,
      0.05555555555555555,
      0.1111111111111111,
      0.16666666666666666,
      0.2222222222222222,
      0.2777777777777778,
      0.3333333333333333,
      0.38888888888888884,
      0.4444444444444444,
      0.5,
      0.5555555555555556,
      0.611111111111111,
      0.6666666666666666,
      0.7222222222222222,
      0.7777777777777777,
      0.8333333333333333,
      0.8888888888888888,
      0.9444444444444444,
      1.0,
      1.0555555555555556,
      1.1111111111111112,
      1.1666666666666665,
      1.222222222222222,
      1.2777777777777777,
      1.3333333333333333,
      1.3888888888888888,
      1.4444444444444444,
      1.5,
      1.5555555555555554,
      1.611111111111111,
      1.6666666666666665,
      1.722222222222222,
      1.7777777777777777,
      1.8333333333333333,
      1.8888888888888888,
      1.9444444444444444
    ],
    "TaskName": "RestingState",
    "TotalReadoutTime": 0.0269452,
    "UsePhilipsFloatNotDisplayScaling": 1,
    "WaterFatShift": 12.0,
    "acq_id": "SeqMm3Tr2000",
    "dataset": "ds002643",
    "modality": "bold",
    "subject_id": "044",
    "task_id": "RestingState"
  },
  "dummy_trs": 0,
  "dvars_nstd": 21.25993255410043,
  "dvars_std": 1.1847254933891214,
  "dvars_vstd": 1.0020465807949797,
  "efc": 0.37993126587716064,
  "fber": 157200.84375,
  "fd_mean": 0.14574409047788348,
  "fd_num": 54,
  "fd_perc": 22.5,
  "fwhm_avg": 1.813802634311162,
  "fwhm_x": 1.8014466666666669,
  "fwhm_y": 1.96894,
  "fwhm_z": 1.6710212362668189,
  "gcor": 0.0413972,
  "gsr_x": -0.010044596157968044,
  "gsr_y": 0.003738110652193427,
  "provenance": {
    "md5sum": "f26b60539fb98594c2fc4579c9f27952",
    "settings": {
      "fd_thres": 0.2,
      "testing": false
    },
    "software": "mriqc",
    "version": "23.0.1",
    "webapi_port": null,
    "webapi_url": "https://mriqc.nimh.nih.gov/api/v1"
  },
  "size_t": 240,
  "size_x": 80,
  "size_y": 80,
  "size_z": 36,
  "snr": 5.760969116659055,
  "spacing_tr": 2.0,
  "spacing_x": 3.0,
  "spacing_y": 3.0,
  "spacing_z": 3.299999952316284,
  "summary_bg_k": 64.50455642313186,
  "summary_bg_mad": 154.90864740492003,
  "summary_bg_mean": 900.1576538085938,
  "summary_bg_median": 137.17684936523438,
  "summary_bg_n": 163909.0,
  "summary_bg_p05": 9.838229560852051,
  "summary_bg_p95": 4076.356835937503,
  "summary_bg_stdv": 2520.370849609375,
  "summary_fg_k": 1.8635555527857655,
  "summary_fg_mad": 8493.338735258189,
  "summary_fg_mean": 57405.23046875,
  "summary_fg_median": 55853.21875,
  "summary_fg_n": 27924.0,
  "summary_fg_p05": 44906.04453125,
  "summary_fg_p95": 75137.112890625,
  "summary_fg_stdv": 9694.9345703125,
  "tsnr": 74.35923767089844
}