{
  "aor": 0.001490349854227405,
  "aqi": 0.00576103693877551,
  "bids_meta": {
    "AcquisitionNumber": 6,
    "BIDSVersion": "1.1.0",
    "BidsifyVersion": "0.3",
    "ConversionSoftware": "dcm2niix",
    "ConversionSoftwareVersion": "v1.0.20180622 GCC5.4.0",
    "EchoTime": 0.028,
    "EffectiveEchoSpacing": 0.0006909,
    "FlipAngle": 76.1,
    "ImageComments": "RepliSC",
    "ImageOrientationPatientDICOM": [
      0.99932,
      -0.018957,
      0.0316337,
      0.0181411,
      0.9995,
      0.025883
    ],
    "InstitutionName": "Spinoza Centre for Neuroimaging, location REC",
    "MagneticFieldStrength": 3,
    "Manufacturer": "Philips",
    "ParallelAcquisitionTechnique": "SENSE",
    "ParallelReductionFactorInPlane": 2,
    "PatientPosition": "HFS",
    "PhaseEncodingDirection": "j",
    "PhilipsRescaleIntercept": 0,
    "PhilipsRescaleSlope": 0.76239,
    "PhilipsScaleSlope": 0.024706,
    "ProtocolName": "task-Decisiontask_acq-SeqMm3Tr2000_bold",
    "PulseSequenceType": "Gradient Echo EPI",
    "ReconMatrixPE": 80,
    "RepetitionTime": 2,
    "SeriesDescription": "ImageMRSERIES",
    "SeriesNumber": 6,
    "SliceEncodingDirection": "k",
    "SliceTiming": [
      0.0,
      0.05555555555555555,
      0.1111111111111111,
      0.16666666666666666,
      0.2222222222222222,
      0.2777777777777778,
      0.3333333333333333,
      0.38888888888888884,
      0.4444444444444444,
      0.5,
      0.5555555555555556,
      0.611111111111111,
      0.6666666666666666,
      0.7222222222222222,
      0.7777777777777777,
      0.8333333333333333,
      0.8888888888888888,
      0.9444444444444444,
      1.0,
      1.0555555555555556,
      1.1111111111111112,
      1.1666666666666665,
      1.222222222222222,
      1.2777777777777777,
      1.3333333333333333,
      1.3888888888888888,
      1.4444444444444444,
      1.5,
      1.5555555555555554,
      1.611111111111111,
      1.6666666666666665,
      1.722222222222222,
      1.7777777777777777,
      1.8333333333333333,
      1.8888888888888888,
      1.9444444444444444
    ],
    "TaskName": "Decisiontask",
    "TotalReadoutTime": 0.0269452,
    "UsePhilipsFloatNotDisplayScaling": 1,
    "WaterFatShift": 12.0,
    "acq_id": "SeqMm3Tr2000",
    "dataset": "ds002643",
    "modality": "bold",
    "subject_id": "044",
    "task_id": "Decisiontask"
  },
  "dummy_trs": 0,
  "dvars_nstd": 21.816315533859626,
  "dvars_std": 1.1837783752631583,
  "dvars_vstd": 0.9981862865204671,
  "efc": 0.3800060713003676,
  "fber": 160935.234375,
  "fd_mean": 0.14906150474546154,
  "fd_num": 65,
  "fd_perc": 18.950437317784257,
  "fwhm_avg": 1.79282879587008,
  "fwhm_x": 1.7749866666666667,
  "fwhm_y": 1.9443633333333334,
  "fwhm_z": 1.6591363876102387,
  "gcor": 0.0645654,
  "gsr_x": -0.01004643552005291,
  "gsr_y": 0.003486202796921134,
  "provenance": {
    "md5sum": "7c2cfb2f400e04140a173f4574ef8f0d",
    "settings": {
      "fd_thres": 0.2,
      "testing": false
    },
    "software": "mriqc",
    "version": "23.0.1",
    "webapi_port": null,
    "webapi_url": "https://mriqc.nimh.nih.gov/api/v1"
  },
  "size_t": 343,
  "size_x": 80,
  "size_y": 80,
  "size_z": 36,
  "snr": 5.777964471780851,
  "spacing_tr": 2.0,
  "spacing_x": 3.0,
  "spacing_y": 3.0,
  "spacing_z": 3.299999952316284,
  "summary_bg_k": 66.49893577846507,
  "summary_bg_mad": 155.26089438128787,
  "summary_bg_mean": 904.4892578125,
  "summary_bg_median": 138.19654846191406,
  "summary_bg_n": 163753.0,
  "summary_bg_p05": 10.493415641784669,
  "summary_bg_p95": 4079.8886230468743,
  "summary_bg_stdv": 2554.410888671875,
  "summary_fg_k": 1.9367360802125857,
  "summary_fg_mad": 8716.11998854086,
  "summary_fg_mean": 58501.671875,
  "summary_fg_median": 56901.47265625,
  "summary_fg_n": 28025.0,
  "summary_fg_p05": 45748.51015625,
  "summary_fg_p95": 76521.11875,
  "summary_fg_stdv": 9847.837890625,
  "tsnr": 71.83683013916016
}