{
  "aor": 0.00157265306122449,
  "aqi": 0.007469483440233237,
  "bids_meta": {
    "AcquisitionNumber": 3,
    "BIDSVersion": "1.1.0",
    "BidsifyVersion": "0.3",
    "ConversionSoftware": "dcm2niix",
    "ConversionSoftwareVersion": "v1.0.20180622 GCC5.4.0",
    "EchoTime": 0.028,
    "EffectiveEchoSpacing": 0.0006909,
    "FlipAngle": 76.1,
    "ImageComments": "RepliSC",
    "ImageOrientationPatientDICOM": [
      0.99932,
      -0.018957,
      0.0316337,
      0.0181411,
      0.9995,
      0.025883
    ],
    "InstitutionName": "Spinoza Centre for Neuroimaging, location REC",
    "MagneticFieldStrength": 3,
    "Manufacturer": "Philips",
    "ParallelAcquisitionTechnique": "SENSE",
    "ParallelReductionFactorInPlane": 2,
    "PatientPosition": "HFS",
    "PhaseEncodingDirection": "j",
    "PhilipsRescaleIntercept": 0,
    "PhilipsRescaleSlope": 0.80049,
    "PhilipsScaleSlope": 0.0244299,
    "ProtocolName": "task-Tasteratingtask_acq-SeqMm3Tr2000_bold",
    "PulseSequenceType": "Gradient Echo EPI",
    "ReconMatrixPE": 80,
    "RepetitionTime": 2,
    "SeriesDescription": "ImageMRSERIES",
    "SeriesNumber": 3,
    "SliceEncodingDirection": "k",
    "SliceTiming": [
      0.0,
      0.05555555555555555,
      0.1111111111111111,
      0.16666666666666666,
      0.2222222222222222,
      0.2777777777777778,
      0.3333333333333333,
      0.38888888888888884,
      0.4444444444444444,
      0.5,
      0.5555555555555556,
      0.611111111111111,
      0.6666666666666666,
      0.7222222222222222,
      0.7777777777777777,
      0.8333333333333333,
      0.8888888888888888,
      0.9444444444444444,
      1.0,
      1.0555555555555556,
      1.1111111111111112,
      1.1666666666666665,
      1.222222222222222,
      1.2777777777777777,
      1.3333333333333333,
      1.3888888888888888,
      1.4444444444444444,
      1.5,
      1.5555555555555554,
      1.611111111111111,
      1.6666666666666665,
      1.722222222222222,
      1.7777777777777777,
      1.8333333333333333,
      1.8888888888888888,
      1.9444444444444444
    ],
    "TaskName": "Tasteratingtask",
    "TotalReadoutTime": 0.0269452,
    "UsePhilipsFloatNotDisplayScaling": 1,
    "WaterFatShift": 12.0,
    "acq_id": "SeqMm3Tr2000",
    "dataset": "ds002643",
    "modality": "bold",
    "subject_id": "044",
    "task_id": "Tasteratingtask"
  },
  "dummy_trs": 0,
  "dvars_nstd": 22.144048350555565,
  "dvars_std": 1.1948420937719295,
  "dvars_vstd": 0.9915095558187125,
  "efc": 0.3813924019821024,
  "fber": 164700.5625,
  "fd_mean": 0.14528790081095602,
  "fd_num": 68,
  "fd_perc": 19.825072886297377,
  "fwhm_avg": 1.7518040481471637,
  "fwhm_x": 1.7299933333333335,
  "fwhm_y": 1.9178066666666667,
  "fwhm_z": 1.607612144441491,
  "gcor": 0.0382314,
  "gsr_x": -0.01058133039623499,
  "gsr_y": 0.0034066021908074617,
  "provenance": {
    "md5sum": "9a53d365b072a69224472fe1ca4cbd3a",
    "settings": {
      "fd_thres": 0.2,
      "testing": false
    },
    "software": "mriqc",
    "version": "23.0.1",
    "webapi_port": null,
    "webapi_url": "https://mriqc.nimh.nih.gov/api/v1"
  },
  "size_t": 343,
  "size_x": 80,
  "size_y": 80,
  "size_z": 36,
  "snr": 5.8135278213568835,
  "spacing_tr": 2.0,
  "spacing_x": 3.0,
  "spacing_y": 3.0,
  "spacing_z": 3.299999952316284,
  "summary_bg_k": 62.558700145494726,
  "summary_bg_mad": 157.50145651044784,
  "summary_bg_mean": 920.2606811523438,
  "summary_bg_median": 140.50767517089844,
  "summary_bg_n": 163388.0,
  "summary_bg_p05": 10.930539083480836,
  "summary_bg_p95": 4132.638916015623,
  "summary_bg_stdv": 2624.3515625,
  "summary_fg_k": 1.7667171784901887,
  "summary_fg_mad": 9089.744434726646,
  "summary_fg_mean": 59869.90234375,
  "summary_fg_median": 58265.65625,
  "summary_fg_n": 28366.0,
  "summary_fg_p05": 46900.0078125,
  "summary_fg_p95": 77695.76953125,
  "summary_fg_stdv": 10022.25,
  "tsnr": 68.12476348876953
}