{
  "aor": 0.000808600583090379,
  "aqi": 0.00896453559766764,
  "bids_meta": {
    "AcquisitionNumber": 4,
    "BIDSVersion": "1.1.0",
    "BidsifyVersion": "0.3",
    "ConversionSoftware": "dcm2niix",
    "ConversionSoftwareVersion": "v1.0.20180622 GCC5.4.0",
    "EchoTime": 0.028,
    "EffectiveEchoSpacing": 0.0006909,
    "FlipAngle": 76.1,
    "ImageComments": "RepliSC",
    "ImageOrientationPatientDICOM": [
      0.997686,
      0.0373049,
      0.0568353,
      -0.0461771,
      0.985412,
      0.1638
    ],
    "InstitutionName": "Spinoza Centre for Neuroimaging, location REC",
    "MagneticFieldStrength": 3,
    "Manufacturer": "Philips",
    "ParallelAcquisitionTechnique": "SENSE",
    "ParallelReductionFactorInPlane": 2,
    "PatientPosition": "HFS",
    "PhaseEncodingDirection": "j",
    "PhilipsRescaleIntercept": 0,
    "PhilipsRescaleSlope": 0.7956,
    "PhilipsScaleSlope": 0.021728,
    "ProtocolName": "task-Healthratingtask_acq-SeqMm3Tr2000_bold",
    "PulseSequenceType": "Gradient Echo EPI",
    "ReconMatrixPE": 80,
    "RepetitionTime": 2,
    "SeriesDescription": "ImageMRSERIES",
    "SeriesNumber": 4,
    "SliceEncodingDirection": "k",
    "SliceTiming": [
      0.0,
      0.05555555555555555,
      0.1111111111111111,
      0.16666666666666666,
      0.2222222222222222,
      0.2777777777777778,
      0.3333333333333333,
      0.38888888888888884,
      0.4444444444444444,
      0.5,
      0.5555555555555556,
      0.611111111111111,
      0.6666666666666666,
      0.7222222222222222,
      0.7777777777777777,
      0.8333333333333333,
      0.8888888888888888,
      0.9444444444444444,
      1.0,
      1.0555555555555556,
      1.1111111111111112,
      1.1666666666666665,
      1.222222222222222,
      1.2777777777777777,
      1.3333333333333333,
      1.3888888888888888,
      1.4444444444444444,
      1.5,
      1.5555555555555554,
      1.611111111111111,
      1.6666666666666665,
      1.722222222222222,
      1.7777777777777777,
      1.8333333333333333,
      1.8888888888888888,
      1.9444444444444444
    ],
    "TaskName": "Healthratingtask",
    "TotalReadoutTime": 0.0269452,
    "UsePhilipsFloatNotDisplayScaling": 1,
    "WaterFatShift": 12.0,
    "acq_id": "SeqMm3Tr2000",
    "dataset": "ds002643",
    "modality": "bold",
    "subject_id": "019",
    "task_id": "Healthratingtask"
  },
  "dummy_trs": 0,
  "dvars_nstd": 21.366411758391806,
  "dvars_std": 1.159221151754386,
  "dvars_vstd": 0.9608871193274855,
  "efc": 0.40772774184542465,
  "fber": 69224.7578125,
  "fd_mean": 0.0883705990694257,
  "fd_num": 3,
  "fd_perc": 0.8746355685131195,
  "fwhm_avg": 1.9711644529425818,
  "fwhm_x": 1.95664,
  "fwhm_y": 2.192486666666667,
  "fwhm_z": 1.7643666921610786,
  "gcor": 0.0309463,
  "gsr_x": -0.012696528807282448,
  "gsr_y": 0.005659181158989668,
  "provenance": {
    "md5sum": "d0eebe6733b4839691e55ad4d1da0727",
    "settings": {
      "fd_thres": 0.2,
      "testing": false
    },
    "software": "mriqc",
    "version": "23.0.1",
    "webapi_port": null,
    "webapi_url": "https://mriqc.nimh.nih.gov/api/v1"
  },
  "size_t": 343,
  "size_x": 80,
  "size_y": 80,
  "size_z": 36,
  "snr": 6.29309360861148,
  "spacing_tr": 2.0,
  "spacing_x": 3.0,
  "spacing_y": 3.0,
  "spacing_z": 3.299999952316284,
  "summary_bg_k": 63.08821333404194,
  "summary_bg_mad": 276.38989831751394,
  "summary_bg_mean": 1066.551025390625,
  "summary_bg_median": 233.17129516601562,
  "summary_bg_n": 158404.0,
  "summary_bg_p05": 18.713065147399902,
  "summary_bg_p95": 4445.326123046881,
  "summary_bg_stdv": 2890.851806640625,
  "summary_fg_k": 2.4918992718399116,
  "summary_fg_mad": 8974.301265497814,
  "summary_fg_mean": 64043.38671875,
  "summary_fg_median": 63179.14453125,
  "summary_fg_n": 32127.0,
  "summary_fg_p05": 50103.4515625,
  "summary_fg_p95": 80988.77968749999,
  "summary_fg_stdv": 10039.28515625,
  "tsnr": 63.83946990966797
}