{
  "aor": 0.001753731778425656,
  "aqi": 0.004697368688046648,
  "bids_meta": {
    "AcquisitionNumber": 6,
    "BIDSVersion": "1.1.0",
    "BidsifyVersion": "0.3",
    "ConversionSoftware": "dcm2niix",
    "ConversionSoftwareVersion": "v1.0.20180622 GCC5.4.0",
    "EchoTime": 0.028,
    "EffectiveEchoSpacing": 0.0006909,
    "FlipAngle": 76.1,
    "ImageComments": "RepliSC",
    "ImageOrientationPatientDICOM": [
      0.999253,
      0.0212147,
      0.0322988,
      -0.0183143,
      0.995988,
      -0.0875884
    ],
    "InstitutionName": "Spinoza Centre for Neuroimaging, location REC",
    "MagneticFieldStrength": 3,
    "Manufacturer": "Philips",
    "ParallelAcquisitionTechnique": "SENSE",
    "ParallelReductionFactorInPlane": 2,
    "PatientPosition": "HFS",
    "PhaseEncodingDirection": "j",
    "PhilipsRescaleIntercept": 0,
    "PhilipsRescaleSlope": 0.75922,
    "PhilipsScaleSlope": 0.0206109,
    "ProtocolName": "task-Decisiontask_acq-SeqMm3Tr2000_bold",
    "PulseSequenceType": "Gradient Echo EPI",
    "ReconMatrixPE": 80,
    "RepetitionTime": 2,
    "SeriesDescription": "ImageMRSERIES",
    "SeriesNumber": 6,
    "SliceEncodingDirection": "k",
    "SliceTiming": [
      0.0,
      0.05555555555555555,
      0.1111111111111111,
      0.16666666666666666,
      0.2222222222222222,
      0.2777777777777778,
      0.3333333333333333,
      0.38888888888888884,
      0.4444444444444444,
      0.5,
      0.5555555555555556,
      0.611111111111111,
      0.6666666666666666,
      0.7222222222222222,
      0.7777777777777777,
      0.8333333333333333,
      0.8888888888888888,
      0.9444444444444444,
      1.0,
      1.0555555555555556,
      1.1111111111111112,
      1.1666666666666665,
      1.222222222222222,
      1.2777777777777777,
      1.3333333333333333,
      1.3888888888888888,
      1.4444444444444444,
      1.5,
      1.5555555555555554,
      1.611111111111111,
      1.6666666666666665,
      1.722222222222222,
      1.7777777777777777,
      1.8333333333333333,
      1.8888888888888888,
      1.9444444444444444
    ],
    "TaskName": "Decisiontask",
    "TotalReadoutTime": 0.0269452,
    "UsePhilipsFloatNotDisplayScaling": 1,
    "WaterFatShift": 12.0,
    "acq_id": "SeqMm3Tr2000",
    "dataset": "ds002643",
    "modality": "bold",
    "subject_id": "068",
    "task_id": "Decisiontask"
  },
  "dummy_trs": 0,
  "dvars_nstd": 17.125026362543853,
  "dvars_std": 1.0833931580116958,
  "dvars_vstd": 0.9709756783333336,
  "efc": 0.39459304644089854,
  "fber": 186301.828125,
  "fd_mean": 0.1271887517897796,
  "fd_num": 35,
  "fd_perc": 10.204081632653061,
  "fwhm_avg": 1.8956062709223245,
  "fwhm_x": 1.83858,
  "fwhm_y": 2.1258266666666668,
  "fwhm_z": 1.7224121461003064,
  "gcor": 0.03483,
  "gsr_x": -0.01754455454647541,
  "gsr_y": 0.008433523587882519,
  "provenance": {
    "md5sum": "0d82fb00f04debe210e5cb732e871736",
    "settings": {
      "fd_thres": 0.2,
      "testing": false
    },
    "software": "mriqc",
    "version": "23.0.1",
    "webapi_port": null,
    "webapi_url": "https://mriqc.nimh.nih.gov/api/v1"
  },
  "size_t": 343,
  "size_x": 80,
  "size_y": 80,
  "size_z": 36,
  "snr": 5.681058655825479,
  "spacing_tr": 2.0,
  "spacing_x": 3.0,
  "spacing_y": 3.0,
  "spacing_z": 3.299999952316284,
  "summary_bg_k": 60.77831732954678,
  "summary_bg_mad": 178.37996256489265,
  "summary_bg_mean": 1100.25927734375,
  "summary_bg_median": 152.8270263671875,
  "summary_bg_n": 160369.0,
  "summary_bg_p05": 11.96531047821045,
  "summary_bg_p95": 5301.569238281253,
  "summary_bg_stdv": 3120.724365234375,
  "summary_fg_k": 1.6813644532068999,
  "summary_fg_mad": 11945.93127735836,
  "summary_fg_mean": 69843.578125,
  "summary_fg_median": 68496.078125,
  "summary_fg_n": 30622.0,
  "summary_fg_p05": 54048.05078125,
  "summary_fg_p95": 91028.459765625,
  "summary_fg_stdv": 12056.724609375,
  "tsnr": 79.19173431396484
}