{
  "aor": 0.0012486588921282798,
  "aqi": 0.004805525947521866,
  "bids_meta": {
    "AcquisitionNumber": 4,
    "BIDSVersion": "1.1.0",
    "BidsifyVersion": "0.3",
    "ConversionSoftware": "dcm2niix",
    "ConversionSoftwareVersion": "v1.0.20180622 GCC5.4.0",
    "EchoTime": 0.028,
    "EffectiveEchoSpacing": 0.0006909,
    "FlipAngle": 76.1,
    "ImageComments": "RepliSC",
    "ImageOrientationPatientDICOM": [
      0.999253,
      0.0212147,
      0.0322988,
      -0.0183143,
      0.995988,
      -0.0875884
    ],
    "InstitutionName": "Spinoza Centre for Neuroimaging, location REC",
    "MagneticFieldStrength": 3,
    "Manufacturer": "Philips",
    "ParallelAcquisitionTechnique": "SENSE",
    "ParallelReductionFactorInPlane": 2,
    "PatientPosition": "HFS",
    "PhaseEncodingDirection": "j",
    "PhilipsRescaleIntercept": 0,
    "PhilipsRescaleSlope": 0.74042,
    "PhilipsScaleSlope": 0.0203924,
    "ProtocolName": "task-Healthratingtask_acq-SeqMm3Tr2000_bold",
    "PulseSequenceType": "Gradient Echo EPI",
    "ReconMatrixPE": 80,
    "RepetitionTime": 2,
    "SeriesDescription": "ImageMRSERIES",
    "SeriesNumber": 4,
    "SliceEncodingDirection": "k",
    "SliceTiming": [
      0.0,
      0.05555555555555555,
      0.1111111111111111,
      0.16666666666666666,
      0.2222222222222222,
      0.2777777777777778,
      0.3333333333333333,
      0.38888888888888884,
      0.4444444444444444,
      0.5,
      0.5555555555555556,
      0.611111111111111,
      0.6666666666666666,
      0.7222222222222222,
      0.7777777777777777,
      0.8333333333333333,
      0.8888888888888888,
      0.9444444444444444,
      1.0,
      1.0555555555555556,
      1.1111111111111112,
      1.1666666666666665,
      1.222222222222222,
      1.2777777777777777,
      1.3333333333333333,
      1.3888888888888888,
      1.4444444444444444,
      1.5,
      1.5555555555555554,
      1.611111111111111,
      1.6666666666666665,
      1.722222222222222,
      1.7777777777777777,
      1.8333333333333333,
      1.8888888888888888,
      1.9444444444444444
    ],
    "TaskName": "Healthratingtask",
    "TotalReadoutTime": 0.0269452,
    "UsePhilipsFloatNotDisplayScaling": 1,
    "WaterFatShift": 12.0,
    "acq_id": "SeqMm3Tr2000",
    "dataset": "ds002643",
    "modality": "bold",
    "subject_id": "068",
    "task_id": "Healthratingtask"
  },
  "dummy_trs": 0,
  "dvars_nstd": 16.478040662105258,
  "dvars_std": 1.074506152105264,
  "dvars_vstd": 0.9649610837426903,
  "efc": 0.39487480255033447,
  "fber": 198531.671875,
  "fd_mean": 0.12181469858906196,
  "fd_num": 34,
  "fd_perc": 9.912536443148689,
  "fwhm_avg": 1.8947012204163982,
  "fwhm_x": 1.8399,
  "fwhm_y": 2.1219733333333335,
  "fwhm_z": 1.7222303279158613,
  "gcor": 0.0255521,
  "gsr_x": -0.01758980005979538,
  "gsr_y": 0.007899421267211437,
  "provenance": {
    "md5sum": "ff7445fdc580640ad603ead8f486f23a",
    "settings": {
      "fd_thres": 0.2,
      "testing": false
    },
    "software": "mriqc",
    "version": "23.0.1",
    "webapi_port": null,
    "webapi_url": "https://mriqc.nimh.nih.gov/api/v1"
  },
  "size_t": 343,
  "size_x": 80,
  "size_y": 80,
  "size_z": 36,
  "snr": 5.658539889277075,
  "spacing_tr": 2.0,
  "spacing_x": 3.0,
  "spacing_y": 3.0,
  "spacing_z": 3.299999952316284,
  "summary_bg_k": 64.91419642289398,
  "summary_bg_mad": 176.69460992321808,
  "summary_bg_mean": 1107.2640380859375,
  "summary_bg_median": 151.46994018554688,
  "summary_bg_n": 160244.0,
  "summary_bg_p05": 11.344641780853275,
  "summary_bg_p95": 5302.432690429691,
  "summary_bg_stdv": 3220.7939453125,
  "summary_fg_k": 1.6344863443327675,
  "summary_fg_mad": 12222.294701444212,
  "summary_fg_mean": 71022.2109375,
  "summary_fg_median": 69646.3984375,
  "summary_fg_n": 30717.0,
  "summary_fg_p05": 54904.721875,
  "summary_fg_p95": 92697.15625,
  "summary_fg_stdv": 12307.9921875,
  "tsnr": 81.46176147460938
}