{
  "aor": 0.0016670262390670555,
  "aqi": 0.004403713673469387,
  "bids_meta": {
    "AcquisitionNumber": 3,
    "BIDSVersion": "1.1.0",
    "BidsifyVersion": "0.3",
    "ConversionSoftware": "dcm2niix",
    "ConversionSoftwareVersion": "v1.0.20180622 GCC5.4.0",
    "EchoTime": 0.028,
    "EffectiveEchoSpacing": 0.0006909,
    "FlipAngle": 76.1,
    "ImageComments": "RepliSC",
    "ImageOrientationPatientDICOM": [
      0.998709,
      0.0299106,
      -0.0410478,
      -0.0380174,
      0.976166,
      -0.213669
    ],
    "InstitutionName": "Spinoza Centre for Neuroimaging, location REC",
    "MagneticFieldStrength": 3,
    "Manufacturer": "Philips",
    "ParallelAcquisitionTechnique": "SENSE",
    "ParallelReductionFactorInPlane": 2,
    "PatientPosition": "HFS",
    "PhaseEncodingDirection": "j",
    "PhilipsRescaleIntercept": 0,
    "PhilipsRescaleSlope": 0.79634,
    "PhilipsScaleSlope": 0.0214196,
    "ProtocolName": "task-Tasteratingtask_acq-SeqMm3Tr2000_bold",
    "PulseSequenceType": "Gradient Echo EPI",
    "ReconMatrixPE": 80,
    "RepetitionTime": 2,
    "SeriesDescription": "ImageMRSERIES",
    "SeriesNumber": 3,
    "SliceEncodingDirection": "k",
    "SliceTiming": [
      0.0,
      0.05555555555555555,
      0.1111111111111111,
      0.16666666666666666,
      0.2222222222222222,
      0.2777777777777778,
      0.3333333333333333,
      0.38888888888888884,
      0.4444444444444444,
      0.5,
      0.5555555555555556,
      0.611111111111111,
      0.6666666666666666,
      0.7222222222222222,
      0.7777777777777777,
      0.8333333333333333,
      0.8888888888888888,
      0.9444444444444444,
      1.0,
      1.0555555555555556,
      1.1111111111111112,
      1.1666666666666665,
      1.222222222222222,
      1.2777777777777777,
      1.3333333333333333,
      1.3888888888888888,
      1.4444444444444444,
      1.5,
      1.5555555555555554,
      1.611111111111111,
      1.6666666666666665,
      1.722222222222222,
      1.7777777777777777,
      1.8333333333333333,
      1.8888888888888888,
      1.9444444444444444
    ],
    "TaskName": "Tasteratingtask",
    "TotalReadoutTime": 0.0269452,
    "UsePhilipsFloatNotDisplayScaling": 1,
    "WaterFatShift": 12.0,
    "acq_id": "SeqMm3Tr2000",
    "dataset": "ds002643",
    "modality": "bold",
    "subject_id": "052",
    "task_id": "Tasteratingtask"
  },
  "dummy_trs": 0,
  "dvars_nstd": 23.101477516929826,
  "dvars_std": 1.3504315494444443,
  "dvars_vstd": 1.0121132095321637,
  "efc": 0.45268736650452995,
  "fber": 144721.0,
  "fd_mean": 0.08071756364431813,
  "fd_num": 1,
  "fd_perc": 0.2915451895043732,
  "fwhm_avg": 1.8028556647314382,
  "fwhm_x": 1.7194266666666669,
  "fwhm_y": 1.9937766666666665,
  "fwhm_z": 1.6953636608609814,
  "gcor": 0.0332903,
  "gsr_x": -0.009339291602373123,
  "gsr_y": 0.014421924948692322,
  "provenance": {
    "md5sum": "5457a7ac9da4ff0242771ada0331a402",
    "settings": {
      "fd_thres": 0.2,
      "testing": false
    },
    "software": "mriqc",
    "version": "23.0.1",
    "webapi_port": null,
    "webapi_url": "https://mriqc.nimh.nih.gov/api/v1"
  },
  "size_t": 343,
  "size_x": 80,
  "size_y": 80,
  "size_z": 36,
  "snr": 5.925639364179656,
  "spacing_tr": 2.0,
  "spacing_x": 3.0,
  "spacing_y": 3.0,
  "spacing_z": 3.299999952316284,
  "summary_bg_k": 84.30606525561122,
  "summary_bg_mad": 203.00581382098113,
  "summary_bg_mean": 1212.8045654296875,
  "summary_bg_median": 172.65280151367188,
  "summary_bg_n": 147498.0,
  "summary_bg_p05": 9.392056894302367,
  "summary_bg_p95": 6293.391918945313,
  "summary_bg_stdv": 3325.489501953125,
  "summary_fg_k": 1.7989999215323342,
  "summary_fg_mad": 10155.964190721359,
  "summary_fg_mean": 68397.5703125,
  "summary_fg_median": 66812.59375,
  "summary_fg_n": 41675.0,
  "summary_fg_p05": 53863.516796875,
  "summary_fg_p95": 89459.78906249997,
  "summary_fg_stdv": 11275.03515625,
  "tsnr": 88.85748291015625
}