{
  "aor": 0.0016822157434402333,
  "aqi": 0.0055656549854227405,
  "bids_meta": {
    "AcquisitionNumber": 4,
    "BIDSVersion": "1.1.0",
    "BidsifyVersion": "0.3",
    "ConversionSoftware": "dcm2niix",
    "ConversionSoftwareVersion": "v1.0.20180622 GCC5.4.0",
    "EchoTime": 0.028,
    "EffectiveEchoSpacing": 0.0006909,
    "FlipAngle": 76.1,
    "ImageComments": "RepliSC",
    "ImageOrientationPatientDICOM": [
      0.998709,
      0.0299106,
      -0.0410478,
      -0.0380174,
      0.976166,
      -0.213669
    ],
    "InstitutionName": "Spinoza Centre for Neuroimaging, location REC",
    "MagneticFieldStrength": 3,
    "Manufacturer": "Philips",
    "ParallelAcquisitionTechnique": "SENSE",
    "ParallelReductionFactorInPlane": 2,
    "PatientPosition": "HFS",
    "PhaseEncodingDirection": "j",
    "PhilipsRescaleIntercept": 0,
    "PhilipsRescaleSlope": 0.75311,
    "PhilipsScaleSlope": 0.0220806,
    "ProtocolName": "task-Healthratingtask_acq-SeqMm3Tr2000_bold",
    "PulseSequenceType": "Gradient Echo EPI",
    "ReconMatrixPE": 80,
    "RepetitionTime": 2,
    "SeriesDescription": "ImageMRSERIES",
    "SeriesNumber": 4,
    "SliceEncodingDirection": "k",
    "SliceTiming": [
      0.0,
      0.05555555555555555,
      0.1111111111111111,
      0.16666666666666666,
      0.2222222222222222,
      0.2777777777777778,
      0.3333333333333333,
      0.38888888888888884,
      0.4444444444444444,
      0.5,
      0.5555555555555556,
      0.611111111111111,
      0.6666666666666666,
      0.7222222222222222,
      0.7777777777777777,
      0.8333333333333333,
      0.8888888888888888,
      0.9444444444444444,
      1.0,
      1.0555555555555556,
      1.1111111111111112,
      1.1666666666666665,
      1.222222222222222,
      1.2777777777777777,
      1.3333333333333333,
      1.3888888888888888,
      1.4444444444444444,
      1.5,
      1.5555555555555554,
      1.611111111111111,
      1.6666666666666665,
      1.722222222222222,
      1.7777777777777777,
      1.8333333333333333,
      1.8888888888888888,
      1.9444444444444444
    ],
    "TaskName": "Healthratingtask",
    "TotalReadoutTime": 0.0269452,
    "UsePhilipsFloatNotDisplayScaling": 1,
    "WaterFatShift": 12.0,
    "acq_id": "SeqMm3Tr2000",
    "dataset": "ds002643",
    "modality": "bold",
    "subject_id": "052",
    "task_id": "Healthratingtask"
  },
  "dummy_trs": 0,
  "dvars_nstd": 23.063376828128636,
  "dvars_std": 1.3368308641812858,
  "dvars_vstd": 0.9999141616081866,
  "efc": 0.4534038673477359,
  "fber": 139642.078125,
  "fd_mean": 0.08841816216290373,
  "fd_num": 11,
  "fd_perc": 3.206997084548105,
  "fwhm_avg": 1.809802028371057,
  "fwhm_x": 1.7380633333333335,
  "fwhm_y": 1.9953033333333332,
  "fwhm_z": 1.6960394184465037,
  "gcor": 0.0308427,
  "gsr_x": -0.009317346848547459,
  "gsr_y": 0.01488562859594822,
  "provenance": {
    "md5sum": "57ef5da7c8eea06bf722d0887c74a5db",
    "settings": {
      "fd_thres": 0.2,
      "testing": false
    },
    "software": "mriqc",
    "version": "23.0.1",
    "webapi_port": null,
    "webapi_url": "https://mriqc.nimh.nih.gov/api/v1"
  },
  "size_t": 343,
  "size_x": 80,
  "size_y": 80,
  "size_z": 36,
  "snr": 5.882816846661608,
  "spacing_tr": 2.0,
  "spacing_x": 3.0,
  "spacing_y": 3.0,
  "spacing_z": 3.299999952316284,
  "summary_bg_k": 83.43944991161449,
  "summary_bg_mad": 204.467286424129,
  "summary_bg_mean": 1231.53466796875,
  "summary_bg_median": 175.69097900390625,
  "summary_bg_n": 147396.0,
  "summary_bg_p05": 11.121256589889526,
  "summary_bg_p95": 6409.6787109375,
  "summary_bg_stdv": 3401.786376953125,
  "summary_fg_k": 1.9162682576900218,
  "summary_fg_mad": 10061.089231566832,
  "summary_fg_mean": 68212.7890625,
  "summary_fg_median": 66587.6484375,
  "summary_fg_n": 41767.0,
  "summary_fg_p05": 53646.25625,
  "summary_fg_p95": 89424.61874999998,
  "summary_fg_stdv": 11318.8720703125,
  "tsnr": 82.9552993774414
}