{
  "bids_meta": {
    "AcquisitionNumber": 2,
    "BIDSVersion": "1.1.0",
    "BidsifyVersion": "0.3",
    "ConversionSoftware": "dcm2niix",
    "ConversionSoftwareVersion": "v1.0.20180622 GCC5.4.0",
    "EchoTime": 0.00391,
    "ImageComments": "RepliSC",
    "ImageOrientationPatientDICOM": [
      0.997797,
      -0.0116972,
      0.0653049,
      0.0320543,
      0.946818,
      -0.320169
    ],
    "InstitutionName": "Spinoza Centre for Neuroimaging, location REC",
    "InversionTime": 0.9,
    "MagneticFieldStrength": 3,
    "Manufacturer": "Philips",
    "ParallelAcquisitionTechnique": "SENSE",
    "PatientPosition": "HFS",
    "PhilipsRescaleIntercept": 0,
    "PhilipsRescaleSlope": 2.97998,
    "PhilipsScaleSlope": 0.00495789,
    "ProtocolName": "acq-AxialNsig1Mm1_T1w",
    "ReconMatrixPE": 240,
    "RepetitionTime": 0.008465,
    "SeriesDescription": "ImageMRSERIES",
    "SeriesNumber": 2,
    "UsePhilipsFloatNotDisplayScaling": 1,
    "acq_id": "AxialNsig1Mm1",
    "dataset": "ds002643",
    "modality": "T1w",
    "subject_id": "090"
  },
  "cjv": 0.2752871958481507,
  "cnr": 4.6533232548145165,
  "efc": 0.7108589326849869,
  "fber": -1.0,
  "fwhm_avg": 4.313489656895441,
  "fwhm_x": 4.30596,
  "fwhm_y": 4.406899474656645,
  "fwhm_z": 4.227609496029676,
  "icvs_csf": 0.21375707808616945,
  "icvs_gm": 0.4354056477778128,
  "icvs_wm": 0.35083727413601773,
  "inu_med": 0.539959043264389,
  "inu_range": 0.20353667140007015,
  "provenance": {
    "md5sum": "abcde475c98b3cb49b1c7c33d4c9fc60",
    "settings": {
      "testing": false
    },
    "software": "mriqc",
    "version": "23.0.1",
    "warnings": {
      "large_rot_frame": true,
      "small_air_mask": false
    },
    "webapi_port": null,
    "webapi_url": "https://mriqc.nimh.nih.gov/api/v1"
  },
  "qi_1": 0.011152874009840998,
  "qi_2": 0.00011211314928019536,
  "rpve_csf": 21.203994802464944,
  "rpve_gm": 11.317105480588863,
  "rpve_wm": 17.06622010192088,
  "size_x": 240,
  "size_y": 240,
  "size_z": 220,
  "snr_csf": 1.4861283397044125,
  "snr_gm": 8.418419054019529,
  "snr_total": 11.925617728103738,
  "snr_wm": 25.872305790587273,
  "snrd_csf": 24.56186588546222,
  "snrd_gm": 93.91432041000239,
  "snrd_total": 90.40002927664354,
  "snrd_wm": 152.723901534466,
  "spacing_x": 1.0,
  "spacing_y": 1.0000001192092896,
  "spacing_z": 1.0000001192092896,
  "summary_bg_k": 23.856669331535908,
  "summary_bg_mad": 0.0,
  "summary_bg_mean": 1.5259231552025163,
  "summary_bg_median": 0.0,
  "summary_bg_n": 423258.0,
  "summary_bg_p05": 0.0,
  "summary_bg_p95": 10.739423520863056,
  "summary_bg_stdv": 4.289678129483979,
  "summary_csf_k": 0.639532594751191,
  "summary_csf_mad": 108.71268388815264,
  "summary_csf_mean": 180.6140214156721,
  "summary_csf_median": 160.82528601400554,
  "summary_csf_n": 32638.0,
  "summary_csf_p05": 40.345401875674725,
  "summary_csf_p95": 379.0484369266778,
  "summary_csf_stdv": 108.21597161219125,
  "summary_gm_k": 0.2807735127071518,
  "summary_gm_mad": 70.53862748078384,
  "summary_gm_mean": 616.2026961007213,
  "summary_gm_median": 614.928748132661,
  "summary_gm_n": 46327.0,
  "summary_gm_p05": 497.2861035866663,
  "summary_gm_p95": 737.6822940073907,
  "summary_gm_stdv": 73.04484456310176,
  "summary_wm_k": 0.9282280082162608,
  "summary_wm_mad": 35.46654935358171,
  "summary_wm_mean": 999.456444518312,
  "summary_wm_median": 999.9999698717147,
  "summary_wm_n": 246791.0,
  "summary_wm_p05": 935.4666771832854,
  "summary_wm_p95": 1061.4614004269242,
  "summary_wm_stdv": 38.65128805905375,
  "tpm_overlap_csf": 0.15823563655232403,
  "tpm_overlap_gm": 0.4750315511829896,
  "tpm_overlap_wm": 0.5233630654298501,
  "wm2max": 0.7454830682678784
}