{
  "aor": 0.002787142857142857,
  "aqi": 0.008250220437317783,
  "bids_meta": {
    "AcquisitionNumber": 3,
    "BIDSVersion": "1.1.0",
    "BidsifyVersion": "0.3",
    "ConversionSoftware": "dcm2niix",
    "ConversionSoftwareVersion": "v1.0.20180622 GCC5.4.0",
    "EchoTime": 0.028,
    "EffectiveEchoSpacing": 0.0006909,
    "FlipAngle": 76.1,
    "ImageComments": "RepliSC",
    "ImageOrientationPatientDICOM": [
      0.995452,
      -0.0548016,
      0.0779222,
      0.0607101,
      0.995289,
      -0.0755957
    ],
    "InstitutionName": "Spinoza Centre for Neuroimaging, location REC",
    "MagneticFieldStrength": 3,
    "Manufacturer": "Philips",
    "ParallelAcquisitionTechnique": "SENSE",
    "ParallelReductionFactorInPlane": 2,
    "PatientPosition": "HFS",
    "PhaseEncodingDirection": "j",
    "PhilipsRescaleIntercept": 0,
    "PhilipsRescaleSlope": 0.83639,
    "PhilipsScaleSlope": 0.0211853,
    "ProtocolName": "task-Healthratingtask_acq-SeqMm3Tr2000_bold",
    "PulseSequenceType": "Gradient Echo EPI",
    "ReconMatrixPE": 80,
    "RepetitionTime": 2,
    "SeriesDescription": "ImageMRSERIES",
    "SeriesNumber": 3,
    "SliceEncodingDirection": "k",
    "SliceTiming": [
      0.0,
      0.05555555555555555,
      0.1111111111111111,
      0.16666666666666666,
      0.2222222222222222,
      0.2777777777777778,
      0.3333333333333333,
      0.38888888888888884,
      0.4444444444444444,
      0.5,
      0.5555555555555556,
      0.611111111111111,
      0.6666666666666666,
      0.7222222222222222,
      0.7777777777777777,
      0.8333333333333333,
      0.8888888888888888,
      0.9444444444444444,
      1.0,
      1.0555555555555556,
      1.1111111111111112,
      1.1666666666666665,
      1.222222222222222,
      1.2777777777777777,
      1.3333333333333333,
      1.3888888888888888,
      1.4444444444444444,
      1.5,
      1.5555555555555554,
      1.611111111111111,
      1.6666666666666665,
      1.722222222222222,
      1.7777777777777777,
      1.8333333333333333,
      1.8888888888888888,
      1.9444444444444444
    ],
    "TaskName": "Healthratingtask",
    "TotalReadoutTime": 0.0269452,
    "UsePhilipsFloatNotDisplayScaling": 1,
    "WaterFatShift": 12.0,
    "acq_id": "SeqMm3Tr2000",
    "dataset": "ds002643",
    "modality": "bold",
    "subject_id": "018",
    "task_id": "Healthratingtask"
  },
  "dummy_trs": 0,
  "dvars_nstd": 24.810967356111114,
  "dvars_std": 1.2457077312280689,
  "dvars_vstd": 1.0181255027485385,
  "efc": 0.4462005911633863,
  "fber": 82065.484375,
  "fd_mean": 0.19824426496425834,
  "fd_num": 106,
  "fd_perc": 30.903790087463555,
  "fwhm_avg": 1.7764755634228873,
  "fwhm_x": 1.7118633333333333,
  "fwhm_y": 1.9841633333333333,
  "fwhm_z": 1.6334000236019948,
  "gcor": 0.094377,
  "gsr_x": -0.019822746515274048,
  "gsr_y": 0.025061162188649178,
  "provenance": {
    "md5sum": "1b4e1c2b76ac6d7b634af8dc01a22d28",
    "settings": {
      "fd_thres": 0.2,
      "testing": false
    },
    "software": "mriqc",
    "version": "23.0.1",
    "webapi_port": null,
    "webapi_url": "https://mriqc.nimh.nih.gov/api/v1"
  },
  "size_t": 343,
  "size_x": 80,
  "size_y": 80,
  "size_z": 36,
  "snr": 6.854587445465326,
  "spacing_tr": 2.0,
  "spacing_x": 3.0,
  "spacing_y": 3.0,
  "spacing_z": 3.299999952316284,
  "summary_bg_k": 68.07662030642392,
  "summary_bg_mad": 279.0950574790056,
  "summary_bg_mean": 2251.658447265625,
  "summary_bg_median": 236.55099487304688,
  "summary_bg_n": 154094.0,
  "summary_bg_p05": 15.19954619407654,
  "summary_bg_p95": 11485.486572265625,
  "summary_bg_stdv": 6716.57421875,
  "summary_fg_k": 2.2954725830415628,
  "summary_fg_mad": 9645.07452390311,
  "summary_fg_mean": 70121.8515625,
  "summary_fg_median": 69093.859375,
  "summary_fg_n": 35612.0,
  "summary_fg_p05": 56848.4310546875,
  "summary_fg_p95": 86854.51015624999,
  "summary_fg_stdv": 10079.802734375,
  "tsnr": 72.06906127929688
}