{
  "bids_meta": {
    "AcquisitionNumber": 2,
    "BIDSVersion": "1.1.0",
    "BidsifyVersion": "0.3",
    "ConversionSoftware": "dcm2niix",
    "ConversionSoftwareVersion": "v1.0.20180622 GCC5.4.0",
    "EchoTime": 0.00381,
    "ImageComments": "RepliSC",
    "ImageOrientationPatientDICOM": [
      0.99725,
      0.0343957,
      0.0656411,
      -0.024024,
      0.987978,
      -0.152713
    ],
    "InstitutionName": "Spinoza Centre for Neuroimaging, location REC",
    "InversionTime": 0.9,
    "MagneticFieldStrength": 3,
    "Manufacturer": "Philips",
    "ParallelAcquisitionTechnique": "SENSE",
    "PatientPosition": "HFS",
    "PhilipsRescaleIntercept": 0,
    "PhilipsRescaleSlope": 4.0525,
    "PhilipsScaleSlope": 0.00498035,
    "ProtocolName": "acq-AxialNsig1Mm1_T1w",
    "ReconMatrixPE": 240,
    "RepetitionTime": 0.008313,
    "SeriesDescription": "ImageMRSERIES",
    "SeriesNumber": 2,
    "UsePhilipsFloatNotDisplayScaling": 1,
    "acq_id": "AxialNsig1Mm1",
    "dataset": "ds002643",
    "modality": "T1w",
    "subject_id": "034"
  },
  "cjv": 0.26730291204725354,
  "cnr": 4.754928033804701,
  "efc": 0.6853417855881164,
  "fber": 15207.067664009077,
  "fwhm_avg": 4.111653333333333,
  "fwhm_x": 4.05075,
  "fwhm_y": 4.27857,
  "fwhm_z": 4.00564,
  "icvs_csf": 0.2527953994654582,
  "icvs_gm": 0.43366423758510564,
  "icvs_wm": 0.31354036294943616,
  "inu_med": 0.5794462859630585,
  "inu_range": 0.18274672031402583,
  "provenance": {
    "md5sum": "7e885c605bdfbd373ba3c6ee1538a6d8",
    "settings": {
      "testing": false
    },
    "software": "mriqc",
    "version": "23.0.1",
    "warnings": {
      "large_rot_frame": true,
      "small_air_mask": false
    },
    "webapi_port": null,
    "webapi_url": "https://mriqc.nimh.nih.gov/api/v1"
  },
  "qi_1": 0.0,
  "qi_2": 3.769580661295405e-05,
  "rpve_csf": 25.126615725059118,
  "rpve_gm": 14.803887596518761,
  "rpve_wm": 24.36378796925937,
  "size_x": 240,
  "size_y": 240,
  "size_z": 220,
  "snr_csf": 1.5274813903081372,
  "snr_gm": 8.51407818543333,
  "snr_total": 12.614822044235828,
  "snr_wm": 27.802906556966015,
  "snrd_csf": 16.34199499723827,
  "snrd_gm": 66.5617277343433,
  "snrd_total": 63.70206021445318,
  "snrd_wm": 108.20245791177796,
  "spacing_x": 1.0,
  "spacing_y": 1.0,
  "spacing_z": 1.0,
  "summary_bg_k": 101.76480331728987,
  "summary_bg_mad": 0.0,
  "summary_bg_mean": 3.13739423866381,
  "summary_bg_median": 0.0,
  "summary_bg_n": 364090.0,
  "summary_bg_p05": 0.0,
  "summary_bg_p95": 15.35156448930502,
  "summary_bg_stdv": 6.054727618283276,
  "summary_csf_k": 0.862372377969264,
  "summary_csf_mad": 93.82802532681303,
  "summary_csf_mean": 168.40985811550507,
  "summary_csf_median": 151.0316453911364,
  "summary_csf_n": 37507.0,
  "summary_csf_p05": 38.22897611819208,
  "summary_csf_p95": 355.6818746253848,
  "summary_csf_stdv": 98.87494077280253,
  "summary_gm_k": 0.3097772044520366,
  "summary_gm_mad": 69.7738109131145,
  "summary_gm_mean": 615.9723607390747,
  "summary_gm_median": 615.1591198928654,
  "summary_gm_n": 32883.0,
  "summary_gm_p05": 497.8516839556396,
  "summary_gm_p95": 733.8517771739512,
  "summary_gm_stdv": 72.2508946556496,
  "summary_wm_k": 1.029802404057751,
  "summary_wm_mad": 33.09528121057143,
  "summary_wm_mean": 1000.1369761396138,
  "summary_wm_median": 1000.0000156983733,
  "summary_wm_n": 150340.0,
  "summary_wm_p05": 941.5913409238682,
  "summary_wm_p95": 1057.9376257024705,
  "summary_wm_stdv": 35.96734348076196,
  "tpm_overlap_csf": 0.16551817044773448,
  "tpm_overlap_gm": 0.49561960472374117,
  "tpm_overlap_wm": 0.5240819113197035,
  "wm2max": 0.7547928250697232
}