{
  "bids_meta": {
    "AcquisitionNumber": 2,
    "BIDSVersion": "1.1.0",
    "BidsifyVersion": "0.3",
    "ConversionSoftware": "dcm2niix",
    "ConversionSoftwareVersion": "v1.0.20180622 GCC5.4.0",
    "EchoTime": 0.0038,
    "ImageComments": "RepliSC",
    "ImageOrientationPatientDICOM": [
      0.999543,
      -0.0178173,
      0.0244222,
      0.0212865,
      0.988444,
      -0.150085
    ],
    "InstitutionName": "Spinoza Centre for Neuroimaging, location REC",
    "InversionTime": 0.9,
    "MagneticFieldStrength": 3,
    "Manufacturer": "Philips",
    "ParallelAcquisitionTechnique": "SENSE",
    "PatientPosition": "HFS",
    "PhilipsRescaleIntercept": 0,
    "PhilipsRescaleSlope": 4.33944,
    "PhilipsScaleSlope": 0.00503482,
    "ProtocolName": "acq-AxialNsig1Mm1_T1w",
    "ReconMatrixPE": 240,
    "RepetitionTime": 0.00827,
    "SeriesDescription": "ImageMRSERIES",
    "SeriesNumber": 2,
    "UsePhilipsFloatNotDisplayScaling": 1,
    "acq_id": "AxialNsig1Mm1",
    "dataset": "ds002643",
    "modality": "T1w",
    "subject_id": "081"
  },
  "cjv": 0.2824424264430591,
  "cnr": 4.505131863550448,
  "efc": 0.713768048905137,
  "fber": -1.0,
  "fwhm_avg": 4.097919999999999,
  "fwhm_x": 4.07711,
  "fwhm_y": 4.23558,
  "fwhm_z": 3.98107,
  "icvs_csf": 0.22837380052362377,
  "icvs_gm": 0.4367685988417815,
  "icvs_wm": 0.33485760063459474,
  "inu_med": 0.5777631402015686,
  "inu_range": 0.19387910366058347,
  "provenance": {
    "md5sum": "f07dbd30b21cf59753628b569cc2b26e",
    "settings": {
      "testing": false
    },
    "software": "mriqc",
    "version": "23.0.1",
    "warnings": {
      "large_rot_frame": true,
      "small_air_mask": false
    },
    "webapi_port": null,
    "webapi_url": "https://mriqc.nimh.nih.gov/api/v1"
  },
  "qi_1": 0.015187035242205599,
  "qi_2": 0.0001069116600848751,
  "rpve_csf": 21.78096083681312,
  "rpve_gm": 12.042516383256274,
  "rpve_wm": 18.756489695727556,
  "size_x": 240,
  "size_y": 240,
  "size_z": 220,
  "snr_csf": 1.713321145767357,
  "snr_gm": 8.020565898017363,
  "snr_total": 11.582116244805333,
  "snr_wm": 25.012461690631277,
  "snrd_csf": 22.012211984151655,
  "snrd_gm": 80.35004035109,
  "snrd_total": 77.9194240443411,
  "snrd_wm": 131.39601979778163,
  "spacing_x": 1.0,
  "spacing_y": 1.0,
  "spacing_z": 1.0,
  "summary_bg_k": 16.25537611620715,
  "summary_bg_mad": 0.0,
  "summary_bg_mean": 1.931265321519508,
  "summary_bg_median": 0.0,
  "summary_bg_n": 364966.0,
  "summary_bg_p05": 0.0,
  "summary_bg_p95": 10.955738235265017,
  "summary_bg_stdv": 4.985968535372248,
  "summary_csf_k": 1.963214121746729,
  "summary_csf_mad": 96.22436517050915,
  "summary_csf_mean": 178.82182766578586,
  "summary_csf_median": 167.52571883797646,
  "summary_csf_n": 38055.0,
  "summary_csf_p05": 44.16271950658411,
  "summary_csf_p95": 356.2071068884804,
  "summary_csf_stdv": 97.77706773619184,
  "summary_gm_k": 0.3685283456585311,
  "summary_gm_mad": 73.09350815836753,
  "summary_gm_mean": 612.0008025409069,
  "summary_gm_median": 611.5104778278619,
  "summary_gm_n": 38509.0,
  "summary_gm_p05": 485.2282596375793,
  "summary_gm_p95": 736.0591931328178,
  "summary_gm_stdv": 76.2418195565259,
  "summary_wm_k": 0.9426529850971268,
  "summary_wm_mad": 36.632423919969476,
  "summary_wm_mean": 999.9196373711393,
  "summary_wm_median": 1000.0000311154872,
  "summary_wm_n": 210363.0,
  "summary_wm_p05": 934.6123022809625,
  "summary_wm_p95": 1064.347658218816,
  "summary_wm_stdv": 39.979977446334814,
  "tpm_overlap_csf": 0.1663339894418377,
  "tpm_overlap_gm": 0.4727584269355093,
  "tpm_overlap_wm": 0.5043009258770755,
  "wm2max": 0.8076650238948626
}