{
  "aor": 0.0014098833819241982,
  "aqi": 0.005121494373177843,
  "bids_meta": {
    "AcquisitionNumber": 3,
    "BIDSVersion": "1.1.0",
    "BidsifyVersion": "0.3",
    "ConversionSoftware": "dcm2niix",
    "ConversionSoftwareVersion": "v1.0.20180622 GCC5.4.0",
    "EchoTime": 0.028,
    "EffectiveEchoSpacing": 0.0006909,
    "FlipAngle": 76.1,
    "ImageComments": "RepliSC",
    "ImageOrientationPatientDICOM": [
      0.998756,
      0.0385542,
      0.0316357,
      -0.0338302,
      0.98982,
      -0.138249
    ],
    "InstitutionName": "Spinoza Centre for Neuroimaging, location REC",
    "MagneticFieldStrength": 3,
    "Manufacturer": "Philips",
    "ParallelAcquisitionTechnique": "SENSE",
    "ParallelReductionFactorInPlane": 2,
    "PatientPosition": "HFS",
    "PhaseEncodingDirection": "j",
    "PhilipsRescaleIntercept": 0,
    "PhilipsRescaleSlope": 0.79048,
    "PhilipsScaleSlope": 0.0182106,
    "ProtocolName": "task-Healthratingtask_acq-SeqMm3Tr2000_bold",
    "PulseSequenceType": "Gradient Echo EPI",
    "ReconMatrixPE": 80,
    "RepetitionTime": 2,
    "SeriesDescription": "ImageMRSERIES",
    "SeriesNumber": 3,
    "SliceEncodingDirection": "k",
    "SliceTiming": [
      0.0,
      0.05555555555555555,
      0.1111111111111111,
      0.16666666666666666,
      0.2222222222222222,
      0.2777777777777778,
      0.3333333333333333,
      0.38888888888888884,
      0.4444444444444444,
      0.5,
      0.5555555555555556,
      0.611111111111111,
      0.6666666666666666,
      0.7222222222222222,
      0.7777777777777777,
      0.8333333333333333,
      0.8888888888888888,
      0.9444444444444444,
      1.0,
      1.0555555555555556,
      1.1111111111111112,
      1.1666666666666665,
      1.222222222222222,
      1.2777777777777777,
      1.3333333333333333,
      1.3888888888888888,
      1.4444444444444444,
      1.5,
      1.5555555555555554,
      1.611111111111111,
      1.6666666666666665,
      1.722222222222222,
      1.7777777777777777,
      1.8333333333333333,
      1.8888888888888888,
      1.9444444444444444
    ],
    "TaskName": "Healthratingtask",
    "TotalReadoutTime": 0.0269452,
    "UsePhilipsFloatNotDisplayScaling": 1,
    "WaterFatShift": 12.0,
    "acq_id": "SeqMm3Tr2000",
    "dataset": "ds002643",
    "modality": "bold",
    "subject_id": "025",
    "task_id": "Healthratingtask"
  },
  "dummy_trs": 0,
  "dvars_nstd": 20.227139054678368,
  "dvars_std": 1.232983019912281,
  "dvars_vstd": 0.9820156993274849,
  "efc": 0.43746211491433384,
  "fber": 99459.8203125,
  "fd_mean": 0.0932022704402221,
  "fd_num": 10,
  "fd_perc": 2.9154518950437316,
  "fwhm_avg": 1.8420537457672974,
  "fwhm_x": 1.8097899999999998,
  "fwhm_y": 1.9737166666666666,
  "fwhm_z": 1.7426545706352257,
  "gcor": 0.0736536,
  "gsr_x": -0.016216453164815903,
  "gsr_y": 0.007980152033269405,
  "provenance": {
    "md5sum": "38baa9b61a304995f2f86ff419eece37",
    "settings": {
      "fd_thres": 0.2,
      "testing": false
    },
    "software": "mriqc",
    "version": "23.0.1",
    "webapi_port": null,
    "webapi_url": "https://mriqc.nimh.nih.gov/api/v1"
  },
  "size_t": 343,
  "size_x": 80,
  "size_y": 80,
  "size_z": 36,
  "snr": 5.917072244521258,
  "spacing_tr": 2.0,
  "spacing_x": 3.0,
  "spacing_y": 3.0,
  "spacing_z": 3.299999952316284,
  "summary_bg_k": 63.40093213054038,
  "summary_bg_mad": 283.8412464276282,
  "summary_bg_mean": 1385.0765380859375,
  "summary_bg_median": 231.7647247314453,
  "summary_bg_n": 151700.0,
  "summary_bg_p05": 10.466054153442384,
  "summary_bg_p95": 5753.602758789062,
  "summary_bg_stdv": 4072.76708984375,
  "summary_fg_k": 2.8641367670079365,
  "summary_fg_mad": 12570.57302024996,
  "summary_fg_mean": 77115.0234375,
  "summary_fg_median": 75786.65625,
  "summary_fg_n": 38222.0,
  "summary_fg_p05": 59808.4103515625,
  "summary_fg_p95": 98074.82109375,
  "summary_fg_stdv": 12807.966796875,
  "tsnr": 77.2135009765625
}