{
  "bids_meta": {
    "AcquisitionNumber": 2,
    "BIDSVersion": "1.1.0",
    "BidsifyVersion": "0.3",
    "ConversionSoftware": "dcm2niix",
    "ConversionSoftwareVersion": "v1.0.20180622 GCC5.4.0",
    "EchoTime": 0.00387,
    "ImageComments": "RepliSC",
    "ImageOrientationPatientDICOM": [
      0.997449,
      -0.0587265,
      -0.0405756,
      0.0473875,
      0.969896,
      -0.238863
    ],
    "InstitutionName": "Spinoza Centre for Neuroimaging, location REC",
    "InversionTime": 0.9,
    "MagneticFieldStrength": 3,
    "Manufacturer": "Philips",
    "ParallelAcquisitionTechnique": "SENSE",
    "PatientPosition": "HFS",
    "PhilipsRescaleIntercept": 0,
    "PhilipsRescaleSlope": 3.62173,
    "PhilipsScaleSlope": 0.00485974,
    "ProtocolName": "acq-AxialNsig1Mm1_T1w",
    "ReconMatrixPE": 240,
    "RepetitionTime": 0.008396,
    "SeriesDescription": "ImageMRSERIES",
    "SeriesNumber": 2,
    "UsePhilipsFloatNotDisplayScaling": 1,
    "acq_id": "AxialNsig1Mm1",
    "dataset": "ds002643",
    "modality": "T1w",
    "subject_id": "055"
  },
  "cjv": 0.2617435810723115,
  "cnr": 4.863230478803051,
  "efc": 0.7260785087998954,
  "fber": 12726.04705222117,
  "fwhm_avg": 4.113209834010223,
  "fwhm_x": 4.13016,
  "fwhm_y": 4.17726950203067,
  "fwhm_z": 4.0322,
  "icvs_csf": 0.24005328305919926,
  "icvs_gm": 0.44309332974743804,
  "icvs_wm": 0.3168533871933627,
  "inu_med": 0.5800327360630035,
  "inu_range": 0.20531488358974448,
  "provenance": {
    "md5sum": "07879e51b6103df6cee68968afb84712",
    "settings": {
      "testing": false
    },
    "software": "mriqc",
    "version": "23.0.1",
    "warnings": {
      "large_rot_frame": true,
      "small_air_mask": false
    },
    "webapi_port": null,
    "webapi_url": "https://mriqc.nimh.nih.gov/api/v1"
  },
  "qi_1": 0.0,
  "qi_2": 3.87665513734537e-05,
  "rpve_csf": 21.338170705827427,
  "rpve_gm": 12.05030488687067,
  "rpve_wm": 19.588247369133132,
  "size_x": 240,
  "size_y": 240,
  "size_z": 220,
  "snr_csf": 1.5648607422336906,
  "snr_gm": 8.860497681604281,
  "snr_total": 11.672263169024122,
  "snr_wm": 24.591431083234394,
  "snrd_csf": 15.386990990029274,
  "snrd_gm": 60.887867587599786,
  "snrd_total": 58.702804047916594,
  "snrd_wm": 99.83355356612073,
  "spacing_x": 1.0,
  "spacing_y": 1.0000001192092896,
  "spacing_z": 1.0,
  "summary_bg_k": 9.76491542649465,
  "summary_bg_mad": 0.0,
  "summary_bg_mean": 3.501748433832785,
  "summary_bg_median": 0.0,
  "summary_bg_n": 417965.0,
  "summary_bg_p05": 0.0,
  "summary_bg_p95": 16.843629147857428,
  "summary_bg_stdv": 6.562286615907228,
  "summary_csf_k": 1.5294934895485097,
  "summary_csf_mad": 88.90604416420219,
  "summary_csf_mean": 173.10028196552793,
  "summary_csf_median": 154.1264460850507,
  "summary_csf_n": 44367.0,
  "summary_csf_p05": 49.35569440703839,
  "summary_csf_p95": 364.03715793099246,
  "summary_csf_stdv": 98.49100623874837,
  "summary_gm_k": 0.4858234833652655,
  "summary_gm_mad": 65.25739418732587,
  "summary_gm_mean": 611.7070869938242,
  "summary_gm_median": 609.893815305084,
  "summary_gm_n": 41189.0,
  "summary_gm_p05": 500.8783725567162,
  "summary_gm_p95": 726.3272116351873,
  "summary_gm_stdv": 68.83207169341068,
  "summary_wm_k": 1.158032506206676,
  "summary_wm_mad": 36.85039255095704,
  "summary_wm_mean": 998.6815160841944,
  "summary_wm_median": 999.9999883770943,
  "summary_wm_n": 202062.0,
  "summary_wm_p05": 929.6573251020163,
  "summary_wm_p95": 1061.268086120579,
  "summary_wm_stdv": 40.66447009534949,
  "tpm_overlap_csf": 0.1559344014803671,
  "tpm_overlap_gm": 0.4682546333764282,
  "tpm_overlap_wm": 0.4935931021296984,
  "wm2max": 0.7492180578908355
}