{
  "bids_meta": {
    "AcquisitionNumber": 2,
    "BIDSVersion": "1.1.0",
    "BidsifyVersion": "0.3",
    "ConversionSoftware": "dcm2niix",
    "ConversionSoftwareVersion": "v1.0.20180622 GCC5.4.0",
    "EchoTime": 0.00372,
    "ImageComments": "RepliSC",
    "ImageOrientationPatientDICOM": [
      0.99932,
      -0.018957,
      0.0316337,
      0.0181411,
      0.9995,
      0.025883
    ],
    "InstitutionName": "Spinoza Centre for Neuroimaging, location REC",
    "InversionTime": 0.9,
    "MagneticFieldStrength": 3,
    "Manufacturer": "Philips",
    "ParallelAcquisitionTechnique": "SENSE",
    "PatientPosition": "HFS",
    "PhilipsRescaleIntercept": 0,
    "PhilipsRescaleSlope": 3.69133,
    "PhilipsScaleSlope": 0.00557066,
    "ProtocolName": "acq-AxialNsig1Mm1_T1w",
    "ReconMatrixPE": 240,
    "RepetitionTime": 0.008123,
    "SeriesDescription": "ImageMRSERIES",
    "SeriesNumber": 2,
    "UsePhilipsFloatNotDisplayScaling": 1,
    "acq_id": "AxialNsig1Mm1",
    "dataset": "ds002643",
    "modality": "T1w",
    "subject_id": "044"
  },
  "cjv": 0.27926687202776646,
  "cnr": 4.633221686165836,
  "efc": 0.670666102029653,
  "fber": -1.0,
  "fwhm_avg": 4.229313170337299,
  "fwhm_x": 4.26503,
  "fwhm_y": 4.32098,
  "fwhm_z": 4.101929511011898,
  "icvs_csf": 0.2625932852568222,
  "icvs_gm": 0.4175358698266053,
  "icvs_wm": 0.3198708449165725,
  "inu_med": 0.5964271426200867,
  "inu_range": 0.2032296240329743,
  "provenance": {
    "md5sum": "8ad35f62a8fa389bb01cbc7e58bc4ca7",
    "settings": {
      "testing": false
    },
    "software": "mriqc",
    "version": "23.0.1",
    "warnings": {
      "large_rot_frame": true,
      "small_air_mask": false
    },
    "webapi_port": null,
    "webapi_url": "https://mriqc.nimh.nih.gov/api/v1"
  },
  "qi_1": 0.011888527626925535,
  "qi_2": 3.753432188945918e-05,
  "rpve_csf": 26.125907894846062,
  "rpve_gm": 16.160879126548565,
  "rpve_wm": 25.242455112950648,
  "size_x": 240,
  "size_y": 240,
  "size_z": 220,
  "snr_csf": 1.6165058967607835,
  "snr_gm": 8.432552435867676,
  "snr_total": 12.084416980411602,
  "snr_wm": 26.20419260860634,
  "snrd_csf": 13.183335862801702,
  "snrd_gm": 50.425379612742354,
  "snrd_total": 48.47897477407548,
  "snrd_wm": 81.8282088466824,
  "spacing_x": 1.0,
  "spacing_y": 1.0,
  "spacing_z": 1.0000001192092896,
  "summary_bg_k": 1443.3175437496282,
  "summary_bg_mad": 0.0,
  "summary_bg_mean": 3.3419291997249676,
  "summary_bg_median": 0.0,
  "summary_bg_n": 287169.0,
  "summary_bg_p05": 0.0,
  "summary_bg_p95": 17.949614204465718,
  "summary_bg_stdv": 8.00602623241313,
  "summary_csf_k": -0.06096551383980131,
  "summary_csf_mad": 106.19343200727224,
  "summary_csf_mean": 174.29745889761583,
  "summary_csf_median": 161.10558465123177,
  "summary_csf_n": 42417.0,
  "summary_csf_p05": 38.63630259409547,
  "summary_csf_p95": 354.48068243637675,
  "summary_csf_stdv": 99.66167515644443,
  "summary_gm_k": 0.21272399008037723,
  "summary_gm_mad": 72.17087411755494,
  "summary_gm_mean": 617.0096201574684,
  "summary_gm_median": 616.2181065790355,
  "summary_gm_n": 31436.0,
  "summary_gm_p05": 497.7482330193743,
  "summary_gm_p95": 735.944937095046,
  "summary_gm_stdv": 73.07494498662344,
  "summary_wm_k": 0.8097421418517121,
  "summary_wm_mad": 34.99918667506945,
  "summary_wm_mean": 998.6049589784145,
  "summary_wm_median": 999.9731148779392,
  "summary_wm_n": 154496.0,
  "summary_wm_p05": 933.3476744964719,
  "summary_wm_p95": 1058.2703752117231,
  "summary_wm_stdv": 38.160682665015386,
  "tpm_overlap_csf": 0.1625219984845425,
  "tpm_overlap_gm": 0.4909742154455487,
  "tpm_overlap_wm": 0.528012702528724,
  "wm2max": 0.6694024417800234
}