{
  "bids_meta": {
    "AcquisitionNumber": 2,
    "BIDSVersion": "1.1.0",
    "BidsifyVersion": "0.3",
    "ConversionSoftware": "dcm2niix",
    "ConversionSoftwareVersion": "v1.0.20180622 GCC5.4.0",
    "EchoTime": 0.00386,
    "ImageComments": "RepliSC",
    "ImageOrientationPatientDICOM": [
      0.999487,
      0.0316167,
      0.00515234,
      -0.0293149,
      0.967593,
      -0.250808
    ],
    "InstitutionName": "Spinoza Centre for Neuroimaging, location REC",
    "InversionTime": 0.9,
    "MagneticFieldStrength": 3,
    "Manufacturer": "Philips",
    "ParallelAcquisitionTechnique": "SENSE",
    "PatientPosition": "HFS",
    "PhilipsRescaleIntercept": 0,
    "PhilipsRescaleSlope": 4.31331,
    "PhilipsScaleSlope": 0.00469726,
    "ProtocolName": "acq-AxialNsig1Mm1_T1w",
    "ReconMatrixPE": 240,
    "RepetitionTime": 0.008366,
    "SeriesDescription": "ImageMRSERIES",
    "SeriesNumber": 2,
    "UsePhilipsFloatNotDisplayScaling": 1,
    "acq_id": "AxialNsig1Mm1",
    "dataset": "ds002643",
    "modality": "T1w",
    "subject_id": "031"
  },
  "cjv": 0.2751614149814868,
  "cnr": 4.655278573909851,
  "efc": 0.7053415219087033,
  "fber": -1.0,
  "fwhm_avg": 4.3024,
  "fwhm_x": 4.32226,
  "fwhm_y": 4.4101,
  "fwhm_z": 4.17484,
  "icvs_csf": 0.21953736839327614,
  "icvs_gm": 0.4434192455790964,
  "icvs_wm": 0.33704338602762746,
  "inu_med": 0.5434120893478394,
  "inu_range": 0.1846108078956603,
  "provenance": {
    "md5sum": "20fbce4adf41a129ccbaa6888aba791e",
    "settings": {
      "testing": false
    },
    "software": "mriqc",
    "version": "23.0.1",
    "warnings": {
      "large_rot_frame": true,
      "small_air_mask": false
    },
    "webapi_port": null,
    "webapi_url": "https://mriqc.nimh.nih.gov/api/v1"
  },
  "qi_1": 0.0,
  "qi_2": 3.332948801620623e-05,
  "rpve_csf": 22.886874738241346,
  "rpve_gm": 12.06946911463699,
  "rpve_wm": 18.577589946207844,
  "size_x": 240,
  "size_y": 240,
  "size_z": 220,
  "snr_csf": 1.6171418963365776,
  "snr_gm": 8.804497249342933,
  "snr_total": 12.030386952669245,
  "snr_wm": 25.669521712328223,
  "snrd_csf": 17.53121351400884,
  "snrd_gm": 66.79718134976444,
  "snrd_total": 63.8528584988718,
  "snrd_wm": 107.2301806328421,
  "spacing_x": 1.0,
  "spacing_y": 1.0,
  "spacing_z": 1.0,
  "summary_bg_k": 20.978354567846196,
  "summary_bg_mad": 0.0,
  "summary_bg_mean": 2.8407140486002302,
  "summary_bg_median": 0.0,
  "summary_bg_n": 537618.0,
  "summary_bg_p05": 0.0,
  "summary_bg_p95": 16.401681575924158,
  "summary_bg_stdv": 6.109627044290383,
  "summary_csf_k": 1.0234333286514126,
  "summary_csf_mad": 95.50754591442768,
  "summary_csf_mean": 180.8189874361187,
  "summary_csf_median": 163.4914137031883,
  "summary_csf_n": 37954.0,
  "summary_csf_p05": 47.293038115091626,
  "summary_csf_p95": 371.58146671662104,
  "summary_csf_stdv": 101.09765893104924,
  "summary_gm_k": 0.2751181006375698,
  "summary_gm_mad": 68.93815947121189,
  "summary_gm_mean": 624.9609857182877,
  "summary_gm_median": 622.9326681541279,
  "summary_gm_n": 51888.0,
  "summary_gm_p05": 510.97291654432195,
  "summary_gm_p95": 742.9870379623026,
  "summary_gm_stdv": 70.75096371978327,
  "summary_wm_k": 1.4344741540225696,
  "summary_wm_mad": 34.81622595745803,
  "summary_wm_mean": 999.0670514432176,
  "summary_wm_median": 1000.0000176429749,
  "summary_wm_n": 221780.0,
  "summary_wm_p05": 934.7359448540956,
  "summary_wm_p95": 1059.667416356504,
  "summary_wm_stdv": 38.956618450498816,
  "tpm_overlap_csf": 0.16446877152617873,
  "tpm_overlap_gm": 0.49170448804882877,
  "tpm_overlap_wm": 0.5255294829974192,
  "wm2max": 0.7731953231962406
}