{
  "aor": 0.0013798833819241984,
  "aqi": 0.005669706880466472,
  "bids_meta": {
    "AcquisitionNumber": 6,
    "BIDSVersion": "1.1.0",
    "BidsifyVersion": "0.3",
    "ConversionSoftware": "dcm2niix",
    "ConversionSoftwareVersion": "v1.0.20180622 GCC5.4.0",
    "EchoTime": 0.028,
    "EffectiveEchoSpacing": 0.0006909,
    "FlipAngle": 76.1,
    "ImageComments": "RepliSC",
    "ImageOrientationPatientDICOM": [
      0.997007,
      0.0561802,
      -0.0531135,
      -0.0663959,
      0.974146,
      -0.215943
    ],
    "InstitutionName": "Spinoza Centre for Neuroimaging, location REC",
    "MagneticFieldStrength": 3,
    "Manufacturer": "Philips",
    "ParallelAcquisitionTechnique": "SENSE",
    "ParallelReductionFactorInPlane": 2,
    "PatientPosition": "HFS",
    "PhaseEncodingDirection": "j",
    "PhilipsRescaleIntercept": 0,
    "PhilipsRescaleSlope": 0.77167,
    "PhilipsScaleSlope": 0.0212677,
    "ProtocolName": "task-Decisiontask_acq-SeqMm3Tr2000_bold",
    "PulseSequenceType": "Gradient Echo EPI",
    "ReconMatrixPE": 80,
    "RepetitionTime": 2,
    "SeriesDescription": "ImageMRSERIES",
    "SeriesNumber": 6,
    "SliceEncodingDirection": "k",
    "SliceTiming": [
      0.0,
      0.05555555555555555,
      0.1111111111111111,
      0.16666666666666666,
      0.2222222222222222,
      0.2777777777777778,
      0.3333333333333333,
      0.38888888888888884,
      0.4444444444444444,
      0.5,
      0.5555555555555556,
      0.611111111111111,
      0.6666666666666666,
      0.7222222222222222,
      0.7777777777777777,
      0.8333333333333333,
      0.8888888888888888,
      0.9444444444444444,
      1.0,
      1.0555555555555556,
      1.1111111111111112,
      1.1666666666666665,
      1.222222222222222,
      1.2777777777777777,
      1.3333333333333333,
      1.3888888888888888,
      1.4444444444444444,
      1.5,
      1.5555555555555554,
      1.611111111111111,
      1.6666666666666665,
      1.722222222222222,
      1.7777777777777777,
      1.8333333333333333,
      1.8888888888888888,
      1.9444444444444444
    ],
    "TaskName": "Decisiontask",
    "TotalReadoutTime": 0.0269452,
    "UsePhilipsFloatNotDisplayScaling": 1,
    "WaterFatShift": 12.0,
    "acq_id": "SeqMm3Tr2000",
    "dataset": "ds002643",
    "modality": "bold",
    "subject_id": "095",
    "task_id": "Decisiontask"
  },
  "dummy_trs": 0,
  "dvars_nstd": 21.098161067251453,
  "dvars_std": 1.1525183463450297,
  "dvars_vstd": 1.0114327294736845,
  "efc": 0.42931087771442156,
  "fber": 94739.1015625,
  "fd_mean": 0.1726489781328726,
  "fd_num": 121,
  "fd_perc": 35.27696793002915,
  "fwhm_avg": 1.8299271394340668,
  "fwhm_x": 1.8044965232581678,
  "fwhm_y": 2.005469840619577,
  "fwhm_z": 1.6798150544244561,
  "gcor": 0.0426503,
  "gsr_x": -0.01831650175154209,
  "gsr_y": 0.011741404421627522,
  "provenance": {
    "md5sum": "928759b7b9b0a2768e4513169de04da1",
    "settings": {
      "fd_thres": 0.2,
      "testing": false
    },
    "software": "mriqc",
    "version": "23.0.1",
    "webapi_port": null,
    "webapi_url": "https://mriqc.nimh.nih.gov/api/v1"
  },
  "size_t": 343,
  "size_x": 80,
  "size_y": 80,
  "size_z": 36,
  "snr": 6.471215937614428,
  "spacing_tr": 2.0,
  "spacing_x": 3.000000238418579,
  "spacing_y": 3.000000238418579,
  "spacing_z": 3.3000001907348633,
  "summary_bg_k": 38.35070937653157,
  "summary_bg_mad": 248.0344522071588,
  "summary_bg_mean": 1793.1751708984375,
  "summary_bg_median": 218.08416748046875,
  "summary_bg_n": 156354.0,
  "summary_bg_p05": 20.047650718688967,
  "summary_bg_p95": 9586.045117187503,
  "summary_bg_stdv": 4762.923828125,
  "summary_fg_k": 2.7185586230056122,
  "summary_fg_mad": 9398.117009053438,
  "summary_fg_mean": 70088.3046875,
  "summary_fg_median": 68512.234375,
  "summary_fg_n": 33920.0,
  "summary_fg_p05": 56227.6611328125,
  "summary_fg_p95": 87835.684375,
  "summary_fg_stdv": 10587.0712890625,
  "tsnr": 78.34883117675781
}