{
  "aor": 0.0011700416666666667,
  "aqi": 0.005398378041666666,
  "bids_meta": {
    "AcquisitionNumber": 7,
    "BIDSVersion": "1.1.0",
    "BidsifyVersion": "0.3",
    "ConversionSoftware": "dcm2niix",
    "ConversionSoftwareVersion": "v1.0.20180622 GCC5.4.0",
    "EchoTime": 0.028,
    "EffectiveEchoSpacing": 0.0006909,
    "FlipAngle": 76.1,
    "ImageComments": "RepliSC",
    "ImageOrientationPatientDICOM": [
      0.997007,
      0.0561802,
      -0.0531135,
      -0.0663959,
      0.974146,
      -0.215943
    ],
    "InstitutionName": "Spinoza Centre for Neuroimaging, location REC",
    "MagneticFieldStrength": 3,
    "Manufacturer": "Philips",
    "ParallelAcquisitionTechnique": "SENSE",
    "ParallelReductionFactorInPlane": 2,
    "PatientPosition": "HFS",
    "PhaseEncodingDirection": "j",
    "PhilipsRescaleIntercept": 0,
    "PhilipsRescaleSlope": 0.78632,
    "PhilipsScaleSlope": 0.020883,
    "ProtocolName": "task-RestingState_acq-SeqMm3Tr2000_bold",
    "PulseSequenceType": "Gradient Echo EPI",
    "ReconMatrixPE": 80,
    "RepetitionTime": 2,
    "SeriesDescription": "ImageMRSERIES",
    "SeriesNumber": 7,
    "SliceEncodingDirection": "k",
    "SliceTiming": [
      0.0,
      0.05555555555555555,
      0.1111111111111111,
      0.16666666666666666,
      0.2222222222222222,
      0.2777777777777778,
      0.3333333333333333,
      0.38888888888888884,
      0.4444444444444444,
      0.5,
      0.5555555555555556,
      0.611111111111111,
      0.6666666666666666,
      0.7222222222222222,
      0.7777777777777777,
      0.8333333333333333,
      0.8888888888888888,
      0.9444444444444444,
      1.0,
      1.0555555555555556,
      1.1111111111111112,
      1.1666666666666665,
      1.222222222222222,
      1.2777777777777777,
      1.3333333333333333,
      1.3888888888888888,
      1.4444444444444444,
      1.5,
      1.5555555555555554,
      1.611111111111111,
      1.6666666666666665,
      1.722222222222222,
      1.7777777777777777,
      1.8333333333333333,
      1.8888888888888888,
      1.9444444444444444
    ],
    "TaskName": "RestingState",
    "TotalReadoutTime": 0.0269452,
    "UsePhilipsFloatNotDisplayScaling": 1,
    "WaterFatShift": 12.0,
    "acq_id": "SeqMm3Tr2000",
    "dataset": "ds002643",
    "modality": "bold",
    "subject_id": "095",
    "task_id": "RestingState"
  },
  "dummy_trs": 0,
  "dvars_nstd": 21.42217715916318,
  "dvars_std": 1.1473708263598328,
  "dvars_vstd": 1.0030552508786612,
  "efc": 0.4303605016068977,
  "fber": 95126.7578125,
  "fd_mean": 0.18679531613007072,
  "fd_num": 99,
  "fd_perc": 41.25,
  "fwhm_avg": 1.8303810788122694,
  "fwhm_x": 1.8078598563242074,
  "fwhm_y": 2.0006531743357043,
  "fwhm_z": 1.6826302057768963,
  "gcor": 0.0367716,
  "gsr_x": -0.018311358988285065,
  "gsr_y": 0.01183565054088831,
  "provenance": {
    "md5sum": "e0c17d4509a16f0c40d4646391429277",
    "settings": {
      "fd_thres": 0.2,
      "testing": false
    },
    "software": "mriqc",
    "version": "23.0.1",
    "webapi_port": null,
    "webapi_url": "https://mriqc.nimh.nih.gov/api/v1"
  },
  "size_t": 240,
  "size_x": 80,
  "size_y": 80,
  "size_z": 36,
  "snr": 6.469769268077919,
  "spacing_tr": 2.0,
  "spacing_x": 3.000000238418579,
  "spacing_y": 3.000000238418579,
  "spacing_z": 3.3000001907348633,
  "summary_bg_k": 38.35712705163847,
  "summary_bg_mad": 246.22478774922007,
  "summary_bg_mean": 1818.00390625,
  "summary_bg_median": 216.77452087402344,
  "summary_bg_n": 156257.0,
  "summary_bg_p05": 20.003030395507814,
  "summary_bg_p95": 9810.748046874998,
  "summary_bg_stdv": 4807.12548828125,
  "summary_fg_k": 2.7541009878618583,
  "summary_fg_mad": 9315.713861920598,
  "summary_fg_mean": 69809.46875,
  "summary_fg_median": 68206.53125,
  "summary_fg_n": 33960.0,
  "summary_fg_p05": 56046.7677734375,
  "summary_fg_p95": 87520.255859375,
  "summary_fg_stdv": 10542.1884765625,
  "tsnr": 79.50430297851562
}