{
  "aor": 0.0013635276967930026,
  "aqi": 0.004373279067055393,
  "bids_meta": {
    "AcquisitionNumber": 3,
    "BIDSVersion": "1.1.0",
    "BidsifyVersion": "0.3",
    "ConversionSoftware": "dcm2niix",
    "ConversionSoftwareVersion": "v1.0.20180622 GCC5.4.0",
    "EchoTime": 0.028,
    "EffectiveEchoSpacing": 0.0006909,
    "FlipAngle": 76.1,
    "ImageComments": "RepliSC",
    "ImageOrientationPatientDICOM": [
      0.997007,
      0.0561802,
      -0.0531135,
      -0.0663959,
      0.974146,
      -0.215943
    ],
    "InstitutionName": "Spinoza Centre for Neuroimaging, location REC",
    "MagneticFieldStrength": 3,
    "Manufacturer": "Philips",
    "ParallelAcquisitionTechnique": "SENSE",
    "ParallelReductionFactorInPlane": 2,
    "PatientPosition": "HFS",
    "PhaseEncodingDirection": "j",
    "PhilipsRescaleIntercept": 0,
    "PhilipsRescaleSlope": 0.75092,
    "PhilipsScaleSlope": 0.0214419,
    "ProtocolName": "task-Tasteratingtask_acq-SeqMm3Tr2000_bold",
    "PulseSequenceType": "Gradient Echo EPI",
    "ReconMatrixPE": 80,
    "RepetitionTime": 2,
    "SeriesDescription": "ImageMRSERIES",
    "SeriesNumber": 3,
    "SliceEncodingDirection": "k",
    "SliceTiming": [
      0.0,
      0.05555555555555555,
      0.1111111111111111,
      0.16666666666666666,
      0.2222222222222222,
      0.2777777777777778,
      0.3333333333333333,
      0.38888888888888884,
      0.4444444444444444,
      0.5,
      0.5555555555555556,
      0.611111111111111,
      0.6666666666666666,
      0.7222222222222222,
      0.7777777777777777,
      0.8333333333333333,
      0.8888888888888888,
      0.9444444444444444,
      1.0,
      1.0555555555555556,
      1.1111111111111112,
      1.1666666666666665,
      1.222222222222222,
      1.2777777777777777,
      1.3333333333333333,
      1.3888888888888888,
      1.4444444444444444,
      1.5,
      1.5555555555555554,
      1.611111111111111,
      1.6666666666666665,
      1.722222222222222,
      1.7777777777777777,
      1.8333333333333333,
      1.8888888888888888,
      1.9444444444444444
    ],
    "TaskName": "Tasteratingtask",
    "TotalReadoutTime": 0.0269452,
    "UsePhilipsFloatNotDisplayScaling": 1,
    "WaterFatShift": 12.0,
    "acq_id": "SeqMm3Tr2000",
    "dataset": "ds002643",
    "modality": "bold",
    "subject_id": "095",
    "task_id": "Tasteratingtask"
  },
  "dummy_trs": 0,
  "dvars_nstd": 20.58103017660819,
  "dvars_std": 1.1767277049707607,
  "dvars_vstd": 1.016834015116959,
  "efc": 0.4259616049445361,
  "fber": 150213.859375,
  "fd_mean": 0.1680758020522231,
  "fd_num": 108,
  "fd_perc": 31.486880466472304,
  "fwhm_avg": 1.8438784515432831,
  "fwhm_x": 1.8206798553053654,
  "fwhm_y": 2.0191465061993195,
  "fwhm_z": 1.6918089931251648,
  "gcor": 0.0433889,
  "gsr_x": -0.018134279176592827,
  "gsr_y": 0.011980847455561161,
  "provenance": {
    "md5sum": "941096d0cc8b17f81b873d957dbaba52",
    "settings": {
      "fd_thres": 0.2,
      "testing": false
    },
    "software": "mriqc",
    "version": "23.0.1",
    "webapi_port": null,
    "webapi_url": "https://mriqc.nimh.nih.gov/api/v1"
  },
  "size_t": 343,
  "size_x": 80,
  "size_y": 80,
  "size_z": 36,
  "snr": 6.3231550780225705,
  "spacing_tr": 2.0,
  "spacing_x": 3.000000238418579,
  "spacing_y": 3.000000238418579,
  "spacing_z": 3.3000001907348633,
  "summary_bg_k": 40.991970108903416,
  "summary_bg_mad": 198.47196732648217,
  "summary_bg_mean": 1649.2022705078125,
  "summary_bg_median": 168.54827880859375,
  "summary_bg_n": 156430.0,
  "summary_bg_p05": 10.81974630355835,
  "summary_bg_p95": 8723.404541015594,
  "summary_bg_stdv": 4457.42919921875,
  "summary_fg_k": 2.782781593727371,
  "summary_fg_mad": 9618.25448142694,
  "summary_fg_mean": 68679.953125,
  "summary_fg_median": 67062.34375,
  "summary_fg_n": 33783.0,
  "summary_fg_p05": 55288.893359375,
  "summary_fg_p95": 86722.746875,
  "summary_fg_stdv": 10605.6787109375,
  "tsnr": 86.40837097167969
}