{
  "aor": 0.0016354810495626821,
  "aqi": 0.005092400058309038,
  "bids_meta": {
    "AcquisitionNumber": 3,
    "BIDSVersion": "1.1.0",
    "BidsifyVersion": "0.3",
    "ConversionSoftware": "dcm2niix",
    "ConversionSoftwareVersion": "v1.0.20180622 GCC5.4.0",
    "EchoTime": 0.028,
    "EffectiveEchoSpacing": 0.0006909,
    "FlipAngle": 76.1,
    "ImageComments": "RepliSC",
    "ImageOrientationPatientDICOM": [
      0.99958,
      -0.0163264,
      0.0239422,
      0.0186694,
      0.994696,
      -0.101148
    ],
    "InstitutionName": "Spinoza Centre for Neuroimaging, location REC",
    "MagneticFieldStrength": 3,
    "Manufacturer": "Philips",
    "ParallelAcquisitionTechnique": "SENSE",
    "ParallelReductionFactorInPlane": 2,
    "PatientPosition": "HFS",
    "PhaseEncodingDirection": "j",
    "PhilipsRescaleIntercept": 0,
    "PhilipsRescaleSlope": 0.78388,
    "PhilipsScaleSlope": 0.0213752,
    "ProtocolName": "task-Healthratingtask_acq-SeqMm3Tr2000_bold",
    "PulseSequenceType": "Gradient Echo EPI",
    "ReconMatrixPE": 80,
    "RepetitionTime": 2,
    "SeriesDescription": "ImageMRSERIES",
    "SeriesNumber": 3,
    "SliceEncodingDirection": "k",
    "SliceTiming": [
      0.0,
      0.05555555555555555,
      0.1111111111111111,
      0.16666666666666666,
      0.2222222222222222,
      0.2777777777777778,
      0.3333333333333333,
      0.38888888888888884,
      0.4444444444444444,
      0.5,
      0.5555555555555556,
      0.611111111111111,
      0.6666666666666666,
      0.7222222222222222,
      0.7777777777777777,
      0.8333333333333333,
      0.8888888888888888,
      0.9444444444444444,
      1.0,
      1.0555555555555556,
      1.1111111111111112,
      1.1666666666666665,
      1.222222222222222,
      1.2777777777777777,
      1.3333333333333333,
      1.3888888888888888,
      1.4444444444444444,
      1.5,
      1.5555555555555554,
      1.611111111111111,
      1.6666666666666665,
      1.722222222222222,
      1.7777777777777777,
      1.8333333333333333,
      1.8888888888888888,
      1.9444444444444444
    ],
    "TaskName": "Healthratingtask",
    "TotalReadoutTime": 0.0269452,
    "UsePhilipsFloatNotDisplayScaling": 1,
    "WaterFatShift": 12.0,
    "acq_id": "SeqMm3Tr2000",
    "dataset": "ds002643",
    "modality": "bold",
    "subject_id": "065",
    "task_id": "Healthratingtask"
  },
  "dummy_trs": 0,
  "dvars_nstd": 20.828202950672516,
  "dvars_std": 1.1841434701169606,
  "dvars_vstd": 1.0175872746198826,
  "efc": 0.4541854110121113,
  "fber": 109652.1171875,
  "fd_mean": 0.10539471886082159,
  "fd_num": 5,
  "fd_perc": 1.4577259475218658,
  "fwhm_avg": 1.8088224322779844,
  "fwhm_x": 1.7660966666666666,
  "fwhm_y": 1.9920433333333334,
  "fwhm_z": 1.668327296833953,
  "gcor": 0.0261359,
  "gsr_x": -0.00967395305633545,
  "gsr_y": 0.013249251060187817,
  "provenance": {
    "md5sum": "9b06b93e2ccef3e0fc74b2014b8af1fa",
    "settings": {
      "fd_thres": 0.2,
      "testing": false
    },
    "software": "mriqc",
    "version": "23.0.1",
    "webapi_port": null,
    "webapi_url": "https://mriqc.nimh.nih.gov/api/v1"
  },
  "size_t": 343,
  "size_x": 80,
  "size_y": 80,
  "size_z": 36,
  "snr": 6.4796308383748284,
  "spacing_tr": 2.0,
  "spacing_x": 3.0,
  "spacing_y": 3.0,
  "spacing_z": 3.299999952316284,
  "summary_bg_k": 76.6429586054805,
  "summary_bg_mad": 216.71470939621247,
  "summary_bg_mean": 1373.2197265625,
  "summary_bg_median": 188.50888061523438,
  "summary_bg_n": 148678.0,
  "summary_bg_p05": 10.957554244995118,
  "summary_bg_p95": 6585.669702148437,
  "summary_bg_stdv": 3890.46240234375,
  "summary_fg_k": 2.588747080536894,
  "summary_fg_mad": 9240.335701080912,
  "summary_fg_mean": 65805.234375,
  "summary_fg_median": 64456.125,
  "summary_fg_n": 40242.0,
  "summary_fg_p05": 52538.4759765625,
  "summary_fg_p95": 81996.54609375,
  "summary_fg_stdv": 9947.3759765625,
  "tsnr": 82.96175384521484
}