{
  "aor": 0.0014224166666666667,
  "aqi": 0.005440721375,
  "bids_meta": {
    "AcquisitionNumber": 7,
    "BIDSVersion": "1.1.0",
    "BidsifyVersion": "0.3",
    "ConversionSoftware": "dcm2niix",
    "ConversionSoftwareVersion": "v1.0.20180622 GCC5.4.0",
    "EchoTime": 0.028,
    "EffectiveEchoSpacing": 0.0006909,
    "FlipAngle": 76.1,
    "ImageComments": "RepliSC",
    "ImageOrientationPatientDICOM": [
      0.99958,
      -0.0163264,
      0.0239422,
      0.0186694,
      0.994696,
      -0.101148
    ],
    "InstitutionName": "Spinoza Centre for Neuroimaging, location REC",
    "MagneticFieldStrength": 3,
    "Manufacturer": "Philips",
    "ParallelAcquisitionTechnique": "SENSE",
    "ParallelReductionFactorInPlane": 2,
    "PatientPosition": "HFS",
    "PhaseEncodingDirection": "j",
    "PhilipsRescaleIntercept": 0,
    "PhilipsRescaleSlope": 0.74432,
    "PhilipsScaleSlope": 0.0228261,
    "ProtocolName": "task-RestingState_acq-SeqMm3Tr2000_bold",
    "PulseSequenceType": "Gradient Echo EPI",
    "ReconMatrixPE": 80,
    "RepetitionTime": 2,
    "SeriesDescription": "ImageMRSERIES",
    "SeriesNumber": 7,
    "SliceEncodingDirection": "k",
    "SliceTiming": [
      0.0,
      0.05555555555555555,
      0.1111111111111111,
      0.16666666666666666,
      0.2222222222222222,
      0.2777777777777778,
      0.3333333333333333,
      0.38888888888888884,
      0.4444444444444444,
      0.5,
      0.5555555555555556,
      0.611111111111111,
      0.6666666666666666,
      0.7222222222222222,
      0.7777777777777777,
      0.8333333333333333,
      0.8888888888888888,
      0.9444444444444444,
      1.0,
      1.0555555555555556,
      1.1111111111111112,
      1.1666666666666665,
      1.222222222222222,
      1.2777777777777777,
      1.3333333333333333,
      1.3888888888888888,
      1.4444444444444444,
      1.5,
      1.5555555555555554,
      1.611111111111111,
      1.6666666666666665,
      1.722222222222222,
      1.7777777777777777,
      1.8333333333333333,
      1.8888888888888888,
      1.9444444444444444
    ],
    "TaskName": "RestingState",
    "TotalReadoutTime": 0.0269452,
    "UsePhilipsFloatNotDisplayScaling": 1,
    "WaterFatShift": 12.0,
    "acq_id": "SeqMm3Tr2000",
    "dataset": "ds002643",
    "modality": "bold",
    "subject_id": "065",
    "task_id": "RestingState"
  },
  "dummy_trs": 0,
  "dvars_nstd": 19.342255688075312,
  "dvars_std": 1.1590561477405854,
  "dvars_vstd": 1.0058342241841007,
  "efc": 0.45591821108514224,
  "fber": 113590.546875,
  "fd_mean": 0.11203634226090092,
  "fd_num": 16,
  "fd_perc": 6.666666666666667,
  "fwhm_avg": 1.811750816083207,
  "fwhm_x": 1.7705466666666665,
  "fwhm_y": 2.0032633333333334,
  "fwhm_z": 1.661442448249621,
  "gcor": 0.0410196,
  "gsr_x": -0.009022217243909836,
  "gsr_y": 0.013812066055834293,
  "provenance": {
    "md5sum": "ef5069a27970eee05a88a9f4d6757449",
    "settings": {
      "fd_thres": 0.2,
      "testing": false
    },
    "software": "mriqc",
    "version": "23.0.1",
    "webapi_port": null,
    "webapi_url": "https://mriqc.nimh.nih.gov/api/v1"
  },
  "size_t": 240,
  "size_x": 80,
  "size_y": 80,
  "size_z": 36,
  "snr": 6.593386347223888,
  "spacing_tr": 2.0,
  "spacing_x": 3.0,
  "spacing_y": 3.0,
  "spacing_z": 3.299999952316284,
  "summary_bg_k": 65.77574724743587,
  "summary_bg_mad": 208.95825439110257,
  "summary_bg_mean": 1360.747314453125,
  "summary_bg_median": 182.75991821289062,
  "summary_bg_n": 148415.0,
  "summary_bg_p05": 8.706846332550048,
  "summary_bg_p95": 6750.381982421872,
  "summary_bg_stdv": 3756.41162109375,
  "summary_fg_k": 2.632137526106635,
  "summary_fg_mad": 8971.990490946315,
  "summary_fg_mean": 64419.1640625,
  "summary_fg_median": 63140.4296875,
  "summary_fg_n": 40596.0,
  "summary_fg_p05": 51696.6181640625,
  "summary_fg_p95": 80138.671875,
  "summary_fg_stdv": 9576.2099609375,
  "tsnr": 82.98550415039062
}