{
  "aor": 0.001841865889212828,
  "aqi": 0.006242201778425657,
  "bids_meta": {
    "AcquisitionNumber": 6,
    "BIDSVersion": "1.1.0",
    "BidsifyVersion": "0.3",
    "ConversionSoftware": "dcm2niix",
    "ConversionSoftwareVersion": "v1.0.20180622 GCC5.4.0",
    "EchoTime": 0.028,
    "EffectiveEchoSpacing": 0.0006909,
    "FlipAngle": 76.1,
    "ImageComments": "RepliSC",
    "ImageOrientationPatientDICOM": [
      0.99958,
      -0.0163264,
      0.0239422,
      0.0186694,
      0.994696,
      -0.101148
    ],
    "InstitutionName": "Spinoza Centre for Neuroimaging, location REC",
    "MagneticFieldStrength": 3,
    "Manufacturer": "Philips",
    "ParallelAcquisitionTechnique": "SENSE",
    "ParallelReductionFactorInPlane": 2,
    "PatientPosition": "HFS",
    "PhaseEncodingDirection": "j",
    "PhilipsRescaleIntercept": 0,
    "PhilipsRescaleSlope": 0.75458,
    "PhilipsScaleSlope": 0.0221045,
    "ProtocolName": "task-Decisiontask_acq-SeqMm3Tr2000_bold",
    "PulseSequenceType": "Gradient Echo EPI",
    "ReconMatrixPE": 80,
    "RepetitionTime": 2,
    "SeriesDescription": "ImageMRSERIES",
    "SeriesNumber": 6,
    "SliceEncodingDirection": "k",
    "SliceTiming": [
      0.0,
      0.05555555555555555,
      0.1111111111111111,
      0.16666666666666666,
      0.2222222222222222,
      0.2777777777777778,
      0.3333333333333333,
      0.38888888888888884,
      0.4444444444444444,
      0.5,
      0.5555555555555556,
      0.611111111111111,
      0.6666666666666666,
      0.7222222222222222,
      0.7777777777777777,
      0.8333333333333333,
      0.8888888888888888,
      0.9444444444444444,
      1.0,
      1.0555555555555556,
      1.1111111111111112,
      1.1666666666666665,
      1.222222222222222,
      1.2777777777777777,
      1.3333333333333333,
      1.3888888888888888,
      1.4444444444444444,
      1.5,
      1.5555555555555554,
      1.611111111111111,
      1.6666666666666665,
      1.722222222222222,
      1.7777777777777777,
      1.8333333333333333,
      1.8888888888888888,
      1.9444444444444444
    ],
    "TaskName": "Decisiontask",
    "TotalReadoutTime": 0.0269452,
    "UsePhilipsFloatNotDisplayScaling": 1,
    "WaterFatShift": 12.0,
    "acq_id": "SeqMm3Tr2000",
    "dataset": "ds002643",
    "modality": "bold",
    "subject_id": "065",
    "task_id": "Decisiontask"
  },
  "dummy_trs": 0,
  "dvars_nstd": 20.114530184005872,
  "dvars_std": 1.155858251345029,
  "dvars_vstd": 1.0044647968421043,
  "efc": 0.45555229887459847,
  "fber": 106433.1015625,
  "fd_mean": 0.127637910264194,
  "fd_num": 32,
  "fd_perc": 9.329446064139942,
  "fwhm_avg": 1.7948961695315708,
  "fwhm_x": 1.7555666666666667,
  "fwhm_y": 1.98574,
  "fwhm_z": 1.6433818419280464,
  "gcor": 0.0475295,
  "gsr_x": -0.009406103752553463,
  "gsr_y": 0.013292578049004078,
  "provenance": {
    "md5sum": "d9aeebf368cd4591633c4d3cdf1bb17c",
    "settings": {
      "fd_thres": 0.2,
      "testing": false
    },
    "software": "mriqc",
    "version": "23.0.1",
    "webapi_port": null,
    "webapi_url": "https://mriqc.nimh.nih.gov/api/v1"
  },
  "size_t": 343,
  "size_x": 80,
  "size_y": 80,
  "size_z": 36,
  "snr": 6.622704798783051,
  "spacing_tr": 2.0,
  "spacing_x": 3.0,
  "spacing_y": 3.0,
  "spacing_z": 3.299999952316284,
  "summary_bg_k": 74.41219765304497,
  "summary_bg_mad": 216.8944383795223,
  "summary_bg_mean": 1381.18994140625,
  "summary_bg_median": 189.4459686279297,
  "summary_bg_n": 148575.0,
  "summary_bg_p05": 10.658554267883302,
  "summary_bg_p95": 6748.934033203116,
  "summary_bg_stdv": 3878.5791015625,
  "summary_fg_k": 2.884228961795367,
  "summary_fg_mad": 8944.0353311466,
  "summary_fg_mean": 64677.19921875,
  "summary_fg_median": 63387.03515625,
  "summary_fg_n": 40387.0,
  "summary_fg_p05": 52176.410546875,
  "summary_fg_p95": 80361.19765624999,
  "summary_fg_stdv": 9571.0517578125,
  "tsnr": 76.28926849365234
}