{
  "bids_meta": {
    "AcquisitionNumber": 2,
    "BIDSVersion": "1.1.0",
    "BidsifyVersion": "0.3",
    "ConversionSoftware": "dcm2niix",
    "ConversionSoftwareVersion": "v1.0.20180622 GCC5.4.0",
    "EchoTime": 0.00377,
    "ImageComments": "RepliSC",
    "ImageOrientationPatientDICOM": [
      0.99958,
      -0.0163264,
      0.0239422,
      0.0186694,
      0.994696,
      -0.101148
    ],
    "InstitutionName": "Spinoza Centre for Neuroimaging, location REC",
    "InversionTime": 0.9,
    "MagneticFieldStrength": 3,
    "Manufacturer": "Philips",
    "ParallelAcquisitionTechnique": "SENSE",
    "PatientPosition": "HFS",
    "PhilipsRescaleIntercept": 0,
    "PhilipsRescaleSlope": 4.16899,
    "PhilipsScaleSlope": 0.00512599,
    "ProtocolName": "acq-AxialNsig1Mm1_T1w",
    "ReconMatrixPE": 240,
    "RepetitionTime": 0.008214,
    "SeriesDescription": "ImageMRSERIES",
    "SeriesNumber": 2,
    "UsePhilipsFloatNotDisplayScaling": 1,
    "acq_id": "AxialNsig1Mm1",
    "dataset": "ds002643",
    "modality": "T1w",
    "subject_id": "065"
  },
  "cjv": 0.3013027325349573,
  "cnr": 4.220426141455173,
  "efc": 0.7082471557463763,
  "fber": -1.0,
  "fwhm_avg": 4.193133500882794,
  "fwhm_x": 4.14636,
  "fwhm_y": 4.331470258175746,
  "fwhm_z": 4.101570244472637,
  "icvs_csf": 0.23667964399123875,
  "icvs_gm": 0.4032514497816742,
  "icvs_wm": 0.36006890622708704,
  "inu_med": 0.5291458368301392,
  "inu_range": 0.17949113249778748,
  "provenance": {
    "md5sum": "5edd593f121f3eb64439ae4f802d69d8",
    "settings": {
      "testing": false
    },
    "software": "mriqc",
    "version": "23.0.1",
    "warnings": {
      "large_rot_frame": true,
      "small_air_mask": false
    },
    "webapi_port": null,
    "webapi_url": "https://mriqc.nimh.nih.gov/api/v1"
  },
  "qi_1": 0.027880773654579576,
  "qi_2": 6.276146151742721e-05,
  "rpve_csf": 19.477634190200227,
  "rpve_gm": 11.627736660993671,
  "rpve_wm": 16.543284099777438,
  "size_x": 240,
  "size_y": 240,
  "size_z": 220,
  "snr_csf": 1.5593957471748954,
  "snr_gm": 7.911954204313169,
  "snr_total": 12.264518223016205,
  "snr_wm": 27.32220471756055,
  "snrd_csf": 25.18444346054807,
  "snrd_gm": 92.53565696036107,
  "snrd_total": 88.21809709263096,
  "snrd_wm": 146.93419085698372,
  "spacing_x": 1.0,
  "spacing_y": 0.9999999403953552,
  "spacing_z": 0.9999999403953552,
  "summary_bg_k": 69.27803104861593,
  "summary_bg_mad": 0.0,
  "summary_bg_mean": 1.7025649126396647,
  "summary_bg_median": 0.0,
  "summary_bg_n": 391579.0,
  "summary_bg_p05": 0.0,
  "summary_bg_p95": 10.529969641938806,
  "summary_bg_stdv": 4.458602981000307,
  "summary_csf_k": 0.9150698213427777,
  "summary_csf_mad": 102.90034571308439,
  "summary_csf_mean": 191.92311210166463,
  "summary_csf_median": 171.39550586417317,
  "summary_csf_n": 39308.0,
  "summary_csf_p05": 48.78500220924616,
  "summary_csf_p95": 401.38045709980656,
  "summary_csf_stdv": 109.91008921257666,
  "summary_gm_k": 0.14533165469015463,
  "summary_gm_mad": 78.29896262662841,
  "summary_gm_mean": 629.1290757992901,
  "summary_gm_median": 629.7616129592061,
  "summary_gm_n": 36378.0,
  "summary_gm_p05": 495.17934381905945,
  "summary_gm_p95": 757.8338151536882,
  "summary_gm_stdv": 79.5951216139847,
  "summary_wm_k": 1.1000383330008292,
  "summary_wm_mad": 33.24789429675852,
  "summary_wm_mean": 999.5069580354708,
  "summary_wm_median": 999.976831337437,
  "summary_wm_n": 266623.0,
  "summary_wm_p05": 939.342720432207,
  "summary_wm_p95": 1057.972664134577,
  "summary_wm_stdv": 36.59935083603779,
  "tpm_overlap_csf": 0.1601417902844277,
  "tpm_overlap_gm": 0.453116575702604,
  "tpm_overlap_wm": 0.5118121812946836,
  "wm2max": 0.7994856159615213
}