{
  "bids_meta": {
    "AcquisitionNumber": 2,
    "BIDSVersion": "1.1.0",
    "BidsifyVersion": "0.3",
    "ConversionSoftware": "dcm2niix",
    "ConversionSoftwareVersion": "v1.0.20180622 GCC5.4.0",
    "EchoTime": 0.00383,
    "ImageComments": "RepliSC",
    "ImageOrientationPatientDICOM": [
      0.999672,
      -0.0251767,
      -0.00464121,
      0.0237332,
      0.979359,
      -0.200732
    ],
    "InstitutionName": "Spinoza Centre for Neuroimaging, location REC",
    "InversionTime": 0.9,
    "MagneticFieldStrength": 3,
    "Manufacturer": "Philips",
    "ParallelAcquisitionTechnique": "SENSE",
    "PatientPosition": "HFS",
    "PhilipsRescaleIntercept": 0,
    "PhilipsRescaleSlope": 4.22662,
    "PhilipsScaleSlope": 0.00548409,
    "ProtocolName": "acq-AxialNsig1Mm1_T1w",
    "ReconMatrixPE": 240,
    "RepetitionTime": 0.008314,
    "SeriesDescription": "ImageMRSERIES",
    "SeriesNumber": 2,
    "UsePhilipsFloatNotDisplayScaling": 1,
    "acq_id": "AxialNsig1Mm1",
    "dataset": "ds002643",
    "modality": "T1w",
    "subject_id": "021"
  },
  "cjv": 0.3059436500932022,
  "cnr": 4.259610971139125,
  "efc": 0.6833845291855098,
  "fber": 12786.996386228066,
  "fwhm_avg": 4.395643333333333,
  "fwhm_x": 4.39994,
  "fwhm_y": 4.47175,
  "fwhm_z": 4.31524,
  "icvs_csf": 0.27080209048356313,
  "icvs_gm": 0.3963231886837746,
  "icvs_wm": 0.33287472083266223,
  "inu_med": 0.5559570789337158,
  "inu_range": 0.1487320512533188,
  "provenance": {
    "md5sum": "c366e90aa2d67b790d6e5c9f4375d890",
    "settings": {
      "testing": false
    },
    "software": "mriqc",
    "version": "23.0.1",
    "warnings": {
      "large_rot_frame": true,
      "small_air_mask": false
    },
    "webapi_port": null,
    "webapi_url": "https://mriqc.nimh.nih.gov/api/v1"
  },
  "qi_1": 0.0,
  "qi_2": 9.138239663745438e-05,
  "rpve_csf": 28.041241380231106,
  "rpve_gm": 18.198725907703732,
  "rpve_wm": 26.145093740221363,
  "size_x": 240,
  "size_y": 240,
  "size_z": 220,
  "snr_csf": 1.2197167316912485,
  "snr_gm": 8.451161119725862,
  "snr_total": 12.510325534993905,
  "snr_wm": 27.860098753564607,
  "snrd_csf": 8.609013329492269,
  "snrd_gm": 50.93331742858624,
  "snrd_total": 46.33802919071322,
  "snrd_wm": 79.47175681406115,
  "spacing_x": 1.0,
  "spacing_y": 1.0,
  "spacing_z": 1.0,
  "summary_bg_k": 198.32737210286453,
  "summary_bg_mad": 0.0,
  "summary_bg_mean": 3.2759957098743064,
  "summary_bg_median": 0.0,
  "summary_bg_n": 299554.0,
  "summary_bg_p05": 0.0,
  "summary_bg_p95": 18.28888257779181,
  "summary_bg_stdv": 8.243460859813577,
  "summary_csf_k": 1.8320136617869718,
  "summary_csf_mad": 81.82335380218144,
  "summary_csf_mean": 128.08313709772833,
  "summary_csf_median": 108.32563176658005,
  "summary_csf_n": 52870.0,
  "summary_csf_p05": 26.219079606235027,
  "summary_csf_p95": 305.61453483151263,
  "summary_csf_stdv": 88.81128256624218,
  "summary_gm_k": 0.25674769004717746,
  "summary_gm_mad": 76.59787482104525,
  "summary_gm_mean": 641.2569442243861,
  "summary_gm_median": 640.8845679815859,
  "summary_gm_n": 30345.0,
  "summary_gm_p05": 518.4328698009252,
  "summary_gm_p95": 764.4924845907836,
  "summary_gm_stdv": 75.83265764853391,
  "summary_wm_k": 0.7244912841807851,
  "summary_wm_mad": 33.2646344896719,
  "summary_wm_mean": 999.4044557469872,
  "summary_wm_median": 999.9785033427179,
  "summary_wm_n": 158382.0,
  "summary_wm_p05": 939.1803261246532,
  "summary_wm_p95": 1056.4784707892686,
  "summary_wm_stdv": 35.892742352654324,
  "tpm_overlap_csf": 0.16209305313567715,
  "tpm_overlap_gm": 0.471799463774346,
  "tpm_overlap_wm": 0.5262767680890115,
  "wm2max": 0.7925936020168296
}