{
  "aor": 0.004289329446064139,
  "aqi": 0.011641265131195332,
  "bids_meta": {
    "AcquisitionNumber": 4,
    "BIDSVersion": "1.1.0",
    "BidsifyVersion": "0.3",
    "ConversionSoftware": "dcm2niix",
    "ConversionSoftwareVersion": "v1.0.20180622 GCC5.4.0",
    "EchoTime": 0.028,
    "EffectiveEchoSpacing": 0.0006909,
    "FlipAngle": 76.1,
    "ImageComments": "RepliSC",
    "ImageOrientationPatientDICOM": [
      0.997662,
      -0.024801,
      0.0636816,
      0.0386751,
      0.973149,
      -0.226904
    ],
    "InstitutionName": "Spinoza Centre for Neuroimaging, location REC",
    "MagneticFieldStrength": 3,
    "Manufacturer": "Philips",
    "ParallelAcquisitionTechnique": "SENSE",
    "ParallelReductionFactorInPlane": 2,
    "PatientPosition": "HFS",
    "PhaseEncodingDirection": "j",
    "PhilipsRescaleIntercept": 0,
    "PhilipsRescaleSlope": 0.75922,
    "PhilipsScaleSlope": 0.0221275,
    "ProtocolName": "ses-01_task-Healthratingtask-SeqMm3_bold",
    "PulseSequenceType": "Gradient Echo EPI",
    "ReconMatrixPE": 80,
    "RepetitionTime": 2,
    "SeriesDescription": "ImageMRSERIES",
    "SeriesNumber": 4,
    "SliceEncodingDirection": "k",
    "SliceTiming": [
      0.0,
      0.05555555555555555,
      0.1111111111111111,
      0.16666666666666666,
      0.2222222222222222,
      0.2777777777777778,
      0.3333333333333333,
      0.38888888888888884,
      0.4444444444444444,
      0.5,
      0.5555555555555556,
      0.611111111111111,
      0.6666666666666666,
      0.7222222222222222,
      0.7777777777777777,
      0.8333333333333333,
      0.8888888888888888,
      0.9444444444444444,
      1.0,
      1.0555555555555556,
      1.1111111111111112,
      1.1666666666666665,
      1.222222222222222,
      1.2777777777777777,
      1.3333333333333333,
      1.3888888888888888,
      1.4444444444444444,
      1.5,
      1.5555555555555554,
      1.611111111111111,
      1.6666666666666665,
      1.722222222222222,
      1.7777777777777777,
      1.8333333333333333,
      1.8888888888888888,
      1.9444444444444444
    ],
    "TaskName": "Healthratingtask",
    "TotalReadoutTime": 0.0269452,
    "UsePhilipsFloatNotDisplayScaling": 1,
    "WaterFatShift": 12.0,
    "acq_id": "SeqMm3Tr2000",
    "dataset": "ds002643",
    "modality": "bold",
    "subject_id": "003",
    "task_id": "Healthratingtask"
  },
  "dummy_trs": 0,
  "dvars_nstd": 28.858323147602324,
  "dvars_std": 1.1358032488596492,
  "dvars_vstd": 1.0107924908771933,
  "efc": 0.4063241515423662,
  "fber": 137029.734375,
  "fd_mean": 0.4397960103475035,
  "fd_num": 258,
  "fd_perc": 75.21865889212827,
  "fwhm_avg": 1.9105523317517994,
  "fwhm_x": 1.8735233333333332,
  "fwhm_y": 2.0893366666666666,
  "fwhm_z": 1.7687969952553981,
  "gcor": 0.0544652,
  "gsr_x": -0.02415127493441105,
  "gsr_y": 0.010988959111273289,
  "provenance": {
    "md5sum": "05c479c963dc11523e007f474f0721cf",
    "settings": {
      "fd_thres": 0.2,
      "testing": false
    },
    "software": "mriqc",
    "version": "23.0.1",
    "webapi_port": null,
    "webapi_url": "https://mriqc.nimh.nih.gov/api/v1"
  },
  "size_t": 343,
  "size_x": 80,
  "size_y": 80,
  "size_z": 36,
  "snr": 5.246883261295971,
  "spacing_tr": 2.0,
  "spacing_x": 3.0,
  "spacing_y": 3.0,
  "spacing_z": 3.299999952316284,
  "summary_bg_k": 61.04632012520696,
  "summary_bg_mad": 174.05178199589596,
  "summary_bg_mean": 1171.13525390625,
  "summary_bg_median": 167.34671020507812,
  "summary_bg_n": 158090.0,
  "summary_bg_p05": 15.527961492538454,
  "summary_bg_p95": 5728.591284179672,
  "summary_bg_stdv": 3391.22021484375,
  "summary_fg_k": 2.988665289412988,
  "summary_fg_mad": 10601.688856904353,
  "summary_fg_mean": 65051.83203125,
  "summary_fg_median": 63438.390625,
  "summary_fg_n": 31726.0,
  "summary_fg_p05": 50012.1630859375,
  "summary_fg_p95": 86185.490234375,
  "summary_fg_stdv": 12090.490234375,
  "tsnr": 47.24110794067383
}