{
  "aor": 0.004585247813411079,
  "aqi": 0.013694276822157438,
  "bids_meta": {
    "AcquisitionNumber": 6,
    "BIDSVersion": "1.1.0",
    "BidsifyVersion": "0.3",
    "ConversionSoftware": "dcm2niix",
    "ConversionSoftwareVersion": "v1.0.20180622 GCC5.4.0",
    "EchoTime": 0.028,
    "EffectiveEchoSpacing": 0.0006909,
    "FlipAngle": 76.1,
    "ImageComments": "RepliSC",
    "ImageOrientationPatientDICOM": [
      0.997662,
      -0.024801,
      0.0636816,
      0.0386751,
      0.973149,
      -0.226904
    ],
    "InstitutionName": "Spinoza Centre for Neuroimaging, location REC",
    "MagneticFieldStrength": 3,
    "Manufacturer": "Philips",
    "ParallelAcquisitionTechnique": "SENSE",
    "ParallelReductionFactorInPlane": 2,
    "PatientPosition": "HFS",
    "PhaseEncodingDirection": "j",
    "PhilipsRescaleIntercept": 0,
    "PhilipsRescaleSlope": 0.76777,
    "PhilipsScaleSlope": 0.0216334,
    "ProtocolName": "ses-01_task-Decisiontask-SeqMm3_bold",
    "PulseSequenceType": "Gradient Echo EPI",
    "ReconMatrixPE": 80,
    "RepetitionTime": 2,
    "SeriesDescription": "ImageMRSERIES",
    "SeriesNumber": 6,
    "SliceEncodingDirection": "k",
    "SliceTiming": [
      0.0,
      0.05555555555555555,
      0.1111111111111111,
      0.16666666666666666,
      0.2222222222222222,
      0.2777777777777778,
      0.3333333333333333,
      0.38888888888888884,
      0.4444444444444444,
      0.5,
      0.5555555555555556,
      0.611111111111111,
      0.6666666666666666,
      0.7222222222222222,
      0.7777777777777777,
      0.8333333333333333,
      0.8888888888888888,
      0.9444444444444444,
      1.0,
      1.0555555555555556,
      1.1111111111111112,
      1.1666666666666665,
      1.222222222222222,
      1.2777777777777777,
      1.3333333333333333,
      1.3888888888888888,
      1.4444444444444444,
      1.5,
      1.5555555555555554,
      1.611111111111111,
      1.6666666666666665,
      1.722222222222222,
      1.7777777777777777,
      1.8333333333333333,
      1.8888888888888888,
      1.9444444444444444
    ],
    "TaskName": "Decisiontask",
    "TotalReadoutTime": 0.0269452,
    "UsePhilipsFloatNotDisplayScaling": 1,
    "WaterFatShift": 12.0,
    "acq_id": "SeqMm3Tr2000",
    "dataset": "ds002643",
    "modality": "bold",
    "subject_id": "003",
    "task_id": "Decisiontask"
  },
  "dummy_trs": 0,
  "dvars_nstd": 30.559492808508775,
  "dvars_std": 1.1242306498830406,
  "dvars_vstd": 1.0016103991228071,
  "efc": 0.4090839196803602,
  "fber": 61392.890625,
  "fd_mean": 0.4977248616984657,
  "fd_num": 288,
  "fd_perc": 83.96501457725948,
  "fwhm_avg": 1.9114388974355128,
  "fwhm_x": 1.8852833333333334,
  "fwhm_y": 2.0745999999999998,
  "fwhm_z": 1.7744333589732049,
  "gcor": 0.0393735,
  "gsr_x": -0.022706877440214157,
  "gsr_y": 0.01162715069949627,
  "provenance": {
    "md5sum": "bc7fec6815a202290dfbdd46a2d339d9",
    "settings": {
      "fd_thres": 0.2,
      "testing": false
    },
    "software": "mriqc",
    "version": "23.0.1",
    "webapi_port": null,
    "webapi_url": "https://mriqc.nimh.nih.gov/api/v1"
  },
  "size_t": 343,
  "size_x": 80,
  "size_y": 80,
  "size_z": 36,
  "snr": 5.1133000859818205,
  "spacing_tr": 2.0,
  "spacing_x": 3.0,
  "spacing_y": 3.0,
  "spacing_z": 3.299999952316284,
  "summary_bg_k": 61.593779153382584,
  "summary_bg_mad": 280.3834521769113,
  "summary_bg_mean": 1279.2703857421875,
  "summary_bg_median": 255.759033203125,
  "summary_bg_n": 158126.0,
  "summary_bg_p05": 31.98246717453003,
  "summary_bg_p95": 6056.7454833984375,
  "summary_bg_stdv": 3508.8212890625,
  "summary_fg_k": 3.143491203731724,
  "summary_fg_mad": 10821.264562031,
  "summary_fg_mean": 66113.734375,
  "summary_fg_median": 64381.3125,
  "summary_fg_n": 31732.0,
  "summary_fg_p05": 50651.8412109375,
  "summary_fg_p95": 88184.206640625,
  "summary_fg_stdv": 12590.7529296875,
  "tsnr": 43.788787841796875
}