{
  "aor": 0.004554460641399417,
  "aqi": 0.010873273527696792,
  "bids_meta": {
    "AcquisitionNumber": 3,
    "BIDSVersion": "1.1.0",
    "BidsifyVersion": "0.3",
    "ConversionSoftware": "dcm2niix",
    "ConversionSoftwareVersion": "v1.0.20180622 GCC5.4.0",
    "EchoTime": 0.028,
    "EffectiveEchoSpacing": 0.0006909,
    "FlipAngle": 76.1,
    "ImageComments": "RepliSC",
    "ImageOrientationPatientDICOM": [
      0.997662,
      -0.024801,
      0.0636816,
      0.0386751,
      0.973149,
      -0.226904
    ],
    "InstitutionName": "Spinoza Centre for Neuroimaging, location REC",
    "MagneticFieldStrength": 3,
    "Manufacturer": "Philips",
    "ParallelAcquisitionTechnique": "SENSE",
    "ParallelReductionFactorInPlane": 2,
    "PatientPosition": "HFS",
    "PhaseEncodingDirection": "j",
    "PhilipsRescaleIntercept": 0,
    "PhilipsRescaleSlope": 0.75092,
    "PhilipsScaleSlope": 0.0221497,
    "ProtocolName": "ses-01_task-Tasteratingtask-SeqMm3_bold",
    "PulseSequenceType": "Gradient Echo EPI",
    "ReconMatrixPE": 80,
    "RepetitionTime": 2,
    "SeriesDescription": "ImageMRSERIES",
    "SeriesNumber": 3,
    "SliceEncodingDirection": "k",
    "SliceTiming": [
      0.0,
      0.05555555555555555,
      0.1111111111111111,
      0.16666666666666666,
      0.2222222222222222,
      0.2777777777777778,
      0.3333333333333333,
      0.38888888888888884,
      0.4444444444444444,
      0.5,
      0.5555555555555556,
      0.611111111111111,
      0.6666666666666666,
      0.7222222222222222,
      0.7777777777777777,
      0.8333333333333333,
      0.8888888888888888,
      0.9444444444444444,
      1.0,
      1.0555555555555556,
      1.1111111111111112,
      1.1666666666666665,
      1.222222222222222,
      1.2777777777777777,
      1.3333333333333333,
      1.3888888888888888,
      1.4444444444444444,
      1.5,
      1.5555555555555554,
      1.611111111111111,
      1.6666666666666665,
      1.722222222222222,
      1.7777777777777777,
      1.8333333333333333,
      1.8888888888888888,
      1.9444444444444444
    ],
    "TaskName": "Tasteratingtask",
    "TotalReadoutTime": 0.0269452,
    "UsePhilipsFloatNotDisplayScaling": 1,
    "WaterFatShift": 12.0,
    "acq_id": "SeqMm3Tr2000",
    "dataset": "ds002643",
    "modality": "bold",
    "subject_id": "003",
    "task_id": "Tasteratingtask"
  },
  "dummy_trs": 0,
  "dvars_nstd": 23.256978090818716,
  "dvars_std": 1.0900356433040939,
  "dvars_vstd": 0.9886695838596492,
  "efc": 0.405344966677249,
  "fber": 133544.953125,
  "fd_mean": 0.2887762901658048,
  "fd_num": 200,
  "fd_perc": 58.309037900874635,
  "fwhm_avg": 1.9341295035905957,
  "fwhm_x": 1.8939433333333333,
  "fwhm_y": 2.1143966666666665,
  "fwhm_z": 1.7940485107717876,
  "gcor": 0.0467237,
  "gsr_x": -0.023691393435001373,
  "gsr_y": 0.011652573011815548,
  "provenance": {
    "md5sum": "9f943722ee6545c5def9810e378e55ea",
    "settings": {
      "fd_thres": 0.2,
      "testing": false
    },
    "software": "mriqc",
    "version": "23.0.1",
    "webapi_port": null,
    "webapi_url": "https://mriqc.nimh.nih.gov/api/v1"
  },
  "size_t": 343,
  "size_x": 80,
  "size_y": 80,
  "size_z": 36,
  "snr": 5.166207860659755,
  "spacing_tr": 2.0,
  "spacing_x": 3.0,
  "spacing_y": 3.0,
  "spacing_z": 3.299999952316284,
  "summary_bg_k": 66.9787976281048,
  "summary_bg_mad": 176.28261918565343,
  "summary_bg_mean": 1154.4874267578125,
  "summary_bg_median": 169.78875732421875,
  "summary_bg_n": 158066.0,
  "summary_bg_p05": 15.466183185577393,
  "summary_bg_p95": 5648.5697021484375,
  "summary_bg_stdv": 3366.60595703125,
  "summary_fg_k": 3.044258593049631,
  "summary_fg_mad": 10774.116653199537,
  "summary_fg_mean": 65292.51171875,
  "summary_fg_median": 63624.0546875,
  "summary_fg_n": 31681.0,
  "summary_fg_p05": 49897.5234375,
  "summary_fg_p95": 86568.0234375,
  "summary_fg_stdv": 12315.232421875,
  "tsnr": 51.07714080810547
}