{
  "aor": 0.0036167916666666666,
  "aqi": 0.011009471458333335,
  "bids_meta": {
    "AcquisitionNumber": 7,
    "BIDSVersion": "1.1.0",
    "BidsifyVersion": "0.3",
    "ConversionSoftware": "dcm2niix",
    "ConversionSoftwareVersion": "v1.0.20180622 GCC5.4.0",
    "EchoTime": 0.028,
    "EffectiveEchoSpacing": 0.0006909,
    "FlipAngle": 76.1,
    "ImageComments": "RepliSC",
    "ImageOrientationPatientDICOM": [
      0.997662,
      -0.024801,
      0.0636816,
      0.0386751,
      0.973149,
      -0.226904
    ],
    "InstitutionName": "Spinoza Centre for Neuroimaging, location REC",
    "MagneticFieldStrength": 3,
    "Manufacturer": "Philips",
    "ParallelAcquisitionTechnique": "SENSE",
    "ParallelReductionFactorInPlane": 2,
    "PatientPosition": "HFS",
    "PhaseEncodingDirection": "j",
    "PhilipsRescaleIntercept": 0,
    "PhilipsRescaleSlope": 0.75238,
    "PhilipsScaleSlope": 0.0222109,
    "ProtocolName": "task-RestingState_acq-SeqMm3Tr2000_bold",
    "PulseSequenceType": "Gradient Echo EPI",
    "ReconMatrixPE": 80,
    "RepetitionTime": 2,
    "SeriesDescription": "ImageMRSERIES",
    "SeriesNumber": 7,
    "SliceEncodingDirection": "k",
    "SliceTiming": [
      0.0,
      0.05555555555555555,
      0.1111111111111111,
      0.16666666666666666,
      0.2222222222222222,
      0.2777777777777778,
      0.3333333333333333,
      0.38888888888888884,
      0.4444444444444444,
      0.5,
      0.5555555555555556,
      0.611111111111111,
      0.6666666666666666,
      0.7222222222222222,
      0.7777777777777777,
      0.8333333333333333,
      0.8888888888888888,
      0.9444444444444444,
      1.0,
      1.0555555555555556,
      1.1111111111111112,
      1.1666666666666665,
      1.222222222222222,
      1.2777777777777777,
      1.3333333333333333,
      1.3888888888888888,
      1.4444444444444444,
      1.5,
      1.5555555555555554,
      1.611111111111111,
      1.6666666666666665,
      1.722222222222222,
      1.7777777777777777,
      1.8333333333333333,
      1.8888888888888888,
      1.9444444444444444
    ],
    "TaskName": "RestingState",
    "TotalReadoutTime": 0.0269452,
    "UsePhilipsFloatNotDisplayScaling": 1,
    "WaterFatShift": 12.0,
    "acq_id": "SeqMm3Tr2000",
    "dataset": "ds002643",
    "modality": "bold",
    "subject_id": "003",
    "task_id": "RestingState"
  },
  "dummy_trs": 0,
  "dvars_nstd": 30.850371986987426,
  "dvars_std": 1.1514254572384937,
  "dvars_vstd": 1.010190369916318,
  "efc": 0.4099712042706014,
  "fber": 61908.0625,
  "fd_mean": 0.49440608699823363,
  "fd_num": 197,
  "fd_perc": 82.08333333333333,
  "fwhm_avg": 1.905460614535697,
  "fwhm_x": 1.8755733333333333,
  "fwhm_y": 2.081226666666667,
  "fwhm_z": 1.759581843607091,
  "gcor": 0.0580221,
  "gsr_x": -0.022740919142961502,
  "gsr_y": 0.01219894364476204,
  "provenance": {
    "md5sum": "9ca49942084750d1c6c3f619d8f14a42",
    "settings": {
      "fd_thres": 0.2,
      "testing": false
    },
    "software": "mriqc",
    "version": "23.0.1",
    "webapi_port": null,
    "webapi_url": "https://mriqc.nimh.nih.gov/api/v1"
  },
  "size_t": 240,
  "size_x": 80,
  "size_y": 80,
  "size_z": 36,
  "snr": 5.194749147188472,
  "spacing_tr": 2.0,
  "spacing_x": 3.0,
  "spacing_y": 3.0,
  "spacing_z": 3.299999952316284,
  "summary_bg_k": 67.30603635652949,
  "summary_bg_mad": 274.88920358307433,
  "summary_bg_mean": 1272.0391845703125,
  "summary_bg_median": 251.13510131835938,
  "summary_bg_n": 157943.0,
  "summary_bg_p05": 30.32619152069092,
  "summary_bg_p95": 6039.373535156243,
  "summary_bg_stdv": 3541.2392578125,
  "summary_fg_k": 3.0103190361415306,
  "summary_fg_mad": 10614.70216622069,
  "summary_fg_mean": 65278.7109375,
  "summary_fg_median": 63644.828125,
  "summary_fg_n": 31862.0,
  "summary_fg_p05": 50114.219140625,
  "summary_fg_p95": 86987.67890624999,
  "summary_fg_stdv": 12251.5693359375,
  "tsnr": 48.25091552734375
}