{
  "aor": 0.0009989504373177844,
  "aqi": 0.004673780874635569,
  "bids_meta": {
    "AcquisitionNumber": 3,
    "BIDSVersion": "1.1.0",
    "BidsifyVersion": "0.3",
    "ConversionSoftware": "dcm2niix",
    "ConversionSoftwareVersion": "v1.0.20180622 GCC5.4.0",
    "EchoTime": 0.028,
    "EffectiveEchoSpacing": 0.0006909,
    "FlipAngle": 76.1,
    "ImageComments": "RepliSC",
    "ImageOrientationPatientDICOM": [
      0.998067,
      -0.0573877,
      0.0238676,
      0.0608695,
      0.980151,
      -0.188678
    ],
    "InstitutionName": "Spinoza Centre for Neuroimaging, location REC",
    "MagneticFieldStrength": 3,
    "Manufacturer": "Philips",
    "ParallelAcquisitionTechnique": "SENSE",
    "ParallelReductionFactorInPlane": 2,
    "PatientPosition": "HFS",
    "PhaseEncodingDirection": "j",
    "PhilipsRescaleIntercept": 0,
    "PhilipsRescaleSlope": 0.77094,
    "PhilipsScaleSlope": 0.0200395,
    "ProtocolName": "ses-01_task-Tasteratingtask-SeqMm3_bold",
    "PulseSequenceType": "Gradient Echo EPI",
    "ReconMatrixPE": 80,
    "RepetitionTime": 2,
    "SeriesDescription": "ImageMRSERIES",
    "SeriesNumber": 3,
    "SliceEncodingDirection": "k",
    "SliceTiming": [
      0.0,
      0.05555555555555555,
      0.1111111111111111,
      0.16666666666666666,
      0.2222222222222222,
      0.2777777777777778,
      0.3333333333333333,
      0.38888888888888884,
      0.4444444444444444,
      0.5,
      0.5555555555555556,
      0.611111111111111,
      0.6666666666666666,
      0.7222222222222222,
      0.7777777777777777,
      0.8333333333333333,
      0.8888888888888888,
      0.9444444444444444,
      1.0,
      1.0555555555555556,
      1.1111111111111112,
      1.1666666666666665,
      1.222222222222222,
      1.2777777777777777,
      1.3333333333333333,
      1.3888888888888888,
      1.4444444444444444,
      1.5,
      1.5555555555555554,
      1.611111111111111,
      1.6666666666666665,
      1.722222222222222,
      1.7777777777777777,
      1.8333333333333333,
      1.8888888888888888,
      1.9444444444444444
    ],
    "TaskName": "Tasteratingtask",
    "TotalReadoutTime": 0.0269452,
    "UsePhilipsFloatNotDisplayScaling": 1,
    "WaterFatShift": 12.0,
    "acq_id": "SeqMm3Tr2000",
    "dataset": "ds002643",
    "modality": "bold",
    "subject_id": "015",
    "task_id": "Tasteratingtask"
  },
  "dummy_trs": 0,
  "dvars_nstd": 18.440276993771935,
  "dvars_std": 1.1491865844736842,
  "dvars_vstd": 0.9801628327777775,
  "efc": 0.4090014524682124,
  "fber": 98630.546875,
  "fd_mean": 0.12488806786057077,
  "fd_num": 28,
  "fd_perc": 8.16326530612245,
  "fwhm_avg": 1.795126573796849,
  "fwhm_x": 1.7562433333333332,
  "fwhm_y": 1.9390666666666665,
  "fwhm_z": 1.690069721390547,
  "gcor": 0.0643104,
  "gsr_x": -0.017408963292837143,
  "gsr_y": 0.0077162859961390495,
  "provenance": {
    "md5sum": "30302c2bcd4f2a98ff82bdb0b2c46298",
    "settings": {
      "fd_thres": 0.2,
      "testing": false
    },
    "software": "mriqc",
    "version": "23.0.1",
    "webapi_port": null,
    "webapi_url": "https://mriqc.nimh.nih.gov/api/v1"
  },
  "size_t": 343,
  "size_x": 80,
  "size_y": 80,
  "size_z": 36,
  "snr": 5.805837919385354,
  "spacing_tr": 2.0,
  "spacing_x": 3.0,
  "spacing_y": 3.0,
  "spacing_z": 3.299999952316284,
  "summary_bg_k": 82.4919437159805,
  "summary_bg_mad": 245.80849586805812,
  "summary_bg_mean": 1103.2230224609375,
  "summary_bg_median": 223.054443359375,
  "summary_bg_n": 157274.0,
  "summary_bg_p05": 20.11034555435181,
  "summary_bg_p95": 5261.022607421877,
  "summary_bg_stdv": 3045.627197265625,
  "summary_fg_k": 2.0976312304035316,
  "summary_fg_mad": 11214.125192860403,
  "summary_fg_mean": 72705.9375,
  "summary_fg_median": 70952.375,
  "summary_fg_n": 33433.0,
  "summary_fg_p05": 57222.30625,
  "summary_fg_p95": 93985.33437499999,
  "summary_fg_stdv": 12220.6845703125,
  "tsnr": 82.11233520507812
}