{
  "aor": 0.0012769096209912538,
  "aqi": 0.004802303119533527,
  "bids_meta": {
    "AcquisitionNumber": 6,
    "BIDSVersion": "1.1.0",
    "BidsifyVersion": "0.3",
    "ConversionSoftware": "dcm2niix",
    "ConversionSoftwareVersion": "v1.0.20180622 GCC5.4.0",
    "EchoTime": 0.028,
    "EffectiveEchoSpacing": 0.0006909,
    "FlipAngle": 76.1,
    "ImageComments": "RepliSC",
    "ImageOrientationPatientDICOM": [
      0.998067,
      -0.0573877,
      0.0238676,
      0.0608695,
      0.980151,
      -0.188678
    ],
    "InstitutionName": "Spinoza Centre for Neuroimaging, location REC",
    "MagneticFieldStrength": 3,
    "Manufacturer": "Philips",
    "ParallelAcquisitionTechnique": "SENSE",
    "ParallelReductionFactorInPlane": 2,
    "PatientPosition": "HFS",
    "PhaseEncodingDirection": "j",
    "PhilipsRescaleIntercept": 0,
    "PhilipsRescaleSlope": 0.79048,
    "PhilipsScaleSlope": 0.0201664,
    "ProtocolName": "ses-01_task-Decisiontask-SeqMm3_bold",
    "PulseSequenceType": "Gradient Echo EPI",
    "ReconMatrixPE": 80,
    "RepetitionTime": 2,
    "SeriesDescription": "ImageMRSERIES",
    "SeriesNumber": 6,
    "SliceEncodingDirection": "k",
    "SliceTiming": [
      0.0,
      0.05555555555555555,
      0.1111111111111111,
      0.16666666666666666,
      0.2222222222222222,
      0.2777777777777778,
      0.3333333333333333,
      0.38888888888888884,
      0.4444444444444444,
      0.5,
      0.5555555555555556,
      0.611111111111111,
      0.6666666666666666,
      0.7222222222222222,
      0.7777777777777777,
      0.8333333333333333,
      0.8888888888888888,
      0.9444444444444444,
      1.0,
      1.0555555555555556,
      1.1111111111111112,
      1.1666666666666665,
      1.222222222222222,
      1.2777777777777777,
      1.3333333333333333,
      1.3888888888888888,
      1.4444444444444444,
      1.5,
      1.5555555555555554,
      1.611111111111111,
      1.6666666666666665,
      1.722222222222222,
      1.7777777777777777,
      1.8333333333333333,
      1.8888888888888888,
      1.9444444444444444
    ],
    "TaskName": "Decisiontask",
    "TotalReadoutTime": 0.0269452,
    "UsePhilipsFloatNotDisplayScaling": 1,
    "WaterFatShift": 12.0,
    "acq_id": "SeqMm3Tr2000",
    "dataset": "ds002643",
    "modality": "bold",
    "subject_id": "015",
    "task_id": "Decisiontask"
  },
  "dummy_trs": 0,
  "dvars_nstd": 20.422633748421042,
  "dvars_std": 1.1739561541228067,
  "dvars_vstd": 1.0054966518128654,
  "efc": 0.4096930319011539,
  "fber": 103133.046875,
  "fd_mean": 0.14999734016734337,
  "fd_num": 69,
  "fd_perc": 20.11661807580175,
  "fwhm_avg": 1.813456876876237,
  "fwhm_x": 1.77763,
  "fwhm_y": 1.96248,
  "fwhm_z": 1.7002606306287105,
  "gcor": 0.0565317,
  "gsr_x": -0.016791503876447678,
  "gsr_y": 0.007141692563891411,
  "provenance": {
    "md5sum": "9f2df0bf21cda26014369872f634d15d",
    "settings": {
      "fd_thres": 0.2,
      "testing": false
    },
    "software": "mriqc",
    "version": "23.0.1",
    "webapi_port": null,
    "webapi_url": "https://mriqc.nimh.nih.gov/api/v1"
  },
  "size_t": 343,
  "size_x": 80,
  "size_y": 80,
  "size_z": 36,
  "snr": 5.911004106507418,
  "spacing_tr": 2.0,
  "spacing_x": 3.0,
  "spacing_y": 3.0,
  "spacing_z": 3.299999952316284,
  "summary_bg_k": 82.11036375128641,
  "summary_bg_mad": 239.51825009694784,
  "summary_bg_mean": 1092.673095703125,
  "summary_bg_median": 210.80972290039062,
  "summary_bg_n": 157222.0,
  "summary_bg_p05": 12.453131580352784,
  "summary_bg_p95": 5174.311962890622,
  "summary_bg_stdv": 3033.55419921875,
  "summary_fg_k": 2.022571186341774,
  "summary_fg_mad": 10679.43281073724,
  "summary_fg_mean": 70717.0078125,
  "summary_fg_median": 69015.1484375,
  "summary_fg_n": 33519.0,
  "summary_fg_p05": 55773.39296875,
  "summary_fg_p95": 90863.50703124999,
  "summary_fg_stdv": 11675.5322265625,
  "tsnr": 82.0862808227539
}