{
  "aor": 0.0012732083333333334,
  "aqi": 0.004416013375,
  "bids_meta": {
    "AcquisitionNumber": 7,
    "BIDSVersion": "1.1.0",
    "BidsifyVersion": "0.3",
    "ConversionSoftware": "dcm2niix",
    "ConversionSoftwareVersion": "v1.0.20180622 GCC5.4.0",
    "EchoTime": 0.028,
    "EffectiveEchoSpacing": 0.0006909,
    "FlipAngle": 76.1,
    "ImageComments": "RepliSC",
    "ImageOrientationPatientDICOM": [
      0.998067,
      -0.0573877,
      0.0238676,
      0.0608695,
      0.980151,
      -0.188678
    ],
    "InstitutionName": "Spinoza Centre for Neuroimaging, location REC",
    "MagneticFieldStrength": 3,
    "Manufacturer": "Philips",
    "ParallelAcquisitionTechnique": "SENSE",
    "ParallelReductionFactorInPlane": 2,
    "PatientPosition": "HFS",
    "PhaseEncodingDirection": "j",
    "PhilipsRescaleIntercept": 0,
    "PhilipsRescaleSlope": 0.78632,
    "PhilipsScaleSlope": 0.0200907,
    "ProtocolName": "task-RestingState_acq-SeqMm3Tr2000_bold",
    "PulseSequenceType": "Gradient Echo EPI",
    "ReconMatrixPE": 80,
    "RepetitionTime": 2,
    "SeriesDescription": "ImageMRSERIES",
    "SeriesNumber": 7,
    "SliceEncodingDirection": "k",
    "SliceTiming": [
      0.0,
      0.05555555555555555,
      0.1111111111111111,
      0.16666666666666666,
      0.2222222222222222,
      0.2777777777777778,
      0.3333333333333333,
      0.38888888888888884,
      0.4444444444444444,
      0.5,
      0.5555555555555556,
      0.611111111111111,
      0.6666666666666666,
      0.7222222222222222,
      0.7777777777777777,
      0.8333333333333333,
      0.8888888888888888,
      0.9444444444444444,
      1.0,
      1.0555555555555556,
      1.1111111111111112,
      1.1666666666666665,
      1.222222222222222,
      1.2777777777777777,
      1.3333333333333333,
      1.3888888888888888,
      1.4444444444444444,
      1.5,
      1.5555555555555554,
      1.611111111111111,
      1.6666666666666665,
      1.722222222222222,
      1.7777777777777777,
      1.8333333333333333,
      1.8888888888888888,
      1.9444444444444444
    ],
    "TaskName": "RestingState",
    "TotalReadoutTime": 0.0269452,
    "UsePhilipsFloatNotDisplayScaling": 1,
    "WaterFatShift": 12.0,
    "acq_id": "SeqMm3Tr2000",
    "dataset": "ds002643",
    "modality": "bold",
    "subject_id": "015",
    "task_id": "RestingState"
  },
  "dummy_trs": 0,
  "dvars_nstd": 19.29900597523012,
  "dvars_std": 1.167158517029289,
  "dvars_vstd": 0.9987601245606694,
  "efc": 0.4097163879996992,
  "fber": 104331.125,
  "fd_mean": 0.14146724442381037,
  "fd_num": 40,
  "fd_perc": 16.666666666666668,
  "fwhm_avg": 1.8176770788826022,
  "fwhm_x": 1.7847600000000001,
  "fwhm_y": 1.9708833333333333,
  "fwhm_z": 1.6973879033144734,
  "gcor": 0.045877,
  "gsr_x": -0.016909532248973846,
  "gsr_y": 0.006965163629502058,
  "provenance": {
    "md5sum": "c678255bbac305505dc473f61f6daab7",
    "settings": {
      "fd_thres": 0.2,
      "testing": false
    },
    "software": "mriqc",
    "version": "23.0.1",
    "webapi_port": null,
    "webapi_url": "https://mriqc.nimh.nih.gov/api/v1"
  },
  "size_t": 240,
  "size_x": 80,
  "size_y": 80,
  "size_z": 36,
  "snr": 5.851837311406086,
  "spacing_tr": 2.0,
  "spacing_x": 3.0,
  "spacing_y": 3.0,
  "spacing_z": 3.299999952316284,
  "summary_bg_k": 76.8635054570725,
  "summary_bg_mad": 239.552458469135,
  "summary_bg_mean": 1098.57177734375,
  "summary_bg_median": 210.75094604492188,
  "summary_bg_n": 157214.0,
  "summary_bg_p05": 11.091689825057983,
  "summary_bg_p95": 5201.39912109375,
  "summary_bg_stdv": 3037.1494140625,
  "summary_fg_k": 2.09851849119495,
  "summary_fg_mad": 10801.715640981914,
  "summary_fg_mean": 71133.0078125,
  "summary_fg_median": 69342.75,
  "summary_fg_n": 33586.0,
  "summary_fg_p05": 56053.8369140625,
  "summary_fg_p95": 91603.798828125,
  "summary_fg_stdv": 11849.5634765625,
  "tsnr": 87.68344116210938
}