{
  "bids_meta": {
    "AcquisitionNumber": 2,
    "BIDSVersion": "1.1.0",
    "BidsifyVersion": "0.3",
    "ConversionSoftware": "dcm2niix",
    "ConversionSoftwareVersion": "v1.0.20180622 GCC5.4.0",
    "EchoTime": 0.00374,
    "ImageComments": "RepliSC",
    "ImageOrientationPatientDICOM": [
      0.999468,
      -0.0285091,
      -0.0158695,
      0.0275685,
      0.998015,
      -0.0566291
    ],
    "InstitutionName": "Spinoza Centre for Neuroimaging, location REC",
    "InversionTime": 0.9,
    "MagneticFieldStrength": 3,
    "Manufacturer": "Philips",
    "ParallelAcquisitionTechnique": "SENSE",
    "PatientPosition": "HFS",
    "PhilipsRescaleIntercept": 0,
    "PhilipsRescaleSlope": 4.15849,
    "PhilipsScaleSlope": 0.00502974,
    "ProtocolName": "acq-AxialNsig1Mm1_T1w",
    "ReconMatrixPE": 240,
    "RepetitionTime": 0.008162,
    "SeriesDescription": "ImageMRSERIES",
    "SeriesNumber": 2,
    "UsePhilipsFloatNotDisplayScaling": 1,
    "acq_id": "AxialNsig1Mm1",
    "dataset": "ds002643",
    "modality": "T1w",
    "subject_id": "046"
  },
  "cjv": 0.24700485356625995,
  "cnr": 5.242023234640882,
  "efc": 0.7010118221458981,
  "fber": -1.0,
  "fwhm_avg": 4.141733333333334,
  "fwhm_x": 4.08494,
  "fwhm_y": 4.31783,
  "fwhm_z": 4.02243,
  "icvs_csf": 0.24524576184368557,
  "icvs_gm": 0.4607899950909534,
  "icvs_wm": 0.293964243065361,
  "inu_med": 0.677788108587265,
  "inu_range": 0.26842848360538485,
  "provenance": {
    "md5sum": "2a145471d28a06480cb8b3e6d5ce53cb",
    "settings": {
      "testing": false
    },
    "software": "mriqc",
    "version": "23.0.1",
    "warnings": {
      "large_rot_frame": true,
      "small_air_mask": false
    },
    "webapi_port": null,
    "webapi_url": "https://mriqc.nimh.nih.gov/api/v1"
  },
  "qi_1": 0.0,
  "qi_2": 6.104664986639514e-05,
  "rpve_csf": 23.55119700136795,
  "rpve_gm": 12.991715532701216,
  "rpve_wm": 22.34630047846211,
  "size_x": 240,
  "size_y": 240,
  "size_z": 220,
  "snr_csf": 1.7430112534221356,
  "snr_gm": 9.890756834555303,
  "snr_total": 11.017053495672405,
  "snr_wm": 21.417392399039777,
  "snrd_csf": 13.182450410271688,
  "snrd_gm": 51.167700128070216,
  "snrd_total": 49.98650878513109,
  "snrd_wm": 85.60937581705139,
  "spacing_x": 1.0,
  "spacing_y": 1.0,
  "spacing_z": 1.0,
  "summary_bg_k": 762.2060918613248,
  "summary_bg_mad": 0.0,
  "summary_bg_mean": 3.5383410179105192,
  "summary_bg_median": 0.0,
  "summary_bg_n": 328680.0,
  "summary_bg_p05": 0.0,
  "summary_bg_p95": 17.39197999611497,
  "summary_bg_stdv": 7.6528225471600395,
  "summary_csf_k": 1.1425599186692743,
  "summary_csf_mad": 82.65926953797828,
  "summary_csf_mean": 162.47786421316277,
  "summary_csf_median": 153.98770962283015,
  "summary_csf_n": 47721.0,
  "summary_csf_p05": 37.712862733751535,
  "summary_csf_p95": 328.3999799564481,
  "summary_csf_stdv": 88.34486633142704,
  "summary_gm_k": 0.39030397490483937,
  "summary_gm_mad": 58.103586955566314,
  "summary_gm_mean": 600.3002875682728,
  "summary_gm_median": 597.7035152167082,
  "summary_gm_n": 42649.0,
  "summary_gm_p05": 504.89617755040524,
  "summary_gm_p95": 701.9724528148769,
  "summary_gm_stdv": 60.42980511339217,
  "summary_wm_k": 1.0033419325251032,
  "summary_wm_mad": 41.27199232161258,
  "summary_wm_mean": 997.6916482495166,
  "summary_wm_median": 1000.0258900299668,
  "summary_wm_n": 151521.0,
  "summary_wm_p05": 915.8652953244746,
  "summary_wm_p95": 1070.0085219070315,
  "summary_wm_stdv": 46.69207956946702,
  "tpm_overlap_csf": 0.1660689250614226,
  "tpm_overlap_gm": 0.47730177006842056,
  "tpm_overlap_wm": 0.49396004311719777,
  "wm2max": 0.650678809343115
}