{
  "aor": 0.0012127405247813411,
  "aqi": 0.00521333084548105,
  "bids_meta": {
    "AcquisitionNumber": 6,
    "BIDSVersion": "1.1.0",
    "BidsifyVersion": "0.3",
    "ConversionSoftware": "dcm2niix",
    "ConversionSoftwareVersion": "v1.0.20180622 GCC5.4.0",
    "EchoTime": 0.028,
    "EffectiveEchoSpacing": 0.0006909,
    "FlipAngle": 76.1,
    "ImageComments": "RepliSC",
    "ImageOrientationPatientDICOM": [
      0.995311,
      -0.0887336,
      -0.0384883,
      0.0779831,
      0.97161,
      -0.223365
    ],
    "InstitutionName": "Spinoza Centre for Neuroimaging, location REC",
    "MagneticFieldStrength": 3,
    "Manufacturer": "Philips",
    "ParallelAcquisitionTechnique": "SENSE",
    "ParallelReductionFactorInPlane": 2,
    "PatientPosition": "HFS",
    "PhaseEncodingDirection": "j",
    "PhilipsRescaleIntercept": 0,
    "PhilipsRescaleSlope": 0.916,
    "PhilipsScaleSlope": 0.0224819,
    "ProtocolName": "task-Decisiontask_acq-SeqMm3Tr2000_bold",
    "PulseSequenceType": "Gradient Echo EPI",
    "ReconMatrixPE": 80,
    "RepetitionTime": 2,
    "SeriesDescription": "ImageMRSERIES",
    "SeriesNumber": 6,
    "SliceEncodingDirection": "k",
    "SliceTiming": [
      0.0,
      0.05555555555555555,
      0.1111111111111111,
      0.16666666666666666,
      0.2222222222222222,
      0.2777777777777778,
      0.3333333333333333,
      0.38888888888888884,
      0.4444444444444444,
      0.5,
      0.5555555555555556,
      0.611111111111111,
      0.6666666666666666,
      0.7222222222222222,
      0.7777777777777777,
      0.8333333333333333,
      0.8888888888888888,
      0.9444444444444444,
      1.0,
      1.0555555555555556,
      1.1111111111111112,
      1.1666666666666665,
      1.222222222222222,
      1.2777777777777777,
      1.3333333333333333,
      1.3888888888888888,
      1.4444444444444444,
      1.5,
      1.5555555555555554,
      1.611111111111111,
      1.6666666666666665,
      1.722222222222222,
      1.7777777777777777,
      1.8333333333333333,
      1.8888888888888888,
      1.9444444444444444
    ],
    "TaskName": "Decisiontask",
    "TotalReadoutTime": 0.0269452,
    "UsePhilipsFloatNotDisplayScaling": 1,
    "WaterFatShift": 12.0,
    "acq_id": "SeqMm3Tr2000",
    "dataset": "ds002643",
    "modality": "bold",
    "subject_id": "093",
    "task_id": "Decisiontask"
  },
  "dummy_trs": 0,
  "dvars_nstd": 18.055514815233913,
  "dvars_std": 1.1510710478947372,
  "dvars_vstd": 1.0077893417251471,
  "efc": 0.43111354012102027,
  "fber": 107041.6171875,
  "fd_mean": 0.11919571990344659,
  "fd_num": 8,
  "fd_perc": 2.3323615160349855,
  "fwhm_avg": 1.7460982906056328,
  "fwhm_x": 1.6950966666666665,
  "fwhm_y": 1.9284800000000002,
  "fwhm_z": 1.6147182051502316,
  "gcor": 0.0445148,
  "gsr_x": -0.018155237659811974,
  "gsr_y": 0.017746616154909134,
  "provenance": {
    "md5sum": "0981152f704290d93da77165818a74d2",
    "settings": {
      "fd_thres": 0.2,
      "testing": false
    },
    "software": "mriqc",
    "version": "23.0.1",
    "webapi_port": null,
    "webapi_url": "https://mriqc.nimh.nih.gov/api/v1"
  },
  "size_t": 343,
  "size_x": 80,
  "size_y": 80,
  "size_z": 36,
  "snr": 7.033409406112076,
  "spacing_tr": 2.0,
  "spacing_x": 3.0,
  "spacing_y": 3.0,
  "spacing_z": 3.299999952316284,
  "summary_bg_k": 131.06436560238978,
  "summary_bg_mad": 217.3852607936565,
  "summary_bg_mean": 1434.6951904296875,
  "summary_bg_median": 197.9351806640625,
  "summary_bg_n": 154757.0,
  "summary_bg_p05": 21.599404907226564,
  "summary_bg_p95": 7580.723046874974,
  "summary_bg_stdv": 4348.400390625,
  "summary_fg_k": 1.6389340817013487,
  "summary_fg_mad": 9347.757760651035,
  "summary_fg_mean": 65560.4140625,
  "summary_fg_median": 65018.703125,
  "summary_fg_n": 35386.0,
  "summary_fg_p05": 52561.41015625,
  "summary_fg_p95": 80916.34375,
  "summary_fg_stdv": 9244.134765625,
  "tsnr": 92.96973419189453
}