{
  "bids_meta": {
    "AcquisitionNumber": 2,
    "BIDSVersion": "1.1.0",
    "BidsifyVersion": "0.3",
    "ConversionSoftware": "dcm2niix",
    "ConversionSoftwareVersion": "v1.0.20180622 GCC5.4.0",
    "EchoTime": 0.00375,
    "ImageComments": "RepliSC",
    "ImageOrientationPatientDICOM": [
      0.997957,
      0.06341,
      -0.00779934,
      -0.0631359,
      0.997509,
      0.0314426
    ],
    "InstitutionName": "Spinoza Centre for Neuroimaging, location REC",
    "InversionTime": 0.9,
    "MagneticFieldStrength": 3,
    "Manufacturer": "Philips",
    "ParallelAcquisitionTechnique": "SENSE",
    "PatientPosition": "HFS",
    "PhilipsRescaleIntercept": 0,
    "PhilipsRescaleSlope": 3.47228,
    "PhilipsScaleSlope": 0.00476524,
    "ProtocolName": "acq-AxialNsig1Mm1_T1w",
    "ReconMatrixPE": 240,
    "RepetitionTime": 0.008152,
    "SeriesDescription": "ImageMRSERIES",
    "SeriesNumber": 2,
    "UsePhilipsFloatNotDisplayScaling": 1,
    "acq_id": "AxialNsig1Mm1",
    "dataset": "ds002643",
    "modality": "T1w",
    "subject_id": "089"
  },
  "cjv": 0.2808914350478553,
  "cnr": 4.606266608480706,
  "efc": 0.6995161318656389,
  "fber": -1.0,
  "fwhm_avg": 4.3965500915455875,
  "fwhm_x": 4.3431,
  "fwhm_y": 4.607640274636762,
  "fwhm_z": 4.23891,
  "icvs_csf": 0.235701733236188,
  "icvs_gm": 0.42850968376454535,
  "icvs_wm": 0.3357885829992666,
  "inu_med": 0.5247679352760315,
  "inu_range": 0.18093626201152802,
  "provenance": {
    "md5sum": "fba5c986d7f3c21ba0b1367caee75c7d",
    "settings": {
      "testing": false
    },
    "software": "mriqc",
    "version": "23.0.1",
    "warnings": {
      "large_rot_frame": true,
      "small_air_mask": false
    },
    "webapi_port": null,
    "webapi_url": "https://mriqc.nimh.nih.gov/api/v1"
  },
  "qi_1": 0.0,
  "qi_2": 8.208253494961618e-05,
  "rpve_csf": 23.150220394961032,
  "rpve_gm": 13.110220817342153,
  "rpve_wm": 20.178591909373708,
  "size_x": 240,
  "size_y": 240,
  "size_z": 220,
  "snr_csf": 1.7108150861307934,
  "snr_gm": 8.363960287397271,
  "snr_total": 12.652016890371804,
  "snr_wm": 27.88127529758735,
  "snrd_csf": 19.049394003537582,
  "snrd_gm": 63.567753775646565,
  "snrd_total": 61.73204845257618,
  "snrd_wm": 102.5789975785444,
  "spacing_x": 1.0,
  "spacing_y": 0.9999999403953552,
  "spacing_z": 1.0,
  "summary_bg_k": 427.02285036005406,
  "summary_bg_mad": 0.0,
  "summary_bg_mean": 2.7982302840397413,
  "summary_bg_median": 0.0,
  "summary_bg_n": 326194.0,
  "summary_bg_p05": 0.0,
  "summary_bg_p95": 15.061666682362556,
  "summary_bg_stdv": 6.3865081865884274,
  "summary_csf_k": 0.053343107009865776,
  "summary_csf_mad": 115.26261615128857,
  "summary_csf_mean": 199.43991059491196,
  "summary_csf_median": 185.70042933523655,
  "summary_csf_n": 43794.0,
  "summary_csf_p05": 46.2447280921042,
  "summary_csf_p95": 390.3857738599181,
  "summary_csf_stdv": 108.54376412167616,
  "summary_gm_k": 0.13664407295896108,
  "summary_gm_mad": 74.06157949048139,
  "summary_gm_mean": 620.2948676530001,
  "summary_gm_median": 619.6816111747175,
  "summary_gm_n": 41750.0,
  "summary_gm_p05": 499.5377624966204,
  "summary_gm_p95": 741.7419892959297,
  "summary_gm_stdv": 74.0886097614949,
  "summary_wm_k": 1.082810522935504,
  "summary_wm_mad": 32.76025633070267,
  "summary_wm_mean": 998.7523741627359,
  "summary_wm_median": 999.9774212017655,
  "summary_wm_n": 194427.0,
  "summary_wm_p05": 937.7916776239872,
  "summary_wm_p95": 1054.0460989028215,
  "summary_wm_stdv": 35.86546307240719,
  "tpm_overlap_csf": 0.14706541043824722,
  "tpm_overlap_gm": 0.47453446570296726,
  "tpm_overlap_wm": 0.507325681084202,
  "wm2max": 0.7697648181897075
}