{
  "aor": 0.004944110787172011,
  "aqi": 0.005415676647230321,
  "bids_meta": {
    "AcquisitionNumber": 4,
    "BIDSVersion": "1.1.0",
    "BidsifyVersion": "0.3",
    "ConversionSoftware": "dcm2niix",
    "ConversionSoftwareVersion": "v1.0.20180622 GCC5.4.0",
    "EchoTime": 0.028,
    "EffectiveEchoSpacing": 0.0006909,
    "FlipAngle": 76.1,
    "ImageComments": "RepliSC",
    "ImageOrientationPatientDICOM": [
      0.999044,
      -0.0436827,
      -0.00180615,
      0.0436192,
      0.998693,
      -0.02663
    ],
    "InstitutionName": "Spinoza Centre for Neuroimaging, location REC",
    "MagneticFieldStrength": 3,
    "Manufacturer": "Philips",
    "ParallelAcquisitionTechnique": "SENSE",
    "ParallelReductionFactorInPlane": 2,
    "PatientPosition": "HFS",
    "PhaseEncodingDirection": "j",
    "PhilipsRescaleIntercept": 0,
    "PhilipsRescaleSlope": 0.75238,
    "PhilipsScaleSlope": 0.0220804,
    "ProtocolName": "task-Healthratingtask_acq-SeqMm3Tr2000_bold",
    "PulseSequenceType": "Gradient Echo EPI",
    "ReconMatrixPE": 80,
    "RepetitionTime": 2,
    "SeriesDescription": "ImageMRSERIES",
    "SeriesNumber": 4,
    "SliceEncodingDirection": "k",
    "SliceTiming": [
      0.0,
      0.05555555555555555,
      0.1111111111111111,
      0.16666666666666666,
      0.2222222222222222,
      0.2777777777777778,
      0.3333333333333333,
      0.38888888888888884,
      0.4444444444444444,
      0.5,
      0.5555555555555556,
      0.611111111111111,
      0.6666666666666666,
      0.7222222222222222,
      0.7777777777777777,
      0.8333333333333333,
      0.8888888888888888,
      0.9444444444444444,
      1.0,
      1.0555555555555556,
      1.1111111111111112,
      1.1666666666666665,
      1.222222222222222,
      1.2777777777777777,
      1.3333333333333333,
      1.3888888888888888,
      1.4444444444444444,
      1.5,
      1.5555555555555554,
      1.611111111111111,
      1.6666666666666665,
      1.722222222222222,
      1.7777777777777777,
      1.8333333333333333,
      1.8888888888888888,
      1.9444444444444444
    ],
    "TaskName": "Healthratingtask",
    "TotalReadoutTime": 0.0269452,
    "UsePhilipsFloatNotDisplayScaling": 1,
    "WaterFatShift": 12.0,
    "acq_id": "SeqMm3Tr2000",
    "dataset": "ds002643",
    "modality": "bold",
    "subject_id": "063",
    "task_id": "Healthratingtask"
  },
  "dummy_trs": 0,
  "dvars_nstd": 20.26414552789473,
  "dvars_std": 1.2304876688011694,
  "dvars_vstd": 1.036276922251461,
  "efc": 0.4291983812327155,
  "fber": 184899.234375,
  "fd_mean": 0.14634978321140554,
  "fd_num": 46,
  "fd_perc": 13.411078717201166,
  "fwhm_avg": 1.8216823313192745,
  "fwhm_x": 1.7986733333333333,
  "fwhm_y": 1.9873766666666668,
  "fwhm_z": 1.6789969939578229,
  "gcor": 0.0460302,
  "gsr_x": -0.01573330909013748,
  "gsr_y": 0.01176436711102724,
  "provenance": {
    "md5sum": "e6490fe5dea9881590b4a9f68d2ed79e",
    "settings": {
      "fd_thres": 0.2,
      "testing": false
    },
    "software": "mriqc",
    "version": "23.0.1",
    "webapi_port": null,
    "webapi_url": "https://mriqc.nimh.nih.gov/api/v1"
  },
  "size_t": 343,
  "size_x": 80,
  "size_y": 80,
  "size_z": 36,
  "snr": 6.034616432885283,
  "spacing_tr": 2.0,
  "spacing_x": 3.0,
  "spacing_y": 3.0,
  "spacing_z": 3.299999952316284,
  "summary_bg_k": 41.22870891911709,
  "summary_bg_mad": 186.44050927068423,
  "summary_bg_mean": 1334.9403076171875,
  "summary_bg_median": 158.91586303710938,
  "summary_bg_n": 153354.0,
  "summary_bg_p05": 10.100918436050415,
  "summary_bg_p95": 7382.133886718763,
  "summary_bg_stdv": 3560.677490234375,
  "summary_fg_k": 1.1555805898852256,
  "summary_fg_mad": 11325.44197896156,
  "summary_fg_mean": 72186.8671875,
  "summary_fg_median": 70670.5625,
  "summary_fg_n": 36106.0,
  "summary_fg_p05": 56333.4814453125,
  "summary_fg_p95": 92319.560546875,
  "summary_fg_stdv": 11710.7001953125,
  "tsnr": 75.46560668945312
}