{
  "aor": 0.0044400291545189504,
  "aqi": 0.0057068233236151605,
  "bids_meta": {
    "AcquisitionNumber": 6,
    "BIDSVersion": "1.1.0",
    "BidsifyVersion": "0.3",
    "ConversionSoftware": "dcm2niix",
    "ConversionSoftwareVersion": "v1.0.20180622 GCC5.4.0",
    "EchoTime": 0.028,
    "EffectiveEchoSpacing": 0.0006909,
    "FlipAngle": 76.1,
    "ImageComments": "RepliSC",
    "ImageOrientationPatientDICOM": [
      0.999044,
      -0.0436827,
      -0.00180615,
      0.0436192,
      0.998693,
      -0.02663
    ],
    "InstitutionName": "Spinoza Centre for Neuroimaging, location REC",
    "MagneticFieldStrength": 3,
    "Manufacturer": "Philips",
    "ParallelAcquisitionTechnique": "SENSE",
    "ParallelReductionFactorInPlane": 2,
    "PatientPosition": "HFS",
    "PhaseEncodingDirection": "j",
    "PhilipsRescaleIntercept": 0,
    "PhilipsRescaleSlope": 0.7348,
    "PhilipsScaleSlope": 0.0217043,
    "ProtocolName": "task-Decisiontask_acq-SeqMm3Tr2000_bold",
    "PulseSequenceType": "Gradient Echo EPI",
    "ReconMatrixPE": 80,
    "RepetitionTime": 2,
    "SeriesDescription": "ImageMRSERIES",
    "SeriesNumber": 6,
    "SliceEncodingDirection": "k",
    "SliceTiming": [
      0.0,
      0.05555555555555555,
      0.1111111111111111,
      0.16666666666666666,
      0.2222222222222222,
      0.2777777777777778,
      0.3333333333333333,
      0.38888888888888884,
      0.4444444444444444,
      0.5,
      0.5555555555555556,
      0.611111111111111,
      0.6666666666666666,
      0.7222222222222222,
      0.7777777777777777,
      0.8333333333333333,
      0.8888888888888888,
      0.9444444444444444,
      1.0,
      1.0555555555555556,
      1.1111111111111112,
      1.1666666666666665,
      1.222222222222222,
      1.2777777777777777,
      1.3333333333333333,
      1.3888888888888888,
      1.4444444444444444,
      1.5,
      1.5555555555555554,
      1.611111111111111,
      1.6666666666666665,
      1.722222222222222,
      1.7777777777777777,
      1.8333333333333333,
      1.8888888888888888,
      1.9444444444444444
    ],
    "TaskName": "Decisiontask",
    "TotalReadoutTime": 0.0269452,
    "UsePhilipsFloatNotDisplayScaling": 1,
    "WaterFatShift": 12.0,
    "acq_id": "SeqMm3Tr2000",
    "dataset": "ds002643",
    "modality": "bold",
    "subject_id": "063",
    "task_id": "Decisiontask"
  },
  "dummy_trs": 0,
  "dvars_nstd": 18.923402906345025,
  "dvars_std": 1.2301318690935668,
  "dvars_vstd": 1.0443233250877197,
  "efc": 0.4286480505862149,
  "fber": 185187.828125,
  "fd_mean": 0.12384978001884206,
  "fd_num": 29,
  "fd_perc": 8.454810495626822,
  "fwhm_avg": 1.8292990990801563,
  "fwhm_x": 1.8049966666666668,
  "fwhm_y": 1.98644,
  "fwhm_z": 1.6964606305738021,
  "gcor": 0.0466612,
  "gsr_x": -0.015895934775471687,
  "gsr_y": 0.012578013353049755,
  "provenance": {
    "md5sum": "d7b646984e01ba5e1253e3eefc320a26",
    "settings": {
      "fd_thres": 0.2,
      "testing": false
    },
    "software": "mriqc",
    "version": "23.0.1",
    "webapi_port": null,
    "webapi_url": "https://mriqc.nimh.nih.gov/api/v1"
  },
  "size_t": 343,
  "size_x": 80,
  "size_y": 80,
  "size_z": 36,
  "snr": 5.997705220906578,
  "spacing_tr": 2.0,
  "spacing_x": 3.0,
  "spacing_y": 3.0,
  "spacing_z": 3.299999952316284,
  "summary_bg_k": 36.66679762338503,
  "summary_bg_mad": 187.62142062408614,
  "summary_bg_mean": 1354.4949951171875,
  "summary_bg_median": 160.47999572753906,
  "summary_bg_n": 153636.0,
  "summary_bg_p05": 11.413082838058472,
  "summary_bg_p95": 7515.869873046875,
  "summary_bg_stdv": 3537.099365234375,
  "summary_fg_k": 1.2389498235984968,
  "summary_fg_mad": 11535.780377297127,
  "summary_fg_mean": 73082.78125,
  "summary_fg_median": 71492.453125,
  "summary_fg_n": 35894.0,
  "summary_fg_p05": 57152.3986328125,
  "summary_fg_p95": 93723.05312499999,
  "summary_fg_stdv": 11919.8017578125,
  "tsnr": 74.49822998046875
}