{
  "aor": 0.0011464583333333333,
  "aqi": 0.006920894124999999,
  "bids_meta": {
    "AcquisitionNumber": 7,
    "BIDSVersion": "1.1.0",
    "BidsifyVersion": "0.3",
    "ConversionSoftware": "dcm2niix",
    "ConversionSoftwareVersion": "v1.0.20180622 GCC5.4.0",
    "EchoTime": 0.028,
    "EffectiveEchoSpacing": 0.0006909,
    "FlipAngle": 76.1,
    "ImageComments": "RepliSC",
    "ImageOrientationPatientDICOM": [
      0.999044,
      -0.0436827,
      -0.00180615,
      0.0436192,
      0.998693,
      -0.02663
    ],
    "InstitutionName": "Spinoza Centre for Neuroimaging, location REC",
    "MagneticFieldStrength": 3,
    "Manufacturer": "Philips",
    "ParallelAcquisitionTechnique": "SENSE",
    "ParallelReductionFactorInPlane": 2,
    "PatientPosition": "HFS",
    "PhaseEncodingDirection": "j",
    "PhilipsRescaleIntercept": 0,
    "PhilipsRescaleSlope": 0.74432,
    "PhilipsScaleSlope": 0.0219835,
    "ProtocolName": "task-RestingState_acq-SeqMm3Tr2000_bold",
    "PulseSequenceType": "Gradient Echo EPI",
    "ReconMatrixPE": 80,
    "RepetitionTime": 2,
    "SeriesDescription": "ImageMRSERIES",
    "SeriesNumber": 7,
    "SliceEncodingDirection": "k",
    "SliceTiming": [
      0.0,
      0.05555555555555555,
      0.1111111111111111,
      0.16666666666666666,
      0.2222222222222222,
      0.2777777777777778,
      0.3333333333333333,
      0.38888888888888884,
      0.4444444444444444,
      0.5,
      0.5555555555555556,
      0.611111111111111,
      0.6666666666666666,
      0.7222222222222222,
      0.7777777777777777,
      0.8333333333333333,
      0.8888888888888888,
      0.9444444444444444,
      1.0,
      1.0555555555555556,
      1.1111111111111112,
      1.1666666666666665,
      1.222222222222222,
      1.2777777777777777,
      1.3333333333333333,
      1.3888888888888888,
      1.4444444444444444,
      1.5,
      1.5555555555555554,
      1.611111111111111,
      1.6666666666666665,
      1.722222222222222,
      1.7777777777777777,
      1.8333333333333333,
      1.8888888888888888,
      1.9444444444444444
    ],
    "TaskName": "RestingState",
    "TotalReadoutTime": 0.0269452,
    "UsePhilipsFloatNotDisplayScaling": 1,
    "WaterFatShift": 12.0,
    "acq_id": "SeqMm3Tr2000",
    "dataset": "ds002643",
    "modality": "bold",
    "subject_id": "063",
    "task_id": "RestingState"
  },
  "dummy_trs": 0,
  "dvars_nstd": 18.633852224518826,
  "dvars_std": 1.1157068384937237,
  "dvars_vstd": 0.9628538575313805,
  "efc": 0.42886426956551743,
  "fber": 181278.453125,
  "fd_mean": 0.14682113707496366,
  "fd_num": 44,
  "fd_perc": 18.333333333333332,
  "fwhm_avg": 1.847957078933818,
  "fwhm_x": 1.8257766666666668,
  "fwhm_y": 2.010073333333333,
  "fwhm_z": 1.7080212368014545,
  "gcor": 0.0772599,
  "gsr_x": -0.015785299241542816,
  "gsr_y": 0.012836525216698647,
  "provenance": {
    "md5sum": "79df219522bfd09a059718701e4ca147",
    "settings": {
      "fd_thres": 0.2,
      "testing": false
    },
    "software": "mriqc",
    "version": "23.0.1",
    "webapi_port": null,
    "webapi_url": "https://mriqc.nimh.nih.gov/api/v1"
  },
  "size_t": 240,
  "size_x": 80,
  "size_y": 80,
  "size_z": 36,
  "snr": 5.951195169193351,
  "spacing_tr": 2.0,
  "spacing_x": 3.0,
  "spacing_y": 3.0,
  "spacing_z": 3.299999952316284,
  "summary_bg_k": 37.91285276208802,
  "summary_bg_mad": 189.6504943065954,
  "summary_bg_mean": 1366.31689453125,
  "summary_bg_median": 160.3568115234375,
  "summary_bg_n": 153636.0,
  "summary_bg_p05": 10.253008604049683,
  "summary_bg_p95": 7579.5911865234375,
  "summary_bg_stdv": 3574.072021484375,
  "summary_fg_k": 1.1633039003568886,
  "summary_fg_mad": 11465.327814843531,
  "summary_fg_mean": 72305.296875,
  "summary_fg_median": 70779.625,
  "summary_fg_n": 35904.0,
  "summary_fg_p05": 56304.7275390625,
  "summary_fg_p95": 92902.16054687499,
  "summary_fg_stdv": 11893.1806640625,
  "tsnr": 68.20193481445312
}