{
  "aor": 0.00257268221574344,
  "aqi": 0.005675912069970846,
  "bids_meta": {
    "AcquisitionNumber": 6,
    "BIDSVersion": "1.1.0",
    "BidsifyVersion": "0.3",
    "ConversionSoftware": "dcm2niix",
    "ConversionSoftwareVersion": "v1.0.20180622 GCC5.4.0",
    "EchoTime": 0.028,
    "EffectiveEchoSpacing": 0.0006909,
    "FlipAngle": 76.1,
    "ImageComments": "RepliSC",
    "ImageOrientationPatientDICOM": [
      0.99741,
      -0.0566318,
      -0.0443456,
      0.0527957,
      0.99512,
      -0.0833554
    ],
    "InstitutionName": "Spinoza Centre for Neuroimaging, location REC",
    "MagneticFieldStrength": 3,
    "Manufacturer": "Philips",
    "ParallelAcquisitionTechnique": "SENSE",
    "ParallelReductionFactorInPlane": 2,
    "PatientPosition": "HFS",
    "PhaseEncodingDirection": "j",
    "PhilipsRescaleIntercept": 0,
    "PhilipsRescaleSlope": 0.74725,
    "PhilipsScaleSlope": 0.0215279,
    "ProtocolName": "task-Decisiontask_acq-SeqMm3Tr2000_bold",
    "PulseSequenceType": "Gradient Echo EPI",
    "ReconMatrixPE": 80,
    "RepetitionTime": 2,
    "SeriesDescription": "ImageMRSERIES",
    "SeriesNumber": 6,
    "SliceEncodingDirection": "k",
    "SliceTiming": [
      0.0,
      0.05555555555555555,
      0.1111111111111111,
      0.16666666666666666,
      0.2222222222222222,
      0.2777777777777778,
      0.3333333333333333,
      0.38888888888888884,
      0.4444444444444444,
      0.5,
      0.5555555555555556,
      0.611111111111111,
      0.6666666666666666,
      0.7222222222222222,
      0.7777777777777777,
      0.8333333333333333,
      0.8888888888888888,
      0.9444444444444444,
      1.0,
      1.0555555555555556,
      1.1111111111111112,
      1.1666666666666665,
      1.222222222222222,
      1.2777777777777777,
      1.3333333333333333,
      1.3888888888888888,
      1.4444444444444444,
      1.5,
      1.5555555555555554,
      1.611111111111111,
      1.6666666666666665,
      1.722222222222222,
      1.7777777777777777,
      1.8333333333333333,
      1.8888888888888888,
      1.9444444444444444
    ],
    "TaskName": "Decisiontask",
    "TotalReadoutTime": 0.0269452,
    "UsePhilipsFloatNotDisplayScaling": 1,
    "WaterFatShift": 12.0,
    "acq_id": "SeqMm3Tr2000",
    "dataset": "ds002643",
    "modality": "bold",
    "subject_id": "055",
    "task_id": "Decisiontask"
  },
  "dummy_trs": 0,
  "dvars_nstd": 22.656562978157893,
  "dvars_std": 1.2357895951461983,
  "dvars_vstd": 1.01284451628655,
  "efc": 0.4547906099536073,
  "fber": 124739.78125,
  "fd_mean": 0.14557857883387143,
  "fd_num": 48,
  "fd_perc": 13.994169096209912,
  "fwhm_avg": 1.7676507149178675,
  "fwhm_x": 1.7060533333333332,
  "fwhm_y": 1.9676866666666666,
  "fwhm_z": 1.6292121447536028,
  "gcor": 0.0509479,
  "gsr_x": -0.015653198584914207,
  "gsr_y": 0.016844812780618668,
  "provenance": {
    "md5sum": "457fbef11a0a51918068e38616b5a45f",
    "settings": {
      "fd_thres": 0.2,
      "testing": false
    },
    "software": "mriqc",
    "version": "23.0.1",
    "webapi_port": null,
    "webapi_url": "https://mriqc.nimh.nih.gov/api/v1"
  },
  "size_t": 343,
  "size_x": 80,
  "size_y": 80,
  "size_z": 36,
  "snr": 6.1942407819110645,
  "spacing_tr": 2.0,
  "spacing_x": 3.0,
  "spacing_y": 3.0,
  "spacing_z": 3.299999952316284,
  "summary_bg_k": 41.3434493659662,
  "summary_bg_mad": 221.3513902673821,
  "summary_bg_mean": 1785.4056396484375,
  "summary_bg_median": 181.93447875976562,
  "summary_bg_n": 150158.0,
  "summary_bg_p05": 13.731484079360962,
  "summary_bg_p95": 9714.130810546874,
  "summary_bg_stdv": 4686.47802734375,
  "summary_fg_k": 2.692285663979894,
  "summary_fg_mad": 9439.06810392474,
  "summary_fg_mean": 66921.7421875,
  "summary_fg_median": 65529.109375,
  "summary_fg_n": 38957.0,
  "summary_fg_p05": 52963.5984375,
  "summary_fg_p95": 84324.11875,
  "summary_fg_stdv": 10578.90234375,
  "tsnr": 75.86151123046875
}