{
  "aor": 0.0012872594752186591,
  "aqi": 0.0034020347230320695,
  "bids_meta": {
    "AcquisitionNumber": 6,
    "BIDSVersion": "1.1.0",
    "BidsifyVersion": "0.3",
    "ConversionSoftware": "dcm2niix",
    "ConversionSoftwareVersion": "v1.0.20180622 GCC5.4.0",
    "EchoTime": 0.028,
    "EffectiveEchoSpacing": 0.0006909,
    "FlipAngle": 76.1,
    "ImageComments": "RepliSC",
    "ImageOrientationPatientDICOM": [
      0.995946,
      -0.0322454,
      -0.0839704,
      0.0137331,
      0.977101,
      -0.212332
    ],
    "InstitutionName": "Spinoza Centre for Neuroimaging, location REC",
    "MagneticFieldStrength": 3,
    "Manufacturer": "Philips",
    "ParallelAcquisitionTechnique": "SENSE",
    "ParallelReductionFactorInPlane": 2,
    "PatientPosition": "HFS",
    "PhaseEncodingDirection": "j",
    "PhilipsRescaleIntercept": 0,
    "PhilipsRescaleSlope": 0.73846,
    "PhilipsScaleSlope": 0.0240564,
    "ProtocolName": "task-Decisiontask_acq-SeqMm3Tr2000_bold",
    "PulseSequenceType": "Gradient Echo EPI",
    "ReconMatrixPE": 80,
    "RepetitionTime": 2,
    "SeriesDescription": "ImageMRSERIES",
    "SeriesNumber": 6,
    "SliceEncodingDirection": "k",
    "SliceTiming": [
      0.0,
      0.05555555555555555,
      0.1111111111111111,
      0.16666666666666666,
      0.2222222222222222,
      0.2777777777777778,
      0.3333333333333333,
      0.38888888888888884,
      0.4444444444444444,
      0.5,
      0.5555555555555556,
      0.611111111111111,
      0.6666666666666666,
      0.7222222222222222,
      0.7777777777777777,
      0.8333333333333333,
      0.8888888888888888,
      0.9444444444444444,
      1.0,
      1.0555555555555556,
      1.1111111111111112,
      1.1666666666666665,
      1.222222222222222,
      1.2777777777777777,
      1.3333333333333333,
      1.3888888888888888,
      1.4444444444444444,
      1.5,
      1.5555555555555554,
      1.611111111111111,
      1.6666666666666665,
      1.722222222222222,
      1.7777777777777777,
      1.8333333333333333,
      1.8888888888888888,
      1.9444444444444444
    ],
    "TaskName": "Decisiontask",
    "TotalReadoutTime": 0.0269452,
    "UsePhilipsFloatNotDisplayScaling": 1,
    "WaterFatShift": 12.0,
    "acq_id": "SeqMm3Tr2000",
    "dataset": "ds002643",
    "modality": "bold",
    "subject_id": "062",
    "task_id": "Decisiontask"
  },
  "dummy_trs": 0,
  "dvars_nstd": 19.97529924415207,
  "dvars_std": 1.112373392076024,
  "dvars_vstd": 1.0099091651461989,
  "efc": 0.4275324776394687,
  "fber": 60771.609375,
  "fd_mean": 0.1477684367374081,
  "fd_num": 66,
  "fd_perc": 19.24198250728863,
  "fwhm_avg": 1.8379378269832258,
  "fwhm_x": 1.8345201457945624,
  "fwhm_y": 1.9563234888079555,
  "fwhm_z": 1.7229698463471599,
  "gcor": 0.0243697,
  "gsr_x": -0.016336824744939804,
  "gsr_y": 0.015562442131340504,
  "provenance": {
    "md5sum": "e17fd78fc8d12b873d3eca848e1a8719",
    "settings": {
      "fd_thres": 0.2,
      "testing": false
    },
    "software": "mriqc",
    "version": "23.0.1",
    "webapi_port": null,
    "webapi_url": "https://mriqc.nimh.nih.gov/api/v1"
  },
  "size_t": 343,
  "size_x": 80,
  "size_y": 80,
  "size_z": 36,
  "snr": 5.445424073055046,
  "spacing_tr": 2.0,
  "spacing_x": 2.999999761581421,
  "spacing_y": 2.999999761581421,
  "spacing_z": 3.299999713897705,
  "summary_bg_k": 40.54757235236456,
  "summary_bg_mad": 267.8948654124111,
  "summary_bg_mean": 1410.5858154296875,
  "summary_bg_median": 250.20111083984375,
  "summary_bg_n": 154784.0,
  "summary_bg_p05": 30.544100761413578,
  "summary_bg_p95": 7402.520996093754,
  "summary_bg_stdv": 3503.899658203125,
  "summary_fg_k": 1.203239740683813,
  "summary_fg_mad": 10303.454154388086,
  "summary_fg_mean": 63853.765625,
  "summary_fg_median": 62027.62890625,
  "summary_fg_n": 34723.0,
  "summary_fg_p05": 49213.85390625,
  "summary_fg_p95": 85644.26562500003,
  "summary_fg_stdv": 11390.6162109375,
  "tsnr": 83.00749206542969
}