{
  "aor": 0.0015703750000000002,
  "aqi": 0.0028662939583333335,
  "bids_meta": {
    "AcquisitionNumber": 7,
    "BIDSVersion": "1.1.0",
    "BidsifyVersion": "0.3",
    "ConversionSoftware": "dcm2niix",
    "ConversionSoftwareVersion": "v1.0.20180622 GCC5.4.0",
    "EchoTime": 0.028,
    "EffectiveEchoSpacing": 0.0006909,
    "FlipAngle": 76.1,
    "ImageComments": "RepliSC",
    "ImageOrientationPatientDICOM": [
      0.995946,
      -0.0322454,
      -0.0839704,
      0.0137331,
      0.977101,
      -0.212332
    ],
    "InstitutionName": "Spinoza Centre for Neuroimaging, location REC",
    "MagneticFieldStrength": 3,
    "Manufacturer": "Philips",
    "ParallelAcquisitionTechnique": "SENSE",
    "ParallelReductionFactorInPlane": 2,
    "PatientPosition": "HFS",
    "PhaseEncodingDirection": "j",
    "PhilipsRescaleIntercept": 0,
    "PhilipsRescaleSlope": 0.73919,
    "PhilipsScaleSlope": 0.0235369,
    "ProtocolName": "task-RestingState_acq-SeqMm3Tr2000_bold",
    "PulseSequenceType": "Gradient Echo EPI",
    "ReconMatrixPE": 80,
    "RepetitionTime": 2,
    "SeriesDescription": "ImageMRSERIES",
    "SeriesNumber": 7,
    "SliceEncodingDirection": "k",
    "SliceTiming": [
      0.0,
      0.05555555555555555,
      0.1111111111111111,
      0.16666666666666666,
      0.2222222222222222,
      0.2777777777777778,
      0.3333333333333333,
      0.38888888888888884,
      0.4444444444444444,
      0.5,
      0.5555555555555556,
      0.611111111111111,
      0.6666666666666666,
      0.7222222222222222,
      0.7777777777777777,
      0.8333333333333333,
      0.8888888888888888,
      0.9444444444444444,
      1.0,
      1.0555555555555556,
      1.1111111111111112,
      1.1666666666666665,
      1.222222222222222,
      1.2777777777777777,
      1.3333333333333333,
      1.3888888888888888,
      1.4444444444444444,
      1.5,
      1.5555555555555554,
      1.611111111111111,
      1.6666666666666665,
      1.722222222222222,
      1.7777777777777777,
      1.8333333333333333,
      1.8888888888888888,
      1.9444444444444444
    ],
    "TaskName": "RestingState",
    "TotalReadoutTime": 0.0269452,
    "UsePhilipsFloatNotDisplayScaling": 1,
    "WaterFatShift": 12.0,
    "acq_id": "SeqMm3Tr2000",
    "dataset": "ds002643",
    "modality": "bold",
    "subject_id": "062",
    "task_id": "RestingState"
  },
  "dummy_trs": 0,
  "dvars_nstd": 18.854184849037665,
  "dvars_std": 1.1120055096234311,
  "dvars_vstd": 1.0072554916736396,
  "efc": 0.42702432802455625,
  "fber": 61239.640625,
  "fd_mean": 0.12611100900183864,
  "fd_num": 26,
  "fd_perc": 10.833333333333334,
  "fwhm_avg": 1.8405289383140673,
  "fwhm_x": 1.834696812475269,
  "fwhm_y": 1.9581868222893732,
  "fwhm_z": 1.7287031801775596,
  "gcor": 0.0217191,
  "gsr_x": -0.01627175323665142,
  "gsr_y": 0.015052588656544685,
  "provenance": {
    "md5sum": "4b23b24a2271941d712227f1ca949eb3",
    "settings": {
      "fd_thres": 0.2,
      "testing": false
    },
    "software": "mriqc",
    "version": "23.0.1",
    "webapi_port": null,
    "webapi_url": "https://mriqc.nimh.nih.gov/api/v1"
  },
  "size_t": 240,
  "size_x": 80,
  "size_y": 80,
  "size_z": 36,
  "snr": 5.3778722836679576,
  "spacing_tr": 2.0,
  "spacing_x": 2.999999761581421,
  "spacing_y": 2.999999761581421,
  "spacing_z": 3.299999713897705,
  "summary_bg_k": 38.16769193599886,
  "summary_bg_mad": 270.0844444265704,
  "summary_bg_mean": 1426.6927490234375,
  "summary_bg_median": 253.09457397460938,
  "summary_bg_n": 154854.0,
  "summary_bg_p05": 31.701684951782227,
  "summary_bg_p95": 7524.002539062506,
  "summary_bg_stdv": 3521.96630859375,
  "summary_fg_k": 1.247807141868785,
  "summary_fg_mad": 10600.892537353397,
  "summary_fg_mean": 64782.40625,
  "summary_fg_median": 62910.375,
  "summary_fg_n": 34668.0,
  "summary_fg_p05": 49800.0412109375,
  "summary_fg_p95": 86970.62929687503,
  "summary_fg_stdv": 11697.8359375,
  "tsnr": 88.76617431640625
}