{
  "aor": 0.0010134985422740525,
  "aqi": 0.004058091137026238,
  "bids_meta": {
    "AcquisitionNumber": 3,
    "BIDSVersion": "1.1.0",
    "BidsifyVersion": "0.3",
    "ConversionSoftware": "dcm2niix",
    "ConversionSoftwareVersion": "v1.0.20180622 GCC5.4.0",
    "EchoTime": 0.028,
    "EffectiveEchoSpacing": 0.0006909,
    "FlipAngle": 76.1,
    "ImageComments": "RepliSC",
    "ImageOrientationPatientDICOM": [
      0.995946,
      -0.0322454,
      -0.0839704,
      0.0137331,
      0.977101,
      -0.212332
    ],
    "InstitutionName": "Spinoza Centre for Neuroimaging, location REC",
    "MagneticFieldStrength": 3,
    "Manufacturer": "Philips",
    "ParallelAcquisitionTechnique": "SENSE",
    "ParallelReductionFactorInPlane": 2,
    "PatientPosition": "HFS",
    "PhaseEncodingDirection": "j",
    "PhilipsRescaleIntercept": 0,
    "PhilipsRescaleSlope": 0.74945,
    "PhilipsScaleSlope": 0.0229885,
    "ProtocolName": "task-Healthratingtask_acq-SeqMm3Tr2000_bold",
    "PulseSequenceType": "Gradient Echo EPI",
    "ReconMatrixPE": 80,
    "RepetitionTime": 2,
    "SeriesDescription": "ImageMRSERIES",
    "SeriesNumber": 3,
    "SliceEncodingDirection": "k",
    "SliceTiming": [
      0.0,
      0.05555555555555555,
      0.1111111111111111,
      0.16666666666666666,
      0.2222222222222222,
      0.2777777777777778,
      0.3333333333333333,
      0.38888888888888884,
      0.4444444444444444,
      0.5,
      0.5555555555555556,
      0.611111111111111,
      0.6666666666666666,
      0.7222222222222222,
      0.7777777777777777,
      0.8333333333333333,
      0.8888888888888888,
      0.9444444444444444,
      1.0,
      1.0555555555555556,
      1.1111111111111112,
      1.1666666666666665,
      1.222222222222222,
      1.2777777777777777,
      1.3333333333333333,
      1.3888888888888888,
      1.4444444444444444,
      1.5,
      1.5555555555555554,
      1.611111111111111,
      1.6666666666666665,
      1.722222222222222,
      1.7777777777777777,
      1.8333333333333333,
      1.8888888888888888,
      1.9444444444444444
    ],
    "TaskName": "Healthratingtask",
    "TotalReadoutTime": 0.0269452,
    "UsePhilipsFloatNotDisplayScaling": 1,
    "WaterFatShift": 12.0,
    "acq_id": "SeqMm3Tr2000",
    "dataset": "ds002643",
    "modality": "bold",
    "subject_id": "062",
    "task_id": "Healthratingtask"
  },
  "dummy_trs": 0,
  "dvars_nstd": 16.40756725023392,
  "dvars_std": 1.0466764059064328,
  "dvars_vstd": 0.9824576476315776,
  "efc": 0.42536007212785587,
  "fber": 61996.19921875,
  "fd_mean": 0.1163908984458061,
  "fd_num": 26,
  "fd_perc": 7.580174927113703,
  "fwhm_avg": 1.8287388362925652,
  "fwhm_x": 1.8293934787204646,
  "fwhm_y": 1.9590168223553357,
  "fwhm_z": 1.6978062078018947,
  "gcor": 0.0319026,
  "gsr_x": -0.01619240827858448,
  "gsr_y": 0.01459827646613121,
  "provenance": {
    "md5sum": "eaa5e26a5973cb9f5aeabf090337b401",
    "settings": {
      "fd_thres": 0.2,
      "testing": false
    },
    "software": "mriqc",
    "version": "23.0.1",
    "webapi_port": null,
    "webapi_url": "https://mriqc.nimh.nih.gov/api/v1"
  },
  "size_t": 343,
  "size_x": 80,
  "size_y": 80,
  "size_z": 36,
  "snr": 5.370015444565139,
  "spacing_tr": 2.0,
  "spacing_x": 2.999999761581421,
  "spacing_y": 2.999999761581421,
  "spacing_z": 3.299999713897705,
  "summary_bg_k": 42.100968092197505,
  "summary_bg_mad": 273.93140875158423,
  "summary_bg_mean": 1403.2763671875,
  "summary_bg_median": 256.26123046875,
  "summary_bg_n": 154984.0,
  "summary_bg_p05": 30.650191974639892,
  "summary_bg_p95": 7273.508325195318,
  "summary_bg_stdv": 3513.489501953125,
  "summary_fg_k": 1.2393107780451214,
  "summary_fg_mad": 10753.423927704536,
  "summary_fg_mean": 65825.7109375,
  "summary_fg_median": 63871.51171875,
  "summary_fg_n": 34503.0,
  "summary_fg_p05": 50653.921875,
  "summary_fg_p95": 88676.85625000001,
  "summary_fg_stdv": 11893.9296875,
  "tsnr": 79.2144775390625
}