{
  "bids_meta": {
    "AcquisitionNumber": 2,
    "BIDSVersion": "1.1.0",
    "BidsifyVersion": "0.3",
    "ConversionSoftware": "dcm2niix",
    "ConversionSoftwareVersion": "v1.0.20180622 GCC5.4.0",
    "EchoTime": 0.0039,
    "ImageComments": "RepliSC",
    "ImageOrientationPatientDICOM": [
      0.997393,
      -0.00350548,
      -0.0720711,
      -0.0184544,
      0.953207,
      -0.301754
    ],
    "InstitutionName": "Spinoza Centre for Neuroimaging, location REC",
    "InversionTime": 0.9,
    "MagneticFieldStrength": 3,
    "Manufacturer": "Philips",
    "ParallelAcquisitionTechnique": "SENSE",
    "PatientPosition": "HFS",
    "PhilipsRescaleIntercept": 0,
    "PhilipsRescaleSlope": 4.43321,
    "PhilipsScaleSlope": 0.00517863,
    "ProtocolName": "acq-AxialNsig1Mm1_T1w",
    "ReconMatrixPE": 240,
    "RepetitionTime": 0.008459,
    "SeriesDescription": "ImageMRSERIES",
    "SeriesNumber": 2,
    "UsePhilipsFloatNotDisplayScaling": 1,
    "acq_id": "AxialNsig1Mm1",
    "dataset": "ds002643",
    "modality": "T1w",
    "subject_id": "005"
  },
  "cjv": 0.28351468373698613,
  "cnr": 4.5773212979028015,
  "efc": 0.718882602433736,
  "fber": -1.0,
  "fwhm_avg": 4.181946666666668,
  "fwhm_x": 4.11413,
  "fwhm_y": 4.31555,
  "fwhm_z": 4.11616,
  "icvs_csf": 0.2146636436639576,
  "icvs_gm": 0.4427225578881235,
  "icvs_wm": 0.34261379844791895,
  "inu_med": 0.5711449682712555,
  "inu_range": 0.19471807777881622,
  "provenance": {
    "md5sum": "11d4398a4f320c5041303d873c539884",
    "settings": {
      "testing": false
    },
    "software": "mriqc",
    "version": "23.0.1",
    "warnings": {
      "large_rot_frame": true,
      "small_air_mask": false
    },
    "webapi_port": null,
    "webapi_url": "https://mriqc.nimh.nih.gov/api/v1"
  },
  "qi_1": 0.01974663427901195,
  "qi_2": 7.281093784203252e-05,
  "rpve_csf": 21.859804413065124,
  "rpve_gm": 11.4387980066433,
  "rpve_wm": 17.50224782691524,
  "size_x": 240,
  "size_y": 240,
  "size_z": 220,
  "snr_csf": 1.4884756590186239,
  "snr_gm": 8.531442571925268,
  "snr_total": 11.33783867865457,
  "snr_wm": 23.99359780501982,
  "snrd_csf": 18.271397428356224,
  "snrd_gm": 73.91330197407679,
  "snrd_total": 70.65482794457263,
  "snrd_wm": 119.77978443128491,
  "spacing_x": 1.0,
  "spacing_y": 1.0,
  "spacing_z": 1.0,
  "summary_bg_k": 598.8391446185789,
  "summary_bg_mad": 0.0,
  "summary_bg_mean": 1.7520349235550454,
  "summary_bg_median": 0.0,
  "summary_bg_n": 337987.0,
  "summary_bg_p05": 0.0,
  "summary_bg_p95": 10.986179012805223,
  "summary_bg_stdv": 5.469507046167295,
  "summary_csf_k": 1.2640720929359288,
  "summary_csf_mad": 96.79110388591147,
  "summary_csf_mean": 168.34226487978208,
  "summary_csf_median": 152.5415729880333,
  "summary_csf_n": 35881.0,
  "summary_csf_p05": 36.65963785722852,
  "summary_csf_p95": 367.6270648762584,
  "summary_csf_stdv": 102.48031023520453,
  "summary_gm_k": 0.2325270722300452,
  "summary_gm_mad": 71.19546572160694,
  "summary_gm_mean": 616.6190581646939,
  "summary_gm_median": 617.0765751264989,
  "summary_gm_n": 56099.0,
  "summary_gm_p05": 497.18667575456203,
  "summary_gm_p95": 733.7807168316095,
  "summary_gm_stdv": 72.3290428330782,
  "summary_wm_k": 1.3793017242475205,
  "summary_wm_mad": 37.36893712997515,
  "summary_wm_mean": 999.4001729294674,
  "summary_wm_median": 999.9999617412686,
  "summary_wm_n": 226022.0,
  "summary_wm_p05": 931.0611028186977,
  "summary_wm_p95": 1065.3079939112067,
  "summary_wm_stdv": 41.677690761143616,
  "tpm_overlap_csf": 0.1709719466161954,
  "tpm_overlap_gm": 0.48031822317808454,
  "tpm_overlap_wm": 0.521699896364022,
  "wm2max": 0.7473870340867312
}