{
  "aor": 0.0010493750000000002,
  "aqi": 0.004215782125,
  "bids_meta": {
    "AcquisitionNumber": 7,
    "BIDSVersion": "1.1.0",
    "BidsifyVersion": "0.3",
    "ConversionSoftware": "dcm2niix",
    "ConversionSoftwareVersion": "v1.0.20180622 GCC5.4.0",
    "EchoTime": 0.028,
    "EffectiveEchoSpacing": 0.0006909,
    "FlipAngle": 76.1,
    "ImageComments": "RepliSC",
    "ImageOrientationPatientDICOM": [
      0.997053,
      0.0272998,
      -0.0716957,
      -0.0341209,
      0.994824,
      -0.0957079
    ],
    "InstitutionName": "Spinoza Centre for Neuroimaging, location REC",
    "MagneticFieldStrength": 3,
    "Manufacturer": "Philips",
    "ParallelAcquisitionTechnique": "SENSE",
    "ParallelReductionFactorInPlane": 2,
    "PatientPosition": "HFS",
    "PhaseEncodingDirection": "j",
    "PhilipsRescaleIntercept": 0,
    "PhilipsRescaleSlope": 0.79121,
    "PhilipsScaleSlope": 0.0216607,
    "ProtocolName": "task-RestingState_acq-SeqMm3Tr2000_bold",
    "PulseSequenceType": "Gradient Echo EPI",
    "ReconMatrixPE": 80,
    "RepetitionTime": 2,
    "SeriesDescription": "ImageMRSERIES",
    "SeriesNumber": 7,
    "SliceEncodingDirection": "k",
    "SliceTiming": [
      0.0,
      0.05555555555555555,
      0.1111111111111111,
      0.16666666666666666,
      0.2222222222222222,
      0.2777777777777778,
      0.3333333333333333,
      0.38888888888888884,
      0.4444444444444444,
      0.5,
      0.5555555555555556,
      0.611111111111111,
      0.6666666666666666,
      0.7222222222222222,
      0.7777777777777777,
      0.8333333333333333,
      0.8888888888888888,
      0.9444444444444444,
      1.0,
      1.0555555555555556,
      1.1111111111111112,
      1.1666666666666665,
      1.222222222222222,
      1.2777777777777777,
      1.3333333333333333,
      1.3888888888888888,
      1.4444444444444444,
      1.5,
      1.5555555555555554,
      1.611111111111111,
      1.6666666666666665,
      1.722222222222222,
      1.7777777777777777,
      1.8333333333333333,
      1.8888888888888888,
      1.9444444444444444
    ],
    "TaskName": "RestingState",
    "TotalReadoutTime": 0.0269452,
    "UsePhilipsFloatNotDisplayScaling": 1,
    "WaterFatShift": 12.0,
    "acq_id": "SeqMm3Tr2000",
    "dataset": "ds002643",
    "modality": "bold",
    "subject_id": "048",
    "task_id": "RestingState"
  },
  "dummy_trs": 0,
  "dvars_nstd": 20.73497329292889,
  "dvars_std": 1.119597689958159,
  "dvars_vstd": 0.9974646382008366,
  "efc": 0.4081543304812899,
  "fber": 151945.4375,
  "fd_mean": 0.20622423159486783,
  "fd_num": 126,
  "fd_perc": 52.5,
  "fwhm_avg": 1.8369454087403498,
  "fwhm_x": 1.7759601411406312,
  "fwhm_y": 2.0411033333333335,
  "fwhm_z": 1.6937727517470844,
  "gcor": 0.0210496,
  "gsr_x": -0.019801132380962372,
  "gsr_y": 0.01414764765650034,
  "provenance": {
    "md5sum": "2cdc92a0685584e178e6b153e2b42580",
    "settings": {
      "fd_thres": 0.2,
      "testing": false
    },
    "software": "mriqc",
    "version": "23.0.1",
    "webapi_port": null,
    "webapi_url": "https://mriqc.nimh.nih.gov/api/v1"
  },
  "size_t": 240,
  "size_x": 80,
  "size_y": 80,
  "size_z": 36,
  "snr": 6.5614944806877515,
  "spacing_tr": 2.0,
  "spacing_x": 2.999999761581421,
  "spacing_y": 3.0,
  "spacing_z": 3.299999952316284,
  "summary_bg_k": 74.27258898636323,
  "summary_bg_mad": 197.83937684399564,
  "summary_bg_mean": 1343.7646484375,
  "summary_bg_median": 166.3395538330078,
  "summary_bg_n": 159264.0,
  "summary_bg_p05": 11.243317937850954,
  "summary_bg_p95": 6964.705664062507,
  "summary_bg_stdv": 3567.099609375,
  "summary_fg_k": 1.715286000318824,
  "summary_fg_mad": 10078.414249288158,
  "summary_fg_mean": 67925.546875,
  "summary_fg_median": 66659.984375,
  "summary_fg_n": 31340.0,
  "summary_fg_p05": 54641.077734375,
  "summary_fg_p95": 85016.901171875,
  "summary_fg_stdv": 10159.1064453125,
  "tsnr": 88.36822509765625
}