{
  "aor": 0.0006981049562682216,
  "aqi": 0.00463828778425656,
  "bids_meta": {
    "AcquisitionNumber": 6,
    "BIDSVersion": "1.1.0",
    "BidsifyVersion": "0.3",
    "ConversionSoftware": "dcm2niix",
    "ConversionSoftwareVersion": "v1.0.20180622 GCC5.4.0",
    "EchoTime": 0.028,
    "EffectiveEchoSpacing": 0.0006909,
    "FlipAngle": 76.1,
    "ImageComments": "RepliSC",
    "ImageOrientationPatientDICOM": [
      0.997053,
      0.0272998,
      -0.0716957,
      -0.0341209,
      0.994824,
      -0.0957079
    ],
    "InstitutionName": "Spinoza Centre for Neuroimaging, location REC",
    "MagneticFieldStrength": 3,
    "Manufacturer": "Philips",
    "ParallelAcquisitionTechnique": "SENSE",
    "ParallelReductionFactorInPlane": 2,
    "PatientPosition": "HFS",
    "PhaseEncodingDirection": "j",
    "PhilipsRescaleIntercept": 0,
    "PhilipsRescaleSlope": 0.79219,
    "PhilipsScaleSlope": 0.022842,
    "ProtocolName": "task-Decisiontask_acq-SeqMm3Tr2000_bold",
    "PulseSequenceType": "Gradient Echo EPI",
    "ReconMatrixPE": 80,
    "RepetitionTime": 2,
    "SeriesDescription": "ImageMRSERIES",
    "SeriesNumber": 6,
    "SliceEncodingDirection": "k",
    "SliceTiming": [
      0.0,
      0.05555555555555555,
      0.1111111111111111,
      0.16666666666666666,
      0.2222222222222222,
      0.2777777777777778,
      0.3333333333333333,
      0.38888888888888884,
      0.4444444444444444,
      0.5,
      0.5555555555555556,
      0.611111111111111,
      0.6666666666666666,
      0.7222222222222222,
      0.7777777777777777,
      0.8333333333333333,
      0.8888888888888888,
      0.9444444444444444,
      1.0,
      1.0555555555555556,
      1.1111111111111112,
      1.1666666666666665,
      1.222222222222222,
      1.2777777777777777,
      1.3333333333333333,
      1.3888888888888888,
      1.4444444444444444,
      1.5,
      1.5555555555555554,
      1.611111111111111,
      1.6666666666666665,
      1.722222222222222,
      1.7777777777777777,
      1.8333333333333333,
      1.8888888888888888,
      1.9444444444444444
    ],
    "TaskName": "Decisiontask",
    "TotalReadoutTime": 0.0269452,
    "UsePhilipsFloatNotDisplayScaling": 1,
    "WaterFatShift": 12.0,
    "acq_id": "SeqMm3Tr2000",
    "dataset": "ds002643",
    "modality": "bold",
    "subject_id": "048",
    "task_id": "Decisiontask"
  },
  "dummy_trs": 0,
  "dvars_nstd": 19.60076610941521,
  "dvars_std": 1.105224790818712,
  "dvars_vstd": 0.9850694500877196,
  "efc": 0.4070052269098243,
  "fber": 155216.328125,
  "fd_mean": 0.1618202617682627,
  "fd_num": 90,
  "fd_perc": 26.239067055393587,
  "fwhm_avg": 1.8481059140788105,
  "fwhm_x": 1.7842268084642736,
  "fwhm_y": 2.052,
  "fwhm_z": 1.7080909337721584,
  "gcor": 0.053967,
  "gsr_x": -0.019753417000174522,
  "gsr_y": 0.014182035811245441,
  "provenance": {
    "md5sum": "5d45a33c3f2b9117d675ab98182ed805",
    "settings": {
      "fd_thres": 0.2,
      "testing": false
    },
    "software": "mriqc",
    "version": "23.0.1",
    "webapi_port": null,
    "webapi_url": "https://mriqc.nimh.nih.gov/api/v1"
  },
  "size_t": 343,
  "size_x": 80,
  "size_y": 80,
  "size_z": 36,
  "snr": 6.418596280756183,
  "spacing_tr": 2.0,
  "spacing_x": 2.999999761581421,
  "spacing_y": 3.0,
  "spacing_z": 3.299999952316284,
  "summary_bg_k": 76.88118247333516,
  "summary_bg_mad": 181.22922841784987,
  "summary_bg_mean": 1222.651611328125,
  "summary_bg_median": 152.54779052734375,
  "summary_bg_n": 159349.0,
  "summary_bg_p05": 10.788924407958985,
  "summary_bg_p95": 6308.414746093751,
  "summary_bg_stdv": 3276.03759765625,
  "summary_fg_k": 1.8113029839838486,
  "summary_fg_mad": 9485.564478578148,
  "summary_fg_mean": 62837.8515625,
  "summary_fg_median": 61599.26171875,
  "summary_fg_n": 31314.0,
  "summary_fg_p05": 50371.2951171875,
  "summary_fg_p95": 79104.86484375,
  "summary_fg_stdv": 9596.845703125,
  "tsnr": 79.66500091552734
}