{
  "aor": 0.0010553935860058306,
  "aqi": 0.003867820728862973,
  "bids_meta": {
    "AcquisitionNumber": 4,
    "BIDSVersion": "1.1.0",
    "BidsifyVersion": "0.3",
    "ConversionSoftware": "dcm2niix",
    "ConversionSoftwareVersion": "v1.0.20180622 GCC5.4.0",
    "EchoTime": 0.028,
    "EffectiveEchoSpacing": 0.0006909,
    "FlipAngle": 76.1,
    "ImageComments": "RepliSC",
    "ImageOrientationPatientDICOM": [
      0.997053,
      0.0272998,
      -0.0716957,
      -0.0341209,
      0.994824,
      -0.0957079
    ],
    "InstitutionName": "Spinoza Centre for Neuroimaging, location REC",
    "MagneticFieldStrength": 3,
    "Manufacturer": "Philips",
    "ParallelAcquisitionTechnique": "SENSE",
    "ParallelReductionFactorInPlane": 2,
    "PatientPosition": "HFS",
    "PhaseEncodingDirection": "j",
    "PhilipsRescaleIntercept": 0,
    "PhilipsRescaleSlope": 0.76557,
    "PhilipsScaleSlope": 0.0230668,
    "ProtocolName": "task-Healthratingtask_acq-SeqMm3Tr2000_bold",
    "PulseSequenceType": "Gradient Echo EPI",
    "ReconMatrixPE": 80,
    "RepetitionTime": 2,
    "SeriesDescription": "ImageMRSERIES",
    "SeriesNumber": 4,
    "SliceEncodingDirection": "k",
    "SliceTiming": [
      0.0,
      0.05555555555555555,
      0.1111111111111111,
      0.16666666666666666,
      0.2222222222222222,
      0.2777777777777778,
      0.3333333333333333,
      0.38888888888888884,
      0.4444444444444444,
      0.5,
      0.5555555555555556,
      0.611111111111111,
      0.6666666666666666,
      0.7222222222222222,
      0.7777777777777777,
      0.8333333333333333,
      0.8888888888888888,
      0.9444444444444444,
      1.0,
      1.0555555555555556,
      1.1111111111111112,
      1.1666666666666665,
      1.222222222222222,
      1.2777777777777777,
      1.3333333333333333,
      1.3888888888888888,
      1.4444444444444444,
      1.5,
      1.5555555555555554,
      1.611111111111111,
      1.6666666666666665,
      1.722222222222222,
      1.7777777777777777,
      1.8333333333333333,
      1.8888888888888888,
      1.9444444444444444
    ],
    "TaskName": "Healthratingtask",
    "TotalReadoutTime": 0.0269452,
    "UsePhilipsFloatNotDisplayScaling": 1,
    "WaterFatShift": 12.0,
    "acq_id": "SeqMm3Tr2000",
    "dataset": "ds002643",
    "modality": "bold",
    "subject_id": "048",
    "task_id": "Healthratingtask"
  },
  "dummy_trs": 0,
  "dvars_nstd": 19.489350717894716,
  "dvars_std": 1.137180082339181,
  "dvars_vstd": 1.0053491287426903,
  "efc": 0.4066253092786361,
  "fber": 168622.9375,
  "fd_mean": 0.14763124702385574,
  "fd_num": 44,
  "fd_perc": 12.82798833819242,
  "fwhm_avg": 1.849840964719375,
  "fwhm_x": 1.7894001422087464,
  "fwhm_y": 2.05235,
  "fwhm_z": 1.707772751949379,
  "gcor": 0.0703393,
  "gsr_x": -0.019523853436112404,
  "gsr_y": 0.013581777922809124,
  "provenance": {
    "md5sum": "2d11468d8867c3b8c4d6e6f8519e69e6",
    "settings": {
      "fd_thres": 0.2,
      "testing": false
    },
    "software": "mriqc",
    "version": "23.0.1",
    "webapi_port": null,
    "webapi_url": "https://mriqc.nimh.nih.gov/api/v1"
  },
  "size_t": 343,
  "size_x": 80,
  "size_y": 80,
  "size_z": 36,
  "snr": 6.404001839134998,
  "spacing_tr": 2.0,
  "spacing_x": 2.999999761581421,
  "spacing_y": 3.0,
  "spacing_z": 3.299999952316284,
  "summary_bg_k": 86.09955162256632,
  "summary_bg_mad": 175.00687624084074,
  "summary_bg_mean": 1209.52197265625,
  "summary_bg_median": 148.25592041015625,
  "summary_bg_n": 159215.0,
  "summary_bg_p05": 9.412535572052002,
  "summary_bg_p95": 6249.351367187499,
  "summary_bg_stdv": 3293.408935546875,
  "summary_fg_k": 1.807322138942359,
  "summary_fg_mad": 9622.800742136029,
  "summary_fg_mean": 63632.11328125,
  "summary_fg_median": 62434.2890625,
  "summary_fg_n": 31423.0,
  "summary_fg_p05": 50951.098046875,
  "summary_fg_p95": 80159.78046875,
  "summary_fg_stdv": 9749.1064453125,
  "tsnr": 88.2992935180664
}