{
  "aor": 0.00162798833819242,
  "aqi": 0.00475254139941691,
  "bids_meta": {
    "AcquisitionNumber": 3,
    "BIDSVersion": "1.1.0",
    "BidsifyVersion": "0.3",
    "ConversionSoftware": "dcm2niix",
    "ConversionSoftwareVersion": "v1.0.20180622 GCC5.4.0",
    "EchoTime": 0.028,
    "EffectiveEchoSpacing": 0.0006909,
    "FlipAngle": 76.1,
    "ImageComments": "RepliSC",
    "ImageOrientationPatientDICOM": [
      0.997053,
      0.0272998,
      -0.0716957,
      -0.0341209,
      0.994824,
      -0.0957079
    ],
    "InstitutionName": "Spinoza Centre for Neuroimaging, location REC",
    "MagneticFieldStrength": 3,
    "Manufacturer": "Philips",
    "ParallelAcquisitionTechnique": "SENSE",
    "ParallelReductionFactorInPlane": 2,
    "PatientPosition": "HFS",
    "PhaseEncodingDirection": "j",
    "PhilipsRescaleIntercept": 0,
    "PhilipsRescaleSlope": 0.76947,
    "PhilipsScaleSlope": 0.0222541,
    "ProtocolName": "task-Tasteratingtask_acq-SeqMm3Tr2000_bold",
    "PulseSequenceType": "Gradient Echo EPI",
    "ReconMatrixPE": 80,
    "RepetitionTime": 2,
    "SeriesDescription": "ImageMRSERIES",
    "SeriesNumber": 3,
    "SliceEncodingDirection": "k",
    "SliceTiming": [
      0.0,
      0.05555555555555555,
      0.1111111111111111,
      0.16666666666666666,
      0.2222222222222222,
      0.2777777777777778,
      0.3333333333333333,
      0.38888888888888884,
      0.4444444444444444,
      0.5,
      0.5555555555555556,
      0.611111111111111,
      0.6666666666666666,
      0.7222222222222222,
      0.7777777777777777,
      0.8333333333333333,
      0.8888888888888888,
      0.9444444444444444,
      1.0,
      1.0555555555555556,
      1.1111111111111112,
      1.1666666666666665,
      1.222222222222222,
      1.2777777777777777,
      1.3333333333333333,
      1.3888888888888888,
      1.4444444444444444,
      1.5,
      1.5555555555555554,
      1.611111111111111,
      1.6666666666666665,
      1.722222222222222,
      1.7777777777777777,
      1.8333333333333333,
      1.8888888888888888,
      1.9444444444444444
    ],
    "TaskName": "Tasteratingtask",
    "TotalReadoutTime": 0.0269452,
    "UsePhilipsFloatNotDisplayScaling": 1,
    "WaterFatShift": 12.0,
    "acq_id": "SeqMm3Tr2000",
    "dataset": "ds002643",
    "modality": "bold",
    "subject_id": "048",
    "task_id": "Tasteratingtask"
  },
  "dummy_trs": 0,
  "dvars_nstd": 19.20777607245614,
  "dvars_std": 1.1388554211695898,
  "dvars_vstd": 1.008292837690058,
  "efc": 0.40513607994757805,
  "fber": 178844.859375,
  "fd_mean": 0.14092912376014569,
  "fd_num": 33,
  "fd_perc": 9.620991253644315,
  "fwhm_avg": 1.8421106615864113,
  "fwhm_x": 1.7881534754430037,
  "fwhm_y": 2.0448633333333333,
  "fwhm_z": 1.6933151759828968,
  "gcor": 0.102773,
  "gsr_x": -0.019305506721138954,
  "gsr_y": 0.013333920389413834,
  "provenance": {
    "md5sum": "69e0472f5d52e708fdc3539ecc67b66c",
    "settings": {
      "fd_thres": 0.2,
      "testing": false
    },
    "software": "mriqc",
    "version": "23.0.1",
    "webapi_port": null,
    "webapi_url": "https://mriqc.nimh.nih.gov/api/v1"
  },
  "size_t": 343,
  "size_x": 80,
  "size_y": 80,
  "size_z": 36,
  "snr": 6.302714011114841,
  "spacing_tr": 2.0,
  "spacing_x": 2.999999761581421,
  "spacing_y": 3.0,
  "spacing_z": 3.299999952316284,
  "summary_bg_k": 93.94596728731268,
  "summary_bg_mad": 173.9132122138082,
  "summary_bg_mean": 1207.1541748046875,
  "summary_bg_median": 148.10113525390625,
  "summary_bg_n": 159277.0,
  "summary_bg_p05": 9.616920661926269,
  "summary_bg_p95": 6213.478613281236,
  "summary_bg_stdv": 3318.974609375,
  "summary_fg_k": 1.7895163437992458,
  "summary_fg_mad": 10044.259379820827,
  "summary_fg_mean": 65624.0078125,
  "summary_fg_median": 64274.15625,
  "summary_fg_n": 31392.0,
  "summary_fg_p05": 52432.7173828125,
  "summary_fg_p95": 82933.68593749999,
  "summary_fg_stdv": 10197.69140625,
  "tsnr": 79.1452865600586
}