{
  "aor": 0.0019075,
  "aqi": 0.005376399958333333,
  "bids_meta": {
    "AcquisitionNumber": 7,
    "BIDSVersion": "1.1.0",
    "BidsifyVersion": "0.3",
    "ConversionSoftware": "dcm2niix",
    "ConversionSoftwareVersion": "v1.0.20180622 GCC5.4.0",
    "EchoTime": 0.028,
    "EffectiveEchoSpacing": 0.0006909,
    "FlipAngle": 76.1,
    "ImageComments": "RepliSC",
    "ImageOrientationPatientDICOM": [
      0.999739,
      -0.00564881,
      0.0221278,
      0.0115167,
      0.961405,
      -0.274897
    ],
    "InstitutionName": "Spinoza Centre for Neuroimaging, location REC",
    "MagneticFieldStrength": 3,
    "Manufacturer": "Philips",
    "ParallelAcquisitionTechnique": "SENSE",
    "ParallelReductionFactorInPlane": 2,
    "PatientPosition": "HFS",
    "PhaseEncodingDirection": "j",
    "PhilipsRescaleIntercept": 0,
    "PhilipsRescaleSlope": 0.77021,
    "PhilipsScaleSlope": 0.0231616,
    "ProtocolName": "task-RestingState_acq-SeqMm3Tr2000_bold",
    "PulseSequenceType": "Gradient Echo EPI",
    "ReconMatrixPE": 80,
    "RepetitionTime": 2,
    "SeriesDescription": "ImageMRSERIES",
    "SeriesNumber": 7,
    "SliceEncodingDirection": "k",
    "SliceTiming": [
      0.0,
      0.05555555555555555,
      0.1111111111111111,
      0.16666666666666666,
      0.2222222222222222,
      0.2777777777777778,
      0.3333333333333333,
      0.38888888888888884,
      0.4444444444444444,
      0.5,
      0.5555555555555556,
      0.611111111111111,
      0.6666666666666666,
      0.7222222222222222,
      0.7777777777777777,
      0.8333333333333333,
      0.8888888888888888,
      0.9444444444444444,
      1.0,
      1.0555555555555556,
      1.1111111111111112,
      1.1666666666666665,
      1.222222222222222,
      1.2777777777777777,
      1.3333333333333333,
      1.3888888888888888,
      1.4444444444444444,
      1.5,
      1.5555555555555554,
      1.611111111111111,
      1.6666666666666665,
      1.722222222222222,
      1.7777777777777777,
      1.8333333333333333,
      1.8888888888888888,
      1.9444444444444444
    ],
    "TaskName": "RestingState",
    "TotalReadoutTime": 0.0269452,
    "UsePhilipsFloatNotDisplayScaling": 1,
    "WaterFatShift": 12.0,
    "acq_id": "SeqMm3Tr2000",
    "dataset": "ds002643",
    "modality": "bold",
    "subject_id": "001",
    "task_id": "RestingState"
  },
  "dummy_trs": 0,
  "dvars_nstd": 21.312219918953996,
  "dvars_std": 1.3027615069037657,
  "dvars_vstd": 1.0137654403765695,
  "efc": 0.44851589315798646,
  "fber": 88994.890625,
  "fd_mean": 0.10644900234544526,
  "fd_num": 11,
  "fd_perc": 4.583333333333333,
  "fwhm_avg": 1.7875007650769839,
  "fwhm_x": 1.7248999999999999,
  "fwhm_y": 1.9332265130276274,
  "fwhm_z": 1.7043757822033243,
  "gcor": 0.034555,
  "gsr_x": -0.021616267040371895,
  "gsr_y": 0.015148566104471684,
  "provenance": {
    "md5sum": "e247d47f93ef4cb26661c4ee02551e78",
    "settings": {
      "fd_thres": 0.2,
      "testing": false
    },
    "software": "mriqc",
    "version": "23.0.1",
    "webapi_port": null,
    "webapi_url": "https://mriqc.nimh.nih.gov/api/v1"
  },
  "size_t": 240,
  "size_x": 80,
  "size_y": 80,
  "size_z": 36,
  "snr": 7.622814515783154,
  "spacing_tr": 2.0,
  "spacing_x": 3.0,
  "spacing_y": 3.000000238418579,
  "spacing_z": 3.299999952316284,
  "summary_bg_k": 32.97072468955092,
  "summary_bg_mad": 261.06584838375045,
  "summary_bg_mean": 1985.8638916015625,
  "summary_bg_median": 224.94056701660156,
  "summary_bg_n": 153381.0,
  "summary_bg_p05": 17.336896896362305,
  "summary_bg_p95": 11111.15625,
  "summary_bg_stdv": 5065.89892578125,
  "summary_fg_k": 2.0376943272447523,
  "summary_fg_mad": 9314.509247618062,
  "summary_fg_mean": 69640.9296875,
  "summary_fg_median": 69072.9921875,
  "summary_fg_n": 36062.0,
  "summary_fg_p05": 56864.0767578125,
  "summary_fg_p95": 84123.67812499999,
  "summary_fg_stdv": 9061.224609375,
  "tsnr": 88.19549560546875
}