{
  "aor": 0.001048396501457726,
  "aqi": 0.00556007303206997,
  "bids_meta": {
    "AcquisitionNumber": 3,
    "BIDSVersion": "1.1.0",
    "BidsifyVersion": "0.3",
    "ConversionSoftware": "dcm2niix",
    "ConversionSoftwareVersion": "v1.0.20180622 GCC5.4.0",
    "EchoTime": 0.028,
    "EffectiveEchoSpacing": 0.0006909,
    "FlipAngle": 76.1,
    "ImageComments": "RepliSC",
    "ImageOrientationPatientDICOM": [
      0.999739,
      -0.00564881,
      0.0221278,
      0.0115167,
      0.961405,
      -0.274897
    ],
    "InstitutionName": "Spinoza Centre for Neuroimaging, location REC",
    "MagneticFieldStrength": 3,
    "Manufacturer": "Philips",
    "ParallelAcquisitionTechnique": "SENSE",
    "ParallelReductionFactorInPlane": 2,
    "PatientPosition": "HFS",
    "PhaseEncodingDirection": "j",
    "PhilipsRescaleIntercept": 0,
    "PhilipsRescaleSlope": 0.75092,
    "PhilipsScaleSlope": 0.0228598,
    "ProtocolName": "ses-01_task-Healthratingtask-SeqMm3_bold",
    "PulseSequenceType": "Gradient Echo EPI",
    "ReconMatrixPE": 80,
    "RepetitionTime": 2,
    "SeriesDescription": "ImageMRSERIES",
    "SeriesNumber": 3,
    "SliceEncodingDirection": "k",
    "SliceTiming": [
      0.0,
      0.05555555555555555,
      0.1111111111111111,
      0.16666666666666666,
      0.2222222222222222,
      0.2777777777777778,
      0.3333333333333333,
      0.38888888888888884,
      0.4444444444444444,
      0.5,
      0.5555555555555556,
      0.611111111111111,
      0.6666666666666666,
      0.7222222222222222,
      0.7777777777777777,
      0.8333333333333333,
      0.8888888888888888,
      0.9444444444444444,
      1.0,
      1.0555555555555556,
      1.1111111111111112,
      1.1666666666666665,
      1.222222222222222,
      1.2777777777777777,
      1.3333333333333333,
      1.3888888888888888,
      1.4444444444444444,
      1.5,
      1.5555555555555554,
      1.611111111111111,
      1.6666666666666665,
      1.722222222222222,
      1.7777777777777777,
      1.8333333333333333,
      1.8888888888888888,
      1.9444444444444444
    ],
    "TaskName": "Healthratingtask",
    "TotalReadoutTime": 0.0269452,
    "UsePhilipsFloatNotDisplayScaling": 1,
    "WaterFatShift": 12.0,
    "acq_id": "SeqMm3Tr2000",
    "dataset": "ds002643",
    "modality": "bold",
    "subject_id": "001",
    "task_id": "Healthratingtask"
  },
  "dummy_trs": 0,
  "dvars_nstd": 21.16054597669591,
  "dvars_std": 1.2547083504678354,
  "dvars_vstd": 1.0007193737426905,
  "efc": 0.44642694347644923,
  "fber": 95448.5078125,
  "fd_mean": 0.1021109511699099,
  "fd_num": 6,
  "fd_perc": 1.749271137026239,
  "fwhm_avg": 1.8035692499033231,
  "fwhm_x": 1.7533066666666668,
  "fwhm_y": 1.9369798460626726,
  "fwhm_z": 1.7204212369806295,
  "gcor": 0.0301636,
  "gsr_x": -0.020827585831284523,
  "gsr_y": 0.013388686813414097,
  "provenance": {
    "md5sum": "faff4ba5c9f2c4b55d0563c9c88c0bca",
    "settings": {
      "fd_thres": 0.2,
      "testing": false
    },
    "software": "mriqc",
    "version": "23.0.1",
    "webapi_port": null,
    "webapi_url": "https://mriqc.nimh.nih.gov/api/v1"
  },
  "size_t": 343,
  "size_x": 80,
  "size_y": 80,
  "size_z": 36,
  "snr": 7.5962461882409364,
  "spacing_tr": 2.0,
  "spacing_x": 3.0,
  "spacing_y": 3.000000238418579,
  "spacing_z": 3.299999952316284,
  "summary_bg_k": 34.8270246398296,
  "summary_bg_mad": 252.4010659402785,
  "summary_bg_mean": 1906.840087890625,
  "summary_bg_median": 219.76551818847656,
  "summary_bg_n": 153212.0,
  "summary_bg_p05": 17.452145671844484,
  "summary_bg_p95": 10458.603710937452,
  "summary_bg_stdv": 5007.54052734375,
  "summary_fg_k": 1.6085303054515867,
  "summary_fg_mad": 9457.340017984838,
  "summary_fg_mean": 70498.890625,
  "summary_fg_median": 69904.2578125,
  "summary_fg_n": 36148.0,
  "summary_fg_p05": 57435.218359375,
  "summary_fg_p95": 85353.04453125001,
  "summary_fg_stdv": 9202.3466796875,
  "tsnr": 83.24090576171875
}