{
  "bids_meta": {
    "AcquisitionNumber": 2,
    "BIDSVersion": "1.1.0",
    "BidsifyVersion": "0.3",
    "ConversionSoftware": "dcm2niix",
    "ConversionSoftwareVersion": "v1.0.20180622 GCC5.4.0",
    "EchoTime": 0.0039,
    "ImageComments": "RepliSC",
    "ImageOrientationPatientDICOM": [
      0.997985,
      -0.0581367,
      0.0254188,
      0.0629628,
      0.956959,
      -0.283312
    ],
    "InstitutionName": "Spinoza Centre for Neuroimaging, location REC",
    "InversionTime": 0.9,
    "MagneticFieldStrength": 3,
    "Manufacturer": "Philips",
    "ParallelAcquisitionTechnique": "SENSE",
    "PatientPosition": "HFS",
    "PhilipsRescaleIntercept": 0,
    "PhilipsRescaleSlope": 4.44664,
    "PhilipsScaleSlope": 0.00472989,
    "ProtocolName": "acq-AxialNsig1Mm1_T1w",
    "ReconMatrixPE": 240,
    "RepetitionTime": 0.008425,
    "SeriesDescription": "ImageMRSERIES",
    "SeriesNumber": 2,
    "UsePhilipsFloatNotDisplayScaling": 1,
    "acq_id": "AxialNsig1Mm1",
    "dataset": "ds002643",
    "modality": "T1w",
    "subject_id": "067"
  },
  "cjv": 0.2680702044543433,
  "cnr": 4.728768107083541,
  "efc": 0.704175427333656,
  "fber": -1.0,
  "fwhm_avg": 4.1468034190056775,
  "fwhm_x": 4.11685,
  "fwhm_y": 4.312030257017032,
  "fwhm_z": 4.01153,
  "icvs_csf": 0.26340061015348853,
  "icvs_gm": 0.4278195102480487,
  "icvs_wm": 0.30877987959846276,
  "inu_med": 0.5935307145118713,
  "inu_range": 0.1885390281677246,
  "provenance": {
    "md5sum": "244c58ca27222c5fb7dab2683d0f760f",
    "settings": {
      "testing": false
    },
    "software": "mriqc",
    "version": "23.0.1",
    "warnings": {
      "large_rot_frame": true,
      "small_air_mask": false
    },
    "webapi_port": null,
    "webapi_url": "https://mriqc.nimh.nih.gov/api/v1"
  },
  "qi_1": 0.0,
  "qi_2": 6.43171730042502e-05,
  "rpve_csf": 20.716027222724943,
  "rpve_gm": 12.685775285324736,
  "rpve_wm": 20.753463041941973,
  "size_x": 240,
  "size_y": 240,
  "size_z": 220,
  "snr_csf": 1.4884730678267777,
  "snr_gm": 7.729002001033822,
  "snr_total": 11.398800515205872,
  "snr_wm": 24.97892647675702,
  "snrd_csf": 13.096532186758713,
  "snrd_gm": 61.372677278569576,
  "snrd_total": 59.446988307526425,
  "snrd_wm": 103.87175545725098,
  "spacing_x": 1.0,
  "spacing_y": 0.9999999403953552,
  "spacing_z": 1.0,
  "summary_bg_k": 255.23240470239728,
  "summary_bg_mad": 0.0,
  "summary_bg_mean": 2.879547468249508,
  "summary_bg_median": 0.0,
  "summary_bg_n": 555360.0,
  "summary_bg_p05": 0.0,
  "summary_bg_p95": 15.826794028282166,
  "summary_bg_stdv": 6.307025607055104,
  "summary_csf_k": 2.1709423438654003,
  "summary_csf_mad": 72.17415655137016,
  "summary_csf_mean": 144.83494678633772,
  "summary_csf_median": 126.08086478710175,
  "summary_csf_n": 62004.0,
  "summary_csf_p05": 42.301108196377754,
  "summary_csf_p95": 311.975674393028,
  "summary_csf_stdv": 84.70415138347796,
  "summary_gm_k": 0.2804592200221676,
  "summary_gm_mad": 74.15153070346248,
  "summary_gm_mean": 591.6258046675741,
  "summary_gm_median": 590.8373388648033,
  "summary_gm_n": 43755.0,
  "summary_gm_p05": 465.7500944331288,
  "summary_gm_p95": 717.3472164675593,
  "summary_gm_stdv": 76.44332180171325,
  "summary_wm_k": 1.3724646434710213,
  "summary_wm_mad": 35.52682226592558,
  "summary_wm_mean": 997.0856158431963,
  "summary_wm_median": 999.9777474105358,
  "summary_wm_n": 185865.0,
  "summary_wm_p05": 926.8899682462215,
  "summary_wm_p95": 1056.1450832962987,
  "summary_wm_stdv": 40.03274753511554,
  "tpm_overlap_csf": 0.15983410592268463,
  "tpm_overlap_gm": 0.46099519918988374,
  "tpm_overlap_wm": 0.49060335267036215,
  "wm2max": 0.8043412183303832
}