{
  "bids_meta": {
    "AcquisitionNumber": 2,
    "BIDSVersion": "1.1.0",
    "BidsifyVersion": "0.3",
    "ConversionSoftware": "dcm2niix",
    "ConversionSoftwareVersion": "v1.0.20180622 GCC5.4.0",
    "EchoTime": 0.00391,
    "ImageComments": "RepliSC",
    "ImageOrientationPatientDICOM": [
      0.998377,
      -0.0530069,
      -0.0208116,
      0.0435901,
      0.946524,
      -0.319675
    ],
    "InstitutionName": "Spinoza Centre for Neuroimaging, location REC",
    "InversionTime": 0.9,
    "MagneticFieldStrength": 3,
    "Manufacturer": "Philips",
    "ParallelAcquisitionTechnique": "SENSE",
    "PatientPosition": "HFS",
    "PhilipsRescaleIntercept": 0,
    "PhilipsRescaleSlope": 3.84444,
    "PhilipsScaleSlope": 0.00490422,
    "ProtocolName": "acq-AxialNsig1Mm1_T1w",
    "ReconMatrixPE": 240,
    "RepetitionTime": 0.008444,
    "SeriesDescription": "ImageMRSERIES",
    "SeriesNumber": 2,
    "UsePhilipsFloatNotDisplayScaling": 1,
    "acq_id": "AxialNsig1Mm1",
    "dataset": "ds002643",
    "modality": "T1w",
    "subject_id": "030"
  },
  "cjv": 0.2662077377919626,
  "cnr": 4.779724984039775,
  "efc": 0.6898572803746972,
  "fber": 19080.81777777778,
  "fwhm_avg": 4.26189,
  "fwhm_x": 4.29774,
  "fwhm_y": 4.34063,
  "fwhm_z": 4.1473,
  "icvs_csf": 0.253569211443142,
  "icvs_gm": 0.42028244603643516,
  "icvs_wm": 0.32614834252042285,
  "inu_med": 0.5615133941173553,
  "inu_range": 0.17544218301773068,
  "provenance": {
    "md5sum": "d0dde0bb0a3416196a3a95ab2e575901",
    "settings": {
      "testing": false
    },
    "software": "mriqc",
    "version": "23.0.1",
    "warnings": {
      "large_rot_frame": true,
      "small_air_mask": false
    },
    "webapi_port": null,
    "webapi_url": "https://mriqc.nimh.nih.gov/api/v1"
  },
  "qi_1": 0.0,
  "qi_2": 7.930980195488414e-06,
  "rpve_csf": 23.863922435465664,
  "rpve_gm": 14.46155935541588,
  "rpve_wm": 22.422496180259724,
  "size_x": 240,
  "size_y": 240,
  "size_z": 220,
  "snr_csf": 1.7080237160940765,
  "snr_gm": 8.565996824344094,
  "snr_total": 12.515480698829528,
  "snr_wm": 27.272421556050414,
  "snrd_csf": 18.69538994791066,
  "snrd_gm": 65.05520336105818,
  "snrd_total": 63.2329679205414,
  "snrd_wm": 105.94831045265535,
  "spacing_x": 1.0,
  "spacing_y": 1.0,
  "spacing_z": 1.0,
  "summary_bg_k": 18.346686415098794,
  "summary_bg_mad": 0.0,
  "summary_bg_mean": 3.394556849612401,
  "summary_bg_median": 0.0,
  "summary_bg_n": 590014.0,
  "summary_bg_p05": 0.0,
  "summary_bg_p95": 15.197836188599467,
  "summary_bg_stdv": 6.183547564415986,
  "summary_csf_k": 0.03926128515201288,
  "summary_csf_mad": 107.5422227969872,
  "summary_csf_mean": 190.6381707478872,
  "summary_csf_median": 176.45765519700944,
  "summary_csf_n": 44174.0,
  "summary_csf_p05": 46.46556964376941,
  "summary_csf_p95": 378.4283204935491,
  "summary_csf_stdv": 103.3098406192047,
  "summary_gm_k": 0.3185432410357918,
  "summary_gm_mad": 69.19484438302209,
  "summary_gm_mean": 613.5905135850932,
  "summary_gm_median": 614.0277723781765,
  "summary_gm_n": 39478.0,
  "summary_gm_p05": 494.7511510667391,
  "summary_gm_p95": 729.6379981865176,
  "summary_gm_stdv": 71.68109072245593,
  "summary_wm_k": 1.0625815677082322,
  "summary_wm_mad": 33.553956112219474,
  "summary_wm_mean": 999.269251910034,
  "summary_wm_median": 1000.000026030466,
  "summary_wm_n": 179261.0,
  "summary_wm_p05": 938.0210066679865,
  "summary_wm_p95": 1056.8104614503682,
  "summary_wm_stdv": 36.66697637179711,
  "tpm_overlap_csf": 0.1586221331534366,
  "tpm_overlap_gm": 0.49431389394196557,
  "tpm_overlap_wm": 0.5268543649880582,
  "wm2max": 0.7854440547964137
}