{
  "bids_meta": {
    "AcquisitionNumber": 2,
    "BIDSVersion": "1.1.0",
    "BidsifyVersion": "0.3",
    "ConversionSoftware": "dcm2niix",
    "ConversionSoftwareVersion": "v1.0.20180622 GCC5.4.0",
    "EchoTime": 0.00381,
    "ImageComments": "RepliSC",
    "ImageOrientationPatientDICOM": [
      0.996033,
      -0.0296728,
      -0.0838925,
      0.018777,
      0.991622,
      -0.127803
    ],
    "InstitutionName": "Spinoza Centre for Neuroimaging, location REC",
    "InversionTime": 0.9,
    "MagneticFieldStrength": 3,
    "Manufacturer": "Philips",
    "ParallelAcquisitionTechnique": "SENSE",
    "PatientPosition": "HFS",
    "PhilipsRescaleIntercept": 0,
    "PhilipsRescaleSlope": 4.4591,
    "PhilipsScaleSlope": 0.00525716,
    "ProtocolName": "acq-AxialNsig1Mm1_T1w",
    "ReconMatrixPE": 240,
    "RepetitionTime": 0.008307,
    "SeriesDescription": "ImageMRSERIES",
    "SeriesNumber": 2,
    "UsePhilipsFloatNotDisplayScaling": 1,
    "acq_id": "AxialNsig1Mm1",
    "dataset": "ds002643",
    "modality": "T1w",
    "subject_id": "062"
  },
  "cjv": 0.2949232169764946,
  "cnr": 4.359459277518622,
  "efc": 0.6789367108750675,
  "fber": -1.0,
  "fwhm_avg": 4.339643423089986,
  "fwhm_x": 4.34521,
  "fwhm_y": 4.517600269269959,
  "fwhm_z": 4.15612,
  "icvs_csf": 0.2664732662513862,
  "icvs_gm": 0.41654298251044913,
  "icvs_wm": 0.3169837512381647,
  "inu_med": 0.6401441693305969,
  "inu_range": 0.22318731546401982,
  "provenance": {
    "md5sum": "2d6052e0ef5229df710a68fb6b51d124",
    "settings": {
      "testing": false
    },
    "software": "mriqc",
    "version": "23.0.1",
    "warnings": {
      "large_rot_frame": true,
      "small_air_mask": false
    },
    "webapi_port": null,
    "webapi_url": "https://mriqc.nimh.nih.gov/api/v1"
  },
  "qi_1": 0.0,
  "qi_2": 0.00013044090344226566,
  "rpve_csf": 22.424143707452686,
  "rpve_gm": 13.919608868321227,
  "rpve_wm": 21.538073139673017,
  "size_x": 240,
  "size_y": 240,
  "size_z": 220,
  "snr_csf": 1.2242348800613552,
  "snr_gm": 8.155688615402738,
  "snr_total": 11.350236239764536,
  "snr_wm": 24.67078522382952,
  "snrd_csf": 9.391437545627964,
  "snrd_gm": 57.94992001557754,
  "snrd_total": 53.49469281610407,
  "snrd_wm": 93.1427208871067,
  "spacing_x": 1.0,
  "spacing_y": 0.9999999403953552,
  "spacing_z": 1.0,
  "summary_bg_k": 719.9300697829723,
  "summary_bg_mad": 0.0,
  "summary_bg_mean": 3.457289309440035,
  "summary_bg_median": 0.0,
  "summary_bg_n": 479205.0,
  "summary_bg_p05": 0.0,
  "summary_bg_p95": 18.05382639542222,
  "summary_bg_stdv": 7.033683347526794,
  "summary_csf_k": 2.4248110794300866,
  "summary_csf_mad": 70.57305890708162,
  "summary_csf_mean": 122.517513938551,
  "summary_csf_median": 100.82846545241773,
  "summary_csf_n": 67441.0,
  "summary_csf_p05": 29.06809714064002,
  "summary_csf_p95": 284.934395365417,
  "summary_csf_stdv": 82.35978206541067,
  "summary_gm_k": 0.18846279331749383,
  "summary_gm_mad": 75.04599926034736,
  "summary_gm_mean": 622.2165528750752,
  "summary_gm_median": 622.1626327037811,
  "summary_gm_n": 38111.0,
  "summary_gm_p05": 496.9830512776971,
  "summary_gm_p95": 746.7915005926043,
  "summary_gm_stdv": 76.28472584987192,
  "summary_wm_k": 1.100084501116096,
  "summary_wm_mad": 36.387014778550636,
  "summary_wm_mean": 999.6611375818877,
  "summary_wm_median": 1000.0000073984265,
  "summary_wm_n": 180350.0,
  "summary_wm_p05": 931.9988575801253,
  "summary_wm_p95": 1064.1461624559015,
  "summary_wm_stdv": 40.53366060037846,
  "tpm_overlap_csf": 0.16218475395764706,
  "tpm_overlap_gm": 0.46272080575757135,
  "tpm_overlap_wm": 0.5275992243450219,
  "wm2max": 0.7232612912164035
}