{
  "aor": 0.0013922740524781345,
  "aqi": 0.0041550396793002915,
  "bids_meta": {
    "AcquisitionNumber": 6,
    "BIDSVersion": "1.1.0",
    "BidsifyVersion": "0.3",
    "ConversionSoftware": "dcm2niix",
    "ConversionSoftwareVersion": "v1.0.20180622 GCC5.4.0",
    "EchoTime": 0.028,
    "EffectiveEchoSpacing": 0.0006909,
    "FlipAngle": 76.1,
    "ImageComments": "RepliSC",
    "ImageOrientationPatientDICOM": [
      0.999727,
      0.0215314,
      0.00907144,
      -0.022687,
      0.987399,
      0.156614
    ],
    "InstitutionName": "Spinoza Centre for Neuroimaging, location REC",
    "MagneticFieldStrength": 3,
    "Manufacturer": "Philips",
    "ParallelAcquisitionTechnique": "SENSE",
    "ParallelReductionFactorInPlane": 2,
    "PatientPosition": "HFS",
    "PhaseEncodingDirection": "j",
    "PhilipsRescaleIntercept": 0,
    "PhilipsRescaleSlope": 0.74579,
    "PhilipsScaleSlope": 0.023851,
    "ProtocolName": "task-Decisiontask_acq-SeqMm3Tr2000_bold",
    "PulseSequenceType": "Gradient Echo EPI",
    "ReconMatrixPE": 80,
    "RepetitionTime": 2,
    "SeriesDescription": "ImageMRSERIES",
    "SeriesNumber": 6,
    "SliceEncodingDirection": "k",
    "SliceTiming": [
      0.0,
      0.05555555555555555,
      0.1111111111111111,
      0.16666666666666666,
      0.2222222222222222,
      0.2777777777777778,
      0.3333333333333333,
      0.38888888888888884,
      0.4444444444444444,
      0.5,
      0.5555555555555556,
      0.611111111111111,
      0.6666666666666666,
      0.7222222222222222,
      0.7777777777777777,
      0.8333333333333333,
      0.8888888888888888,
      0.9444444444444444,
      1.0,
      1.0555555555555556,
      1.1111111111111112,
      1.1666666666666665,
      1.222222222222222,
      1.2777777777777777,
      1.3333333333333333,
      1.3888888888888888,
      1.4444444444444444,
      1.5,
      1.5555555555555554,
      1.611111111111111,
      1.6666666666666665,
      1.722222222222222,
      1.7777777777777777,
      1.8333333333333333,
      1.8888888888888888,
      1.9444444444444444
    ],
    "TaskName": "Decisiontask",
    "TotalReadoutTime": 0.0269452,
    "UsePhilipsFloatNotDisplayScaling": 1,
    "WaterFatShift": 12.0,
    "acq_id": "SeqMm3Tr2000",
    "dataset": "ds002643",
    "modality": "bold",
    "subject_id": "026",
    "task_id": "Decisiontask"
  },
  "dummy_trs": 0,
  "dvars_nstd": 17.627783225994154,
  "dvars_std": 1.1598265104093561,
  "dvars_vstd": 0.995577371052631,
  "efc": 0.3937042789237656,
  "fber": 214819.609375,
  "fd_mean": 0.13719334630689808,
  "fd_num": 64,
  "fd_perc": 18.658892128279884,
  "fwhm_avg": 2.4837158689752457,
  "fwhm_x": 2.5211466666666666,
  "fwhm_y": 2.7729766666666666,
  "fwhm_z": 2.1570242735924037,
  "gcor": 0.0348759,
  "gsr_x": -0.01946583017706871,
  "gsr_y": 0.010006843134760857,
  "provenance": {
    "md5sum": "6fcbc2971457dd1631b869943ad0764b",
    "settings": {
      "fd_thres": 0.2,
      "testing": false
    },
    "software": "mriqc",
    "version": "23.0.1",
    "webapi_port": null,
    "webapi_url": "https://mriqc.nimh.nih.gov/api/v1"
  },
  "size_t": 343,
  "size_x": 80,
  "size_y": 80,
  "size_z": 36,
  "snr": 5.39105437731853,
  "spacing_tr": 2.0,
  "spacing_x": 3.0,
  "spacing_y": 3.0,
  "spacing_z": 3.299999952316284,
  "summary_bg_k": 98.15616108915657,
  "summary_bg_mad": 150.8904376145398,
  "summary_bg_mean": 1077.7366943359375,
  "summary_bg_median": 124.9185791015625,
  "summary_bg_n": 161527.0,
  "summary_bg_p05": 9.836852073669434,
  "summary_bg_p95": 5095.808251953116,
  "summary_bg_stdv": 2962.57958984375,
  "summary_fg_k": 1.5922407611894487,
  "summary_fg_mad": 9886.91821938192,
  "summary_fg_mean": 62911.9609375,
  "summary_fg_median": 61828.48046875,
  "summary_fg_n": 29827.0,
  "summary_fg_p05": 46459.836328125,
  "summary_fg_p95": 83880.41093749997,
  "summary_fg_stdv": 11468.525390625,
  "tsnr": 86.79041290283203
}