{
  "aor": 0.0015663749999999998,
  "aqi": 0.004802605791666666,
  "bids_meta": {
    "AcquisitionNumber": 7,
    "BIDSVersion": "1.1.0",
    "BidsifyVersion": "0.3",
    "ConversionSoftware": "dcm2niix",
    "ConversionSoftwareVersion": "v1.0.20180622 GCC5.4.0",
    "EchoTime": 0.028,
    "EffectiveEchoSpacing": 0.0006909,
    "FlipAngle": 76.1,
    "ImageComments": "RepliSC",
    "ImageOrientationPatientDICOM": [
      0.999727,
      0.0215314,
      0.00907144,
      -0.022687,
      0.987399,
      0.156614
    ],
    "InstitutionName": "Spinoza Centre for Neuroimaging, location REC",
    "MagneticFieldStrength": 3,
    "Manufacturer": "Philips",
    "ParallelAcquisitionTechnique": "SENSE",
    "ParallelReductionFactorInPlane": 2,
    "PatientPosition": "HFS",
    "PhaseEncodingDirection": "j",
    "PhilipsRescaleIntercept": 0,
    "PhilipsRescaleSlope": 0.77973,
    "PhilipsScaleSlope": 0.0235546,
    "ProtocolName": "task-RestingState_acq-SeqMm3Tr2000_bold",
    "PulseSequenceType": "Gradient Echo EPI",
    "ReconMatrixPE": 80,
    "RepetitionTime": 2,
    "SeriesDescription": "ImageMRSERIES",
    "SeriesNumber": 7,
    "SliceEncodingDirection": "k",
    "SliceTiming": [
      0.0,
      0.05555555555555555,
      0.1111111111111111,
      0.16666666666666666,
      0.2222222222222222,
      0.2777777777777778,
      0.3333333333333333,
      0.38888888888888884,
      0.4444444444444444,
      0.5,
      0.5555555555555556,
      0.611111111111111,
      0.6666666666666666,
      0.7222222222222222,
      0.7777777777777777,
      0.8333333333333333,
      0.8888888888888888,
      0.9444444444444444,
      1.0,
      1.0555555555555556,
      1.1111111111111112,
      1.1666666666666665,
      1.222222222222222,
      1.2777777777777777,
      1.3333333333333333,
      1.3888888888888888,
      1.4444444444444444,
      1.5,
      1.5555555555555554,
      1.611111111111111,
      1.6666666666666665,
      1.722222222222222,
      1.7777777777777777,
      1.8333333333333333,
      1.8888888888888888,
      1.9444444444444444
    ],
    "TaskName": "RestingState",
    "TotalReadoutTime": 0.0269452,
    "UsePhilipsFloatNotDisplayScaling": 1,
    "WaterFatShift": 12.0,
    "acq_id": "SeqMm3Tr2000",
    "dataset": "ds002643",
    "modality": "bold",
    "subject_id": "026",
    "task_id": "RestingState"
  },
  "dummy_trs": 0,
  "dvars_nstd": 17.317880251757323,
  "dvars_std": 1.126638317824268,
  "dvars_vstd": 0.9777704693723853,
  "efc": 0.39374654234018097,
  "fber": 194451.859375,
  "fd_mean": 0.1370325858010527,
  "fd_num": 30,
  "fd_perc": 12.5,
  "fwhm_avg": 2.520916172229153,
  "fwhm_x": 2.54831,
  "fwhm_y": 2.81099,
  "fwhm_z": 2.2034485166874584,
  "gcor": 0.0365868,
  "gsr_x": -0.019355380907654762,
  "gsr_y": 0.010153586976230145,
  "provenance": {
    "md5sum": "482584c2ecce301caeb9b3f40a76d8b7",
    "settings": {
      "fd_thres": 0.2,
      "testing": false
    },
    "software": "mriqc",
    "version": "23.0.1",
    "webapi_port": null,
    "webapi_url": "https://mriqc.nimh.nih.gov/api/v1"
  },
  "size_t": 240,
  "size_x": 80,
  "size_y": 80,
  "size_z": 36,
  "snr": 5.340282644407134,
  "spacing_tr": 2.0,
  "spacing_x": 3.0,
  "spacing_y": 3.0,
  "spacing_z": 3.299999952316284,
  "summary_bg_k": 82.72948810747313,
  "summary_bg_mad": 160.64086009098943,
  "summary_bg_mean": 1075.087890625,
  "summary_bg_median": 131.49807739257812,
  "summary_bg_n": 161584.0,
  "summary_bg_p05": 8.994025468826294,
  "summary_bg_p95": 5128.704370117189,
  "summary_bg_stdv": 2886.842041015625,
  "summary_fg_k": 1.6221322900404607,
  "summary_fg_mad": 9838.988469536793,
  "summary_fg_mean": 62511.6640625,
  "summary_fg_median": 61351.5703125,
  "summary_fg_n": 29733.0,
  "summary_fg_p05": 46175.8734375,
  "summary_fg_p95": 83756.29531249999,
  "summary_fg_stdv": 11488.2568359375,
  "tsnr": 79.81680297851562
}