{
  "aor": 0.0008806705539358599,
  "aqi": 0.00782778250728863,
  "bids_meta": {
    "AcquisitionNumber": 3,
    "BIDSVersion": "1.1.0",
    "BidsifyVersion": "0.3",
    "ConversionSoftware": "dcm2niix",
    "ConversionSoftwareVersion": "v1.0.20180622 GCC5.4.0",
    "EchoTime": 0.028,
    "EffectiveEchoSpacing": 0.0006909,
    "FlipAngle": 76.1,
    "ImageComments": "RepliSC",
    "ImageOrientationPatientDICOM": [
      0.999727,
      0.0215314,
      0.00907144,
      -0.022687,
      0.987399,
      0.156614
    ],
    "InstitutionName": "Spinoza Centre for Neuroimaging, location REC",
    "MagneticFieldStrength": 3,
    "Manufacturer": "Philips",
    "ParallelAcquisitionTechnique": "SENSE",
    "ParallelReductionFactorInPlane": 2,
    "PatientPosition": "HFS",
    "PhaseEncodingDirection": "j",
    "PhilipsRescaleIntercept": 0,
    "PhilipsRescaleSlope": 0.78315,
    "PhilipsScaleSlope": 0.0217156,
    "ProtocolName": "task-Healthratingtask_acq-SeqMm3Tr2000_bold",
    "PulseSequenceType": "Gradient Echo EPI",
    "ReconMatrixPE": 80,
    "RepetitionTime": 2,
    "SeriesDescription": "ImageMRSERIES",
    "SeriesNumber": 3,
    "SliceEncodingDirection": "k",
    "SliceTiming": [
      0.0,
      0.05555555555555555,
      0.1111111111111111,
      0.16666666666666666,
      0.2222222222222222,
      0.2777777777777778,
      0.3333333333333333,
      0.38888888888888884,
      0.4444444444444444,
      0.5,
      0.5555555555555556,
      0.611111111111111,
      0.6666666666666666,
      0.7222222222222222,
      0.7777777777777777,
      0.8333333333333333,
      0.8888888888888888,
      0.9444444444444444,
      1.0,
      1.0555555555555556,
      1.1111111111111112,
      1.1666666666666665,
      1.222222222222222,
      1.2777777777777777,
      1.3333333333333333,
      1.3888888888888888,
      1.4444444444444444,
      1.5,
      1.5555555555555554,
      1.611111111111111,
      1.6666666666666665,
      1.722222222222222,
      1.7777777777777777,
      1.8333333333333333,
      1.8888888888888888,
      1.9444444444444444
    ],
    "TaskName": "Healthratingtask",
    "TotalReadoutTime": 0.0269452,
    "UsePhilipsFloatNotDisplayScaling": 1,
    "WaterFatShift": 12.0,
    "acq_id": "SeqMm3Tr2000",
    "dataset": "ds002643",
    "modality": "bold",
    "subject_id": "026",
    "task_id": "Healthratingtask"
  },
  "dummy_trs": 0,
  "dvars_nstd": 19.26842902570175,
  "dvars_std": 1.178487262046783,
  "dvars_vstd": 0.9746293520467834,
  "efc": 0.40584236507219623,
  "fber": 184647.796875,
  "fd_mean": 0.14267202946269983,
  "fd_num": 72,
  "fd_perc": 20.99125364431487,
  "fwhm_avg": 1.926522937848281,
  "fwhm_x": 1.8908800000000001,
  "fwhm_y": 2.1124433333333332,
  "fwhm_z": 1.7762454802115104,
  "gcor": 0.0961357,
  "gsr_x": -0.01799539290368557,
  "gsr_y": 0.009790182113647461,
  "provenance": {
    "md5sum": "9c731a8108c6623e2d86ac92eff3563d",
    "settings": {
      "fd_thres": 0.2,
      "testing": false
    },
    "software": "mriqc",
    "version": "23.0.1",
    "webapi_port": null,
    "webapi_url": "https://mriqc.nimh.nih.gov/api/v1"
  },
  "size_t": 343,
  "size_x": 80,
  "size_y": 80,
  "size_z": 36,
  "snr": 7.012624253535799,
  "spacing_tr": 2.0,
  "spacing_x": 3.0,
  "spacing_y": 3.0,
  "spacing_z": 3.299999952316284,
  "summary_bg_k": 54.862570189415685,
  "summary_bg_mad": 179.421829059202,
  "summary_bg_mean": 1157.18505859375,
  "summary_bg_median": 158.82435607910156,
  "summary_bg_n": 158463.0,
  "summary_bg_p05": 10.659025573730469,
  "summary_bg_p95": 5406.097558593749,
  "summary_bg_stdv": 3386.3046875,
  "summary_fg_k": 1.858605632994811,
  "summary_fg_mad": 9153.169115179631,
  "summary_fg_mean": 71321.0,
  "summary_fg_median": 70159.4296875,
  "summary_fg_n": 32407.0,
  "summary_fg_p05": 57587.4765625,
  "summary_fg_p95": 89141.49843749999,
  "summary_fg_stdv": 10004.578125,
  "tsnr": 74.79479217529297
}