{
  "bids_meta": {
    "AcquisitionNumber": 2,
    "BIDSVersion": "1.1.0",
    "BidsifyVersion": "0.3",
    "ConversionSoftware": "dcm2niix",
    "ConversionSoftwareVersion": "v1.0.20180622 GCC5.4.0",
    "EchoTime": 0.0038,
    "ImageComments": "RepliSC",
    "ImageOrientationPatientDICOM": [
      0.995616,
      -0.0783407,
      0.0510994,
      0.0825544,
      0.992838,
      -0.0863577
    ],
    "InstitutionName": "Spinoza Centre for Neuroimaging, location REC",
    "InversionTime": 0.9,
    "MagneticFieldStrength": 3,
    "Manufacturer": "Philips",
    "ParallelAcquisitionTechnique": "SENSE",
    "PatientPosition": "HFS",
    "PhilipsRescaleIntercept": 0,
    "PhilipsRescaleSlope": 4.30574,
    "PhilipsScaleSlope": 0.00523869,
    "ProtocolName": "acq-AxialNsig1Mm1_T1w",
    "ReconMatrixPE": 240,
    "RepetitionTime": 0.00826,
    "SeriesDescription": "ImageMRSERIES",
    "SeriesNumber": 2,
    "UsePhilipsFloatNotDisplayScaling": 1,
    "acq_id": "AxialNsig1Mm1",
    "dataset": "ds002643",
    "modality": "T1w",
    "subject_id": "027"
  },
  "cjv": 0.26891950827209044,
  "cnr": 4.733619032814377,
  "efc": 0.6967226311725646,
  "fber": -1.0,
  "fwhm_avg": 4.176353005551934,
  "fwhm_x": 4.1745395023561125,
  "fwhm_y": 4.28017,
  "fwhm_z": 4.074349514299689,
  "icvs_csf": 0.2726784413439032,
  "icvs_gm": 0.4295856391839756,
  "icvs_wm": 0.2977359194721213,
  "inu_med": 0.6150231957435608,
  "inu_range": 0.21619996428489685,
  "provenance": {
    "md5sum": "5d54020fcabdd57bcc5ad385e3035002",
    "settings": {
      "testing": false
    },
    "software": "mriqc",
    "version": "23.0.1",
    "warnings": {
      "large_rot_frame": true,
      "small_air_mask": false
    },
    "webapi_port": null,
    "webapi_url": "https://mriqc.nimh.nih.gov/api/v1"
  },
  "qi_1": 0.0,
  "qi_2": 5.2009155015096594e-05,
  "rpve_csf": 21.221203163805203,
  "rpve_gm": 13.195852437328696,
  "rpve_wm": 22.049362366313904,
  "size_x": 240,
  "size_y": 240,
  "size_z": 220,
  "snr_csf": 1.4717016126318687,
  "snr_gm": 7.966597481868606,
  "snr_total": 11.149823626353415,
  "snr_wm": 24.011171784559767,
  "snrd_csf": 10.594190164131069,
  "snrd_gm": 49.04869565519137,
  "snrd_total": 47.40572311756673,
  "snrd_wm": 82.57428353337774,
  "spacing_x": 1.0000001192092896,
  "spacing_y": 1.0,
  "spacing_z": 1.0000001192092896,
  "summary_bg_k": 1351.6236119170915,
  "summary_bg_mad": 0.0,
  "summary_bg_mean": 2.7030033963443714,
  "summary_bg_median": 0.0,
  "summary_bg_n": 274855.0,
  "summary_bg_p05": 0.0,
  "summary_bg_p95": 15.961169172078371,
  "summary_bg_stdv": 7.933903405382574,
  "summary_csf_k": 1.3896894563465674,
  "summary_csf_mad": 82.77402024173401,
  "summary_csf_mean": 143.59822951412588,
  "summary_csf_median": 128.29890297725797,
  "summary_csf_n": 71924.0,
  "summary_csf_p05": 34.29280901327729,
  "summary_csf_p95": 314.95653623715043,
  "summary_csf_stdv": 87.17664638462948,
  "summary_gm_k": 0.2344390371243419,
  "summary_gm_mad": 72.73269146190376,
  "summary_gm_mean": 595.879147366279,
  "summary_gm_median": 593.9947978593409,
  "summary_gm_n": 41268.0,
  "summary_gm_p05": 474.5761295268312,
  "summary_gm_p95": 718.7865330418572,
  "summary_gm_stdv": 74.55976059680327,
  "summary_wm_k": 1.3309068680386433,
  "summary_wm_mad": 36.4500234707838,
  "summary_wm_mean": 998.5934941285389,
  "summary_wm_median": 999.999983701855,
  "summary_wm_n": 164453.0,
  "summary_wm_p05": 927.4771267734468,
  "summary_wm_p95": 1063.3705662563443,
  "summary_wm_stdv": 41.64715292895309,
  "tpm_overlap_csf": 0.15013798588521549,
  "tpm_overlap_gm": 0.45792975511180084,
  "tpm_overlap_wm": 0.47750058625883146,
  "wm2max": 0.7436039484286865
}