{
  "aor": 0.00122731778425656,
  "aqi": 0.014444085451895046,
  "bids_meta": {
    "AcquisitionNumber": 3,
    "BIDSVersion": "1.1.0",
    "BidsifyVersion": "0.3",
    "ConversionSoftware": "dcm2niix",
    "ConversionSoftwareVersion": "v1.0.20180622 GCC5.4.0",
    "EchoTime": 0.028,
    "EffectiveEchoSpacing": 0.0006909,
    "FlipAngle": 76.1,
    "ImageComments": "RepliSC",
    "ImageOrientationPatientDICOM": [
      0.999469,
      0.0105566,
      -0.0308173,
      -0.0158754,
      0.983935,
      -0.17782
    ],
    "InstitutionName": "Spinoza Centre for Neuroimaging, location REC",
    "MagneticFieldStrength": 3,
    "Manufacturer": "Philips",
    "ParallelAcquisitionTechnique": "SENSE",
    "ParallelReductionFactorInPlane": 2,
    "PatientPosition": "HFS",
    "PhaseEncodingDirection": "j",
    "PhilipsRescaleIntercept": 0,
    "PhilipsRescaleSlope": 0.81197,
    "PhilipsScaleSlope": 0.0234786,
    "ProtocolName": "task-Healthratingtask_acq-SeqMm3Tr2000_bold",
    "PulseSequenceType": "Gradient Echo EPI",
    "ReconMatrixPE": 80,
    "RepetitionTime": 2,
    "SeriesDescription": "ImageMRSERIES",
    "SeriesNumber": 3,
    "SliceEncodingDirection": "k",
    "SliceTiming": [
      0.0,
      0.05555555555555555,
      0.1111111111111111,
      0.16666666666666666,
      0.2222222222222222,
      0.2777777777777778,
      0.3333333333333333,
      0.38888888888888884,
      0.4444444444444444,
      0.5,
      0.5555555555555556,
      0.611111111111111,
      0.6666666666666666,
      0.7222222222222222,
      0.7777777777777777,
      0.8333333333333333,
      0.8888888888888888,
      0.9444444444444444,
      1.0,
      1.0555555555555556,
      1.1111111111111112,
      1.1666666666666665,
      1.222222222222222,
      1.2777777777777777,
      1.3333333333333333,
      1.3888888888888888,
      1.4444444444444444,
      1.5,
      1.5555555555555554,
      1.611111111111111,
      1.6666666666666665,
      1.722222222222222,
      1.7777777777777777,
      1.8333333333333333,
      1.8888888888888888,
      1.9444444444444444
    ],
    "TaskName": "Healthratingtask",
    "TotalReadoutTime": 0.0269452,
    "UsePhilipsFloatNotDisplayScaling": 1,
    "WaterFatShift": 12.0,
    "acq_id": "SeqMm3Tr2000",
    "dataset": "ds002643",
    "modality": "bold",
    "subject_id": "058",
    "task_id": "Healthratingtask"
  },
  "dummy_trs": 0,
  "dvars_nstd": 19.79967393929825,
  "dvars_std": 1.0281236828070175,
  "dvars_vstd": 0.9387615265497078,
  "efc": 0.4334696637975577,
  "fber": 77237.484375,
  "fd_mean": 0.1257470556729789,
  "fd_num": 31,
  "fd_perc": 9.037900874635568,
  "fwhm_avg": 1.8065696039555874,
  "fwhm_x": 1.7855699999999999,
  "fwhm_y": 1.9740266666666668,
  "fwhm_z": 1.6601121452000958,
  "gcor": 0.0181209,
  "gsr_x": -0.01021758746355772,
  "gsr_y": 0.009751520119607449,
  "provenance": {
    "md5sum": "384f3edd46c591e613f50a0f4f18dce9",
    "settings": {
      "fd_thres": 0.2,
      "testing": false
    },
    "software": "mriqc",
    "version": "23.0.1",
    "webapi_port": null,
    "webapi_url": "https://mriqc.nimh.nih.gov/api/v1"
  },
  "size_t": 343,
  "size_x": 80,
  "size_y": 80,
  "size_z": 36,
  "snr": 6.530391473475638,
  "spacing_tr": 2.0,
  "spacing_x": 3.0,
  "spacing_y": 3.0,
  "spacing_z": 3.299999952316284,
  "summary_bg_k": 58.981104490280266,
  "summary_bg_mad": 245.15646399028452,
  "summary_bg_mean": 1526.1939697265625,
  "summary_bg_median": 209.21697998046875,
  "summary_bg_n": 155246.0,
  "summary_bg_p05": 16.788289070129395,
  "summary_bg_p95": 7193.1121826171875,
  "summary_bg_stdv": 4068.551025390625,
  "summary_fg_k": 1.9643873191926247,
  "summary_fg_mad": 8511.787287473226,
  "summary_fg_mean": 59071.30078125,
  "summary_fg_median": 58038.56640625,
  "summary_fg_n": 34507.0,
  "summary_fg_p05": 47211.49140625,
  "summary_fg_p95": 73892.44375,
  "summary_fg_stdv": 8887.3271484375,
  "tsnr": 56.043434143066406
}