{
  "aor": 0.005046708333333334,
  "aqi": 0.004990708125000001,
  "bids_meta": {
    "AcquisitionNumber": 7,
    "BIDSVersion": "1.1.0",
    "BidsifyVersion": "0.3",
    "ConversionSoftware": "dcm2niix",
    "ConversionSoftwareVersion": "v1.0.20180622 GCC5.4.0",
    "EchoTime": 0.028,
    "EffectiveEchoSpacing": 0.0006909,
    "FlipAngle": 76.1,
    "ImageComments": "RepliSC",
    "ImageOrientationPatientDICOM": [
      0.999469,
      0.0105566,
      -0.0308173,
      -0.0158754,
      0.983935,
      -0.17782
    ],
    "InstitutionName": "Spinoza Centre for Neuroimaging, location REC",
    "MagneticFieldStrength": 3,
    "Manufacturer": "Philips",
    "ParallelAcquisitionTechnique": "SENSE",
    "ParallelReductionFactorInPlane": 2,
    "PatientPosition": "HFS",
    "PhaseEncodingDirection": "j",
    "PhilipsRescaleIntercept": 0,
    "PhilipsRescaleSlope": 0.76947,
    "PhilipsScaleSlope": 0.0247986,
    "ProtocolName": "task-RestingState_acq-SeqMm3Tr2000_bold",
    "PulseSequenceType": "Gradient Echo EPI",
    "ReconMatrixPE": 80,
    "RepetitionTime": 2,
    "SeriesDescription": "ImageMRSERIES",
    "SeriesNumber": 7,
    "SliceEncodingDirection": "k",
    "SliceTiming": [
      0.0,
      0.05555555555555555,
      0.1111111111111111,
      0.16666666666666666,
      0.2222222222222222,
      0.2777777777777778,
      0.3333333333333333,
      0.38888888888888884,
      0.4444444444444444,
      0.5,
      0.5555555555555556,
      0.611111111111111,
      0.6666666666666666,
      0.7222222222222222,
      0.7777777777777777,
      0.8333333333333333,
      0.8888888888888888,
      0.9444444444444444,
      1.0,
      1.0555555555555556,
      1.1111111111111112,
      1.1666666666666665,
      1.222222222222222,
      1.2777777777777777,
      1.3333333333333333,
      1.3888888888888888,
      1.4444444444444444,
      1.5,
      1.5555555555555554,
      1.611111111111111,
      1.6666666666666665,
      1.722222222222222,
      1.7777777777777777,
      1.8333333333333333,
      1.8888888888888888,
      1.9444444444444444
    ],
    "TaskName": "RestingState",
    "TotalReadoutTime": 0.0269452,
    "UsePhilipsFloatNotDisplayScaling": 1,
    "WaterFatShift": 12.0,
    "acq_id": "SeqMm3Tr2000",
    "dataset": "ds002643",
    "modality": "bold",
    "subject_id": "058",
    "task_id": "RestingState"
  },
  "dummy_trs": 0,
  "dvars_nstd": 19.469258775271967,
  "dvars_std": 1.2072652302092055,
  "dvars_vstd": 1.0640430705857742,
  "efc": 0.43611413436971674,
  "fber": 79358.046875,
  "fd_mean": 0.10264245966140047,
  "fd_num": 10,
  "fd_perc": 4.166666666666667,
  "fwhm_avg": 1.793765260461986,
  "fwhm_x": 1.7704700000000002,
  "fwhm_y": 1.9630166666666666,
  "fwhm_z": 1.6478091147192915,
  "gcor": 0.0371802,
  "gsr_x": -0.010388012044131756,
  "gsr_y": 0.009354377165436745,
  "provenance": {
    "md5sum": "b18d8b031b480e60b8cc70025e64964c",
    "settings": {
      "fd_thres": 0.2,
      "testing": false
    },
    "software": "mriqc",
    "version": "23.0.1",
    "webapi_port": null,
    "webapi_url": "https://mriqc.nimh.nih.gov/api/v1"
  },
  "size_t": 240,
  "size_x": 80,
  "size_y": 80,
  "size_z": 36,
  "snr": 6.561200208616206,
  "spacing_tr": 2.0,
  "spacing_x": 3.0,
  "spacing_y": 3.0,
  "spacing_z": 3.299999952316284,
  "summary_bg_k": 53.19469411821043,
  "summary_bg_mad": 241.70594577012375,
  "summary_bg_mean": 1583.2740478515625,
  "summary_bg_median": 204.61318969726562,
  "summary_bg_n": 155001.0,
  "summary_bg_p05": 12.996572494506836,
  "summary_bg_p95": 7580.509765625,
  "summary_bg_stdv": 4202.13037109375,
  "summary_fg_k": 2.019764113614136,
  "summary_fg_mad": 8384.248748192247,
  "summary_fg_mean": 58736.93359375,
  "summary_fg_median": 57652.25390625,
  "summary_fg_n": 34605.0,
  "summary_fg_p05": 47060.01328125,
  "summary_fg_p95": 73402.31562499999,
  "summary_fg_stdv": 8786.71875,
  "tsnr": 83.28306579589844
}