{
  "aor": 0.002924415204678363,
  "aqi": 0.010413655233918129,
  "bids_meta": {
    "AcquisitionNumber": 4,
    "BIDSVersion": "1.1.0",
    "BidsifyVersion": "0.3",
    "ConversionSoftware": "dcm2niix",
    "ConversionSoftwareVersion": "v1.0.20180622 GCC5.4.0",
    "EchoTime": 0.028,
    "EffectiveEchoSpacing": 0.0006909,
    "FlipAngle": 76.1,
    "ImageComments": "RepliSC",
    "ImageOrientationPatientDICOM": [
      0.999469,
      0.0105566,
      -0.0308173,
      -0.0158754,
      0.983935,
      -0.17782
    ],
    "InstitutionName": "Spinoza Centre for Neuroimaging, location REC",
    "MagneticFieldStrength": 3,
    "Manufacturer": "Philips",
    "ParallelAcquisitionTechnique": "SENSE",
    "ParallelReductionFactorInPlane": 2,
    "PatientPosition": "HFS",
    "PhaseEncodingDirection": "j",
    "PhilipsRescaleIntercept": 0,
    "PhilipsRescaleSlope": 0.7956,
    "PhilipsScaleSlope": 0.0240443,
    "ProtocolName": "task-Tasteratingtask_acq-SeqMm3Tr2000_bold",
    "PulseSequenceType": "Gradient Echo EPI",
    "ReconMatrixPE": 80,
    "RepetitionTime": 2,
    "SeriesDescription": "ImageMRSERIES",
    "SeriesNumber": 4,
    "SliceEncodingDirection": "k",
    "SliceTiming": [
      0.0,
      0.05555555555555555,
      0.1111111111111111,
      0.16666666666666666,
      0.2222222222222222,
      0.2777777777777778,
      0.3333333333333333,
      0.38888888888888884,
      0.4444444444444444,
      0.5,
      0.5555555555555556,
      0.611111111111111,
      0.6666666666666666,
      0.7222222222222222,
      0.7777777777777777,
      0.8333333333333333,
      0.8888888888888888,
      0.9444444444444444,
      1.0,
      1.0555555555555556,
      1.1111111111111112,
      1.1666666666666665,
      1.222222222222222,
      1.2777777777777777,
      1.3333333333333333,
      1.3888888888888888,
      1.4444444444444444,
      1.5,
      1.5555555555555554,
      1.611111111111111,
      1.6666666666666665,
      1.722222222222222,
      1.7777777777777777,
      1.8333333333333333,
      1.8888888888888888,
      1.9444444444444444
    ],
    "TaskName": "Tasteratingtask",
    "TotalReadoutTime": 0.0269452,
    "UsePhilipsFloatNotDisplayScaling": 1,
    "WaterFatShift": 12.0,
    "acq_id": "SeqMm3Tr2000",
    "dataset": "ds002643",
    "modality": "bold",
    "subject_id": "058",
    "task_id": "Tasteratingtask"
  },
  "dummy_trs": 1,
  "dvars_nstd": 19.891301530029327,
  "dvars_std": 1.073109900234604,
  "dvars_vstd": 0.9761342186510261,
  "efc": 0.4338602502638839,
  "fber": 83344.890625,
  "fd_mean": 0.12946440922421504,
  "fd_num": 29,
  "fd_perc": 8.47953216374269,
  "fwhm_avg": 1.8081241492558284,
  "fwhm_x": 1.81464,
  "fwhm_y": 1.9816566666666666,
  "fwhm_z": 1.628075781100819,
  "gcor": 0.0199212,
  "gsr_x": -0.010011805221438408,
  "gsr_y": 0.009181788191199303,
  "provenance": {
    "md5sum": "667d0f0fdcac433c3d9ffa7a10cd5ede",
    "settings": {
      "fd_thres": 0.2,
      "testing": false
    },
    "software": "mriqc",
    "version": "23.0.1",
    "webapi_port": null,
    "webapi_url": "https://mriqc.nimh.nih.gov/api/v1"
  },
  "size_t": 342,
  "size_x": 80,
  "size_y": 80,
  "size_z": 36,
  "snr": 6.490501413036521,
  "spacing_tr": 2.0,
  "spacing_x": 3.0,
  "spacing_y": 3.0,
  "spacing_z": 3.299999952316284,
  "summary_bg_k": 56.38112333592045,
  "summary_bg_mad": 243.6356915967122,
  "summary_bg_mean": 1563.787841796875,
  "summary_bg_median": 204.918701171875,
  "summary_bg_n": 155227.0,
  "summary_bg_p05": 14.864791011810304,
  "summary_bg_p95": 7445.142382812486,
  "summary_bg_stdv": 4152.1328125,
  "summary_fg_k": 2.001494261781824,
  "summary_fg_mad": 8550.051165823486,
  "summary_fg_mean": 59358.61328125,
  "summary_fg_median": 58294.8125,
  "summary_fg_n": 34572.0,
  "summary_fg_p05": 47327.0560546875,
  "summary_fg_p95": 74408.58046874998,
  "summary_fg_stdv": 8981.427734375,
  "tsnr": 60.271575927734375
}