{
  "bids_meta": {
    "AcquisitionNumber": 2,
    "BIDSVersion": "1.1.0",
    "BidsifyVersion": "0.3",
    "ConversionSoftware": "dcm2niix",
    "ConversionSoftwareVersion": "v1.0.20180622 GCC5.4.0",
    "EchoTime": 0.00382,
    "ImageComments": "RepliSC",
    "ImageOrientationPatientDICOM": [
      0.996804,
      0.0789251,
      -0.0123575,
      -0.0766999,
      0.988776,
      0.128217
    ],
    "InstitutionName": "Spinoza Centre for Neuroimaging, location REC",
    "InversionTime": 0.9,
    "MagneticFieldStrength": 3,
    "Manufacturer": "Philips",
    "ParallelAcquisitionTechnique": "SENSE",
    "PatientPosition": "HFS",
    "PhilipsRescaleIntercept": 0,
    "PhilipsRescaleSlope": 3.99658,
    "PhilipsScaleSlope": 0.00509468,
    "ProtocolName": "acq-AxialNsig1Mm1_T1w",
    "ReconMatrixPE": 240,
    "RepetitionTime": 0.008284,
    "SeriesDescription": "ImageMRSERIES",
    "SeriesNumber": 2,
    "UsePhilipsFloatNotDisplayScaling": 1,
    "acq_id": "AxialNsig1Mm1",
    "dataset": "ds002643",
    "modality": "T1w",
    "subject_id": "041"
  },
  "cjv": 0.2614718925281599,
  "cnr": 4.915325832275257,
  "efc": 0.7074539550707837,
  "fber": -1.0,
  "fwhm_avg": 4.31131,
  "fwhm_x": 4.32212,
  "fwhm_y": 4.45177,
  "fwhm_z": 4.16004,
  "icvs_csf": 0.23427701707925747,
  "icvs_gm": 0.45039869136920807,
  "icvs_wm": 0.31532429155153446,
  "inu_med": 0.5304441154003143,
  "inu_range": 0.18388778567314146,
  "provenance": {
    "md5sum": "ca9a6e55d2f969ec27af9bce93fddb6f",
    "settings": {
      "testing": false
    },
    "software": "mriqc",
    "version": "23.0.1",
    "warnings": {
      "large_rot_frame": true,
      "small_air_mask": false
    },
    "webapi_port": null,
    "webapi_url": "https://mriqc.nimh.nih.gov/api/v1"
  },
  "qi_1": 0.0,
  "qi_2": 0.00011825587847776652,
  "rpve_csf": 24.06356011683057,
  "rpve_gm": 13.288608665891472,
  "rpve_wm": 22.19360337847,
  "size_x": 240,
  "size_y": 240,
  "size_z": 220,
  "snr_csf": 1.6537937850669657,
  "snr_gm": 9.021350129119618,
  "snr_total": 12.428438907514064,
  "snr_wm": 26.610172808355607,
  "snrd_csf": 24.20320026756782,
  "snrd_gm": 81.45018024232454,
  "snrd_total": 79.28641639339234,
  "snrd_wm": 132.2058686702847,
  "spacing_x": 1.0,
  "spacing_y": 1.0,
  "spacing_z": 1.0,
  "summary_bg_k": 25.003456396132954,
  "summary_bg_mad": 0.0,
  "summary_bg_mean": 2.347855659778342,
  "summary_bg_median": 0.0,
  "summary_bg_n": 290974.0,
  "summary_bg_p05": 0.0,
  "summary_bg_p95": 11.420197769999504,
  "summary_bg_stdv": 4.95542583551028,
  "summary_csf_k": -0.14044088705897417,
  "summary_csf_mad": 120.65927762313524,
  "summary_csf_mean": 200.20140787199583,
  "summary_csf_median": 183.07205019891262,
  "summary_csf_n": 38803.0,
  "summary_csf_p05": 46.239008486270905,
  "summary_csf_p95": 387.33077687174085,
  "summary_csf_stdv": 110.69680684692666,
  "summary_gm_k": 0.2944861731778263,
  "summary_gm_mad": 66.17466526401729,
  "summary_gm_mean": 617.2469132626652,
  "summary_gm_median": 616.0859440565109,
  "summary_gm_n": 46337.0,
  "summary_gm_p05": 506.88001214265825,
  "summary_gm_p95": 730.1948855221272,
  "summary_gm_stdv": 68.29125212074983,
  "summary_wm_k": 0.9269138911889274,
  "summary_wm_mad": 34.20806041787658,
  "summary_wm_mean": 998.325487351554,
  "summary_wm_median": 999.9999652206898,
  "summary_wm_n": 172092.0,
  "summary_wm_p05": 933.1999489367008,
  "summary_wm_p95": 1056.1473326683044,
  "summary_wm_stdv": 37.57950265846788,
  "tpm_overlap_csf": 0.1532398993010526,
  "tpm_overlap_gm": 0.487215169323675,
  "tpm_overlap_wm": 0.5007499495385211,
  "wm2max": 0.7596113074204947
}