{
  "aor": 0.0012428862973760933,
  "aqi": 0.0044110135276967935,
  "bids_meta": {
    "AcquisitionNumber": 4,
    "BIDSVersion": "1.1.0",
    "BidsifyVersion": "0.3",
    "ConversionSoftware": "dcm2niix",
    "ConversionSoftwareVersion": "v1.0.20180622 GCC5.4.0",
    "EchoTime": 0.028,
    "EffectiveEchoSpacing": 0.0006909,
    "FlipAngle": 76.1,
    "ImageComments": "RepliSC",
    "ImageOrientationPatientDICOM": [
      0.999889,
      0.00948992,
      0.0115018,
      -0.00802779,
      0.992608,
      -0.121099
    ],
    "InstitutionName": "Spinoza Centre for Neuroimaging, location REC",
    "MagneticFieldStrength": 3,
    "Manufacturer": "Philips",
    "ParallelAcquisitionTechnique": "SENSE",
    "ParallelReductionFactorInPlane": 2,
    "PatientPosition": "HFS",
    "PhaseEncodingDirection": "j",
    "PhilipsRescaleIntercept": 0,
    "PhilipsRescaleSlope": 0.75995,
    "PhilipsScaleSlope": 0.021844,
    "ProtocolName": "task-Healthratingtask_acq-SeqMm3Tr2000_bold",
    "PulseSequenceType": "Gradient Echo EPI",
    "ReconMatrixPE": 80,
    "RepetitionTime": 2,
    "SeriesDescription": "ImageMRSERIES",
    "SeriesNumber": 4,
    "SliceEncodingDirection": "k",
    "SliceTiming": [
      0.0,
      0.05555555555555555,
      0.1111111111111111,
      0.16666666666666666,
      0.2222222222222222,
      0.2777777777777778,
      0.3333333333333333,
      0.38888888888888884,
      0.4444444444444444,
      0.5,
      0.5555555555555556,
      0.611111111111111,
      0.6666666666666666,
      0.7222222222222222,
      0.7777777777777777,
      0.8333333333333333,
      0.8888888888888888,
      0.9444444444444444,
      1.0,
      1.0555555555555556,
      1.1111111111111112,
      1.1666666666666665,
      1.222222222222222,
      1.2777777777777777,
      1.3333333333333333,
      1.3888888888888888,
      1.4444444444444444,
      1.5,
      1.5555555555555554,
      1.611111111111111,
      1.6666666666666665,
      1.722222222222222,
      1.7777777777777777,
      1.8333333333333333,
      1.8888888888888888,
      1.9444444444444444
    ],
    "TaskName": "Healthratingtask",
    "TotalReadoutTime": 0.0269452,
    "UsePhilipsFloatNotDisplayScaling": 1,
    "WaterFatShift": 12.0,
    "acq_id": "SeqMm3Tr2000",
    "dataset": "ds002643",
    "modality": "bold",
    "subject_id": "088",
    "task_id": "Healthratingtask"
  },
  "dummy_trs": 0,
  "dvars_nstd": 19.47355877198829,
  "dvars_std": 1.2131458761988307,
  "dvars_vstd": 1.0112483701169586,
  "efc": 0.4102232606497883,
  "fber": 158936.171875,
  "fd_mean": 0.09214266439425295,
  "fd_num": 3,
  "fd_perc": 0.8746355685131195,
  "fwhm_avg": 1.8403999070656407,
  "fwhm_x": 1.7573766666666666,
  "fwhm_y": 2.087153333333333,
  "fwhm_z": 1.676669721196922,
  "gcor": 0.0437259,
  "gsr_x": -0.021938413381576538,
  "gsr_y": 0.013308733701705933,
  "provenance": {
    "md5sum": "488f3639974f83ec19eb05c59920c01a",
    "settings": {
      "fd_thres": 0.2,
      "testing": false
    },
    "software": "mriqc",
    "version": "23.0.1",
    "webapi_port": null,
    "webapi_url": "https://mriqc.nimh.nih.gov/api/v1"
  },
  "size_t": 343,
  "size_x": 80,
  "size_y": 80,
  "size_z": 36,
  "snr": 7.692642136368377,
  "spacing_tr": 2.0,
  "spacing_x": 3.0,
  "spacing_y": 3.0,
  "spacing_z": 3.299999952316284,
  "summary_bg_k": 78.71032130331731,
  "summary_bg_mad": 207.0027328091627,
  "summary_bg_mean": 1490.533447265625,
  "summary_bg_median": 183.10858154296875,
  "summary_bg_n": 158894.0,
  "summary_bg_p05": 11.757348775863647,
  "summary_bg_p95": 6820.384814453141,
  "summary_bg_stdv": 4821.6943359375,
  "summary_fg_k": 2.763935055389318,
  "summary_fg_mad": 8729.984635849854,
  "summary_fg_mean": 74539.921875,
  "summary_fg_median": 73784.3203125,
  "summary_fg_n": 32374.0,
  "summary_fg_p05": 61274.1005859375,
  "summary_fg_p95": 90389.59375,
  "summary_fg_stdv": 9591.396484375,
  "tsnr": 101.37678527832031
}