{
  "bids_meta": {
    "AcquisitionNumber": 2,
    "BIDSVersion": "1.1.0",
    "BidsifyVersion": "0.3",
    "ConversionSoftware": "dcm2niix",
    "ConversionSoftwareVersion": "v1.0.20180622 GCC5.4.0",
    "EchoTime": 0.00387,
    "ImageComments": "RepliSC",
    "ImageOrientationPatientDICOM": [
      0.998701,
      0.0348747,
      -0.0371591,
      -0.0430803,
      0.967281,
      -0.250025
    ],
    "InstitutionName": "Spinoza Centre for Neuroimaging, location REC",
    "InversionTime": 0.9,
    "MagneticFieldStrength": 3,
    "Manufacturer": "Philips",
    "ParallelAcquisitionTechnique": "SENSE",
    "PatientPosition": "HFS",
    "PhilipsRescaleIntercept": 0,
    "PhilipsRescaleSlope": 2.75385,
    "PhilipsScaleSlope": 0.00486035,
    "ProtocolName": "acq-AxialNsig1Mm1_T1w",
    "ReconMatrixPE": 240,
    "RepetitionTime": 0.008387,
    "SeriesDescription": "ImageMRSERIES",
    "SeriesNumber": 2,
    "UsePhilipsFloatNotDisplayScaling": 1,
    "acq_id": "AxialNsig1Mm1",
    "dataset": "ds002643",
    "modality": "T1w",
    "subject_id": "017"
  },
  "cjv": 0.3226768963669078,
  "cnr": 4.016746430073018,
  "efc": 0.7081115432706403,
  "fber": -1.0,
  "fwhm_avg": 4.240836666666667,
  "fwhm_x": 4.3219,
  "fwhm_y": 4.28573,
  "fwhm_z": 4.11488,
  "icvs_csf": 0.246016330586264,
  "icvs_gm": 0.3961881390205641,
  "icvs_wm": 0.3577955303931719,
  "inu_med": 0.530541181564331,
  "inu_range": 0.15940299034118643,
  "provenance": {
    "md5sum": "5d33e1b1da3243aaa8876dc5bbf9b2cc",
    "settings": {
      "testing": false
    },
    "software": "mriqc",
    "version": "23.0.1",
    "warnings": {
      "large_rot_frame": true,
      "small_air_mask": false
    },
    "webapi_port": null,
    "webapi_url": "https://mriqc.nimh.nih.gov/api/v1"
  },
  "qi_1": 0.0,
  "qi_2": 4.3209603074348787e-05,
  "rpve_csf": 20.144593110414547,
  "rpve_gm": 12.23636440275888,
  "rpve_wm": 16.682897840201406,
  "size_x": 240,
  "size_y": 240,
  "size_z": 220,
  "snr_csf": 1.5575211860650116,
  "snr_gm": 7.85841774921748,
  "snr_total": 11.51808610885879,
  "snr_wm": 25.138319391293884,
  "snrd_csf": 15.45775392049022,
  "snrd_gm": 66.64180620454968,
  "snrd_total": 62.260174215238415,
  "snrd_wm": 104.68096252067535,
  "spacing_x": 1.0,
  "spacing_y": 1.0,
  "spacing_z": 1.0,
  "summary_bg_k": 19.655252500596568,
  "summary_bg_mad": 0.0,
  "summary_bg_mean": 2.7203274754012927,
  "summary_bg_median": 0.0,
  "summary_bg_n": 539827.0,
  "summary_bg_p05": 0.0,
  "summary_bg_p95": 14.847027234733105,
  "summary_bg_stdv": 6.258547592030805,
  "summary_csf_k": 1.2921271779499799,
  "summary_csf_mad": 86.86041159774074,
  "summary_csf_mean": 166.05865943041414,
  "summary_csf_median": 147.66862072888762,
  "summary_csf_n": 63622.0,
  "summary_csf_p05": 48.560321325436234,
  "summary_csf_p95": 355.07566117243834,
  "summary_csf_stdv": 94.80927869880686,
  "summary_gm_k": 0.2127073322780264,
  "summary_gm_mad": 79.77807250776563,
  "summary_gm_mean": 637.4871324898725,
  "summary_gm_median": 636.6321818633005,
  "summary_gm_n": 41260.0,
  "summary_gm_p05": 505.17229796759784,
  "summary_gm_p95": 771.5644252350552,
  "summary_gm_stdv": 81.01178726423687,
  "summary_wm_k": 0.7592399250029063,
  "summary_wm_mad": 37.479412839362546,
  "summary_wm_mean": 999.9287025826517,
  "summary_wm_median": 1000.0219586566091,
  "summary_wm_n": 255895.0,
  "summary_wm_p05": 935.2309374399483,
  "summary_wm_p95": 1064.2858664803207,
  "summary_wm_stdv": 39.78070248529481,
  "tpm_overlap_csf": 0.15011853075583778,
  "tpm_overlap_gm": 0.437488185861715,
  "tpm_overlap_wm": 0.49344115497034824,
  "wm2max": 0.760285860604066
}