{
  "aor": 0.0011051603498542274,
  "aqi": 0.00507453638483965,
  "bids_meta": {
    "AcquisitionNumber": 4,
    "BIDSVersion": "1.1.0",
    "BidsifyVersion": "0.3",
    "ConversionSoftware": "dcm2niix",
    "ConversionSoftwareVersion": "v1.0.20180622 GCC5.4.0",
    "EchoTime": 0.028,
    "EffectiveEchoSpacing": 0.0006909,
    "FlipAngle": 76.1,
    "ImageComments": "RepliSC",
    "ImageOrientationPatientDICOM": [
      0.998067,
      -0.0573877,
      0.0238676,
      0.0608695,
      0.980151,
      -0.188678
    ],
    "InstitutionName": "Spinoza Centre for Neuroimaging, location REC",
    "MagneticFieldStrength": 3,
    "Manufacturer": "Philips",
    "ParallelAcquisitionTechnique": "SENSE",
    "ParallelReductionFactorInPlane": 2,
    "PatientPosition": "HFS",
    "PhaseEncodingDirection": "j",
    "PhilipsRescaleIntercept": 0,
    "PhilipsRescaleSlope": 0.77582,
    "PhilipsScaleSlope": 0.0207257,
    "ProtocolName": "ses-01_task-Healthratingtask-SeqMm3_bold",
    "PulseSequenceType": "Gradient Echo EPI",
    "ReconMatrixPE": 80,
    "RepetitionTime": 2,
    "SeriesDescription": "ImageMRSERIES",
    "SeriesNumber": 4,
    "SliceEncodingDirection": "k",
    "SliceTiming": [
      0.0,
      0.05555555555555555,
      0.1111111111111111,
      0.16666666666666666,
      0.2222222222222222,
      0.2777777777777778,
      0.3333333333333333,
      0.38888888888888884,
      0.4444444444444444,
      0.5,
      0.5555555555555556,
      0.611111111111111,
      0.6666666666666666,
      0.7222222222222222,
      0.7777777777777777,
      0.8333333333333333,
      0.8888888888888888,
      0.9444444444444444,
      1.0,
      1.0555555555555556,
      1.1111111111111112,
      1.1666666666666665,
      1.222222222222222,
      1.2777777777777777,
      1.3333333333333333,
      1.3888888888888888,
      1.4444444444444444,
      1.5,
      1.5555555555555554,
      1.611111111111111,
      1.6666666666666665,
      1.722222222222222,
      1.7777777777777777,
      1.8333333333333333,
      1.8888888888888888,
      1.9444444444444444
    ],
    "TaskName": "Healthratingtask",
    "TotalReadoutTime": 0.0269452,
    "UsePhilipsFloatNotDisplayScaling": 1,
    "WaterFatShift": 12.0,
    "acq_id": "SeqMm3Tr2000",
    "dataset": "ds002643",
    "modality": "bold",
    "subject_id": "015",
    "task_id": "Healthratingtask"
  },
  "dummy_trs": 0,
  "dvars_nstd": 19.70427004251461,
  "dvars_std": 1.1606308286549705,
  "dvars_vstd": 0.9910086704093565,
  "efc": 0.4098889430205219,
  "fber": 93278.8671875,
  "fd_mean": 0.15061360489035697,
  "fd_num": 63,
  "fd_perc": 18.367346938775512,
  "fwhm_avg": 1.7864508161760055,
  "fwhm_x": 1.7495433333333335,
  "fwhm_y": 1.9291,
  "fwhm_z": 1.6807091151946836,
  "gcor": 0.0512664,
  "gsr_x": -0.017234986647963524,
  "gsr_y": 0.00793012697249651,
  "provenance": {
    "md5sum": "be967eef7902f88ccf680f96f9007ab3",
    "settings": {
      "fd_thres": 0.2,
      "testing": false
    },
    "software": "mriqc",
    "version": "23.0.1",
    "webapi_port": null,
    "webapi_url": "https://mriqc.nimh.nih.gov/api/v1"
  },
  "size_t": 343,
  "size_x": 80,
  "size_y": 80,
  "size_z": 36,
  "snr": 5.860886144093122,
  "spacing_tr": 2.0,
  "spacing_x": 3.0,
  "spacing_y": 3.0,
  "spacing_z": 3.299999952316284,
  "summary_bg_k": 80.62034283294217,
  "summary_bg_mad": 247.22960954850984,
  "summary_bg_mean": 1096.2823486328125,
  "summary_bg_median": 223.20101928710938,
  "summary_bg_n": 157191.0,
  "summary_bg_p05": 20.542842864990234,
  "summary_bg_p95": 5209.439453125,
  "summary_bg_stdv": 3021.67626953125,
  "summary_fg_k": 2.122706155643196,
  "summary_fg_mad": 10788.789202889318,
  "summary_fg_mean": 70700.625,
  "summary_fg_median": 69023.0546875,
  "summary_fg_n": 33514.0,
  "summary_fg_p05": 55775.5443359375,
  "summary_fg_p95": 91235.908984375,
  "summary_fg_stdv": 11776.7216796875,
  "tsnr": 81.02507019042969
}