{
  "aor": 0.0015071137026239066,
  "aqi": 0.005436410320699708,
  "bids_meta": {
    "AcquisitionNumber": 4,
    "BIDSVersion": "1.1.0",
    "BidsifyVersion": "0.3",
    "ConversionSoftware": "dcm2niix",
    "ConversionSoftwareVersion": "v1.0.20180622 GCC5.4.0",
    "EchoTime": 0.028,
    "EffectiveEchoSpacing": 0.0006909,
    "FlipAngle": 76.1,
    "ImageComments": "RepliSC",
    "ImageOrientationPatientDICOM": [
      0.997007,
      0.0561802,
      -0.0531135,
      -0.0663959,
      0.974146,
      -0.215943
    ],
    "InstitutionName": "Spinoza Centre for Neuroimaging, location REC",
    "MagneticFieldStrength": 3,
    "Manufacturer": "Philips",
    "ParallelAcquisitionTechnique": "SENSE",
    "ParallelReductionFactorInPlane": 2,
    "PatientPosition": "HFS",
    "PhaseEncodingDirection": "j",
    "PhilipsRescaleIntercept": 0,
    "PhilipsRescaleSlope": 0.76386,
    "PhilipsScaleSlope": 0.0209971,
    "ProtocolName": "task-Healthratingtask_acq-SeqMm3Tr2000_bold",
    "PulseSequenceType": "Gradient Echo EPI",
    "ReconMatrixPE": 80,
    "RepetitionTime": 2,
    "SeriesDescription": "ImageMRSERIES",
    "SeriesNumber": 4,
    "SliceEncodingDirection": "k",
    "SliceTiming": [
      0.0,
      0.05555555555555555,
      0.1111111111111111,
      0.16666666666666666,
      0.2222222222222222,
      0.2777777777777778,
      0.3333333333333333,
      0.38888888888888884,
      0.4444444444444444,
      0.5,
      0.5555555555555556,
      0.611111111111111,
      0.6666666666666666,
      0.7222222222222222,
      0.7777777777777777,
      0.8333333333333333,
      0.8888888888888888,
      0.9444444444444444,
      1.0,
      1.0555555555555556,
      1.1111111111111112,
      1.1666666666666665,
      1.222222222222222,
      1.2777777777777777,
      1.3333333333333333,
      1.3888888888888888,
      1.4444444444444444,
      1.5,
      1.5555555555555554,
      1.611111111111111,
      1.6666666666666665,
      1.722222222222222,
      1.7777777777777777,
      1.8333333333333333,
      1.8888888888888888,
      1.9444444444444444
    ],
    "TaskName": "Healthratingtask",
    "TotalReadoutTime": 0.0269452,
    "UsePhilipsFloatNotDisplayScaling": 1,
    "WaterFatShift": 12.0,
    "acq_id": "SeqMm3Tr2000",
    "dataset": "ds002643",
    "modality": "bold",
    "subject_id": "095",
    "task_id": "Healthratingtask"
  },
  "dummy_trs": 0,
  "dvars_nstd": 20.149228235263177,
  "dvars_std": 1.1576421458771926,
  "dvars_vstd": 1.015784304795321,
  "efc": 0.4276715844203993,
  "fber": 145217.109375,
  "fd_mean": 0.18190938681855184,
  "fd_num": 127,
  "fd_perc": 37.02623906705539,
  "fwhm_avg": 1.839900472052819,
  "fwhm_x": 1.810076522814709,
  "fwhm_y": 2.0190098395435143,
  "fwhm_z": 1.6906150538002331,
  "gcor": 0.0376423,
  "gsr_x": -0.018425624817609787,
  "gsr_y": 0.012349280528724194,
  "provenance": {
    "md5sum": "0549007e1cee1df7ab3f01213fb3a61d",
    "settings": {
      "fd_thres": 0.2,
      "testing": false
    },
    "software": "mriqc",
    "version": "23.0.1",
    "webapi_port": null,
    "webapi_url": "https://mriqc.nimh.nih.gov/api/v1"
  },
  "size_t": 343,
  "size_x": 80,
  "size_y": 80,
  "size_z": 36,
  "snr": 6.367576780824081,
  "spacing_tr": 2.0,
  "spacing_x": 3.000000238418579,
  "spacing_y": 3.000000238418579,
  "spacing_z": 3.3000001907348633,
  "summary_bg_k": 40.36598111116561,
  "summary_bg_mad": 204.93406654841152,
  "summary_bg_mean": 1734.8125,
  "summary_bg_median": 174.8079833984375,
  "summary_bg_n": 156344.0,
  "summary_bg_p05": 13.194104003906252,
  "summary_bg_p95": 9276.28935546875,
  "summary_bg_stdv": 4655.46630859375,
  "summary_fg_k": 2.7274972517573417,
  "summary_fg_mad": 9709.897831058317,
  "summary_fg_mean": 69902.421875,
  "summary_fg_median": 68291.7265625,
  "summary_fg_n": 33884.0,
  "summary_fg_p05": 56361.81171875,
  "summary_fg_p95": 88128.262890625,
  "summary_fg_stdv": 10724.7578125,
  "tsnr": 80.23191833496094
}