{
  "bids_meta": {
    "AcquisitionNumber": 2,
    "BIDSVersion": "1.1.0",
    "BidsifyVersion": "0.3",
    "ConversionSoftware": "dcm2niix",
    "ConversionSoftwareVersion": "v1.0.20180622 GCC5.4.0",
    "EchoTime": 0.00388,
    "ImageComments": "RepliSC",
    "ImageOrientationPatientDICOM": [
      0.998456,
      -0.0550682,
      -0.00731476,
      0.0514532,
      0.966375,
      -0.251935
    ],
    "InstitutionName": "Spinoza Centre for Neuroimaging, location REC",
    "InversionTime": 0.9,
    "MagneticFieldStrength": 3,
    "Manufacturer": "Philips",
    "ParallelAcquisitionTechnique": "SENSE",
    "PatientPosition": "HFS",
    "PhilipsRescaleIntercept": 0,
    "PhilipsRescaleSlope": 4.26569,
    "PhilipsScaleSlope": 0.00488551,
    "ProtocolName": "acq-AxialNsig1Mm1_T1w",
    "ReconMatrixPE": 240,
    "RepetitionTime": 0.008387,
    "SeriesDescription": "ImageMRSERIES",
    "SeriesNumber": 2,
    "UsePhilipsFloatNotDisplayScaling": 1,
    "acq_id": "AxialNsig1Mm1",
    "dataset": "ds002643",
    "modality": "T1w",
    "subject_id": "009"
  },
  "cjv": 0.28416472429915335,
  "cnr": 4.449206994717428,
  "efc": 0.718409837957383,
  "fber": -1.0,
  "fwhm_avg": 4.4219003503557355,
  "fwhm_x": 4.347650259140149,
  "fwhm_y": 4.54977027118744,
  "fwhm_z": 4.368280520739618,
  "icvs_csf": 0.24253286174198896,
  "icvs_gm": 0.41070057501560886,
  "icvs_wm": 0.3467665632424022,
  "inu_med": 0.5113385319709778,
  "inu_range": 0.15504315495491028,
  "provenance": {
    "md5sum": "0f1ab83a12c22880d64f0315c8832776",
    "settings": {
      "testing": false
    },
    "software": "mriqc",
    "version": "23.0.1",
    "warnings": {
      "large_rot_frame": true,
      "small_air_mask": false
    },
    "webapi_port": null,
    "webapi_url": "https://mriqc.nimh.nih.gov/api/v1"
  },
  "qi_1": 0.0,
  "qi_2": 0.00013919892610554863,
  "rpve_csf": 22.5133711485522,
  "rpve_gm": 13.376759583522421,
  "rpve_wm": 19.447005767607255,
  "size_x": 240,
  "size_y": 240,
  "size_z": 220,
  "snr_csf": 1.2904596058200646,
  "snr_gm": 7.826124604486382,
  "snr_total": 12.83725106926346,
  "snr_wm": 29.39516899748393,
  "snrd_csf": 19.25120667029542,
  "snrd_gm": 98.64595792730297,
  "snrd_total": 92.56188288231232,
  "snrd_wm": 159.78848404933854,
  "spacing_x": 0.9999999403953552,
  "spacing_y": 0.9999999403953552,
  "spacing_z": 0.9999998807907104,
  "summary_bg_k": 15.611781317603317,
  "summary_bg_mad": 0.0,
  "summary_bg_mean": 1.6461384997553996,
  "summary_bg_median": 0.0,
  "summary_bg_n": 282922.0,
  "summary_bg_p05": 0.0,
  "summary_bg_p95": 9.963748209178448,
  "summary_bg_stdv": 4.09993352438385,
  "summary_csf_k": 1.4262565278594996,
  "summary_csf_mad": 89.66352659253135,
  "summary_csf_mean": 138.27831699795394,
  "summary_csf_median": 120.47669403254986,
  "summary_csf_n": 53439.0,
  "summary_csf_p05": 27.28634313493967,
  "summary_csf_p95": 321.3384773753583,
  "summary_csf_stdv": 93.3586500873426,
  "summary_gm_k": 0.19712633303912686,
  "summary_gm_mad": 77.32111365346611,
  "summary_gm_mean": 619.4401825934054,
  "summary_gm_median": 617.3399462327361,
  "summary_gm_n": 36774.0,
  "summary_gm_p05": 492.60857976228,
  "summary_gm_p95": 751.3838355392218,
  "summary_gm_stdv": 78.88087446505028,
  "summary_wm_k": 0.7771998086043026,
  "summary_wm_mad": 31.411199552875303,
  "summary_wm_mean": 999.5822116419303,
  "summary_wm_median": 999.9782679826021,
  "summary_wm_n": 226596.0,
  "summary_wm_p05": 942.8875102698803,
  "summary_wm_p95": 1054.0299739539623,
  "summary_wm_stdv": 34.01838110008587,
  "tpm_overlap_csf": 0.15814042949069312,
  "tpm_overlap_gm": 0.4563365845457516,
  "tpm_overlap_wm": 0.5130760793550547,
  "wm2max": 0.8442717515140896
}