{
  "bids_meta": {
    "AcquisitionNumber": 2,
    "BIDSVersion": "1.1.0",
    "BidsifyVersion": "0.3",
    "ConversionSoftware": "dcm2niix",
    "ConversionSoftwareVersion": "v1.0.20180622 GCC5.4.0",
    "EchoTime": 0.00394,
    "ImageComments": "RepliSC",
    "ImageOrientationPatientDICOM": [
      0.995312,
      -0.0898384,
      -0.0358255,
      0.0732658,
      0.942145,
      -0.3271
    ],
    "InstitutionName": "Spinoza Centre for Neuroimaging, location REC",
    "InversionTime": 0.9,
    "MagneticFieldStrength": 3,
    "Manufacturer": "Philips",
    "ParallelAcquisitionTechnique": "SENSE",
    "PatientPosition": "HFS",
    "PhilipsRescaleIntercept": 0,
    "PhilipsRescaleSlope": 4.30549,
    "PhilipsScaleSlope": 0.00515842,
    "ProtocolName": "acq-AxialNsig1Mm1_T1w",
    "ReconMatrixPE": 240,
    "RepetitionTime": 0.008484,
    "SeriesDescription": "ImageMRSERIES",
    "SeriesNumber": 2,
    "UsePhilipsFloatNotDisplayScaling": 1,
    "acq_id": "AxialNsig1Mm1",
    "dataset": "ds002643",
    "modality": "T1w",
    "subject_id": "093"
  },
  "cjv": 0.2637553653290244,
  "cnr": 4.924741257823974,
  "efc": 0.7158633312265359,
  "fber": -1.0,
  "fwhm_avg": 4.344496666666667,
  "fwhm_x": 4.3282,
  "fwhm_y": 4.42207,
  "fwhm_z": 4.28322,
  "icvs_csf": 0.22733780652538466,
  "icvs_gm": 0.4373785725645563,
  "icvs_wm": 0.33528362091005903,
  "inu_med": 0.5837500691413879,
  "inu_range": 0.21663225293159483,
  "provenance": {
    "md5sum": "2e3333ee328710e176b4621419c81d9a",
    "settings": {
      "testing": false
    },
    "software": "mriqc",
    "version": "23.0.1",
    "warnings": {
      "large_rot_frame": true,
      "small_air_mask": false
    },
    "webapi_port": null,
    "webapi_url": "https://mriqc.nimh.nih.gov/api/v1"
  },
  "qi_1": 0.02419793811973103,
  "qi_2": 4.538624563374709e-05,
  "rpve_csf": 22.944509422652377,
  "rpve_gm": 12.796228821465698,
  "rpve_wm": 20.443338379585235,
  "size_x": 240,
  "size_y": 240,
  "size_z": 220,
  "snr_csf": 1.3932161506173637,
  "snr_gm": 8.327053812652293,
  "snr_total": 11.714276065133172,
  "snr_wm": 25.422558232129862,
  "snrd_csf": 20.573897965765855,
  "snrd_gm": 79.58833219583849,
  "snrd_total": 77.84726767486698,
  "snrd_wm": 133.3795728629966,
  "spacing_x": 1.0,
  "spacing_y": 1.0,
  "spacing_z": 1.0,
  "summary_bg_k": 229.1507556526158,
  "summary_bg_mad": 0.0,
  "summary_bg_mean": 1.6806253613958353,
  "summary_bg_median": 0.0,
  "summary_bg_n": 304121.0,
  "summary_bg_p05": 0.0,
  "summary_bg_p95": 11.499474056065083,
  "summary_bg_stdv": 4.911819606633748,
  "summary_csf_k": 0.49286683891168437,
  "summary_csf_mad": 110.97895079914417,
  "summary_csf_mean": 177.55045195663808,
  "summary_csf_median": 154.25074139237404,
  "summary_csf_n": 25289.0,
  "summary_csf_p05": 36.10022000968456,
  "summary_csf_p95": 383.53256257176383,
  "summary_csf_stdv": 110.71339614765961,
  "summary_gm_k": 0.178752153896113,
  "summary_gm_mad": 71.31576142059345,
  "summary_gm_mean": 596.448652124289,
  "summary_gm_median": 596.7055571004748,
  "summary_gm_n": 43375.0,
  "summary_gm_p05": 478.9781972371042,
  "summary_gm_p95": 712.5035873249171,
  "summary_gm_stdv": 71.65783865885041,
  "summary_wm_k": 1.3026561312935305,
  "summary_wm_mad": 35.05531214958594,
  "summary_wm_mean": 999.1384340259996,
  "summary_wm_median": 1000.0000016987324,
  "summary_wm_n": 199110.0,
  "summary_wm_p05": 934.2784753367305,
  "summary_wm_p95": 1061.513820298016,
  "summary_wm_stdv": 39.335045725532765,
  "tpm_overlap_csf": 0.15630171102812193,
  "tpm_overlap_gm": 0.47726881728916853,
  "tpm_overlap_wm": 0.5078025975199986,
  "wm2max": 0.7586882322545004
}