{
  "aor": 0.002099416909620991,
  "aqi": 0.004934107405247814,
  "bids_meta": {
    "AcquisitionNumber": 6,
    "BIDSVersion": "1.1.0",
    "BidsifyVersion": "0.3",
    "ConversionSoftware": "dcm2niix",
    "ConversionSoftwareVersion": "v1.0.20180622 GCC5.4.0",
    "EchoTime": 0.028,
    "EffectiveEchoSpacing": 0.0006909,
    "FlipAngle": 76.1,
    "ImageComments": "RepliSC",
    "ImageOrientationPatientDICOM": [
      0.998966,
      0.0452316,
      0.00456471,
      -0.0430918,
      0.974105,
      -0.221951
    ],
    "InstitutionName": "Spinoza Centre for Neuroimaging, location REC",
    "MagneticFieldStrength": 3,
    "Manufacturer": "Philips",
    "ParallelAcquisitionTechnique": "SENSE",
    "ParallelReductionFactorInPlane": 2,
    "PatientPosition": "HFS",
    "PhaseEncodingDirection": "j",
    "PhilipsRescaleIntercept": 0,
    "PhilipsRescaleSlope": 0.81636,
    "PhilipsScaleSlope": 0.0225747,
    "ProtocolName": "ses-01_task-Decisiontask-SeqMm3_bold",
    "PulseSequenceType": "Gradient Echo EPI",
    "ReconMatrixPE": 80,
    "RepetitionTime": 2,
    "SeriesDescription": "ImageMRSERIES",
    "SeriesNumber": 6,
    "SliceEncodingDirection": "k",
    "SliceTiming": [
      0.0,
      0.05555555555555555,
      0.1111111111111111,
      0.16666666666666666,
      0.2222222222222222,
      0.2777777777777778,
      0.3333333333333333,
      0.38888888888888884,
      0.4444444444444444,
      0.5,
      0.5555555555555556,
      0.611111111111111,
      0.6666666666666666,
      0.7222222222222222,
      0.7777777777777777,
      0.8333333333333333,
      0.8888888888888888,
      0.9444444444444444,
      1.0,
      1.0555555555555556,
      1.1111111111111112,
      1.1666666666666665,
      1.222222222222222,
      1.2777777777777777,
      1.3333333333333333,
      1.3888888888888888,
      1.4444444444444444,
      1.5,
      1.5555555555555554,
      1.611111111111111,
      1.6666666666666665,
      1.722222222222222,
      1.7777777777777777,
      1.8333333333333333,
      1.8888888888888888,
      1.9444444444444444
    ],
    "TaskName": "Decisiontask",
    "TotalReadoutTime": 0.0269452,
    "UsePhilipsFloatNotDisplayScaling": 1,
    "WaterFatShift": 12.0,
    "acq_id": "SeqMm3Tr2000",
    "dataset": "ds002643",
    "modality": "bold",
    "subject_id": "002",
    "task_id": "Decisiontask"
  },
  "dummy_trs": 0,
  "dvars_nstd": 23.37510257836258,
  "dvars_std": 1.3637590608479533,
  "dvars_vstd": 1.0252313878947368,
  "efc": 0.4480577923256711,
  "fber": 141254.40625,
  "fd_mean": 0.1333175403916811,
  "fd_num": 43,
  "fd_perc": 12.536443148688047,
  "fwhm_avg": 1.9433420291799137,
  "fwhm_x": 1.8279833333333333,
  "fwhm_y": 2.13807,
  "fwhm_z": 1.8639727542064082,
  "gcor": 0.0864974,
  "gsr_x": -0.014295559376478195,
  "gsr_y": 0.020465008914470673,
  "provenance": {
    "md5sum": "a001b83d57a5dc01c1c0499c5937109b",
    "settings": {
      "fd_thres": 0.2,
      "testing": false
    },
    "software": "mriqc",
    "version": "23.0.1",
    "webapi_port": null,
    "webapi_url": "https://mriqc.nimh.nih.gov/api/v1"
  },
  "size_t": 343,
  "size_x": 80,
  "size_y": 80,
  "size_z": 36,
  "snr": 6.007987572165064,
  "spacing_tr": 2.0,
  "spacing_x": 3.0,
  "spacing_y": 3.0,
  "spacing_z": 3.299999952316284,
  "summary_bg_k": 34.337882565441056,
  "summary_bg_mad": 187.24403698405197,
  "summary_bg_mean": 1324.5218505859375,
  "summary_bg_median": 165.8599853515625,
  "summary_bg_n": 150198.0,
  "summary_bg_p05": 14.764070224761964,
  "summary_bg_p95": 6921.928881835937,
  "summary_bg_stdv": 3254.783935546875,
  "summary_fg_k": 4.402126345183522,
  "summary_fg_mad": 8425.512579469014,
  "summary_fg_mean": 65268.24609375,
  "summary_fg_median": 63647.140625,
  "summary_fg_n": 39942.0,
  "summary_fg_p05": 52613.6611328125,
  "summary_fg_p95": 82551.98671874998,
  "summary_fg_stdv": 10593.62109375,
  "tsnr": 84.4998550415039
}