{
  "aor": 0.0018579008746355686,
  "aqi": 0.005780104606413994,
  "bids_meta": {
    "AcquisitionNumber": 4,
    "BIDSVersion": "1.1.0",
    "BidsifyVersion": "0.3",
    "ConversionSoftware": "dcm2niix",
    "ConversionSoftwareVersion": "v1.0.20180622 GCC5.4.0",
    "EchoTime": 0.028,
    "EffectiveEchoSpacing": 0.0006909,
    "FlipAngle": 76.1,
    "ImageComments": "RepliSC",
    "ImageOrientationPatientDICOM": [
      0.998966,
      0.0452316,
      0.00456471,
      -0.0430918,
      0.974105,
      -0.221951
    ],
    "InstitutionName": "Spinoza Centre for Neuroimaging, location REC",
    "MagneticFieldStrength": 3,
    "Manufacturer": "Philips",
    "ParallelAcquisitionTechnique": "SENSE",
    "ParallelReductionFactorInPlane": 2,
    "PatientPosition": "HFS",
    "PhaseEncodingDirection": "j",
    "PhilipsRescaleIntercept": 0,
    "PhilipsRescaleSlope": 0.74115,
    "PhilipsScaleSlope": 0.021904,
    "ProtocolName": "ses-01_task-Tasteratingtask-SeqMm3_bold",
    "PulseSequenceType": "Gradient Echo EPI",
    "ReconMatrixPE": 80,
    "RepetitionTime": 2,
    "SeriesDescription": "ImageMRSERIES",
    "SeriesNumber": 4,
    "SliceEncodingDirection": "k",
    "SliceTiming": [
      0.0,
      0.05555555555555555,
      0.1111111111111111,
      0.16666666666666666,
      0.2222222222222222,
      0.2777777777777778,
      0.3333333333333333,
      0.38888888888888884,
      0.4444444444444444,
      0.5,
      0.5555555555555556,
      0.611111111111111,
      0.6666666666666666,
      0.7222222222222222,
      0.7777777777777777,
      0.8333333333333333,
      0.8888888888888888,
      0.9444444444444444,
      1.0,
      1.0555555555555556,
      1.1111111111111112,
      1.1666666666666665,
      1.222222222222222,
      1.2777777777777777,
      1.3333333333333333,
      1.3888888888888888,
      1.4444444444444444,
      1.5,
      1.5555555555555554,
      1.611111111111111,
      1.6666666666666665,
      1.722222222222222,
      1.7777777777777777,
      1.8333333333333333,
      1.8888888888888888,
      1.9444444444444444
    ],
    "TaskName": "Tasteratingtask",
    "TotalReadoutTime": 0.0269452,
    "UsePhilipsFloatNotDisplayScaling": 1,
    "WaterFatShift": 12.0,
    "acq_id": "SeqMm3Tr2000",
    "dataset": "ds002643",
    "modality": "bold",
    "subject_id": "002",
    "task_id": "Tasteratingtask"
  },
  "dummy_trs": 0,
  "dvars_nstd": 25.75642987883041,
  "dvars_std": 1.417177217807018,
  "dvars_vstd": 1.0192646694152045,
  "efc": 0.4515187377289894,
  "fber": 100011.046875,
  "fd_mean": 0.12796199944534223,
  "fd_num": 35,
  "fd_perc": 10.204081632653061,
  "fwhm_avg": 1.9517025342526626,
  "fwhm_x": 1.8402233333333333,
  "fwhm_y": 2.1462933333333334,
  "fwhm_z": 1.868590936091321,
  "gcor": 0.116703,
  "gsr_x": -0.016197575256228447,
  "gsr_y": 0.02294802851974964,
  "provenance": {
    "md5sum": "1ff01f68c9cf635827ff8ccb2bf47fa7",
    "settings": {
      "fd_thres": 0.2,
      "testing": false
    },
    "software": "mriqc",
    "version": "23.0.1",
    "webapi_port": null,
    "webapi_url": "https://mriqc.nimh.nih.gov/api/v1"
  },
  "size_t": 343,
  "size_x": 80,
  "size_y": 80,
  "size_z": 36,
  "snr": 5.916909285644035,
  "spacing_tr": 2.0,
  "spacing_x": 3.0,
  "spacing_y": 3.0,
  "spacing_z": 3.299999952316284,
  "summary_bg_k": 33.98635779140944,
  "summary_bg_mad": 223.7740595927154,
  "summary_bg_mean": 1337.768310546875,
  "summary_bg_median": 195.04690551757812,
  "summary_bg_n": 149678.0,
  "summary_bg_p05": 14.675512266159059,
  "summary_bg_p95": 6712.214550781248,
  "summary_bg_stdv": 3179.813720703125,
  "summary_fg_k": 4.140842157215568,
  "summary_fg_mad": 8672.342683190534,
  "summary_fg_mean": 65052.28515625,
  "summary_fg_median": 63391.6171875,
  "summary_fg_n": 40303.0,
  "summary_fg_p05": 52154.939453125,
  "summary_fg_p95": 82823.36328125,
  "summary_fg_stdv": 10713.50390625,
  "tsnr": 76.77806091308594
}