{
  "aor": 0.0017320416666666667,
  "aqi": 0.004859527916666667,
  "bids_meta": {
    "AcquisitionNumber": 7,
    "BIDSVersion": "1.1.0",
    "BidsifyVersion": "0.3",
    "ConversionSoftware": "dcm2niix",
    "ConversionSoftwareVersion": "v1.0.20180622 GCC5.4.0",
    "EchoTime": 0.028,
    "EffectiveEchoSpacing": 0.0006909,
    "FlipAngle": 76.1,
    "ImageComments": "RepliSC",
    "ImageOrientationPatientDICOM": [
      0.998966,
      0.0452316,
      0.00456471,
      -0.0430918,
      0.974105,
      -0.221951
    ],
    "InstitutionName": "Spinoza Centre for Neuroimaging, location REC",
    "MagneticFieldStrength": 3,
    "Manufacturer": "Philips",
    "ParallelAcquisitionTechnique": "SENSE",
    "ParallelReductionFactorInPlane": 2,
    "PatientPosition": "HFS",
    "PhaseEncodingDirection": "j",
    "PhilipsRescaleIntercept": 0,
    "PhilipsRescaleSlope": 0.80147,
    "PhilipsScaleSlope": 0.0235496,
    "ProtocolName": "task-RestingState_acq-SeqMm3Tr2000_bold",
    "PulseSequenceType": "Gradient Echo EPI",
    "ReconMatrixPE": 80,
    "RepetitionTime": 2,
    "SeriesDescription": "ImageMRSERIES",
    "SeriesNumber": 7,
    "SliceEncodingDirection": "k",
    "SliceTiming": [
      0.0,
      0.05555555555555555,
      0.1111111111111111,
      0.16666666666666666,
      0.2222222222222222,
      0.2777777777777778,
      0.3333333333333333,
      0.38888888888888884,
      0.4444444444444444,
      0.5,
      0.5555555555555556,
      0.611111111111111,
      0.6666666666666666,
      0.7222222222222222,
      0.7777777777777777,
      0.8333333333333333,
      0.8888888888888888,
      0.9444444444444444,
      1.0,
      1.0555555555555556,
      1.1111111111111112,
      1.1666666666666665,
      1.222222222222222,
      1.2777777777777777,
      1.3333333333333333,
      1.3888888888888888,
      1.4444444444444444,
      1.5,
      1.5555555555555554,
      1.611111111111111,
      1.6666666666666665,
      1.722222222222222,
      1.7777777777777777,
      1.8333333333333333,
      1.8888888888888888,
      1.9444444444444444
    ],
    "TaskName": "RestingState",
    "TotalReadoutTime": 0.0269452,
    "UsePhilipsFloatNotDisplayScaling": 1,
    "WaterFatShift": 12.0,
    "acq_id": "SeqMm3Tr2000",
    "dataset": "ds002643",
    "modality": "bold",
    "subject_id": "002",
    "task_id": "RestingState"
  },
  "dummy_trs": 0,
  "dvars_nstd": 23.827864786150624,
  "dvars_std": 1.3617815061087875,
  "dvars_vstd": 1.0087051232217568,
  "efc": 0.44976950188290804,
  "fber": 132091.125,
  "fd_mean": 0.12036752768958985,
  "fd_num": 21,
  "fd_perc": 8.75,
  "fwhm_avg": 1.925286776557163,
  "fwhm_x": 1.8083099999999999,
  "fwhm_y": 2.12382,
  "fwhm_z": 1.8437303296714889,
  "gcor": 0.0511417,
  "gsr_x": -0.01442093588411808,
  "gsr_y": 0.020298272371292114,
  "provenance": {
    "md5sum": "6c6d79f88767273872820db060b655e6",
    "settings": {
      "fd_thres": 0.2,
      "testing": false
    },
    "software": "mriqc",
    "version": "23.0.1",
    "webapi_port": null,
    "webapi_url": "https://mriqc.nimh.nih.gov/api/v1"
  },
  "size_t": 240,
  "size_x": 80,
  "size_y": 80,
  "size_z": 36,
  "snr": 6.108223448465773,
  "spacing_tr": 2.0,
  "spacing_x": 3.0,
  "spacing_y": 3.0,
  "spacing_z": 3.299999952316284,
  "summary_bg_k": 34.01537621310514,
  "summary_bg_mad": 194.0314706355933,
  "summary_bg_mean": 1329.5040283203125,
  "summary_bg_median": 168.40757751464844,
  "summary_bg_n": 150013.0,
  "summary_bg_p05": 10.857185363769531,
  "summary_bg_p95": 6993.366503906246,
  "summary_bg_stdv": 3257.58935546875,
  "summary_fg_k": 4.134295344088956,
  "summary_fg_mad": 8242.747107548705,
  "summary_fg_mean": 64049.6015625,
  "summary_fg_median": 62519.34765625,
  "summary_fg_n": 40080.0,
  "summary_fg_p05": 51610.6015625,
  "summary_fg_p95": 80861.79023437496,
  "summary_fg_stdv": 10235.1474609375,
  "tsnr": 87.85671997070312
}