{
  "aor": 0.001078454810495627,
  "aqi": 0.005263260991253645,
  "bids_meta": {
    "AcquisitionNumber": 3,
    "BIDSVersion": "1.1.0",
    "BidsifyVersion": "0.3",
    "ConversionSoftware": "dcm2niix",
    "ConversionSoftwareVersion": "v1.0.20180622 GCC5.4.0",
    "EchoTime": 0.028,
    "EffectiveEchoSpacing": 0.0006909,
    "FlipAngle": 76.1,
    "ImageComments": "RepliSC",
    "ImageOrientationPatientDICOM": [
      0.998966,
      0.0452316,
      0.00456471,
      -0.0430918,
      0.974105,
      -0.221951
    ],
    "InstitutionName": "Spinoza Centre for Neuroimaging, location REC",
    "MagneticFieldStrength": 3,
    "Manufacturer": "Philips",
    "ParallelAcquisitionTechnique": "SENSE",
    "ParallelReductionFactorInPlane": 2,
    "PatientPosition": "HFS",
    "PhaseEncodingDirection": "j",
    "PhilipsRescaleIntercept": 0,
    "PhilipsRescaleSlope": 0.75702,
    "PhilipsScaleSlope": 0.0209818,
    "ProtocolName": "ses-01_task-Healthratingtask-SeqMm3_bold",
    "PulseSequenceType": "Gradient Echo EPI",
    "ReconMatrixPE": 80,
    "RepetitionTime": 2,
    "SeriesDescription": "ImageMRSERIES",
    "SeriesNumber": 3,
    "SliceEncodingDirection": "k",
    "SliceTiming": [
      0.0,
      0.05555555555555555,
      0.1111111111111111,
      0.16666666666666666,
      0.2222222222222222,
      0.2777777777777778,
      0.3333333333333333,
      0.38888888888888884,
      0.4444444444444444,
      0.5,
      0.5555555555555556,
      0.611111111111111,
      0.6666666666666666,
      0.7222222222222222,
      0.7777777777777777,
      0.8333333333333333,
      0.8888888888888888,
      0.9444444444444444,
      1.0,
      1.0555555555555556,
      1.1111111111111112,
      1.1666666666666665,
      1.222222222222222,
      1.2777777777777777,
      1.3333333333333333,
      1.3888888888888888,
      1.4444444444444444,
      1.5,
      1.5555555555555554,
      1.611111111111111,
      1.6666666666666665,
      1.722222222222222,
      1.7777777777777777,
      1.8333333333333333,
      1.8888888888888888,
      1.9444444444444444
    ],
    "TaskName": "Healthratingtask",
    "TotalReadoutTime": 0.0269452,
    "UsePhilipsFloatNotDisplayScaling": 1,
    "WaterFatShift": 12.0,
    "acq_id": "SeqMm3Tr2000",
    "dataset": "ds002643",
    "modality": "bold",
    "subject_id": "002",
    "task_id": "Healthratingtask"
  },
  "dummy_trs": 0,
  "dvars_nstd": 25.931496338421052,
  "dvars_std": 1.4179789629239774,
  "dvars_vstd": 0.9948653284795321,
  "efc": 0.4491933435930425,
  "fber": 114055.921875,
  "fd_mean": 0.11712220712046828,
  "fd_num": 28,
  "fd_perc": 8.16326530612245,
  "fwhm_avg": 1.9782485950477795,
  "fwhm_x": 1.86093,
  "fwhm_y": 2.165973333333333,
  "fwhm_z": 1.9078424518100054,
  "gcor": 0.15665,
  "gsr_x": -0.01596558280289173,
  "gsr_y": 0.021802980452775955,
  "provenance": {
    "md5sum": "80ce31ee563a6b4ff5d926db08351043",
    "settings": {
      "fd_thres": 0.2,
      "testing": false
    },
    "software": "mriqc",
    "version": "23.0.1",
    "webapi_port": null,
    "webapi_url": "https://mriqc.nimh.nih.gov/api/v1"
  },
  "size_t": 343,
  "size_x": 80,
  "size_y": 80,
  "size_z": 36,
  "snr": 5.842170228092935,
  "spacing_tr": 2.0,
  "spacing_x": 3.0,
  "spacing_y": 3.0,
  "spacing_z": 3.299999952316284,
  "summary_bg_k": 34.74153462151857,
  "summary_bg_mad": 214.54203803331433,
  "summary_bg_mean": 1321.903564453125,
  "summary_bg_median": 188.90289306640625,
  "summary_bg_n": 149841.0,
  "summary_bg_p05": 13.027583122253418,
  "summary_bg_p95": 6719.5751953125,
  "summary_bg_stdv": 3173.744384765625,
  "summary_fg_k": 4.233177629783207,
  "summary_fg_mad": 8925.79526986854,
  "summary_fg_mean": 67272.8046875,
  "summary_fg_median": 65455.37109375,
  "summary_fg_n": 40202.0,
  "summary_fg_p05": 53898.4048828125,
  "summary_fg_p95": 85716.50820312496,
  "summary_fg_stdv": 11203.80859375,
  "tsnr": 75.9903564453125
}