{
  "aor": 0.0014612536443148689,
  "aqi": 0.006581148571428571,
  "bids_meta": {
    "AcquisitionNumber": 6,
    "BIDSVersion": "1.1.0",
    "BidsifyVersion": "0.3",
    "ConversionSoftware": "dcm2niix",
    "ConversionSoftwareVersion": "v1.0.20180622 GCC5.4.0",
    "EchoTime": 0.028,
    "EffectiveEchoSpacing": 0.0006909,
    "FlipAngle": 76.1,
    "ImageComments": "RepliSC",
    "ImageOrientationPatientDICOM": [
      0.998045,
      -0.0602352,
      0.0166885,
      0.0624419,
      0.972781,
      -0.223154
    ],
    "InstitutionName": "Spinoza Centre for Neuroimaging, location REC",
    "MagneticFieldStrength": 3,
    "Manufacturer": "Philips",
    "ParallelAcquisitionTechnique": "SENSE",
    "ParallelReductionFactorInPlane": 2,
    "PatientPosition": "HFS",
    "PhaseEncodingDirection": "j",
    "PhilipsRescaleIntercept": 0,
    "PhilipsRescaleSlope": 0.78315,
    "PhilipsScaleSlope": 0.0261287,
    "ProtocolName": "task-Decisiontask_acq-SeqMm3Tr2000_bold",
    "PulseSequenceType": "Gradient Echo EPI",
    "ReconMatrixPE": 80,
    "RepetitionTime": 2,
    "SeriesDescription": "ImageMRSERIES",
    "SeriesNumber": 6,
    "SliceEncodingDirection": "k",
    "SliceTiming": [
      0.0,
      0.05555555555555555,
      0.1111111111111111,
      0.16666666666666666,
      0.2222222222222222,
      0.2777777777777778,
      0.3333333333333333,
      0.38888888888888884,
      0.4444444444444444,
      0.5,
      0.5555555555555556,
      0.611111111111111,
      0.6666666666666666,
      0.7222222222222222,
      0.7777777777777777,
      0.8333333333333333,
      0.8888888888888888,
      0.9444444444444444,
      1.0,
      1.0555555555555556,
      1.1111111111111112,
      1.1666666666666665,
      1.222222222222222,
      1.2777777777777777,
      1.3333333333333333,
      1.3888888888888888,
      1.4444444444444444,
      1.5,
      1.5555555555555554,
      1.611111111111111,
      1.6666666666666665,
      1.722222222222222,
      1.7777777777777777,
      1.8333333333333333,
      1.8888888888888888,
      1.9444444444444444
    ],
    "TaskName": "Decisiontask",
    "TotalReadoutTime": 0.0269452,
    "UsePhilipsFloatNotDisplayScaling": 1,
    "WaterFatShift": 12.0,
    "acq_id": "SeqMm3Tr2000",
    "dataset": "ds002643",
    "modality": "bold",
    "subject_id": "032",
    "task_id": "Decisiontask"
  },
  "dummy_trs": 0,
  "dvars_nstd": 16.691863994385972,
  "dvars_std": 1.1326158722807014,
  "dvars_vstd": 1.0050994925438597,
  "efc": 0.4197183591529517,
  "fber": 74128.6953125,
  "fd_mean": 0.06771169745930283,
  "fd_num": 4,
  "fd_perc": 1.1661807580174928,
  "fwhm_avg": 1.7802106142303284,
  "fwhm_x": 1.7113866666666666,
  "fwhm_y": 1.9330633333333334,
  "fwhm_z": 1.6961818426909858,
  "gcor": 0.0273236,
  "gsr_x": -0.017504176124930382,
  "gsr_y": 0.01134373527020216,
  "provenance": {
    "md5sum": "276631e65aca014a643b71162a79ed7b",
    "settings": {
      "fd_thres": 0.2,
      "testing": false
    },
    "software": "mriqc",
    "version": "23.0.1",
    "webapi_port": null,
    "webapi_url": "https://mriqc.nimh.nih.gov/api/v1"
  },
  "size_t": 343,
  "size_x": 80,
  "size_y": 80,
  "size_z": 36,
  "snr": 7.485658374614255,
  "spacing_tr": 2.0,
  "spacing_x": 3.0,
  "spacing_y": 3.0,
  "spacing_z": 3.299999952316284,
  "summary_bg_k": 101.56235980404959,
  "summary_bg_mad": 250.58529617725983,
  "summary_bg_mean": 1182.157470703125,
  "summary_bg_median": 217.5003662109375,
  "summary_bg_n": 156830.0,
  "summary_bg_p05": 21.178250694274904,
  "summary_bg_p95": 5497.701293945292,
  "summary_bg_stdv": 3331.834716796875,
  "summary_fg_k": 3.393875194345604,
  "summary_fg_mad": 7230.569939842996,
  "summary_fg_mean": 59572.0625,
  "summary_fg_median": 59119.171875,
  "summary_fg_n": 33534.0,
  "summary_fg_p05": 48315.1021484375,
  "summary_fg_p95": 72177.58515625,
  "summary_fg_stdv": 7897.54052734375,
  "tsnr": 82.39793395996094
}