{
  "bids_meta": {
    "AcquisitionNumber": 2,
    "BIDSVersion": "1.1.0",
    "BidsifyVersion": "0.3",
    "ConversionSoftware": "dcm2niix",
    "ConversionSoftwareVersion": "v1.0.20180622 GCC5.4.0",
    "EchoTime": 0.00393,
    "ImageComments": "RepliSC",
    "ImageOrientationPatientDICOM": [
      0.996099,
      0.0840181,
      0.0269883,
      -0.0710518,
      0.944962,
      -0.319372
    ],
    "InstitutionName": "Spinoza Centre for Neuroimaging, location REC",
    "InversionTime": 0.9,
    "MagneticFieldStrength": 3,
    "Manufacturer": "Philips",
    "ParallelAcquisitionTechnique": "SENSE",
    "PatientPosition": "HFS",
    "PhilipsRescaleIntercept": 0,
    "PhilipsRescaleSlope": 3.52234,
    "PhilipsScaleSlope": 0.00499495,
    "ProtocolName": "acq-AxialNsig1Mm1_T1w",
    "ReconMatrixPE": 240,
    "RepetitionTime": 0.00847,
    "SeriesDescription": "ImageMRSERIES",
    "SeriesNumber": 2,
    "UsePhilipsFloatNotDisplayScaling": 1,
    "acq_id": "AxialNsig1Mm1",
    "dataset": "ds002643",
    "modality": "T1w",
    "subject_id": "096"
  },
  "cjv": 0.2762727158863148,
  "cnr": 4.774401824193008,
  "efc": 0.7157791791106269,
  "fber": -1.0,
  "fwhm_avg": 4.2006665021407805,
  "fwhm_x": 4.140429506422341,
  "fwhm_y": 4.37393,
  "fwhm_z": 4.08764,
  "icvs_csf": 0.2408317504105617,
  "icvs_gm": 0.4263721374009323,
  "icvs_wm": 0.33279611218850597,
  "inu_med": 0.5554199814796448,
  "inu_range": 0.17886415123939514,
  "provenance": {
    "md5sum": "da097a58af38f57f9983ce4b64acad12",
    "settings": {
      "testing": false
    },
    "software": "mriqc",
    "version": "23.0.1",
    "warnings": {
      "large_rot_frame": true,
      "small_air_mask": false
    },
    "webapi_port": null,
    "webapi_url": "https://mriqc.nimh.nih.gov/api/v1"
  },
  "qi_1": 0.0,
  "qi_2": 7.342958856756994e-05,
  "rpve_csf": 20.864676615261345,
  "rpve_gm": 12.168401304197667,
  "rpve_wm": 19.130638410998444,
  "size_x": 240,
  "size_y": 240,
  "size_z": 220,
  "snr_csf": 1.5422918878787557,
  "snr_gm": 8.379552624354046,
  "snr_total": 11.911091745875213,
  "snr_wm": 25.811430725392842,
  "snrd_csf": 20.91287028926505,
  "snrd_gm": 76.50163857487095,
  "snrd_total": 74.4817195341899,
  "snrd_wm": 126.03064973843372,
  "spacing_x": 1.0000001192092896,
  "spacing_y": 1.0,
  "spacing_z": 1.0,
  "summary_bg_k": 334.430637562349,
  "summary_bg_mad": 0.0,
  "summary_bg_mean": 1.9516231497482253,
  "summary_bg_median": 0.0,
  "summary_bg_n": 362828.0,
  "summary_bg_p05": 0.0,
  "summary_bg_p95": 10.312707563862205,
  "summary_bg_stdv": 5.198230580372352,
  "summary_csf_k": -0.17619508959035857,
  "summary_csf_mad": 116.54653766443721,
  "summary_csf_mean": 184.61453853555162,
  "summary_csf_median": 165.93479138240218,
  "summary_csf_n": 35934.0,
  "summary_csf_p05": 39.601905938517305,
  "summary_csf_p95": 375.8560527578927,
  "summary_csf_stdv": 107.58824823472774,
  "summary_gm_k": 0.08377102335979236,
  "summary_gm_mad": 72.89707264834456,
  "summary_gm_mean": 605.8560280114249,
  "summary_gm_median": 607.0081849955022,
  "summary_gm_n": 40516.0,
  "summary_gm_p05": 486.2663395018317,
  "summary_gm_p95": 721.5845838165842,
  "summary_gm_stdv": 72.43831755603497,
  "summary_wm_k": 0.915543026112188,
  "summary_wm_mad": 35.675833930290416,
  "summary_wm_mean": 997.3100276313055,
  "summary_wm_median": 999.9999657087028,
  "summary_wm_n": 206794.0,
  "summary_wm_p05": 929.4299969598651,
  "summary_wm_p95": 1055.2893849704415,
  "summary_wm_stdv": 38.742429990793205,
  "tpm_overlap_csf": 0.15240911208499874,
  "tpm_overlap_gm": 0.4611336471504532,
  "tpm_overlap_wm": 0.4949630037038895,
  "wm2max": 0.7535093519927233
}