{
  "bids_meta": {
    "AcquisitionNumber": 2,
    "BIDSVersion": "1.1.0",
    "BidsifyVersion": "0.3",
    "ConversionSoftware": "dcm2niix",
    "ConversionSoftwareVersion": "v1.0.20180622 GCC5.4.0",
    "EchoTime": 0.00377,
    "ImageComments": "RepliSC",
    "ImageOrientationPatientDICOM": [
      0.999889,
      0.00948992,
      0.0115018,
      -0.00802779,
      0.992608,
      -0.121099
    ],
    "InstitutionName": "Spinoza Centre for Neuroimaging, location REC",
    "InversionTime": 0.9,
    "MagneticFieldStrength": 3,
    "Manufacturer": "Philips",
    "ParallelAcquisitionTechnique": "SENSE",
    "PatientPosition": "HFS",
    "PhilipsRescaleIntercept": 0,
    "PhilipsRescaleSlope": 3.84444,
    "PhilipsScaleSlope": 0.00512435,
    "ProtocolName": "acq-AxialNsig1Mm1_T1w",
    "ReconMatrixPE": 240,
    "RepetitionTime": 0.008221,
    "SeriesDescription": "ImageMRSERIES",
    "SeriesNumber": 2,
    "UsePhilipsFloatNotDisplayScaling": 1,
    "acq_id": "AxialNsig1Mm1",
    "dataset": "ds002643",
    "modality": "T1w",
    "subject_id": "088"
  },
  "cjv": 0.265360468588309,
  "cnr": 4.882319879455952,
  "efc": 0.6920541562506691,
  "fber": -1.0,
  "fwhm_avg": 4.1123199291950705,
  "fwhm_x": 3.960929527820405,
  "fwhm_y": 4.358130259764806,
  "fwhm_z": 4.0179,
  "icvs_csf": 0.20497648268824684,
  "icvs_gm": 0.4660229053893109,
  "icvs_wm": 0.3290006119224423,
  "inu_med": 0.565105676651001,
  "inu_range": 0.21246280074119572,
  "provenance": {
    "md5sum": "b2375c0caa8932a75756c868d18b2fe8",
    "settings": {
      "testing": false
    },
    "software": "mriqc",
    "version": "23.0.1",
    "warnings": {
      "large_rot_frame": true,
      "small_air_mask": false
    },
    "webapi_port": null,
    "webapi_url": "https://mriqc.nimh.nih.gov/api/v1"
  },
  "qi_1": 0.011945494284975749,
  "qi_2": 4.6980794686516625e-05,
  "rpve_csf": 26.680971665072114,
  "rpve_gm": 13.220697170980031,
  "rpve_wm": 21.695555991681474,
  "size_x": 240,
  "size_y": 240,
  "size_z": 220,
  "snr_csf": 1.8785192515625615,
  "snr_gm": 9.070501333649503,
  "snr_total": 12.2796944093679,
  "snr_wm": 25.890062642891642,
  "snrd_csf": 20.18273071064187,
  "snrd_gm": 58.789490798276255,
  "snrd_total": 58.098428421872086,
  "snrd_wm": 95.32306375669812,
  "spacing_x": 1.0000001192092896,
  "spacing_y": 0.9999999403953552,
  "spacing_z": 1.0,
  "summary_bg_k": 25.351124352067302,
  "summary_bg_mad": 0.0,
  "summary_bg_mean": 2.8884224600106596,
  "summary_bg_median": 0.0,
  "summary_bg_n": 333957.0,
  "summary_bg_p05": 0.0,
  "summary_bg_p95": 17.07991798222065,
  "summary_bg_stdv": 6.872975004960061,
  "summary_csf_k": 0.9121538841972132,
  "summary_csf_mad": 122.58757168562313,
  "summary_csf_mean": 225.8927845806715,
  "summary_csf_median": 211.73514966666698,
  "summary_csf_n": 21681.0,
  "summary_csf_p05": 64.25906735658646,
  "summary_csf_p95": 409.5627286732197,
  "summary_csf_stdv": 112.71125726752638,
  "summary_gm_k": 0.2633182516422412,
  "summary_gm_mad": 66.44863462148878,
  "summary_gm_mean": 617.5025055649189,
  "summary_gm_median": 616.7550769746304,
  "summary_gm_n": 53534.0,
  "summary_gm_p05": 505.90057215094566,
  "summary_gm_p95": 727.7618544697762,
  "summary_gm_stdv": 67.99506376283831,
  "summary_wm_k": 1.1317671248296,
  "summary_wm_mad": 35.256155515478476,
  "summary_wm_mean": 999.9761114919046,
  "summary_wm_median": 1000.0253910422325,
  "summary_wm_n": 183815.0,
  "summary_wm_p05": 937.1875352859497,
  "summary_wm_p95": 1061.9496107697487,
  "summary_wm_stdv": 38.625733921034666,
  "tpm_overlap_csf": 0.1621783785926778,
  "tpm_overlap_gm": 0.5022297205293718,
  "tpm_overlap_wm": 0.5320191553177029,
  "wm2max": 0.6882914865186661
}