{
  "bids_meta": {
    "AcquisitionNumber": 2,
    "BIDSVersion": "1.1.0",
    "BidsifyVersion": "0.3",
    "ConversionSoftware": "dcm2niix",
    "ConversionSoftwareVersion": "v1.0.20180622 GCC5.4.0",
    "EchoTime": 0.00383,
    "ImageComments": "RepliSC",
    "ImageOrientationPatientDICOM": [
      0.994599,
      -0.100815,
      -0.0246689,
      0.0971708,
      0.988009,
      -0.119985
    ],
    "InstitutionName": "Spinoza Centre for Neuroimaging, location REC",
    "InversionTime": 0.9,
    "MagneticFieldStrength": 3,
    "Manufacturer": "Philips",
    "ParallelAcquisitionTechnique": "SENSE",
    "PatientPosition": "HFS",
    "PhilipsRescaleIntercept": 0,
    "PhilipsRescaleSlope": 4.41197,
    "PhilipsScaleSlope": 0.00522016,
    "ProtocolName": "acq-AxialNsig1Mm1_T1w",
    "ReconMatrixPE": 240,
    "RepetitionTime": 0.008298,
    "SeriesDescription": "ImageMRSERIES",
    "SeriesNumber": 2,
    "UsePhilipsFloatNotDisplayScaling": 1,
    "acq_id": "AxialNsig1Mm1",
    "dataset": "ds002643",
    "modality": "T1w",
    "subject_id": "013"
  },
  "cjv": 0.28251025851904493,
  "cnr": 4.5535641011580905,
  "efc": 0.706706913268424,
  "fber": 12941.482825939338,
  "fwhm_avg": 4.128683333333334,
  "fwhm_x": 4.02604,
  "fwhm_y": 4.36546,
  "fwhm_z": 3.99455,
  "icvs_csf": 0.2545004812281261,
  "icvs_gm": 0.4341274932603035,
  "icvs_wm": 0.31137202551157045,
  "inu_med": 0.6152431964874268,
  "inu_range": 0.2040529489517211,
  "provenance": {
    "md5sum": "293cce3431849253b71b372dedc240bc",
    "settings": {
      "testing": false
    },
    "software": "mriqc",
    "version": "23.0.1",
    "warnings": {
      "large_rot_frame": true,
      "small_air_mask": true
    },
    "webapi_port": null,
    "webapi_url": "https://mriqc.nimh.nih.gov/api/v1"
  },
  "qi_1": 0.0,
  "qi_2": 0.00013030483368780407,
  "rpve_csf": 25.720557108299825,
  "rpve_gm": 15.169656091063212,
  "rpve_wm": 24.75074933016655,
  "size_x": 240,
  "size_y": 240,
  "size_z": 220,
  "snr_csf": 1.4585769877587467,
  "snr_gm": 8.099690024506119,
  "snr_total": 11.598171586770482,
  "snr_wm": 25.23624774804658,
  "snrd_csf": 13.979253301700476,
  "snrd_gm": 60.6855277163121,
  "snrd_total": 58.00133587307155,
  "snrd_wm": 99.33922660120204,
  "spacing_x": 1.0,
  "spacing_y": 1.0,
  "spacing_z": 1.0,
  "summary_bg_k": 208.08934845894166,
  "summary_bg_mad": 0.0,
  "summary_bg_mean": 3.0126594410715866,
  "summary_bg_median": 0.0,
  "summary_bg_n": 224940.0,
  "summary_bg_p05": 0.0,
  "summary_bg_p95": 16.119992258027196,
  "summary_bg_stdv": 6.594793895881392,
  "summary_csf_k": 0.9073619325276914,
  "summary_csf_mad": 90.16341052916555,
  "summary_csf_mean": 157.78093634590152,
  "summary_csf_median": 140.7192370062694,
  "summary_csf_n": 38850.0,
  "summary_csf_p05": 33.22646526619792,
  "summary_csf_p95": 344.83219321863714,
  "summary_csf_stdv": 96.47583029021357,
  "summary_gm_k": 0.20070060716516336,
  "summary_gm_mad": 74.35780621336158,
  "summary_gm_mean": 612.645417516322,
  "summary_gm_median": 610.8782045263797,
  "summary_gm_n": 35514.0,
  "summary_gm_p05": 491.5286067700945,
  "summary_gm_p95": 738.358421465382,
  "summary_gm_stdv": 75.41888665998265,
  "summary_wm_k": 0.9694076678127761,
  "summary_wm_mad": 35.566764706435805,
  "summary_wm_mean": 998.9642256249142,
  "summary_wm_median": 999.9776004068553,
  "summary_wm_n": 153527.0,
  "summary_wm_p05": 932.0897887833416,
  "summary_wm_p95": 1061.7223273590207,
  "summary_wm_stdv": 39.62452555157551,
  "tpm_overlap_csf": 0.1566223654446862,
  "tpm_overlap_gm": 0.4834727034188437,
  "tpm_overlap_wm": 0.5219732157874386,
  "wm2max": 0.7798506810273984
}