{
  "bids_meta": {
    "AcquisitionNumber": 3,
    "BIDSVersion": "1.1.0",
    "BidsifyVersion": "0.3",
    "ConversionSoftware": "dcm2niix",
    "ConversionSoftwareVersion": "v1.0.20180622 GCC5.4.0",
    "EchoTime": 0.00375,
    "ImageComments": "RepliSC",
    "ImageOrientationPatientDICOM": [
      0.99999,
      0.00307821,
      0.0032415,
      -0.00279251,
      0.9964,
      -0.0847307
    ],
    "InstitutionName": "Spinoza Centre for Neuroimaging, location REC",
    "InversionTime": 0.9,
    "MagneticFieldStrength": 3,
    "Manufacturer": "Philips",
    "ParallelAcquisitionTechnique": "SENSE",
    "PatientPosition": "HFS",
    "PhilipsRescaleIntercept": 0,
    "PhilipsRescaleSlope": 3.9641,
    "PhilipsScaleSlope": 0.00533298,
    "ProtocolName": "acq-AxialNsig1Mm1_T1w",
    "ReconMatrixPE": 240,
    "RepetitionTime": 0.00817,
    "SeriesDescription": "ImageMRSERIES",
    "SeriesNumber": 3,
    "UsePhilipsFloatNotDisplayScaling": 1,
    "acq_id": "AxialNsig1Mm1",
    "dataset": "ds002643",
    "modality": "T1w",
    "subject_id": "080"
  },
  "cjv": 0.28366720212251095,
  "cnr": 4.419544134539654,
  "efc": 0.689977700783515,
  "fber": -1.0,
  "fwhm_avg": 4.373403333333333,
  "fwhm_x": 4.31949,
  "fwhm_y": 4.55728,
  "fwhm_z": 4.24344,
  "icvs_csf": 0.23684778379690932,
  "icvs_gm": 0.41930155181174317,
  "icvs_wm": 0.34385066439134754,
  "inu_med": 0.5665387809276581,
  "inu_range": 0.19575548022985456,
  "provenance": {
    "md5sum": "8c18846029cf1925c4a70006221b9525",
    "settings": {
      "testing": false
    },
    "software": "mriqc",
    "version": "23.0.1",
    "warnings": {
      "large_rot_frame": true,
      "small_air_mask": false
    },
    "webapi_port": null,
    "webapi_url": "https://mriqc.nimh.nih.gov/api/v1"
  },
  "qi_1": 0.009631114320663789,
  "qi_2": 0.00017546911876179373,
  "rpve_csf": 24.50282464964604,
  "rpve_gm": 14.02971236439451,
  "rpve_wm": 20.77338133053789,
  "size_x": 240,
  "size_y": 240,
  "size_z": 220,
  "snr_csf": 1.4296995564403463,
  "snr_gm": 8.028319087650285,
  "snr_total": 12.292317843307567,
  "snr_wm": 27.418934885832066,
  "snrd_csf": 23.586622726211242,
  "snrd_gm": 105.41719715673125,
  "snrd_total": 99.54528822556267,
  "snrd_wm": 169.6320447937455,
  "spacing_x": 1.0,
  "spacing_y": 1.0,
  "spacing_z": 1.0,
  "summary_bg_k": 19.157523810400345,
  "summary_bg_mad": 0.0,
  "summary_bg_mean": 1.4016096913786416,
  "summary_bg_median": 0.0,
  "summary_bg_n": 246781.0,
  "summary_bg_p05": 0.0,
  "summary_bg_p95": 10.059986287727952,
  "summary_bg_stdv": 3.8620126160273442,
  "summary_csf_k": 0.7875134371372696,
  "summary_csf_mad": 94.50754122066296,
  "summary_csf_mean": 152.31824646984677,
  "summary_csf_median": 139.0425482969731,
  "summary_csf_n": 45923.0,
  "summary_csf_p05": 28.406040167436004,
  "summary_csf_p95": 345.47066599689424,
  "summary_csf_stdv": 97.2519252707806,
  "summary_gm_k": 0.25527575400881464,
  "summary_gm_mad": 74.47097352869523,
  "summary_gm_mean": 622.0824592047127,
  "summary_gm_median": 621.4317283630371,
  "summary_gm_n": 34902.0,
  "summary_gm_p05": 495.22791662653907,
  "summary_gm_p95": 751.742395290546,
  "summary_gm_stdv": 77.4038524118952,
  "summary_wm_k": 0.8919182181908982,
  "summary_wm_mad": 32.909802893024704,
  "summary_wm_mean": 999.4855545504167,
  "summary_wm_median": 999.9766416214406,
  "summary_wm_n": 199073.0,
  "summary_wm_p05": 938.4963541924953,
  "summary_wm_p95": 1057.9791147653013,
  "summary_wm_stdv": 36.47020331749661,
  "tpm_overlap_csf": 0.16238406958267854,
  "tpm_overlap_gm": 0.46782052029598725,
  "tpm_overlap_wm": 0.5223565311587681,
  "wm2max": 0.7141880740827179
}