{
  "bids_meta": {
    "AcquisitionNumber": 2,
    "BIDSVersion": "1.1.0",
    "BidsifyVersion": "0.3",
    "ConversionSoftware": "dcm2niix",
    "ConversionSoftwareVersion": "v1.0.20180622 GCC5.4.0",
    "EchoTime": 0.00384,
    "ImageComments": "RepliSC",
    "ImageOrientationPatientDICOM": [
      0.999275,
      0.029829,
      -0.0236723,
      -0.034197,
      0.97641,
      -0.213198
    ],
    "InstitutionName": "Spinoza Centre for Neuroimaging, location REC",
    "InversionTime": 0.9,
    "MagneticFieldStrength": 3,
    "Manufacturer": "Philips",
    "ParallelAcquisitionTechnique": "SENSE",
    "PatientPosition": "HFS",
    "PhilipsRescaleIntercept": 0,
    "PhilipsRescaleSlope": 4.2757,
    "PhilipsScaleSlope": 0.00510445,
    "ProtocolName": "acq-AxialNsig1Mm1_T1w",
    "ReconMatrixPE": 240,
    "RepetitionTime": 0.008341,
    "SeriesDescription": "ImageMRSERIES",
    "SeriesNumber": 2,
    "UsePhilipsFloatNotDisplayScaling": 1,
    "acq_id": "AxialNsig1Mm1",
    "dataset": "ds002643",
    "modality": "T1w",
    "subject_id": "052"
  },
  "cjv": 0.26210991475702483,
  "cnr": 4.900802949162272,
  "efc": 0.726634964942446,
  "fber": -1.0,
  "fwhm_avg": 4.291800083347167,
  "fwhm_x": 4.1950002500415,
  "fwhm_y": 4.447,
  "fwhm_z": 4.2334,
  "icvs_csf": 0.23178904403129968,
  "icvs_gm": 0.46306680109868387,
  "icvs_wm": 0.30514415487001645,
  "inu_med": 0.635036051273346,
  "inu_range": 0.2600357055664063,
  "provenance": {
    "md5sum": "a67e313a238081594380a79c30854972",
    "settings": {
      "testing": false
    },
    "software": "mriqc",
    "version": "23.0.1",
    "warnings": {
      "large_rot_frame": true,
      "small_air_mask": false
    },
    "webapi_port": null,
    "webapi_url": "https://mriqc.nimh.nih.gov/api/v1"
  },
  "qi_1": 0.0,
  "qi_2": 0.00010444087786490952,
  "rpve_csf": 22.085046120131835,
  "rpve_gm": 11.626426324181416,
  "rpve_wm": 19.648664380034518,
  "size_x": 240,
  "size_y": 240,
  "size_z": 220,
  "snr_csf": 1.4606437095139755,
  "snr_gm": 9.53937837775507,
  "snr_total": 11.094792978324627,
  "snr_wm": 22.28435684770484,
  "snrd_csf": 13.808522211041288,
  "snrd_gm": 65.85792804229047,
  "snrd_total": 62.29653259718348,
  "snrd_wm": 107.22314753821868,
  "spacing_x": 0.9999999403953552,
  "spacing_y": 1.0,
  "spacing_z": 1.0,
  "summary_bg_k": 25.349064643843377,
  "summary_bg_mad": 0.0,
  "summary_bg_mean": 2.7854909805575643,
  "summary_bg_median": 0.0,
  "summary_bg_n": 365977.0,
  "summary_bg_p05": 0.0,
  "summary_bg_p95": 14.991430021822453,
  "summary_bg_stdv": 6.110027770336213,
  "summary_csf_k": 1.7036568465523967,
  "summary_csf_mad": 79.00587029486641,
  "summary_csf_mean": 147.6214831074332,
  "summary_csf_median": 128.78303537517786,
  "summary_csf_n": 65575.0,
  "summary_csf_p05": 41.315971817821264,
  "summary_csf_p95": 324.480037243664,
  "summary_csf_stdv": 88.1680128975826,
  "summary_gm_k": 0.34701069003731355,
  "summary_gm_mad": 61.82408477226704,
  "summary_gm_mean": 617.0574980292204,
  "summary_gm_median": 614.2137259282172,
  "summary_gm_n": 55697.0,
  "summary_gm_p05": 515.8996208533645,
  "summary_gm_p95": 725.8870882682502,
  "summary_gm_stdv": 64.38660756455172,
  "summary_wm_k": 1.162466666564975,
  "summary_wm_mad": 39.29432627243476,
  "summary_wm_mean": 998.8549224092395,
  "summary_wm_median": 1000.0000138618052,
  "summary_wm_n": 188660.0,
  "summary_wm_p05": 922.3566860184073,
  "summary_wm_p95": 1069.2522341161966,
  "summary_wm_stdv": 44.874409902070965,
  "tpm_overlap_csf": 0.16545369171607482,
  "tpm_overlap_gm": 0.46361404391817995,
  "tpm_overlap_wm": 0.49600705095747355,
  "wm2max": 0.6791590652419425
}