{
  "aor": 0.009176750000000001,
  "aqi": 0.012962688875000001,
  "bids_meta": {
    "AcquisitionNumber": 7,
    "BIDSVersion": "1.1.0",
    "BidsifyVersion": "0.3",
    "ConversionSoftware": "dcm2niix",
    "ConversionSoftwareVersion": "v1.0.20180622 GCC5.4.0",
    "EchoTime": 0.028,
    "EffectiveEchoSpacing": 0.0006909,
    "FlipAngle": 76.1,
    "ImageComments": "RepliSC",
    "ImageOrientationPatientDICOM": [
      0.995452,
      -0.0548016,
      0.0779222,
      0.0607101,
      0.995289,
      -0.0755957
    ],
    "InstitutionName": "Spinoza Centre for Neuroimaging, location REC",
    "MagneticFieldStrength": 3,
    "Manufacturer": "Philips",
    "ParallelAcquisitionTechnique": "SENSE",
    "ParallelReductionFactorInPlane": 2,
    "PatientPosition": "HFS",
    "PhaseEncodingDirection": "j",
    "PhilipsRescaleIntercept": 0,
    "PhilipsRescaleSlope": 0.82808,
    "PhilipsScaleSlope": 0.0168178,
    "ProtocolName": "task-RestingState_acq-SeqMm3Tr2000_bold",
    "PulseSequenceType": "Gradient Echo EPI",
    "ReconMatrixPE": 80,
    "RepetitionTime": 2,
    "SeriesDescription": "ImageMRSERIES",
    "SeriesNumber": 7,
    "SliceEncodingDirection": "k",
    "SliceTiming": [
      0.0,
      0.05555555555555555,
      0.1111111111111111,
      0.16666666666666666,
      0.2222222222222222,
      0.2777777777777778,
      0.3333333333333333,
      0.38888888888888884,
      0.4444444444444444,
      0.5,
      0.5555555555555556,
      0.611111111111111,
      0.6666666666666666,
      0.7222222222222222,
      0.7777777777777777,
      0.8333333333333333,
      0.8888888888888888,
      0.9444444444444444,
      1.0,
      1.0555555555555556,
      1.1111111111111112,
      1.1666666666666665,
      1.222222222222222,
      1.2777777777777777,
      1.3333333333333333,
      1.3888888888888888,
      1.4444444444444444,
      1.5,
      1.5555555555555554,
      1.611111111111111,
      1.6666666666666665,
      1.722222222222222,
      1.7777777777777777,
      1.8333333333333333,
      1.8888888888888888,
      1.9444444444444444
    ],
    "TaskName": "RestingState",
    "TotalReadoutTime": 0.0269452,
    "UsePhilipsFloatNotDisplayScaling": 1,
    "WaterFatShift": 12.0,
    "acq_id": "SeqMm3Tr2000",
    "dataset": "ds002643",
    "modality": "bold",
    "subject_id": "018",
    "task_id": "RestingState"
  },
  "dummy_trs": 0,
  "dvars_nstd": 25.360234846903754,
  "dvars_std": 1.2224741800418408,
  "dvars_vstd": 1.0690467772803347,
  "efc": 0.4488995592988178,
  "fber": 74311.578125,
  "fd_mean": 0.25897163210036067,
  "fd_num": 98,
  "fd_perc": 40.833333333333336,
  "fwhm_avg": 1.7874428361797745,
  "fwhm_x": 1.72668,
  "fwhm_y": 1.9961,
  "fwhm_z": 1.6395485085393229,
  "gcor": 0.0560113,
  "gsr_x": -0.019665606319904327,
  "gsr_y": 0.02733730711042881,
  "provenance": {
    "md5sum": "d1a5a919ad48efb900fba54a10873c0f",
    "settings": {
      "fd_thres": 0.2,
      "testing": false
    },
    "software": "mriqc",
    "version": "23.0.1",
    "webapi_port": null,
    "webapi_url": "https://mriqc.nimh.nih.gov/api/v1"
  },
  "size_t": 240,
  "size_x": 80,
  "size_y": 80,
  "size_z": 36,
  "snr": 6.995192555608574,
  "spacing_tr": 2.0,
  "spacing_x": 3.0,
  "spacing_y": 3.0,
  "spacing_z": 3.299999952316284,
  "summary_bg_k": 64.35820112392403,
  "summary_bg_mad": 374.7250186242635,
  "summary_bg_mean": 2923.28662109375,
  "summary_bg_median": 314.8133239746094,
  "summary_bg_n": 153749.0,
  "summary_bg_p05": 23.68807945251465,
  "summary_bg_p95": 15261.246289062514,
  "summary_bg_stdv": 8479.39453125,
  "summary_fg_k": 2.3303087456073106,
  "summary_fg_mad": 11982.04943648223,
  "summary_fg_mean": 89140.9921875,
  "summary_fg_median": 87822.546875,
  "summary_fg_n": 35866.0,
  "summary_fg_p05": 72599.892578125,
  "summary_fg_p95": 109977.6328125,
  "summary_fg_stdv": 12554.525390625,
  "tsnr": 58.35591125488281
}