{
  "aor": 0.002794169096209913,
  "aqi": 0.010457114227405246,
  "bids_meta": {
    "AcquisitionNumber": 6,
    "BIDSVersion": "1.1.0",
    "BidsifyVersion": "0.3",
    "ConversionSoftware": "dcm2niix",
    "ConversionSoftwareVersion": "v1.0.20180622 GCC5.4.0",
    "EchoTime": 0.028,
    "EffectiveEchoSpacing": 0.0006909,
    "FlipAngle": 76.1,
    "ImageComments": "RepliSC",
    "ImageOrientationPatientDICOM": [
      0.995452,
      -0.0548016,
      0.0779222,
      0.0607101,
      0.995289,
      -0.0755957
    ],
    "InstitutionName": "Spinoza Centre for Neuroimaging, location REC",
    "MagneticFieldStrength": 3,
    "Manufacturer": "Philips",
    "ParallelAcquisitionTechnique": "SENSE",
    "ParallelReductionFactorInPlane": 2,
    "PatientPosition": "HFS",
    "PhaseEncodingDirection": "j",
    "PhilipsRescaleIntercept": 0,
    "PhilipsRescaleSlope": 0.85934,
    "PhilipsScaleSlope": 0.0207055,
    "ProtocolName": "task-Decisiontask_acq-SeqMm3Tr2000_bold",
    "PulseSequenceType": "Gradient Echo EPI",
    "ReconMatrixPE": 80,
    "RepetitionTime": 2,
    "SeriesDescription": "ImageMRSERIES",
    "SeriesNumber": 6,
    "SliceEncodingDirection": "k",
    "SliceTiming": [
      0.0,
      0.05555555555555555,
      0.1111111111111111,
      0.16666666666666666,
      0.2222222222222222,
      0.2777777777777778,
      0.3333333333333333,
      0.38888888888888884,
      0.4444444444444444,
      0.5,
      0.5555555555555556,
      0.611111111111111,
      0.6666666666666666,
      0.7222222222222222,
      0.7777777777777777,
      0.8333333333333333,
      0.8888888888888888,
      0.9444444444444444,
      1.0,
      1.0555555555555556,
      1.1111111111111112,
      1.1666666666666665,
      1.222222222222222,
      1.2777777777777777,
      1.3333333333333333,
      1.3888888888888888,
      1.4444444444444444,
      1.5,
      1.5555555555555554,
      1.611111111111111,
      1.6666666666666665,
      1.722222222222222,
      1.7777777777777777,
      1.8333333333333333,
      1.8888888888888888,
      1.9444444444444444
    ],
    "TaskName": "Decisiontask",
    "TotalReadoutTime": 0.0269452,
    "UsePhilipsFloatNotDisplayScaling": 1,
    "WaterFatShift": 12.0,
    "acq_id": "SeqMm3Tr2000",
    "dataset": "ds002643",
    "modality": "bold",
    "subject_id": "018",
    "task_id": "Decisiontask"
  },
  "dummy_trs": 0,
  "dvars_nstd": 25.39235993453217,
  "dvars_std": 1.199004873771931,
  "dvars_vstd": 1.0159743010526316,
  "efc": 0.4477481077597736,
  "fber": 74943.6171875,
  "fd_mean": 0.23539201418396055,
  "fd_num": 125,
  "fd_perc": 36.44314868804665,
  "fwhm_avg": 1.7664275835592713,
  "fwhm_x": 1.7066966666666668,
  "fwhm_y": 1.9728133333333335,
  "fwhm_z": 1.6197727506778132,
  "gcor": 0.0535099,
  "gsr_x": -0.01954367198050022,
  "gsr_y": 0.026621317490935326,
  "provenance": {
    "md5sum": "08fc86f029936218f0d28394b3ed0d51",
    "settings": {
      "fd_thres": 0.2,
      "testing": false
    },
    "software": "mriqc",
    "version": "23.0.1",
    "webapi_port": null,
    "webapi_url": "https://mriqc.nimh.nih.gov/api/v1"
  },
  "size_t": 343,
  "size_x": 80,
  "size_y": 80,
  "size_z": 36,
  "snr": 6.930567985152442,
  "spacing_tr": 2.0,
  "spacing_x": 3.0,
  "spacing_y": 3.0,
  "spacing_z": 3.299999952316284,
  "summary_bg_k": 65.98867654539477,
  "summary_bg_mad": 283.699399179775,
  "summary_bg_mean": 2227.26611328125,
  "summary_bg_median": 240.62167358398438,
  "summary_bg_n": 153924.0,
  "summary_bg_p05": 16.986548709869385,
  "summary_bg_p95": 11552.015136718754,
  "summary_bg_stdv": 6563.0185546875,
  "summary_fg_k": 2.441307734145038,
  "summary_fg_mad": 9254.91269242458,
  "summary_fg_mean": 68191.5859375,
  "summary_fg_median": 67182.265625,
  "summary_fg_n": 35727.0,
  "summary_fg_p05": 55447.95,
  "summary_fg_p95": 84307.49921875,
  "summary_fg_stdv": 9693.48046875,
  "tsnr": 67.81047058105469
}