{
  "aor": 0.004773265306122449,
  "aqi": 0.012098402186588923,
  "bids_meta": {
    "AcquisitionNumber": 4,
    "BIDSVersion": "1.1.0",
    "BidsifyVersion": "0.3",
    "ConversionSoftware": "dcm2niix",
    "ConversionSoftwareVersion": "v1.0.20180622 GCC5.4.0",
    "EchoTime": 0.028,
    "EffectiveEchoSpacing": 0.0006909,
    "FlipAngle": 76.1,
    "ImageComments": "RepliSC",
    "ImageOrientationPatientDICOM": [
      0.995452,
      -0.0548016,
      0.0779222,
      0.0607101,
      0.995289,
      -0.0755957
    ],
    "InstitutionName": "Spinoza Centre for Neuroimaging, location REC",
    "MagneticFieldStrength": 3,
    "Manufacturer": "Philips",
    "ParallelAcquisitionTechnique": "SENSE",
    "ParallelReductionFactorInPlane": 2,
    "PatientPosition": "HFS",
    "PhaseEncodingDirection": "j",
    "PhilipsRescaleIntercept": 0,
    "PhilipsRescaleSlope": 0.83346,
    "PhilipsScaleSlope": 0.0215196,
    "ProtocolName": "task-Tasteratingtask_acq-SeqMm3Tr2000_bold",
    "PulseSequenceType": "Gradient Echo EPI",
    "ReconMatrixPE": 80,
    "RepetitionTime": 2,
    "SeriesDescription": "ImageMRSERIES",
    "SeriesNumber": 4,
    "SliceEncodingDirection": "k",
    "SliceTiming": [
      0.0,
      0.05555555555555555,
      0.1111111111111111,
      0.16666666666666666,
      0.2222222222222222,
      0.2777777777777778,
      0.3333333333333333,
      0.38888888888888884,
      0.4444444444444444,
      0.5,
      0.5555555555555556,
      0.611111111111111,
      0.6666666666666666,
      0.7222222222222222,
      0.7777777777777777,
      0.8333333333333333,
      0.8888888888888888,
      0.9444444444444444,
      1.0,
      1.0555555555555556,
      1.1111111111111112,
      1.1666666666666665,
      1.222222222222222,
      1.2777777777777777,
      1.3333333333333333,
      1.3888888888888888,
      1.4444444444444444,
      1.5,
      1.5555555555555554,
      1.611111111111111,
      1.6666666666666665,
      1.722222222222222,
      1.7777777777777777,
      1.8333333333333333,
      1.8888888888888888,
      1.9444444444444444
    ],
    "TaskName": "Tasteratingtask",
    "TotalReadoutTime": 0.0269452,
    "UsePhilipsFloatNotDisplayScaling": 1,
    "WaterFatShift": 12.0,
    "acq_id": "SeqMm3Tr2000",
    "dataset": "ds002643",
    "modality": "bold",
    "subject_id": "018",
    "task_id": "Tasteratingtask"
  },
  "dummy_trs": 0,
  "dvars_nstd": 23.554396255438583,
  "dvars_std": 1.19157919997076,
  "dvars_vstd": 1.0324715998245613,
  "efc": 0.44745440585037616,
  "fber": 79827.8046875,
  "fd_mean": 0.2111606444498587,
  "fd_num": 113,
  "fd_perc": 32.94460641399417,
  "fwhm_avg": 1.7704836440962215,
  "fwhm_x": 1.7147866666666667,
  "fwhm_y": 1.9912400000000001,
  "fwhm_z": 1.6054242656219984,
  "gcor": 0.0368651,
  "gsr_x": -0.019733386114239693,
  "gsr_y": 0.02650415152311325,
  "provenance": {
    "md5sum": "9902e916d0a364483fca0db2bfdfef8d",
    "settings": {
      "fd_thres": 0.2,
      "testing": false
    },
    "software": "mriqc",
    "version": "23.0.1",
    "webapi_port": null,
    "webapi_url": "https://mriqc.nimh.nih.gov/api/v1"
  },
  "size_t": 343,
  "size_x": 80,
  "size_y": 80,
  "size_z": 36,
  "snr": 6.9083040647445815,
  "spacing_tr": 2.0,
  "spacing_x": 3.0,
  "spacing_y": 3.0,
  "spacing_z": 3.299999952316284,
  "summary_bg_k": 67.5061825351278,
  "summary_bg_mad": 274.9396692034804,
  "summary_bg_mean": 2227.4521484375,
  "summary_bg_median": 233.71495056152344,
  "summary_bg_n": 153911.0,
  "summary_bg_p05": 16.67913246154785,
  "summary_bg_p95": 11496.7861328125,
  "summary_bg_stdv": 6585.380859375,
  "summary_fg_k": 2.23797796339586,
  "summary_fg_mad": 9337.463520637777,
  "summary_fg_mean": 68461.4765625,
  "summary_fg_median": 67432.796875,
  "summary_fg_n": 35789.0,
  "summary_fg_p05": 55509.75546875,
  "summary_fg_p95": 84678.025,
  "summary_fg_stdv": 9760.9853515625,
  "tsnr": 64.83454132080078
}