{
  "aor": 0.0043186005830903795,
  "aqi": 0.02353578827988338,
  "bids_meta": {
    "AcquisitionNumber": 6,
    "BIDSVersion": "1.1.0",
    "BidsifyVersion": "0.3",
    "ConversionSoftware": "dcm2niix",
    "ConversionSoftwareVersion": "v1.0.20180622 GCC5.4.0",
    "EchoTime": 0.028,
    "EffectiveEchoSpacing": 0.0006909,
    "FlipAngle": 76.1,
    "ImageComments": "RepliSC",
    "ImageOrientationPatientDICOM": [
      0.998419,
      0.0452655,
      -0.033319,
      -0.0455126,
      0.998941,
      -0.00669264
    ],
    "InstitutionName": "Spinoza Centre for Neuroimaging, location REC",
    "MagneticFieldStrength": 3,
    "Manufacturer": "Philips",
    "ParallelAcquisitionTechnique": "SENSE",
    "ParallelReductionFactorInPlane": 2,
    "PatientPosition": "HFS",
    "PhaseEncodingDirection": "j",
    "PhilipsRescaleIntercept": 0,
    "PhilipsRescaleSlope": 0.75922,
    "PhilipsScaleSlope": 0.0204681,
    "ProtocolName": "task-Decisiontask_acq-SeqMm3Tr2000_bold",
    "PulseSequenceType": "Gradient Echo EPI",
    "ReconMatrixPE": 80,
    "RepetitionTime": 2,
    "SeriesDescription": "ImageMRSERIES",
    "SeriesNumber": 6,
    "SliceEncodingDirection": "k",
    "SliceTiming": [
      0.0,
      0.05555555555555555,
      0.1111111111111111,
      0.16666666666666666,
      0.2222222222222222,
      0.2777777777777778,
      0.3333333333333333,
      0.38888888888888884,
      0.4444444444444444,
      0.5,
      0.5555555555555556,
      0.611111111111111,
      0.6666666666666666,
      0.7222222222222222,
      0.7777777777777777,
      0.8333333333333333,
      0.8888888888888888,
      0.9444444444444444,
      1.0,
      1.0555555555555556,
      1.1111111111111112,
      1.1666666666666665,
      1.222222222222222,
      1.2777777777777777,
      1.3333333333333333,
      1.3888888888888888,
      1.4444444444444444,
      1.5,
      1.5555555555555554,
      1.611111111111111,
      1.6666666666666665,
      1.722222222222222,
      1.7777777777777777,
      1.8333333333333333,
      1.8888888888888888,
      1.9444444444444444
    ],
    "TaskName": "Decisiontask",
    "TotalReadoutTime": 0.0269452,
    "UsePhilipsFloatNotDisplayScaling": 1,
    "WaterFatShift": 12.0,
    "acq_id": "SeqMm3Tr2000",
    "dataset": "ds002643",
    "modality": "bold",
    "subject_id": "057",
    "task_id": "Decisiontask"
  },
  "dummy_trs": 0,
  "dvars_nstd": 21.52667321070173,
  "dvars_std": 1.1064139083918116,
  "dvars_vstd": 0.9662543381578945,
  "efc": 0.4552109373425962,
  "fber": 96656.1640625,
  "fd_mean": 0.16746635936622908,
  "fd_num": 73,
  "fd_perc": 21.282798833819243,
  "fwhm_avg": 1.9057524324175033,
  "fwhm_x": 1.8429066666666667,
  "fwhm_y": 2.1770566666666666,
  "fwhm_z": 1.6972939639191766,
  "gcor": 0.0392818,
  "gsr_x": -0.009219728410243988,
  "gsr_y": 0.02033676952123642,
  "provenance": {
    "md5sum": "d2d4f6643361e4bb49623b614a13c103",
    "settings": {
      "fd_thres": 0.2,
      "testing": false
    },
    "software": "mriqc",
    "version": "23.0.1",
    "webapi_port": null,
    "webapi_url": "https://mriqc.nimh.nih.gov/api/v1"
  },
  "size_t": 343,
  "size_x": 80,
  "size_y": 80,
  "size_z": 36,
  "snr": 5.816324911052479,
  "spacing_tr": 2.0,
  "spacing_x": 3.0,
  "spacing_y": 3.0,
  "spacing_z": 3.299999952316284,
  "summary_bg_k": 40.10711550795659,
  "summary_bg_mad": 268.5506243824011,
  "summary_bg_mean": 1827.923828125,
  "summary_bg_median": 216.14393615722656,
  "summary_bg_n": 149887.0,
  "summary_bg_p05": 16.420141983032227,
  "summary_bg_p95": 9481.743359374997,
  "summary_bg_stdv": 4711.08740234375,
  "summary_fg_k": 3.7932187604425414,
  "summary_fg_mad": 9695.233968490911,
  "summary_fg_mean": 70263.8125,
  "summary_fg_median": 68540.9375,
  "summary_fg_n": 39365.0,
  "summary_fg_p05": 55556.76484375,
  "summary_fg_p95": 89622.70312499999,
  "summary_fg_stdv": 11784.0849609375,
  "tsnr": 45.489013671875
}