{
  "aor": 0.0018411661807580175,
  "aqi": 0.006246025451895043,
  "bids_meta": {
    "AcquisitionNumber": 6,
    "BIDSVersion": "1.1.0",
    "BidsifyVersion": "0.3",
    "ConversionSoftware": "dcm2niix",
    "ConversionSoftwareVersion": "v1.0.20180622 GCC5.4.0",
    "EchoTime": 0.028,
    "EffectiveEchoSpacing": 0.0006909,
    "FlipAngle": 76.1,
    "ImageComments": "RepliSC",
    "ImageOrientationPatientDICOM": [
      0.998158,
      -0.0115954,
      0.0595547,
      0.0196884,
      0.990353,
      -0.137161
    ],
    "InstitutionName": "Spinoza Centre for Neuroimaging, location REC",
    "MagneticFieldStrength": 3,
    "Manufacturer": "Philips",
    "ParallelAcquisitionTechnique": "SENSE",
    "ParallelReductionFactorInPlane": 2,
    "PatientPosition": "HFS",
    "PhaseEncodingDirection": "j",
    "PhilipsRescaleIntercept": 0,
    "PhilipsRescaleSlope": 0.74872,
    "PhilipsScaleSlope": 0.0229141,
    "ProtocolName": "task-Decisiontask_acq-SeqMm3Tr2000_bold",
    "PulseSequenceType": "Gradient Echo EPI",
    "ReconMatrixPE": 80,
    "RepetitionTime": 2,
    "SeriesDescription": "ImageMRSERIES",
    "SeriesNumber": 6,
    "SliceEncodingDirection": "k",
    "SliceTiming": [
      0.0,
      0.05555555555555555,
      0.1111111111111111,
      0.16666666666666666,
      0.2222222222222222,
      0.2777777777777778,
      0.3333333333333333,
      0.38888888888888884,
      0.4444444444444444,
      0.5,
      0.5555555555555556,
      0.611111111111111,
      0.6666666666666666,
      0.7222222222222222,
      0.7777777777777777,
      0.8333333333333333,
      0.8888888888888888,
      0.9444444444444444,
      1.0,
      1.0555555555555556,
      1.1111111111111112,
      1.1666666666666665,
      1.222222222222222,
      1.2777777777777777,
      1.3333333333333333,
      1.3888888888888888,
      1.4444444444444444,
      1.5,
      1.5555555555555554,
      1.611111111111111,
      1.6666666666666665,
      1.722222222222222,
      1.7777777777777777,
      1.8333333333333333,
      1.8888888888888888,
      1.9444444444444444
    ],
    "TaskName": "Decisiontask",
    "TotalReadoutTime": 0.0269452,
    "UsePhilipsFloatNotDisplayScaling": 1,
    "WaterFatShift": 12.0,
    "acq_id": "SeqMm3Tr2000",
    "dataset": "ds002643",
    "modality": "bold",
    "subject_id": "090",
    "task_id": "Decisiontask"
  },
  "dummy_trs": 0,
  "dvars_nstd": 17.90427874421054,
  "dvars_std": 1.135555834093568,
  "dvars_vstd": 1.0092944436549707,
  "efc": 0.467930207255359,
  "fber": 111216.9453125,
  "fd_mean": 0.1414825742747124,
  "fd_num": 63,
  "fd_perc": 18.367346938775512,
  "fwhm_avg": 1.7722459673742874,
  "fwhm_x": 1.72654,
  "fwhm_y": 1.9752766666666668,
  "fwhm_z": 1.6149212354561957,
  "gcor": 0.0419271,
  "gsr_x": -0.008976890705525875,
  "gsr_y": 0.014487621374428272,
  "provenance": {
    "md5sum": "1ac5deaee1ca5b9fca1721270ca16271",
    "settings": {
      "fd_thres": 0.2,
      "testing": false
    },
    "software": "mriqc",
    "version": "23.0.1",
    "webapi_port": null,
    "webapi_url": "https://mriqc.nimh.nih.gov/api/v1"
  },
  "size_t": 343,
  "size_x": 80,
  "size_y": 80,
  "size_z": 36,
  "snr": 7.054801129267039,
  "spacing_tr": 2.0,
  "spacing_x": 3.0,
  "spacing_y": 3.0,
  "spacing_z": 3.299999952316284,
  "summary_bg_k": 48.465876644013946,
  "summary_bg_mad": 233.70950052591263,
  "summary_bg_mean": 1891.5701904296875,
  "summary_bg_median": 195.1060333251953,
  "summary_bg_n": 147587.0,
  "summary_bg_p05": 14.085998439788819,
  "summary_bg_p95": 10413.039160156246,
  "summary_bg_stdv": 5162.8115234375,
  "summary_fg_k": 2.4696890285595137,
  "summary_fg_mad": 8784.869875009143,
  "summary_fg_mean": 67119.109375,
  "summary_fg_median": 66190.0703125,
  "summary_fg_n": 40857.0,
  "summary_fg_p05": 54091.63125,
  "summary_fg_p95": 82463.375,
  "summary_fg_stdv": 9382.158203125,
  "tsnr": 81.62162017822266
}