{
  "aor": 0.0009769679300291546,
  "aqi": 0.006097701690962099,
  "bids_meta": {
    "AcquisitionNumber": 4,
    "BIDSVersion": "1.1.0",
    "BidsifyVersion": "0.3",
    "ConversionSoftware": "dcm2niix",
    "ConversionSoftwareVersion": "v1.0.20180622 GCC5.4.0",
    "EchoTime": 0.028,
    "EffectiveEchoSpacing": 0.0006909,
    "FlipAngle": 76.1,
    "ImageComments": "RepliSC",
    "ImageOrientationPatientDICOM": [
      0.999719,
      0.000101554,
      0.023698,
      0.00383866,
      0.986091,
      -0.166163
    ],
    "InstitutionName": "Spinoza Centre for Neuroimaging, location REC",
    "MagneticFieldStrength": 3,
    "Manufacturer": "Philips",
    "ParallelAcquisitionTechnique": "SENSE",
    "ParallelReductionFactorInPlane": 2,
    "PatientPosition": "HFS",
    "PhaseEncodingDirection": "j",
    "PhilipsRescaleIntercept": 0,
    "PhilipsRescaleSlope": 0.76166,
    "PhilipsScaleSlope": 0.0212079,
    "ProtocolName": "task-Healthratingtask_acq-SeqMm3Tr2000_bold",
    "PulseSequenceType": "Gradient Echo EPI",
    "ReconMatrixPE": 80,
    "RepetitionTime": 2,
    "SeriesDescription": "ImageMRSERIES",
    "SeriesNumber": 4,
    "SliceEncodingDirection": "k",
    "SliceTiming": [
      0.0,
      0.05555555555555555,
      0.1111111111111111,
      0.16666666666666666,
      0.2222222222222222,
      0.2777777777777778,
      0.3333333333333333,
      0.38888888888888884,
      0.4444444444444444,
      0.5,
      0.5555555555555556,
      0.611111111111111,
      0.6666666666666666,
      0.7222222222222222,
      0.7777777777777777,
      0.8333333333333333,
      0.8888888888888888,
      0.9444444444444444,
      1.0,
      1.0555555555555556,
      1.1111111111111112,
      1.1666666666666665,
      1.222222222222222,
      1.2777777777777777,
      1.3333333333333333,
      1.3888888888888888,
      1.4444444444444444,
      1.5,
      1.5555555555555554,
      1.611111111111111,
      1.6666666666666665,
      1.722222222222222,
      1.7777777777777777,
      1.8333333333333333,
      1.8888888888888888,
      1.9444444444444444
    ],
    "TaskName": "Healthratingtask",
    "TotalReadoutTime": 0.0269452,
    "UsePhilipsFloatNotDisplayScaling": 1,
    "WaterFatShift": 12.0,
    "acq_id": "SeqMm3Tr2000",
    "dataset": "ds002643",
    "modality": "bold",
    "subject_id": "092",
    "task_id": "Healthratingtask"
  },
  "dummy_trs": 0,
  "dvars_nstd": 25.32507527757311,
  "dvars_std": 1.36245257380117,
  "dvars_vstd": 0.9882532344736846,
  "efc": 0.4376513940551026,
  "fber": 84919.5390625,
  "fd_mean": 0.100179073299782,
  "fd_num": 18,
  "fd_perc": 5.247813411078718,
  "fwhm_avg": 1.7977198059524804,
  "fwhm_x": 1.6882166666666667,
  "fwhm_y": 2.04967,
  "fwhm_z": 1.6552727511907743,
  "gcor": 0.0292238,
  "gsr_x": -0.02329006791114807,
  "gsr_y": 0.019625166431069374,
  "provenance": {
    "md5sum": "779f997c6cc5e6915e2415e2d6c38725",
    "settings": {
      "fd_thres": 0.2,
      "testing": false
    },
    "software": "mriqc",
    "version": "23.0.1",
    "webapi_port": null,
    "webapi_url": "https://mriqc.nimh.nih.gov/api/v1"
  },
  "size_t": 343,
  "size_x": 80,
  "size_y": 80,
  "size_z": 36,
  "snr": 6.108184542037638,
  "spacing_tr": 2.0,
  "spacing_x": 3.0,
  "spacing_y": 3.0,
  "spacing_z": 3.299999952316284,
  "summary_bg_k": 62.17405749912491,
  "summary_bg_mad": 269.27894005352186,
  "summary_bg_mean": 1376.56982421875,
  "summary_bg_median": 231.49253845214844,
  "summary_bg_n": 151837.0,
  "summary_bg_p05": 13.542501640319824,
  "summary_bg_p95": 6514.441699218747,
  "summary_bg_stdv": 3502.239013671875,
  "summary_fg_k": 2.3400385972375313,
  "summary_fg_mad": 10455.87261214836,
  "summary_fg_mean": 70614.6171875,
  "summary_fg_median": 69616.0,
  "summary_fg_n": 37376.0,
  "summary_fg_p05": 55002.1689453125,
  "summary_fg_p95": 89001.87890625,
  "summary_fg_stdv": 11397.0146484375,
  "tsnr": 76.95982360839844
}