{
  "aor": 0.00125466472303207,
  "aqi": 0.005538297434402333,
  "bids_meta": {
    "AcquisitionNumber": 3,
    "BIDSVersion": "1.1.0",
    "BidsifyVersion": "0.3",
    "ConversionSoftware": "dcm2niix",
    "ConversionSoftwareVersion": "v1.0.20180622 GCC5.4.0",
    "EchoTime": 0.028,
    "EffectiveEchoSpacing": 0.0006909,
    "FlipAngle": 76.1,
    "ImageComments": "RepliSC",
    "ImageOrientationPatientDICOM": [
      0.999719,
      0.000101554,
      0.023698,
      0.00383866,
      0.986091,
      -0.166163
    ],
    "InstitutionName": "Spinoza Centre for Neuroimaging, location REC",
    "MagneticFieldStrength": 3,
    "Manufacturer": "Philips",
    "ParallelAcquisitionTechnique": "SENSE",
    "ParallelReductionFactorInPlane": 2,
    "PatientPosition": "HFS",
    "PhaseEncodingDirection": "j",
    "PhilipsRescaleIntercept": 0,
    "PhilipsRescaleSlope": 0.76947,
    "PhilipsScaleSlope": 0.0210442,
    "ProtocolName": "task-Tasteratingtask_acq-SeqMm3Tr2000_bold",
    "PulseSequenceType": "Gradient Echo EPI",
    "ReconMatrixPE": 80,
    "RepetitionTime": 2,
    "SeriesDescription": "ImageMRSERIES",
    "SeriesNumber": 3,
    "SliceEncodingDirection": "k",
    "SliceTiming": [
      0.0,
      0.05555555555555555,
      0.1111111111111111,
      0.16666666666666666,
      0.2222222222222222,
      0.2777777777777778,
      0.3333333333333333,
      0.38888888888888884,
      0.4444444444444444,
      0.5,
      0.5555555555555556,
      0.611111111111111,
      0.6666666666666666,
      0.7222222222222222,
      0.7777777777777777,
      0.8333333333333333,
      0.8888888888888888,
      0.9444444444444444,
      1.0,
      1.0555555555555556,
      1.1111111111111112,
      1.1666666666666665,
      1.222222222222222,
      1.2777777777777777,
      1.3333333333333333,
      1.3888888888888888,
      1.4444444444444444,
      1.5,
      1.5555555555555554,
      1.611111111111111,
      1.6666666666666665,
      1.722222222222222,
      1.7777777777777777,
      1.8333333333333333,
      1.8888888888888888,
      1.9444444444444444
    ],
    "TaskName": "Tasteratingtask",
    "TotalReadoutTime": 0.0269452,
    "UsePhilipsFloatNotDisplayScaling": 1,
    "WaterFatShift": 12.0,
    "acq_id": "SeqMm3Tr2000",
    "dataset": "ds002643",
    "modality": "bold",
    "subject_id": "092",
    "task_id": "Tasteratingtask"
  },
  "dummy_trs": 0,
  "dvars_nstd": 23.695521215116948,
  "dvars_std": 1.3217747307894732,
  "dvars_vstd": 1.0058572926608191,
  "efc": 0.436717356075357,
  "fber": 86995.796875,
  "fd_mean": 0.08806714259814048,
  "fd_num": 10,
  "fd_perc": 2.9154518950437316,
  "fwhm_avg": 1.7764542502797225,
  "fwhm_x": 1.6662800000000002,
  "fwhm_y": 2.0321433333333334,
  "fwhm_z": 1.630939417505834,
  "gcor": 0.0360604,
  "gsr_x": -0.022730577737092972,
  "gsr_y": 0.018740803003311157,
  "provenance": {
    "md5sum": "24acfc41f44e005ae4713298444a9ee1",
    "settings": {
      "fd_thres": 0.2,
      "testing": false
    },
    "software": "mriqc",
    "version": "23.0.1",
    "webapi_port": null,
    "webapi_url": "https://mriqc.nimh.nih.gov/api/v1"
  },
  "size_t": 343,
  "size_x": 80,
  "size_y": 80,
  "size_z": 36,
  "snr": 6.263869540194545,
  "spacing_tr": 2.0,
  "spacing_x": 3.0,
  "spacing_y": 3.0,
  "spacing_z": 3.299999952316284,
  "summary_bg_k": 58.21906910176942,
  "summary_bg_mad": 264.0943681430127,
  "summary_bg_mean": 1334.306884765625,
  "summary_bg_median": 227.45339965820312,
  "summary_bg_n": 151845.0,
  "summary_bg_p05": 12.405544662475586,
  "summary_bg_p95": 6316.583984374996,
  "summary_bg_stdv": 3412.072265625,
  "summary_fg_k": 2.356487592958345,
  "summary_fg_mad": 10206.126531016616,
  "summary_fg_mean": 70448.15625,
  "summary_fg_median": 69509.109375,
  "summary_fg_n": 37330.0,
  "summary_fg_p05": 55314.972265625,
  "summary_fg_p95": 88533.44414062498,
  "summary_fg_stdv": 11096.68359375,
  "tsnr": 78.6891860961914
}