{
  "bids_meta": {
    "AcquisitionNumber": 2,
    "BIDSVersion": "1.1.0",
    "BidsifyVersion": "0.3",
    "ConversionSoftware": "dcm2niix",
    "ConversionSoftwareVersion": "v1.0.20180622 GCC5.4.0",
    "EchoTime": 0.00388,
    "ImageComments": "RepliSC",
    "ImageOrientationPatientDICOM": [
      0.998646,
      0.0363959,
      -0.0371616,
      -0.0453483,
      0.959142,
      -0.279268
    ],
    "InstitutionName": "Spinoza Centre for Neuroimaging, location REC",
    "InversionTime": 0.9,
    "MagneticFieldStrength": 3,
    "Manufacturer": "Philips",
    "ParallelAcquisitionTechnique": "SENSE",
    "PatientPosition": "HFS",
    "PhilipsRescaleIntercept": 0,
    "PhilipsRescaleSlope": 4.42002,
    "PhilipsScaleSlope": 0.00487222,
    "ProtocolName": "acq-AxialNsig1Mm1_T1w",
    "ReconMatrixPE": 240,
    "RepetitionTime": 0.008413,
    "SeriesDescription": "ImageMRSERIES",
    "SeriesNumber": 2,
    "UsePhilipsFloatNotDisplayScaling": 1,
    "acq_id": "AxialNsig1Mm1",
    "dataset": "ds002643",
    "modality": "T1w",
    "subject_id": "057"
  },
  "cjv": 0.27574148123696035,
  "cnr": 4.630047293423493,
  "efc": 0.7211026300306964,
  "fber": -1.0,
  "fwhm_avg": 4.257946754456763,
  "fwhm_x": 4.19361,
  "fwhm_y": 4.418620263370291,
  "fwhm_z": 4.16161,
  "icvs_csf": 0.24521903641841275,
  "icvs_gm": 0.427988918951452,
  "icvs_wm": 0.3267920446301352,
  "inu_med": 0.5872935652732849,
  "inu_range": 0.2066789209842682,
  "provenance": {
    "md5sum": "cc283cc7aa209d5772b395653a987867",
    "settings": {
      "testing": false
    },
    "software": "mriqc",
    "version": "23.0.1",
    "warnings": {
      "large_rot_frame": true,
      "small_air_mask": false
    },
    "webapi_port": null,
    "webapi_url": "https://mriqc.nimh.nih.gov/api/v1"
  },
  "qi_1": 0.0,
  "qi_2": 0.00012931457394946633,
  "rpve_csf": 20.152296407060735,
  "rpve_gm": 11.782849120448349,
  "rpve_wm": 18.29980480246969,
  "size_x": 240,
  "size_y": 240,
  "size_z": 220,
  "snr_csf": 1.6850267588498602,
  "snr_gm": 8.600381377547201,
  "snr_total": 11.84958599832519,
  "snr_wm": 25.26334985857851,
  "snrd_csf": 22.296423134888073,
  "snrd_gm": 91.54645032120177,
  "snrd_total": 87.23820890193258,
  "snrd_wm": 147.8717532497079,
  "spacing_x": 1.0,
  "spacing_y": 0.9999999403953552,
  "spacing_z": 1.0,
  "summary_bg_k": 38.30041163608259,
  "summary_bg_mad": 0.0,
  "summary_bg_mean": 1.6662696168424622,
  "summary_bg_median": 0.0,
  "summary_bg_n": 295920.0,
  "summary_bg_p05": 0.0,
  "summary_bg_p95": 10.452081523835659,
  "summary_bg_stdv": 4.43053831246554,
  "summary_csf_k": 1.6428674404438839,
  "summary_csf_mad": 79.15022634984206,
  "summary_csf_mean": 165.095593545338,
  "summary_csf_median": 150.78563323616982,
  "summary_csf_n": 60416.0,
  "summary_csf_p05": 46.885051406919956,
  "summary_csf_p95": 338.8771574497223,
  "summary_csf_stdv": 89.48486102324783,
  "summary_gm_k": 0.2893959124776404,
  "summary_gm_mad": 69.17130366459949,
  "summary_gm_mean": 617.6574545641431,
  "summary_gm_median": 619.1078003272414,
  "summary_gm_n": 46332.0,
  "summary_gm_p05": 496.41644336283207,
  "summary_gm_p95": 732.9654255334287,
  "summary_gm_stdv": 71.98530994169269,
  "summary_wm_k": 0.9889255339250091,
  "summary_wm_mad": 35.86281770498437,
  "summary_wm_mean": 999.4961478589565,
  "summary_wm_median": 1000.0229999497533,
  "summary_wm_n": 217609.0,
  "summary_wm_p05": 933.4283090978861,
  "summary_wm_p95": 1062.3909149765968,
  "summary_wm_stdv": 39.58385201460573,
  "tpm_overlap_csf": 0.16331374764315504,
  "tpm_overlap_gm": 0.47051714455881405,
  "tpm_overlap_wm": 0.5027034249030666,
  "wm2max": 0.7941369623116494
}