{
  "aor": 0.001142186588921283,
  "aqi": 0.003950379708454811,
  "bids_meta": {
    "AcquisitionNumber": 3,
    "BIDSVersion": "1.1.0",
    "BidsifyVersion": "0.3",
    "ConversionSoftware": "dcm2niix",
    "ConversionSoftwareVersion": "v1.0.20180622 GCC5.4.0",
    "EchoTime": 0.028,
    "EffectiveEchoSpacing": 0.0006909,
    "FlipAngle": 76.1,
    "ImageComments": "RepliSC",
    "ImageOrientationPatientDICOM": [
      0.999449,
      -0.0324957,
      -0.00681452,
      0.0303613,
      0.977539,
      -0.208556
    ],
    "InstitutionName": "Spinoza Centre for Neuroimaging, location REC",
    "MagneticFieldStrength": 3,
    "Manufacturer": "Philips",
    "ParallelAcquisitionTechnique": "SENSE",
    "ParallelReductionFactorInPlane": 2,
    "PatientPosition": "HFS",
    "PhaseEncodingDirection": "j",
    "PhilipsRescaleIntercept": 0,
    "PhilipsRescaleSlope": 0.74432,
    "PhilipsScaleSlope": 0.019606,
    "ProtocolName": "ses-01_task-Healthratingtask-SeqMm3_bold",
    "PulseSequenceType": "Gradient Echo EPI",
    "ReconMatrixPE": 80,
    "RepetitionTime": 2,
    "SeriesDescription": "ImageMRSERIES",
    "SeriesNumber": 3,
    "SliceEncodingDirection": "k",
    "SliceTiming": [
      0.0,
      0.05555555555555555,
      0.1111111111111111,
      0.16666666666666666,
      0.2222222222222222,
      0.2777777777777778,
      0.3333333333333333,
      0.38888888888888884,
      0.4444444444444444,
      0.5,
      0.5555555555555556,
      0.611111111111111,
      0.6666666666666666,
      0.7222222222222222,
      0.7777777777777777,
      0.8333333333333333,
      0.8888888888888888,
      0.9444444444444444,
      1.0,
      1.0555555555555556,
      1.1111111111111112,
      1.1666666666666665,
      1.222222222222222,
      1.2777777777777777,
      1.3333333333333333,
      1.3888888888888888,
      1.4444444444444444,
      1.5,
      1.5555555555555554,
      1.611111111111111,
      1.6666666666666665,
      1.722222222222222,
      1.7777777777777777,
      1.8333333333333333,
      1.8888888888888888,
      1.9444444444444444
    ],
    "TaskName": "Healthratingtask",
    "TotalReadoutTime": 0.0269452,
    "UsePhilipsFloatNotDisplayScaling": 1,
    "WaterFatShift": 12.0,
    "acq_id": "SeqMm3Tr2000",
    "dataset": "ds002643",
    "modality": "bold",
    "subject_id": "009",
    "task_id": "Healthratingtask"
  },
  "dummy_trs": 0,
  "dvars_nstd": 19.830739997339187,
  "dvars_std": 1.2089641345029245,
  "dvars_vstd": 0.9981706874853811,
  "efc": 0.44843684491617253,
  "fber": 131698.390625,
  "fd_mean": 0.08620381125182457,
  "fd_num": 4,
  "fd_perc": 1.1661807580174928,
  "fwhm_avg": 1.8419199071313062,
  "fwhm_x": 1.8013366666666668,
  "fwhm_y": 2.03412,
  "fwhm_z": 1.6903030547272517,
  "gcor": 0.203779,
  "gsr_x": -0.01959838904440403,
  "gsr_y": 0.019013192504644394,
  "provenance": {
    "md5sum": "dd97728a14e2ab65c088b0bed295f54e",
    "settings": {
      "fd_thres": 0.2,
      "testing": false
    },
    "software": "mriqc",
    "version": "23.0.1",
    "webapi_port": null,
    "webapi_url": "https://mriqc.nimh.nih.gov/api/v1"
  },
  "size_t": 343,
  "size_x": 80,
  "size_y": 80,
  "size_z": 36,
  "snr": 5.440941183172601,
  "spacing_tr": 2.0,
  "spacing_x": 3.0,
  "spacing_y": 3.0,
  "spacing_z": 3.299999952316284,
  "summary_bg_k": 27.52946514821414,
  "summary_bg_mad": 209.92716828677717,
  "summary_bg_mean": 1965.6043701171875,
  "summary_bg_median": 186.04656982421875,
  "summary_bg_n": 151660.0,
  "summary_bg_p05": 12.793915939331056,
  "summary_bg_p95": 12524.119726562494,
  "summary_bg_stdv": 5499.61376953125,
  "summary_fg_k": 3.479489399012123,
  "summary_fg_mad": 10322.583197855758,
  "summary_fg_mean": 71666.515625,
  "summary_fg_median": 69399.890625,
  "summary_fg_n": 37733.0,
  "summary_fg_p05": 56431.2109375,
  "summary_fg_p95": 94943.9375,
  "summary_fg_stdv": 12754.95703125,
  "tsnr": 78.75202941894531
}