{
  "aor": 0.0008567638483965013,
  "aqi": 0.003908892536443148,
  "bids_meta": {
    "AcquisitionNumber": 4,
    "BIDSVersion": "1.1.0",
    "BidsifyVersion": "0.3",
    "ConversionSoftware": "dcm2niix",
    "ConversionSoftwareVersion": "v1.0.20180622 GCC5.4.0",
    "EchoTime": 0.028,
    "EffectiveEchoSpacing": 0.0006909,
    "FlipAngle": 76.1,
    "ImageComments": "RepliSC",
    "ImageOrientationPatientDICOM": [
      0.999449,
      -0.0324957,
      -0.00681452,
      0.0303613,
      0.977539,
      -0.208556
    ],
    "InstitutionName": "Spinoza Centre for Neuroimaging, location REC",
    "MagneticFieldStrength": 3,
    "Manufacturer": "Philips",
    "ParallelAcquisitionTechnique": "SENSE",
    "ParallelReductionFactorInPlane": 2,
    "PatientPosition": "HFS",
    "PhaseEncodingDirection": "j",
    "PhilipsRescaleIntercept": 0,
    "PhilipsRescaleSlope": 0.77265,
    "PhilipsScaleSlope": 0.0200963,
    "ProtocolName": "ses-01_task-Tasteratingtask-SeqMm3_bold",
    "PulseSequenceType": "Gradient Echo EPI",
    "ReconMatrixPE": 80,
    "RepetitionTime": 2,
    "SeriesDescription": "ImageMRSERIES",
    "SeriesNumber": 4,
    "SliceEncodingDirection": "k",
    "SliceTiming": [
      0.0,
      0.05555555555555555,
      0.1111111111111111,
      0.16666666666666666,
      0.2222222222222222,
      0.2777777777777778,
      0.3333333333333333,
      0.38888888888888884,
      0.4444444444444444,
      0.5,
      0.5555555555555556,
      0.611111111111111,
      0.6666666666666666,
      0.7222222222222222,
      0.7777777777777777,
      0.8333333333333333,
      0.8888888888888888,
      0.9444444444444444,
      1.0,
      1.0555555555555556,
      1.1111111111111112,
      1.1666666666666665,
      1.222222222222222,
      1.2777777777777777,
      1.3333333333333333,
      1.3888888888888888,
      1.4444444444444444,
      1.5,
      1.5555555555555554,
      1.611111111111111,
      1.6666666666666665,
      1.722222222222222,
      1.7777777777777777,
      1.8333333333333333,
      1.8888888888888888,
      1.9444444444444444
    ],
    "TaskName": "Tasteratingtask",
    "TotalReadoutTime": 0.0269452,
    "UsePhilipsFloatNotDisplayScaling": 1,
    "WaterFatShift": 12.0,
    "acq_id": "SeqMm3Tr2000",
    "dataset": "ds002643",
    "modality": "bold",
    "subject_id": "009",
    "task_id": "Tasteratingtask"
  },
  "dummy_trs": 0,
  "dvars_nstd": 19.615334131754388,
  "dvars_std": 1.1821095001461999,
  "dvars_vstd": 0.9875323576023384,
  "efc": 0.45024922873239503,
  "fber": 120115.3515625,
  "fd_mean": 0.09119530814652267,
  "fd_num": 8,
  "fd_perc": 2.3323615160349855,
  "fwhm_avg": 1.801762836243513,
  "fwhm_x": 1.7596533333333333,
  "fwhm_y": 1.9928533333333334,
  "fwhm_z": 1.6527818420638727,
  "gcor": 0.123766,
  "gsr_x": -0.020061882212758064,
  "gsr_y": 0.01961253024637699,
  "provenance": {
    "md5sum": "ea30de8c58a0bae5c8b4bdfd93f3ece9",
    "settings": {
      "fd_thres": 0.2,
      "testing": false
    },
    "software": "mriqc",
    "version": "23.0.1",
    "webapi_port": null,
    "webapi_url": "https://mriqc.nimh.nih.gov/api/v1"
  },
  "size_t": 343,
  "size_x": 80,
  "size_y": 80,
  "size_z": 36,
  "snr": 5.548752610015157,
  "spacing_tr": 2.0,
  "spacing_x": 3.0,
  "spacing_y": 3.0,
  "spacing_z": 3.299999952316284,
  "summary_bg_k": 26.952080762153404,
  "summary_bg_mad": 216.68411217482986,
  "summary_bg_mean": 1972.5926513671875,
  "summary_bg_median": 189.49465942382812,
  "summary_bg_n": 151618.0,
  "summary_bg_p05": 12.793647193908694,
  "summary_bg_p95": 12496.792578124981,
  "summary_bg_stdv": 5473.6875,
  "summary_fg_k": 3.442083868113082,
  "summary_fg_mad": 9854.521044341607,
  "summary_fg_mean": 69594.5234375,
  "summary_fg_median": 67516.25,
  "summary_fg_n": 37834.0,
  "summary_fg_p05": 55053.98125,
  "summary_fg_p95": 91630.70703124999,
  "summary_fg_stdv": 12167.6640625,
  "tsnr": 85.08012390136719
}