{
  "aor": 0.0012026250000000001,
  "aqi": 0.004420737125,
  "bids_meta": {
    "AcquisitionNumber": 7,
    "BIDSVersion": "1.1.0",
    "BidsifyVersion": "0.3",
    "ConversionSoftware": "dcm2niix",
    "ConversionSoftwareVersion": "v1.0.20180622 GCC5.4.0",
    "EchoTime": 0.028,
    "EffectiveEchoSpacing": 0.0006909,
    "FlipAngle": 76.1,
    "ImageComments": "RepliSC",
    "ImageOrientationPatientDICOM": [
      0.999449,
      -0.0324957,
      -0.00681452,
      0.0303613,
      0.977539,
      -0.208556
    ],
    "InstitutionName": "Spinoza Centre for Neuroimaging, location REC",
    "MagneticFieldStrength": 3,
    "Manufacturer": "Philips",
    "ParallelAcquisitionTechnique": "SENSE",
    "ParallelReductionFactorInPlane": 2,
    "PatientPosition": "HFS",
    "PhaseEncodingDirection": "j",
    "PhilipsRescaleIntercept": 0,
    "PhilipsRescaleSlope": 0.75702,
    "PhilipsScaleSlope": 0.020426,
    "ProtocolName": "task-RestingState_acq-SeqMm3Tr2000_bold",
    "PulseSequenceType": "Gradient Echo EPI",
    "ReconMatrixPE": 80,
    "RepetitionTime": 2,
    "SeriesDescription": "ImageMRSERIES",
    "SeriesNumber": 7,
    "SliceEncodingDirection": "k",
    "SliceTiming": [
      0.0,
      0.05555555555555555,
      0.1111111111111111,
      0.16666666666666666,
      0.2222222222222222,
      0.2777777777777778,
      0.3333333333333333,
      0.38888888888888884,
      0.4444444444444444,
      0.5,
      0.5555555555555556,
      0.611111111111111,
      0.6666666666666666,
      0.7222222222222222,
      0.7777777777777777,
      0.8333333333333333,
      0.8888888888888888,
      0.9444444444444444,
      1.0,
      1.0555555555555556,
      1.1111111111111112,
      1.1666666666666665,
      1.222222222222222,
      1.2777777777777777,
      1.3333333333333333,
      1.3888888888888888,
      1.4444444444444444,
      1.5,
      1.5555555555555554,
      1.611111111111111,
      1.6666666666666665,
      1.722222222222222,
      1.7777777777777777,
      1.8333333333333333,
      1.8888888888888888,
      1.9444444444444444
    ],
    "TaskName": "RestingState",
    "TotalReadoutTime": 0.0269452,
    "UsePhilipsFloatNotDisplayScaling": 1,
    "WaterFatShift": 12.0,
    "acq_id": "SeqMm3Tr2000",
    "dataset": "ds002643",
    "modality": "bold",
    "subject_id": "009",
    "task_id": "RestingState"
  },
  "dummy_trs": 0,
  "dvars_nstd": 20.027167196736382,
  "dvars_std": 1.1659086888702932,
  "dvars_vstd": 0.9790699758158996,
  "efc": 0.4511871387990246,
  "fber": 96046.671875,
  "fd_mean": 0.1099647441553345,
  "fd_num": 11,
  "fd_perc": 4.583333333333333,
  "fwhm_avg": 1.8248266747602149,
  "fwhm_x": 1.7804,
  "fwhm_y": 2.0137133333333335,
  "fwhm_z": 1.6803666909473114,
  "gcor": 0.0378874,
  "gsr_x": -0.018892765045166016,
  "gsr_y": 0.019201217219233513,
  "provenance": {
    "md5sum": "fde53ffc702ac547eb5898b1ae5e0830",
    "settings": {
      "fd_thres": 0.2,
      "testing": false
    },
    "software": "mriqc",
    "version": "23.0.1",
    "webapi_port": null,
    "webapi_url": "https://mriqc.nimh.nih.gov/api/v1"
  },
  "size_t": 240,
  "size_x": 80,
  "size_y": 80,
  "size_z": 36,
  "snr": 5.550887785766646,
  "spacing_tr": 2.0,
  "spacing_x": 3.0,
  "spacing_y": 3.0,
  "spacing_z": 3.299999952316284,
  "summary_bg_k": 23.6016672015459,
  "summary_bg_mad": 238.84681358579837,
  "summary_bg_mean": 1992.0211181640625,
  "summary_bg_median": 211.69210815429688,
  "summary_bg_n": 151580.0,
  "summary_bg_p05": 13.531383609771728,
  "summary_bg_p95": 12857.82988281249,
  "summary_bg_stdv": 5448.298828125,
  "summary_fg_k": 3.281893559030541,
  "summary_fg_mad": 9753.402939907592,
  "summary_fg_mean": 69207.2421875,
  "summary_fg_median": 67037.2265625,
  "summary_fg_n": 37917.0,
  "summary_fg_p05": 54729.26171875,
  "summary_fg_p95": 91074.8765625,
  "summary_fg_stdv": 12076.6884765625,
  "tsnr": 83.87342071533203
}