{
  "aor": 0.001193206997084548,
  "aqi": 0.00414988833819242,
  "bids_meta": {
    "AcquisitionNumber": 6,
    "BIDSVersion": "1.1.0",
    "BidsifyVersion": "0.3",
    "ConversionSoftware": "dcm2niix",
    "ConversionSoftwareVersion": "v1.0.20180622 GCC5.4.0",
    "EchoTime": 0.028,
    "EffectiveEchoSpacing": 0.0006909,
    "FlipAngle": 76.1,
    "ImageComments": "RepliSC",
    "ImageOrientationPatientDICOM": [
      0.999449,
      -0.0324957,
      -0.00681452,
      0.0303613,
      0.977539,
      -0.208556
    ],
    "InstitutionName": "Spinoza Centre for Neuroimaging, location REC",
    "MagneticFieldStrength": 3,
    "Manufacturer": "Philips",
    "ParallelAcquisitionTechnique": "SENSE",
    "ParallelReductionFactorInPlane": 2,
    "PatientPosition": "HFS",
    "PhaseEncodingDirection": "j",
    "PhilipsRescaleIntercept": 0,
    "PhilipsRescaleSlope": 0.77021,
    "PhilipsScaleSlope": 0.019939,
    "ProtocolName": "ses-01_task-Decisiontask-SeqMm3_bold",
    "PulseSequenceType": "Gradient Echo EPI",
    "ReconMatrixPE": 80,
    "RepetitionTime": 2,
    "SeriesDescription": "ImageMRSERIES",
    "SeriesNumber": 6,
    "SliceEncodingDirection": "k",
    "SliceTiming": [
      0.0,
      0.05555555555555555,
      0.1111111111111111,
      0.16666666666666666,
      0.2222222222222222,
      0.2777777777777778,
      0.3333333333333333,
      0.38888888888888884,
      0.4444444444444444,
      0.5,
      0.5555555555555556,
      0.611111111111111,
      0.6666666666666666,
      0.7222222222222222,
      0.7777777777777777,
      0.8333333333333333,
      0.8888888888888888,
      0.9444444444444444,
      1.0,
      1.0555555555555556,
      1.1111111111111112,
      1.1666666666666665,
      1.222222222222222,
      1.2777777777777777,
      1.3333333333333333,
      1.3888888888888888,
      1.4444444444444444,
      1.5,
      1.5555555555555554,
      1.611111111111111,
      1.6666666666666665,
      1.722222222222222,
      1.7777777777777777,
      1.8333333333333333,
      1.8888888888888888,
      1.9444444444444444
    ],
    "TaskName": "Decisiontask",
    "TotalReadoutTime": 0.0269452,
    "UsePhilipsFloatNotDisplayScaling": 1,
    "WaterFatShift": 12.0,
    "acq_id": "SeqMm3Tr2000",
    "dataset": "ds002643",
    "modality": "bold",
    "subject_id": "009",
    "task_id": "Decisiontask"
  },
  "dummy_trs": 0,
  "dvars_nstd": 19.94479901616957,
  "dvars_std": 1.1871721407602347,
  "dvars_vstd": 1.0008297897953227,
  "efc": 0.4497493587926282,
  "fber": 106327.9375,
  "fd_mean": 0.09423926697814225,
  "fd_num": 12,
  "fd_perc": 3.498542274052478,
  "fwhm_avg": 1.8206180888498877,
  "fwhm_x": 1.7706433333333333,
  "fwhm_y": 2.0215866666666664,
  "fwhm_z": 1.6696242665496634,
  "gcor": 0.0474913,
  "gsr_x": -0.019346008077263832,
  "gsr_y": 0.018317177891731262,
  "provenance": {
    "md5sum": "0a5d11971243c9528e5e641885ebf808",
    "settings": {
      "fd_thres": 0.2,
      "testing": false
    },
    "software": "mriqc",
    "version": "23.0.1",
    "webapi_port": null,
    "webapi_url": "https://mriqc.nimh.nih.gov/api/v1"
  },
  "size_t": 343,
  "size_x": 80,
  "size_y": 80,
  "size_z": 36,
  "snr": 5.548594459301018,
  "spacing_tr": 2.0,
  "spacing_x": 3.0,
  "spacing_y": 3.0,
  "spacing_z": 3.299999952316284,
  "summary_bg_k": 26.574665903612722,
  "summary_bg_mad": 222.65592344425545,
  "summary_bg_mean": 1962.0738525390625,
  "summary_bg_median": 201.92242431640625,
  "summary_bg_n": 151725.0,
  "summary_bg_p05": 15.375121498107914,
  "summary_bg_p95": 12601.803906249968,
  "summary_bg_stdv": 5434.01513671875,
  "summary_fg_k": 3.384734763675314,
  "summary_fg_mad": 9821.370985362208,
  "summary_fg_mean": 69487.6015625,
  "summary_fg_median": 67344.28125,
  "summary_fg_n": 37717.0,
  "summary_fg_p05": 54990.6703125,
  "summary_fg_p95": 91456.76718749998,
  "summary_fg_stdv": 12137.017578125,
  "tsnr": 87.73396301269531
}