{
  "aor": 0.002449912536443149,
  "aqi": 0.013444476355685131,
  "bids_meta": {
    "AcquisitionNumber": 6,
    "BIDSVersion": "1.1.0",
    "BidsifyVersion": "0.3",
    "ConversionSoftware": "dcm2niix",
    "ConversionSoftwareVersion": "v1.0.20180622 GCC5.4.0",
    "EchoTime": 0.028,
    "EffectiveEchoSpacing": 0.0006909,
    "FlipAngle": 76.1,
    "ImageComments": "RepliSC",
    "ImageOrientationPatientDICOM": [
      0.999561,
      -0.0179692,
      0.0235442,
      0.0205888,
      0.993011,
      -0.116211
    ],
    "InstitutionName": "Spinoza Centre for Neuroimaging, location REC",
    "MagneticFieldStrength": 3,
    "Manufacturer": "Philips",
    "ParallelAcquisitionTechnique": "SENSE",
    "ParallelReductionFactorInPlane": 2,
    "PatientPosition": "HFS",
    "PhaseEncodingDirection": "j",
    "PhilipsRescaleIntercept": 0,
    "PhilipsRescaleSlope": 0.76777,
    "PhilipsScaleSlope": 0.0204534,
    "ProtocolName": "task-Decisiontask_acq-SeqMm3Tr2000_bold",
    "PulseSequenceType": "Gradient Echo EPI",
    "ReconMatrixPE": 80,
    "RepetitionTime": 2,
    "SeriesDescription": "ImageMRSERIES",
    "SeriesNumber": 6,
    "SliceEncodingDirection": "k",
    "SliceTiming": [
      0.0,
      0.05555555555555555,
      0.1111111111111111,
      0.16666666666666666,
      0.2222222222222222,
      0.2777777777777778,
      0.3333333333333333,
      0.38888888888888884,
      0.4444444444444444,
      0.5,
      0.5555555555555556,
      0.611111111111111,
      0.6666666666666666,
      0.7222222222222222,
      0.7777777777777777,
      0.8333333333333333,
      0.8888888888888888,
      0.9444444444444444,
      1.0,
      1.0555555555555556,
      1.1111111111111112,
      1.1666666666666665,
      1.222222222222222,
      1.2777777777777777,
      1.3333333333333333,
      1.3888888888888888,
      1.4444444444444444,
      1.5,
      1.5555555555555554,
      1.611111111111111,
      1.6666666666666665,
      1.722222222222222,
      1.7777777777777777,
      1.8333333333333333,
      1.8888888888888888,
      1.9444444444444444
    ],
    "TaskName": "Decisiontask",
    "TotalReadoutTime": 0.0269452,
    "UsePhilipsFloatNotDisplayScaling": 1,
    "WaterFatShift": 12.0,
    "acq_id": "SeqMm3Tr2000",
    "dataset": "ds002643",
    "modality": "bold",
    "subject_id": "081",
    "task_id": "Decisiontask"
  },
  "dummy_trs": 0,
  "dvars_nstd": 20.146506644210525,
  "dvars_std": 1.147309858830409,
  "dvars_vstd": 1.0005623792397678,
  "efc": 0.44691408496039503,
  "fber": 95339.359375,
  "fd_mean": 0.17022816645673705,
  "fd_num": 88,
  "fd_perc": 25.65597667638484,
  "fwhm_avg": 1.8106884925395894,
  "fwhm_x": 1.7881433333333332,
  "fwhm_y": 2.04711,
  "fwhm_z": 1.5968121442854353,
  "gcor": 0.0535664,
  "gsr_x": -0.005102457012981176,
  "gsr_y": 0.012804289348423481,
  "provenance": {
    "md5sum": "2fc284bbe790f0c66e7ec7769ac0c6d9",
    "settings": {
      "fd_thres": 0.2,
      "testing": false
    },
    "software": "mriqc",
    "version": "23.0.1",
    "webapi_port": null,
    "webapi_url": "https://mriqc.nimh.nih.gov/api/v1"
  },
  "size_t": 343,
  "size_x": 80,
  "size_y": 80,
  "size_z": 36,
  "snr": 6.309741397654318,
  "spacing_tr": 2.0,
  "spacing_x": 3.0,
  "spacing_y": 3.0,
  "spacing_z": 3.299999952316284,
  "summary_bg_k": 40.2634550669308,
  "summary_bg_mad": 262.30143883813696,
  "summary_bg_mean": 1706.99951171875,
  "summary_bg_median": 216.4488983154297,
  "summary_bg_n": 151845.0,
  "summary_bg_p05": 14.857997131347657,
  "summary_bg_p95": 9156.532226562485,
  "summary_bg_stdv": 4326.24267578125,
  "summary_fg_k": 2.6081322714409856,
  "summary_fg_mad": 10407.589585993355,
  "summary_fg_mean": 68698.484375,
  "summary_fg_median": 67793.0546875,
  "summary_fg_n": 37517.0,
  "summary_fg_p05": 54263.6453125,
  "summary_fg_p95": 85361.56718749998,
  "summary_fg_stdv": 10744.0458984375,
  "tsnr": 56.46811294555664
}