{
  "aor": 0.006872333333333334,
  "aqi": 0.013871935750000002,
  "bids_meta": {
    "AcquisitionNumber": 7,
    "BIDSVersion": "1.1.0",
    "BidsifyVersion": "0.3",
    "ConversionSoftware": "dcm2niix",
    "ConversionSoftwareVersion": "v1.0.20180622 GCC5.4.0",
    "EchoTime": 0.028,
    "EffectiveEchoSpacing": 0.0006909,
    "FlipAngle": 76.1,
    "ImageComments": "RepliSC",
    "ImageOrientationPatientDICOM": [
      0.999561,
      -0.0179692,
      0.0235442,
      0.0205888,
      0.993011,
      -0.116211
    ],
    "InstitutionName": "Spinoza Centre for Neuroimaging, location REC",
    "MagneticFieldStrength": 3,
    "Manufacturer": "Philips",
    "ParallelAcquisitionTechnique": "SENSE",
    "ParallelReductionFactorInPlane": 2,
    "PatientPosition": "HFS",
    "PhaseEncodingDirection": "j",
    "PhilipsRescaleIntercept": 0,
    "PhilipsRescaleSlope": 0.80317,
    "PhilipsScaleSlope": 0.0200028,
    "ProtocolName": "task-RestingState_acq-SeqMm3Tr2000_bold",
    "PulseSequenceType": "Gradient Echo EPI",
    "ReconMatrixPE": 80,
    "RepetitionTime": 2,
    "SeriesDescription": "ImageMRSERIES",
    "SeriesNumber": 7,
    "SliceEncodingDirection": "k",
    "SliceTiming": [
      0.0,
      0.05555555555555555,
      0.1111111111111111,
      0.16666666666666666,
      0.2222222222222222,
      0.2777777777777778,
      0.3333333333333333,
      0.38888888888888884,
      0.4444444444444444,
      0.5,
      0.5555555555555556,
      0.611111111111111,
      0.6666666666666666,
      0.7222222222222222,
      0.7777777777777777,
      0.8333333333333333,
      0.8888888888888888,
      0.9444444444444444,
      1.0,
      1.0555555555555556,
      1.1111111111111112,
      1.1666666666666665,
      1.222222222222222,
      1.2777777777777777,
      1.3333333333333333,
      1.3888888888888888,
      1.4444444444444444,
      1.5,
      1.5555555555555554,
      1.611111111111111,
      1.6666666666666665,
      1.722222222222222,
      1.7777777777777777,
      1.8333333333333333,
      1.8888888888888888,
      1.9444444444444444
    ],
    "TaskName": "RestingState",
    "TotalReadoutTime": 0.0269452,
    "UsePhilipsFloatNotDisplayScaling": 1,
    "WaterFatShift": 12.0,
    "acq_id": "SeqMm3Tr2000",
    "dataset": "ds002643",
    "modality": "bold",
    "subject_id": "081",
    "task_id": "RestingState"
  },
  "dummy_trs": 0,
  "dvars_nstd": 26.648090553640138,
  "dvars_std": 1.1787995846443509,
  "dvars_vstd": 1.0350459771966525,
  "efc": 0.44644090770468003,
  "fber": 95659.3828125,
  "fd_mean": 0.31656405457765135,
  "fd_num": 135,
  "fd_perc": 56.25,
  "fwhm_avg": 1.7630554620496337,
  "fwhm_x": 1.7439933333333333,
  "fwhm_y": 1.9871699999999999,
  "fwhm_z": 1.558003052815568,
  "gcor": 0.0824059,
  "gsr_x": -0.0040868353098630905,
  "gsr_y": 0.012021355330944061,
  "provenance": {
    "md5sum": "97dcc1f17ac10ecdff366a4e5a88a0a4",
    "settings": {
      "fd_thres": 0.2,
      "testing": false
    },
    "software": "mriqc",
    "version": "23.0.1",
    "webapi_port": null,
    "webapi_url": "https://mriqc.nimh.nih.gov/api/v1"
  },
  "size_t": 240,
  "size_x": 80,
  "size_y": 80,
  "size_z": 36,
  "snr": 6.443394182784793,
  "spacing_tr": 2.0,
  "spacing_x": 3.0,
  "spacing_y": 3.0,
  "spacing_z": 3.299999952316284,
  "summary_bg_k": 38.79436242146357,
  "summary_bg_mad": 253.5731487793406,
  "summary_bg_mean": 1674.848876953125,
  "summary_bg_median": 209.44122314453125,
  "summary_bg_n": 152146.0,
  "summary_bg_p05": 15.01840353012085,
  "summary_bg_p95": 8963.3115234375,
  "summary_bg_stdv": 4277.23681640625,
  "summary_fg_k": 2.906817685921694,
  "summary_fg_mad": 9575.91344697579,
  "summary_fg_mean": 66115.609375,
  "summary_fg_median": 65304.23046875,
  "summary_fg_n": 37224.0,
  "summary_fg_p05": 52650.3955078125,
  "summary_fg_p95": 81649.84453124998,
  "summary_fg_stdv": 10134.9306640625,
  "tsnr": 51.765933990478516
}