{
  "aor": 0.00260265306122449,
  "aqi": 0.009280978396501457,
  "bids_meta": {
    "AcquisitionNumber": 4,
    "BIDSVersion": "1.1.0",
    "BidsifyVersion": "0.3",
    "ConversionSoftware": "dcm2niix",
    "ConversionSoftwareVersion": "v1.0.20180622 GCC5.4.0",
    "EchoTime": 0.028,
    "EffectiveEchoSpacing": 0.0006909,
    "FlipAngle": 76.1,
    "ImageComments": "RepliSC",
    "ImageOrientationPatientDICOM": [
      0.999561,
      -0.0179692,
      0.0235442,
      0.0205888,
      0.993011,
      -0.116211
    ],
    "InstitutionName": "Spinoza Centre for Neuroimaging, location REC",
    "MagneticFieldStrength": 3,
    "Manufacturer": "Philips",
    "ParallelAcquisitionTechnique": "SENSE",
    "ParallelReductionFactorInPlane": 2,
    "PatientPosition": "HFS",
    "PhaseEncodingDirection": "j",
    "PhilipsRescaleIntercept": 0,
    "PhilipsRescaleSlope": 0.7956,
    "PhilipsScaleSlope": 0.0214448,
    "ProtocolName": "task-Tasteratingtask_acq-SeqMm3Tr2000_bold",
    "PulseSequenceType": "Gradient Echo EPI",
    "ReconMatrixPE": 80,
    "RepetitionTime": 2,
    "SeriesDescription": "ImageMRSERIES",
    "SeriesNumber": 4,
    "SliceEncodingDirection": "k",
    "SliceTiming": [
      0.0,
      0.05555555555555555,
      0.1111111111111111,
      0.16666666666666666,
      0.2222222222222222,
      0.2777777777777778,
      0.3333333333333333,
      0.38888888888888884,
      0.4444444444444444,
      0.5,
      0.5555555555555556,
      0.611111111111111,
      0.6666666666666666,
      0.7222222222222222,
      0.7777777777777777,
      0.8333333333333333,
      0.8888888888888888,
      0.9444444444444444,
      1.0,
      1.0555555555555556,
      1.1111111111111112,
      1.1666666666666665,
      1.222222222222222,
      1.2777777777777777,
      1.3333333333333333,
      1.3888888888888888,
      1.4444444444444444,
      1.5,
      1.5555555555555554,
      1.611111111111111,
      1.6666666666666665,
      1.722222222222222,
      1.7777777777777777,
      1.8333333333333333,
      1.8888888888888888,
      1.9444444444444444
    ],
    "TaskName": "Tasteratingtask",
    "TotalReadoutTime": 0.0269452,
    "UsePhilipsFloatNotDisplayScaling": 1,
    "WaterFatShift": 12.0,
    "acq_id": "SeqMm3Tr2000",
    "dataset": "ds002643",
    "modality": "bold",
    "subject_id": "081",
    "task_id": "Tasteratingtask"
  },
  "dummy_trs": 0,
  "dvars_nstd": 20.7017539230994,
  "dvars_std": 1.1796235800584811,
  "dvars_vstd": 1.01225068254386,
  "efc": 0.44778303892655746,
  "fber": 75965.96875,
  "fd_mean": 0.15810285865138915,
  "fd_num": 86,
  "fd_perc": 25.072886297376094,
  "fwhm_avg": 1.7737253610824146,
  "fwhm_x": 1.75382,
  "fwhm_y": 2.0004500000000003,
  "fwhm_z": 1.566906083247244,
  "gcor": 0.0511671,
  "gsr_x": -0.005213295109570026,
  "gsr_y": 0.012886623851954937,
  "provenance": {
    "md5sum": "e7d0a5636f44295e107350e3055b6769",
    "settings": {
      "fd_thres": 0.2,
      "testing": false
    },
    "software": "mriqc",
    "version": "23.0.1",
    "webapi_port": null,
    "webapi_url": "https://mriqc.nimh.nih.gov/api/v1"
  },
  "size_t": 343,
  "size_x": 80,
  "size_y": 80,
  "size_z": 36,
  "snr": 6.403374955996146,
  "spacing_tr": 2.0,
  "spacing_x": 3.0,
  "spacing_y": 3.0,
  "spacing_z": 3.299999952316284,
  "summary_bg_k": 41.959162768134,
  "summary_bg_mad": 271.26635400725036,
  "summary_bg_mean": 1651.805908203125,
  "summary_bg_median": 234.30140686035156,
  "summary_bg_n": 151896.0,
  "summary_bg_p05": 20.6259183883667,
  "summary_bg_p95": 8729.55517578125,
  "summary_bg_stdv": 4209.34912109375,
  "summary_fg_k": 2.4787413270412273,
  "summary_fg_mad": 9831.534918539854,
  "summary_fg_mean": 65444.51953125,
  "summary_fg_median": 64653.83203125,
  "summary_fg_n": 37487.0,
  "summary_fg_p05": 51964.894140625,
  "summary_fg_p95": 81267.02187499999,
  "summary_fg_stdv": 10096.7021484375,
  "tsnr": 63.40281295776367
}