{
  "aor": 0.0017386588921282798,
  "aqi": 0.005377528483965014,
  "bids_meta": {
    "AcquisitionNumber": 6,
    "BIDSVersion": "1.1.0",
    "BidsifyVersion": "0.3",
    "ConversionSoftware": "dcm2niix",
    "ConversionSoftwareVersion": "v1.0.20180622 GCC5.4.0",
    "EchoTime": 0.028,
    "EffectiveEchoSpacing": 0.0006909,
    "FlipAngle": 76.1,
    "ImageComments": "RepliSC",
    "ImageOrientationPatientDICOM": [
      0.996535,
      -0.0446695,
      0.0701628,
      0.0541448,
      0.988734,
      -0.139546
    ],
    "InstitutionName": "Spinoza Centre for Neuroimaging, location REC",
    "MagneticFieldStrength": 3,
    "Manufacturer": "Philips",
    "ParallelAcquisitionTechnique": "SENSE",
    "ParallelReductionFactorInPlane": 2,
    "PatientPosition": "HFS",
    "PhaseEncodingDirection": "j",
    "PhilipsRescaleIntercept": 0,
    "PhilipsRescaleSlope": 0.77265,
    "PhilipsScaleSlope": 0.0218436,
    "ProtocolName": "ses-01_task-Decisiontask-SeqMm3_bold",
    "PulseSequenceType": "Gradient Echo EPI",
    "ReconMatrixPE": 80,
    "RepetitionTime": 2,
    "SeriesDescription": "ImageMRSERIES",
    "SeriesNumber": 6,
    "SliceEncodingDirection": "k",
    "SliceTiming": [
      0.0,
      0.05555555555555555,
      0.1111111111111111,
      0.16666666666666666,
      0.2222222222222222,
      0.2777777777777778,
      0.3333333333333333,
      0.38888888888888884,
      0.4444444444444444,
      0.5,
      0.5555555555555556,
      0.611111111111111,
      0.6666666666666666,
      0.7222222222222222,
      0.7777777777777777,
      0.8333333333333333,
      0.8888888888888888,
      0.9444444444444444,
      1.0,
      1.0555555555555556,
      1.1111111111111112,
      1.1666666666666665,
      1.222222222222222,
      1.2777777777777777,
      1.3333333333333333,
      1.3888888888888888,
      1.4444444444444444,
      1.5,
      1.5555555555555554,
      1.611111111111111,
      1.6666666666666665,
      1.722222222222222,
      1.7777777777777777,
      1.8333333333333333,
      1.8888888888888888,
      1.9444444444444444
    ],
    "TaskName": "Decisiontask",
    "TotalReadoutTime": 0.0269452,
    "UsePhilipsFloatNotDisplayScaling": 1,
    "WaterFatShift": 12.0,
    "acq_id": "SeqMm3Tr2000",
    "dataset": "ds002643",
    "modality": "bold",
    "subject_id": "012",
    "task_id": "Decisiontask"
  },
  "dummy_trs": 0,
  "dvars_nstd": 22.49496919500002,
  "dvars_std": 1.2176747524561402,
  "dvars_vstd": 1.015306401257309,
  "efc": 0.40438922029550456,
  "fber": 79014.640625,
  "fd_mean": 0.12942136858231973,
  "fd_num": 46,
  "fd_perc": 13.411078717201166,
  "fwhm_avg": 1.7110091475077338,
  "fwhm_x": 1.6779233333333332,
  "fwhm_y": 1.8435101465090231,
  "fwhm_z": 1.611593962680845,
  "gcor": 0.071086,
  "gsr_x": -0.017467480152845383,
  "gsr_y": 0.010558697395026684,
  "provenance": {
    "md5sum": "be8c54c0183e880ed7c152b381f8e193",
    "settings": {
      "fd_thres": 0.2,
      "testing": false
    },
    "software": "mriqc",
    "version": "23.0.1",
    "webapi_port": null,
    "webapi_url": "https://mriqc.nimh.nih.gov/api/v1"
  },
  "size_t": 343,
  "size_x": 80,
  "size_y": 80,
  "size_z": 36,
  "snr": 5.574584899439835,
  "spacing_tr": 2.0,
  "spacing_x": 3.0,
  "spacing_y": 2.999999761581421,
  "spacing_z": 3.299999952316284,
  "summary_bg_k": 173.58321323672754,
  "summary_bg_mad": 280.9779149019208,
  "summary_bg_mean": 1371.4727783203125,
  "summary_bg_median": 230.9144287109375,
  "summary_bg_n": 160133.0,
  "summary_bg_p05": 16.356685638427734,
  "summary_bg_p95": 6253.2539062499945,
  "summary_bg_stdv": 4012.387451171875,
  "summary_fg_k": 2.44510917192238,
  "summary_fg_mad": 10115.88470379492,
  "summary_fg_mean": 67279.0078125,
  "summary_fg_median": 65405.078125,
  "summary_fg_n": 31518.0,
  "summary_fg_p05": 52272.9244140625,
  "summary_fg_p95": 87791.90195312498,
  "summary_fg_stdv": 11732.5400390625,
  "tsnr": 77.13505554199219
}