{
  "aor": 0.0018530612244897957,
  "aqi": 0.0047475174927113705,
  "bids_meta": {
    "AcquisitionNumber": 4,
    "BIDSVersion": "1.1.0",
    "BidsifyVersion": "0.3",
    "ConversionSoftware": "dcm2niix",
    "ConversionSoftwareVersion": "v1.0.20180622 GCC5.4.0",
    "EchoTime": 0.028,
    "EffectiveEchoSpacing": 0.0006909,
    "FlipAngle": 76.1,
    "ImageComments": "RepliSC",
    "ImageOrientationPatientDICOM": [
      0.996535,
      -0.0446695,
      0.0701628,
      0.0541448,
      0.988734,
      -0.139546
    ],
    "InstitutionName": "Spinoza Centre for Neuroimaging, location REC",
    "MagneticFieldStrength": 3,
    "Manufacturer": "Philips",
    "ParallelAcquisitionTechnique": "SENSE",
    "ParallelReductionFactorInPlane": 2,
    "PatientPosition": "HFS",
    "PhaseEncodingDirection": "j",
    "PhilipsRescaleIntercept": 0,
    "PhilipsRescaleSlope": 0.77338,
    "PhilipsScaleSlope": 0.0222665,
    "ProtocolName": "ses-01_task-Healthratingtask-SeqMm3_bold",
    "PulseSequenceType": "Gradient Echo EPI",
    "ReconMatrixPE": 80,
    "RepetitionTime": 2,
    "SeriesDescription": "ImageMRSERIES",
    "SeriesNumber": 4,
    "SliceEncodingDirection": "k",
    "SliceTiming": [
      0.0,
      0.05555555555555555,
      0.1111111111111111,
      0.16666666666666666,
      0.2222222222222222,
      0.2777777777777778,
      0.3333333333333333,
      0.38888888888888884,
      0.4444444444444444,
      0.5,
      0.5555555555555556,
      0.611111111111111,
      0.6666666666666666,
      0.7222222222222222,
      0.7777777777777777,
      0.8333333333333333,
      0.8888888888888888,
      0.9444444444444444,
      1.0,
      1.0555555555555556,
      1.1111111111111112,
      1.1666666666666665,
      1.222222222222222,
      1.2777777777777777,
      1.3333333333333333,
      1.3888888888888888,
      1.4444444444444444,
      1.5,
      1.5555555555555554,
      1.611111111111111,
      1.6666666666666665,
      1.722222222222222,
      1.7777777777777777,
      1.8333333333333333,
      1.8888888888888888,
      1.9444444444444444
    ],
    "TaskName": "Healthratingtask",
    "TotalReadoutTime": 0.0269452,
    "UsePhilipsFloatNotDisplayScaling": 1,
    "WaterFatShift": 12.0,
    "acq_id": "SeqMm3Tr2000",
    "dataset": "ds002643",
    "modality": "bold",
    "subject_id": "012",
    "task_id": "Healthratingtask"
  },
  "dummy_trs": 0,
  "dvars_nstd": 21.56561871040934,
  "dvars_std": 1.210895117748539,
  "dvars_vstd": 1.0230815587426898,
  "efc": 0.40456078669839934,
  "fber": 78157.90625,
  "fd_mean": 0.1158654871438648,
  "fd_num": 32,
  "fd_perc": 9.329446064139942,
  "fwhm_avg": 1.7018146020153209,
  "fwhm_x": 1.6562666666666666,
  "fwhm_y": 1.8430801464748499,
  "fwhm_z": 1.6060969929044462,
  "gcor": 0.0562424,
  "gsr_x": -0.017267052084207535,
  "gsr_y": 0.010879401117563248,
  "provenance": {
    "md5sum": "f088de0fc0edaae0c97d629c65bab2dd",
    "settings": {
      "fd_thres": 0.2,
      "testing": false
    },
    "software": "mriqc",
    "version": "23.0.1",
    "webapi_port": null,
    "webapi_url": "https://mriqc.nimh.nih.gov/api/v1"
  },
  "size_t": 343,
  "size_x": 80,
  "size_y": 80,
  "size_z": 36,
  "snr": 5.678029587161306,
  "spacing_tr": 2.0,
  "spacing_x": 3.0,
  "spacing_y": 2.999999761581421,
  "spacing_z": 3.299999952316284,
  "summary_bg_k": 166.8149467228959,
  "summary_bg_mad": 279.9954556559299,
  "summary_bg_mean": 1355.396484375,
  "summary_bg_median": 229.66650390625,
  "summary_bg_n": 160085.0,
  "summary_bg_p05": 15.154784011840823,
  "summary_bg_p95": 6188.788671875,
  "summary_bg_stdv": 3944.287353515625,
  "summary_fg_k": 2.383084927296686,
  "summary_fg_mad": 9794.394574683305,
  "summary_fg_mean": 66625.6640625,
  "summary_fg_median": 64697.53125,
  "summary_fg_n": 31553.0,
  "summary_fg_p05": 52198.17421875,
  "summary_fg_p95": 86866.40937499999,
  "summary_fg_stdv": 11394.1826171875,
  "tsnr": 82.99285888671875
}