{
  "aor": 0.0014127405247813412,
  "aqi": 0.004545138979591837,
  "bids_meta": {
    "AcquisitionNumber": 6,
    "BIDSVersion": "1.1.0",
    "BidsifyVersion": "0.3",
    "ConversionSoftware": "dcm2niix",
    "ConversionSoftwareVersion": "v1.0.20180622 GCC5.4.0",
    "EchoTime": 0.028,
    "EffectiveEchoSpacing": 0.0006909,
    "FlipAngle": 76.1,
    "ImageComments": "RepliSC",
    "ImageOrientationPatientDICOM": [
      0.995936,
      -0.00432344,
      0.0899555,
      0.0154716,
      0.992211,
      -0.123605
    ],
    "InstitutionName": "Spinoza Centre for Neuroimaging, location REC",
    "MagneticFieldStrength": 3,
    "Manufacturer": "Philips",
    "ParallelAcquisitionTechnique": "SENSE",
    "ParallelReductionFactorInPlane": 2,
    "PatientPosition": "HFS",
    "PhaseEncodingDirection": "j",
    "PhilipsRescaleIntercept": 0,
    "PhilipsRescaleSlope": 0.75849,
    "PhilipsScaleSlope": 0.0199661,
    "ProtocolName": "task-Decisiontask_acq-SeqMm3Tr2000_bold",
    "PulseSequenceType": "Gradient Echo EPI",
    "ReconMatrixPE": 80,
    "RepetitionTime": 2,
    "SeriesDescription": "ImageMRSERIES",
    "SeriesNumber": 6,
    "SliceEncodingDirection": "k",
    "SliceTiming": [
      0.0,
      0.05555555555555555,
      0.1111111111111111,
      0.16666666666666666,
      0.2222222222222222,
      0.2777777777777778,
      0.3333333333333333,
      0.38888888888888884,
      0.4444444444444444,
      0.5,
      0.5555555555555556,
      0.611111111111111,
      0.6666666666666666,
      0.7222222222222222,
      0.7777777777777777,
      0.8333333333333333,
      0.8888888888888888,
      0.9444444444444444,
      1.0,
      1.0555555555555556,
      1.1111111111111112,
      1.1666666666666665,
      1.222222222222222,
      1.2777777777777777,
      1.3333333333333333,
      1.3888888888888888,
      1.4444444444444444,
      1.5,
      1.5555555555555554,
      1.611111111111111,
      1.6666666666666665,
      1.722222222222222,
      1.7777777777777777,
      1.8333333333333333,
      1.8888888888888888,
      1.9444444444444444
    ],
    "TaskName": "Decisiontask",
    "TotalReadoutTime": 0.0269452,
    "UsePhilipsFloatNotDisplayScaling": 1,
    "WaterFatShift": 12.0,
    "acq_id": "SeqMm3Tr2000",
    "dataset": "ds002643",
    "modality": "bold",
    "subject_id": "083",
    "task_id": "Decisiontask"
  },
  "dummy_trs": 0,
  "dvars_nstd": 20.285143166257292,
  "dvars_std": 1.246777291257311,
  "dvars_vstd": 1.0056978841228066,
  "efc": 0.4603475077487851,
  "fber": 185457.78125,
  "fd_mean": 0.08905938417299221,
  "fd_num": 10,
  "fd_perc": 2.9154518950437316,
  "fwhm_avg": 1.752896713640429,
  "fwhm_x": 1.6949266666666667,
  "fwhm_y": 1.9383299999999999,
  "fwhm_z": 1.6254334742546204,
  "gcor": 0.0978321,
  "gsr_x": -0.014037374407052994,
  "gsr_y": 0.0240912027657032,
  "provenance": {
    "md5sum": "82969d4a1a949a0bb04c6bc3fb40553d",
    "settings": {
      "fd_thres": 0.2,
      "testing": false
    },
    "software": "mriqc",
    "version": "23.0.1",
    "webapi_port": null,
    "webapi_url": "https://mriqc.nimh.nih.gov/api/v1"
  },
  "size_t": 343,
  "size_x": 80,
  "size_y": 80,
  "size_z": 36,
  "snr": 6.6483975484971305,
  "spacing_tr": 2.0,
  "spacing_x": 3.0,
  "spacing_y": 3.0,
  "spacing_z": 3.299999713897705,
  "summary_bg_k": 89.62064034273749,
  "summary_bg_mad": 198.9104535045038,
  "summary_bg_mean": 1710.1279296875,
  "summary_bg_median": 154.49783325195312,
  "summary_bg_n": 148230.0,
  "summary_bg_p05": 6.031720042228699,
  "summary_bg_p95": 8777.314550781208,
  "summary_bg_stdv": 4865.025390625,
  "summary_fg_k": 1.9347765426757242,
  "summary_fg_mad": 10322.95674411784,
  "summary_fg_mean": 70249.46875,
  "summary_fg_median": 69102.5625,
  "summary_fg_n": 41186.0,
  "summary_fg_p05": 56460.533203125,
  "summary_fg_p95": 87113.99609375,
  "summary_fg_stdv": 10393.7412109375,
  "tsnr": 89.42913055419922
}