{
  "aor": 0.0009724781341107873,
  "aqi": 0.003820840087463557,
  "bids_meta": {
    "AcquisitionNumber": 3,
    "BIDSVersion": "1.1.0",
    "BidsifyVersion": "0.3",
    "ConversionSoftware": "dcm2niix",
    "ConversionSoftwareVersion": "v1.0.20180622 GCC5.4.0",
    "EchoTime": 0.028,
    "EffectiveEchoSpacing": 0.0006909,
    "FlipAngle": 76.1,
    "ImageComments": "RepliSC",
    "ImageOrientationPatientDICOM": [
      0.999535,
      0.027206,
      0.0137821,
      -0.0263483,
      0.997911,
      -0.0589931
    ],
    "InstitutionName": "Spinoza Centre for Neuroimaging, location REC",
    "MagneticFieldStrength": 3,
    "Manufacturer": "Philips",
    "ParallelAcquisitionTechnique": "SENSE",
    "ParallelReductionFactorInPlane": 2,
    "PatientPosition": "HFS",
    "PhaseEncodingDirection": "j",
    "PhilipsRescaleIntercept": 0,
    "PhilipsRescaleSlope": 0.76777,
    "PhilipsScaleSlope": 0.0199099,
    "ProtocolName": "ses-01_task-Healthratingtask-SeqMm3_bold",
    "PulseSequenceType": "Gradient Echo EPI",
    "ReconMatrixPE": 80,
    "RepetitionTime": 2,
    "SeriesDescription": "ImageMRSERIES",
    "SeriesNumber": 3,
    "SliceEncodingDirection": "k",
    "SliceTiming": [
      0.0,
      0.05555555555555555,
      0.1111111111111111,
      0.16666666666666666,
      0.2222222222222222,
      0.2777777777777778,
      0.3333333333333333,
      0.38888888888888884,
      0.4444444444444444,
      0.5,
      0.5555555555555556,
      0.611111111111111,
      0.6666666666666666,
      0.7222222222222222,
      0.7777777777777777,
      0.8333333333333333,
      0.8888888888888888,
      0.9444444444444444,
      1.0,
      1.0555555555555556,
      1.1111111111111112,
      1.1666666666666665,
      1.222222222222222,
      1.2777777777777777,
      1.3333333333333333,
      1.3888888888888888,
      1.4444444444444444,
      1.5,
      1.5555555555555554,
      1.611111111111111,
      1.6666666666666665,
      1.722222222222222,
      1.7777777777777777,
      1.8333333333333333,
      1.8888888888888888,
      1.9444444444444444
    ],
    "TaskName": "Healthratingtask",
    "TotalReadoutTime": 0.0269452,
    "UsePhilipsFloatNotDisplayScaling": 1,
    "WaterFatShift": 12.0,
    "acq_id": "SeqMm3Tr2000",
    "dataset": "ds002643",
    "modality": "bold",
    "subject_id": "014",
    "task_id": "Healthratingtask"
  },
  "dummy_trs": 0,
  "dvars_nstd": 20.412842067456136,
  "dvars_std": 1.2341478658771945,
  "dvars_vstd": 0.9882494974268999,
  "efc": 0.4041480799059376,
  "fber": 80748.5546875,
  "fd_mean": 0.11560664510253776,
  "fd_num": 20,
  "fd_perc": 5.830903790087463,
  "fwhm_avg": 1.8834101093478328,
  "fwhm_x": 1.80582,
  "fwhm_y": 2.1133466666666667,
  "fwhm_z": 1.7310636613768327,
  "gcor": 0.0339365,
  "gsr_x": -0.020444214344024658,
  "gsr_y": 0.009296373464167118,
  "provenance": {
    "md5sum": "618dd4ea89766dd33df6fc5fecfe3a06",
    "settings": {
      "fd_thres": 0.2,
      "testing": false
    },
    "software": "mriqc",
    "version": "23.0.1",
    "webapi_port": null,
    "webapi_url": "https://mriqc.nimh.nih.gov/api/v1"
  },
  "size_t": 343,
  "size_x": 80,
  "size_y": 80,
  "size_z": 36,
  "snr": 5.094213776691847,
  "spacing_tr": 2.0,
  "spacing_x": 3.0,
  "spacing_y": 3.0,
  "spacing_z": 3.299999952316284,
  "summary_bg_k": 76.66502976041339,
  "summary_bg_mad": 264.56879474480155,
  "summary_bg_mean": 1264.239990234375,
  "summary_bg_median": 238.653564453125,
  "summary_bg_n": 158835.0,
  "summary_bg_p05": 20.59997253417969,
  "summary_bg_p95": 5666.561083984371,
  "summary_bg_stdv": 3690.58056640625,
  "summary_fg_k": 2.217693360465301,
  "summary_fg_mad": 11595.177128676009,
  "summary_fg_mean": 72560.828125,
  "summary_fg_median": 69906.65625,
  "summary_fg_n": 32250.0,
  "summary_fg_p05": 55973.7767578125,
  "summary_fg_p95": 98459.86796874995,
  "summary_fg_stdv": 13722.5439453125,
  "tsnr": 86.97977447509766
}