{
  "aor": 0.0012491836734693877,
  "aqi": 0.004071341195335277,
  "bids_meta": {
    "AcquisitionNumber": 4,
    "BIDSVersion": "1.1.0",
    "BidsifyVersion": "0.3",
    "ConversionSoftware": "dcm2niix",
    "ConversionSoftwareVersion": "v1.0.20180622 GCC5.4.0",
    "EchoTime": 0.028,
    "EffectiveEchoSpacing": 0.0006909,
    "FlipAngle": 76.1,
    "ImageComments": "RepliSC",
    "ImageOrientationPatientDICOM": [
      0.999535,
      0.027206,
      0.0137821,
      -0.0263483,
      0.997911,
      -0.0589931
    ],
    "InstitutionName": "Spinoza Centre for Neuroimaging, location REC",
    "MagneticFieldStrength": 3,
    "Manufacturer": "Philips",
    "ParallelAcquisitionTechnique": "SENSE",
    "ParallelReductionFactorInPlane": 2,
    "PatientPosition": "HFS",
    "PhaseEncodingDirection": "j",
    "PhilipsRescaleIntercept": 0,
    "PhilipsRescaleSlope": 0.76459,
    "PhilipsScaleSlope": 0.0202484,
    "ProtocolName": "ses-01_task-Tasteratingtask-SeqMm3_bold",
    "PulseSequenceType": "Gradient Echo EPI",
    "ReconMatrixPE": 80,
    "RepetitionTime": 2,
    "SeriesDescription": "ImageMRSERIES",
    "SeriesNumber": 4,
    "SliceEncodingDirection": "k",
    "SliceTiming": [
      0.0,
      0.05555555555555555,
      0.1111111111111111,
      0.16666666666666666,
      0.2222222222222222,
      0.2777777777777778,
      0.3333333333333333,
      0.38888888888888884,
      0.4444444444444444,
      0.5,
      0.5555555555555556,
      0.611111111111111,
      0.6666666666666666,
      0.7222222222222222,
      0.7777777777777777,
      0.8333333333333333,
      0.8888888888888888,
      0.9444444444444444,
      1.0,
      1.0555555555555556,
      1.1111111111111112,
      1.1666666666666665,
      1.222222222222222,
      1.2777777777777777,
      1.3333333333333333,
      1.3888888888888888,
      1.4444444444444444,
      1.5,
      1.5555555555555554,
      1.611111111111111,
      1.6666666666666665,
      1.722222222222222,
      1.7777777777777777,
      1.8333333333333333,
      1.8888888888888888,
      1.9444444444444444
    ],
    "TaskName": "Tasteratingtask",
    "TotalReadoutTime": 0.0269452,
    "UsePhilipsFloatNotDisplayScaling": 1,
    "WaterFatShift": 12.0,
    "acq_id": "SeqMm3Tr2000",
    "dataset": "ds002643",
    "modality": "bold",
    "subject_id": "014",
    "task_id": "Tasteratingtask"
  },
  "dummy_trs": 0,
  "dvars_nstd": 20.808849206111102,
  "dvars_std": 1.2433778478654973,
  "dvars_vstd": 1.0054696084502925,
  "efc": 0.40494943712128356,
  "fber": 79780.2578125,
  "fd_mean": 0.11741629870503603,
  "fd_num": 31,
  "fd_perc": 9.037900874635568,
  "fwhm_avg": 1.8732683921190472,
  "fwhm_x": 1.7981066666666665,
  "fwhm_y": 2.1024833333333333,
  "fwhm_z": 1.7192151763571417,
  "gcor": 0.0437666,
  "gsr_x": -0.020580610260367393,
  "gsr_y": 0.009261326864361763,
  "provenance": {
    "md5sum": "8851c6058efbb0e10b1373b9d467d567",
    "settings": {
      "fd_thres": 0.2,
      "testing": false
    },
    "software": "mriqc",
    "version": "23.0.1",
    "webapi_port": null,
    "webapi_url": "https://mriqc.nimh.nih.gov/api/v1"
  },
  "size_t": 343,
  "size_x": 80,
  "size_y": 80,
  "size_z": 36,
  "snr": 5.191669349476504,
  "spacing_tr": 2.0,
  "spacing_x": 3.0,
  "spacing_y": 3.0,
  "spacing_z": 3.299999952316284,
  "summary_bg_k": 86.16338943990702,
  "summary_bg_mad": 264.6843572262267,
  "summary_bg_mean": 1281.1885986328125,
  "summary_bg_median": 238.90037536621094,
  "summary_bg_n": 158809.0,
  "summary_bg_p05": 20.15647697448731,
  "summary_bg_p95": 5700.000195312501,
  "summary_bg_stdv": 3800.66015625,
  "summary_fg_k": 2.161734789928098,
  "summary_fg_mad": 11359.37967036954,
  "summary_fg_mean": 72306.9921875,
  "summary_fg_median": 69767.453125,
  "summary_fg_n": 32286.0,
  "summary_fg_p05": 55992.89453125,
  "summary_fg_p95": 97507.416015625,
  "summary_fg_stdv": 13438.138671875,
  "tsnr": 85.8591079711914
}