{
  "aor": 0.001461375,
  "aqi": 0.00388008025,
  "bids_meta": {
    "AcquisitionNumber": 7,
    "BIDSVersion": "1.1.0",
    "BidsifyVersion": "0.3",
    "ConversionSoftware": "dcm2niix",
    "ConversionSoftwareVersion": "v1.0.20180622 GCC5.4.0",
    "EchoTime": 0.028,
    "EffectiveEchoSpacing": 0.0006909,
    "FlipAngle": 76.1,
    "ImageComments": "RepliSC",
    "ImageOrientationPatientDICOM": [
      0.999535,
      0.027206,
      0.0137821,
      -0.0263483,
      0.997911,
      -0.0589931
    ],
    "InstitutionName": "Spinoza Centre for Neuroimaging, location REC",
    "MagneticFieldStrength": 3,
    "Manufacturer": "Philips",
    "ParallelAcquisitionTechnique": "SENSE",
    "ParallelReductionFactorInPlane": 2,
    "PatientPosition": "HFS",
    "PhaseEncodingDirection": "j",
    "PhilipsRescaleIntercept": 0,
    "PhilipsRescaleSlope": 0.77021,
    "PhilipsScaleSlope": 0.0202083,
    "ProtocolName": "task-RestingState_acq-SeqMm3Tr2000_bold",
    "PulseSequenceType": "Gradient Echo EPI",
    "ReconMatrixPE": 80,
    "RepetitionTime": 2,
    "SeriesDescription": "ImageMRSERIES",
    "SeriesNumber": 7,
    "SliceEncodingDirection": "k",
    "SliceTiming": [
      0.0,
      0.05555555555555555,
      0.1111111111111111,
      0.16666666666666666,
      0.2222222222222222,
      0.2777777777777778,
      0.3333333333333333,
      0.38888888888888884,
      0.4444444444444444,
      0.5,
      0.5555555555555556,
      0.611111111111111,
      0.6666666666666666,
      0.7222222222222222,
      0.7777777777777777,
      0.8333333333333333,
      0.8888888888888888,
      0.9444444444444444,
      1.0,
      1.0555555555555556,
      1.1111111111111112,
      1.1666666666666665,
      1.222222222222222,
      1.2777777777777777,
      1.3333333333333333,
      1.3888888888888888,
      1.4444444444444444,
      1.5,
      1.5555555555555554,
      1.611111111111111,
      1.6666666666666665,
      1.722222222222222,
      1.7777777777777777,
      1.8333333333333333,
      1.8888888888888888,
      1.9444444444444444
    ],
    "TaskName": "RestingState",
    "TotalReadoutTime": 0.0269452,
    "UsePhilipsFloatNotDisplayScaling": 1,
    "WaterFatShift": 12.0,
    "acq_id": "SeqMm3Tr2000",
    "dataset": "ds002643",
    "modality": "bold",
    "subject_id": "014",
    "task_id": "RestingState"
  },
  "dummy_trs": 0,
  "dvars_nstd": 20.510751177698744,
  "dvars_std": 1.2328092022594137,
  "dvars_vstd": 0.9952847541841005,
  "efc": 0.4048407715340479,
  "fber": 107459.84375,
  "fd_mean": 0.1320088192121992,
  "fd_num": 28,
  "fd_perc": 11.666666666666666,
  "fwhm_avg": 1.8803194022062648,
  "fwhm_x": 1.80682,
  "fwhm_y": 2.117786666666667,
  "fwhm_z": 1.7163515399521272,
  "gcor": 0.0403642,
  "gsr_x": -0.021270282566547394,
  "gsr_y": 0.010545572265982628,
  "provenance": {
    "md5sum": "63d728471bf00b7937fef2cc4ee812f4",
    "settings": {
      "fd_thres": 0.2,
      "testing": false
    },
    "software": "mriqc",
    "version": "23.0.1",
    "webapi_port": null,
    "webapi_url": "https://mriqc.nimh.nih.gov/api/v1"
  },
  "size_t": 240,
  "size_x": 80,
  "size_y": 80,
  "size_z": 36,
  "snr": 5.291989625714554,
  "spacing_tr": 2.0,
  "spacing_x": 3.0,
  "spacing_y": 3.0,
  "spacing_z": 3.299999952316284,
  "summary_bg_k": 72.5275487138222,
  "summary_bg_mad": 243.27129056697078,
  "summary_bg_mean": 1268.891845703125,
  "summary_bg_median": 205.60572814941406,
  "summary_bg_n": 158806.0,
  "summary_bg_p05": 6.951468229293823,
  "summary_bg_p95": 5923.7264404296875,
  "summary_bg_stdv": 3708.426513671875,
  "summary_fg_k": 2.1338906485032014,
  "summary_fg_mad": 11191.295435261383,
  "summary_fg_mean": 72245.1796875,
  "summary_fg_median": 69856.71875,
  "summary_fg_n": 32311.0,
  "summary_fg_p05": 56217.89453125,
  "summary_fg_p95": 97067.625,
  "summary_fg_stdv": 13200.259765625,
  "tsnr": 87.98173522949219
}