{
  "aor": 0.0011361224489795918,
  "aqi": 0.0035849785714285715,
  "bids_meta": {
    "AcquisitionNumber": 6,
    "BIDSVersion": "1.1.0",
    "BidsifyVersion": "0.3",
    "ConversionSoftware": "dcm2niix",
    "ConversionSoftwareVersion": "v1.0.20180622 GCC5.4.0",
    "EchoTime": 0.028,
    "EffectiveEchoSpacing": 0.0006909,
    "FlipAngle": 76.1,
    "ImageComments": "RepliSC",
    "ImageOrientationPatientDICOM": [
      0.999535,
      0.027206,
      0.0137821,
      -0.0263483,
      0.997911,
      -0.0589931
    ],
    "InstitutionName": "Spinoza Centre for Neuroimaging, location REC",
    "MagneticFieldStrength": 3,
    "Manufacturer": "Philips",
    "ParallelAcquisitionTechnique": "SENSE",
    "ParallelReductionFactorInPlane": 2,
    "PatientPosition": "HFS",
    "PhaseEncodingDirection": "j",
    "PhilipsRescaleIntercept": 0,
    "PhilipsRescaleSlope": 0.7663,
    "PhilipsScaleSlope": 0.0193079,
    "ProtocolName": "ses-01_task-Decisiontask-SeqMm3_bold",
    "PulseSequenceType": "Gradient Echo EPI",
    "ReconMatrixPE": 80,
    "RepetitionTime": 2,
    "SeriesDescription": "ImageMRSERIES",
    "SeriesNumber": 6,
    "SliceEncodingDirection": "k",
    "SliceTiming": [
      0.0,
      0.05555555555555555,
      0.1111111111111111,
      0.16666666666666666,
      0.2222222222222222,
      0.2777777777777778,
      0.3333333333333333,
      0.38888888888888884,
      0.4444444444444444,
      0.5,
      0.5555555555555556,
      0.611111111111111,
      0.6666666666666666,
      0.7222222222222222,
      0.7777777777777777,
      0.8333333333333333,
      0.8888888888888888,
      0.9444444444444444,
      1.0,
      1.0555555555555556,
      1.1111111111111112,
      1.1666666666666665,
      1.222222222222222,
      1.2777777777777777,
      1.3333333333333333,
      1.3888888888888888,
      1.4444444444444444,
      1.5,
      1.5555555555555554,
      1.611111111111111,
      1.6666666666666665,
      1.722222222222222,
      1.7777777777777777,
      1.8333333333333333,
      1.8888888888888888,
      1.9444444444444444
    ],
    "TaskName": "Decisiontask",
    "TotalReadoutTime": 0.0269452,
    "UsePhilipsFloatNotDisplayScaling": 1,
    "WaterFatShift": 12.0,
    "acq_id": "SeqMm3Tr2000",
    "dataset": "ds002643",
    "modality": "bold",
    "subject_id": "014",
    "task_id": "Decisiontask"
  },
  "dummy_trs": 0,
  "dvars_nstd": 20.74916977885964,
  "dvars_std": 1.261315184269006,
  "dvars_vstd": 0.9997357524561403,
  "efc": 0.4045002750427325,
  "fber": 104528.296875,
  "fd_mean": 0.11771886717005864,
  "fd_num": 31,
  "fd_perc": 9.037900874635568,
  "fwhm_avg": 1.873229907274036,
  "fwhm_x": 1.7973433333333333,
  "fwhm_y": 2.10241,
  "fwhm_z": 1.7199363884887753,
  "gcor": 0.0455144,
  "gsr_x": -0.021066168323159218,
  "gsr_y": 0.010487186722457409,
  "provenance": {
    "md5sum": "d9dcf9113c6f7cf79049d66aab23e1f9",
    "settings": {
      "fd_thres": 0.2,
      "testing": false
    },
    "software": "mriqc",
    "version": "23.0.1",
    "webapi_port": null,
    "webapi_url": "https://mriqc.nimh.nih.gov/api/v1"
  },
  "size_t": 343,
  "size_x": 80,
  "size_y": 80,
  "size_z": 36,
  "snr": 5.18280248563502,
  "spacing_tr": 2.0,
  "spacing_x": 3.0,
  "spacing_y": 3.0,
  "spacing_z": 3.299999952316284,
  "summary_bg_k": 71.13578102773903,
  "summary_bg_mad": 249.17836411097016,
  "summary_bg_mean": 1283.4853515625,
  "summary_bg_median": 212.09915161132812,
  "summary_bg_n": 158735.0,
  "summary_bg_p05": 8.8413800239563,
  "summary_bg_p95": 5869.4249511718735,
  "summary_bg_stdv": 3769.38232421875,
  "summary_fg_k": 2.349234662348789,
  "summary_fg_mad": 11578.104037503528,
  "summary_fg_mean": 73764.390625,
  "summary_fg_median": 71198.765625,
  "summary_fg_n": 32375.0,
  "summary_fg_p05": 57315.42109375,
  "summary_fg_p95": 99741.68593749999,
  "summary_fg_stdv": 13737.291015625,
  "tsnr": 89.0922622680664
}