{
  "aor": 0.0010366472303207,
  "aqi": 0.0031667948688046646,
  "bids_meta": {
    "AcquisitionNumber": 4,
    "BIDSVersion": "1.1.0",
    "BidsifyVersion": "0.3",
    "ConversionSoftware": "dcm2niix",
    "ConversionSoftwareVersion": "v1.0.20180622 GCC5.4.0",
    "EchoTime": 0.028,
    "EffectiveEchoSpacing": 0.0006909,
    "FlipAngle": 76.1,
    "ImageComments": "RepliSC",
    "ImageOrientationPatientDICOM": [
      0.994245,
      -0.104289,
      -0.0245222,
      0.0971362,
      0.974086,
      -0.204259
    ],
    "InstitutionName": "Spinoza Centre for Neuroimaging, location REC",
    "MagneticFieldStrength": 3,
    "Manufacturer": "Philips",
    "ParallelAcquisitionTechnique": "SENSE",
    "ParallelReductionFactorInPlane": 2,
    "PatientPosition": "HFS",
    "PhaseEncodingDirection": "j",
    "PhilipsRescaleIntercept": 0,
    "PhilipsRescaleSlope": 0.76777,
    "PhilipsScaleSlope": 0.020469,
    "ProtocolName": "ses-01_task-Tasteratingtask-SeqMm3_bold",
    "PulseSequenceType": "Gradient Echo EPI",
    "ReconMatrixPE": 80,
    "RepetitionTime": 2,
    "SeriesDescription": "ImageMRSERIES",
    "SeriesNumber": 4,
    "SliceEncodingDirection": "k",
    "SliceTiming": [
      0.0,
      0.05555555555555555,
      0.1111111111111111,
      0.16666666666666666,
      0.2222222222222222,
      0.2777777777777778,
      0.3333333333333333,
      0.38888888888888884,
      0.4444444444444444,
      0.5,
      0.5555555555555556,
      0.611111111111111,
      0.6666666666666666,
      0.7222222222222222,
      0.7777777777777777,
      0.8333333333333333,
      0.8888888888888888,
      0.9444444444444444,
      1.0,
      1.0555555555555556,
      1.1111111111111112,
      1.1666666666666665,
      1.222222222222222,
      1.2777777777777777,
      1.3333333333333333,
      1.3888888888888888,
      1.4444444444444444,
      1.5,
      1.5555555555555554,
      1.611111111111111,
      1.6666666666666665,
      1.722222222222222,
      1.7777777777777777,
      1.8333333333333333,
      1.8888888888888888,
      1.9444444444444444
    ],
    "TaskName": "Tasteratingtask",
    "TotalReadoutTime": 0.0269452,
    "UsePhilipsFloatNotDisplayScaling": 1,
    "WaterFatShift": 12.0,
    "acq_id": "SeqMm3Tr2000",
    "dataset": "ds002643",
    "modality": "bold",
    "subject_id": "013",
    "task_id": "Tasteratingtask"
  },
  "dummy_trs": 0,
  "dvars_nstd": 17.20212296736842,
  "dvars_std": 1.188523778333335,
  "dvars_vstd": 0.9990432503801163,
  "efc": 0.3916054842553635,
  "fber": 177444.859375,
  "fd_mean": 0.1309868708843077,
  "fd_num": 47,
  "fd_perc": 13.70262390670554,
  "fwhm_avg": 1.864061624584061,
  "fwhm_x": 1.79028,
  "fwhm_y": 2.0532533333333336,
  "fwhm_z": 1.7486515404188494,
  "gcor": 0.0924521,
  "gsr_x": -0.02304626815021038,
  "gsr_y": 0.010120837949216366,
  "provenance": {
    "md5sum": "84b15e8fcd70d196f0391fa020881329",
    "settings": {
      "fd_thres": 0.2,
      "testing": false
    },
    "software": "mriqc",
    "version": "23.0.1",
    "webapi_port": null,
    "webapi_url": "https://mriqc.nimh.nih.gov/api/v1"
  },
  "size_t": 343,
  "size_x": 80,
  "size_y": 80,
  "size_z": 36,
  "snr": 6.062144813067506,
  "spacing_tr": 2.0,
  "spacing_x": 3.0,
  "spacing_y": 3.0,
  "spacing_z": 3.299999952316284,
  "summary_bg_k": 125.70312338536144,
  "summary_bg_mad": 187.2459005301602,
  "summary_bg_mean": 1287.9783935546875,
  "summary_bg_median": 168.8220672607422,
  "summary_bg_n": 161507.0,
  "summary_bg_p05": 14.583678054809571,
  "summary_bg_p95": 5744.0352050781175,
  "summary_bg_stdv": 4175.04296875,
  "summary_fg_k": 1.7050863819831639,
  "summary_fg_mad": 10792.736052154598,
  "summary_fg_mean": 72739.4140625,
  "summary_fg_median": 71240.9453125,
  "summary_fg_n": 29379.0,
  "summary_fg_p05": 57157.891796875,
  "summary_fg_p95": 93220.45703124997,
  "summary_fg_stdv": 11751.572265625,
  "tsnr": 96.11602783203125
}