{
  "aor": 0.0013026822157434401,
  "aqi": 0.0033042157725947517,
  "bids_meta": {
    "AcquisitionNumber": 3,
    "BIDSVersion": "1.1.0",
    "BidsifyVersion": "0.3",
    "ConversionSoftware": "dcm2niix",
    "ConversionSoftwareVersion": "v1.0.20180622 GCC5.4.0",
    "EchoTime": 0.028,
    "EffectiveEchoSpacing": 0.0006909,
    "FlipAngle": 76.1,
    "ImageComments": "RepliSC",
    "ImageOrientationPatientDICOM": [
      0.994245,
      -0.104289,
      -0.0245222,
      0.0971362,
      0.974086,
      -0.204259
    ],
    "InstitutionName": "Spinoza Centre for Neuroimaging, location REC",
    "MagneticFieldStrength": 3,
    "Manufacturer": "Philips",
    "ParallelAcquisitionTechnique": "SENSE",
    "ParallelReductionFactorInPlane": 2,
    "PatientPosition": "HFS",
    "PhaseEncodingDirection": "j",
    "PhilipsRescaleIntercept": 0,
    "PhilipsRescaleSlope": 0.76557,
    "PhilipsScaleSlope": 0.0202225,
    "ProtocolName": "ses-01_task-Healthratingtask-SeqMm3_bold",
    "PulseSequenceType": "Gradient Echo EPI",
    "ReconMatrixPE": 80,
    "RepetitionTime": 2,
    "SeriesDescription": "ImageMRSERIES",
    "SeriesNumber": 3,
    "SliceEncodingDirection": "k",
    "SliceTiming": [
      0.0,
      0.05555555555555555,
      0.1111111111111111,
      0.16666666666666666,
      0.2222222222222222,
      0.2777777777777778,
      0.3333333333333333,
      0.38888888888888884,
      0.4444444444444444,
      0.5,
      0.5555555555555556,
      0.611111111111111,
      0.6666666666666666,
      0.7222222222222222,
      0.7777777777777777,
      0.8333333333333333,
      0.8888888888888888,
      0.9444444444444444,
      1.0,
      1.0555555555555556,
      1.1111111111111112,
      1.1666666666666665,
      1.222222222222222,
      1.2777777777777777,
      1.3333333333333333,
      1.3888888888888888,
      1.4444444444444444,
      1.5,
      1.5555555555555554,
      1.611111111111111,
      1.6666666666666665,
      1.722222222222222,
      1.7777777777777777,
      1.8333333333333333,
      1.8888888888888888,
      1.9444444444444444
    ],
    "TaskName": "Healthratingtask",
    "TotalReadoutTime": 0.0269452,
    "UsePhilipsFloatNotDisplayScaling": 1,
    "WaterFatShift": 12.0,
    "acq_id": "SeqMm3Tr2000",
    "dataset": "ds002643",
    "modality": "bold",
    "subject_id": "013",
    "task_id": "Healthratingtask"
  },
  "dummy_trs": 0,
  "dvars_nstd": 17.58765897692982,
  "dvars_std": 1.2013726145614045,
  "dvars_vstd": 1.0000154062573101,
  "efc": 0.3899118993601371,
  "fber": 183988.6875,
  "fd_mean": 0.14189035581867523,
  "fd_num": 58,
  "fd_perc": 16.909620991253643,
  "fwhm_avg": 1.885455362064988,
  "fwhm_x": 1.81468,
  "fwhm_y": 2.07078,
  "fwhm_z": 1.7709060861949644,
  "gcor": 0.114894,
  "gsr_x": -0.02258451096713543,
  "gsr_y": 0.00989808700978756,
  "provenance": {
    "md5sum": "bbaa87b7747a7c38e3b9cc08dff73e48",
    "settings": {
      "fd_thres": 0.2,
      "testing": false
    },
    "software": "mriqc",
    "version": "23.0.1",
    "webapi_port": null,
    "webapi_url": "https://mriqc.nimh.nih.gov/api/v1"
  },
  "size_t": 343,
  "size_x": 80,
  "size_y": 80,
  "size_z": 36,
  "snr": 5.8973039866546735,
  "spacing_tr": 2.0,
  "spacing_x": 3.0,
  "spacing_y": 3.0,
  "spacing_z": 3.299999952316284,
  "summary_bg_k": 121.07852534626691,
  "summary_bg_mad": 181.45709005413136,
  "summary_bg_mean": 1218.18701171875,
  "summary_bg_median": 162.74334716796875,
  "summary_bg_n": 161546.0,
  "summary_bg_p05": 9.873991966247559,
  "summary_bg_p95": 5425.20751953125,
  "summary_bg_stdv": 3919.8369140625,
  "summary_fg_k": 1.8749548837304797,
  "summary_fg_mad": 10968.905102485543,
  "summary_fg_mean": 71633.734375,
  "summary_fg_median": 70002.71875,
  "summary_fg_n": 29257.0,
  "summary_fg_p05": 56174.16328125,
  "summary_fg_p95": 92353.11562499996,
  "summary_fg_stdv": 11870.0888671875,
  "tsnr": 88.83317565917969
}