{
  "aor": 0.004392857142857144,
  "aqi": 0.0055294774927113705,
  "bids_meta": {
    "AcquisitionNumber": 6,
    "BIDSVersion": "1.1.0",
    "BidsifyVersion": "0.3",
    "ConversionSoftware": "dcm2niix",
    "ConversionSoftwareVersion": "v1.0.20180622 GCC5.4.0",
    "EchoTime": 0.028,
    "EffectiveEchoSpacing": 0.0006909,
    "FlipAngle": 76.1,
    "ImageComments": "RepliSC",
    "ImageOrientationPatientDICOM": [
      0.99966,
      -0.0253645,
      -0.00596251,
      0.024082,
      0.986784,
      -0.160244
    ],
    "InstitutionName": "Spinoza Centre for Neuroimaging, location REC",
    "MagneticFieldStrength": 3,
    "Manufacturer": "Philips",
    "ParallelAcquisitionTechnique": "SENSE",
    "ParallelReductionFactorInPlane": 2,
    "PatientPosition": "HFS",
    "PhaseEncodingDirection": "j",
    "PhilipsRescaleIntercept": 0,
    "PhilipsRescaleSlope": 0.78071,
    "PhilipsScaleSlope": 0.0234519,
    "ProtocolName": "task-Decisiontask_acq-SeqMm3Tr2000_bold",
    "PulseSequenceType": "Gradient Echo EPI",
    "ReconMatrixPE": 80,
    "RepetitionTime": 2,
    "SeriesDescription": "ImageMRSERIES",
    "SeriesNumber": 6,
    "SliceEncodingDirection": "k",
    "SliceTiming": [
      0.0,
      0.05555555555555555,
      0.1111111111111111,
      0.16666666666666666,
      0.2222222222222222,
      0.2777777777777778,
      0.3333333333333333,
      0.38888888888888884,
      0.4444444444444444,
      0.5,
      0.5555555555555556,
      0.611111111111111,
      0.6666666666666666,
      0.7222222222222222,
      0.7777777777777777,
      0.8333333333333333,
      0.8888888888888888,
      0.9444444444444444,
      1.0,
      1.0555555555555556,
      1.1111111111111112,
      1.1666666666666665,
      1.222222222222222,
      1.2777777777777777,
      1.3333333333333333,
      1.3888888888888888,
      1.4444444444444444,
      1.5,
      1.5555555555555554,
      1.611111111111111,
      1.6666666666666665,
      1.722222222222222,
      1.7777777777777777,
      1.8333333333333333,
      1.8888888888888888,
      1.9444444444444444
    ],
    "TaskName": "Decisiontask",
    "TotalReadoutTime": 0.0269452,
    "UsePhilipsFloatNotDisplayScaling": 1,
    "WaterFatShift": 12.0,
    "acq_id": "SeqMm3Tr2000",
    "dataset": "ds002643",
    "modality": "bold",
    "subject_id": "021",
    "task_id": "Decisiontask"
  },
  "dummy_trs": 0,
  "dvars_nstd": 22.015541860263134,
  "dvars_std": 1.2445195415497081,
  "dvars_vstd": 1.0317176147660823,
  "efc": 0.3720738541638867,
  "fber": 178690.109375,
  "fd_mean": 0.21928276192657337,
  "fd_num": 169,
  "fd_perc": 49.27113702623907,
  "fwhm_avg": 1.7794571797334218,
  "fwhm_x": 1.78477,
  "fwhm_y": 1.8892833333333332,
  "fwhm_z": 1.6643182058669324,
  "gcor": 0.0440151,
  "gsr_x": -0.018612412735819817,
  "gsr_y": 0.0013972228625789285,
  "provenance": {
    "md5sum": "3f96d054626bfd4fabf8b96438383b95",
    "settings": {
      "fd_thres": 0.2,
      "testing": false
    },
    "software": "mriqc",
    "version": "23.0.1",
    "webapi_port": null,
    "webapi_url": "https://mriqc.nimh.nih.gov/api/v1"
  },
  "size_t": 343,
  "size_x": 80,
  "size_y": 80,
  "size_z": 36,
  "snr": 5.217346847363909,
  "spacing_tr": 2.0,
  "spacing_x": 3.0,
  "spacing_y": 3.0,
  "spacing_z": 3.299999952316284,
  "summary_bg_k": 68.79140763226647,
  "summary_bg_mad": 160.63555082267652,
  "summary_bg_mean": 1023.8488159179688,
  "summary_bg_median": 142.92617797851562,
  "summary_bg_n": 165426.0,
  "summary_bg_p05": 13.2741117477417,
  "summary_bg_p95": 4643.3343505859375,
  "summary_bg_stdv": 3101.327880859375,
  "summary_fg_k": 2.1166302834460833,
  "summary_fg_mad": 9498.936855619279,
  "summary_fg_mean": 62960.1875,
  "summary_fg_median": 60554.359375,
  "summary_fg_n": 26584.0,
  "summary_fg_p05": 48912.816796875,
  "summary_fg_p95": 84688.85351562499,
  "summary_fg_stdv": 11606.1328125,
  "tsnr": 74.2254867553711
}