{
  "aor": 0.003194023323615161,
  "aqi": 0.009815804518950437,
  "bids_meta": {
    "AcquisitionNumber": 4,
    "BIDSVersion": "1.1.0",
    "BidsifyVersion": "0.3",
    "ConversionSoftware": "dcm2niix",
    "ConversionSoftwareVersion": "v1.0.20180622 GCC5.4.0",
    "EchoTime": 0.028,
    "EffectiveEchoSpacing": 0.0006909,
    "FlipAngle": 76.1,
    "ImageComments": "RepliSC",
    "ImageOrientationPatientDICOM": [
      0.99966,
      -0.0253645,
      -0.00596251,
      0.024082,
      0.986784,
      -0.160244
    ],
    "InstitutionName": "Spinoza Centre for Neuroimaging, location REC",
    "MagneticFieldStrength": 3,
    "Manufacturer": "Philips",
    "ParallelAcquisitionTechnique": "SENSE",
    "ParallelReductionFactorInPlane": 2,
    "PatientPosition": "HFS",
    "PhaseEncodingDirection": "j",
    "PhilipsRescaleIntercept": 0,
    "PhilipsRescaleSlope": 0.73846,
    "PhilipsScaleSlope": 0.0237327,
    "ProtocolName": "task-Tasteratingtask_acq-SeqMm3Tr2000_bold",
    "PulseSequenceType": "Gradient Echo EPI",
    "ReconMatrixPE": 80,
    "RepetitionTime": 2,
    "SeriesDescription": "ImageMRSERIES",
    "SeriesNumber": 4,
    "SliceEncodingDirection": "k",
    "SliceTiming": [
      0.0,
      0.05555555555555555,
      0.1111111111111111,
      0.16666666666666666,
      0.2222222222222222,
      0.2777777777777778,
      0.3333333333333333,
      0.38888888888888884,
      0.4444444444444444,
      0.5,
      0.5555555555555556,
      0.611111111111111,
      0.6666666666666666,
      0.7222222222222222,
      0.7777777777777777,
      0.8333333333333333,
      0.8888888888888888,
      0.9444444444444444,
      1.0,
      1.0555555555555556,
      1.1111111111111112,
      1.1666666666666665,
      1.222222222222222,
      1.2777777777777777,
      1.3333333333333333,
      1.3888888888888888,
      1.4444444444444444,
      1.5,
      1.5555555555555554,
      1.611111111111111,
      1.6666666666666665,
      1.722222222222222,
      1.7777777777777777,
      1.8333333333333333,
      1.8888888888888888,
      1.9444444444444444
    ],
    "TaskName": "Tasteratingtask",
    "TotalReadoutTime": 0.0269452,
    "UsePhilipsFloatNotDisplayScaling": 1,
    "WaterFatShift": 12.0,
    "acq_id": "SeqMm3Tr2000",
    "dataset": "ds002643",
    "modality": "bold",
    "subject_id": "021",
    "task_id": "Tasteratingtask"
  },
  "dummy_trs": 0,
  "dvars_nstd": 22.11060224792399,
  "dvars_std": 1.093341050672515,
  "dvars_vstd": 0.9627346464912276,
  "efc": 0.3728642130047854,
  "fber": 156833.046875,
  "fd_mean": 0.25834543319324904,
  "fd_num": 202,
  "fd_perc": 58.89212827988338,
  "fwhm_avg": 1.7962412201169702,
  "fwhm_x": 1.8249433333333334,
  "fwhm_y": 1.9037166666666667,
  "fwhm_z": 1.6600636603509102,
  "gcor": 0.0312808,
  "gsr_x": -0.01868477463722229,
  "gsr_y": 0.002309658331796527,
  "provenance": {
    "md5sum": "9042b583ce8baae40a026170a7477bfe",
    "settings": {
      "fd_thres": 0.2,
      "testing": false
    },
    "software": "mriqc",
    "version": "23.0.1",
    "webapi_port": null,
    "webapi_url": "https://mriqc.nimh.nih.gov/api/v1"
  },
  "size_t": 343,
  "size_x": 80,
  "size_y": 80,
  "size_z": 36,
  "snr": 5.143280900730401,
  "spacing_tr": 2.0,
  "spacing_x": 3.0,
  "spacing_y": 3.0,
  "spacing_z": 3.299999952316284,
  "summary_bg_k": 59.81387413647063,
  "summary_bg_mad": 171.3482233914562,
  "summary_bg_mean": 1051.146728515625,
  "summary_bg_median": 155.6002960205078,
  "summary_bg_n": 165300.0,
  "summary_bg_p05": 18.244643688201908,
  "summary_bg_p95": 4784.409521484375,
  "summary_bg_stdv": 3067.791748046875,
  "summary_fg_k": 1.7422703891230036,
  "summary_fg_mad": 9991.983173081215,
  "summary_fg_mean": 63747.47265625,
  "summary_fg_median": 61391.8125,
  "summary_fg_n": 26586.0,
  "summary_fg_p05": 49005.53515625,
  "summary_fg_p95": 86099.4296875,
  "summary_fg_stdv": 11936.0888671875,
  "tsnr": 55.62127685546875
}