{
  "aor": 0.004585481049562683,
  "aqi": 0.004934438104956269,
  "bids_meta": {
    "AcquisitionNumber": 3,
    "BIDSVersion": "1.1.0",
    "BidsifyVersion": "0.3",
    "ConversionSoftware": "dcm2niix",
    "ConversionSoftwareVersion": "v1.0.20180622 GCC5.4.0",
    "EchoTime": 0.028,
    "EffectiveEchoSpacing": 0.0006909,
    "FlipAngle": 76.1,
    "ImageComments": "RepliSC",
    "ImageOrientationPatientDICOM": [
      0.99966,
      -0.0253645,
      -0.00596251,
      0.024082,
      0.986784,
      -0.160244
    ],
    "InstitutionName": "Spinoza Centre for Neuroimaging, location REC",
    "MagneticFieldStrength": 3,
    "Manufacturer": "Philips",
    "ParallelAcquisitionTechnique": "SENSE",
    "ParallelReductionFactorInPlane": 2,
    "PatientPosition": "HFS",
    "PhaseEncodingDirection": "j",
    "PhilipsRescaleIntercept": 0,
    "PhilipsRescaleSlope": 0.81441,
    "PhilipsScaleSlope": 0.0221998,
    "ProtocolName": "task-Healthratingtask_acq-SeqMm3Tr2000_bold",
    "PulseSequenceType": "Gradient Echo EPI",
    "ReconMatrixPE": 80,
    "RepetitionTime": 2,
    "SeriesDescription": "ImageMRSERIES",
    "SeriesNumber": 3,
    "SliceEncodingDirection": "k",
    "SliceTiming": [
      0.0,
      0.05555555555555555,
      0.1111111111111111,
      0.16666666666666666,
      0.2222222222222222,
      0.2777777777777778,
      0.3333333333333333,
      0.38888888888888884,
      0.4444444444444444,
      0.5,
      0.5555555555555556,
      0.611111111111111,
      0.6666666666666666,
      0.7222222222222222,
      0.7777777777777777,
      0.8333333333333333,
      0.8888888888888888,
      0.9444444444444444,
      1.0,
      1.0555555555555556,
      1.1111111111111112,
      1.1666666666666665,
      1.222222222222222,
      1.2777777777777777,
      1.3333333333333333,
      1.3888888888888888,
      1.4444444444444444,
      1.5,
      1.5555555555555554,
      1.611111111111111,
      1.6666666666666665,
      1.722222222222222,
      1.7777777777777777,
      1.8333333333333333,
      1.8888888888888888,
      1.9444444444444444
    ],
    "TaskName": "Healthratingtask",
    "TotalReadoutTime": 0.0269452,
    "UsePhilipsFloatNotDisplayScaling": 1,
    "WaterFatShift": 12.0,
    "acq_id": "SeqMm3Tr2000",
    "dataset": "ds002643",
    "modality": "bold",
    "subject_id": "021",
    "task_id": "Healthratingtask"
  },
  "dummy_trs": 0,
  "dvars_nstd": 22.93082978447367,
  "dvars_std": 1.263115663157894,
  "dvars_vstd": 1.0224733138304094,
  "efc": 0.37277243630715046,
  "fber": 162182.4375,
  "fd_mean": 0.21993416467434243,
  "fd_num": 157,
  "fd_perc": 45.77259475218659,
  "fwhm_avg": 1.7994050586150478,
  "fwhm_x": 1.8142966666666667,
  "fwhm_y": 1.9001366666666666,
  "fwhm_z": 1.6837818425118105,
  "gcor": 0.0680796,
  "gsr_x": -0.019122423604130745,
  "gsr_y": 0.0021640413906425238,
  "provenance": {
    "md5sum": "182feddf48fcf6878c4ba1b7d40351a7",
    "settings": {
      "fd_thres": 0.2,
      "testing": false
    },
    "software": "mriqc",
    "version": "23.0.1",
    "webapi_port": null,
    "webapi_url": "https://mriqc.nimh.nih.gov/api/v1"
  },
  "size_t": 343,
  "size_x": 80,
  "size_y": 80,
  "size_z": 36,
  "snr": 5.044885429167897,
  "spacing_tr": 2.0,
  "spacing_x": 3.0,
  "spacing_y": 3.0,
  "spacing_z": 3.299999952316284,
  "summary_bg_k": 69.11415346242903,
  "summary_bg_mad": 163.60584537045378,
  "summary_bg_mean": 1037.5321044921875,
  "summary_bg_median": 148.61300659179688,
  "summary_bg_n": 165274.0,
  "summary_bg_p05": 14.983620882034302,
  "summary_bg_p95": 4600.341503906253,
  "summary_bg_stdv": 3142.97900390625,
  "summary_fg_k": 1.7976683607716133,
  "summary_fg_mad": 10005.219451871817,
  "summary_fg_mean": 62531.86328125,
  "summary_fg_median": 60148.8046875,
  "summary_fg_n": 26532.0,
  "summary_fg_p05": 47922.7142578125,
  "summary_fg_p95": 84828.59335937497,
  "summary_fg_stdv": 11922.5048828125,
  "tsnr": 71.80633544921875
}