{
  "aor": 0.0022758750000000006,
  "aqi": 0.0048384219583333336,
  "bids_meta": {
    "AcquisitionNumber": 7,
    "BIDSVersion": "1.1.0",
    "BidsifyVersion": "0.3",
    "ConversionSoftware": "dcm2niix",
    "ConversionSoftwareVersion": "v1.0.20180622 GCC5.4.0",
    "EchoTime": 0.028,
    "EffectiveEchoSpacing": 0.0006909,
    "FlipAngle": 76.1,
    "ImageComments": "RepliSC",
    "ImageOrientationPatientDICOM": [
      0.99966,
      -0.0253645,
      -0.00596251,
      0.024082,
      0.986784,
      -0.160244
    ],
    "InstitutionName": "Spinoza Centre for Neuroimaging, location REC",
    "MagneticFieldStrength": 3,
    "Manufacturer": "Philips",
    "ParallelAcquisitionTechnique": "SENSE",
    "ParallelReductionFactorInPlane": 2,
    "PatientPosition": "HFS",
    "PhaseEncodingDirection": "j",
    "PhilipsRescaleIntercept": 0,
    "PhilipsRescaleSlope": 0.79048,
    "PhilipsScaleSlope": 0.0237112,
    "ProtocolName": "task-RestingState_acq-SeqMm3Tr2000_bold",
    "PulseSequenceType": "Gradient Echo EPI",
    "ReconMatrixPE": 80,
    "RepetitionTime": 2,
    "SeriesDescription": "ImageMRSERIES",
    "SeriesNumber": 7,
    "SliceEncodingDirection": "k",
    "SliceTiming": [
      0.0,
      0.05555555555555555,
      0.1111111111111111,
      0.16666666666666666,
      0.2222222222222222,
      0.2777777777777778,
      0.3333333333333333,
      0.38888888888888884,
      0.4444444444444444,
      0.5,
      0.5555555555555556,
      0.611111111111111,
      0.6666666666666666,
      0.7222222222222222,
      0.7777777777777777,
      0.8333333333333333,
      0.8888888888888888,
      0.9444444444444444,
      1.0,
      1.0555555555555556,
      1.1111111111111112,
      1.1666666666666665,
      1.222222222222222,
      1.2777777777777777,
      1.3333333333333333,
      1.3888888888888888,
      1.4444444444444444,
      1.5,
      1.5555555555555554,
      1.611111111111111,
      1.6666666666666665,
      1.722222222222222,
      1.7777777777777777,
      1.8333333333333333,
      1.8888888888888888,
      1.9444444444444444
    ],
    "TaskName": "RestingState",
    "TotalReadoutTime": 0.0269452,
    "UsePhilipsFloatNotDisplayScaling": 1,
    "WaterFatShift": 12.0,
    "acq_id": "SeqMm3Tr2000",
    "dataset": "ds002643",
    "modality": "bold",
    "subject_id": "021",
    "task_id": "RestingState"
  },
  "dummy_trs": 0,
  "dvars_nstd": 20.634911477405858,
  "dvars_std": 1.2003334383682005,
  "dvars_vstd": 0.9878859966945606,
  "efc": 0.3737905480031765,
  "fber": 163630.21875,
  "fd_mean": 0.19734813764647216,
  "fd_num": 105,
  "fd_perc": 43.75,
  "fwhm_avg": 1.78546172523371,
  "fwhm_x": 1.7897100000000001,
  "fwhm_y": 1.89286,
  "fwhm_z": 1.6738151757011295,
  "gcor": 0.0307127,
  "gsr_x": -0.01878754049539566,
  "gsr_y": 0.0005715937004424632,
  "provenance": {
    "md5sum": "4cf10d1c4276afcd13abaf59d0ab56b4",
    "settings": {
      "fd_thres": 0.2,
      "testing": false
    },
    "software": "mriqc",
    "version": "23.0.1",
    "webapi_port": null,
    "webapi_url": "https://mriqc.nimh.nih.gov/api/v1"
  },
  "size_t": 240,
  "size_x": 80,
  "size_y": 80,
  "size_z": 36,
  "snr": 5.262579103224511,
  "spacing_tr": 2.0,
  "spacing_x": 3.0,
  "spacing_y": 3.0,
  "spacing_z": 3.299999952316284,
  "summary_bg_k": 59.792933100078514,
  "summary_bg_mad": 168.24010561117024,
  "summary_bg_mean": 1034.167236328125,
  "summary_bg_median": 147.84280395507812,
  "summary_bg_n": 165271.0,
  "summary_bg_p05": 12.191625118255615,
  "summary_bg_p95": 4740.9423828125,
  "summary_bg_stdv": 3100.747802734375,
  "summary_fg_k": 1.9958862063503027,
  "summary_fg_mad": 9326.028371886061,
  "summary_fg_mean": 62069.72265625,
  "summary_fg_median": 59728.5078125,
  "summary_fg_n": 26710.0,
  "summary_fg_p05": 48297.133203125,
  "summary_fg_p95": 83286.696875,
  "summary_fg_stdv": 11349.4521484375,
  "tsnr": 75.93863677978516
}