{
  "bids_meta": {
    "AcquisitionNumber": 2,
    "BIDSVersion": "1.1.0",
    "BidsifyVersion": "0.3",
    "ConversionSoftware": "dcm2niix",
    "ConversionSoftwareVersion": "v1.0.20180622 GCC5.4.0",
    "EchoTime": 0.00382,
    "ImageComments": "RepliSC",
    "ImageOrientationPatientDICOM": [
      0.997686,
      0.0373049,
      0.0568353,
      -0.0461771,
      0.985412,
      0.1638
    ],
    "InstitutionName": "Spinoza Centre for Neuroimaging, location REC",
    "InversionTime": 0.9,
    "MagneticFieldStrength": 3,
    "Manufacturer": "Philips",
    "ParallelAcquisitionTechnique": "SENSE",
    "PatientPosition": "HFS",
    "PhilipsRescaleIntercept": 0,
    "PhilipsRescaleSlope": 4.30965,
    "PhilipsScaleSlope": 0.00484935,
    "ProtocolName": "acq-AxialNsig1Mm1_T1w",
    "ReconMatrixPE": 240,
    "RepetitionTime": 0.008322,
    "SeriesDescription": "ImageMRSERIES",
    "SeriesNumber": 2,
    "UsePhilipsFloatNotDisplayScaling": 1,
    "acq_id": "AxialNsig1Mm1",
    "dataset": "ds002643",
    "modality": "T1w",
    "subject_id": "019"
  },
  "cjv": 0.25823855734001955,
  "cnr": 4.8818234171874675,
  "efc": 0.702565669915915,
  "fber": 22430.665741126384,
  "fwhm_avg": 4.0781434910955126,
  "fwhm_x": 4.051510241488829,
  "fwhm_y": 4.294,
  "fwhm_z": 3.888920231797709,
  "icvs_csf": 0.2304413690275056,
  "icvs_gm": 0.4509235402446442,
  "icvs_wm": 0.31863509072785023,
  "inu_med": 0.5748004913330078,
  "inu_range": 0.20645506680011744,
  "provenance": {
    "md5sum": "59eb10163e806ce96a99a88ea968c039",
    "settings": {
      "testing": false
    },
    "software": "mriqc",
    "version": "23.0.1",
    "warnings": {
      "large_rot_frame": true,
      "small_air_mask": false
    },
    "webapi_port": null,
    "webapi_url": "https://mriqc.nimh.nih.gov/api/v1"
  },
  "qi_1": 0.0,
  "qi_2": 3.563102740008171e-05,
  "rpve_csf": 25.434256450468766,
  "rpve_gm": 13.667092622445903,
  "rpve_wm": 22.05679082803618,
  "size_x": 240,
  "size_y": 240,
  "size_z": 220,
  "snr_csf": 1.8786460780812004,
  "snr_gm": 9.781428434340105,
  "snr_total": 12.01811902899972,
  "snr_wm": 24.394282574577854,
  "snrd_csf": 10.07304822373885,
  "snrd_gm": 32.484880827629645,
  "snrd_total": 31.52439188990259,
  "snrd_wm": 52.01524661833927,
  "spacing_x": 0.9999999403953552,
  "spacing_y": 1.0,
  "spacing_z": 0.9999999403953552,
  "summary_bg_k": 105.06289182745566,
  "summary_bg_mad": 0.0,
  "summary_bg_mean": 6.250624264876146,
  "summary_bg_median": 0.0,
  "summary_bg_n": 415419.0,
  "summary_bg_p05": 0.0,
  "summary_bg_p95": 26.707756116986275,
  "summary_bg_stdv": 12.595084272478053,
  "summary_csf_k": 0.3113409898852959,
  "summary_csf_mad": 107.18742523658958,
  "summary_csf_mean": 201.84569581329245,
  "summary_csf_median": 193.65568950027227,
  "summary_csf_n": 40438.0,
  "summary_csf_p05": 52.21708728000522,
  "summary_csf_p95": 385.3095201743767,
  "summary_csf_stdv": 103.0813080059556,
  "summary_gm_k": 0.5370644559513287,
  "summary_gm_mad": 59.79433836777274,
  "summary_gm_mean": 625.3386287644144,
  "summary_gm_median": 624.5261469297111,
  "summary_gm_n": 39310.0,
  "summary_gm_p05": 521.2035726586357,
  "summary_gm_p95": 730.9658489637077,
  "summary_gm_stdv": 63.84734167073813,
  "summary_wm_k": 1.0715637762588326,
  "summary_wm_mad": 37.1674935275725,
  "summary_wm_mean": 997.3268486384311,
  "summary_wm_median": 1000.000022303313,
  "summary_wm_n": 165778.0,
  "summary_wm_p05": 925.2574374191463,
  "summary_wm_p95": 1058.429353222251,
  "summary_wm_stdv": 40.99308939132655,
  "tpm_overlap_csf": 0.14658347534243818,
  "tpm_overlap_gm": 0.46995053453508234,
  "tpm_overlap_wm": 0.47364567602054625,
  "wm2max": 0.7200824219369155
}