{
  "aor": 0.0012794752186588922,
  "aqi": 0.004204085597667638,
  "bids_meta": {
    "AcquisitionNumber": 6,
    "BIDSVersion": "1.1.0",
    "BidsifyVersion": "0.3",
    "ConversionSoftware": "dcm2niix",
    "ConversionSoftwareVersion": "v1.0.20180622 GCC5.4.0",
    "EchoTime": 0.028,
    "EffectiveEchoSpacing": 0.0006909,
    "FlipAngle": 76.1,
    "ImageComments": "RepliSC",
    "ImageOrientationPatientDICOM": [
      0.999238,
      -0.0385112,
      0.00629203,
      0.0387362,
      0.959473,
      -0.279124
    ],
    "InstitutionName": "Spinoza Centre for Neuroimaging, location REC",
    "MagneticFieldStrength": 3,
    "Manufacturer": "Philips",
    "ParallelAcquisitionTechnique": "SENSE",
    "ParallelReductionFactorInPlane": 2,
    "PatientPosition": "HFS",
    "PhaseEncodingDirection": "j",
    "PhilipsRescaleIntercept": 0,
    "PhilipsRescaleSlope": 0.79292,
    "PhilipsScaleSlope": 0.021486,
    "ProtocolName": "task-Decisiontask_acq-SeqMm3Tr2000_bold",
    "PulseSequenceType": "Gradient Echo EPI",
    "ReconMatrixPE": 80,
    "RepetitionTime": 2,
    "SeriesDescription": "ImageMRSERIES",
    "SeriesNumber": 6,
    "SliceEncodingDirection": "k",
    "SliceTiming": [
      0.0,
      0.05555555555555555,
      0.1111111111111111,
      0.16666666666666666,
      0.2222222222222222,
      0.2777777777777778,
      0.3333333333333333,
      0.38888888888888884,
      0.4444444444444444,
      0.5,
      0.5555555555555556,
      0.611111111111111,
      0.6666666666666666,
      0.7222222222222222,
      0.7777777777777777,
      0.8333333333333333,
      0.8888888888888888,
      0.9444444444444444,
      1.0,
      1.0555555555555556,
      1.1111111111111112,
      1.1666666666666665,
      1.222222222222222,
      1.2777777777777777,
      1.3333333333333333,
      1.3888888888888888,
      1.4444444444444444,
      1.5,
      1.5555555555555554,
      1.611111111111111,
      1.6666666666666665,
      1.722222222222222,
      1.7777777777777777,
      1.8333333333333333,
      1.8888888888888888,
      1.9444444444444444
    ],
    "TaskName": "Decisiontask",
    "TotalReadoutTime": 0.0269452,
    "UsePhilipsFloatNotDisplayScaling": 1,
    "WaterFatShift": 12.0,
    "acq_id": "SeqMm3Tr2000",
    "dataset": "ds002643",
    "modality": "bold",
    "subject_id": "053",
    "task_id": "Decisiontask"
  },
  "dummy_trs": 0,
  "dvars_nstd": 20.556114754736836,
  "dvars_std": 1.210888239327486,
  "dvars_vstd": 1.0139736129532158,
  "efc": 0.45265651338669843,
  "fber": 81391.6484375,
  "fd_mean": 0.1338198074085904,
  "fd_num": 32,
  "fd_perc": 9.329446064139942,
  "fwhm_avg": 1.8242835435636149,
  "fwhm_x": 1.7815866666666667,
  "fwhm_y": 1.9867033333333335,
  "fwhm_z": 1.7045606306908438,
  "gcor": 0.044151,
  "gsr_x": -0.009458734653890133,
  "gsr_y": 0.012728206813335419,
  "provenance": {
    "md5sum": "9d182fa7670ecc126703fe8c8f1d8424",
    "settings": {
      "fd_thres": 0.2,
      "testing": false
    },
    "software": "mriqc",
    "version": "23.0.1",
    "webapi_port": null,
    "webapi_url": "https://mriqc.nimh.nih.gov/api/v1"
  },
  "size_t": 343,
  "size_x": 80,
  "size_y": 80,
  "size_z": 36,
  "snr": 6.123234559460409,
  "spacing_tr": 2.0,
  "spacing_x": 3.0,
  "spacing_y": 3.0,
  "spacing_z": 3.299999952316284,
  "summary_bg_k": 40.87498681008183,
  "summary_bg_mad": 250.81174389388406,
  "summary_bg_mean": 1835.261474609375,
  "summary_bg_median": 219.42770385742188,
  "summary_bg_n": 151580.0,
  "summary_bg_p05": 23.77692575454712,
  "summary_bg_p95": 10240.711523437476,
  "summary_bg_stdv": 4895.4140625,
  "summary_fg_k": 3.0066135414254394,
  "summary_fg_mad": 9352.196880184176,
  "summary_fg_mean": 65011.33984375,
  "summary_fg_median": 63695.53125,
  "summary_fg_n": 37731.0,
  "summary_fg_p05": 51526.748046875,
  "summary_fg_p95": 82064.140625,
  "summary_fg_stdv": 10402.130859375,
  "tsnr": 85.31002044677734
}