{
  "aor": 0.0015875510204081632,
  "aqi": 0.0056035295918367345,
  "bids_meta": {
    "AcquisitionNumber": 4,
    "BIDSVersion": "1.1.0",
    "BidsifyVersion": "0.3",
    "ConversionSoftware": "dcm2niix",
    "ConversionSoftwareVersion": "v1.0.20180622 GCC5.4.0",
    "EchoTime": 0.028,
    "EffectiveEchoSpacing": 0.0006909,
    "FlipAngle": 76.1,
    "ImageComments": "RepliSC",
    "ImageOrientationPatientDICOM": [
      0.999689,
      0.0144448,
      0.0203205,
      -0.00994561,
      0.97845,
      -0.206246
    ],
    "InstitutionName": "Spinoza Centre for Neuroimaging, location REC",
    "MagneticFieldStrength": 3,
    "Manufacturer": "Philips",
    "ParallelAcquisitionTechnique": "SENSE",
    "ParallelReductionFactorInPlane": 2,
    "PatientPosition": "HFS",
    "PhaseEncodingDirection": "j",
    "PhilipsRescaleIntercept": 0,
    "PhilipsRescaleSlope": 0.76313,
    "PhilipsScaleSlope": 0.0226675,
    "ProtocolName": "ses-01_task-Tasteratingtask-SeqMm3_bold",
    "PulseSequenceType": "Gradient Echo EPI",
    "ReconMatrixPE": 80,
    "RepetitionTime": 2,
    "SeriesDescription": "ImageMRSERIES",
    "SeriesNumber": 4,
    "SliceEncodingDirection": "k",
    "SliceTiming": [
      0.0,
      0.05555555555555555,
      0.1111111111111111,
      0.16666666666666666,
      0.2222222222222222,
      0.2777777777777778,
      0.3333333333333333,
      0.38888888888888884,
      0.4444444444444444,
      0.5,
      0.5555555555555556,
      0.611111111111111,
      0.6666666666666666,
      0.7222222222222222,
      0.7777777777777777,
      0.8333333333333333,
      0.8888888888888888,
      0.9444444444444444,
      1.0,
      1.0555555555555556,
      1.1111111111111112,
      1.1666666666666665,
      1.222222222222222,
      1.2777777777777777,
      1.3333333333333333,
      1.3888888888888888,
      1.4444444444444444,
      1.5,
      1.5555555555555554,
      1.611111111111111,
      1.6666666666666665,
      1.722222222222222,
      1.7777777777777777,
      1.8333333333333333,
      1.8888888888888888,
      1.9444444444444444
    ],
    "TaskName": "Tasteratingtask",
    "TotalReadoutTime": 0.0269452,
    "UsePhilipsFloatNotDisplayScaling": 1,
    "WaterFatShift": 12.0,
    "acq_id": "SeqMm3Tr2000",
    "dataset": "ds002643",
    "modality": "bold",
    "subject_id": "006",
    "task_id": "Tasteratingtask"
  },
  "dummy_trs": 0,
  "dvars_nstd": 23.812100265467816,
  "dvars_std": 1.3716624540350877,
  "dvars_vstd": 1.001389400380117,
  "efc": 0.41577220830912964,
  "fber": 182018.046875,
  "fd_mean": 0.13362094099903715,
  "fd_num": 38,
  "fd_perc": 11.078717201166182,
  "fwhm_avg": 1.8376276850031668,
  "fwhm_x": 1.8068166666666665,
  "fwhm_y": 1.99623,
  "fwhm_z": 1.709836388342834,
  "gcor": 0.0426449,
  "gsr_x": -0.018734818324446678,
  "gsr_y": 0.010528646409511566,
  "provenance": {
    "md5sum": "5503945204d68bc1930db816e14f7446",
    "settings": {
      "fd_thres": 0.2,
      "testing": false
    },
    "software": "mriqc",
    "version": "23.0.1",
    "webapi_port": null,
    "webapi_url": "https://mriqc.nimh.nih.gov/api/v1"
  },
  "size_t": 343,
  "size_x": 80,
  "size_y": 80,
  "size_z": 36,
  "snr": 7.005486972678871,
  "spacing_tr": 2.0,
  "spacing_x": 3.0,
  "spacing_y": 3.0,
  "spacing_z": 3.299999952316284,
  "summary_bg_k": 87.49077303757866,
  "summary_bg_mad": 176.1777544203549,
  "summary_bg_mean": 1157.7056884765625,
  "summary_bg_median": 163.02154541015625,
  "summary_bg_n": 155992.0,
  "summary_bg_p05": 11.840125799179079,
  "summary_bg_p95": 5785.7663085937465,
  "summary_bg_stdv": 3405.48583984375,
  "summary_fg_k": 1.6754055332453204,
  "summary_fg_mad": 9212.507952409353,
  "summary_fg_mean": 73104.6171875,
  "summary_fg_median": 71724.0625,
  "summary_fg_n": 34082.0,
  "summary_fg_p05": 59369.704296875,
  "summary_fg_p95": 91172.87656249998,
  "summary_fg_stdv": 10238.119140625,
  "tsnr": 87.97124481201172
}