{
  "aor": 0.0012333819241982507,
  "aqi": 0.005915558979591837,
  "bids_meta": {
    "AcquisitionNumber": 3,
    "BIDSVersion": "1.1.0",
    "BidsifyVersion": "0.3",
    "ConversionSoftware": "dcm2niix",
    "ConversionSoftwareVersion": "v1.0.20180622 GCC5.4.0",
    "EchoTime": 0.028,
    "EffectiveEchoSpacing": 0.0006909,
    "FlipAngle": 76.1,
    "ImageComments": "RepliSC",
    "ImageOrientationPatientDICOM": [
      0.999689,
      0.0144448,
      0.0203205,
      -0.00994561,
      0.97845,
      -0.206246
    ],
    "InstitutionName": "Spinoza Centre for Neuroimaging, location REC",
    "MagneticFieldStrength": 3,
    "Manufacturer": "Philips",
    "ParallelAcquisitionTechnique": "SENSE",
    "ParallelReductionFactorInPlane": 2,
    "PatientPosition": "HFS",
    "PhaseEncodingDirection": "j",
    "PhilipsRescaleIntercept": 0,
    "PhilipsRescaleSlope": 0.77729,
    "PhilipsScaleSlope": 0.0215851,
    "ProtocolName": "ses-01_task-Healthratingtask-SeqMm3_bold",
    "PulseSequenceType": "Gradient Echo EPI",
    "ReconMatrixPE": 80,
    "RepetitionTime": 2,
    "SeriesDescription": "ImageMRSERIES",
    "SeriesNumber": 3,
    "SliceEncodingDirection": "k",
    "SliceTiming": [
      0.0,
      0.05555555555555555,
      0.1111111111111111,
      0.16666666666666666,
      0.2222222222222222,
      0.2777777777777778,
      0.3333333333333333,
      0.38888888888888884,
      0.4444444444444444,
      0.5,
      0.5555555555555556,
      0.611111111111111,
      0.6666666666666666,
      0.7222222222222222,
      0.7777777777777777,
      0.8333333333333333,
      0.8888888888888888,
      0.9444444444444444,
      1.0,
      1.0555555555555556,
      1.1111111111111112,
      1.1666666666666665,
      1.222222222222222,
      1.2777777777777777,
      1.3333333333333333,
      1.3888888888888888,
      1.4444444444444444,
      1.5,
      1.5555555555555554,
      1.611111111111111,
      1.6666666666666665,
      1.722222222222222,
      1.7777777777777777,
      1.8333333333333333,
      1.8888888888888888,
      1.9444444444444444
    ],
    "TaskName": "Healthratingtask",
    "TotalReadoutTime": 0.0269452,
    "UsePhilipsFloatNotDisplayScaling": 1,
    "WaterFatShift": 12.0,
    "acq_id": "SeqMm3Tr2000",
    "dataset": "ds002643",
    "modality": "bold",
    "subject_id": "006",
    "task_id": "Healthratingtask"
  },
  "dummy_trs": 0,
  "dvars_nstd": 22.79771783616959,
  "dvars_std": 1.3344538720760228,
  "dvars_vstd": 0.9825393166081875,
  "efc": 0.41472616815664193,
  "fber": 181706.8125,
  "fd_mean": 0.12996215363949018,
  "fd_num": 27,
  "fd_perc": 7.871720116618076,
  "fwhm_avg": 1.8410250587690165,
  "fwhm_x": 1.8060333333333334,
  "fwhm_y": 2.0012933333333334,
  "fwhm_z": 1.7157485096403833,
  "gcor": 0.0367304,
  "gsr_x": -0.018778100609779358,
  "gsr_y": 0.009891835041344166,
  "provenance": {
    "md5sum": "221643f6c21d998dfe1874899d6c600b",
    "settings": {
      "fd_thres": 0.2,
      "testing": false
    },
    "software": "mriqc",
    "version": "23.0.1",
    "webapi_port": null,
    "webapi_url": "https://mriqc.nimh.nih.gov/api/v1"
  },
  "size_t": 343,
  "size_x": 80,
  "size_y": 80,
  "size_z": 36,
  "snr": 6.9048351086870365,
  "spacing_tr": 2.0,
  "spacing_x": 3.0,
  "spacing_y": 3.0,
  "spacing_z": 3.299999952316284,
  "summary_bg_k": 76.8246902935024,
  "summary_bg_mad": 179.4463351147012,
  "summary_bg_mean": 1153.5147705078125,
  "summary_bg_median": 166.048583984375,
  "summary_bg_n": 156105.0,
  "summary_bg_p05": 11.944863891601566,
  "summary_bg_p95": 5662.192968749996,
  "summary_bg_stdv": 3373.608642578125,
  "summary_fg_k": 1.7890438104769952,
  "summary_fg_mad": 9571.772585310822,
  "summary_fg_mean": 74481.2734375,
  "summary_fg_median": 73080.328125,
  "summary_fg_n": 33920.0,
  "summary_fg_p05": 60290.118359375,
  "summary_fg_p95": 93209.06015625,
  "summary_fg_stdv": 10583.779296875,
  "tsnr": 87.43162536621094
}