{
  "aor": 0.0013796501457725946,
  "aqi": 0.004089282244897959,
  "bids_meta": {
    "AcquisitionNumber": 6,
    "BIDSVersion": "1.1.0",
    "BidsifyVersion": "0.3",
    "ConversionSoftware": "dcm2niix",
    "ConversionSoftwareVersion": "v1.0.20180622 GCC5.4.0",
    "EchoTime": 0.028,
    "EffectiveEchoSpacing": 0.0006909,
    "FlipAngle": 76.1,
    "ImageComments": "RepliSC",
    "ImageOrientationPatientDICOM": [
      0.999689,
      0.0144448,
      0.0203205,
      -0.00994561,
      0.97845,
      -0.206246
    ],
    "InstitutionName": "Spinoza Centre for Neuroimaging, location REC",
    "MagneticFieldStrength": 3,
    "Manufacturer": "Philips",
    "ParallelAcquisitionTechnique": "SENSE",
    "ParallelReductionFactorInPlane": 2,
    "PatientPosition": "HFS",
    "PhaseEncodingDirection": "j",
    "PhilipsRescaleIntercept": 0,
    "PhilipsRescaleSlope": 0.80415,
    "PhilipsScaleSlope": 0.0208724,
    "ProtocolName": "ses-01_task-Decisiontask-SeqMm3_bold",
    "PulseSequenceType": "Gradient Echo EPI",
    "ReconMatrixPE": 80,
    "RepetitionTime": 2,
    "SeriesDescription": "ImageMRSERIES",
    "SeriesNumber": 6,
    "SliceEncodingDirection": "k",
    "SliceTiming": [
      0.0,
      0.05555555555555555,
      0.1111111111111111,
      0.16666666666666666,
      0.2222222222222222,
      0.2777777777777778,
      0.3333333333333333,
      0.38888888888888884,
      0.4444444444444444,
      0.5,
      0.5555555555555556,
      0.611111111111111,
      0.6666666666666666,
      0.7222222222222222,
      0.7777777777777777,
      0.8333333333333333,
      0.8888888888888888,
      0.9444444444444444,
      1.0,
      1.0555555555555556,
      1.1111111111111112,
      1.1666666666666665,
      1.222222222222222,
      1.2777777777777777,
      1.3333333333333333,
      1.3888888888888888,
      1.4444444444444444,
      1.5,
      1.5555555555555554,
      1.611111111111111,
      1.6666666666666665,
      1.722222222222222,
      1.7777777777777777,
      1.8333333333333333,
      1.8888888888888888,
      1.9444444444444444
    ],
    "TaskName": "Decisiontask",
    "TotalReadoutTime": 0.0269452,
    "UsePhilipsFloatNotDisplayScaling": 1,
    "WaterFatShift": 12.0,
    "acq_id": "SeqMm3Tr2000",
    "dataset": "ds002643",
    "modality": "bold",
    "subject_id": "006",
    "task_id": "Decisiontask"
  },
  "dummy_trs": 0,
  "dvars_nstd": 23.525905865497084,
  "dvars_std": 1.3751734529824564,
  "dvars_vstd": 1.0055422226315789,
  "efc": 0.4155280608733655,
  "fber": 174033.875,
  "fd_mean": 0.13846921238652424,
  "fd_num": 37,
  "fd_perc": 10.787172011661808,
  "fwhm_avg": 1.848550109341893,
  "fwhm_x": 1.80324,
  "fwhm_y": 2.0125800000000003,
  "fwhm_z": 1.7298303280256782,
  "gcor": 0.036401,
  "gsr_x": -0.018483160063624382,
  "gsr_y": 0.010140499100089073,
  "provenance": {
    "md5sum": "04ca1fa0fc17f51213af76e6d3cc80dc",
    "settings": {
      "fd_thres": 0.2,
      "testing": false
    },
    "software": "mriqc",
    "version": "23.0.1",
    "webapi_port": null,
    "webapi_url": "https://mriqc.nimh.nih.gov/api/v1"
  },
  "size_t": 343,
  "size_x": 80,
  "size_y": 80,
  "size_z": 36,
  "snr": 6.971036829285268,
  "spacing_tr": 2.0,
  "spacing_x": 3.0,
  "spacing_y": 3.0,
  "spacing_z": 3.299999952316284,
  "summary_bg_k": 82.02326515943336,
  "summary_bg_mad": 193.72024995199982,
  "summary_bg_mean": 1167.8046875,
  "summary_bg_median": 170.07012939453125,
  "summary_bg_n": 156007.0,
  "summary_bg_p05": 8.422548866271972,
  "summary_bg_p95": 5939.480566406249,
  "summary_bg_stdv": 3386.610595703125,
  "summary_fg_k": 1.9111102856538436,
  "summary_fg_mad": 9319.243729311924,
  "summary_fg_mean": 74275.6328125,
  "summary_fg_median": 72890.078125,
  "summary_fg_n": 34163.0,
  "summary_fg_p05": 60218.590625,
  "summary_fg_p95": 92394.9125,
  "summary_fg_stdv": 10455.978515625,
  "tsnr": 103.33488464355469
}