{
  "aor": 0.000886588921282799,
  "aqi": 0.004987758104956269,
  "bids_meta": {
    "AcquisitionNumber": 6,
    "BIDSVersion": "1.1.0",
    "BidsifyVersion": "0.3",
    "ConversionSoftware": "dcm2niix",
    "ConversionSoftwareVersion": "v1.0.20180622 GCC5.4.0",
    "EchoTime": 0.028,
    "EffectiveEchoSpacing": 0.0006909,
    "FlipAngle": 76.1,
    "ImageComments": "RepliSC",
    "ImageOrientationPatientDICOM": [
      0.999888,
      -0.0127284,
      -0.0078224,
      0.00907495,
      0.933378,
      -0.35878
    ],
    "InstitutionName": "Spinoza Centre for Neuroimaging, location REC",
    "MagneticFieldStrength": 3,
    "Manufacturer": "Philips",
    "ParallelAcquisitionTechnique": "SENSE",
    "ParallelReductionFactorInPlane": 2,
    "PatientPosition": "HFS",
    "PhaseEncodingDirection": "j",
    "PhilipsRescaleIntercept": 0,
    "PhilipsRescaleSlope": 0.76313,
    "PhilipsScaleSlope": 0.0237914,
    "ProtocolName": "task-Decisiontask_acq-SeqMm3Tr2000_bold",
    "PulseSequenceType": "Gradient Echo EPI",
    "ReconMatrixPE": 80,
    "RepetitionTime": 2,
    "SeriesDescription": "ImageMRSERIES",
    "SeriesNumber": 6,
    "SliceEncodingDirection": "k",
    "SliceTiming": [
      0.0,
      0.05555555555555555,
      0.1111111111111111,
      0.16666666666666666,
      0.2222222222222222,
      0.2777777777777778,
      0.3333333333333333,
      0.38888888888888884,
      0.4444444444444444,
      0.5,
      0.5555555555555556,
      0.611111111111111,
      0.6666666666666666,
      0.7222222222222222,
      0.7777777777777777,
      0.8333333333333333,
      0.8888888888888888,
      0.9444444444444444,
      1.0,
      1.0555555555555556,
      1.1111111111111112,
      1.1666666666666665,
      1.222222222222222,
      1.2777777777777777,
      1.3333333333333333,
      1.3888888888888888,
      1.4444444444444444,
      1.5,
      1.5555555555555554,
      1.611111111111111,
      1.6666666666666665,
      1.722222222222222,
      1.7777777777777777,
      1.8333333333333333,
      1.8888888888888888,
      1.9444444444444444
    ],
    "TaskName": "Decisiontask",
    "TotalReadoutTime": 0.0269452,
    "UsePhilipsFloatNotDisplayScaling": 1,
    "WaterFatShift": 12.0,
    "acq_id": "SeqMm3Tr2000",
    "dataset": "ds002643",
    "modality": "bold",
    "subject_id": "061",
    "task_id": "Decisiontask"
  },
  "dummy_trs": 0,
  "dvars_nstd": 22.779713859269023,
  "dvars_std": 1.1557571188888893,
  "dvars_vstd": 1.0011323994152037,
  "efc": 0.43165888648546796,
  "fber": 119747.9375,
  "fd_mean": 0.14194015849000205,
  "fd_num": 38,
  "fd_perc": 11.078717201166182,
  "fwhm_avg": 1.8202435435287752,
  "fwhm_x": 1.75101,
  "fwhm_y": 2.0123933333333333,
  "fwhm_z": 1.6973272972529918,
  "gcor": 0.0315959,
  "gsr_x": -0.022594761103391647,
  "gsr_y": 0.0143336346372962,
  "provenance": {
    "md5sum": "bda98393d451b89eaa4b4c67ab236810",
    "settings": {
      "fd_thres": 0.2,
      "testing": false
    },
    "software": "mriqc",
    "version": "23.0.1",
    "webapi_port": null,
    "webapi_url": "https://mriqc.nimh.nih.gov/api/v1"
  },
  "size_t": 343,
  "size_x": 80,
  "size_y": 80,
  "size_z": 36,
  "snr": 5.984246073466076,
  "spacing_tr": 2.0,
  "spacing_x": 3.0,
  "spacing_y": 3.0,
  "spacing_z": 3.299999952316284,
  "summary_bg_k": 35.237798284361496,
  "summary_bg_mad": 206.31620129175258,
  "summary_bg_mean": 1759.534423828125,
  "summary_bg_median": 169.3259735107422,
  "summary_bg_n": 156935.0,
  "summary_bg_p05": 10.437780475616456,
  "summary_bg_p95": 9851.455957031243,
  "summary_bg_stdv": 4542.89794921875,
  "summary_fg_k": 2.505231120558407,
  "summary_fg_mad": 8671.450805293465,
  "summary_fg_mean": 61017.6640625,
  "summary_fg_median": 59582.88671875,
  "summary_fg_n": 33158.0,
  "summary_fg_p05": 48229.0140625,
  "summary_fg_p95": 78281.749609375,
  "summary_fg_stdv": 9956.4736328125,
  "tsnr": 76.52436065673828
}