{
  "aor": 0.0009037609329446064,
  "aqi": 0.004655330349854227,
  "bids_meta": {
    "AcquisitionNumber": 4,
    "BIDSVersion": "1.1.0",
    "BidsifyVersion": "0.3",
    "ConversionSoftware": "dcm2niix",
    "ConversionSoftwareVersion": "v1.0.20180622 GCC5.4.0",
    "EchoTime": 0.028,
    "EffectiveEchoSpacing": 0.0006909,
    "FlipAngle": 76.1,
    "ImageComments": "RepliSC",
    "ImageOrientationPatientDICOM": [
      0.999888,
      -0.0127284,
      -0.0078224,
      0.00907495,
      0.933378,
      -0.35878
    ],
    "InstitutionName": "Spinoza Centre for Neuroimaging, location REC",
    "MagneticFieldStrength": 3,
    "Manufacturer": "Philips",
    "ParallelAcquisitionTechnique": "SENSE",
    "ParallelReductionFactorInPlane": 2,
    "PatientPosition": "HFS",
    "PhaseEncodingDirection": "j",
    "PhilipsRescaleIntercept": 0,
    "PhilipsRescaleSlope": 0.77167,
    "PhilipsScaleSlope": 0.023343,
    "ProtocolName": "task-Tasteratingtask_acq-SeqMm3Tr2000_bold",
    "PulseSequenceType": "Gradient Echo EPI",
    "ReconMatrixPE": 80,
    "RepetitionTime": 2,
    "SeriesDescription": "ImageMRSERIES",
    "SeriesNumber": 4,
    "SliceEncodingDirection": "k",
    "SliceTiming": [
      0.0,
      0.05555555555555555,
      0.1111111111111111,
      0.16666666666666666,
      0.2222222222222222,
      0.2777777777777778,
      0.3333333333333333,
      0.38888888888888884,
      0.4444444444444444,
      0.5,
      0.5555555555555556,
      0.611111111111111,
      0.6666666666666666,
      0.7222222222222222,
      0.7777777777777777,
      0.8333333333333333,
      0.8888888888888888,
      0.9444444444444444,
      1.0,
      1.0555555555555556,
      1.1111111111111112,
      1.1666666666666665,
      1.222222222222222,
      1.2777777777777777,
      1.3333333333333333,
      1.3888888888888888,
      1.4444444444444444,
      1.5,
      1.5555555555555554,
      1.611111111111111,
      1.6666666666666665,
      1.722222222222222,
      1.7777777777777777,
      1.8333333333333333,
      1.8888888888888888,
      1.9444444444444444
    ],
    "TaskName": "Tasteratingtask",
    "TotalReadoutTime": 0.0269452,
    "UsePhilipsFloatNotDisplayScaling": 1,
    "WaterFatShift": 12.0,
    "acq_id": "SeqMm3Tr2000",
    "dataset": "ds002643",
    "modality": "bold",
    "subject_id": "061",
    "task_id": "Tasteratingtask"
  },
  "dummy_trs": 0,
  "dvars_nstd": 22.428477789181272,
  "dvars_std": 1.1550380712865498,
  "dvars_vstd": 1.0033648869298244,
  "efc": 0.4306460062259767,
  "fber": 121339.3515625,
  "fd_mean": 0.1341438180308644,
  "fd_num": 30,
  "fd_perc": 8.746355685131196,
  "fwhm_avg": 1.812337684873281,
  "fwhm_x": 1.7477066666666667,
  "fwhm_y": 2.0064366666666666,
  "fwhm_z": 1.6828697212865096,
  "gcor": 0.0247469,
  "gsr_x": -0.0225969310849905,
  "gsr_y": 0.014609433710575104,
  "provenance": {
    "md5sum": "cc28f9813b0cef3f91d7d0c9ce92c9d1",
    "settings": {
      "fd_thres": 0.2,
      "testing": false
    },
    "software": "mriqc",
    "version": "23.0.1",
    "webapi_port": null,
    "webapi_url": "https://mriqc.nimh.nih.gov/api/v1"
  },
  "size_t": 343,
  "size_x": 80,
  "size_y": 80,
  "size_z": 36,
  "snr": 5.959606154681474,
  "spacing_tr": 2.0,
  "spacing_x": 3.0,
  "spacing_y": 3.0,
  "spacing_z": 3.299999952316284,
  "summary_bg_k": 36.28922223485011,
  "summary_bg_mad": 205.43042445800378,
  "summary_bg_mean": 1730.3179931640625,
  "summary_bg_median": 168.34173583984375,
  "summary_bg_n": 156980.0,
  "summary_bg_p05": 9.827379608154297,
  "summary_bg_p95": 9588.955273437496,
  "summary_bg_stdv": 4482.75830078125,
  "summary_fg_k": 2.6029493669741903,
  "summary_fg_mad": 8714.14801176195,
  "summary_fg_mean": 61186.921875,
  "summary_fg_median": 59735.140625,
  "summary_fg_n": 33100.0,
  "summary_fg_p05": 48357.4625,
  "summary_fg_p95": 78430.064453125,
  "summary_fg_stdv": 10023.185546875,
  "tsnr": 78.15151977539062
}