{
  "aor": 0.001700553935860058,
  "aqi": 0.008168829562682218,
  "bids_meta": {
    "AcquisitionNumber": 4,
    "BIDSVersion": "1.1.0",
    "BidsifyVersion": "0.3",
    "ConversionSoftware": "dcm2niix",
    "ConversionSoftwareVersion": "v1.0.20180622 GCC5.4.0",
    "EchoTime": 0.028,
    "EffectiveEchoSpacing": 0.0006909,
    "FlipAngle": 76.1,
    "ImageComments": "RepliSC",
    "ImageOrientationPatientDICOM": [
      0.999787,
      0.00727225,
      0.0192926,
      -0.00540942,
      0.995471,
      -0.0949091
    ],
    "InstitutionName": "Spinoza Centre for Neuroimaging, location REC",
    "MagneticFieldStrength": 3,
    "Manufacturer": "Philips",
    "ParallelAcquisitionTechnique": "SENSE",
    "ParallelReductionFactorInPlane": 2,
    "PatientPosition": "HFS",
    "PhaseEncodingDirection": "j",
    "PhilipsRescaleIntercept": 0,
    "PhilipsRescaleSlope": 0.77973,
    "PhilipsScaleSlope": 0.0222335,
    "ProtocolName": "task-Tasteratingtask_acq-SeqMm3Tr2000_bold",
    "PulseSequenceType": "Gradient Echo EPI",
    "ReconMatrixPE": 80,
    "RepetitionTime": 2,
    "SeriesDescription": "ImageMRSERIES",
    "SeriesNumber": 4,
    "SliceEncodingDirection": "k",
    "SliceTiming": [
      0.0,
      0.05555555555555555,
      0.1111111111111111,
      0.16666666666666666,
      0.2222222222222222,
      0.2777777777777778,
      0.3333333333333333,
      0.38888888888888884,
      0.4444444444444444,
      0.5,
      0.5555555555555556,
      0.611111111111111,
      0.6666666666666666,
      0.7222222222222222,
      0.7777777777777777,
      0.8333333333333333,
      0.8888888888888888,
      0.9444444444444444,
      1.0,
      1.0555555555555556,
      1.1111111111111112,
      1.1666666666666665,
      1.222222222222222,
      1.2777777777777777,
      1.3333333333333333,
      1.3888888888888888,
      1.4444444444444444,
      1.5,
      1.5555555555555554,
      1.611111111111111,
      1.6666666666666665,
      1.722222222222222,
      1.7777777777777777,
      1.8333333333333333,
      1.8888888888888888,
      1.9444444444444444
    ],
    "TaskName": "Tasteratingtask",
    "TotalReadoutTime": 0.0269452,
    "UsePhilipsFloatNotDisplayScaling": 1,
    "WaterFatShift": 12.0,
    "acq_id": "SeqMm3Tr2000",
    "dataset": "ds002643",
    "modality": "bold",
    "subject_id": "029",
    "task_id": "Tasteratingtask"
  },
  "dummy_trs": 0,
  "dvars_nstd": 17.686326196695905,
  "dvars_std": 1.1067770437426907,
  "dvars_vstd": 0.9759502108479531,
  "efc": 0.4194211558883932,
  "fber": 96933.9453125,
  "fd_mean": 0.12197839645175343,
  "fd_num": 22,
  "fd_perc": 6.41399416909621,
  "fwhm_avg": 1.8289507153405988,
  "fwhm_x": 1.8103266666666666,
  "fwhm_y": 1.9595466666666665,
  "fwhm_z": 1.7169788126884635,
  "gcor": 0.0312939,
  "gsr_x": -0.01216553058475256,
  "gsr_y": 0.01186568196862936,
  "provenance": {
    "md5sum": "6fd06a8b7b926783c450a48c44758aa8",
    "settings": {
      "fd_thres": 0.2,
      "testing": false
    },
    "software": "mriqc",
    "version": "23.0.1",
    "webapi_port": null,
    "webapi_url": "https://mriqc.nimh.nih.gov/api/v1"
  },
  "size_t": 343,
  "size_x": 80,
  "size_y": 80,
  "size_z": 36,
  "snr": 5.4106803178778895,
  "spacing_tr": 2.0,
  "spacing_x": 3.0,
  "spacing_y": 3.0,
  "spacing_z": 3.299999952316284,
  "summary_bg_k": 136.7166378680265,
  "summary_bg_mad": 226.35455063018932,
  "summary_bg_mean": 1244.4466552734375,
  "summary_bg_median": 200.51246643066406,
  "summary_bg_n": 156083.0,
  "summary_bg_p05": 21.557112312316896,
  "summary_bg_p95": 5985.228369140619,
  "summary_bg_stdv": 3710.50244140625,
  "summary_fg_k": 2.614192220746723,
  "summary_fg_mad": 9777.556035814927,
  "summary_fg_mean": 64356.94921875,
  "summary_fg_median": 62447.18359375,
  "summary_fg_n": 34902.0,
  "summary_fg_p05": 49813.7298828125,
  "summary_fg_p95": 85344.50703125,
  "summary_fg_stdv": 11541.30078125,
  "tsnr": 72.78044891357422
}