{
  "aor": 0.0016552478134110786,
  "aqi": 0.009307083615160349,
  "bids_meta": {
    "AcquisitionNumber": 3,
    "BIDSVersion": "1.1.0",
    "BidsifyVersion": "0.3",
    "ConversionSoftware": "dcm2niix",
    "ConversionSoftwareVersion": "v1.0.20180622 GCC5.4.0",
    "EchoTime": 0.028,
    "EffectiveEchoSpacing": 0.0006909,
    "FlipAngle": 76.1,
    "ImageComments": "RepliSC",
    "ImageOrientationPatientDICOM": [
      0.999787,
      0.00727225,
      0.0192926,
      -0.00540942,
      0.995471,
      -0.0949091
    ],
    "InstitutionName": "Spinoza Centre for Neuroimaging, location REC",
    "MagneticFieldStrength": 3,
    "Manufacturer": "Philips",
    "ParallelAcquisitionTechnique": "SENSE",
    "ParallelReductionFactorInPlane": 2,
    "PatientPosition": "HFS",
    "PhaseEncodingDirection": "j",
    "PhilipsRescaleIntercept": 0,
    "PhilipsRescaleSlope": 0.74799,
    "PhilipsScaleSlope": 0.0237846,
    "ProtocolName": "task-Healthratingtask_acq-SeqMm3Tr2000_bold",
    "PulseSequenceType": "Gradient Echo EPI",
    "ReconMatrixPE": 80,
    "RepetitionTime": 2,
    "SeriesDescription": "ImageMRSERIES",
    "SeriesNumber": 3,
    "SliceEncodingDirection": "k",
    "SliceTiming": [
      0.0,
      0.05555555555555555,
      0.1111111111111111,
      0.16666666666666666,
      0.2222222222222222,
      0.2777777777777778,
      0.3333333333333333,
      0.38888888888888884,
      0.4444444444444444,
      0.5,
      0.5555555555555556,
      0.611111111111111,
      0.6666666666666666,
      0.7222222222222222,
      0.7777777777777777,
      0.8333333333333333,
      0.8888888888888888,
      0.9444444444444444,
      1.0,
      1.0555555555555556,
      1.1111111111111112,
      1.1666666666666665,
      1.222222222222222,
      1.2777777777777777,
      1.3333333333333333,
      1.3888888888888888,
      1.4444444444444444,
      1.5,
      1.5555555555555554,
      1.611111111111111,
      1.6666666666666665,
      1.722222222222222,
      1.7777777777777777,
      1.8333333333333333,
      1.8888888888888888,
      1.9444444444444444
    ],
    "TaskName": "Healthratingtask",
    "TotalReadoutTime": 0.0269452,
    "UsePhilipsFloatNotDisplayScaling": 1,
    "WaterFatShift": 12.0,
    "acq_id": "SeqMm3Tr2000",
    "dataset": "ds002643",
    "modality": "bold",
    "subject_id": "029",
    "task_id": "Healthratingtask"
  },
  "dummy_trs": 0,
  "dvars_nstd": 18.568620040321637,
  "dvars_std": 1.1320001889473683,
  "dvars_vstd": 0.9700244834795322,
  "efc": 0.4184072870109741,
  "fber": 95362.453125,
  "fd_mean": 0.12198023134770924,
  "fd_num": 27,
  "fd_perc": 7.871720116618076,
  "fwhm_avg": 1.8514110183633123,
  "fwhm_x": 1.8383433333333334,
  "fwhm_y": 2.0004866666666667,
  "fwhm_z": 1.7154030550899368,
  "gcor": 0.0192875,
  "gsr_x": -0.012026996351778507,
  "gsr_y": 0.010696723125874996,
  "provenance": {
    "md5sum": "b159d664a38bb521685ec0a3c4e110d5",
    "settings": {
      "fd_thres": 0.2,
      "testing": false
    },
    "software": "mriqc",
    "version": "23.0.1",
    "webapi_port": null,
    "webapi_url": "https://mriqc.nimh.nih.gov/api/v1"
  },
  "size_t": 343,
  "size_x": 80,
  "size_y": 80,
  "size_z": 36,
  "snr": 5.219536822633288,
  "spacing_tr": 2.0,
  "spacing_x": 3.0,
  "spacing_y": 3.0,
  "spacing_z": 3.299999952316284,
  "summary_bg_k": 104.78428830057047,
  "summary_bg_mad": 215.5032658617322,
  "summary_bg_mean": 1145.1710205078125,
  "summary_bg_median": 190.33145141601562,
  "summary_bg_n": 156159.0,
  "summary_bg_p05": 20.079280662536622,
  "summary_bg_p95": 5591.568896484383,
  "summary_bg_stdv": 3300.601806640625,
  "summary_fg_k": 2.738620132021893,
  "summary_fg_mad": 9462.424880281118,
  "summary_fg_mean": 60627.43359375,
  "summary_fg_median": 58678.77734375,
  "summary_fg_n": 34877.0,
  "summary_fg_p05": 46476.9140625,
  "summary_fg_p95": 81028.66406249994,
  "summary_fg_stdv": 11241.9814453125,
  "tsnr": 68.73540496826172
}