{
  "aor": 0.0007956559766763848,
  "aqi": 0.013234842303207,
  "bids_meta": {
    "AcquisitionNumber": 6,
    "BIDSVersion": "1.1.0",
    "BidsifyVersion": "0.3",
    "ConversionSoftware": "dcm2niix",
    "ConversionSoftwareVersion": "v1.0.20180622 GCC5.4.0",
    "EchoTime": 0.028,
    "EffectiveEchoSpacing": 0.0006909,
    "FlipAngle": 76.1,
    "ImageComments": "RepliSC",
    "ImageOrientationPatientDICOM": [
      0.999787,
      0.00727225,
      0.0192926,
      -0.00540942,
      0.995471,
      -0.0949091
    ],
    "InstitutionName": "Spinoza Centre for Neuroimaging, location REC",
    "MagneticFieldStrength": 3,
    "Manufacturer": "Philips",
    "ParallelAcquisitionTechnique": "SENSE",
    "ParallelReductionFactorInPlane": 2,
    "PatientPosition": "HFS",
    "PhaseEncodingDirection": "j",
    "PhilipsRescaleIntercept": 0,
    "PhilipsRescaleSlope": 0.75849,
    "PhilipsScaleSlope": 0.0247153,
    "ProtocolName": "task-Decisiontask_acq-SeqMm3Tr2000_bold",
    "PulseSequenceType": "Gradient Echo EPI",
    "ReconMatrixPE": 80,
    "RepetitionTime": 2,
    "SeriesDescription": "ImageMRSERIES",
    "SeriesNumber": 6,
    "SliceEncodingDirection": "k",
    "SliceTiming": [
      0.0,
      0.05555555555555555,
      0.1111111111111111,
      0.16666666666666666,
      0.2222222222222222,
      0.2777777777777778,
      0.3333333333333333,
      0.38888888888888884,
      0.4444444444444444,
      0.5,
      0.5555555555555556,
      0.611111111111111,
      0.6666666666666666,
      0.7222222222222222,
      0.7777777777777777,
      0.8333333333333333,
      0.8888888888888888,
      0.9444444444444444,
      1.0,
      1.0555555555555556,
      1.1111111111111112,
      1.1666666666666665,
      1.222222222222222,
      1.2777777777777777,
      1.3333333333333333,
      1.3888888888888888,
      1.4444444444444444,
      1.5,
      1.5555555555555554,
      1.611111111111111,
      1.6666666666666665,
      1.722222222222222,
      1.7777777777777777,
      1.8333333333333333,
      1.8888888888888888,
      1.9444444444444444
    ],
    "TaskName": "Decisiontask",
    "TotalReadoutTime": 0.0269452,
    "UsePhilipsFloatNotDisplayScaling": 1,
    "WaterFatShift": 12.0,
    "acq_id": "SeqMm3Tr2000",
    "dataset": "ds002643",
    "modality": "bold",
    "subject_id": "029",
    "task_id": "Decisiontask"
  },
  "dummy_trs": 0,
  "dvars_nstd": 18.70430649371345,
  "dvars_std": 1.0676430530701762,
  "dvars_vstd": 0.9340474005263161,
  "efc": 0.41995653368873515,
  "fber": 92960.1171875,
  "fd_mean": 0.12495408708300272,
  "fd_num": 24,
  "fd_perc": 6.997084548104956,
  "fwhm_avg": 1.8352809172228584,
  "fwhm_x": 1.8297066666666666,
  "fwhm_y": 1.9877966666666669,
  "fwhm_z": 1.6883394183352414,
  "gcor": 0.0250616,
  "gsr_x": -0.012215755879878998,
  "gsr_y": 0.01161936204880476,
  "provenance": {
    "md5sum": "e9aa63ed758863852b71d17a3b67d23c",
    "settings": {
      "fd_thres": 0.2,
      "testing": false
    },
    "software": "mriqc",
    "version": "23.0.1",
    "webapi_port": null,
    "webapi_url": "https://mriqc.nimh.nih.gov/api/v1"
  },
  "size_t": 343,
  "size_x": 80,
  "size_y": 80,
  "size_z": 36,
  "snr": 5.363566361357192,
  "spacing_tr": 2.0,
  "spacing_x": 3.0,
  "spacing_y": 3.0,
  "spacing_z": 3.299999952316284,
  "summary_bg_k": 120.16239164764062,
  "summary_bg_mad": 214.41226848717324,
  "summary_bg_mean": 1184.1522216796875,
  "summary_bg_median": 188.75498962402344,
  "summary_bg_n": 156225.0,
  "summary_bg_p05": 21.622651290893554,
  "summary_bg_p95": 5706.259863281243,
  "summary_bg_stdv": 3488.399169921875,
  "summary_fg_k": 2.5594791886718964,
  "summary_fg_mad": 9116.633974181808,
  "summary_fg_mean": 59266.9765625,
  "summary_fg_median": 57533.859375,
  "summary_fg_n": 34816.0,
  "summary_fg_p05": 45650.052734375,
  "summary_fg_p95": 78874.51171875,
  "summary_fg_stdv": 10726.6376953125,
  "tsnr": 62.770301818847656
}