{
  "aor": 0.0013871720116618077,
  "aqi": 0.004604936151603498,
  "bids_meta": {
    "AcquisitionNumber": 5,
    "BIDSVersion": "1.1.0",
    "BidsifyVersion": "0.3",
    "ConversionSoftware": "dcm2niix",
    "ConversionSoftwareVersion": "v1.0.20180622 GCC5.4.0",
    "EchoTime": 0.028,
    "EffectiveEchoSpacing": 0.0006909,
    "FlipAngle": 76.1,
    "ImageComments": "RepliSC",
    "ImageOrientationPatientDICOM": [
      0.999992,
      0.00247608,
      0.00323111,
      -0.00209438,
      0.993569,
      -0.11321
    ],
    "InstitutionName": "Spinoza Centre for Neuroimaging, location REC",
    "MagneticFieldStrength": 3,
    "Manufacturer": "Philips",
    "ParallelAcquisitionTechnique": "SENSE",
    "ParallelReductionFactorInPlane": 2,
    "PatientPosition": "HFS",
    "PhaseEncodingDirection": "j",
    "PhilipsRescaleIntercept": 0,
    "PhilipsRescaleSlope": 0.76557,
    "PhilipsScaleSlope": 0.0220714,
    "ProtocolName": "task-Healthratingtask_acq-SeqMm3Tr2000_bold",
    "PulseSequenceType": "Gradient Echo EPI",
    "ReconMatrixPE": 80,
    "RepetitionTime": 2,
    "SeriesDescription": "ImageMRSERIES",
    "SeriesNumber": 5,
    "SliceEncodingDirection": "k",
    "SliceTiming": [
      0.0,
      0.05555555555555555,
      0.1111111111111111,
      0.16666666666666666,
      0.2222222222222222,
      0.2777777777777778,
      0.3333333333333333,
      0.38888888888888884,
      0.4444444444444444,
      0.5,
      0.5555555555555556,
      0.611111111111111,
      0.6666666666666666,
      0.7222222222222222,
      0.7777777777777777,
      0.8333333333333333,
      0.8888888888888888,
      0.9444444444444444,
      1.0,
      1.0555555555555556,
      1.1111111111111112,
      1.1666666666666665,
      1.222222222222222,
      1.2777777777777777,
      1.3333333333333333,
      1.3888888888888888,
      1.4444444444444444,
      1.5,
      1.5555555555555554,
      1.611111111111111,
      1.6666666666666665,
      1.722222222222222,
      1.7777777777777777,
      1.8333333333333333,
      1.8888888888888888,
      1.9444444444444444
    ],
    "TaskName": "Healthratingtask",
    "TotalReadoutTime": 0.0269452,
    "UsePhilipsFloatNotDisplayScaling": 1,
    "WaterFatShift": 12.0,
    "acq_id": "SeqMm3Tr2000",
    "dataset": "ds002643",
    "modality": "bold",
    "subject_id": "080",
    "task_id": "Healthratingtask"
  },
  "dummy_trs": 0,
  "dvars_nstd": 16.868416666081874,
  "dvars_std": 1.1697712094152044,
  "dvars_vstd": 1.0100733738011682,
  "efc": 0.41823308429360506,
  "fber": 161359.390625,
  "fd_mean": 0.07343904199327583,
  "fd_num": 8,
  "fd_perc": 2.3323615160349855,
  "fwhm_avg": 1.8490922303901058,
  "fwhm_x": 1.8234266666666665,
  "fwhm_y": 2.02805,
  "fwhm_z": 1.6958000245036504,
  "gcor": 0.0555803,
  "gsr_x": -0.013952353037893772,
  "gsr_y": 0.008800623938441277,
  "provenance": {
    "md5sum": "2f00dce157b46652e0a6589de5e0f971",
    "settings": {
      "fd_thres": 0.2,
      "testing": false
    },
    "software": "mriqc",
    "version": "23.0.1",
    "webapi_port": null,
    "webapi_url": "https://mriqc.nimh.nih.gov/api/v1"
  },
  "size_t": 343,
  "size_x": 80,
  "size_y": 80,
  "size_z": 36,
  "snr": 5.942687261313921,
  "spacing_tr": 2.0,
  "spacing_x": 3.0,
  "spacing_y": 3.0,
  "spacing_z": 3.299999952316284,
  "summary_bg_k": 109.15336613758124,
  "summary_bg_mad": 181.73044314146472,
  "summary_bg_mean": 881.3221435546875,
  "summary_bg_median": 162.35986328125,
  "summary_bg_n": 154064.0,
  "summary_bg_p05": 9.47774362564087,
  "summary_bg_p95": 4003.2923217773505,
  "summary_bg_stdv": 2702.806396484375,
  "summary_fg_k": 2.590968889932835,
  "summary_fg_mad": 9637.206886739672,
  "summary_fg_mean": 68803.5859375,
  "summary_fg_median": 67307.78125,
  "summary_fg_n": 36472.0,
  "summary_fg_p05": 54006.2849609375,
  "summary_fg_p95": 88512.679296875,
  "summary_fg_stdv": 11325.9970703125,
  "tsnr": 92.08329772949219
}