{
  "aor": 0.0011887172011661807,
  "aqi": 0.007980043760932944,
  "bids_meta": {
    "AcquisitionNumber": 3,
    "BIDSVersion": "1.1.0",
    "BidsifyVersion": "0.3",
    "ConversionSoftware": "dcm2niix",
    "ConversionSoftwareVersion": "v1.0.20180622 GCC5.4.0",
    "EchoTime": 0.028,
    "EffectiveEchoSpacing": 0.0006909,
    "FlipAngle": 76.1,
    "ImageComments": "RepliSC",
    "ImageOrientationPatientDICOM": [
      0.998705,
      -0.0441233,
      -0.0253343,
      0.0388901,
      0.983068,
      -0.179065
    ],
    "InstitutionName": "Spinoza Centre for Neuroimaging, location REC",
    "MagneticFieldStrength": 3,
    "Manufacturer": "Philips",
    "ParallelAcquisitionTechnique": "SENSE",
    "ParallelReductionFactorInPlane": 2,
    "PatientPosition": "HFS",
    "PhaseEncodingDirection": "j",
    "PhilipsRescaleIntercept": 0,
    "PhilipsRescaleSlope": 0.77656,
    "PhilipsScaleSlope": 0.0201453,
    "ProtocolName": "task-Tasteratingtask_acq-SeqMm3Tr2000_bold",
    "PulseSequenceType": "Gradient Echo EPI",
    "ReconMatrixPE": 80,
    "RepetitionTime": 2,
    "SeriesDescription": "ImageMRSERIES",
    "SeriesNumber": 3,
    "SliceEncodingDirection": "k",
    "SliceTiming": [
      0.0,
      0.05555555555555555,
      0.1111111111111111,
      0.16666666666666666,
      0.2222222222222222,
      0.2777777777777778,
      0.3333333333333333,
      0.38888888888888884,
      0.4444444444444444,
      0.5,
      0.5555555555555556,
      0.611111111111111,
      0.6666666666666666,
      0.7222222222222222,
      0.7777777777777777,
      0.8333333333333333,
      0.8888888888888888,
      0.9444444444444444,
      1.0,
      1.0555555555555556,
      1.1111111111111112,
      1.1666666666666665,
      1.222222222222222,
      1.2777777777777777,
      1.3333333333333333,
      1.3888888888888888,
      1.4444444444444444,
      1.5,
      1.5555555555555554,
      1.611111111111111,
      1.6666666666666665,
      1.722222222222222,
      1.7777777777777777,
      1.8333333333333333,
      1.8888888888888888,
      1.9444444444444444
    ],
    "TaskName": "Tasteratingtask",
    "TotalReadoutTime": 0.0269452,
    "UsePhilipsFloatNotDisplayScaling": 1,
    "WaterFatShift": 12.0,
    "acq_id": "SeqMm3Tr2000",
    "dataset": "ds002643",
    "modality": "bold",
    "subject_id": "087",
    "task_id": "Tasteratingtask"
  },
  "dummy_trs": 0,
  "dvars_nstd": 16.712676505497075,
  "dvars_std": 1.1273358603508772,
  "dvars_vstd": 0.9803598269883029,
  "efc": 0.43514603026387416,
  "fber": 148449.265625,
  "fd_mean": 0.09848948073786522,
  "fd_num": 18,
  "fd_perc": 5.247813411078718,
  "fwhm_avg": 1.8516955637536228,
  "fwhm_x": 1.78636,
  "fwhm_y": 2.06666,
  "fwhm_z": 1.702066691260868,
  "gcor": 0.0336919,
  "gsr_x": -0.012379227206110954,
  "gsr_y": 0.01134776696562767,
  "provenance": {
    "md5sum": "df5cefc420218e03b3951d162ee67619",
    "settings": {
      "fd_thres": 0.2,
      "testing": false
    },
    "software": "mriqc",
    "version": "23.0.1",
    "webapi_port": null,
    "webapi_url": "https://mriqc.nimh.nih.gov/api/v1"
  },
  "size_t": 343,
  "size_x": 80,
  "size_y": 80,
  "size_z": 36,
  "snr": 6.623364379542406,
  "spacing_tr": 2.0,
  "spacing_x": 3.0,
  "spacing_y": 3.0,
  "spacing_z": 3.299999952316284,
  "summary_bg_k": 65.93612882885877,
  "summary_bg_mad": 195.19866696832003,
  "summary_bg_mean": 1240.66015625,
  "summary_bg_median": 176.2039794921875,
  "summary_bg_n": 152284.0,
  "summary_bg_p05": 15.65229024887085,
  "summary_bg_p95": 5974.2699462890705,
  "summary_bg_stdv": 3544.306640625,
  "summary_fg_k": 4.64737869925362,
  "summary_fg_mad": 9052.856017418946,
  "summary_fg_mean": 68723.6484375,
  "summary_fg_median": 67682.015625,
  "summary_fg_n": 37538.0,
  "summary_fg_p05": 55534.00078125,
  "summary_fg_p95": 84091.344921875,
  "summary_fg_stdv": 10218.5400390625,
  "tsnr": 77.56997680664062
}