{
  "bids_meta": {
    "AcquisitionNumber": 2,
    "BIDSVersion": "1.1.0",
    "BidsifyVersion": "0.3",
    "ConversionSoftware": "dcm2niix",
    "ConversionSoftwareVersion": "v1.0.20180622 GCC5.4.0",
    "EchoTime": 0.00384,
    "ImageComments": "RepliSC",
    "ImageOrientationPatientDICOM": [
      0.998872,
      0.0472487,
      0.00462932,
      -0.0455332,
      0.981055,
      -0.188302
    ],
    "InstitutionName": "Spinoza Centre for Neuroimaging, location REC",
    "InversionTime": 0.9,
    "MagneticFieldStrength": 3,
    "Manufacturer": "Philips",
    "ParallelAcquisitionTechnique": "SENSE",
    "PatientPosition": "HFS",
    "PhilipsRescaleIntercept": 0,
    "PhilipsRescaleSlope": 4.48278,
    "PhilipsScaleSlope": 0.00441636,
    "ProtocolName": "acq-AxialNsig1Mm1_T1w",
    "ReconMatrixPE": 240,
    "RepetitionTime": 0.00832,
    "SeriesDescription": "ImageMRSERIES",
    "SeriesNumber": 2,
    "UsePhilipsFloatNotDisplayScaling": 1,
    "acq_id": "AxialNsig1Mm1",
    "dataset": "ds002643",
    "modality": "T1w",
    "subject_id": "002"
  },
  "cjv": 0.2936396572469128,
  "cnr": 4.305895510715296,
  "efc": 0.7090289114808742,
  "fber": 11054.567536173328,
  "fwhm_avg": 4.30096,
  "fwhm_x": 4.2221,
  "fwhm_y": 4.45076,
  "fwhm_z": 4.23002,
  "icvs_csf": 0.22527507486917614,
  "icvs_gm": 0.4317138947934587,
  "icvs_wm": 0.3430110303373652,
  "inu_med": 0.5731900632381439,
  "inu_range": 0.2216290950775146,
  "provenance": {
    "md5sum": "436ae1d71a8f7c360bcd9c6244f14378",
    "settings": {
      "testing": false
    },
    "software": "mriqc",
    "version": "23.0.1",
    "warnings": {
      "large_rot_frame": true,
      "small_air_mask": false
    },
    "webapi_port": null,
    "webapi_url": "https://mriqc.nimh.nih.gov/api/v1"
  },
  "qi_1": 0.0,
  "qi_2": 2.7713406387763624e-05,
  "rpve_csf": 22.55935411187692,
  "rpve_gm": 11.995344218591242,
  "rpve_wm": 17.619743132108486,
  "size_x": 240,
  "size_y": 240,
  "size_z": 220,
  "snr_csf": 1.4885226329086954,
  "snr_gm": 8.32838388500871,
  "snr_total": 11.152812615406214,
  "snr_wm": 23.641531328301237,
  "snrd_csf": 3.5745193237540125,
  "snrd_gm": 16.721372423753202,
  "snrd_total": 15.787036322935649,
  "snrd_wm": 27.06521722129973,
  "spacing_x": 1.0,
  "spacing_y": 1.0,
  "spacing_z": 1.0,
  "summary_bg_k": 147.40289514731197,
  "summary_bg_mad": 0.0,
  "summary_bg_mean": 7.718729333306374,
  "summary_bg_median": 0.0,
  "summary_bg_n": 496693.0,
  "summary_bg_p05": 0.0,
  "summary_bg_p95": 31.819891706109047,
  "summary_bg_stdv": 24.20641246676148,
  "summary_csf_k": 1.6756290990865965,
  "summary_csf_mad": 76.44363000529623,
  "summary_csf_mean": 151.3496599302361,
  "summary_csf_median": 132.0737011730671,
  "summary_csf_n": 72301.0,
  "summary_csf_p05": 44.956759847700596,
  "summary_csf_p95": 331.0772779583931,
  "summary_csf_stdv": 88.72743006379433,
  "summary_gm_k": 0.1303707542439878,
  "summary_gm_mad": 73.02910140888828,
  "summary_gm_mean": 620.4872874414573,
  "summary_gm_median": 617.832313850522,
  "summary_gm_n": 51552.0,
  "summary_gm_p05": 502.0210684090853,
  "summary_gm_p95": 745.0049526784568,
  "summary_gm_stdv": 74.18321850078075,
  "summary_wm_k": 0.8736404303099081,
  "summary_wm_mad": 39.197394601621816,
  "summary_wm_mean": 999.1747264565605,
  "summary_wm_median": 1000.0235242024064,
  "summary_wm_n": 213172.0,
  "summary_wm_p05": 929.2160399258137,
  "summary_wm_p95": 1066.2718807160854,
  "summary_wm_stdv": 42.29934028949948,
  "tpm_overlap_csf": 0.1387278337897714,
  "tpm_overlap_gm": 0.4520403368384271,
  "tpm_overlap_wm": 0.492940534832787,
  "wm2max": 0.7811473152822396
}