{
  "bids_meta": {
    "AcquisitionNumber": 2,
    "BIDSVersion": "1.1.0",
    "BidsifyVersion": "0.3",
    "ConversionSoftware": "dcm2niix",
    "ConversionSoftwareVersion": "v1.0.20180622 GCC5.4.0",
    "EchoTime": 0.0038,
    "ImageComments": "RepliSC",
    "ImageOrientationPatientDICOM": [
      0.999261,
      0.028178,
      0.0261607,
      -0.0242469,
      0.989852,
      -0.140022
    ],
    "InstitutionName": "Spinoza Centre for Neuroimaging, location REC",
    "InversionTime": 0.9,
    "MagneticFieldStrength": 3,
    "Manufacturer": "Philips",
    "ParallelAcquisitionTechnique": "SENSE",
    "PatientPosition": "HFS",
    "PhilipsRescaleIntercept": 0,
    "PhilipsRescaleSlope": 4.01172,
    "PhilipsScaleSlope": 0.0046568,
    "ProtocolName": "acq-AxialNsig1Mm1_T1w",
    "ReconMatrixPE": 240,
    "RepetitionTime": 0.008267,
    "SeriesDescription": "ImageMRSERIES",
    "SeriesNumber": 2,
    "UsePhilipsFloatNotDisplayScaling": 1,
    "acq_id": "AxialNsig1Mm1",
    "dataset": "ds002643",
    "modality": "T1w",
    "subject_id": "007"
  },
  "cjv": 0.29232307423626797,
  "cnr": 4.284539941262344,
  "efc": 0.6843437743210129,
  "fber": -1.0,
  "fwhm_avg": 4.189706753524746,
  "fwhm_x": 4.1552,
  "fwhm_y": 4.371710260574237,
  "fwhm_z": 4.04221,
  "icvs_csf": 0.265512040308118,
  "icvs_gm": 0.4028290907244123,
  "icvs_wm": 0.3316588689674697,
  "inu_med": 0.5520222783088684,
  "inu_range": 0.16823379695415497,
  "provenance": {
    "md5sum": "d51532c9f1411d6b2a6deee148f3a8fd",
    "settings": {
      "testing": false
    },
    "software": "mriqc",
    "version": "23.0.1",
    "warnings": {
      "large_rot_frame": true,
      "small_air_mask": false
    },
    "webapi_port": null,
    "webapi_url": "https://mriqc.nimh.nih.gov/api/v1"
  },
  "qi_1": 0.0181688734169086,
  "qi_2": 5.6645028659559207e-05,
  "rpve_csf": 19.790288120050548,
  "rpve_gm": 12.753146458931614,
  "rpve_wm": 19.153358760871185,
  "size_x": 240,
  "size_y": 240,
  "size_z": 220,
  "snr_csf": 1.7944775661985528,
  "snr_gm": 7.992103817024481,
  "snr_total": 12.52425843878202,
  "snr_wm": 27.78619393312303,
  "snrd_csf": 27.973200391697745,
  "snrd_gm": 106.99066739842904,
  "snrd_total": 101.6959137886651,
  "snrd_wm": 170.12387357586852,
  "spacing_x": 1.0,
  "spacing_y": 0.9999999403953552,
  "spacing_z": 1.0,
  "summary_bg_k": 19.83561779871378,
  "summary_bg_mad": 0.0,
  "summary_bg_mean": 1.3453392589044895,
  "summary_bg_median": 0.0,
  "summary_bg_n": 482420.0,
  "summary_bg_p05": 0.0,
  "summary_bg_p95": 10.000659609213471,
  "summary_bg_stdv": 3.850937560815405,
  "summary_csf_k": 1.3030051268147886,
  "summary_csf_mad": 77.23074789415394,
  "summary_csf_mean": 180.7654843333969,
  "summary_csf_median": 164.42842755280435,
  "summary_csf_n": 54317.0,
  "summary_csf_p05": 54.26731554977596,
  "summary_csf_p95": 357.1488310374319,
  "summary_csf_stdv": 91.62940626452895,
  "summary_gm_k": 0.18327410370992547,
  "summary_gm_mad": 75.92727535585598,
  "summary_gm_mean": 628.0578288725688,
  "summary_gm_median": 628.8986228536814,
  "summary_gm_n": 38927.0,
  "summary_gm_p05": 495.59972102511676,
  "summary_gm_p95": 757.2521435568109,
  "summary_gm_stdv": 78.68898593873254,
  "summary_wm_k": 1.3672937448910298,
  "summary_wm_mad": 32.55422664399147,
  "summary_wm_mean": 999.5082990840175,
  "summary_wm_median": 1000.0000225063413,
  "summary_wm_n": 218753.0,
  "summary_wm_p05": 940.3477363977581,
  "summary_wm_p95": 1056.7510183546692,
  "summary_wm_stdv": 35.98901451661839,
  "tpm_overlap_csf": 0.1688328203488764,
  "tpm_overlap_gm": 0.4603075774735836,
  "tpm_overlap_wm": 0.5153436998094166,
  "wm2max": 0.8269926308552731
}