{
  "aor": 0.0008279008746355685,
  "aqi": 0.006808607113702624,
  "bids_meta": {
    "AcquisitionNumber": 3,
    "BIDSVersion": "1.1.0",
    "BidsifyVersion": "0.3",
    "ConversionSoftware": "dcm2niix",
    "ConversionSoftwareVersion": "v1.0.20180622 GCC5.4.0",
    "EchoTime": 0.028,
    "EffectiveEchoSpacing": 0.0006909,
    "FlipAngle": 76.1,
    "ImageComments": "RepliSC",
    "ImageOrientationPatientDICOM": [
      0.999781,
      -0.0072654,
      0.0196446,
      0.00837594,
      0.998336,
      -0.057053
    ],
    "InstitutionName": "Spinoza Centre for Neuroimaging, location REC",
    "MagneticFieldStrength": 3,
    "Manufacturer": "Philips",
    "ParallelAcquisitionTechnique": "SENSE",
    "ParallelReductionFactorInPlane": 2,
    "PatientPosition": "HFS",
    "PhaseEncodingDirection": "j",
    "PhilipsRescaleIntercept": 0,
    "PhilipsRescaleSlope": 0.74579,
    "PhilipsScaleSlope": 0.0243758,
    "ProtocolName": "task-Healthratingtask_acq-SeqMm3Tr2000_bold",
    "PulseSequenceType": "Gradient Echo EPI",
    "ReconMatrixPE": 80,
    "RepetitionTime": 2,
    "SeriesDescription": "ImageMRSERIES",
    "SeriesNumber": 3,
    "SliceEncodingDirection": "k",
    "SliceTiming": [
      0.0,
      0.05555555555555555,
      0.1111111111111111,
      0.16666666666666666,
      0.2222222222222222,
      0.2777777777777778,
      0.3333333333333333,
      0.38888888888888884,
      0.4444444444444444,
      0.5,
      0.5555555555555556,
      0.611111111111111,
      0.6666666666666666,
      0.7222222222222222,
      0.7777777777777777,
      0.8333333333333333,
      0.8888888888888888,
      0.9444444444444444,
      1.0,
      1.0555555555555556,
      1.1111111111111112,
      1.1666666666666665,
      1.222222222222222,
      1.2777777777777777,
      1.3333333333333333,
      1.3888888888888888,
      1.4444444444444444,
      1.5,
      1.5555555555555554,
      1.611111111111111,
      1.6666666666666665,
      1.722222222222222,
      1.7777777777777777,
      1.8333333333333333,
      1.8888888888888888,
      1.9444444444444444
    ],
    "TaskName": "Healthratingtask",
    "TotalReadoutTime": 0.0269452,
    "UsePhilipsFloatNotDisplayScaling": 1,
    "WaterFatShift": 12.0,
    "acq_id": "SeqMm3Tr2000",
    "dataset": "ds002643",
    "modality": "bold",
    "subject_id": "082",
    "task_id": "Healthratingtask"
  },
  "dummy_trs": 0,
  "dvars_nstd": 17.631311274298245,
  "dvars_std": 1.0982282524561409,
  "dvars_vstd": 0.9618983812573105,
  "efc": 0.40252637577254824,
  "fber": 122674.4375,
  "fd_mean": 0.07981694955925919,
  "fd_num": 9,
  "fd_perc": 2.623906705539359,
  "fwhm_avg": 1.8527744526736585,
  "fwhm_x": 1.8198033333333334,
  "fwhm_y": 2.0299866666666664,
  "fwhm_z": 1.7085333580209756,
  "gcor": 0.0264882,
  "gsr_x": -0.013786806724965572,
  "gsr_y": 0.006878331769257784,
  "provenance": {
    "md5sum": "9e9f88a34671a0de01e41053cfdb8bf4",
    "settings": {
      "fd_thres": 0.2,
      "testing": false
    },
    "software": "mriqc",
    "version": "23.0.1",
    "webapi_port": null,
    "webapi_url": "https://mriqc.nimh.nih.gov/api/v1"
  },
  "size_t": 343,
  "size_x": 80,
  "size_y": 80,
  "size_z": 36,
  "snr": 7.054267410419175,
  "spacing_tr": 2.0,
  "spacing_x": 3.0,
  "spacing_y": 3.0,
  "spacing_z": 3.299999952316284,
  "summary_bg_k": 141.25830897778263,
  "summary_bg_mad": 192.18213724775114,
  "summary_bg_mean": 1020.8895263671875,
  "summary_bg_median": 169.8255615234375,
  "summary_bg_n": 159507.0,
  "summary_bg_p05": 15.024920463562012,
  "summary_bg_p95": 4058.4312499999705,
  "summary_bg_stdv": 3218.859375,
  "summary_fg_k": 2.051947538015934,
  "summary_fg_mad": 8271.478316947165,
  "summary_fg_mean": 61491.96484375,
  "summary_fg_median": 60738.24609375,
  "summary_fg_n": 31333.0,
  "summary_fg_p05": 49406.51015625,
  "summary_fg_p95": 75615.509375,
  "summary_fg_stdv": 8610.0048828125,
  "tsnr": 78.4169692993164
}