{
  "aor": 0.002659008746355685,
  "aqi": 0.006970484635568513,
  "bids_meta": {
    "AcquisitionNumber": 6,
    "BIDSVersion": "1.1.0",
    "BidsifyVersion": "0.3",
    "ConversionSoftware": "dcm2niix",
    "ConversionSoftwareVersion": "v1.0.20180622 GCC5.4.0",
    "EchoTime": 0.028,
    "EffectiveEchoSpacing": 0.0006909,
    "FlipAngle": 76.1,
    "ImageComments": "RepliSC",
    "ImageOrientationPatientDICOM": [
      0.999781,
      -0.0072654,
      0.0196446,
      0.00837594,
      0.998336,
      -0.057053
    ],
    "InstitutionName": "Spinoza Centre for Neuroimaging, location REC",
    "MagneticFieldStrength": 3,
    "Manufacturer": "Philips",
    "ParallelAcquisitionTechnique": "SENSE",
    "ParallelReductionFactorInPlane": 2,
    "PatientPosition": "HFS",
    "PhaseEncodingDirection": "j",
    "PhilipsRescaleIntercept": 0,
    "PhilipsRescaleSlope": 0.77265,
    "PhilipsScaleSlope": 0.0229809,
    "ProtocolName": "task-Decisiontask_acq-SeqMm3Tr2000_bold",
    "PulseSequenceType": "Gradient Echo EPI",
    "ReconMatrixPE": 80,
    "RepetitionTime": 2,
    "SeriesDescription": "ImageMRSERIES",
    "SeriesNumber": 6,
    "SliceEncodingDirection": "k",
    "SliceTiming": [
      0.0,
      0.05555555555555555,
      0.1111111111111111,
      0.16666666666666666,
      0.2222222222222222,
      0.2777777777777778,
      0.3333333333333333,
      0.38888888888888884,
      0.4444444444444444,
      0.5,
      0.5555555555555556,
      0.611111111111111,
      0.6666666666666666,
      0.7222222222222222,
      0.7777777777777777,
      0.8333333333333333,
      0.8888888888888888,
      0.9444444444444444,
      1.0,
      1.0555555555555556,
      1.1111111111111112,
      1.1666666666666665,
      1.222222222222222,
      1.2777777777777777,
      1.3333333333333333,
      1.3888888888888888,
      1.4444444444444444,
      1.5,
      1.5555555555555554,
      1.611111111111111,
      1.6666666666666665,
      1.722222222222222,
      1.7777777777777777,
      1.8333333333333333,
      1.8888888888888888,
      1.9444444444444444
    ],
    "TaskName": "Decisiontask",
    "TotalReadoutTime": 0.0269452,
    "UsePhilipsFloatNotDisplayScaling": 1,
    "WaterFatShift": 12.0,
    "acq_id": "SeqMm3Tr2000",
    "dataset": "ds002643",
    "modality": "bold",
    "subject_id": "082",
    "task_id": "Decisiontask"
  },
  "dummy_trs": 0,
  "dvars_nstd": 18.759707785409358,
  "dvars_std": 1.136632049269007,
  "dvars_vstd": 1.0218270152923983,
  "efc": 0.4045698078369909,
  "fber": 79441.46875,
  "fd_mean": 0.07608446198200561,
  "fd_num": 2,
  "fd_perc": 0.5830903790087464,
  "fwhm_avg": 1.80239960390678,
  "fwhm_x": 1.77064,
  "fwhm_y": 1.98658,
  "fwhm_z": 1.6499788117203398,
  "gcor": 0.0193374,
  "gsr_x": -0.012487526051700115,
  "gsr_y": 0.00652666762471199,
  "provenance": {
    "md5sum": "fe3f9eaaeab1369f0efbb1d72fbcdb74",
    "settings": {
      "fd_thres": 0.2,
      "testing": false
    },
    "software": "mriqc",
    "version": "23.0.1",
    "webapi_port": null,
    "webapi_url": "https://mriqc.nimh.nih.gov/api/v1"
  },
  "size_t": 343,
  "size_x": 80,
  "size_y": 80,
  "size_z": 36,
  "snr": 7.301400744228516,
  "spacing_tr": 2.0,
  "spacing_x": 3.0,
  "spacing_y": 3.0,
  "spacing_z": 3.299999952316284,
  "summary_bg_k": 137.58297495676223,
  "summary_bg_mad": 246.88383266849354,
  "summary_bg_mean": 1067.8004150390625,
  "summary_bg_median": 214.87339782714844,
  "summary_bg_n": 159433.0,
  "summary_bg_p05": 19.736570358276367,
  "summary_bg_p95": 4258.743554687497,
  "summary_bg_stdv": 3300.377685546875,
  "summary_fg_k": 2.383395018334449,
  "summary_fg_mad": 7939.786610460949,
  "summary_fg_mean": 62015.625,
  "summary_fg_median": 61303.04296875,
  "summary_fg_n": 31460.0,
  "summary_fg_p05": 50181.7517578125,
  "summary_fg_p95": 75661.66484375,
  "summary_fg_stdv": 8395.9326171875,
  "tsnr": 76.89810180664062
}