{
  "aor": 0.001081,
  "aqi": 0.007495013333333333,
  "bids_meta": {
    "AcquisitionNumber": 7,
    "BIDSVersion": "1.1.0",
    "BidsifyVersion": "0.3",
    "ConversionSoftware": "dcm2niix",
    "ConversionSoftwareVersion": "v1.0.20180622 GCC5.4.0",
    "EchoTime": 0.028,
    "EffectiveEchoSpacing": 0.0006909,
    "FlipAngle": 76.1,
    "ImageComments": "RepliSC",
    "ImageOrientationPatientDICOM": [
      0.999781,
      -0.0072654,
      0.0196446,
      0.00837594,
      0.998336,
      -0.057053
    ],
    "InstitutionName": "Spinoza Centre for Neuroimaging, location REC",
    "MagneticFieldStrength": 3,
    "Manufacturer": "Philips",
    "ParallelAcquisitionTechnique": "SENSE",
    "ParallelReductionFactorInPlane": 2,
    "PatientPosition": "HFS",
    "PhaseEncodingDirection": "j",
    "PhilipsRescaleIntercept": 0,
    "PhilipsRescaleSlope": 0.75458,
    "PhilipsScaleSlope": 0.0236364,
    "ProtocolName": "task-RestingState_acq-SeqMm3Tr2000_bold",
    "PulseSequenceType": "Gradient Echo EPI",
    "ReconMatrixPE": 80,
    "RepetitionTime": 2,
    "SeriesDescription": "ImageMRSERIES",
    "SeriesNumber": 7,
    "SliceEncodingDirection": "k",
    "SliceTiming": [
      0.0,
      0.05555555555555555,
      0.1111111111111111,
      0.16666666666666666,
      0.2222222222222222,
      0.2777777777777778,
      0.3333333333333333,
      0.38888888888888884,
      0.4444444444444444,
      0.5,
      0.5555555555555556,
      0.611111111111111,
      0.6666666666666666,
      0.7222222222222222,
      0.7777777777777777,
      0.8333333333333333,
      0.8888888888888888,
      0.9444444444444444,
      1.0,
      1.0555555555555556,
      1.1111111111111112,
      1.1666666666666665,
      1.222222222222222,
      1.2777777777777777,
      1.3333333333333333,
      1.3888888888888888,
      1.4444444444444444,
      1.5,
      1.5555555555555554,
      1.611111111111111,
      1.6666666666666665,
      1.722222222222222,
      1.7777777777777777,
      1.8333333333333333,
      1.8888888888888888,
      1.9444444444444444
    ],
    "TaskName": "RestingState",
    "TotalReadoutTime": 0.0269452,
    "UsePhilipsFloatNotDisplayScaling": 1,
    "WaterFatShift": 12.0,
    "acq_id": "SeqMm3Tr2000",
    "dataset": "ds002643",
    "modality": "bold",
    "subject_id": "082",
    "task_id": "RestingState"
  },
  "dummy_trs": 0,
  "dvars_nstd": 19.640360536652718,
  "dvars_std": 1.1197918892050212,
  "dvars_vstd": 0.995045820334728,
  "efc": 0.40425217313525696,
  "fber": 82137.125,
  "fd_mean": 0.08586898742692371,
  "fd_num": 4,
  "fd_perc": 1.6666666666666667,
  "fwhm_avg": 1.8050167756824795,
  "fwhm_x": 1.7688633333333332,
  "fwhm_y": 1.9840566666666666,
  "fwhm_z": 1.6621303270474395,
  "gcor": 0.0557411,
  "gsr_x": -0.011962256394326687,
  "gsr_y": 0.005733529105782509,
  "provenance": {
    "md5sum": "97a9eb88df7bcc2398f3eccf86abed01",
    "settings": {
      "fd_thres": 0.2,
      "testing": false
    },
    "software": "mriqc",
    "version": "23.0.1",
    "webapi_port": null,
    "webapi_url": "https://mriqc.nimh.nih.gov/api/v1"
  },
  "size_t": 240,
  "size_x": 80,
  "size_y": 80,
  "size_z": 36,
  "snr": 7.458377734383167,
  "spacing_tr": 2.0,
  "spacing_x": 3.0,
  "spacing_y": 3.0,
  "spacing_z": 3.299999952316284,
  "summary_bg_k": 112.56415556230507,
  "summary_bg_mad": 241.1057227364306,
  "summary_bg_mean": 1044.6337890625,
  "summary_bg_median": 210.5546417236328,
  "summary_bg_n": 159390.0,
  "summary_bg_p05": 19.610998344421386,
  "summary_bg_p95": 4160.906054687494,
  "summary_bg_stdv": 3166.378173828125,
  "summary_fg_k": 2.4168520344949984,
  "summary_fg_mad": 7783.925156533091,
  "summary_fg_mean": 61659.046875,
  "summary_fg_median": 61041.37890625,
  "summary_fg_n": 31454.0,
  "summary_fg_p05": 50169.03984375,
  "summary_fg_p95": 74808.878515625,
  "summary_fg_stdv": 8184.14013671875,
  "tsnr": 76.46172332763672
}