{
  "bids_meta": {
    "AcquisitionNumber": 2,
    "BIDSVersion": "1.1.0",
    "BidsifyVersion": "0.3",
    "ConversionSoftware": "dcm2niix",
    "ConversionSoftwareVersion": "v1.0.20180622 GCC5.4.0",
    "EchoTime": 0.00374,
    "ImageComments": "RepliSC",
    "ImageOrientationPatientDICOM": [
      0.999535,
      0.027206,
      0.0137821,
      -0.0263483,
      0.997911,
      -0.0589931
    ],
    "InstitutionName": "Spinoza Centre for Neuroimaging, location REC",
    "InversionTime": 0.9,
    "MagneticFieldStrength": 3,
    "Manufacturer": "Philips",
    "ParallelAcquisitionTechnique": "SENSE",
    "PatientPosition": "HFS",
    "PhilipsRescaleIntercept": 0,
    "PhilipsRescaleSlope": 4.05446,
    "PhilipsScaleSlope": 0.00514536,
    "ProtocolName": "acq-AxialNsig1Mm1_T1w",
    "ReconMatrixPE": 240,
    "RepetitionTime": 0.008163,
    "SeriesDescription": "ImageMRSERIES",
    "SeriesNumber": 2,
    "UsePhilipsFloatNotDisplayScaling": 1,
    "acq_id": "AxialNsig1Mm1",
    "dataset": "ds002643",
    "modality": "T1w",
    "subject_id": "014"
  },
  "cjv": 0.28644011966399213,
  "cnr": 4.404475485086077,
  "efc": 0.6885525814116752,
  "fber": -1.0,
  "fwhm_avg": 4.358476666666667,
  "fwhm_x": 4.21614,
  "fwhm_y": 4.60571,
  "fwhm_z": 4.25358,
  "icvs_csf": 0.27486651100335036,
  "icvs_gm": 0.4099505910369703,
  "icvs_wm": 0.31518289795967935,
  "inu_med": 0.5948755145072937,
  "inu_range": 0.16821626424789426,
  "provenance": {
    "md5sum": "25c42ae43f1c6b3a8ec61d41ebff76f4",
    "settings": {
      "testing": false
    },
    "software": "mriqc",
    "version": "23.0.1",
    "warnings": {
      "large_rot_frame": true,
      "small_air_mask": false
    },
    "webapi_port": null,
    "webapi_url": "https://mriqc.nimh.nih.gov/api/v1"
  },
  "qi_1": 0.0,
  "qi_2": 0.00011868186636170817,
  "rpve_csf": 23.072648381393915,
  "rpve_gm": 14.737165705512371,
  "rpve_wm": 23.17351959928312,
  "size_x": 240,
  "size_y": 240,
  "size_z": 220,
  "snr_csf": 1.2432497527292912,
  "snr_gm": 7.1760353712352485,
  "snr_total": 11.441753416672967,
  "snr_wm": 25.905975126054358,
  "snrd_csf": 11.858658644131872,
  "snrd_gm": 68.76306918338037,
  "snrd_total": 65.33859565067755,
  "snrd_wm": 115.39405912452041,
  "spacing_x": 1.0,
  "spacing_y": 1.0,
  "spacing_z": 1.0,
  "summary_bg_k": 516.8821475457607,
  "summary_bg_mad": 0.0,
  "summary_bg_mean": 2.629643942768625,
  "summary_bg_median": 0.0,
  "summary_bg_n": 315619.0,
  "summary_bg_p05": 0.0,
  "summary_bg_p95": 13.758253678679466,
  "summary_bg_stdv": 5.677142959756482,
  "summary_csf_k": 1.3727630899809453,
  "summary_csf_mad": 85.05469612213078,
  "summary_csf_mean": 115.21774195229334,
  "summary_csf_median": 102.7622651308775,
  "summary_csf_n": 70567.0,
  "summary_csf_p05": 15.6478903722018,
  "summary_csf_p95": 273.0206544045359,
  "summary_csf_stdv": 82.65558612361394,
  "summary_gm_k": 0.2847864012054351,
  "summary_gm_mad": 81.56059128513725,
  "summary_gm_mean": 594.7880359942084,
  "summary_gm_median": 595.872514648363,
  "summary_gm_n": 34613.0,
  "summary_gm_p05": 455.2453272789717,
  "summary_gm_p95": 727.6247791200876,
  "summary_gm_stdv": 83.03525221381646,
  "summary_wm_k": 1.1811084717613003,
  "summary_wm_mad": 34.185566243017774,
  "summary_wm_mean": 998.5826728836743,
  "summary_wm_median": 999.9575208406895,
  "summary_wm_n": 169297.0,
  "summary_wm_p05": 932.8223385382444,
  "summary_wm_p95": 1058.3239396102726,
  "summary_wm_stdv": 38.59937959125494,
  "tpm_overlap_csf": 0.16194231645084392,
  "tpm_overlap_gm": 0.4716967500787385,
  "tpm_overlap_wm": 0.5211567295203546,
  "wm2max": 0.789807308364702
}