{
  "aor": 0.0023507871720116614,
  "aqi": 0.016016308075801747,
  "bids_meta": {
    "AcquisitionNumber": 3,
    "BIDSVersion": "1.1.0",
    "BidsifyVersion": "0.3",
    "ConversionSoftware": "dcm2niix",
    "ConversionSoftwareVersion": "v1.0.20180622 GCC5.4.0",
    "EchoTime": 0.028,
    "EffectiveEchoSpacing": 0.0006909,
    "FlipAngle": 76.1,
    "ImageComments": "RepliSC",
    "ImageOrientationPatientDICOM": [
      0.999044,
      -0.0436827,
      -0.00180615,
      0.0436192,
      0.998693,
      -0.02663
    ],
    "InstitutionName": "Spinoza Centre for Neuroimaging, location REC",
    "MagneticFieldStrength": 3,
    "Manufacturer": "Philips",
    "ParallelAcquisitionTechnique": "SENSE",
    "ParallelReductionFactorInPlane": 2,
    "PatientPosition": "HFS",
    "PhaseEncodingDirection": "j",
    "PhilipsRescaleIntercept": 0,
    "PhilipsRescaleSlope": 0.8022,
    "PhilipsScaleSlope": 0.0199237,
    "ProtocolName": "task-Tasteratingtask_acq-SeqMm3Tr2000_bold",
    "PulseSequenceType": "Gradient Echo EPI",
    "ReconMatrixPE": 80,
    "RepetitionTime": 2,
    "SeriesDescription": "ImageMRSERIES",
    "SeriesNumber": 3,
    "SliceEncodingDirection": "k",
    "SliceTiming": [
      0.0,
      0.05555555555555555,
      0.1111111111111111,
      0.16666666666666666,
      0.2222222222222222,
      0.2777777777777778,
      0.3333333333333333,
      0.38888888888888884,
      0.4444444444444444,
      0.5,
      0.5555555555555556,
      0.611111111111111,
      0.6666666666666666,
      0.7222222222222222,
      0.7777777777777777,
      0.8333333333333333,
      0.8888888888888888,
      0.9444444444444444,
      1.0,
      1.0555555555555556,
      1.1111111111111112,
      1.1666666666666665,
      1.222222222222222,
      1.2777777777777777,
      1.3333333333333333,
      1.3888888888888888,
      1.4444444444444444,
      1.5,
      1.5555555555555554,
      1.611111111111111,
      1.6666666666666665,
      1.722222222222222,
      1.7777777777777777,
      1.8333333333333333,
      1.8888888888888888,
      1.9444444444444444
    ],
    "TaskName": "Tasteratingtask",
    "TotalReadoutTime": 0.0269452,
    "UsePhilipsFloatNotDisplayScaling": 1,
    "WaterFatShift": 12.0,
    "acq_id": "SeqMm3Tr2000",
    "dataset": "ds002643",
    "modality": "bold",
    "subject_id": "063",
    "task_id": "Tasteratingtask"
  },
  "dummy_trs": 0,
  "dvars_nstd": 20.8155016033041,
  "dvars_std": 1.1077854852631586,
  "dvars_vstd": 0.9363687045321633,
  "efc": 0.4275126640884982,
  "fber": 187627.109375,
  "fd_mean": 0.1442504940446773,
  "fd_num": 51,
  "fd_perc": 14.868804664723031,
  "fwhm_avg": 1.8462020282125928,
  "fwhm_x": 1.8369566666666666,
  "fwhm_y": 2.03851,
  "fwhm_z": 1.6631394179711114,
  "gcor": 0.0361538,
  "gsr_x": -0.015745187178254128,
  "gsr_y": 0.011784018017351627,
  "provenance": {
    "md5sum": "0d597e7d3cc379b292f4753a381f435b",
    "settings": {
      "fd_thres": 0.2,
      "testing": false
    },
    "software": "mriqc",
    "version": "23.0.1",
    "webapi_port": null,
    "webapi_url": "https://mriqc.nimh.nih.gov/api/v1"
  },
  "size_t": 343,
  "size_x": 80,
  "size_y": 80,
  "size_z": 36,
  "snr": 5.92477927919342,
  "spacing_tr": 2.0,
  "spacing_x": 3.0,
  "spacing_y": 3.0,
  "spacing_z": 3.299999952316284,
  "summary_bg_k": 37.81782018732273,
  "summary_bg_mad": 188.95842870764685,
  "summary_bg_mean": 1319.858154296875,
  "summary_bg_median": 160.9315643310547,
  "summary_bg_n": 153403.0,
  "summary_bg_p05": 10.486376094818116,
  "summary_bg_p95": 7246.188037109374,
  "summary_bg_stdv": 3468.076416015625,
  "summary_fg_k": 1.0690111004383107,
  "summary_fg_mad": 11801.073511770972,
  "summary_fg_mean": 73936.4921875,
  "summary_fg_median": 72386.5,
  "summary_fg_n": 35951.0,
  "summary_fg_p05": 57360.8828125,
  "summary_fg_p95": 95456.88671875,
  "summary_fg_stdv": 12217.416015625,
  "tsnr": 53.04454040527344
}