{
  "aor": 0.0016444314868804665,
  "aqi": 0.008528131078717202,
  "bids_meta": {
    "AcquisitionNumber": 3,
    "BIDSVersion": "1.1.0",
    "BidsifyVersion": "0.3",
    "ConversionSoftware": "dcm2niix",
    "ConversionSoftwareVersion": "v1.0.20180622 GCC5.4.0",
    "EchoTime": 0.028,
    "EffectiveEchoSpacing": 0.0006909,
    "FlipAngle": 76.1,
    "ImageComments": "RepliSC",
    "ImageOrientationPatientDICOM": [
      0.99857,
      0.0219325,
      -0.0487533,
      -0.0252765,
      0.997292,
      -0.0690672
    ],
    "InstitutionName": "Spinoza Centre for Neuroimaging, location REC",
    "MagneticFieldStrength": 3,
    "Manufacturer": "Philips",
    "ParallelAcquisitionTechnique": "SENSE",
    "ParallelReductionFactorInPlane": 2,
    "PatientPosition": "HFS",
    "PhaseEncodingDirection": "j",
    "PhilipsRescaleIntercept": 0,
    "PhilipsRescaleSlope": 0.77338,
    "PhilipsScaleSlope": 0.0198863,
    "ProtocolName": "task-Tasteratingtask_acq-SeqMm3Tr2000_bold",
    "PulseSequenceType": "Gradient Echo EPI",
    "ReconMatrixPE": 80,
    "RepetitionTime": 2,
    "SeriesDescription": "ImageMRSERIES",
    "SeriesNumber": 3,
    "SliceEncodingDirection": "k",
    "SliceTiming": [
      0.0,
      0.05555555555555555,
      0.1111111111111111,
      0.16666666666666666,
      0.2222222222222222,
      0.2777777777777778,
      0.3333333333333333,
      0.38888888888888884,
      0.4444444444444444,
      0.5,
      0.5555555555555556,
      0.611111111111111,
      0.6666666666666666,
      0.7222222222222222,
      0.7777777777777777,
      0.8333333333333333,
      0.8888888888888888,
      0.9444444444444444,
      1.0,
      1.0555555555555556,
      1.1111111111111112,
      1.1666666666666665,
      1.222222222222222,
      1.2777777777777777,
      1.3333333333333333,
      1.3888888888888888,
      1.4444444444444444,
      1.5,
      1.5555555555555554,
      1.611111111111111,
      1.6666666666666665,
      1.722222222222222,
      1.7777777777777777,
      1.8333333333333333,
      1.8888888888888888,
      1.9444444444444444
    ],
    "TaskName": "Tasteratingtask",
    "TotalReadoutTime": 0.0269452,
    "UsePhilipsFloatNotDisplayScaling": 1,
    "WaterFatShift": 12.0,
    "acq_id": "SeqMm3Tr2000",
    "dataset": "ds002643",
    "modality": "bold",
    "subject_id": "091",
    "task_id": "Tasteratingtask"
  },
  "dummy_trs": 0,
  "dvars_nstd": 23.513289485087725,
  "dvars_std": 1.168069288187134,
  "dvars_vstd": 0.9862582685380108,
  "efc": 0.4323713092797215,
  "fber": 126315.90625,
  "fd_mean": 0.16881540556548913,
  "fd_num": 92,
  "fd_perc": 26.82215743440233,
  "fwhm_avg": 1.813244149600532,
  "fwhm_x": 1.7410500000000002,
  "fwhm_y": 1.99904,
  "fwhm_z": 1.6996424488015962,
  "gcor": 0.0443381,
  "gsr_x": -0.012746336869895458,
  "gsr_y": 0.017824746668338776,
  "provenance": {
    "md5sum": "6cb60845ca16aa4846133a63ab26fd6f",
    "settings": {
      "fd_thres": 0.2,
      "testing": false
    },
    "software": "mriqc",
    "version": "23.0.1",
    "webapi_port": null,
    "webapi_url": "https://mriqc.nimh.nih.gov/api/v1"
  },
  "size_t": 343,
  "size_x": 80,
  "size_y": 80,
  "size_z": 36,
  "snr": 6.420576672092563,
  "spacing_tr": 2.0,
  "spacing_x": 3.0,
  "spacing_y": 3.0,
  "spacing_z": 3.299999952316284,
  "summary_bg_k": 48.00205025786776,
  "summary_bg_mad": 235.40596940393237,
  "summary_bg_mean": 2009.5352783203125,
  "summary_bg_median": 201.26974487304688,
  "summary_bg_n": 156072.0,
  "summary_bg_p05": 16.34742650985718,
  "summary_bg_p95": 12405.195410156246,
  "summary_bg_stdv": 5347.23583984375,
  "summary_fg_k": 2.0319936963149408,
  "summary_fg_mad": 10655.763297975394,
  "summary_fg_mean": 74487.4921875,
  "summary_fg_median": 73173.484375,
  "summary_fg_n": 34231.0,
  "summary_fg_p05": 59316.654296875,
  "summary_fg_p95": 94015.09375,
  "summary_fg_stdv": 11396.548828125,
  "tsnr": 67.98399353027344
}