{
  "bids_meta": {
    "AcquisitionNumber": 2,
    "BIDSVersion": "1.1.0",
    "BidsifyVersion": "0.3",
    "ConversionSoftware": "dcm2niix",
    "ConversionSoftwareVersion": "v1.0.20180622 GCC5.4.0",
    "EchoTime": 0.00374,
    "ImageComments": "RepliSC",
    "ImageOrientationPatientDICOM": [
      0.99881,
      0.0441155,
      -0.0207751,
      -0.0434343,
      0.998538,
      0.0321693
    ],
    "InstitutionName": "Spinoza Centre for Neuroimaging, location REC",
    "InversionTime": 0.9,
    "MagneticFieldStrength": 3,
    "Manufacturer": "Philips",
    "ParallelAcquisitionTechnique": "SENSE",
    "PatientPosition": "HFS",
    "PhilipsRescaleIntercept": 0,
    "PhilipsRescaleSlope": 4.0337,
    "PhilipsScaleSlope": 0.00533363,
    "ProtocolName": "acq-AxialNsig1Mm1_T1w",
    "ReconMatrixPE": 240,
    "RepetitionTime": 0.008144,
    "SeriesDescription": "ImageMRSERIES",
    "SeriesNumber": 2,
    "UsePhilipsFloatNotDisplayScaling": 1,
    "acq_id": "AxialNsig1Mm1",
    "dataset": "ds002643",
    "modality": "T1w",
    "subject_id": "022"
  },
  "cjv": 0.2567697347626994,
  "cnr": 5.032199010666293,
  "efc": 0.6882904459132445,
  "fber": -1.0,
  "fwhm_avg": 4.296120172514329,
  "fwhm_x": 4.20543,
  "fwhm_y": 4.4884302675312915,
  "fwhm_z": 4.194500250011697,
  "icvs_csf": 0.23667675999133153,
  "icvs_gm": 0.4574761776477278,
  "icvs_wm": 0.30584706236094067,
  "inu_med": 0.6500875353813171,
  "inu_range": 0.27376964688301064,
  "provenance": {
    "md5sum": "7a792222140008778a8e35114eb288d6",
    "settings": {
      "testing": false
    },
    "software": "mriqc",
    "version": "23.0.1",
    "warnings": {
      "large_rot_frame": true,
      "small_air_mask": false
    },
    "webapi_port": null,
    "webapi_url": "https://mriqc.nimh.nih.gov/api/v1"
  },
  "qi_1": 0.005501138497773982,
  "qi_2": 3.34277176031043e-05,
  "rpve_csf": 24.288765077452933,
  "rpve_gm": 13.18884077179952,
  "rpve_wm": 22.22730681214679,
  "size_x": 240,
  "size_y": 240,
  "size_z": 220,
  "snr_csf": 1.709133471294578,
  "snr_gm": 9.71900930081657,
  "snr_total": 11.488168114175394,
  "snr_wm": 23.036361570415032,
  "snrd_csf": 15.268666974703299,
  "snrd_gm": 57.96447640936529,
  "snrd_total": 55.925989457245215,
  "snrd_wm": 94.54482498766706,
  "spacing_x": 1.0,
  "spacing_y": 0.9999999403953552,
  "spacing_z": 0.9999999403953552,
  "summary_bg_k": 377.7547330467869,
  "summary_bg_mad": 0.0,
  "summary_bg_mean": 2.580313111350472,
  "summary_bg_median": 0.0,
  "summary_bg_n": 311872.0,
  "summary_bg_p05": 0.0,
  "summary_bg_p95": 17.17486632987857,
  "summary_bg_stdv": 6.9293733542357,
  "summary_csf_k": 1.2909362000434248,
  "summary_csf_mad": 84.7738507905193,
  "summary_csf_mean": 176.82148703685968,
  "summary_csf_median": 161.49658924341202,
  "summary_csf_n": 36520.0,
  "summary_csf_p05": 49.43719215877354,
  "summary_csf_p95": 355.9702429837546,
  "summary_csf_stdv": 94.48903837536656,
  "summary_gm_k": 0.37133682333836715,
  "summary_gm_mad": 60.133022626361885,
  "summary_gm_mean": 613.3945478511632,
  "summary_gm_median": 613.0898822341114,
  "summary_gm_n": 46041.0,
  "summary_gm_p05": 509.32726673036814,
  "summary_gm_p95": 716.7732291240245,
  "summary_gm_stdv": 63.080835210268816,
  "summary_wm_k": 0.8861335880115822,
  "summary_wm_mad": 39.213782181751306,
  "summary_wm_mean": 998.4177458106644,
  "summary_wm_median": 999.9999863393605,
  "summary_wm_n": 168877.0,
  "summary_wm_p05": 923.9761011019349,
  "summary_wm_p95": 1066.3213932439685,
  "summary_wm_stdv": 43.40950382045361,
  "tpm_overlap_csf": 0.15854929330270756,
  "tpm_overlap_gm": 0.4928220716488571,
  "tpm_overlap_wm": 0.52543442700338,
  "wm2max": 0.6264441964905033
}