{
  "aor": 0.0013909037900874635,
  "aqi": 0.010543839854227405,
  "bids_meta": {
    "AcquisitionNumber": 3,
    "BIDSVersion": "1.1.0",
    "BidsifyVersion": "0.3",
    "ConversionSoftware": "dcm2niix",
    "ConversionSoftwareVersion": "v1.0.20180622 GCC5.4.0",
    "EchoTime": 0.028,
    "EffectiveEchoSpacing": 0.0006909,
    "FlipAngle": 76.1,
    "ImageComments": "RepliSC",
    "ImageOrientationPatientDICOM": [
      0.997654,
      0.0664298,
      -0.0165533,
      -0.0659143,
      0.997376,
      0.0299504
    ],
    "InstitutionName": "Spinoza Centre for Neuroimaging, location REC",
    "MagneticFieldStrength": 3,
    "Manufacturer": "Philips",
    "ParallelAcquisitionTechnique": "SENSE",
    "ParallelReductionFactorInPlane": 2,
    "PatientPosition": "HFS",
    "PhaseEncodingDirection": "j",
    "PhilipsRescaleIntercept": 0,
    "PhilipsRescaleSlope": 0.78559,
    "PhilipsScaleSlope": 0.0215221,
    "ProtocolName": "task-Healthratingtask_acq-SeqMm3Tr2000_bold",
    "PulseSequenceType": "Gradient Echo EPI",
    "ReconMatrixPE": 80,
    "RepetitionTime": 2,
    "SeriesDescription": "ImageMRSERIES",
    "SeriesNumber": 3,
    "SliceEncodingDirection": "k",
    "SliceTiming": [
      0.0,
      0.05555555555555555,
      0.1111111111111111,
      0.16666666666666666,
      0.2222222222222222,
      0.2777777777777778,
      0.3333333333333333,
      0.38888888888888884,
      0.4444444444444444,
      0.5,
      0.5555555555555556,
      0.611111111111111,
      0.6666666666666666,
      0.7222222222222222,
      0.7777777777777777,
      0.8333333333333333,
      0.8888888888888888,
      0.9444444444444444,
      1.0,
      1.0555555555555556,
      1.1111111111111112,
      1.1666666666666665,
      1.222222222222222,
      1.2777777777777777,
      1.3333333333333333,
      1.3888888888888888,
      1.4444444444444444,
      1.5,
      1.5555555555555554,
      1.611111111111111,
      1.6666666666666665,
      1.722222222222222,
      1.7777777777777777,
      1.8333333333333333,
      1.8888888888888888,
      1.9444444444444444
    ],
    "TaskName": "Healthratingtask",
    "TotalReadoutTime": 0.0269452,
    "UsePhilipsFloatNotDisplayScaling": 1,
    "WaterFatShift": 12.0,
    "acq_id": "SeqMm3Tr2000",
    "dataset": "ds002643",
    "modality": "bold",
    "subject_id": "041",
    "task_id": "Healthratingtask"
  },
  "dummy_trs": 0,
  "dvars_nstd": 21.6240039874854,
  "dvars_std": 1.194950819883041,
  "dvars_vstd": 0.9801152222807021,
  "efc": 0.40971412241694793,
  "fber": 177822.375,
  "fd_mean": 0.12374919779162681,
  "fd_num": 29,
  "fd_perc": 8.454810495626822,
  "fwhm_avg": 1.7751827351107654,
  "fwhm_x": 1.7593566666666665,
  "fwhm_y": 1.9388733333333334,
  "fwhm_z": 1.6273182053322965,
  "gcor": 0.0667542,
  "gsr_x": -0.010736550204455853,
  "gsr_y": 0.0063634030520915985,
  "provenance": {
    "md5sum": "624953f01da012326a19dba181781d47",
    "settings": {
      "fd_thres": 0.2,
      "testing": false
    },
    "software": "mriqc",
    "version": "23.0.1",
    "webapi_port": null,
    "webapi_url": "https://mriqc.nimh.nih.gov/api/v1"
  },
  "size_t": 343,
  "size_x": 80,
  "size_y": 80,
  "size_z": 36,
  "snr": 6.68748688180905,
  "spacing_tr": 2.0,
  "spacing_x": 3.0,
  "spacing_y": 3.0,
  "spacing_z": 3.299999952316284,
  "summary_bg_k": 68.35113820309414,
  "summary_bg_mad": 181.47296271620348,
  "summary_bg_mean": 1093.109619140625,
  "summary_bg_median": 162.021728515625,
  "summary_bg_n": 157110.0,
  "summary_bg_p05": 13.134307575225831,
  "summary_bg_p95": 4716.468164062495,
  "summary_bg_stdv": 3418.49462890625,
  "summary_fg_k": 2.173522935113766,
  "summary_fg_mad": 10067.390290995481,
  "summary_fg_mean": 71157.125,
  "summary_fg_median": 70290.0234375,
  "summary_fg_n": 33095.0,
  "summary_fg_p05": 56850.57734375,
  "summary_fg_p95": 88548.778125,
  "summary_fg_stdv": 10510.51953125,
  "tsnr": 66.64681243896484
}