{
  "aor": 0.00204865889212828,
  "aqi": 0.022465457055393583,
  "bids_meta": {
    "AcquisitionNumber": 3,
    "BIDSVersion": "1.1.0",
    "BidsifyVersion": "0.3",
    "ConversionSoftware": "dcm2niix",
    "ConversionSoftwareVersion": "v1.0.20180622 GCC5.4.0",
    "EchoTime": 0.028,
    "EffectiveEchoSpacing": 0.0006909,
    "FlipAngle": 76.1,
    "ImageComments": "RepliSC",
    "ImageOrientationPatientDICOM": [
      0.999934,
      0.00952925,
      -0.00640747,
      -0.0104717,
      0.985687,
      -0.168259
    ],
    "InstitutionName": "Spinoza Centre for Neuroimaging, location REC",
    "MagneticFieldStrength": 3,
    "Manufacturer": "Philips",
    "ParallelAcquisitionTechnique": "SENSE",
    "ParallelReductionFactorInPlane": 2,
    "PatientPosition": "HFS",
    "PhaseEncodingDirection": "j",
    "PhilipsRescaleIntercept": 0,
    "PhilipsRescaleSlope": 0.77265,
    "PhilipsScaleSlope": 0.0202057,
    "ProtocolName": "task-Healthratingtask_acq-SeqMm3Tr2000_bold",
    "PulseSequenceType": "Gradient Echo EPI",
    "ReconMatrixPE": 80,
    "RepetitionTime": 2,
    "SeriesDescription": "ImageMRSERIES",
    "SeriesNumber": 3,
    "SliceEncodingDirection": "k",
    "SliceTiming": [
      0.0,
      0.05555555555555555,
      0.1111111111111111,
      0.16666666666666666,
      0.2222222222222222,
      0.2777777777777778,
      0.3333333333333333,
      0.38888888888888884,
      0.4444444444444444,
      0.5,
      0.5555555555555556,
      0.611111111111111,
      0.6666666666666666,
      0.7222222222222222,
      0.7777777777777777,
      0.8333333333333333,
      0.8888888888888888,
      0.9444444444444444,
      1.0,
      1.0555555555555556,
      1.1111111111111112,
      1.1666666666666665,
      1.222222222222222,
      1.2777777777777777,
      1.3333333333333333,
      1.3888888888888888,
      1.4444444444444444,
      1.5,
      1.5555555555555554,
      1.611111111111111,
      1.6666666666666665,
      1.722222222222222,
      1.7777777777777777,
      1.8333333333333333,
      1.8888888888888888,
      1.9444444444444444
    ],
    "TaskName": "Healthratingtask",
    "TotalReadoutTime": 0.0269452,
    "UsePhilipsFloatNotDisplayScaling": 1,
    "WaterFatShift": 12.0,
    "acq_id": "SeqMm3Tr2000",
    "dataset": "ds002643",
    "modality": "bold",
    "subject_id": "086",
    "task_id": "Healthratingtask"
  },
  "dummy_trs": 0,
  "dvars_nstd": 20.002733869239766,
  "dvars_std": 1.0054049795029243,
  "dvars_vstd": 0.9023359416081874,
  "efc": 0.4655095762590296,
  "fber": 73325.8515625,
  "fd_mean": 0.14412322491947538,
  "fd_num": 53,
  "fd_perc": 15.451895043731778,
  "fwhm_avg": 1.7842528358569059,
  "fwhm_x": 1.7535166666666668,
  "fwhm_y": 2.026726666666667,
  "fwhm_z": 1.572515174237384,
  "gcor": 0.0234385,
  "gsr_x": -0.015275290235877037,
  "gsr_y": 0.020610196515917778,
  "provenance": {
    "md5sum": "ecf90f9d52c711057b7696987c9885b2",
    "settings": {
      "fd_thres": 0.2,
      "testing": false
    },
    "software": "mriqc",
    "version": "23.0.1",
    "webapi_port": null,
    "webapi_url": "https://mriqc.nimh.nih.gov/api/v1"
  },
  "size_t": 343,
  "size_x": 80,
  "size_y": 80,
  "size_z": 36,
  "snr": 5.947483232049214,
  "spacing_tr": 2.0,
  "spacing_x": 3.0,
  "spacing_y": 3.0,
  "spacing_z": 3.299999952316284,
  "summary_bg_k": 51.78021847781829,
  "summary_bg_mad": 305.7694125015331,
  "summary_bg_mean": 1968.140625,
  "summary_bg_median": 257.28375244140625,
  "summary_bg_n": 147775.0,
  "summary_bg_p05": 20.750730514526367,
  "summary_bg_p95": 10719.624121093744,
  "summary_bg_stdv": 5150.71240234375,
  "summary_fg_k": 1.4180806046457493,
  "summary_fg_mad": 11603.910582369392,
  "summary_fg_mean": 71890.21875,
  "summary_fg_median": 70557.4296875,
  "summary_fg_n": 41199.0,
  "summary_fg_p05": 55678.45546875,
  "summary_fg_p95": 91960.89296874999,
  "summary_fg_stdv": 11863.265625,
  "tsnr": 46.69723892211914
}