{
  "aor": 0.0015564166666666669,
  "aqi": 0.004165424541666666,
  "bids_meta": {
    "AcquisitionNumber": 7,
    "BIDSVersion": "1.1.0",
    "BidsifyVersion": "0.3",
    "ConversionSoftware": "dcm2niix",
    "ConversionSoftwareVersion": "v1.0.20180622 GCC5.4.0",
    "EchoTime": 0.028,
    "EffectiveEchoSpacing": 0.0006909,
    "FlipAngle": 76.1,
    "ImageComments": "RepliSC",
    "ImageOrientationPatientDICOM": [
      0.999934,
      0.00952925,
      -0.00640747,
      -0.0104717,
      0.985687,
      -0.168259
    ],
    "InstitutionName": "Spinoza Centre for Neuroimaging, location REC",
    "MagneticFieldStrength": 3,
    "Manufacturer": "Philips",
    "ParallelAcquisitionTechnique": "SENSE",
    "ParallelReductionFactorInPlane": 2,
    "PatientPosition": "HFS",
    "PhaseEncodingDirection": "j",
    "PhilipsRescaleIntercept": 0,
    "PhilipsRescaleSlope": 0.75092,
    "PhilipsScaleSlope": 0.0218081,
    "ProtocolName": "task-RestingState_acq-SeqMm3Tr2000_bold",
    "PulseSequenceType": "Gradient Echo EPI",
    "ReconMatrixPE": 80,
    "RepetitionTime": 2,
    "SeriesDescription": "ImageMRSERIES",
    "SeriesNumber": 7,
    "SliceEncodingDirection": "k",
    "SliceTiming": [
      0.0,
      0.05555555555555555,
      0.1111111111111111,
      0.16666666666666666,
      0.2222222222222222,
      0.2777777777777778,
      0.3333333333333333,
      0.38888888888888884,
      0.4444444444444444,
      0.5,
      0.5555555555555556,
      0.611111111111111,
      0.6666666666666666,
      0.7222222222222222,
      0.7777777777777777,
      0.8333333333333333,
      0.8888888888888888,
      0.9444444444444444,
      1.0,
      1.0555555555555556,
      1.1111111111111112,
      1.1666666666666665,
      1.222222222222222,
      1.2777777777777777,
      1.3333333333333333,
      1.3888888888888888,
      1.4444444444444444,
      1.5,
      1.5555555555555554,
      1.611111111111111,
      1.6666666666666665,
      1.722222222222222,
      1.7777777777777777,
      1.8333333333333333,
      1.8888888888888888,
      1.9444444444444444
    ],
    "TaskName": "RestingState",
    "TotalReadoutTime": 0.0269452,
    "UsePhilipsFloatNotDisplayScaling": 1,
    "WaterFatShift": 12.0,
    "acq_id": "SeqMm3Tr2000",
    "dataset": "ds002643",
    "modality": "bold",
    "subject_id": "086",
    "task_id": "RestingState"
  },
  "dummy_trs": 0,
  "dvars_nstd": 21.53242436753138,
  "dvars_std": 1.2386508793723854,
  "dvars_vstd": 1.0104730579497907,
  "efc": 0.4647045941112815,
  "fber": 94548.46875,
  "fd_mean": 0.11435062772359104,
  "fd_num": 8,
  "fd_perc": 3.3333333333333335,
  "fwhm_avg": 1.7624445532789952,
  "fwhm_x": 1.69815,
  "fwhm_y": 1.9646866666666665,
  "fwhm_z": 1.624496993170319,
  "gcor": 0.0240945,
  "gsr_x": -0.01580060087144375,
  "gsr_y": 0.021955737844109535,
  "provenance": {
    "md5sum": "5467a9a471f4fe903929298f7f57c224",
    "settings": {
      "fd_thres": 0.2,
      "testing": false
    },
    "software": "mriqc",
    "version": "23.0.1",
    "webapi_port": null,
    "webapi_url": "https://mriqc.nimh.nih.gov/api/v1"
  },
  "size_t": 240,
  "size_x": 80,
  "size_y": 80,
  "size_z": 36,
  "snr": 6.08467502920824,
  "spacing_tr": 2.0,
  "spacing_x": 3.0,
  "spacing_y": 3.0,
  "spacing_z": 3.299999952316284,
  "summary_bg_k": 43.4457384374072,
  "summary_bg_mad": 260.72071059541923,
  "summary_bg_mean": 1900.9310302734375,
  "summary_bg_median": 217.19007873535156,
  "summary_bg_n": 148005.0,
  "summary_bg_p05": 13.664129447937015,
  "summary_bg_p95": 10812.861523437487,
  "summary_bg_stdv": 4945.13232421875,
  "summary_fg_k": 1.66881567086004,
  "summary_fg_mad": 10893.929444982521,
  "summary_fg_mean": 70137.3203125,
  "summary_fg_median": 68759.078125,
  "summary_fg_n": 41120.0,
  "summary_fg_p05": 54667.0951171875,
  "summary_fg_p95": 88755.0359375,
  "summary_fg_stdv": 11300.232421875,
  "tsnr": 90.90855407714844
}