{
  "aor": 0.00193798833819242,
  "aqi": 0.00468667501457726,
  "bids_meta": {
    "AcquisitionNumber": 6,
    "BIDSVersion": "1.1.0",
    "BidsifyVersion": "0.3",
    "ConversionSoftware": "dcm2niix",
    "ConversionSoftwareVersion": "v1.0.20180622 GCC5.4.0",
    "EchoTime": 0.028,
    "EffectiveEchoSpacing": 0.0006909,
    "FlipAngle": 76.1,
    "ImageComments": "RepliSC",
    "ImageOrientationPatientDICOM": [
      0.999934,
      0.00952925,
      -0.00640747,
      -0.0104717,
      0.985687,
      -0.168259
    ],
    "InstitutionName": "Spinoza Centre for Neuroimaging, location REC",
    "MagneticFieldStrength": 3,
    "Manufacturer": "Philips",
    "ParallelAcquisitionTechnique": "SENSE",
    "ParallelReductionFactorInPlane": 2,
    "PatientPosition": "HFS",
    "PhaseEncodingDirection": "j",
    "PhilipsRescaleIntercept": 0,
    "PhilipsRescaleSlope": 0.76386,
    "PhilipsScaleSlope": 0.0215381,
    "ProtocolName": "task-Decisiontask_acq-SeqMm3Tr2000_bold",
    "PulseSequenceType": "Gradient Echo EPI",
    "ReconMatrixPE": 80,
    "RepetitionTime": 2,
    "SeriesDescription": "ImageMRSERIES",
    "SeriesNumber": 6,
    "SliceEncodingDirection": "k",
    "SliceTiming": [
      0.0,
      0.05555555555555555,
      0.1111111111111111,
      0.16666666666666666,
      0.2222222222222222,
      0.2777777777777778,
      0.3333333333333333,
      0.38888888888888884,
      0.4444444444444444,
      0.5,
      0.5555555555555556,
      0.611111111111111,
      0.6666666666666666,
      0.7222222222222222,
      0.7777777777777777,
      0.8333333333333333,
      0.8888888888888888,
      0.9444444444444444,
      1.0,
      1.0555555555555556,
      1.1111111111111112,
      1.1666666666666665,
      1.222222222222222,
      1.2777777777777777,
      1.3333333333333333,
      1.3888888888888888,
      1.4444444444444444,
      1.5,
      1.5555555555555554,
      1.611111111111111,
      1.6666666666666665,
      1.722222222222222,
      1.7777777777777777,
      1.8333333333333333,
      1.8888888888888888,
      1.9444444444444444
    ],
    "TaskName": "Decisiontask",
    "TotalReadoutTime": 0.0269452,
    "UsePhilipsFloatNotDisplayScaling": 1,
    "WaterFatShift": 12.0,
    "acq_id": "SeqMm3Tr2000",
    "dataset": "ds002643",
    "modality": "bold",
    "subject_id": "086",
    "task_id": "Decisiontask"
  },
  "dummy_trs": 0,
  "dvars_nstd": 20.406884463830416,
  "dvars_std": 1.2229434505555554,
  "dvars_vstd": 1.0188625876023387,
  "efc": 0.4649683903283616,
  "fber": 93157.6640625,
  "fd_mean": 0.1112975996419965,
  "fd_num": 18,
  "fd_perc": 5.247813411078718,
  "fwhm_avg": 1.7828668766098825,
  "fwhm_x": 1.7098633333333335,
  "fwhm_y": 1.9937766666666665,
  "fwhm_z": 1.644960629829647,
  "gcor": 0.0409975,
  "gsr_x": -0.01583772338926792,
  "gsr_y": 0.022352758795022964,
  "provenance": {
    "md5sum": "d47556035db32807731597f7237d085e",
    "settings": {
      "fd_thres": 0.2,
      "testing": false
    },
    "software": "mriqc",
    "version": "23.0.1",
    "webapi_port": null,
    "webapi_url": "https://mriqc.nimh.nih.gov/api/v1"
  },
  "size_t": 343,
  "size_x": 80,
  "size_y": 80,
  "size_z": 36,
  "snr": 6.044551966575625,
  "spacing_tr": 2.0,
  "spacing_x": 3.0,
  "spacing_y": 3.0,
  "spacing_z": 3.299999952316284,
  "summary_bg_k": 49.38039631469669,
  "summary_bg_mad": 261.63974706126515,
  "summary_bg_mean": 1909.32958984375,
  "summary_bg_median": 217.7464599609375,
  "summary_bg_n": 147917.0,
  "summary_bg_p05": 13.931293487548828,
  "summary_bg_p95": 10738.190429687484,
  "summary_bg_stdv": 5015.2587890625,
  "summary_fg_k": 1.7472712736746692,
  "summary_fg_mad": 10907.545061450126,
  "summary_fg_mean": 70146.6484375,
  "summary_fg_median": 68780.59375,
  "summary_fg_n": 41176.0,
  "summary_fg_p05": 54675.009765625,
  "summary_fg_p95": 88868.994140625,
  "summary_fg_stdv": 11378.8017578125,
  "tsnr": 84.657470703125
}