{
  "aor": 0.001722915451895044,
  "aqi": 0.007538412040816326,
  "bids_meta": {
    "AcquisitionNumber": 4,
    "BIDSVersion": "1.1.0",
    "BidsifyVersion": "0.3",
    "ConversionSoftware": "dcm2niix",
    "ConversionSoftwareVersion": "v1.0.20180622 GCC5.4.0",
    "EchoTime": 0.028,
    "EffectiveEchoSpacing": 0.0006909,
    "FlipAngle": 76.1,
    "ImageComments": "RepliSC",
    "ImageOrientationPatientDICOM": [
      0.999934,
      0.00952925,
      -0.00640747,
      -0.0104717,
      0.985687,
      -0.168259
    ],
    "InstitutionName": "Spinoza Centre for Neuroimaging, location REC",
    "MagneticFieldStrength": 3,
    "Manufacturer": "Philips",
    "ParallelAcquisitionTechnique": "SENSE",
    "ParallelReductionFactorInPlane": 2,
    "PatientPosition": "HFS",
    "PhaseEncodingDirection": "j",
    "PhilipsRescaleIntercept": 0,
    "PhilipsRescaleSlope": 0.79731,
    "PhilipsScaleSlope": 0.0209256,
    "ProtocolName": "task-Tasteratingtask_acq-SeqMm3Tr2000_bold",
    "PulseSequenceType": "Gradient Echo EPI",
    "ReconMatrixPE": 80,
    "RepetitionTime": 2,
    "SeriesDescription": "ImageMRSERIES",
    "SeriesNumber": 4,
    "SliceEncodingDirection": "k",
    "SliceTiming": [
      0.0,
      0.05555555555555555,
      0.1111111111111111,
      0.16666666666666666,
      0.2222222222222222,
      0.2777777777777778,
      0.3333333333333333,
      0.38888888888888884,
      0.4444444444444444,
      0.5,
      0.5555555555555556,
      0.611111111111111,
      0.6666666666666666,
      0.7222222222222222,
      0.7777777777777777,
      0.8333333333333333,
      0.8888888888888888,
      0.9444444444444444,
      1.0,
      1.0555555555555556,
      1.1111111111111112,
      1.1666666666666665,
      1.222222222222222,
      1.2777777777777777,
      1.3333333333333333,
      1.3888888888888888,
      1.4444444444444444,
      1.5,
      1.5555555555555554,
      1.611111111111111,
      1.6666666666666665,
      1.722222222222222,
      1.7777777777777777,
      1.8333333333333333,
      1.8888888888888888,
      1.9444444444444444
    ],
    "TaskName": "Tasteratingtask",
    "TotalReadoutTime": 0.0269452,
    "UsePhilipsFloatNotDisplayScaling": 1,
    "WaterFatShift": 12.0,
    "acq_id": "SeqMm3Tr2000",
    "dataset": "ds002643",
    "modality": "bold",
    "subject_id": "086",
    "task_id": "Tasteratingtask"
  },
  "dummy_trs": 0,
  "dvars_nstd": 21.125556198538014,
  "dvars_std": 1.1791038676315782,
  "dvars_vstd": 0.985571662076023,
  "efc": 0.4646724228362129,
  "fber": 74574.5546875,
  "fd_mean": 0.12529647399437788,
  "fd_num": 36,
  "fd_perc": 10.495626822157435,
  "fwhm_avg": 1.7640195028297436,
  "fwhm_x": 1.6913266666666666,
  "fwhm_y": 1.96465,
  "fwhm_z": 1.6360818418225642,
  "gcor": 0.0451061,
  "gsr_x": -0.01472149882465601,
  "gsr_y": 0.02151106670498848,
  "provenance": {
    "md5sum": "26bd76c75036ee7af94faa93226785d9",
    "settings": {
      "fd_thres": 0.2,
      "testing": false
    },
    "software": "mriqc",
    "version": "23.0.1",
    "webapi_port": null,
    "webapi_url": "https://mriqc.nimh.nih.gov/api/v1"
  },
  "size_t": 343,
  "size_x": 80,
  "size_y": 80,
  "size_z": 36,
  "snr": 6.081418407275794,
  "spacing_tr": 2.0,
  "spacing_x": 3.0,
  "spacing_y": 3.0,
  "spacing_z": 3.299999952316284,
  "summary_bg_k": 48.372072726355114,
  "summary_bg_mad": 297.65784026315123,
  "summary_bg_mean": 1929.8055419921875,
  "summary_bg_median": 248.72218322753906,
  "summary_bg_n": 148168.0,
  "summary_bg_p05": 18.022505283355713,
  "summary_bg_p95": 10808.936328124999,
  "summary_bg_stdv": 5020.77392578125,
  "summary_fg_k": 1.4581649611154628,
  "summary_fg_mad": 11060.050390434142,
  "summary_fg_mean": 70056.5625,
  "summary_fg_median": 68771.7109375,
  "summary_fg_n": 40929.0,
  "summary_fg_p05": 54567.971875,
  "summary_fg_p95": 88919.0328125,
  "summary_fg_stdv": 11308.3603515625,
  "tsnr": 70.56566619873047
}