{
  "aor": 0.0020082215743440234,
  "aqi": 0.005782786326530612,
  "bids_meta": {
    "AcquisitionNumber": 4,
    "BIDSVersion": "1.1.0",
    "BidsifyVersion": "0.3.7",
    "ConversionSoftware": "dcm2niix",
    "ConversionSoftwareVersion": "v1.0.20190902",
    "EchoTime": 0.028,
    "EffectiveEchoSpacing": 0.0006909,
    "FlipAngle": 76.1,
    "ImageComments": "RepliSC",
    "ImageOrientationPatientDICOM": [
      0.998949,
      -0.0440717,
      -0.0126212,
      0.0388996,
      0.960562,
      -0.27533
    ],
    "InstitutionName": "Spinoza Centre for Neuroimaging, location RE",
    "MagneticFieldStrength": 3,
    "Manufacturer": "Philips",
    "ParallelAcquisitionTechnique": "SENSE",
    "ParallelReductionFactorInPlane": 2,
    "PatientPosition": "HFS",
    "PhaseEncodingDirection": "j",
    "PhilipsRescaleIntercept": 0,
    "PhilipsRescaleSlope": 0.76777,
    "PhilipsScaleSlope": 0.0223886,
    "ProtocolName": "task-Healthratingtask_acq-SeqMm3Tr2000_bold",
    "PulseSequenceType": "Gradient Echo EPI",
    "ReconMatrixPE": 80,
    "RepetitionTime": 2,
    "SeriesDescription": "ImageMRSERIES",
    "SeriesNumber": 4,
    "SliceEncodingDirection": "k",
    "SliceTiming": [
      0.0,
      0.05555555555555555,
      0.1111111111111111,
      0.16666666666666666,
      0.2222222222222222,
      0.2777777777777778,
      0.3333333333333333,
      0.38888888888888884,
      0.4444444444444444,
      0.5,
      0.5555555555555556,
      0.611111111111111,
      0.6666666666666666,
      0.7222222222222222,
      0.7777777777777777,
      0.8333333333333333,
      0.8888888888888888,
      0.9444444444444444,
      1.0,
      1.0555555555555556,
      1.1111111111111112,
      1.1666666666666665,
      1.222222222222222,
      1.2777777777777777,
      1.3333333333333333,
      1.3888888888888888,
      1.4444444444444444,
      1.5,
      1.5555555555555554,
      1.611111111111111,
      1.6666666666666665,
      1.722222222222222,
      1.7777777777777777,
      1.8333333333333333,
      1.8888888888888888,
      1.9444444444444444
    ],
    "TaskName": "Healthratingtask",
    "TotalReadoutTime": 0.0269452,
    "UsePhilipsFloatNotDisplayScaling": 1,
    "WaterFatShift": 12.0,
    "acq_id": "SeqMm3Tr2000",
    "dataset": "ds002643",
    "modality": "bold",
    "subject_id": "064",
    "task_id": "Healthratingtask"
  },
  "dummy_trs": 0,
  "dvars_nstd": 23.36944949263158,
  "dvars_std": 1.1531194483918126,
  "dvars_vstd": 1.018286932222223,
  "efc": 0.4425001118746338,
  "fber": 155745.09375,
  "fd_mean": 0.2978079079461925,
  "fd_num": 269,
  "fd_perc": 78.42565597667638,
  "fwhm_avg": 1.7728429190348765,
  "fwhm_x": 1.7239533333333332,
  "fwhm_y": 1.9410066666666665,
  "fwhm_z": 1.6535687571046296,
  "gcor": 0.0528427,
  "gsr_x": -0.018888533115386963,
  "gsr_y": 0.015771888196468353,
  "provenance": {
    "md5sum": "3c0cd59fb5d5b076271a3b847919d79c",
    "settings": {
      "fd_thres": 0.2,
      "testing": false
    },
    "software": "mriqc",
    "version": "23.0.1",
    "webapi_port": null,
    "webapi_url": "https://mriqc.nimh.nih.gov/api/v1"
  },
  "size_t": 343,
  "size_x": 80,
  "size_y": 80,
  "size_z": 36,
  "snr": 6.334894996630904,
  "spacing_tr": 2.0,
  "spacing_x": 3.0,
  "spacing_y": 3.0,
  "spacing_z": 3.2997357845306396,
  "summary_bg_k": 56.732273831461534,
  "summary_bg_mad": 172.7553562343372,
  "summary_bg_mean": 1394.185546875,
  "summary_bg_median": 153.3959503173828,
  "summary_bg_n": 152071.0,
  "summary_bg_p05": 12.484174251556396,
  "summary_bg_p95": 6651.08154296875,
  "summary_bg_stdv": 3831.30224609375,
  "summary_fg_k": 2.792752053353116,
  "summary_fg_mad": 8425.715278991076,
  "summary_fg_mean": 62573.36328125,
  "summary_fg_median": 61291.015625,
  "summary_fg_n": 37949.0,
  "summary_fg_p05": 50176.7328125,
  "summary_fg_p95": 79395.57656249999,
  "summary_fg_stdv": 9675.015625,
  "tsnr": 74.31975555419922
}