{
  "aor": 0.0013857916666666665,
  "aqi": 0.004877872333333333,
  "bids_meta": {
    "AcquisitionNumber": 7,
    "BIDSVersion": "1.1.0",
    "BidsifyVersion": "0.3.7",
    "ConversionSoftware": "dcm2niix",
    "ConversionSoftwareVersion": "v1.0.20190902",
    "EchoTime": 0.028,
    "EffectiveEchoSpacing": 0.0006909,
    "FlipAngle": 76.1,
    "ImageComments": "RepliSC",
    "ImageOrientationPatientDICOM": [
      0.998949,
      -0.0440717,
      -0.0126212,
      0.0388996,
      0.960562,
      -0.27533
    ],
    "InstitutionName": "Spinoza Centre for Neuroimaging, location RE",
    "MagneticFieldStrength": 3,
    "Manufacturer": "Philips",
    "ParallelAcquisitionTechnique": "SENSE",
    "ParallelReductionFactorInPlane": 2,
    "PatientPosition": "HFS",
    "PhaseEncodingDirection": "j",
    "PhilipsRescaleIntercept": 0,
    "PhilipsRescaleSlope": 0.80586,
    "PhilipsScaleSlope": 0.0219351,
    "ProtocolName": "task-RestingState_acq-SeqMm3Tr2000_bold",
    "PulseSequenceType": "Gradient Echo EPI",
    "ReconMatrixPE": 80,
    "RepetitionTime": 2,
    "SeriesDescription": "ImageMRSERIES",
    "SeriesNumber": 7,
    "SliceEncodingDirection": "k",
    "SliceTiming": [
      0.0,
      0.05555555555555555,
      0.1111111111111111,
      0.16666666666666666,
      0.2222222222222222,
      0.2777777777777778,
      0.3333333333333333,
      0.38888888888888884,
      0.4444444444444444,
      0.5,
      0.5555555555555556,
      0.611111111111111,
      0.6666666666666666,
      0.7222222222222222,
      0.7777777777777777,
      0.8333333333333333,
      0.8888888888888888,
      0.9444444444444444,
      1.0,
      1.0555555555555556,
      1.1111111111111112,
      1.1666666666666665,
      1.222222222222222,
      1.2777777777777777,
      1.3333333333333333,
      1.3888888888888888,
      1.4444444444444444,
      1.5,
      1.5555555555555554,
      1.611111111111111,
      1.6666666666666665,
      1.722222222222222,
      1.7777777777777777,
      1.8333333333333333,
      1.8888888888888888,
      1.9444444444444444
    ],
    "TaskName": "RestingState",
    "TotalReadoutTime": 0.0269452,
    "UsePhilipsFloatNotDisplayScaling": 1,
    "WaterFatShift": 12.0,
    "acq_id": "SeqMm3Tr2000",
    "dataset": "ds002643",
    "modality": "bold",
    "subject_id": "064",
    "task_id": "RestingState"
  },
  "dummy_trs": 0,
  "dvars_nstd": 21.75273267569037,
  "dvars_std": 1.1442297202092042,
  "dvars_vstd": 1.005450667866109,
  "efc": 0.4433776338628375,
  "fber": 208509.53125,
  "fd_mean": 0.2742876412616065,
  "fd_num": 193,
  "fd_perc": 80.41666666666667,
  "fwhm_avg": 1.7762674582809341,
  "fwhm_x": 1.7183599999999999,
  "fwhm_y": 1.9495366666666667,
  "fwhm_z": 1.660905708176136,
  "gcor": 0.0322215,
  "gsr_x": -0.01908905804157257,
  "gsr_y": 0.015529867261648178,
  "provenance": {
    "md5sum": "6c7148a6142ead446810981d5307fd4c",
    "settings": {
      "fd_thres": 0.2,
      "testing": false
    },
    "software": "mriqc",
    "version": "23.0.1",
    "webapi_port": null,
    "webapi_url": "https://mriqc.nimh.nih.gov/api/v1"
  },
  "size_t": 240,
  "size_x": 80,
  "size_y": 80,
  "size_z": 36,
  "snr": 6.431077744730921,
  "spacing_tr": 2.0,
  "spacing_x": 3.0,
  "spacing_y": 3.0,
  "spacing_z": 3.2997357845306396,
  "summary_bg_k": 54.252173477264535,
  "summary_bg_mad": 158.30893612925755,
  "summary_bg_mean": 1407.7418212890625,
  "summary_bg_median": 130.4600372314453,
  "summary_bg_n": 151930.0,
  "summary_bg_p05": 6.40269284248352,
  "summary_bg_p95": 6766.609155273418,
  "summary_bg_stdv": 3862.076416015625,
  "summary_fg_k": 2.961917485167146,
  "summary_fg_mad": 8199.033507762451,
  "summary_fg_mean": 62535.58984375,
  "summary_fg_median": 61236.96875,
  "summary_fg_n": 38016.0,
  "summary_fg_p05": 50314.060546875,
  "summary_fg_p95": 79088.8671875,
  "summary_fg_stdv": 9521.9130859375,
  "tsnr": 83.81842803955078
}