{
  "aor": 0.0012819241982507288,
  "aqi": 0.0064401327696793,
  "bids_meta": {
    "AcquisitionNumber": 3,
    "BIDSVersion": "1.1.0",
    "BidsifyVersion": "0.3.7",
    "ConversionSoftware": "dcm2niix",
    "ConversionSoftwareVersion": "v1.0.20190902",
    "EchoTime": 0.028,
    "EffectiveEchoSpacing": 0.0006909,
    "FlipAngle": 76.1,
    "ImageComments": "RepliSC",
    "ImageOrientationPatientDICOM": [
      0.998949,
      -0.0440717,
      -0.0126212,
      0.0388996,
      0.960562,
      -0.27533
    ],
    "InstitutionName": "Spinoza Centre for Neuroimaging, location RE",
    "MagneticFieldStrength": 3,
    "Manufacturer": "Philips",
    "ParallelAcquisitionTechnique": "SENSE",
    "ParallelReductionFactorInPlane": 2,
    "PatientPosition": "HFS",
    "PhaseEncodingDirection": "j",
    "PhilipsRescaleIntercept": 0,
    "PhilipsRescaleSlope": 0.75385,
    "PhilipsScaleSlope": 0.0228032,
    "ProtocolName": "task-Tasteratingtask_acq-SeqMm3Tr2000_bold",
    "PulseSequenceType": "Gradient Echo EPI",
    "ReconMatrixPE": 80,
    "RepetitionTime": 2,
    "SeriesDescription": "ImageMRSERIES",
    "SeriesNumber": 3,
    "SliceEncodingDirection": "k",
    "SliceTiming": [
      0.0,
      0.05555555555555555,
      0.1111111111111111,
      0.16666666666666666,
      0.2222222222222222,
      0.2777777777777778,
      0.3333333333333333,
      0.38888888888888884,
      0.4444444444444444,
      0.5,
      0.5555555555555556,
      0.611111111111111,
      0.6666666666666666,
      0.7222222222222222,
      0.7777777777777777,
      0.8333333333333333,
      0.8888888888888888,
      0.9444444444444444,
      1.0,
      1.0555555555555556,
      1.1111111111111112,
      1.1666666666666665,
      1.222222222222222,
      1.2777777777777777,
      1.3333333333333333,
      1.3888888888888888,
      1.4444444444444444,
      1.5,
      1.5555555555555554,
      1.611111111111111,
      1.6666666666666665,
      1.722222222222222,
      1.7777777777777777,
      1.8333333333333333,
      1.8888888888888888,
      1.9444444444444444
    ],
    "TaskName": "Tasteratingtask",
    "TotalReadoutTime": 0.0269452,
    "UsePhilipsFloatNotDisplayScaling": 1,
    "WaterFatShift": 12.0,
    "acq_id": "SeqMm3Tr2000",
    "dataset": "ds002643",
    "modality": "bold",
    "subject_id": "064",
    "task_id": "Tasteratingtask"
  },
  "dummy_trs": 0,
  "dvars_nstd": 23.79057591438597,
  "dvars_std": 1.1385518627777773,
  "dvars_vstd": 0.9994088112280699,
  "efc": 0.44134178120250833,
  "fber": 158829.1875,
  "fd_mean": 0.2910428759277469,
  "fd_num": 270,
  "fd_perc": 78.71720116618076,
  "fwhm_avg": 1.7606352236972844,
  "fwhm_x": 1.7117566666666668,
  "fwhm_y": 1.9362000000000001,
  "fwhm_z": 1.6339490044251865,
  "gcor": 0.0721754,
  "gsr_x": -0.018460705876350403,
  "gsr_y": 0.01471568550914526,
  "provenance": {
    "md5sum": "4fb6a3d7e3741b7d529ad36f43175fcd",
    "settings": {
      "fd_thres": 0.2,
      "testing": false
    },
    "software": "mriqc",
    "version": "23.0.1",
    "webapi_port": null,
    "webapi_url": "https://mriqc.nimh.nih.gov/api/v1"
  },
  "size_t": 343,
  "size_x": 80,
  "size_y": 80,
  "size_z": 36,
  "snr": 6.317526374338606,
  "spacing_tr": 2.0,
  "spacing_x": 3.0,
  "spacing_y": 3.0,
  "spacing_z": 3.2997357845306396,
  "summary_bg_k": 50.65864259889995,
  "summary_bg_mad": 168.3055983696934,
  "summary_bg_mean": 1359.77001953125,
  "summary_bg_median": 150.67481994628906,
  "summary_bg_n": 152180.0,
  "summary_bg_p05": 12.80863962173462,
  "summary_bg_p95": 6461.673730468747,
  "summary_bg_stdv": 3742.871826171875,
  "summary_fg_k": 2.8819015977406153,
  "summary_fg_mad": 8364.404464982446,
  "summary_fg_mean": 62318.609375,
  "summary_fg_median": 60999.21875,
  "summary_fg_n": 37862.0,
  "summary_fg_p05": 50045.575976562504,
  "summary_fg_p95": 79121.05742187498,
  "summary_fg_stdv": 9655.4267578125,
  "tsnr": 70.55099487304688
}