{
  "aor": 0.001738600583090379,
  "aqi": 0.0074678812244897965,
  "bids_meta": {
    "AcquisitionNumber": 4,
    "BIDSVersion": "1.1.0",
    "BidsifyVersion": "0.3",
    "ConversionSoftware": "dcm2niix",
    "ConversionSoftwareVersion": "v1.0.20180622 GCC5.4.0",
    "EchoTime": 0.028,
    "EffectiveEchoSpacing": 0.0006909,
    "FlipAngle": 76.1,
    "ImageComments": "RepliSC",
    "ImageOrientationPatientDICOM": [
      0.999276,
      0.0171627,
      0.0339554,
      -0.0134301,
      0.994141,
      -0.107251
    ],
    "InstitutionName": "Spinoza Centre for Neuroimaging, location REC",
    "MagneticFieldStrength": 3,
    "Manufacturer": "Philips",
    "ParallelAcquisitionTechnique": "SENSE",
    "ParallelReductionFactorInPlane": 2,
    "PatientPosition": "HFS",
    "PhaseEncodingDirection": "j",
    "PhilipsRescaleIntercept": 0,
    "PhilipsRescaleSlope": 0.74945,
    "PhilipsScaleSlope": 0.021705,
    "ProtocolName": "ses-01_task-Healthratingtask-SeqMm3_bold",
    "PulseSequenceType": "Gradient Echo EPI",
    "ReconMatrixPE": 80,
    "RepetitionTime": 2,
    "SeriesDescription": "ImageMRSERIES",
    "SeriesNumber": 4,
    "SliceEncodingDirection": "k",
    "SliceTiming": [
      0.0,
      0.05555555555555555,
      0.1111111111111111,
      0.16666666666666666,
      0.2222222222222222,
      0.2777777777777778,
      0.3333333333333333,
      0.38888888888888884,
      0.4444444444444444,
      0.5,
      0.5555555555555556,
      0.611111111111111,
      0.6666666666666666,
      0.7222222222222222,
      0.7777777777777777,
      0.8333333333333333,
      0.8888888888888888,
      0.9444444444444444,
      1.0,
      1.0555555555555556,
      1.1111111111111112,
      1.1666666666666665,
      1.222222222222222,
      1.2777777777777777,
      1.3333333333333333,
      1.3888888888888888,
      1.4444444444444444,
      1.5,
      1.5555555555555554,
      1.611111111111111,
      1.6666666666666665,
      1.722222222222222,
      1.7777777777777777,
      1.8333333333333333,
      1.8888888888888888,
      1.9444444444444444
    ],
    "TaskName": "Healthratingtask",
    "TotalReadoutTime": 0.0269452,
    "UsePhilipsFloatNotDisplayScaling": 1,
    "WaterFatShift": 12.0,
    "acq_id": "SeqMm3Tr2000",
    "dataset": "ds002643",
    "modality": "bold",
    "subject_id": "016",
    "task_id": "Healthratingtask"
  },
  "dummy_trs": 0,
  "dvars_nstd": 19.635675597426893,
  "dvars_std": 1.1473952397076026,
  "dvars_vstd": 0.9551374580409354,
  "efc": 0.398692268293882,
  "fber": 159443.59375,
  "fd_mean": 0.13243609935777845,
  "fd_num": 37,
  "fd_perc": 10.787172011661808,
  "fwhm_avg": 1.7831324322954847,
  "fwhm_x": 1.7092566666666666,
  "fwhm_y": 1.96818,
  "fwhm_z": 1.6719606302197867,
  "gcor": 0.0236028,
  "gsr_x": -0.02340717427432537,
  "gsr_y": 0.006792390253394842,
  "provenance": {
    "md5sum": "433d411d7b7da93b7b129be304877bdd",
    "settings": {
      "fd_thres": 0.2,
      "testing": false
    },
    "software": "mriqc",
    "version": "23.0.1",
    "webapi_port": null,
    "webapi_url": "https://mriqc.nimh.nih.gov/api/v1"
  },
  "size_t": 343,
  "size_x": 80,
  "size_y": 80,
  "size_z": 36,
  "snr": 5.176187403512741,
  "spacing_tr": 2.0,
  "spacing_x": 3.0,
  "spacing_y": 3.0,
  "spacing_z": 3.299999952316284,
  "summary_bg_k": 67.02652883917754,
  "summary_bg_mad": 181.3606692170258,
  "summary_bg_mean": 1085.7689208984375,
  "summary_bg_median": 161.8268280029297,
  "summary_bg_n": 159387.0,
  "summary_bg_p05": 12.462914752960206,
  "summary_bg_p95": 4381.602685546857,
  "summary_bg_stdv": 3570.342041015625,
  "summary_fg_k": 2.5810499568795686,
  "summary_fg_mad": 11507.790469007918,
  "summary_fg_mean": 68321.4609375,
  "summary_fg_median": 66350.015625,
  "summary_fg_n": 31933.0,
  "summary_fg_p05": 52558.96171875,
  "summary_fg_p95": 90739.80781249999,
  "summary_fg_stdv": 12818.1171875,
  "tsnr": 70.53321838378906
}