{
  "aor": 0.0021709620991253644,
  "aqi": 0.003950992886297376,
  "bids_meta": {
    "AcquisitionNumber": 3,
    "BIDSVersion": "1.1.0",
    "BidsifyVersion": "0.3",
    "ConversionSoftware": "dcm2niix",
    "ConversionSoftwareVersion": "v1.0.20180622 GCC5.4.0",
    "EchoTime": 0.028,
    "EffectiveEchoSpacing": 0.0006909,
    "FlipAngle": 76.1,
    "ImageComments": "RepliSC",
    "ImageOrientationPatientDICOM": [
      0.999276,
      0.0171627,
      0.0339554,
      -0.0134301,
      0.994141,
      -0.107251
    ],
    "InstitutionName": "Spinoza Centre for Neuroimaging, location REC",
    "MagneticFieldStrength": 3,
    "Manufacturer": "Philips",
    "ParallelAcquisitionTechnique": "SENSE",
    "ParallelReductionFactorInPlane": 2,
    "PatientPosition": "HFS",
    "PhaseEncodingDirection": "j",
    "PhilipsRescaleIntercept": 0,
    "PhilipsRescaleSlope": 0.74432,
    "PhilipsScaleSlope": 0.0209468,
    "ProtocolName": "ses-01_task-Tasteratingtask-SeqMm3_bold",
    "PulseSequenceType": "Gradient Echo EPI",
    "ReconMatrixPE": 80,
    "RepetitionTime": 2,
    "SeriesDescription": "ImageMRSERIES",
    "SeriesNumber": 3,
    "SliceEncodingDirection": "k",
    "SliceTiming": [
      0.0,
      0.05555555555555555,
      0.1111111111111111,
      0.16666666666666666,
      0.2222222222222222,
      0.2777777777777778,
      0.3333333333333333,
      0.38888888888888884,
      0.4444444444444444,
      0.5,
      0.5555555555555556,
      0.611111111111111,
      0.6666666666666666,
      0.7222222222222222,
      0.7777777777777777,
      0.8333333333333333,
      0.8888888888888888,
      0.9444444444444444,
      1.0,
      1.0555555555555556,
      1.1111111111111112,
      1.1666666666666665,
      1.222222222222222,
      1.2777777777777777,
      1.3333333333333333,
      1.3888888888888888,
      1.4444444444444444,
      1.5,
      1.5555555555555554,
      1.611111111111111,
      1.6666666666666665,
      1.722222222222222,
      1.7777777777777777,
      1.8333333333333333,
      1.8888888888888888,
      1.9444444444444444
    ],
    "TaskName": "Tasteratingtask",
    "TotalReadoutTime": 0.0269452,
    "UsePhilipsFloatNotDisplayScaling": 1,
    "WaterFatShift": 12.0,
    "acq_id": "SeqMm3Tr2000",
    "dataset": "ds002643",
    "modality": "bold",
    "subject_id": "016",
    "task_id": "Tasteratingtask"
  },
  "dummy_trs": 0,
  "dvars_nstd": 19.397893454122816,
  "dvars_std": 1.2365487219883042,
  "dvars_vstd": 1.0093884236842103,
  "efc": 0.3982444243725681,
  "fber": 162035.25,
  "fd_mean": 0.12906002127349733,
  "fd_num": 38,
  "fd_perc": 11.078717201166182,
  "fwhm_avg": 1.7921320283662403,
  "fwhm_x": 1.7196366666666665,
  "fwhm_y": 1.96172,
  "fwhm_z": 1.6950394184320539,
  "gcor": 0.0586006,
  "gsr_x": -0.023530470207333565,
  "gsr_y": 0.0057526822201907635,
  "provenance": {
    "md5sum": "0924a0f0052ebef9d5103cb0ad25945e",
    "settings": {
      "fd_thres": 0.2,
      "testing": false
    },
    "software": "mriqc",
    "version": "23.0.1",
    "webapi_port": null,
    "webapi_url": "https://mriqc.nimh.nih.gov/api/v1"
  },
  "size_t": 343,
  "size_x": 80,
  "size_y": 80,
  "size_z": 36,
  "snr": 5.087657315287871,
  "spacing_tr": 2.0,
  "spacing_x": 3.0,
  "spacing_y": 3.0,
  "spacing_z": 3.299999952316284,
  "summary_bg_k": 64.14990605838925,
  "summary_bg_mad": 183.6500539919501,
  "summary_bg_mean": 1094.188232421875,
  "summary_bg_median": 162.79888916015625,
  "summary_bg_n": 159325.0,
  "summary_bg_p05": 9.9432035446167,
  "summary_bg_p95": 4342.240820312499,
  "summary_bg_stdv": 3634.80078125,
  "summary_fg_k": 2.580034908932209,
  "summary_fg_mad": 11817.938112006474,
  "summary_fg_mean": 69404.03125,
  "summary_fg_median": 67401.53125,
  "summary_fg_n": 31884.0,
  "summary_fg_p05": 53151.1705078125,
  "summary_fg_p95": 92457.96093749999,
  "summary_fg_stdv": 13247.8408203125,
  "tsnr": 81.37255096435547
}