{
  "aor": 0.0022192419825072885,
  "aqi": 0.003669651807580175,
  "bids_meta": {
    "AcquisitionNumber": 6,
    "BIDSVersion": "1.1.0",
    "BidsifyVersion": "0.3",
    "ConversionSoftware": "dcm2niix",
    "ConversionSoftwareVersion": "v1.0.20180622 GCC5.4.0",
    "EchoTime": 0.028,
    "EffectiveEchoSpacing": 0.0006909,
    "FlipAngle": 76.1,
    "ImageComments": "RepliSC",
    "ImageOrientationPatientDICOM": [
      0.999276,
      0.0171627,
      0.0339554,
      -0.0134301,
      0.994141,
      -0.107251
    ],
    "InstitutionName": "Spinoza Centre for Neuroimaging, location REC",
    "MagneticFieldStrength": 3,
    "Manufacturer": "Philips",
    "ParallelAcquisitionTechnique": "SENSE",
    "ParallelReductionFactorInPlane": 2,
    "PatientPosition": "HFS",
    "PhaseEncodingDirection": "j",
    "PhilipsRescaleIntercept": 0,
    "PhilipsRescaleSlope": 0.75629,
    "PhilipsScaleSlope": 0.0216547,
    "ProtocolName": "ses-01_task-Decisiontask-SeqMm3_bold",
    "PulseSequenceType": "Gradient Echo EPI",
    "ReconMatrixPE": 80,
    "RepetitionTime": 2,
    "SeriesDescription": "ImageMRSERIES",
    "SeriesNumber": 6,
    "SliceEncodingDirection": "k",
    "SliceTiming": [
      0.0,
      0.05555555555555555,
      0.1111111111111111,
      0.16666666666666666,
      0.2222222222222222,
      0.2777777777777778,
      0.3333333333333333,
      0.38888888888888884,
      0.4444444444444444,
      0.5,
      0.5555555555555556,
      0.611111111111111,
      0.6666666666666666,
      0.7222222222222222,
      0.7777777777777777,
      0.8333333333333333,
      0.8888888888888888,
      0.9444444444444444,
      1.0,
      1.0555555555555556,
      1.1111111111111112,
      1.1666666666666665,
      1.222222222222222,
      1.2777777777777777,
      1.3333333333333333,
      1.3888888888888888,
      1.4444444444444444,
      1.5,
      1.5555555555555554,
      1.611111111111111,
      1.6666666666666665,
      1.722222222222222,
      1.7777777777777777,
      1.8333333333333333,
      1.8888888888888888,
      1.9444444444444444
    ],
    "TaskName": "Decisiontask",
    "TotalReadoutTime": 0.0269452,
    "UsePhilipsFloatNotDisplayScaling": 1,
    "WaterFatShift": 12.0,
    "acq_id": "SeqMm3Tr2000",
    "dataset": "ds002643",
    "modality": "bold",
    "subject_id": "016",
    "task_id": "Decisiontask"
  },
  "dummy_trs": 0,
  "dvars_nstd": 19.583308551929818,
  "dvars_std": 1.256573960233918,
  "dvars_vstd": 1.0232716524269,
  "efc": 0.39879887426043464,
  "fber": 194327.6875,
  "fd_mean": 0.12124031265823486,
  "fd_num": 33,
  "fd_perc": 9.620991253644315,
  "fwhm_avg": 1.779463644481063,
  "fwhm_x": 1.6937233333333335,
  "fwhm_y": 1.9593433333333332,
  "fwhm_z": 1.6853242667765223,
  "gcor": 0.0345938,
  "gsr_x": -0.023542923852801323,
  "gsr_y": 0.0061768777668476105,
  "provenance": {
    "md5sum": "d09d213e7ee3b61e25a6175c14f1d21b",
    "settings": {
      "fd_thres": 0.2,
      "testing": false
    },
    "software": "mriqc",
    "version": "23.0.1",
    "webapi_port": null,
    "webapi_url": "https://mriqc.nimh.nih.gov/api/v1"
  },
  "size_t": 343,
  "size_x": 80,
  "size_y": 80,
  "size_z": 36,
  "snr": 5.30289765556693,
  "spacing_tr": 2.0,
  "spacing_x": 3.0,
  "spacing_y": 3.0,
  "spacing_z": 3.299999952316284,
  "summary_bg_k": 70.6797342365381,
  "summary_bg_mad": 171.96919428219962,
  "summary_bg_mean": 1098.433837890625,
  "summary_bg_median": 148.79444885253906,
  "summary_bg_n": 159325.0,
  "summary_bg_p05": 7.743188285827638,
  "summary_bg_p95": 4421.459374999999,
  "summary_bg_stdv": 3638.377197265625,
  "summary_fg_k": 2.4489844714966873,
  "summary_fg_mad": 11516.060609508018,
  "summary_fg_mean": 69605.8203125,
  "summary_fg_median": 67721.828125,
  "summary_fg_n": 31954.0,
  "summary_fg_p05": 53802.708984375,
  "summary_fg_p95": 91961.73476562499,
  "summary_fg_stdv": 12770.521484375,
  "tsnr": 87.93226623535156
}