{
  "aor": 0.005072708333333333,
  "aqi": 0.005510224166666667,
  "bids_meta": {
    "AcquisitionNumber": 7,
    "BIDSVersion": "1.1.0",
    "BidsifyVersion": "0.3",
    "ConversionSoftware": "dcm2niix",
    "ConversionSoftwareVersion": "v1.0.20180622 GCC5.4.0",
    "EchoTime": 0.028,
    "EffectiveEchoSpacing": 0.0006909,
    "FlipAngle": 76.1,
    "ImageComments": "RepliSC",
    "ImageOrientationPatientDICOM": [
      0.999276,
      0.0171627,
      0.0339554,
      -0.0134301,
      0.994141,
      -0.107251
    ],
    "InstitutionName": "Spinoza Centre for Neuroimaging, location REC",
    "MagneticFieldStrength": 3,
    "Manufacturer": "Philips",
    "ParallelAcquisitionTechnique": "SENSE",
    "ParallelReductionFactorInPlane": 2,
    "PatientPosition": "HFS",
    "PhaseEncodingDirection": "j",
    "PhilipsRescaleIntercept": 0,
    "PhilipsRescaleSlope": 0.74799,
    "PhilipsScaleSlope": 0.021593,
    "ProtocolName": "task-RestingState_acq-SeqMm3Tr2000_bold",
    "PulseSequenceType": "Gradient Echo EPI",
    "ReconMatrixPE": 80,
    "RepetitionTime": 2,
    "SeriesDescription": "ImageMRSERIES",
    "SeriesNumber": 7,
    "SliceEncodingDirection": "k",
    "SliceTiming": [
      0.0,
      0.05555555555555555,
      0.1111111111111111,
      0.16666666666666666,
      0.2222222222222222,
      0.2777777777777778,
      0.3333333333333333,
      0.38888888888888884,
      0.4444444444444444,
      0.5,
      0.5555555555555556,
      0.611111111111111,
      0.6666666666666666,
      0.7222222222222222,
      0.7777777777777777,
      0.8333333333333333,
      0.8888888888888888,
      0.9444444444444444,
      1.0,
      1.0555555555555556,
      1.1111111111111112,
      1.1666666666666665,
      1.222222222222222,
      1.2777777777777777,
      1.3333333333333333,
      1.3888888888888888,
      1.4444444444444444,
      1.5,
      1.5555555555555554,
      1.611111111111111,
      1.6666666666666665,
      1.722222222222222,
      1.7777777777777777,
      1.8333333333333333,
      1.8888888888888888,
      1.9444444444444444
    ],
    "TaskName": "RestingState",
    "TotalReadoutTime": 0.0269452,
    "UsePhilipsFloatNotDisplayScaling": 1,
    "WaterFatShift": 12.0,
    "acq_id": "SeqMm3Tr2000",
    "dataset": "ds002643",
    "modality": "bold",
    "subject_id": "016",
    "task_id": "RestingState"
  },
  "dummy_trs": 0,
  "dvars_nstd": 19.927690601464455,
  "dvars_std": 1.1844594381171545,
  "dvars_vstd": 1.0120653730543927,
  "efc": 0.3996043507171467,
  "fber": 177401.65625,
  "fd_mean": 0.1645343653108149,
  "fd_num": 39,
  "fd_perc": 16.25,
  "fwhm_avg": 1.7916921293808221,
  "fwhm_x": 1.7059566666666666,
  "fwhm_y": 1.9731500000000002,
  "fwhm_z": 1.6959697214757996,
  "gcor": 0.0224329,
  "gsr_x": -0.024100027978420258,
  "gsr_y": 0.0074669173918664455,
  "provenance": {
    "md5sum": "a1dd757731b8c6bc713624198b240ae7",
    "settings": {
      "fd_thres": 0.2,
      "testing": false
    },
    "software": "mriqc",
    "version": "23.0.1",
    "webapi_port": null,
    "webapi_url": "https://mriqc.nimh.nih.gov/api/v1"
  },
  "size_t": 240,
  "size_x": 80,
  "size_y": 80,
  "size_z": 36,
  "snr": 5.256639885087761,
  "spacing_tr": 2.0,
  "spacing_x": 3.0,
  "spacing_y": 3.0,
  "spacing_z": 3.299999952316284,
  "summary_bg_k": 71.25174079427335,
  "summary_bg_mad": 182.25536929773142,
  "summary_bg_mean": 1116.2410888671875,
  "summary_bg_median": 155.1806640625,
  "summary_bg_n": 159304.0,
  "summary_bg_p05": 7.983061909675601,
  "summary_bg_p95": 4461.53239746094,
  "summary_bg_stdv": 3633.221923828125,
  "summary_fg_k": 2.5519674826632226,
  "summary_fg_mad": 11575.911986957808,
  "summary_fg_mean": 69530.7890625,
  "summary_fg_median": 67637.46875,
  "summary_fg_n": 31950.0,
  "summary_fg_p05": 53584.6357421875,
  "summary_fg_p95": 91808.32578125,
  "summary_fg_stdv": 12866.8525390625,
  "tsnr": 72.63839721679688
}