{
  "bids_meta": {
    "AcquisitionNumber": 2,
    "BIDSVersion": "1.1.0",
    "BidsifyVersion": "0.3.7",
    "ConversionSoftware": "dcm2niix",
    "ConversionSoftwareVersion": "v1.0.20190902",
    "EchoTime": 0.0039,
    "ImageComments": "RepliSC",
    "ImageOrientationPatientDICOM": [
      0.994075,
      -0.105869,
      0.0246197,
      0.108693,
      0.968602,
      -0.2236
    ],
    "InstitutionName": "Spinoza Centre for Neuroimaging, location RE",
    "InversionTime": 0.9,
    "MagneticFieldStrength": 3,
    "Manufacturer": "Philips",
    "PatientPosition": "HFS",
    "PhilipsRescaleIntercept": 0,
    "PhilipsRescaleSlope": 4.75092,
    "PhilipsScaleSlope": 0.00541553,
    "ProtocolName": "acq-AxialNsig1Mm1_T1w",
    "ReconMatrixPE": 240,
    "RepetitionTime": 0.008411,
    "SeriesDescription": "ImageMRSERIES",
    "SeriesNumber": 2,
    "UsePhilipsFloatNotDisplayScaling": 1,
    "acq_id": "AxialNsig1Mm1",
    "dataset": "ds002643",
    "modality": "T1w",
    "subject_id": "047"
  },
  "cjv": 0.2881070119413604,
  "cnr": 4.536108544892214,
  "efc": 0.6978854801385583,
  "fber": -1.0,
  "fwhm_avg": 4.313256666666667,
  "fwhm_x": 4.37341,
  "fwhm_y": 4.46907,
  "fwhm_z": 4.09729,
  "icvs_csf": 0.2645018751027556,
  "icvs_gm": 0.4124114546847062,
  "icvs_wm": 0.32308667021253823,
  "inu_med": 0.5499196350574493,
  "inu_range": 0.16302844136953354,
  "provenance": {
    "md5sum": "d23db9aa416dc3d1081b0e11f3fd8c92",
    "settings": {
      "testing": false
    },
    "software": "mriqc",
    "version": "23.0.1",
    "warnings": {
      "large_rot_frame": true,
      "small_air_mask": false
    },
    "webapi_port": null,
    "webapi_url": "https://mriqc.nimh.nih.gov/api/v1"
  },
  "qi_1": 0.0,
  "qi_2": 2.1084022199242773e-05,
  "rpve_csf": 23.567428066112853,
  "rpve_gm": 14.751931577414604,
  "rpve_wm": 22.7190497046774,
  "size_x": 240,
  "size_y": 240,
  "size_z": 220,
  "snr_csf": 1.6781741068591691,
  "snr_gm": 9.3097462163757,
  "snr_total": 12.191776458556696,
  "snr_wm": 25.587409052435216,
  "snrd_csf": 13.728147730391546,
  "snrd_gm": 52.76158790856989,
  "snrd_total": 49.65852095901399,
  "snrd_wm": 82.48582723808055,
  "spacing_x": 1.0,
  "spacing_y": 1.0,
  "spacing_z": 1.0,
  "summary_bg_k": 25.151847161570934,
  "summary_bg_mad": 0.0,
  "summary_bg_mean": 4.300563147935439,
  "summary_bg_median": 0.0,
  "summary_bg_n": 617512.0,
  "summary_bg_p05": 0.0,
  "summary_bg_p95": 21.468155860806746,
  "summary_bg_stdv": 7.942241074245282,
  "summary_csf_k": 0.5610023252899747,
  "summary_csf_mad": 100.06092046754695,
  "summary_csf_mean": 180.166407655138,
  "summary_csf_median": 166.4268063530326,
  "summary_csf_n": 50037.0,
  "summary_csf_p05": 48.90989133529365,
  "summary_csf_p95": 367.01535674631583,
  "summary_csf_stdv": 99.17036773900948,
  "summary_gm_k": 0.14988849467655463,
  "summary_gm_mad": 68.3102082759033,
  "summary_gm_mean": 639.5868101133733,
  "summary_gm_median": 639.6305420212448,
  "summary_gm_n": 35922.0,
  "summary_gm_p05": 526.6040146994404,
  "summary_gm_p95": 751.6271047890186,
  "summary_gm_stdv": 68.7045193333771,
  "summary_wm_k": 0.8186855127698176,
  "summary_wm_mad": 35.50856980309193,
  "summary_wm_mean": 998.9716287276337,
  "summary_wm_median": 999.9785161279142,
  "summary_wm_n": 169102.0,
  "summary_wm_p05": 932.252171209082,
  "summary_wm_p95": 1060.7453508172184,
  "summary_wm_stdv": 39.08076653413993,
  "tpm_overlap_csf": 0.15527588814726279,
  "tpm_overlap_gm": 0.46902493579167265,
  "tpm_overlap_wm": 0.5171058089760198,
  "wm2max": 0.7475191881563313
}