{
  "aor": 0.0016378425655976675,
  "aqi": 0.005837333352769678,
  "bids_meta": {
    "AcquisitionNumber": 4,
    "BIDSVersion": "1.1.0",
    "BidsifyVersion": "0.3",
    "ConversionSoftware": "dcm2niix",
    "ConversionSoftwareVersion": "v1.0.20180622 GCC5.4.0",
    "EchoTime": 0.028,
    "EffectiveEchoSpacing": 0.0006909,
    "FlipAngle": 76.1,
    "ImageComments": "RepliSC",
    "ImageOrientationPatientDICOM": [
      0.995311,
      -0.0887336,
      -0.0384883,
      0.0779831,
      0.97161,
      -0.223365
    ],
    "InstitutionName": "Spinoza Centre for Neuroimaging, location REC",
    "MagneticFieldStrength": 3,
    "Manufacturer": "Philips",
    "ParallelAcquisitionTechnique": "SENSE",
    "ParallelReductionFactorInPlane": 2,
    "PatientPosition": "HFS",
    "PhaseEncodingDirection": "j",
    "PhilipsRescaleIntercept": 0,
    "PhilipsRescaleSlope": 0.90281,
    "PhilipsScaleSlope": 0.0218951,
    "ProtocolName": "task-Tasteratingtask_acq-SeqMm3Tr2000_bold",
    "PulseSequenceType": "Gradient Echo EPI",
    "ReconMatrixPE": 80,
    "RepetitionTime": 2,
    "SeriesDescription": "ImageMRSERIES",
    "SeriesNumber": 4,
    "SliceEncodingDirection": "k",
    "SliceTiming": [
      0.0,
      0.05555555555555555,
      0.1111111111111111,
      0.16666666666666666,
      0.2222222222222222,
      0.2777777777777778,
      0.3333333333333333,
      0.38888888888888884,
      0.4444444444444444,
      0.5,
      0.5555555555555556,
      0.611111111111111,
      0.6666666666666666,
      0.7222222222222222,
      0.7777777777777777,
      0.8333333333333333,
      0.8888888888888888,
      0.9444444444444444,
      1.0,
      1.0555555555555556,
      1.1111111111111112,
      1.1666666666666665,
      1.222222222222222,
      1.2777777777777777,
      1.3333333333333333,
      1.3888888888888888,
      1.4444444444444444,
      1.5,
      1.5555555555555554,
      1.611111111111111,
      1.6666666666666665,
      1.722222222222222,
      1.7777777777777777,
      1.8333333333333333,
      1.8888888888888888,
      1.9444444444444444
    ],
    "TaskName": "Tasteratingtask",
    "TotalReadoutTime": 0.0269452,
    "UsePhilipsFloatNotDisplayScaling": 1,
    "WaterFatShift": 12.0,
    "acq_id": "SeqMm3Tr2000",
    "dataset": "ds002643",
    "modality": "bold",
    "subject_id": "093",
    "task_id": "Tasteratingtask"
  },
  "dummy_trs": 0,
  "dvars_nstd": 18.213456563976607,
  "dvars_std": 1.1631730759941517,
  "dvars_vstd": 1.0163646469883043,
  "efc": 0.4305503574414577,
  "fber": 104877.2109375,
  "fd_mean": 0.13476436019389135,
  "fd_num": 32,
  "fd_perc": 9.329446064139942,
  "fwhm_avg": 1.732932128935774,
  "fwhm_x": 1.6922766666666667,
  "fwhm_y": 1.90295,
  "fwhm_z": 1.6035697201406554,
  "gcor": 0.0300957,
  "gsr_x": -0.01774589903652668,
  "gsr_y": 0.017182262614369392,
  "provenance": {
    "md5sum": "29ea5492899441bc168143f4bb25c135",
    "settings": {
      "fd_thres": 0.2,
      "testing": false
    },
    "software": "mriqc",
    "version": "23.0.1",
    "webapi_port": null,
    "webapi_url": "https://mriqc.nimh.nih.gov/api/v1"
  },
  "size_t": 343,
  "size_x": 80,
  "size_y": 80,
  "size_z": 36,
  "snr": 7.063383358236362,
  "spacing_tr": 2.0,
  "spacing_x": 3.0,
  "spacing_y": 3.0,
  "spacing_z": 3.299999952316284,
  "summary_bg_k": 131.87166292356628,
  "summary_bg_mad": 223.29514520993445,
  "summary_bg_mean": 1423.554931640625,
  "summary_bg_median": 202.38267517089844,
  "summary_bg_n": 154722.0,
  "summary_bg_p05": 21.671438121795653,
  "summary_bg_p95": 7368.699975585919,
  "summary_bg_stdv": 4332.6005859375,
  "summary_fg_k": 1.6617014984443825,
  "summary_fg_mad": 9496.669516679649,
  "summary_fg_mean": 66538.90625,
  "summary_fg_median": 65959.515625,
  "summary_fg_n": 35411.0,
  "summary_fg_p05": 53520.8515625,
  "summary_fg_p95": 81927.14453125,
  "summary_fg_stdv": 9338.1005859375,
  "tsnr": 86.343017578125
}