{
  "aor": 0.0016437609329446065,
  "aqi": 0.005702905685131196,
  "bids_meta": {
    "AcquisitionNumber": 3,
    "BIDSVersion": "1.1.0",
    "BidsifyVersion": "0.3",
    "ConversionSoftware": "dcm2niix",
    "ConversionSoftwareVersion": "v1.0.20180622 GCC5.4.0",
    "EchoTime": 0.028,
    "EffectiveEchoSpacing": 0.0006909,
    "FlipAngle": 76.1,
    "ImageComments": "RepliSC",
    "ImageOrientationPatientDICOM": [
      0.995311,
      -0.0887336,
      -0.0384883,
      0.0779831,
      0.97161,
      -0.223365
    ],
    "InstitutionName": "Spinoza Centre for Neuroimaging, location REC",
    "MagneticFieldStrength": 3,
    "Manufacturer": "Philips",
    "ParallelAcquisitionTechnique": "SENSE",
    "ParallelReductionFactorInPlane": 2,
    "PatientPosition": "HFS",
    "PhaseEncodingDirection": "j",
    "PhilipsRescaleIntercept": 0,
    "PhilipsRescaleSlope": 0.8525,
    "PhilipsScaleSlope": 0.0231086,
    "ProtocolName": "task-Healthratingtask_acq-SeqMm3Tr2000_bold",
    "PulseSequenceType": "Gradient Echo EPI",
    "ReconMatrixPE": 80,
    "RepetitionTime": 2,
    "SeriesDescription": "ImageMRSERIES",
    "SeriesNumber": 3,
    "SliceEncodingDirection": "k",
    "SliceTiming": [
      0.0,
      0.05555555555555555,
      0.1111111111111111,
      0.16666666666666666,
      0.2222222222222222,
      0.2777777777777778,
      0.3333333333333333,
      0.38888888888888884,
      0.4444444444444444,
      0.5,
      0.5555555555555556,
      0.611111111111111,
      0.6666666666666666,
      0.7222222222222222,
      0.7777777777777777,
      0.8333333333333333,
      0.8888888888888888,
      0.9444444444444444,
      1.0,
      1.0555555555555556,
      1.1111111111111112,
      1.1666666666666665,
      1.222222222222222,
      1.2777777777777777,
      1.3333333333333333,
      1.3888888888888888,
      1.4444444444444444,
      1.5,
      1.5555555555555554,
      1.611111111111111,
      1.6666666666666665,
      1.722222222222222,
      1.7777777777777777,
      1.8333333333333333,
      1.8888888888888888,
      1.9444444444444444
    ],
    "TaskName": "Healthratingtask",
    "TotalReadoutTime": 0.0269452,
    "UsePhilipsFloatNotDisplayScaling": 1,
    "WaterFatShift": 12.0,
    "acq_id": "SeqMm3Tr2000",
    "dataset": "ds002643",
    "modality": "bold",
    "subject_id": "093",
    "task_id": "Healthratingtask"
  },
  "dummy_trs": 0,
  "dvars_nstd": 19.105720519883064,
  "dvars_std": 1.1978095053801168,
  "dvars_vstd": 1.0117674772807006,
  "efc": 0.4292195953257505,
  "fber": 108038.2421875,
  "fd_mean": 0.15203514928591766,
  "fd_num": 56,
  "fd_perc": 16.3265306122449,
  "fwhm_avg": 1.7481450582929823,
  "fwhm_x": 1.70263,
  "fwhm_y": 1.9248900000000002,
  "fwhm_z": 1.6169151748789465,
  "gcor": 0.042946,
  "gsr_x": -0.01764885149896145,
  "gsr_y": 0.016810182482004166,
  "provenance": {
    "md5sum": "2969ccfb88881315e55ae44faf39618c",
    "settings": {
      "fd_thres": 0.2,
      "testing": false
    },
    "software": "mriqc",
    "version": "23.0.1",
    "webapi_port": null,
    "webapi_url": "https://mriqc.nimh.nih.gov/api/v1"
  },
  "size_t": 343,
  "size_x": 80,
  "size_y": 80,
  "size_z": 36,
  "snr": 6.986885478791552,
  "spacing_tr": 2.0,
  "spacing_x": 3.0,
  "spacing_y": 3.0,
  "spacing_z": 3.299999952316284,
  "summary_bg_k": 133.13237188268317,
  "summary_bg_mad": 223.07368297402164,
  "summary_bg_mean": 1386.0477294921875,
  "summary_bg_median": 202.0480194091797,
  "summary_bg_n": 154744.0,
  "summary_bg_p05": 21.273854446411136,
  "summary_bg_p95": 7174.899047851563,
  "summary_bg_stdv": 4234.34814453125,
  "summary_fg_k": 1.6123061391563756,
  "summary_fg_mad": 9702.942341744158,
  "summary_fg_mean": 67374.5,
  "summary_fg_median": 66757.84375,
  "summary_fg_n": 35372.0,
  "summary_fg_p05": 53988.9828125,
  "summary_fg_p95": 83111.498046875,
  "summary_fg_stdv": 9554.6005859375,
  "tsnr": 86.84357452392578
}