{
  "aor": 0.001961875,
  "aqi": 0.007245020958333333,
  "bids_meta": {
    "AcquisitionNumber": 7,
    "BIDSVersion": "1.1.0",
    "BidsifyVersion": "0.3",
    "ConversionSoftware": "dcm2niix",
    "ConversionSoftwareVersion": "v1.0.20180622 GCC5.4.0",
    "EchoTime": 0.028,
    "EffectiveEchoSpacing": 0.0006909,
    "FlipAngle": 76.1,
    "ImageComments": "RepliSC",
    "ImageOrientationPatientDICOM": [
      0.995311,
      -0.0887336,
      -0.0384883,
      0.0779831,
      0.97161,
      -0.223365
    ],
    "InstitutionName": "Spinoza Centre for Neuroimaging, location REC",
    "MagneticFieldStrength": 3,
    "Manufacturer": "Philips",
    "ParallelAcquisitionTechnique": "SENSE",
    "ParallelReductionFactorInPlane": 2,
    "PatientPosition": "HFS",
    "PhaseEncodingDirection": "j",
    "PhilipsRescaleIntercept": 0,
    "PhilipsRescaleSlope": 0.93651,
    "PhilipsScaleSlope": 0.0220692,
    "ProtocolName": "task-RestingState_acq-SeqMm3Tr2000_bold",
    "PulseSequenceType": "Gradient Echo EPI",
    "ReconMatrixPE": 80,
    "RepetitionTime": 2,
    "SeriesDescription": "ImageMRSERIES",
    "SeriesNumber": 7,
    "SliceEncodingDirection": "k",
    "SliceTiming": [
      0.0,
      0.05555555555555555,
      0.1111111111111111,
      0.16666666666666666,
      0.2222222222222222,
      0.2777777777777778,
      0.3333333333333333,
      0.38888888888888884,
      0.4444444444444444,
      0.5,
      0.5555555555555556,
      0.611111111111111,
      0.6666666666666666,
      0.7222222222222222,
      0.7777777777777777,
      0.8333333333333333,
      0.8888888888888888,
      0.9444444444444444,
      1.0,
      1.0555555555555556,
      1.1111111111111112,
      1.1666666666666665,
      1.222222222222222,
      1.2777777777777777,
      1.3333333333333333,
      1.3888888888888888,
      1.4444444444444444,
      1.5,
      1.5555555555555554,
      1.611111111111111,
      1.6666666666666665,
      1.722222222222222,
      1.7777777777777777,
      1.8333333333333333,
      1.8888888888888888,
      1.9444444444444444
    ],
    "TaskName": "RestingState",
    "TotalReadoutTime": 0.0269452,
    "UsePhilipsFloatNotDisplayScaling": 1,
    "WaterFatShift": 12.0,
    "acq_id": "SeqMm3Tr2000",
    "dataset": "ds002643",
    "modality": "bold",
    "subject_id": "093",
    "task_id": "RestingState"
  },
  "dummy_trs": 0,
  "dvars_nstd": 17.610909565857746,
  "dvars_std": 1.134025571924686,
  "dvars_vstd": 1.0038761523430964,
  "efc": 0.43212312498741867,
  "fber": 103986.4296875,
  "fd_mean": 0.12517343823235103,
  "fd_num": 9,
  "fd_perc": 3.75,
  "fwhm_avg": 1.7288166742628273,
  "fwhm_x": 1.6935066666666667,
  "fwhm_y": 1.9158433333333333,
  "fwhm_z": 1.5771000227884817,
  "gcor": 0.0228178,
  "gsr_x": -0.01839166134595871,
  "gsr_y": 0.017921963706612587,
  "provenance": {
    "md5sum": "3562d4cd1095673e25577cc67f9968dd",
    "settings": {
      "fd_thres": 0.2,
      "testing": false
    },
    "software": "mriqc",
    "version": "23.0.1",
    "webapi_port": null,
    "webapi_url": "https://mriqc.nimh.nih.gov/api/v1"
  },
  "size_t": 240,
  "size_x": 80,
  "size_y": 80,
  "size_z": 36,
  "snr": 7.101333953947112,
  "spacing_tr": 2.0,
  "spacing_x": 3.0,
  "spacing_y": 3.0,
  "spacing_z": 3.299999952316284,
  "summary_bg_k": 130.0515499843331,
  "summary_bg_mad": 221.65349399702572,
  "summary_bg_mean": 1459.151611328125,
  "summary_bg_median": 199.1478271484375,
  "summary_bg_n": 154645.0,
  "summary_bg_p05": 20.44515151977539,
  "summary_bg_p95": 7744.361914062495,
  "summary_bg_stdv": 4396.33984375,
  "summary_fg_k": 1.5753093068079558,
  "summary_fg_mad": 9184.483295630645,
  "summary_fg_mean": 65256.9296875,
  "summary_fg_median": 64729.50390625,
  "summary_fg_n": 35400.0,
  "summary_fg_p05": 52431.203125,
  "summary_fg_p95": 80374.06953124997,
  "summary_fg_stdv": 9114.990234375,
  "tsnr": 80.45879364013672
}