{
  "aor": 0.0017981924198250728,
  "aqi": 0.008305519008746357,
  "bids_meta": {
    "AcquisitionNumber": 4,
    "BIDSVersion": "1.1.0",
    "BidsifyVersion": "0.3",
    "ConversionSoftware": "dcm2niix",
    "ConversionSoftwareVersion": "v1.0.20180622 GCC5.4.0",
    "EchoTime": 0.028,
    "EffectiveEchoSpacing": 0.0006909,
    "FlipAngle": 76.1,
    "ImageComments": "RepliSC",
    "ImageOrientationPatientDICOM": [
      0.999553,
      -0.0125153,
      0.0271662,
      0.0198905,
      0.956449,
      -0.291221
    ],
    "InstitutionName": "Spinoza Centre for Neuroimaging, location REC",
    "MagneticFieldStrength": 3,
    "Manufacturer": "Philips",
    "ParallelAcquisitionTechnique": "SENSE",
    "ParallelReductionFactorInPlane": 2,
    "PatientPosition": "HFS",
    "PhaseEncodingDirection": "j",
    "PhilipsRescaleIntercept": 0,
    "PhilipsRescaleSlope": 0.75556,
    "PhilipsScaleSlope": 0.0261043,
    "ProtocolName": "task-Healthratingtask_acq-SeqMm3Tr2000_bold",
    "PulseSequenceType": "Gradient Echo EPI",
    "ReconMatrixPE": 80,
    "RepetitionTime": 2,
    "SeriesDescription": "ImageMRSERIES",
    "SeriesNumber": 4,
    "SliceEncodingDirection": "k",
    "SliceTiming": [
      0.0,
      0.05555555555555555,
      0.1111111111111111,
      0.16666666666666666,
      0.2222222222222222,
      0.2777777777777778,
      0.3333333333333333,
      0.38888888888888884,
      0.4444444444444444,
      0.5,
      0.5555555555555556,
      0.611111111111111,
      0.6666666666666666,
      0.7222222222222222,
      0.7777777777777777,
      0.8333333333333333,
      0.8888888888888888,
      0.9444444444444444,
      1.0,
      1.0555555555555556,
      1.1111111111111112,
      1.1666666666666665,
      1.222222222222222,
      1.2777777777777777,
      1.3333333333333333,
      1.3888888888888888,
      1.4444444444444444,
      1.5,
      1.5555555555555554,
      1.611111111111111,
      1.6666666666666665,
      1.722222222222222,
      1.7777777777777777,
      1.8333333333333333,
      1.8888888888888888,
      1.9444444444444444
    ],
    "TaskName": "Healthratingtask",
    "TotalReadoutTime": 0.0269452,
    "UsePhilipsFloatNotDisplayScaling": 1,
    "WaterFatShift": 12.0,
    "acq_id": "SeqMm3Tr2000",
    "dataset": "ds002643",
    "modality": "bold",
    "subject_id": "023",
    "task_id": "Healthratingtask"
  },
  "dummy_trs": 0,
  "dvars_nstd": 24.306745529152046,
  "dvars_std": 1.2247638324853802,
  "dvars_vstd": 1.0015153742397662,
  "efc": 0.38697764015787844,
  "fber": 105595.7890625,
  "fd_mean": 0.15165134083253848,
  "fd_num": 83,
  "fd_perc": 24.198250728862973,
  "fwhm_avg": 1.7460411296551799,
  "fwhm_x": 1.6856266666666666,
  "fwhm_y": 1.9409665124125073,
  "fwhm_z": 1.6115302098863655,
  "gcor": 0.0209175,
  "gsr_x": -0.013922569341957569,
  "gsr_y": 0.004418596625328064,
  "provenance": {
    "md5sum": "5fe6f7b9af6e39079f227996cf181959",
    "settings": {
      "fd_thres": 0.2,
      "testing": false
    },
    "software": "mriqc",
    "version": "23.0.1",
    "webapi_port": null,
    "webapi_url": "https://mriqc.nimh.nih.gov/api/v1"
  },
  "size_t": 343,
  "size_x": 80,
  "size_y": 80,
  "size_z": 36,
  "snr": 6.366294698527509,
  "spacing_tr": 2.0,
  "spacing_x": 3.0,
  "spacing_y": 3.000000238418579,
  "spacing_z": 3.3000001907348633,
  "summary_bg_k": 68.94206434669063,
  "summary_bg_mad": 211.9942792359054,
  "summary_bg_mean": 1171.2720947265625,
  "summary_bg_median": 173.28941345214844,
  "summary_bg_n": 164481.0,
  "summary_bg_p05": 16.719377517700195,
  "summary_bg_p95": 4408.30419921875,
  "summary_bg_stdv": 3222.138427734375,
  "summary_fg_k": 2.423395418810231,
  "summary_fg_mad": 8618.340634805942,
  "summary_fg_mean": 57232.0625,
  "summary_fg_median": 56549.5859375,
  "summary_fg_n": 27472.0,
  "summary_fg_p05": 45224.091015625,
  "summary_fg_p95": 71421.045703125,
  "summary_fg_stdv": 8882.4912109375,
  "tsnr": 63.689697265625
}