{
  "aor": 0.0024481632653061227,
  "aqi": 0.0028518072886297373,
  "bids_meta": {
    "AcquisitionNumber": 3,
    "BIDSVersion": "1.1.0",
    "BidsifyVersion": "0.3",
    "ConversionSoftware": "dcm2niix",
    "ConversionSoftwareVersion": "v1.0.20180622 GCC5.4.0",
    "EchoTime": 0.028,
    "EffectiveEchoSpacing": 0.0006909,
    "FlipAngle": 76.1,
    "ImageComments": "RepliSC",
    "ImageOrientationPatientDICOM": [
      0.997839,
      -0.0600695,
      0.0266116,
      0.0536917,
      0.979006,
      0.196633
    ],
    "InstitutionName": "Spinoza Centre for Neuroimaging, location REC",
    "MagneticFieldStrength": 3,
    "Manufacturer": "Philips",
    "ParallelAcquisitionTechnique": "SENSE",
    "ParallelReductionFactorInPlane": 2,
    "PatientPosition": "HFS",
    "PhaseEncodingDirection": "j",
    "PhilipsRescaleIntercept": 0,
    "PhilipsRescaleSlope": 0.79121,
    "PhilipsScaleSlope": 0.022169,
    "ProtocolName": "task-Healthratingtask_acq-SeqMm3Tr2000_bold",
    "PulseSequenceType": "Gradient Echo EPI",
    "ReconMatrixPE": 80,
    "RepetitionTime": 2,
    "SeriesDescription": "ImageMRSERIES",
    "SeriesNumber": 3,
    "SliceEncodingDirection": "k",
    "SliceTiming": [
      0.0,
      0.05555555555555555,
      0.1111111111111111,
      0.16666666666666666,
      0.2222222222222222,
      0.2777777777777778,
      0.3333333333333333,
      0.38888888888888884,
      0.4444444444444444,
      0.5,
      0.5555555555555556,
      0.611111111111111,
      0.6666666666666666,
      0.7222222222222222,
      0.7777777777777777,
      0.8333333333333333,
      0.8888888888888888,
      0.9444444444444444,
      1.0,
      1.0555555555555556,
      1.1111111111111112,
      1.1666666666666665,
      1.222222222222222,
      1.2777777777777777,
      1.3333333333333333,
      1.3888888888888888,
      1.4444444444444444,
      1.5,
      1.5555555555555554,
      1.611111111111111,
      1.6666666666666665,
      1.722222222222222,
      1.7777777777777777,
      1.8333333333333333,
      1.8888888888888888,
      1.9444444444444444
    ],
    "TaskName": "Healthratingtask",
    "TotalReadoutTime": 0.0269452,
    "UsePhilipsFloatNotDisplayScaling": 1,
    "WaterFatShift": 12.0,
    "acq_id": "SeqMm3Tr2000",
    "dataset": "ds002643",
    "modality": "bold",
    "subject_id": "049",
    "task_id": "Healthratingtask"
  },
  "dummy_trs": 0,
  "dvars_nstd": 16.431336737485378,
  "dvars_std": 1.1309490405555556,
  "dvars_vstd": 1.0196406808187124,
  "efc": 0.38469862867971294,
  "fber": 132579.828125,
  "fd_mean": 0.11884685196371768,
  "fd_num": 33,
  "fd_perc": 9.620991253644315,
  "fwhm_avg": 1.873168897261957,
  "fwhm_x": 1.82996,
  "fwhm_y": 2.0511466666666665,
  "fwhm_z": 1.738400025119204,
  "gcor": 0.0491549,
  "gsr_x": -0.015597326681017876,
  "gsr_y": 0.007843142375349998,
  "provenance": {
    "md5sum": "54d2038eca94e69989d025d5c6968868",
    "settings": {
      "fd_thres": 0.2,
      "testing": false
    },
    "software": "mriqc",
    "version": "23.0.1",
    "webapi_port": null,
    "webapi_url": "https://mriqc.nimh.nih.gov/api/v1"
  },
  "size_t": 343,
  "size_x": 80,
  "size_y": 80,
  "size_z": 36,
  "snr": 5.144284347689202,
  "spacing_tr": 2.0,
  "spacing_x": 3.0,
  "spacing_y": 3.0,
  "spacing_z": 3.299999952316284,
  "summary_bg_k": 98.02913804272137,
  "summary_bg_mad": 191.08071645747904,
  "summary_bg_mean": 805.9683227539062,
  "summary_bg_median": 181.15200805664062,
  "summary_bg_n": 160737.0,
  "summary_bg_p05": 14.264409446716309,
  "summary_bg_p95": 3528.2003906249915,
  "summary_bg_stdv": 2260.093505859375,
  "summary_fg_k": 0.7285715278794056,
  "summary_fg_mad": 12508.691751872098,
  "summary_fg_mean": 69437.6640625,
  "summary_fg_median": 67328.0625,
  "summary_fg_n": 30584.0,
  "summary_fg_p05": 52236.35390625,
  "summary_fg_p95": 93578.421875,
  "summary_fg_stdv": 13087.7216796875,
  "tsnr": 87.07543182373047
}