{
  "aor": 0.0017930612244897962,
  "aqi": 0.002886404781341108,
  "bids_meta": {
    "AcquisitionNumber": 6,
    "BIDSVersion": "1.1.0",
    "BidsifyVersion": "0.3",
    "ConversionSoftware": "dcm2niix",
    "ConversionSoftwareVersion": "v1.0.20180622 GCC5.4.0",
    "EchoTime": 0.028,
    "EffectiveEchoSpacing": 0.0006909,
    "FlipAngle": 76.1,
    "ImageComments": "RepliSC",
    "ImageOrientationPatientDICOM": [
      0.997839,
      -0.0600695,
      0.0266116,
      0.0536917,
      0.979006,
      0.196633
    ],
    "InstitutionName": "Spinoza Centre for Neuroimaging, location REC",
    "MagneticFieldStrength": 3,
    "Manufacturer": "Philips",
    "ParallelAcquisitionTechnique": "SENSE",
    "ParallelReductionFactorInPlane": 2,
    "PatientPosition": "HFS",
    "PhaseEncodingDirection": "j",
    "PhilipsRescaleIntercept": 0,
    "PhilipsRescaleSlope": 0.78632,
    "PhilipsScaleSlope": 0.0229245,
    "ProtocolName": "task-Decisiontask_acq-SeqMm3Tr2000_bold",
    "PulseSequenceType": "Gradient Echo EPI",
    "ReconMatrixPE": 80,
    "RepetitionTime": 2,
    "SeriesDescription": "ImageMRSERIES",
    "SeriesNumber": 6,
    "SliceEncodingDirection": "k",
    "SliceTiming": [
      0.0,
      0.05555555555555555,
      0.1111111111111111,
      0.16666666666666666,
      0.2222222222222222,
      0.2777777777777778,
      0.3333333333333333,
      0.38888888888888884,
      0.4444444444444444,
      0.5,
      0.5555555555555556,
      0.611111111111111,
      0.6666666666666666,
      0.7222222222222222,
      0.7777777777777777,
      0.8333333333333333,
      0.8888888888888888,
      0.9444444444444444,
      1.0,
      1.0555555555555556,
      1.1111111111111112,
      1.1666666666666665,
      1.222222222222222,
      1.2777777777777777,
      1.3333333333333333,
      1.3888888888888888,
      1.4444444444444444,
      1.5,
      1.5555555555555554,
      1.611111111111111,
      1.6666666666666665,
      1.722222222222222,
      1.7777777777777777,
      1.8333333333333333,
      1.8888888888888888,
      1.9444444444444444
    ],
    "TaskName": "Decisiontask",
    "TotalReadoutTime": 0.0269452,
    "UsePhilipsFloatNotDisplayScaling": 1,
    "WaterFatShift": 12.0,
    "acq_id": "SeqMm3Tr2000",
    "dataset": "ds002643",
    "modality": "bold",
    "subject_id": "049",
    "task_id": "Decisiontask"
  },
  "dummy_trs": 0,
  "dvars_nstd": 16.306289117836254,
  "dvars_std": 1.1256146271052625,
  "dvars_vstd": 1.0167128013450293,
  "efc": 0.385128759863153,
  "fber": 139625.796875,
  "fd_mean": 0.10367572072011606,
  "fd_num": 15,
  "fd_perc": 4.373177842565598,
  "fwhm_avg": 1.8590504123594684,
  "fwhm_x": 1.81647,
  "fwhm_y": 2.0334933333333334,
  "fwhm_z": 1.727187903745072,
  "gcor": 0.0269181,
  "gsr_x": -0.01563885807991028,
  "gsr_y": 0.007367137353867292,
  "provenance": {
    "md5sum": "3b9062b3abcdd6df6768382e57d54900",
    "settings": {
      "fd_thres": 0.2,
      "testing": false
    },
    "software": "mriqc",
    "version": "23.0.1",
    "webapi_port": null,
    "webapi_url": "https://mriqc.nimh.nih.gov/api/v1"
  },
  "size_t": 343,
  "size_x": 80,
  "size_y": 80,
  "size_z": 36,
  "snr": 5.229534683432409,
  "spacing_tr": 2.0,
  "spacing_x": 3.0,
  "spacing_y": 3.0,
  "spacing_z": 3.299999952316284,
  "summary_bg_k": 90.79260151667748,
  "summary_bg_mad": 181.88683962259088,
  "summary_bg_mean": 812.0897216796875,
  "summary_bg_median": 173.86277770996094,
  "summary_bg_n": 160765.0,
  "summary_bg_p05": 12.10989208221436,
  "summary_bg_p95": 3568.7996093749975,
  "summary_bg_stdv": 2293.271240234375,
  "summary_fg_k": 0.7175413388602103,
  "summary_fg_mad": 12147.052638855053,
  "summary_fg_mean": 68224.109375,
  "summary_fg_median": 66219.46875,
  "summary_fg_n": 30563.0,
  "summary_fg_p05": 51588.18046875,
  "summary_fg_p95": 91507.87968749998,
  "summary_fg_stdv": 12662.3857421875,
  "tsnr": 91.08139038085938
}