{
  "aor": 0.0011224583333333334,
  "aqi": 0.005542359916666667,
  "bids_meta": {
    "AcquisitionNumber": 7,
    "BIDSVersion": "1.1.0",
    "BidsifyVersion": "0.3",
    "ConversionSoftware": "dcm2niix",
    "ConversionSoftwareVersion": "v1.0.20180622 GCC5.4.0",
    "EchoTime": 0.028,
    "EffectiveEchoSpacing": 0.0006909,
    "FlipAngle": 76.1,
    "ImageComments": "RepliSC",
    "ImageOrientationPatientDICOM": [
      0.999888,
      -0.0127284,
      -0.0078224,
      0.00907495,
      0.933378,
      -0.35878
    ],
    "InstitutionName": "Spinoza Centre for Neuroimaging, location REC",
    "MagneticFieldStrength": 3,
    "Manufacturer": "Philips",
    "ParallelAcquisitionTechnique": "SENSE",
    "ParallelReductionFactorInPlane": 2,
    "PatientPosition": "HFS",
    "PhaseEncodingDirection": "j",
    "PhilipsRescaleIntercept": 0,
    "PhilipsRescaleSlope": 0.79463,
    "PhilipsScaleSlope": 0.0233147,
    "ProtocolName": "task-RestingState_acq-SeqMm3Tr2000_bold",
    "PulseSequenceType": "Gradient Echo EPI",
    "ReconMatrixPE": 80,
    "RepetitionTime": 2,
    "SeriesDescription": "ImageMRSERIES",
    "SeriesNumber": 7,
    "SliceEncodingDirection": "k",
    "SliceTiming": [
      0.0,
      0.05555555555555555,
      0.1111111111111111,
      0.16666666666666666,
      0.2222222222222222,
      0.2777777777777778,
      0.3333333333333333,
      0.38888888888888884,
      0.4444444444444444,
      0.5,
      0.5555555555555556,
      0.611111111111111,
      0.6666666666666666,
      0.7222222222222222,
      0.7777777777777777,
      0.8333333333333333,
      0.8888888888888888,
      0.9444444444444444,
      1.0,
      1.0555555555555556,
      1.1111111111111112,
      1.1666666666666665,
      1.222222222222222,
      1.2777777777777777,
      1.3333333333333333,
      1.3888888888888888,
      1.4444444444444444,
      1.5,
      1.5555555555555554,
      1.611111111111111,
      1.6666666666666665,
      1.722222222222222,
      1.7777777777777777,
      1.8333333333333333,
      1.8888888888888888,
      1.9444444444444444
    ],
    "TaskName": "RestingState",
    "TotalReadoutTime": 0.0269452,
    "UsePhilipsFloatNotDisplayScaling": 1,
    "WaterFatShift": 12.0,
    "acq_id": "SeqMm3Tr2000",
    "dataset": "ds002643",
    "modality": "bold",
    "subject_id": "061",
    "task_id": "RestingState"
  },
  "dummy_trs": 0,
  "dvars_nstd": 22.563483992384928,
  "dvars_std": 1.1480019361506268,
  "dvars_vstd": 0.9997544726778241,
  "efc": 0.4318337482814556,
  "fber": 119021.4140625,
  "fd_mean": 0.15344214031281797,
  "fd_num": 41,
  "fd_perc": 17.083333333333332,
  "fwhm_avg": 1.8099951595922217,
  "fwhm_x": 1.7488866666666667,
  "fwhm_y": 2.0041533333333335,
  "fwhm_z": 1.6769454787766642,
  "gcor": 0.0385852,
  "gsr_x": -0.02239099331200123,
  "gsr_y": 0.014429157599806786,
  "provenance": {
    "md5sum": "492bbb26769e2cdaa6f097513828f297",
    "settings": {
      "fd_thres": 0.2,
      "testing": false
    },
    "software": "mriqc",
    "version": "23.0.1",
    "webapi_port": null,
    "webapi_url": "https://mriqc.nimh.nih.gov/api/v1"
  },
  "size_t": 240,
  "size_x": 80,
  "size_y": 80,
  "size_z": 36,
  "snr": 5.9799807242142755,
  "spacing_tr": 2.0,
  "spacing_x": 3.0,
  "spacing_y": 3.0,
  "spacing_z": 3.299999952316284,
  "summary_bg_k": 34.737621183035436,
  "summary_bg_mad": 206.98770284320628,
  "summary_bg_mean": 1769.52880859375,
  "summary_bg_median": 169.76913452148438,
  "summary_bg_n": 156975.0,
  "summary_bg_p05": 10.393702125549318,
  "summary_bg_p95": 9885.898144531247,
  "summary_bg_stdv": 4571.97119140625,
  "summary_fg_k": 2.5925016572684747,
  "summary_fg_mad": 8662.01659039524,
  "summary_fg_mean": 60964.53125,
  "summary_fg_median": 59506.37890625,
  "summary_fg_n": 33102.0,
  "summary_fg_p05": 48170.2185546875,
  "summary_fg_p95": 78125.786328125,
  "summary_fg_stdv": 9950.78125,
  "tsnr": 74.09748840332031
}