{
  "aor": 0.0010398250728862973,
  "aqi": 0.004213844344023323,
  "bids_meta": {
    "AcquisitionNumber": 3,
    "BIDSVersion": "1.1.0",
    "BidsifyVersion": "0.3",
    "ConversionSoftware": "dcm2niix",
    "ConversionSoftwareVersion": "v1.0.20180622 GCC5.4.0",
    "EchoTime": 0.028,
    "EffectiveEchoSpacing": 0.0006909,
    "FlipAngle": 76.1,
    "ImageComments": "RepliSC",
    "ImageOrientationPatientDICOM": [
      0.999888,
      -0.0127284,
      -0.0078224,
      0.00907495,
      0.933378,
      -0.35878
    ],
    "InstitutionName": "Spinoza Centre for Neuroimaging, location REC",
    "MagneticFieldStrength": 3,
    "Manufacturer": "Philips",
    "ParallelAcquisitionTechnique": "SENSE",
    "ParallelReductionFactorInPlane": 2,
    "PatientPosition": "HFS",
    "PhaseEncodingDirection": "j",
    "PhilipsRescaleIntercept": 0,
    "PhilipsRescaleSlope": 0.76557,
    "PhilipsScaleSlope": 0.0231872,
    "ProtocolName": "task-Healthratingtask_acq-SeqMm3Tr2000_bold",
    "PulseSequenceType": "Gradient Echo EPI",
    "ReconMatrixPE": 80,
    "RepetitionTime": 2,
    "SeriesDescription": "ImageMRSERIES",
    "SeriesNumber": 3,
    "SliceEncodingDirection": "k",
    "SliceTiming": [
      0.0,
      0.05555555555555555,
      0.1111111111111111,
      0.16666666666666666,
      0.2222222222222222,
      0.2777777777777778,
      0.3333333333333333,
      0.38888888888888884,
      0.4444444444444444,
      0.5,
      0.5555555555555556,
      0.611111111111111,
      0.6666666666666666,
      0.7222222222222222,
      0.7777777777777777,
      0.8333333333333333,
      0.8888888888888888,
      0.9444444444444444,
      1.0,
      1.0555555555555556,
      1.1111111111111112,
      1.1666666666666665,
      1.222222222222222,
      1.2777777777777777,
      1.3333333333333333,
      1.3888888888888888,
      1.4444444444444444,
      1.5,
      1.5555555555555554,
      1.611111111111111,
      1.6666666666666665,
      1.722222222222222,
      1.7777777777777777,
      1.8333333333333333,
      1.8888888888888888,
      1.9444444444444444
    ],
    "TaskName": "Healthratingtask",
    "TotalReadoutTime": 0.0269452,
    "UsePhilipsFloatNotDisplayScaling": 1,
    "WaterFatShift": 12.0,
    "acq_id": "SeqMm3Tr2000",
    "dataset": "ds002643",
    "modality": "bold",
    "subject_id": "061",
    "task_id": "Healthratingtask"
  },
  "dummy_trs": 0,
  "dvars_nstd": 22.372739819853784,
  "dvars_std": 1.159930394415204,
  "dvars_vstd": 1.0115136995906442,
  "efc": 0.4296952441262851,
  "fber": 120922.859375,
  "fd_mean": 0.14800290952068762,
  "fd_num": 54,
  "fd_perc": 15.743440233236152,
  "fwhm_avg": 1.818497078854185,
  "fwhm_x": 1.7598233333333333,
  "fwhm_y": 2.0041800000000003,
  "fwhm_z": 1.6914879032292207,
  "gcor": 0.0321217,
  "gsr_x": -0.02250194177031517,
  "gsr_y": 0.01384015567600727,
  "provenance": {
    "md5sum": "7addecd59a7d62ea0e3b3907db95cbc9",
    "settings": {
      "fd_thres": 0.2,
      "testing": false
    },
    "software": "mriqc",
    "version": "23.0.1",
    "webapi_port": null,
    "webapi_url": "https://mriqc.nimh.nih.gov/api/v1"
  },
  "size_t": 343,
  "size_x": 80,
  "size_y": 80,
  "size_z": 36,
  "snr": 5.936505354423703,
  "spacing_tr": 2.0,
  "spacing_x": 3.0,
  "spacing_y": 3.0,
  "spacing_z": 3.299999952316284,
  "summary_bg_k": 38.99733504351324,
  "summary_bg_mad": 207.35574612998474,
  "summary_bg_mean": 1727.9488525390625,
  "summary_bg_median": 170.802001953125,
  "summary_bg_n": 157029.0,
  "summary_bg_p05": 10.239864349365234,
  "summary_bg_p95": 9554.6275390625,
  "summary_bg_stdv": 4515.4140625,
  "summary_fg_k": 2.632468159379868,
  "summary_fg_mad": 8817.359712688112,
  "summary_fg_mean": 62059.6796875,
  "summary_fg_median": 60544.57421875,
  "summary_fg_n": 33061.0,
  "summary_fg_p05": 49041.015625,
  "summary_fg_p95": 79768.3828125,
  "summary_fg_stdv": 10198.53515625,
  "tsnr": 79.82513427734375
}