{
  "aor": 0.0015489212827988338,
  "aqi": 0.00505865915451895,
  "bids_meta": {
    "AcquisitionNumber": 5,
    "BIDSVersion": "1.1.0",
    "BidsifyVersion": "0.3",
    "ConversionSoftware": "dcm2niix",
    "ConversionSoftwareVersion": "v1.0.20180622 GCC5.4.0",
    "EchoTime": 0.028,
    "EffectiveEchoSpacing": 0.0006909,
    "FlipAngle": 76.1,
    "ImageComments": "RepliSC",
    "ImageOrientationPatientDICOM": [
      0.998988,
      -0.0164261,
      0.0418681,
      0.0237169,
      0.983364,
      -0.180091
    ],
    "InstitutionName": "Spinoza Centre for Neuroimaging, location REC",
    "MagneticFieldStrength": 3,
    "Manufacturer": "Philips",
    "ParallelAcquisitionTechnique": "SENSE",
    "ParallelReductionFactorInPlane": 2,
    "PatientPosition": "HFS",
    "PhaseEncodingDirection": "j",
    "PhilipsRescaleIntercept": 0,
    "PhilipsRescaleSlope": 0.76093,
    "PhilipsScaleSlope": 0.020525,
    "ProtocolName": "task-Healthratingtask_acq-SeqMm3Tr2000_bold",
    "PulseSequenceType": "Gradient Echo EPI",
    "ReconMatrixPE": 80,
    "RepetitionTime": 2,
    "SeriesDescription": "ImageMRSERIES",
    "SeriesNumber": 5,
    "SliceEncodingDirection": "k",
    "SliceTiming": [
      0.0,
      0.05555555555555555,
      0.1111111111111111,
      0.16666666666666666,
      0.2222222222222222,
      0.2777777777777778,
      0.3333333333333333,
      0.38888888888888884,
      0.4444444444444444,
      0.5,
      0.5555555555555556,
      0.611111111111111,
      0.6666666666666666,
      0.7222222222222222,
      0.7777777777777777,
      0.8333333333333333,
      0.8888888888888888,
      0.9444444444444444,
      1.0,
      1.0555555555555556,
      1.1111111111111112,
      1.1666666666666665,
      1.222222222222222,
      1.2777777777777777,
      1.3333333333333333,
      1.3888888888888888,
      1.4444444444444444,
      1.5,
      1.5555555555555554,
      1.611111111111111,
      1.6666666666666665,
      1.722222222222222,
      1.7777777777777777,
      1.8333333333333333,
      1.8888888888888888,
      1.9444444444444444
    ],
    "TaskName": "Healthratingtask",
    "TotalReadoutTime": 0.0269452,
    "UsePhilipsFloatNotDisplayScaling": 1,
    "WaterFatShift": 12.0,
    "acq_id": "SeqMm3Tr2000",
    "dataset": "ds002643",
    "modality": "bold",
    "subject_id": "039",
    "task_id": "Healthratingtask"
  },
  "dummy_trs": 0,
  "dvars_nstd": 22.481076971257316,
  "dvars_std": 1.2929963278654975,
  "dvars_vstd": 1.000462645263158,
  "efc": 0.4564841124640064,
  "fber": 111712.3203125,
  "fd_mean": 0.12216686106690827,
  "fd_num": 53,
  "fd_perc": 15.451895043731778,
  "fwhm_avg": 1.688864654053874,
  "fwhm_x": 1.6376566666666665,
  "fwhm_y": 1.8532766666666667,
  "fwhm_z": 1.5756606288282888,
  "gcor": 0.0423511,
  "gsr_x": -0.01821253076195717,
  "gsr_y": 0.021099751815199852,
  "provenance": {
    "md5sum": "c4a8fc682a2dd381238ee2af3b599a43",
    "settings": {
      "fd_thres": 0.2,
      "testing": false
    },
    "software": "mriqc",
    "version": "23.0.1",
    "webapi_port": null,
    "webapi_url": "https://mriqc.nimh.nih.gov/api/v1"
  },
  "size_t": 343,
  "size_x": 80,
  "size_y": 80,
  "size_z": 36,
  "snr": 6.023659553589543,
  "spacing_tr": 2.0,
  "spacing_x": 3.0,
  "spacing_y": 3.0,
  "spacing_z": 3.299999952316284,
  "summary_bg_k": 45.605930198716216,
  "summary_bg_mad": 242.1356416096363,
  "summary_bg_mean": 2103.8681640625,
  "summary_bg_median": 201.10641479492188,
  "summary_bg_n": 150868.0,
  "summary_bg_p05": 15.779726982116701,
  "summary_bg_p95": 11778.507421874998,
  "summary_bg_stdv": 5616.962890625,
  "summary_fg_k": 2.295513832864022,
  "summary_fg_mad": 10933.49639168889,
  "summary_fg_mean": 69525.609375,
  "summary_fg_median": 68259.765625,
  "summary_fg_n": 38565.0,
  "summary_fg_p05": 54722.9625,
  "summary_fg_p95": 88037.3453125,
  "summary_fg_stdv": 11331.7958984375,
  "tsnr": 74.99301147460938
}