{
  "aor": 0.001641458333333333,
  "aqi": 0.008097597750000001,
  "bids_meta": {
    "AcquisitionNumber": 8,
    "BIDSVersion": "1.1.0",
    "BidsifyVersion": "0.3",
    "ConversionSoftware": "dcm2niix",
    "ConversionSoftwareVersion": "v1.0.20180622 GCC5.4.0",
    "EchoTime": 0.028,
    "EffectiveEchoSpacing": 0.0006909,
    "FlipAngle": 76.1,
    "ImageComments": "RepliSC",
    "ImageOrientationPatientDICOM": [
      0.998988,
      -0.0164261,
      0.0418681,
      0.0237169,
      0.983364,
      -0.180091
    ],
    "InstitutionName": "Spinoza Centre for Neuroimaging, location REC",
    "MagneticFieldStrength": 3,
    "Manufacturer": "Philips",
    "ParallelAcquisitionTechnique": "SENSE",
    "ParallelReductionFactorInPlane": 2,
    "PatientPosition": "HFS",
    "PhaseEncodingDirection": "j",
    "PhilipsRescaleIntercept": 0,
    "PhilipsRescaleSlope": 0.74188,
    "PhilipsScaleSlope": 0.0214062,
    "ProtocolName": "task-RestingState_acq-SeqMm3Tr2000_bold",
    "PulseSequenceType": "Gradient Echo EPI",
    "ReconMatrixPE": 80,
    "RepetitionTime": 2,
    "SeriesDescription": "ImageMRSERIES",
    "SeriesNumber": 8,
    "SliceEncodingDirection": "k",
    "SliceTiming": [
      0.0,
      0.05555555555555555,
      0.1111111111111111,
      0.16666666666666666,
      0.2222222222222222,
      0.2777777777777778,
      0.3333333333333333,
      0.38888888888888884,
      0.4444444444444444,
      0.5,
      0.5555555555555556,
      0.611111111111111,
      0.6666666666666666,
      0.7222222222222222,
      0.7777777777777777,
      0.8333333333333333,
      0.8888888888888888,
      0.9444444444444444,
      1.0,
      1.0555555555555556,
      1.1111111111111112,
      1.1666666666666665,
      1.222222222222222,
      1.2777777777777777,
      1.3333333333333333,
      1.3888888888888888,
      1.4444444444444444,
      1.5,
      1.5555555555555554,
      1.611111111111111,
      1.6666666666666665,
      1.722222222222222,
      1.7777777777777777,
      1.8333333333333333,
      1.8888888888888888,
      1.9444444444444444
    ],
    "TaskName": "RestingState",
    "TotalReadoutTime": 0.0269452,
    "UsePhilipsFloatNotDisplayScaling": 1,
    "WaterFatShift": 12.0,
    "acq_id": "SeqMm3Tr2000",
    "dataset": "ds002643",
    "modality": "bold",
    "subject_id": "039",
    "task_id": "RestingState"
  },
  "dummy_trs": 0,
  "dvars_nstd": 23.068209604728033,
  "dvars_std": 1.227904388410042,
  "dvars_vstd": 0.9777499811715483,
  "efc": 0.4574487975995152,
  "fber": 115153.0390625,
  "fd_mean": 0.19903387694658012,
  "fd_num": 126,
  "fd_perc": 52.5,
  "fwhm_avg": 1.6651968760900173,
  "fwhm_x": 1.6186,
  "fwhm_y": 1.8399633333333334,
  "fwhm_z": 1.537027294936719,
  "gcor": 0.0897922,
  "gsr_x": -0.01872830092906952,
  "gsr_y": 0.021555447950959206,
  "provenance": {
    "md5sum": "5d76b0b05a7148ed22a25e4c3e7aa621",
    "settings": {
      "fd_thres": 0.2,
      "testing": false
    },
    "software": "mriqc",
    "version": "23.0.1",
    "webapi_port": null,
    "webapi_url": "https://mriqc.nimh.nih.gov/api/v1"
  },
  "size_t": 240,
  "size_x": 80,
  "size_y": 80,
  "size_z": 36,
  "snr": 6.107002599049853,
  "spacing_tr": 2.0,
  "spacing_x": 3.0,
  "spacing_y": 3.0,
  "spacing_z": 3.299999952316284,
  "summary_bg_k": 47.73087877224348,
  "summary_bg_mad": 231.48904716211788,
  "summary_bg_mean": 2080.268310546875,
  "summary_bg_median": 192.7025604248047,
  "summary_bg_n": 150889.0,
  "summary_bg_p05": 15.803346252441408,
  "summary_bg_p95": 11653.731640625012,
  "summary_bg_stdv": 5546.162109375,
  "summary_fg_k": 2.5964601557284057,
  "summary_fg_mad": 10292.166686716728,
  "summary_fg_mean": 67464.8203125,
  "summary_fg_median": 66283.75,
  "summary_fg_n": 38513.0,
  "summary_fg_p05": 53368.440625,
  "summary_fg_p95": 85252.46562500001,
  "summary_fg_stdv": 10853.587890625,
  "tsnr": 65.12665557861328
}