{
  "aor": 0.0017261516034985421,
  "aqi": 0.00452459970845481,
  "bids_meta": {
    "AcquisitionNumber": 7,
    "BIDSVersion": "1.1.0",
    "BidsifyVersion": "0.3",
    "ConversionSoftware": "dcm2niix",
    "ConversionSoftwareVersion": "v1.0.20180622 GCC5.4.0",
    "EchoTime": 0.028,
    "EffectiveEchoSpacing": 0.0006909,
    "FlipAngle": 76.1,
    "ImageComments": "RepliSC",
    "ImageOrientationPatientDICOM": [
      0.998988,
      -0.0164261,
      0.0418681,
      0.0237169,
      0.983364,
      -0.180091
    ],
    "InstitutionName": "Spinoza Centre for Neuroimaging, location REC",
    "MagneticFieldStrength": 3,
    "Manufacturer": "Philips",
    "ParallelAcquisitionTechnique": "SENSE",
    "ParallelReductionFactorInPlane": 2,
    "PatientPosition": "HFS",
    "PhaseEncodingDirection": "j",
    "PhilipsRescaleIntercept": 0,
    "PhilipsRescaleSlope": 0.75629,
    "PhilipsScaleSlope": 0.0205285,
    "ProtocolName": "task-Decisiontask_acq-SeqMm3Tr2000_bold",
    "PulseSequenceType": "Gradient Echo EPI",
    "ReconMatrixPE": 80,
    "RepetitionTime": 2,
    "SeriesDescription": "ImageMRSERIES",
    "SeriesNumber": 7,
    "SliceEncodingDirection": "k",
    "SliceTiming": [
      0.0,
      0.05555555555555555,
      0.1111111111111111,
      0.16666666666666666,
      0.2222222222222222,
      0.2777777777777778,
      0.3333333333333333,
      0.38888888888888884,
      0.4444444444444444,
      0.5,
      0.5555555555555556,
      0.611111111111111,
      0.6666666666666666,
      0.7222222222222222,
      0.7777777777777777,
      0.8333333333333333,
      0.8888888888888888,
      0.9444444444444444,
      1.0,
      1.0555555555555556,
      1.1111111111111112,
      1.1666666666666665,
      1.222222222222222,
      1.2777777777777777,
      1.3333333333333333,
      1.3888888888888888,
      1.4444444444444444,
      1.5,
      1.5555555555555554,
      1.611111111111111,
      1.6666666666666665,
      1.722222222222222,
      1.7777777777777777,
      1.8333333333333333,
      1.8888888888888888,
      1.9444444444444444
    ],
    "TaskName": "Decisiontask",
    "TotalReadoutTime": 0.0269452,
    "UsePhilipsFloatNotDisplayScaling": 1,
    "WaterFatShift": 12.0,
    "acq_id": "SeqMm3Tr2000",
    "dataset": "ds002643",
    "modality": "bold",
    "subject_id": "039",
    "task_id": "Decisiontask"
  },
  "dummy_trs": 0,
  "dvars_nstd": 22.241958155204667,
  "dvars_std": 1.3130233812280698,
  "dvars_vstd": 1.008320319356725,
  "efc": 0.4573380311991828,
  "fber": 108628.5234375,
  "fd_mean": 0.09288042873568017,
  "fd_num": 21,
  "fd_perc": 6.122448979591836,
  "fwhm_avg": 1.682272229815493,
  "fwhm_x": 1.6320666666666668,
  "fwhm_y": 1.8382500000000002,
  "fwhm_z": 1.5765000227798118,
  "gcor": 0.0391442,
  "gsr_x": -0.018508389592170715,
  "gsr_y": 0.02162380889058113,
  "provenance": {
    "md5sum": "3bff2dfc13dac681841e4546a28f59b1",
    "settings": {
      "fd_thres": 0.2,
      "testing": false
    },
    "software": "mriqc",
    "version": "23.0.1",
    "webapi_port": null,
    "webapi_url": "https://mriqc.nimh.nih.gov/api/v1"
  },
  "size_t": 343,
  "size_x": 80,
  "size_y": 80,
  "size_z": 36,
  "snr": 6.012318104805428,
  "spacing_tr": 2.0,
  "spacing_x": 3.0,
  "spacing_y": 3.0,
  "spacing_z": 3.299999952316284,
  "summary_bg_k": 46.61090717146058,
  "summary_bg_mad": 244.84052081503592,
  "summary_bg_mean": 2115.521484375,
  "summary_bg_median": 202.2800750732422,
  "summary_bg_n": 150841.0,
  "summary_bg_p05": 15.417610168457031,
  "summary_bg_p95": 11764.9375,
  "summary_bg_stdv": 5635.52978515625,
  "summary_fg_k": 2.3768617116270407,
  "summary_fg_mad": 10907.643515503698,
  "summary_fg_mean": 69116.78125,
  "summary_fg_median": 67845.203125,
  "summary_fg_n": 38606.0,
  "summary_fg_p05": 54440.0908203125,
  "summary_fg_p95": 87357.263671875,
  "summary_fg_stdv": 11284.220703125,
  "tsnr": 80.188232421875
}