{
  "aor": 0.0017717784256559767,
  "aqi": 0.00450427804664723,
  "bids_meta": {
    "AcquisitionNumber": 4,
    "BIDSVersion": "1.1.0",
    "BidsifyVersion": "0.3",
    "ConversionSoftware": "dcm2niix",
    "ConversionSoftwareVersion": "v1.0.20180622 GCC5.4.0",
    "EchoTime": 0.028,
    "EffectiveEchoSpacing": 0.0006909,
    "FlipAngle": 76.1,
    "ImageComments": "RepliSC",
    "ImageOrientationPatientDICOM": [
      0.998988,
      -0.0164261,
      0.0418681,
      0.0237169,
      0.983364,
      -0.180091
    ],
    "InstitutionName": "Spinoza Centre for Neuroimaging, location REC",
    "MagneticFieldStrength": 3,
    "Manufacturer": "Philips",
    "ParallelAcquisitionTechnique": "SENSE",
    "ParallelReductionFactorInPlane": 2,
    "PatientPosition": "HFS",
    "PhaseEncodingDirection": "j",
    "PhilipsRescaleIntercept": 0,
    "PhilipsRescaleSlope": 0.7685,
    "PhilipsScaleSlope": 0.0201866,
    "ProtocolName": "task-Tasteratingtask_acq-SeqMm3Tr2000_bold",
    "PulseSequenceType": "Gradient Echo EPI",
    "ReconMatrixPE": 80,
    "RepetitionTime": 2,
    "SeriesDescription": "ImageMRSERIES",
    "SeriesNumber": 4,
    "SliceEncodingDirection": "k",
    "SliceTiming": [
      0.0,
      0.05555555555555555,
      0.1111111111111111,
      0.16666666666666666,
      0.2222222222222222,
      0.2777777777777778,
      0.3333333333333333,
      0.38888888888888884,
      0.4444444444444444,
      0.5,
      0.5555555555555556,
      0.611111111111111,
      0.6666666666666666,
      0.7222222222222222,
      0.7777777777777777,
      0.8333333333333333,
      0.8888888888888888,
      0.9444444444444444,
      1.0,
      1.0555555555555556,
      1.1111111111111112,
      1.1666666666666665,
      1.222222222222222,
      1.2777777777777777,
      1.3333333333333333,
      1.3888888888888888,
      1.4444444444444444,
      1.5,
      1.5555555555555554,
      1.611111111111111,
      1.6666666666666665,
      1.722222222222222,
      1.7777777777777777,
      1.8333333333333333,
      1.8888888888888888,
      1.9444444444444444
    ],
    "TaskName": "Tasteratingtask",
    "TotalReadoutTime": 0.0269452,
    "UsePhilipsFloatNotDisplayScaling": 1,
    "WaterFatShift": 12.0,
    "acq_id": "SeqMm3Tr2000",
    "dataset": "ds002643",
    "modality": "bold",
    "subject_id": "039",
    "task_id": "Tasteratingtask"
  },
  "dummy_trs": 0,
  "dvars_nstd": 22.013506526666678,
  "dvars_std": 1.2858239979239765,
  "dvars_vstd": 1.0188456119298248,
  "efc": 0.4553800322006714,
  "fber": 127844.390625,
  "fd_mean": 0.1311124722117781,
  "fd_num": 63,
  "fd_perc": 18.367346938775512,
  "fwhm_avg": 1.6873571792870894,
  "fwhm_x": 1.6348933333333333,
  "fwhm_y": 1.8555266666666668,
  "fwhm_z": 1.571651537861268,
  "gcor": 0.0616111,
  "gsr_x": -0.01775641180574894,
  "gsr_y": 0.019583754241466522,
  "provenance": {
    "md5sum": "2fac8982ebf9a024041eb13ca5713685",
    "settings": {
      "fd_thres": 0.2,
      "testing": false
    },
    "software": "mriqc",
    "version": "23.0.1",
    "webapi_port": null,
    "webapi_url": "https://mriqc.nimh.nih.gov/api/v1"
  },
  "size_t": 343,
  "size_x": 80,
  "size_y": 80,
  "size_z": 36,
  "snr": 6.01566135058484,
  "spacing_tr": 2.0,
  "spacing_x": 3.0,
  "spacing_y": 3.0,
  "spacing_z": 3.299999952316284,
  "summary_bg_k": 45.36768669112619,
  "summary_bg_mad": 225.07146944235558,
  "summary_bg_mean": 2073.09521484375,
  "summary_bg_median": 189.36898803710938,
  "summary_bg_n": 150889.0,
  "summary_bg_p05": 14.657441711425783,
  "summary_bg_p95": 11589.631640625,
  "summary_bg_stdv": 5590.2421875,
  "summary_fg_k": 2.3738890850468914,
  "summary_fg_mad": 10993.900849263162,
  "summary_fg_mean": 69760.7734375,
  "summary_fg_median": 68548.328125,
  "summary_fg_n": 38544.0,
  "summary_fg_p05": 54917.241796875,
  "summary_fg_p95": 88453.5828125,
  "summary_fg_stdv": 11394.830078125,
  "tsnr": 81.36934661865234
}