{
  "aor": 0.003959650145772594,
  "aqi": 0.00984543279883382,
  "bids_meta": {
    "AcquisitionNumber": 4,
    "BIDSVersion": "1.1.0",
    "BidsifyVersion": "0.3",
    "ConversionSoftware": "dcm2niix",
    "ConversionSoftwareVersion": "v1.0.20180622 GCC5.4.0",
    "EchoTime": 0.028,
    "EffectiveEchoSpacing": 0.0006909,
    "FlipAngle": 76.1,
    "ImageComments": "RepliSC",
    "ImageOrientationPatientDICOM": [
      0.996099,
      0.0840181,
      0.0269883,
      -0.0710518,
      0.944962,
      -0.319372
    ],
    "InstitutionName": "Spinoza Centre for Neuroimaging, location REC",
    "MagneticFieldStrength": 3,
    "Manufacturer": "Philips",
    "ParallelAcquisitionTechnique": "SENSE",
    "ParallelReductionFactorInPlane": 2,
    "PatientPosition": "HFS",
    "PhaseEncodingDirection": "j",
    "PhilipsRescaleIntercept": 0,
    "PhilipsRescaleSlope": 0.7956,
    "PhilipsScaleSlope": 0.022124,
    "ProtocolName": "task-Healthratingtask_acq-SeqMm3Tr2000_bold",
    "PulseSequenceType": "Gradient Echo EPI",
    "ReconMatrixPE": 80,
    "RepetitionTime": 2,
    "SeriesDescription": "ImageMRSERIES",
    "SeriesNumber": 4,
    "SliceEncodingDirection": "k",
    "SliceTiming": [
      0.0,
      0.05555555555555555,
      0.1111111111111111,
      0.16666666666666666,
      0.2222222222222222,
      0.2777777777777778,
      0.3333333333333333,
      0.38888888888888884,
      0.4444444444444444,
      0.5,
      0.5555555555555556,
      0.611111111111111,
      0.6666666666666666,
      0.7222222222222222,
      0.7777777777777777,
      0.8333333333333333,
      0.8888888888888888,
      0.9444444444444444,
      1.0,
      1.0555555555555556,
      1.1111111111111112,
      1.1666666666666665,
      1.222222222222222,
      1.2777777777777777,
      1.3333333333333333,
      1.3888888888888888,
      1.4444444444444444,
      1.5,
      1.5555555555555554,
      1.611111111111111,
      1.6666666666666665,
      1.722222222222222,
      1.7777777777777777,
      1.8333333333333333,
      1.8888888888888888,
      1.9444444444444444
    ],
    "TaskName": "Healthratingtask",
    "TotalReadoutTime": 0.0269452,
    "UsePhilipsFloatNotDisplayScaling": 1,
    "WaterFatShift": 12.0,
    "acq_id": "SeqMm3Tr2000",
    "dataset": "ds002643",
    "modality": "bold",
    "subject_id": "096",
    "task_id": "Healthratingtask"
  },
  "dummy_trs": 0,
  "dvars_nstd": 19.236308404678372,
  "dvars_std": 1.1124760969298233,
  "dvars_vstd": 1.0028104046198836,
  "efc": 0.4564056409159837,
  "fber": 93486.53125,
  "fd_mean": 0.12447269568280876,
  "fd_num": 33,
  "fd_perc": 9.620991253644315,
  "fwhm_avg": 1.7767106140599838,
  "fwhm_x": 1.70814,
  "fwhm_y": 1.9611766666666668,
  "fwhm_z": 1.6608151755132845,
  "gcor": 0.0851867,
  "gsr_x": -0.014083849266171455,
  "gsr_y": 0.017926957458257675,
  "provenance": {
    "md5sum": "6f76a7c8cbd7dfd6e59ea6e7942d38db",
    "settings": {
      "fd_thres": 0.2,
      "testing": false
    },
    "software": "mriqc",
    "version": "23.0.1",
    "webapi_port": null,
    "webapi_url": "https://mriqc.nimh.nih.gov/api/v1"
  },
  "size_t": 343,
  "size_x": 80,
  "size_y": 80,
  "size_z": 36,
  "snr": 6.270666746305987,
  "spacing_tr": 2.0,
  "spacing_x": 3.0,
  "spacing_y": 3.0,
  "spacing_z": 3.299999952316284,
  "summary_bg_k": 62.332387461370985,
  "summary_bg_mad": 243.98447164208048,
  "summary_bg_mean": 1644.9378662109375,
  "summary_bg_median": 208.87086486816406,
  "summary_bg_n": 149691.0,
  "summary_bg_p05": 14.09199047088623,
  "summary_bg_p95": 8979.5205078125,
  "summary_bg_stdv": 4197.79833984375,
  "summary_fg_k": 1.6215222954028938,
  "summary_fg_mad": 10169.212052341794,
  "summary_fg_mean": 64881.7265625,
  "summary_fg_median": 64129.5390625,
  "summary_fg_n": 39382.0,
  "summary_fg_p05": 50554.6041015625,
  "summary_fg_p95": 81770.01015624999,
  "summary_fg_stdv": 10226.779296875,
  "tsnr": 59.32939147949219
}