{
  "aor": 0.003228279883381924,
  "aqi": 0.009172683760932944,
  "bids_meta": {
    "AcquisitionNumber": 6,
    "BIDSVersion": "1.1.0",
    "BidsifyVersion": "0.3",
    "ConversionSoftware": "dcm2niix",
    "ConversionSoftwareVersion": "v1.0.20180622 GCC5.4.0",
    "EchoTime": 0.028,
    "EffectiveEchoSpacing": 0.0006909,
    "FlipAngle": 76.1,
    "ImageComments": "RepliSC",
    "ImageOrientationPatientDICOM": [
      0.996099,
      0.0840181,
      0.0269883,
      -0.0710518,
      0.944962,
      -0.319372
    ],
    "InstitutionName": "Spinoza Centre for Neuroimaging, location REC",
    "MagneticFieldStrength": 3,
    "Manufacturer": "Philips",
    "ParallelAcquisitionTechnique": "SENSE",
    "ParallelReductionFactorInPlane": 2,
    "PatientPosition": "HFS",
    "PhaseEncodingDirection": "j",
    "PhilipsRescaleIntercept": 0,
    "PhilipsRescaleSlope": 0.79292,
    "PhilipsScaleSlope": 0.0215714,
    "ProtocolName": "task-Decisiontask_acq-SeqMm3Tr2000_bold",
    "PulseSequenceType": "Gradient Echo EPI",
    "ReconMatrixPE": 80,
    "RepetitionTime": 2,
    "SeriesDescription": "ImageMRSERIES",
    "SeriesNumber": 6,
    "SliceEncodingDirection": "k",
    "SliceTiming": [
      0.0,
      0.05555555555555555,
      0.1111111111111111,
      0.16666666666666666,
      0.2222222222222222,
      0.2777777777777778,
      0.3333333333333333,
      0.38888888888888884,
      0.4444444444444444,
      0.5,
      0.5555555555555556,
      0.611111111111111,
      0.6666666666666666,
      0.7222222222222222,
      0.7777777777777777,
      0.8333333333333333,
      0.8888888888888888,
      0.9444444444444444,
      1.0,
      1.0555555555555556,
      1.1111111111111112,
      1.1666666666666665,
      1.222222222222222,
      1.2777777777777777,
      1.3333333333333333,
      1.3888888888888888,
      1.4444444444444444,
      1.5,
      1.5555555555555554,
      1.611111111111111,
      1.6666666666666665,
      1.722222222222222,
      1.7777777777777777,
      1.8333333333333333,
      1.8888888888888888,
      1.9444444444444444
    ],
    "TaskName": "Decisiontask",
    "TotalReadoutTime": 0.0269452,
    "UsePhilipsFloatNotDisplayScaling": 1,
    "WaterFatShift": 12.0,
    "acq_id": "SeqMm3Tr2000",
    "dataset": "ds002643",
    "modality": "bold",
    "subject_id": "096",
    "task_id": "Decisiontask"
  },
  "dummy_trs": 0,
  "dvars_nstd": 19.915826058362573,
  "dvars_std": 1.1422931544444455,
  "dvars_vstd": 1.007047569210526,
  "efc": 0.4546174782389934,
  "fber": 174409.140625,
  "fd_mean": 0.13241559860144195,
  "fd_num": 36,
  "fd_perc": 10.495626822157435,
  "fwhm_avg": 1.7911393009863374,
  "fwhm_x": 1.72286,
  "fwhm_y": 1.9777699999999998,
  "fwhm_z": 1.672787902959013,
  "gcor": 0.0452305,
  "gsr_x": -0.014966549351811409,
  "gsr_y": 0.017341474071145058,
  "provenance": {
    "md5sum": "44277c05d3d46cad30bdffdd36c15d56",
    "settings": {
      "fd_thres": 0.2,
      "testing": false
    },
    "software": "mriqc",
    "version": "23.0.1",
    "webapi_port": null,
    "webapi_url": "https://mriqc.nimh.nih.gov/api/v1"
  },
  "size_t": 343,
  "size_x": 80,
  "size_y": 80,
  "size_z": 36,
  "snr": 6.227731291285148,
  "spacing_tr": 2.0,
  "spacing_x": 3.0,
  "spacing_y": 3.0,
  "spacing_z": 3.299999952316284,
  "summary_bg_k": 63.14640627433022,
  "summary_bg_mad": 188.9765353627774,
  "summary_bg_mean": 1635.837890625,
  "summary_bg_median": 152.77064514160156,
  "summary_bg_n": 149787.0,
  "summary_bg_p05": 7.061093997955322,
  "summary_bg_p95": 9070.111425781226,
  "summary_bg_stdv": 4270.14794921875,
  "summary_fg_k": 1.7248572719071262,
  "summary_fg_mad": 10419.835532833316,
  "summary_fg_mean": 66399.6484375,
  "summary_fg_median": 65476.5390625,
  "summary_fg_n": 39444.0,
  "summary_fg_p05": 51745.7671875,
  "summary_fg_p95": 83609.01406249999,
  "summary_fg_stdv": 10513.5732421875,
  "tsnr": 62.40254592895508
}