{
  "aor": 0.0021041690962099124,
  "aqi": 0.006236580612244897,
  "bids_meta": {
    "AcquisitionNumber": 3,
    "BIDSVersion": "1.1.0",
    "BidsifyVersion": "0.3",
    "ConversionSoftware": "dcm2niix",
    "ConversionSoftwareVersion": "v1.0.20180622 GCC5.4.0",
    "EchoTime": 0.028,
    "EffectiveEchoSpacing": 0.0006909,
    "FlipAngle": 76.1,
    "ImageComments": "RepliSC",
    "ImageOrientationPatientDICOM": [
      0.996099,
      0.0840181,
      0.0269883,
      -0.0710518,
      0.944962,
      -0.319372
    ],
    "InstitutionName": "Spinoza Centre for Neuroimaging, location REC",
    "MagneticFieldStrength": 3,
    "Manufacturer": "Philips",
    "ParallelAcquisitionTechnique": "SENSE",
    "ParallelReductionFactorInPlane": 2,
    "PatientPosition": "HFS",
    "PhaseEncodingDirection": "j",
    "PhilipsRescaleIntercept": 0,
    "PhilipsRescaleSlope": 0.77656,
    "PhilipsScaleSlope": 0.0221475,
    "ProtocolName": "task-Tasteratingtask_acq-SeqMm3Tr2000_bold",
    "PulseSequenceType": "Gradient Echo EPI",
    "ReconMatrixPE": 80,
    "RepetitionTime": 2,
    "SeriesDescription": "ImageMRSERIES",
    "SeriesNumber": 3,
    "SliceEncodingDirection": "k",
    "SliceTiming": [
      0.0,
      0.05555555555555555,
      0.1111111111111111,
      0.16666666666666666,
      0.2222222222222222,
      0.2777777777777778,
      0.3333333333333333,
      0.38888888888888884,
      0.4444444444444444,
      0.5,
      0.5555555555555556,
      0.611111111111111,
      0.6666666666666666,
      0.7222222222222222,
      0.7777777777777777,
      0.8333333333333333,
      0.8888888888888888,
      0.9444444444444444,
      1.0,
      1.0555555555555556,
      1.1111111111111112,
      1.1666666666666665,
      1.222222222222222,
      1.2777777777777777,
      1.3333333333333333,
      1.3888888888888888,
      1.4444444444444444,
      1.5,
      1.5555555555555554,
      1.611111111111111,
      1.6666666666666665,
      1.722222222222222,
      1.7777777777777777,
      1.8333333333333333,
      1.8888888888888888,
      1.9444444444444444
    ],
    "TaskName": "Tasteratingtask",
    "TotalReadoutTime": 0.0269452,
    "UsePhilipsFloatNotDisplayScaling": 1,
    "WaterFatShift": 12.0,
    "acq_id": "SeqMm3Tr2000",
    "dataset": "ds002643",
    "modality": "bold",
    "subject_id": "096",
    "task_id": "Tasteratingtask"
  },
  "dummy_trs": 0,
  "dvars_nstd": 18.859321524385972,
  "dvars_std": 1.148172235350878,
  "dvars_vstd": 1.0224421385380125,
  "efc": 0.4534767779199145,
  "fber": 106104.15625,
  "fd_mean": 0.13116788786482975,
  "fd_num": 30,
  "fd_perc": 8.746355685131196,
  "fwhm_avg": 1.7668238463607535,
  "fwhm_x": 1.70493,
  "fwhm_y": 1.9393900000000002,
  "fwhm_z": 1.6561515390822603,
  "gcor": 0.0449745,
  "gsr_x": -0.013612939044833183,
  "gsr_y": 0.017301060259342194,
  "provenance": {
    "md5sum": "b697a8910318cbc064d9090f8eeae4a9",
    "settings": {
      "fd_thres": 0.2,
      "testing": false
    },
    "software": "mriqc",
    "version": "23.0.1",
    "webapi_port": null,
    "webapi_url": "https://mriqc.nimh.nih.gov/api/v1"
  },
  "size_t": 343,
  "size_x": 80,
  "size_y": 80,
  "size_z": 36,
  "snr": 6.269856757733688,
  "spacing_tr": 2.0,
  "spacing_x": 3.0,
  "spacing_y": 3.0,
  "spacing_z": 3.299999952316284,
  "summary_bg_k": 70.71421148222375,
  "summary_bg_mad": 230.28908182741506,
  "summary_bg_mean": 1624.2784423828125,
  "summary_bg_median": 198.7891845703125,
  "summary_bg_n": 149979.0,
  "summary_bg_p05": 13.877808094024658,
  "summary_bg_p95": 8800.395312500004,
  "summary_bg_stdv": 4269.78759765625,
  "summary_fg_k": 1.4567229340311565,
  "summary_fg_mad": 10377.352608716723,
  "summary_fg_mean": 66209.71875,
  "summary_fg_median": 65278.890625,
  "summary_fg_n": 39128.0,
  "summary_fg_p05": 51571.5568359375,
  "summary_fg_p95": 83368.384375,
  "summary_fg_stdv": 10411.4111328125,
  "tsnr": 71.77057647705078
}