{
  "aor": 0.0018322448979591838,
  "aqi": 0.008084075393586005,
  "bids_meta": {
    "AcquisitionNumber": 4,
    "BIDSVersion": "1.1.0",
    "BidsifyVersion": "0.3",
    "ConversionSoftware": "dcm2niix",
    "ConversionSoftwareVersion": "v1.0.20180622 GCC5.4.0",
    "EchoTime": 0.028,
    "EffectiveEchoSpacing": 0.0006909,
    "FlipAngle": 76.1,
    "ImageComments": "RepliSc",
    "ImageOrientationPatientDICOM": [
      0.999972,
      0.00555198,
      0.00499802,
      -0.00453776,
      0.98292,
      -0.183976
    ],
    "InstitutionName": "Spinoza Centre for Neuroimaging, location REC",
    "MagneticFieldStrength": 3,
    "Manufacturer": "Philips",
    "ParallelAcquisitionTechnique": "SENSE",
    "ParallelReductionFactorInPlane": 2,
    "PatientPosition": "HFS",
    "PhaseEncodingDirection": "j",
    "PhilipsRescaleIntercept": 0,
    "PhilipsRescaleSlope": 0.75702,
    "PhilipsScaleSlope": 0.0216844,
    "ProtocolName": "ses-01_task-Healthratingtask-SeqMm3_bold",
    "PulseSequenceType": "Gradient Echo EPI",
    "ReconMatrixPE": 80,
    "RepetitionTime": 2,
    "SeriesDescription": "ImageMRSERIES",
    "SeriesNumber": 4,
    "SliceEncodingDirection": "k",
    "SliceTiming": [
      0.0,
      0.05555555555555555,
      0.1111111111111111,
      0.16666666666666666,
      0.2222222222222222,
      0.2777777777777778,
      0.3333333333333333,
      0.38888888888888884,
      0.4444444444444444,
      0.5,
      0.5555555555555556,
      0.611111111111111,
      0.6666666666666666,
      0.7222222222222222,
      0.7777777777777777,
      0.8333333333333333,
      0.8888888888888888,
      0.9444444444444444,
      1.0,
      1.0555555555555556,
      1.1111111111111112,
      1.1666666666666665,
      1.222222222222222,
      1.2777777777777777,
      1.3333333333333333,
      1.3888888888888888,
      1.4444444444444444,
      1.5,
      1.5555555555555554,
      1.611111111111111,
      1.6666666666666665,
      1.722222222222222,
      1.7777777777777777,
      1.8333333333333333,
      1.8888888888888888,
      1.9444444444444444
    ],
    "TaskName": "Healthratingtask",
    "TotalReadoutTime": 0.0269452,
    "UsePhilipsFloatNotDisplayScaling": 1,
    "WaterFatShift": 12.0,
    "acq_id": "SeqMm3Tr2000",
    "dataset": "ds002643",
    "modality": "bold",
    "subject_id": "008",
    "task_id": "Healthratingtask"
  },
  "dummy_trs": 0,
  "dvars_nstd": 23.96970036719298,
  "dvars_std": 1.2299986191520473,
  "dvars_vstd": 0.9933355469590636,
  "efc": 0.462821894844941,
  "fber": 123650.4453125,
  "fd_mean": 0.16621923423475612,
  "fd_num": 83,
  "fd_perc": 24.198250728862973,
  "fwhm_avg": 1.7981609171459543,
  "fwhm_x": 1.7336333333333334,
  "fwhm_y": 1.9884766666666664,
  "fwhm_z": 1.6723727514378628,
  "gcor": 0.0311167,
  "gsr_x": -0.0077057224698364735,
  "gsr_y": 0.015712548047304153,
  "provenance": {
    "md5sum": "e23ade5cd7ac5235b28d6d989310b80a",
    "settings": {
      "fd_thres": 0.2,
      "testing": false
    },
    "software": "mriqc",
    "version": "23.0.1",
    "webapi_port": null,
    "webapi_url": "https://mriqc.nimh.nih.gov/api/v1"
  },
  "size_t": 343,
  "size_x": 80,
  "size_y": 80,
  "size_z": 36,
  "snr": 5.586402521969847,
  "spacing_tr": 2.0,
  "spacing_x": 3.0,
  "spacing_y": 3.0,
  "spacing_z": 3.299999952316284,
  "summary_bg_k": 68.18722837409118,
  "summary_bg_mad": 218.41596863403092,
  "summary_bg_mean": 1717.1390380859375,
  "summary_bg_median": 182.3666534423828,
  "summary_bg_n": 147681.0,
  "summary_bg_p05": 10.542644500732422,
  "summary_bg_p95": 9086.9658203125,
  "summary_bg_stdv": 5155.31494140625,
  "summary_fg_k": 2.4681496978997517,
  "summary_fg_mad": 10233.43884376065,
  "summary_fg_mean": 66381.9375,
  "summary_fg_median": 64447.2421875,
  "summary_fg_n": 41670.0,
  "summary_fg_p05": 52059.4662109375,
  "summary_fg_p95": 86479.60234374995,
  "summary_fg_stdv": 11536.3095703125,
  "tsnr": 67.94439697265625
}