{
  "aor": 0.006068542274052478,
  "aqi": 0.008883778221574346,
  "bids_meta": {
    "AcquisitionNumber": 3,
    "BIDSVersion": "1.1.0",
    "BidsifyVersion": "0.3",
    "ConversionSoftware": "dcm2niix",
    "ConversionSoftwareVersion": "v1.0.20180622 GCC5.4.0",
    "EchoTime": 0.028,
    "EffectiveEchoSpacing": 0.0006909,
    "FlipAngle": 76.1,
    "ImageComments": "RepliSc",
    "ImageOrientationPatientDICOM": [
      0.999972,
      0.00555198,
      0.00499802,
      -0.00453776,
      0.98292,
      -0.183976
    ],
    "InstitutionName": "Spinoza Centre for Neuroimaging, location REC",
    "MagneticFieldStrength": 3,
    "Manufacturer": "Philips",
    "ParallelAcquisitionTechnique": "SENSE",
    "ParallelReductionFactorInPlane": 2,
    "PatientPosition": "HFS",
    "PhaseEncodingDirection": "j",
    "PhilipsRescaleIntercept": 0,
    "PhilipsRescaleSlope": 0.75702,
    "PhilipsScaleSlope": 0.0209988,
    "ProtocolName": "ses-01_task-Tasteratingtask-SeqMm3_bold",
    "PulseSequenceType": "Gradient Echo EPI",
    "ReconMatrixPE": 80,
    "RepetitionTime": 2,
    "SeriesDescription": "ImageMRSERIES",
    "SeriesNumber": 3,
    "SliceEncodingDirection": "k",
    "SliceTiming": [
      0.0,
      0.05555555555555555,
      0.1111111111111111,
      0.16666666666666666,
      0.2222222222222222,
      0.2777777777777778,
      0.3333333333333333,
      0.38888888888888884,
      0.4444444444444444,
      0.5,
      0.5555555555555556,
      0.611111111111111,
      0.6666666666666666,
      0.7222222222222222,
      0.7777777777777777,
      0.8333333333333333,
      0.8888888888888888,
      0.9444444444444444,
      1.0,
      1.0555555555555556,
      1.1111111111111112,
      1.1666666666666665,
      1.222222222222222,
      1.2777777777777777,
      1.3333333333333333,
      1.3888888888888888,
      1.4444444444444444,
      1.5,
      1.5555555555555554,
      1.611111111111111,
      1.6666666666666665,
      1.722222222222222,
      1.7777777777777777,
      1.8333333333333333,
      1.8888888888888888,
      1.9444444444444444
    ],
    "TaskName": "Tasteratingtask",
    "TotalReadoutTime": 0.0269452,
    "UsePhilipsFloatNotDisplayScaling": 1,
    "WaterFatShift": 12.0,
    "acq_id": "SeqMm3Tr2000",
    "dataset": "ds002643",
    "modality": "bold",
    "subject_id": "008",
    "task_id": "Tasteratingtask"
  },
  "dummy_trs": 0,
  "dvars_nstd": 23.120607966988306,
  "dvars_std": 1.276076457280702,
  "dvars_vstd": 1.0357990630994147,
  "efc": 0.46133381890146546,
  "fber": 125471.59375,
  "fd_mean": 0.15227001826286846,
  "fd_num": 49,
  "fd_perc": 14.285714285714286,
  "fwhm_avg": 1.8086729374184856,
  "fwhm_x": 1.7385166666666667,
  "fwhm_y": 2.00049,
  "fwhm_z": 1.6870121455887903,
  "gcor": 0.0209156,
  "gsr_x": -0.007653593085706234,
  "gsr_y": 0.014864029362797737,
  "provenance": {
    "md5sum": "e694f918731b2256a57dcb2fe16841dd",
    "settings": {
      "fd_thres": 0.2,
      "testing": false
    },
    "software": "mriqc",
    "version": "23.0.1",
    "webapi_port": null,
    "webapi_url": "https://mriqc.nimh.nih.gov/api/v1"
  },
  "size_t": 343,
  "size_x": 80,
  "size_y": 80,
  "size_z": 36,
  "snr": 5.531507783855879,
  "spacing_tr": 2.0,
  "spacing_x": 3.0,
  "spacing_y": 3.0,
  "spacing_z": 3.299999952316284,
  "summary_bg_k": 71.07728388671956,
  "summary_bg_mad": 218.48866389928804,
  "summary_bg_mean": 1683.1907958984375,
  "summary_bg_median": 183.31790161132812,
  "summary_bg_n": 147794.0,
  "summary_bg_p05": 10.603585767745972,
  "summary_bg_p95": 8797.094775390626,
  "summary_bg_stdv": 5061.66748046875,
  "summary_fg_k": 2.5216443274907085,
  "summary_fg_mad": 10551.375939821277,
  "summary_fg_mean": 67242.1640625,
  "summary_fg_median": 65298.59765625,
  "summary_fg_n": 41590.0,
  "summary_fg_p05": 52688.0125,
  "summary_fg_p95": 87807.002734375,
  "summary_fg_stdv": 11804.7041015625,
  "tsnr": 67.08441162109375
}