{
  "aor": 0.00194675,
  "aqi": 0.005630254875,
  "bids_meta": {
    "AcquisitionNumber": 7,
    "BIDSVersion": "1.1.0",
    "BidsifyVersion": "0.3",
    "ConversionSoftware": "dcm2niix",
    "ConversionSoftwareVersion": "v1.0.20180622 GCC5.4.0",
    "EchoTime": 0.028,
    "EffectiveEchoSpacing": 0.0006909,
    "FlipAngle": 76.1,
    "ImageComments": "RepliSc",
    "ImageOrientationPatientDICOM": [
      0.999972,
      0.00555198,
      0.00499802,
      -0.00453776,
      0.98292,
      -0.183976
    ],
    "InstitutionName": "Spinoza Centre for Neuroimaging, location REC",
    "MagneticFieldStrength": 3,
    "Manufacturer": "Philips",
    "ParallelAcquisitionTechnique": "SENSE",
    "ParallelReductionFactorInPlane": 2,
    "PatientPosition": "HFS",
    "PhaseEncodingDirection": "j",
    "PhilipsRescaleIntercept": 0,
    "PhilipsRescaleSlope": 0.74872,
    "PhilipsScaleSlope": 0.0222198,
    "ProtocolName": "task-RestingState_acq-SeqMm3Tr2000_bold",
    "PulseSequenceType": "Gradient Echo EPI",
    "ReconMatrixPE": 80,
    "RepetitionTime": 2,
    "SeriesDescription": "ImageMRSERIES",
    "SeriesNumber": 7,
    "SliceEncodingDirection": "k",
    "SliceTiming": [
      0.0,
      0.05555555555555555,
      0.1111111111111111,
      0.16666666666666666,
      0.2222222222222222,
      0.2777777777777778,
      0.3333333333333333,
      0.38888888888888884,
      0.4444444444444444,
      0.5,
      0.5555555555555556,
      0.611111111111111,
      0.6666666666666666,
      0.7222222222222222,
      0.7777777777777777,
      0.8333333333333333,
      0.8888888888888888,
      0.9444444444444444,
      1.0,
      1.0555555555555556,
      1.1111111111111112,
      1.1666666666666665,
      1.222222222222222,
      1.2777777777777777,
      1.3333333333333333,
      1.3888888888888888,
      1.4444444444444444,
      1.5,
      1.5555555555555554,
      1.611111111111111,
      1.6666666666666665,
      1.722222222222222,
      1.7777777777777777,
      1.8333333333333333,
      1.8888888888888888,
      1.9444444444444444
    ],
    "TaskName": "RestingState",
    "TotalReadoutTime": 0.0269452,
    "UsePhilipsFloatNotDisplayScaling": 1,
    "WaterFatShift": 12.0,
    "acq_id": "SeqMm3Tr2000",
    "dataset": "ds002643",
    "modality": "bold",
    "subject_id": "008",
    "task_id": "RestingState"
  },
  "dummy_trs": 0,
  "dvars_nstd": 23.855985130711293,
  "dvars_std": 1.265130389748954,
  "dvars_vstd": 1.0044704151882846,
  "efc": 0.46450382228710163,
  "fber": 119238.84375,
  "fd_mean": 0.1512576468166218,
  "fd_num": 41,
  "fd_perc": 17.083333333333332,
  "fwhm_avg": 1.789949907013301,
  "fwhm_x": 1.7281966666666666,
  "fwhm_y": 1.97585,
  "fwhm_z": 1.6658030543732363,
  "gcor": 0.0277449,
  "gsr_x": -0.00795731507241726,
  "gsr_y": 0.015878798440098763,
  "provenance": {
    "md5sum": "c255d0520fab5a20916f871d47cebe6d",
    "settings": {
      "fd_thres": 0.2,
      "testing": false
    },
    "software": "mriqc",
    "version": "23.0.1",
    "webapi_port": null,
    "webapi_url": "https://mriqc.nimh.nih.gov/api/v1"
  },
  "size_t": 240,
  "size_x": 80,
  "size_y": 80,
  "size_z": 36,
  "snr": 5.672815726619102,
  "spacing_tr": 2.0,
  "spacing_x": 3.0,
  "spacing_y": 3.0,
  "spacing_z": 3.299999952316284,
  "summary_bg_k": 67.90998897769825,
  "summary_bg_mad": 224.04801500982276,
  "summary_bg_mean": 1757.684326171875,
  "summary_bg_median": 184.61410522460938,
  "summary_bg_n": 147522.0,
  "summary_bg_p05": 8.79746642112732,
  "summary_bg_p95": 9443.437597656248,
  "summary_bg_stdv": 5251.88525390625,
  "summary_fg_k": 2.4584085825184747,
  "summary_fg_mad": 9945.822700492938,
  "summary_fg_mean": 65766.46875,
  "summary_fg_median": 63923.765625,
  "summary_fg_n": 41715.0,
  "summary_fg_p05": 51635.573046875004,
  "summary_fg_p95": 85256.9859375,
  "summary_fg_stdv": 11268.3017578125,
  "tsnr": 77.73637390136719
}