{
  "aor": 0.0013453061224489794,
  "aqi": 0.004398912565597668,
  "bids_meta": {
    "AcquisitionNumber": 6,
    "BIDSVersion": "1.1.0",
    "BidsifyVersion": "0.3",
    "ConversionSoftware": "dcm2niix",
    "ConversionSoftwareVersion": "v1.0.20180622 GCC5.4.0",
    "EchoTime": 0.028,
    "EffectiveEchoSpacing": 0.0006909,
    "FlipAngle": 76.1,
    "ImageComments": "RepliSc",
    "ImageOrientationPatientDICOM": [
      0.999972,
      0.00555198,
      0.00499802,
      -0.00453776,
      0.98292,
      -0.183976
    ],
    "InstitutionName": "Spinoza Centre for Neuroimaging, location REC",
    "MagneticFieldStrength": 3,
    "Manufacturer": "Philips",
    "ParallelAcquisitionTechnique": "SENSE",
    "ParallelReductionFactorInPlane": 2,
    "PatientPosition": "HFS",
    "PhaseEncodingDirection": "j",
    "PhilipsRescaleIntercept": 0,
    "PhilipsRescaleSlope": 0.74359,
    "PhilipsScaleSlope": 0.0219114,
    "ProtocolName": "ses-01_task-Decisiontask-SeqMm3_bold",
    "PulseSequenceType": "Gradient Echo EPI",
    "ReconMatrixPE": 80,
    "RepetitionTime": 2,
    "SeriesDescription": "ImageMRSERIES",
    "SeriesNumber": 6,
    "SliceEncodingDirection": "k",
    "SliceTiming": [
      0.0,
      0.05555555555555555,
      0.1111111111111111,
      0.16666666666666666,
      0.2222222222222222,
      0.2777777777777778,
      0.3333333333333333,
      0.38888888888888884,
      0.4444444444444444,
      0.5,
      0.5555555555555556,
      0.611111111111111,
      0.6666666666666666,
      0.7222222222222222,
      0.7777777777777777,
      0.8333333333333333,
      0.8888888888888888,
      0.9444444444444444,
      1.0,
      1.0555555555555556,
      1.1111111111111112,
      1.1666666666666665,
      1.222222222222222,
      1.2777777777777777,
      1.3333333333333333,
      1.3888888888888888,
      1.4444444444444444,
      1.5,
      1.5555555555555554,
      1.611111111111111,
      1.6666666666666665,
      1.722222222222222,
      1.7777777777777777,
      1.8333333333333333,
      1.8888888888888888,
      1.9444444444444444
    ],
    "TaskName": "Decisiontask",
    "TotalReadoutTime": 0.0269452,
    "UsePhilipsFloatNotDisplayScaling": 1,
    "WaterFatShift": 12.0,
    "acq_id": "SeqMm3Tr2000",
    "dataset": "ds002643",
    "modality": "bold",
    "subject_id": "008",
    "task_id": "Decisiontask"
  },
  "dummy_trs": 0,
  "dvars_nstd": 23.476296920847957,
  "dvars_std": 1.2984477562573082,
  "dvars_vstd": 1.000121312163742,
  "efc": 0.46261103087941435,
  "fber": 122669.375,
  "fd_mean": 0.1282971728306101,
  "fd_num": 24,
  "fd_perc": 6.997084548104956,
  "fwhm_avg": 1.7948909171905874,
  "fwhm_x": 1.7236766666666667,
  "fwhm_y": 1.9793566666666667,
  "fwhm_z": 1.681639418238429,
  "gcor": 0.0253243,
  "gsr_x": -0.007764469366520643,
  "gsr_y": 0.01558591052889824,
  "provenance": {
    "md5sum": "280ec3bd8e16060f1f73bb33fef3c171",
    "settings": {
      "fd_thres": 0.2,
      "testing": false
    },
    "software": "mriqc",
    "version": "23.0.1",
    "webapi_port": null,
    "webapi_url": "https://mriqc.nimh.nih.gov/api/v1"
  },
  "size_t": 343,
  "size_x": 80,
  "size_y": 80,
  "size_z": 36,
  "snr": 5.589232584295908,
  "spacing_tr": 2.0,
  "spacing_x": 3.0,
  "spacing_y": 3.0,
  "spacing_z": 3.299999952316284,
  "summary_bg_k": 65.45895388652599,
  "summary_bg_mad": 221.97231308485718,
  "summary_bg_mean": 1741.164306640625,
  "summary_bg_median": 183.150634765625,
  "summary_bg_n": 147922.0,
  "summary_bg_p05": 7.229659414291382,
  "summary_bg_p95": 9237.974902343727,
  "summary_bg_stdv": 5195.81005859375,
  "summary_fg_k": 2.54982300630036,
  "summary_fg_mad": 10220.301019023618,
  "summary_fg_mean": 66213.953125,
  "summary_fg_median": 64310.2890625,
  "summary_fg_n": 41467.0,
  "summary_fg_p05": 51984.42421875,
  "summary_fg_p95": 86048.31093749999,
  "summary_fg_stdv": 11505.96484375,
  "tsnr": 86.84623718261719
}