{
  "bids_meta": {
    "AcquisitionNumber": 2,
    "BIDSVersion": "1.1.0",
    "BidsifyVersion": "0.3",
    "ConversionSoftware": "dcm2niix",
    "ConversionSoftwareVersion": "v1.0.20180622 GCC5.4.0",
    "EchoTime": 0.00385,
    "ImageComments": "RepliSC",
    "ImageOrientationPatientDICOM": [
      0.997839,
      -0.0600695,
      0.0266116,
      0.0536917,
      0.979006,
      0.196633
    ],
    "InstitutionName": "Spinoza Centre for Neuroimaging, location REC",
    "InversionTime": 0.9,
    "MagneticFieldStrength": 3,
    "Manufacturer": "Philips",
    "ParallelAcquisitionTechnique": "SENSE",
    "PatientPosition": "HFS",
    "PhilipsRescaleIntercept": 0,
    "PhilipsRescaleSlope": 3.89621,
    "PhilipsScaleSlope": 0.00532457,
    "ProtocolName": "acq-AxialNsig1Mm1_T1w",
    "ReconMatrixPE": 240,
    "RepetitionTime": 0.008351,
    "SeriesDescription": "ImageMRSERIES",
    "SeriesNumber": 2,
    "UsePhilipsFloatNotDisplayScaling": 1,
    "acq_id": "AxialNsig1Mm1",
    "dataset": "ds002643",
    "modality": "T1w",
    "subject_id": "049"
  },
  "cjv": 0.27514668339065057,
  "cnr": 4.804031511423499,
  "efc": 0.6818892476638088,
  "fber": -1.0,
  "fwhm_avg": 4.561906756070262,
  "fwhm_x": 4.43892,
  "fwhm_y": 4.74697,
  "fwhm_z": 4.4998302682107845,
  "icvs_csf": 0.29971280151186497,
  "icvs_gm": 0.4047015259179069,
  "icvs_wm": 0.2955856725702281,
  "inu_med": 0.6759939789772034,
  "inu_range": 0.20783198475837705,
  "provenance": {
    "md5sum": "fbcea0efd7bf89d4ab13e6104260185a",
    "settings": {
      "testing": false
    },
    "software": "mriqc",
    "version": "23.0.1",
    "warnings": {
      "large_rot_frame": true,
      "small_air_mask": false
    },
    "webapi_port": null,
    "webapi_url": "https://mriqc.nimh.nih.gov/api/v1"
  },
  "qi_1": 0.0,
  "qi_2": 0.00011109894983113514,
  "rpve_csf": 22.84208636094857,
  "rpve_gm": 15.574535574842704,
  "rpve_wm": 24.802781811956123,
  "size_x": 240,
  "size_y": 240,
  "size_z": 220,
  "snr_csf": 0.9754687150760729,
  "snr_gm": 8.205489468394404,
  "snr_total": 11.588978571745477,
  "snr_wm": 25.585977531765952,
  "snrd_csf": 7.336222390940706,
  "snrd_gm": 52.10557643100273,
  "snrd_total": 48.759894864917044,
  "snrd_wm": 86.83788577280771,
  "spacing_x": 1.0,
  "spacing_y": 1.0,
  "spacing_z": 0.9999999403953552,
  "summary_bg_k": 342.6070063806973,
  "summary_bg_mad": 0.0,
  "summary_bg_mean": 2.974532862310039,
  "summary_bg_median": 0.0,
  "summary_bg_n": 262367.0,
  "summary_bg_p05": 0.0,
  "summary_bg_p95": 15.398056553676724,
  "summary_bg_stdv": 7.544361681701185,
  "summary_csf_k": 0.7663904162195072,
  "summary_csf_mad": 77.48972820925378,
  "summary_csf_mean": 112.13146349659525,
  "summary_csf_median": 84.48181950300932,
  "summary_csf_n": 86405.0,
  "summary_csf_p05": 16.424593657255173,
  "summary_csf_p95": 279.91701105237007,
  "summary_csf_stdv": 86.60588425317074,
  "summary_gm_k": 0.033888111414549726,
  "summary_gm_mad": 74.46202675185084,
  "summary_gm_mean": 599.9270371847012,
  "summary_gm_median": 600.0327782565728,
  "summary_gm_n": 29878.0,
  "summary_gm_p05": 481.1838069986552,
  "summary_gm_p95": 718.355376233719,
  "summary_gm_stdv": 73.12455144844701,
  "summary_wm_k": 0.8720452352656811,
  "summary_wm_mad": 35.58763531214789,
  "summary_wm_mean": 997.0911263604089,
  "summary_wm_median": 1000.0000273901969,
  "summary_wm_n": 142129.0,
  "summary_wm_p05": 927.299359241873,
  "summary_wm_p95": 1055.3893485534936,
  "summary_wm_stdv": 39.0837718907353,
  "tpm_overlap_csf": 0.14652204975102626,
  "tpm_overlap_gm": 0.46735583880600845,
  "tpm_overlap_wm": 0.5005789411535164,
  "wm2max": 0.7722864000626134
}