{
  "aor": 0.0014392916666666666,
  "aqi": 0.010868253208333335,
  "bids_meta": {
    "AcquisitionNumber": 7,
    "BIDSVersion": "1.1.0",
    "BidsifyVersion": "0.3",
    "ConversionSoftware": "dcm2niix",
    "ConversionSoftwareVersion": "v1.0.20180622 GCC5.4.0",
    "EchoTime": 0.028,
    "EffectiveEchoSpacing": 0.0006909,
    "FlipAngle": 76.1,
    "ImageComments": "RepliSC",
    "ImageOrientationPatientDICOM": [
      0.998681,
      0.0458712,
      0.0230709,
      -0.0420317,
      0.988421,
      -0.145801
    ],
    "InstitutionName": "Spinoza Centre for Neuroimaging, location REC",
    "MagneticFieldStrength": 3,
    "Manufacturer": "Philips",
    "ParallelAcquisitionTechnique": "SENSE",
    "ParallelReductionFactorInPlane": 2,
    "PatientPosition": "HFS",
    "PhaseEncodingDirection": "j",
    "PhilipsRescaleIntercept": 0,
    "PhilipsRescaleSlope": 0.76239,
    "PhilipsScaleSlope": 0.0205292,
    "ProtocolName": "task-RestingState_acq-SeqMm3Tr2000_bold",
    "PulseSequenceType": "Gradient Echo EPI",
    "ReconMatrixPE": 80,
    "RepetitionTime": 2,
    "SeriesDescription": "ImageMRSERIES",
    "SeriesNumber": 7,
    "SliceEncodingDirection": "k",
    "SliceTiming": [
      0.0,
      0.05555555555555555,
      0.1111111111111111,
      0.16666666666666666,
      0.2222222222222222,
      0.2777777777777778,
      0.3333333333333333,
      0.38888888888888884,
      0.4444444444444444,
      0.5,
      0.5555555555555556,
      0.611111111111111,
      0.6666666666666666,
      0.7222222222222222,
      0.7777777777777777,
      0.8333333333333333,
      0.8888888888888888,
      0.9444444444444444,
      1.0,
      1.0555555555555556,
      1.1111111111111112,
      1.1666666666666665,
      1.222222222222222,
      1.2777777777777777,
      1.3333333333333333,
      1.3888888888888888,
      1.4444444444444444,
      1.5,
      1.5555555555555554,
      1.611111111111111,
      1.6666666666666665,
      1.722222222222222,
      1.7777777777777777,
      1.8333333333333333,
      1.8888888888888888,
      1.9444444444444444
    ],
    "TaskName": "RestingState",
    "TotalReadoutTime": 0.0269452,
    "UsePhilipsFloatNotDisplayScaling": 1,
    "WaterFatShift": 12.0,
    "acq_id": "SeqMm3Tr2000",
    "dataset": "ds002643",
    "modality": "bold",
    "subject_id": "066",
    "task_id": "RestingState"
  },
  "dummy_trs": 0,
  "dvars_nstd": 21.48247105497906,
  "dvars_std": 1.0949214820920499,
  "dvars_vstd": 0.9847013310878661,
  "efc": 0.4720041781587687,
  "fber": 62859.88671875,
  "fd_mean": 0.18603230436181034,
  "fd_num": 88,
  "fd_perc": 36.666666666666664,
  "fwhm_avg": 1.8206783917629448,
  "fwhm_x": 1.7800799999999999,
  "fwhm_y": 2.0366733333333333,
  "fwhm_z": 1.6452818419555006,
  "gcor": 0.0609041,
  "gsr_x": -0.010306679643690586,
  "gsr_y": 0.02076028101146221,
  "provenance": {
    "md5sum": "8a1b096eca7a821d46ea158593e1f809",
    "settings": {
      "fd_thres": 0.2,
      "testing": false
    },
    "software": "mriqc",
    "version": "23.0.1",
    "webapi_port": null,
    "webapi_url": "https://mriqc.nimh.nih.gov/api/v1"
  },
  "size_t": 240,
  "size_x": 80,
  "size_y": 80,
  "size_z": 36,
  "snr": 5.5650102060933655,
  "spacing_tr": 2.0,
  "spacing_x": 3.0,
  "spacing_y": 3.0,
  "spacing_z": 3.299999952316284,
  "summary_bg_k": 54.98345051351284,
  "summary_bg_mad": 301.07728618492456,
  "summary_bg_mean": 1788.9554443359375,
  "summary_bg_median": 260.04461669921875,
  "summary_bg_n": 145587.0,
  "summary_bg_p05": 23.95998592376709,
  "summary_bg_p95": 8875.75380859372,
  "summary_bg_stdv": 4312.73876953125,
  "summary_fg_k": 3.143941927200304,
  "summary_fg_mad": 9301.771030510237,
  "summary_fg_mean": 68251.3984375,
  "summary_fg_median": 66177.46875,
  "summary_fg_n": 42701.0,
  "summary_fg_p05": 53798.5546875,
  "summary_fg_p95": 89214.78125,
  "summary_fg_stdv": 11891.5673828125,
  "tsnr": 57.95994186401367
}