{
  "aor": 0.0018594752186588922,
  "aqi": 0.013359980379008747,
  "bids_meta": {
    "AcquisitionNumber": 3,
    "BIDSVersion": "1.1.0",
    "BidsifyVersion": "0.3",
    "ConversionSoftware": "dcm2niix",
    "ConversionSoftwareVersion": "v1.0.20180622 GCC5.4.0",
    "EchoTime": 0.028,
    "EffectiveEchoSpacing": 0.0006909,
    "FlipAngle": 76.1,
    "ImageComments": "RepliSC",
    "ImageOrientationPatientDICOM": [
      0.999561,
      -0.0179692,
      0.0235442,
      0.0205888,
      0.993011,
      -0.116211
    ],
    "InstitutionName": "Spinoza Centre for Neuroimaging, location REC",
    "MagneticFieldStrength": 3,
    "Manufacturer": "Philips",
    "ParallelAcquisitionTechnique": "SENSE",
    "ParallelReductionFactorInPlane": 2,
    "PatientPosition": "HFS",
    "PhaseEncodingDirection": "j",
    "PhilipsRescaleIntercept": 0,
    "PhilipsRescaleSlope": 0.76313,
    "PhilipsScaleSlope": 0.0213863,
    "ProtocolName": "task-Healthratingtask_acq-SeqMm3Tr2000_bold",
    "PulseSequenceType": "Gradient Echo EPI",
    "ReconMatrixPE": 80,
    "RepetitionTime": 2,
    "SeriesDescription": "ImageMRSERIES",
    "SeriesNumber": 3,
    "SliceEncodingDirection": "k",
    "SliceTiming": [
      0.0,
      0.05555555555555555,
      0.1111111111111111,
      0.16666666666666666,
      0.2222222222222222,
      0.2777777777777778,
      0.3333333333333333,
      0.38888888888888884,
      0.4444444444444444,
      0.5,
      0.5555555555555556,
      0.611111111111111,
      0.6666666666666666,
      0.7222222222222222,
      0.7777777777777777,
      0.8333333333333333,
      0.8888888888888888,
      0.9444444444444444,
      1.0,
      1.0555555555555556,
      1.1111111111111112,
      1.1666666666666665,
      1.222222222222222,
      1.2777777777777777,
      1.3333333333333333,
      1.3888888888888888,
      1.4444444444444444,
      1.5,
      1.5555555555555554,
      1.611111111111111,
      1.6666666666666665,
      1.722222222222222,
      1.7777777777777777,
      1.8333333333333333,
      1.8888888888888888,
      1.9444444444444444
    ],
    "TaskName": "Healthratingtask",
    "TotalReadoutTime": 0.0269452,
    "UsePhilipsFloatNotDisplayScaling": 1,
    "WaterFatShift": 12.0,
    "acq_id": "SeqMm3Tr2000",
    "dataset": "ds002643",
    "modality": "bold",
    "subject_id": "081",
    "task_id": "Healthratingtask"
  },
  "dummy_trs": 0,
  "dvars_nstd": 20.71146661350877,
  "dvars_std": 1.1075177961988307,
  "dvars_vstd": 0.9519814919005842,
  "efc": 0.44659986922899486,
  "fber": 69823.9140625,
  "fd_mean": 0.19295496969316728,
  "fd_num": 148,
  "fd_perc": 43.14868804664723,
  "fwhm_avg": 1.807685058198257,
  "fwhm_x": 1.7930733333333333,
  "fwhm_y": 2.0327333333333333,
  "fwhm_z": 1.5972485079281042,
  "gcor": 0.0192303,
  "gsr_x": -0.005359674338251352,
  "gsr_y": 0.012677107006311417,
  "provenance": {
    "md5sum": "c4ac5757bb99147135ff3273edc74f1a",
    "settings": {
      "fd_thres": 0.2,
      "testing": false
    },
    "software": "mriqc",
    "version": "23.0.1",
    "webapi_port": null,
    "webapi_url": "https://mriqc.nimh.nih.gov/api/v1"
  },
  "size_t": 343,
  "size_x": 80,
  "size_y": 80,
  "size_z": 36,
  "snr": 6.22752465616804,
  "spacing_tr": 2.0,
  "spacing_x": 3.0,
  "spacing_y": 3.0,
  "spacing_z": 3.299999952316284,
  "summary_bg_k": 43.27550188363294,
  "summary_bg_mad": 294.28097594577514,
  "summary_bg_mean": 1664.8416748046875,
  "summary_bg_median": 251.18289184570312,
  "summary_bg_n": 152043.0,
  "summary_bg_p05": 23.304870414733887,
  "summary_bg_p95": 8679.096679687496,
  "summary_bg_stdv": 4172.03515625,
  "summary_fg_k": 2.4441308058956155,
  "summary_fg_mad": 10220.828037780979,
  "summary_fg_mean": 67100.8125,
  "summary_fg_median": 66248.078125,
  "summary_fg_n": 37338.0,
  "summary_fg_p05": 52784.9060546875,
  "summary_fg_p95": 83985.93320312501,
  "summary_fg_stdv": 10637.8046875,
  "tsnr": 56.17577362060547
}