{
  "bids_meta": {
    "AcquisitionNumber": 2,
    "BIDSVersion": "1.1.0",
    "BidsifyVersion": "0.3",
    "ConversionSoftware": "dcm2niix",
    "ConversionSoftwareVersion": "v1.0.20180622 GCC5.4.0",
    "EchoTime": 0.00385,
    "ImageComments": "RepliSC",
    "ImageOrientationPatientDICOM": [
      0.999683,
      0.00874107,
      -0.02361,
      -0.0144827,
      0.966754,
      -0.255299
    ],
    "InstitutionName": "Spinoza Centre for Neuroimaging, location REC",
    "InversionTime": 0.9,
    "MagneticFieldStrength": 3,
    "Manufacturer": "Philips",
    "ParallelAcquisitionTechnique": "SENSE",
    "PatientPosition": "HFS",
    "PhilipsRescaleIntercept": 0,
    "PhilipsRescaleSlope": 4.45568,
    "PhilipsScaleSlope": 0.00474081,
    "ProtocolName": "acq-AxialNsig1Mm1_T1w",
    "ReconMatrixPE": 240,
    "RepetitionTime": 0.008364,
    "SeriesDescription": "ImageMRSERIES",
    "SeriesNumber": 2,
    "UsePhilipsFloatNotDisplayScaling": 1,
    "acq_id": "AxialNsig1Mm1",
    "dataset": "ds002643",
    "modality": "T1w",
    "subject_id": "020"
  },
  "cjv": 0.2872590852160139,
  "cnr": 4.537973162442039,
  "efc": 0.7061213141051844,
  "fber": -1.0,
  "fwhm_avg": 4.362633333333334,
  "fwhm_x": 4.29624,
  "fwhm_y": 4.50026,
  "fwhm_z": 4.2914,
  "icvs_csf": 0.23283742946918265,
  "icvs_gm": 0.4110218944904567,
  "icvs_wm": 0.35614067604036065,
  "inu_med": 0.5367119908332825,
  "inu_range": 0.17103944718837732,
  "provenance": {
    "md5sum": "7ef7ac74f03313a41f508266a4414aaa",
    "settings": {
      "testing": false
    },
    "software": "mriqc",
    "version": "23.0.1",
    "warnings": {
      "large_rot_frame": true,
      "small_air_mask": false
    },
    "webapi_port": null,
    "webapi_url": "https://mriqc.nimh.nih.gov/api/v1"
  },
  "qi_1": 0.0,
  "qi_2": 0.00010292729888169428,
  "rpve_csf": 22.423291186221714,
  "rpve_gm": 12.900363271280085,
  "rpve_wm": 18.226877646534433,
  "size_x": 240,
  "size_y": 240,
  "size_z": 220,
  "snr_csf": 1.4033261776504249,
  "snr_gm": 8.177647787076229,
  "snr_total": 11.890527301654794,
  "snr_wm": 26.09060794023773,
  "snrd_csf": 17.50614226907174,
  "snrd_gm": 78.73141937314871,
  "snrd_total": 74.69383661549097,
  "snrd_wm": 127.84394820425246,
  "spacing_x": 1.0,
  "spacing_y": 1.0,
  "spacing_z": 1.0,
  "summary_bg_k": 12.41910812272164,
  "summary_bg_mad": 0.0,
  "summary_bg_mean": 2.2687764436170594,
  "summary_bg_median": 0.0,
  "summary_bg_n": 455283.0,
  "summary_bg_p05": 0.0,
  "summary_bg_p95": 12.721438804641366,
  "summary_bg_stdv": 5.124384852844641,
  "summary_csf_k": 1.2083916558583399,
  "summary_csf_mad": 88.03955623505765,
  "summary_csf_mean": 154.32920940255275,
  "summary_csf_median": 136.93058464676142,
  "summary_csf_n": 45687.0,
  "summary_csf_p05": 34.300433579832315,
  "summary_csf_p95": 350.9445020433514,
  "summary_csf_stdv": 97.57466813245796,
  "summary_gm_k": 0.1260918690544024,
  "summary_gm_mad": 74.47181640431246,
  "summary_gm_mean": 616.4453290678931,
  "summary_gm_median": 615.8260980136693,
  "summary_gm_n": 37614.0,
  "summary_gm_p05": 492.8145298920572,
  "summary_gm_p95": 740.2239188362844,
  "summary_gm_stdv": 75.3050177587345,
  "summary_wm_k": 0.6817365634733537,
  "summary_wm_mad": 35.87913421908171,
  "summary_wm_mean": 999.0220234064532,
  "summary_wm_median": 999.9773966241628,
  "summary_wm_n": 228785.0,
  "summary_wm_p05": 934.9692626260221,
  "summary_wm_p95": 1060.1048365160823,
  "summary_wm_stdv": 38.32701842378378,
  "tpm_overlap_csf": 0.16502142260543748,
  "tpm_overlap_gm": 0.4553612658757854,
  "tpm_overlap_wm": 0.5103513034803557,
  "wm2max": 0.8093304582213539
}