{
  "bids_meta": {
    "AcquisitionNumber": 2,
    "BIDSVersion": "1.1.0",
    "BidsifyVersion": "0.3",
    "ConversionSoftware": "dcm2niix",
    "ConversionSoftwareVersion": "v1.0.20180622 GCC5.4.0",
    "EchoTime": 0.00376,
    "ImageComments": "RepliSC",
    "ImageOrientationPatientDICOM": [
      0.999787,
      0.00727225,
      0.0192926,
      -0.00540942,
      0.995471,
      -0.0949091
    ],
    "InstitutionName": "Spinoza Centre for Neuroimaging, location REC",
    "InversionTime": 0.9,
    "MagneticFieldStrength": 3,
    "Manufacturer": "Philips",
    "ParallelAcquisitionTechnique": "SENSE",
    "PatientPosition": "HFS",
    "PhilipsRescaleIntercept": 0,
    "PhilipsRescaleSlope": 4.41612,
    "PhilipsScaleSlope": 0.00557693,
    "ProtocolName": "acq-AxialNsig1Mm1_T1w",
    "ReconMatrixPE": 240,
    "RepetitionTime": 0.008196,
    "SeriesDescription": "ImageMRSERIES",
    "SeriesNumber": 2,
    "UsePhilipsFloatNotDisplayScaling": 1,
    "acq_id": "AxialNsig1Mm1",
    "dataset": "ds002643",
    "modality": "T1w",
    "subject_id": "029"
  },
  "cjv": 0.2661914576972777,
  "cnr": 4.841708245456722,
  "efc": 0.6826417084397031,
  "fber": -1.0,
  "fwhm_avg": 4.437686840113809,
  "fwhm_x": 4.393020261844412,
  "fwhm_y": 4.58318,
  "fwhm_z": 4.336860258497015,
  "icvs_csf": 0.2500272343568801,
  "icvs_gm": 0.4242919596899212,
  "icvs_wm": 0.3256808059531986,
  "inu_med": 0.5822831988334656,
  "inu_range": 0.20037077665328978,
  "provenance": {
    "md5sum": "a4c5b13886bdf8480ff18b41961b4828",
    "settings": {
      "testing": false
    },
    "software": "mriqc",
    "version": "23.0.1",
    "warnings": {
      "large_rot_frame": true,
      "small_air_mask": false
    },
    "webapi_port": null,
    "webapi_url": "https://mriqc.nimh.nih.gov/api/v1"
  },
  "qi_1": 0.0,
  "qi_2": 8.855852100638298e-05,
  "rpve_csf": 24.29590168206906,
  "rpve_gm": 14.304108286840846,
  "rpve_wm": 21.958989777929524,
  "size_x": 240,
  "size_y": 240,
  "size_z": 220,
  "snr_csf": 1.3420299103958082,
  "snr_gm": 8.282106657175529,
  "snr_total": 11.99480828923933,
  "snr_wm": 26.36028830014665,
  "snrd_csf": 11.219129684626303,
  "snrd_gm": 62.274970883615204,
  "snrd_total": 58.986126095801545,
  "snrd_wm": 103.46427771916314,
  "spacing_x": 0.9999999403953552,
  "spacing_y": 1.0,
  "spacing_z": 0.9999999403953552,
  "summary_bg_k": 15.892408157185866,
  "summary_bg_mad": 0.0,
  "summary_bg_mean": 3.10079391506294,
  "summary_bg_median": 0.0,
  "summary_bg_n": 480253.0,
  "summary_bg_p05": 0.0,
  "summary_bg_p95": 16.587571581825614,
  "summary_bg_stdv": 6.332005716482201,
  "summary_csf_k": 2.6465535737462584,
  "summary_csf_mad": 70.01140244994428,
  "summary_csf_mean": 126.08814663547813,
  "summary_csf_median": 108.4348134174943,
  "summary_csf_n": 61748.0,
  "summary_csf_p05": 33.578080125153065,
  "summary_csf_p95": 287.8234679474494,
  "summary_csf_stdv": 80.79844907393789,
  "summary_gm_k": 0.4029406777697959,
  "summary_gm_mad": 70.5922033709559,
  "summary_gm_mean": 603.4004257955437,
  "summary_gm_median": 601.8982789367437,
  "summary_gm_n": 45407.0,
  "summary_gm_p05": 486.85977642796934,
  "summary_gm_p95": 723.4509289897978,
  "summary_gm_stdv": 72.67373821671545,
  "summary_wm_k": 0.756502165070791,
  "summary_wm_mad": 35.37907324562247,
  "summary_wm_mean": 998.783910334799,
  "summary_wm_median": 999.9999969005585,
  "summary_wm_n": 185869.0,
  "summary_wm_p05": 934.2541160155088,
  "summary_wm_p95": 1058.2020024508238,
  "summary_wm_stdv": 37.935749998027354,
  "tpm_overlap_csf": 0.15621304807966147,
  "tpm_overlap_gm": 0.47003992870355504,
  "tpm_overlap_wm": 0.5060119802194768,
  "wm2max": 0.7722573663498
}