{
  "bids_meta": {
    "AcquisitionNumber": 2,
    "BIDSVersion": "1.1.0",
    "BidsifyVersion": "0.3",
    "ConversionSoftware": "dcm2niix",
    "ConversionSoftwareVersion": "v1.0.20180622 GCC5.4.0",
    "EchoTime": 0.00385,
    "ImageComments": "RepliSC",
    "ImageOrientationPatientDICOM": [
      0.999955,
      0.00747453,
      -0.00580658,
      -0.00872648,
      0.965626,
      -0.25979
    ],
    "InstitutionName": "Spinoza Centre for Neuroimaging, location REC",
    "InversionTime": 0.9,
    "MagneticFieldStrength": 3,
    "Manufacturer": "Philips",
    "ParallelAcquisitionTechnique": "SENSE",
    "PatientPosition": "HFS",
    "PhilipsRescaleIntercept": 0,
    "PhilipsRescaleSlope": 4.12454,
    "PhilipsScaleSlope": 0.00487677,
    "ProtocolName": "acq-AxialNsig1Mm1_T1w",
    "ReconMatrixPE": 240,
    "RepetitionTime": 0.008355,
    "SeriesDescription": "ImageMRSERIES",
    "SeriesNumber": 2,
    "UsePhilipsFloatNotDisplayScaling": 1,
    "acq_id": "AxialNsig1Mm1",
    "dataset": "ds002643",
    "modality": "T1w",
    "subject_id": "086"
  },
  "cjv": 0.27620713049213186,
  "cnr": 4.593364827764993,
  "efc": 0.6948815406172791,
  "fber": -1.0,
  "fwhm_avg": 4.415606843305042,
  "fwhm_x": 4.35632,
  "fwhm_y": 4.5784502728969025,
  "fwhm_z": 4.312050257018224,
  "icvs_csf": 0.23667632074590042,
  "icvs_gm": 0.41957085564545543,
  "icvs_wm": 0.3437528236086442,
  "inu_med": 0.5734331905841827,
  "inu_range": 0.2016515225172043,
  "provenance": {
    "md5sum": "89e15a242cfa745935f688f882528eb0",
    "settings": {
      "testing": false
    },
    "software": "mriqc",
    "version": "23.0.1",
    "warnings": {
      "large_rot_frame": true,
      "small_air_mask": false
    },
    "webapi_port": null,
    "webapi_url": "https://mriqc.nimh.nih.gov/api/v1"
  },
  "qi_1": 0.0,
  "qi_2": 5.56625934186368e-05,
  "rpve_csf": 21.1848907834521,
  "rpve_gm": 12.192112973163015,
  "rpve_wm": 17.958833059048683,
  "size_x": 240,
  "size_y": 240,
  "size_z": 220,
  "snr_csf": 1.335511307490483,
  "snr_gm": 7.949186424894733,
  "snr_total": 11.710495655394942,
  "snr_wm": 25.84678923379961,
  "snrd_csf": 9.665438762865838,
  "snrd_gm": 43.266217564889445,
  "snrd_total": 41.46694931945236,
  "snrd_wm": 71.4691916306018,
  "spacing_x": 1.0,
  "spacing_y": 0.9999999403953552,
  "spacing_z": 0.9999999403953552,
  "summary_bg_k": 188.50677338701757,
  "summary_bg_mad": 0.0,
  "summary_bg_mean": 3.878157379981283,
  "summary_bg_median": 0.0,
  "summary_bg_n": 538023.0,
  "summary_bg_p05": 0.0,
  "summary_bg_p95": 17.894737228751183,
  "summary_bg_stdv": 9.166696855079685,
  "summary_csf_k": 0.5492532180629843,
  "summary_csf_mad": 103.03730951717426,
  "summary_csf_mean": 156.0640648835127,
  "summary_csf_median": 135.23923737183213,
  "summary_csf_n": 52207.0,
  "summary_csf_p05": 29.688995856791735,
  "summary_csf_p95": 349.4736917614937,
  "summary_csf_stdv": 101.2630453862991,
  "summary_gm_k": 0.19035108127673483,
  "summary_gm_mad": 74.37839520052133,
  "summary_gm_mean": 607.6331642747548,
  "summary_gm_median": 605.3827881999314,
  "summary_gm_n": 38787.0,
  "summary_gm_p05": 485.26795306876306,
  "summary_gm_p95": 735.1124560747295,
  "summary_gm_stdv": 76.15559025190873,
  "summary_wm_k": 1.1737395365744359,
  "summary_wm_mad": 34.61769848150158,
  "summary_wm_mean": 999.2669578548623,
  "summary_wm_median": 1000.0000216066837,
  "summary_wm_n": 233838.0,
  "summary_wm_p05": 935.454565666616,
  "summary_wm_p95": 1061.3397358506918,
  "summary_wm_stdv": 38.68944317711277,
  "tpm_overlap_csf": 0.14989868082774843,
  "tpm_overlap_gm": 0.4679015098593278,
  "tpm_overlap_wm": 0.5200551257444084,
  "wm2max": 0.7819076228333002
}