{
  "bids_meta": {
    "AcquisitionNumber": 2,
    "BIDSVersion": "1.1.0",
    "BidsifyVersion": "0.3",
    "ConversionSoftware": "dcm2niix",
    "ConversionSoftwareVersion": "v1.0.20180622 GCC5.4.0",
    "EchoTime": 0.00377,
    "ImageComments": "RepliSC",
    "ImageOrientationPatientDICOM": [
      0.999276,
      0.0171627,
      0.0339554,
      -0.0134301,
      0.994141,
      -0.107251
    ],
    "InstitutionName": "Spinoza Centre for Neuroimaging, location REC",
    "InversionTime": 0.9,
    "MagneticFieldStrength": 3,
    "Manufacturer": "Philips",
    "ParallelAcquisitionTechnique": "SENSE",
    "PatientPosition": "HFS",
    "PhilipsRescaleIntercept": 0,
    "PhilipsRescaleSlope": 3.50085,
    "PhilipsScaleSlope": 0.00521709,
    "ProtocolName": "acq-AxialNsig1Mm1_T1w",
    "ReconMatrixPE": 240,
    "RepetitionTime": 0.008228,
    "SeriesDescription": "ImageMRSERIES",
    "SeriesNumber": 2,
    "UsePhilipsFloatNotDisplayScaling": 1,
    "acq_id": "AxialNsig1Mm1",
    "dataset": "ds002643",
    "modality": "T1w",
    "subject_id": "016"
  },
  "cjv": 0.2912398872187246,
  "cnr": 4.365891960379839,
  "efc": 0.6732321489106975,
  "fber": -1.0,
  "fwhm_avg": 4.315733333333333,
  "fwhm_x": 4.23708,
  "fwhm_y": 4.48434,
  "fwhm_z": 4.22578,
  "icvs_csf": 0.2618515989655318,
  "icvs_gm": 0.4007756676045894,
  "icvs_wm": 0.3373727334298788,
  "inu_med": 0.5212546586990356,
  "inu_range": 0.14579562395811074,
  "provenance": {
    "md5sum": "fcecf29154c8374de7aafce996e8e72f",
    "settings": {
      "testing": false
    },
    "software": "mriqc",
    "version": "23.0.1",
    "warnings": {
      "large_rot_frame": true,
      "small_air_mask": false
    },
    "webapi_port": null,
    "webapi_url": "https://mriqc.nimh.nih.gov/api/v1"
  },
  "qi_1": 0.013068831829159782,
  "qi_2": 2.5493281742857805e-05,
  "rpve_csf": 24.737112540154975,
  "rpve_gm": 15.798837160864883,
  "rpve_wm": 23.512057221470354,
  "size_x": 240,
  "size_y": 240,
  "size_z": 220,
  "snr_csf": 1.4927788867960678,
  "snr_gm": 7.561627500260604,
  "snr_total": 12.214862495655595,
  "snr_wm": 27.590181099910115,
  "snrd_csf": 10.601978032419908,
  "snrd_gm": 47.87394074909644,
  "snrd_total": 45.591757892173206,
  "snrd_wm": 78.29935489500326,
  "spacing_x": 1.0,
  "spacing_y": 1.0,
  "spacing_z": 1.0,
  "summary_bg_k": 171.31248353024046,
  "summary_bg_mad": 0.0,
  "summary_bg_mean": 3.0196407941182724,
  "summary_bg_median": 0.0,
  "summary_bg_n": 312187.0,
  "summary_bg_p05": 0.0,
  "summary_bg_p95": 18.74536065198481,
  "summary_bg_stdv": 8.367294875432176,
  "summary_csf_k": 1.610475085450683,
  "summary_csf_mad": 84.08331333218688,
  "summary_csf_mean": 150.60960345719386,
  "summary_csf_median": 135.40672821737826,
  "summary_csf_n": 43197.0,
  "summary_csf_p05": 34.6802429035306,
  "summary_csf_p95": 329.87592515945414,
  "summary_csf_stdv": 90.7067765290959,
  "summary_gm_k": 0.1690542524045684,
  "summary_gm_mad": 79.6413243623238,
  "summary_gm_mean": 610.6807260948445,
  "summary_gm_median": 611.4381357785314,
  "summary_gm_n": 29257.0,
  "summary_gm_p05": 478.8577943298966,
  "summary_gm_p95": 744.3896724876015,
  "summary_gm_stdv": 80.85927086925953,
  "summary_wm_k": 0.8415441147212093,
  "summary_wm_mad": 33.531120276931,
  "summary_wm_mean": 1001.2845431344743,
  "summary_wm_median": 1000.0265455599874,
  "summary_wm_n": 176108.0,
  "summary_wm_p05": 944.320742547512,
  "summary_wm_p95": 1062.6524887848645,
  "summary_wm_stdv": 36.24563763073569,
  "tpm_overlap_csf": 0.1619735140588416,
  "tpm_overlap_gm": 0.46234783403508006,
  "tpm_overlap_wm": 0.513830335052796,
  "wm2max": 0.6694652017252702
}