{
  "aor": 0.0013775801749271136,
  "aqi": 0.005242135801749271,
  "bids_meta": {
    "AcquisitionNumber": 4,
    "BIDSVersion": "1.1.0",
    "BidsifyVersion": "0.3",
    "ConversionSoftware": "dcm2niix",
    "ConversionSoftwareVersion": "v1.0.20180622 GCC5.4.0",
    "EchoTime": 0.028,
    "EffectiveEchoSpacing": 0.0006909,
    "FlipAngle": 76.1,
    "ImageComments": "RepliSC",
    "ImageOrientationPatientDICOM": [
      0.997985,
      -0.0581367,
      0.0254188,
      0.0629628,
      0.956959,
      -0.283312
    ],
    "InstitutionName": "Spinoza Centre for Neuroimaging, location REC",
    "MagneticFieldStrength": 3,
    "Manufacturer": "Philips",
    "ParallelAcquisitionTechnique": "SENSE",
    "ParallelReductionFactorInPlane": 2,
    "PatientPosition": "HFS",
    "PhaseEncodingDirection": "j",
    "PhilipsRescaleIntercept": 0,
    "PhilipsRescaleSlope": 0.75629,
    "PhilipsScaleSlope": 0.0206656,
    "ProtocolName": "task-Healthratingtask_acq-SeqMm3Tr2000_bold",
    "PulseSequenceType": "Gradient Echo EPI",
    "ReconMatrixPE": 80,
    "RepetitionTime": 2,
    "SeriesDescription": "ImageMRSERIES",
    "SeriesNumber": 4,
    "SliceEncodingDirection": "k",
    "SliceTiming": [
      0.0,
      0.05555555555555555,
      0.1111111111111111,
      0.16666666666666666,
      0.2222222222222222,
      0.2777777777777778,
      0.3333333333333333,
      0.38888888888888884,
      0.4444444444444444,
      0.5,
      0.5555555555555556,
      0.611111111111111,
      0.6666666666666666,
      0.7222222222222222,
      0.7777777777777777,
      0.8333333333333333,
      0.8888888888888888,
      0.9444444444444444,
      1.0,
      1.0555555555555556,
      1.1111111111111112,
      1.1666666666666665,
      1.222222222222222,
      1.2777777777777777,
      1.3333333333333333,
      1.3888888888888888,
      1.4444444444444444,
      1.5,
      1.5555555555555554,
      1.611111111111111,
      1.6666666666666665,
      1.722222222222222,
      1.7777777777777777,
      1.8333333333333333,
      1.8888888888888888,
      1.9444444444444444
    ],
    "TaskName": "Healthratingtask",
    "TotalReadoutTime": 0.0269452,
    "UsePhilipsFloatNotDisplayScaling": 1,
    "WaterFatShift": 12.0,
    "acq_id": "SeqMm3Tr2000",
    "dataset": "ds002643",
    "modality": "bold",
    "subject_id": "067",
    "task_id": "Healthratingtask"
  },
  "dummy_trs": 0,
  "dvars_nstd": 22.268163424473688,
  "dvars_std": 1.1676468675146203,
  "dvars_vstd": 1.0115438737719298,
  "efc": 0.4433462040512148,
  "fber": 61990.99609375,
  "fd_mean": 0.13380231342730822,
  "fd_num": 36,
  "fd_perc": 10.495626822157435,
  "fwhm_avg": 1.8620585940003433,
  "fwhm_x": 1.8335733333333335,
  "fwhm_y": 2.0622266666666667,
  "fwhm_z": 1.69037578200103,
  "gcor": 0.0478484,
  "gsr_x": -0.00892227329313755,
  "gsr_y": 0.013405395671725273,
  "provenance": {
    "md5sum": "009f4f2b7ac882db5079a61f44265ebb",
    "settings": {
      "fd_thres": 0.2,
      "testing": false
    },
    "software": "mriqc",
    "version": "23.0.1",
    "webapi_port": null,
    "webapi_url": "https://mriqc.nimh.nih.gov/api/v1"
  },
  "size_t": 343,
  "size_x": 80,
  "size_y": 80,
  "size_z": 36,
  "snr": 5.303856958006456,
  "spacing_tr": 2.0,
  "spacing_x": 3.0,
  "spacing_y": 3.0,
  "spacing_z": 3.299999952316284,
  "summary_bg_k": 46.95865374772757,
  "summary_bg_mad": 322.65854707092666,
  "summary_bg_mean": 1945.095703125,
  "summary_bg_median": 272.330322265625,
  "summary_bg_n": 153035.0,
  "summary_bg_p05": 25.37395458221437,
  "summary_bg_p95": 9514.85380859374,
  "summary_bg_stdv": 4957.42919921875,
  "summary_fg_k": 3.3835805454460157,
  "summary_fg_mad": 12044.231858435724,
  "summary_fg_mean": 69484.8359375,
  "summary_fg_median": 68162.015625,
  "summary_fg_n": 35943.0,
  "summary_fg_p05": 52767.14609375,
  "summary_fg_p95": 90473.15078125,
  "summary_fg_stdv": 12851.2265625,
  "tsnr": 70.66947937011719
}