{
  "aor": 0.0051170416666666664,
  "aqi": 0.007028533333333333,
  "bids_meta": {
    "AcquisitionNumber": 7,
    "BIDSVersion": "1.1.0",
    "BidsifyVersion": "0.3",
    "ConversionSoftware": "dcm2niix",
    "ConversionSoftwareVersion": "v1.0.20180622 GCC5.4.0",
    "EchoTime": 0.028,
    "EffectiveEchoSpacing": 0.0006909,
    "FlipAngle": 76.1,
    "ImageComments": "RepliSC",
    "ImageOrientationPatientDICOM": [
      0.997985,
      -0.0581367,
      0.0254188,
      0.0629628,
      0.956959,
      -0.283312
    ],
    "InstitutionName": "Spinoza Centre for Neuroimaging, location REC",
    "MagneticFieldStrength": 3,
    "Manufacturer": "Philips",
    "ParallelAcquisitionTechnique": "SENSE",
    "ParallelReductionFactorInPlane": 2,
    "PatientPosition": "HFS",
    "PhaseEncodingDirection": "j",
    "PhilipsRescaleIntercept": 0,
    "PhilipsRescaleSlope": 0.75849,
    "PhilipsScaleSlope": 0.020778,
    "ProtocolName": "task-RestingState_acq-SeqMm3Tr2000_bold",
    "PulseSequenceType": "Gradient Echo EPI",
    "ReconMatrixPE": 80,
    "RepetitionTime": 2,
    "SeriesDescription": "ImageMRSERIES",
    "SeriesNumber": 7,
    "SliceEncodingDirection": "k",
    "SliceTiming": [
      0.0,
      0.05555555555555555,
      0.1111111111111111,
      0.16666666666666666,
      0.2222222222222222,
      0.2777777777777778,
      0.3333333333333333,
      0.38888888888888884,
      0.4444444444444444,
      0.5,
      0.5555555555555556,
      0.611111111111111,
      0.6666666666666666,
      0.7222222222222222,
      0.7777777777777777,
      0.8333333333333333,
      0.8888888888888888,
      0.9444444444444444,
      1.0,
      1.0555555555555556,
      1.1111111111111112,
      1.1666666666666665,
      1.222222222222222,
      1.2777777777777777,
      1.3333333333333333,
      1.3888888888888888,
      1.4444444444444444,
      1.5,
      1.5555555555555554,
      1.611111111111111,
      1.6666666666666665,
      1.722222222222222,
      1.7777777777777777,
      1.8333333333333333,
      1.8888888888888888,
      1.9444444444444444
    ],
    "TaskName": "RestingState",
    "TotalReadoutTime": 0.0269452,
    "UsePhilipsFloatNotDisplayScaling": 1,
    "WaterFatShift": 12.0,
    "acq_id": "SeqMm3Tr2000",
    "dataset": "ds002643",
    "modality": "bold",
    "subject_id": "067",
    "task_id": "RestingState"
  },
  "dummy_trs": 0,
  "dvars_nstd": 24.61202839355649,
  "dvars_std": 1.2163526214644351,
  "dvars_vstd": 1.0443621309623436,
  "efc": 0.4440431796903458,
  "fber": 85436.921875,
  "fd_mean": 0.197088690353672,
  "fd_num": 77,
  "fd_perc": 32.083333333333336,
  "fwhm_avg": 1.8651073819425636,
  "fwhm_x": 1.8301233333333335,
  "fwhm_y": 2.0616533333333336,
  "fwhm_z": 1.7035454791610236,
  "gcor": 0.116977,
  "gsr_x": -0.010174877941608429,
  "gsr_y": 0.014629296958446503,
  "provenance": {
    "md5sum": "1761c41d00bd20b3f806acee22f603ab",
    "settings": {
      "fd_thres": 0.2,
      "testing": false
    },
    "software": "mriqc",
    "version": "23.0.1",
    "webapi_port": null,
    "webapi_url": "https://mriqc.nimh.nih.gov/api/v1"
  },
  "size_t": 240,
  "size_x": 80,
  "size_y": 80,
  "size_z": 36,
  "snr": 5.332593886538376,
  "spacing_tr": 2.0,
  "spacing_x": 3.0,
  "spacing_y": 3.0,
  "spacing_z": 3.299999952316284,
  "summary_bg_k": 44.5208930718053,
  "summary_bg_mad": 283.95650067456813,
  "summary_bg_mean": 1981.6517333984375,
  "summary_bg_median": 232.34823608398438,
  "summary_bg_n": 152923.0,
  "summary_bg_p05": 16.469359970092775,
  "summary_bg_p95": 9907.874218749972,
  "summary_bg_stdv": 5089.61279296875,
  "summary_fg_k": 3.4714098894877807,
  "summary_fg_mad": 12130.92354831389,
  "summary_fg_mean": 69773.3203125,
  "summary_fg_median": 68454.453125,
  "summary_fg_n": 36011.0,
  "summary_fg_p05": 53085.427734375,
  "summary_fg_p95": 90861.5625,
  "summary_fg_stdv": 12836.8115234375,
  "tsnr": 60.639251708984375
}