{
  "aor": 0.002149446064139942,
  "aqi": 0.0052082604081632655,
  "bids_meta": {
    "AcquisitionNumber": 6,
    "BIDSVersion": "1.1.0",
    "BidsifyVersion": "0.3",
    "ConversionSoftware": "dcm2niix",
    "ConversionSoftwareVersion": "v1.0.20180622 GCC5.4.0",
    "EchoTime": 0.028,
    "EffectiveEchoSpacing": 0.0006909,
    "FlipAngle": 76.1,
    "ImageComments": "RepliSC",
    "ImageOrientationPatientDICOM": [
      0.997985,
      -0.0581367,
      0.0254188,
      0.0629628,
      0.956959,
      -0.283312
    ],
    "InstitutionName": "Spinoza Centre for Neuroimaging, location REC",
    "MagneticFieldStrength": 3,
    "Manufacturer": "Philips",
    "ParallelAcquisitionTechnique": "SENSE",
    "ParallelReductionFactorInPlane": 2,
    "PatientPosition": "HFS",
    "PhaseEncodingDirection": "j",
    "PhilipsRescaleIntercept": 0,
    "PhilipsRescaleSlope": 0.78217,
    "PhilipsScaleSlope": 0.0203612,
    "ProtocolName": "task-Decisiontask_acq-SeqMm3Tr2000_bold",
    "PulseSequenceType": "Gradient Echo EPI",
    "ReconMatrixPE": 80,
    "RepetitionTime": 2,
    "SeriesDescription": "ImageMRSERIES",
    "SeriesNumber": 6,
    "SliceEncodingDirection": "k",
    "SliceTiming": [
      0.0,
      0.05555555555555555,
      0.1111111111111111,
      0.16666666666666666,
      0.2222222222222222,
      0.2777777777777778,
      0.3333333333333333,
      0.38888888888888884,
      0.4444444444444444,
      0.5,
      0.5555555555555556,
      0.611111111111111,
      0.6666666666666666,
      0.7222222222222222,
      0.7777777777777777,
      0.8333333333333333,
      0.8888888888888888,
      0.9444444444444444,
      1.0,
      1.0555555555555556,
      1.1111111111111112,
      1.1666666666666665,
      1.222222222222222,
      1.2777777777777777,
      1.3333333333333333,
      1.3888888888888888,
      1.4444444444444444,
      1.5,
      1.5555555555555554,
      1.611111111111111,
      1.6666666666666665,
      1.722222222222222,
      1.7777777777777777,
      1.8333333333333333,
      1.8888888888888888,
      1.9444444444444444
    ],
    "TaskName": "Decisiontask",
    "TotalReadoutTime": 0.0269452,
    "UsePhilipsFloatNotDisplayScaling": 1,
    "WaterFatShift": 12.0,
    "acq_id": "SeqMm3Tr2000",
    "dataset": "ds002643",
    "modality": "bold",
    "subject_id": "067",
    "task_id": "Decisiontask"
  },
  "dummy_trs": 0,
  "dvars_nstd": 22.861012458684225,
  "dvars_std": 1.1924892188304093,
  "dvars_vstd": 1.0163099811695904,
  "efc": 0.44325809347839557,
  "fber": 84825.2890625,
  "fd_mean": 0.14614524965650755,
  "fd_num": 57,
  "fd_perc": 16.61807580174927,
  "fwhm_avg": 1.876486977971255,
  "fwhm_x": 1.8444633333333333,
  "fwhm_y": 2.0671066666666666,
  "fwhm_z": 1.7178909339137645,
  "gcor": 0.0620744,
  "gsr_x": -0.009972114115953445,
  "gsr_y": 0.014007322490215302,
  "provenance": {
    "md5sum": "b59e572912c231a1b3b31d8e8232ff27",
    "settings": {
      "fd_thres": 0.2,
      "testing": false
    },
    "software": "mriqc",
    "version": "23.0.1",
    "webapi_port": null,
    "webapi_url": "https://mriqc.nimh.nih.gov/api/v1"
  },
  "size_t": 343,
  "size_x": 80,
  "size_y": 80,
  "size_z": 36,
  "snr": 5.271467195575824,
  "spacing_tr": 2.0,
  "spacing_x": 3.0,
  "spacing_y": 3.0,
  "spacing_z": 3.299999952316284,
  "summary_bg_k": 44.26076465251584,
  "summary_bg_mad": 289.8132330230913,
  "summary_bg_mean": 1982.8421630859375,
  "summary_bg_median": 237.6547088623047,
  "summary_bg_n": 152949.0,
  "summary_bg_p05": 16.16630401611328,
  "summary_bg_p95": 9819.273437500002,
  "summary_bg_stdv": 5098.359375,
  "summary_fg_k": 3.3888765609179163,
  "summary_fg_mad": 12511.914674272874,
  "summary_fg_mean": 70839.9375,
  "summary_fg_median": 69484.828125,
  "summary_fg_n": 35994.0,
  "summary_fg_p05": 53662.6447265625,
  "summary_fg_p95": 92462.71796875,
  "summary_fg_stdv": 13181.1240234375,
  "tsnr": 69.9229965209961
}