{
  "aor": 0.0019201457725947523,
  "aqi": 0.006863680787172012,
  "bids_meta": {
    "AcquisitionNumber": 3,
    "BIDSVersion": "1.1.0",
    "BidsifyVersion": "0.3",
    "ConversionSoftware": "dcm2niix",
    "ConversionSoftwareVersion": "v1.0.20180622 GCC5.4.0",
    "EchoTime": 0.028,
    "EffectiveEchoSpacing": 0.0006909,
    "FlipAngle": 76.1,
    "ImageComments": "RepliSC",
    "ImageOrientationPatientDICOM": [
      0.997985,
      -0.0581367,
      0.0254188,
      0.0629628,
      0.956959,
      -0.283312
    ],
    "InstitutionName": "Spinoza Centre for Neuroimaging, location REC",
    "MagneticFieldStrength": 3,
    "Manufacturer": "Philips",
    "ParallelAcquisitionTechnique": "SENSE",
    "ParallelReductionFactorInPlane": 2,
    "PatientPosition": "HFS",
    "PhaseEncodingDirection": "j",
    "PhilipsRescaleIntercept": 0,
    "PhilipsRescaleSlope": 0.74432,
    "PhilipsScaleSlope": 0.0204157,
    "ProtocolName": "task-Tasteratingtask_acq-SeqMm3Tr2000_bold",
    "PulseSequenceType": "Gradient Echo EPI",
    "ReconMatrixPE": 80,
    "RepetitionTime": 2,
    "SeriesDescription": "ImageMRSERIES",
    "SeriesNumber": 3,
    "SliceEncodingDirection": "k",
    "SliceTiming": [
      0.0,
      0.05555555555555555,
      0.1111111111111111,
      0.16666666666666666,
      0.2222222222222222,
      0.2777777777777778,
      0.3333333333333333,
      0.38888888888888884,
      0.4444444444444444,
      0.5,
      0.5555555555555556,
      0.611111111111111,
      0.6666666666666666,
      0.7222222222222222,
      0.7777777777777777,
      0.8333333333333333,
      0.8888888888888888,
      0.9444444444444444,
      1.0,
      1.0555555555555556,
      1.1111111111111112,
      1.1666666666666665,
      1.222222222222222,
      1.2777777777777777,
      1.3333333333333333,
      1.3888888888888888,
      1.4444444444444444,
      1.5,
      1.5555555555555554,
      1.611111111111111,
      1.6666666666666665,
      1.722222222222222,
      1.7777777777777777,
      1.8333333333333333,
      1.8888888888888888,
      1.9444444444444444
    ],
    "TaskName": "Tasteratingtask",
    "TotalReadoutTime": 0.0269452,
    "UsePhilipsFloatNotDisplayScaling": 1,
    "WaterFatShift": 12.0,
    "acq_id": "SeqMm3Tr2000",
    "dataset": "ds002643",
    "modality": "bold",
    "subject_id": "067",
    "task_id": "Tasteratingtask"
  },
  "dummy_trs": 0,
  "dvars_nstd": 21.115183852719294,
  "dvars_std": 1.1498661468421048,
  "dvars_vstd": 0.9971314227485387,
  "efc": 0.4401341020188179,
  "fber": 65144.60546875,
  "fd_mean": 0.13442599591161014,
  "fd_num": 39,
  "fd_perc": 11.370262390670554,
  "fwhm_avg": 1.884312533463553,
  "fwhm_x": 1.8609900000000001,
  "fwhm_y": 2.08719,
  "fwhm_z": 1.7047576003906597,
  "gcor": 0.0331873,
  "gsr_x": -0.008817961439490318,
  "gsr_y": 0.012889595702290535,
  "provenance": {
    "md5sum": "a8f9dc77d202061d13471ed2dc54dafa",
    "settings": {
      "fd_thres": 0.2,
      "testing": false
    },
    "software": "mriqc",
    "version": "23.0.1",
    "webapi_port": null,
    "webapi_url": "https://mriqc.nimh.nih.gov/api/v1"
  },
  "size_t": 343,
  "size_x": 80,
  "size_y": 80,
  "size_z": 36,
  "snr": 5.192787520809317,
  "spacing_tr": 2.0,
  "spacing_x": 3.0,
  "spacing_y": 3.0,
  "spacing_z": 3.299999952316284,
  "summary_bg_k": 50.051170371117834,
  "summary_bg_mad": 322.72222152877066,
  "summary_bg_mean": 1905.9696044921875,
  "summary_bg_median": 273.7815246582031,
  "summary_bg_n": 153222.0,
  "summary_bg_p05": 26.77156534194946,
  "summary_bg_p95": 9269.588427734372,
  "summary_bg_stdv": 4893.8662109375,
  "summary_fg_k": 3.3838934990416947,
  "summary_fg_mad": 12614.790473133906,
  "summary_fg_mean": 71258.9140625,
  "summary_fg_median": 69870.3515625,
  "summary_fg_n": 35847.0,
  "summary_fg_p05": 53733.8390625,
  "summary_fg_p95": 93649.66874999998,
  "summary_fg_stdv": 13455.0810546875,
  "tsnr": 64.2876968383789
}