{
  "aor": 0.0013328862973760933,
  "aqi": 0.005013511895043732,
  "bids_meta": {
    "AcquisitionNumber": 4,
    "BIDSVersion": "1.1.0",
    "BidsifyVersion": "0.3",
    "ConversionSoftware": "dcm2niix",
    "ConversionSoftwareVersion": "v1.0.20180622 GCC5.4.0",
    "EchoTime": 0.028,
    "EffectiveEchoSpacing": 0.0006909,
    "FlipAngle": 76.1,
    "ImageComments": "RepliSC",
    "ImageOrientationPatientDICOM": [
      0.995936,
      -0.00432344,
      0.0899555,
      0.0154716,
      0.992211,
      -0.123605
    ],
    "InstitutionName": "Spinoza Centre for Neuroimaging, location REC",
    "MagneticFieldStrength": 3,
    "Manufacturer": "Philips",
    "ParallelAcquisitionTechnique": "SENSE",
    "ParallelReductionFactorInPlane": 2,
    "PatientPosition": "HFS",
    "PhaseEncodingDirection": "j",
    "PhilipsRescaleIntercept": 0,
    "PhilipsRescaleSlope": 0.7685,
    "PhilipsScaleSlope": 0.0202033,
    "ProtocolName": "task-Healthratingtask_acq-SeqMm3Tr2000_bold",
    "PulseSequenceType": "Gradient Echo EPI",
    "ReconMatrixPE": 80,
    "RepetitionTime": 2,
    "SeriesDescription": "ImageMRSERIES",
    "SeriesNumber": 4,
    "SliceEncodingDirection": "k",
    "SliceTiming": [
      0.0,
      0.05555555555555555,
      0.1111111111111111,
      0.16666666666666666,
      0.2222222222222222,
      0.2777777777777778,
      0.3333333333333333,
      0.38888888888888884,
      0.4444444444444444,
      0.5,
      0.5555555555555556,
      0.611111111111111,
      0.6666666666666666,
      0.7222222222222222,
      0.7777777777777777,
      0.8333333333333333,
      0.8888888888888888,
      0.9444444444444444,
      1.0,
      1.0555555555555556,
      1.1111111111111112,
      1.1666666666666665,
      1.222222222222222,
      1.2777777777777777,
      1.3333333333333333,
      1.3888888888888888,
      1.4444444444444444,
      1.5,
      1.5555555555555554,
      1.611111111111111,
      1.6666666666666665,
      1.722222222222222,
      1.7777777777777777,
      1.8333333333333333,
      1.8888888888888888,
      1.9444444444444444
    ],
    "TaskName": "Healthratingtask",
    "TotalReadoutTime": 0.0269452,
    "UsePhilipsFloatNotDisplayScaling": 1,
    "WaterFatShift": 12.0,
    "acq_id": "SeqMm3Tr2000",
    "dataset": "ds002643",
    "modality": "bold",
    "subject_id": "083",
    "task_id": "Healthratingtask"
  },
  "dummy_trs": 0,
  "dvars_nstd": 20.606898842836245,
  "dvars_std": 1.232452922807017,
  "dvars_vstd": 1.0025060596783626,
  "efc": 0.45757847131771756,
  "fber": 219668.015625,
  "fd_mean": 0.11636218470406146,
  "fd_num": 28,
  "fd_perc": 8.16326530612245,
  "fwhm_avg": 1.7722991385232776,
  "fwhm_x": 1.7239166666666668,
  "fwhm_y": 1.9453866666666666,
  "fwhm_z": 1.6475940822364994,
  "gcor": 0.140397,
  "gsr_x": -0.013201531022787094,
  "gsr_y": 0.02335028350353241,
  "provenance": {
    "md5sum": "8814fe0ff69bd23a50cf9a8820229bbc",
    "settings": {
      "fd_thres": 0.2,
      "testing": false
    },
    "software": "mriqc",
    "version": "23.0.1",
    "webapi_port": null,
    "webapi_url": "https://mriqc.nimh.nih.gov/api/v1"
  },
  "size_t": 343,
  "size_x": 80,
  "size_y": 80,
  "size_z": 36,
  "snr": 6.611298136462594,
  "spacing_tr": 2.0,
  "spacing_x": 3.0,
  "spacing_y": 3.0,
  "spacing_z": 3.299999713897705,
  "summary_bg_k": 93.88317126839421,
  "summary_bg_mad": 188.11971843144812,
  "summary_bg_mean": 1672.4105224609375,
  "summary_bg_median": 145.20706176757812,
  "summary_bg_n": 148510.0,
  "summary_bg_p05": 5.52572717666626,
  "summary_bg_p95": 8655.77744140624,
  "summary_bg_stdv": 4818.9931640625,
  "summary_fg_k": 1.9474877835327327,
  "summary_fg_mad": 10526.209346303636,
  "summary_fg_mean": 71697.03125,
  "summary_fg_median": 70491.1796875,
  "summary_fg_n": 40964.0,
  "summary_fg_p05": 57559.12890625,
  "summary_fg_p95": 89066.587890625,
  "summary_fg_stdv": 10662.099609375,
  "tsnr": 82.66907501220703
}