{
  "aor": 0.006880291666666666,
  "aqi": 0.013305636416666666,
  "bids_meta": {
    "AcquisitionNumber": 7,
    "BIDSVersion": "1.1.0",
    "BidsifyVersion": "0.3",
    "ConversionSoftware": "dcm2niix",
    "ConversionSoftwareVersion": "v1.0.20180622 GCC5.4.0",
    "EchoTime": 0.028,
    "EffectiveEchoSpacing": 0.0006909,
    "FlipAngle": 76.1,
    "ImageComments": "RepliSC",
    "ImageOrientationPatientDICOM": [
      0.995936,
      -0.00432344,
      0.0899555,
      0.0154716,
      0.992211,
      -0.123605
    ],
    "InstitutionName": "Spinoza Centre for Neuroimaging, location REC",
    "MagneticFieldStrength": 3,
    "Manufacturer": "Philips",
    "ParallelAcquisitionTechnique": "SENSE",
    "ParallelReductionFactorInPlane": 2,
    "PatientPosition": "HFS",
    "PhaseEncodingDirection": "j",
    "PhilipsRescaleIntercept": 0,
    "PhilipsRescaleSlope": 0.75238,
    "PhilipsScaleSlope": 0.0210786,
    "ProtocolName": "task-RestingState_acq-SeqMm3Tr2000_bold",
    "PulseSequenceType": "Gradient Echo EPI",
    "ReconMatrixPE": 80,
    "RepetitionTime": 2,
    "SeriesDescription": "ImageMRSERIES",
    "SeriesNumber": 7,
    "SliceEncodingDirection": "k",
    "SliceTiming": [
      0.0,
      0.05555555555555555,
      0.1111111111111111,
      0.16666666666666666,
      0.2222222222222222,
      0.2777777777777778,
      0.3333333333333333,
      0.38888888888888884,
      0.4444444444444444,
      0.5,
      0.5555555555555556,
      0.611111111111111,
      0.6666666666666666,
      0.7222222222222222,
      0.7777777777777777,
      0.8333333333333333,
      0.8888888888888888,
      0.9444444444444444,
      1.0,
      1.0555555555555556,
      1.1111111111111112,
      1.1666666666666665,
      1.222222222222222,
      1.2777777777777777,
      1.3333333333333333,
      1.3888888888888888,
      1.4444444444444444,
      1.5,
      1.5555555555555554,
      1.611111111111111,
      1.6666666666666665,
      1.722222222222222,
      1.7777777777777777,
      1.8333333333333333,
      1.8888888888888888,
      1.9444444444444444
    ],
    "TaskName": "RestingState",
    "TotalReadoutTime": 0.0269452,
    "UsePhilipsFloatNotDisplayScaling": 1,
    "WaterFatShift": 12.0,
    "acq_id": "SeqMm3Tr2000",
    "dataset": "ds002643",
    "modality": "bold",
    "subject_id": "083",
    "task_id": "RestingState"
  },
  "dummy_trs": 0,
  "dvars_nstd": 20.72176167167364,
  "dvars_std": 1.2308629230543928,
  "dvars_vstd": 1.0309855660669456,
  "efc": 0.461006545174935,
  "fber": 160885.390625,
  "fd_mean": 0.11025828921693463,
  "fd_num": 8,
  "fd_perc": 3.3333333333333335,
  "fwhm_avg": 1.7544971170485528,
  "fwhm_x": 1.7100733333333331,
  "fwhm_y": 1.9498633333333333,
  "fwhm_z": 1.6035546844789925,
  "gcor": 0.0169681,
  "gsr_x": -0.013732966966927052,
  "gsr_y": 0.024536218494176865,
  "provenance": {
    "md5sum": "86950a6877654570d51a9f605efd2029",
    "settings": {
      "fd_thres": 0.2,
      "testing": false
    },
    "software": "mriqc",
    "version": "23.0.1",
    "webapi_port": null,
    "webapi_url": "https://mriqc.nimh.nih.gov/api/v1"
  },
  "size_t": 240,
  "size_x": 80,
  "size_y": 80,
  "size_z": 36,
  "snr": 6.711976292462754,
  "spacing_tr": 2.0,
  "spacing_x": 3.0,
  "spacing_y": 3.0,
  "spacing_z": 3.299999713897705,
  "summary_bg_k": 75.95829852720185,
  "summary_bg_mad": 208.88084794554754,
  "summary_bg_mean": 1699.252685546875,
  "summary_bg_median": 164.73658752441406,
  "summary_bg_n": 148322.0,
  "summary_bg_p05": 8.980749940872192,
  "summary_bg_p95": 8806.983837890522,
  "summary_bg_stdv": 4630.5791015625,
  "summary_fg_k": 1.6778851574655542,
  "summary_fg_mad": 10088.389961481033,
  "summary_fg_mean": 68893.234375,
  "summary_fg_median": 67811.09375,
  "summary_fg_n": 41190.0,
  "summary_fg_p05": 55370.3380859375,
  "summary_fg_p95": 85476.233984375,
  "summary_fg_stdv": 10102.876953125,
  "tsnr": 66.28458404541016
}