{
  "aor": 0.0017689795918367345,
  "aqi": 0.005437240991253645,
  "bids_meta": {
    "AcquisitionNumber": 3,
    "BIDSVersion": "1.1.0",
    "BidsifyVersion": "0.3",
    "ConversionSoftware": "dcm2niix",
    "ConversionSoftwareVersion": "v1.0.20180622 GCC5.4.0",
    "EchoTime": 0.028,
    "EffectiveEchoSpacing": 0.0006909,
    "FlipAngle": 76.1,
    "ImageComments": "RepliSC",
    "ImageOrientationPatientDICOM": [
      0.995936,
      -0.00432344,
      0.0899555,
      0.0154716,
      0.992211,
      -0.123605
    ],
    "InstitutionName": "Spinoza Centre for Neuroimaging, location REC",
    "MagneticFieldStrength": 3,
    "Manufacturer": "Philips",
    "ParallelAcquisitionTechnique": "SENSE",
    "ParallelReductionFactorInPlane": 2,
    "PatientPosition": "HFS",
    "PhaseEncodingDirection": "j",
    "PhilipsRescaleIntercept": 0,
    "PhilipsRescaleSlope": 0.77167,
    "PhilipsScaleSlope": 0.0187568,
    "ProtocolName": "task-Tasteratingtask_acq-SeqMm3Tr2000_bold",
    "PulseSequenceType": "Gradient Echo EPI",
    "ReconMatrixPE": 80,
    "RepetitionTime": 2,
    "SeriesDescription": "ImageMRSERIES",
    "SeriesNumber": 3,
    "SliceEncodingDirection": "k",
    "SliceTiming": [
      0.0,
      0.05555555555555555,
      0.1111111111111111,
      0.16666666666666666,
      0.2222222222222222,
      0.2777777777777778,
      0.3333333333333333,
      0.38888888888888884,
      0.4444444444444444,
      0.5,
      0.5555555555555556,
      0.611111111111111,
      0.6666666666666666,
      0.7222222222222222,
      0.7777777777777777,
      0.8333333333333333,
      0.8888888888888888,
      0.9444444444444444,
      1.0,
      1.0555555555555556,
      1.1111111111111112,
      1.1666666666666665,
      1.222222222222222,
      1.2777777777777777,
      1.3333333333333333,
      1.3888888888888888,
      1.4444444444444444,
      1.5,
      1.5555555555555554,
      1.611111111111111,
      1.6666666666666665,
      1.722222222222222,
      1.7777777777777777,
      1.8333333333333333,
      1.8888888888888888,
      1.9444444444444444
    ],
    "TaskName": "Tasteratingtask",
    "TotalReadoutTime": 0.0269452,
    "UsePhilipsFloatNotDisplayScaling": 1,
    "WaterFatShift": 12.0,
    "acq_id": "SeqMm3Tr2000",
    "dataset": "ds002643",
    "modality": "bold",
    "subject_id": "083",
    "task_id": "Tasteratingtask"
  },
  "dummy_trs": 0,
  "dvars_nstd": 20.924724182865504,
  "dvars_std": 1.2115694208479537,
  "dvars_vstd": 0.9920878626608195,
  "efc": 0.45487847337194454,
  "fber": 229925.9375,
  "fd_mean": 0.13937505209295645,
  "fd_num": 43,
  "fd_perc": 12.536443148688047,
  "fwhm_avg": 1.7786694416034097,
  "fwhm_x": 1.7327899999999998,
  "fwhm_y": 1.9539,
  "fwhm_z": 1.6493183248102297,
  "gcor": 0.206058,
  "gsr_x": -0.012795817106962204,
  "gsr_y": 0.020753877237439156,
  "provenance": {
    "md5sum": "82dc39b320b610ee721af39803a123a9",
    "settings": {
      "fd_thres": 0.2,
      "testing": false
    },
    "software": "mriqc",
    "version": "23.0.1",
    "webapi_port": null,
    "webapi_url": "https://mriqc.nimh.nih.gov/api/v1"
  },
  "size_t": 343,
  "size_x": 80,
  "size_y": 80,
  "size_z": 36,
  "snr": 6.576793659452655,
  "spacing_tr": 2.0,
  "spacing_x": 3.0,
  "spacing_y": 3.0,
  "spacing_z": 3.299999713897705,
  "summary_bg_k": 101.32408470655108,
  "summary_bg_mad": 185.82661928958424,
  "summary_bg_mean": 1625.23779296875,
  "summary_bg_median": 145.41307067871094,
  "summary_bg_n": 148697.0,
  "summary_bg_p05": 6.030473041534424,
  "summary_bg_p95": 8500.366210937476,
  "summary_bg_stdv": 4613.70556640625,
  "summary_fg_k": 2.02692748135396,
  "summary_fg_mad": 10864.705965316196,
  "summary_fg_mean": 73783.203125,
  "summary_fg_median": 72389.125,
  "summary_fg_n": 40773.0,
  "summary_fg_p05": 59412.025,
  "summary_fg_p95": 91720.0,
  "summary_fg_stdv": 11006.615234375,
  "tsnr": 76.01282501220703
}