{
  "aor": 0.002038104956268222,
  "aqi": 0.007462867142857143,
  "bids_meta": {
    "AcquisitionNumber": 3,
    "BIDSVersion": "1.1.0",
    "BidsifyVersion": "0.3",
    "ConversionSoftware": "dcm2niix",
    "ConversionSoftwareVersion": "v1.0.20180622 GCC5.4.0",
    "EchoTime": 0.028,
    "EffectiveEchoSpacing": 0.0006909,
    "FlipAngle": 76.1,
    "ImageComments": "RepliSC",
    "ImageOrientationPatientDICOM": [
      0.998158,
      -0.0115954,
      0.0595547,
      0.0196884,
      0.990353,
      -0.137161
    ],
    "InstitutionName": "Spinoza Centre for Neuroimaging, location REC",
    "MagneticFieldStrength": 3,
    "Manufacturer": "Philips",
    "ParallelAcquisitionTechnique": "SENSE",
    "ParallelReductionFactorInPlane": 2,
    "PatientPosition": "HFS",
    "PhaseEncodingDirection": "j",
    "PhilipsRescaleIntercept": 0,
    "PhilipsRescaleSlope": 0.77973,
    "PhilipsScaleSlope": 0.0226122,
    "ProtocolName": "task-Healthratingtask_acq-SeqMm3Tr2000_bold",
    "PulseSequenceType": "Gradient Echo EPI",
    "ReconMatrixPE": 80,
    "RepetitionTime": 2,
    "SeriesDescription": "ImageMRSERIES",
    "SeriesNumber": 3,
    "SliceEncodingDirection": "k",
    "SliceTiming": [
      0.0,
      0.05555555555555555,
      0.1111111111111111,
      0.16666666666666666,
      0.2222222222222222,
      0.2777777777777778,
      0.3333333333333333,
      0.38888888888888884,
      0.4444444444444444,
      0.5,
      0.5555555555555556,
      0.611111111111111,
      0.6666666666666666,
      0.7222222222222222,
      0.7777777777777777,
      0.8333333333333333,
      0.8888888888888888,
      0.9444444444444444,
      1.0,
      1.0555555555555556,
      1.1111111111111112,
      1.1666666666666665,
      1.222222222222222,
      1.2777777777777777,
      1.3333333333333333,
      1.3888888888888888,
      1.4444444444444444,
      1.5,
      1.5555555555555554,
      1.611111111111111,
      1.6666666666666665,
      1.722222222222222,
      1.7777777777777777,
      1.8333333333333333,
      1.8888888888888888,
      1.9444444444444444
    ],
    "TaskName": "Healthratingtask",
    "TotalReadoutTime": 0.0269452,
    "UsePhilipsFloatNotDisplayScaling": 1,
    "WaterFatShift": 12.0,
    "acq_id": "SeqMm3Tr2000",
    "dataset": "ds002643",
    "modality": "bold",
    "subject_id": "090",
    "task_id": "Healthratingtask"
  },
  "dummy_trs": 0,
  "dvars_nstd": 17.766291083070158,
  "dvars_std": 1.1120280420760233,
  "dvars_vstd": 1.0071225049415202,
  "efc": 0.4672795318891821,
  "fber": 90725.3203125,
  "fd_mean": 0.15398854075760837,
  "fd_num": 76,
  "fd_perc": 22.157434402332363,
  "fwhm_avg": 1.7503865732310666,
  "fwhm_x": 1.7217966666666669,
  "fwhm_y": 1.95676,
  "fwhm_z": 1.5726030530265325,
  "gcor": 0.0688665,
  "gsr_x": -0.00858903769403696,
  "gsr_y": 0.014269789680838585,
  "provenance": {
    "md5sum": "d3d8cd9c465d3a4e8a966d17b2ef1459",
    "settings": {
      "fd_thres": 0.2,
      "testing": false
    },
    "software": "mriqc",
    "version": "23.0.1",
    "webapi_port": null,
    "webapi_url": "https://mriqc.nimh.nih.gov/api/v1"
  },
  "size_t": 343,
  "size_x": 80,
  "size_y": 80,
  "size_z": 36,
  "snr": 6.8875462887475,
  "spacing_tr": 2.0,
  "spacing_x": 3.0,
  "spacing_y": 3.0,
  "spacing_z": 3.299999952316284,
  "summary_bg_k": 55.50469377998551,
  "summary_bg_mad": 266.3583985106434,
  "summary_bg_mean": 1872.102294921875,
  "summary_bg_median": 220.53115844726562,
  "summary_bg_n": 147612.0,
  "summary_bg_p05": 12.946462488174438,
  "summary_bg_p95": 10035.913623046867,
  "summary_bg_stdv": 5106.8974609375,
  "summary_fg_k": 2.582094448298794,
  "summary_fg_mad": 9082.044748595774,
  "summary_fg_mean": 67575.6328125,
  "summary_fg_median": 66739.640625,
  "summary_fg_n": 40844.0,
  "summary_fg_p05": 54231.7025390625,
  "summary_fg_p95": 83614.819921875,
  "summary_fg_stdv": 9689.7822265625,
  "tsnr": 74.75450134277344
}