{
  "aor": 0.0013979883381924196,
  "aqi": 0.005994338163265306,
  "bids_meta": {
    "AcquisitionNumber": 4,
    "BIDSVersion": "1.1.0",
    "BidsifyVersion": "0.3",
    "ConversionSoftware": "dcm2niix",
    "ConversionSoftwareVersion": "v1.0.20180622 GCC5.4.0",
    "EchoTime": 0.028,
    "EffectiveEchoSpacing": 0.0006909,
    "FlipAngle": 76.1,
    "ImageComments": "RepliSC",
    "ImageOrientationPatientDICOM": [
      0.998158,
      -0.0115954,
      0.0595547,
      0.0196884,
      0.990353,
      -0.137161
    ],
    "InstitutionName": "Spinoza Centre for Neuroimaging, location REC",
    "MagneticFieldStrength": 3,
    "Manufacturer": "Philips",
    "ParallelAcquisitionTechnique": "SENSE",
    "ParallelReductionFactorInPlane": 2,
    "PatientPosition": "HFS",
    "PhaseEncodingDirection": "j",
    "PhilipsRescaleIntercept": 0,
    "PhilipsRescaleSlope": 0.77265,
    "PhilipsScaleSlope": 0.022693,
    "ProtocolName": "task-Tasteratingtask_acq-SeqMm3Tr2000_bold",
    "PulseSequenceType": "Gradient Echo EPI",
    "ReconMatrixPE": 80,
    "RepetitionTime": 2,
    "SeriesDescription": "ImageMRSERIES",
    "SeriesNumber": 4,
    "SliceEncodingDirection": "k",
    "SliceTiming": [
      0.0,
      0.05555555555555555,
      0.1111111111111111,
      0.16666666666666666,
      0.2222222222222222,
      0.2777777777777778,
      0.3333333333333333,
      0.38888888888888884,
      0.4444444444444444,
      0.5,
      0.5555555555555556,
      0.611111111111111,
      0.6666666666666666,
      0.7222222222222222,
      0.7777777777777777,
      0.8333333333333333,
      0.8888888888888888,
      0.9444444444444444,
      1.0,
      1.0555555555555556,
      1.1111111111111112,
      1.1666666666666665,
      1.222222222222222,
      1.2777777777777777,
      1.3333333333333333,
      1.3888888888888888,
      1.4444444444444444,
      1.5,
      1.5555555555555554,
      1.611111111111111,
      1.6666666666666665,
      1.722222222222222,
      1.7777777777777777,
      1.8333333333333333,
      1.8888888888888888,
      1.9444444444444444
    ],
    "TaskName": "Tasteratingtask",
    "TotalReadoutTime": 0.0269452,
    "UsePhilipsFloatNotDisplayScaling": 1,
    "WaterFatShift": 12.0,
    "acq_id": "SeqMm3Tr2000",
    "dataset": "ds002643",
    "modality": "bold",
    "subject_id": "090",
    "task_id": "Tasteratingtask"
  },
  "dummy_trs": 0,
  "dvars_nstd": 17.847678613713455,
  "dvars_std": 1.131738299678364,
  "dvars_vstd": 1.011539546169592,
  "efc": 0.4691988100188529,
  "fber": 91796.8984375,
  "fd_mean": 0.14528563238246647,
  "fd_num": 67,
  "fd_perc": 19.533527696793,
  "fwhm_avg": 1.760226270355097,
  "fwhm_x": 1.7204366666666668,
  "fwhm_y": 1.9555966666666666,
  "fwhm_z": 1.6046454777319572,
  "gcor": 0.0548587,
  "gsr_x": -0.008356107398867607,
  "gsr_y": 0.014223872683942318,
  "provenance": {
    "md5sum": "6703cdd03490051de368e691d865d0de",
    "settings": {
      "fd_thres": 0.2,
      "testing": false
    },
    "software": "mriqc",
    "version": "23.0.1",
    "webapi_port": null,
    "webapi_url": "https://mriqc.nimh.nih.gov/api/v1"
  },
  "size_t": 343,
  "size_x": 80,
  "size_y": 80,
  "size_z": 36,
  "snr": 6.997925141582833,
  "spacing_tr": 2.0,
  "spacing_x": 3.0,
  "spacing_y": 3.0,
  "spacing_z": 3.299999952316284,
  "summary_bg_k": 51.33460331013549,
  "summary_bg_mad": 255.53585024529994,
  "summary_bg_mean": 1909.371337890625,
  "summary_bg_median": 216.4231414794922,
  "summary_bg_n": 147405.0,
  "summary_bg_p05": 18.38691749572754,
  "summary_bg_p95": 10275.38828124998,
  "summary_bg_stdv": 5213.08837890625,
  "summary_fg_k": 2.701289305888011,
  "summary_fg_mad": 8861.72195094496,
  "summary_fg_mean": 66903.5859375,
  "summary_fg_median": 66174.7109375,
  "summary_fg_n": 41009.0,
  "summary_fg_p05": 53784.68671875,
  "summary_fg_p95": 82480.86249999999,
  "summary_fg_stdv": 9456.2177734375,
  "tsnr": 80.59744262695312
}