{
  "aor": 0.00133325,
  "aqi": 0.006516958458333333,
  "bids_meta": {
    "AcquisitionNumber": 7,
    "BIDSVersion": "1.1.0",
    "BidsifyVersion": "0.3",
    "ConversionSoftware": "dcm2niix",
    "ConversionSoftwareVersion": "v1.0.20180622 GCC5.4.0",
    "EchoTime": 0.028,
    "EffectiveEchoSpacing": 0.0006909,
    "FlipAngle": 76.1,
    "ImageComments": "RepliSC",
    "ImageOrientationPatientDICOM": [
      0.998158,
      -0.0115954,
      0.0595547,
      0.0196884,
      0.990353,
      -0.137161
    ],
    "InstitutionName": "Spinoza Centre for Neuroimaging, location REC",
    "MagneticFieldStrength": 3,
    "Manufacturer": "Philips",
    "ParallelAcquisitionTechnique": "SENSE",
    "ParallelReductionFactorInPlane": 2,
    "PatientPosition": "HFS",
    "PhaseEncodingDirection": "j",
    "PhilipsRescaleIntercept": 0,
    "PhilipsRescaleSlope": 0.77973,
    "PhilipsScaleSlope": 0.0226481,
    "ProtocolName": "task-RestingState_acq-SeqMm3Tr2000_bold",
    "PulseSequenceType": "Gradient Echo EPI",
    "ReconMatrixPE": 80,
    "RepetitionTime": 2,
    "SeriesDescription": "ImageMRSERIES",
    "SeriesNumber": 7,
    "SliceEncodingDirection": "k",
    "SliceTiming": [
      0.0,
      0.05555555555555555,
      0.1111111111111111,
      0.16666666666666666,
      0.2222222222222222,
      0.2777777777777778,
      0.3333333333333333,
      0.38888888888888884,
      0.4444444444444444,
      0.5,
      0.5555555555555556,
      0.611111111111111,
      0.6666666666666666,
      0.7222222222222222,
      0.7777777777777777,
      0.8333333333333333,
      0.8888888888888888,
      0.9444444444444444,
      1.0,
      1.0555555555555556,
      1.1111111111111112,
      1.1666666666666665,
      1.222222222222222,
      1.2777777777777777,
      1.3333333333333333,
      1.3888888888888888,
      1.4444444444444444,
      1.5,
      1.5555555555555554,
      1.611111111111111,
      1.6666666666666665,
      1.722222222222222,
      1.7777777777777777,
      1.8333333333333333,
      1.8888888888888888,
      1.9444444444444444
    ],
    "TaskName": "RestingState",
    "TotalReadoutTime": 0.0269452,
    "UsePhilipsFloatNotDisplayScaling": 1,
    "WaterFatShift": 12.0,
    "acq_id": "SeqMm3Tr2000",
    "dataset": "ds002643",
    "modality": "bold",
    "subject_id": "090",
    "task_id": "RestingState"
  },
  "dummy_trs": 0,
  "dvars_nstd": 16.805715832133888,
  "dvars_std": 1.111056836317992,
  "dvars_vstd": 0.9937400044351462,
  "efc": 0.4692521953869565,
  "fber": 109125.296875,
  "fd_mean": 0.11533373892549037,
  "fd_num": 16,
  "fd_perc": 6.666666666666667,
  "fwhm_avg": 1.7761895026926329,
  "fwhm_x": 1.7360366666666665,
  "fwhm_y": 1.9849166666666667,
  "fwhm_z": 1.6076151747445653,
  "gcor": 0.042607,
  "gsr_x": -0.009225373156368732,
  "gsr_y": 0.014311369508504868,
  "provenance": {
    "md5sum": "7b5e98bde229506061165d29ba7b4f2f",
    "settings": {
      "fd_thres": 0.2,
      "testing": false
    },
    "software": "mriqc",
    "version": "23.0.1",
    "webapi_port": null,
    "webapi_url": "https://mriqc.nimh.nih.gov/api/v1"
  },
  "size_t": 240,
  "size_x": 80,
  "size_y": 80,
  "size_z": 36,
  "snr": 7.052336354576258,
  "spacing_tr": 2.0,
  "spacing_x": 3.0,
  "spacing_y": 3.0,
  "spacing_z": 3.299999952316284,
  "summary_bg_k": 47.66708478087748,
  "summary_bg_mad": 236.86950067410118,
  "summary_bg_mean": 1910.85400390625,
  "summary_bg_median": 196.65274047851562,
  "summary_bg_n": 147422.0,
  "summary_bg_p05": 13.027731466293337,
  "summary_bg_p95": 10572.062597656246,
  "summary_bg_stdv": 5167.3916015625,
  "summary_fg_k": 2.5855459194083394,
  "summary_fg_mad": 8802.661101631209,
  "summary_fg_mean": 67026.9765625,
  "summary_fg_median": 66123.6484375,
  "summary_fg_n": 41069.0,
  "summary_fg_p05": 54074.73515625,
  "summary_fg_p95": 82382.7078125,
  "summary_fg_stdv": 9376.01953125,
  "tsnr": 80.8885498046875
}