{
  "bids_meta": {
    "AcquisitionNumber": 2,
    "BIDSVersion": "1.1.0",
    "BidsifyVersion": "0.3",
    "ConversionSoftware": "dcm2niix",
    "ConversionSoftwareVersion": "v1.0.20180622 GCC5.4.0",
    "EchoTime": 0.00378,
    "ImageComments": "RepliSC",
    "ImageOrientationPatientDICOM": [
      0.999699,
      -0.00901654,
      0.0228094,
      0.0118652,
      0.991701,
      -0.128015
    ],
    "InstitutionName": "Spinoza Centre for Neuroimaging, location REC",
    "InversionTime": 0.9,
    "MagneticFieldStrength": 3,
    "Manufacturer": "Philips",
    "ParallelAcquisitionTechnique": "SENSE",
    "PatientPosition": "HFS",
    "PhilipsRescaleIntercept": 0,
    "PhilipsRescaleSlope": 3.01587,
    "PhilipsScaleSlope": 0.00551035,
    "ProtocolName": "acq-AxialNsig1Mm1_T1w",
    "ReconMatrixPE": 240,
    "RepetitionTime": 0.008239,
    "SeriesDescription": "ImageMRSERIES",
    "SeriesNumber": 2,
    "UsePhilipsFloatNotDisplayScaling": 1,
    "acq_id": "AxialNsig1Mm1",
    "dataset": "ds002643",
    "modality": "T1w",
    "subject_id": "082"
  },
  "cjv": 0.28804779230163874,
  "cnr": 4.5522623243440865,
  "efc": 0.6950066308755427,
  "fber": -1.0,
  "fwhm_avg": 4.231489911093738,
  "fwhm_x": 4.2744602547776855,
  "fwhm_y": 4.374629478503528,
  "fwhm_z": 4.04538,
  "icvs_csf": 0.20954503348004158,
  "icvs_gm": 0.4490295929442351,
  "icvs_wm": 0.34142537357572333,
  "inu_med": 0.6100411415100098,
  "inu_range": 0.23655877113342283,
  "provenance": {
    "md5sum": "667ea3255de8cdbcd38851e3d4a14e56",
    "settings": {
      "testing": false
    },
    "software": "mriqc",
    "version": "23.0.1",
    "warnings": {
      "large_rot_frame": true,
      "small_air_mask": false
    },
    "webapi_port": null,
    "webapi_url": "https://mriqc.nimh.nih.gov/api/v1"
  },
  "qi_1": 0.0,
  "qi_2": 0.00010343635501313445,
  "rpve_csf": 27.7539998676636,
  "rpve_gm": 14.086109085014993,
  "rpve_wm": 21.67699041984142,
  "size_x": 240,
  "size_y": 240,
  "size_z": 220,
  "snr_csf": 1.6526895954563665,
  "snr_gm": 8.98438525570103,
  "snr_total": 11.672486957512156,
  "snr_wm": 24.380386021379074,
  "snrd_csf": 17.319723084211326,
  "snrd_gm": 59.43207919749113,
  "snrd_total": 57.06961862128423,
  "snrd_wm": 94.45705358215022,
  "spacing_x": 0.9999999403953552,
  "spacing_y": 1.0000001192092896,
  "spacing_z": 1.0,
  "summary_bg_k": 35.46567247776597,
  "summary_bg_mad": 0.0,
  "summary_bg_mean": 3.218002023315524,
  "summary_bg_median": 0.0,
  "summary_bg_n": 274403.0,
  "summary_bg_p05": 0.0,
  "summary_bg_p95": 18.143696390092373,
  "summary_bg_stdv": 6.93600647557456,
  "summary_csf_k": 1.4809597803440804,
  "summary_csf_mad": 108.5113985715702,
  "summary_csf_mean": 201.0709050397705,
  "summary_csf_median": 183.365954734385,
  "summary_csf_n": 24401.0,
  "summary_csf_p05": 52.36231639236212,
  "summary_csf_p95": 405.53537724912167,
  "summary_csf_stdv": 110.94775319873223,
  "summary_gm_k": 0.23151915043653837,
  "summary_gm_mad": 68.18229589390106,
  "summary_gm_mean": 630.4997449011043,
  "summary_gm_median": 629.2144447639585,
  "summary_gm_n": 46342.0,
  "summary_gm_p05": 517.6698509093374,
  "summary_gm_p95": 746.6578366745263,
  "summary_gm_stdv": 70.03346784511334,
  "summary_wm_k": 0.669920554113483,
  "summary_wm_mad": 38.629726305845466,
  "summary_wm_mean": 1001.0385495124248,
  "summary_wm_median": 1000.027987010777,
  "summary_wm_n": 187005.0,
  "summary_wm_p05": 935.8121617287397,
  "summary_wm_p95": 1069.8630464598536,
  "summary_wm_stdv": 41.01761605948949,
  "tpm_overlap_csf": 0.1551936457424296,
  "tpm_overlap_gm": 0.4855480858097111,
  "tpm_overlap_wm": 0.525134063031439,
  "wm2max": 0.6154150537634409
}