{
  "aor": 0.0010231778425655977,
  "aqi": 0.00440285390670554,
  "bids_meta": {
    "AcquisitionNumber": 4,
    "BIDSVersion": "1.1.0",
    "BidsifyVersion": "0.3",
    "ConversionSoftware": "dcm2niix",
    "ConversionSoftwareVersion": "v1.0.20180622 GCC5.4.0",
    "EchoTime": 0.028,
    "EffectiveEchoSpacing": 0.0006909,
    "FlipAngle": 76.1,
    "ImageComments": "RepliSC",
    "ImageOrientationPatientDICOM": [
      0.999781,
      -0.0072654,
      0.0196446,
      0.00837594,
      0.998336,
      -0.057053
    ],
    "InstitutionName": "Spinoza Centre for Neuroimaging, location REC",
    "MagneticFieldStrength": 3,
    "Manufacturer": "Philips",
    "ParallelAcquisitionTechnique": "SENSE",
    "ParallelReductionFactorInPlane": 2,
    "PatientPosition": "HFS",
    "PhaseEncodingDirection": "j",
    "PhilipsRescaleIntercept": 0,
    "PhilipsRescaleSlope": 0.75385,
    "PhilipsScaleSlope": 0.0242092,
    "ProtocolName": "task-Tasteratingtask_acq-SeqMm3Tr2000_bold",
    "PulseSequenceType": "Gradient Echo EPI",
    "ReconMatrixPE": 80,
    "RepetitionTime": 2,
    "SeriesDescription": "ImageMRSERIES",
    "SeriesNumber": 4,
    "SliceEncodingDirection": "k",
    "SliceTiming": [
      0.0,
      0.05555555555555555,
      0.1111111111111111,
      0.16666666666666666,
      0.2222222222222222,
      0.2777777777777778,
      0.3333333333333333,
      0.38888888888888884,
      0.4444444444444444,
      0.5,
      0.5555555555555556,
      0.611111111111111,
      0.6666666666666666,
      0.7222222222222222,
      0.7777777777777777,
      0.8333333333333333,
      0.8888888888888888,
      0.9444444444444444,
      1.0,
      1.0555555555555556,
      1.1111111111111112,
      1.1666666666666665,
      1.222222222222222,
      1.2777777777777777,
      1.3333333333333333,
      1.3888888888888888,
      1.4444444444444444,
      1.5,
      1.5555555555555554,
      1.611111111111111,
      1.6666666666666665,
      1.722222222222222,
      1.7777777777777777,
      1.8333333333333333,
      1.8888888888888888,
      1.9444444444444444
    ],
    "TaskName": "Tasteratingtask",
    "TotalReadoutTime": 0.0269452,
    "UsePhilipsFloatNotDisplayScaling": 1,
    "WaterFatShift": 12.0,
    "acq_id": "SeqMm3Tr2000",
    "dataset": "ds002643",
    "modality": "bold",
    "subject_id": "082",
    "task_id": "Tasteratingtask"
  },
  "dummy_trs": 0,
  "dvars_nstd": 17.503095032865495,
  "dvars_std": 1.1638055585087719,
  "dvars_vstd": 1.00695991002924,
  "efc": 0.40304737742052277,
  "fber": 130660.1953125,
  "fd_mean": 0.06911209955947276,
  "fd_num": 1,
  "fd_perc": 0.2915451895043732,
  "fwhm_avg": 1.8474356647373786,
  "fwhm_x": 1.8149199999999999,
  "fwhm_y": 2.03079,
  "fwhm_z": 1.696596994212136,
  "gcor": 0.0253309,
  "gsr_x": -0.013844740577042103,
  "gsr_y": 0.006668017711490393,
  "provenance": {
    "md5sum": "42415504f488c74cd93cdb68852dd441",
    "settings": {
      "fd_thres": 0.2,
      "testing": false
    },
    "software": "mriqc",
    "version": "23.0.1",
    "webapi_port": null,
    "webapi_url": "https://mriqc.nimh.nih.gov/api/v1"
  },
  "size_t": 343,
  "size_x": 80,
  "size_y": 80,
  "size_z": 36,
  "snr": 7.091347581585461,
  "spacing_tr": 2.0,
  "spacing_x": 3.0,
  "spacing_y": 3.0,
  "spacing_z": 3.299999952316284,
  "summary_bg_k": 141.06642369939922,
  "summary_bg_mad": 183.98418865750875,
  "summary_bg_mean": 1015.4130859375,
  "summary_bg_median": 163.14102172851562,
  "summary_bg_n": 159370.0,
  "summary_bg_p05": 14.072960710525516,
  "summary_bg_p95": 4079.5243286132763,
  "summary_bg_stdv": 3236.745849609375,
  "summary_fg_k": 2.2784887348656566,
  "summary_fg_mad": 8085.046879385002,
  "summary_fg_mean": 60859.609375,
  "summary_fg_median": 60112.3984375,
  "summary_fg_n": 31429.0,
  "summary_fg_p05": 49043.76875,
  "summary_fg_p95": 74693.775,
  "summary_fg_stdv": 8476.73046875,
  "tsnr": 92.50712585449219
}