{
  "aor": 0.0023925947521865887,
  "aqi": 0.007835215860058307,
  "bids_meta": {
    "AcquisitionNumber": 3,
    "BIDSVersion": "1.1.0",
    "BidsifyVersion": "0.3",
    "ConversionSoftware": "dcm2niix",
    "ConversionSoftwareVersion": "v1.0.20180622 GCC5.4.0",
    "EchoTime": 0.028,
    "EffectiveEchoSpacing": 0.0006909,
    "FlipAngle": 76.1,
    "ImageComments": "RepliSC",
    "ImageOrientationPatientDICOM": [
      0.998419,
      0.0452655,
      -0.033319,
      -0.0455126,
      0.998941,
      -0.00669264
    ],
    "InstitutionName": "Spinoza Centre for Neuroimaging, location REC",
    "MagneticFieldStrength": 3,
    "Manufacturer": "Philips",
    "ParallelAcquisitionTechnique": "SENSE",
    "ParallelReductionFactorInPlane": 2,
    "PatientPosition": "HFS",
    "PhaseEncodingDirection": "j",
    "PhilipsRescaleIntercept": 0,
    "PhilipsRescaleSlope": 0.76386,
    "PhilipsScaleSlope": 0.0203651,
    "ProtocolName": "task-Healthratingtask_acq-SeqMm3Tr2000_bold",
    "PulseSequenceType": "Gradient Echo EPI",
    "ReconMatrixPE": 80,
    "RepetitionTime": 2,
    "SeriesDescription": "ImageMRSERIES",
    "SeriesNumber": 3,
    "SliceEncodingDirection": "k",
    "SliceTiming": [
      0.0,
      0.05555555555555555,
      0.1111111111111111,
      0.16666666666666666,
      0.2222222222222222,
      0.2777777777777778,
      0.3333333333333333,
      0.38888888888888884,
      0.4444444444444444,
      0.5,
      0.5555555555555556,
      0.611111111111111,
      0.6666666666666666,
      0.7222222222222222,
      0.7777777777777777,
      0.8333333333333333,
      0.8888888888888888,
      0.9444444444444444,
      1.0,
      1.0555555555555556,
      1.1111111111111112,
      1.1666666666666665,
      1.222222222222222,
      1.2777777777777777,
      1.3333333333333333,
      1.3888888888888888,
      1.4444444444444444,
      1.5,
      1.5555555555555554,
      1.611111111111111,
      1.6666666666666665,
      1.722222222222222,
      1.7777777777777777,
      1.8333333333333333,
      1.8888888888888888,
      1.9444444444444444
    ],
    "TaskName": "Healthratingtask",
    "TotalReadoutTime": 0.0269452,
    "UsePhilipsFloatNotDisplayScaling": 1,
    "WaterFatShift": 12.0,
    "acq_id": "SeqMm3Tr2000",
    "dataset": "ds002643",
    "modality": "bold",
    "subject_id": "057",
    "task_id": "Healthratingtask"
  },
  "dummy_trs": 0,
  "dvars_nstd": 21.107976049239777,
  "dvars_std": 1.2243899676315784,
  "dvars_vstd": 0.9922011513742689,
  "efc": 0.45269927111207775,
  "fber": 103799.203125,
  "fd_mean": 0.14379881521492252,
  "fd_num": 55,
  "fd_perc": 16.034985422740526,
  "fwhm_avg": 1.8815059678686248,
  "fwhm_x": 1.8026,
  "fwhm_y": 2.1243633333333336,
  "fwhm_z": 1.7175545702725405,
  "gcor": 0.189643,
  "gsr_x": -0.009431635960936546,
  "gsr_y": 0.020367329940199852,
  "provenance": {
    "md5sum": "2fabc340b6445ab4ea2738a2ea2ebddc",
    "settings": {
      "fd_thres": 0.2,
      "testing": false
    },
    "software": "mriqc",
    "version": "23.0.1",
    "webapi_port": null,
    "webapi_url": "https://mriqc.nimh.nih.gov/api/v1"
  },
  "size_t": 343,
  "size_x": 80,
  "size_y": 80,
  "size_z": 36,
  "snr": 5.726243111882741,
  "spacing_tr": 2.0,
  "spacing_x": 3.0,
  "spacing_y": 3.0,
  "spacing_z": 3.299999952316284,
  "summary_bg_k": 42.2500614669437,
  "summary_bg_mad": 259.5430894330597,
  "summary_bg_mean": 1783.6461181640625,
  "summary_bg_median": 206.64549255371094,
  "summary_bg_n": 150218.0,
  "summary_bg_p05": 13.057912158966067,
  "summary_bg_p95": 9115.55136718749,
  "summary_bg_stdv": 4706.62451171875,
  "summary_fg_k": 3.8197651167392115,
  "summary_fg_mad": 9997.39525032025,
  "summary_fg_mean": 70043.828125,
  "summary_fg_median": 68410.2265625,
  "summary_fg_n": 39103.0,
  "summary_fg_p05": 55268.812109375,
  "summary_fg_p95": 89619.7734375,
  "summary_fg_stdv": 11946.6376953125,
  "tsnr": 63.8852653503418
}