{
  "aor": 0.003030416666666667,
  "aqi": 0.008934447374999998,
  "bids_meta": {
    "AcquisitionNumber": 7,
    "BIDSVersion": "1.1.0",
    "BidsifyVersion": "0.3",
    "ConversionSoftware": "dcm2niix",
    "ConversionSoftwareVersion": "v1.0.20180622 GCC5.4.0",
    "EchoTime": 0.028,
    "EffectiveEchoSpacing": 0.0006909,
    "FlipAngle": 76.1,
    "ImageComments": "RepliSC",
    "ImageOrientationPatientDICOM": [
      0.998419,
      0.0452655,
      -0.033319,
      -0.0455126,
      0.998941,
      -0.00669264
    ],
    "InstitutionName": "Spinoza Centre for Neuroimaging, location REC",
    "MagneticFieldStrength": 3,
    "Manufacturer": "Philips",
    "ParallelAcquisitionTechnique": "SENSE",
    "ParallelReductionFactorInPlane": 2,
    "PatientPosition": "HFS",
    "PhaseEncodingDirection": "j",
    "PhilipsRescaleIntercept": 0,
    "PhilipsRescaleSlope": 0.76093,
    "PhilipsScaleSlope": 0.0215907,
    "ProtocolName": "task-RestingState_acq-SeqMm3Tr2000_bold",
    "PulseSequenceType": "Gradient Echo EPI",
    "ReconMatrixPE": 80,
    "RepetitionTime": 2,
    "SeriesDescription": "ImageMRSERIES",
    "SeriesNumber": 7,
    "SliceEncodingDirection": "k",
    "SliceTiming": [
      0.0,
      0.05555555555555555,
      0.1111111111111111,
      0.16666666666666666,
      0.2222222222222222,
      0.2777777777777778,
      0.3333333333333333,
      0.38888888888888884,
      0.4444444444444444,
      0.5,
      0.5555555555555556,
      0.611111111111111,
      0.6666666666666666,
      0.7222222222222222,
      0.7777777777777777,
      0.8333333333333333,
      0.8888888888888888,
      0.9444444444444444,
      1.0,
      1.0555555555555556,
      1.1111111111111112,
      1.1666666666666665,
      1.222222222222222,
      1.2777777777777777,
      1.3333333333333333,
      1.3888888888888888,
      1.4444444444444444,
      1.5,
      1.5555555555555554,
      1.611111111111111,
      1.6666666666666665,
      1.722222222222222,
      1.7777777777777777,
      1.8333333333333333,
      1.8888888888888888,
      1.9444444444444444
    ],
    "TaskName": "RestingState",
    "TotalReadoutTime": 0.0269452,
    "UsePhilipsFloatNotDisplayScaling": 1,
    "WaterFatShift": 12.0,
    "acq_id": "SeqMm3Tr2000",
    "dataset": "ds002643",
    "modality": "bold",
    "subject_id": "057",
    "task_id": "RestingState"
  },
  "dummy_trs": 0,
  "dvars_nstd": 22.967083695899582,
  "dvars_std": 1.215417412635983,
  "dvars_vstd": 1.0162523137656903,
  "efc": 0.4549354836724503,
  "fber": 91352.203125,
  "fd_mean": 0.1801758292369068,
  "fd_num": 65,
  "fd_perc": 27.083333333333332,
  "fwhm_avg": 1.8723155636770399,
  "fwhm_x": 1.8088366666666669,
  "fwhm_y": 2.1219433333333333,
  "fwhm_z": 1.6861666910311193,
  "gcor": 0.101617,
  "gsr_x": -0.00930106546729803,
  "gsr_y": 0.020956557244062424,
  "provenance": {
    "md5sum": "ff541e0886e9fa0a0bbf2088fcdbcce2",
    "settings": {
      "fd_thres": 0.2,
      "testing": false
    },
    "software": "mriqc",
    "version": "23.0.1",
    "webapi_port": null,
    "webapi_url": "https://mriqc.nimh.nih.gov/api/v1"
  },
  "size_t": 240,
  "size_x": 80,
  "size_y": 80,
  "size_z": 36,
  "snr": 5.979074757600573,
  "spacing_tr": 2.0,
  "spacing_x": 3.0,
  "spacing_y": 3.0,
  "spacing_z": 3.299999952316284,
  "summary_bg_k": 40.05699470180127,
  "summary_bg_mad": 268.99056831158936,
  "summary_bg_mean": 1774.3870849609375,
  "summary_bg_median": 215.66944885253906,
  "summary_bg_n": 149997.0,
  "summary_bg_p05": 14.540715599060059,
  "summary_bg_p95": 9230.693749999993,
  "summary_bg_stdv": 4576.49658203125,
  "summary_fg_k": 3.493970089314466,
  "summary_fg_mad": 9246.735214563134,
  "summary_fg_mean": 68097.8671875,
  "summary_fg_median": 66587.3828125,
  "summary_fg_n": 39151.0,
  "summary_fg_p05": 53959.16796875,
  "summary_fg_p95": 86168.125,
  "summary_fg_stdv": 11136.5947265625,
  "tsnr": 65.08226013183594
}