{
  "aor": 0.004391137026239067,
  "aqi": 0.016776847055393587,
  "bids_meta": {
    "AcquisitionNumber": 4,
    "BIDSVersion": "1.1.0",
    "BidsifyVersion": "0.3",
    "ConversionSoftware": "dcm2niix",
    "ConversionSoftwareVersion": "v1.0.20180622 GCC5.4.0",
    "EchoTime": 0.028,
    "EffectiveEchoSpacing": 0.0006909,
    "FlipAngle": 76.1,
    "ImageComments": "RepliSC",
    "ImageOrientationPatientDICOM": [
      0.998419,
      0.0452655,
      -0.033319,
      -0.0455126,
      0.998941,
      -0.00669264
    ],
    "InstitutionName": "Spinoza Centre for Neuroimaging, location REC",
    "MagneticFieldStrength": 3,
    "Manufacturer": "Philips",
    "ParallelAcquisitionTechnique": "SENSE",
    "ParallelReductionFactorInPlane": 2,
    "PatientPosition": "HFS",
    "PhaseEncodingDirection": "j",
    "PhilipsRescaleIntercept": 0,
    "PhilipsRescaleSlope": 0.78877,
    "PhilipsScaleSlope": 0.0209809,
    "ProtocolName": "task-Tasteratingtask_acq-SeqMm3Tr2000_bold",
    "PulseSequenceType": "Gradient Echo EPI",
    "ReconMatrixPE": 80,
    "RepetitionTime": 2,
    "SeriesDescription": "ImageMRSERIES",
    "SeriesNumber": 4,
    "SliceEncodingDirection": "k",
    "SliceTiming": [
      0.0,
      0.05555555555555555,
      0.1111111111111111,
      0.16666666666666666,
      0.2222222222222222,
      0.2777777777777778,
      0.3333333333333333,
      0.38888888888888884,
      0.4444444444444444,
      0.5,
      0.5555555555555556,
      0.611111111111111,
      0.6666666666666666,
      0.7222222222222222,
      0.7777777777777777,
      0.8333333333333333,
      0.8888888888888888,
      0.9444444444444444,
      1.0,
      1.0555555555555556,
      1.1111111111111112,
      1.1666666666666665,
      1.222222222222222,
      1.2777777777777777,
      1.3333333333333333,
      1.3888888888888888,
      1.4444444444444444,
      1.5,
      1.5555555555555554,
      1.611111111111111,
      1.6666666666666665,
      1.722222222222222,
      1.7777777777777777,
      1.8333333333333333,
      1.8888888888888888,
      1.9444444444444444
    ],
    "TaskName": "Tasteratingtask",
    "TotalReadoutTime": 0.0269452,
    "UsePhilipsFloatNotDisplayScaling": 1,
    "WaterFatShift": 12.0,
    "acq_id": "SeqMm3Tr2000",
    "dataset": "ds002643",
    "modality": "bold",
    "subject_id": "057",
    "task_id": "Tasteratingtask"
  },
  "dummy_trs": 0,
  "dvars_nstd": 21.794862049941504,
  "dvars_std": 1.1409060648245608,
  "dvars_vstd": 0.9493377415204677,
  "efc": 0.45768833148494936,
  "fber": 94457.8203125,
  "fd_mean": 0.16563724306545208,
  "fd_num": 70,
  "fd_perc": 20.408163265306122,
  "fwhm_avg": 1.8927258666960605,
  "fwhm_x": 1.8356566666666667,
  "fwhm_y": 2.1586966666666667,
  "fwhm_z": 1.6838242667548478,
  "gcor": 0.0549424,
  "gsr_x": -0.010353568010032177,
  "gsr_y": 0.020890861749649048,
  "provenance": {
    "md5sum": "76e84cce85ed751d4bc6aac1a256c7f4",
    "settings": {
      "fd_thres": 0.2,
      "testing": false
    },
    "software": "mriqc",
    "version": "23.0.1",
    "webapi_port": null,
    "webapi_url": "https://mriqc.nimh.nih.gov/api/v1"
  },
  "size_t": 343,
  "size_x": 80,
  "size_y": 80,
  "size_z": 36,
  "snr": 5.824506599545051,
  "spacing_tr": 2.0,
  "spacing_x": 3.0,
  "spacing_y": 3.0,
  "spacing_z": 3.299999952316284,
  "summary_bg_k": 40.49861046681936,
  "summary_bg_mad": 272.57775883365787,
  "summary_bg_mean": 1799.45947265625,
  "summary_bg_median": 215.40036010742188,
  "summary_bg_n": 149325.0,
  "summary_bg_p05": 12.497165870666507,
  "summary_bg_p95": 9280.78554687499,
  "summary_bg_stdv": 4651.68701171875,
  "summary_fg_k": 3.46407403116275,
  "summary_fg_mad": 9603.752778477181,
  "summary_fg_mean": 67608.6328125,
  "summary_fg_median": 66052.0234375,
  "summary_fg_n": 39642.0,
  "summary_fg_p05": 53317.1751953125,
  "summary_fg_p95": 86444.10624999998,
  "summary_fg_stdv": 11340.220703125,
  "tsnr": 49.31135559082031
}