{
  "aor": 0.001009591836734694,
  "aqi": 0.00445460052478134,
  "bids_meta": {
    "AcquisitionNumber": 6,
    "BIDSVersion": "1.1.0",
    "BidsifyVersion": "0.3",
    "ConversionSoftware": "dcm2niix",
    "ConversionSoftwareVersion": "v1.0.20180622 GCC5.4.0",
    "EchoTime": 0.028,
    "EffectiveEchoSpacing": 0.0006909,
    "FlipAngle": 76.1,
    "ImageComments": "RepliSC",
    "ImageOrientationPatientDICOM": [
      0.995616,
      -0.0783407,
      0.0510994,
      0.0825544,
      0.992838,
      -0.0863577
    ],
    "InstitutionName": "Spinoza Centre for Neuroimaging, location REC",
    "MagneticFieldStrength": 3,
    "Manufacturer": "Philips",
    "ParallelAcquisitionTechnique": "SENSE",
    "ParallelReductionFactorInPlane": 2,
    "PatientPosition": "HFS",
    "PhaseEncodingDirection": "j",
    "PhilipsRescaleIntercept": 0,
    "PhilipsRescaleSlope": 0.76459,
    "PhilipsScaleSlope": 0.022663,
    "ProtocolName": "task-Decisiontask_acq-SeqMm3Tr2000_bold",
    "PulseSequenceType": "Gradient Echo EPI",
    "ReconMatrixPE": 80,
    "RepetitionTime": 2,
    "SeriesDescription": "ImageMRSERIES",
    "SeriesNumber": 6,
    "SliceEncodingDirection": "k",
    "SliceTiming": [
      0.0,
      0.05555555555555555,
      0.1111111111111111,
      0.16666666666666666,
      0.2222222222222222,
      0.2777777777777778,
      0.3333333333333333,
      0.38888888888888884,
      0.4444444444444444,
      0.5,
      0.5555555555555556,
      0.611111111111111,
      0.6666666666666666,
      0.7222222222222222,
      0.7777777777777777,
      0.8333333333333333,
      0.8888888888888888,
      0.9444444444444444,
      1.0,
      1.0555555555555556,
      1.1111111111111112,
      1.1666666666666665,
      1.222222222222222,
      1.2777777777777777,
      1.3333333333333333,
      1.3888888888888888,
      1.4444444444444444,
      1.5,
      1.5555555555555554,
      1.611111111111111,
      1.6666666666666665,
      1.722222222222222,
      1.7777777777777777,
      1.8333333333333333,
      1.8888888888888888,
      1.9444444444444444
    ],
    "TaskName": "Decisiontask",
    "TotalReadoutTime": 0.0269452,
    "UsePhilipsFloatNotDisplayScaling": 1,
    "WaterFatShift": 12.0,
    "acq_id": "SeqMm3Tr2000",
    "dataset": "ds002643",
    "modality": "bold",
    "subject_id": "027",
    "task_id": "Decisiontask"
  },
  "dummy_trs": 0,
  "dvars_nstd": 18.75297432055554,
  "dvars_std": 1.1171471307309946,
  "dvars_vstd": 0.9801624657894739,
  "efc": 0.4240795647568142,
  "fber": 115164.828125,
  "fd_mean": 0.0931079674239184,
  "fd_num": 17,
  "fd_perc": 4.956268221574344,
  "fwhm_avg": 1.9273296045443287,
  "fwhm_x": 1.9349100000000001,
  "fwhm_y": 2.0647333333333333,
  "fwhm_z": 1.782345480299653,
  "gcor": 0.0272686,
  "gsr_x": -0.006825532764196396,
  "gsr_y": 0.005417270585894585,
  "provenance": {
    "md5sum": "0a50537dd0dfd178a75b6f061b9c1b2f",
    "settings": {
      "fd_thres": 0.2,
      "testing": false
    },
    "software": "mriqc",
    "version": "23.0.1",
    "webapi_port": null,
    "webapi_url": "https://mriqc.nimh.nih.gov/api/v1"
  },
  "size_t": 343,
  "size_x": 80,
  "size_y": 80,
  "size_z": 36,
  "snr": 5.510719299144503,
  "spacing_tr": 2.0,
  "spacing_x": 3.0,
  "spacing_y": 3.0,
  "spacing_z": 3.299999952316284,
  "summary_bg_k": 50.45798181830964,
  "summary_bg_mad": 211.3469528827511,
  "summary_bg_mean": 1067.6546630859375,
  "summary_bg_median": 176.54193115234375,
  "summary_bg_n": 153671.0,
  "summary_bg_p05": 10.748998165130615,
  "summary_bg_p95": 4900.3447265625,
  "summary_bg_stdv": 2895.9951171875,
  "summary_fg_k": 2.7113813547704844,
  "summary_fg_mad": 9458.006030700182,
  "summary_fg_mean": 63652.37890625,
  "summary_fg_median": 61965.59375,
  "summary_fg_n": 35823.0,
  "summary_fg_p05": 49747.7953125,
  "summary_fg_p95": 84246.365625,
  "summary_fg_stdv": 11244.3994140625,
  "tsnr": 80.47164154052734
}