{
  "aor": 0.0020008454810495624,
  "aqi": 0.003563711195335277,
  "bids_meta": {
    "AcquisitionNumber": 4,
    "BIDSVersion": "1.1.0",
    "BidsifyVersion": "0.3",
    "ConversionSoftware": "dcm2niix",
    "ConversionSoftwareVersion": "v1.0.20180622 GCC5.4.0",
    "EchoTime": 0.028,
    "EffectiveEchoSpacing": 0.0006909,
    "FlipAngle": 76.1,
    "ImageComments": "RepliSC",
    "ImageOrientationPatientDICOM": [
      0.995616,
      -0.0783407,
      0.0510994,
      0.0825544,
      0.992838,
      -0.0863577
    ],
    "InstitutionName": "Spinoza Centre for Neuroimaging, location REC",
    "MagneticFieldStrength": 3,
    "Manufacturer": "Philips",
    "ParallelAcquisitionTechnique": "SENSE",
    "ParallelReductionFactorInPlane": 2,
    "PatientPosition": "HFS",
    "PhaseEncodingDirection": "j",
    "PhilipsRescaleIntercept": 0,
    "PhilipsRescaleSlope": 0.76166,
    "PhilipsScaleSlope": 0.0210907,
    "ProtocolName": "task-Healthratingtask_acq-SeqMm3Tr2000_bold",
    "PulseSequenceType": "Gradient Echo EPI",
    "ReconMatrixPE": 80,
    "RepetitionTime": 2,
    "SeriesDescription": "ImageMRSERIES",
    "SeriesNumber": 4,
    "SliceEncodingDirection": "k",
    "SliceTiming": [
      0.0,
      0.05555555555555555,
      0.1111111111111111,
      0.16666666666666666,
      0.2222222222222222,
      0.2777777777777778,
      0.3333333333333333,
      0.38888888888888884,
      0.4444444444444444,
      0.5,
      0.5555555555555556,
      0.611111111111111,
      0.6666666666666666,
      0.7222222222222222,
      0.7777777777777777,
      0.8333333333333333,
      0.8888888888888888,
      0.9444444444444444,
      1.0,
      1.0555555555555556,
      1.1111111111111112,
      1.1666666666666665,
      1.222222222222222,
      1.2777777777777777,
      1.3333333333333333,
      1.3888888888888888,
      1.4444444444444444,
      1.5,
      1.5555555555555554,
      1.611111111111111,
      1.6666666666666665,
      1.722222222222222,
      1.7777777777777777,
      1.8333333333333333,
      1.8888888888888888,
      1.9444444444444444
    ],
    "TaskName": "Healthratingtask",
    "TotalReadoutTime": 0.0269452,
    "UsePhilipsFloatNotDisplayScaling": 1,
    "WaterFatShift": 12.0,
    "acq_id": "SeqMm3Tr2000",
    "dataset": "ds002643",
    "modality": "bold",
    "subject_id": "027",
    "task_id": "Healthratingtask"
  },
  "dummy_trs": 0,
  "dvars_nstd": 18.518507689590653,
  "dvars_std": 1.1492158061695898,
  "dvars_vstd": 1.019262420584795,
  "efc": 0.4235679961715679,
  "fber": 114541.6484375,
  "fd_mean": 0.10346512947149719,
  "fd_num": 25,
  "fd_perc": 7.288629737609329,
  "fwhm_avg": 1.927842331824208,
  "fwhm_x": 1.9243333333333332,
  "fwhm_y": 2.0753633333333332,
  "fwhm_z": 1.7838303288059572,
  "gcor": 0.0395978,
  "gsr_x": -0.006910694297403097,
  "gsr_y": 0.005961939226835966,
  "provenance": {
    "md5sum": "f778af5904d68188a2a80be9cebff93b",
    "settings": {
      "fd_thres": 0.2,
      "testing": false
    },
    "software": "mriqc",
    "version": "23.0.1",
    "webapi_port": null,
    "webapi_url": "https://mriqc.nimh.nih.gov/api/v1"
  },
  "size_t": 343,
  "size_x": 80,
  "size_y": 80,
  "size_z": 36,
  "snr": 5.456195739733093,
  "spacing_tr": 2.0,
  "spacing_x": 3.0,
  "spacing_y": 3.0,
  "spacing_z": 3.299999952316284,
  "summary_bg_k": 50.71294446851174,
  "summary_bg_mad": 224.5201482339276,
  "summary_bg_mean": 1135.9302978515625,
  "summary_bg_median": 188.88375854492188,
  "summary_bg_n": 153722.0,
  "summary_bg_p05": 12.145828866958619,
  "summary_bg_p95": 5191.181518554675,
  "summary_bg_stdv": 3090.2509765625,
  "summary_fg_k": 2.7533327761995476,
  "summary_fg_mad": 10143.338906204397,
  "summary_fg_mean": 68101.5625,
  "summary_fg_median": 66271.375,
  "summary_fg_n": 35717.0,
  "summary_fg_p05": 53114.8328125,
  "summary_fg_p95": 90544.4109375,
  "summary_fg_stdv": 12145.9072265625,
  "tsnr": 86.94198608398438
}