{
  "aor": 0.0016864723032069971,
  "aqi": 0.004641061836734694,
  "bids_meta": {
    "AcquisitionNumber": 3,
    "BIDSVersion": "1.1.0",
    "BidsifyVersion": "0.3",
    "ConversionSoftware": "dcm2niix",
    "ConversionSoftwareVersion": "v1.0.20180622 GCC5.4.0",
    "EchoTime": 0.028,
    "EffectiveEchoSpacing": 0.0006909,
    "FlipAngle": 76.1,
    "ImageComments": "RepliSC",
    "ImageOrientationPatientDICOM": [
      0.995616,
      -0.0783407,
      0.0510994,
      0.0825544,
      0.992838,
      -0.0863577
    ],
    "InstitutionName": "Spinoza Centre for Neuroimaging, location REC",
    "MagneticFieldStrength": 3,
    "Manufacturer": "Philips",
    "ParallelAcquisitionTechnique": "SENSE",
    "ParallelReductionFactorInPlane": 2,
    "PatientPosition": "HFS",
    "PhaseEncodingDirection": "j",
    "PhilipsRescaleIntercept": 0,
    "PhilipsRescaleSlope": 0.75775,
    "PhilipsScaleSlope": 0.0220974,
    "ProtocolName": "task-Tasteratingtask_acq-SeqMm3Tr2000_bold",
    "PulseSequenceType": "Gradient Echo EPI",
    "ReconMatrixPE": 80,
    "RepetitionTime": 2,
    "SeriesDescription": "ImageMRSERIES",
    "SeriesNumber": 3,
    "SliceEncodingDirection": "k",
    "SliceTiming": [
      0.0,
      0.05555555555555555,
      0.1111111111111111,
      0.16666666666666666,
      0.2222222222222222,
      0.2777777777777778,
      0.3333333333333333,
      0.38888888888888884,
      0.4444444444444444,
      0.5,
      0.5555555555555556,
      0.611111111111111,
      0.6666666666666666,
      0.7222222222222222,
      0.7777777777777777,
      0.8333333333333333,
      0.8888888888888888,
      0.9444444444444444,
      1.0,
      1.0555555555555556,
      1.1111111111111112,
      1.1666666666666665,
      1.222222222222222,
      1.2777777777777777,
      1.3333333333333333,
      1.3888888888888888,
      1.4444444444444444,
      1.5,
      1.5555555555555554,
      1.611111111111111,
      1.6666666666666665,
      1.722222222222222,
      1.7777777777777777,
      1.8333333333333333,
      1.8888888888888888,
      1.9444444444444444
    ],
    "TaskName": "Tasteratingtask",
    "TotalReadoutTime": 0.0269452,
    "UsePhilipsFloatNotDisplayScaling": 1,
    "WaterFatShift": 12.0,
    "acq_id": "SeqMm3Tr2000",
    "dataset": "ds002643",
    "modality": "bold",
    "subject_id": "027",
    "task_id": "Tasteratingtask"
  },
  "dummy_trs": 0,
  "dvars_nstd": 19.147356350994144,
  "dvars_std": 1.119560081608187,
  "dvars_vstd": 0.9993214721345037,
  "efc": 0.42255416848656246,
  "fber": 114858.578125,
  "fd_mean": 0.120911376204852,
  "fd_num": 40,
  "fd_perc": 11.661807580174926,
  "fwhm_avg": 1.9424270793987743,
  "fwhm_x": 1.9327566666666665,
  "fwhm_y": 2.08997,
  "fwhm_z": 1.8045545715296567,
  "gcor": 0.0277667,
  "gsr_x": -0.00701947882771492,
  "gsr_y": 0.006196303758770227,
  "provenance": {
    "md5sum": "e2d81775ea7c610d62218d816eb6ef1b",
    "settings": {
      "fd_thres": 0.2,
      "testing": false
    },
    "software": "mriqc",
    "version": "23.0.1",
    "webapi_port": null,
    "webapi_url": "https://mriqc.nimh.nih.gov/api/v1"
  },
  "size_t": 343,
  "size_x": 80,
  "size_y": 80,
  "size_z": 36,
  "snr": 5.4323120623838275,
  "spacing_tr": 2.0,
  "spacing_x": 3.0,
  "spacing_y": 3.0,
  "spacing_z": 3.299999952316284,
  "summary_bg_k": 50.66964270561261,
  "summary_bg_mad": 218.18491719500273,
  "summary_bg_mean": 1103.98681640625,
  "summary_bg_median": 183.21798706054688,
  "summary_bg_n": 153996.0,
  "summary_bg_p05": 12.836854696273804,
  "summary_bg_p95": 5046.1298828125,
  "summary_bg_stdv": 2987.54345703125,
  "summary_fg_k": 2.819565428851523,
  "summary_fg_mad": 9960.706636827153,
  "summary_fg_mean": 65829.390625,
  "summary_fg_median": 64081.97265625,
  "summary_fg_n": 35509.0,
  "summary_fg_p05": 51236.54296875,
  "summary_fg_p95": 87306.1484375,
  "summary_fg_stdv": 11796.279296875,
  "tsnr": 79.12877655029297
}