{
  "aor": 0.00178975,
  "aqi": 0.003133032291666666,
  "bids_meta": {
    "AcquisitionNumber": 7,
    "BIDSVersion": "1.1.0",
    "BidsifyVersion": "0.3",
    "ConversionSoftware": "dcm2niix",
    "ConversionSoftwareVersion": "v1.0.20180622 GCC5.4.0",
    "EchoTime": 0.028,
    "EffectiveEchoSpacing": 0.0006909,
    "FlipAngle": 76.1,
    "ImageComments": "RepliSC",
    "ImageOrientationPatientDICOM": [
      0.995616,
      -0.0783407,
      0.0510994,
      0.0825544,
      0.992838,
      -0.0863577
    ],
    "InstitutionName": "Spinoza Centre for Neuroimaging, location REC",
    "MagneticFieldStrength": 3,
    "Manufacturer": "Philips",
    "ParallelAcquisitionTechnique": "SENSE",
    "ParallelReductionFactorInPlane": 2,
    "PatientPosition": "HFS",
    "PhaseEncodingDirection": "j",
    "PhilipsRescaleIntercept": 0,
    "PhilipsRescaleSlope": 0.75238,
    "PhilipsScaleSlope": 0.0220085,
    "ProtocolName": "task-RestingState_acq-SeqMm3Tr2000_bold",
    "PulseSequenceType": "Gradient Echo EPI",
    "ReconMatrixPE": 80,
    "RepetitionTime": 2,
    "SeriesDescription": "ImageMRSERIES",
    "SeriesNumber": 7,
    "SliceEncodingDirection": "k",
    "SliceTiming": [
      0.0,
      0.05555555555555555,
      0.1111111111111111,
      0.16666666666666666,
      0.2222222222222222,
      0.2777777777777778,
      0.3333333333333333,
      0.38888888888888884,
      0.4444444444444444,
      0.5,
      0.5555555555555556,
      0.611111111111111,
      0.6666666666666666,
      0.7222222222222222,
      0.7777777777777777,
      0.8333333333333333,
      0.8888888888888888,
      0.9444444444444444,
      1.0,
      1.0555555555555556,
      1.1111111111111112,
      1.1666666666666665,
      1.222222222222222,
      1.2777777777777777,
      1.3333333333333333,
      1.3888888888888888,
      1.4444444444444444,
      1.5,
      1.5555555555555554,
      1.611111111111111,
      1.6666666666666665,
      1.722222222222222,
      1.7777777777777777,
      1.8333333333333333,
      1.8888888888888888,
      1.9444444444444444
    ],
    "TaskName": "RestingState",
    "TotalReadoutTime": 0.0269452,
    "UsePhilipsFloatNotDisplayScaling": 1,
    "WaterFatShift": 12.0,
    "acq_id": "SeqMm3Tr2000",
    "dataset": "ds002643",
    "modality": "bold",
    "subject_id": "027",
    "task_id": "RestingState"
  },
  "dummy_trs": 0,
  "dvars_nstd": 17.758721686694553,
  "dvars_std": 1.1437484984937236,
  "dvars_vstd": 1.0120203068619251,
  "efc": 0.42485233443708,
  "fber": 114658.4453125,
  "fd_mean": 0.07499844380399086,
  "fd_num": 3,
  "fd_perc": 1.25,
  "fwhm_avg": 1.9219565742502456,
  "fwhm_x": 1.9245833333333333,
  "fwhm_y": 2.0570833333333334,
  "fwhm_z": 1.7842030560840703,
  "gcor": 0.0361834,
  "gsr_x": -0.007152939215302467,
  "gsr_y": 0.005550631321966648,
  "provenance": {
    "md5sum": "22de3eb45653cdcec2d7004c2bba2d55",
    "settings": {
      "fd_thres": 0.2,
      "testing": false
    },
    "software": "mriqc",
    "version": "23.0.1",
    "webapi_port": null,
    "webapi_url": "https://mriqc.nimh.nih.gov/api/v1"
  },
  "size_t": 240,
  "size_x": 80,
  "size_y": 80,
  "size_z": 36,
  "snr": 5.553147103368352,
  "spacing_tr": 2.0,
  "spacing_x": 3.0,
  "spacing_y": 3.0,
  "spacing_z": 3.299999952316284,
  "summary_bg_k": 49.76376675506917,
  "summary_bg_mad": 223.2894838756269,
  "summary_bg_mean": 1140.6397705078125,
  "summary_bg_median": 185.98699951171875,
  "summary_bg_n": 153632.0,
  "summary_bg_p05": 9.145359468460082,
  "summary_bg_p95": 5238.622949218709,
  "summary_bg_stdv": 3097.183349609375,
  "summary_fg_k": 2.5968679777339467,
  "summary_fg_mad": 9868.229323447868,
  "summary_fg_mean": 66657.359375,
  "summary_fg_median": 64938.2109375,
  "summary_fg_n": 35791.0,
  "summary_fg_p05": 52153.583984375,
  "summary_fg_p95": 88225.7109375,
  "summary_fg_stdv": 11693.7841796875,
  "tsnr": 94.90304565429688
}