{
  "bids_meta": {
    "AcquisitionNumber": 2,
    "BIDSVersion": "1.1.0",
    "BidsifyVersion": "0.3",
    "ConversionSoftware": "dcm2niix",
    "ConversionSoftwareVersion": "v1.0.20180622 GCC5.4.0",
    "EchoTime": 0.00375,
    "ImageComments": "RepliSC",
    "ImageOrientationPatientDICOM": [
      0.99857,
      0.0219325,
      -0.0487533,
      -0.0252765,
      0.997292,
      -0.0690672
    ],
    "InstitutionName": "Spinoza Centre for Neuroimaging, location REC",
    "InversionTime": 0.9,
    "MagneticFieldStrength": 3,
    "Manufacturer": "Philips",
    "ParallelAcquisitionTechnique": "SENSE",
    "PatientPosition": "HFS",
    "PhilipsRescaleIntercept": 0,
    "PhilipsRescaleSlope": 4.25836,
    "PhilipsScaleSlope": 0.00450203,
    "ProtocolName": "acq-AxialNsig1Mm1_T1w",
    "ReconMatrixPE": 240,
    "RepetitionTime": 0.008196,
    "SeriesDescription": "ImageMRSERIES",
    "SeriesNumber": 2,
    "UsePhilipsFloatNotDisplayScaling": 1,
    "acq_id": "AxialNsig1Mm1",
    "dataset": "ds002643",
    "modality": "T1w",
    "subject_id": "091"
  },
  "cjv": 0.280485432582519,
  "cnr": 4.662463849426065,
  "efc": 0.7274387356378503,
  "fber": 11963.754127423823,
  "fwhm_avg": 4.614412968717063,
  "fwhm_x": 4.66737,
  "fwhm_y": 4.728999436259337,
  "fwhm_z": 4.446869469891849,
  "icvs_csf": 0.2565758212930561,
  "icvs_gm": 0.4095806804765312,
  "icvs_wm": 0.3338434982304127,
  "inu_med": 0.6043763756752014,
  "inu_range": 0.20904274582862847,
  "provenance": {
    "md5sum": "5247109862295377b082a1dfbb245a54",
    "settings": {
      "testing": false
    },
    "software": "mriqc",
    "version": "23.0.1",
    "warnings": {
      "large_rot_frame": true,
      "small_air_mask": false
    },
    "webapi_port": null,
    "webapi_url": "https://mriqc.nimh.nih.gov/api/v1"
  },
  "qi_1": 0.0,
  "qi_2": 5.947800343886506e-05,
  "rpve_csf": 21.505890270906225,
  "rpve_gm": 13.358249563311299,
  "rpve_wm": 20.201851489499564,
  "size_x": 240,
  "size_y": 240,
  "size_z": 220,
  "snr_csf": 1.5438984861862644,
  "snr_gm": 8.42085884157266,
  "snr_total": 11.294749933837302,
  "snr_wm": 23.91949247375298,
  "snrd_csf": 17.442689216285807,
  "snrd_gm": 70.45027504969117,
  "snrd_total": 67.83124488592654,
  "snrd_wm": 115.60077039180261,
  "spacing_x": 1.0,
  "spacing_y": 1.0000001192092896,
  "spacing_z": 1.0000001192092896,
  "summary_bg_k": 20.31871956091174,
  "summary_bg_mad": 0.0,
  "summary_bg_mean": 2.213591060716696,
  "summary_bg_median": 0.0,
  "summary_bg_n": 286867.0,
  "summary_bg_p05": 0.0,
  "summary_bg_p95": 13.11951682344079,
  "summary_bg_stdv": 5.667168617607576,
  "summary_csf_k": 0.8061910140132396,
  "summary_csf_mad": 94.50480848677637,
  "summary_csf_mean": 167.32867770661412,
  "summary_csf_median": 150.88561852648854,
  "summary_csf_n": 46157.0,
  "summary_csf_p05": 40.274905137717724,
  "summary_csf_p95": 354.1509638458488,
  "summary_csf_stdv": 97.72921301829756,
  "summary_gm_k": 0.1399083142981299,
  "summary_gm_mad": 72.17092317117775,
  "summary_gm_mean": 608.9093012916434,
  "summary_gm_median": 609.4205540455878,
  "summary_gm_n": 30685.0,
  "summary_gm_p05": 490.27656719312074,
  "summary_gm_p95": 726.2982393547892,
  "summary_gm_stdv": 72.36917696422962,
  "summary_wm_k": 1.4272002858489943,
  "summary_wm_mad": 37.37777839168434,
  "summary_wm_mean": 999.4127645128734,
  "summary_wm_median": 999.9887933805585,
  "summary_wm_n": 207477.0,
  "summary_wm_p05": 930.6140400245786,
  "summary_wm_p95": 1065.2734759040177,
  "summary_wm_stdv": 41.80633784752235,
  "tpm_overlap_csf": 0.16046869276569173,
  "tpm_overlap_gm": 0.4740712995965684,
  "tpm_overlap_wm": 0.527355395110004,
  "wm2max": 0.8178777002296009
}