{
  "bids_meta": {
    "AcquisitionNumber": 2,
    "BIDSVersion": "1.1.0",
    "BidsifyVersion": "0.3",
    "ConversionSoftware": "dcm2niix",
    "ConversionSoftwareVersion": "v1.0.20180622 GCC5.4.0",
    "EchoTime": 0.00386,
    "ImageComments": "RepliSC",
    "ImageOrientationPatientDICOM": [
      0.999487,
      0.0296619,
      -0.0120985,
      -0.0317594,
      0.966902,
      -0.253164
    ],
    "InstitutionName": "Spinoza Centre for Neuroimaging, location REC",
    "InversionTime": 0.9,
    "MagneticFieldStrength": 3,
    "Manufacturer": "Philips",
    "ParallelAcquisitionTechnique": "SENSE",
    "PatientPosition": "HFS",
    "PhilipsRescaleIntercept": 0,
    "PhilipsRescaleSlope": 4.31477,
    "PhilipsScaleSlope": 0.00520758,
    "ProtocolName": "acq-AxialNsig1Mm1_T1w",
    "ReconMatrixPE": 240,
    "RepetitionTime": 0.008371,
    "SeriesDescription": "ImageMRSERIES",
    "SeriesNumber": 2,
    "UsePhilipsFloatNotDisplayScaling": 1,
    "acq_id": "AxialNsig1Mm1",
    "dataset": "ds002643",
    "modality": "T1w",
    "subject_id": "004"
  },
  "cjv": 0.31506914762772525,
  "cnr": 4.005891748728135,
  "efc": 0.7105174230966195,
  "fber": 13695.464851500261,
  "fwhm_avg": 4.36292298174306,
  "fwhm_x": 4.24071,
  "fwhm_y": 4.623539448831147,
  "fwhm_z": 4.224519496398032,
  "icvs_csf": 0.2559573520509892,
  "icvs_gm": 0.3886419430493289,
  "icvs_wm": 0.35540070489968195,
  "inu_med": 0.5313275158405304,
  "inu_range": 0.16409451663494112,
  "provenance": {
    "md5sum": "d824ad159c1827db6930399c618e4596",
    "settings": {
      "testing": false
    },
    "software": "mriqc",
    "version": "23.0.1",
    "warnings": {
      "large_rot_frame": true,
      "small_air_mask": false
    },
    "webapi_port": null,
    "webapi_url": "https://mriqc.nimh.nih.gov/api/v1"
  },
  "qi_1": 3.0486664163064853e-05,
  "qi_2": 6.461131359052512e-05,
  "rpve_csf": 19.409586154329013,
  "rpve_gm": 12.30088491212016,
  "rpve_wm": 17.06188610431451,
  "size_x": 240,
  "size_y": 240,
  "size_z": 220,
  "snr_csf": 1.5082716554889628,
  "snr_gm": 7.375322122889047,
  "snr_total": 11.824917770756175,
  "snr_wm": 26.59115953389052,
  "snrd_csf": 11.745820474943205,
  "snrd_gm": 49.8073947096694,
  "snrd_total": 47.02072933605256,
  "snrd_wm": 79.50897282354507,
  "spacing_x": 1.0,
  "spacing_y": 1.0000001192092896,
  "spacing_z": 1.0000001192092896,
  "summary_bg_k": 14.521371020770655,
  "summary_bg_mad": 0.0,
  "summary_bg_mean": 3.9921790516763624,
  "summary_bg_median": 0.0,
  "summary_bg_n": 410935.0,
  "summary_bg_p05": 0.0,
  "summary_bg_p95": 20.49866370484233,
  "summary_bg_stdv": 8.239779676246355,
  "summary_csf_k": 0.9685780640064157,
  "summary_csf_mad": 95.10595546725739,
  "summary_csf_mean": 166.10544429418323,
  "summary_csf_median": 147.72950004041195,
  "summary_csf_n": 57322.0,
  "summary_csf_p05": 40.54083542898297,
  "summary_csf_p95": 353.3671816041692,
  "summary_csf_stdv": 97.94536077356382,
  "summary_gm_k": 0.8886826878912424,
  "summary_gm_mad": 82.15014587802071,
  "summary_gm_mean": 627.7802269992369,
  "summary_gm_median": 626.4374238029122,
  "summary_gm_n": 29327.0,
  "summary_gm_p05": 489.17028520591555,
  "summary_gm_p95": 768.2912199202924,
  "summary_gm_stdv": 84.93550967098572,
  "summary_wm_k": 0.7206052918741963,
  "summary_wm_mad": 35.54790541524395,
  "summary_wm_mean": 1000.3333879575844,
  "summary_wm_median": 1000.0000280104578,
  "summary_wm_n": 259306.0,
  "summary_wm_p05": 939.8952505514026,
  "summary_wm_p95": 1061.6264454051852,
  "summary_wm_stdv": 37.606411954704214,
  "tpm_overlap_csf": 0.1506004168451053,
  "tpm_overlap_gm": 0.45690523862767646,
  "tpm_overlap_wm": 0.5249229480118062,
  "wm2max": 0.8600138341029332
}