{
  "aor": 0.0018428862973760935,
  "aqi": 0.004746503731778426,
  "bids_meta": {
    "AcquisitionNumber": 6,
    "BIDSVersion": "1.1.0",
    "BidsifyVersion": "0.3",
    "ConversionSoftware": "dcm2niix",
    "ConversionSoftwareVersion": "v1.0.20180622 GCC5.4.0",
    "EchoTime": 0.028,
    "EffectiveEchoSpacing": 0.0006909,
    "FlipAngle": 76.1,
    "ImageComments": "RepliSC",
    "ImageOrientationPatientDICOM": [
      0.997207,
      -0.0699929,
      0.0260488,
      0.0723555,
      0.991855,
      -0.104827
    ],
    "InstitutionName": "Spinoza Centre for Neuroimaging, location REC",
    "MagneticFieldStrength": 3,
    "Manufacturer": "Philips",
    "ParallelAcquisitionTechnique": "SENSE",
    "ParallelReductionFactorInPlane": 2,
    "PatientPosition": "HFS",
    "PhaseEncodingDirection": "j",
    "PhilipsRescaleIntercept": 0,
    "PhilipsRescaleSlope": 0.79634,
    "PhilipsScaleSlope": 0.0215221,
    "ProtocolName": "ses-01_task-Decisiontask-SeqMm3_bold",
    "PulseSequenceType": "Gradient Echo EPI",
    "ReconMatrixPE": 80,
    "RepetitionTime": 2,
    "SeriesDescription": "ImageMRSERIES",
    "SeriesNumber": 6,
    "SliceEncodingDirection": "k",
    "SliceTiming": [
      0.0,
      0.05555555555555555,
      0.1111111111111111,
      0.16666666666666666,
      0.2222222222222222,
      0.2777777777777778,
      0.3333333333333333,
      0.38888888888888884,
      0.4444444444444444,
      0.5,
      0.5555555555555556,
      0.611111111111111,
      0.6666666666666666,
      0.7222222222222222,
      0.7777777777777777,
      0.8333333333333333,
      0.8888888888888888,
      0.9444444444444444,
      1.0,
      1.0555555555555556,
      1.1111111111111112,
      1.1666666666666665,
      1.222222222222222,
      1.2777777777777777,
      1.3333333333333333,
      1.3888888888888888,
      1.4444444444444444,
      1.5,
      1.5555555555555554,
      1.611111111111111,
      1.6666666666666665,
      1.722222222222222,
      1.7777777777777777,
      1.8333333333333333,
      1.8888888888888888,
      1.9444444444444444
    ],
    "TaskName": "Decisiontask",
    "TotalReadoutTime": 0.0269452,
    "UsePhilipsFloatNotDisplayScaling": 1,
    "WaterFatShift": 12.0,
    "acq_id": "SeqMm3Tr2000",
    "dataset": "ds002643",
    "modality": "bold",
    "subject_id": "011",
    "task_id": "Decisiontask"
  },
  "dummy_trs": 0,
  "dvars_nstd": 17.28389500739768,
  "dvars_std": 1.1667203140643279,
  "dvars_vstd": 1.0137442623976611,
  "efc": 0.4077986339893339,
  "fber": 172408.96875,
  "fd_mean": 0.08004925388820794,
  "fd_num": 4,
  "fd_perc": 1.1661807580174928,
  "fwhm_avg": 1.74763758368418,
  "fwhm_x": 1.6638733333333333,
  "fwhm_y": 1.9333333333333333,
  "fwhm_z": 1.6457060843858733,
  "gcor": 0.033249,
  "gsr_x": -0.02217889204621315,
  "gsr_y": 0.005950079299509525,
  "provenance": {
    "md5sum": "e04f940cd2e97395f2357a0f9a8a6361",
    "settings": {
      "fd_thres": 0.2,
      "testing": false
    },
    "software": "mriqc",
    "version": "23.0.1",
    "webapi_port": null,
    "webapi_url": "https://mriqc.nimh.nih.gov/api/v1"
  },
  "size_t": 343,
  "size_x": 80,
  "size_y": 80,
  "size_z": 36,
  "snr": 6.486394677628267,
  "spacing_tr": 2.0,
  "spacing_x": 3.0,
  "spacing_y": 3.0,
  "spacing_z": 3.299999952316284,
  "summary_bg_k": 50.53585494499741,
  "summary_bg_mad": 183.2049124941019,
  "summary_bg_mean": 1373.0443115234375,
  "summary_bg_median": 158.3734893798828,
  "summary_bg_n": 159267.0,
  "summary_bg_p05": 12.109827423095703,
  "summary_bg_p95": 6592.071777343734,
  "summary_bg_stdv": 3931.655029296875,
  "summary_fg_k": 2.848152010517971,
  "summary_fg_mad": 9109.918828586664,
  "summary_fg_mean": 68753.7734375,
  "summary_fg_median": 67383.375,
  "summary_fg_n": 31405.0,
  "summary_fg_p05": 55191.290625,
  "summary_fg_p95": 86088.3296875,
  "summary_fg_stdv": 10388.251953125,
  "tsnr": 86.44178771972656
}