{
  "aor": 0.0011548979591836737,
  "aqi": 0.007303670903790088,
  "bids_meta": {
    "AcquisitionNumber": 3,
    "BIDSVersion": "1.1.0",
    "BidsifyVersion": "0.3",
    "ConversionSoftware": "dcm2niix",
    "ConversionSoftwareVersion": "v1.0.20180622 GCC5.4.0",
    "EchoTime": 0.028,
    "EffectiveEchoSpacing": 0.0006909,
    "FlipAngle": 76.1,
    "ImageComments": "RepliSC",
    "ImageOrientationPatientDICOM": [
      0.997207,
      -0.0699929,
      0.0260488,
      0.0723555,
      0.991855,
      -0.104827
    ],
    "InstitutionName": "Spinoza Centre for Neuroimaging, location REC",
    "MagneticFieldStrength": 3,
    "Manufacturer": "Philips",
    "ParallelAcquisitionTechnique": "SENSE",
    "ParallelReductionFactorInPlane": 2,
    "PatientPosition": "HFS",
    "PhaseEncodingDirection": "j",
    "PhilipsRescaleIntercept": 0,
    "PhilipsRescaleSlope": 0.779,
    "PhilipsScaleSlope": 0.0215554,
    "ProtocolName": "ses-01_task-Tasteratingtask-SeqMm3_bold",
    "PulseSequenceType": "Gradient Echo EPI",
    "ReconMatrixPE": 80,
    "RepetitionTime": 2,
    "SeriesDescription": "ImageMRSERIES",
    "SeriesNumber": 3,
    "SliceEncodingDirection": "k",
    "SliceTiming": [
      0.0,
      0.05555555555555555,
      0.1111111111111111,
      0.16666666666666666,
      0.2222222222222222,
      0.2777777777777778,
      0.3333333333333333,
      0.38888888888888884,
      0.4444444444444444,
      0.5,
      0.5555555555555556,
      0.611111111111111,
      0.6666666666666666,
      0.7222222222222222,
      0.7777777777777777,
      0.8333333333333333,
      0.8888888888888888,
      0.9444444444444444,
      1.0,
      1.0555555555555556,
      1.1111111111111112,
      1.1666666666666665,
      1.222222222222222,
      1.2777777777777777,
      1.3333333333333333,
      1.3888888888888888,
      1.4444444444444444,
      1.5,
      1.5555555555555554,
      1.611111111111111,
      1.6666666666666665,
      1.722222222222222,
      1.7777777777777777,
      1.8333333333333333,
      1.8888888888888888,
      1.9444444444444444
    ],
    "TaskName": "Tasteratingtask",
    "TotalReadoutTime": 0.0269452,
    "UsePhilipsFloatNotDisplayScaling": 1,
    "WaterFatShift": 12.0,
    "acq_id": "SeqMm3Tr2000",
    "dataset": "ds002643",
    "modality": "bold",
    "subject_id": "011",
    "task_id": "Tasteratingtask"
  },
  "dummy_trs": 0,
  "dvars_nstd": 18.281581485526306,
  "dvars_std": 1.1428960607602339,
  "dvars_vstd": 0.9700154740058484,
  "efc": 0.4050676181560747,
  "fber": 177681.828125,
  "fd_mean": 0.09341844089044905,
  "fd_num": 9,
  "fd_perc": 2.623906705539359,
  "fwhm_avg": 1.7594551594268537,
  "fwhm_x": 1.6753933333333333,
  "fwhm_y": 1.9603599999999999,
  "fwhm_z": 1.6426121449472275,
  "gcor": 0.038128,
  "gsr_x": -0.02123510278761387,
  "gsr_y": 0.005800933577120304,
  "provenance": {
    "md5sum": "e8142a52ec4eeb8de133a5092165a1d8",
    "settings": {
      "fd_thres": 0.2,
      "testing": false
    },
    "software": "mriqc",
    "version": "23.0.1",
    "webapi_port": null,
    "webapi_url": "https://mriqc.nimh.nih.gov/api/v1"
  },
  "size_t": 343,
  "size_x": 80,
  "size_y": 80,
  "size_z": 36,
  "snr": 6.371157877685202,
  "spacing_tr": 2.0,
  "spacing_x": 3.0,
  "spacing_y": 3.0,
  "spacing_z": 3.299999952316284,
  "summary_bg_k": 52.65677242556622,
  "summary_bg_mad": 188.17329891685907,
  "summary_bg_mean": 1313.329345703125,
  "summary_bg_median": 157.87046813964844,
  "summary_bg_n": 159577.0,
  "summary_bg_p05": 10.145215797424317,
  "summary_bg_p95": 6182.64609375,
  "summary_bg_stdv": 3759.0283203125,
  "summary_fg_k": 2.7780432838346316,
  "summary_fg_mad": 9415.080063342513,
  "summary_fg_mean": 69037.953125,
  "summary_fg_median": 67596.5625,
  "summary_fg_n": 31156.0,
  "summary_fg_p05": 55515.2265625,
  "summary_fg_p95": 86730.45703125,
  "summary_fg_stdv": 10609.6064453125,
  "tsnr": 74.65086364746094
}