{
  "aor": 0.001528950437317784,
  "aqi": 0.005483231166180758,
  "bids_meta": {
    "AcquisitionNumber": 4,
    "BIDSVersion": "1.1.0",
    "BidsifyVersion": "0.3",
    "ConversionSoftware": "dcm2niix",
    "ConversionSoftwareVersion": "v1.0.20180622 GCC5.4.0",
    "EchoTime": 0.028,
    "EffectiveEchoSpacing": 0.0006909,
    "FlipAngle": 76.1,
    "ImageComments": "RepliSC",
    "ImageOrientationPatientDICOM": [
      0.997207,
      -0.0699929,
      0.0260488,
      0.0723555,
      0.991855,
      -0.104827
    ],
    "InstitutionName": "Spinoza Centre for Neuroimaging, location REC",
    "MagneticFieldStrength": 3,
    "Manufacturer": "Philips",
    "ParallelAcquisitionTechnique": "SENSE",
    "ParallelReductionFactorInPlane": 2,
    "PatientPosition": "HFS",
    "PhaseEncodingDirection": "j",
    "PhilipsRescaleIntercept": 0,
    "PhilipsRescaleSlope": 0.78803,
    "PhilipsScaleSlope": 0.0224505,
    "ProtocolName": "ses-01_task-Healthratingtask-SeqMm3_bold",
    "PulseSequenceType": "Gradient Echo EPI",
    "ReconMatrixPE": 80,
    "RepetitionTime": 2,
    "SeriesDescription": "ImageMRSERIES",
    "SeriesNumber": 4,
    "SliceEncodingDirection": "k",
    "SliceTiming": [
      0.0,
      0.05555555555555555,
      0.1111111111111111,
      0.16666666666666666,
      0.2222222222222222,
      0.2777777777777778,
      0.3333333333333333,
      0.38888888888888884,
      0.4444444444444444,
      0.5,
      0.5555555555555556,
      0.611111111111111,
      0.6666666666666666,
      0.7222222222222222,
      0.7777777777777777,
      0.8333333333333333,
      0.8888888888888888,
      0.9444444444444444,
      1.0,
      1.0555555555555556,
      1.1111111111111112,
      1.1666666666666665,
      1.222222222222222,
      1.2777777777777777,
      1.3333333333333333,
      1.3888888888888888,
      1.4444444444444444,
      1.5,
      1.5555555555555554,
      1.611111111111111,
      1.6666666666666665,
      1.722222222222222,
      1.7777777777777777,
      1.8333333333333333,
      1.8888888888888888,
      1.9444444444444444
    ],
    "TaskName": "Healthratingtask",
    "TotalReadoutTime": 0.0269452,
    "UsePhilipsFloatNotDisplayScaling": 1,
    "WaterFatShift": 12.0,
    "acq_id": "SeqMm3Tr2000",
    "dataset": "ds002643",
    "modality": "bold",
    "subject_id": "011",
    "task_id": "Healthratingtask"
  },
  "dummy_trs": 0,
  "dvars_nstd": 17.527273944999983,
  "dvars_std": 1.1534352927192975,
  "dvars_vstd": 0.9944239513450298,
  "efc": 0.4070817212219914,
  "fber": 176795.265625,
  "fd_mean": 0.08406126697804275,
  "fd_num": 6,
  "fd_perc": 1.749271137026239,
  "fwhm_avg": 1.7516840483558802,
  "fwhm_x": 1.6700333333333335,
  "fwhm_y": 1.9340733333333333,
  "fwhm_z": 1.6509454784009743,
  "gcor": 0.0384726,
  "gsr_x": -0.021777477115392685,
  "gsr_y": 0.0057027991861104965,
  "provenance": {
    "md5sum": "9f692c64fec61c29bbea11d1f4139ac6",
    "settings": {
      "fd_thres": 0.2,
      "testing": false
    },
    "software": "mriqc",
    "version": "23.0.1",
    "webapi_port": null,
    "webapi_url": "https://mriqc.nimh.nih.gov/api/v1"
  },
  "size_t": 343,
  "size_x": 80,
  "size_y": 80,
  "size_z": 36,
  "snr": 6.4436188382665955,
  "spacing_tr": 2.0,
  "spacing_x": 3.0,
  "spacing_y": 3.0,
  "spacing_z": 3.299999952316284,
  "summary_bg_k": 53.074411623631995,
  "summary_bg_mad": 183.26438478272453,
  "summary_bg_mean": 1321.236572265625,
  "summary_bg_median": 153.53848266601562,
  "summary_bg_n": 159339.0,
  "summary_bg_p05": 8.543703937530518,
  "summary_bg_p95": 6282.89038085938,
  "summary_bg_stdv": 3786.651611328125,
  "summary_fg_k": 2.6814844293938727,
  "summary_fg_mad": 9055.69960214272,
  "summary_fg_mean": 67111.8828125,
  "summary_fg_median": 65696.8203125,
  "summary_fg_n": 31309.0,
  "summary_fg_p05": 54103.053125,
  "summary_fg_p95": 84236.83125,
  "summary_fg_stdv": 10195.4775390625,
  "tsnr": 81.45458984375
}