{
  "aor": 0.001371375,
  "aqi": 0.004159024375,
  "bids_meta": {
    "AcquisitionNumber": 7,
    "BIDSVersion": "1.1.0",
    "BidsifyVersion": "0.3",
    "ConversionSoftware": "dcm2niix",
    "ConversionSoftwareVersion": "v1.0.20180622 GCC5.4.0",
    "EchoTime": 0.028,
    "EffectiveEchoSpacing": 0.0006909,
    "FlipAngle": 76.1,
    "ImageComments": "RepliSC",
    "ImageOrientationPatientDICOM": [
      0.997207,
      -0.0699929,
      0.0260488,
      0.0723555,
      0.991855,
      -0.104827
    ],
    "InstitutionName": "Spinoza Centre for Neuroimaging, location REC",
    "MagneticFieldStrength": 3,
    "Manufacturer": "Philips",
    "ParallelAcquisitionTechnique": "SENSE",
    "ParallelReductionFactorInPlane": 2,
    "PatientPosition": "HFS",
    "PhaseEncodingDirection": "j",
    "PhilipsRescaleIntercept": 0,
    "PhilipsRescaleSlope": 0.78632,
    "PhilipsScaleSlope": 0.0218661,
    "ProtocolName": "task-RestingState_acq-SeqMm3Tr2000_bold",
    "PulseSequenceType": "Gradient Echo EPI",
    "ReconMatrixPE": 80,
    "RepetitionTime": 2,
    "SeriesDescription": "ImageMRSERIES",
    "SeriesNumber": 7,
    "SliceEncodingDirection": "k",
    "SliceTiming": [
      0.0,
      0.05555555555555555,
      0.1111111111111111,
      0.16666666666666666,
      0.2222222222222222,
      0.2777777777777778,
      0.3333333333333333,
      0.38888888888888884,
      0.4444444444444444,
      0.5,
      0.5555555555555556,
      0.611111111111111,
      0.6666666666666666,
      0.7222222222222222,
      0.7777777777777777,
      0.8333333333333333,
      0.8888888888888888,
      0.9444444444444444,
      1.0,
      1.0555555555555556,
      1.1111111111111112,
      1.1666666666666665,
      1.222222222222222,
      1.2777777777777777,
      1.3333333333333333,
      1.3888888888888888,
      1.4444444444444444,
      1.5,
      1.5555555555555554,
      1.611111111111111,
      1.6666666666666665,
      1.722222222222222,
      1.7777777777777777,
      1.8333333333333333,
      1.8888888888888888,
      1.9444444444444444
    ],
    "TaskName": "RestingState",
    "TotalReadoutTime": 0.0269452,
    "UsePhilipsFloatNotDisplayScaling": 1,
    "WaterFatShift": 12.0,
    "acq_id": "SeqMm3Tr2000",
    "dataset": "ds002643",
    "modality": "bold",
    "subject_id": "011",
    "task_id": "RestingState"
  },
  "dummy_trs": 0,
  "dvars_nstd": 17.331088903849373,
  "dvars_std": 1.1645023438912145,
  "dvars_vstd": 1.0012467260669458,
  "efc": 0.40804257546302974,
  "fber": 175519.328125,
  "fd_mean": 0.06957162077197454,
  "fd_num": 2,
  "fd_perc": 0.8333333333333334,
  "fwhm_avg": 1.735494351291414,
  "fwhm_x": 1.6534733333333334,
  "fwhm_y": 1.92174,
  "fwhm_z": 1.6312697205409097,
  "gcor": 0.022699,
  "gsr_x": -0.022197332233190536,
  "gsr_y": 0.0061921230517327785,
  "provenance": {
    "md5sum": "dd1f4816c55aeaa5a01d695d6b3b9be5",
    "settings": {
      "fd_thres": 0.2,
      "testing": false
    },
    "software": "mriqc",
    "version": "23.0.1",
    "webapi_port": null,
    "webapi_url": "https://mriqc.nimh.nih.gov/api/v1"
  },
  "size_t": 240,
  "size_x": 80,
  "size_y": 80,
  "size_z": 36,
  "snr": 6.512434600142245,
  "spacing_tr": 2.0,
  "spacing_x": 3.0,
  "spacing_y": 3.0,
  "spacing_z": 3.299999952316284,
  "summary_bg_k": 47.92037050818564,
  "summary_bg_mad": 182.8253881797067,
  "summary_bg_mean": 1393.2803955078125,
  "summary_bg_median": 158.5015411376953,
  "summary_bg_n": 159249.0,
  "summary_bg_p05": 11.445072364807132,
  "summary_bg_p95": 6716.9508789062575,
  "summary_bg_stdv": 3969.888916015625,
  "summary_fg_k": 2.794797637962535,
  "summary_fg_mad": 9098.49526266478,
  "summary_fg_mean": 69476.546875,
  "summary_fg_median": 68060.125,
  "summary_fg_n": 31470.0,
  "summary_fg_p05": 55926.746484375,
  "summary_fg_p95": 87096.126171875,
  "summary_fg_stdv": 10450.6298828125,
  "tsnr": 92.40190124511719
}