{
  "aor": 0.0009524166666666667,
  "aqi": 0.008653179333333335,
  "bids_meta": {
    "AcquisitionNumber": 7,
    "BIDSVersion": "1.1.0",
    "BidsifyVersion": "0.3",
    "ConversionSoftware": "dcm2niix",
    "ConversionSoftwareVersion": "v1.0.20180622 GCC5.4.0",
    "EchoTime": 0.028,
    "EffectiveEchoSpacing": 0.0006909,
    "FlipAngle": 76.1,
    "ImageComments": "RepliSC",
    "ImageOrientationPatientDICOM": [
      0.999368,
      -0.0160364,
      0.0317377,
      0.0176185,
      0.998583,
      -0.0502156
    ],
    "InstitutionName": "Spinoza Centre for Neuroimaging, location REC",
    "MagneticFieldStrength": 3,
    "Manufacturer": "Philips",
    "ParallelAcquisitionTechnique": "SENSE",
    "ParallelReductionFactorInPlane": 2,
    "PatientPosition": "HFS",
    "PhaseEncodingDirection": "j",
    "PhilipsRescaleIntercept": 0,
    "PhilipsRescaleSlope": 0.75458,
    "PhilipsScaleSlope": 0.0266532,
    "ProtocolName": "task-RestingState_acq-SeqMm3Tr2000_bold",
    "PulseSequenceType": "Gradient Echo EPI",
    "ReconMatrixPE": 80,
    "RepetitionTime": 2,
    "SeriesDescription": "ImageMRSERIES",
    "SeriesNumber": 7,
    "SliceEncodingDirection": "k",
    "SliceTiming": [
      0.0,
      0.05555555555555555,
      0.1111111111111111,
      0.16666666666666666,
      0.2222222222222222,
      0.2777777777777778,
      0.3333333333333333,
      0.38888888888888884,
      0.4444444444444444,
      0.5,
      0.5555555555555556,
      0.611111111111111,
      0.6666666666666666,
      0.7222222222222222,
      0.7777777777777777,
      0.8333333333333333,
      0.8888888888888888,
      0.9444444444444444,
      1.0,
      1.0555555555555556,
      1.1111111111111112,
      1.1666666666666665,
      1.222222222222222,
      1.2777777777777777,
      1.3333333333333333,
      1.3888888888888888,
      1.4444444444444444,
      1.5,
      1.5555555555555554,
      1.611111111111111,
      1.6666666666666665,
      1.722222222222222,
      1.7777777777777777,
      1.8333333333333333,
      1.8888888888888888,
      1.9444444444444444
    ],
    "TaskName": "RestingState",
    "TotalReadoutTime": 0.0269452,
    "UsePhilipsFloatNotDisplayScaling": 1,
    "WaterFatShift": 12.0,
    "acq_id": "SeqMm3Tr2000",
    "dataset": "ds002643",
    "modality": "bold",
    "subject_id": "051",
    "task_id": "RestingState"
  },
  "dummy_trs": 0,
  "dvars_nstd": 23.540930751924687,
  "dvars_std": 1.0985593453974887,
  "dvars_vstd": 0.9630785466108785,
  "efc": 0.40224021207485067,
  "fber": 141524.40625,
  "fd_mean": 0.24347750354018408,
  "fd_num": 143,
  "fd_perc": 59.583333333333336,
  "fwhm_avg": 1.8026489979307112,
  "fwhm_x": 1.7820733333333332,
  "fwhm_y": 1.9583433333333333,
  "fwhm_z": 1.6675303271254671,
  "gcor": 0.0505519,
  "gsr_x": -0.015333777293562889,
  "gsr_y": 0.003256974508985877,
  "provenance": {
    "md5sum": "c19a242045fcac6789f99ab7a43f2d47",
    "settings": {
      "fd_thres": 0.2,
      "testing": false
    },
    "software": "mriqc",
    "version": "23.0.1",
    "webapi_port": null,
    "webapi_url": "https://mriqc.nimh.nih.gov/api/v1"
  },
  "size_t": 240,
  "size_x": 80,
  "size_y": 80,
  "size_z": 36,
  "snr": 5.6165453960647715,
  "spacing_tr": 2.0,
  "spacing_x": 3.0,
  "spacing_y": 3.0,
  "spacing_z": 3.299999952316284,
  "summary_bg_k": 92.72855437596296,
  "summary_bg_mad": 165.93679655546148,
  "summary_bg_mean": 1084.29833984375,
  "summary_bg_median": 143.26744079589844,
  "summary_bg_n": 159581.0,
  "summary_bg_p05": 10.143381118774414,
  "summary_bg_p95": 4652.384765625,
  "summary_bg_stdv": 3422.1875,
  "summary_fg_k": 1.9699786732683169,
  "summary_fg_mad": 8312.927473501246,
  "summary_fg_mean": 56262.29296875,
  "summary_fg_median": 54403.3203125,
  "summary_fg_n": 31294.0,
  "summary_fg_p05": 44327.9556640625,
  "summary_fg_p95": 74697.516015625,
  "summary_fg_stdv": 9686.10546875,
  "tsnr": 63.2856559753418
}