{
  "aor": 0.002547580174927114,
  "aqi": 0.006108344635568513,
  "bids_meta": {
    "AcquisitionNumber": 4,
    "BIDSVersion": "1.1.0",
    "BidsifyVersion": "0.3",
    "ConversionSoftware": "dcm2niix",
    "ConversionSoftwareVersion": "v1.0.20180622 GCC5.4.0",
    "EchoTime": 0.028,
    "EffectiveEchoSpacing": 0.0006909,
    "FlipAngle": 76.1,
    "ImageComments": "RepliSC",
    "ImageOrientationPatientDICOM": [
      0.999368,
      -0.0160364,
      0.0317377,
      0.0176185,
      0.998583,
      -0.0502156
    ],
    "InstitutionName": "Spinoza Centre for Neuroimaging, location REC",
    "MagneticFieldStrength": 3,
    "Manufacturer": "Philips",
    "ParallelAcquisitionTechnique": "SENSE",
    "ParallelReductionFactorInPlane": 2,
    "PatientPosition": "HFS",
    "PhaseEncodingDirection": "j",
    "PhilipsRescaleIntercept": 0,
    "PhilipsRescaleSlope": 0.76777,
    "PhilipsScaleSlope": 0.0255023,
    "ProtocolName": "task-Healthratingtask_acq-SeqMm3Tr2000_bold",
    "PulseSequenceType": "Gradient Echo EPI",
    "ReconMatrixPE": 80,
    "RepetitionTime": 2,
    "SeriesDescription": "ImageMRSERIES",
    "SeriesNumber": 4,
    "SliceEncodingDirection": "k",
    "SliceTiming": [
      0.0,
      0.05555555555555555,
      0.1111111111111111,
      0.16666666666666666,
      0.2222222222222222,
      0.2777777777777778,
      0.3333333333333333,
      0.38888888888888884,
      0.4444444444444444,
      0.5,
      0.5555555555555556,
      0.611111111111111,
      0.6666666666666666,
      0.7222222222222222,
      0.7777777777777777,
      0.8333333333333333,
      0.8888888888888888,
      0.9444444444444444,
      1.0,
      1.0555555555555556,
      1.1111111111111112,
      1.1666666666666665,
      1.222222222222222,
      1.2777777777777777,
      1.3333333333333333,
      1.3888888888888888,
      1.4444444444444444,
      1.5,
      1.5555555555555554,
      1.611111111111111,
      1.6666666666666665,
      1.722222222222222,
      1.7777777777777777,
      1.8333333333333333,
      1.8888888888888888,
      1.9444444444444444
    ],
    "TaskName": "Healthratingtask",
    "TotalReadoutTime": 0.0269452,
    "UsePhilipsFloatNotDisplayScaling": 1,
    "WaterFatShift": 12.0,
    "acq_id": "SeqMm3Tr2000",
    "dataset": "ds002643",
    "modality": "bold",
    "subject_id": "051",
    "task_id": "Healthratingtask"
  },
  "dummy_trs": 0,
  "dvars_nstd": 22.756219808011696,
  "dvars_std": 1.2410746467836262,
  "dvars_vstd": 1.0285785206140343,
  "efc": 0.4025789372923787,
  "fber": 155341.34375,
  "fd_mean": 0.18175432910975936,
  "fd_num": 113,
  "fd_perc": 32.94460641399417,
  "fwhm_avg": 1.8111481899410526,
  "fwhm_x": 1.7960033333333334,
  "fwhm_y": 1.9509866666666669,
  "fwhm_z": 1.6864545698231577,
  "gcor": 0.0542893,
  "gsr_x": -0.01643786020576954,
  "gsr_y": 0.007332529406994581,
  "provenance": {
    "md5sum": "65448be1820178ea4d01f5f1e69c330c",
    "settings": {
      "fd_thres": 0.2,
      "testing": false
    },
    "software": "mriqc",
    "version": "23.0.1",
    "webapi_port": null,
    "webapi_url": "https://mriqc.nimh.nih.gov/api/v1"
  },
  "size_t": 343,
  "size_x": 80,
  "size_y": 80,
  "size_z": 36,
  "snr": 5.519409864957119,
  "spacing_tr": 2.0,
  "spacing_x": 3.0,
  "spacing_y": 3.0,
  "spacing_z": 3.299999952316284,
  "summary_bg_k": 135.56995322513592,
  "summary_bg_mad": 158.03749041954177,
  "summary_bg_mean": 1153.5953369140625,
  "summary_bg_median": 138.19009399414062,
  "summary_bg_n": 159538.0,
  "summary_bg_p05": 9.420976781845093,
  "summary_bg_p95": 4723.52434082031,
  "summary_bg_stdv": 3988.645751953125,
  "summary_fg_k": 1.9294673587816185,
  "summary_fg_mad": 8536.878592596959,
  "summary_fg_mean": 57268.16796875,
  "summary_fg_median": 55361.59375,
  "summary_fg_n": 31338.0,
  "summary_fg_p05": 44784.711328125,
  "summary_fg_p95": 76191.94531249999,
  "summary_fg_stdv": 10030.1865234375,
  "tsnr": 76.73880004882812
}