{
  "aor": 0.0007879300291545189,
  "aqi": 0.014338239183673468,
  "bids_meta": {
    "AcquisitionNumber": 3,
    "BIDSVersion": "1.1.0",
    "BidsifyVersion": "0.3",
    "ConversionSoftware": "dcm2niix",
    "ConversionSoftwareVersion": "v1.0.20180622 GCC5.4.0",
    "EchoTime": 0.028,
    "EffectiveEchoSpacing": 0.0006909,
    "FlipAngle": 76.1,
    "ImageComments": "RepliSC",
    "ImageOrientationPatientDICOM": [
      0.999368,
      -0.0160364,
      0.0317377,
      0.0176185,
      0.998583,
      -0.0502156
    ],
    "InstitutionName": "Spinoza Centre for Neuroimaging, location REC",
    "MagneticFieldStrength": 3,
    "Manufacturer": "Philips",
    "ParallelAcquisitionTechnique": "SENSE",
    "ParallelReductionFactorInPlane": 2,
    "PatientPosition": "HFS",
    "PhaseEncodingDirection": "j",
    "PhilipsRescaleIntercept": 0,
    "PhilipsRescaleSlope": 0.76313,
    "PhilipsScaleSlope": 0.0247804,
    "ProtocolName": "task-Tasteratingtask_acq-SeqMm3Tr2000_bold",
    "PulseSequenceType": "Gradient Echo EPI",
    "ReconMatrixPE": 80,
    "RepetitionTime": 2,
    "SeriesDescription": "ImageMRSERIES",
    "SeriesNumber": 3,
    "SliceEncodingDirection": "k",
    "SliceTiming": [
      0.0,
      0.05555555555555555,
      0.1111111111111111,
      0.16666666666666666,
      0.2222222222222222,
      0.2777777777777778,
      0.3333333333333333,
      0.38888888888888884,
      0.4444444444444444,
      0.5,
      0.5555555555555556,
      0.611111111111111,
      0.6666666666666666,
      0.7222222222222222,
      0.7777777777777777,
      0.8333333333333333,
      0.8888888888888888,
      0.9444444444444444,
      1.0,
      1.0555555555555556,
      1.1111111111111112,
      1.1666666666666665,
      1.222222222222222,
      1.2777777777777777,
      1.3333333333333333,
      1.3888888888888888,
      1.4444444444444444,
      1.5,
      1.5555555555555554,
      1.611111111111111,
      1.6666666666666665,
      1.722222222222222,
      1.7777777777777777,
      1.8333333333333333,
      1.8888888888888888,
      1.9444444444444444
    ],
    "TaskName": "Tasteratingtask",
    "TotalReadoutTime": 0.0269452,
    "UsePhilipsFloatNotDisplayScaling": 1,
    "WaterFatShift": 12.0,
    "acq_id": "SeqMm3Tr2000",
    "dataset": "ds002643",
    "modality": "bold",
    "subject_id": "051",
    "task_id": "Tasteratingtask"
  },
  "dummy_trs": 0,
  "dvars_nstd": 23.03152978918128,
  "dvars_std": 1.090040887573099,
  "dvars_vstd": 0.9324887590350881,
  "efc": 0.4020176494638445,
  "fber": 145398.25,
  "fd_mean": 0.2258342841278962,
  "fd_num": 190,
  "fd_perc": 55.393586005830905,
  "fwhm_avg": 1.8232262706964288,
  "fwhm_x": 1.8253000000000001,
  "fwhm_y": 1.9688666666666668,
  "fwhm_z": 1.6755121454226196,
  "gcor": 0.0385041,
  "gsr_x": -0.01633700728416443,
  "gsr_y": 0.009328983724117279,
  "provenance": {
    "md5sum": "49aea3618cab116621027cbd03f7b527",
    "settings": {
      "fd_thres": 0.2,
      "testing": false
    },
    "software": "mriqc",
    "version": "23.0.1",
    "webapi_port": null,
    "webapi_url": "https://mriqc.nimh.nih.gov/api/v1"
  },
  "size_t": 343,
  "size_x": 80,
  "size_y": 80,
  "size_z": 36,
  "snr": 5.446312236370187,
  "spacing_tr": 2.0,
  "spacing_x": 3.0,
  "spacing_y": 3.0,
  "spacing_z": 3.299999952316284,
  "summary_bg_k": 150.46708799705948,
  "summary_bg_mad": 165.8939661012045,
  "summary_bg_mean": 1172.2037353515625,
  "summary_bg_median": 146.9731903076172,
  "summary_bg_n": 159546.0,
  "summary_bg_p05": 13.350554943084717,
  "summary_bg_p95": 4808.896240234375,
  "summary_bg_stdv": 4092.595458984375,
  "summary_fg_k": 2.13789064136477,
  "summary_fg_mad": 8787.623692801719,
  "summary_fg_mean": 58502.36328125,
  "summary_fg_median": 56512.625,
  "summary_fg_n": 31324.0,
  "summary_fg_p05": 45731.1498046875,
  "summary_fg_p95": 78002.73203124998,
  "summary_fg_stdv": 10376.14453125,
  "tsnr": 52.47886657714844
}