{
  "aor": 0.0011184256559766766,
  "aqi": 0.00769476472303207,
  "bids_meta": {
    "AcquisitionNumber": 6,
    "BIDSVersion": "1.1.0",
    "BidsifyVersion": "0.3",
    "ConversionSoftware": "dcm2niix",
    "ConversionSoftwareVersion": "v1.0.20180622 GCC5.4.0",
    "EchoTime": 0.028,
    "EffectiveEchoSpacing": 0.0006909,
    "FlipAngle": 76.1,
    "ImageComments": "RepliSC",
    "ImageOrientationPatientDICOM": [
      0.999368,
      -0.0160364,
      0.0317377,
      0.0176185,
      0.998583,
      -0.0502156
    ],
    "InstitutionName": "Spinoza Centre for Neuroimaging, location REC",
    "MagneticFieldStrength": 3,
    "Manufacturer": "Philips",
    "ParallelAcquisitionTechnique": "SENSE",
    "ParallelReductionFactorInPlane": 2,
    "PatientPosition": "HFS",
    "PhaseEncodingDirection": "j",
    "PhilipsRescaleIntercept": 0,
    "PhilipsRescaleSlope": 0.77582,
    "PhilipsScaleSlope": 0.0259589,
    "ProtocolName": "task-Decisiontask_acq-SeqMm3Tr2000_bold",
    "PulseSequenceType": "Gradient Echo EPI",
    "ReconMatrixPE": 80,
    "RepetitionTime": 2,
    "SeriesDescription": "ImageMRSERIES",
    "SeriesNumber": 6,
    "SliceEncodingDirection": "k",
    "SliceTiming": [
      0.0,
      0.05555555555555555,
      0.1111111111111111,
      0.16666666666666666,
      0.2222222222222222,
      0.2777777777777778,
      0.3333333333333333,
      0.38888888888888884,
      0.4444444444444444,
      0.5,
      0.5555555555555556,
      0.611111111111111,
      0.6666666666666666,
      0.7222222222222222,
      0.7777777777777777,
      0.8333333333333333,
      0.8888888888888888,
      0.9444444444444444,
      1.0,
      1.0555555555555556,
      1.1111111111111112,
      1.1666666666666665,
      1.222222222222222,
      1.2777777777777777,
      1.3333333333333333,
      1.3888888888888888,
      1.4444444444444444,
      1.5,
      1.5555555555555554,
      1.611111111111111,
      1.6666666666666665,
      1.722222222222222,
      1.7777777777777777,
      1.8333333333333333,
      1.8888888888888888,
      1.9444444444444444
    ],
    "TaskName": "Decisiontask",
    "TotalReadoutTime": 0.0269452,
    "UsePhilipsFloatNotDisplayScaling": 1,
    "WaterFatShift": 12.0,
    "acq_id": "SeqMm3Tr2000",
    "dataset": "ds002643",
    "modality": "bold",
    "subject_id": "051",
    "task_id": "Decisiontask"
  },
  "dummy_trs": 0,
  "dvars_nstd": 23.721986341315795,
  "dvars_std": 1.184367225906432,
  "dvars_vstd": 0.9840689983918126,
  "efc": 0.403007461971686,
  "fber": 152907.8125,
  "fd_mean": 0.1873539719160201,
  "fd_num": 117,
  "fd_perc": 34.11078717201166,
  "fwhm_avg": 1.7991914221837029,
  "fwhm_x": 1.7926366666666667,
  "fwhm_y": 1.9352133333333335,
  "fwhm_z": 1.6697242665511083,
  "gcor": 0.0377037,
  "gsr_x": -0.01644718460738659,
  "gsr_y": 0.008011617697775364,
  "provenance": {
    "md5sum": "f87074c32b6f92b1c707a3a1b9401fb8",
    "settings": {
      "fd_thres": 0.2,
      "testing": false
    },
    "software": "mriqc",
    "version": "23.0.1",
    "webapi_port": null,
    "webapi_url": "https://mriqc.nimh.nih.gov/api/v1"
  },
  "size_t": 343,
  "size_x": 80,
  "size_y": 80,
  "size_z": 36,
  "snr": 5.577393140273231,
  "spacing_tr": 2.0,
  "spacing_x": 3.0,
  "spacing_y": 3.0,
  "spacing_z": 3.299999952316284,
  "summary_bg_k": 137.63355671662885,
  "summary_bg_mad": 157.09718294637236,
  "summary_bg_mean": 1153.4412841796875,
  "summary_bg_median": 137.68447875976562,
  "summary_bg_n": 159552.0,
  "summary_bg_p05": 10.204013109207153,
  "summary_bg_p95": 4762.210253906241,
  "summary_bg_stdv": 3963.5712890625,
  "summary_fg_k": 1.9627499747295971,
  "summary_fg_mad": 8360.46630283954,
  "summary_fg_mean": 56590.12109375,
  "summary_fg_median": 54747.6171875,
  "summary_fg_n": 31326.0,
  "summary_fg_p05": 44461.2578125,
  "summary_fg_p95": 75141.30859375,
  "summary_fg_stdv": 9815.830078125,
  "tsnr": 69.94021606445312
}