{
  "bids_meta": {
    "AcquisitionNumber": 2,
    "BIDSVersion": "1.1.0",
    "BidsifyVersion": "0.3",
    "ConversionSoftware": "dcm2niix",
    "ConversionSoftwareVersion": "v1.0.20180622 GCC5.4.0",
    "EchoTime": 0.00376,
    "ImageComments": "RepliSC",
    "ImageOrientationPatientDICOM": [
      0.998762,
      0.0388599,
      0.031055,
      -0.0364484,
      0.996535,
      -0.0747686
    ],
    "InstitutionName": "Spinoza Centre for Neuroimaging, location REC",
    "InversionTime": 0.9,
    "MagneticFieldStrength": 3,
    "Manufacturer": "Philips",
    "ParallelAcquisitionTechnique": "SENSE",
    "PatientPosition": "HFS",
    "PhilipsRescaleIntercept": 0,
    "PhilipsRescaleSlope": 3.41636,
    "PhilipsScaleSlope": 0.00500278,
    "ProtocolName": "acq-AxialNsig1Mm1_T1w",
    "ReconMatrixPE": 240,
    "RepetitionTime": 0.0082,
    "SeriesDescription": "ImageMRSERIES",
    "SeriesNumber": 2,
    "UsePhilipsFloatNotDisplayScaling": 1,
    "acq_id": "AxialNsig1Mm1",
    "dataset": "ds002643",
    "modality": "T1w",
    "subject_id": "025"
  },
  "cjv": 0.2615571069047905,
  "cnr": 4.873899538294606,
  "efc": 0.6923913916225947,
  "fber": -1.0,
  "fwhm_avg": 4.238259825389009,
  "fwhm_x": 4.2077,
  "fwhm_y": 4.394229476167026,
  "fwhm_z": 4.11285,
  "icvs_csf": 0.22975358869588325,
  "icvs_gm": 0.451312789025156,
  "icvs_wm": 0.31893362227896077,
  "inu_med": 0.5911924839019775,
  "inu_range": 0.20103603601455688,
  "provenance": {
    "md5sum": "75a6572134e17714fa2862b383531613",
    "settings": {
      "testing": false
    },
    "software": "mriqc",
    "version": "23.0.1",
    "warnings": {
      "large_rot_frame": true,
      "small_air_mask": false
    },
    "webapi_port": null,
    "webapi_url": "https://mriqc.nimh.nih.gov/api/v1"
  },
  "qi_1": 0.01089861323584634,
  "qi_2": 3.567513221968447e-05,
  "rpve_csf": 23.016874005351188,
  "rpve_gm": 12.490240320547361,
  "rpve_wm": 20.646728129481662,
  "size_x": 240,
  "size_y": 240,
  "size_z": 220,
  "snr_csf": 1.3726062992686017,
  "snr_gm": 8.59344273612446,
  "snr_total": 11.77450400196553,
  "snr_wm": 25.35746297050353,
  "snrd_csf": 16.48343808964405,
  "snrd_gm": 70.33227186550636,
  "snrd_total": 67.65728571146904,
  "snrd_wm": 116.15614717925672,
  "spacing_x": 1.0,
  "spacing_y": 1.0000001192092896,
  "spacing_z": 1.0,
  "summary_bg_k": 607.6302238384908,
  "summary_bg_mad": 0.0,
  "summary_bg_mean": 1.9509012929031735,
  "summary_bg_median": 0.0,
  "summary_bg_n": 365351.0,
  "summary_bg_p05": 0.0,
  "summary_bg_p95": 11.114007437601686,
  "summary_bg_stdv": 5.640269074348721,
  "summary_csf_k": 0.751910346817871,
  "summary_csf_mad": 104.18865086044379,
  "summary_csf_mean": 159.02095095861418,
  "summary_csf_median": 141.91094571445137,
  "summary_csf_n": 36318.0,
  "summary_csf_p05": 28.886940440163016,
  "summary_csf_p95": 357.0973244740628,
  "summary_csf_stdv": 103.38652244943628,
  "summary_gm_k": 0.344048277780582,
  "summary_gm_mad": 67.35108538171328,
  "summary_gm_mean": 607.5605529224911,
  "summary_gm_median": 605.5119787752628,
  "summary_gm_n": 48794.0,
  "summary_gm_p05": 494.34820715524256,
  "summary_gm_p95": 724.6463184158317,
  "summary_gm_stdv": 70.46137299769673,
  "summary_wm_k": 1.133483146467431,
  "summary_wm_mad": 35.836258262570446,
  "summary_wm_mean": 999.1767943239354,
  "summary_wm_median": 1000.0236969441175,
  "summary_wm_n": 192968.0,
  "summary_wm_p05": 933.4581385385245,
  "summary_wm_p95": 1060.9730085209012,
  "summary_wm_stdv": 39.43695419922025,
  "tpm_overlap_csf": 0.1584276400507269,
  "tpm_overlap_gm": 0.48523254987179987,
  "tpm_overlap_wm": 0.5132280369162042,
  "wm2max": 0.7058272563056132
}