{
  "bids_meta": {
    "AcquisitionNumber": 2,
    "BIDSVersion": "1.1.0",
    "BidsifyVersion": "0.3",
    "ConversionSoftware": "dcm2niix",
    "ConversionSoftwareVersion": "v1.0.20180622 GCC5.4.0",
    "EchoTime": 0.00389,
    "ImageComments": "RepliSC",
    "ImageOrientationPatientDICOM": [
      0.998059,
      -0.0600115,
      0.0166191,
      0.0622679,
      0.959579,
      -0.274464
    ],
    "InstitutionName": "Spinoza Centre for Neuroimaging, location REC",
    "InversionTime": 0.9,
    "MagneticFieldStrength": 3,
    "Manufacturer": "Philips",
    "ParallelAcquisitionTechnique": "SENSE",
    "PatientPosition": "HFS",
    "PhilipsRescaleIntercept": 0,
    "PhilipsRescaleSlope": 5.25861,
    "PhilipsScaleSlope": 0.00561984,
    "ProtocolName": "acq-AxialNsig1Mm1_T1w",
    "ReconMatrixPE": 240,
    "RepetitionTime": 0.008415,
    "SeriesDescription": "ImageMRSERIES",
    "SeriesNumber": 2,
    "UsePhilipsFloatNotDisplayScaling": 1,
    "acq_id": "AxialNsig1Mm1",
    "dataset": "ds002643",
    "modality": "T1w",
    "subject_id": "032"
  },
  "cjv": 0.2867820724856615,
  "cnr": 4.5016529718950915,
  "efc": 0.7076629501478938,
  "fber": -1.0,
  "fwhm_avg": 4.261136666666666,
  "fwhm_x": 4.17948,
  "fwhm_y": 4.3785,
  "fwhm_z": 4.22543,
  "icvs_csf": 0.2289488459150215,
  "icvs_gm": 0.4312987743173022,
  "icvs_wm": 0.33975237976767636,
  "inu_med": 0.5804486870765686,
  "inu_range": 0.21772257089614866,
  "provenance": {
    "md5sum": "92995d6f8d7e2a4631dc7578e827c155",
    "settings": {
      "testing": false
    },
    "software": "mriqc",
    "version": "23.0.1",
    "warnings": {
      "large_rot_frame": true,
      "small_air_mask": false
    },
    "webapi_port": null,
    "webapi_url": "https://mriqc.nimh.nih.gov/api/v1"
  },
  "qi_1": 0.0,
  "qi_2": 9.632573606397387e-05,
  "rpve_csf": 24.96520289049472,
  "rpve_gm": 13.683166810588723,
  "rpve_wm": 20.84398771767867,
  "size_x": 240,
  "size_y": 240,
  "size_z": 220,
  "snr_csf": 1.491342222774369,
  "snr_gm": 8.401245356638189,
  "snr_total": 11.816752133757541,
  "snr_wm": 25.55766882186007,
  "snrd_csf": 14.755048113477164,
  "snrd_gm": 56.19811872618631,
  "snrd_total": 53.780214912066164,
  "snrd_wm": 90.38747789653502,
  "spacing_x": 1.0,
  "spacing_y": 1.0,
  "spacing_z": 1.0,
  "summary_bg_k": 75.75045573453754,
  "summary_bg_mad": 0.0,
  "summary_bg_mean": 3.6735008074806283,
  "summary_bg_median": 0.0,
  "summary_bg_n": 312442.0,
  "summary_bg_p05": 0.0,
  "summary_bg_p95": 20.594208627939224,
  "summary_bg_stdv": 7.248087915665243,
  "summary_csf_k": 0.7760153904026255,
  "summary_csf_mad": 106.27031408194375,
  "summary_csf_mean": 184.7133839387612,
  "summary_csf_median": 163.24216747283936,
  "summary_csf_n": 31929.0,
  "summary_csf_p05": 45.36866373196244,
  "summary_csf_p95": 393.3682785630226,
  "summary_csf_stdv": 109.45818379527964,
  "summary_gm_k": 0.1926092664541761,
  "summary_gm_mad": 72.55093600586078,
  "summary_gm_mean": 622.6391774599099,
  "summary_gm_median": 621.7467159852386,
  "summary_gm_n": 35365.0,
  "summary_gm_p05": 502.900183121115,
  "summary_gm_p95": 745.807929199189,
  "summary_gm_stdv": 74.00544789558619,
  "summary_wm_k": 0.9082493530903415,
  "summary_wm_mad": 35.9253186978828,
  "summary_wm_mean": 999.697178586937,
  "summary_wm_median": 999.9999790415168,
  "summary_wm_n": 185776.0,
  "summary_wm_p05": 935.8556319847703,
  "summary_wm_p95": 1062.656441759318,
  "summary_wm_stdv": 39.127093108324324,
  "tpm_overlap_csf": 0.14287343873801894,
  "tpm_overlap_gm": 0.47735126037684283,
  "tpm_overlap_wm": 0.5188891545860377,
  "wm2max": 0.7406202445295692
}