{
  "bids_meta": {
    "AcquisitionNumber": 2,
    "BIDSVersion": "1.1.0",
    "BidsifyVersion": "0.3",
    "ConversionSoftware": "dcm2niix",
    "ConversionSoftwareVersion": "v1.0.20180622 GCC5.4.0",
    "EchoTime": 0.00376,
    "ImageComments": "RepliSC",
    "ImageOrientationPatientDICOM": [
      0.999023,
      -0.0283876,
      -0.0338699,
      0.0254624,
      0.996151,
      -0.0838723
    ],
    "InstitutionName": "Spinoza Centre for Neuroimaging, location REC",
    "InversionTime": 0.9,
    "MagneticFieldStrength": 3,
    "Manufacturer": "Philips",
    "ParallelAcquisitionTechnique": "SENSE",
    "PatientPosition": "HFS",
    "PhilipsRescaleIntercept": 0,
    "PhilipsRescaleSlope": 4.12137,
    "PhilipsScaleSlope": 0.00478999,
    "ProtocolName": "acq-AxialNsig1Mm1_T1w",
    "ReconMatrixPE": 240,
    "RepetitionTime": 0.008206,
    "SeriesDescription": "ImageMRSERIES",
    "SeriesNumber": 2,
    "UsePhilipsFloatNotDisplayScaling": 1,
    "acq_id": "AxialNsig1Mm1",
    "dataset": "ds002643",
    "modality": "T1w",
    "subject_id": "040"
  },
  "cjv": 0.2850630364595454,
  "cnr": 4.504249759826527,
  "efc": 0.7008567306994985,
  "fber": -1.0,
  "fwhm_avg": 4.219476666666666,
  "fwhm_x": 4.17722,
  "fwhm_y": 4.4068,
  "fwhm_z": 4.07441,
  "icvs_csf": 0.2360868363047849,
  "icvs_gm": 0.42313626827758927,
  "icvs_wm": 0.34077689541762585,
  "inu_med": 0.5381760001182556,
  "inu_range": 0.17445413470268245,
  "provenance": {
    "md5sum": "76d42e6375d0f3430a8a1d70c9be313d",
    "settings": {
      "testing": false
    },
    "software": "mriqc",
    "version": "23.0.1",
    "warnings": {
      "large_rot_frame": true,
      "small_air_mask": false
    },
    "webapi_port": null,
    "webapi_url": "https://mriqc.nimh.nih.gov/api/v1"
  },
  "qi_1": 0.0,
  "qi_2": 2.3138668642769283e-05,
  "rpve_csf": 26.477431712717173,
  "rpve_gm": 14.983402643473186,
  "rpve_wm": 21.880372336178677,
  "size_x": 240,
  "size_y": 240,
  "size_z": 220,
  "snr_csf": 1.5683965971115659,
  "snr_gm": 8.561100866450806,
  "snr_total": 12.356785743675376,
  "snr_wm": 26.94085976746376,
  "snrd_csf": 13.101390939969235,
  "snrd_gm": 47.823029172211186,
  "snrd_total": 45.70069568744401,
  "snrd_wm": 76.1776669501516,
  "spacing_x": 1.0,
  "spacing_y": 1.0,
  "spacing_z": 1.0,
  "summary_bg_k": 58.867268700251934,
  "summary_bg_mad": 0.0,
  "summary_bg_mean": 4.4377638189517485,
  "summary_bg_median": 0.0,
  "summary_bg_n": 416251.0,
  "summary_bg_p05": 0.0,
  "summary_bg_p95": 20.216808635741472,
  "summary_bg_stdv": 8.600018551915815,
  "summary_csf_k": 0.5502396865572314,
  "summary_csf_mad": 107.63641378890017,
  "summary_csf_mean": 190.8294167484129,
  "summary_csf_median": 171.98281936347485,
  "summary_csf_n": 51902.0,
  "summary_csf_p05": 45.06259901449084,
  "summary_csf_p95": 396.4120018752291,
  "summary_csf_stdv": 109.6541288528874,
  "summary_gm_k": 0.1424640300115394,
  "summary_gm_mad": 72.74714917701765,
  "summary_gm_mean": 629.52584066447,
  "summary_gm_median": 627.7760449424386,
  "summary_gm_n": 47917.0,
  "summary_gm_p05": 512.9299313910306,
  "summary_gm_p95": 753.1891549564898,
  "summary_gm_stdv": 73.32812730981533,
  "summary_wm_k": 1.0644699322530826,
  "summary_wm_mad": 33.35707366826829,
  "summary_wm_mean": 999.0933959754905,
  "summary_wm_median": 999.9892373755574,
  "summary_wm_n": 189641.0,
  "summary_wm_p05": 936.7121334560215,
  "summary_wm_p95": 1057.2163698077202,
  "summary_wm_stdv": 37.11784291485284,
  "tpm_overlap_csf": 0.13599365637366195,
  "tpm_overlap_gm": 0.46410291550529437,
  "tpm_overlap_wm": 0.5011626027526666,
  "wm2max": 0.7563509640437728
}