{
  "aor": 0.001519625,
  "aqi": 0.0054921065,
  "bids_meta": {
    "AcquisitionNumber": 7,
    "BIDSVersion": "1.1.0",
    "BidsifyVersion": "0.3",
    "ConversionSoftware": "dcm2niix",
    "ConversionSoftwareVersion": "v1.0.20180622 GCC5.4.0",
    "EchoTime": 0.028,
    "EffectiveEchoSpacing": 0.0006909,
    "FlipAngle": 76.1,
    "ImageComments": "RepliSC",
    "ImageOrientationPatientDICOM": [
      0.998709,
      0.0299106,
      -0.0410478,
      -0.0380174,
      0.976166,
      -0.213669
    ],
    "InstitutionName": "Spinoza Centre for Neuroimaging, location REC",
    "MagneticFieldStrength": 3,
    "Manufacturer": "Philips",
    "ParallelAcquisitionTechnique": "SENSE",
    "ParallelReductionFactorInPlane": 2,
    "PatientPosition": "HFS",
    "PhaseEncodingDirection": "j",
    "PhilipsRescaleIntercept": 0,
    "PhilipsRescaleSlope": 0.76313,
    "PhilipsScaleSlope": 0.022539,
    "ProtocolName": "task-RestingState_acq-SeqMm3Tr2000_bold",
    "PulseSequenceType": "Gradient Echo EPI",
    "ReconMatrixPE": 80,
    "RepetitionTime": 2,
    "SeriesDescription": "ImageMRSERIES",
    "SeriesNumber": 7,
    "SliceEncodingDirection": "k",
    "SliceTiming": [
      0.0,
      0.05555555555555555,
      0.1111111111111111,
      0.16666666666666666,
      0.2222222222222222,
      0.2777777777777778,
      0.3333333333333333,
      0.38888888888888884,
      0.4444444444444444,
      0.5,
      0.5555555555555556,
      0.611111111111111,
      0.6666666666666666,
      0.7222222222222222,
      0.7777777777777777,
      0.8333333333333333,
      0.8888888888888888,
      0.9444444444444444,
      1.0,
      1.0555555555555556,
      1.1111111111111112,
      1.1666666666666665,
      1.222222222222222,
      1.2777777777777777,
      1.3333333333333333,
      1.3888888888888888,
      1.4444444444444444,
      1.5,
      1.5555555555555554,
      1.611111111111111,
      1.6666666666666665,
      1.722222222222222,
      1.7777777777777777,
      1.8333333333333333,
      1.8888888888888888,
      1.9444444444444444
    ],
    "TaskName": "RestingState",
    "TotalReadoutTime": 0.0269452,
    "UsePhilipsFloatNotDisplayScaling": 1,
    "WaterFatShift": 12.0,
    "acq_id": "SeqMm3Tr2000",
    "dataset": "ds002643",
    "modality": "bold",
    "subject_id": "052",
    "task_id": "RestingState"
  },
  "dummy_trs": 0,
  "dvars_nstd": 23.018106755648528,
  "dvars_std": 1.3059973809205028,
  "dvars_vstd": 0.9808848659414224,
  "efc": 0.45524615685627573,
  "fber": 139592.59375,
  "fd_mean": 0.09487529001017078,
  "fd_num": 13,
  "fd_perc": 5.416666666666667,
  "fwhm_avg": 1.8066979879496186,
  "fwhm_x": 1.7434066666666668,
  "fwhm_y": 1.98426,
  "fwhm_z": 1.6924272971821885,
  "gcor": 0.0268505,
  "gsr_x": -0.00931114237755537,
  "gsr_y": 0.014784321188926697,
  "provenance": {
    "md5sum": "f063de7a6a4cef768711bd00fbf19d2e",
    "settings": {
      "fd_thres": 0.2,
      "testing": false
    },
    "software": "mriqc",
    "version": "23.0.1",
    "webapi_port": null,
    "webapi_url": "https://mriqc.nimh.nih.gov/api/v1"
  },
  "size_t": 240,
  "size_x": 80,
  "size_y": 80,
  "size_z": 36,
  "snr": 5.912012697722837,
  "spacing_tr": 2.0,
  "spacing_x": 3.0,
  "spacing_y": 3.0,
  "spacing_z": 3.299999952316284,
  "summary_bg_k": 83.59987031586981,
  "summary_bg_mad": 203.07188063088512,
  "summary_bg_mean": 1265.8243408203125,
  "summary_bg_median": 173.3612823486328,
  "summary_bg_n": 147219.0,
  "summary_bg_p05": 10.09534673690796,
  "summary_bg_p95": 6579.573779296882,
  "summary_bg_stdv": 3520.73193359375,
  "summary_fg_k": 1.890320471668292,
  "summary_fg_mad": 9954.495344329704,
  "summary_fg_mean": 67507.3828125,
  "summary_fg_median": 65907.8515625,
  "summary_fg_n": 41928.0,
  "summary_fg_p05": 53220.3681640625,
  "summary_fg_p95": 88452.04140625,
  "summary_fg_stdv": 11147.9912109375,
  "tsnr": 83.29986572265625
}