{
  "aor": 0.0017828279883381924,
  "aqi": 0.005357252303206996,
  "bids_meta": {
    "AcquisitionNumber": 6,
    "BIDSVersion": "1.1.0",
    "BidsifyVersion": "0.3",
    "ConversionSoftware": "dcm2niix",
    "ConversionSoftwareVersion": "v1.0.20180622 GCC5.4.0",
    "EchoTime": 0.028,
    "EffectiveEchoSpacing": 0.0006909,
    "FlipAngle": 76.1,
    "ImageComments": "RepliSC",
    "ImageOrientationPatientDICOM": [
      0.998709,
      0.0299106,
      -0.0410478,
      -0.0380174,
      0.976166,
      -0.213669
    ],
    "InstitutionName": "Spinoza Centre for Neuroimaging, location REC",
    "MagneticFieldStrength": 3,
    "Manufacturer": "Philips",
    "ParallelAcquisitionTechnique": "SENSE",
    "ParallelReductionFactorInPlane": 2,
    "PatientPosition": "HFS",
    "PhaseEncodingDirection": "j",
    "PhilipsRescaleIntercept": 0,
    "PhilipsRescaleSlope": 0.74725,
    "PhilipsScaleSlope": 0.0221383,
    "ProtocolName": "task-Decisiontask_acq-SeqMm3Tr2000_bold",
    "PulseSequenceType": "Gradient Echo EPI",
    "ReconMatrixPE": 80,
    "RepetitionTime": 2,
    "SeriesDescription": "ImageMRSERIES",
    "SeriesNumber": 6,
    "SliceEncodingDirection": "k",
    "SliceTiming": [
      0.0,
      0.05555555555555555,
      0.1111111111111111,
      0.16666666666666666,
      0.2222222222222222,
      0.2777777777777778,
      0.3333333333333333,
      0.38888888888888884,
      0.4444444444444444,
      0.5,
      0.5555555555555556,
      0.611111111111111,
      0.6666666666666666,
      0.7222222222222222,
      0.7777777777777777,
      0.8333333333333333,
      0.8888888888888888,
      0.9444444444444444,
      1.0,
      1.0555555555555556,
      1.1111111111111112,
      1.1666666666666665,
      1.222222222222222,
      1.2777777777777777,
      1.3333333333333333,
      1.3888888888888888,
      1.4444444444444444,
      1.5,
      1.5555555555555554,
      1.611111111111111,
      1.6666666666666665,
      1.722222222222222,
      1.7777777777777777,
      1.8333333333333333,
      1.8888888888888888,
      1.9444444444444444
    ],
    "TaskName": "Decisiontask",
    "TotalReadoutTime": 0.0269452,
    "UsePhilipsFloatNotDisplayScaling": 1,
    "WaterFatShift": 12.0,
    "acq_id": "SeqMm3Tr2000",
    "dataset": "ds002643",
    "modality": "bold",
    "subject_id": "052",
    "task_id": "Decisiontask"
  },
  "dummy_trs": 0,
  "dvars_nstd": 23.361862338859645,
  "dvars_std": 1.3513572602046784,
  "dvars_vstd": 1.0125418971637425,
  "efc": 0.4544339248437234,
  "fber": 138591.046875,
  "fd_mean": 0.09068858938706116,
  "fd_num": 11,
  "fd_perc": 3.206997084548105,
  "fwhm_avg": 1.7920507151102079,
  "fwhm_x": 1.7252333333333334,
  "fwhm_y": 1.9817733333333332,
  "fwhm_z": 1.6691454786639572,
  "gcor": 0.0285062,
  "gsr_x": -0.009319502860307693,
  "gsr_y": 0.01411120593547821,
  "provenance": {
    "md5sum": "4756ca38db5d140990fe80899ebcc009",
    "settings": {
      "fd_thres": 0.2,
      "testing": false
    },
    "software": "mriqc",
    "version": "23.0.1",
    "webapi_port": null,
    "webapi_url": "https://mriqc.nimh.nih.gov/api/v1"
  },
  "size_t": 343,
  "size_x": 80,
  "size_y": 80,
  "size_z": 36,
  "snr": 5.9708834294841475,
  "spacing_tr": 2.0,
  "spacing_x": 3.0,
  "spacing_y": 3.0,
  "spacing_z": 3.299999952316284,
  "summary_bg_k": 78.50823456853335,
  "summary_bg_mad": 201.3157047535796,
  "summary_bg_mean": 1245.5826416015625,
  "summary_bg_median": 173.428955078125,
  "summary_bg_n": 147410.0,
  "summary_bg_p05": 11.837930250167847,
  "summary_bg_p95": 6492.041162109374,
  "summary_bg_stdv": 3428.698974609375,
  "summary_fg_k": 1.8826025423717514,
  "summary_fg_mad": 9923.957213477439,
  "summary_fg_mean": 67198.4609375,
  "summary_fg_median": 65639.109375,
  "summary_fg_n": 41782.0,
  "summary_fg_p05": 53085.4044921875,
  "summary_fg_p95": 87661.92421874999,
  "summary_fg_stdv": 10993.0673828125,
  "tsnr": 83.97245025634766
}