{
  "aor": 0.0028752199413489736,
  "aqi": 0.013850331759530793,
  "bids_meta": {
    "AcquisitionNumber": 5,
    "BIDSVersion": "1.1.0",
    "BidsifyVersion": "0.3.7",
    "ConversionSoftware": "dcm2niix",
    "ConversionSoftwareVersion": "v1.0.20190902",
    "EchoTime": 0.028,
    "EffectiveEchoSpacing": 0.0006909,
    "FlipAngle": 76.1,
    "ImageComments": "RepliSC",
    "ImageOrientationPatientDICOM": [
      0.994075,
      -0.105835,
      0.0247622,
      0.108693,
      0.967568,
      -0.22803
    ],
    "InstitutionName": "Spinoza Centre for Neuroimaging, location RE",
    "MagneticFieldStrength": 3,
    "Manufacturer": "Philips",
    "ParallelAcquisitionTechnique": "SENSE",
    "ParallelReductionFactorInPlane": 2,
    "PatientPosition": "HFS",
    "PhaseEncodingDirection": "j",
    "PhilipsRescaleIntercept": 0,
    "PhilipsRescaleSlope": 0.77167,
    "PhilipsScaleSlope": 0.0251154,
    "ProtocolName": "task-Tasteratingtask_acq-SeqMm3Tr2000_bold",
    "PulseSequenceType": "Gradient Echo EPI",
    "ReconMatrixPE": 80,
    "RepetitionTime": 2,
    "SeriesDescription": "ImageMRSERIES",
    "SeriesNumber": 5,
    "SliceEncodingDirection": "k",
    "SliceTiming": [
      0.0,
      0.05555555555555555,
      0.1111111111111111,
      0.16666666666666666,
      0.2222222222222222,
      0.2777777777777778,
      0.3333333333333333,
      0.38888888888888884,
      0.4444444444444444,
      0.5,
      0.5555555555555556,
      0.611111111111111,
      0.6666666666666666,
      0.7222222222222222,
      0.7777777777777777,
      0.8333333333333333,
      0.8888888888888888,
      0.9444444444444444,
      1.0,
      1.0555555555555556,
      1.1111111111111112,
      1.1666666666666665,
      1.222222222222222,
      1.2777777777777777,
      1.3333333333333333,
      1.3888888888888888,
      1.4444444444444444,
      1.5,
      1.5555555555555554,
      1.611111111111111,
      1.6666666666666665,
      1.722222222222222,
      1.7777777777777777,
      1.8333333333333333,
      1.8888888888888888,
      1.9444444444444444
    ],
    "TaskName": "Tasteratingtask",
    "TotalReadoutTime": 0.0269452,
    "UsePhilipsFloatNotDisplayScaling": 1,
    "WaterFatShift": 12.0,
    "acq_id": "SeqMm3Tr2000",
    "dataset": "ds002643",
    "modality": "bold",
    "subject_id": "047",
    "task_id": "Tasteratingtask"
  },
  "dummy_trs": 2,
  "dvars_nstd": 26.19933767891177,
  "dvars_std": 1.1765516679705885,
  "dvars_vstd": 0.9815267882647054,
  "efc": 0.4208913543243402,
  "fber": 140166.046875,
  "fd_mean": 0.24006097599190873,
  "fd_num": 125,
  "fd_perc": 36.65689149560117,
  "fwhm_avg": 1.7342957652084945,
  "fwhm_x": 1.7545766666666667,
  "fwhm_y": 1.8636166666666665,
  "fwhm_z": 1.5846939622921505,
  "gcor": 0.0337594,
  "gsr_x": -0.011716272681951523,
  "gsr_y": 0.009722262620925903,
  "provenance": {
    "md5sum": "6ae5029241ab4688c6497964ffe92548",
    "settings": {
      "fd_thres": 0.2,
      "testing": false
    },
    "software": "mriqc",
    "version": "23.0.1",
    "webapi_port": null,
    "webapi_url": "https://mriqc.nimh.nih.gov/api/v1"
  },
  "size_t": 341,
  "size_x": 80,
  "size_y": 80,
  "size_z": 36,
  "snr": 6.240909971660412,
  "spacing_tr": 2.0,
  "spacing_x": 3.0,
  "spacing_y": 3.0,
  "spacing_z": 3.299999952316284,
  "summary_bg_k": 139.7706650309429,
  "summary_bg_mad": 184.5408035811334,
  "summary_bg_mean": 1256.46630859375,
  "summary_bg_median": 153.6489715576172,
  "summary_bg_n": 156964.0,
  "summary_bg_p05": 15.18925485610962,
  "summary_bg_p95": 5771.827343750002,
  "summary_bg_stdv": 3362.676025390625,
  "summary_fg_k": 2.027364712064455,
  "summary_fg_mad": 8513.84323976842,
  "summary_fg_mean": 57721.4296875,
  "summary_fg_median": 56600.6484375,
  "summary_fg_n": 33592.0,
  "summary_fg_p05": 45932.5373046875,
  "summary_fg_p95": 73078.0328125,
  "summary_fg_stdv": 9069.1591796875,
  "tsnr": 51.94257354736328
}