{
  "aor": 0.002041545189504373,
  "aqi": 0.010957937551020409,
  "bids_meta": {
    "AcquisitionNumber": 8,
    "BIDSVersion": "1.1.0",
    "BidsifyVersion": "0.3.7",
    "ConversionSoftware": "dcm2niix",
    "ConversionSoftwareVersion": "v1.0.20190902",
    "EchoTime": 0.028,
    "EffectiveEchoSpacing": 0.0006909,
    "FlipAngle": 76.1,
    "ImageComments": "RepliSC",
    "ImageOrientationPatientDICOM": [
      0.994075,
      -0.105835,
      0.0247622,
      0.108693,
      0.967568,
      -0.22803
    ],
    "InstitutionName": "Spinoza Centre for Neuroimaging, location RE",
    "MagneticFieldStrength": 3,
    "Manufacturer": "Philips",
    "ParallelAcquisitionTechnique": "SENSE",
    "ParallelReductionFactorInPlane": 2,
    "PatientPosition": "HFS",
    "PhaseEncodingDirection": "j",
    "PhilipsRescaleIntercept": 0,
    "PhilipsRescaleSlope": 0.79634,
    "PhilipsScaleSlope": 0.0256113,
    "ProtocolName": "task-Decisiontask_acq-SeqMm3Tr2000_bold",
    "PulseSequenceType": "Gradient Echo EPI",
    "ReconMatrixPE": 80,
    "RepetitionTime": 2,
    "SeriesDescription": "ImageMRSERIES",
    "SeriesNumber": 8,
    "SliceEncodingDirection": "k",
    "SliceTiming": [
      0.0,
      0.05555555555555555,
      0.1111111111111111,
      0.16666666666666666,
      0.2222222222222222,
      0.2777777777777778,
      0.3333333333333333,
      0.38888888888888884,
      0.4444444444444444,
      0.5,
      0.5555555555555556,
      0.611111111111111,
      0.6666666666666666,
      0.7222222222222222,
      0.7777777777777777,
      0.8333333333333333,
      0.8888888888888888,
      0.9444444444444444,
      1.0,
      1.0555555555555556,
      1.1111111111111112,
      1.1666666666666665,
      1.222222222222222,
      1.2777777777777777,
      1.3333333333333333,
      1.3888888888888888,
      1.4444444444444444,
      1.5,
      1.5555555555555554,
      1.611111111111111,
      1.6666666666666665,
      1.722222222222222,
      1.7777777777777777,
      1.8333333333333333,
      1.8888888888888888,
      1.9444444444444444
    ],
    "TaskName": "Decisiontask",
    "TotalReadoutTime": 0.0269452,
    "UsePhilipsFloatNotDisplayScaling": 1,
    "WaterFatShift": 12.0,
    "acq_id": "SeqMm3Tr2000",
    "dataset": "ds002643",
    "modality": "bold",
    "subject_id": "047",
    "task_id": "Decisiontask"
  },
  "dummy_trs": 0,
  "dvars_nstd": 24.91822818845028,
  "dvars_std": 1.2852417373099405,
  "dvars_vstd": 0.9740235324853801,
  "efc": 0.4263420168846883,
  "fber": 130754.3515625,
  "fd_mean": 0.10049263877116855,
  "fd_num": 22,
  "fd_perc": 6.41399416909621,
  "fwhm_avg": 1.7393625329643996,
  "fwhm_x": 1.7520166666666668,
  "fwhm_y": 1.8649466666666665,
  "fwhm_z": 1.601124265559865,
  "gcor": 0.0211481,
  "gsr_x": -0.01324964128434658,
  "gsr_y": 0.004600707907229662,
  "provenance": {
    "md5sum": "1485fe01194ca936477c7292734b565f",
    "settings": {
      "fd_thres": 0.2,
      "testing": false
    },
    "software": "mriqc",
    "version": "23.0.1",
    "webapi_port": null,
    "webapi_url": "https://mriqc.nimh.nih.gov/api/v1"
  },
  "size_t": 343,
  "size_x": 80,
  "size_y": 80,
  "size_z": 36,
  "snr": 6.186567937311667,
  "spacing_tr": 2.0,
  "spacing_x": 3.0,
  "spacing_y": 3.0,
  "spacing_z": 3.299999952316284,
  "summary_bg_k": 100.79418633278986,
  "summary_bg_mad": 186.0489638113632,
  "summary_bg_mean": 1323.079833984375,
  "summary_bg_median": 155.26416015625,
  "summary_bg_n": 156199.0,
  "summary_bg_p05": 14.236103916168215,
  "summary_bg_p95": 6125.480224609379,
  "summary_bg_stdv": 3471.008056640625,
  "summary_fg_k": 2.080671945115525,
  "summary_fg_mad": 8737.559806560032,
  "summary_fg_mean": 57857.8984375,
  "summary_fg_median": 56746.8203125,
  "summary_fg_n": 34020.0,
  "summary_fg_p05": 46124.7048828125,
  "summary_fg_p95": 73374.0359375,
  "summary_fg_stdv": 9172.4501953125,
  "tsnr": 62.19343566894531
}