{
  "aor": 0.006464402332361515,
  "aqi": 0.02902812737609329,
  "bids_meta": {
    "AcquisitionNumber": 6,
    "BIDSVersion": "1.1.0",
    "BidsifyVersion": "0.3.7",
    "ConversionSoftware": "dcm2niix",
    "ConversionSoftwareVersion": "v1.0.20190902",
    "EchoTime": 0.028,
    "EffectiveEchoSpacing": 0.0006909,
    "FlipAngle": 76.1,
    "ImageComments": "RepliSC",
    "ImageOrientationPatientDICOM": [
      0.994075,
      -0.105835,
      0.0247622,
      0.108693,
      0.967568,
      -0.22803
    ],
    "InstitutionName": "Spinoza Centre for Neuroimaging, location RE",
    "MagneticFieldStrength": 3,
    "Manufacturer": "Philips",
    "ParallelAcquisitionTechnique": "SENSE",
    "ParallelReductionFactorInPlane": 2,
    "PatientPosition": "HFS",
    "PhaseEncodingDirection": "j",
    "PhilipsRescaleIntercept": 0,
    "PhilipsRescaleSlope": 0.77265,
    "PhilipsScaleSlope": 0.0260871,
    "ProtocolName": "task-Healthratingtask_acq-SeqMm3Tr2000_bold",
    "PulseSequenceType": "Gradient Echo EPI",
    "ReconMatrixPE": 80,
    "RepetitionTime": 2,
    "SeriesDescription": "ImageMRSERIES",
    "SeriesNumber": 6,
    "SliceEncodingDirection": "k",
    "SliceTiming": [
      0.0,
      0.05555555555555555,
      0.1111111111111111,
      0.16666666666666666,
      0.2222222222222222,
      0.2777777777777778,
      0.3333333333333333,
      0.38888888888888884,
      0.4444444444444444,
      0.5,
      0.5555555555555556,
      0.611111111111111,
      0.6666666666666666,
      0.7222222222222222,
      0.7777777777777777,
      0.8333333333333333,
      0.8888888888888888,
      0.9444444444444444,
      1.0,
      1.0555555555555556,
      1.1111111111111112,
      1.1666666666666665,
      1.222222222222222,
      1.2777777777777777,
      1.3333333333333333,
      1.3888888888888888,
      1.4444444444444444,
      1.5,
      1.5555555555555554,
      1.611111111111111,
      1.6666666666666665,
      1.722222222222222,
      1.7777777777777777,
      1.8333333333333333,
      1.8888888888888888,
      1.9444444444444444
    ],
    "TaskName": "Healthratingtask",
    "TotalReadoutTime": 0.0269452,
    "UsePhilipsFloatNotDisplayScaling": 1,
    "WaterFatShift": 12.0,
    "acq_id": "SeqMm3Tr2000",
    "dataset": "ds002643",
    "modality": "bold",
    "subject_id": "047",
    "task_id": "Healthratingtask"
  },
  "dummy_trs": 0,
  "dvars_nstd": 26.565729018625753,
  "dvars_std": 1.1205836620175438,
  "dvars_vstd": 0.9239488890643281,
  "efc": 0.4234044622893368,
  "fber": 131507.203125,
  "fd_mean": 0.18220308473026323,
  "fd_num": 84,
  "fd_perc": 24.489795918367346,
  "fwhm_avg": 1.7541166742965428,
  "fwhm_x": 1.78724,
  "fwhm_y": 1.8910099999999999,
  "fwhm_z": 1.584100022889629,
  "gcor": 0.0251774,
  "gsr_x": -0.012303207069635391,
  "gsr_y": 0.009924737736582756,
  "provenance": {
    "md5sum": "d9c824d0901774bff42503f0c9372a08",
    "settings": {
      "fd_thres": 0.2,
      "testing": false
    },
    "software": "mriqc",
    "version": "23.0.1",
    "webapi_port": null,
    "webapi_url": "https://mriqc.nimh.nih.gov/api/v1"
  },
  "size_t": 343,
  "size_x": 80,
  "size_y": 80,
  "size_z": 36,
  "snr": 6.202400407695539,
  "spacing_tr": 2.0,
  "spacing_x": 3.0,
  "spacing_y": 3.0,
  "spacing_z": 3.299999952316284,
  "summary_bg_k": 135.8724217465021,
  "summary_bg_mad": 187.67006794381297,
  "summary_bg_mean": 1288.316650390625,
  "summary_bg_median": 156.442138671875,
  "summary_bg_n": 156586.0,
  "summary_bg_p05": 13.473912239074707,
  "summary_bg_p95": 5864.6405029296875,
  "summary_bg_stdv": 3462.98779296875,
  "summary_fg_k": 2.100318428081488,
  "summary_fg_mad": 8646.365291584647,
  "summary_fg_mean": 58006.140625,
  "summary_fg_median": 56898.796875,
  "summary_fg_n": 33848.0,
  "summary_fg_p05": 46109.6521484375,
  "summary_fg_p95": 73595.31914062498,
  "summary_fg_stdv": 9173.5380859375,
  "tsnr": 44.70942687988281
}