{
  "aor": 0.0013762499999999999,
  "aqi": 0.008851711416666666,
  "bids_meta": {
    "AcquisitionNumber": 7,
    "BIDSVersion": "1.1.0",
    "BidsifyVersion": "0.3",
    "ConversionSoftware": "dcm2niix",
    "ConversionSoftwareVersion": "v1.0.20180622 GCC5.4.0",
    "EchoTime": 0.028,
    "EffectiveEchoSpacing": 0.0006909,
    "FlipAngle": 76.1,
    "ImageComments": "RepliSC",
    "ImageOrientationPatientDICOM": [
      0.998399,
      0.0564834,
      -0.0028269,
      -0.0552948,
      0.964459,
      -0.258384
    ],
    "InstitutionName": "Spinoza Centre for Neuroimaging, location REC",
    "MagneticFieldStrength": 3,
    "Manufacturer": "Philips",
    "ParallelAcquisitionTechnique": "SENSE",
    "ParallelReductionFactorInPlane": 2,
    "PatientPosition": "HFS",
    "PhaseEncodingDirection": "j",
    "PhilipsRescaleIntercept": 0,
    "PhilipsRescaleSlope": 0.77021,
    "PhilipsScaleSlope": 0.0226359,
    "ProtocolName": "task-RestingState_acq-SeqMm3Tr2000_bold",
    "PulseSequenceType": "Gradient Echo EPI",
    "ReconMatrixPE": 80,
    "RepetitionTime": 2,
    "SeriesDescription": "ImageMRSERIES",
    "SeriesNumber": 7,
    "SliceEncodingDirection": "k",
    "SliceTiming": [
      0.0,
      0.05555555555555555,
      0.1111111111111111,
      0.16666666666666666,
      0.2222222222222222,
      0.2777777777777778,
      0.3333333333333333,
      0.38888888888888884,
      0.4444444444444444,
      0.5,
      0.5555555555555556,
      0.611111111111111,
      0.6666666666666666,
      0.7222222222222222,
      0.7777777777777777,
      0.8333333333333333,
      0.8888888888888888,
      0.9444444444444444,
      1.0,
      1.0555555555555556,
      1.1111111111111112,
      1.1666666666666665,
      1.222222222222222,
      1.2777777777777777,
      1.3333333333333333,
      1.3888888888888888,
      1.4444444444444444,
      1.5,
      1.5555555555555554,
      1.611111111111111,
      1.6666666666666665,
      1.722222222222222,
      1.7777777777777777,
      1.8333333333333333,
      1.8888888888888888,
      1.9444444444444444
    ],
    "TaskName": "RestingState",
    "TotalReadoutTime": 0.0269452,
    "UsePhilipsFloatNotDisplayScaling": 1,
    "WaterFatShift": 12.0,
    "acq_id": "SeqMm3Tr2000",
    "dataset": "ds002643",
    "modality": "bold",
    "subject_id": "038",
    "task_id": "RestingState"
  },
  "dummy_trs": 0,
  "dvars_nstd": 25.74800813753137,
  "dvars_std": 1.1948471926778244,
  "dvars_vstd": 0.9867075598326364,
  "efc": 0.4697233130219885,
  "fber": 88669.640625,
  "fd_mean": 0.24289975465843677,
  "fd_num": 149,
  "fd_perc": 62.083333333333336,
  "fwhm_avg": 1.8121811191415624,
  "fwhm_x": 1.80375,
  "fwhm_y": 1.9655266666666666,
  "fwhm_z": 1.6672666907580214,
  "gcor": 0.049869,
  "gsr_x": -0.011348163709044456,
  "gsr_y": 0.015333146788179874,
  "provenance": {
    "md5sum": "ebf205ce922ba842257a18181f8d5bfe",
    "settings": {
      "fd_thres": 0.2,
      "testing": false
    },
    "software": "mriqc",
    "version": "23.0.1",
    "webapi_port": null,
    "webapi_url": "https://mriqc.nimh.nih.gov/api/v1"
  },
  "size_t": 240,
  "size_x": 80,
  "size_y": 80,
  "size_z": 36,
  "snr": 5.816316039063765,
  "spacing_tr": 2.0,
  "spacing_x": 3.0,
  "spacing_y": 3.0,
  "spacing_z": 3.299999952316284,
  "summary_bg_k": 72.49314654148127,
  "summary_bg_mad": 241.43418475632438,
  "summary_bg_mean": 1614.8345947265625,
  "summary_bg_median": 205.95652770996094,
  "summary_bg_n": 145982.0,
  "summary_bg_p05": 12.466727352142335,
  "summary_bg_p95": 8357.453417968749,
  "summary_bg_stdv": 4543.61474609375,
  "summary_fg_k": 2.3185473280173747,
  "summary_fg_mad": 9638.80242154904,
  "summary_fg_mean": 63313.76171875,
  "summary_fg_median": 61785.8359375,
  "summary_fg_n": 43021.0,
  "summary_fg_p05": 49534.15625,
  "summary_fg_p95": 81343.8203125,
  "summary_fg_stdv": 10622.7236328125,
  "tsnr": 64.44000244140625
}