{
  "aor": 0.004169241982507289,
  "aqi": 0.012721103935860059,
  "bids_meta": {
    "AcquisitionNumber": 4,
    "BIDSVersion": "1.1.0",
    "BidsifyVersion": "0.3",
    "ConversionSoftware": "dcm2niix",
    "ConversionSoftwareVersion": "v1.0.20180622 GCC5.4.0",
    "EchoTime": 0.028,
    "EffectiveEchoSpacing": 0.0006909,
    "FlipAngle": 76.1,
    "ImageComments": "RepliSC",
    "ImageOrientationPatientDICOM": [
      0.998399,
      0.0564834,
      -0.0028269,
      -0.0552948,
      0.964459,
      -0.258384
    ],
    "InstitutionName": "Spinoza Centre for Neuroimaging, location REC",
    "MagneticFieldStrength": 3,
    "Manufacturer": "Philips",
    "ParallelAcquisitionTechnique": "SENSE",
    "ParallelReductionFactorInPlane": 2,
    "PatientPosition": "HFS",
    "PhaseEncodingDirection": "j",
    "PhilipsRescaleIntercept": 0,
    "PhilipsRescaleSlope": 0.7685,
    "PhilipsScaleSlope": 0.0225136,
    "ProtocolName": "task-Tasteratingtask_acq-SeqMm3Tr2000_bold",
    "PulseSequenceType": "Gradient Echo EPI",
    "ReconMatrixPE": 80,
    "RepetitionTime": 2,
    "SeriesDescription": "ImageMRSERIES",
    "SeriesNumber": 4,
    "SliceEncodingDirection": "k",
    "SliceTiming": [
      0.0,
      0.05555555555555555,
      0.1111111111111111,
      0.16666666666666666,
      0.2222222222222222,
      0.2777777777777778,
      0.3333333333333333,
      0.38888888888888884,
      0.4444444444444444,
      0.5,
      0.5555555555555556,
      0.611111111111111,
      0.6666666666666666,
      0.7222222222222222,
      0.7777777777777777,
      0.8333333333333333,
      0.8888888888888888,
      0.9444444444444444,
      1.0,
      1.0555555555555556,
      1.1111111111111112,
      1.1666666666666665,
      1.222222222222222,
      1.2777777777777777,
      1.3333333333333333,
      1.3888888888888888,
      1.4444444444444444,
      1.5,
      1.5555555555555554,
      1.611111111111111,
      1.6666666666666665,
      1.722222222222222,
      1.7777777777777777,
      1.8333333333333333,
      1.8888888888888888,
      1.9444444444444444
    ],
    "TaskName": "Tasteratingtask",
    "TotalReadoutTime": 0.0269452,
    "UsePhilipsFloatNotDisplayScaling": 1,
    "WaterFatShift": 12.0,
    "acq_id": "SeqMm3Tr2000",
    "dataset": "ds002643",
    "modality": "bold",
    "subject_id": "038",
    "task_id": "Tasteratingtask"
  },
  "dummy_trs": 0,
  "dvars_nstd": 22.751907936842105,
  "dvars_std": 1.153348877105264,
  "dvars_vstd": 1.00686594736842,
  "efc": 0.4674828988354226,
  "fber": 103632.78125,
  "fd_mean": 0.21674923452550576,
  "fd_num": 148,
  "fd_perc": 43.14868804664723,
  "fwhm_avg": 1.8526312202749526,
  "fwhm_x": 1.8500766666666666,
  "fwhm_y": 2.014953333333333,
  "fwhm_z": 1.6928636608248575,
  "gcor": 0.0285513,
  "gsr_x": -0.012635351158678532,
  "gsr_y": 0.016710733994841576,
  "provenance": {
    "md5sum": "44ca338fc1a019be4638b329c84613f6",
    "settings": {
      "fd_thres": 0.2,
      "testing": false
    },
    "software": "mriqc",
    "version": "23.0.1",
    "webapi_port": null,
    "webapi_url": "https://mriqc.nimh.nih.gov/api/v1"
  },
  "size_t": 343,
  "size_x": 80,
  "size_y": 80,
  "size_z": 36,
  "snr": 5.643985228384683,
  "spacing_tr": 2.0,
  "spacing_x": 3.0,
  "spacing_y": 3.0,
  "spacing_z": 3.299999952316284,
  "summary_bg_k": 69.29953567904897,
  "summary_bg_mad": 232.36484030916694,
  "summary_bg_mean": 1551.56640625,
  "summary_bg_median": 191.99615478515625,
  "summary_bg_n": 146119.0,
  "summary_bg_p05": 12.546477317810066,
  "summary_bg_p95": 8007.15200195313,
  "summary_bg_stdv": 4341.87158203125,
  "summary_fg_k": 2.061630931310164,
  "summary_fg_mad": 10034.84253916735,
  "summary_fg_mean": 63026.5703125,
  "summary_fg_median": 61489.390625,
  "summary_fg_n": 42822.0,
  "summary_fg_p05": 48512.838671875,
  "summary_fg_p95": 81706.931640625,
  "summary_fg_stdv": 10894.548828125,
  "tsnr": 54.98194122314453
}