{
  "aor": 0.001945947521865889,
  "aqi": 0.007375939125364432,
  "bids_meta": {
    "AcquisitionNumber": 3,
    "BIDSVersion": "1.1.0",
    "BidsifyVersion": "0.3",
    "ConversionSoftware": "dcm2niix",
    "ConversionSoftwareVersion": "v1.0.20180622 GCC5.4.0",
    "EchoTime": 0.028,
    "EffectiveEchoSpacing": 0.0006909,
    "FlipAngle": 76.1,
    "ImageComments": "RepliSC",
    "ImageOrientationPatientDICOM": [
      0.998399,
      0.0564834,
      -0.0028269,
      -0.0552948,
      0.964459,
      -0.258384
    ],
    "InstitutionName": "Spinoza Centre for Neuroimaging, location REC",
    "MagneticFieldStrength": 3,
    "Manufacturer": "Philips",
    "ParallelAcquisitionTechnique": "SENSE",
    "ParallelReductionFactorInPlane": 2,
    "PatientPosition": "HFS",
    "PhaseEncodingDirection": "j",
    "PhilipsRescaleIntercept": 0,
    "PhilipsRescaleSlope": 0.74579,
    "PhilipsScaleSlope": 0.0225203,
    "ProtocolName": "task-Healthratingtask_acq-SeqMm3Tr2000_bold",
    "PulseSequenceType": "Gradient Echo EPI",
    "ReconMatrixPE": 80,
    "RepetitionTime": 2,
    "SeriesDescription": "ImageMRSERIES",
    "SeriesNumber": 3,
    "SliceEncodingDirection": "k",
    "SliceTiming": [
      0.0,
      0.05555555555555555,
      0.1111111111111111,
      0.16666666666666666,
      0.2222222222222222,
      0.2777777777777778,
      0.3333333333333333,
      0.38888888888888884,
      0.4444444444444444,
      0.5,
      0.5555555555555556,
      0.611111111111111,
      0.6666666666666666,
      0.7222222222222222,
      0.7777777777777777,
      0.8333333333333333,
      0.8888888888888888,
      0.9444444444444444,
      1.0,
      1.0555555555555556,
      1.1111111111111112,
      1.1666666666666665,
      1.222222222222222,
      1.2777777777777777,
      1.3333333333333333,
      1.3888888888888888,
      1.4444444444444444,
      1.5,
      1.5555555555555554,
      1.611111111111111,
      1.6666666666666665,
      1.722222222222222,
      1.7777777777777777,
      1.8333333333333333,
      1.8888888888888888,
      1.9444444444444444
    ],
    "TaskName": "Healthratingtask",
    "TotalReadoutTime": 0.0269452,
    "UsePhilipsFloatNotDisplayScaling": 1,
    "WaterFatShift": 12.0,
    "acq_id": "SeqMm3Tr2000",
    "dataset": "ds002643",
    "modality": "bold",
    "subject_id": "038",
    "task_id": "Healthratingtask"
  },
  "dummy_trs": 0,
  "dvars_nstd": 22.03556331818713,
  "dvars_std": 1.158459459795322,
  "dvars_vstd": 0.9974060419298248,
  "efc": 0.4663696326638414,
  "fber": 108066.40625,
  "fd_mean": 0.2044321674819651,
  "fd_num": 132,
  "fd_perc": 38.48396501457726,
  "fwhm_avg": 1.8439517253260267,
  "fwhm_x": 1.8368066666666667,
  "fwhm_y": 2.0020666666666664,
  "fwhm_z": 1.692981842644747,
  "gcor": 0.0364711,
  "gsr_x": -0.012553163804113865,
  "gsr_y": 0.016706371679902077,
  "provenance": {
    "md5sum": "8405bd62a2ce30056a8744ed688109b1",
    "settings": {
      "fd_thres": 0.2,
      "testing": false
    },
    "software": "mriqc",
    "version": "23.0.1",
    "webapi_port": null,
    "webapi_url": "https://mriqc.nimh.nih.gov/api/v1"
  },
  "size_t": 343,
  "size_x": 80,
  "size_y": 80,
  "size_z": 36,
  "snr": 5.612010869588986,
  "spacing_tr": 2.0,
  "spacing_x": 3.0,
  "spacing_y": 3.0,
  "spacing_z": 3.299999952316284,
  "summary_bg_k": 74.44625511581641,
  "summary_bg_mad": 228.26441109071843,
  "summary_bg_mean": 1534.94140625,
  "summary_bg_median": 188.00909423828125,
  "summary_bg_n": 146195.0,
  "summary_bg_p05": 11.180652141571047,
  "summary_bg_p95": 7795.789062499998,
  "summary_bg_stdv": 4379.62255859375,
  "summary_fg_k": 2.0781484095198195,
  "summary_fg_mad": 10060.443488803694,
  "summary_fg_mean": 63468.140625,
  "summary_fg_median": 61844.2109375,
  "summary_fg_n": 42796.0,
  "summary_fg_p05": 48850.7666015625,
  "summary_fg_p95": 82255.857421875,
  "summary_fg_stdv": 11019.8447265625,
  "tsnr": 67.82211303710938
}