{
  "aor": 0.0048895,
  "aqi": 0.006861138166666667,
  "bids_meta": {
    "AcquisitionNumber": 7,
    "BIDSVersion": "1.1.0",
    "BidsifyVersion": "0.3",
    "ConversionSoftware": "dcm2niix",
    "ConversionSoftwareVersion": "v1.0.20180622 GCC5.4.0",
    "EchoTime": 0.028,
    "EffectiveEchoSpacing": 0.0006909,
    "FlipAngle": 76.1,
    "ImageComments": "RepliSC",
    "ImageOrientationPatientDICOM": [
      0.999689,
      0.0144448,
      0.0203205,
      -0.00994561,
      0.97845,
      -0.206246
    ],
    "InstitutionName": "Spinoza Centre for Neuroimaging, location REC",
    "MagneticFieldStrength": 3,
    "Manufacturer": "Philips",
    "ParallelAcquisitionTechnique": "SENSE",
    "ParallelReductionFactorInPlane": 2,
    "PatientPosition": "HFS",
    "PhaseEncodingDirection": "j",
    "PhilipsRescaleIntercept": 0,
    "PhilipsRescaleSlope": 0.80147,
    "PhilipsScaleSlope": 0.021222,
    "ProtocolName": "task-RestingState_acq-SeqMm3Tr2000_bold",
    "PulseSequenceType": "Gradient Echo EPI",
    "ReconMatrixPE": 80,
    "RepetitionTime": 2,
    "SeriesDescription": "ImageMRSERIES",
    "SeriesNumber": 7,
    "SliceEncodingDirection": "k",
    "SliceTiming": [
      0.0,
      0.05555555555555555,
      0.1111111111111111,
      0.16666666666666666,
      0.2222222222222222,
      0.2777777777777778,
      0.3333333333333333,
      0.38888888888888884,
      0.4444444444444444,
      0.5,
      0.5555555555555556,
      0.611111111111111,
      0.6666666666666666,
      0.7222222222222222,
      0.7777777777777777,
      0.8333333333333333,
      0.8888888888888888,
      0.9444444444444444,
      1.0,
      1.0555555555555556,
      1.1111111111111112,
      1.1666666666666665,
      1.222222222222222,
      1.2777777777777777,
      1.3333333333333333,
      1.3888888888888888,
      1.4444444444444444,
      1.5,
      1.5555555555555554,
      1.611111111111111,
      1.6666666666666665,
      1.722222222222222,
      1.7777777777777777,
      1.8333333333333333,
      1.8888888888888888,
      1.9444444444444444
    ],
    "TaskName": "RestingState",
    "TotalReadoutTime": 0.0269452,
    "UsePhilipsFloatNotDisplayScaling": 1,
    "WaterFatShift": 12.0,
    "acq_id": "SeqMm3Tr2000",
    "dataset": "ds002643",
    "modality": "bold",
    "subject_id": "006",
    "task_id": "RestingState"
  },
  "dummy_trs": 0,
  "dvars_nstd": 23.857742030167365,
  "dvars_std": 1.3914076794142258,
  "dvars_vstd": 1.041098212677824,
  "efc": 0.4162674646985665,
  "fber": 175817.203125,
  "fd_mean": 0.16761753858250164,
  "fd_num": 53,
  "fd_perc": 22.083333333333332,
  "fwhm_avg": 1.8451016245102074,
  "fwhm_x": 1.7931333333333335,
  "fwhm_y": 2.008853333333333,
  "fwhm_z": 1.7333182068639554,
  "gcor": 0.0332378,
  "gsr_x": -0.018608979880809784,
  "gsr_y": 0.010360592976212502,
  "provenance": {
    "md5sum": "8df7e175703f95f57e1feb9a0d933e69",
    "settings": {
      "fd_thres": 0.2,
      "testing": false
    },
    "software": "mriqc",
    "version": "23.0.1",
    "webapi_port": null,
    "webapi_url": "https://mriqc.nimh.nih.gov/api/v1"
  },
  "size_t": 240,
  "size_x": 80,
  "size_y": 80,
  "size_z": 36,
  "snr": 7.033905603513355,
  "spacing_tr": 2.0,
  "spacing_x": 3.0,
  "spacing_y": 3.0,
  "spacing_z": 3.299999952316284,
  "summary_bg_k": 69.21557719596966,
  "summary_bg_mad": 192.4335943752726,
  "summary_bg_mean": 1180.897705078125,
  "summary_bg_median": 168.82269287109375,
  "summary_bg_n": 155934.0,
  "summary_bg_p05": 8.893241167068483,
  "summary_bg_p95": 5990.038378906254,
  "summary_bg_stdv": 3406.322265625,
  "summary_fg_k": 1.803204459187513,
  "summary_fg_mad": 9258.966682865805,
  "summary_fg_mean": 74209.734375,
  "summary_fg_median": 72863.609375,
  "summary_fg_n": 34236.0,
  "summary_fg_p05": 60213.078125,
  "summary_fg_p95": 92170.5546875,
  "summary_fg_stdv": 10358.7607421875,
  "tsnr": 82.3366928100586
}