{
  "aor": 0.0008146647230320702,
  "aqi": 0.012577088862973762,
  "bids_meta": {
    "AcquisitionNumber": 3,
    "BIDSVersion": "1.1.0",
    "BidsifyVersion": "0.3",
    "ConversionSoftware": "dcm2niix",
    "ConversionSoftwareVersion": "v1.0.20180622 GCC5.4.0",
    "EchoTime": 0.028,
    "EffectiveEchoSpacing": 0.0006909,
    "FlipAngle": 76.1,
    "ImageComments": "RepliSC",
    "ImageOrientationPatientDICOM": [
      0.999564,
      0.0282032,
      0.00877453,
      -0.0270474,
      0.993369,
      -0.111747
    ],
    "InstitutionName": "Spinoza Centre for Neuroimaging, location REC",
    "MagneticFieldStrength": 3,
    "Manufacturer": "Philips",
    "ParallelAcquisitionTechnique": "SENSE",
    "ParallelReductionFactorInPlane": 2,
    "PatientPosition": "HFS",
    "PhaseEncodingDirection": "j",
    "PhilipsRescaleIntercept": 0,
    "PhilipsRescaleSlope": 0.75702,
    "PhilipsScaleSlope": 0.0189892,
    "ProtocolName": "task-Healthratingtask_acq-SeqMm3Tr2000_bold",
    "PulseSequenceType": "Gradient Echo EPI",
    "ReconMatrixPE": 80,
    "RepetitionTime": 2,
    "SeriesDescription": "ImageMRSERIES",
    "SeriesNumber": 3,
    "SliceEncodingDirection": "k",
    "SliceTiming": [
      0.0,
      0.05555555555555555,
      0.1111111111111111,
      0.16666666666666666,
      0.2222222222222222,
      0.2777777777777778,
      0.3333333333333333,
      0.38888888888888884,
      0.4444444444444444,
      0.5,
      0.5555555555555556,
      0.611111111111111,
      0.6666666666666666,
      0.7222222222222222,
      0.7777777777777777,
      0.8333333333333333,
      0.8888888888888888,
      0.9444444444444444,
      1.0,
      1.0555555555555556,
      1.1111111111111112,
      1.1666666666666665,
      1.222222222222222,
      1.2777777777777777,
      1.3333333333333333,
      1.3888888888888888,
      1.4444444444444444,
      1.5,
      1.5555555555555554,
      1.611111111111111,
      1.6666666666666665,
      1.722222222222222,
      1.7777777777777777,
      1.8333333333333333,
      1.8888888888888888,
      1.9444444444444444
    ],
    "TaskName": "Healthratingtask",
    "TotalReadoutTime": 0.0269452,
    "UsePhilipsFloatNotDisplayScaling": 1,
    "WaterFatShift": 12.0,
    "acq_id": "SeqMm3Tr2000",
    "dataset": "ds002643",
    "modality": "bold",
    "subject_id": "054",
    "task_id": "Healthratingtask"
  },
  "dummy_trs": 0,
  "dvars_nstd": 18.421390282222212,
  "dvars_std": 1.0819316473099416,
  "dvars_vstd": 0.9443105811988308,
  "efc": 0.460708064945553,
  "fber": 88442.2890625,
  "fd_mean": 0.1330396257218231,
  "fd_num": 44,
  "fd_perc": 12.82798833819242,
  "fwhm_avg": 1.8169188969278498,
  "fwhm_x": 1.7668833333333334,
  "fwhm_y": 2.01484,
  "fwhm_z": 1.6690333574502159,
  "gcor": 0.0365393,
  "gsr_x": -0.01941644586622715,
  "gsr_y": 0.023491283878684044,
  "provenance": {
    "md5sum": "16f35ca07205172fbbdca4cc3e69df30",
    "settings": {
      "fd_thres": 0.2,
      "testing": false
    },
    "software": "mriqc",
    "version": "23.0.1",
    "webapi_port": null,
    "webapi_url": "https://mriqc.nimh.nih.gov/api/v1"
  },
  "size_t": 343,
  "size_x": 80,
  "size_y": 80,
  "size_z": 36,
  "snr": 6.406362779719331,
  "spacing_tr": 2.0,
  "spacing_x": 3.0,
  "spacing_y": 3.0,
  "spacing_z": 3.299999952316284,
  "summary_bg_k": 50.978356251079724,
  "summary_bg_mad": 308.45814191660776,
  "summary_bg_mean": 2146.56103515625,
  "summary_bg_median": 248.8665771484375,
  "summary_bg_n": 149588.0,
  "summary_bg_p05": 15.45576333999634,
  "summary_bg_p95": 12099.577539062464,
  "summary_bg_stdv": 5536.28125,
  "summary_fg_k": 2.1318226245259266,
  "summary_fg_mad": 10937.86311853558,
  "summary_fg_mean": 77425.3515625,
  "summary_fg_median": 75747.59375,
  "summary_fg_n": 39610.0,
  "summary_fg_p05": 61590.14140625,
  "summary_fg_p95": 97142.24726562499,
  "summary_fg_stdv": 11823.6572265625,
  "tsnr": 63.98979949951172
}