{
  "aor": 0.001873177842565598,
  "aqi": 0.007015828600583089,
  "bids_meta": {
    "AcquisitionNumber": 4,
    "BIDSVersion": "1.1.0",
    "BidsifyVersion": "0.3",
    "ConversionSoftware": "dcm2niix",
    "ConversionSoftwareVersion": "v1.0.20180622 GCC5.4.0",
    "EchoTime": 0.028,
    "EffectiveEchoSpacing": 0.0006909,
    "FlipAngle": 76.1,
    "ImageComments": "RepliSC",
    "ImageOrientationPatientDICOM": [
      0.999564,
      0.0282032,
      0.00877453,
      -0.0270474,
      0.993369,
      -0.111747
    ],
    "InstitutionName": "Spinoza Centre for Neuroimaging, location REC",
    "MagneticFieldStrength": 3,
    "Manufacturer": "Philips",
    "ParallelAcquisitionTechnique": "SENSE",
    "ParallelReductionFactorInPlane": 2,
    "PatientPosition": "HFS",
    "PhaseEncodingDirection": "j",
    "PhilipsRescaleIntercept": 0,
    "PhilipsRescaleSlope": 0.76557,
    "PhilipsScaleSlope": 0.0192844,
    "ProtocolName": "task-Tasteratingtask_acq-SeqMm3Tr2000_bold",
    "PulseSequenceType": "Gradient Echo EPI",
    "ReconMatrixPE": 80,
    "RepetitionTime": 2,
    "SeriesDescription": "ImageMRSERIES",
    "SeriesNumber": 4,
    "SliceEncodingDirection": "k",
    "SliceTiming": [
      0.0,
      0.05555555555555555,
      0.1111111111111111,
      0.16666666666666666,
      0.2222222222222222,
      0.2777777777777778,
      0.3333333333333333,
      0.38888888888888884,
      0.4444444444444444,
      0.5,
      0.5555555555555556,
      0.611111111111111,
      0.6666666666666666,
      0.7222222222222222,
      0.7777777777777777,
      0.8333333333333333,
      0.8888888888888888,
      0.9444444444444444,
      1.0,
      1.0555555555555556,
      1.1111111111111112,
      1.1666666666666665,
      1.222222222222222,
      1.2777777777777777,
      1.3333333333333333,
      1.3888888888888888,
      1.4444444444444444,
      1.5,
      1.5555555555555554,
      1.611111111111111,
      1.6666666666666665,
      1.722222222222222,
      1.7777777777777777,
      1.8333333333333333,
      1.8888888888888888,
      1.9444444444444444
    ],
    "TaskName": "Tasteratingtask",
    "TotalReadoutTime": 0.0269452,
    "UsePhilipsFloatNotDisplayScaling": 1,
    "WaterFatShift": 12.0,
    "acq_id": "SeqMm3Tr2000",
    "dataset": "ds002643",
    "modality": "bold",
    "subject_id": "054",
    "task_id": "Tasteratingtask"
  },
  "dummy_trs": 0,
  "dvars_nstd": 20.14646568622807,
  "dvars_std": 1.1955382099999994,
  "dvars_vstd": 1.0088586890935678,
  "efc": 0.4619704476545842,
  "fber": 81321.15625,
  "fd_mean": 0.14446231039398494,
  "fd_num": 50,
  "fd_perc": 14.577259475218659,
  "fwhm_avg": 1.8129789979881885,
  "fwhm_x": 1.7491766666666668,
  "fwhm_y": 2.0102966666666666,
  "fwhm_z": 1.6794636606312328,
  "gcor": 0.0580992,
  "gsr_x": -0.01969924569129944,
  "gsr_y": 0.024788351729512215,
  "provenance": {
    "md5sum": "8f049f1a58d52fe4eb51501f30942016",
    "settings": {
      "fd_thres": 0.2,
      "testing": false
    },
    "software": "mriqc",
    "version": "23.0.1",
    "webapi_port": null,
    "webapi_url": "https://mriqc.nimh.nih.gov/api/v1"
  },
  "size_t": 343,
  "size_x": 80,
  "size_y": 80,
  "size_z": 36,
  "snr": 6.487972988228548,
  "spacing_tr": 2.0,
  "spacing_x": 3.0,
  "spacing_y": 3.0,
  "spacing_z": 3.299999952316284,
  "summary_bg_k": 45.89532362568271,
  "summary_bg_mad": 317.03439885034015,
  "summary_bg_mean": 2151.248779296875,
  "summary_bg_median": 253.41415405273438,
  "summary_bg_n": 149624.0,
  "summary_bg_p05": 12.631524467468262,
  "summary_bg_p95": 12250.002832031252,
  "summary_bg_stdv": 5450.2060546875,
  "summary_fg_k": 2.2109460229327693,
  "summary_fg_mad": 10528.531703684966,
  "summary_fg_mean": 75548.7734375,
  "summary_fg_median": 73966.0390625,
  "summary_fg_n": 39522.0,
  "summary_fg_p05": 60276.8017578125,
  "summary_fg_p95": 94621.13632812498,
  "summary_fg_stdv": 11400.3408203125,
  "tsnr": 77.16565704345703
}