{
  "aor": 0.002318833333333333,
  "aqi": 0.008226252833333334,
  "bids_meta": {
    "AcquisitionNumber": 7,
    "BIDSVersion": "1.1.0",
    "BidsifyVersion": "0.3",
    "ConversionSoftware": "dcm2niix",
    "ConversionSoftwareVersion": "v1.0.20180622 GCC5.4.0",
    "EchoTime": 0.028,
    "EffectiveEchoSpacing": 0.0006909,
    "FlipAngle": 76.1,
    "ImageComments": "RepliSC",
    "ImageOrientationPatientDICOM": [
      0.999564,
      0.0282032,
      0.00877453,
      -0.0270474,
      0.993369,
      -0.111747
    ],
    "InstitutionName": "Spinoza Centre for Neuroimaging, location REC",
    "MagneticFieldStrength": 3,
    "Manufacturer": "Philips",
    "ParallelAcquisitionTechnique": "SENSE",
    "ParallelReductionFactorInPlane": 2,
    "PatientPosition": "HFS",
    "PhaseEncodingDirection": "j",
    "PhilipsRescaleIntercept": 0,
    "PhilipsRescaleSlope": 0.77094,
    "PhilipsScaleSlope": 0.0203333,
    "ProtocolName": "task-RestingState_acq-SeqMm3Tr2000_bold",
    "PulseSequenceType": "Gradient Echo EPI",
    "ReconMatrixPE": 80,
    "RepetitionTime": 2,
    "SeriesDescription": "ImageMRSERIES",
    "SeriesNumber": 7,
    "SliceEncodingDirection": "k",
    "SliceTiming": [
      0.0,
      0.05555555555555555,
      0.1111111111111111,
      0.16666666666666666,
      0.2222222222222222,
      0.2777777777777778,
      0.3333333333333333,
      0.38888888888888884,
      0.4444444444444444,
      0.5,
      0.5555555555555556,
      0.611111111111111,
      0.6666666666666666,
      0.7222222222222222,
      0.7777777777777777,
      0.8333333333333333,
      0.8888888888888888,
      0.9444444444444444,
      1.0,
      1.0555555555555556,
      1.1111111111111112,
      1.1666666666666665,
      1.222222222222222,
      1.2777777777777777,
      1.3333333333333333,
      1.3888888888888888,
      1.4444444444444444,
      1.5,
      1.5555555555555554,
      1.611111111111111,
      1.6666666666666665,
      1.722222222222222,
      1.7777777777777777,
      1.8333333333333333,
      1.8888888888888888,
      1.9444444444444444
    ],
    "TaskName": "RestingState",
    "TotalReadoutTime": 0.0269452,
    "UsePhilipsFloatNotDisplayScaling": 1,
    "WaterFatShift": 12.0,
    "acq_id": "SeqMm3Tr2000",
    "dataset": "ds002643",
    "modality": "bold",
    "subject_id": "054",
    "task_id": "RestingState"
  },
  "dummy_trs": 0,
  "dvars_nstd": 20.745301206485358,
  "dvars_std": 1.1767552752719663,
  "dvars_vstd": 1.007360040543933,
  "efc": 0.46475690847663004,
  "fber": 74680.5,
  "fd_mean": 0.17811563219775864,
  "fd_num": 69,
  "fd_perc": 28.75,
  "fwhm_avg": 1.8022580887906443,
  "fwhm_x": 1.7415433333333334,
  "fwhm_y": 2.0079066666666665,
  "fwhm_z": 1.6573242663719332,
  "gcor": 0.0432526,
  "gsr_x": -0.020231036469340324,
  "gsr_y": 0.02504391223192215,
  "provenance": {
    "md5sum": "93658d01c21f8e9fc36588caa0ff4707",
    "settings": {
      "fd_thres": 0.2,
      "testing": false
    },
    "software": "mriqc",
    "version": "23.0.1",
    "webapi_port": null,
    "webapi_url": "https://mriqc.nimh.nih.gov/api/v1"
  },
  "size_t": 240,
  "size_x": 80,
  "size_y": 80,
  "size_z": 36,
  "snr": 6.5616806309858955,
  "spacing_tr": 2.0,
  "spacing_x": 3.0,
  "spacing_y": 3.0,
  "spacing_z": 3.299999952316284,
  "summary_bg_k": 45.421085826327655,
  "summary_bg_mad": 320.8501721077153,
  "summary_bg_mean": 2164.51318359375,
  "summary_bg_median": 253.84814453125,
  "summary_bg_n": 149365.0,
  "summary_bg_p05": 13.77617416381836,
  "summary_bg_p95": 12401.673046874997,
  "summary_bg_stdv": 5422.064453125,
  "summary_fg_k": 2.2245851113660375,
  "summary_fg_mad": 9954.1507551422,
  "summary_fg_mean": 72902.4453125,
  "summary_fg_median": 71367.0625,
  "summary_fg_n": 39758.0,
  "summary_fg_p05": 58462.7814453125,
  "summary_fg_p95": 91069.00703125,
  "summary_fg_stdv": 10876.2021484375,
  "tsnr": 71.6965560913086
}