{
  "aor": 0.0018687463556851314,
  "aqi": 0.021740648746355687,
  "bids_meta": {
    "AcquisitionNumber": 6,
    "BIDSVersion": "1.1.0",
    "BidsifyVersion": "0.3",
    "ConversionSoftware": "dcm2niix",
    "ConversionSoftwareVersion": "v1.0.20180622 GCC5.4.0",
    "EchoTime": 0.028,
    "EffectiveEchoSpacing": 0.0006909,
    "FlipAngle": 76.1,
    "ImageComments": "RepliSC",
    "ImageOrientationPatientDICOM": [
      0.996865,
      0.0768037,
      -0.0190211,
      -0.0774047,
      0.996448,
      -0.0331777
    ],
    "InstitutionName": "Spinoza Centre for Neuroimaging, location REC",
    "MagneticFieldStrength": 3,
    "Manufacturer": "Philips",
    "ParallelAcquisitionTechnique": "SENSE",
    "ParallelReductionFactorInPlane": 2,
    "PatientPosition": "HFS",
    "PhaseEncodingDirection": "j",
    "PhilipsRescaleIntercept": 0,
    "PhilipsRescaleSlope": 0.75849,
    "PhilipsScaleSlope": 0.0236751,
    "ProtocolName": "task-Decisiontask_acq-SeqMm3Tr2000_bold",
    "PulseSequenceType": "Gradient Echo EPI",
    "ReconMatrixPE": 80,
    "RepetitionTime": 2,
    "SeriesDescription": "ImageMRSERIES",
    "SeriesNumber": 6,
    "SliceEncodingDirection": "k",
    "SliceTiming": [
      0.0,
      0.05555555555555555,
      0.1111111111111111,
      0.16666666666666666,
      0.2222222222222222,
      0.2777777777777778,
      0.3333333333333333,
      0.38888888888888884,
      0.4444444444444444,
      0.5,
      0.5555555555555556,
      0.611111111111111,
      0.6666666666666666,
      0.7222222222222222,
      0.7777777777777777,
      0.8333333333333333,
      0.8888888888888888,
      0.9444444444444444,
      1.0,
      1.0555555555555556,
      1.1111111111111112,
      1.1666666666666665,
      1.222222222222222,
      1.2777777777777777,
      1.3333333333333333,
      1.3888888888888888,
      1.4444444444444444,
      1.5,
      1.5555555555555554,
      1.611111111111111,
      1.6666666666666665,
      1.722222222222222,
      1.7777777777777777,
      1.8333333333333333,
      1.8888888888888888,
      1.9444444444444444
    ],
    "TaskName": "Decisiontask",
    "TotalReadoutTime": 0.0269452,
    "UsePhilipsFloatNotDisplayScaling": 1,
    "WaterFatShift": 12.0,
    "acq_id": "SeqMm3Tr2000",
    "dataset": "ds002643",
    "modality": "bold",
    "subject_id": "037",
    "task_id": "Decisiontask"
  },
  "dummy_trs": 0,
  "dvars_nstd": 22.03508232067254,
  "dvars_std": 1.0782864001169596,
  "dvars_vstd": 0.9214373628362572,
  "efc": 0.47091076673057175,
  "fber": 92194.640625,
  "fd_mean": 0.11725236162059298,
  "fd_num": 26,
  "fd_perc": 7.580174927113703,
  "fwhm_avg": 1.7856755630677477,
  "fwhm_x": 1.7533,
  "fwhm_y": 2.04406,
  "fwhm_z": 1.5596666892032434,
  "gcor": 0.030952,
  "gsr_x": -0.005684078671038151,
  "gsr_y": 0.013897893950343132,
  "provenance": {
    "md5sum": "7d1868e0d347056510aa820b5837f7a5",
    "settings": {
      "fd_thres": 0.2,
      "testing": false
    },
    "software": "mriqc",
    "version": "23.0.1",
    "webapi_port": null,
    "webapi_url": "https://mriqc.nimh.nih.gov/api/v1"
  },
  "size_t": 343,
  "size_x": 80,
  "size_y": 80,
  "size_z": 36,
  "snr": 6.0203064563660575,
  "spacing_tr": 2.0,
  "spacing_x": 3.0,
  "spacing_y": 3.0,
  "spacing_z": 3.299999952316284,
  "summary_bg_k": 28.5469388998504,
  "summary_bg_mad": 259.54411169697187,
  "summary_bg_mean": 1997.1463623046875,
  "summary_bg_median": 193.50082397460938,
  "summary_bg_n": 148582.0,
  "summary_bg_p05": 6.053567600250244,
  "summary_bg_p95": 11410.708398437493,
  "summary_bg_stdv": 4831.7607421875,
  "summary_fg_k": 2.4897493958005477,
  "summary_fg_mad": 8793.157389753993,
  "summary_fg_mean": 60988.44140625,
  "summary_fg_median": 59487.61328125,
  "summary_fg_n": 41075.0,
  "summary_fg_p05": 48371.895703125,
  "summary_fg_p95": 78681.51328124995,
  "summary_fg_stdv": 9881.0400390625,
  "tsnr": 50.00968551635742
}