{
  "aor": 0.00133875,
  "aqi": 0.007746911833333333,
  "bids_meta": {
    "AcquisitionNumber": 7,
    "BIDSVersion": "1.1.0",
    "BidsifyVersion": "0.3",
    "ConversionSoftware": "dcm2niix",
    "ConversionSoftwareVersion": "v1.0.20180622 GCC5.4.0",
    "EchoTime": 0.028,
    "EffectiveEchoSpacing": 0.0006909,
    "FlipAngle": 76.1,
    "ImageComments": "RepliSC",
    "ImageOrientationPatientDICOM": [
      0.996865,
      0.0768037,
      -0.0190211,
      -0.0774047,
      0.996448,
      -0.0331777
    ],
    "InstitutionName": "Spinoza Centre for Neuroimaging, location REC",
    "MagneticFieldStrength": 3,
    "Manufacturer": "Philips",
    "ParallelAcquisitionTechnique": "SENSE",
    "ParallelReductionFactorInPlane": 2,
    "PatientPosition": "HFS",
    "PhaseEncodingDirection": "j",
    "PhilipsRescaleIntercept": 0,
    "PhilipsRescaleSlope": 0.78974,
    "PhilipsScaleSlope": 0.0238423,
    "ProtocolName": "task-RestingState_acq-SeqMm3Tr2000_bold",
    "PulseSequenceType": "Gradient Echo EPI",
    "ReconMatrixPE": 80,
    "RepetitionTime": 2,
    "SeriesDescription": "ImageMRSERIES",
    "SeriesNumber": 7,
    "SliceEncodingDirection": "k",
    "SliceTiming": [
      0.0,
      0.05555555555555555,
      0.1111111111111111,
      0.16666666666666666,
      0.2222222222222222,
      0.2777777777777778,
      0.3333333333333333,
      0.38888888888888884,
      0.4444444444444444,
      0.5,
      0.5555555555555556,
      0.611111111111111,
      0.6666666666666666,
      0.7222222222222222,
      0.7777777777777777,
      0.8333333333333333,
      0.8888888888888888,
      0.9444444444444444,
      1.0,
      1.0555555555555556,
      1.1111111111111112,
      1.1666666666666665,
      1.222222222222222,
      1.2777777777777777,
      1.3333333333333333,
      1.3888888888888888,
      1.4444444444444444,
      1.5,
      1.5555555555555554,
      1.611111111111111,
      1.6666666666666665,
      1.722222222222222,
      1.7777777777777777,
      1.8333333333333333,
      1.8888888888888888,
      1.9444444444444444
    ],
    "TaskName": "RestingState",
    "TotalReadoutTime": 0.0269452,
    "UsePhilipsFloatNotDisplayScaling": 1,
    "WaterFatShift": 12.0,
    "acq_id": "SeqMm3Tr2000",
    "dataset": "ds002643",
    "modality": "bold",
    "subject_id": "037",
    "task_id": "RestingState"
  },
  "dummy_trs": 0,
  "dvars_nstd": 22.31223009025105,
  "dvars_std": 1.1838730680753138,
  "dvars_vstd": 0.9665361612552302,
  "efc": 0.4733675646660948,
  "fber": 105543.1953125,
  "fd_mean": 0.13280375171709574,
  "fd_num": 32,
  "fd_perc": 13.333333333333334,
  "fwhm_avg": 1.760965563469447,
  "fwhm_x": 1.66784,
  "fwhm_y": 1.97199,
  "fwhm_z": 1.6430666904083409,
  "gcor": 0.0844898,
  "gsr_x": -0.006969037465751171,
  "gsr_y": 0.01815958321094513,
  "provenance": {
    "md5sum": "7c23132ea7c738cb7b5319ae731135c9",
    "settings": {
      "fd_thres": 0.2,
      "testing": false
    },
    "software": "mriqc",
    "version": "23.0.1",
    "webapi_port": null,
    "webapi_url": "https://mriqc.nimh.nih.gov/api/v1"
  },
  "size_t": 240,
  "size_x": 80,
  "size_y": 80,
  "size_z": 36,
  "snr": 6.065313517726488,
  "spacing_tr": 2.0,
  "spacing_x": 3.0,
  "spacing_y": 3.0,
  "spacing_z": 3.299999952316284,
  "summary_bg_k": 35.66408325083197,
  "summary_bg_mad": 232.2247463216887,
  "summary_bg_mean": 2019.1978759765625,
  "summary_bg_median": 175.25331115722656,
  "summary_bg_n": 148119.0,
  "summary_bg_p05": 7.741461086273194,
  "summary_bg_p95": 11548.120703125007,
  "summary_bg_stdv": 4998.568359375,
  "summary_fg_k": 2.6105329960509396,
  "summary_fg_mad": 8534.837118839056,
  "summary_fg_mean": 60149.375,
  "summary_fg_median": 58685.58984375,
  "summary_fg_n": 41437.0,
  "summary_fg_p05": 47648.815625,
  "summary_fg_p95": 76809.25624999999,
  "summary_fg_stdv": 9675.490234375,
  "tsnr": 68.64260864257812
}