{
  "aor": 0.0015006122448979592,
  "aqi": 0.009960479037900873,
  "bids_meta": {
    "AcquisitionNumber": 3,
    "BIDSVersion": "1.1.0",
    "BidsifyVersion": "0.3",
    "ConversionSoftware": "dcm2niix",
    "ConversionSoftwareVersion": "v1.0.20180622 GCC5.4.0",
    "EchoTime": 0.028,
    "EffectiveEchoSpacing": 0.0006909,
    "FlipAngle": 76.1,
    "ImageComments": "RepliSC",
    "ImageOrientationPatientDICOM": [
      0.996865,
      0.0768037,
      -0.0190211,
      -0.0774047,
      0.996448,
      -0.0331777
    ],
    "InstitutionName": "Spinoza Centre for Neuroimaging, location REC",
    "MagneticFieldStrength": 3,
    "Manufacturer": "Philips",
    "ParallelAcquisitionTechnique": "SENSE",
    "ParallelReductionFactorInPlane": 2,
    "PatientPosition": "HFS",
    "PhaseEncodingDirection": "j",
    "PhilipsRescaleIntercept": 0,
    "PhilipsRescaleSlope": 0.75165,
    "PhilipsScaleSlope": 0.0218509,
    "ProtocolName": "task-Healthratingtask_acq-SeqMm3Tr2000_bold",
    "PulseSequenceType": "Gradient Echo EPI",
    "ReconMatrixPE": 80,
    "RepetitionTime": 2,
    "SeriesDescription": "ImageMRSERIES",
    "SeriesNumber": 3,
    "SliceEncodingDirection": "k",
    "SliceTiming": [
      0.0,
      0.05555555555555555,
      0.1111111111111111,
      0.16666666666666666,
      0.2222222222222222,
      0.2777777777777778,
      0.3333333333333333,
      0.38888888888888884,
      0.4444444444444444,
      0.5,
      0.5555555555555556,
      0.611111111111111,
      0.6666666666666666,
      0.7222222222222222,
      0.7777777777777777,
      0.8333333333333333,
      0.8888888888888888,
      0.9444444444444444,
      1.0,
      1.0555555555555556,
      1.1111111111111112,
      1.1666666666666665,
      1.222222222222222,
      1.2777777777777777,
      1.3333333333333333,
      1.3888888888888888,
      1.4444444444444444,
      1.5,
      1.5555555555555554,
      1.611111111111111,
      1.6666666666666665,
      1.722222222222222,
      1.7777777777777777,
      1.8333333333333333,
      1.8888888888888888,
      1.9444444444444444
    ],
    "TaskName": "Healthratingtask",
    "TotalReadoutTime": 0.0269452,
    "UsePhilipsFloatNotDisplayScaling": 1,
    "WaterFatShift": 12.0,
    "acq_id": "SeqMm3Tr2000",
    "dataset": "ds002643",
    "modality": "bold",
    "subject_id": "037",
    "task_id": "Healthratingtask"
  },
  "dummy_trs": 0,
  "dvars_nstd": 20.31463102128654,
  "dvars_std": 1.123969055380116,
  "dvars_vstd": 0.9606620707017549,
  "efc": 0.46942034281951756,
  "fber": 115496.8359375,
  "fd_mean": 0.09343499992431875,
  "fd_num": 10,
  "fd_perc": 2.9154518950437316,
  "fwhm_avg": 1.7920250584456665,
  "fwhm_x": 1.7175,
  "fwhm_y": 2.00996,
  "fwhm_z": 1.6486151753369993,
  "gcor": 0.0463401,
  "gsr_x": -0.006387513130903244,
  "gsr_y": 0.014445419423282146,
  "provenance": {
    "md5sum": "66b7ef5fd7c1b89da59ce8e61c877e62",
    "settings": {
      "fd_thres": 0.2,
      "testing": false
    },
    "software": "mriqc",
    "version": "23.0.1",
    "webapi_port": null,
    "webapi_url": "https://mriqc.nimh.nih.gov/api/v1"
  },
  "size_t": 343,
  "size_x": 80,
  "size_y": 80,
  "size_z": 36,
  "snr": 5.905269370250229,
  "spacing_tr": 2.0,
  "spacing_x": 3.0,
  "spacing_y": 3.0,
  "spacing_z": 3.299999952316284,
  "summary_bg_k": 30.877282240521197,
  "summary_bg_mad": 236.7972013063481,
  "summary_bg_mean": 2021.1334228515625,
  "summary_bg_median": 178.85733032226562,
  "summary_bg_n": 148475.0,
  "summary_bg_p05": 8.111540603637696,
  "summary_bg_p95": 11371.164355468749,
  "summary_bg_stdv": 4995.3779296875,
  "summary_fg_k": 2.7436051033897577,
  "summary_fg_mad": 9363.716004452175,
  "summary_fg_mean": 64028.79296875,
  "summary_fg_median": 62411.96484375,
  "summary_fg_n": 41128.0,
  "summary_fg_p05": 50560.5587890625,
  "summary_fg_p95": 82693.265234375,
  "summary_fg_stdv": 10568.7314453125,
  "tsnr": 63.807716369628906
}