{
  "aor": 0.0009332944606413993,
  "aqi": 0.00644243306122449,
  "bids_meta": {
    "AcquisitionNumber": 4,
    "BIDSVersion": "1.1.0",
    "BidsifyVersion": "0.3",
    "ConversionSoftware": "dcm2niix",
    "ConversionSoftwareVersion": "v1.0.20180622 GCC5.4.0",
    "EchoTime": 0.028,
    "EffectiveEchoSpacing": 0.0006909,
    "FlipAngle": 76.1,
    "ImageComments": "RepliSC",
    "ImageOrientationPatientDICOM": [
      0.996865,
      0.0768037,
      -0.0190211,
      -0.0774047,
      0.996448,
      -0.0331777
    ],
    "InstitutionName": "Spinoza Centre for Neuroimaging, location REC",
    "MagneticFieldStrength": 3,
    "Manufacturer": "Philips",
    "ParallelAcquisitionTechnique": "SENSE",
    "ParallelReductionFactorInPlane": 2,
    "PatientPosition": "HFS",
    "PhaseEncodingDirection": "j",
    "PhilipsRescaleIntercept": 0,
    "PhilipsRescaleSlope": 0.77167,
    "PhilipsScaleSlope": 0.0185934,
    "ProtocolName": "task-Tasteratingtask_acq-SeqMm3Tr2000_bold",
    "PulseSequenceType": "Gradient Echo EPI",
    "ReconMatrixPE": 80,
    "RepetitionTime": 2,
    "SeriesDescription": "ImageMRSERIES",
    "SeriesNumber": 4,
    "SliceEncodingDirection": "k",
    "SliceTiming": [
      0.0,
      0.05555555555555555,
      0.1111111111111111,
      0.16666666666666666,
      0.2222222222222222,
      0.2777777777777778,
      0.3333333333333333,
      0.38888888888888884,
      0.4444444444444444,
      0.5,
      0.5555555555555556,
      0.611111111111111,
      0.6666666666666666,
      0.7222222222222222,
      0.7777777777777777,
      0.8333333333333333,
      0.8888888888888888,
      0.9444444444444444,
      1.0,
      1.0555555555555556,
      1.1111111111111112,
      1.1666666666666665,
      1.222222222222222,
      1.2777777777777777,
      1.3333333333333333,
      1.3888888888888888,
      1.4444444444444444,
      1.5,
      1.5555555555555554,
      1.611111111111111,
      1.6666666666666665,
      1.722222222222222,
      1.7777777777777777,
      1.8333333333333333,
      1.8888888888888888,
      1.9444444444444444
    ],
    "TaskName": "Tasteratingtask",
    "TotalReadoutTime": 0.0269452,
    "UsePhilipsFloatNotDisplayScaling": 1,
    "WaterFatShift": 12.0,
    "acq_id": "SeqMm3Tr2000",
    "dataset": "ds002643",
    "modality": "bold",
    "subject_id": "037",
    "task_id": "Tasteratingtask"
  },
  "dummy_trs": 0,
  "dvars_nstd": 21.229242692719296,
  "dvars_std": 1.185094784502924,
  "dvars_vstd": 0.9794834854385956,
  "efc": 0.469792845816247,
  "fber": 120773.4453125,
  "fd_mean": 0.09660920055850522,
  "fd_num": 9,
  "fd_perc": 2.623906705539359,
  "fwhm_avg": 1.7958154625699805,
  "fwhm_x": 1.7106566666666667,
  "fwhm_y": 2.010753333333333,
  "fwhm_z": 1.6660363877099411,
  "gcor": 0.0668592,
  "gsr_x": -0.005733638070523739,
  "gsr_y": 0.014048125594854355,
  "provenance": {
    "md5sum": "6d7abe54441e9c162d31c918a1b28597",
    "settings": {
      "fd_thres": 0.2,
      "testing": false
    },
    "software": "mriqc",
    "version": "23.0.1",
    "webapi_port": null,
    "webapi_url": "https://mriqc.nimh.nih.gov/api/v1"
  },
  "size_t": 343,
  "size_x": 80,
  "size_y": 80,
  "size_z": 36,
  "snr": 5.941410364236523,
  "spacing_tr": 2.0,
  "spacing_x": 3.0,
  "spacing_y": 3.0,
  "spacing_z": 3.299999952316284,
  "summary_bg_k": 29.305247369060027,
  "summary_bg_mad": 269.736184703636,
  "summary_bg_mean": 2381.086669921875,
  "summary_bg_median": 203.65866088867188,
  "summary_bg_n": 148456.0,
  "summary_bg_p05": 8.515064716339111,
  "summary_bg_p95": 13504.567138671875,
  "summary_bg_stdv": 5886.392578125,
  "summary_fg_k": 2.662955993402897,
  "summary_fg_mad": 10877.89880849493,
  "summary_fg_mean": 74674.7734375,
  "summary_fg_median": 72780.5859375,
  "summary_fg_n": 41113.0,
  "summary_fg_p05": 59064.01953125,
  "summary_fg_p95": 96298.475,
  "summary_fg_stdv": 12249.56640625,
  "tsnr": 74.39051055908203
}