{
  "aor": 0.0012210495626822156,
  "aqi": 0.00445985556851312,
  "bids_meta": {
    "AcquisitionNumber": 6,
    "BIDSVersion": "1.1.0",
    "BidsifyVersion": "0.3",
    "ConversionSoftware": "dcm2niix",
    "ConversionSoftwareVersion": "v1.0.20180622 GCC5.4.0",
    "EchoTime": 0.028,
    "EffectiveEchoSpacing": 0.0006909,
    "FlipAngle": 76.1,
    "ImageComments": "RepliSC",
    "ImageOrientationPatientDICOM": [
      0.999889,
      0.00948992,
      0.0115018,
      -0.00802779,
      0.992608,
      -0.121099
    ],
    "InstitutionName": "Spinoza Centre for Neuroimaging, location REC",
    "MagneticFieldStrength": 3,
    "Manufacturer": "Philips",
    "ParallelAcquisitionTechnique": "SENSE",
    "ParallelReductionFactorInPlane": 2,
    "PatientPosition": "HFS",
    "PhaseEncodingDirection": "j",
    "PhilipsRescaleIntercept": 0,
    "PhilipsRescaleSlope": 0.7663,
    "PhilipsScaleSlope": 0.0221142,
    "ProtocolName": "task-Decisiontask_acq-SeqMm3Tr2000_bold",
    "PulseSequenceType": "Gradient Echo EPI",
    "ReconMatrixPE": 80,
    "RepetitionTime": 2,
    "SeriesDescription": "ImageMRSERIES",
    "SeriesNumber": 6,
    "SliceEncodingDirection": "k",
    "SliceTiming": [
      0.0,
      0.05555555555555555,
      0.1111111111111111,
      0.16666666666666666,
      0.2222222222222222,
      0.2777777777777778,
      0.3333333333333333,
      0.38888888888888884,
      0.4444444444444444,
      0.5,
      0.5555555555555556,
      0.611111111111111,
      0.6666666666666666,
      0.7222222222222222,
      0.7777777777777777,
      0.8333333333333333,
      0.8888888888888888,
      0.9444444444444444,
      1.0,
      1.0555555555555556,
      1.1111111111111112,
      1.1666666666666665,
      1.222222222222222,
      1.2777777777777777,
      1.3333333333333333,
      1.3888888888888888,
      1.4444444444444444,
      1.5,
      1.5555555555555554,
      1.611111111111111,
      1.6666666666666665,
      1.722222222222222,
      1.7777777777777777,
      1.8333333333333333,
      1.8888888888888888,
      1.9444444444444444
    ],
    "TaskName": "Decisiontask",
    "TotalReadoutTime": 0.0269452,
    "UsePhilipsFloatNotDisplayScaling": 1,
    "WaterFatShift": 12.0,
    "acq_id": "SeqMm3Tr2000",
    "dataset": "ds002643",
    "modality": "bold",
    "subject_id": "088",
    "task_id": "Decisiontask"
  },
  "dummy_trs": 0,
  "dvars_nstd": 19.052898482573095,
  "dvars_std": 1.2089215121637416,
  "dvars_vstd": 1.0124588853216374,
  "efc": 0.41033818748390033,
  "fber": 159709.140625,
  "fd_mean": 0.09997993571795316,
  "fd_num": 6,
  "fd_perc": 1.749271137026239,
  "fwhm_avg": 1.829498694906553,
  "fwhm_x": 1.7543266666666666,
  "fwhm_y": 2.0653633333333334,
  "fwhm_z": 1.668806084719659,
  "gcor": 0.0447082,
  "gsr_x": -0.02202114462852478,
  "gsr_y": 0.013417853973805904,
  "provenance": {
    "md5sum": "4a708035c3ef2d97c7df0bdd0b3cedc8",
    "settings": {
      "fd_thres": 0.2,
      "testing": false
    },
    "software": "mriqc",
    "version": "23.0.1",
    "webapi_port": null,
    "webapi_url": "https://mriqc.nimh.nih.gov/api/v1"
  },
  "size_t": 343,
  "size_x": 80,
  "size_y": 80,
  "size_z": 36,
  "snr": 7.716740046884215,
  "spacing_tr": 2.0,
  "spacing_x": 3.0,
  "spacing_y": 3.0,
  "spacing_z": 3.299999952316284,
  "summary_bg_k": 79.51491985745679,
  "summary_bg_mad": 205.05692485526805,
  "summary_bg_mean": 1495.3697509765625,
  "summary_bg_median": 181.56375122070312,
  "summary_bg_n": 158940.0,
  "summary_bg_p05": 13.04824562072754,
  "summary_bg_p95": 6947.077856445311,
  "summary_bg_stdv": 4827.2265625,
  "summary_fg_k": 2.714315737911514,
  "summary_fg_mad": 8687.400361972232,
  "summary_fg_mean": 74155.0859375,
  "summary_fg_median": 73415.7890625,
  "summary_fg_n": 32321.0,
  "summary_fg_p05": 61100.2421875,
  "summary_fg_p95": 89910.53125,
  "summary_fg_stdv": 9513.6875,
  "tsnr": 100.97657012939453
}