{
  "aor": 0.0016067083333333335,
  "aqi": 0.0038993976250000003,
  "bids_meta": {
    "AcquisitionNumber": 7,
    "BIDSVersion": "1.1.0",
    "BidsifyVersion": "0.3",
    "ConversionSoftware": "dcm2niix",
    "ConversionSoftwareVersion": "v1.0.20180622 GCC5.4.0",
    "EchoTime": 0.028,
    "EffectiveEchoSpacing": 0.0006909,
    "FlipAngle": 76.1,
    "ImageComments": "RepliSC",
    "ImageOrientationPatientDICOM": [
      0.999889,
      0.00948992,
      0.0115018,
      -0.00802779,
      0.992608,
      -0.121099
    ],
    "InstitutionName": "Spinoza Centre for Neuroimaging, location REC",
    "MagneticFieldStrength": 3,
    "Manufacturer": "Philips",
    "ParallelAcquisitionTechnique": "SENSE",
    "ParallelReductionFactorInPlane": 2,
    "PatientPosition": "HFS",
    "PhaseEncodingDirection": "j",
    "PhilipsRescaleIntercept": 0,
    "PhilipsRescaleSlope": 0.74261,
    "PhilipsScaleSlope": 0.0224131,
    "ProtocolName": "task-RestingState_acq-SeqMm3Tr2000_bold",
    "PulseSequenceType": "Gradient Echo EPI",
    "ReconMatrixPE": 80,
    "RepetitionTime": 2,
    "SeriesDescription": "ImageMRSERIES",
    "SeriesNumber": 7,
    "SliceEncodingDirection": "k",
    "SliceTiming": [
      0.0,
      0.05555555555555555,
      0.1111111111111111,
      0.16666666666666666,
      0.2222222222222222,
      0.2777777777777778,
      0.3333333333333333,
      0.38888888888888884,
      0.4444444444444444,
      0.5,
      0.5555555555555556,
      0.611111111111111,
      0.6666666666666666,
      0.7222222222222222,
      0.7777777777777777,
      0.8333333333333333,
      0.8888888888888888,
      0.9444444444444444,
      1.0,
      1.0555555555555556,
      1.1111111111111112,
      1.1666666666666665,
      1.222222222222222,
      1.2777777777777777,
      1.3333333333333333,
      1.3888888888888888,
      1.4444444444444444,
      1.5,
      1.5555555555555554,
      1.611111111111111,
      1.6666666666666665,
      1.722222222222222,
      1.7777777777777777,
      1.8333333333333333,
      1.8888888888888888,
      1.9444444444444444
    ],
    "TaskName": "RestingState",
    "TotalReadoutTime": 0.0269452,
    "UsePhilipsFloatNotDisplayScaling": 1,
    "WaterFatShift": 12.0,
    "acq_id": "SeqMm3Tr2000",
    "dataset": "ds002643",
    "modality": "bold",
    "subject_id": "088",
    "task_id": "RestingState"
  },
  "dummy_trs": 0,
  "dvars_nstd": 17.831557501548115,
  "dvars_std": 1.1950350624267778,
  "dvars_vstd": 1.0130516939748953,
  "efc": 0.4109952888666082,
  "fber": 157203.328125,
  "fd_mean": 0.09811580521239134,
  "fd_num": 1,
  "fd_perc": 0.4166666666666667,
  "fwhm_avg": 1.8369897050168895,
  "fwhm_x": 1.7637166666666666,
  "fwhm_y": 2.07651,
  "fwhm_z": 1.6707424483840023,
  "gcor": 0.0259613,
  "gsr_x": -0.02229880355298519,
  "gsr_y": 0.013149013742804527,
  "provenance": {
    "md5sum": "80579655987106d2f3a5d13203538d3a",
    "settings": {
      "fd_thres": 0.2,
      "testing": false
    },
    "software": "mriqc",
    "version": "23.0.1",
    "webapi_port": null,
    "webapi_url": "https://mriqc.nimh.nih.gov/api/v1"
  },
  "size_t": 240,
  "size_x": 80,
  "size_y": 80,
  "size_z": 36,
  "snr": 7.748941026350827,
  "spacing_tr": 2.0,
  "spacing_x": 3.0,
  "spacing_y": 3.0,
  "spacing_z": 3.299999952316284,
  "summary_bg_k": 74.4073428143699,
  "summary_bg_mad": 207.1895596691519,
  "summary_bg_mean": 1516.504638671875,
  "summary_bg_median": 182.56173706054688,
  "summary_bg_n": 158920.0,
  "summary_bg_p05": 11.90506868362427,
  "summary_bg_p95": 6991.207495117177,
  "summary_bg_stdv": 4913.14013671875,
  "summary_fg_k": 2.605654546384044,
  "summary_fg_mad": 8651.33142987515,
  "summary_fg_mean": 73830.15625,
  "summary_fg_median": 73083.1328125,
  "summary_fg_n": 32352.0,
  "summary_fg_p05": 60825.496875,
  "summary_fg_p95": 89517.72499999999,
  "summary_fg_stdv": 9431.224609375,
  "tsnr": 107.24730682373047
}