{
  "aor": 0.0009502623906705537,
  "aqi": 0.005655314693877551,
  "bids_meta": {
    "AcquisitionNumber": 3,
    "BIDSVersion": "1.1.0",
    "BidsifyVersion": "0.3",
    "ConversionSoftware": "dcm2niix",
    "ConversionSoftwareVersion": "v1.0.20180622 GCC5.4.0",
    "EchoTime": 0.028,
    "EffectiveEchoSpacing": 0.0006909,
    "FlipAngle": 76.1,
    "ImageComments": "RepliSC",
    "ImageOrientationPatientDICOM": [
      0.999889,
      0.00948992,
      0.0115018,
      -0.00802779,
      0.992608,
      -0.121099
    ],
    "InstitutionName": "Spinoza Centre for Neuroimaging, location REC",
    "MagneticFieldStrength": 3,
    "Manufacturer": "Philips",
    "ParallelAcquisitionTechnique": "SENSE",
    "ParallelReductionFactorInPlane": 2,
    "PatientPosition": "HFS",
    "PhaseEncodingDirection": "j",
    "PhilipsRescaleIntercept": 0,
    "PhilipsRescaleSlope": 0.80147,
    "PhilipsScaleSlope": 0.0206643,
    "ProtocolName": "task-Tasteratingtask_acq-SeqMm3Tr2000_bold",
    "PulseSequenceType": "Gradient Echo EPI",
    "ReconMatrixPE": 80,
    "RepetitionTime": 2,
    "SeriesDescription": "ImageMRSERIES",
    "SeriesNumber": 3,
    "SliceEncodingDirection": "k",
    "SliceTiming": [
      0.0,
      0.05555555555555555,
      0.1111111111111111,
      0.16666666666666666,
      0.2222222222222222,
      0.2777777777777778,
      0.3333333333333333,
      0.38888888888888884,
      0.4444444444444444,
      0.5,
      0.5555555555555556,
      0.611111111111111,
      0.6666666666666666,
      0.7222222222222222,
      0.7777777777777777,
      0.8333333333333333,
      0.8888888888888888,
      0.9444444444444444,
      1.0,
      1.0555555555555556,
      1.1111111111111112,
      1.1666666666666665,
      1.222222222222222,
      1.2777777777777777,
      1.3333333333333333,
      1.3888888888888888,
      1.4444444444444444,
      1.5,
      1.5555555555555554,
      1.611111111111111,
      1.6666666666666665,
      1.722222222222222,
      1.7777777777777777,
      1.8333333333333333,
      1.8888888888888888,
      1.9444444444444444
    ],
    "TaskName": "Tasteratingtask",
    "TotalReadoutTime": 0.0269452,
    "UsePhilipsFloatNotDisplayScaling": 1,
    "WaterFatShift": 12.0,
    "acq_id": "SeqMm3Tr2000",
    "dataset": "ds002643",
    "modality": "bold",
    "subject_id": "088",
    "task_id": "Tasteratingtask"
  },
  "dummy_trs": 0,
  "dvars_nstd": 19.415471849239772,
  "dvars_std": 1.187132890730995,
  "dvars_vstd": 0.9933479732163739,
  "efc": 0.40936707633186054,
  "fber": 161971.734375,
  "fd_mean": 0.09480718471338793,
  "fd_num": 5,
  "fd_perc": 1.4577259475218658,
  "fwhm_avg": 1.8408317252645354,
  "fwhm_x": 1.75709,
  "fwhm_y": 2.08519,
  "fwhm_z": 1.680215175793607,
  "gcor": 0.0486336,
  "gsr_x": -0.021849332377314568,
  "gsr_y": 0.012875168584287167,
  "provenance": {
    "md5sum": "2ad6855c6436a3cab92d3b5bb0e56228",
    "settings": {
      "fd_thres": 0.2,
      "testing": false
    },
    "software": "mriqc",
    "version": "23.0.1",
    "webapi_port": null,
    "webapi_url": "https://mriqc.nimh.nih.gov/api/v1"
  },
  "size_t": 343,
  "size_x": 80,
  "size_y": 80,
  "size_z": 36,
  "snr": 7.617689980176887,
  "spacing_tr": 2.0,
  "spacing_x": 3.0,
  "spacing_y": 3.0,
  "spacing_z": 3.299999952316284,
  "summary_bg_k": 76.50020503900522,
  "summary_bg_mad": 209.51612487538287,
  "summary_bg_mean": 1511.0050048828125,
  "summary_bg_median": 186.07400512695312,
  "summary_bg_n": 158974.0,
  "summary_bg_p05": 14.429844999313355,
  "summary_bg_p95": 6868.680297851568,
  "summary_bg_stdv": 4937.255859375,
  "summary_fg_k": 2.811043223817922,
  "summary_fg_mad": 9036.252030854666,
  "summary_fg_mean": 76377.6640625,
  "summary_fg_median": 75570.1953125,
  "summary_fg_n": 32273.0,
  "summary_fg_p05": 62786.13671875,
  "summary_fg_p95": 92860.8984375,
  "summary_fg_stdv": 9920.2021484375,
  "tsnr": 90.23501586914062
}