{
  "aor": 0.0005540233236151603,
  "aqi": 0.00619813026239067,
  "bids_meta": {
    "AcquisitionNumber": 6,
    "BIDSVersion": "1.1.0",
    "BidsifyVersion": "0.3",
    "ConversionSoftware": "dcm2niix",
    "ConversionSoftwareVersion": "v1.0.20180622 GCC5.4.0",
    "EchoTime": 0.028,
    "EffectiveEchoSpacing": 0.0006909,
    "FlipAngle": 76.1,
    "ImageComments": "RepliSC",
    "ImageOrientationPatientDICOM": [
      0.999906,
      -0.00148249,
      -0.0136107,
      -0.00261775,
      0.955079,
      -0.29634
    ],
    "InstitutionName": "Spinoza Centre for Neuroimaging, location REC",
    "MagneticFieldStrength": 3,
    "Manufacturer": "Philips",
    "ParallelAcquisitionTechnique": "SENSE",
    "ParallelReductionFactorInPlane": 2,
    "PatientPosition": "HFS",
    "PhaseEncodingDirection": "j",
    "PhilipsRescaleIntercept": 0,
    "PhilipsRescaleSlope": 0.78144,
    "PhilipsScaleSlope": 0.0227053,
    "ProtocolName": "task-Decisiontask_acq-SeqMm3Tr2000_bold",
    "PulseSequenceType": "Gradient Echo EPI",
    "ReconMatrixPE": 80,
    "RepetitionTime": 2,
    "SeriesDescription": "ImageMRSERIES",
    "SeriesNumber": 6,
    "SliceEncodingDirection": "k",
    "SliceTiming": [
      0.0,
      0.05555555555555555,
      0.1111111111111111,
      0.16666666666666666,
      0.2222222222222222,
      0.2777777777777778,
      0.3333333333333333,
      0.38888888888888884,
      0.4444444444444444,
      0.5,
      0.5555555555555556,
      0.611111111111111,
      0.6666666666666666,
      0.7222222222222222,
      0.7777777777777777,
      0.8333333333333333,
      0.8888888888888888,
      0.9444444444444444,
      1.0,
      1.0555555555555556,
      1.1111111111111112,
      1.1666666666666665,
      1.222222222222222,
      1.2777777777777777,
      1.3333333333333333,
      1.3888888888888888,
      1.4444444444444444,
      1.5,
      1.5555555555555554,
      1.611111111111111,
      1.6666666666666665,
      1.722222222222222,
      1.7777777777777777,
      1.8333333333333333,
      1.8888888888888888,
      1.9444444444444444
    ],
    "TaskName": "Decisiontask",
    "TotalReadoutTime": 0.0269452,
    "UsePhilipsFloatNotDisplayScaling": 1,
    "WaterFatShift": 12.0,
    "acq_id": "SeqMm3Tr2000",
    "dataset": "ds002643",
    "modality": "bold",
    "subject_id": "097",
    "task_id": "Decisiontask"
  },
  "dummy_trs": 0,
  "dvars_nstd": 19.890936597807002,
  "dvars_std": 1.1494539258771936,
  "dvars_vstd": 0.954603116432748,
  "efc": 0.40661319870901996,
  "fber": 140859.828125,
  "fd_mean": 0.11009425200249465,
  "fd_num": 8,
  "fd_perc": 2.3323615160349855,
  "fwhm_avg": 1.7573486947370112,
  "fwhm_x": 1.7469766666666666,
  "fwhm_y": 1.8914633333333333,
  "fwhm_z": 1.633606084211033,
  "gcor": 0.0173629,
  "gsr_x": -0.01706869900226593,
  "gsr_y": 0.0065777660347521305,
  "provenance": {
    "md5sum": "88fb6bc82ce597c4615949d19d0b6186",
    "settings": {
      "fd_thres": 0.2,
      "testing": false
    },
    "software": "mriqc",
    "version": "23.0.1",
    "webapi_port": null,
    "webapi_url": "https://mriqc.nimh.nih.gov/api/v1"
  },
  "size_t": 343,
  "size_x": 80,
  "size_y": 80,
  "size_z": 36,
  "snr": 5.720995962899452,
  "spacing_tr": 2.0,
  "spacing_x": 3.0,
  "spacing_y": 3.0,
  "spacing_z": 3.299999952316284,
  "summary_bg_k": 136.59676669772247,
  "summary_bg_mad": 191.25434579138758,
  "summary_bg_mean": 1044.5450439453125,
  "summary_bg_median": 170.27328491210938,
  "summary_bg_n": 157677.0,
  "summary_bg_p05": 11.958823013305665,
  "summary_bg_p95": 5065.034667968744,
  "summary_bg_stdv": 3412.208251953125,
  "summary_fg_k": 1.6072377784490746,
  "summary_fg_mad": 10249.318903460426,
  "summary_fg_mean": 65946.0,
  "summary_fg_median": 64135.859375,
  "summary_fg_n": 33274.0,
  "summary_fg_p05": 51550.7578125,
  "summary_fg_p95": 86008.7,
  "summary_fg_stdv": 11210.4423828125,
  "tsnr": 72.84066772460938
}