{
  "aor": 0.002249125,
  "aqi": 0.004216987416666667,
  "bids_meta": {
    "AcquisitionNumber": 7,
    "BIDSVersion": "1.1.0",
    "BidsifyVersion": "0.3",
    "ConversionSoftware": "dcm2niix",
    "ConversionSoftwareVersion": "v1.0.20180622 GCC5.4.0",
    "EchoTime": 0.028,
    "EffectiveEchoSpacing": 0.0006909,
    "FlipAngle": 76.1,
    "ImageComments": "RepliSC",
    "ImageOrientationPatientDICOM": [
      0.999906,
      -0.00148249,
      -0.0136107,
      -0.00261775,
      0.955079,
      -0.29634
    ],
    "InstitutionName": "Spinoza Centre for Neuroimaging, location REC",
    "MagneticFieldStrength": 3,
    "Manufacturer": "Philips",
    "ParallelAcquisitionTechnique": "SENSE",
    "ParallelReductionFactorInPlane": 2,
    "PatientPosition": "HFS",
    "PhaseEncodingDirection": "j",
    "PhilipsRescaleIntercept": 0,
    "PhilipsRescaleSlope": 0.77338,
    "PhilipsScaleSlope": 0.0230744,
    "ProtocolName": "task-RestingState_acq-SeqMm3Tr2000_bold",
    "PulseSequenceType": "Gradient Echo EPI",
    "ReconMatrixPE": 80,
    "RepetitionTime": 2,
    "SeriesDescription": "ImageMRSERIES",
    "SeriesNumber": 7,
    "SliceEncodingDirection": "k",
    "SliceTiming": [
      0.0,
      0.05555555555555555,
      0.1111111111111111,
      0.16666666666666666,
      0.2222222222222222,
      0.2777777777777778,
      0.3333333333333333,
      0.38888888888888884,
      0.4444444444444444,
      0.5,
      0.5555555555555556,
      0.611111111111111,
      0.6666666666666666,
      0.7222222222222222,
      0.7777777777777777,
      0.8333333333333333,
      0.8888888888888888,
      0.9444444444444444,
      1.0,
      1.0555555555555556,
      1.1111111111111112,
      1.1666666666666665,
      1.222222222222222,
      1.2777777777777777,
      1.3333333333333333,
      1.3888888888888888,
      1.4444444444444444,
      1.5,
      1.5555555555555554,
      1.611111111111111,
      1.6666666666666665,
      1.722222222222222,
      1.7777777777777777,
      1.8333333333333333,
      1.8888888888888888,
      1.9444444444444444
    ],
    "TaskName": "RestingState",
    "TotalReadoutTime": 0.0269452,
    "UsePhilipsFloatNotDisplayScaling": 1,
    "WaterFatShift": 12.0,
    "acq_id": "SeqMm3Tr2000",
    "dataset": "ds002643",
    "modality": "bold",
    "subject_id": "097",
    "task_id": "RestingState"
  },
  "dummy_trs": 0,
  "dvars_nstd": 17.559395861924678,
  "dvars_std": 1.187116666317991,
  "dvars_vstd": 1.0211346482008368,
  "efc": 0.407133046969412,
  "fber": 137283.21875,
  "fd_mean": 0.10934497787573953,
  "fd_num": 5,
  "fd_perc": 2.0833333333333335,
  "fwhm_avg": 1.7512434422264853,
  "fwhm_x": 1.7359333333333333,
  "fwhm_y": 1.8811333333333333,
  "fwhm_z": 1.6366636600127895,
  "gcor": 0.0418204,
  "gsr_x": -0.017131244763731956,
  "gsr_y": 0.0065023587085306644,
  "provenance": {
    "md5sum": "e5f845721f485185c78b4eb2455173f3",
    "settings": {
      "fd_thres": 0.2,
      "testing": false
    },
    "software": "mriqc",
    "version": "23.0.1",
    "webapi_port": null,
    "webapi_url": "https://mriqc.nimh.nih.gov/api/v1"
  },
  "size_t": 240,
  "size_x": 80,
  "size_y": 80,
  "size_z": 36,
  "snr": 5.741351803875261,
  "spacing_tr": 2.0,
  "spacing_x": 3.0,
  "spacing_y": 3.0,
  "spacing_z": 3.299999952316284,
  "summary_bg_k": 133.641246197537,
  "summary_bg_mad": 195.19804484367083,
  "summary_bg_mean": 1040.812744140625,
  "summary_bg_median": 171.93728637695312,
  "summary_bg_n": 157678.0,
  "summary_bg_p05": 10.922348880767823,
  "summary_bg_p95": 5105.9965332031215,
  "summary_bg_stdv": 3336.99072265625,
  "summary_fg_k": 1.5627824278391804,
  "summary_fg_mad": 10228.04414076636,
  "summary_fg_mean": 65314.7109375,
  "summary_fg_median": 63621.53125,
  "summary_fg_n": 33278.0,
  "summary_fg_p05": 51102.2130859375,
  "summary_fg_p95": 84868.948046875,
  "summary_fg_stdv": 11081.1142578125,
  "tsnr": 86.20918273925781
}