{
  "aor": 0.0012666472303206999,
  "aqi": 0.003225282128279884,
  "bids_meta": {
    "AcquisitionNumber": 4,
    "BIDSVersion": "1.1.0",
    "BidsifyVersion": "0.3",
    "ConversionSoftware": "dcm2niix",
    "ConversionSoftwareVersion": "v1.0.20180622 GCC5.4.0",
    "EchoTime": 0.028,
    "EffectiveEchoSpacing": 0.0006909,
    "FlipAngle": 76.1,
    "ImageComments": "RepliSC",
    "ImageOrientationPatientDICOM": [
      0.999906,
      -0.00148249,
      -0.0136107,
      -0.00261775,
      0.955079,
      -0.29634
    ],
    "InstitutionName": "Spinoza Centre for Neuroimaging, location REC",
    "MagneticFieldStrength": 3,
    "Manufacturer": "Philips",
    "ParallelAcquisitionTechnique": "SENSE",
    "ParallelReductionFactorInPlane": 2,
    "PatientPosition": "HFS",
    "PhaseEncodingDirection": "j",
    "PhilipsRescaleIntercept": 0,
    "PhilipsRescaleSlope": 0.79121,
    "PhilipsScaleSlope": 0.0213953,
    "ProtocolName": "task-Tasteratingtask_acq-SeqMm3Tr2000_bold",
    "PulseSequenceType": "Gradient Echo EPI",
    "ReconMatrixPE": 80,
    "RepetitionTime": 2,
    "SeriesDescription": "ImageMRSERIES",
    "SeriesNumber": 4,
    "SliceEncodingDirection": "k",
    "SliceTiming": [
      0.0,
      0.05555555555555555,
      0.1111111111111111,
      0.16666666666666666,
      0.2222222222222222,
      0.2777777777777778,
      0.3333333333333333,
      0.38888888888888884,
      0.4444444444444444,
      0.5,
      0.5555555555555556,
      0.611111111111111,
      0.6666666666666666,
      0.7222222222222222,
      0.7777777777777777,
      0.8333333333333333,
      0.8888888888888888,
      0.9444444444444444,
      1.0,
      1.0555555555555556,
      1.1111111111111112,
      1.1666666666666665,
      1.222222222222222,
      1.2777777777777777,
      1.3333333333333333,
      1.3888888888888888,
      1.4444444444444444,
      1.5,
      1.5555555555555554,
      1.611111111111111,
      1.6666666666666665,
      1.722222222222222,
      1.7777777777777777,
      1.8333333333333333,
      1.8888888888888888,
      1.9444444444444444
    ],
    "TaskName": "Tasteratingtask",
    "TotalReadoutTime": 0.0269452,
    "UsePhilipsFloatNotDisplayScaling": 1,
    "WaterFatShift": 12.0,
    "acq_id": "SeqMm3Tr2000",
    "dataset": "ds002643",
    "modality": "bold",
    "subject_id": "097",
    "task_id": "Tasteratingtask"
  },
  "dummy_trs": 0,
  "dvars_nstd": 19.283341569678367,
  "dvars_std": 1.2238110184502926,
  "dvars_vstd": 1.0130374313742696,
  "efc": 0.4048885135414801,
  "fber": 144652.125,
  "fd_mean": 0.1015238237860876,
  "fd_num": 3,
  "fd_perc": 0.8746355685131195,
  "fwhm_avg": 1.7482571795682145,
  "fwhm_x": 1.7350466666666666,
  "fwhm_y": 1.8797066666666666,
  "fwhm_z": 1.6300182053713106,
  "gcor": 0.0261867,
  "gsr_x": -0.016349395737051964,
  "gsr_y": 0.006783165503293276,
  "provenance": {
    "md5sum": "0b7703ace6f3cea573e5b747bc57e7e5",
    "settings": {
      "fd_thres": 0.2,
      "testing": false
    },
    "software": "mriqc",
    "version": "23.0.1",
    "webapi_port": null,
    "webapi_url": "https://mriqc.nimh.nih.gov/api/v1"
  },
  "size_t": 343,
  "size_x": 80,
  "size_y": 80,
  "size_z": 36,
  "snr": 5.616150409637204,
  "spacing_tr": 2.0,
  "spacing_x": 3.0,
  "spacing_y": 3.0,
  "spacing_z": 3.299999952316284,
  "summary_bg_k": 153.46346170375978,
  "summary_bg_mad": 192.96231549189932,
  "summary_bg_mean": 1026.7723388671875,
  "summary_bg_median": 171.60791015625,
  "summary_bg_n": 157730.0,
  "summary_bg_p05": 10.942032146453858,
  "summary_bg_p95": 4901.803588867176,
  "summary_bg_stdv": 3409.1630859375,
  "summary_fg_k": 1.6963207819730979,
  "summary_fg_mad": 10533.683167252782,
  "summary_fg_mean": 67204.1328125,
  "summary_fg_median": 65307.36328125,
  "summary_fg_n": 33190.0,
  "summary_fg_p05": 52343.9693359375,
  "summary_fg_p95": 88008.6203125,
  "summary_fg_stdv": 11628.3173828125,
  "tsnr": 93.31351470947266
}