{
  "aor": 0.0024657142857142864,
  "aqi": 0.015106742740524782,
  "bids_meta": {
    "AcquisitionNumber": 6,
    "BIDSVersion": "1.1.0",
    "BidsifyVersion": "0.3",
    "ConversionSoftware": "dcm2niix",
    "ConversionSoftwareVersion": "v1.0.20180622 GCC5.4.0",
    "EchoTime": 0.028,
    "EffectiveEchoSpacing": 0.0006909,
    "FlipAngle": 76.1,
    "ImageComments": "RepliSC",
    "ImageOrientationPatientDICOM": [
      0.998399,
      0.0564834,
      -0.0028269,
      -0.0552948,
      0.964459,
      -0.258384
    ],
    "InstitutionName": "Spinoza Centre for Neuroimaging, location REC",
    "MagneticFieldStrength": 3,
    "Manufacturer": "Philips",
    "ParallelAcquisitionTechnique": "SENSE",
    "ParallelReductionFactorInPlane": 2,
    "PatientPosition": "HFS",
    "PhaseEncodingDirection": "j",
    "PhilipsRescaleIntercept": 0,
    "PhilipsRescaleSlope": 0.77094,
    "PhilipsScaleSlope": 0.0221582,
    "ProtocolName": "task-Decisiontask_acq-SeqMm3Tr2000_bold",
    "PulseSequenceType": "Gradient Echo EPI",
    "ReconMatrixPE": 80,
    "RepetitionTime": 2,
    "SeriesDescription": "ImageMRSERIES",
    "SeriesNumber": 6,
    "SliceEncodingDirection": "k",
    "SliceTiming": [
      0.0,
      0.05555555555555555,
      0.1111111111111111,
      0.16666666666666666,
      0.2222222222222222,
      0.2777777777777778,
      0.3333333333333333,
      0.38888888888888884,
      0.4444444444444444,
      0.5,
      0.5555555555555556,
      0.611111111111111,
      0.6666666666666666,
      0.7222222222222222,
      0.7777777777777777,
      0.8333333333333333,
      0.8888888888888888,
      0.9444444444444444,
      1.0,
      1.0555555555555556,
      1.1111111111111112,
      1.1666666666666665,
      1.222222222222222,
      1.2777777777777777,
      1.3333333333333333,
      1.3888888888888888,
      1.4444444444444444,
      1.5,
      1.5555555555555554,
      1.611111111111111,
      1.6666666666666665,
      1.722222222222222,
      1.7777777777777777,
      1.8333333333333333,
      1.8888888888888888,
      1.9444444444444444
    ],
    "TaskName": "Decisiontask",
    "TotalReadoutTime": 0.0269452,
    "UsePhilipsFloatNotDisplayScaling": 1,
    "WaterFatShift": 12.0,
    "acq_id": "SeqMm3Tr2000",
    "dataset": "ds002643",
    "modality": "bold",
    "subject_id": "038",
    "task_id": "Decisiontask"
  },
  "dummy_trs": 0,
  "dvars_nstd": 22.89162188801168,
  "dvars_std": 1.117661315701755,
  "dvars_vstd": 0.9769749859356728,
  "efc": 0.46946787886488145,
  "fber": 86704.4921875,
  "fd_mean": 0.2089360606935745,
  "fd_num": 140,
  "fd_perc": 40.816326530612244,
  "fwhm_avg": 1.8155819271180562,
  "fwhm_x": 1.8122366666666665,
  "fwhm_y": 1.9889000000000001,
  "fwhm_z": 1.6456091146875023,
  "gcor": 0.0298449,
  "gsr_x": -0.011252829805016518,
  "gsr_y": 0.014640447683632374,
  "provenance": {
    "md5sum": "1bbba95fd66b998ba649fc6cd0f633f4",
    "settings": {
      "fd_thres": 0.2,
      "testing": false
    },
    "software": "mriqc",
    "version": "23.0.1",
    "webapi_port": null,
    "webapi_url": "https://mriqc.nimh.nih.gov/api/v1"
  },
  "size_t": 343,
  "size_x": 80,
  "size_y": 80,
  "size_z": 36,
  "snr": 5.763176630970126,
  "spacing_tr": 2.0,
  "spacing_x": 3.0,
  "spacing_y": 3.0,
  "spacing_z": 3.299999952316284,
  "summary_bg_k": 66.1881192124366,
  "summary_bg_mad": 245.67007878929337,
  "summary_bg_mean": 1622.36767578125,
  "summary_bg_median": 211.55873107910156,
  "summary_bg_n": 145969.0,
  "summary_bg_p05": 15.188228607177734,
  "summary_bg_p95": 8366.555859375001,
  "summary_bg_stdv": 4532.69970703125,
  "summary_fg_k": 2.421464511667774,
  "summary_fg_mad": 9791.05292827675,
  "summary_fg_mean": 63855.0703125,
  "summary_fg_median": 62320.03515625,
  "summary_fg_n": 43048.0,
  "summary_fg_p05": 49772.66171875,
  "summary_fg_p95": 82153.098828125,
  "summary_fg_stdv": 10813.361328125,
  "tsnr": 52.076698303222656
}