{
  "bids_meta": {
    "AcquisitionNumber": 2,
    "BIDSVersion": "1.1.0",
    "BidsifyVersion": "0.3",
    "ConversionSoftware": "dcm2niix",
    "ConversionSoftwareVersion": "v1.0.20180622 GCC5.4.0",
    "EchoTime": 0.00378,
    "ImageComments": "RepliSC",
    "ImageOrientationPatientDICOM": [
      0.995452,
      -0.0548016,
      0.0779222,
      0.0607101,
      0.995289,
      -0.0755957
    ],
    "InstitutionName": "Spinoza Centre for Neuroimaging, location REC",
    "InversionTime": 0.9,
    "MagneticFieldStrength": 3,
    "Manufacturer": "Philips",
    "ParallelAcquisitionTechnique": "SENSE",
    "PatientPosition": "HFS",
    "PhilipsRescaleIntercept": 0,
    "PhilipsRescaleSlope": 4.22295,
    "PhilipsScaleSlope": 0.00428051,
    "ProtocolName": "acq-AxialNsig1Mm1_T1w",
    "ReconMatrixPE": 240,
    "RepetitionTime": 0.008246,
    "SeriesDescription": "ImageMRSERIES",
    "SeriesNumber": 2,
    "UsePhilipsFloatNotDisplayScaling": 1,
    "acq_id": "AxialNsig1Mm1",
    "dataset": "ds002643",
    "modality": "T1w",
    "subject_id": "018"
  },
  "cjv": 0.2882789041647562,
  "cnr": 4.535475112426738,
  "efc": 0.7111146170798472,
  "fber": -1.0,
  "fwhm_avg": 4.118116666666666,
  "fwhm_x": 4.01685,
  "fwhm_y": 4.30131,
  "fwhm_z": 4.03619,
  "icvs_csf": 0.21794531619570184,
  "icvs_gm": 0.43929515653251394,
  "icvs_wm": 0.3427595272717842,
  "inu_med": 0.5713149309158325,
  "inu_range": 0.19352951645851135,
  "provenance": {
    "md5sum": "bb5968125c19d985d8252a71fa168204",
    "settings": {
      "testing": false
    },
    "software": "mriqc",
    "version": "23.0.1",
    "warnings": {
      "large_rot_frame": true,
      "small_air_mask": false
    },
    "webapi_port": null,
    "webapi_url": "https://mriqc.nimh.nih.gov/api/v1"
  },
  "qi_1": 0.031081376176114086,
  "qi_2": 6.157786095126369e-05,
  "rpve_csf": 24.29782920446683,
  "rpve_gm": 12.811241982315982,
  "rpve_wm": 19.534566292901566,
  "size_x": 240,
  "size_y": 240,
  "size_z": 220,
  "snr_csf": 1.5549667216066372,
  "snr_gm": 8.557538109850666,
  "snr_total": 11.567261547328963,
  "snr_wm": 24.589279810529586,
  "snrd_csf": 15.133181692627126,
  "snrd_gm": 53.77138069064837,
  "snrd_total": 51.826017733230834,
  "snrd_wm": 86.57349081641702,
  "spacing_x": 1.0,
  "spacing_y": 1.0,
  "spacing_z": 1.0,
  "summary_bg_k": 22.92756551053292,
  "summary_bg_mad": 0.0,
  "summary_bg_mean": 2.8621640532543147,
  "summary_bg_median": 0.0,
  "summary_bg_n": 296652.0,
  "summary_bg_p05": 0.0,
  "summary_bg_p95": 20.413638228550553,
  "summary_bg_stdv": 7.567401662232278,
  "summary_csf_k": 1.2525468663165977,
  "summary_csf_mad": 113.33743582432679,
  "summary_csf_mean": 193.47595385692188,
  "summary_csf_median": 174.8015593327582,
  "summary_csf_n": 26163.0,
  "summary_csf_p05": 44.33761731348932,
  "summary_csf_p95": 400.98377655074,
  "summary_csf_stdv": 112.41283575183645,
  "summary_gm_k": 0.15016408963219252,
  "summary_gm_mad": 71.93396775045017,
  "summary_gm_mean": 621.0208316082555,
  "summary_gm_median": 621.1067429911345,
  "summary_gm_n": 51049.0,
  "summary_gm_p05": 501.7417385585606,
  "summary_gm_p95": 739.6534131858498,
  "summary_gm_stdv": 72.5793623763666,
  "summary_wm_k": 1.031970979835842,
  "summary_wm_mad": 37.29295563099375,
  "summary_wm_mean": 998.7644890112794,
  "summary_wm_median": 999.9999668914825,
  "summary_wm_n": 208666.0,
  "summary_wm_p05": 931.2688344549388,
  "summary_wm_p95": 1063.029590293765,
  "summary_wm_stdv": 40.66803006921267,
  "tpm_overlap_csf": 0.14954098972463278,
  "tpm_overlap_gm": 0.48364690004094674,
  "tpm_overlap_wm": 0.5228148924927702,
  "wm2max": 0.8274592514477068
}