{
  "aor": 0.0021527196652719664,
  "aqi": 0.009710942970711298,
  "bids_meta": {
    "AcquisitionNumber": 9,
    "BIDSVersion": "1.1.0",
    "BidsifyVersion": "0.3.7",
    "ConversionSoftware": "dcm2niix",
    "ConversionSoftwareVersion": "v1.0.20190902",
    "EchoTime": 0.028,
    "EffectiveEchoSpacing": 0.0006909,
    "FlipAngle": 76.1,
    "ImageComments": "RepliSC",
    "ImageOrientationPatientDICOM": [
      0.994075,
      -0.105835,
      0.0247622,
      0.108693,
      0.967568,
      -0.22803
    ],
    "InstitutionName": "Spinoza Centre for Neuroimaging, location RE",
    "MagneticFieldStrength": 3,
    "Manufacturer": "Philips",
    "ParallelAcquisitionTechnique": "SENSE",
    "ParallelReductionFactorInPlane": 2,
    "PatientPosition": "HFS",
    "PhaseEncodingDirection": "j",
    "PhilipsRescaleIntercept": 0,
    "PhilipsRescaleSlope": 0.76166,
    "PhilipsScaleSlope": 0.0267861,
    "ProtocolName": "task-RestingState_acq-SeqMm3Tr2000_bold",
    "PulseSequenceType": "Gradient Echo EPI",
    "ReconMatrixPE": 80,
    "RepetitionTime": 2,
    "SeriesDescription": "ImageMRSERIES",
    "SeriesNumber": 9,
    "SliceEncodingDirection": "k",
    "SliceTiming": [
      0.0,
      0.05555555555555555,
      0.1111111111111111,
      0.16666666666666666,
      0.2222222222222222,
      0.2777777777777778,
      0.3333333333333333,
      0.38888888888888884,
      0.4444444444444444,
      0.5,
      0.5555555555555556,
      0.611111111111111,
      0.6666666666666666,
      0.7222222222222222,
      0.7777777777777777,
      0.8333333333333333,
      0.8888888888888888,
      0.9444444444444444,
      1.0,
      1.0555555555555556,
      1.1111111111111112,
      1.1666666666666665,
      1.222222222222222,
      1.2777777777777777,
      1.3333333333333333,
      1.3888888888888888,
      1.4444444444444444,
      1.5,
      1.5555555555555554,
      1.611111111111111,
      1.6666666666666665,
      1.722222222222222,
      1.7777777777777777,
      1.8333333333333333,
      1.8888888888888888,
      1.9444444444444444
    ],
    "TaskName": "RestingState",
    "TotalReadoutTime": 0.0269452,
    "UsePhilipsFloatNotDisplayScaling": 1,
    "WaterFatShift": 12.0,
    "acq_id": "SeqMm3Tr2000",
    "dataset": "ds002643",
    "modality": "bold",
    "subject_id": "047",
    "task_id": "RestingState"
  },
  "dummy_trs": 1,
  "dvars_nstd": 24.982406744621844,
  "dvars_std": 1.2931827913025207,
  "dvars_vstd": 0.9699912455042013,
  "efc": 0.4272866825071582,
  "fber": 125141.90625,
  "fd_mean": 0.08850489284919774,
  "fd_num": 10,
  "fd_perc": 4.184100418410042,
  "fwhm_avg": 1.7268686945767808,
  "fwhm_x": 1.74254,
  "fwhm_y": 1.8377266666666667,
  "fwhm_z": 1.6003394170636756,
  "gcor": 0.0223129,
  "gsr_x": -0.01294073835015297,
  "gsr_y": 0.005520218051970005,
  "provenance": {
    "md5sum": "e9a35e11a6ebf654f1fb65e39ff6b058",
    "settings": {
      "fd_thres": 0.2,
      "testing": false
    },
    "software": "mriqc",
    "version": "23.0.1",
    "webapi_port": null,
    "webapi_url": "https://mriqc.nimh.nih.gov/api/v1"
  },
  "size_t": 239,
  "size_x": 80,
  "size_y": 80,
  "size_z": 36,
  "snr": 6.248277348556665,
  "spacing_tr": 2.0,
  "spacing_x": 3.0,
  "spacing_y": 3.0,
  "spacing_z": 3.299999952316284,
  "summary_bg_k": 124.21462538028047,
  "summary_bg_mad": 187.66223624283157,
  "summary_bg_mean": 1324.17724609375,
  "summary_bg_median": 156.69712829589844,
  "summary_bg_n": 156066.0,
  "summary_bg_p05": 13.998887777328491,
  "summary_bg_p95": 6092.428955078125,
  "summary_bg_stdv": 3529.550048828125,
  "summary_fg_k": 1.97830534277311,
  "summary_fg_mad": 8538.853465083328,
  "summary_fg_mean": 57115.89453125,
  "summary_fg_median": 56034.328125,
  "summary_fg_n": 34156.0,
  "summary_fg_p05": 45610.52734375,
  "summary_fg_p95": 72409.9140625,
  "summary_fg_stdv": 8967.8330078125,
  "tsnr": 65.21180725097656
}