{
  "bids_meta": {
    "AcquisitionNumber": 2,
    "BIDSVersion": "1.1.0",
    "BidsifyVersion": "0.3",
    "ConversionSoftware": "dcm2niix",
    "ConversionSoftwareVersion": "v1.0.20180622 GCC5.4.0",
    "EchoTime": 0.00382,
    "ImageComments": "RepliSC",
    "ImageOrientationPatientDICOM": [
      0.999862,
      0.0130518,
      0.0102288,
      -0.01082,
      0.980939,
      -0.194014
    ],
    "InstitutionName": "Spinoza Centre for Neuroimaging, location REC",
    "InversionTime": 0.9,
    "MagneticFieldStrength": 3,
    "Manufacturer": "Philips",
    "ParallelAcquisitionTechnique": "SENSE",
    "PatientPosition": "HFS",
    "PhilipsRescaleIntercept": 0,
    "PhilipsRescaleSlope": 4.33822,
    "PhilipsScaleSlope": 0.00458511,
    "ProtocolName": "acq-AxialNsig1Mm1_T1w",
    "ReconMatrixPE": 240,
    "RepetitionTime": 0.008302,
    "SeriesDescription": "ImageMRSERIES",
    "SeriesNumber": 2,
    "UsePhilipsFloatNotDisplayScaling": 1,
    "acq_id": "AxialNsig1Mm1",
    "dataset": "ds002643",
    "modality": "T1w",
    "subject_id": "054"
  },
  "cjv": 0.30204948512372415,
  "cnr": 4.225630764556933,
  "efc": 0.6964996631519038,
  "fber": -1.0,
  "fwhm_avg": 4.177206746752664,
  "fwhm_x": 4.13814,
  "fwhm_y": 4.36262,
  "fwhm_z": 4.030860240257993,
  "icvs_csf": 0.23934341128949602,
  "icvs_gm": 0.4179822894732166,
  "icvs_wm": 0.3426742992372874,
  "inu_med": 0.5293756723403931,
  "inu_range": 0.16295755505561826,
  "provenance": {
    "md5sum": "52d156cb72601d550b4d1f49ca7d439f",
    "settings": {
      "testing": false
    },
    "software": "mriqc",
    "version": "23.0.1",
    "warnings": {
      "large_rot_frame": true,
      "small_air_mask": false
    },
    "webapi_port": null,
    "webapi_url": "https://mriqc.nimh.nih.gov/api/v1"
  },
  "qi_1": 0.016764959315614857,
  "qi_2": 3.266999119625295e-05,
  "rpve_csf": 20.751261412186878,
  "rpve_gm": 12.109713139285919,
  "rpve_wm": 18.021327315991982,
  "size_x": 240,
  "size_y": 240,
  "size_z": 220,
  "snr_csf": 1.5359559105048877,
  "snr_gm": 8.196482349884132,
  "snr_total": 12.206584522257884,
  "snr_wm": 26.887315306384636,
  "snrd_csf": 17.515264776185422,
  "snrd_gm": 66.42698833490796,
  "snrd_total": 62.8168259254021,
  "snrd_wm": 104.50822466511292,
  "spacing_x": 1.0,
  "spacing_y": 1.0,
  "spacing_z": 0.9999999403953552,
  "summary_bg_k": 38.267897531485254,
  "summary_bg_mad": 0.0,
  "summary_bg_mean": 2.944933777300538,
  "summary_bg_median": 0.0,
  "summary_bg_n": 533341.0,
  "summary_bg_p05": 0.0,
  "summary_bg_p95": 17.683931289240718,
  "summary_bg_stdv": 6.268754501630315,
  "summary_csf_k": 0.587882972134631,
  "summary_csf_mad": 105.72088081249966,
  "summary_csf_mean": 189.84164083137995,
  "summary_csf_median": 167.596999514848,
  "summary_csf_n": 40687.0,
  "summary_csf_p05": 49.711749924346805,
  "summary_csf_p95": 397.2684869471936,
  "summary_csf_stdv": 109.11442103702718,
  "summary_gm_k": 0.14951618740085104,
  "summary_gm_mad": 75.70388385418647,
  "summary_gm_mean": 635.7201164904807,
  "summary_gm_median": 635.6149378269911,
  "summary_gm_n": 37691.0,
  "summary_gm_p05": 506.31405859440565,
  "summary_gm_p95": 762.3879070887342,
  "summary_gm_stdv": 77.5462544442355,
  "summary_wm_k": 1.2768715414426328,
  "summary_wm_mad": 34.35843832629521,
  "summary_wm_mean": 1000.2276897618968,
  "summary_wm_median": 1000.0000058412552,
  "summary_wm_n": 239593.0,
  "summary_wm_p05": 940.3367551267147,
  "summary_wm_p95": 1059.8920266889036,
  "summary_wm_stdv": 37.192181799173014,
  "tpm_overlap_csf": 0.14787956012765896,
  "tpm_overlap_gm": 0.46624516230577284,
  "tpm_overlap_wm": 0.5189503554738958,
  "wm2max": 0.789167719805019
}