{
  "bids_meta": {
    "AcquisitionNumber": 2,
    "BIDSVersion": "1.1.0",
    "BidsifyVersion": "0.3",
    "ConversionSoftware": "dcm2niix",
    "ConversionSoftwareVersion": "v1.0.20180622 GCC5.4.0",
    "EchoTime": 0.00382,
    "ImageComments": "RepliSC",
    "ImageOrientationPatientDICOM": [
      0.999713,
      0.00053419,
      0.0239542,
      0.0043621,
      0.978986,
      -0.203881
    ],
    "InstitutionName": "Spinoza Centre for Neuroimaging, location REC",
    "InversionTime": 0.9,
    "MagneticFieldStrength": 3,
    "Manufacturer": "Philips",
    "ParallelAcquisitionTechnique": "SENSE",
    "PatientPosition": "HFS",
    "PhilipsRescaleIntercept": 0,
    "PhilipsRescaleSlope": 4.08571,
    "PhilipsScaleSlope": 0.00505941,
    "ProtocolName": "acq-AxialNsig1Mm1_T1w",
    "ReconMatrixPE": 240,
    "RepetitionTime": 0.008315,
    "SeriesDescription": "ImageMRSERIES",
    "SeriesNumber": 2,
    "UsePhilipsFloatNotDisplayScaling": 1,
    "acq_id": "AxialNsig1Mm1",
    "dataset": "ds002643",
    "modality": "T1w",
    "subject_id": "092"
  },
  "cjv": 0.26446228359432783,
  "cnr": 4.938488277408119,
  "efc": 0.7064299077318856,
  "fber": 14376.876760052255,
  "fwhm_avg": 4.227500080595618,
  "fwhm_x": 4.09583,
  "fwhm_y": 4.53016,
  "fwhm_z": 4.056510241786852,
  "icvs_csf": 0.24941969430140826,
  "icvs_gm": 0.4466221008234732,
  "icvs_wm": 0.30395820487511854,
  "inu_med": 0.6467167437076569,
  "inu_range": 0.25058168172836304,
  "provenance": {
    "md5sum": "1fb3ff8a2654e5e3ac6461773aced81d",
    "settings": {
      "testing": false
    },
    "software": "mriqc",
    "version": "23.0.1",
    "warnings": {
      "large_rot_frame": true,
      "small_air_mask": false
    },
    "webapi_port": null,
    "webapi_url": "https://mriqc.nimh.nih.gov/api/v1"
  },
  "qi_1": 0.0,
  "qi_2": 8.691876326390767e-05,
  "rpve_csf": 22.298730590482,
  "rpve_gm": 12.666361317688928,
  "rpve_wm": 21.164990967525103,
  "size_x": 240,
  "size_y": 240,
  "size_z": 220,
  "snr_csf": 1.4680857330240271,
  "snr_gm": 8.984107124890928,
  "snr_total": 11.178856613919535,
  "snr_wm": 23.084376983843654,
  "snrd_csf": 9.51621319221741,
  "snrd_gm": 43.013953784681306,
  "snrd_total": 41.29053630163066,
  "snrd_wm": 71.34144192799326,
  "spacing_x": 1.0,
  "spacing_y": 1.0,
  "spacing_z": 0.9999999403953552,
  "summary_bg_k": 1107.573545336452,
  "summary_bg_mad": 0.0,
  "summary_bg_mean": 4.487297892945755,
  "summary_bg_median": 0.0,
  "summary_bg_n": 344817.0,
  "summary_bg_p05": 0.0,
  "summary_bg_p95": 21.722793905064464,
  "summary_bg_stdv": 9.183111378519099,
  "summary_csf_k": 1.2544970650904874,
  "summary_csf_mad": 83.38810652293358,
  "summary_csf_mean": 150.63730234095064,
  "summary_csf_median": 133.3896966278553,
  "summary_csf_n": 56843.0,
  "summary_csf_p05": 36.400357354432344,
  "summary_csf_p95": 328.1668346263468,
  "summary_csf_stdv": 90.85881042594826,
  "summary_gm_k": 0.2867678509966489,
  "summary_gm_mad": 65.17851165383368,
  "summary_gm_mean": 603.4858445517114,
  "summary_gm_median": 602.9308223985136,
  "summary_gm_n": 42276.0,
  "summary_gm_p05": 494.61627516755834,
  "summary_gm_p95": 713.5468115783297,
  "summary_gm_stdv": 67.11002919790964,
  "summary_wm_k": 0.9181589136224861,
  "summary_wm_mad": 39.8313126773428,
  "summary_wm_mean": 998.9726606137691,
  "summary_wm_median": 1000.000010881573,
  "summary_wm_n": 166846.0,
  "summary_wm_p05": 925.8372182846069,
  "summary_wm_p95": 1066.8122797030956,
  "summary_wm_stdv": 43.319211724945426,
  "tpm_overlap_csf": 0.145069714154244,
  "tpm_overlap_gm": 0.4674165100270696,
  "tpm_overlap_wm": 0.4861742320691453,
  "wm2max": 0.7315112201172227
}