{
  "aor": 0.0019396793002915455,
  "aqi": 0.0040605399416909615,
  "bids_meta": {
    "AcquisitionNumber": 4,
    "BIDSVersion": "1.1.0",
    "BidsifyVersion": "0.3",
    "ConversionSoftware": "dcm2niix",
    "ConversionSoftwareVersion": "v1.0.20180622 GCC5.4.0",
    "EchoTime": 0.028,
    "EffectiveEchoSpacing": 0.0006909,
    "FlipAngle": 76.1,
    "ImageComments": "RepliSC",
    "ImageOrientationPatientDICOM": [
      0.999487,
      0.0296619,
      -0.0120985,
      -0.0317594,
      0.966902,
      -0.253164
    ],
    "InstitutionName": "Spinoza Centre for Neuroimaging, location REC",
    "MagneticFieldStrength": 3,
    "Manufacturer": "Philips",
    "ParallelAcquisitionTechnique": "SENSE",
    "ParallelReductionFactorInPlane": 2,
    "PatientPosition": "HFS",
    "PhaseEncodingDirection": "j",
    "PhilipsRescaleIntercept": 0,
    "PhilipsRescaleSlope": 0.75775,
    "PhilipsScaleSlope": 0.0237704,
    "ProtocolName": "ses-01_task-Healthratingtask-SeqMm3_bold",
    "PulseSequenceType": "Gradient Echo EPI",
    "ReconMatrixPE": 80,
    "RepetitionTime": 2,
    "SeriesDescription": "ImageMRSERIES",
    "SeriesNumber": 4,
    "SliceEncodingDirection": "k",
    "SliceTiming": [
      0.0,
      0.05555555555555555,
      0.1111111111111111,
      0.16666666666666666,
      0.2222222222222222,
      0.2777777777777778,
      0.3333333333333333,
      0.38888888888888884,
      0.4444444444444444,
      0.5,
      0.5555555555555556,
      0.611111111111111,
      0.6666666666666666,
      0.7222222222222222,
      0.7777777777777777,
      0.8333333333333333,
      0.8888888888888888,
      0.9444444444444444,
      1.0,
      1.0555555555555556,
      1.1111111111111112,
      1.1666666666666665,
      1.222222222222222,
      1.2777777777777777,
      1.3333333333333333,
      1.3888888888888888,
      1.4444444444444444,
      1.5,
      1.5555555555555554,
      1.611111111111111,
      1.6666666666666665,
      1.722222222222222,
      1.7777777777777777,
      1.8333333333333333,
      1.8888888888888888,
      1.9444444444444444
    ],
    "TaskName": "Healthratingtask",
    "TotalReadoutTime": 0.0269452,
    "UsePhilipsFloatNotDisplayScaling": 1,
    "WaterFatShift": 12.0,
    "acq_id": "SeqMm3Tr2000",
    "dataset": "ds002643",
    "modality": "bold",
    "subject_id": "004",
    "task_id": "Healthratingtask"
  },
  "dummy_trs": 0,
  "dvars_nstd": 19.847008125087715,
  "dvars_std": 1.1657681076023394,
  "dvars_vstd": 1.0210341477192986,
  "efc": 0.4631342981101402,
  "fber": 63518.56640625,
  "fd_mean": 0.13351369185092182,
  "fd_num": 28,
  "fd_perc": 8.16326530612245,
  "fwhm_avg": 1.7790685938505488,
  "fwhm_x": 1.7243199999999999,
  "fwhm_y": 1.95361,
  "fwhm_z": 1.6592757815516468,
  "gcor": 0.0356147,
  "gsr_x": -0.018499402329325676,
  "gsr_y": 0.01986185647547245,
  "provenance": {
    "md5sum": "b20d84dc4d7479112d131fce9a144aa6",
    "settings": {
      "fd_thres": 0.2,
      "testing": false
    },
    "software": "mriqc",
    "version": "23.0.1",
    "webapi_port": null,
    "webapi_url": "https://mriqc.nimh.nih.gov/api/v1"
  },
  "size_t": 343,
  "size_x": 80,
  "size_y": 80,
  "size_z": 36,
  "snr": 5.662256245116174,
  "spacing_tr": 2.0,
  "spacing_x": 3.0,
  "spacing_y": 3.0,
  "spacing_z": 3.299999952316284,
  "summary_bg_k": 34.507605650139574,
  "summary_bg_mad": 266.1836634915629,
  "summary_bg_mean": 1718.7335205078125,
  "summary_bg_median": 224.6221160888672,
  "summary_bg_n": 148992.0,
  "summary_bg_p05": 19.08531379699707,
  "summary_bg_p95": 9402.74999999999,
  "summary_bg_stdv": 4089.170654296875,
  "summary_fg_k": 1.7126073056689606,
  "summary_fg_mad": 9427.25651320348,
  "summary_fg_mean": 58692.98046875,
  "summary_fg_median": 56877.90625,
  "summary_fg_n": 39542.0,
  "summary_fg_p05": 45940.441796875,
  "summary_fg_p95": 76388.15898437498,
  "summary_fg_stdv": 10044.96875,
  "tsnr": 82.18769836425781
}