{
  "aor": 0.0014748396501457726,
  "aqi": 0.0040702046064139945,
  "bids_meta": {
    "AcquisitionNumber": 4,
    "BIDSVersion": "1.1.0",
    "BidsifyVersion": "0.3",
    "ConversionSoftware": "dcm2niix",
    "ConversionSoftwareVersion": "v1.0.20180622 GCC5.4.0",
    "EchoTime": 0.028,
    "EffectiveEchoSpacing": 0.0006909,
    "FlipAngle": 76.1,
    "ImageComments": "RepliSC",
    "ImageOrientationPatientDICOM": [
      0.999989,
      0.000386125,
      0.00469653,
      0,
      0.996637,
      -0.0819385
    ],
    "InstitutionName": "Spinoza Centre for Neuroimaging, location REC",
    "MagneticFieldStrength": 3,
    "Manufacturer": "Philips",
    "ParallelAcquisitionTechnique": "SENSE",
    "ParallelReductionFactorInPlane": 2,
    "PatientPosition": "HFS",
    "PhaseEncodingDirection": "j",
    "PhilipsRescaleIntercept": 0,
    "PhilipsRescaleSlope": 0.75458,
    "PhilipsScaleSlope": 0.0202957,
    "ProtocolName": "task-Healthratingtask_acq-SeqMm3Tr2000_bold",
    "PulseSequenceType": "Gradient Echo EPI",
    "ReconMatrixPE": 80,
    "RepetitionTime": 2,
    "SeriesDescription": "ImageMRSERIES",
    "SeriesNumber": 4,
    "SliceEncodingDirection": "k",
    "SliceTiming": [
      0.0,
      0.05555555555555555,
      0.1111111111111111,
      0.16666666666666666,
      0.2222222222222222,
      0.2777777777777778,
      0.3333333333333333,
      0.38888888888888884,
      0.4444444444444444,
      0.5,
      0.5555555555555556,
      0.611111111111111,
      0.6666666666666666,
      0.7222222222222222,
      0.7777777777777777,
      0.8333333333333333,
      0.8888888888888888,
      0.9444444444444444,
      1.0,
      1.0555555555555556,
      1.1111111111111112,
      1.1666666666666665,
      1.222222222222222,
      1.2777777777777777,
      1.3333333333333333,
      1.3888888888888888,
      1.4444444444444444,
      1.5,
      1.5555555555555554,
      1.611111111111111,
      1.6666666666666665,
      1.722222222222222,
      1.7777777777777777,
      1.8333333333333333,
      1.8888888888888888,
      1.9444444444444444
    ],
    "TaskName": "Healthratingtask",
    "TotalReadoutTime": 0.0269452,
    "UsePhilipsFloatNotDisplayScaling": 1,
    "WaterFatShift": 12.0,
    "acq_id": "SeqMm3Tr2000",
    "dataset": "ds002643",
    "modality": "bold",
    "subject_id": "024",
    "task_id": "Healthratingtask"
  },
  "dummy_trs": 0,
  "dvars_nstd": 26.273006835233904,
  "dvars_std": 1.4275341243859647,
  "dvars_vstd": 1.007477760467836,
  "efc": 0.4460725651417303,
  "fber": 100380.1640625,
  "fd_mean": 0.13185692193211482,
  "fd_num": 31,
  "fd_perc": 9.037900874635568,
  "fwhm_avg": 1.8477752606912532,
  "fwhm_x": 1.8193533333333332,
  "fwhm_y": 2.028563333333333,
  "fwhm_z": 1.695409115407093,
  "gcor": 0.0239953,
  "gsr_x": -0.008646448142826557,
  "gsr_y": 0.013197097927331924,
  "provenance": {
    "md5sum": "6e8a8a04677f6cd3205af4c73a664322",
    "settings": {
      "fd_thres": 0.2,
      "testing": false
    },
    "software": "mriqc",
    "version": "23.0.1",
    "webapi_port": null,
    "webapi_url": "https://mriqc.nimh.nih.gov/api/v1"
  },
  "size_t": 343,
  "size_x": 80,
  "size_y": 80,
  "size_z": 36,
  "snr": 5.989501744502241,
  "spacing_tr": 2.0,
  "spacing_x": 3.0,
  "spacing_y": 3.0,
  "spacing_z": 3.299999952316284,
  "summary_bg_k": 47.076497116138974,
  "summary_bg_mad": 262.91190147798784,
  "summary_bg_mean": 1785.835693359375,
  "summary_bg_median": 222.45152282714844,
  "summary_bg_n": 151303.0,
  "summary_bg_p05": 14.08135929107666,
  "summary_bg_p95": 10009.097265624998,
  "summary_bg_stdv": 4752.64892578125,
  "summary_fg_k": 2.2059955572380954,
  "summary_fg_mad": 10614.621086411864,
  "summary_fg_mean": 72683.4375,
  "summary_fg_median": 71044.2109375,
  "summary_fg_n": 37753.0,
  "summary_fg_p05": 57440.40078125,
  "summary_fg_p95": 93259.171875,
  "summary_fg_stdv": 11861.298828125,
  "tsnr": 93.51398468017578
}