{
  "aor": 0.001924875,
  "aqi": 0.004023198083333334,
  "bids_meta": {
    "AcquisitionNumber": 7,
    "BIDSVersion": "1.1.0",
    "BidsifyVersion": "0.3",
    "ConversionSoftware": "dcm2niix",
    "ConversionSoftwareVersion": "v1.0.20180622 GCC5.4.0",
    "EchoTime": 0.028,
    "EffectiveEchoSpacing": 0.0006909,
    "FlipAngle": 76.1,
    "ImageComments": "RepliSC",
    "ImageOrientationPatientDICOM": [
      0.99835,
      0.0574033,
      -0.0015546,
      -0.05704,
      0.994432,
      0.0886057
    ],
    "InstitutionName": "Spinoza Centre for Neuroimaging, location REC",
    "MagneticFieldStrength": 3,
    "Manufacturer": "Philips",
    "ParallelAcquisitionTechnique": "SENSE",
    "ParallelReductionFactorInPlane": 2,
    "PatientPosition": "HFS",
    "PhaseEncodingDirection": "j",
    "PhilipsRescaleIntercept": 0,
    "PhilipsRescaleSlope": 0.80415,
    "PhilipsScaleSlope": 0.020516,
    "ProtocolName": "task-RestingState_acq-SeqMm3Tr2000_bold",
    "PulseSequenceType": "Gradient Echo EPI",
    "ReconMatrixPE": 80,
    "RepetitionTime": 2,
    "SeriesDescription": "ImageMRSERIES",
    "SeriesNumber": 7,
    "SliceEncodingDirection": "k",
    "SliceTiming": [
      0.0,
      0.05555555555555555,
      0.1111111111111111,
      0.16666666666666666,
      0.2222222222222222,
      0.2777777777777778,
      0.3333333333333333,
      0.38888888888888884,
      0.4444444444444444,
      0.5,
      0.5555555555555556,
      0.611111111111111,
      0.6666666666666666,
      0.7222222222222222,
      0.7777777777777777,
      0.8333333333333333,
      0.8888888888888888,
      0.9444444444444444,
      1.0,
      1.0555555555555556,
      1.1111111111111112,
      1.1666666666666665,
      1.222222222222222,
      1.2777777777777777,
      1.3333333333333333,
      1.3888888888888888,
      1.4444444444444444,
      1.5,
      1.5555555555555554,
      1.611111111111111,
      1.6666666666666665,
      1.722222222222222,
      1.7777777777777777,
      1.8333333333333333,
      1.8888888888888888,
      1.9444444444444444
    ],
    "TaskName": "RestingState",
    "TotalReadoutTime": 0.0269452,
    "UsePhilipsFloatNotDisplayScaling": 1,
    "WaterFatShift": 12.0,
    "acq_id": "SeqMm3Tr2000",
    "dataset": "ds002643",
    "modality": "bold",
    "subject_id": "043",
    "task_id": "RestingState"
  },
  "dummy_trs": 0,
  "dvars_nstd": 16.4871930717155,
  "dvars_std": 1.2003797033054393,
  "dvars_vstd": 1.01335551623431,
  "efc": 0.42432297072913244,
  "fber": 135768.1875,
  "fd_mean": 0.10702161274709077,
  "fd_num": 11,
  "fd_perc": 4.583333333333333,
  "fwhm_avg": 1.800885664765957,
  "fwhm_x": 1.7485366666666666,
  "fwhm_y": 1.9515900000000002,
  "fwhm_z": 1.7025303276312038,
  "gcor": 0.0466034,
  "gsr_x": -0.012570043094456196,
  "gsr_y": 0.003987349569797516,
  "provenance": {
    "md5sum": "bb508724a90e8cacc5ba959ad922d77a",
    "settings": {
      "fd_thres": 0.2,
      "testing": false
    },
    "software": "mriqc",
    "version": "23.0.1",
    "webapi_port": null,
    "webapi_url": "https://mriqc.nimh.nih.gov/api/v1"
  },
  "size_t": 240,
  "size_x": 80,
  "size_y": 80,
  "size_z": 36,
  "snr": 6.870614475602012,
  "spacing_tr": 2.0,
  "spacing_x": 3.0,
  "spacing_y": 3.0,
  "spacing_z": 3.299999952316284,
  "summary_bg_k": 47.27658996408643,
  "summary_bg_mad": 233.49496649632025,
  "summary_bg_mean": 1357.374755859375,
  "summary_bg_median": 197.14027404785156,
  "summary_bg_n": 154890.0,
  "summary_bg_p05": 10.984504270553593,
  "summary_bg_p95": 6331.975366210923,
  "summary_bg_stdv": 3769.5732421875,
  "summary_fg_k": 1.2167002573202739,
  "summary_fg_mad": 10585.189115808562,
  "summary_fg_mean": 76235.7890625,
  "summary_fg_median": 75028.171875,
  "summary_fg_n": 35109.0,
  "summary_fg_p05": 61419.66640625,
  "summary_fg_p95": 94961.8609375,
  "summary_fg_stdv": 10919.9990234375,
  "tsnr": 95.42896270751953
}