{
  "aor": 0.002201958333333333,
  "aqi": 0.006613808541666667,
  "bids_meta": {
    "AcquisitionNumber": 7,
    "BIDSVersion": "1.1.0",
    "BidsifyVersion": "0.3",
    "ConversionSoftware": "dcm2niix",
    "ConversionSoftwareVersion": "v1.0.20180622 GCC5.4.0",
    "EchoTime": 0.028,
    "EffectiveEchoSpacing": 0.0006909,
    "FlipAngle": 76.1,
    "ImageComments": "RepliSC",
    "ImageOrientationPatientDICOM": [
      0.996099,
      0.0840181,
      0.0269883,
      -0.0710518,
      0.944962,
      -0.319372
    ],
    "InstitutionName": "Spinoza Centre for Neuroimaging, location REC",
    "MagneticFieldStrength": 3,
    "Manufacturer": "Philips",
    "ParallelAcquisitionTechnique": "SENSE",
    "ParallelReductionFactorInPlane": 2,
    "PatientPosition": "HFS",
    "PhaseEncodingDirection": "j",
    "PhilipsRescaleIntercept": 0,
    "PhilipsRescaleSlope": 0.78071,
    "PhilipsScaleSlope": 0.0222839,
    "ProtocolName": "task-RestingState_acq-SeqMm3Tr2000_bold",
    "PulseSequenceType": "Gradient Echo EPI",
    "ReconMatrixPE": 80,
    "RepetitionTime": 2,
    "SeriesDescription": "ImageMRSERIES",
    "SeriesNumber": 7,
    "SliceEncodingDirection": "k",
    "SliceTiming": [
      0.0,
      0.05555555555555555,
      0.1111111111111111,
      0.16666666666666666,
      0.2222222222222222,
      0.2777777777777778,
      0.3333333333333333,
      0.38888888888888884,
      0.4444444444444444,
      0.5,
      0.5555555555555556,
      0.611111111111111,
      0.6666666666666666,
      0.7222222222222222,
      0.7777777777777777,
      0.8333333333333333,
      0.8888888888888888,
      0.9444444444444444,
      1.0,
      1.0555555555555556,
      1.1111111111111112,
      1.1666666666666665,
      1.222222222222222,
      1.2777777777777777,
      1.3333333333333333,
      1.3888888888888888,
      1.4444444444444444,
      1.5,
      1.5555555555555554,
      1.611111111111111,
      1.6666666666666665,
      1.722222222222222,
      1.7777777777777777,
      1.8333333333333333,
      1.8888888888888888,
      1.9444444444444444
    ],
    "TaskName": "RestingState",
    "TotalReadoutTime": 0.0269452,
    "UsePhilipsFloatNotDisplayScaling": 1,
    "WaterFatShift": 12.0,
    "acq_id": "SeqMm3Tr2000",
    "dataset": "ds002643",
    "modality": "bold",
    "subject_id": "096",
    "task_id": "RestingState"
  },
  "dummy_trs": 0,
  "dvars_nstd": 22.98497853234308,
  "dvars_std": 1.200880527196652,
  "dvars_vstd": 1.017730191004184,
  "efc": 0.45452990316755176,
  "fber": 181691.921875,
  "fd_mean": 0.1459244983958333,
  "fd_num": 34,
  "fd_perc": 14.166666666666666,
  "fwhm_avg": 1.7829389979811243,
  "fwhm_x": 1.71886,
  "fwhm_y": 1.95196,
  "fwhm_z": 1.6779969939433734,
  "gcor": 0.0398687,
  "gsr_x": -0.015587958507239819,
  "gsr_y": 0.018481552600860596,
  "provenance": {
    "md5sum": "dc8b47fa92003041bce227989c94c992",
    "settings": {
      "fd_thres": 0.2,
      "testing": false
    },
    "software": "mriqc",
    "version": "23.0.1",
    "webapi_port": null,
    "webapi_url": "https://mriqc.nimh.nih.gov/api/v1"
  },
  "size_t": 240,
  "size_x": 80,
  "size_y": 80,
  "size_z": 36,
  "snr": 6.304610360469426,
  "spacing_tr": 2.0,
  "spacing_x": 3.0,
  "spacing_y": 3.0,
  "spacing_z": 3.299999952316284,
  "summary_bg_k": 79.55859862081799,
  "summary_bg_mad": 183.3690572549497,
  "summary_bg_mean": 1628.7664794921875,
  "summary_bg_median": 146.29820251464844,
  "summary_bg_n": 149895.0,
  "summary_bg_p05": 6.271774005889894,
  "summary_bg_p95": 9017.027734375,
  "summary_bg_stdv": 4368.52197265625,
  "summary_fg_k": 1.3875305984869453,
  "summary_fg_mad": 10210.116815893767,
  "summary_fg_mean": 65162.328125,
  "summary_fg_median": 64209.84375,
  "summary_fg_n": 39316.0,
  "summary_fg_p05": 50860.0439453125,
  "summary_fg_p95": 82011.142578125,
  "summary_fg_stdv": 10184.4560546875,
  "tsnr": 75.45909881591797
}