{
  "aor": 0.0018725416666666667,
  "aqi": 0.0037675478333333333,
  "bids_meta": {
    "AcquisitionNumber": 7,
    "BIDSVersion": "1.1.0",
    "BidsifyVersion": "0.3",
    "ConversionSoftware": "dcm2niix",
    "ConversionSoftwareVersion": "v1.0.20180622 GCC5.4.0",
    "EchoTime": 0.028,
    "EffectiveEchoSpacing": 0.0006909,
    "FlipAngle": 76.1,
    "ImageComments": "RepliSC",
    "ImageOrientationPatientDICOM": [
      0.997408,
      -0.0713928,
      0.00899403,
      0.071845,
      0.981072,
      -0.179823
    ],
    "InstitutionName": "Spinoza Centre for Neuroimaging, location REC",
    "MagneticFieldStrength": 3,
    "Manufacturer": "Philips",
    "ParallelAcquisitionTechnique": "SENSE",
    "ParallelReductionFactorInPlane": 2,
    "PatientPosition": "HFS",
    "PhaseEncodingDirection": "j",
    "PhilipsRescaleIntercept": 0,
    "PhilipsRescaleSlope": 0.77411,
    "PhilipsScaleSlope": 0.0208918,
    "ProtocolName": "task-RestingState_acq-SeqMm3Tr2000_bold",
    "PulseSequenceType": "Gradient Echo EPI",
    "ReconMatrixPE": 80,
    "RepetitionTime": 2,
    "SeriesDescription": "ImageMRSERIES",
    "SeriesNumber": 7,
    "SliceEncodingDirection": "k",
    "SliceTiming": [
      0.0,
      0.05555555555555555,
      0.1111111111111111,
      0.16666666666666666,
      0.2222222222222222,
      0.2777777777777778,
      0.3333333333333333,
      0.38888888888888884,
      0.4444444444444444,
      0.5,
      0.5555555555555556,
      0.611111111111111,
      0.6666666666666666,
      0.7222222222222222,
      0.7777777777777777,
      0.8333333333333333,
      0.8888888888888888,
      0.9444444444444444,
      1.0,
      1.0555555555555556,
      1.1111111111111112,
      1.1666666666666665,
      1.222222222222222,
      1.2777777777777777,
      1.3333333333333333,
      1.3888888888888888,
      1.4444444444444444,
      1.5,
      1.5555555555555554,
      1.611111111111111,
      1.6666666666666665,
      1.722222222222222,
      1.7777777777777777,
      1.8333333333333333,
      1.8888888888888888,
      1.9444444444444444
    ],
    "TaskName": "RestingState",
    "TotalReadoutTime": 0.0269452,
    "UsePhilipsFloatNotDisplayScaling": 1,
    "WaterFatShift": 12.0,
    "acq_id": "SeqMm3Tr2000",
    "dataset": "ds002643",
    "modality": "bold",
    "subject_id": "035",
    "task_id": "RestingState"
  },
  "dummy_trs": 0,
  "dvars_nstd": 17.068472223514643,
  "dvars_std": 1.1014010845188273,
  "dvars_vstd": 0.9934452828870295,
  "efc": 0.4327986805714463,
  "fber": 87496.453125,
  "fd_mean": 0.11911711994849003,
  "fd_num": 20,
  "fd_perc": 8.333333333333334,
  "fwhm_avg": 1.8829695036488758,
  "fwhm_x": 1.8286466666666668,
  "fwhm_y": 2.0141133333333334,
  "fwhm_z": 1.8061485109466278,
  "gcor": 0.0277221,
  "gsr_x": -0.011235210113227367,
  "gsr_y": 0.011119064874947071,
  "provenance": {
    "md5sum": "0f8292e379da3a62b1ccc50b8da07dac",
    "settings": {
      "fd_thres": 0.2,
      "testing": false
    },
    "software": "mriqc",
    "version": "23.0.1",
    "webapi_port": null,
    "webapi_url": "https://mriqc.nimh.nih.gov/api/v1"
  },
  "size_t": 240,
  "size_x": 80,
  "size_y": 80,
  "size_z": 36,
  "snr": 5.339956303870563,
  "spacing_tr": 2.0,
  "spacing_x": 3.0,
  "spacing_y": 3.0,
  "spacing_z": 3.299999952316284,
  "summary_bg_k": 76.5266258105246,
  "summary_bg_mad": 267.24232735140026,
  "summary_bg_mean": 1685.1552734375,
  "summary_bg_median": 233.1546630859375,
  "summary_bg_n": 154514.0,
  "summary_bg_p05": 18.031295776367188,
  "summary_bg_p95": 8248.546093750001,
  "summary_bg_stdv": 4836.39892578125,
  "summary_fg_k": 2.0655920796762697,
  "summary_fg_mad": 11986.818666665586,
  "summary_fg_mean": 72009.5546875,
  "summary_fg_median": 69661.5,
  "summary_fg_n": 36022.0,
  "summary_fg_p05": 55668.08203125,
  "summary_fg_p95": 95850.628515625,
  "summary_fg_stdv": 13045.150390625,
  "tsnr": 83.07585144042969
}