{
  "aor": 0.0010533236151603498,
  "aqi": 0.004145247317784257,
  "bids_meta": {
    "AcquisitionNumber": 6,
    "BIDSVersion": "1.1.0",
    "BidsifyVersion": "0.3",
    "ConversionSoftware": "dcm2niix",
    "ConversionSoftwareVersion": "v1.0.20180622 GCC5.4.0",
    "EchoTime": 0.028,
    "EffectiveEchoSpacing": 0.0006909,
    "FlipAngle": 76.1,
    "ImageComments": "RepliSC",
    "ImageOrientationPatientDICOM": [
      0.997408,
      -0.0713928,
      0.00899403,
      0.071845,
      0.981072,
      -0.179823
    ],
    "InstitutionName": "Spinoza Centre for Neuroimaging, location REC",
    "MagneticFieldStrength": 3,
    "Manufacturer": "Philips",
    "ParallelAcquisitionTechnique": "SENSE",
    "ParallelReductionFactorInPlane": 2,
    "PatientPosition": "HFS",
    "PhaseEncodingDirection": "j",
    "PhilipsRescaleIntercept": 0,
    "PhilipsRescaleSlope": 0.76313,
    "PhilipsScaleSlope": 0.0205624,
    "ProtocolName": "task-Decisiontask_acq-SeqMm3Tr2000_bold",
    "PulseSequenceType": "Gradient Echo EPI",
    "ReconMatrixPE": 80,
    "RepetitionTime": 2,
    "SeriesDescription": "ImageMRSERIES",
    "SeriesNumber": 6,
    "SliceEncodingDirection": "k",
    "SliceTiming": [
      0.0,
      0.05555555555555555,
      0.1111111111111111,
      0.16666666666666666,
      0.2222222222222222,
      0.2777777777777778,
      0.3333333333333333,
      0.38888888888888884,
      0.4444444444444444,
      0.5,
      0.5555555555555556,
      0.611111111111111,
      0.6666666666666666,
      0.7222222222222222,
      0.7777777777777777,
      0.8333333333333333,
      0.8888888888888888,
      0.9444444444444444,
      1.0,
      1.0555555555555556,
      1.1111111111111112,
      1.1666666666666665,
      1.222222222222222,
      1.2777777777777777,
      1.3333333333333333,
      1.3888888888888888,
      1.4444444444444444,
      1.5,
      1.5555555555555554,
      1.611111111111111,
      1.6666666666666665,
      1.722222222222222,
      1.7777777777777777,
      1.8333333333333333,
      1.8888888888888888,
      1.9444444444444444
    ],
    "TaskName": "Decisiontask",
    "TotalReadoutTime": 0.0269452,
    "UsePhilipsFloatNotDisplayScaling": 1,
    "WaterFatShift": 12.0,
    "acq_id": "SeqMm3Tr2000",
    "dataset": "ds002643",
    "modality": "bold",
    "subject_id": "035",
    "task_id": "Decisiontask"
  },
  "dummy_trs": 0,
  "dvars_nstd": 18.75221331628655,
  "dvars_std": 1.12210431377193,
  "dvars_vstd": 0.9879329602046789,
  "efc": 0.4322373927429121,
  "fber": 88477.8984375,
  "fd_mean": 0.11491002707369902,
  "fd_num": 24,
  "fd_perc": 6.997084548104956,
  "fwhm_avg": 1.876140917814329,
  "fwhm_x": 1.8156299999999999,
  "fwhm_y": 2.001653333333333,
  "fwhm_z": 1.8111394201096536,
  "gcor": 0.0246939,
  "gsr_x": -0.011298879981040955,
  "gsr_y": 0.011089908890426159,
  "provenance": {
    "md5sum": "28da00419d2d865db979e157bafed1ac",
    "settings": {
      "fd_thres": 0.2,
      "testing": false
    },
    "software": "mriqc",
    "version": "23.0.1",
    "webapi_port": null,
    "webapi_url": "https://mriqc.nimh.nih.gov/api/v1"
  },
  "size_t": 343,
  "size_x": 80,
  "size_y": 80,
  "size_z": 36,
  "snr": 5.309283703835013,
  "spacing_tr": 2.0,
  "spacing_x": 3.0,
  "spacing_y": 3.0,
  "spacing_z": 3.299999952316284,
  "summary_bg_k": 74.92133778715365,
  "summary_bg_mad": 268.05689212161235,
  "summary_bg_mean": 1677.6961669921875,
  "summary_bg_median": 232.32919311523438,
  "summary_bg_n": 154594.0,
  "summary_bg_p05": 16.52458896636963,
  "summary_bg_p95": 8240.281640625002,
  "summary_bg_stdv": 4833.6787109375,
  "summary_fg_k": 2.0774050855584463,
  "summary_fg_mad": 12114.192150621457,
  "summary_fg_mean": 72222.625,
  "summary_fg_median": 69858.515625,
  "summary_fg_n": 35922.0,
  "summary_fg_p05": 55819.6744140625,
  "summary_fg_p95": 96275.94023437495,
  "summary_fg_stdv": 13157.62109375,
  "tsnr": 80.57318115234375
}