{
  "aor": 0.0023438192419825074,
  "aqi": 0.004068262361516035,
  "bids_meta": {
    "AcquisitionNumber": 4,
    "BIDSVersion": "1.1.0",
    "BidsifyVersion": "0.3",
    "ConversionSoftware": "dcm2niix",
    "ConversionSoftwareVersion": "v1.0.20180622 GCC5.4.0",
    "EchoTime": 0.028,
    "EffectiveEchoSpacing": 0.0006909,
    "FlipAngle": 76.1,
    "ImageComments": "RepliSC",
    "ImageOrientationPatientDICOM": [
      0.997408,
      -0.0713928,
      0.00899403,
      0.071845,
      0.981072,
      -0.179823
    ],
    "InstitutionName": "Spinoza Centre for Neuroimaging, location REC",
    "MagneticFieldStrength": 3,
    "Manufacturer": "Philips",
    "ParallelAcquisitionTechnique": "SENSE",
    "ParallelReductionFactorInPlane": 2,
    "PatientPosition": "HFS",
    "PhaseEncodingDirection": "j",
    "PhilipsRescaleIntercept": 0,
    "PhilipsRescaleSlope": 0.78803,
    "PhilipsScaleSlope": 0.0198756,
    "ProtocolName": "task-Healthratingtask_acq-SeqMm3Tr2000_bold",
    "PulseSequenceType": "Gradient Echo EPI",
    "ReconMatrixPE": 80,
    "RepetitionTime": 2,
    "SeriesDescription": "ImageMRSERIES",
    "SeriesNumber": 4,
    "SliceEncodingDirection": "k",
    "SliceTiming": [
      0.0,
      0.05555555555555555,
      0.1111111111111111,
      0.16666666666666666,
      0.2222222222222222,
      0.2777777777777778,
      0.3333333333333333,
      0.38888888888888884,
      0.4444444444444444,
      0.5,
      0.5555555555555556,
      0.611111111111111,
      0.6666666666666666,
      0.7222222222222222,
      0.7777777777777777,
      0.8333333333333333,
      0.8888888888888888,
      0.9444444444444444,
      1.0,
      1.0555555555555556,
      1.1111111111111112,
      1.1666666666666665,
      1.222222222222222,
      1.2777777777777777,
      1.3333333333333333,
      1.3888888888888888,
      1.4444444444444444,
      1.5,
      1.5555555555555554,
      1.611111111111111,
      1.6666666666666665,
      1.722222222222222,
      1.7777777777777777,
      1.8333333333333333,
      1.8888888888888888,
      1.9444444444444444
    ],
    "TaskName": "Healthratingtask",
    "TotalReadoutTime": 0.0269452,
    "UsePhilipsFloatNotDisplayScaling": 1,
    "WaterFatShift": 12.0,
    "acq_id": "SeqMm3Tr2000",
    "dataset": "ds002643",
    "modality": "bold",
    "subject_id": "035",
    "task_id": "Healthratingtask"
  },
  "dummy_trs": 0,
  "dvars_nstd": 17.979709438450282,
  "dvars_std": 1.1394366736842094,
  "dvars_vstd": 1.0112239666666665,
  "efc": 0.43181624150565,
  "fber": 90987.4140625,
  "fd_mean": 0.10186411656243428,
  "fd_num": 11,
  "fd_perc": 3.206997084548105,
  "fwhm_avg": 1.87467051368857,
  "fwhm_x": 1.8177433333333333,
  "fwhm_y": 2.01285,
  "fwhm_z": 1.793418207732377,
  "gcor": 0.0412064,
  "gsr_x": -0.011013926938176155,
  "gsr_y": 0.011726848781108856,
  "provenance": {
    "md5sum": "d1580da145d22aa1a1159fa198cfc87e",
    "settings": {
      "fd_thres": 0.2,
      "testing": false
    },
    "software": "mriqc",
    "version": "23.0.1",
    "webapi_port": null,
    "webapi_url": "https://mriqc.nimh.nih.gov/api/v1"
  },
  "size_t": 343,
  "size_x": 80,
  "size_y": 80,
  "size_z": 36,
  "snr": 5.304937853643882,
  "spacing_tr": 2.0,
  "spacing_x": 3.0,
  "spacing_y": 3.0,
  "spacing_z": 3.299999952316284,
  "summary_bg_k": 78.2108555021413,
  "summary_bg_mad": 264.40783978670044,
  "summary_bg_mean": 1667.4027099609375,
  "summary_bg_median": 229.74818420410156,
  "summary_bg_n": 154533.0,
  "summary_bg_p05": 17.28695068359375,
  "summary_bg_p95": 8185.467382812496,
  "summary_bg_stdv": 4817.80615234375,
  "summary_fg_k": 1.9826666575685934,
  "summary_fg_mad": 12085.501481127407,
  "summary_fg_mean": 72554.2265625,
  "summary_fg_median": 70137.75,
  "summary_fg_n": 35970.0,
  "summary_fg_p05": 56028.313671875,
  "summary_fg_p95": 96926.246875,
  "summary_fg_stdv": 13221.0361328125,
  "tsnr": 79.78372192382812
}