{
  "aor": 0.0017743731778425659,
  "aqi": 0.003372200116618076,
  "bids_meta": {
    "AcquisitionNumber": 4,
    "BIDSVersion": "1.1.0",
    "BidsifyVersion": "0.3",
    "ConversionSoftware": "dcm2niix",
    "ConversionSoftwareVersion": "v1.0.20180622 GCC5.4.0",
    "EchoTime": 0.028,
    "EffectiveEchoSpacing": 0.0006909,
    "FlipAngle": 76.1,
    "ImageComments": "RepliSC",
    "ImageOrientationPatientDICOM": [
      0.997839,
      -0.0600695,
      0.0266116,
      0.0536917,
      0.979006,
      0.196633
    ],
    "InstitutionName": "Spinoza Centre for Neuroimaging, location REC",
    "MagneticFieldStrength": 3,
    "Manufacturer": "Philips",
    "ParallelAcquisitionTechnique": "SENSE",
    "ParallelReductionFactorInPlane": 2,
    "PatientPosition": "HFS",
    "PhaseEncodingDirection": "j",
    "PhilipsRescaleIntercept": 0,
    "PhilipsRescaleSlope": 0.78974,
    "PhilipsScaleSlope": 0.0226097,
    "ProtocolName": "task-Tasteratingtask_acq-SeqMm3Tr2000_bold",
    "PulseSequenceType": "Gradient Echo EPI",
    "ReconMatrixPE": 80,
    "RepetitionTime": 2,
    "SeriesDescription": "ImageMRSERIES",
    "SeriesNumber": 4,
    "SliceEncodingDirection": "k",
    "SliceTiming": [
      0.0,
      0.05555555555555555,
      0.1111111111111111,
      0.16666666666666666,
      0.2222222222222222,
      0.2777777777777778,
      0.3333333333333333,
      0.38888888888888884,
      0.4444444444444444,
      0.5,
      0.5555555555555556,
      0.611111111111111,
      0.6666666666666666,
      0.7222222222222222,
      0.7777777777777777,
      0.8333333333333333,
      0.8888888888888888,
      0.9444444444444444,
      1.0,
      1.0555555555555556,
      1.1111111111111112,
      1.1666666666666665,
      1.222222222222222,
      1.2777777777777777,
      1.3333333333333333,
      1.3888888888888888,
      1.4444444444444444,
      1.5,
      1.5555555555555554,
      1.611111111111111,
      1.6666666666666665,
      1.722222222222222,
      1.7777777777777777,
      1.8333333333333333,
      1.8888888888888888,
      1.9444444444444444
    ],
    "TaskName": "Tasteratingtask",
    "TotalReadoutTime": 0.0269452,
    "UsePhilipsFloatNotDisplayScaling": 1,
    "WaterFatShift": 12.0,
    "acq_id": "SeqMm3Tr2000",
    "dataset": "ds002643",
    "modality": "bold",
    "subject_id": "049",
    "task_id": "Tasteratingtask"
  },
  "dummy_trs": 0,
  "dvars_nstd": 16.370152768830426,
  "dvars_std": 1.0993932008479523,
  "dvars_vstd": 0.998557395321637,
  "efc": 0.38575916856180903,
  "fber": 132667.640625,
  "fd_mean": 0.11304218468338778,
  "fd_num": 19,
  "fd_perc": 5.539358600583091,
  "fwhm_avg": 1.8696769780740077,
  "fwhm_x": 1.82461,
  "fwhm_y": 2.0451966666666666,
  "fwhm_z": 1.7392242675553564,
  "gcor": 0.0386424,
  "gsr_x": -0.015722867101430893,
  "gsr_y": 0.008011266589164734,
  "provenance": {
    "md5sum": "bd13e54199a108ef9e32d1f0442b1a23",
    "settings": {
      "fd_thres": 0.2,
      "testing": false
    },
    "software": "mriqc",
    "version": "23.0.1",
    "webapi_port": null,
    "webapi_url": "https://mriqc.nimh.nih.gov/api/v1"
  },
  "size_t": 343,
  "size_x": 80,
  "size_y": 80,
  "size_z": 36,
  "snr": 5.141347054673864,
  "spacing_tr": 2.0,
  "spacing_x": 3.0,
  "spacing_y": 3.0,
  "spacing_z": 3.299999952316284,
  "summary_bg_k": 96.1847269408529,
  "summary_bg_mad": 187.59522352067688,
  "summary_bg_mean": 802.1983032226562,
  "summary_bg_median": 177.26071166992188,
  "summary_bg_n": 160583.0,
  "summary_bg_p05": 12.78216667175293,
  "summary_bg_p95": 3495.601049804687,
  "summary_bg_stdv": 2266.87548828125,
  "summary_fg_k": 0.695379454096337,
  "summary_fg_mad": 12254.222771876328,
  "summary_fg_mean": 68061.109375,
  "summary_fg_median": 65962.8046875,
  "summary_fg_n": 30702.0,
  "summary_fg_p05": 51194.0779296875,
  "summary_fg_p95": 91682.799609375,
  "summary_fg_stdv": 12829.6591796875,
  "tsnr": 85.77511596679688
}