{
  "aor": 0.002086666666666667,
  "aqi": 0.0025536468333333335,
  "bids_meta": {
    "AcquisitionNumber": 7,
    "BIDSVersion": "1.1.0",
    "BidsifyVersion": "0.3",
    "ConversionSoftware": "dcm2niix",
    "ConversionSoftwareVersion": "v1.0.20180622 GCC5.4.0",
    "EchoTime": 0.028,
    "EffectiveEchoSpacing": 0.0006909,
    "FlipAngle": 76.1,
    "ImageComments": "RepliSC",
    "ImageOrientationPatientDICOM": [
      0.997839,
      -0.0600695,
      0.0266116,
      0.0536917,
      0.979006,
      0.196633
    ],
    "InstitutionName": "Spinoza Centre for Neuroimaging, location REC",
    "MagneticFieldStrength": 3,
    "Manufacturer": "Philips",
    "ParallelAcquisitionTechnique": "SENSE",
    "ParallelReductionFactorInPlane": 2,
    "PatientPosition": "HFS",
    "PhaseEncodingDirection": "j",
    "PhilipsRescaleIntercept": 0,
    "PhilipsRescaleSlope": 0.80586,
    "PhilipsScaleSlope": 0.0227548,
    "ProtocolName": "task-RestingState_acq-SeqMm3Tr2000_bold",
    "PulseSequenceType": "Gradient Echo EPI",
    "ReconMatrixPE": 80,
    "RepetitionTime": 2,
    "SeriesDescription": "ImageMRSERIES",
    "SeriesNumber": 7,
    "SliceEncodingDirection": "k",
    "SliceTiming": [
      0.0,
      0.05555555555555555,
      0.1111111111111111,
      0.16666666666666666,
      0.2222222222222222,
      0.2777777777777778,
      0.3333333333333333,
      0.38888888888888884,
      0.4444444444444444,
      0.5,
      0.5555555555555556,
      0.611111111111111,
      0.6666666666666666,
      0.7222222222222222,
      0.7777777777777777,
      0.8333333333333333,
      0.8888888888888888,
      0.9444444444444444,
      1.0,
      1.0555555555555556,
      1.1111111111111112,
      1.1666666666666665,
      1.222222222222222,
      1.2777777777777777,
      1.3333333333333333,
      1.3888888888888888,
      1.4444444444444444,
      1.5,
      1.5555555555555554,
      1.611111111111111,
      1.6666666666666665,
      1.722222222222222,
      1.7777777777777777,
      1.8333333333333333,
      1.8888888888888888,
      1.9444444444444444
    ],
    "TaskName": "RestingState",
    "TotalReadoutTime": 0.0269452,
    "UsePhilipsFloatNotDisplayScaling": 1,
    "WaterFatShift": 12.0,
    "acq_id": "SeqMm3Tr2000",
    "dataset": "ds002643",
    "modality": "bold",
    "subject_id": "049",
    "task_id": "RestingState"
  },
  "dummy_trs": 0,
  "dvars_nstd": 15.837029273723847,
  "dvars_std": 1.1056667707112973,
  "dvars_vstd": 1.0113049031799168,
  "efc": 0.38701158270673447,
  "fber": 141494.421875,
  "fd_mean": 0.10954607266831683,
  "fd_num": 8,
  "fd_perc": 3.3333333333333335,
  "fwhm_avg": 1.8707467760034218,
  "fwhm_x": 1.83219,
  "fwhm_y": 2.0512866666666665,
  "fwhm_z": 1.7287636613435986,
  "gcor": 0.0320878,
  "gsr_x": -0.01578725501894951,
  "gsr_y": 0.007993938401341438,
  "provenance": {
    "md5sum": "c1bff5d94f165bb93eceeaf4f63aae66",
    "settings": {
      "fd_thres": 0.2,
      "testing": false
    },
    "software": "mriqc",
    "version": "23.0.1",
    "webapi_port": null,
    "webapi_url": "https://mriqc.nimh.nih.gov/api/v1"
  },
  "size_t": 240,
  "size_x": 80,
  "size_y": 80,
  "size_z": 36,
  "snr": 5.1852837910673,
  "spacing_tr": 2.0,
  "spacing_x": 3.0,
  "spacing_y": 3.0,
  "spacing_z": 3.299999952316284,
  "summary_bg_k": 99.31794907023425,
  "summary_bg_mad": 177.70181559104995,
  "summary_bg_mean": 813.01416015625,
  "summary_bg_median": 169.11746215820312,
  "summary_bg_n": 160430.0,
  "summary_bg_p05": 10.535065746307373,
  "summary_bg_p95": 3573.3470458984343,
  "summary_bg_stdv": 2363.006103515625,
  "summary_fg_k": 0.6819909144608101,
  "summary_fg_mad": 11881.377270996749,
  "summary_fg_mean": 67094.4296875,
  "summary_fg_median": 65000.84375,
  "summary_fg_n": 30865.0,
  "summary_fg_p05": 50650.00234375,
  "summary_fg_p95": 90348.1046875,
  "summary_fg_stdv": 12535.435546875,
  "tsnr": 97.10304260253906
}