{
  "aor": 0.001819067055393586,
  "aqi": 0.009239864344023324,
  "bids_meta": {
    "AcquisitionNumber": 4,
    "BIDSVersion": "1.1.0",
    "BidsifyVersion": "0.3",
    "ConversionSoftware": "dcm2niix",
    "ConversionSoftwareVersion": "v1.0.20180622 GCC5.4.0",
    "EchoTime": 0.028,
    "EffectiveEchoSpacing": 0.0006909,
    "FlipAngle": 76.1,
    "ImageComments": "RepliSC",
    "ImageOrientationPatientDICOM": [
      0.998917,
      -0.0414921,
      -0.021034,
      0.0320903,
      0.94197,
      -0.334161
    ],
    "InstitutionName": "Spinoza Centre for Neuroimaging, location REC",
    "MagneticFieldStrength": 3,
    "Manufacturer": "Philips",
    "ParallelAcquisitionTechnique": "SENSE",
    "ParallelReductionFactorInPlane": 2,
    "PatientPosition": "HFS",
    "PhaseEncodingDirection": "j",
    "PhilipsRescaleIntercept": 0,
    "PhilipsRescaleSlope": 0.76386,
    "PhilipsScaleSlope": 0.01993,
    "ProtocolName": "task-Tasteratingtask_acq-SeqMm3Tr2000_bold",
    "PulseSequenceType": "Gradient Echo EPI",
    "ReconMatrixPE": 80,
    "RepetitionTime": 2,
    "SeriesDescription": "ImageMRSERIES",
    "SeriesNumber": 4,
    "SliceEncodingDirection": "k",
    "SliceTiming": [
      0.0,
      0.05555555555555555,
      0.1111111111111111,
      0.16666666666666666,
      0.2222222222222222,
      0.2777777777777778,
      0.3333333333333333,
      0.38888888888888884,
      0.4444444444444444,
      0.5,
      0.5555555555555556,
      0.611111111111111,
      0.6666666666666666,
      0.7222222222222222,
      0.7777777777777777,
      0.8333333333333333,
      0.8888888888888888,
      0.9444444444444444,
      1.0,
      1.0555555555555556,
      1.1111111111111112,
      1.1666666666666665,
      1.222222222222222,
      1.2777777777777777,
      1.3333333333333333,
      1.3888888888888888,
      1.4444444444444444,
      1.5,
      1.5555555555555554,
      1.611111111111111,
      1.6666666666666665,
      1.722222222222222,
      1.7777777777777777,
      1.8333333333333333,
      1.8888888888888888,
      1.9444444444444444
    ],
    "TaskName": "Tasteratingtask",
    "TotalReadoutTime": 0.0269452,
    "UsePhilipsFloatNotDisplayScaling": 1,
    "WaterFatShift": 12.0,
    "acq_id": "SeqMm3Tr2000",
    "dataset": "ds002643",
    "modality": "bold",
    "subject_id": "030",
    "task_id": "Tasteratingtask"
  },
  "dummy_trs": 0,
  "dvars_nstd": 17.85666118578949,
  "dvars_std": 1.1017739380701757,
  "dvars_vstd": 0.9789974706725137,
  "efc": 0.4214339407970727,
  "fber": 136313.96875,
  "fd_mean": 0.14246757691164816,
  "fd_num": 50,
  "fd_perc": 14.577259475218659,
  "fwhm_avg": 1.7145027348217734,
  "fwhm_x": 1.7381966666666668,
  "fwhm_y": 1.8379933333333334,
  "fwhm_z": 1.56731820446532,
  "gcor": 0.0574998,
  "gsr_x": -0.01411564089357853,
  "gsr_y": 0.006577493157237768,
  "provenance": {
    "md5sum": "296892e8b3c576be8c9bb1f8d84325d2",
    "settings": {
      "fd_thres": 0.2,
      "testing": false
    },
    "software": "mriqc",
    "version": "23.0.1",
    "webapi_port": null,
    "webapi_url": "https://mriqc.nimh.nih.gov/api/v1"
  },
  "size_t": 343,
  "size_x": 80,
  "size_y": 80,
  "size_z": 36,
  "snr": 6.528691182743582,
  "spacing_tr": 2.0,
  "spacing_x": 3.0,
  "spacing_y": 3.0,
  "spacing_z": 3.299999952316284,
  "summary_bg_k": 85.7342552269407,
  "summary_bg_mad": 231.0069896359389,
  "summary_bg_mean": 1787.1009521484375,
  "summary_bg_median": 187.448974609375,
  "summary_bg_n": 157614.0,
  "summary_bg_p05": 14.22864227294922,
  "summary_bg_p95": 8491.463183593753,
  "summary_bg_stdv": 5018.966796875,
  "summary_fg_k": 2.32723481171009,
  "summary_fg_mad": 10685.033108961048,
  "summary_fg_mean": 71174.03125,
  "summary_fg_median": 70175.5546875,
  "summary_fg_n": 32420.0,
  "summary_fg_p05": 56793.358984375,
  "summary_fg_p95": 88702.736328125,
  "summary_fg_stdv": 10748.6279296875,
  "tsnr": 64.64993286132812
}