{
  "aor": 0.0012180174927113705,
  "aqi": 0.00711040860058309,
  "bids_meta": {
    "AcquisitionNumber": 3,
    "BIDSVersion": "1.1.0",
    "BidsifyVersion": "0.3",
    "ConversionSoftware": "dcm2niix",
    "ConversionSoftwareVersion": "v1.0.20180622 GCC5.4.0",
    "EchoTime": 0.028,
    "EffectiveEchoSpacing": 0.0006909,
    "FlipAngle": 76.1,
    "ImageComments": "RepliSC",
    "ImageOrientationPatientDICOM": [
      0.998917,
      -0.0414921,
      -0.021034,
      0.0320903,
      0.94197,
      -0.334161
    ],
    "InstitutionName": "Spinoza Centre for Neuroimaging, location REC",
    "MagneticFieldStrength": 3,
    "Manufacturer": "Philips",
    "ParallelAcquisitionTechnique": "SENSE",
    "ParallelReductionFactorInPlane": 2,
    "PatientPosition": "HFS",
    "PhaseEncodingDirection": "j",
    "PhilipsRescaleIntercept": 0,
    "PhilipsRescaleSlope": 0.779,
    "PhilipsScaleSlope": 0.0187669,
    "ProtocolName": "task-Healthratingtask_acq-SeqMm3Tr2000_bold",
    "PulseSequenceType": "Gradient Echo EPI",
    "ReconMatrixPE": 80,
    "RepetitionTime": 2,
    "SeriesDescription": "ImageMRSERIES",
    "SeriesNumber": 3,
    "SliceEncodingDirection": "k",
    "SliceTiming": [
      0.0,
      0.05555555555555555,
      0.1111111111111111,
      0.16666666666666666,
      0.2222222222222222,
      0.2777777777777778,
      0.3333333333333333,
      0.38888888888888884,
      0.4444444444444444,
      0.5,
      0.5555555555555556,
      0.611111111111111,
      0.6666666666666666,
      0.7222222222222222,
      0.7777777777777777,
      0.8333333333333333,
      0.8888888888888888,
      0.9444444444444444,
      1.0,
      1.0555555555555556,
      1.1111111111111112,
      1.1666666666666665,
      1.222222222222222,
      1.2777777777777777,
      1.3333333333333333,
      1.3888888888888888,
      1.4444444444444444,
      1.5,
      1.5555555555555554,
      1.611111111111111,
      1.6666666666666665,
      1.722222222222222,
      1.7777777777777777,
      1.8333333333333333,
      1.8888888888888888,
      1.9444444444444444
    ],
    "TaskName": "Healthratingtask",
    "TotalReadoutTime": 0.0269452,
    "UsePhilipsFloatNotDisplayScaling": 1,
    "WaterFatShift": 12.0,
    "acq_id": "SeqMm3Tr2000",
    "dataset": "ds002643",
    "modality": "bold",
    "subject_id": "030",
    "task_id": "Healthratingtask"
  },
  "dummy_trs": 0,
  "dvars_nstd": 16.444508850847942,
  "dvars_std": 1.1036645575438595,
  "dvars_vstd": 0.9773152853508761,
  "efc": 0.42078944429294485,
  "fber": 136632.296875,
  "fd_mean": 0.11813165540446605,
  "fd_num": 26,
  "fd_perc": 7.580174927113703,
  "fwhm_avg": 1.7341534420842368,
  "fwhm_x": 1.7451066666666666,
  "fwhm_y": 1.8502233333333333,
  "fwhm_z": 1.607130326252711,
  "gcor": 0.047959,
  "gsr_x": -0.014245537109673023,
  "gsr_y": 0.005673934705555439,
  "provenance": {
    "md5sum": "53c203d41b9fc06712d2f6f96e6b8876",
    "settings": {
      "fd_thres": 0.2,
      "testing": false
    },
    "software": "mriqc",
    "version": "23.0.1",
    "webapi_port": null,
    "webapi_url": "https://mriqc.nimh.nih.gov/api/v1"
  },
  "size_t": 343,
  "size_x": 80,
  "size_y": 80,
  "size_z": 36,
  "snr": 6.410629748772884,
  "spacing_tr": 2.0,
  "spacing_x": 3.0,
  "spacing_y": 3.0,
  "spacing_z": 3.299999952316284,
  "summary_bg_k": 82.82781709933296,
  "summary_bg_mad": 234.41528397337567,
  "summary_bg_mean": 1787.8187255859375,
  "summary_bg_median": 191.80245971679688,
  "summary_bg_n": 157547.0,
  "summary_bg_p05": 14.138999557495119,
  "summary_bg_p95": 8353.65468749995,
  "summary_bg_stdv": 5009.54345703125,
  "summary_fg_k": 2.437850987382233,
  "summary_fg_mad": 11073.35037478882,
  "summary_fg_mean": 73142.6875,
  "summary_fg_median": 72051.46875,
  "summary_fg_n": 32416.0,
  "summary_fg_p05": 58183.142578125,
  "summary_fg_p95": 91422.0546875,
  "summary_fg_stdv": 11239.201171875,
  "tsnr": 70.94538879394531
}