{
  "aor": 0.001615625,
  "aqi": 0.01735401729166667,
  "bids_meta": {
    "AcquisitionNumber": 7,
    "BIDSVersion": "1.1.0",
    "BidsifyVersion": "0.3",
    "ConversionSoftware": "dcm2niix",
    "ConversionSoftwareVersion": "v1.0.20180622 GCC5.4.0",
    "EchoTime": 0.028,
    "EffectiveEchoSpacing": 0.0006909,
    "FlipAngle": 76.1,
    "ImageComments": "RepliSC",
    "ImageOrientationPatientDICOM": [
      0.998917,
      -0.0414921,
      -0.021034,
      0.0320903,
      0.94197,
      -0.334161
    ],
    "InstitutionName": "Spinoza Centre for Neuroimaging, location REC",
    "MagneticFieldStrength": 3,
    "Manufacturer": "Philips",
    "ParallelAcquisitionTechnique": "SENSE",
    "ParallelReductionFactorInPlane": 2,
    "PatientPosition": "HFS",
    "PhaseEncodingDirection": "j",
    "PhilipsRescaleIntercept": 0,
    "PhilipsRescaleSlope": 0.77265,
    "PhilipsScaleSlope": 0.0202009,
    "ProtocolName": "task-RestingState_acq-SeqMm3Tr2000_bold",
    "PulseSequenceType": "Gradient Echo EPI",
    "ReconMatrixPE": 80,
    "RepetitionTime": 2,
    "SeriesDescription": "ImageMRSERIES",
    "SeriesNumber": 7,
    "SliceEncodingDirection": "k",
    "SliceTiming": [
      0.0,
      0.05555555555555555,
      0.1111111111111111,
      0.16666666666666666,
      0.2222222222222222,
      0.2777777777777778,
      0.3333333333333333,
      0.38888888888888884,
      0.4444444444444444,
      0.5,
      0.5555555555555556,
      0.611111111111111,
      0.6666666666666666,
      0.7222222222222222,
      0.7777777777777777,
      0.8333333333333333,
      0.8888888888888888,
      0.9444444444444444,
      1.0,
      1.0555555555555556,
      1.1111111111111112,
      1.1666666666666665,
      1.222222222222222,
      1.2777777777777777,
      1.3333333333333333,
      1.3888888888888888,
      1.4444444444444444,
      1.5,
      1.5555555555555554,
      1.611111111111111,
      1.6666666666666665,
      1.722222222222222,
      1.7777777777777777,
      1.8333333333333333,
      1.8888888888888888,
      1.9444444444444444
    ],
    "TaskName": "RestingState",
    "TotalReadoutTime": 0.0269452,
    "UsePhilipsFloatNotDisplayScaling": 1,
    "WaterFatShift": 12.0,
    "acq_id": "SeqMm3Tr2000",
    "dataset": "ds002643",
    "modality": "bold",
    "subject_id": "030",
    "task_id": "RestingState"
  },
  "dummy_trs": 0,
  "dvars_nstd": 19.260499140460237,
  "dvars_std": 1.054928802761506,
  "dvars_vstd": 0.9298184854393308,
  "efc": 0.42237172728646133,
  "fber": 162256.984375,
  "fd_mean": 0.15766610542895104,
  "fd_num": 46,
  "fd_perc": 19.166666666666668,
  "fwhm_avg": 1.7369937450395188,
  "fwhm_x": 1.7568599999999999,
  "fwhm_y": 1.8625666666666667,
  "fwhm_z": 1.5915545684518897,
  "gcor": 0.0425085,
  "gsr_x": -0.014519676566123962,
  "gsr_y": 0.004408281296491623,
  "provenance": {
    "md5sum": "41346d004b8ae0ef4b1b0dc07527ce86",
    "settings": {
      "fd_thres": 0.2,
      "testing": false
    },
    "software": "mriqc",
    "version": "23.0.1",
    "webapi_port": null,
    "webapi_url": "https://mriqc.nimh.nih.gov/api/v1"
  },
  "size_t": 240,
  "size_x": 80,
  "size_y": 80,
  "size_z": 36,
  "snr": 6.5012557584643185,
  "spacing_tr": 2.0,
  "spacing_x": 3.0,
  "spacing_y": 3.0,
  "spacing_z": 3.299999952316284,
  "summary_bg_k": 74.42901569181015,
  "summary_bg_mad": 220.77353827050575,
  "summary_bg_mean": 1836.5467529296875,
  "summary_bg_median": 176.10166931152344,
  "summary_bg_n": 157501.0,
  "summary_bg_p05": 11.809333801269531,
  "summary_bg_p95": 8817.138671875,
  "summary_bg_stdv": 5065.69775390625,
  "summary_fg_k": 2.3215831765399724,
  "summary_fg_mad": 10528.82127443077,
  "summary_fg_mean": 72197.0625,
  "summary_fg_median": 70962.09375,
  "summary_fg_n": 32354.0,
  "summary_fg_p05": 57828.3107421875,
  "summary_fg_p95": 90074.37304687499,
  "summary_fg_stdv": 10914.9677734375,
  "tsnr": 50.625362396240234
}