{
  "aor": 0.0044346355685131195,
  "aqi": 0.01859303139941691,
  "bids_meta": {
    "AcquisitionNumber": 6,
    "BIDSVersion": "1.1.0",
    "BidsifyVersion": "0.3",
    "ConversionSoftware": "dcm2niix",
    "ConversionSoftwareVersion": "v1.0.20180622 GCC5.4.0",
    "EchoTime": 0.028,
    "EffectiveEchoSpacing": 0.0006909,
    "FlipAngle": 76.1,
    "ImageComments": "RepliSC",
    "ImageOrientationPatientDICOM": [
      0.998917,
      -0.0414921,
      -0.021034,
      0.0320903,
      0.94197,
      -0.334161
    ],
    "InstitutionName": "Spinoza Centre for Neuroimaging, location REC",
    "MagneticFieldStrength": 3,
    "Manufacturer": "Philips",
    "ParallelAcquisitionTechnique": "SENSE",
    "ParallelReductionFactorInPlane": 2,
    "PatientPosition": "HFS",
    "PhaseEncodingDirection": "j",
    "PhilipsRescaleIntercept": 0,
    "PhilipsRescaleSlope": 0.77265,
    "PhilipsScaleSlope": 0.0193327,
    "ProtocolName": "task-Decisiontask_acq-SeqMm3Tr2000_bold",
    "PulseSequenceType": "Gradient Echo EPI",
    "ReconMatrixPE": 80,
    "RepetitionTime": 2,
    "SeriesDescription": "ImageMRSERIES",
    "SeriesNumber": 6,
    "SliceEncodingDirection": "k",
    "SliceTiming": [
      0.0,
      0.05555555555555555,
      0.1111111111111111,
      0.16666666666666666,
      0.2222222222222222,
      0.2777777777777778,
      0.3333333333333333,
      0.38888888888888884,
      0.4444444444444444,
      0.5,
      0.5555555555555556,
      0.611111111111111,
      0.6666666666666666,
      0.7222222222222222,
      0.7777777777777777,
      0.8333333333333333,
      0.8888888888888888,
      0.9444444444444444,
      1.0,
      1.0555555555555556,
      1.1111111111111112,
      1.1666666666666665,
      1.222222222222222,
      1.2777777777777777,
      1.3333333333333333,
      1.3888888888888888,
      1.4444444444444444,
      1.5,
      1.5555555555555554,
      1.611111111111111,
      1.6666666666666665,
      1.722222222222222,
      1.7777777777777777,
      1.8333333333333333,
      1.8888888888888888,
      1.9444444444444444
    ],
    "TaskName": "Decisiontask",
    "TotalReadoutTime": 0.0269452,
    "UsePhilipsFloatNotDisplayScaling": 1,
    "WaterFatShift": 12.0,
    "acq_id": "SeqMm3Tr2000",
    "dataset": "ds002643",
    "modality": "bold",
    "subject_id": "030",
    "task_id": "Decisiontask"
  },
  "dummy_trs": 0,
  "dvars_nstd": 21.182938838011683,
  "dvars_std": 1.0504846029239772,
  "dvars_vstd": 0.9520063778654971,
  "efc": 0.4223499364996351,
  "fber": 154875.8125,
  "fd_mean": 0.22784039954852156,
  "fd_num": 101,
  "fd_perc": 29.44606413994169,
  "fwhm_avg": 1.7525386946031112,
  "fwhm_x": 1.7695866666666669,
  "fwhm_y": 1.8822233333333334,
  "fwhm_z": 1.6058060838093335,
  "gcor": 0.0508227,
  "gsr_x": -0.01345523726195097,
  "gsr_y": 0.005777234677225351,
  "provenance": {
    "md5sum": "802640655d49ea33fd954bd374a3254e",
    "settings": {
      "fd_thres": 0.2,
      "testing": false
    },
    "software": "mriqc",
    "version": "23.0.1",
    "webapi_port": null,
    "webapi_url": "https://mriqc.nimh.nih.gov/api/v1"
  },
  "size_t": 343,
  "size_x": 80,
  "size_y": 80,
  "size_z": 36,
  "snr": 6.548861217185845,
  "spacing_tr": 2.0,
  "spacing_x": 3.0,
  "spacing_y": 3.0,
  "spacing_z": 3.299999952316284,
  "summary_bg_k": 73.09705517913952,
  "summary_bg_mad": 224.96610273557872,
  "summary_bg_mean": 1807.4276123046875,
  "summary_bg_median": 179.9713134765625,
  "summary_bg_n": 157370.0,
  "summary_bg_p05": 13.120705175399781,
  "summary_bg_p95": 8614.979980468735,
  "summary_bg_stdv": 5013.427734375,
  "summary_fg_k": 2.493327071235056,
  "summary_fg_mad": 10523.414988606648,
  "summary_fg_mean": 72405.2578125,
  "summary_fg_median": 71274.171875,
  "summary_fg_n": 32618.0,
  "summary_fg_p05": 57992.9705078125,
  "summary_fg_p95": 90184.70429687499,
  "summary_fg_stdv": 10883.2783203125,
  "tsnr": 46.07577896118164
}