{
  "bids_meta": {
    "AcquisitionNumber": 2,
    "BIDSVersion": "1.1.0",
    "BidsifyVersion": "0.3",
    "ConversionSoftware": "dcm2niix",
    "ConversionSoftwareVersion": "v1.0.20180622 GCC5.4.0",
    "EchoTime": 0.00381,
    "ImageComments": "RepliSC",
    "ImageOrientationPatientDICOM": [
      0.99979,
      -0.0198276,
      0.00518116,
      0.0204189,
      0.985327,
      -0.169451
    ],
    "InstitutionName": "Spinoza Centre for Neuroimaging, location REC",
    "InversionTime": 0.9,
    "MagneticFieldStrength": 3,
    "Manufacturer": "Philips",
    "ParallelAcquisitionTechnique": "SENSE",
    "PatientPosition": "HFS",
    "PhilipsRescaleIntercept": 0,
    "PhilipsRescaleSlope": 3.38388,
    "PhilipsScaleSlope": 0.00548395,
    "ProtocolName": "acq-AxialNsig1Mm1_T1w",
    "ReconMatrixPE": 240,
    "RepetitionTime": 0.00828,
    "SeriesDescription": "ImageMRSERIES",
    "SeriesNumber": 2,
    "UsePhilipsFloatNotDisplayScaling": 1,
    "acq_id": "AxialNsig1Mm1",
    "dataset": "ds002643",
    "modality": "T1w",
    "subject_id": "045"
  },
  "cjv": 0.2978665381376637,
  "cnr": 4.365115512192449,
  "efc": 0.6966494615827281,
  "fber": -1.0,
  "fwhm_avg": 4.385993503603349,
  "fwhm_x": 4.274900254803911,
  "fwhm_y": 4.58801,
  "fwhm_z": 4.295070256006137,
  "icvs_csf": 0.24713030113522205,
  "icvs_gm": 0.4211067212720439,
  "icvs_wm": 0.33176297759273404,
  "inu_med": 0.616961658000946,
  "inu_range": 0.21362326741218574,
  "provenance": {
    "md5sum": "8003a2f4e5ab15b9c22b258c67a76af7",
    "settings": {
      "testing": false
    },
    "software": "mriqc",
    "version": "23.0.1",
    "warnings": {
      "large_rot_frame": true,
      "small_air_mask": false
    },
    "webapi_port": null,
    "webapi_url": "https://mriqc.nimh.nih.gov/api/v1"
  },
  "qi_1": 0.0,
  "qi_2": 6.671386666322474e-05,
  "rpve_csf": 20.87983741242472,
  "rpve_gm": 12.225240487958219,
  "rpve_wm": 18.52427570134708,
  "size_x": 240,
  "size_y": 240,
  "size_z": 220,
  "snr_csf": 1.3264123463908915,
  "snr_gm": 7.874565974506625,
  "snr_total": 10.642999639658216,
  "snr_wm": 22.728020598077133,
  "snrd_csf": 7.32053642404151,
  "snrd_gm": 40.794549835347425,
  "snrd_total": 38.360463858314894,
  "snrd_wm": 66.96630531555576,
  "spacing_x": 0.9999999403953552,
  "spacing_y": 1.0,
  "spacing_z": 0.9999999403953552,
  "summary_bg_k": 470.8653461883454,
  "summary_bg_mad": 0.0,
  "summary_bg_mean": 4.91903909469096,
  "summary_bg_median": 0.0,
  "summary_bg_n": 468481.0,
  "summary_bg_p05": 0.0,
  "summary_bg_p95": 22.154490131884813,
  "summary_bg_stdv": 9.783075230293672,
  "summary_csf_k": 1.9545102152252785,
  "summary_csf_mad": 76.11302932974307,
  "summary_csf_mean": 126.58162398471055,
  "summary_csf_median": 109.31671414151788,
  "summary_csf_n": 69985.0,
  "summary_csf_p05": 31.50304808281362,
  "summary_csf_p95": 290.1009929589927,
  "summary_csf_stdv": 82.41474337534774,
  "summary_gm_k": 0.147064106640594,
  "summary_gm_mad": 76.41653720035347,
  "summary_gm_mean": 608.7839402225061,
  "summary_gm_median": 609.1802409775555,
  "summary_gm_n": 41034.0,
  "summary_gm_p05": 480.4760733823292,
  "summary_gm_p95": 734.38154257657,
  "summary_gm_stdv": 77.35954210463282,
  "summary_wm_k": 1.1074691231087233,
  "summary_wm_mad": 39.995592727104686,
  "summary_wm_mean": 999.5461132891836,
  "summary_wm_median": 1000.0000042691827,
  "summary_wm_n": 216031.0,
  "summary_wm_p05": 926.553547764197,
  "summary_wm_p95": 1069.170234752819,
  "summary_wm_stdv": 43.998450523599665,
  "tpm_overlap_csf": 0.14810610574207347,
  "tpm_overlap_gm": 0.45811071895431676,
  "tpm_overlap_wm": 0.4903719347453982,
  "wm2max": 0.7448369145742035
}