{
  "bids_meta": {
    "AcquisitionNumber": 2,
    "BIDSVersion": "1.1.0",
    "BidsifyVersion": "0.3",
    "ConversionSoftware": "dcm2niix",
    "ConversionSoftwareVersion": "v1.0.20180622 GCC5.4.0",
    "EchoTime": 0.00383,
    "ImageComments": "RepliSC",
    "ImageOrientationPatientDICOM": [
      0.999689,
      0.0144448,
      0.0203205,
      -0.00994561,
      0.97845,
      -0.206246
    ],
    "InstitutionName": "Spinoza Centre for Neuroimaging, location REC",
    "InversionTime": 0.9,
    "MagneticFieldStrength": 3,
    "Manufacturer": "Philips",
    "ParallelAcquisitionTechnique": "SENSE",
    "PatientPosition": "HFS",
    "PhilipsRescaleIntercept": 0,
    "PhilipsRescaleSlope": 4.10745,
    "PhilipsScaleSlope": 0.00515539,
    "ProtocolName": "acq-AxialNsig1Mm1_T1w",
    "ReconMatrixPE": 240,
    "RepetitionTime": 0.008322,
    "SeriesDescription": "ImageMRSERIES",
    "SeriesNumber": 2,
    "UsePhilipsFloatNotDisplayScaling": 1,
    "acq_id": "AxialNsig1Mm1",
    "dataset": "ds002643",
    "modality": "T1w",
    "subject_id": "006"
  },
  "cjv": 0.28488099217167284,
  "cnr": 4.481506474503984,
  "efc": 0.6961687039642103,
  "fber": 18598.972189173113,
  "fwhm_avg": 4.180236833135297,
  "fwhm_x": 4.16207,
  "fwhm_y": 4.327570257943288,
  "fwhm_z": 4.051070241462603,
  "icvs_csf": 0.23027660425262503,
  "icvs_gm": 0.4425534519210865,
  "icvs_wm": 0.32716994382628845,
  "inu_med": 0.5632067918777466,
  "inu_range": 0.19650458693504325,
  "provenance": {
    "md5sum": "094b6dfcd7f3e97cce98a050f16c9984",
    "settings": {
      "testing": false
    },
    "software": "mriqc",
    "version": "23.0.1",
    "warnings": {
      "large_rot_frame": true,
      "small_air_mask": true
    },
    "webapi_port": null,
    "webapi_url": "https://mriqc.nimh.nih.gov/api/v1"
  },
  "qi_1": 0.012464741704956595,
  "qi_2": 5.097774322859675e-05,
  "rpve_csf": 25.539683312736283,
  "rpve_gm": 13.787092289677158,
  "rpve_wm": 21.76111544731171,
  "size_x": 240,
  "size_y": 240,
  "size_z": 220,
  "snr_csf": 1.5465383032351883,
  "snr_gm": 9.041434871449008,
  "snr_total": 12.820579583180772,
  "snr_wm": 27.87376557485812,
  "snrd_csf": 25.49073439621356,
  "snrd_gm": 102.89761051099354,
  "snrd_total": 96.16365936155908,
  "snrd_wm": 160.10263317747012,
  "spacing_x": 1.0,
  "spacing_y": 0.9999999403953552,
  "spacing_z": 0.9999999403953552,
  "summary_bg_k": 20.264749857798133,
  "summary_bg_mad": 0.0,
  "summary_bg_mean": 1.5923194891773005,
  "summary_bg_median": 0.0,
  "summary_bg_n": 205085.0,
  "summary_bg_p05": 0.0,
  "summary_bg_p95": 10.56053901091218,
  "summary_bg_stdv": 4.091977604986676,
  "summary_csf_k": 1.2896574882153038,
  "summary_csf_mad": 101.61268067228406,
  "summary_csf_mean": 174.9411909205892,
  "summary_csf_median": 159.21495780721307,
  "summary_csf_n": 38905.0,
  "summary_csf_p05": 40.67587385326624,
  "summary_csf_p95": 366.1445667050777,
  "summary_csf_stdv": 102.94792651385544,
  "summary_gm_k": 0.3289394937565806,
  "summary_gm_mad": 68.68003901395376,
  "summary_gm_mean": 643.3905711297074,
  "summary_gm_median": 642.6977921202779,
  "summary_gm_n": 39309.0,
  "summary_gm_p05": 527.7516645848751,
  "summary_gm_p95": 761.3840116739273,
  "summary_gm_stdv": 71.08270161334661,
  "summary_wm_k": 0.8520674557143812,
  "summary_wm_mad": 33.108563889411116,
  "summary_wm_mean": 999.4656413912965,
  "summary_wm_median": 999.9999839141965,
  "summary_wm_n": 178164.0,
  "summary_wm_p05": 940.6473815180361,
  "summary_wm_p95": 1057.335404701531,
  "summary_wm_stdv": 35.87592694720812,
  "tpm_overlap_csf": 0.14697640897017694,
  "tpm_overlap_gm": 0.4751644516185649,
  "tpm_overlap_wm": 0.5093920613732535,
  "wm2max": 0.7576051711829674
}