{
  "aor": 0.006986676384839651,
  "aqi": 0.006636889271137026,
  "bids_meta": {
    "AcquisitionNumber": 4,
    "BIDSVersion": "1.1.0",
    "BidsifyVersion": "0.3",
    "ConversionSoftware": "dcm2niix",
    "ConversionSoftwareVersion": "v1.0.20180622 GCC5.4.0",
    "EchoTime": 0.028,
    "EffectiveEchoSpacing": 0.0006909,
    "FlipAngle": 76.1,
    "ImageComments": "RepliSC",
    "ImageOrientationPatientDICOM": [
      0.99835,
      0.0574033,
      -0.0015546,
      -0.05704,
      0.994432,
      0.0886057
    ],
    "InstitutionName": "Spinoza Centre for Neuroimaging, location REC",
    "MagneticFieldStrength": 3,
    "Manufacturer": "Philips",
    "ParallelAcquisitionTechnique": "SENSE",
    "ParallelReductionFactorInPlane": 2,
    "PatientPosition": "HFS",
    "PhaseEncodingDirection": "j",
    "PhilipsRescaleIntercept": 0,
    "PhilipsRescaleSlope": 0.77485,
    "PhilipsScaleSlope": 0.0215003,
    "ProtocolName": "task-Healthratingtask_acq-SeqMm3Tr2000_bold",
    "PulseSequenceType": "Gradient Echo EPI",
    "ReconMatrixPE": 80,
    "RepetitionTime": 2,
    "SeriesDescription": "ImageMRSERIES",
    "SeriesNumber": 4,
    "SliceEncodingDirection": "k",
    "SliceTiming": [
      0.0,
      0.05555555555555555,
      0.1111111111111111,
      0.16666666666666666,
      0.2222222222222222,
      0.2777777777777778,
      0.3333333333333333,
      0.38888888888888884,
      0.4444444444444444,
      0.5,
      0.5555555555555556,
      0.611111111111111,
      0.6666666666666666,
      0.7222222222222222,
      0.7777777777777777,
      0.8333333333333333,
      0.8888888888888888,
      0.9444444444444444,
      1.0,
      1.0555555555555556,
      1.1111111111111112,
      1.1666666666666665,
      1.222222222222222,
      1.2777777777777777,
      1.3333333333333333,
      1.3888888888888888,
      1.4444444444444444,
      1.5,
      1.5555555555555554,
      1.611111111111111,
      1.6666666666666665,
      1.722222222222222,
      1.7777777777777777,
      1.8333333333333333,
      1.8888888888888888,
      1.9444444444444444
    ],
    "TaskName": "Healthratingtask",
    "TotalReadoutTime": 0.0269452,
    "UsePhilipsFloatNotDisplayScaling": 1,
    "WaterFatShift": 12.0,
    "acq_id": "SeqMm3Tr2000",
    "dataset": "ds002643",
    "modality": "bold",
    "subject_id": "043",
    "task_id": "Healthratingtask"
  },
  "dummy_trs": 0,
  "dvars_nstd": 16.47219297061405,
  "dvars_std": 1.1896904706725142,
  "dvars_vstd": 1.0706860514035084,
  "efc": 0.42463356152813053,
  "fber": 137584.265625,
  "fd_mean": 0.12182766417728189,
  "fd_num": 28,
  "fd_perc": 8.16326530612245,
  "fwhm_avg": 1.755083745371057,
  "fwhm_x": 1.7072766666666668,
  "fwhm_y": 1.8975866666666665,
  "fwhm_z": 1.6603879027798378,
  "gcor": 0.0649851,
  "gsr_x": -0.012671035714447498,
  "gsr_y": 0.0038764888886362314,
  "provenance": {
    "md5sum": "7eeb03fcbcc0618479ca7b3104781d52",
    "settings": {
      "fd_thres": 0.2,
      "testing": false
    },
    "software": "mriqc",
    "version": "23.0.1",
    "webapi_port": null,
    "webapi_url": "https://mriqc.nimh.nih.gov/api/v1"
  },
  "size_t": 343,
  "size_x": 80,
  "size_y": 80,
  "size_z": 36,
  "snr": 7.0268070349429035,
  "spacing_tr": 2.0,
  "spacing_x": 3.0,
  "spacing_y": 3.0,
  "spacing_z": 3.299999952316284,
  "summary_bg_k": 51.61912688892624,
  "summary_bg_mad": 221.3806188145365,
  "summary_bg_mean": 1326.3348388671875,
  "summary_bg_median": 192.84719848632812,
  "summary_bg_n": 154798.0,
  "summary_bg_p05": 13.074415063858034,
  "summary_bg_p95": 6002.380346679685,
  "summary_bg_stdv": 3780.409423828125,
  "summary_fg_k": 1.2081311354403947,
  "summary_fg_mad": 10225.032605010021,
  "summary_fg_mean": 74366.40625,
  "summary_fg_median": 73256.609375,
  "summary_fg_n": 35178.0,
  "summary_fg_p05": 60254.1853515625,
  "summary_fg_p95": 91961.64570312502,
  "summary_fg_stdv": 10425.1572265625,
  "tsnr": 76.78114318847656
}