{
  "aor": 0.0031489795918367342,
  "aqi": 0.007134715218658892,
  "bids_meta": {
    "AcquisitionNumber": 6,
    "BIDSVersion": "1.1.0",
    "BidsifyVersion": "0.3",
    "ConversionSoftware": "dcm2niix",
    "ConversionSoftwareVersion": "v1.0.20180622 GCC5.4.0",
    "EchoTime": 0.028,
    "EffectiveEchoSpacing": 0.0006909,
    "FlipAngle": 76.1,
    "ImageComments": "RepliSC",
    "ImageOrientationPatientDICOM": [
      0.99835,
      0.0574033,
      -0.0015546,
      -0.05704,
      0.994432,
      0.0886057
    ],
    "InstitutionName": "Spinoza Centre for Neuroimaging, location REC",
    "MagneticFieldStrength": 3,
    "Manufacturer": "Philips",
    "ParallelAcquisitionTechnique": "SENSE",
    "ParallelReductionFactorInPlane": 2,
    "PatientPosition": "HFS",
    "PhaseEncodingDirection": "j",
    "PhilipsRescaleIntercept": 0,
    "PhilipsRescaleSlope": 0.79121,
    "PhilipsScaleSlope": 0.0198589,
    "ProtocolName": "task-Decisiontask_acq-SeqMm3Tr2000_bold",
    "PulseSequenceType": "Gradient Echo EPI",
    "ReconMatrixPE": 80,
    "RepetitionTime": 2,
    "SeriesDescription": "ImageMRSERIES",
    "SeriesNumber": 6,
    "SliceEncodingDirection": "k",
    "SliceTiming": [
      0.0,
      0.05555555555555555,
      0.1111111111111111,
      0.16666666666666666,
      0.2222222222222222,
      0.2777777777777778,
      0.3333333333333333,
      0.38888888888888884,
      0.4444444444444444,
      0.5,
      0.5555555555555556,
      0.611111111111111,
      0.6666666666666666,
      0.7222222222222222,
      0.7777777777777777,
      0.8333333333333333,
      0.8888888888888888,
      0.9444444444444444,
      1.0,
      1.0555555555555556,
      1.1111111111111112,
      1.1666666666666665,
      1.222222222222222,
      1.2777777777777777,
      1.3333333333333333,
      1.3888888888888888,
      1.4444444444444444,
      1.5,
      1.5555555555555554,
      1.611111111111111,
      1.6666666666666665,
      1.722222222222222,
      1.7777777777777777,
      1.8333333333333333,
      1.8888888888888888,
      1.9444444444444444
    ],
    "TaskName": "Decisiontask",
    "TotalReadoutTime": 0.0269452,
    "UsePhilipsFloatNotDisplayScaling": 1,
    "WaterFatShift": 12.0,
    "acq_id": "SeqMm3Tr2000",
    "dataset": "ds002643",
    "modality": "bold",
    "subject_id": "043",
    "task_id": "Decisiontask"
  },
  "dummy_trs": 0,
  "dvars_nstd": 16.90095041812866,
  "dvars_std": 1.163856564678363,
  "dvars_vstd": 1.0103312769298254,
  "efc": 0.42465065637979954,
  "fber": 136202.703125,
  "fd_mean": 0.12937042510554345,
  "fd_num": 42,
  "fd_perc": 12.244897959183673,
  "fwhm_avg": 1.7975228364143396,
  "fwhm_x": 1.7559833333333332,
  "fwhm_y": 1.9483366666666668,
  "fwhm_z": 1.6882485092430188,
  "gcor": 0.0337508,
  "gsr_x": -0.012969810515642166,
  "gsr_y": 0.0035170400515198708,
  "provenance": {
    "md5sum": "1c395be461b7ec368747870f2471dd1b",
    "settings": {
      "fd_thres": 0.2,
      "testing": false
    },
    "software": "mriqc",
    "version": "23.0.1",
    "webapi_port": null,
    "webapi_url": "https://mriqc.nimh.nih.gov/api/v1"
  },
  "size_t": 343,
  "size_x": 80,
  "size_y": 80,
  "size_z": 36,
  "snr": 6.872624918803257,
  "spacing_tr": 2.0,
  "spacing_x": 3.0,
  "spacing_y": 3.0,
  "spacing_z": 3.299999952316284,
  "summary_bg_k": 48.81050740371273,
  "summary_bg_mad": 234.35850095994107,
  "summary_bg_mean": 1385.2652587890625,
  "summary_bg_median": 199.79953002929688,
  "summary_bg_n": 154845.0,
  "summary_bg_p05": 16.105257034301765,
  "summary_bg_p95": 6422.155664062495,
  "summary_bg_stdv": 3890.20361328125,
  "summary_fg_k": 1.2971395407986703,
  "summary_fg_mad": 10781.518081462233,
  "summary_fg_mean": 77369.84375,
  "summary_fg_median": 76142.921875,
  "summary_fg_n": 35136.0,
  "summary_fg_p05": 62373.974609375,
  "summary_fg_p95": 96275.98828125,
  "summary_fg_stdv": 11079.00390625,
  "tsnr": 74.3398208618164
}