{
  "aor": 0.0026450728862973767,
  "aqi": 0.005164565451895044,
  "bids_meta": {
    "AcquisitionNumber": 3,
    "BIDSVersion": "1.1.0",
    "BidsifyVersion": "0.3",
    "ConversionSoftware": "dcm2niix",
    "ConversionSoftwareVersion": "v1.0.20180622 GCC5.4.0",
    "EchoTime": 0.028,
    "EffectiveEchoSpacing": 0.0006909,
    "FlipAngle": 76.1,
    "ImageComments": "RepliSC",
    "ImageOrientationPatientDICOM": [
      0.99835,
      0.0574033,
      -0.0015546,
      -0.05704,
      0.994432,
      0.0886057
    ],
    "InstitutionName": "Spinoza Centre for Neuroimaging, location REC",
    "MagneticFieldStrength": 3,
    "Manufacturer": "Philips",
    "ParallelAcquisitionTechnique": "SENSE",
    "ParallelReductionFactorInPlane": 2,
    "PatientPosition": "HFS",
    "PhaseEncodingDirection": "j",
    "PhilipsRescaleIntercept": 0,
    "PhilipsRescaleSlope": 0.78706,
    "PhilipsScaleSlope": 0.0202703,
    "ProtocolName": "task-Tasteratingtask_acq-SeqMm3Tr2000_bold",
    "PulseSequenceType": "Gradient Echo EPI",
    "ReconMatrixPE": 80,
    "RepetitionTime": 2,
    "SeriesDescription": "ImageMRSERIES",
    "SeriesNumber": 3,
    "SliceEncodingDirection": "k",
    "SliceTiming": [
      0.0,
      0.05555555555555555,
      0.1111111111111111,
      0.16666666666666666,
      0.2222222222222222,
      0.2777777777777778,
      0.3333333333333333,
      0.38888888888888884,
      0.4444444444444444,
      0.5,
      0.5555555555555556,
      0.611111111111111,
      0.6666666666666666,
      0.7222222222222222,
      0.7777777777777777,
      0.8333333333333333,
      0.8888888888888888,
      0.9444444444444444,
      1.0,
      1.0555555555555556,
      1.1111111111111112,
      1.1666666666666665,
      1.222222222222222,
      1.2777777777777777,
      1.3333333333333333,
      1.3888888888888888,
      1.4444444444444444,
      1.5,
      1.5555555555555554,
      1.611111111111111,
      1.6666666666666665,
      1.722222222222222,
      1.7777777777777777,
      1.8333333333333333,
      1.8888888888888888,
      1.9444444444444444
    ],
    "TaskName": "Tasteratingtask",
    "TotalReadoutTime": 0.0269452,
    "UsePhilipsFloatNotDisplayScaling": 1,
    "WaterFatShift": 12.0,
    "acq_id": "SeqMm3Tr2000",
    "dataset": "ds002643",
    "modality": "bold",
    "subject_id": "043",
    "task_id": "Tasteratingtask"
  },
  "dummy_trs": 0,
  "dvars_nstd": 17.11022052149122,
  "dvars_std": 1.193715450701754,
  "dvars_vstd": 1.0172915167251455,
  "efc": 0.42260957228293544,
  "fber": 144401.796875,
  "fd_mean": 0.10273248594956645,
  "fd_num": 19,
  "fd_perc": 5.539358600583091,
  "fwhm_avg": 1.764504957542668,
  "fwhm_x": 1.7251666666666667,
  "fwhm_y": 1.8974966666666668,
  "fwhm_z": 1.67085153929467,
  "gcor": 0.117612,
  "gsr_x": -0.012437056750059128,
  "gsr_y": 0.0038037707563489676,
  "provenance": {
    "md5sum": "d1bee8f422378800cca96b68c7cac3c4",
    "settings": {
      "fd_thres": 0.2,
      "testing": false
    },
    "software": "mriqc",
    "version": "23.0.1",
    "webapi_port": null,
    "webapi_url": "https://mriqc.nimh.nih.gov/api/v1"
  },
  "size_t": 343,
  "size_x": 80,
  "size_y": 80,
  "size_z": 36,
  "snr": 6.894682163901484,
  "spacing_tr": 2.0,
  "spacing_x": 3.0,
  "spacing_y": 3.0,
  "spacing_z": 3.299999952316284,
  "summary_bg_k": 53.11814740535959,
  "summary_bg_mad": 224.16846682542268,
  "summary_bg_mean": 1350.3963623046875,
  "summary_bg_median": 195.03578186035156,
  "summary_bg_n": 155078.0,
  "summary_bg_p05": 12.143432283401491,
  "summary_bg_p95": 6126.412329101556,
  "summary_bg_stdv": 3883.844970703125,
  "summary_fg_k": 1.1588480924560693,
  "summary_fg_mad": 10825.891902548912,
  "summary_fg_mean": 77305.734375,
  "summary_fg_median": 76154.4921875,
  "summary_fg_n": 34884.0,
  "summary_fg_p05": 62182.1720703125,
  "summary_fg_p95": 96122.737890625,
  "summary_fg_stdv": 11045.2373046875,
  "tsnr": 81.83036804199219
}