{
  "aor": 0.0012430903790087463,
  "aqi": 0.0048660996209912545,
  "bids_meta": {
    "AcquisitionNumber": 3,
    "BIDSVersion": "1.1.0",
    "BidsifyVersion": "0.3",
    "ConversionSoftware": "dcm2niix",
    "ConversionSoftwareVersion": "v1.0.20180622 GCC5.4.0",
    "EchoTime": 0.028,
    "EffectiveEchoSpacing": 0.0006909,
    "FlipAngle": 76.1,
    "ImageComments": "RepliSC",
    "ImageOrientationPatientDICOM": [
      0.997574,
      -0.0642688,
      0.0267629,
      0.0676579,
      0.985571,
      -0.155152
    ],
    "InstitutionName": "Spinoza Centre for Neuroimaging, location REC",
    "MagneticFieldStrength": 3,
    "Manufacturer": "Philips",
    "ParallelAcquisitionTechnique": "SENSE",
    "ParallelReductionFactorInPlane": 2,
    "PatientPosition": "HFS",
    "PhaseEncodingDirection": "j",
    "PhilipsRescaleIntercept": 0,
    "PhilipsRescaleSlope": 0.75556,
    "PhilipsScaleSlope": 0.022015,
    "ProtocolName": "task-Tasteratingtask_acq-SeqMm3Tr2000_bold",
    "PulseSequenceType": "Gradient Echo EPI",
    "ReconMatrixPE": 80,
    "RepetitionTime": 2,
    "SeriesDescription": "ImageMRSERIES",
    "SeriesNumber": 3,
    "SliceEncodingDirection": "k",
    "SliceTiming": [
      0.0,
      0.05555555555555555,
      0.1111111111111111,
      0.16666666666666666,
      0.2222222222222222,
      0.2777777777777778,
      0.3333333333333333,
      0.38888888888888884,
      0.4444444444444444,
      0.5,
      0.5555555555555556,
      0.611111111111111,
      0.6666666666666666,
      0.7222222222222222,
      0.7777777777777777,
      0.8333333333333333,
      0.8888888888888888,
      0.9444444444444444,
      1.0,
      1.0555555555555556,
      1.1111111111111112,
      1.1666666666666665,
      1.222222222222222,
      1.2777777777777777,
      1.3333333333333333,
      1.3888888888888888,
      1.4444444444444444,
      1.5,
      1.5555555555555554,
      1.611111111111111,
      1.6666666666666665,
      1.722222222222222,
      1.7777777777777777,
      1.8333333333333333,
      1.8888888888888888,
      1.9444444444444444
    ],
    "TaskName": "Tasteratingtask",
    "TotalReadoutTime": 0.0269452,
    "UsePhilipsFloatNotDisplayScaling": 1,
    "WaterFatShift": 12.0,
    "acq_id": "SeqMm3Tr2000",
    "dataset": "ds002643",
    "modality": "bold",
    "subject_id": "028",
    "task_id": "Tasteratingtask"
  },
  "dummy_trs": 0,
  "dvars_nstd": 19.3132673037427,
  "dvars_std": 1.155176724298246,
  "dvars_vstd": 1.0039477198538,
  "efc": 0.42088719389056056,
  "fber": 84856.3984375,
  "fd_mean": 0.09464194925303376,
  "fd_num": 1,
  "fd_perc": 0.2915451895043732,
  "fwhm_avg": 1.832647684645459,
  "fwhm_x": 1.8614566666666665,
  "fwhm_y": 2.0009166666666665,
  "fwhm_z": 1.635569720603043,
  "gcor": 0.0347214,
  "gsr_x": -0.008022453635931015,
  "gsr_y": 0.014702966436743736,
  "provenance": {
    "md5sum": "a529947b082a9774fddddbbe06742089",
    "settings": {
      "fd_thres": 0.2,
      "testing": false
    },
    "software": "mriqc",
    "version": "23.0.1",
    "webapi_port": null,
    "webapi_url": "https://mriqc.nimh.nih.gov/api/v1"
  },
  "size_t": 343,
  "size_x": 80,
  "size_y": 80,
  "size_z": 36,
  "snr": 6.428208660027107,
  "spacing_tr": 2.0,
  "spacing_x": 3.0,
  "spacing_y": 3.0,
  "spacing_z": 3.299999952316284,
  "summary_bg_k": 83.44213847467687,
  "summary_bg_mad": 278.8649929558982,
  "summary_bg_mean": 1675.2025146484375,
  "summary_bg_median": 232.00172424316406,
  "summary_bg_n": 158145.0,
  "summary_bg_p05": 21.749342727661134,
  "summary_bg_p95": 8484.58769531248,
  "summary_bg_stdv": 4815.541015625,
  "summary_fg_k": 2.0849114632782912,
  "summary_fg_mad": 9361.28071447998,
  "summary_fg_mean": 67177.4453125,
  "summary_fg_median": 66117.1796875,
  "summary_fg_n": 32222.0,
  "summary_fg_p05": 53076.248828125,
  "summary_fg_p95": 84613.53984374998,
  "summary_fg_stdv": 10285.3154296875,
  "tsnr": 83.48514556884766
}