{
  "aor": 0.0015419583333333333,
  "aqi": 0.004878194291666667,
  "bids_meta": {
    "AcquisitionNumber": 7,
    "BIDSVersion": "1.1.0",
    "BidsifyVersion": "0.3",
    "ConversionSoftware": "dcm2niix",
    "ConversionSoftwareVersion": "v1.0.20180622 GCC5.4.0",
    "EchoTime": 0.028,
    "EffectiveEchoSpacing": 0.0006909,
    "FlipAngle": 76.1,
    "ImageComments": "RepliSC",
    "ImageOrientationPatientDICOM": [
      0.997574,
      -0.0642688,
      0.0267629,
      0.0676579,
      0.985571,
      -0.155152
    ],
    "InstitutionName": "Spinoza Centre for Neuroimaging, location REC",
    "MagneticFieldStrength": 3,
    "Manufacturer": "Philips",
    "ParallelAcquisitionTechnique": "SENSE",
    "ParallelReductionFactorInPlane": 2,
    "PatientPosition": "HFS",
    "PhaseEncodingDirection": "j",
    "PhilipsRescaleIntercept": 0,
    "PhilipsRescaleSlope": 0.7663,
    "PhilipsScaleSlope": 0.0229854,
    "ProtocolName": "task-RestingState_acq-SeqMm3Tr2000_bold",
    "PulseSequenceType": "Gradient Echo EPI",
    "ReconMatrixPE": 80,
    "RepetitionTime": 2,
    "SeriesDescription": "ImageMRSERIES",
    "SeriesNumber": 7,
    "SliceEncodingDirection": "k",
    "SliceTiming": [
      0.0,
      0.05555555555555555,
      0.1111111111111111,
      0.16666666666666666,
      0.2222222222222222,
      0.2777777777777778,
      0.3333333333333333,
      0.38888888888888884,
      0.4444444444444444,
      0.5,
      0.5555555555555556,
      0.611111111111111,
      0.6666666666666666,
      0.7222222222222222,
      0.7777777777777777,
      0.8333333333333333,
      0.8888888888888888,
      0.9444444444444444,
      1.0,
      1.0555555555555556,
      1.1111111111111112,
      1.1666666666666665,
      1.222222222222222,
      1.2777777777777777,
      1.3333333333333333,
      1.3888888888888888,
      1.4444444444444444,
      1.5,
      1.5555555555555554,
      1.611111111111111,
      1.6666666666666665,
      1.722222222222222,
      1.7777777777777777,
      1.8333333333333333,
      1.8888888888888888,
      1.9444444444444444
    ],
    "TaskName": "RestingState",
    "TotalReadoutTime": 0.0269452,
    "UsePhilipsFloatNotDisplayScaling": 1,
    "WaterFatShift": 12.0,
    "acq_id": "SeqMm3Tr2000",
    "dataset": "ds002643",
    "modality": "bold",
    "subject_id": "028",
    "task_id": "RestingState"
  },
  "dummy_trs": 0,
  "dvars_nstd": 20.713195840669457,
  "dvars_std": 1.1782658048535564,
  "dvars_vstd": 1.0025206069037658,
  "efc": 0.4249604233305244,
  "fber": 75782.25,
  "fd_mean": 0.11715881131574682,
  "fd_num": 26,
  "fd_perc": 10.833333333333334,
  "fwhm_avg": 1.8183604118143968,
  "fwhm_x": 1.8476066666666666,
  "fwhm_y": 1.9934533333333333,
  "fwhm_z": 1.6140212354431909,
  "gcor": 0.0603137,
  "gsr_x": -0.008953708223998547,
  "gsr_y": 0.015960121527314186,
  "provenance": {
    "md5sum": "8b7b3b0151d97c1cdceb56b93de094f1",
    "settings": {
      "fd_thres": 0.2,
      "testing": false
    },
    "software": "mriqc",
    "version": "23.0.1",
    "webapi_port": null,
    "webapi_url": "https://mriqc.nimh.nih.gov/api/v1"
  },
  "size_t": 240,
  "size_x": 80,
  "size_y": 80,
  "size_z": 36,
  "snr": 6.409452477210482,
  "spacing_tr": 2.0,
  "spacing_x": 3.0,
  "spacing_y": 3.0,
  "spacing_z": 3.299999952316284,
  "summary_bg_k": 78.01037027788848,
  "summary_bg_mad": 292.09445382591474,
  "summary_bg_mean": 1766.873779296875,
  "summary_bg_median": 241.1649169921875,
  "summary_bg_n": 158028.0,
  "summary_bg_p05": 21.890210056304934,
  "summary_bg_p95": 8976.375683593746,
  "summary_bg_stdv": 4976.52880859375,
  "summary_fg_k": 2.1456284100278307,
  "summary_fg_mad": 9244.598182459116,
  "summary_fg_mean": 66155.015625,
  "summary_fg_median": 65143.64453125,
  "summary_fg_n": 32401.0,
  "summary_fg_p05": 52214.00390625,
  "summary_fg_p95": 83203.828125,
  "summary_fg_stdv": 10163.5263671875,
  "tsnr": 82.9795913696289
}