{
  "aor": 0.001263061224489796,
  "aqi": 0.007677753702623908,
  "bids_meta": {
    "AcquisitionNumber": 4,
    "BIDSVersion": "1.1.0",
    "BidsifyVersion": "0.3",
    "ConversionSoftware": "dcm2niix",
    "ConversionSoftwareVersion": "v1.0.20180622 GCC5.4.0",
    "EchoTime": 0.028,
    "EffectiveEchoSpacing": 0.0006909,
    "FlipAngle": 76.1,
    "ImageComments": "RepliSC",
    "ImageOrientationPatientDICOM": [
      0.997574,
      -0.0642688,
      0.0267629,
      0.0676579,
      0.985571,
      -0.155152
    ],
    "InstitutionName": "Spinoza Centre for Neuroimaging, location REC",
    "MagneticFieldStrength": 3,
    "Manufacturer": "Philips",
    "ParallelAcquisitionTechnique": "SENSE",
    "ParallelReductionFactorInPlane": 2,
    "PatientPosition": "HFS",
    "PhaseEncodingDirection": "j",
    "PhilipsRescaleIntercept": 0,
    "PhilipsRescaleSlope": 0.78462,
    "PhilipsScaleSlope": 0.0216997,
    "ProtocolName": "task-Healthratingtask_acq-SeqMm3Tr2000_bold",
    "PulseSequenceType": "Gradient Echo EPI",
    "ReconMatrixPE": 80,
    "RepetitionTime": 2,
    "SeriesDescription": "ImageMRSERIES",
    "SeriesNumber": 4,
    "SliceEncodingDirection": "k",
    "SliceTiming": [
      0.0,
      0.05555555555555555,
      0.1111111111111111,
      0.16666666666666666,
      0.2222222222222222,
      0.2777777777777778,
      0.3333333333333333,
      0.38888888888888884,
      0.4444444444444444,
      0.5,
      0.5555555555555556,
      0.611111111111111,
      0.6666666666666666,
      0.7222222222222222,
      0.7777777777777777,
      0.8333333333333333,
      0.8888888888888888,
      0.9444444444444444,
      1.0,
      1.0555555555555556,
      1.1111111111111112,
      1.1666666666666665,
      1.222222222222222,
      1.2777777777777777,
      1.3333333333333333,
      1.3888888888888888,
      1.4444444444444444,
      1.5,
      1.5555555555555554,
      1.611111111111111,
      1.6666666666666665,
      1.722222222222222,
      1.7777777777777777,
      1.8333333333333333,
      1.8888888888888888,
      1.9444444444444444
    ],
    "TaskName": "Healthratingtask",
    "TotalReadoutTime": 0.0269452,
    "UsePhilipsFloatNotDisplayScaling": 1,
    "WaterFatShift": 12.0,
    "acq_id": "SeqMm3Tr2000",
    "dataset": "ds002643",
    "modality": "bold",
    "subject_id": "028",
    "task_id": "Healthratingtask"
  },
  "dummy_trs": 0,
  "dvars_nstd": 19.797927875906453,
  "dvars_std": 1.131076552222222,
  "dvars_vstd": 0.9767075510526313,
  "efc": 0.42319067366244023,
  "fber": 77034.390625,
  "fd_mean": 0.08914649881511205,
  "fd_num": 3,
  "fd_perc": 0.8746355685131195,
  "fwhm_avg": 1.8295550582578215,
  "fwhm_x": 1.8652966666666666,
  "fwhm_y": 2.0137533333333333,
  "fwhm_z": 1.6096151747734644,
  "gcor": 0.0285568,
  "gsr_x": -0.00860801711678505,
  "gsr_y": 0.015375249087810516,
  "provenance": {
    "md5sum": "7b449a7a582b5795a30789a400fa287a",
    "settings": {
      "fd_thres": 0.2,
      "testing": false
    },
    "software": "mriqc",
    "version": "23.0.1",
    "webapi_port": null,
    "webapi_url": "https://mriqc.nimh.nih.gov/api/v1"
  },
  "size_t": 343,
  "size_x": 80,
  "size_y": 80,
  "size_z": 36,
  "snr": 6.443691348444006,
  "spacing_tr": 2.0,
  "spacing_x": 3.0,
  "spacing_y": 3.0,
  "spacing_z": 3.299999952316284,
  "summary_bg_k": 80.19792416352006,
  "summary_bg_mad": 291.78689236639417,
  "summary_bg_mean": 1716.0858154296875,
  "summary_bg_median": 240.92279052734375,
  "summary_bg_n": 158034.0,
  "summary_bg_p05": 22.02302589416504,
  "summary_bg_p95": 8752.720556640625,
  "summary_bg_stdv": 4855.92236328125,
  "summary_fg_k": 2.1610403673919363,
  "summary_fg_mad": 9291.607097332591,
  "summary_fg_mean": 66574.3671875,
  "summary_fg_median": 65579.296875,
  "summary_fg_n": 32366.0,
  "summary_fg_p05": 52600.9921875,
  "summary_fg_p95": 83593.271484375,
  "summary_fg_stdv": 10177.1298828125,
  "tsnr": 67.89637756347656
}