{
  "aor": 0.0009921574344023323,
  "aqi": 0.0036027820991253643,
  "bids_meta": {
    "AcquisitionNumber": 3,
    "BIDSVersion": "1.1.0",
    "BidsifyVersion": "0.3",
    "ConversionSoftware": "dcm2niix",
    "ConversionSoftwareVersion": "v1.0.20180622 GCC5.4.0",
    "EchoTime": 0.028,
    "EffectiveEchoSpacing": 0.0006909,
    "FlipAngle": 76.1,
    "ImageComments": "RepliSC",
    "ImageOrientationPatientDICOM": [
      0.999906,
      -0.00148249,
      -0.0136107,
      -0.00261775,
      0.955079,
      -0.29634
    ],
    "InstitutionName": "Spinoza Centre for Neuroimaging, location REC",
    "MagneticFieldStrength": 3,
    "Manufacturer": "Philips",
    "ParallelAcquisitionTechnique": "SENSE",
    "ParallelReductionFactorInPlane": 2,
    "PatientPosition": "HFS",
    "PhaseEncodingDirection": "j",
    "PhilipsRescaleIntercept": 0,
    "PhilipsRescaleSlope": 0.78803,
    "PhilipsScaleSlope": 0.0215983,
    "ProtocolName": "task-Healthratingtask_acq-SeqMm3Tr2000_bold",
    "PulseSequenceType": "Gradient Echo EPI",
    "ReconMatrixPE": 80,
    "RepetitionTime": 2,
    "SeriesDescription": "ImageMRSERIES",
    "SeriesNumber": 3,
    "SliceEncodingDirection": "k",
    "SliceTiming": [
      0.0,
      0.05555555555555555,
      0.1111111111111111,
      0.16666666666666666,
      0.2222222222222222,
      0.2777777777777778,
      0.3333333333333333,
      0.38888888888888884,
      0.4444444444444444,
      0.5,
      0.5555555555555556,
      0.611111111111111,
      0.6666666666666666,
      0.7222222222222222,
      0.7777777777777777,
      0.8333333333333333,
      0.8888888888888888,
      0.9444444444444444,
      1.0,
      1.0555555555555556,
      1.1111111111111112,
      1.1666666666666665,
      1.222222222222222,
      1.2777777777777777,
      1.3333333333333333,
      1.3888888888888888,
      1.4444444444444444,
      1.5,
      1.5555555555555554,
      1.611111111111111,
      1.6666666666666665,
      1.722222222222222,
      1.7777777777777777,
      1.8333333333333333,
      1.8888888888888888,
      1.9444444444444444
    ],
    "TaskName": "Healthratingtask",
    "TotalReadoutTime": 0.0269452,
    "UsePhilipsFloatNotDisplayScaling": 1,
    "WaterFatShift": 12.0,
    "acq_id": "SeqMm3Tr2000",
    "dataset": "ds002643",
    "modality": "bold",
    "subject_id": "097",
    "task_id": "Healthratingtask"
  },
  "dummy_trs": 0,
  "dvars_nstd": 19.046658886754393,
  "dvars_std": 1.2109931247660817,
  "dvars_vstd": 1.000688230409357,
  "efc": 0.4038578793517013,
  "fber": 144579.34375,
  "fd_mean": 0.09376793835110862,
  "fd_num": 3,
  "fd_perc": 0.8746355685131195,
  "fwhm_avg": 1.7547463715462852,
  "fwhm_x": 1.7309566666666667,
  "fwhm_y": 1.89104,
  "fwhm_z": 1.6422424479721887,
  "gcor": 0.0321392,
  "gsr_x": -0.016098778694868088,
  "gsr_y": 0.007045113015919924,
  "provenance": {
    "md5sum": "3363c3853045d91c94568d6ac26bbbd9",
    "settings": {
      "fd_thres": 0.2,
      "testing": false
    },
    "software": "mriqc",
    "version": "23.0.1",
    "webapi_port": null,
    "webapi_url": "https://mriqc.nimh.nih.gov/api/v1"
  },
  "size_t": 343,
  "size_x": 80,
  "size_y": 80,
  "size_z": 36,
  "snr": 5.648551433267433,
  "spacing_tr": 2.0,
  "spacing_x": 3.0,
  "spacing_y": 3.0,
  "spacing_z": 3.299999952316284,
  "summary_bg_k": 160.5423451183373,
  "summary_bg_mad": 192.82737665549135,
  "summary_bg_mean": 997.0646362304688,
  "summary_bg_median": 172.23007202148438,
  "summary_bg_n": 157819.0,
  "summary_bg_p05": 13.042287540435792,
  "summary_bg_p95": 4692.2325195312515,
  "summary_bg_stdv": 3319.9970703125,
  "summary_fg_k": 1.5965502486278318,
  "summary_fg_mad": 10473.568280424313,
  "summary_fg_mean": 67372.390625,
  "summary_fg_median": 65442.30859375,
  "summary_fg_n": 33106.0,
  "summary_fg_p05": 52589.419921875,
  "summary_fg_p95": 88247.583984375,
  "summary_fg_stdv": 11585.5048828125,
  "tsnr": 89.13470458984375
}