{
  "aor": 0.0017506413994169097,
  "aqi": 0.01093757358600583,
  "bids_meta": {
    "AcquisitionNumber": 6,
    "BIDSVersion": "1.1.0",
    "BidsifyVersion": "0.3",
    "ConversionSoftware": "dcm2niix",
    "ConversionSoftwareVersion": "v1.0.20180622 GCC5.4.0",
    "EchoTime": 0.028,
    "EffectiveEchoSpacing": 0.0006909,
    "FlipAngle": 76.1,
    "ImageComments": "RepliSC",
    "ImageOrientationPatientDICOM": [
      0.999469,
      0.0105566,
      -0.0308173,
      -0.0158754,
      0.983935,
      -0.17782
    ],
    "InstitutionName": "Spinoza Centre for Neuroimaging, location REC",
    "MagneticFieldStrength": 3,
    "Manufacturer": "Philips",
    "ParallelAcquisitionTechnique": "SENSE",
    "ParallelReductionFactorInPlane": 2,
    "PatientPosition": "HFS",
    "PhaseEncodingDirection": "j",
    "PhilipsRescaleIntercept": 0,
    "PhilipsRescaleSlope": 0.75556,
    "PhilipsScaleSlope": 0.0246319,
    "ProtocolName": "task-Decisiontask_acq-SeqMm3Tr2000_bold",
    "PulseSequenceType": "Gradient Echo EPI",
    "ReconMatrixPE": 80,
    "RepetitionTime": 2,
    "SeriesDescription": "ImageMRSERIES",
    "SeriesNumber": 6,
    "SliceEncodingDirection": "k",
    "SliceTiming": [
      0.0,
      0.05555555555555555,
      0.1111111111111111,
      0.16666666666666666,
      0.2222222222222222,
      0.2777777777777778,
      0.3333333333333333,
      0.38888888888888884,
      0.4444444444444444,
      0.5,
      0.5555555555555556,
      0.611111111111111,
      0.6666666666666666,
      0.7222222222222222,
      0.7777777777777777,
      0.8333333333333333,
      0.8888888888888888,
      0.9444444444444444,
      1.0,
      1.0555555555555556,
      1.1111111111111112,
      1.1666666666666665,
      1.222222222222222,
      1.2777777777777777,
      1.3333333333333333,
      1.3888888888888888,
      1.4444444444444444,
      1.5,
      1.5555555555555554,
      1.611111111111111,
      1.6666666666666665,
      1.722222222222222,
      1.7777777777777777,
      1.8333333333333333,
      1.8888888888888888,
      1.9444444444444444
    ],
    "TaskName": "Decisiontask",
    "TotalReadoutTime": 0.0269452,
    "UsePhilipsFloatNotDisplayScaling": 1,
    "WaterFatShift": 12.0,
    "acq_id": "SeqMm3Tr2000",
    "dataset": "ds002643",
    "modality": "bold",
    "subject_id": "058",
    "task_id": "Decisiontask"
  },
  "dummy_trs": 0,
  "dvars_nstd": 20.171929866812864,
  "dvars_std": 1.0782308660526323,
  "dvars_vstd": 0.9605005015497076,
  "efc": 0.43555189911566833,
  "fber": 78473.09375,
  "fd_mean": 0.1173828698558589,
  "fd_num": 19,
  "fd_perc": 5.539358600583091,
  "fwhm_avg": 1.8056028361969532,
  "fwhm_x": 1.7978833333333333,
  "fwhm_y": 1.97581,
  "fwhm_z": 1.6431151752575264,
  "gcor": 0.0242179,
  "gsr_x": -0.009944366291165352,
  "gsr_y": 0.009264489635825157,
  "provenance": {
    "md5sum": "1100969f5567f64098c662cf0eab73c1",
    "settings": {
      "fd_thres": 0.2,
      "testing": false
    },
    "software": "mriqc",
    "version": "23.0.1",
    "webapi_port": null,
    "webapi_url": "https://mriqc.nimh.nih.gov/api/v1"
  },
  "size_t": 343,
  "size_x": 80,
  "size_y": 80,
  "size_z": 36,
  "snr": 6.588881270938446,
  "spacing_tr": 2.0,
  "spacing_x": 3.0,
  "spacing_y": 3.0,
  "spacing_z": 3.299999952316284,
  "summary_bg_k": 54.72772363300474,
  "summary_bg_mad": 245.75808114875971,
  "summary_bg_mean": 1578.5469970703125,
  "summary_bg_median": 207.1288604736328,
  "summary_bg_n": 155143.0,
  "summary_bg_p05": 15.341920566558837,
  "summary_bg_p95": 7543.199609374996,
  "summary_bg_stdv": 4176.78076171875,
  "summary_fg_k": 2.0022740058352877,
  "summary_fg_mad": 8407.993549348002,
  "summary_fg_mean": 58697.15625,
  "summary_fg_median": 57660.00390625,
  "summary_fg_n": 34627.0,
  "summary_fg_p05": 47113.5015625,
  "summary_fg_p95": 73346.00546874998,
  "summary_fg_stdv": 8750.98046875,
  "tsnr": 61.10271072387695
}