{
  "aor": 0.0015489795918367346,
  "aqi": 0.006366271428571427,
  "bids_meta": {
    "AcquisitionNumber": 6,
    "BIDSVersion": "1.1.0",
    "BidsifyVersion": "0.3.7",
    "ConversionSoftware": "dcm2niix",
    "ConversionSoftwareVersion": "v1.0.20190902",
    "EchoTime": 0.028,
    "EffectiveEchoSpacing": 0.0006909,
    "FlipAngle": 76.1,
    "ImageComments": "RepliSC",
    "ImageOrientationPatientDICOM": [
      0.998949,
      -0.0440717,
      -0.0126212,
      0.0388996,
      0.960562,
      -0.27533
    ],
    "InstitutionName": "Spinoza Centre for Neuroimaging, location RE",
    "MagneticFieldStrength": 3,
    "Manufacturer": "Philips",
    "ParallelAcquisitionTechnique": "SENSE",
    "ParallelReductionFactorInPlane": 2,
    "PatientPosition": "HFS",
    "PhaseEncodingDirection": "j",
    "PhilipsRescaleIntercept": 0,
    "PhilipsRescaleSlope": 0.79121,
    "PhilipsScaleSlope": 0.0223102,
    "ProtocolName": "task-Decisiontask_acq-SeqMm3Tr2000_bold",
    "PulseSequenceType": "Gradient Echo EPI",
    "ReconMatrixPE": 80,
    "RepetitionTime": 2,
    "SeriesDescription": "ImageMRSERIES",
    "SeriesNumber": 6,
    "SliceEncodingDirection": "k",
    "SliceTiming": [
      0.0,
      0.05555555555555555,
      0.1111111111111111,
      0.16666666666666666,
      0.2222222222222222,
      0.2777777777777778,
      0.3333333333333333,
      0.38888888888888884,
      0.4444444444444444,
      0.5,
      0.5555555555555556,
      0.611111111111111,
      0.6666666666666666,
      0.7222222222222222,
      0.7777777777777777,
      0.8333333333333333,
      0.8888888888888888,
      0.9444444444444444,
      1.0,
      1.0555555555555556,
      1.1111111111111112,
      1.1666666666666665,
      1.222222222222222,
      1.2777777777777777,
      1.3333333333333333,
      1.3888888888888888,
      1.4444444444444444,
      1.5,
      1.5555555555555554,
      1.611111111111111,
      1.6666666666666665,
      1.722222222222222,
      1.7777777777777777,
      1.8333333333333333,
      1.8888888888888888,
      1.9444444444444444
    ],
    "TaskName": "Decisiontask",
    "TotalReadoutTime": 0.0269452,
    "UsePhilipsFloatNotDisplayScaling": 1,
    "WaterFatShift": 12.0,
    "acq_id": "SeqMm3Tr2000",
    "dataset": "ds002643",
    "modality": "bold",
    "subject_id": "064",
    "task_id": "Decisiontask"
  },
  "dummy_trs": 0,
  "dvars_nstd": 23.52631075315789,
  "dvars_std": 1.1429497105847957,
  "dvars_vstd": 1.006947639239766,
  "efc": 0.44284324468042346,
  "fber": 205199.265625,
  "fd_mean": 0.29423379890877904,
  "fd_num": 283,
  "fd_perc": 82.50728862973762,
  "fwhm_avg": 1.786407586000915,
  "fwhm_x": 1.73173,
  "fwhm_y": 1.9580166666666667,
  "fwhm_z": 1.6694760913360782,
  "gcor": 0.0431746,
  "gsr_x": -0.018806878477334976,
  "gsr_y": 0.015046322718262672,
  "provenance": {
    "md5sum": "6a65d9730df903c0c2ce95089381d675",
    "settings": {
      "fd_thres": 0.2,
      "testing": false
    },
    "software": "mriqc",
    "version": "23.0.1",
    "webapi_port": null,
    "webapi_url": "https://mriqc.nimh.nih.gov/api/v1"
  },
  "size_t": 343,
  "size_x": 80,
  "size_y": 80,
  "size_z": 36,
  "snr": 6.402084400772039,
  "spacing_tr": 2.0,
  "spacing_x": 3.0,
  "spacing_y": 3.0,
  "spacing_z": 3.2997357845306396,
  "summary_bg_k": 54.21452468895537,
  "summary_bg_mad": 161.2578847319695,
  "summary_bg_mean": 1397.0545654296875,
  "summary_bg_median": 131.8753662109375,
  "summary_bg_n": 151940.0,
  "summary_bg_p05": 5.92542383670807,
  "summary_bg_p95": 6686.256274414054,
  "summary_bg_stdv": 3853.245849609375,
  "summary_fg_k": 2.902754960979907,
  "summary_fg_mad": 8219.595926421844,
  "summary_fg_mean": 62671.56640625,
  "summary_fg_median": 61401.3984375,
  "summary_fg_n": 38018.0,
  "summary_fg_p05": 50321.016015625,
  "summary_fg_p95": 79425.046484375,
  "summary_fg_stdv": 9590.71875,
  "tsnr": 73.41879272460938
}