{
  "aor": 0.001496997084548105,
  "aqi": 0.004172508192419825,
  "bids_meta": {
    "AcquisitionNumber": 6,
    "BIDSVersion": "1.1.0",
    "BidsifyVersion": "0.3",
    "ConversionSoftware": "dcm2niix",
    "ConversionSoftwareVersion": "v1.0.20180622 GCC5.4.0",
    "EchoTime": 0.028,
    "EffectiveEchoSpacing": 0.0006909,
    "FlipAngle": 76.1,
    "ImageComments": "RepliSC",
    "ImageOrientationPatientDICOM": [
      0.997574,
      -0.0642688,
      0.0267629,
      0.0676579,
      0.985571,
      -0.155152
    ],
    "InstitutionName": "Spinoza Centre for Neuroimaging, location REC",
    "MagneticFieldStrength": 3,
    "Manufacturer": "Philips",
    "ParallelAcquisitionTechnique": "SENSE",
    "ParallelReductionFactorInPlane": 2,
    "PatientPosition": "HFS",
    "PhaseEncodingDirection": "j",
    "PhilipsRescaleIntercept": 0,
    "PhilipsRescaleSlope": 0.7663,
    "PhilipsScaleSlope": 0.0231965,
    "ProtocolName": "task-Decisiontask_acq-SeqMm3Tr2000_bold",
    "PulseSequenceType": "Gradient Echo EPI",
    "ReconMatrixPE": 80,
    "RepetitionTime": 2,
    "SeriesDescription": "ImageMRSERIES",
    "SeriesNumber": 6,
    "SliceEncodingDirection": "k",
    "SliceTiming": [
      0.0,
      0.05555555555555555,
      0.1111111111111111,
      0.16666666666666666,
      0.2222222222222222,
      0.2777777777777778,
      0.3333333333333333,
      0.38888888888888884,
      0.4444444444444444,
      0.5,
      0.5555555555555556,
      0.611111111111111,
      0.6666666666666666,
      0.7222222222222222,
      0.7777777777777777,
      0.8333333333333333,
      0.8888888888888888,
      0.9444444444444444,
      1.0,
      1.0555555555555556,
      1.1111111111111112,
      1.1666666666666665,
      1.222222222222222,
      1.2777777777777777,
      1.3333333333333333,
      1.3888888888888888,
      1.4444444444444444,
      1.5,
      1.5555555555555554,
      1.611111111111111,
      1.6666666666666665,
      1.722222222222222,
      1.7777777777777777,
      1.8333333333333333,
      1.8888888888888888,
      1.9444444444444444
    ],
    "TaskName": "Decisiontask",
    "TotalReadoutTime": 0.0269452,
    "UsePhilipsFloatNotDisplayScaling": 1,
    "WaterFatShift": 12.0,
    "acq_id": "SeqMm3Tr2000",
    "dataset": "ds002643",
    "modality": "bold",
    "subject_id": "028",
    "task_id": "Decisiontask"
  },
  "dummy_trs": 0,
  "dvars_nstd": 20.05450296134503,
  "dvars_std": 1.188571496725145,
  "dvars_vstd": 1.0104982152631574,
  "efc": 0.42434006558080145,
  "fber": 79121.2109375,
  "fd_mean": 0.08179123412704163,
  "fd_num": 7,
  "fd_perc": 2.0408163265306123,
  "fwhm_avg": 1.805577179422755,
  "fwhm_x": 1.8374566666666665,
  "fwhm_y": 1.9794566666666666,
  "fwhm_z": 1.5998182049349323,
  "gcor": 0.0525673,
  "gsr_x": -0.008615645579993725,
  "gsr_y": 0.01446098368614912,
  "provenance": {
    "md5sum": "aa387966509e981c77ffff296bdf7721",
    "settings": {
      "fd_thres": 0.2,
      "testing": false
    },
    "software": "mriqc",
    "version": "23.0.1",
    "webapi_port": null,
    "webapi_url": "https://mriqc.nimh.nih.gov/api/v1"
  },
  "size_t": 343,
  "size_x": 80,
  "size_y": 80,
  "size_z": 36,
  "snr": 6.433224609206377,
  "spacing_tr": 2.0,
  "spacing_x": 3.0,
  "spacing_y": 3.0,
  "spacing_z": 3.299999952316284,
  "summary_bg_k": 78.17472977973871,
  "summary_bg_mad": 285.1978825438707,
  "summary_bg_mean": 1742.9127197265625,
  "summary_bg_median": 236.11378479003906,
  "summary_bg_n": 157965.0,
  "summary_bg_p05": 21.401722335815432,
  "summary_bg_p95": 8865.259765624982,
  "summary_bg_stdv": 4963.130859375,
  "summary_fg_k": 2.1105919035518887,
  "summary_fg_mad": 9172.998919852143,
  "summary_fg_mean": 66116.890625,
  "summary_fg_median": 65062.55859375,
  "summary_fg_n": 32460.0,
  "summary_fg_p05": 52248.90390625,
  "summary_fg_p95": 83129.166796875,
  "summary_fg_stdv": 10113.3662109375,
  "tsnr": 88.34394836425781
}