{
  "bids_meta": {
    "AcquisitionNumber": 2,
    "BIDSVersion": "1.1.0",
    "BidsifyVersion": "0.3",
    "ConversionSoftware": "dcm2niix",
    "ConversionSoftwareVersion": "v1.0.20180622 GCC5.4.0",
    "EchoTime": 0.00381,
    "ImageComments": "RepliSC",
    "ImageOrientationPatientDICOM": [
      0.999364,
      -0.0211376,
      0.0287187,
      0.0254711,
      0.986778,
      -0.160063
    ],
    "InstitutionName": "Spinoza Centre for Neuroimaging, location REC",
    "InversionTime": 0.9,
    "MagneticFieldStrength": 3,
    "Manufacturer": "Philips",
    "ParallelAcquisitionTechnique": "SENSE",
    "PatientPosition": "HFS",
    "PhilipsRescaleIntercept": 0,
    "PhilipsRescaleSlope": 4.5326,
    "PhilipsScaleSlope": 0.00520591,
    "ProtocolName": "acq-AxialNsig1Mm1_T1w",
    "ReconMatrixPE": 240,
    "RepetitionTime": 0.008285,
    "SeriesDescription": "ImageMRSERIES",
    "SeriesNumber": 2,
    "UsePhilipsFloatNotDisplayScaling": 1,
    "acq_id": "AxialNsig1Mm1",
    "dataset": "ds002643",
    "modality": "T1w",
    "subject_id": "010"
  },
  "cjv": 0.29955769014212874,
  "cnr": 4.334505105384905,
  "efc": 0.7252290798482453,
  "fber": -1.0,
  "fwhm_avg": 4.162603333333333,
  "fwhm_x": 4.12424,
  "fwhm_y": 4.27236,
  "fwhm_z": 4.09121,
  "icvs_csf": 0.24366743370603527,
  "icvs_gm": 0.42938547637119434,
  "icvs_wm": 0.3269470899227704,
  "inu_med": 0.6015531420707703,
  "inu_range": 0.2112583428621292,
  "provenance": {
    "md5sum": "e9fb5e05efe49da36909e9c46968ae69",
    "settings": {
      "testing": false
    },
    "software": "mriqc",
    "version": "23.0.1",
    "warnings": {
      "large_rot_frame": true,
      "small_air_mask": false
    },
    "webapi_port": null,
    "webapi_url": "https://mriqc.nimh.nih.gov/api/v1"
  },
  "qi_1": 0.0,
  "qi_2": 0.00013552565856584392,
  "rpve_csf": 21.655924152646076,
  "rpve_gm": 12.59134840296822,
  "rpve_wm": 19.704366218556547,
  "size_x": 240,
  "size_y": 240,
  "size_z": 220,
  "snr_csf": 1.5401890513955945,
  "snr_gm": 8.175421652564383,
  "snr_total": 11.295932175262259,
  "snr_wm": 24.172185821826798,
  "snrd_csf": 16.66602990037596,
  "snrd_gm": 66.29103690090949,
  "snrd_total": 63.112739532087794,
  "snrd_wm": 106.38115179497792,
  "spacing_x": 1.0,
  "spacing_y": 1.0,
  "spacing_z": 1.0,
  "summary_bg_k": 8.325318373080783,
  "summary_bg_mad": 0.0,
  "summary_bg_mean": 3.277309734287174,
  "summary_bg_median": 0.0,
  "summary_bg_n": 383025.0,
  "summary_bg_p05": 0.0,
  "summary_bg_p95": 16.42932829633355,
  "summary_bg_stdv": 6.1585329849711155,
  "summary_csf_k": 0.9634800457298964,
  "summary_csf_mad": 104.93550551886513,
  "summary_csf_mean": 169.10151649322776,
  "summary_csf_median": 156.6670618057251,
  "summary_csf_n": 44374.0,
  "summary_csf_p05": 36.742380330339074,
  "summary_csf_p95": 358.2994062918238,
  "summary_csf_stdv": 101.71822501359318,
  "summary_gm_k": 0.19835956267061317,
  "summary_gm_mad": 74.71463828263727,
  "summary_gm_mean": 622.2711676042081,
  "summary_gm_median": 623.1611269991845,
  "summary_gm_n": 43409.0,
  "summary_gm_p05": 494.6545929495245,
  "summary_gm_p95": 744.6392979696393,
  "summary_gm_stdv": 76.22285132843342,
  "summary_wm_k": 0.8584349085074066,
  "summary_wm_mad": 38.177400411585786,
  "summary_wm_mean": 999.5124115327002,
  "summary_wm_median": 1000.0235558710992,
  "summary_wm_n": 200378.0,
  "summary_wm_p05": 931.1992636956275,
  "summary_wm_p95": 1066.1880857292563,
  "summary_wm_stdv": 41.370733614926266,
  "tpm_overlap_csf": 0.15645397964463464,
  "tpm_overlap_gm": 0.47679080927703243,
  "tpm_overlap_wm": 0.5170125049119644,
  "wm2max": 0.7163741210986899
}