{
  "bids_meta": {
    "AcquisitionNumber": 2,
    "BIDSVersion": "1.1.0",
    "BidsifyVersion": "0.3",
    "ConversionSoftware": "dcm2niix",
    "ConversionSoftwareVersion": "v1.0.20180622 GCC5.4.0",
    "EchoTime": 0.00385,
    "ImageComments": "RepliSC",
    "ImageOrientationPatientDICOM": [
      0.997408,
      -0.0713928,
      0.00899403,
      0.071845,
      0.981072,
      -0.179823
    ],
    "InstitutionName": "Spinoza Centre for Neuroimaging, location REC",
    "InversionTime": 0.9,
    "MagneticFieldStrength": 3,
    "Manufacturer": "Philips",
    "ParallelAcquisitionTechnique": "SENSE",
    "PatientPosition": "HFS",
    "PhilipsRescaleIntercept": 0,
    "PhilipsRescaleSlope": 4.0569,
    "PhilipsScaleSlope": 0.00495334,
    "ProtocolName": "acq-AxialNsig1Mm1_T1w",
    "ReconMatrixPE": 240,
    "RepetitionTime": 0.008332,
    "SeriesDescription": "ImageMRSERIES",
    "SeriesNumber": 2,
    "UsePhilipsFloatNotDisplayScaling": 1,
    "acq_id": "AxialNsig1Mm1",
    "dataset": "ds002643",
    "modality": "T1w",
    "subject_id": "035"
  },
  "cjv": 0.2864277953535097,
  "cnr": 4.409298367264644,
  "efc": 0.6727416317508055,
  "fber": -1.0,
  "fwhm_avg": 4.359853508491526,
  "fwhm_x": 4.26356,
  "fwhm_y": 4.4970102680426995,
  "fwhm_z": 4.318990257431881,
  "icvs_csf": 0.26067714820892884,
  "icvs_gm": 0.4024564558660159,
  "icvs_wm": 0.3368663959250552,
  "inu_med": 0.5402280390262604,
  "inu_range": 0.14506636559963232,
  "provenance": {
    "md5sum": "a0285d2dee9300587f1aa5ecc5cf011e",
    "settings": {
      "testing": false
    },
    "software": "mriqc",
    "version": "23.0.1",
    "warnings": {
      "large_rot_frame": true,
      "small_air_mask": false
    },
    "webapi_port": null,
    "webapi_url": "https://mriqc.nimh.nih.gov/api/v1"
  },
  "qi_1": 0.01808669268876425,
  "qi_2": 4.2710447538776874e-05,
  "rpve_csf": 22.079337539709158,
  "rpve_gm": 13.85921440240099,
  "rpve_wm": 20.449986290056966,
  "size_x": 240,
  "size_y": 240,
  "size_z": 220,
  "snr_csf": 1.2618428716199015,
  "snr_gm": 7.351214585223361,
  "snr_total": 11.993658388781094,
  "snr_wm": 27.367917709500023,
  "snrd_csf": 15.806076914454984,
  "snrd_gm": 84.71445908929907,
  "snrd_total": 80.30984015987117,
  "snrd_wm": 140.40898447585948,
  "spacing_x": 1.0,
  "spacing_y": 0.9999999403953552,
  "spacing_z": 0.9999999403953552,
  "summary_bg_k": 1296.7152113584505,
  "summary_bg_mad": 0.0,
  "summary_bg_mean": 1.6028857524485385,
  "summary_bg_median": 0.0,
  "summary_bg_n": 432018.0,
  "summary_bg_p05": 0.0,
  "summary_bg_p95": 9.628466442227364,
  "summary_bg_stdv": 4.665817270164574,
  "summary_csf_k": 1.550871063093041,
  "summary_csf_mad": 79.78587490305291,
  "summary_csf_mean": 135.11633231939834,
  "summary_csf_median": 112.56933157891035,
  "summary_csf_n": 56673.0,
  "summary_csf_p05": 31.7320763617754,
  "summary_csf_p95": 312.08371513113354,
  "summary_csf_stdv": 89.20947366624937,
  "summary_gm_k": 0.1586324774770218,
  "summary_gm_mad": 80.15827105195864,
  "summary_gm_mean": 604.1417464357703,
  "summary_gm_median": 603.3280798494816,
  "summary_gm_n": 33995.0,
  "summary_gm_p05": 468.83724195547404,
  "summary_gm_p95": 741.3772640373558,
  "summary_gm_stdv": 82.07068356026798,
  "summary_wm_k": 0.8866846001396,
  "summary_wm_mad": 33.45358737669819,
  "summary_wm_mean": 998.9503763496538,
  "summary_wm_median": 999.9790343716741,
  "summary_wm_n": 209458.0,
  "summary_wm_p05": 937.7707685753703,
  "summary_wm_p95": 1056.6613976880908,
  "summary_wm_stdv": 36.53828025646069,
  "tpm_overlap_csf": 0.15641378869049918,
  "tpm_overlap_gm": 0.45642740384971203,
  "tpm_overlap_wm": 0.5222081543026289,
  "wm2max": 0.818244085598504
}